{
  "aor": 0.0005684574468085106,
  "aqi": 0.013884016223404254,
  "bids_meta": {
    "AcquisitionMatrixPE": 90,
    "AcquisitionNumber": 1,
    "AcquisitionTime": "15:45:23.225000",
    "BandwidthPerPixelPhaseEncode": 21.368,
    "BaseResolution": 90,
    "BodyPartExamined": "BRAIN",
    "CoilString": "HC1-7;NC1_2",
    "ConsistencyInfo": "N4_VE11C_LATEST_20160120",
    "ConversionSoftware": "dcm2niix",
    "ConversionSoftwareVersion": "v1.0.20190410  GCC6.3.0",
    "DerivedVendorReportedEchoSpacing": 0.000519988,
    "DeviceSerialNumber": "167001",
    "DwellTime": 2.2e-06,
    "EchoTime": 0.03,
    "EchoTrainLength": 90,
    "EffectiveEchoSpacing": 0.000519988,
    "FlipAngle": 52,
    "ImageOrientationPatientDICOM": [
      0.993999,
      0.0898272,
      0.0624277,
      -0.0789277,
      0.984075,
      -0.159268
    ],
    "ImageType": [
      "ORIGINAL",
      "PRIMARY",
      "M",
      "ND",
      "NORM",
      "MOSAIC"
    ],
    "ImagingFrequency": 123.229,
    "InPlanePhaseEncodingDirectionDICOM": "COL",
    "InstitutionAddress": "Cooper_60_St._Lucia_QLD_AU_4072",
    "InstitutionName": "St_Lucia_Campus",
    "InstitutionalDepartmentName": "Gehrmann_Labs_MRI",
    "MRAcquisitionType": "2D",
    "MagneticFieldStrength": 3,
    "Manufacturer": "Siemens",
    "ManufacturersModelName": "Prisma_fit",
    "Modality": "MR",
    "MultibandAccelerationFactor": 6,
    "PartialFourier": 1,
    "PatientPosition": "HFS",
    "PercentPhaseFOV": 100,
    "PhaseEncodingDirection": "j-",
    "PhaseEncodingSteps": 90,
    "PhaseResolution": 1,
    "PixelBandwidth": 2525,
    "ProcedureStepDescription": "Research_16092_QTAB",
    "ProtocolName": "PARTLY_CLOUDY_mb6_2.4",
    "PulseSequenceDetails": "%SiemensSeq%_ep2d_bold",
    "ReceiveCoilActiveElements": "HC1-7;NC1,2",
    "ReceiveCoilName": "HeadNeck_64",
    "ReconMatrixPE": 90,
    "RefLinesPE": 12,
    "RepetitionTime": 0.8,
    "SAR": 0.0498929,
    "ScanOptions": "FS",
    "ScanningSequence": "EP",
    "SequenceName": "_epfid2d1_90",
    "SequenceVariant": "SK",
    "SeriesDescription": "PARTLY_CLOUDY_mb6_2.4",
    "SeriesNumber": 19,
    "ShimSetting": [
      3086,
      -4165,
      -773,
      495,
      47,
      71,
      24,
      -15
    ],
    "SliceThickness": 2.4,
    "SliceTiming": [
      0.545,
      0,
      0.39,
      0.0775,
      0.4675,
      0.235,
      0.625,
      0.3125,
      0.7025,
      0.155,
      0.545,
      0,
      0.39,
      0.0775,
      0.4675,
      0.235,
      0.625,
      0.3125,
      0.7025,
      0.155,
      0.545,
      0,
      0.39,
      0.0775,
      0.4675,
      0.235,
      0.625,
      0.3125,
      0.7025,
      0.155,
      0.545,
      0,
      0.39,
      0.0775,
      0.4675,
      0.235,
      0.625,
      0.3125,
      0.7025,
      0.155,
      0.545,
      0,
      0.39,
      0.0775,
      0.4675,
      0.235,
      0.625,
      0.3125,
      0.7025,
      0.155,
      0.545,
      0,
      0.39,
      0.0775,
      0.4675,
      0.235,
      0.625,
      0.3125,
      0.7025,
      0.155
    ],
    "SoftwareVersions": "syngo_MR_E11",
    "SpacingBetweenSlices": 2.4,
    "StationName": "mrc_Trio",
    "TaskName": "partlycloudy",
    "TotalReadoutTime": 0.046279,
    "TxRefAmp": 218.228,
    "dataset": "ds004146",
    "modality": "bold",
    "session_id": "02",
    "subject_id": "0119",
    "task_id": "partlycloudy"
  },
  "dummy_trs": 4,
  "dvars_nstd": 37.53882408642667,
  "dvars_std": 1.2381091398133324,
  "dvars_vstd": 0.9972020196533332,
  "efc": 0.4962639941372892,
  "fber": 6642.30126953125,
  "fd_mean": 0.19761859405341675,
  "fd_num": 187,
  "fd_perc": 49.734042553191486,
  "fwhm_avg": 1.8732610366744054,
  "fwhm_x": 1.7392082642234061,
  "fwhm_y": 2.0433707521370748,
  "fwhm_z": 1.8372040936627352,
  "gcor": 0.00629253,
  "gsr_x": -0.019179977476596832,
  "gsr_y": 0.033787988126277924,
  "provenance": {
    "md5sum": "1046bc6116e06e8ed0e2b7af177f4f6c",
    "settings": {
      "fd_thres": 0.2,
      "testing": false
    },
    "software": "mriqc",
    "version": "23.0.1",
    "webapi_port": null,
    "webapi_url": "https://mriqc.nimh.nih.gov/api/v1"
  },
  "size_t": 376,
  "size_x": 90,
  "size_y": 90,
  "size_z": 60,
  "snr": 6.618384237483586,
  "spacing_tr": 0.800000011920929,
  "spacing_x": 2.4000000953674316,
  "spacing_y": 2.4000000953674316,
  "spacing_z": 2.4000000953674316,
  "summary_bg_k": 28.0095803308611,
  "summary_bg_mad": 6.340490113089969,
  "summary_bg_mean": 27.96660804748535,
  "summary_bg_median": 8.234042167663574,
  "summary_bg_n": 323431.0,
  "summary_bg_p05": 3.207446813583374,
  "summary_bg_p95": 114.44281387329102,
  "summary_bg_stdv": 56.255489349365234,
  "summary_fg_k": 1.5908473132839287,
  "summary_fg_mad": 100.72039711282761,
  "summary_fg_mean": 687.1380004882812,
  "summary_fg_median": 686.08642578125,
  "summary_fg_n": 90588.0,
  "summary_fg_p05": 529.77392578125,
  "summary_fg_p95": 852.1797546386719,
  "summary_fg_stdv": 103.66316223144531,
  "tsnr": 48.59003074513748
}