{
  "aor": 0.000817203166226913,
  "aqi": 0.011632900606860157,
  "bids_meta": {
    "AcquisitionMatrixPE": 90,
    "AcquisitionNumber": 1,
    "AcquisitionTime": "12:08:43.005000",
    "BandwidthPerPixelPhaseEncode": 21.368,
    "BaseResolution": 90,
    "BodyPartExamined": "BRAIN",
    "CoilString": "HC1-7;NC1_2",
    "ConsistencyInfo": "N4_VE11C_LATEST_20160120",
    "ConversionSoftware": "dcm2niix",
    "ConversionSoftwareVersion": "v1.0.20190410  GCC6.3.0",
    "DerivedVendorReportedEchoSpacing": 0.000519988,
    "DeviceSerialNumber": "167001",
    "DwellTime": 2.2e-06,
    "EchoTime": 0.03,
    "EchoTrainLength": 90,
    "EffectiveEchoSpacing": 0.000519988,
    "FlipAngle": 52,
    "ImageOrientationPatientDICOM": [
      0.999977,
      0.00471778,
      -0.00478717,
      -0.00541041,
      0.987603,
      -0.156877
    ],
    "ImageType": [
      "ORIGINAL",
      "PRIMARY",
      "M",
      "ND",
      "NORM",
      "MOSAIC"
    ],
    "ImagingFrequency": 123.229,
    "InPlanePhaseEncodingDirectionDICOM": "COL",
    "InstitutionAddress": "Cooper_60_St._Lucia_QLD_AU_4072",
    "InstitutionName": "St_Lucia_Campus",
    "InstitutionalDepartmentName": "Gehrmann_Labs_MRI",
    "MRAcquisitionType": "2D",
    "MagneticFieldStrength": 3,
    "Manufacturer": "Siemens",
    "ManufacturersModelName": "Prisma_fit",
    "Modality": "MR",
    "MultibandAccelerationFactor": 6,
    "PartialFourier": 1,
    "PatientPosition": "HFS",
    "PercentPhaseFOV": 100,
    "PhaseEncodingDirection": "j-",
    "PhaseEncodingSteps": 90,
    "PhaseResolution": 1,
    "PixelBandwidth": 2525,
    "ProcedureStepDescription": "Research_16092_QTAB",
    "ProtocolName": "PARTLY_CLOUDY_mb6_2.4",
    "PulseSequenceDetails": "%SiemensSeq%_ep2d_bold",
    "ReceiveCoilActiveElements": "HC1-7;NC1,2",
    "ReceiveCoilName": "HeadNeck_64",
    "ReconMatrixPE": 90,
    "RefLinesPE": 12,
    "RepetitionTime": 0.8,
    "SAR": 0.0596971,
    "ScanOptions": "FS",
    "ScanningSequence": "EP",
    "SequenceName": "_epfid2d1_90",
    "SequenceVariant": "SK",
    "SeriesDescription": "PARTLY_CLOUDY_mb6_2.4",
    "SeriesNumber": 19,
    "ShimSetting": [
      3055,
      -4159,
      -787,
      285,
      -27,
      -287,
      -104,
      -45
    ],
    "SliceThickness": 2.4,
    "SliceTiming": [
      0.545,
      0,
      0.39,
      0.0775,
      0.4675,
      0.235,
      0.625,
      0.3125,
      0.7025,
      0.155,
      0.545,
      0,
      0.39,
      0.0775,
      0.4675,
      0.235,
      0.625,
      0.3125,
      0.7025,
      0.155,
      0.545,
      0,
      0.39,
      0.0775,
      0.4675,
      0.235,
      0.625,
      0.3125,
      0.7025,
      0.155,
      0.545,
      0,
      0.39,
      0.0775,
      0.4675,
      0.235,
      0.625,
      0.3125,
      0.7025,
      0.155,
      0.545,
      0,
      0.39,
      0.0775,
      0.4675,
      0.235,
      0.625,
      0.3125,
      0.7025,
      0.155,
      0.545,
      0,
      0.39,
      0.0775,
      0.4675,
      0.235,
      0.625,
      0.3125,
      0.7025,
      0.155
    ],
    "SoftwareVersions": "syngo_MR_E11",
    "SpacingBetweenSlices": 2.4,
    "StationName": "mrc_Trio",
    "TaskName": "partlycloudy",
    "TotalReadoutTime": 0.046279,
    "TxRefAmp": 214.038,
    "dataset": "ds004146",
    "modality": "bold",
    "session_id": "02",
    "subject_id": "0150",
    "task_id": "partlycloudy"
  },
  "dummy_trs": 1,
  "dvars_nstd": 35.26546599383596,
  "dvars_std": 1.2804165180952387,
  "dvars_vstd": 1.0101983997619053,
  "efc": 0.4918397529492764,
  "fber": 4825.5205078125,
  "fd_mean": 0.14024109689166903,
  "fd_num": 73,
  "fd_perc": 19.261213720316622,
  "fwhm_avg": 1.8636985370543846,
  "fwhm_x": 1.783837429116669,
  "fwhm_y": 1.9547082556602058,
  "fwhm_z": 1.8525499263862797,
  "gcor": 0.0137438,
  "gsr_x": -0.020439479500055313,
  "gsr_y": 0.020730284973978996,
  "provenance": {
    "md5sum": "5b49a29f33dbff6b604bda8d881f9b10",
    "settings": {
      "fd_thres": 0.2,
      "testing": false
    },
    "software": "mriqc",
    "version": "23.0.1",
    "webapi_port": null,
    "webapi_url": "https://mriqc.nimh.nih.gov/api/v1"
  },
  "size_t": 379,
  "size_x": 90,
  "size_y": 90,
  "size_z": 60,
  "snr": 6.375875616774354,
  "spacing_tr": 0.800000011920929,
  "spacing_x": 2.4000000953674316,
  "spacing_y": 2.4000000953674316,
  "spacing_z": 2.4000000953674316,
  "summary_bg_k": 31.359651376736508,
  "summary_bg_mad": 7.839406136600757,
  "summary_bg_mean": 28.52716636657715,
  "summary_bg_median": 9.292876243591309,
  "summary_bg_n": 328418.0,
  "summary_bg_p05": 3.1372032165527344,
  "summary_bg_p95": 124.65211410522451,
  "summary_bg_stdv": 55.276512145996094,
  "summary_fg_k": 0.7545625289412019,
  "summary_fg_mad": 106.66908514017877,
  "summary_fg_mean": 654.7034912109375,
  "summary_fg_median": 655.476318359375,
  "summary_fg_n": 86446.0,
  "summary_fg_p05": 495.33643341064453,
  "summary_fg_p95": 816.9452819824219,
  "summary_fg_stdv": 102.80509948730469,
  "tsnr": 51.64682489819825
}