{
  "bids_meta": {
    "AcquisitionMatrixPE": 256,
    "AcquisitionNumber": 1,
    "AcquisitionTime": "15:13:23.100000",
    "BaseResolution": 256,
    "BodyPartExamined": "BRAIN",
    "CoilString": "HC1-7;NC1_2",
    "ConsistencyInfo": "N4_VE11C_LATEST_20160120",
    "ConversionSoftware": "dcm2niix",
    "ConversionSoftwareVersion": "v1.0.20190410  GCC6.3.0",
    "DeviceSerialNumber": "167001",
    "DwellTime": 2.6e-06,
    "EchoTime": 0.408,
    "EchoTrainLength": 259,
    "FlipAngle": 120,
    "ImageOrientationPatientDICOM": [
      -0.0771495,
      0.996945,
      -0.0122143,
      0.0219101,
      -0.0105526,
      -0.999704
    ],
    "ImageType": [
      "ORIGINAL",
      "PRIMARY",
      "M",
      "ND",
      "NORM"
    ],
    "ImagingFrequency": 123.229,
    "InPlanePhaseEncodingDirectionDICOM": "ROW",
    "InstitutionAddress": "Cooper_60_St._Lucia_QLD_AU_4072",
    "InstitutionName": "St_Lucia_Campus",
    "InstitutionalDepartmentName": "Gehrmann_Labs_MRI",
    "MRAcquisitionType": "3D",
    "MagneticFieldStrength": 3,
    "Manufacturer": "Siemens",
    "ManufacturersModelName": "Prisma_fit",
    "Modality": "MR",
    "PartialFourier": 1,
    "PatientPosition": "HFS",
    "PercentPhaseFOV": 100,
    "PhaseEncodingSteps": 233,
    "PhaseResolution": 1,
    "PixelBandwidth": 750,
    "ProcedureStepDescription": "Research_16092_QTAB",
    "ProtocolName": "t2_spc_sag_p2_iso",
    "PulseSequenceDetails": "%SiemensSeq%_tse_vfl",
    "ReceiveCoilActiveElements": "HC1-7;NC1,2",
    "ReceiveCoilName": "HeadNeck_64",
    "ReconMatrixPE": 256,
    "RefLinesPE": 24,
    "RepetitionTime": 3.2,
    "SAR": 0.174099,
    "ScanOptions": "PFP",
    "ScanningSequence": "SE",
    "SequenceName": "_spcR_282ns",
    "SequenceVariant": "SK_SP",
    "SeriesDescription": "t2_spc_sag_p2_iso",
    "SeriesNumber": 32,
    "ShimSetting": [
      3044,
      -4172,
      -1039,
      -11,
      -3,
      35,
      -21,
      -13
    ],
    "SliceThickness": 1,
    "SoftwareVersions": "syngo_MR_E11",
    "StationName": "mrc_Trio",
    "TxRefAmp": 219.616,
    "dataset": "ds004146",
    "modality": "T2w",
    "session_id": "02",
    "subject_id": "0298"
  },
  "cjv": 0.6528996519529735,
  "cnr": 1.2714573169512038,
  "efc": 0.6495062300287485,
  "fber": -1.0,
  "fwhm_avg": 3.994283380453418,
  "fwhm_x": 4.293875255934909,
  "fwhm_y": 4.0809249391894795,
  "fwhm_z": 3.608049946235866,
  "icvs_csf": 0.37380223116526157,
  "icvs_gm": 0.1529650986585977,
  "icvs_wm": 0.47323267017614074,
  "inu_med": 1.035277783870697,
  "inu_range": 0.45000551342964157,
  "provenance": {
    "md5sum": "bf1d31073a7def458e99678e9c70ae89",
    "settings": {
      "testing": false
    },
    "software": "mriqc",
    "version": "23.0.1",
    "warnings": {
      "large_rot_frame": true,
      "small_air_mask": false
    },
    "webapi_port": null,
    "webapi_url": "https://mriqc.nimh.nih.gov/api/v1"
  },
  "qi_1": 0.026983709422394767,
  "qi_2": 0.0021151088252316526,
  "rpve_csf": 11.037432267208874,
  "rpve_gm": 29.559326622331298,
  "rpve_wm": 10.204616333124823,
  "size_x": 192,
  "size_y": 300,
  "size_z": 320,
  "snr_csf": 16.69258756474145,
  "snr_gm": 2.088506965213566,
  "snr_total": 10.972707146202472,
  "snr_wm": 14.137026908652397,
  "snrd_csf": 64.55452774961377,
  "snrd_gm": 113.33404781409939,
  "snrd_total": 74.03569343856957,
  "snrd_wm": 44.218504751995525,
  "spacing_x": 0.7999999523162842,
  "spacing_y": 0.800000011920929,
  "spacing_z": 0.800000011920929,
  "summary_bg_k": 524.2195649532282,
  "summary_bg_mad": 0.0,
  "summary_bg_mean": 2.5083050134503617,
  "summary_bg_median": 0.0,
  "summary_bg_n": 1213619.0,
  "summary_bg_p05": 0.0,
  "summary_bg_p95": 14.552592299878597,
  "summary_bg_stdv": 14.816890426299432,
  "summary_csf_k": 0.9863750762493315,
  "summary_csf_mad": 82.08803350867244,
  "summary_csf_mean": 1465.2993108419037,
  "summary_csf_median": 1459.997283294797,
  "summary_csf_n": 88862.0,
  "summary_csf_p05": 1333.288200572133,
  "summary_csf_p95": 1613.713269867003,
  "summary_csf_stdv": 87.4633164354799,
  "summary_gm_k": -1.00580305069405,
  "summary_gm_mad": 944.1127374689368,
  "summary_gm_mean": 2167.7671854665123,
  "summary_gm_median": 2563.2191525772214,
  "summary_gm_n": 93552.0,
  "summary_gm_p05": 83.66048410534859,
  "summary_gm_p95": 3830.8819305244833,
  "summary_gm_stdv": 1227.290833020109,
  "summary_wm_k": -0.3747663834924655,
  "summary_wm_mad": 76.4683148332621,
  "summary_wm_mean": 1001.5202227223225,
  "summary_wm_median": 1000.0676801428199,
  "summary_wm_n": 424023.0,
  "summary_wm_p05": 888.3849950507283,
  "summary_wm_p95": 1116.217672638595,
  "summary_wm_stdv": 70.74093494643637,
  "tpm_overlap_csf": 0.10956893587230625,
  "tpm_overlap_gm": 0.09360285448758793,
  "tpm_overlap_wm": 0.4254157075086752,
  "wm2max": 0.2782014347850647
}