{
  "bids_meta": {
    "AcquisitionMatrixPE": 256,
    "AcquisitionNumber": 1,
    "AcquisitionTime": "11:29:30.107500",
    "BaseResolution": 256,
    "BodyPartExamined": "BRAIN",
    "CoilString": "HC1-7;NC1_2",
    "ConsistencyInfo": "N4_VE11C_LATEST_20160120",
    "ConversionSoftware": "dcm2niix",
    "ConversionSoftwareVersion": "v1.0.20190410  GCC6.3.0",
    "DeviceSerialNumber": "167001",
    "DwellTime": 2.6e-06,
    "EchoTime": 0.408,
    "EchoTrainLength": 259,
    "FlipAngle": 120,
    "ImageOrientationPatientDICOM": [
      0.0655384,
      0.997812,
      0.00871473,
      0.052464,
      0.00527574,
      -0.998609
    ],
    "ImageType": [
      "ORIGINAL",
      "PRIMARY",
      "M",
      "ND",
      "NORM"
    ],
    "ImagingFrequency": 123.229,
    "InPlanePhaseEncodingDirectionDICOM": "ROW",
    "InstitutionAddress": "Cooper_60_St._Lucia_QLD_AU_4072",
    "InstitutionName": "St_Lucia_Campus",
    "InstitutionalDepartmentName": "Gehrmann_Labs_MRI",
    "MRAcquisitionType": "3D",
    "MagneticFieldStrength": 3,
    "Manufacturer": "Siemens",
    "ManufacturersModelName": "Prisma_fit",
    "Modality": "MR",
    "PartialFourier": 1,
    "PatientPosition": "HFS",
    "PercentPhaseFOV": 100,
    "PhaseEncodingSteps": 233,
    "PhaseResolution": 1,
    "PixelBandwidth": 750,
    "ProcedureStepDescription": "Research_16092_QTAB",
    "ProtocolName": "t2_spc_sag_p2_iso",
    "PulseSequenceDetails": "%SiemensSeq%_tse_vfl",
    "ReceiveCoilActiveElements": "HC1-7;NC1,2",
    "ReceiveCoilName": "HeadNeck_64",
    "ReconMatrixPE": 256,
    "RefLinesPE": 24,
    "RepetitionTime": 3.2,
    "SAR": 0.139625,
    "ScanOptions": "PFP",
    "ScanningSequence": "SE",
    "SequenceName": "_spcR_282ns",
    "SequenceVariant": "SK_SP",
    "SeriesDescription": "t2_spc_sag_p2_iso",
    "SeriesNumber": 36,
    "ShimSetting": [
      3044,
      -4172,
      -1039,
      -11,
      -3,
      35,
      -21,
      -13
    ],
    "SliceThickness": 1,
    "SoftwareVersions": "syngo_MR_E11",
    "StationName": "mrc_Trio",
    "TxRefAmp": 217.283,
    "dataset": "ds004146",
    "modality": "T2w",
    "session_id": "02",
    "subject_id": "0345"
  },
  "cjv": 1.727933313090272,
  "cnr": 0.9082907953098958,
  "efc": 0.6632150797298505,
  "fber": 4809.666447816974,
  "fwhm_avg": 4.153591710344956,
  "fwhm_x": 4.25087525337191,
  "fwhm_y": 4.382749934691937,
  "fwhm_z": 3.827149942971022,
  "icvs_csf": 0.43098863545115274,
  "icvs_gm": 0.12692082261768095,
  "icvs_wm": 0.4420905419311663,
  "inu_med": 1.0310474634170532,
  "inu_range": 0.3691344738006591,
  "provenance": {
    "md5sum": "8c001e3b77cae5272c104d745f63a607",
    "settings": {
      "testing": false
    },
    "software": "mriqc",
    "version": "23.0.1",
    "warnings": {
      "large_rot_frame": true,
      "small_air_mask": false
    },
    "webapi_port": null,
    "webapi_url": "https://mriqc.nimh.nih.gov/api/v1"
  },
  "qi_1": 0.0,
  "qi_2": 0.006418552443573671,
  "rpve_csf": 9.591582354203723,
  "rpve_gm": 33.7668699007393,
  "rpve_wm": 9.838478908703863,
  "size_x": 192,
  "size_y": 300,
  "size_z": 320,
  "snr_csf": 15.402807715020716,
  "snr_gm": 1.5617421674528575,
  "snr_total": 9.79264185639554,
  "snr_wm": 12.413375686713048,
  "snrd_csf": 64.93845369129696,
  "snrd_gm": 99.91204276830447,
  "snrd_total": 68.85735800004885,
  "snrd_wm": 41.72157754054511,
  "spacing_x": 0.7999999523162842,
  "spacing_y": 0.800000011920929,
  "spacing_z": 0.800000011920929,
  "summary_bg_k": 27.454627977977864,
  "summary_bg_mad": 0.0,
  "summary_bg_mean": 9.047967746257044,
  "summary_bg_median": 0.0,
  "summary_bg_n": 1361465.0,
  "summary_bg_p05": 0.0,
  "summary_bg_p95": 41.722936138510704,
  "summary_bg_stdv": 15.702579476170834,
  "summary_csf_k": 0.6767684718844924,
  "summary_csf_mad": 96.2126518624037,
  "summary_csf_mean": 1562.6008258255667,
  "summary_csf_median": 1556.4716449081898,
  "summary_csf_n": 138597.0,
  "summary_csf_p05": 1409.69504673779,
  "summary_csf_p95": 1736.2285537570715,
  "summary_csf_stdv": 101.05079921770322,
  "summary_gm_k": -1.648373337777076,
  "summary_gm_mad": 2326.8603060764567,
  "summary_gm_mean": 1960.0459447173234,
  "summary_gm_median": 2394.7330543622375,
  "summary_gm_n": 76938.0,
  "summary_gm_p05": 82.7350897192955,
  "summary_gm_p95": 4127.798625737429,
  "summary_gm_stdv": 1533.3628952797508,
  "summary_wm_k": -0.030220585193410976,
  "summary_wm_mad": 83.14543518010572,
  "summary_wm_mean": 1000.888204976469,
  "summary_wm_median": 999.9999804645777,
  "summary_wm_n": 352470.0,
  "summary_wm_p05": 870.5664767026901,
  "summary_wm_p95": 1131.3525971323252,
  "summary_wm_stdv": 80.55814849570102,
  "tpm_overlap_csf": 0.11253788030850659,
  "tpm_overlap_gm": 0.0788230160565795,
  "tpm_overlap_wm": 0.4274734192645568,
  "wm2max": 0.25568378009995457
}