{
  "aor": 0.0005137003058103975,
  "aqi": 0.007750004678899083,
  "bids_meta": {
    "AcquisitionMatrixPE": 104,
    "AcquisitionNumber": 1,
    "AcquisitionTime": "10:55:41.400000",
    "BandwidthPerPixelPhaseEncode": 17.17,
    "BaseResolution": 104,
    "BodyPartExamined": "BRAIN",
    "CoilString": "HC1-7;NC1_2",
    "ConsistencyInfo": "N4_VE11C_LATEST_20160120",
    "ConversionSoftware": "dcm2niix",
    "ConversionSoftwareVersion": "v1.0.20181125  (JP2:OpenJPEG) GCC6.3.0",
    "DerivedVendorReportedEchoSpacing": 0.000560011,
    "DeviceSerialNumber": "167001",
    "DwellTime": 2.1e-06,
    "EchoTime": 0.03,
    "EchoTrainLength": 91,
    "EffectiveEchoSpacing": 0.000560011,
    "FlipAngle": 52,
    "ImageOrientationPatientDICOM": [
      0.998958,
      -0.032797,
      -0.0317402,
      0.0247629,
      0.973648,
      -0.226706
    ],
    "ImageType": [
      "ORIGINAL",
      "PRIMARY",
      "M",
      "ND",
      "MOSAIC"
    ],
    "ImagingFrequency": 123.229,
    "InPlanePhaseEncodingDirectionDICOM": "COL",
    "InstitutionAddress": "Cooper_60_St._Lucia_QLD_AU_4072",
    "InstitutionName": "St_Lucia_Campus",
    "InstitutionalDepartmentName": "Gehrmann_Labs_MRI",
    "MRAcquisitionType": "2D",
    "MagneticFieldStrength": 3,
    "Manufacturer": "Siemens",
    "ManufacturersModelName": "Prisma_fit",
    "Modality": "MR",
    "MultibandAccelerationFactor": 6,
    "PartialFourier": 0.875,
    "PatientPosition": "HFS",
    "PercentPhaseFOV": 100,
    "PhaseEncodingDirection": "j-",
    "PhaseEncodingSteps": 91,
    "PhaseResolution": 1,
    "PixelBandwidth": 2290,
    "ProcedureStepDescription": "Research_16092_QTAB",
    "ProtocolName": "ep2d_REST_SMS6_A-P",
    "PulseSequenceDetails": "%SiemensSeq%_ep2d_bold",
    "ReceiveCoilActiveElements": "HC1-7;NC1,2",
    "ReceiveCoilName": "HeadNeck_64",
    "ReconMatrixPE": 104,
    "RepetitionTime": 0.93,
    "SAR": 0.0653603,
    "ScanOptions": "PFP_FS",
    "ScanningSequence": "EP",
    "SequenceName": "_epfid2d1_104",
    "SequenceVariant": "SK",
    "SeriesDescription": "ep2d_REST_SMS6_A-P",
    "SeriesNumber": 9,
    "ShimSetting": [
      3026,
      -4158,
      -766,
      506,
      88,
      -32,
      -112,
      -43
    ],
    "SliceThickness": 2,
    "SliceTiming": [
      0.6825,
      0,
      0.455,
      0.075,
      0.53,
      0.1525,
      0.6075,
      0.3025,
      0.7575,
      0.38,
      0.835,
      0.2275,
      0.6825,
      0,
      0.455,
      0.075,
      0.53,
      0.1525,
      0.6075,
      0.3025,
      0.7575,
      0.38,
      0.835,
      0.2275,
      0.6825,
      0,
      0.455,
      0.075,
      0.53,
      0.1525,
      0.6075,
      0.3025,
      0.7575,
      0.38,
      0.835,
      0.2275,
      0.6825,
      0,
      0.455,
      0.075,
      0.53,
      0.1525,
      0.6075,
      0.3025,
      0.7575,
      0.38,
      0.835,
      0.2275,
      0.6825,
      0,
      0.455,
      0.075,
      0.53,
      0.1525,
      0.6075,
      0.3025,
      0.7575,
      0.38,
      0.835,
      0.2275,
      0.6825,
      0,
      0.455,
      0.075,
      0.53,
      0.1525,
      0.6075,
      0.3025,
      0.7575,
      0.38,
      0.835,
      0.2275
    ],
    "SoftwareVersions": "syngo_MR_E11",
    "SpacingBetweenSlices": 2,
    "StationName": "mrc_Trio",
    "TaskName": "rest",
    "TotalReadoutTime": 0.0576811,
    "TxRefAmp": 210.01,
    "dataset": "ds004146",
    "modality": "bold",
    "session_id": "01",
    "subject_id": "0411",
    "task_id": "rest"
  },
  "dummy_trs": 0,
  "dvars_nstd": 38.173350176319005,
  "dvars_std": 1.0340317581901843,
  "dvars_vstd": 0.9925839922699393,
  "efc": 0.520399241240515,
  "fber": 853.244140625,
  "fd_mean": 0.2083144430475769,
  "fd_num": 157,
  "fd_perc": 48.01223241590214,
  "fwhm_avg": 3.111733333333333,
  "fwhm_x": 2.894335,
  "fwhm_y": 3.28929,
  "fwhm_z": 3.151575,
  "gcor": 0.0159571,
  "gsr_x": -0.019272781908512115,
  "gsr_y": 0.064357228577137,
  "provenance": {
    "md5sum": "2eb3d21d60fd41044a20a15d597c2a93",
    "settings": {
      "fd_thres": 0.2,
      "testing": false
    },
    "software": "mriqc",
    "version": "23.0.1",
    "webapi_port": null,
    "webapi_url": "https://mriqc.nimh.nih.gov/api/v1"
  },
  "size_t": 327,
  "size_x": 104,
  "size_y": 104,
  "size_z": 72,
  "snr": 2.823647301556443,
  "spacing_tr": 0.9300000071525574,
  "spacing_x": 2.0,
  "spacing_y": 2.0,
  "spacing_z": 2.0,
  "summary_bg_k": 45.62754468714999,
  "summary_bg_mad": 5.7309161217437055,
  "summary_bg_mean": 35.425167083740234,
  "summary_bg_median": 18.902141571044922,
  "summary_bg_n": 517278.0,
  "summary_bg_p05": 14.507645606994629,
  "summary_bg_p95": 110.1084159851071,
  "summary_bg_stdv": 50.330345153808594,
  "summary_fg_k": 0.3287124509085979,
  "summary_fg_mad": 194.7831103253798,
  "summary_fg_mean": 587.8306884765625,
  "summary_fg_median": 562.4251098632812,
  "summary_fg_n": 160275.0,
  "summary_fg_p05": 318.0678924560547,
  "summary_fg_p95": 954.3498718261716,
  "summary_fg_stdv": 199.18328857421875,
  "tsnr": 33.5839985817438
}