{
  "aor": 0.000715778364116095,
  "aqi": 0.019568458311345644,
  "bids_meta": {
    "AcquisitionMatrixPE": 90,
    "AcquisitionNumber": 1,
    "AcquisitionTime": "10:07:41.860000",
    "BandwidthPerPixelPhaseEncode": 21.368,
    "BaseResolution": 90,
    "BodyPartExamined": "BRAIN",
    "CoilString": "HC1-7;NC1_2",
    "ConsistencyInfo": "N4_VE11C_LATEST_20160120",
    "ConversionSoftware": "dcm2niix",
    "ConversionSoftwareVersion": "v1.0.20190410  GCC6.3.0",
    "DerivedVendorReportedEchoSpacing": 0.000519988,
    "DeviceSerialNumber": "167001",
    "DwellTime": 2.2e-06,
    "EchoTime": 0.03,
    "EchoTrainLength": 90,
    "EffectiveEchoSpacing": 0.000519988,
    "FlipAngle": 52,
    "ImageOrientationPatientDICOM": [
      0.997248,
      -0.015153,
      -0.0725708,
      -0.000870213,
      0.976428,
      -0.215839
    ],
    "ImageType": [
      "ORIGINAL",
      "PRIMARY",
      "M",
      "ND",
      "NORM",
      "MOSAIC"
    ],
    "ImagingFrequency": 123.229,
    "InPlanePhaseEncodingDirectionDICOM": "COL",
    "InstitutionAddress": "Cooper_60_St._Lucia_QLD_AU_4072",
    "InstitutionName": "St_Lucia_Campus",
    "InstitutionalDepartmentName": "Gehrmann_Labs_MRI",
    "MRAcquisitionType": "2D",
    "MagneticFieldStrength": 3,
    "Manufacturer": "Siemens",
    "ManufacturersModelName": "Prisma_fit",
    "Modality": "MR",
    "MultibandAccelerationFactor": 6,
    "PartialFourier": 1,
    "PatientPosition": "HFS",
    "PercentPhaseFOV": 100,
    "PhaseEncodingDirection": "j-",
    "PhaseEncodingSteps": 90,
    "PhaseResolution": 1,
    "PixelBandwidth": 2525,
    "ProcedureStepDescription": "Research_16092_QTAB",
    "ProtocolName": "PARTLY_CLOUDY_mb6_2.4",
    "PulseSequenceDetails": "%SiemensSeq%_ep2d_bold",
    "ReceiveCoilActiveElements": "HC1-7;NC1,2",
    "ReceiveCoilName": "HeadNeck_64",
    "ReconMatrixPE": 90,
    "RefLinesPE": 12,
    "RepetitionTime": 0.8,
    "SAR": 0.0649048,
    "ScanOptions": "FS",
    "ScanningSequence": "EP",
    "SequenceName": "_epfid2d1_90",
    "SequenceVariant": "SK",
    "SeriesDescription": "PARTLY_CLOUDY_mb6_2.4",
    "SeriesNumber": 19,
    "ShimSetting": [
      3034,
      -4193,
      -801,
      500,
      23,
      48,
      -15,
      -17
    ],
    "SliceThickness": 2.4,
    "SliceTiming": [
      0.545,
      0,
      0.39,
      0.0775,
      0.4675,
      0.2325,
      0.6225,
      0.31,
      0.7,
      0.155,
      0.545,
      0,
      0.39,
      0.0775,
      0.4675,
      0.2325,
      0.6225,
      0.31,
      0.7,
      0.155,
      0.545,
      0,
      0.39,
      0.0775,
      0.4675,
      0.2325,
      0.6225,
      0.31,
      0.7,
      0.155,
      0.545,
      0,
      0.39,
      0.0775,
      0.4675,
      0.2325,
      0.6225,
      0.31,
      0.7,
      0.155,
      0.545,
      0,
      0.39,
      0.0775,
      0.4675,
      0.2325,
      0.6225,
      0.31,
      0.7,
      0.155,
      0.545,
      0,
      0.39,
      0.0775,
      0.4675,
      0.2325,
      0.6225,
      0.31,
      0.7,
      0.155
    ],
    "SoftwareVersions": "syngo_MR_E11",
    "SpacingBetweenSlices": 2.4,
    "StationName": "mrc_Trio",
    "TaskName": "partlycloudy",
    "TotalReadoutTime": 0.046279,
    "TxRefAmp": 210.416,
    "dataset": "ds004146",
    "modality": "bold",
    "session_id": "02",
    "subject_id": "0193",
    "task_id": "partlycloudy"
  },
  "dummy_trs": 1,
  "dvars_nstd": 33.42625145685184,
  "dvars_std": 1.1189988640476194,
  "dvars_vstd": 0.9823047624074073,
  "efc": 0.4822324471481129,
  "fber": 6840.5439453125,
  "fd_mean": 0.2519147601654837,
  "fd_num": 200,
  "fd_perc": 52.770448548812666,
  "fwhm_avg": 1.9280860344958557,
  "fwhm_x": 1.8121207613261239,
  "fwhm_y": 2.087320750390659,
  "fwhm_z": 1.8848165917707842,
  "gcor": 0.0148681,
  "gsr_x": -0.018202537670731544,
  "gsr_y": 0.02727331593632698,
  "provenance": {
    "md5sum": "9a8df41f3d8d817903388a1b1c94ffa4",
    "settings": {
      "fd_thres": 0.2,
      "testing": false
    },
    "software": "mriqc",
    "version": "23.0.1",
    "webapi_port": null,
    "webapi_url": "https://mriqc.nimh.nih.gov/api/v1"
  },
  "size_t": 379,
  "size_x": 90,
  "size_y": 90,
  "size_z": 60,
  "snr": 6.996949575145658,
  "spacing_tr": 0.800000011920929,
  "spacing_x": 2.4000000953674316,
  "spacing_y": 2.4000000953674316,
  "spacing_z": 2.4000000953674316,
  "summary_bg_k": 31.7384474899037,
  "summary_bg_mad": 5.523573287528031,
  "summary_bg_mean": 22.89153289794922,
  "summary_bg_median": 7.949868202209473,
  "summary_bg_n": 327131.0,
  "summary_bg_p05": 3.424802303314209,
  "summary_bg_p95": 92.82585906982422,
  "summary_bg_stdv": 47.8342170715332,
  "summary_fg_k": 2.1385269192814613,
  "summary_fg_mad": 93.12423252357992,
  "summary_fg_mean": 664.2567749023438,
  "summary_fg_median": 664.5870971679688,
  "summary_fg_n": 87962.0,
  "summary_fg_p05": 523.1323547363281,
  "summary_fg_p95": 810.6016235351562,
  "summary_fg_stdv": 94.98186492919922,
  "tsnr": 41.91194542741869
}