{
  "aor": 0.0005534736842105263,
  "aqi": 0.015751502368421055,
  "bids_meta": {
    "AcquisitionMatrixPE": 90,
    "AcquisitionNumber": 1,
    "AcquisitionTime": "16:29:51.152500",
    "BandwidthPerPixelPhaseEncode": 21.368,
    "BaseResolution": 90,
    "BodyPartExamined": "BRAIN",
    "CoilString": "HC1-7;NC1_2",
    "ConsistencyInfo": "N4_VE11C_LATEST_20160120",
    "ConversionSoftware": "dcm2niix",
    "ConversionSoftwareVersion": "v1.0.20190410  GCC6.3.0",
    "DerivedVendorReportedEchoSpacing": 0.000519988,
    "DeviceSerialNumber": "167001",
    "DwellTime": 2.2e-06,
    "EchoTime": 0.03,
    "EchoTrainLength": 90,
    "EffectiveEchoSpacing": 0.000519988,
    "FlipAngle": 52,
    "ImageOrientationPatientDICOM": [
      0.99475,
      -0.0723271,
      0.0723954,
      0.0957836,
      0.9071,
      -0.409872
    ],
    "ImageType": [
      "ORIGINAL",
      "PRIMARY",
      "M",
      "ND",
      "NORM",
      "MOSAIC"
    ],
    "ImagingFrequency": 123.229,
    "InPlanePhaseEncodingDirectionDICOM": "COL",
    "InstitutionAddress": "Cooper_60_St._Lucia_QLD_AU_4072",
    "InstitutionName": "St_Lucia_Campus",
    "InstitutionalDepartmentName": "Gehrmann_Labs_MRI",
    "MRAcquisitionType": "2D",
    "MagneticFieldStrength": 3,
    "Manufacturer": "Siemens",
    "ManufacturersModelName": "Prisma_fit",
    "Modality": "MR",
    "MultibandAccelerationFactor": 6,
    "PartialFourier": 1,
    "PatientPosition": "HFS",
    "PercentPhaseFOV": 100,
    "PhaseEncodingDirection": "j-",
    "PhaseEncodingSteps": 90,
    "PhaseResolution": 1,
    "PixelBandwidth": 2525,
    "ProcedureStepDescription": "Research_16092_QTAB",
    "ProtocolName": "PARTLY_CLOUDY_mb6_2.4",
    "PulseSequenceDetails": "%SiemensSeq%_ep2d_bold",
    "ReceiveCoilActiveElements": "HC1-7;NC1,2",
    "ReceiveCoilName": "HeadNeck_64",
    "ReconMatrixPE": 90,
    "RefLinesPE": 12,
    "RepetitionTime": 0.8,
    "SAR": 0.0440446,
    "ScanOptions": "FS",
    "ScanningSequence": "EP",
    "SequenceName": "_epfid2d1_90",
    "SequenceVariant": "SK",
    "SeriesDescription": "PARTLY_CLOUDY_mb6_2.4",
    "SeriesNumber": 19,
    "ShimSetting": [
      3036,
      -4140,
      -772,
      499,
      -95,
      40,
      -154,
      -46
    ],
    "SliceThickness": 2.4,
    "SliceTiming": [
      0.545,
      0,
      0.39,
      0.0775,
      0.4675,
      0.2325,
      0.6225,
      0.31,
      0.7,
      0.155,
      0.545,
      0,
      0.39,
      0.0775,
      0.4675,
      0.2325,
      0.6225,
      0.31,
      0.7,
      0.155,
      0.545,
      0,
      0.39,
      0.0775,
      0.4675,
      0.2325,
      0.6225,
      0.31,
      0.7,
      0.155,
      0.545,
      0,
      0.39,
      0.0775,
      0.4675,
      0.2325,
      0.6225,
      0.31,
      0.7,
      0.155,
      0.545,
      0,
      0.39,
      0.0775,
      0.4675,
      0.2325,
      0.6225,
      0.31,
      0.7,
      0.155,
      0.545,
      0,
      0.39,
      0.0775,
      0.4675,
      0.2325,
      0.6225,
      0.31,
      0.7,
      0.155
    ],
    "SoftwareVersions": "syngo_MR_E11",
    "SpacingBetweenSlices": 2.4,
    "StationName": "mrc_Trio",
    "TaskName": "partlycloudy",
    "TotalReadoutTime": 0.046279,
    "TxRefAmp": 214.719,
    "dataset": "ds004146",
    "modality": "bold",
    "session_id": "02",
    "subject_id": "0044",
    "task_id": "partlycloudy"
  },
  "dummy_trs": 0,
  "dvars_nstd": 32.418430902321916,
  "dvars_std": 1.1693318761477567,
  "dvars_vstd": 0.9981149587862808,
  "efc": 0.48772987840933457,
  "fber": 6940.0068359375,
  "fd_mean": 0.09926816291056242,
  "fd_num": 12,
  "fd_perc": 3.1578947368421053,
  "fwhm_avg": 1.7872819327548737,
  "fwhm_x": 1.693683266032407,
  "fwhm_y": 1.876437425437076,
  "fwhm_z": 1.7917251067951385,
  "gcor": 0.00920703,
  "gsr_x": -0.028685208410024643,
  "gsr_y": 0.04624127596616745,
  "provenance": {
    "md5sum": "982066e678e5e3676709cf462fb1f8c4",
    "settings": {
      "fd_thres": 0.2,
      "testing": false
    },
    "software": "mriqc",
    "version": "23.0.1",
    "webapi_port": null,
    "webapi_url": "https://mriqc.nimh.nih.gov/api/v1"
  },
  "size_t": 380,
  "size_x": 90,
  "size_y": 90,
  "size_z": 60,
  "snr": 6.983479917274862,
  "spacing_tr": 0.800000011920929,
  "spacing_x": 2.4000000953674316,
  "spacing_y": 2.4000000953674316,
  "spacing_z": 2.3999998569488525,
  "summary_bg_k": 27.785263636002693,
  "summary_bg_mad": 5.809460065662979,
  "summary_bg_mean": 27.120866775512695,
  "summary_bg_median": 7.718421459197998,
  "summary_bg_n": 330025.0,
  "summary_bg_p05": 3.184210777282715,
  "summary_bg_p95": 120.24158477783185,
  "summary_bg_stdv": 54.033164978027344,
  "summary_fg_k": 1.600287702748095,
  "summary_fg_mad": 89.42035121219975,
  "summary_fg_mean": 659.7407836914062,
  "summary_fg_median": 655.97900390625,
  "summary_fg_n": 85337.0,
  "summary_fg_p05": 519.3626342773438,
  "summary_fg_p95": 814.5810913085937,
  "summary_fg_stdv": 93.93241882324219,
  "tsnr": 47.499533406458795
}