{
  "aor": 0.0009614153846153846,
  "aqi": 0.008675970892307691,
  "bids_meta": {
    "AcquisitionMatrixPE": 104,
    "AcquisitionNumber": 1,
    "AcquisitionTime": "16:12:12.765000",
    "BandwidthPerPixelPhaseEncode": 17.17,
    "BaseResolution": 104,
    "BodyPartExamined": "BRAIN",
    "CoilString": "HC1-7;NC1_2",
    "ConsistencyInfo": "N4_VE11C_LATEST_20160120",
    "ConversionSoftware": "dcm2niix",
    "ConversionSoftwareVersion": "v1.0.20181125  (JP2:OpenJPEG) GCC6.3.0",
    "DerivedVendorReportedEchoSpacing": 0.000560011,
    "DeviceSerialNumber": "167001",
    "DwellTime": 2.1e-06,
    "EchoTime": 0.03,
    "EchoTrainLength": 91,
    "EffectiveEchoSpacing": 0.000560011,
    "FlipAngle": 52,
    "ImageOrientationPatientDICOM": [
      0.998626,
      0.0286489,
      -0.0438791,
      -0.0348728,
      0.988315,
      -0.148379
    ],
    "ImageType": [
      "ORIGINAL",
      "PRIMARY",
      "M",
      "ND",
      "MOSAIC"
    ],
    "ImagingFrequency": 123.229,
    "InPlanePhaseEncodingDirectionDICOM": "COL",
    "InstitutionAddress": "Cooper_60_St._Lucia_QLD_AU_4072",
    "InstitutionName": "St_Lucia_Campus",
    "InstitutionalDepartmentName": "Gehrmann_Labs_MRI",
    "MRAcquisitionType": "2D",
    "MagneticFieldStrength": 3,
    "Manufacturer": "Siemens",
    "ManufacturersModelName": "Prisma_fit",
    "Modality": "MR",
    "MultibandAccelerationFactor": 6,
    "PartialFourier": 0.875,
    "PatientPosition": "HFS",
    "PercentPhaseFOV": 100,
    "PhaseEncodingDirection": "j",
    "PhaseEncodingSteps": 91,
    "PhaseResolution": 1,
    "PixelBandwidth": 2290,
    "ProcedureStepDescription": "Research_16092_QTAB",
    "ProtocolName": "ep2d_REST_SMS6_P-A",
    "PulseSequenceDetails": "%SiemensSeq%_ep2d_bold",
    "ReceiveCoilActiveElements": "HC1-7;NC1,2",
    "ReceiveCoilName": "HeadNeck_64",
    "ReconMatrixPE": 104,
    "RepetitionTime": 0.93,
    "SAR": 0.0678777,
    "ScanOptions": "PFP_FS",
    "ScanningSequence": "EP",
    "SequenceName": "_epfid2d1_104",
    "SequenceVariant": "SK",
    "SeriesDescription": "ep2d_REST_SMS6_P-A",
    "SeriesNumber": 10,
    "ShimSetting": [
      3065,
      -4160,
      -748,
      587,
      -29,
      -38,
      10,
      -39
    ],
    "SliceThickness": 2,
    "SliceTiming": [
      0.6825,
      0,
      0.455,
      0.075,
      0.53,
      0.15,
      0.605,
      0.3025,
      0.7575,
      0.3775,
      0.8325,
      0.2275,
      0.6825,
      0,
      0.455,
      0.075,
      0.53,
      0.15,
      0.605,
      0.3025,
      0.7575,
      0.3775,
      0.8325,
      0.2275,
      0.6825,
      0,
      0.455,
      0.075,
      0.53,
      0.15,
      0.605,
      0.3025,
      0.7575,
      0.3775,
      0.8325,
      0.2275,
      0.6825,
      0,
      0.455,
      0.075,
      0.53,
      0.15,
      0.605,
      0.3025,
      0.7575,
      0.3775,
      0.8325,
      0.2275,
      0.6825,
      0,
      0.455,
      0.075,
      0.53,
      0.15,
      0.605,
      0.3025,
      0.7575,
      0.3775,
      0.8325,
      0.2275,
      0.6825,
      0,
      0.455,
      0.075,
      0.53,
      0.15,
      0.605,
      0.3025,
      0.7575,
      0.3775,
      0.8325,
      0.2275
    ],
    "SoftwareVersions": "syngo_MR_E11",
    "SpacingBetweenSlices": 2,
    "StationName": "mrc_Trio",
    "TaskName": "rest",
    "TotalReadoutTime": 0.0576811,
    "TxRefAmp": 213.358,
    "dataset": "ds004146",
    "modality": "bold",
    "session_id": "01",
    "subject_id": "0333",
    "task_id": "rest"
  },
  "dummy_trs": 2,
  "dvars_nstd": 55.08719516104934,
  "dvars_std": 1.1393078962345677,
  "dvars_vstd": 1.002151841265433,
  "efc": 0.5153480506177159,
  "fber": 915.4798583984375,
  "fd_mean": 0.42640249256966906,
  "fd_num": 272,
  "fd_perc": 83.6923076923077,
  "fwhm_avg": 3.1350700000000002,
  "fwhm_x": 2.97962,
  "fwhm_y": 3.186395,
  "fwhm_z": 3.239195,
  "gcor": 0.00549775,
  "gsr_x": -0.019747445359826088,
  "gsr_y": 0.0611693300306797,
  "provenance": {
    "md5sum": "7d5ac6629dbb3e37a2b41f968ddf443e",
    "settings": {
      "fd_thres": 0.2,
      "testing": false
    },
    "software": "mriqc",
    "version": "23.0.1",
    "webapi_port": null,
    "webapi_url": "https://mriqc.nimh.nih.gov/api/v1"
  },
  "size_t": 325,
  "size_x": 104,
  "size_y": 104,
  "size_z": 72,
  "snr": 2.5738822789547493,
  "spacing_tr": 0.9300000071525574,
  "spacing_x": 2.0,
  "spacing_y": 2.0,
  "spacing_z": 2.0,
  "summary_bg_k": 69.63324584720992,
  "summary_bg_mad": 5.465099226183391,
  "summary_bg_mean": 34.31047821044922,
  "summary_bg_median": 18.68000030517578,
  "summary_bg_n": 513586.0,
  "summary_bg_p05": 14.483077049255371,
  "summary_bg_p95": 109.64615631103516,
  "summary_bg_stdv": 46.233585357666016,
  "summary_fg_k": 1.602084958138513,
  "summary_fg_mad": 209.06967126009275,
  "summary_fg_mean": 604.3848876953125,
  "summary_fg_median": 569.0707397460938,
  "summary_fg_n": 164514.0,
  "summary_fg_p05": 323.7383102416992,
  "summary_fg_p95": 1012.5018341064455,
  "summary_fg_stdv": 221.09364318847656,
  "tsnr": 31.574553480139002
}