{
  "bids_meta": {
    "AcquisitionMatrixPE": 256,
    "AcquisitionNumber": 1,
    "AcquisitionTime": "13:11:37.852500",
    "BaseResolution": 256,
    "BodyPartExamined": "BRAIN",
    "ConsistencyInfo": "N4_VE11C_LATEST_20160120",
    "ConversionSoftware": "dcm2niix",
    "ConversionSoftwareVersion": "v1.0.20171215 GCC6.3.0",
    "DeviceSerialNumber": "167001",
    "DwellTime": 2.6e-06,
    "EchoTime": 0.408,
    "EchoTrainLength": 259,
    "FlipAngle": 120,
    "ImageOrientationPatientDICOM": [
      -0.0122156,
      0.999925,
      1.1544e-08,
      -0.0382262,
      -0.000466979,
      -0.999269
    ],
    "ImageType": [
      "ORIGINAL",
      "PRIMARY",
      "M",
      "ND",
      "NORM"
    ],
    "InPlanePhaseEncodingDirectionDICOM": "ROW",
    "InstitutionAddress": "Cooper_60_St._Lucia_QLD_AU_4072",
    "InstitutionName": "St_Lucia_Campus",
    "InstitutionalDepartmentName": "Gehrmann_Labs_MRI",
    "MRAcquisitionType": "3D",
    "MagneticFieldStrength": 3,
    "Manufacturer": "Siemens",
    "ManufacturersModelName": "Prisma_fit",
    "Modality": "MR",
    "ParallelReductionFactorInPlane": 2,
    "PartialFourier": 1,
    "PatientPosition": "HFS",
    "PercentPhaseFOV": 100,
    "PhaseEncodingSteps": 233,
    "PhaseResolution": 1,
    "PixelBandwidth": 750,
    "ProcedureStepDescription": "Research_16092_QTAB",
    "ProtocolName": "t2_spc_sag_p2_iso",
    "PulseSequenceDetails": "%SiemensSeq%_tse_vfl",
    "ReceiveCoilActiveElements": "HC1-7;NC1",
    "ReceiveCoilName": "HeadNeck_64",
    "ReconMatrixPE": 256,
    "RepetitionTime": 3.2,
    "SAR": 0.18848,
    "ScanOptions": "PFP",
    "ScanningSequence": "SE",
    "SequenceName": "_spcR_282ns",
    "SequenceVariant": "SK_SP",
    "SeriesDescription": "t2_spc_sag_p2_iso",
    "SeriesNumber": 19,
    "ShimSetting": [
      3044,
      -4172,
      -1039,
      -11,
      -3,
      35,
      -21,
      -13
    ],
    "SliceThickness": 1,
    "SoftwareVersions": "syngo_MR_E11",
    "StationName": "mrc_Trio",
    "TxRefAmp": 209.252,
    "dataset": "ds004146",
    "modality": "T2w",
    "session_id": "01",
    "subject_id": "0124"
  },
  "cjv": 1.8300904774728377,
  "cnr": 0.874515651094369,
  "efc": 0.6358527434023085,
  "fber": 4713.803265306122,
  "fwhm_avg": 3.9938667076012173,
  "fwhm_x": 4.044562741074726,
  "fwhm_y": 4.2314624369462965,
  "fwhm_z": 3.7055749447826303,
  "icvs_csf": 0.4468418498700674,
  "icvs_gm": 0.11909871016299062,
  "icvs_wm": 0.43405943996694196,
  "inu_med": 1.0191527605056763,
  "inu_range": 0.31207501888275146,
  "provenance": {
    "md5sum": "056696fc20d9791c985526a79c4250d7",
    "settings": {
      "testing": false
    },
    "software": "mriqc",
    "version": "23.0.1",
    "warnings": {
      "large_rot_frame": true,
      "small_air_mask": false
    },
    "webapi_port": null,
    "webapi_url": "https://mriqc.nimh.nih.gov/api/v1"
  },
  "qi_1": 7.225578962417184e-06,
  "qi_2": 0.005999309757564637,
  "rpve_csf": 9.791843921122195,
  "rpve_gm": 36.549177323612604,
  "rpve_wm": 10.515380799456933,
  "size_x": 192,
  "size_y": 300,
  "size_z": 320,
  "snr_csf": 15.988104395913723,
  "snr_gm": 1.4720731303966914,
  "snr_total": 9.95354785174364,
  "snr_wm": 12.400466028920503,
  "snrd_csf": 33.80781585543038,
  "snrd_gm": 54.48217923340434,
  "snrd_total": 36.78789013752243,
  "snrd_wm": 22.07367532373258,
  "spacing_x": 0.7999999523162842,
  "spacing_y": 0.800000011920929,
  "spacing_z": 0.800000011920929,
  "summary_bg_k": 4.11483217602583,
  "summary_bg_mad": 0.0,
  "summary_bg_mean": 20.25310181705533,
  "summary_bg_median": 0.0,
  "summary_bg_n": 1539035.0,
  "summary_bg_p05": 0.0,
  "summary_bg_p95": 84.21576105058193,
  "summary_bg_stdv": 29.679533465779404,
  "summary_csf_k": 0.5710597168926732,
  "summary_csf_mad": 91.35214945363316,
  "summary_csf_mean": 1537.6087135071891,
  "summary_csf_median": 1531.5897606760263,
  "summary_csf_n": 150817.0,
  "summary_csf_p05": 1391.585499688983,
  "summary_csf_p95": 1703.802108505367,
  "summary_csf_stdv": 95.79526409747999,
  "summary_gm_k": -1.6897162676565265,
  "summary_gm_mad": 2604.1157713339603,
  "summary_gm_mean": 2074.7283687185727,
  "summary_gm_median": 2468.196946233511,
  "summary_gm_n": 65709.0,
  "summary_gm_p05": 72.66007940769197,
  "summary_gm_p95": 4327.382463988662,
  "summary_gm_stdv": 1676.6681722034375,
  "summary_wm_k": -0.06459013230239696,
  "summary_wm_mad": 82.81751957388195,
  "summary_wm_mean": 1000.555149832018,
  "summary_wm_median": 999.9999778419733,
  "summary_wm_n": 305296.0,
  "summary_wm_p05": 870.158462703228,
  "summary_wm_p95": 1132.8263553977013,
  "summary_wm_stdv": 80.64199665993412,
  "tpm_overlap_csf": 0.10884994080836674,
  "tpm_overlap_gm": 0.07374966646204151,
  "tpm_overlap_wm": 0.41107960448530756,
  "wm2max": 0.24121438612130147
}