{
  "bids_meta": {
    "AcquisitionMatrixPE": 256,
    "AcquisitionNumber": 1,
    "AcquisitionTime": "15:17:40.317500",
    "BaseResolution": 256,
    "BodyPartExamined": "BRAIN",
    "CoilString": "HC1-7;NC1_2",
    "ConsistencyInfo": "N4_VE11C_LATEST_20160120",
    "ConversionSoftware": "dcm2niix",
    "ConversionSoftwareVersion": "v1.0.20181125  (JP2:OpenJPEG) GCC6.3.0",
    "DeviceSerialNumber": "167001",
    "DwellTime": 2.6e-06,
    "EchoTime": 0.408,
    "EchoTrainLength": 259,
    "FlipAngle": 120,
    "ImageOrientationPatientDICOM": [
      -0.0323708,
      0.99944,
      0.0085159,
      -0.0920267,
      0.00550374,
      -0.995741
    ],
    "ImageType": [
      "ORIGINAL",
      "PRIMARY",
      "M",
      "ND",
      "NORM"
    ],
    "ImagingFrequency": 123.229,
    "InPlanePhaseEncodingDirectionDICOM": "ROW",
    "InstitutionAddress": "Cooper_60_St._Lucia_QLD_AU_4072",
    "InstitutionName": "St_Lucia_Campus",
    "InstitutionalDepartmentName": "Gehrmann_Labs_MRI",
    "MRAcquisitionType": "3D",
    "MagneticFieldStrength": 3,
    "Manufacturer": "Siemens",
    "ManufacturersModelName": "Prisma_fit",
    "Modality": "MR",
    "PartialFourier": 1,
    "PatientPosition": "HFS",
    "PercentPhaseFOV": 100,
    "PhaseEncodingSteps": 233,
    "PhaseResolution": 1,
    "PixelBandwidth": 750,
    "ProcedureStepDescription": "Research_16092_QTAB",
    "ProtocolName": "t2_spc_sag_p2_iso",
    "PulseSequenceDetails": "%SiemensSeq%_tse_vfl",
    "ReceiveCoilActiveElements": "HC1-7;NC1,2",
    "ReceiveCoilName": "HeadNeck_64",
    "ReconMatrixPE": 256,
    "RepetitionTime": 3.2,
    "SAR": 0.159306,
    "ScanOptions": "PFP",
    "ScanningSequence": "SE",
    "SequenceName": "_spcR_282ns",
    "SequenceVariant": "SK_SP",
    "SeriesDescription": "t2_spc_sag_p2_iso",
    "SeriesNumber": 19,
    "ShimSetting": [
      3044,
      -4172,
      -1039,
      -11,
      -3,
      35,
      -21,
      -13
    ],
    "SliceThickness": 1,
    "SoftwareVersions": "syngo_MR_E11",
    "StationName": "mrc_Trio",
    "TxRefAmp": 208.445,
    "dataset": "ds004146",
    "modality": "T2w",
    "session_id": "01",
    "subject_id": "0141"
  },
  "cjv": 1.5217350904997509,
  "cnr": 0.40994224837984217,
  "efc": 0.6382931546846926,
  "fber": 10894.462772443227,
  "fwhm_avg": 3.998729211916842,
  "fwhm_x": 4.221250251606121,
  "fwhm_y": 4.2558374365830804,
  "fwhm_z": 3.5190999475613243,
  "icvs_csf": 0.5070808436407347,
  "icvs_gm": 0.3699615883370212,
  "icvs_wm": 0.12295756802224413,
  "inu_med": 1.076484203338623,
  "inu_range": 0.4108915328979492,
  "provenance": {
    "md5sum": "4284a2fc30c1544c9af84543d2afab73",
    "settings": {
      "testing": false
    },
    "software": "mriqc",
    "version": "23.0.1",
    "warnings": {
      "large_rot_frame": true,
      "small_air_mask": false
    },
    "webapi_port": null,
    "webapi_url": "https://mriqc.nimh.nih.gov/api/v1"
  },
  "qi_1": 3.4740712690831975e-06,
  "qi_2": 0.02729527707693629,
  "rpve_csf": 9.193748528086147,
  "rpve_gm": 11.875029942079257,
  "rpve_wm": 33.82754304234087,
  "size_x": 192,
  "size_y": 300,
  "size_z": 320,
  "snr_csf": 21.34367669202686,
  "snr_gm": 16.033681860255562,
  "snr_total": 12.602724408288557,
  "snr_wm": 0.4308146725832509,
  "snrd_csf": 78.45985023607182,
  "snrd_gm": 57.57834608122089,
  "snrd_total": 55.17391138165775,
  "snrd_wm": 29.48353782768055,
  "spacing_x": 0.7999999523162842,
  "spacing_y": 0.800000011920929,
  "spacing_z": 0.800000011920929,
  "summary_bg_k": 6.927320983916713,
  "summary_bg_mad": 0.0,
  "summary_bg_mean": 11.575122571652326,
  "summary_bg_median": 0.0,
  "summary_bg_n": 1530030.0,
  "summary_bg_p05": 0.0,
  "summary_bg_p95": 61.81168216466904,
  "summary_bg_stdv": 22.41387960382391,
  "summary_csf_k": 0.16648716814183295,
  "summary_csf_mad": 125.32404197641561,
  "summary_csf_mean": 2691.530814306878,
  "summary_csf_median": 2684.310682363808,
  "summary_csf_n": 275765.0,
  "summary_csf_p05": 2498.875635869801,
  "summary_csf_p95": 2907.9167490005493,
  "summary_csf_stdv": 125.76585815397252,
  "summary_gm_k": -0.4001432800391176,
  "summary_gm_mad": 131.99203329576105,
  "summary_gm_mean": 1974.6360445566056,
  "summary_gm_median": 1969.9014080911875,
  "summary_gm_n": 263103.0,
  "summary_gm_p05": 1782.390596151352,
  "summary_gm_p95": 2180.937561750412,
  "summary_gm_stdv": 122.85996951062386,
  "summary_wm_k": -1.437440615026947,
  "summary_wm_mad": 1330.6917035503993,
  "summary_wm_mean": 2358.4905511437255,
  "summary_wm_median": 1008.7066863700747,
  "summary_wm_n": 82200.0,
  "summary_wm_p05": 90.29579689353704,
  "summary_wm_p95": 6106.33687214479,
  "summary_wm_stdv": 2341.3792864054594,
  "tpm_overlap_csf": 0.09963434676004371,
  "tpm_overlap_gm": 0.2528747466266085,
  "tpm_overlap_wm": 0.0441755510808359,
  "wm2max": 0.17258252273938007
}