{
  "aor": 0.0009351674641148326,
  "aqi": 0.011309536746411483,
  "bids_meta": {
    "AcquisitionMatrixPE": 90,
    "AcquisitionNumber": 1,
    "AcquisitionTime": "15:53:59.690000",
    "BandwidthPerPixelPhaseEncode": 21.368,
    "BaseResolution": 90,
    "BodyPartExamined": "BRAIN",
    "CoilString": "HC1-7;NC1_2",
    "ConsistencyInfo": "N4_VE11C_LATEST_20160120",
    "ConversionSoftware": "dcm2niix",
    "ConversionSoftwareVersion": "v1.0.20190410  GCC6.3.0",
    "DelayTime": 0.001,
    "DerivedVendorReportedEchoSpacing": 0.000519988,
    "DeviceSerialNumber": "167001",
    "DwellTime": 2.2e-06,
    "EchoTime": 0.03,
    "EchoTrainLength": 90,
    "EffectiveEchoSpacing": 0.000519988,
    "FlipAngle": 52,
    "ImageOrientationPatientDICOM": [
      0.999168,
      -0.0337648,
      -0.0228589,
      0.0261642,
      0.960891,
      -0.275687
    ],
    "ImageType": [
      "ORIGINAL",
      "PRIMARY",
      "M",
      "ND",
      "NORM",
      "MOSAIC"
    ],
    "ImagingFrequency": 123.229,
    "InPlanePhaseEncodingDirectionDICOM": "COL",
    "InstitutionAddress": "Cooper_60_St._Lucia_QLD_AU_4072",
    "InstitutionName": "St_Lucia_Campus",
    "InstitutionalDepartmentName": "Gehrmann_Labs_MRI",
    "MRAcquisitionType": "2D",
    "MagneticFieldStrength": 3,
    "Manufacturer": "Siemens",
    "ManufacturersModelName": "Prisma_fit",
    "Modality": "MR",
    "MultibandAccelerationFactor": 6,
    "PartialFourier": 1,
    "PatientPosition": "HFS",
    "PercentPhaseFOV": 100,
    "PhaseEncodingDirection": "j-",
    "PhaseEncodingSteps": 90,
    "PhaseResolution": 1,
    "PixelBandwidth": 2525,
    "ProcedureStepDescription": "Research_16092_QTAB",
    "ProtocolName": "EMOT_TASK_mb6_2.4",
    "PulseSequenceDetails": "%SiemensSeq%_ep2d_bold",
    "ReceiveCoilActiveElements": "HC1-7;NC1,2",
    "ReceiveCoilName": "HeadNeck_64",
    "ReconMatrixPE": 90,
    "RefLinesPE": 12,
    "RepetitionTime": 0.8,
    "SAR": 0.0725015,
    "ScanOptions": "FS",
    "ScanningSequence": "EP",
    "SequenceName": "_epfid2d1_90",
    "SequenceVariant": "SK",
    "SeriesDescription": "EMOT_TASK_mb6_2.4",
    "SeriesNumber": 20,
    "ShimSetting": [
      3051,
      -4165,
      -773,
      463,
      20,
      -78,
      -46,
      -38
    ],
    "SliceThickness": 2.4,
    "SliceTiming": [
      0.545,
      0,
      0.39,
      0.0775,
      0.4675,
      0.235,
      0.6225,
      0.3125,
      0.7025,
      0.155,
      0.545,
      0,
      0.39,
      0.0775,
      0.4675,
      0.235,
      0.6225,
      0.3125,
      0.7025,
      0.155,
      0.545,
      0,
      0.39,
      0.0775,
      0.4675,
      0.235,
      0.6225,
      0.3125,
      0.7025,
      0.155,
      0.545,
      0,
      0.39,
      0.0775,
      0.4675,
      0.235,
      0.6225,
      0.3125,
      0.7025,
      0.155,
      0.545,
      0,
      0.39,
      0.0775,
      0.4675,
      0.235,
      0.6225,
      0.3125,
      0.7025,
      0.155,
      0.545,
      0,
      0.39,
      0.0775,
      0.4675,
      0.235,
      0.6225,
      0.3125,
      0.7025,
      0.155
    ],
    "SoftwareVersions": "syngo_MR_E11",
    "SpacingBetweenSlices": 2.4,
    "StationName": "mrc_Trio",
    "TaskName": "emotionalconflict",
    "TotalReadoutTime": 0.046279,
    "TxRefAmp": 212.671,
    "dataset": "ds004146",
    "modality": "bold",
    "session_id": "02",
    "subject_id": "0219",
    "task_id": "emotionalconflict"
  },
  "dummy_trs": 1,
  "dvars_nstd": 32.697936808455104,
  "dvars_std": 1.2259500248383233,
  "dvars_vstd": 1.0036708718682619,
  "efc": 0.4994492231304291,
  "fber": 6545.6318359375,
  "fd_mean": 0.09779411345123722,
  "fd_num": 18,
  "fd_perc": 2.15311004784689,
  "fwhm_avg": 1.8244402052810376,
  "fwhm_x": 1.730841597889201,
  "fwhm_y": 1.8909665915264051,
  "fwhm_z": 1.8515124264275062,
  "gcor": 0.0108556,
  "gsr_x": -0.02147175557911396,
  "gsr_y": 0.02184738591313362,
  "provenance": {
    "md5sum": "7e186192b2ca3465fc32b0be277ac284",
    "settings": {
      "fd_thres": 0.2,
      "testing": false
    },
    "software": "mriqc",
    "version": "23.0.1",
    "webapi_port": null,
    "webapi_url": "https://mriqc.nimh.nih.gov/api/v1"
  },
  "size_t": 836,
  "size_x": 90,
  "size_y": 90,
  "size_z": 60,
  "snr": 6.704234532535175,
  "spacing_tr": 0.800000011920929,
  "spacing_x": 2.4000000953674316,
  "spacing_y": 2.4000000953674316,
  "spacing_z": 2.4000000953674316,
  "summary_bg_k": 31.698668834001147,
  "summary_bg_mad": 6.056323368218049,
  "summary_bg_mean": 25.330547332763672,
  "summary_bg_median": 7.98444938659668,
  "summary_bg_n": 319460.0,
  "summary_bg_p05": 3.0645930767059326,
  "summary_bg_p95": 108.93079757690425,
  "summary_bg_stdv": 53.87080383300781,
  "summary_fg_k": 1.7284573965143126,
  "summary_fg_mad": 97.11569378188459,
  "summary_fg_mean": 661.15625,
  "summary_fg_median": 658.6842041015625,
  "summary_fg_n": 94275.0,
  "summary_fg_p05": 517.0140747070312,
  "summary_fg_p95": 819.2744873046876,
  "summary_fg_stdv": 98.24845886230469,
  "tsnr": 53.44380187988281
}