{
  "aor": 0.0011132208588957055,
  "aqi": 0.008553260674846627,
  "bids_meta": {
    "AcquisitionMatrixPE": 104,
    "AcquisitionNumber": 1,
    "AcquisitionTime": "11:17:7.420000",
    "BandwidthPerPixelPhaseEncode": 17.17,
    "BaseResolution": 104,
    "BodyPartExamined": "BRAIN",
    "ConsistencyInfo": "N4_VE11C_LATEST_20160120",
    "ConversionSoftware": "dcm2niix",
    "ConversionSoftwareVersion": "v1.0.20171215 GCC6.3.0",
    "DerivedVendorReportedEchoSpacing": 0.000560011,
    "DeviceSerialNumber": "167001",
    "DwellTime": 2.1e-06,
    "EchoTime": 0.03,
    "EchoTrainLength": 91,
    "EffectiveEchoSpacing": 0.000560011,
    "FlipAngle": 52,
    "ImageOrientationPatientDICOM": [
      0.997598,
      -0.0158329,
      -0.0674386,
      0.0053976,
      0.988336,
      -0.152191
    ],
    "ImageType": [
      "ORIGINAL",
      "PRIMARY",
      "M",
      "ND",
      "MOSAIC"
    ],
    "InPlanePhaseEncodingDirectionDICOM": "COL",
    "InstitutionAddress": "Cooper_60_St._Lucia_QLD_AU_4072",
    "InstitutionName": "St_Lucia_Campus",
    "InstitutionalDepartmentName": "Gehrmann_Labs_MRI",
    "MRAcquisitionType": "2D",
    "MagneticFieldStrength": 3,
    "Manufacturer": "Siemens",
    "ManufacturersModelName": "Prisma_fit",
    "Modality": "MR",
    "MultibandAccelerationFactor": 6,
    "PartialFourier": 0.875,
    "PatientPosition": "HFS",
    "PercentPhaseFOV": 100,
    "PhaseEncodingDirection": "j-",
    "PhaseEncodingSteps": 91,
    "PhaseResolution": 1,
    "PixelBandwidth": 2290,
    "ProcedureStepDescription": "Research_16092_QTAB",
    "ProtocolName": "ep2d_REST_SMS6_A-P",
    "PulseSequenceDetails": "%SiemensSeq%_ep2d_bold",
    "ReceiveCoilActiveElements": "HC1-7;NC1,2",
    "ReceiveCoilName": "HeadNeck_64",
    "ReconMatrixPE": 104,
    "RepetitionTime": 0.93,
    "SAR": 0.0539963,
    "ScanOptions": "PFP_FS",
    "ScanningSequence": "EP",
    "SequenceName": "_epfid2d1_104",
    "SequenceVariant": "SK",
    "SeriesDescription": "ep2d_REST_SMS6_A-P",
    "SeriesNumber": 9,
    "ShimSetting": [
      3043,
      -4182,
      -751,
      442,
      36,
      4,
      -103,
      3
    ],
    "SliceThickness": 2,
    "SliceTiming": [
      0.6825,
      0,
      0.455,
      0.075,
      0.53,
      0.15,
      0.605,
      0.3025,
      0.7575,
      0.3775,
      0.8325,
      0.2275,
      0.6825,
      0,
      0.455,
      0.075,
      0.53,
      0.15,
      0.605,
      0.3025,
      0.7575,
      0.3775,
      0.8325,
      0.2275,
      0.6825,
      0,
      0.455,
      0.075,
      0.53,
      0.15,
      0.605,
      0.3025,
      0.7575,
      0.3775,
      0.8325,
      0.2275,
      0.6825,
      0,
      0.455,
      0.075,
      0.53,
      0.15,
      0.605,
      0.3025,
      0.7575,
      0.3775,
      0.8325,
      0.2275,
      0.6825,
      0,
      0.455,
      0.075,
      0.53,
      0.15,
      0.605,
      0.3025,
      0.7575,
      0.3775,
      0.8325,
      0.2275,
      0.6825,
      0,
      0.455,
      0.075,
      0.53,
      0.15,
      0.605,
      0.3025,
      0.7575,
      0.3775,
      0.8325,
      0.2275
    ],
    "SoftwareVersions": "syngo_MR_E11",
    "SpacingBetweenSlices": 2,
    "StationName": "mrc_Trio",
    "TaskName": "rest",
    "TotalReadoutTime": 0.0576811,
    "TxRefAmp": 213.342,
    "dataset": "ds004146",
    "modality": "bold",
    "session_id": "01",
    "subject_id": "0133",
    "task_id": "rest"
  },
  "dummy_trs": 1,
  "dvars_nstd": 39.890235167046136,
  "dvars_std": 1.0492041838769237,
  "dvars_vstd": 0.9860498609846151,
  "efc": 0.5130682664020803,
  "fber": 806.7930297851562,
  "fd_mean": 0.25520637555516856,
  "fd_num": 184,
  "fd_perc": 56.441717791411044,
  "fwhm_avg": 3.3236317283723786,
  "fwhm_x": 3.1057501851171367,
  "fwhm_y": 3.512795,
  "fwhm_z": 3.35235,
  "gcor": 0.019609,
  "gsr_x": -0.0002338894410058856,
  "gsr_y": 0.04245465621352196,
  "provenance": {
    "md5sum": "631454db6e78ef69928a682f2bb786d6",
    "settings": {
      "fd_thres": 0.2,
      "testing": false
    },
    "software": "mriqc",
    "version": "23.0.1",
    "webapi_port": null,
    "webapi_url": "https://mriqc.nimh.nih.gov/api/v1"
  },
  "size_t": 326,
  "size_x": 104,
  "size_y": 104,
  "size_z": 72,
  "snr": 2.5521910183642595,
  "spacing_tr": 0.9300000071525574,
  "spacing_x": 1.9999998807907104,
  "spacing_y": 2.0,
  "spacing_z": 2.0,
  "summary_bg_k": 42.408094856177,
  "summary_bg_mad": 8.87742040680396,
  "summary_bg_mean": 40.00625228881836,
  "summary_bg_median": 20.969324111938477,
  "summary_bg_n": 521145.0,
  "summary_bg_p05": 14.395705223083496,
  "summary_bg_p95": 122.44171142578125,
  "summary_bg_stdv": 59.58472442626953,
  "summary_fg_k": 1.3413619816545115,
  "summary_fg_mad": 224.19585162134402,
  "summary_fg_mean": 640.9234619140625,
  "summary_fg_median": 601.5122680664062,
  "summary_fg_n": 158367.0,
  "summary_fg_p05": 335.5058166503906,
  "summary_fg_p95": 1072.1984252929688,
  "summary_fg_stdv": 235.6839141845703,
  "tsnr": 31.660732289776206
}