{
  "bids_meta": {
    "AcquisitionMatrixPE": 256,
    "AcquisitionNumber": 1,
    "AcquisitionTime": "16:40:1.562500",
    "BaseResolution": 256,
    "BodyPartExamined": "BRAIN",
    "CoilString": "HC1-7;NC1_2",
    "ConsistencyInfo": "N4_VE11C_LATEST_20160120",
    "ConversionSoftware": "dcm2niix",
    "ConversionSoftwareVersion": "v1.0.20190410  GCC6.3.0",
    "DeviceSerialNumber": "167001",
    "DwellTime": 2.6e-06,
    "EchoTime": 0.408,
    "EchoTrainLength": 259,
    "FlipAngle": 120,
    "ImageOrientationPatientDICOM": [
      0.0583337,
      0.998286,
      0.00471239,
      0.00111488,
      0.00465529,
      -0.999989
    ],
    "ImageType": [
      "ORIGINAL",
      "PRIMARY",
      "M",
      "ND",
      "NORM"
    ],
    "ImagingFrequency": 123.229,
    "InPlanePhaseEncodingDirectionDICOM": "ROW",
    "InstitutionAddress": "Cooper_60_St._Lucia_QLD_AU_4072",
    "InstitutionName": "St_Lucia_Campus",
    "InstitutionalDepartmentName": "Gehrmann_Labs_MRI",
    "MRAcquisitionType": "3D",
    "MagneticFieldStrength": 3,
    "Manufacturer": "Siemens",
    "ManufacturersModelName": "Prisma_fit",
    "Modality": "MR",
    "PartialFourier": 1,
    "PatientPosition": "HFS",
    "PercentPhaseFOV": 100,
    "PhaseEncodingSteps": 233,
    "PhaseResolution": 1,
    "PixelBandwidth": 750,
    "ProcedureStepDescription": "Research_16092_QTAB",
    "ProtocolName": "t2_spc_sag_p2_iso",
    "PulseSequenceDetails": "%SiemensSeq%_tse_vfl",
    "ReceiveCoilActiveElements": "HC1-7;NC1,2",
    "ReceiveCoilName": "HeadNeck_64",
    "ReconMatrixPE": 256,
    "RefLinesPE": 24,
    "RepetitionTime": 3.2,
    "SAR": 0.156527,
    "ScanOptions": "PFP",
    "ScanningSequence": "SE",
    "SequenceName": "_spcR_282ns",
    "SequenceVariant": "SK_SP",
    "SeriesDescription": "t2_spc_sag_p2_iso",
    "SeriesNumber": 32,
    "ShimSetting": [
      3044,
      -4172,
      -1039,
      -11,
      -3,
      35,
      -21,
      -13
    ],
    "SliceThickness": 1,
    "SoftwareVersions": "syngo_MR_E11",
    "StationName": "mrc_Trio",
    "TxRefAmp": 220.751,
    "dataset": "ds004146",
    "modality": "T2w",
    "session_id": "02",
    "subject_id": "0343"
  },
  "cjv": 1.5377189085786747,
  "cnr": 0.9481334509125684,
  "efc": 0.6399925752759027,
  "fber": -1.0,
  "fwhm_avg": 3.9976333789102783,
  "fwhm_x": 4.23375025235118,
  "fwhm_y": 4.167799937894941,
  "fwhm_z": 3.591349946484715,
  "icvs_csf": 0.3788968386565392,
  "icvs_gm": 0.13793036999824507,
  "icvs_wm": 0.48317279134521574,
  "inu_med": 1.0436937808990479,
  "inu_range": 0.35211651325225823,
  "provenance": {
    "md5sum": "c0750d6803cb77b98474f8f2f8c87a94",
    "settings": {
      "testing": false
    },
    "software": "mriqc",
    "version": "23.0.1",
    "warnings": {
      "large_rot_frame": true,
      "small_air_mask": false
    },
    "webapi_port": null,
    "webapi_url": "https://mriqc.nimh.nih.gov/api/v1"
  },
  "qi_1": 0.08597510225185272,
  "qi_2": 0.0020012905436400555,
  "rpve_csf": 10.893939658762642,
  "rpve_gm": 32.62592680836537,
  "rpve_wm": 9.910812003506319,
  "size_x": 192,
  "size_y": 300,
  "size_z": 320,
  "snr_csf": 15.791839058843317,
  "snr_gm": 1.6040311740401627,
  "snr_total": 10.19777648128247,
  "snr_wm": 13.197459210963927,
  "snrd_csf": 66.52797241701711,
  "snrd_gm": 109.98458992992242,
  "snrd_total": 73.80112522866459,
  "snrd_wm": 44.89081333905422,
  "spacing_x": 0.7999999523162842,
  "spacing_y": 0.800000011920929,
  "spacing_z": 0.800000011920929,
  "summary_bg_k": 388.03842356344325,
  "summary_bg_mad": 0.0,
  "summary_bg_mean": 4.078701130916875,
  "summary_bg_median": 0.0,
  "summary_bg_n": 1149919.0,
  "summary_bg_p05": 0.0,
  "summary_bg_p95": 16.45942584425211,
  "summary_bg_stdv": 14.593996582554075,
  "summary_csf_k": 0.8077206455688897,
  "summary_csf_mad": 89.40582308830543,
  "summary_csf_mean": 1488.155634565407,
  "summary_csf_median": 1481.9952029809356,
  "summary_csf_n": 94739.0,
  "summary_csf_p05": 1348.019789122045,
  "summary_csf_p95": 1649.3925950825214,
  "summary_csf_stdv": 93.84514216329985,
  "summary_gm_k": -1.4531196750404753,
  "summary_gm_mad": 2149.948967482844,
  "summary_gm_mean": 2119.4724279184466,
  "summary_gm_median": 2450.0466308556497,
  "summary_gm_n": 85540.0,
  "summary_gm_p05": 57.35642717778683,
  "summary_gm_p95": 4339.897781230509,
  "summary_gm_stdv": 1527.421878955505,
  "summary_wm_k": -0.22612587718994437,
  "summary_wm_mad": 79.815210361312,
  "summary_wm_mean": 1001.9210821461714,
  "summary_wm_median": 999.9999640658498,
  "summary_wm_n": 413009.0,
  "summary_wm_p05": 881.4058477208018,
  "summary_wm_p95": 1126.8597309440374,
  "summary_wm_stdv": 75.77206623279652,
  "tpm_overlap_csf": 0.11022704093496881,
  "tpm_overlap_gm": 0.08573265669274473,
  "tpm_overlap_wm": 0.4233948131882513,
  "wm2max": 0.24226857767753476
}