{
  "aor": 0.000844157894736842,
  "aqi": 0.012607393710526316,
  "bids_meta": {
    "AcquisitionMatrixPE": 90,
    "AcquisitionNumber": 1,
    "AcquisitionTime": "15:58:58.120000",
    "BandwidthPerPixelPhaseEncode": 21.368,
    "BaseResolution": 90,
    "BodyPartExamined": "BRAIN",
    "CoilString": "HC1-7;NC1_2",
    "ConsistencyInfo": "N4_VE11C_LATEST_20160120",
    "ConversionSoftware": "dcm2niix",
    "ConversionSoftwareVersion": "v1.0.20190410  GCC6.3.0",
    "DerivedVendorReportedEchoSpacing": 0.000519988,
    "DeviceSerialNumber": "167001",
    "DwellTime": 2.2e-06,
    "EchoTime": 0.03,
    "EchoTrainLength": 90,
    "EffectiveEchoSpacing": 0.000519988,
    "FlipAngle": 52,
    "ImageOrientationPatientDICOM": [
      0.999183,
      0.0404121,
      0.00103541,
      -0.0396073,
      0.983768,
      -0.175022
    ],
    "ImageType": [
      "ORIGINAL",
      "PRIMARY",
      "M",
      "ND",
      "NORM",
      "MOSAIC"
    ],
    "ImagingFrequency": 123.229,
    "InPlanePhaseEncodingDirectionDICOM": "COL",
    "InstitutionAddress": "Cooper_60_St._Lucia_QLD_AU_4072",
    "InstitutionName": "Centre_for_Advanced_Imaging",
    "InstitutionalDepartmentName": "Gehrmann_Labs_MRI",
    "MRAcquisitionType": "2D",
    "MagneticFieldStrength": 3,
    "Manufacturer": "Siemens",
    "ManufacturersModelName": "Prisma_fit",
    "Modality": "MR",
    "MultibandAccelerationFactor": 6,
    "PartialFourier": 1,
    "PatientPosition": "HFS",
    "PercentPhaseFOV": 100,
    "PhaseEncodingDirection": "j-",
    "PhaseEncodingSteps": 90,
    "PhaseResolution": 1,
    "PixelBandwidth": 2525,
    "ProcedureStepDescription": "Research_16092_QTAB",
    "ProtocolName": "PARTLY_CLOUDY_mb6_2.4",
    "PulseSequenceDetails": "%SiemensSeq%_ep2d_bold",
    "ReceiveCoilActiveElements": "HC1-7;NC1,2",
    "ReceiveCoilName": "HeadNeck_64",
    "ReconMatrixPE": 90,
    "RefLinesPE": 12,
    "RepetitionTime": 0.8,
    "SAR": 0.0678052,
    "ScanOptions": "FS",
    "ScanningSequence": "EP",
    "SequenceName": "_epfid2d1_90",
    "SequenceVariant": "SK",
    "SeriesDescription": "PARTLY_CLOUDY_mb6_2.4",
    "SeriesNumber": 19,
    "ShimSetting": [
      3066,
      -4157,
      -833,
      333,
      18,
      100,
      -26,
      -10
    ],
    "SliceThickness": 2.4,
    "SliceTiming": [
      0.5475,
      0,
      0.39,
      0.08,
      0.47,
      0.235,
      0.625,
      0.3125,
      0.7025,
      0.1575,
      0.5475,
      0,
      0.39,
      0.08,
      0.47,
      0.235,
      0.625,
      0.3125,
      0.7025,
      0.1575,
      0.5475,
      0,
      0.39,
      0.08,
      0.47,
      0.235,
      0.625,
      0.3125,
      0.7025,
      0.1575,
      0.5475,
      0,
      0.39,
      0.08,
      0.47,
      0.235,
      0.625,
      0.3125,
      0.7025,
      0.1575,
      0.5475,
      0,
      0.39,
      0.08,
      0.47,
      0.235,
      0.625,
      0.3125,
      0.7025,
      0.1575,
      0.5475,
      0,
      0.39,
      0.08,
      0.47,
      0.235,
      0.625,
      0.3125,
      0.7025,
      0.1575
    ],
    "SoftwareVersions": "syngo_MR_E11",
    "SpacingBetweenSlices": 2.4,
    "StationName": "mrc_Trio",
    "TaskName": "partlycloudy",
    "TotalReadoutTime": 0.046279,
    "TxRefAmp": 229.738,
    "dataset": "ds004146",
    "modality": "bold",
    "session_id": "02",
    "subject_id": "0003",
    "task_id": "partlycloudy"
  },
  "dummy_trs": 0,
  "dvars_nstd": 32.42444129978891,
  "dvars_std": 1.1312927874142484,
  "dvars_vstd": 0.9924340825857518,
  "efc": 0.5030202292659696,
  "fber": 4941.38623046875,
  "fd_mean": 0.1505769012710388,
  "fd_num": 92,
  "fd_perc": 24.210526315789473,
  "fwhm_avg": 1.9136944295896468,
  "fwhm_x": 1.8411249268402685,
  "fwhm_y": 2.052124918455882,
  "fwhm_z": 1.8478334434727894,
  "gcor": 0.0137329,
  "gsr_x": -0.013156645931303501,
  "gsr_y": 0.030097950249910355,
  "provenance": {
    "md5sum": "ca14c86b93bd62efe8b05e67d4095954",
    "settings": {
      "fd_thres": 0.2,
      "testing": false
    },
    "software": "mriqc",
    "version": "23.0.1",
    "webapi_port": null,
    "webapi_url": "https://mriqc.nimh.nih.gov/api/v1"
  },
  "size_t": 380,
  "size_x": 90,
  "size_y": 90,
  "size_z": 60,
  "snr": 6.580212673089352,
  "spacing_tr": 0.800000011920929,
  "spacing_x": 2.4000000953674316,
  "spacing_y": 2.4000000953674316,
  "spacing_z": 2.3999998569488525,
  "summary_bg_k": 19.85584870570197,
  "summary_bg_mad": 6.796561209888608,
  "summary_bg_mean": 29.946687698364258,
  "summary_bg_median": 8.913158416748047,
  "summary_bg_n": 323945.0,
  "summary_bg_p05": 3.507894992828369,
  "summary_bg_p95": 136.6410522460937,
  "summary_bg_stdv": 60.330780029296875,
  "summary_fg_k": 1.954646375887898,
  "summary_fg_mad": 90.19296215834238,
  "summary_fg_mean": 644.4689331054688,
  "summary_fg_median": 641.1237182617188,
  "summary_fg_n": 88919.0,
  "summary_fg_p05": 503.64739990234375,
  "summary_fg_p95": 804.3913696289061,
  "summary_fg_stdv": 97.4315185546875,
  "tsnr": 46.10553905181587
}