{
  "aor": 0.003848707124010554,
  "aqi": 0.015862506992084434,
  "bids_meta": {
    "AcquisitionMatrixPE": 90,
    "AcquisitionNumber": 1,
    "AcquisitionTime": "12:04:43.867500",
    "BandwidthPerPixelPhaseEncode": 21.368,
    "BaseResolution": 90,
    "BodyPartExamined": "BRAIN",
    "CoilString": "HC1-7;NC1_2",
    "ConsistencyInfo": "N4_VE11C_LATEST_20160120",
    "ConversionSoftware": "dcm2niix",
    "ConversionSoftwareVersion": "v1.0.20190410  GCC6.3.0",
    "DerivedVendorReportedEchoSpacing": 0.000519988,
    "DeviceSerialNumber": "167001",
    "DwellTime": 2.2e-06,
    "EchoTime": 0.03,
    "EchoTrainLength": 90,
    "EffectiveEchoSpacing": 0.000519988,
    "FlipAngle": 52,
    "ImageOrientationPatientDICOM": [
      0.999708,
      -0.0241705,
      -0.000778546,
      0.0230356,
      0.961582,
      -0.273551
    ],
    "ImageType": [
      "ORIGINAL",
      "PRIMARY",
      "M",
      "ND",
      "NORM",
      "MOSAIC"
    ],
    "ImagingFrequency": 123.229,
    "InPlanePhaseEncodingDirectionDICOM": "COL",
    "InstitutionAddress": "Cooper_60_St._Lucia_QLD_AU_4072",
    "InstitutionName": "St_Lucia_Campus",
    "InstitutionalDepartmentName": "Gehrmann_Labs_MRI",
    "MRAcquisitionType": "2D",
    "MagneticFieldStrength": 3,
    "Manufacturer": "Siemens",
    "ManufacturersModelName": "Prisma_fit",
    "Modality": "MR",
    "MultibandAccelerationFactor": 6,
    "PartialFourier": 1,
    "PatientPosition": "HFS",
    "PercentPhaseFOV": 100,
    "PhaseEncodingDirection": "j-",
    "PhaseEncodingSteps": 90,
    "PhaseResolution": 1,
    "PixelBandwidth": 2525,
    "ProcedureStepDescription": "Research_16092_QTAB",
    "ProtocolName": "PARTLY_CLOUDY_mb6_2.4",
    "PulseSequenceDetails": "%SiemensSeq%_ep2d_bold",
    "ReceiveCoilActiveElements": "HC1-7;NC1,2",
    "ReceiveCoilName": "HeadNeck_64",
    "ReconMatrixPE": 90,
    "RefLinesPE": 12,
    "RepetitionTime": 0.8,
    "SAR": 0.0517127,
    "ScanOptions": "FS",
    "ScanningSequence": "EP",
    "SequenceName": "_epfid2d1_90",
    "SequenceVariant": "SK",
    "SeriesDescription": "PARTLY_CLOUDY_mb6_2.4",
    "SeriesNumber": 25,
    "ShimSetting": [
      3044,
      -4157,
      -737,
      519,
      -94,
      -15,
      60,
      -6
    ],
    "SliceThickness": 2.4,
    "SliceTiming": [
      0.545,
      0,
      0.39,
      0.0775,
      0.4675,
      0.2325,
      0.6225,
      0.31,
      0.7,
      0.155,
      0.545,
      0,
      0.39,
      0.0775,
      0.4675,
      0.2325,
      0.6225,
      0.31,
      0.7,
      0.155,
      0.545,
      0,
      0.39,
      0.0775,
      0.4675,
      0.2325,
      0.6225,
      0.31,
      0.7,
      0.155,
      0.545,
      0,
      0.39,
      0.0775,
      0.4675,
      0.2325,
      0.6225,
      0.31,
      0.7,
      0.155,
      0.545,
      0,
      0.39,
      0.0775,
      0.4675,
      0.2325,
      0.6225,
      0.31,
      0.7,
      0.155,
      0.545,
      0,
      0.39,
      0.0775,
      0.4675,
      0.2325,
      0.6225,
      0.31,
      0.7,
      0.155
    ],
    "SoftwareVersions": "syngo_MR_E11",
    "SpacingBetweenSlices": 2.4,
    "StationName": "mrc_Trio",
    "TaskName": "partlycloudy",
    "TotalReadoutTime": 0.046279,
    "TxRefAmp": 222.396,
    "dataset": "ds004146",
    "modality": "bold",
    "session_id": "02",
    "subject_id": "0317",
    "task_id": "partlycloudy"
  },
  "dummy_trs": 1,
  "dvars_nstd": 39.0988511130159,
  "dvars_std": 1.3134472849206356,
  "dvars_vstd": 1.0432945227248678,
  "efc": 0.4600193971490496,
  "fber": 8139.5732421875,
  "fd_mean": 0.18543903145793905,
  "fd_num": 132,
  "fd_perc": 34.82849604221636,
  "fwhm_avg": 1.9290902634036804,
  "fwhm_x": 1.8356415937248234,
  "fwhm_y": 2.0708040843803053,
  "fwhm_z": 1.8808251121059127,
  "gcor": 0.0212314,
  "gsr_x": -0.01843806728720665,
  "gsr_y": 0.036622367799282074,
  "provenance": {
    "md5sum": "7dad38b976f3e3e3cb1c34ee71ff84e3",
    "settings": {
      "fd_thres": 0.2,
      "testing": false
    },
    "software": "mriqc",
    "version": "23.0.1",
    "webapi_port": null,
    "webapi_url": "https://mriqc.nimh.nih.gov/api/v1"
  },
  "size_t": 379,
  "size_x": 90,
  "size_y": 90,
  "size_z": 60,
  "snr": 6.396298720826658,
  "spacing_tr": 0.800000011920929,
  "spacing_x": 2.4000000953674316,
  "spacing_y": 2.4000000953674316,
  "spacing_z": 2.3999998569488525,
  "summary_bg_k": 32.76768473101574,
  "summary_bg_mad": 5.277125323872273,
  "summary_bg_mean": 22.242225646972656,
  "summary_bg_median": 6.981530666351318,
  "summary_bg_n": 340307.0,
  "summary_bg_p05": 2.8047494888305664,
  "summary_bg_p95": 88.24459228515629,
  "summary_bg_stdv": 45.905086517333984,
  "summary_fg_k": 1.0578578553191251,
  "summary_fg_mad": 98.213619362764,
  "summary_fg_mean": 636.8884887695312,
  "summary_fg_median": 635.3483276367188,
  "summary_fg_n": 77286.0,
  "summary_fg_p05": 484.4762649536133,
  "summary_fg_p95": 796.8397521972656,
  "summary_fg_stdv": 99.3299789428711,
  "tsnr": 41.11992280930281
}