{
  "aor": 0.013564234449760765,
  "aqi": 0.04954895502392345,
  "bids_meta": {
    "AcquisitionMatrixPE": 90,
    "AcquisitionNumber": 1,
    "AcquisitionTime": "10:33:16.142500",
    "BandwidthPerPixelPhaseEncode": 21.368,
    "BaseResolution": 90,
    "BodyPartExamined": "BRAIN",
    "CoilString": "HC1-7;NC1_2",
    "ConsistencyInfo": "N4_VE11C_LATEST_20160120",
    "ConversionSoftware": "dcm2niix",
    "ConversionSoftwareVersion": "v1.0.20190410  GCC6.3.0",
    "DelayTime": 0.001,
    "DerivedVendorReportedEchoSpacing": 0.000519988,
    "DeviceSerialNumber": "167001",
    "DwellTime": 2.2e-06,
    "EchoTime": 0.03,
    "EchoTrainLength": 90,
    "EffectiveEchoSpacing": 0.000519988,
    "FlipAngle": 52,
    "ImageOrientationPatientDICOM": [
      0.996568,
      0.00726638,
      -0.0824567,
      -0.0208751,
      0.986005,
      -0.165405
    ],
    "ImageType": [
      "ORIGINAL",
      "PRIMARY",
      "M",
      "ND",
      "NORM",
      "MOSAIC"
    ],
    "ImagingFrequency": 123.229,
    "InPlanePhaseEncodingDirectionDICOM": "COL",
    "InstitutionAddress": "Cooper_60_St._Lucia_QLD_AU_4072",
    "InstitutionName": "St_Lucia_Campus",
    "InstitutionalDepartmentName": "Gehrmann_Labs_MRI",
    "MRAcquisitionType": "2D",
    "MagneticFieldStrength": 3,
    "Manufacturer": "Siemens",
    "ManufacturersModelName": "Prisma_fit",
    "Modality": "MR",
    "MultibandAccelerationFactor": 6,
    "PartialFourier": 1,
    "PatientPosition": "HFS",
    "PercentPhaseFOV": 100,
    "PhaseEncodingDirection": "j-",
    "PhaseEncodingSteps": 90,
    "PhaseResolution": 1,
    "PixelBandwidth": 2525,
    "ProcedureStepDescription": "Research_16092_QTAB",
    "ProtocolName": "EMOT_TASK_mb6_2.4",
    "PulseSequenceDetails": "%SiemensSeq%_ep2d_bold",
    "ReceiveCoilActiveElements": "HC1-7;NC1,2",
    "ReceiveCoilName": "HeadNeck_64",
    "ReconMatrixPE": 90,
    "RefLinesPE": 12,
    "RepetitionTime": 0.8,
    "SAR": 0.0708466,
    "ScanOptions": "FS",
    "ScanningSequence": "EP",
    "SequenceName": "_epfid2d1_90",
    "SequenceVariant": "SK",
    "SeriesDescription": "EMOT_TASK_mb6_2.4",
    "SeriesNumber": 20,
    "ShimSetting": [
      3005,
      -4176,
      -763,
      509,
      -143,
      83,
      -138,
      -20
    ],
    "SliceThickness": 2.4,
    "SliceTiming": [
      0.545,
      0,
      0.39,
      0.0775,
      0.4675,
      0.235,
      0.625,
      0.3125,
      0.7025,
      0.1575,
      0.545,
      0,
      0.39,
      0.0775,
      0.4675,
      0.235,
      0.625,
      0.3125,
      0.7025,
      0.1575,
      0.545,
      0,
      0.39,
      0.0775,
      0.4675,
      0.235,
      0.625,
      0.3125,
      0.7025,
      0.1575,
      0.545,
      0,
      0.39,
      0.0775,
      0.4675,
      0.235,
      0.625,
      0.3125,
      0.7025,
      0.1575,
      0.545,
      0,
      0.39,
      0.0775,
      0.4675,
      0.235,
      0.625,
      0.3125,
      0.7025,
      0.1575,
      0.545,
      0,
      0.39,
      0.0775,
      0.4675,
      0.235,
      0.625,
      0.3125,
      0.7025,
      0.1575
    ],
    "SoftwareVersions": "syngo_MR_E11",
    "SpacingBetweenSlices": 2.4,
    "StationName": "mrc_Trio",
    "TaskName": "emotionalconflict",
    "TotalReadoutTime": 0.046279,
    "TxRefAmp": 212.058,
    "dataset": "ds004146",
    "modality": "bold",
    "session_id": "02",
    "subject_id": "0346",
    "task_id": "emotionalconflict"
  },
  "dummy_trs": 1,
  "dvars_nstd": 46.59157023168861,
  "dvars_std": 1.0499610778323356,
  "dvars_vstd": 1.0107965787305389,
  "efc": 0.4445504665655837,
  "fber": 11712.5283203125,
  "fd_mean": 0.8782184364436015,
  "fd_num": 506,
  "fd_perc": 60.526315789473685,
  "fwhm_avg": 2.117031860321156,
  "fwhm_x": 1.9755540881652,
  "fwhm_y": 2.2562832436766924,
  "fwhm_z": 2.1192582491215766,
  "gcor": 0.0388357,
  "gsr_x": 0.005470748990774155,
  "gsr_y": 0.03817438706755638,
  "provenance": {
    "md5sum": "26c0122417efdf590dbf704f954fa8ce",
    "settings": {
      "fd_thres": 0.2,
      "testing": false
    },
    "software": "mriqc",
    "version": "23.0.1",
    "webapi_port": null,
    "webapi_url": "https://mriqc.nimh.nih.gov/api/v1"
  },
  "size_t": 836,
  "size_x": 90,
  "size_y": 90,
  "size_z": 60,
  "snr": 6.283144769075183,
  "spacing_tr": 0.800000011920929,
  "spacing_x": 2.4000000953674316,
  "spacing_y": 2.4000000953674316,
  "spacing_z": 2.4000000953674316,
  "summary_bg_k": 59.51143497511983,
  "summary_bg_mad": 4.309477593250721,
  "summary_bg_mean": 19.583703994750977,
  "summary_bg_median": 6.796650409698486,
  "summary_bg_n": 343248.0,
  "summary_bg_p05": 2.948983180522921,
  "summary_bg_p95": 75.48067588806114,
  "summary_bg_stdv": 45.34860610961914,
  "summary_fg_k": 0.7596483013895963,
  "summary_fg_mad": 118.2986987458724,
  "summary_fg_mean": 736.24365234375,
  "summary_fg_median": 738.18359375,
  "summary_fg_n": 78008.0,
  "summary_fg_p05": 556.2859283447266,
  "summary_fg_p95": 926.9087188720702,
  "summary_fg_stdv": 117.4855728149414,
  "tsnr": 22.131551817059517
}