{
  "aor": 0.008940236842105263,
  "aqi": 0.015560887289473684,
  "bids_meta": {
    "AcquisitionMatrixPE": 90,
    "AcquisitionNumber": 1,
    "AcquisitionTime": "10:25:45.972500",
    "BandwidthPerPixelPhaseEncode": 21.368,
    "BaseResolution": 90,
    "BodyPartExamined": "BRAIN",
    "CoilString": "HC1-7;NC1_2",
    "ConsistencyInfo": "N4_VE11C_LATEST_20160120",
    "ConversionSoftware": "dcm2niix",
    "ConversionSoftwareVersion": "v1.0.20190410  GCC6.3.0",
    "DerivedVendorReportedEchoSpacing": 0.000519988,
    "DeviceSerialNumber": "167001",
    "DwellTime": 2.2e-06,
    "EchoTime": 0.03,
    "EchoTrainLength": 90,
    "EffectiveEchoSpacing": 0.000519988,
    "FlipAngle": 52,
    "ImageOrientationPatientDICOM": [
      0.996568,
      0.00726638,
      -0.0824567,
      -0.0208751,
      0.986005,
      -0.165405
    ],
    "ImageType": [
      "ORIGINAL",
      "PRIMARY",
      "M",
      "ND",
      "NORM",
      "MOSAIC"
    ],
    "ImagingFrequency": 123.229,
    "InPlanePhaseEncodingDirectionDICOM": "COL",
    "InstitutionAddress": "Cooper_60_St._Lucia_QLD_AU_4072",
    "InstitutionName": "St_Lucia_Campus",
    "InstitutionalDepartmentName": "Gehrmann_Labs_MRI",
    "MRAcquisitionType": "2D",
    "MagneticFieldStrength": 3,
    "Manufacturer": "Siemens",
    "ManufacturersModelName": "Prisma_fit",
    "Modality": "MR",
    "MultibandAccelerationFactor": 6,
    "PartialFourier": 1,
    "PatientPosition": "HFS",
    "PercentPhaseFOV": 100,
    "PhaseEncodingDirection": "j-",
    "PhaseEncodingSteps": 90,
    "PhaseResolution": 1,
    "PixelBandwidth": 2525,
    "ProcedureStepDescription": "Research_16092_QTAB",
    "ProtocolName": "PARTLY_CLOUDY_mb6_2.4",
    "PulseSequenceDetails": "%SiemensSeq%_ep2d_bold",
    "ReceiveCoilActiveElements": "HC1-7;NC1,2",
    "ReceiveCoilName": "HeadNeck_64",
    "ReconMatrixPE": 90,
    "RefLinesPE": 12,
    "RepetitionTime": 0.8,
    "SAR": 0.0705504,
    "ScanOptions": "FS",
    "ScanningSequence": "EP",
    "SequenceName": "_epfid2d1_90",
    "SequenceVariant": "SK",
    "SeriesDescription": "PARTLY_CLOUDY_mb6_2.4",
    "SeriesNumber": 19,
    "ShimSetting": [
      3005,
      -4176,
      -763,
      509,
      -143,
      83,
      -138,
      -20
    ],
    "SliceThickness": 2.4,
    "SliceTiming": [
      0.545,
      0,
      0.39,
      0.0775,
      0.4675,
      0.2325,
      0.6225,
      0.3125,
      0.7025,
      0.155,
      0.545,
      0,
      0.39,
      0.0775,
      0.4675,
      0.2325,
      0.6225,
      0.3125,
      0.7025,
      0.155,
      0.545,
      0,
      0.39,
      0.0775,
      0.4675,
      0.2325,
      0.6225,
      0.3125,
      0.7025,
      0.155,
      0.545,
      0,
      0.39,
      0.0775,
      0.4675,
      0.2325,
      0.6225,
      0.3125,
      0.7025,
      0.155,
      0.545,
      0,
      0.39,
      0.0775,
      0.4675,
      0.2325,
      0.6225,
      0.3125,
      0.7025,
      0.155,
      0.545,
      0,
      0.39,
      0.0775,
      0.4675,
      0.2325,
      0.6225,
      0.3125,
      0.7025,
      0.155
    ],
    "SoftwareVersions": "syngo_MR_E11",
    "SpacingBetweenSlices": 2.4,
    "StationName": "mrc_Trio",
    "TaskName": "partlycloudy",
    "TotalReadoutTime": 0.046279,
    "TxRefAmp": 212.058,
    "dataset": "ds004146",
    "modality": "bold",
    "session_id": "02",
    "subject_id": "0346",
    "task_id": "partlycloudy"
  },
  "dummy_trs": 0,
  "dvars_nstd": 35.01834301686014,
  "dvars_std": 1.2118875828759903,
  "dvars_vstd": 1.0804120113720324,
  "efc": 0.45328129547173834,
  "fber": 11119.98046875,
  "fd_mean": 0.2663770586283161,
  "fd_num": 176,
  "fd_perc": 46.31578947368421,
  "fwhm_avg": 2.0359013079894397,
  "fwhm_x": 1.9292999233365091,
  "fwhm_y": 2.1643624139959647,
  "fwhm_z": 2.0140415866358445,
  "gcor": 0.0145144,
  "gsr_x": -1.4294979337137192e-05,
  "gsr_y": 0.03523918613791466,
  "provenance": {
    "md5sum": "1c823a7844a5d6b364523ea237426e42",
    "settings": {
      "fd_thres": 0.2,
      "testing": false
    },
    "software": "mriqc",
    "version": "23.0.1",
    "webapi_port": null,
    "webapi_url": "https://mriqc.nimh.nih.gov/api/v1"
  },
  "size_t": 380,
  "size_x": 90,
  "size_y": 90,
  "size_z": 60,
  "snr": 6.038021922966076,
  "spacing_tr": 0.800000011920929,
  "spacing_x": 2.4000000953674316,
  "spacing_y": 2.4000000953674316,
  "spacing_z": 2.4000000953674316,
  "summary_bg_k": 46.316991490119655,
  "summary_bg_mad": 4.841866770948229,
  "summary_bg_mean": 20.89944839477539,
  "summary_bg_median": 6.944736957550049,
  "summary_bg_n": 338600.0,
  "summary_bg_p05": 2.7921054363250732,
  "summary_bg_p95": 82.93723869323722,
  "summary_bg_stdv": 47.15163040161133,
  "summary_fg_k": 0.6826936940733481,
  "summary_fg_mad": 125.3559450299254,
  "summary_fg_mean": 736.5265502929688,
  "summary_fg_median": 737.627685546875,
  "summary_fg_n": 80688.0,
  "summary_fg_p05": 550.6722625732422,
  "summary_fg_p95": 935.5079345703125,
  "summary_fg_stdv": 122.16304016113281,
  "tsnr": 39.275126631138846
}