{
  "aor": 0.0007768561064087061,
  "aqi": 0.025274536154776303,
  "bids_meta": {
    "AcquisitionMatrixPE": 90,
    "AcquisitionNumber": 1,
    "AcquisitionTime": "12:01:13.297500",
    "BandwidthPerPixelPhaseEncode": 21.368,
    "BaseResolution": 90,
    "BodyPartExamined": "BRAIN",
    "CoilString": "HC1-7;NC1_2",
    "ConsistencyInfo": "N4_VE11C_LATEST_20160120",
    "ConversionSoftware": "dcm2niix",
    "ConversionSoftwareVersion": "v1.0.20190410  GCC6.3.0",
    "DerivedVendorReportedEchoSpacing": 0.000519988,
    "DeviceSerialNumber": "167001",
    "DwellTime": 2.2e-06,
    "EchoTime": 0.03,
    "EchoTrainLength": 90,
    "EffectiveEchoSpacing": 0.000519988,
    "FlipAngle": 52,
    "ImageOrientationPatientDICOM": [
      0.999081,
      -0.0218471,
      -0.0368773,
      0.0045337,
      0.90939,
      -0.41592
    ],
    "ImageType": [
      "ORIGINAL",
      "PRIMARY",
      "M",
      "ND",
      "NORM",
      "MOSAIC"
    ],
    "ImagingFrequency": 123.229,
    "InPlanePhaseEncodingDirectionDICOM": "COL",
    "InstitutionAddress": "Cooper_60_St._Lucia_QLD_AU_4072",
    "InstitutionName": "St_Lucia_Campus",
    "InstitutionalDepartmentName": "Gehrmann_Labs_MRI",
    "MRAcquisitionType": "2D",
    "MagneticFieldStrength": 3,
    "Manufacturer": "Siemens",
    "ManufacturersModelName": "Prisma_fit",
    "Modality": "MR",
    "MultibandAccelerationFactor": 6,
    "PartialFourier": 1,
    "PatientPosition": "HFS",
    "PercentPhaseFOV": 100,
    "PhaseEncodingDirection": "j-",
    "PhaseEncodingSteps": 90,
    "PhaseResolution": 1,
    "PixelBandwidth": 2525,
    "ProcedureStepDescription": "Research_16092_QTAB",
    "ProtocolName": "EMOT_TASK_mb6_2.4",
    "PulseSequenceDetails": "%SiemensSeq%_ep2d_bold",
    "ReceiveCoilActiveElements": "HC1-7;NC1,2",
    "ReceiveCoilName": "HeadNeck_64",
    "ReconMatrixPE": 90,
    "RefLinesPE": 12,
    "RepetitionTime": 0.8,
    "SAR": 0.0516872,
    "ScanOptions": "FS",
    "ScanningSequence": "EP",
    "SequenceName": "_epfid2d1_90",
    "SequenceVariant": "SK",
    "SeriesDescription": "EMOT_TASK_mb6_2.4",
    "SeriesNumber": 20,
    "ShimSetting": [
      3041,
      -4146,
      -770,
      362,
      -56,
      -291,
      -178,
      -12
    ],
    "SliceThickness": 2.4,
    "SliceTiming": [
      0.545,
      0,
      0.39,
      0.0775,
      0.4675,
      0.235,
      0.625,
      0.3125,
      0.7025,
      0.155,
      0.545,
      0,
      0.39,
      0.0775,
      0.4675,
      0.235,
      0.625,
      0.3125,
      0.7025,
      0.155,
      0.545,
      0,
      0.39,
      0.0775,
      0.4675,
      0.235,
      0.625,
      0.3125,
      0.7025,
      0.155,
      0.545,
      0,
      0.39,
      0.0775,
      0.4675,
      0.235,
      0.625,
      0.3125,
      0.7025,
      0.155,
      0.545,
      0,
      0.39,
      0.0775,
      0.4675,
      0.235,
      0.625,
      0.3125,
      0.7025,
      0.155,
      0.545,
      0,
      0.39,
      0.0775,
      0.4675,
      0.235,
      0.625,
      0.3125,
      0.7025,
      0.155
    ],
    "SoftwareVersions": "syngo_MR_E11",
    "SpacingBetweenSlices": 2.4,
    "StationName": "mrc_Trio",
    "TaskName": "emotionalconflict",
    "TotalReadoutTime": 0.046279,
    "TxRefAmp": 230.032,
    "dataset": "ds004146",
    "modality": "bold",
    "session_id": "02",
    "subject_id": "0329",
    "task_id": "emotionalconflict"
  },
  "dummy_trs": 3,
  "dvars_nstd": 35.162407075859534,
  "dvars_std": 1.1244879751937047,
  "dvars_vstd": 0.9596846036198547,
  "efc": 0.48929267166950846,
  "fber": 5653.62158203125,
  "fd_mean": 0.20355124078683542,
  "fd_num": 252,
  "fd_perc": 30.471584038694076,
  "fwhm_avg": 1.7975694317268591,
  "fwhm_x": 1.734191597756084,
  "fwhm_y": 1.8854915917439623,
  "fwhm_z": 1.7730251056805315,
  "gcor": 0.00881031,
  "gsr_x": -0.01868041232228279,
  "gsr_y": 0.03604220971465111,
  "provenance": {
    "md5sum": "d0cceb26a2f0cda969568226a3c83db1",
    "settings": {
      "fd_thres": 0.2,
      "testing": false
    },
    "software": "mriqc",
    "version": "23.0.1",
    "webapi_port": null,
    "webapi_url": "https://mriqc.nimh.nih.gov/api/v1"
  },
  "size_t": 827,
  "size_x": 90,
  "size_y": 90,
  "size_z": 60,
  "snr": 6.905899915487796,
  "spacing_tr": 0.800000011920929,
  "spacing_x": 2.4000000953674316,
  "spacing_y": 2.4000000953674316,
  "spacing_z": 2.3999998569488525,
  "summary_bg_k": 22.0892703964195,
  "summary_bg_mad": 6.215456490840786,
  "summary_bg_mean": 28.18737030029297,
  "summary_bg_median": 8.113663673400879,
  "summary_bg_n": 332156.0,
  "summary_bg_p05": 3.2079808712005615,
  "summary_bg_p95": 129.57558059692383,
  "summary_bg_stdv": 56.65785598754883,
  "summary_fg_k": 2.591260598452296,
  "summary_fg_mad": 83.38786865028217,
  "summary_fg_mean": 622.3989868164062,
  "summary_fg_median": 618.6602172851562,
  "summary_fg_n": 83263.0,
  "summary_fg_p05": 495.480908203125,
  "summary_fg_p95": 764.5954162597656,
  "summary_fg_stdv": 89.5837631225586,
  "tsnr": 36.1273148516193
}