{
  "aor": 0.0008883068783068783,
  "aqi": 0.015545800264550264,
  "bids_meta": {
    "AcquisitionMatrixPE": 90,
    "AcquisitionNumber": 1,
    "AcquisitionTime": "11:52:44.645000",
    "BandwidthPerPixelPhaseEncode": 21.368,
    "BaseResolution": 90,
    "BodyPartExamined": "BRAIN",
    "CoilString": "HC1-7;NC1_2",
    "ConsistencyInfo": "N4_VE11C_LATEST_20160120",
    "ConversionSoftware": "dcm2niix",
    "ConversionSoftwareVersion": "v1.0.20190410  GCC6.3.0",
    "DerivedVendorReportedEchoSpacing": 0.000519988,
    "DeviceSerialNumber": "167001",
    "DwellTime": 2.2e-06,
    "EchoTime": 0.03,
    "EchoTrainLength": 90,
    "EffectiveEchoSpacing": 0.000519988,
    "FlipAngle": 52,
    "ImageOrientationPatientDICOM": [
      0.999081,
      -0.0218471,
      -0.0368773,
      0.0045337,
      0.90939,
      -0.41592
    ],
    "ImageType": [
      "ORIGINAL",
      "PRIMARY",
      "M",
      "ND",
      "NORM",
      "MOSAIC"
    ],
    "ImagingFrequency": 123.229,
    "InPlanePhaseEncodingDirectionDICOM": "COL",
    "InstitutionAddress": "Cooper_60_St._Lucia_QLD_AU_4072",
    "InstitutionName": "St_Lucia_Campus",
    "InstitutionalDepartmentName": "Gehrmann_Labs_MRI",
    "MRAcquisitionType": "2D",
    "MagneticFieldStrength": 3,
    "Manufacturer": "Siemens",
    "ManufacturersModelName": "Prisma_fit",
    "Modality": "MR",
    "MultibandAccelerationFactor": 6,
    "PartialFourier": 1,
    "PatientPosition": "HFS",
    "PercentPhaseFOV": 100,
    "PhaseEncodingDirection": "j-",
    "PhaseEncodingSteps": 90,
    "PhaseResolution": 1,
    "PixelBandwidth": 2525,
    "ProcedureStepDescription": "Research_16092_QTAB",
    "ProtocolName": "PARTLY_CLOUDY_mb6_2.4",
    "PulseSequenceDetails": "%SiemensSeq%_ep2d_bold",
    "ReceiveCoilActiveElements": "HC1-7;NC1,2",
    "ReceiveCoilName": "HeadNeck_64",
    "ReconMatrixPE": 90,
    "RefLinesPE": 12,
    "RepetitionTime": 0.8,
    "SAR": 0.0514726,
    "ScanOptions": "FS",
    "ScanningSequence": "EP",
    "SequenceName": "_epfid2d1_90",
    "SequenceVariant": "SK",
    "SeriesDescription": "PARTLY_CLOUDY_mb6_2.4",
    "SeriesNumber": 19,
    "ShimSetting": [
      3041,
      -4146,
      -770,
      362,
      -56,
      -291,
      -178,
      -12
    ],
    "SliceThickness": 2.4,
    "SliceTiming": [
      0.545,
      0,
      0.39,
      0.0775,
      0.4675,
      0.2325,
      0.6225,
      0.31,
      0.7,
      0.155,
      0.545,
      0,
      0.39,
      0.0775,
      0.4675,
      0.2325,
      0.6225,
      0.31,
      0.7,
      0.155,
      0.545,
      0,
      0.39,
      0.0775,
      0.4675,
      0.2325,
      0.6225,
      0.31,
      0.7,
      0.155,
      0.545,
      0,
      0.39,
      0.0775,
      0.4675,
      0.2325,
      0.6225,
      0.31,
      0.7,
      0.155,
      0.545,
      0,
      0.39,
      0.0775,
      0.4675,
      0.2325,
      0.6225,
      0.31,
      0.7,
      0.155,
      0.545,
      0,
      0.39,
      0.0775,
      0.4675,
      0.2325,
      0.6225,
      0.31,
      0.7,
      0.155
    ],
    "SoftwareVersions": "syngo_MR_E11",
    "SpacingBetweenSlices": 2.4,
    "StationName": "mrc_Trio",
    "TaskName": "partlycloudy",
    "TotalReadoutTime": 0.046279,
    "TxRefAmp": 230.032,
    "dataset": "ds004146",
    "modality": "bold",
    "session_id": "02",
    "subject_id": "0329",
    "task_id": "partlycloudy"
  },
  "dummy_trs": 2,
  "dvars_nstd": 36.0682688693899,
  "dvars_std": 1.253147209522547,
  "dvars_vstd": 1.0128241125994693,
  "efc": 0.48682208252973397,
  "fber": 6006.61279296875,
  "fd_mean": 0.14780102358007127,
  "fd_num": 79,
  "fd_perc": 20.8994708994709,
  "fwhm_avg": 1.759316653869167,
  "fwhm_x": 1.701612432383997,
  "fwhm_y": 1.851629093089537,
  "fwhm_z": 1.7247084361339673,
  "gcor": 0.016412,
  "gsr_x": -0.017379045486450195,
  "gsr_y": 0.036044374108314514,
  "provenance": {
    "md5sum": "9d0ccdbd2f44012396e591b9ad16911c",
    "settings": {
      "fd_thres": 0.2,
      "testing": false
    },
    "software": "mriqc",
    "version": "23.0.1",
    "webapi_port": null,
    "webapi_url": "https://mriqc.nimh.nih.gov/api/v1"
  },
  "size_t": 378,
  "size_x": 90,
  "size_y": 90,
  "size_z": 60,
  "snr": 6.891803196292891,
  "spacing_tr": 0.800000011920929,
  "spacing_x": 2.4000000953674316,
  "spacing_y": 2.4000000953674316,
  "spacing_z": 2.3999998569488525,
  "summary_bg_k": 22.488482962366913,
  "summary_bg_mad": 5.9343310871515795,
  "summary_bg_mean": 27.510347366333008,
  "summary_bg_median": 7.912698268890381,
  "summary_bg_n": 332344.0,
  "summary_bg_p05": 3.1984126567840576,
  "summary_bg_p95": 127.16282653808575,
  "summary_bg_stdv": 55.76217269897461,
  "summary_fg_k": 3.011428236600727,
  "summary_fg_mad": 82.71579304744763,
  "summary_fg_mean": 624.5077514648438,
  "summary_fg_median": 620.8359375,
  "summary_fg_n": 83175.0,
  "summary_fg_p05": 498.759521484375,
  "summary_fg_p95": 766.9452026367187,
  "summary_fg_stdv": 90.08269500732422,
  "tsnr": 46.2820928869769
}