{
  "aor": 0.00040515432098765433,
  "aqi": 0.004933969074074074,
  "bids_meta": {
    "AcquisitionMatrixPE": 104,
    "AcquisitionNumber": 1,
    "AcquisitionTime": "14:19:24.107500",
    "BandwidthPerPixelPhaseEncode": 17.17,
    "BaseResolution": 104,
    "BodyPartExamined": "BRAIN",
    "ConsistencyInfo": "N4_VE11C_LATEST_20160120",
    "ConversionSoftware": "dcm2niix",
    "ConversionSoftwareVersion": "v1.0.20171215 GCC6.3.0",
    "DerivedVendorReportedEchoSpacing": 0.000560011,
    "DeviceSerialNumber": "167001",
    "DwellTime": 2.1e-06,
    "EchoTime": 0.03,
    "EchoTrainLength": 91,
    "EffectiveEchoSpacing": 0.000560011,
    "FlipAngle": 52,
    "ImageOrientationPatientDICOM": [
      0.999766,
      -0.00241809,
      0.0214795,
      0.00977185,
      0.936939,
      -0.349355
    ],
    "ImageType": [
      "ORIGINAL",
      "PRIMARY",
      "M",
      "ND",
      "MOSAIC"
    ],
    "InPlanePhaseEncodingDirectionDICOM": "COL",
    "InstitutionAddress": "Cooper_60_St._Lucia_QLD_AU_4072",
    "InstitutionName": "St_Lucia_Campus",
    "InstitutionalDepartmentName": "Gehrmann_Labs_MRI",
    "MRAcquisitionType": "2D",
    "MagneticFieldStrength": 3,
    "Manufacturer": "Siemens",
    "ManufacturersModelName": "Prisma_fit",
    "Modality": "MR",
    "MultibandAccelerationFactor": 6,
    "PartialFourier": 0.875,
    "PatientPosition": "HFS",
    "PercentPhaseFOV": 100,
    "PhaseEncodingDirection": "j-",
    "PhaseEncodingSteps": 91,
    "PhaseResolution": 1,
    "PixelBandwidth": 2290,
    "ProcedureStepDescription": "Research_16092_QTAB",
    "ProtocolName": "ep2d_REST_SMS6_A-P",
    "PulseSequenceDetails": "%SiemensSeq%_ep2d_bold",
    "ReceiveCoilActiveElements": "HC1-7;NC1,2",
    "ReceiveCoilName": "HeadNeck_64",
    "ReconMatrixPE": 104,
    "RepetitionTime": 0.93,
    "SAR": 0.0695014,
    "ScanOptions": "PFP_FS",
    "ScanningSequence": "EP",
    "SequenceName": "_epfid2d1_104",
    "SequenceVariant": "SK",
    "SeriesDescription": "ep2d_REST_SMS6_A-P",
    "SeriesNumber": 9,
    "ShimSetting": [
      3044,
      -4150,
      -767,
      528,
      -65,
      -51,
      -128,
      20
    ],
    "SliceThickness": 2,
    "SliceTiming": [
      0.6825,
      0,
      0.455,
      0.075,
      0.53,
      0.15,
      0.605,
      0.3025,
      0.7575,
      0.3775,
      0.8325,
      0.2275,
      0.6825,
      0,
      0.455,
      0.075,
      0.53,
      0.15,
      0.605,
      0.3025,
      0.7575,
      0.3775,
      0.8325,
      0.2275,
      0.6825,
      0,
      0.455,
      0.075,
      0.53,
      0.15,
      0.605,
      0.3025,
      0.7575,
      0.3775,
      0.8325,
      0.2275,
      0.6825,
      0,
      0.455,
      0.075,
      0.53,
      0.15,
      0.605,
      0.3025,
      0.7575,
      0.3775,
      0.8325,
      0.2275,
      0.6825,
      0,
      0.455,
      0.075,
      0.53,
      0.15,
      0.605,
      0.3025,
      0.7575,
      0.3775,
      0.8325,
      0.2275,
      0.6825,
      0,
      0.455,
      0.075,
      0.53,
      0.15,
      0.605,
      0.3025,
      0.7575,
      0.3775,
      0.8325,
      0.2275
    ],
    "SoftwareVersions": "syngo_MR_E11",
    "SpacingBetweenSlices": 2,
    "StationName": "mrc_Trio",
    "TaskName": "rest",
    "TotalReadoutTime": 0.0576811,
    "TxRefAmp": 207.231,
    "dataset": "ds004146",
    "modality": "bold",
    "session_id": "01",
    "subject_id": "0200",
    "task_id": "rest"
  },
  "dummy_trs": 3,
  "dvars_nstd": 40.708497759040256,
  "dvars_std": 1.1488131472755418,
  "dvars_vstd": 0.9963381344272445,
  "efc": 0.5096444092709747,
  "fber": 1074.9176025390625,
  "fd_mean": 0.18070539346729247,
  "fd_num": 150,
  "fd_perc": 46.2962962962963,
  "fwhm_avg": 3.1582833333333333,
  "fwhm_x": 2.94108,
  "fwhm_y": 3.268815,
  "fwhm_z": 3.264955,
  "gcor": 0.0066186,
  "gsr_x": -0.01766222156584263,
  "gsr_y": 0.046156320720911026,
  "provenance": {
    "md5sum": "11db2d4f0584a4b82e26c69643a471e1",
    "settings": {
      "fd_thres": 0.2,
      "testing": false
    },
    "software": "mriqc",
    "version": "23.0.1",
    "webapi_port": null,
    "webapi_url": "https://mriqc.nimh.nih.gov/api/v1"
  },
  "size_t": 324,
  "size_x": 104,
  "size_y": 104,
  "size_z": 72,
  "snr": 2.7717119580766263,
  "spacing_tr": 0.9300000071525574,
  "spacing_x": 2.0,
  "spacing_y": 2.0,
  "spacing_z": 2.0,
  "summary_bg_k": 51.899595431546636,
  "summary_bg_mad": 4.873368193951613,
  "summary_bg_mean": 35.014915466308594,
  "summary_bg_median": 17.783950805664062,
  "summary_bg_n": 521311.0,
  "summary_bg_p05": 14.216049194335938,
  "summary_bg_p95": 116.50463104248047,
  "summary_bg_stdv": 53.73151397705078,
  "summary_fg_k": 1.0829452893509286,
  "summary_fg_mad": 205.75223115807097,
  "summary_fg_mean": 622.0988159179688,
  "summary_fg_median": 590.8271484375,
  "summary_fg_n": 157993.0,
  "summary_fg_p05": 341.9635864257813,
  "summary_fg_p95": 1011.0975219726562,
  "summary_fg_stdv": 213.16258239746094,
  "tsnr": 41.424044504761696
}