{
  "aor": 0.005868646153846154,
  "aqi": 0.008550012153846154,
  "bids_meta": {
    "AcquisitionMatrixPE": 104,
    "AcquisitionNumber": 1,
    "AcquisitionTime": "11:27:29.210000",
    "BandwidthPerPixelPhaseEncode": 17.17,
    "BaseResolution": 104,
    "BodyPartExamined": "BRAIN",
    "CoilString": "HC1-7;NC1_2",
    "ConsistencyInfo": "N4_VE11C_LATEST_20160120",
    "ConversionSoftware": "dcm2niix",
    "ConversionSoftwareVersion": "v1.0.20181125  (JP2:OpenJPEG) GCC6.3.0",
    "DerivedVendorReportedEchoSpacing": 0.000560011,
    "DeviceSerialNumber": "167001",
    "DwellTime": 2.1e-06,
    "EchoTime": 0.03,
    "EchoTrainLength": 91,
    "EffectiveEchoSpacing": 0.000560011,
    "FlipAngle": 52,
    "ImageOrientationPatientDICOM": [
      0.99694,
      -0.0441189,
      0.0645276,
      0.0543414,
      0.98456,
      -0.166401
    ],
    "ImageType": [
      "ORIGINAL",
      "PRIMARY",
      "M",
      "ND",
      "MOSAIC"
    ],
    "ImagingFrequency": 123.229,
    "InPlanePhaseEncodingDirectionDICOM": "COL",
    "InstitutionAddress": "Cooper_60_St._Lucia_QLD_AU_4072",
    "InstitutionName": "St_Lucia_Campus",
    "InstitutionalDepartmentName": "Gehrmann_Labs_MRI",
    "MRAcquisitionType": "2D",
    "MagneticFieldStrength": 3,
    "Manufacturer": "Siemens",
    "ManufacturersModelName": "Prisma_fit",
    "Modality": "MR",
    "MultibandAccelerationFactor": 6,
    "PartialFourier": 0.875,
    "PatientPosition": "HFS",
    "PercentPhaseFOV": 100,
    "PhaseEncodingDirection": "j-",
    "PhaseEncodingSteps": 91,
    "PhaseResolution": 1,
    "PixelBandwidth": 2290,
    "ProcedureStepDescription": "Research_16092_QTAB",
    "ProtocolName": "ep2d_REST_SMS6_A-P",
    "PulseSequenceDetails": "%SiemensSeq%_ep2d_bold",
    "ReceiveCoilActiveElements": "HC1-7;NC1,2",
    "ReceiveCoilName": "HeadNeck_64",
    "ReconMatrixPE": 104,
    "RepetitionTime": 0.93,
    "SAR": 0.0581725,
    "ScanOptions": "PFP_FS",
    "ScanningSequence": "EP",
    "SequenceName": "_epfid2d1_104",
    "SequenceVariant": "SK",
    "SeriesDescription": "ep2d_REST_SMS6_A-P",
    "SeriesNumber": 9,
    "ShimSetting": [
      3057,
      -4129,
      -775,
      499,
      -69,
      -13,
      -2,
      14
    ],
    "SliceThickness": 2,
    "SliceTiming": [
      0.6825,
      0,
      0.455,
      0.075,
      0.53,
      0.15,
      0.605,
      0.3025,
      0.7575,
      0.3775,
      0.8325,
      0.2275,
      0.6825,
      0,
      0.455,
      0.075,
      0.53,
      0.15,
      0.605,
      0.3025,
      0.7575,
      0.3775,
      0.8325,
      0.2275,
      0.6825,
      0,
      0.455,
      0.075,
      0.53,
      0.15,
      0.605,
      0.3025,
      0.7575,
      0.3775,
      0.8325,
      0.2275,
      0.6825,
      0,
      0.455,
      0.075,
      0.53,
      0.15,
      0.605,
      0.3025,
      0.7575,
      0.3775,
      0.8325,
      0.2275,
      0.6825,
      0,
      0.455,
      0.075,
      0.53,
      0.15,
      0.605,
      0.3025,
      0.7575,
      0.3775,
      0.8325,
      0.2275,
      0.6825,
      0,
      0.455,
      0.075,
      0.53,
      0.15,
      0.605,
      0.3025,
      0.7575,
      0.3775,
      0.8325,
      0.2275
    ],
    "SoftwareVersions": "syngo_MR_E11",
    "SpacingBetweenSlices": 2,
    "StationName": "mrc_Trio",
    "TaskName": "rest",
    "TotalReadoutTime": 0.0576811,
    "TxRefAmp": 218.167,
    "dataset": "ds004146",
    "modality": "bold",
    "session_id": "01",
    "subject_id": "0317",
    "task_id": "rest"
  },
  "dummy_trs": 2,
  "dvars_nstd": 42.93997487336424,
  "dvars_std": 1.1492888509259265,
  "dvars_vstd": 1.0722064776851847,
  "efc": 0.4977968161520758,
  "fber": 922.7127075195312,
  "fd_mean": 0.22388396848385295,
  "fd_num": 120,
  "fd_perc": 36.92307692307692,
  "fwhm_avg": 2.9881333333333333,
  "fwhm_x": 2.805415,
  "fwhm_y": 3.081555,
  "fwhm_z": 3.07743,
  "gcor": 0.0369685,
  "gsr_x": -0.016028480604290962,
  "gsr_y": 0.06319507956504822,
  "provenance": {
    "md5sum": "cf330c7cbb5a03a4dd83123da30493e1",
    "settings": {
      "fd_thres": 0.2,
      "testing": false
    },
    "software": "mriqc",
    "version": "23.0.1",
    "webapi_port": null,
    "webapi_url": "https://mriqc.nimh.nih.gov/api/v1"
  },
  "size_t": 325,
  "size_x": 104,
  "size_y": 104,
  "size_z": 72,
  "snr": 2.791788838359176,
  "spacing_tr": 0.9300000071525574,
  "spacing_x": 2.0,
  "spacing_y": 2.0,
  "spacing_z": 2.0,
  "summary_bg_k": 79.87184617969739,
  "summary_bg_mad": 4.963297725910776,
  "summary_bg_mean": 33.37685775756836,
  "summary_bg_median": 18.135385513305664,
  "summary_bg_n": 538026.0,
  "summary_bg_p05": 14.4399995803833,
  "summary_bg_p95": 94.07307624816895,
  "summary_bg_stdv": 47.24324417114258,
  "summary_fg_k": 0.8854806724410174,
  "summary_fg_mad": 190.93634394911803,
  "summary_fg_mean": 588.4484252929688,
  "summary_fg_median": 559.4246215820312,
  "summary_fg_n": 142989.0,
  "summary_fg_p05": 323.8861389160156,
  "summary_fg_p95": 959.6221679687501,
  "summary_fg_stdv": 200.38143920898438,
  "tsnr": 31.791332923574373
}