{
  "aor": 0.0013749068322981368,
  "aqi": 0.005654157515527951,
  "bids_meta": {
    "AcquisitionMatrixPE": 104,
    "AcquisitionNumber": 1,
    "AcquisitionTime": "09:42:37.062500",
    "BandwidthPerPixelPhaseEncode": 17.17,
    "BaseResolution": 104,
    "BodyPartExamined": "BRAIN",
    "CoilString": "HC1-7;NC1_2",
    "ConsistencyInfo": "N4_VE11C_LATEST_20160120",
    "ConversionSoftware": "dcm2niix",
    "ConversionSoftwareVersion": "v1.0.20190410  GCC6.3.0",
    "DerivedVendorReportedEchoSpacing": 0.000560011,
    "DeviceSerialNumber": "167001",
    "DwellTime": 2.1e-06,
    "EchoTime": 0.03,
    "EchoTrainLength": 91,
    "EffectiveEchoSpacing": 0.000560011,
    "FlipAngle": 52,
    "ImageOrientationPatientDICOM": [
      0.999444,
      -0.00305934,
      -0.0331963,
      -0.00558198,
      0.966364,
      -0.257117
    ],
    "ImageType": [
      "ORIGINAL",
      "PRIMARY",
      "M",
      "ND",
      "MOSAIC"
    ],
    "ImagingFrequency": 123.229,
    "InPlanePhaseEncodingDirectionDICOM": "COL",
    "InstitutionAddress": "Cooper_60_St._Lucia_QLD_AU_4072",
    "InstitutionName": "St_Lucia_Campus",
    "InstitutionalDepartmentName": "Gehrmann_Labs_MRI",
    "MRAcquisitionType": "2D",
    "MagneticFieldStrength": 3,
    "Manufacturer": "Siemens",
    "ManufacturersModelName": "Prisma_fit",
    "Modality": "MR",
    "MultibandAccelerationFactor": 6,
    "PartialFourier": 0.875,
    "PatientPosition": "HFS",
    "PercentPhaseFOV": 100,
    "PhaseEncodingDirection": "j-",
    "PhaseEncodingSteps": 91,
    "PhaseResolution": 1,
    "PixelBandwidth": 2290,
    "ProcedureStepDescription": "Research_16092_QTAB",
    "ProtocolName": "ep2d_REST_SMS6_A-P",
    "PulseSequenceDetails": "%SiemensSeq%_ep2d_bold",
    "ReceiveCoilActiveElements": "HC1-7;NC1,2",
    "ReceiveCoilName": "HeadNeck_64",
    "ReconMatrixPE": 104,
    "RefLinesPE": 12,
    "RepetitionTime": 0.93,
    "SAR": 0.0640505,
    "ScanOptions": "PFP_FS",
    "ScanningSequence": "EP",
    "SequenceName": "_epfid2d1_104",
    "SequenceVariant": "SK",
    "SeriesDescription": "ep2d_REST_SMS6_A-P",
    "SeriesNumber": 9,
    "ShimSetting": [
      3043,
      -4187,
      -782,
      400,
      -45,
      -48,
      -17,
      -10
    ],
    "SliceThickness": 2,
    "SliceTiming": [
      0.6825,
      0,
      0.455,
      0.075,
      0.53,
      0.15,
      0.605,
      0.3025,
      0.7575,
      0.3775,
      0.8325,
      0.2275,
      0.6825,
      0,
      0.455,
      0.075,
      0.53,
      0.15,
      0.605,
      0.3025,
      0.7575,
      0.3775,
      0.8325,
      0.2275,
      0.6825,
      0,
      0.455,
      0.075,
      0.53,
      0.15,
      0.605,
      0.3025,
      0.7575,
      0.3775,
      0.8325,
      0.2275,
      0.6825,
      0,
      0.455,
      0.075,
      0.53,
      0.15,
      0.605,
      0.3025,
      0.7575,
      0.3775,
      0.8325,
      0.2275,
      0.6825,
      0,
      0.455,
      0.075,
      0.53,
      0.15,
      0.605,
      0.3025,
      0.7575,
      0.3775,
      0.8325,
      0.2275,
      0.6825,
      0,
      0.455,
      0.075,
      0.53,
      0.15,
      0.605,
      0.3025,
      0.7575,
      0.3775,
      0.8325,
      0.2275
    ],
    "SoftwareVersions": "syngo_MR_E11",
    "SpacingBetweenSlices": 2,
    "StationName": "mrc_Trio",
    "TaskName": "rest",
    "TotalReadoutTime": 0.0576811,
    "TxRefAmp": 233.72,
    "dataset": "ds004146",
    "modality": "bold",
    "session_id": "02",
    "subject_id": "0387",
    "task_id": "rest"
  },
  "dummy_trs": 5,
  "dvars_nstd": 49.20461358769474,
  "dvars_std": 1.1677657371962615,
  "dvars_vstd": 1.0226014937694698,
  "efc": 0.5659571147367056,
  "fber": 488.122314453125,
  "fd_mean": 0.22319740611893008,
  "fd_num": 164,
  "fd_perc": 50.93167701863354,
  "fwhm_avg": 3.175708333333333,
  "fwhm_x": 2.909905,
  "fwhm_y": 3.258085,
  "fwhm_z": 3.359135,
  "gcor": 0.0082087,
  "gsr_x": -0.00524131441488862,
  "gsr_y": 0.06622171401977539,
  "provenance": {
    "md5sum": "30bdcf28a3aa608fcdbd485fe52b9cd8",
    "settings": {
      "fd_thres": 0.2,
      "testing": false
    },
    "software": "mriqc",
    "version": "23.0.1",
    "webapi_port": null,
    "webapi_url": "https://mriqc.nimh.nih.gov/api/v1"
  },
  "size_t": 322,
  "size_x": 104,
  "size_y": 104,
  "size_z": 72,
  "snr": 2.4386006565108582,
  "spacing_tr": 0.9300000071525574,
  "spacing_x": 2.0,
  "spacing_y": 2.0,
  "spacing_z": 2.0,
  "summary_bg_k": 29.07506130282563,
  "summary_bg_mad": 12.477801385354823,
  "summary_bg_mean": 46.201576232910156,
  "summary_bg_median": 24.40683364868164,
  "summary_bg_n": 475871.0,
  "summary_bg_p05": 14.80434799194336,
  "summary_bg_p95": 147.8726806640625,
  "summary_bg_stdv": 59.356388092041016,
  "summary_fg_k": 0.9478071056370538,
  "summary_fg_mad": 211.42741056692645,
  "summary_fg_mean": 591.1494750976562,
  "summary_fg_median": 549.5155639648438,
  "summary_fg_n": 194507.0,
  "summary_fg_p05": 304.01832580566406,
  "summary_fg_p95": 1017.0114929199212,
  "summary_fg_stdv": 225.33995056152344,
  "tsnr": 34.705863303272054
}