{
  "aor": 0.0006826315789473684,
  "aqi": 0.018132683014354067,
  "bids_meta": {
    "AcquisitionMatrixPE": 90,
    "AcquisitionNumber": 1,
    "AcquisitionTime": "10:23:13.110000",
    "BandwidthPerPixelPhaseEncode": 21.368,
    "BaseResolution": 90,
    "BodyPartExamined": "BRAIN",
    "CoilString": "HC1-7;NC1_2",
    "ConsistencyInfo": "N4_VE11C_LATEST_20160120",
    "ConversionSoftware": "dcm2niix",
    "ConversionSoftwareVersion": "v1.0.20190410  GCC6.3.0",
    "DelayTime": 0.001,
    "DerivedVendorReportedEchoSpacing": 0.000519988,
    "DeviceSerialNumber": "167001",
    "DwellTime": 2.2e-06,
    "EchoTime": 0.03,
    "EchoTrainLength": 90,
    "EffectiveEchoSpacing": 0.000519988,
    "FlipAngle": 52,
    "ImageOrientationPatientDICOM": [
      0.997183,
      0.0714614,
      0.0227734,
      -0.0627375,
      0.961131,
      -0.268869
    ],
    "ImageType": [
      "ORIGINAL",
      "PRIMARY",
      "M",
      "ND",
      "NORM",
      "MOSAIC"
    ],
    "ImagingFrequency": 123.229,
    "InPlanePhaseEncodingDirectionDICOM": "COL",
    "InstitutionAddress": "Cooper_60_St._Lucia_QLD_AU_4072",
    "InstitutionName": "St_Lucia_Campus",
    "InstitutionalDepartmentName": "Gehrmann_Labs_MRI",
    "MRAcquisitionType": "2D",
    "MagneticFieldStrength": 3,
    "Manufacturer": "Siemens",
    "ManufacturersModelName": "Prisma_fit",
    "Modality": "MR",
    "MultibandAccelerationFactor": 6,
    "PartialFourier": 1,
    "PatientPosition": "HFS",
    "PercentPhaseFOV": 100,
    "PhaseEncodingDirection": "j-",
    "PhaseEncodingSteps": 90,
    "PhaseResolution": 1,
    "PixelBandwidth": 2525,
    "ProcedureStepDescription": "Research_16092_QTAB",
    "ProtocolName": "EMOT_TASK_mb6_2.4",
    "PulseSequenceDetails": "%SiemensSeq%_ep2d_bold",
    "ReceiveCoilActiveElements": "HC1-7;NC1,2",
    "ReceiveCoilName": "HeadNeck_64",
    "ReconMatrixPE": 90,
    "RefLinesPE": 12,
    "RepetitionTime": 0.8,
    "SAR": 0.0598046,
    "ScanOptions": "FS",
    "ScanningSequence": "EP",
    "SequenceName": "_epfid2d1_90",
    "SequenceVariant": "SK",
    "SeriesDescription": "EMOT_TASK_mb6_2.4",
    "SeriesNumber": 20,
    "ShimSetting": [
      3038,
      -4182,
      -797,
      278,
      39,
      57,
      -204,
      24
    ],
    "SliceThickness": 2.4,
    "SliceTiming": [
      0.545,
      0,
      0.39,
      0.0775,
      0.4675,
      0.2325,
      0.6225,
      0.3125,
      0.7,
      0.155,
      0.545,
      0,
      0.39,
      0.0775,
      0.4675,
      0.2325,
      0.6225,
      0.3125,
      0.7,
      0.155,
      0.545,
      0,
      0.39,
      0.0775,
      0.4675,
      0.2325,
      0.6225,
      0.3125,
      0.7,
      0.155,
      0.545,
      0,
      0.39,
      0.0775,
      0.4675,
      0.2325,
      0.6225,
      0.3125,
      0.7,
      0.155,
      0.545,
      0,
      0.39,
      0.0775,
      0.4675,
      0.2325,
      0.6225,
      0.3125,
      0.7,
      0.155,
      0.545,
      0,
      0.39,
      0.0775,
      0.4675,
      0.2325,
      0.6225,
      0.3125,
      0.7,
      0.155
    ],
    "SoftwareVersions": "syngo_MR_E11",
    "SpacingBetweenSlices": 2.4,
    "StationName": "mrc_Trio",
    "TaskName": "emotionalconflict",
    "TotalReadoutTime": 0.046279,
    "TxRefAmp": 213.471,
    "dataset": "ds004146",
    "modality": "bold",
    "session_id": "02",
    "subject_id": "0323",
    "task_id": "emotionalconflict"
  },
  "dummy_trs": 1,
  "dvars_nstd": 37.724819539916176,
  "dvars_std": 1.2676868897844307,
  "dvars_vstd": 0.9912167374610776,
  "efc": 0.46776366466781316,
  "fber": 5819.1767578125,
  "fd_mean": 0.18550670996605106,
  "fd_num": 350,
  "fd_perc": 41.866028708133975,
  "fwhm_avg": 1.9473763115071065,
  "fwhm_x": 1.8887540916143222,
  "fwhm_y": 2.032179085915125,
  "fwhm_z": 1.921195756991873,
  "gcor": 0.00819077,
  "gsr_x": -0.009531362913548946,
  "gsr_y": 0.021410135552287102,
  "provenance": {
    "md5sum": "14dfb79a4140c10d9e591b38f336d9a6",
    "settings": {
      "fd_thres": 0.2,
      "testing": false
    },
    "software": "mriqc",
    "version": "23.0.1",
    "webapi_port": null,
    "webapi_url": "https://mriqc.nimh.nih.gov/api/v1"
  },
  "size_t": 836,
  "size_x": 90,
  "size_y": 90,
  "size_z": 60,
  "snr": 6.857382101029545,
  "spacing_tr": 0.800000011920929,
  "spacing_x": 2.4000000953674316,
  "spacing_y": 2.4000000953674316,
  "spacing_z": 2.4000000953674316,
  "summary_bg_k": 24.620620948401687,
  "summary_bg_mad": 6.827773486322087,
  "summary_bg_mean": 27.424785614013672,
  "summary_bg_median": 8.767942428588867,
  "summary_bg_n": 341471.0,
  "summary_bg_p05": 3.2511961460113525,
  "summary_bg_p95": 124.1238021850586,
  "summary_bg_stdv": 54.385398864746094,
  "summary_fg_k": 1.845133421257506,
  "summary_fg_mad": 92.24764758152281,
  "summary_fg_mean": 676.8221435546875,
  "summary_fg_median": 674.271484375,
  "summary_fg_n": 75806.0,
  "summary_fg_p05": 533.8250427246094,
  "summary_fg_p95": 837.49755859375,
  "summary_fg_stdv": 98.32717895507812,
  "tsnr": 43.86383260716684
}