{
  "aor": 0.004235315789473684,
  "aqi": 0.019672903157894737,
  "bids_meta": {
    "AcquisitionMatrixPE": 90,
    "AcquisitionNumber": 1,
    "AcquisitionTime": "11:33:55.117500",
    "BandwidthPerPixelPhaseEncode": 21.368,
    "BaseResolution": 90,
    "BodyPartExamined": "BRAIN",
    "CoilString": "HC1-7;NC1_2",
    "ConsistencyInfo": "N4_VE11C_LATEST_20160120",
    "ConversionSoftware": "dcm2niix",
    "ConversionSoftwareVersion": "v1.0.20190410  GCC6.3.0",
    "DerivedVendorReportedEchoSpacing": 0.000519988,
    "DeviceSerialNumber": "167001",
    "DwellTime": 2.2e-06,
    "EchoTime": 0.03,
    "EchoTrainLength": 90,
    "EffectiveEchoSpacing": 0.000519988,
    "FlipAngle": 52,
    "ImageOrientationPatientDICOM": [
      0.997666,
      -0.0674402,
      -0.010693,
      0.0529839,
      0.863369,
      -0.501784
    ],
    "ImageType": [
      "ORIGINAL",
      "PRIMARY",
      "M",
      "ND",
      "NORM",
      "MOSAIC"
    ],
    "ImagingFrequency": 123.229,
    "InPlanePhaseEncodingDirectionDICOM": "COL",
    "InstitutionAddress": "Cooper_60_St._Lucia_QLD_AU_4072",
    "InstitutionName": "St_Lucia_Campus",
    "InstitutionalDepartmentName": "Gehrmann_Labs_MRI",
    "MRAcquisitionType": "2D",
    "MagneticFieldStrength": 3,
    "Manufacturer": "Siemens",
    "ManufacturersModelName": "Prisma_fit",
    "Modality": "MR",
    "MultibandAccelerationFactor": 6,
    "PartialFourier": 1,
    "PatientPosition": "HFS",
    "PercentPhaseFOV": 100,
    "PhaseEncodingDirection": "j-",
    "PhaseEncodingSteps": 90,
    "PhaseResolution": 1,
    "PixelBandwidth": 2525,
    "ProcedureStepDescription": "Research_16092_QTAB",
    "ProtocolName": "PARTLY_CLOUDY_mb6_2.4",
    "PulseSequenceDetails": "%SiemensSeq%_ep2d_bold",
    "ReceiveCoilActiveElements": "HC1-7;NC1,2",
    "ReceiveCoilName": "HeadNeck_64",
    "ReconMatrixPE": 90,
    "RefLinesPE": 12,
    "RepetitionTime": 0.8,
    "SAR": 0.0580716,
    "ScanOptions": "FS",
    "ScanningSequence": "EP",
    "SequenceName": "_epfid2d1_90",
    "SequenceVariant": "SK",
    "SeriesDescription": "PARTLY_CLOUDY_mb6_2.4",
    "SeriesNumber": 19,
    "ShimSetting": [
      3028,
      -4136,
      -757,
      238,
      -73,
      -122,
      -99,
      -14
    ],
    "SliceThickness": 2.4,
    "SliceTiming": [
      0.545,
      0,
      0.39,
      0.0775,
      0.4675,
      0.2325,
      0.6225,
      0.3125,
      0.7025,
      0.155,
      0.545,
      0,
      0.39,
      0.0775,
      0.4675,
      0.2325,
      0.6225,
      0.3125,
      0.7025,
      0.155,
      0.545,
      0,
      0.39,
      0.0775,
      0.4675,
      0.2325,
      0.6225,
      0.3125,
      0.7025,
      0.155,
      0.545,
      0,
      0.39,
      0.0775,
      0.4675,
      0.2325,
      0.6225,
      0.3125,
      0.7025,
      0.155,
      0.545,
      0,
      0.39,
      0.0775,
      0.4675,
      0.2325,
      0.6225,
      0.3125,
      0.7025,
      0.155,
      0.545,
      0,
      0.39,
      0.0775,
      0.4675,
      0.2325,
      0.6225,
      0.3125,
      0.7025,
      0.155
    ],
    "SoftwareVersions": "syngo_MR_E11",
    "SpacingBetweenSlices": 2.4,
    "StationName": "mrc_Trio",
    "TaskName": "partlycloudy",
    "TotalReadoutTime": 0.046279,
    "TxRefAmp": 212.317,
    "dataset": "ds004146",
    "modality": "bold",
    "session_id": "02",
    "subject_id": "0375",
    "task_id": "partlycloudy"
  },
  "dummy_trs": 0,
  "dvars_nstd": 40.37360057474932,
  "dvars_std": 1.2810717413720318,
  "dvars_vstd": 1.0425394295514518,
  "efc": 0.5007762815228051,
  "fber": 5895.03955078125,
  "fd_mean": 0.1869711527802085,
  "fd_num": 160,
  "fd_perc": 42.10526315789474,
  "fwhm_avg": 1.8693097100584362,
  "fwhm_x": 1.8145665945622684,
  "fwhm_y": 1.9175249238044052,
  "fwhm_z": 1.8758376118086346,
  "gcor": 0.00426459,
  "gsr_x": -0.018731215968728065,
  "gsr_y": 0.03120134212076664,
  "provenance": {
    "md5sum": "662b401bc14070f0fb50d22bb3af941b",
    "settings": {
      "fd_thres": 0.2,
      "testing": false
    },
    "software": "mriqc",
    "version": "23.0.1",
    "webapi_port": null,
    "webapi_url": "https://mriqc.nimh.nih.gov/api/v1"
  },
  "size_t": 380,
  "size_x": 90,
  "size_y": 90,
  "size_z": 60,
  "snr": 6.661459543406568,
  "spacing_tr": 0.800000011920929,
  "spacing_x": 2.4000000953674316,
  "spacing_y": 2.4000000953674316,
  "spacing_z": 2.3999998569488525,
  "summary_bg_k": 32.19683064202039,
  "summary_bg_mad": 7.307668775865234,
  "summary_bg_mean": 28.372100830078125,
  "summary_bg_median": 8.850000381469727,
  "summary_bg_n": 321528.0,
  "summary_bg_p05": 2.8289475440979004,
  "summary_bg_p95": 127.24645423889152,
  "summary_bg_stdv": 56.963016510009766,
  "summary_fg_k": 0.9623922918724017,
  "summary_fg_mad": 101.96007662286286,
  "summary_fg_mean": 685.3741455078125,
  "summary_fg_median": 682.3658447265625,
  "summary_fg_n": 92858.0,
  "summary_fg_p05": 530.1773803710937,
  "summary_fg_p95": 851.7787292480468,
  "summary_fg_stdv": 102.43433380126953,
  "tsnr": 39.63822364562657
}