{
  "aor": 0.0006580368098159509,
  "aqi": 0.008374377699386502,
  "bids_meta": {
    "AcquisitionMatrixPE": 104,
    "AcquisitionNumber": 1,
    "AcquisitionTime": "14:59:26.065000",
    "BandwidthPerPixelPhaseEncode": 17.17,
    "BaseResolution": 104,
    "BodyPartExamined": "BRAIN",
    "ConsistencyInfo": "N4_VE11C_LATEST_20160120",
    "ConversionSoftware": "dcm2niix",
    "ConversionSoftwareVersion": "v1.0.20171215 GCC6.3.0",
    "DerivedVendorReportedEchoSpacing": 0.000560011,
    "DeviceSerialNumber": "167001",
    "DwellTime": 2.1e-06,
    "EchoTime": 0.03,
    "EchoTrainLength": 91,
    "EffectiveEchoSpacing": 0.000560011,
    "FlipAngle": 52,
    "ImageOrientationPatientDICOM": [
      0.993262,
      0.0596128,
      -0.0993778,
      -0.0867245,
      0.951173,
      -0.296225
    ],
    "ImageType": [
      "ORIGINAL",
      "PRIMARY",
      "M",
      "ND",
      "MOSAIC"
    ],
    "InPlanePhaseEncodingDirectionDICOM": "COL",
    "InstitutionAddress": "Cooper_60_St._Lucia_QLD_AU_4072",
    "InstitutionName": "St_Lucia_Campus",
    "InstitutionalDepartmentName": "Gehrmann_Labs_MRI",
    "MRAcquisitionType": "2D",
    "MagneticFieldStrength": 3,
    "Manufacturer": "Siemens",
    "ManufacturersModelName": "Prisma_fit",
    "Modality": "MR",
    "MultibandAccelerationFactor": 6,
    "PartialFourier": 0.875,
    "PatientPosition": "HFS",
    "PercentPhaseFOV": 100,
    "PhaseEncodingDirection": "j-",
    "PhaseEncodingSteps": 91,
    "PhaseResolution": 1,
    "PixelBandwidth": 2290,
    "ProcedureStepDescription": "Research_16092_QTAB",
    "ProtocolName": "ep2d_REST_SMS6_A-P",
    "PulseSequenceDetails": "%SiemensSeq%_ep2d_bold",
    "ReceiveCoilActiveElements": "HC1-7;NC1,2",
    "ReceiveCoilName": "HeadNeck_64",
    "ReconMatrixPE": 104,
    "RepetitionTime": 0.93,
    "SAR": 0.0621591,
    "ScanOptions": "PFP_FS",
    "ScanningSequence": "EP",
    "SequenceName": "_epfid2d1_104",
    "SequenceVariant": "SK",
    "SeriesDescription": "ep2d_REST_SMS6_A-P",
    "SeriesNumber": 9,
    "ShimSetting": [
      3025,
      -4172,
      -750,
      442,
      65,
      6,
      -23,
      -46
    ],
    "SliceThickness": 2,
    "SliceTiming": [
      0.6825,
      0,
      0.455,
      0.075,
      0.53,
      0.15,
      0.605,
      0.3025,
      0.7575,
      0.3775,
      0.8325,
      0.2275,
      0.6825,
      0,
      0.455,
      0.075,
      0.53,
      0.15,
      0.605,
      0.3025,
      0.7575,
      0.3775,
      0.8325,
      0.2275,
      0.6825,
      0,
      0.455,
      0.075,
      0.53,
      0.15,
      0.605,
      0.3025,
      0.7575,
      0.3775,
      0.8325,
      0.2275,
      0.6825,
      0,
      0.455,
      0.075,
      0.53,
      0.15,
      0.605,
      0.3025,
      0.7575,
      0.3775,
      0.8325,
      0.2275,
      0.6825,
      0,
      0.455,
      0.075,
      0.53,
      0.15,
      0.605,
      0.3025,
      0.7575,
      0.3775,
      0.8325,
      0.2275,
      0.6825,
      0,
      0.455,
      0.075,
      0.53,
      0.15,
      0.605,
      0.3025,
      0.7575,
      0.3775,
      0.8325,
      0.2275
    ],
    "SoftwareVersions": "syngo_MR_E11",
    "SpacingBetweenSlices": 2,
    "StationName": "mrc_Trio",
    "TaskName": "rest",
    "TotalReadoutTime": 0.0576811,
    "TxRefAmp": 216.096,
    "dataset": "ds004146",
    "modality": "bold",
    "session_id": "01",
    "subject_id": "0408",
    "task_id": "rest"
  },
  "dummy_trs": 1,
  "dvars_nstd": 52.5104304621231,
  "dvars_std": 1.2415024980307698,
  "dvars_vstd": 1.0043119760615389,
  "efc": 0.522559923423523,
  "fber": 891.3222045898438,
  "fd_mean": 0.2645762515027022,
  "fd_num": 197,
  "fd_perc": 60.42944785276074,
  "fwhm_avg": 2.948401666666667,
  "fwhm_x": 2.72533,
  "fwhm_y": 3.071545,
  "fwhm_z": 3.04833,
  "gcor": 0.00570559,
  "gsr_x": -0.01961384527385235,
  "gsr_y": 0.058121457695961,
  "provenance": {
    "md5sum": "faf50aa2b3c8f074fd29103ead61856f",
    "settings": {
      "fd_thres": 0.2,
      "testing": false
    },
    "software": "mriqc",
    "version": "23.0.1",
    "webapi_port": null,
    "webapi_url": "https://mriqc.nimh.nih.gov/api/v1"
  },
  "size_t": 326,
  "size_x": 104,
  "size_y": 104,
  "size_z": 72,
  "snr": 2.999242681471628,
  "spacing_tr": 0.9300000071525574,
  "spacing_x": 2.0,
  "spacing_y": 2.0,
  "spacing_z": 2.0,
  "summary_bg_k": 31.71261978169015,
  "summary_bg_mad": 5.757589716077457,
  "summary_bg_mean": 38.384429931640625,
  "summary_bg_median": 18.518404006958008,
  "summary_bg_n": 524752.0,
  "summary_bg_p05": 14.300613403320312,
  "summary_bg_p95": 135.54125137329086,
  "summary_bg_stdv": 57.07501220703125,
  "summary_fg_k": 0.2925936515682932,
  "summary_fg_mad": 187.56279951509714,
  "summary_fg_mean": 583.3765869140625,
  "summary_fg_median": 562.2330932617188,
  "summary_fg_n": 155035.0,
  "summary_fg_p05": 325.0085876464844,
  "summary_fg_p95": 924.3260498046875,
  "summary_fg_stdv": 187.45774841308594,
  "tsnr": 35.37498531269375
}