{
  "aor": 0.000506141975308642,
  "aqi": 0.00657895663580247,
  "bids_meta": {
    "AcquisitionMatrixPE": 104,
    "AcquisitionNumber": 1,
    "AcquisitionTime": "09:57:18.800000",
    "BandwidthPerPixelPhaseEncode": 17.17,
    "BaseResolution": 104,
    "BodyPartExamined": "BRAIN",
    "CoilString": "HC1-7;NC1_2",
    "ConsistencyInfo": "N4_VE11C_LATEST_20160120",
    "ConversionSoftware": "dcm2niix",
    "ConversionSoftwareVersion": "v1.0.20190410  GCC6.3.0",
    "DerivedVendorReportedEchoSpacing": 0.000560011,
    "DeviceSerialNumber": "167001",
    "DwellTime": 2.1e-06,
    "EchoTime": 0.03,
    "EchoTrainLength": 91,
    "EffectiveEchoSpacing": 0.000560011,
    "FlipAngle": 52,
    "ImageOrientationPatientDICOM": [
      0.999641,
      -0.0234262,
      -0.0130139,
      0.019194,
      0.964784,
      -0.262344
    ],
    "ImageType": [
      "ORIGINAL",
      "PRIMARY",
      "M",
      "ND",
      "MOSAIC"
    ],
    "ImagingFrequency": 123.229,
    "InPlanePhaseEncodingDirectionDICOM": "COL",
    "InstitutionAddress": "Cooper_60_St._Lucia_QLD_AU_4072",
    "InstitutionName": "St_Lucia_Campus",
    "InstitutionalDepartmentName": "Gehrmann_Labs_MRI",
    "MRAcquisitionType": "2D",
    "MagneticFieldStrength": 3,
    "Manufacturer": "Siemens",
    "ManufacturersModelName": "Prisma_fit",
    "Modality": "MR",
    "MultibandAccelerationFactor": 6,
    "PartialFourier": 0.875,
    "PatientPosition": "HFS",
    "PercentPhaseFOV": 100,
    "PhaseEncodingDirection": "j-",
    "PhaseEncodingSteps": 91,
    "PhaseResolution": 1,
    "PixelBandwidth": 2290,
    "ProcedureStepDescription": "Research_16092_QTAB",
    "ProtocolName": "ep2d_REST_SMS6_A-P",
    "PulseSequenceDetails": "%SiemensSeq%_ep2d_bold",
    "ReceiveCoilActiveElements": "HC1-7;NC1,2",
    "ReceiveCoilName": "HeadNeck_64",
    "ReconMatrixPE": 104,
    "RefLinesPE": 12,
    "RepetitionTime": 0.93,
    "SAR": 0.0689153,
    "ScanOptions": "PFP_FS",
    "ScanningSequence": "EP",
    "SequenceName": "_epfid2d1_104",
    "SequenceVariant": "SK",
    "SeriesDescription": "ep2d_REST_SMS6_A-P",
    "SeriesNumber": 9,
    "ShimSetting": [
      3060,
      -4173,
      -771,
      454,
      27,
      132,
      -71,
      -35
    ],
    "SliceThickness": 2,
    "SliceTiming": [
      0.6825,
      0,
      0.455,
      0.075,
      0.53,
      0.1525,
      0.6075,
      0.3025,
      0.7575,
      0.38,
      0.835,
      0.2275,
      0.6825,
      0,
      0.455,
      0.075,
      0.53,
      0.1525,
      0.6075,
      0.3025,
      0.7575,
      0.38,
      0.835,
      0.2275,
      0.6825,
      0,
      0.455,
      0.075,
      0.53,
      0.1525,
      0.6075,
      0.3025,
      0.7575,
      0.38,
      0.835,
      0.2275,
      0.6825,
      0,
      0.455,
      0.075,
      0.53,
      0.1525,
      0.6075,
      0.3025,
      0.7575,
      0.38,
      0.835,
      0.2275,
      0.6825,
      0,
      0.455,
      0.075,
      0.53,
      0.1525,
      0.6075,
      0.3025,
      0.7575,
      0.38,
      0.835,
      0.2275,
      0.6825,
      0,
      0.455,
      0.075,
      0.53,
      0.1525,
      0.6075,
      0.3025,
      0.7575,
      0.38,
      0.835,
      0.2275
    ],
    "SoftwareVersions": "syngo_MR_E11",
    "SpacingBetweenSlices": 2,
    "StationName": "mrc_Trio",
    "TaskName": "rest",
    "TotalReadoutTime": 0.0576811,
    "TxRefAmp": 207.664,
    "dataset": "ds004146",
    "modality": "bold",
    "session_id": "02",
    "subject_id": "0301",
    "task_id": "rest"
  },
  "dummy_trs": 3,
  "dvars_nstd": 37.834792771919545,
  "dvars_std": 1.0521210223839008,
  "dvars_vstd": 0.9777367393808054,
  "efc": 0.503627064591035,
  "fber": 987.0023803710938,
  "fd_mean": 0.1443143402389685,
  "fd_num": 78,
  "fd_perc": 24.074074074074073,
  "fwhm_avg": 2.920515,
  "fwhm_x": 2.76975,
  "fwhm_y": 2.991975,
  "fwhm_z": 2.99982,
  "gcor": 0.0040716,
  "gsr_x": -0.016676921397447586,
  "gsr_y": 0.06532666832208633,
  "provenance": {
    "md5sum": "168341b1afbe9b965e44ee490a93c6b9",
    "settings": {
      "fd_thres": 0.2,
      "testing": false
    },
    "software": "mriqc",
    "version": "23.0.1",
    "webapi_port": null,
    "webapi_url": "https://mriqc.nimh.nih.gov/api/v1"
  },
  "size_t": 324,
  "size_x": 104,
  "size_y": 104,
  "size_z": 72,
  "snr": 3.0442740629965432,
  "spacing_tr": 0.9300000071525574,
  "spacing_x": 2.0,
  "spacing_y": 2.0,
  "spacing_z": 2.0,
  "summary_bg_k": 46.80312997660744,
  "summary_bg_mad": 4.804729464191105,
  "summary_bg_mean": 35.038291931152344,
  "summary_bg_median": 17.94135856628418,
  "summary_bg_n": 537853.0,
  "summary_bg_p05": 14.145061492919922,
  "summary_bg_p95": 116.8827133178711,
  "summary_bg_stdv": 51.31434631347656,
  "summary_fg_k": 0.5336270662968441,
  "summary_fg_mad": 188.56046122524268,
  "summary_fg_mean": 591.8001098632812,
  "summary_fg_median": 569.6141967773438,
  "summary_fg_n": 143877.0,
  "summary_fg_p05": 337.464208984375,
  "summary_fg_p95": 924.1697387695312,
  "summary_fg_stdv": 187.109375,
  "tsnr": 36.55343218008056
}