{
  "aor": 0.00034328042328042325,
  "aqi": 0.01155500346560847,
  "bids_meta": {
    "AcquisitionMatrixPE": 90,
    "AcquisitionNumber": 1,
    "AcquisitionTime": "10:29:59.622500",
    "BandwidthPerPixelPhaseEncode": 21.368,
    "BaseResolution": 90,
    "BodyPartExamined": "BRAIN",
    "CoilString": "HC1-7;NC1_2",
    "ConsistencyInfo": "N4_VE11C_LATEST_20160120",
    "ConversionSoftware": "dcm2niix",
    "ConversionSoftwareVersion": "v1.0.20190410  GCC6.3.0",
    "DerivedVendorReportedEchoSpacing": 0.000519988,
    "DeviceSerialNumber": "167001",
    "DwellTime": 2.2e-06,
    "EchoTime": 0.03,
    "EchoTrainLength": 90,
    "EffectiveEchoSpacing": 0.000519988,
    "FlipAngle": 52,
    "ImageOrientationPatientDICOM": [
      0.999641,
      -0.0234262,
      -0.0130139,
      0.019194,
      0.964784,
      -0.262344
    ],
    "ImageType": [
      "ORIGINAL",
      "PRIMARY",
      "M",
      "ND",
      "NORM",
      "MOSAIC"
    ],
    "ImagingFrequency": 123.229,
    "InPlanePhaseEncodingDirectionDICOM": "COL",
    "InstitutionAddress": "Cooper_60_St._Lucia_QLD_AU_4072",
    "InstitutionName": "St_Lucia_Campus",
    "InstitutionalDepartmentName": "Gehrmann_Labs_MRI",
    "MRAcquisitionType": "2D",
    "MagneticFieldStrength": 3,
    "Manufacturer": "Siemens",
    "ManufacturersModelName": "Prisma_fit",
    "Modality": "MR",
    "MultibandAccelerationFactor": 6,
    "PartialFourier": 1,
    "PatientPosition": "HFS",
    "PercentPhaseFOV": 100,
    "PhaseEncodingDirection": "j-",
    "PhaseEncodingSteps": 90,
    "PhaseResolution": 1,
    "PixelBandwidth": 2525,
    "ProcedureStepDescription": "Research_16092_QTAB",
    "ProtocolName": "PARTLY_CLOUDY_mb6_2.4",
    "PulseSequenceDetails": "%SiemensSeq%_ep2d_bold",
    "ReceiveCoilActiveElements": "HC1-7;NC1,2",
    "ReceiveCoilName": "HeadNeck_64",
    "ReconMatrixPE": 90,
    "RefLinesPE": 12,
    "RepetitionTime": 0.8,
    "SAR": 0.0669646,
    "ScanOptions": "FS",
    "ScanningSequence": "EP",
    "SequenceName": "_epfid2d1_90",
    "SequenceVariant": "SK",
    "SeriesDescription": "PARTLY_CLOUDY_mb6_2.4",
    "SeriesNumber": 20,
    "ShimSetting": [
      3060,
      -4173,
      -771,
      454,
      27,
      131,
      -71,
      -35
    ],
    "SliceThickness": 2.4,
    "SliceTiming": [
      0.545,
      0,
      0.39,
      0.0775,
      0.4675,
      0.235,
      0.625,
      0.3125,
      0.7025,
      0.155,
      0.545,
      0,
      0.39,
      0.0775,
      0.4675,
      0.235,
      0.625,
      0.3125,
      0.7025,
      0.155,
      0.545,
      0,
      0.39,
      0.0775,
      0.4675,
      0.235,
      0.625,
      0.3125,
      0.7025,
      0.155,
      0.545,
      0,
      0.39,
      0.0775,
      0.4675,
      0.235,
      0.625,
      0.3125,
      0.7025,
      0.155,
      0.545,
      0,
      0.39,
      0.0775,
      0.4675,
      0.235,
      0.625,
      0.3125,
      0.7025,
      0.155,
      0.545,
      0,
      0.39,
      0.0775,
      0.4675,
      0.235,
      0.625,
      0.3125,
      0.7025,
      0.155
    ],
    "SoftwareVersions": "syngo_MR_E11",
    "SpacingBetweenSlices": 2.4,
    "StationName": "mrc_Trio",
    "TaskName": "partlycloudy",
    "TotalReadoutTime": 0.046279,
    "TxRefAmp": 207.664,
    "dataset": "ds004146",
    "modality": "bold",
    "session_id": "02",
    "subject_id": "0301",
    "task_id": "partlycloudy"
  },
  "dummy_trs": 2,
  "dvars_nstd": 33.64425560514588,
  "dvars_std": 1.239124865013263,
  "dvars_vstd": 1.0048407832625992,
  "efc": 0.4575476312071214,
  "fber": 8569.90625,
  "fd_mean": 0.10944655831666406,
  "fd_num": 11,
  "fd_perc": 2.9100529100529102,
  "fwhm_avg": 1.7589221523289353,
  "fwhm_x": 1.681974933164321,
  "fwhm_y": 1.8666624258254993,
  "fwhm_z": 1.7281290979969859,
  "gcor": 0.00547858,
  "gsr_x": -0.020503023639321327,
  "gsr_y": 0.0317419208586216,
  "provenance": {
    "md5sum": "c0d9dd266e27e38f953752353d125234",
    "settings": {
      "fd_thres": 0.2,
      "testing": false
    },
    "software": "mriqc",
    "version": "23.0.1",
    "webapi_port": null,
    "webapi_url": "https://mriqc.nimh.nih.gov/api/v1"
  },
  "size_t": 378,
  "size_x": 90,
  "size_y": 90,
  "size_z": 60,
  "snr": 7.3431421384716415,
  "spacing_tr": 0.800000011920929,
  "spacing_x": 2.4000000953674316,
  "spacing_y": 2.4000000953674316,
  "spacing_z": 2.4000000953674316,
  "summary_bg_k": 26.585180506967518,
  "summary_bg_mad": 4.828262036006308,
  "summary_bg_mean": 22.403764724731445,
  "summary_bg_median": 6.9285712242126465,
  "summary_bg_n": 341909.0,
  "summary_bg_p05": 3.0211639404296875,
  "summary_bg_p95": 98.72698211669903,
  "summary_bg_stdv": 46.23400115966797,
  "summary_fg_k": 2.0048637081759937,
  "summary_fg_mad": 84.72012030811597,
  "summary_fg_mean": 644.3138427734375,
  "summary_fg_median": 644.7869873046875,
  "summary_fg_n": 76074.0,
  "summary_fg_p05": 509.8358352661133,
  "summary_fg_p95": 780.6194152832029,
  "summary_fg_stdv": 87.8074722290039,
  "tsnr": 53.43693675287068
}