{
  "aor": 0.0009642331288343558,
  "aqi": 0.005733246257668712,
  "bids_meta": {
    "AcquisitionMatrixPE": 104,
    "AcquisitionNumber": 1,
    "AcquisitionTime": "14:52:7.940000",
    "BandwidthPerPixelPhaseEncode": 17.17,
    "BaseResolution": 104,
    "BodyPartExamined": "BRAIN",
    "ConsistencyInfo": "N4_VE11C_LATEST_20160120",
    "ConversionSoftware": "dcm2niix",
    "ConversionSoftwareVersion": "v1.0.20171215 GCC6.3.0",
    "DerivedVendorReportedEchoSpacing": 0.000560011,
    "DeviceSerialNumber": "167001",
    "DwellTime": 2.1e-06,
    "EchoTime": 0.03,
    "EchoTrainLength": 91,
    "EffectiveEchoSpacing": 0.000560011,
    "FlipAngle": 52,
    "ImageOrientationPatientDICOM": [
      0.998734,
      0.0398616,
      -0.0306772,
      -0.0436056,
      0.99015,
      -0.133044
    ],
    "ImageType": [
      "ORIGINAL",
      "PRIMARY",
      "M",
      "ND",
      "MOSAIC"
    ],
    "InPlanePhaseEncodingDirectionDICOM": "COL",
    "InstitutionAddress": "Cooper_60_St._Lucia_QLD_AU_4072",
    "InstitutionName": "St_Lucia_Campus",
    "InstitutionalDepartmentName": "Gehrmann_Labs_MRI",
    "MRAcquisitionType": "2D",
    "MagneticFieldStrength": 3,
    "Manufacturer": "Siemens",
    "ManufacturersModelName": "Prisma_fit",
    "Modality": "MR",
    "MultibandAccelerationFactor": 6,
    "PartialFourier": 0.875,
    "PatientPosition": "HFS",
    "PercentPhaseFOV": 100,
    "PhaseEncodingDirection": "j-",
    "PhaseEncodingSteps": 91,
    "PhaseResolution": 1,
    "PixelBandwidth": 2290,
    "ProcedureStepDescription": "Research_16092_QTAB",
    "ProtocolName": "ep2d_REST_SMS6_A-P",
    "PulseSequenceDetails": "%SiemensSeq%_ep2d_bold",
    "ReceiveCoilActiveElements": "HC1-7;NC1,2",
    "ReceiveCoilName": "HeadNeck_64",
    "ReconMatrixPE": 104,
    "RepetitionTime": 0.93,
    "SAR": 0.06121,
    "ScanOptions": "PFP_FS",
    "ScanningSequence": "EP",
    "SequenceName": "_epfid2d1_104",
    "SequenceVariant": "SK",
    "SeriesDescription": "ep2d_REST_SMS6_A-P",
    "SeriesNumber": 9,
    "ShimSetting": [
      3053,
      -4191,
      -781,
      478,
      17,
      72,
      -50,
      9
    ],
    "SliceThickness": 2,
    "SliceTiming": [
      0.6825,
      0,
      0.455,
      0.0775,
      0.5325,
      0.1525,
      0.6075,
      0.305,
      0.76,
      0.38,
      0.835,
      0.2275,
      0.6825,
      0,
      0.455,
      0.0775,
      0.5325,
      0.1525,
      0.6075,
      0.305,
      0.76,
      0.38,
      0.835,
      0.2275,
      0.6825,
      0,
      0.455,
      0.0775,
      0.5325,
      0.1525,
      0.6075,
      0.305,
      0.76,
      0.38,
      0.835,
      0.2275,
      0.6825,
      0,
      0.455,
      0.0775,
      0.5325,
      0.1525,
      0.6075,
      0.305,
      0.76,
      0.38,
      0.835,
      0.2275,
      0.6825,
      0,
      0.455,
      0.0775,
      0.5325,
      0.1525,
      0.6075,
      0.305,
      0.76,
      0.38,
      0.835,
      0.2275,
      0.6825,
      0,
      0.455,
      0.0775,
      0.5325,
      0.1525,
      0.6075,
      0.305,
      0.76,
      0.38,
      0.835,
      0.2275
    ],
    "SoftwareVersions": "syngo_MR_E11",
    "SpacingBetweenSlices": 2,
    "StationName": "mrc_Trio",
    "TaskName": "rest",
    "TotalReadoutTime": 0.0576811,
    "TxRefAmp": 212.168,
    "dataset": "ds004146",
    "modality": "bold",
    "session_id": "01",
    "subject_id": "0269",
    "task_id": "rest"
  },
  "dummy_trs": 1,
  "dvars_nstd": 37.24355847301538,
  "dvars_std": 1.0863711787692312,
  "dvars_vstd": 1.016851392553846,
  "efc": 0.5186093661049788,
  "fber": 816.9107666015625,
  "fd_mean": 0.119140194461227,
  "fd_num": 23,
  "fd_perc": 7.0552147239263805,
  "fwhm_avg": 3.03297,
  "fwhm_x": 2.82512,
  "fwhm_y": 3.172775,
  "fwhm_z": 3.101015,
  "gcor": 0.0185973,
  "gsr_x": -0.005979830399155617,
  "gsr_y": 0.054974962025880814,
  "provenance": {
    "md5sum": "02d552461f1aea41f152379e6b86795c",
    "settings": {
      "fd_thres": 0.2,
      "testing": false
    },
    "software": "mriqc",
    "version": "23.0.1",
    "webapi_port": null,
    "webapi_url": "https://mriqc.nimh.nih.gov/api/v1"
  },
  "size_t": 326,
  "size_x": 104,
  "size_y": 104,
  "size_z": 72,
  "snr": 2.8108428435332096,
  "spacing_tr": 0.9300000071525574,
  "spacing_x": 2.0,
  "spacing_y": 2.0,
  "spacing_z": 2.0,
  "summary_bg_k": 59.79362617533978,
  "summary_bg_mad": 6.899102198230486,
  "summary_bg_mean": 34.90687942504883,
  "summary_bg_median": 19.306747436523438,
  "summary_bg_n": 518557.0,
  "summary_bg_p05": 14.015336990356445,
  "summary_bg_p95": 98.5312835693358,
  "summary_bg_stdv": 49.3607292175293,
  "summary_fg_k": 0.5451559148419824,
  "summary_fg_mad": 189.96411017008822,
  "summary_fg_mean": 588.2221069335938,
  "summary_fg_median": 557.5429077148438,
  "summary_fg_n": 159538.0,
  "summary_fg_p05": 327.9500030517578,
  "summary_fg_p95": 957.2866516113281,
  "summary_fg_stdv": 198.35372924804688,
  "tsnr": 37.342650272883475
}