{
  "aor": 0.0024874617737003064,
  "aqi": 0.007309542966360856,
  "bids_meta": {
    "AcquisitionMatrixPE": 104,
    "AcquisitionNumber": 1,
    "AcquisitionTime": "11:27:15.587500",
    "BandwidthPerPixelPhaseEncode": 17.17,
    "BaseResolution": 104,
    "BodyPartExamined": "BRAIN",
    "ConsistencyInfo": "N4_VE11C_LATEST_20160120",
    "ConversionSoftware": "dcm2niix",
    "ConversionSoftwareVersion": "v1.0.20171215 GCC6.3.0",
    "DerivedVendorReportedEchoSpacing": 0.000560011,
    "DeviceSerialNumber": "167001",
    "DwellTime": 2.1e-06,
    "EchoTime": 0.03,
    "EchoTrainLength": 91,
    "EffectiveEchoSpacing": 0.000560011,
    "FlipAngle": 52,
    "ImageOrientationPatientDICOM": [
      0.998161,
      -0.0446752,
      0.0409602,
      0.0568545,
      0.924337,
      -0.377318
    ],
    "ImageType": [
      "ORIGINAL",
      "PRIMARY",
      "M",
      "ND",
      "MOSAIC"
    ],
    "InPlanePhaseEncodingDirectionDICOM": "COL",
    "InstitutionAddress": "Cooper_60_St._Lucia_QLD_AU_4072",
    "InstitutionName": "St_Lucia_Campus",
    "InstitutionalDepartmentName": "Gehrmann_Labs_MRI",
    "MRAcquisitionType": "2D",
    "MagneticFieldStrength": 3,
    "Manufacturer": "Siemens",
    "ManufacturersModelName": "Prisma_fit",
    "Modality": "MR",
    "MultibandAccelerationFactor": 6,
    "PartialFourier": 0.875,
    "PatientPosition": "HFS",
    "PercentPhaseFOV": 100,
    "PhaseEncodingDirection": "j",
    "PhaseEncodingSteps": 91,
    "PhaseResolution": 1,
    "PixelBandwidth": 2290,
    "ProcedureStepDescription": "Research_16092_QTAB",
    "ProtocolName": "ep2d_REST_SMS6_P-A",
    "PulseSequenceDetails": "%SiemensSeq%_ep2d_bold",
    "ReceiveCoilActiveElements": "HC1-7;NC1,2",
    "ReceiveCoilName": "HeadNeck_64",
    "ReconMatrixPE": 104,
    "RepetitionTime": 0.93,
    "SAR": 0.0537052,
    "ScanOptions": "PFP_FS",
    "ScanningSequence": "EP",
    "SequenceName": "_epfid2d1_104",
    "SequenceVariant": "SK",
    "SeriesDescription": "ep2d_REST_SMS6_P-A",
    "SeriesNumber": 10,
    "ShimSetting": [
      3044,
      -4155,
      -720,
      509,
      -51,
      -56,
      -35,
      -36
    ],
    "SliceThickness": 2,
    "SliceTiming": [
      0.68,
      0,
      0.4525,
      0.075,
      0.53,
      0.15,
      0.605,
      0.3025,
      0.7575,
      0.3775,
      0.8325,
      0.2275,
      0.68,
      0,
      0.4525,
      0.075,
      0.53,
      0.15,
      0.605,
      0.3025,
      0.7575,
      0.3775,
      0.8325,
      0.2275,
      0.68,
      0,
      0.4525,
      0.075,
      0.53,
      0.15,
      0.605,
      0.3025,
      0.7575,
      0.3775,
      0.8325,
      0.2275,
      0.68,
      0,
      0.4525,
      0.075,
      0.53,
      0.15,
      0.605,
      0.3025,
      0.7575,
      0.3775,
      0.8325,
      0.2275,
      0.68,
      0,
      0.4525,
      0.075,
      0.53,
      0.15,
      0.605,
      0.3025,
      0.7575,
      0.3775,
      0.8325,
      0.2275,
      0.68,
      0,
      0.4525,
      0.075,
      0.53,
      0.15,
      0.605,
      0.3025,
      0.7575,
      0.3775,
      0.8325,
      0.2275
    ],
    "SoftwareVersions": "syngo_MR_E11",
    "SpacingBetweenSlices": 2,
    "StationName": "mrc_Trio",
    "TaskName": "rest",
    "TotalReadoutTime": 0.0576811,
    "TxRefAmp": 221.711,
    "dataset": "ds004146",
    "modality": "bold",
    "session_id": "01",
    "subject_id": "0044",
    "task_id": "rest"
  },
  "dummy_trs": 0,
  "dvars_nstd": 41.22700426742331,
  "dvars_std": 1.1338576503374234,
  "dvars_vstd": 1.0369542534355831,
  "efc": 0.5295706280016179,
  "fber": 811.9707641601562,
  "fd_mean": 0.14035560636556493,
  "fd_num": 60,
  "fd_perc": 18.34862385321101,
  "fwhm_avg": 3.0659983333333334,
  "fwhm_x": 2.908745,
  "fwhm_y": 3.090775,
  "fwhm_z": 3.198475,
  "gcor": 0.0380653,
  "gsr_x": -0.025611262768507004,
  "gsr_y": 0.06658720225095749,
  "provenance": {
    "md5sum": "b3b169c7e82bc47e15bfd0e34351412d",
    "settings": {
      "fd_thres": 0.2,
      "testing": false
    },
    "software": "mriqc",
    "version": "23.0.1",
    "webapi_port": null,
    "webapi_url": "https://mriqc.nimh.nih.gov/api/v1"
  },
  "size_t": 327,
  "size_x": 104,
  "size_y": 104,
  "size_z": 72,
  "snr": 2.720232456069598,
  "spacing_tr": 0.9300000071525574,
  "spacing_x": 2.0,
  "spacing_y": 2.0,
  "spacing_z": 2.0,
  "summary_bg_k": 84.68881517174343,
  "summary_bg_mad": 7.4039422118465,
  "summary_bg_mean": 43.878326416015625,
  "summary_bg_median": 20.38226318359375,
  "summary_bg_n": 518820.0,
  "summary_bg_p05": 14.837921142578125,
  "summary_bg_p95": 159.84741210937494,
  "summary_bg_stdv": 66.4451904296875,
  "summary_fg_k": 1.6222946819195112,
  "summary_fg_mad": 213.47202888214736,
  "summary_fg_mean": 613.0979614257812,
  "summary_fg_median": 583.8410034179688,
  "summary_fg_n": 160850.0,
  "summary_fg_p05": 327.05918731689457,
  "summary_fg_p95": 985.9164123535155,
  "summary_fg_stdv": 214.62841796875,
  "tsnr": 35.51353020314127
}