{
  "aor": 0.0004726121372031662,
  "aqi": 0.014634224538258574,
  "bids_meta": {
    "AcquisitionMatrixPE": 90,
    "AcquisitionNumber": 1,
    "AcquisitionTime": "11:53:22.957500",
    "BandwidthPerPixelPhaseEncode": 21.368,
    "BaseResolution": 90,
    "BodyPartExamined": "BRAIN",
    "CoilString": "HC1-7;NC1_2",
    "ConsistencyInfo": "N4_VE11C_LATEST_20160120",
    "ConversionSoftware": "dcm2niix",
    "ConversionSoftwareVersion": "v1.0.20190410  GCC6.3.0",
    "DerivedVendorReportedEchoSpacing": 0.000519988,
    "DeviceSerialNumber": "167001",
    "DwellTime": 2.2e-06,
    "EchoTime": 0.03,
    "EchoTrainLength": 90,
    "EffectiveEchoSpacing": 0.000519988,
    "FlipAngle": 52,
    "ImageOrientationPatientDICOM": [
      0.997879,
      0.0163447,
      0.0630177,
      0.000696598,
      0.965236,
      -0.26138
    ],
    "ImageType": [
      "ORIGINAL",
      "PRIMARY",
      "M",
      "ND",
      "NORM",
      "MOSAIC"
    ],
    "ImagingFrequency": 123.229,
    "InPlanePhaseEncodingDirectionDICOM": "COL",
    "InstitutionAddress": "Cooper_60_St._Lucia_QLD_AU_4072",
    "InstitutionName": "St_Lucia_Campus",
    "InstitutionalDepartmentName": "Gehrmann_Labs_MRI",
    "MRAcquisitionType": "2D",
    "MagneticFieldStrength": 3,
    "Manufacturer": "Siemens",
    "ManufacturersModelName": "Prisma_fit",
    "Modality": "MR",
    "MultibandAccelerationFactor": 6,
    "PartialFourier": 1,
    "PatientPosition": "HFS",
    "PercentPhaseFOV": 100,
    "PhaseEncodingDirection": "j-",
    "PhaseEncodingSteps": 90,
    "PhaseResolution": 1,
    "PixelBandwidth": 2525,
    "ProcedureStepDescription": "Research_16092_QTAB",
    "ProtocolName": "PARTLY_CLOUDY_mb6_2.4",
    "PulseSequenceDetails": "%SiemensSeq%_ep2d_bold",
    "ReceiveCoilActiveElements": "HC1-7;NC1,2",
    "ReceiveCoilName": "HeadNeck_64",
    "ReconMatrixPE": 90,
    "RefLinesPE": 12,
    "RepetitionTime": 0.8,
    "SAR": 0.0594064,
    "ScanOptions": "FS",
    "ScanningSequence": "EP",
    "SequenceName": "_epfid2d1_90",
    "SequenceVariant": "SK",
    "SeriesDescription": "PARTLY_CLOUDY_mb6_2.4",
    "SeriesNumber": 19,
    "ShimSetting": [
      3052,
      -4142,
      -788,
      407,
      -123,
      -16,
      38,
      39
    ],
    "SliceThickness": 2.4,
    "SliceTiming": [
      0.545,
      0,
      0.39,
      0.0775,
      0.4675,
      0.2325,
      0.6225,
      0.31,
      0.7,
      0.155,
      0.545,
      0,
      0.39,
      0.0775,
      0.4675,
      0.2325,
      0.6225,
      0.31,
      0.7,
      0.155,
      0.545,
      0,
      0.39,
      0.0775,
      0.4675,
      0.2325,
      0.6225,
      0.31,
      0.7,
      0.155,
      0.545,
      0,
      0.39,
      0.0775,
      0.4675,
      0.2325,
      0.6225,
      0.31,
      0.7,
      0.155,
      0.545,
      0,
      0.39,
      0.0775,
      0.4675,
      0.2325,
      0.6225,
      0.31,
      0.7,
      0.155,
      0.545,
      0,
      0.39,
      0.0775,
      0.4675,
      0.2325,
      0.6225,
      0.31,
      0.7,
      0.155
    ],
    "SoftwareVersions": "syngo_MR_E11",
    "SpacingBetweenSlices": 2.4,
    "StationName": "mrc_Trio",
    "TaskName": "partlycloudy",
    "TotalReadoutTime": 0.046279,
    "TxRefAmp": 231.904,
    "dataset": "ds004146",
    "modality": "bold",
    "session_id": "02",
    "subject_id": "0017",
    "task_id": "partlycloudy"
  },
  "dummy_trs": 1,
  "dvars_nstd": 34.94170618820107,
  "dvars_std": 1.1869567941269843,
  "dvars_vstd": 1.0041338472222219,
  "efc": 0.5096468556847169,
  "fber": 6013.18212890625,
  "fd_mean": 0.19847744504424555,
  "fd_num": 175,
  "fd_perc": 46.17414248021108,
  "fwhm_avg": 1.8232929831044018,
  "fwhm_x": 1.710787432019415,
  "fwhm_y": 1.9464124226565191,
  "fwhm_z": 1.812679094637271,
  "gcor": 0.00816966,
  "gsr_x": -0.019149692729115486,
  "gsr_y": 0.0463138110935688,
  "provenance": {
    "md5sum": "0066ef9cb45a3db57554848ead950c01",
    "settings": {
      "fd_thres": 0.2,
      "testing": false
    },
    "software": "mriqc",
    "version": "23.0.1",
    "webapi_port": null,
    "webapi_url": "https://mriqc.nimh.nih.gov/api/v1"
  },
  "size_t": 379,
  "size_x": 90,
  "size_y": 90,
  "size_z": 60,
  "snr": 7.239093945956773,
  "spacing_tr": 0.800000011920929,
  "spacing_x": 2.4000000953674316,
  "spacing_y": 2.4000000953674316,
  "spacing_z": 2.4000000953674316,
  "summary_bg_k": 18.0550199906565,
  "summary_bg_mad": 6.360715526826898,
  "summary_bg_mean": 31.585250854492188,
  "summary_bg_median": 8.335092544555664,
  "summary_bg_n": 321508.0,
  "summary_bg_p05": 3.406332492828369,
  "summary_bg_p95": 153.28654708862268,
  "summary_bg_stdv": 61.46954345703125,
  "summary_fg_k": 1.653806308346689,
  "summary_fg_mad": 87.10966715155885,
  "summary_fg_mean": 657.3822631835938,
  "summary_fg_median": 656.2638549804688,
  "summary_fg_n": 93061.0,
  "summary_fg_p05": 521.3324584960938,
  "summary_fg_p95": 803.3535766601562,
  "summary_fg_stdv": 90.65503692626953,
  "tsnr": 48.48521782550961
}