{
  "aor": 0.0012132923076923078,
  "aqi": 0.007412349999999999,
  "bids_meta": {
    "AcquisitionMatrixPE": 104,
    "AcquisitionNumber": 1,
    "AcquisitionTime": "10:02:48.075000",
    "BandwidthPerPixelPhaseEncode": 17.17,
    "BaseResolution": 104,
    "BodyPartExamined": "BRAIN",
    "CoilString": "HC1-7;NC1_2",
    "ConsistencyInfo": "N4_VE11C_LATEST_20160120",
    "ConversionSoftware": "dcm2niix",
    "ConversionSoftwareVersion": "v1.0.20181125  (JP2:OpenJPEG) GCC6.3.0",
    "DerivedVendorReportedEchoSpacing": 0.000560011,
    "DeviceSerialNumber": "167001",
    "DwellTime": 2.1e-06,
    "EchoTime": 0.03,
    "EchoTrainLength": 91,
    "EffectiveEchoSpacing": 0.000560011,
    "FlipAngle": 52,
    "ImageOrientationPatientDICOM": [
      0.999179,
      0.0349566,
      0.0204907,
      -0.0317495,
      0.989629,
      -0.140094
    ],
    "ImageType": [
      "ORIGINAL",
      "PRIMARY",
      "M",
      "ND",
      "MOSAIC"
    ],
    "ImagingFrequency": 123.229,
    "InPlanePhaseEncodingDirectionDICOM": "COL",
    "InstitutionAddress": "Cooper_60_St._Lucia_QLD_AU_4072",
    "InstitutionName": "St_Lucia_Campus",
    "InstitutionalDepartmentName": "Gehrmann_Labs_MRI",
    "MRAcquisitionType": "2D",
    "MagneticFieldStrength": 3,
    "Manufacturer": "Siemens",
    "ManufacturersModelName": "Prisma_fit",
    "Modality": "MR",
    "MultibandAccelerationFactor": 6,
    "PartialFourier": 0.875,
    "PatientPosition": "HFS",
    "PercentPhaseFOV": 100,
    "PhaseEncodingDirection": "j-",
    "PhaseEncodingSteps": 91,
    "PhaseResolution": 1,
    "PixelBandwidth": 2290,
    "ProcedureStepDescription": "Research_16092_QTAB",
    "ProtocolName": "ep2d_REST_SMS6_A-P",
    "PulseSequenceDetails": "%SiemensSeq%_ep2d_bold",
    "ReceiveCoilActiveElements": "HC1-7;NC1,2",
    "ReceiveCoilName": "HeadNeck_64",
    "ReconMatrixPE": 104,
    "RepetitionTime": 0.93,
    "SAR": 0.0818957,
    "ScanOptions": "PFP_FS",
    "ScanningSequence": "EP",
    "SequenceName": "_epfid2d1_104",
    "SequenceVariant": "SK",
    "SeriesDescription": "ep2d_REST_SMS6_A-P",
    "SeriesNumber": 9,
    "ShimSetting": [
      3050,
      -4162,
      -799,
      220,
      44,
      107,
      -90,
      7
    ],
    "SliceThickness": 2,
    "SliceTiming": [
      0.6825,
      0,
      0.455,
      0.075,
      0.53,
      0.1525,
      0.6075,
      0.3025,
      0.7575,
      0.38,
      0.835,
      0.2275,
      0.6825,
      0,
      0.455,
      0.075,
      0.53,
      0.1525,
      0.6075,
      0.3025,
      0.7575,
      0.38,
      0.835,
      0.2275,
      0.6825,
      0,
      0.455,
      0.075,
      0.53,
      0.1525,
      0.6075,
      0.3025,
      0.7575,
      0.38,
      0.835,
      0.2275,
      0.6825,
      0,
      0.455,
      0.075,
      0.53,
      0.1525,
      0.6075,
      0.3025,
      0.7575,
      0.38,
      0.835,
      0.2275,
      0.6825,
      0,
      0.455,
      0.075,
      0.53,
      0.1525,
      0.6075,
      0.3025,
      0.7575,
      0.38,
      0.835,
      0.2275,
      0.6825,
      0,
      0.455,
      0.075,
      0.53,
      0.1525,
      0.6075,
      0.3025,
      0.7575,
      0.38,
      0.835,
      0.2275
    ],
    "SoftwareVersions": "syngo_MR_E11",
    "SpacingBetweenSlices": 2,
    "StationName": "mrc_Trio",
    "TaskName": "rest",
    "TotalReadoutTime": 0.0576811,
    "TxRefAmp": 212.697,
    "dataset": "ds004146",
    "modality": "bold",
    "session_id": "01",
    "subject_id": "0199",
    "task_id": "rest"
  },
  "dummy_trs": 2,
  "dvars_nstd": 37.463491322283986,
  "dvars_std": 1.0547658021604942,
  "dvars_vstd": 0.9888176492592591,
  "efc": 0.5229558968936425,
  "fber": 1049.5848388671875,
  "fd_mean": 0.17887941804977192,
  "fd_num": 109,
  "fd_perc": 33.53846153846154,
  "fwhm_avg": 3.2522516666666665,
  "fwhm_x": 3.053995,
  "fwhm_y": 3.2285,
  "fwhm_z": 3.47426,
  "gcor": 0.00696283,
  "gsr_x": -0.023810017853975296,
  "gsr_y": 0.0606684610247612,
  "provenance": {
    "md5sum": "b7ca7b1f2162c8f340b9919959996189",
    "settings": {
      "fd_thres": 0.2,
      "testing": false
    },
    "software": "mriqc",
    "version": "23.0.1",
    "webapi_port": null,
    "webapi_url": "https://mriqc.nimh.nih.gov/api/v1"
  },
  "size_t": 325,
  "size_x": 104,
  "size_y": 104,
  "size_z": 72,
  "snr": 2.5638173025325717,
  "spacing_tr": 0.9300000071525574,
  "spacing_x": 2.0,
  "spacing_y": 2.0,
  "spacing_z": 2.0,
  "summary_bg_k": 55.216398344654586,
  "summary_bg_mad": 5.273501801270692,
  "summary_bg_mean": 34.452659606933594,
  "summary_bg_median": 18.526153564453125,
  "summary_bg_n": 499719.0,
  "summary_bg_p05": 14.501538276672363,
  "summary_bg_p95": 103.24615478515625,
  "summary_bg_stdv": 53.65147018432617,
  "summary_fg_k": 1.647679007496074,
  "summary_fg_mad": 223.72697324029014,
  "summary_fg_mean": 638.9432373046875,
  "summary_fg_median": 600.5169067382812,
  "summary_fg_n": 181033.0,
  "summary_fg_p05": 343.4006103515625,
  "summary_fg_p95": 1070.3168701171874,
  "summary_fg_stdv": 234.2270050048828,
  "tsnr": 34.464930426329374
}