{
  "aor": 0.0033302153846153843,
  "aqi": 0.008267112923076922,
  "bids_meta": {
    "AcquisitionMatrixPE": 104,
    "AcquisitionNumber": 1,
    "AcquisitionTime": "15:33:42.285000",
    "BandwidthPerPixelPhaseEncode": 17.17,
    "BaseResolution": 104,
    "BodyPartExamined": "BRAIN",
    "CoilString": "HC1-7;NC1_2",
    "ConsistencyInfo": "N4_VE11C_LATEST_20160120",
    "ConversionSoftware": "dcm2niix",
    "ConversionSoftwareVersion": "v1.0.20190410  GCC6.3.0",
    "DerivedVendorReportedEchoSpacing": 0.000560011,
    "DeviceSerialNumber": "167001",
    "DwellTime": 2.1e-06,
    "EchoTime": 0.03,
    "EchoTrainLength": 91,
    "EffectiveEchoSpacing": 0.000560011,
    "FlipAngle": 52,
    "ImageOrientationPatientDICOM": [
      0.994091,
      0.106782,
      0.0195103,
      -0.097997,
      0.960139,
      -0.261782
    ],
    "ImageType": [
      "ORIGINAL",
      "PRIMARY",
      "M",
      "ND",
      "MOSAIC"
    ],
    "ImagingFrequency": 123.229,
    "InPlanePhaseEncodingDirectionDICOM": "COL",
    "InstitutionAddress": "Cooper_60_St._Lucia_QLD_AU_4072",
    "InstitutionName": "St_Lucia_Campus",
    "InstitutionalDepartmentName": "Gehrmann_Labs_MRI",
    "MRAcquisitionType": "2D",
    "MagneticFieldStrength": 3,
    "Manufacturer": "Siemens",
    "ManufacturersModelName": "Prisma_fit",
    "Modality": "MR",
    "MultibandAccelerationFactor": 6,
    "PartialFourier": 0.875,
    "PatientPosition": "HFS",
    "PercentPhaseFOV": 100,
    "PhaseEncodingDirection": "j-",
    "PhaseEncodingSteps": 91,
    "PhaseResolution": 1,
    "PixelBandwidth": 2290,
    "ProcedureStepDescription": "Research_16092_QTAB",
    "ProtocolName": "ep2d_REST_SMS6_A-P",
    "PulseSequenceDetails": "%SiemensSeq%_ep2d_bold",
    "ReceiveCoilActiveElements": "HC1-7;NC1,2",
    "ReceiveCoilName": "HeadNeck_64",
    "ReconMatrixPE": 104,
    "RefLinesPE": 12,
    "RepetitionTime": 0.93,
    "SAR": 0.071895,
    "ScanOptions": "PFP_FS",
    "ScanningSequence": "EP",
    "SequenceName": "_epfid2d1_104",
    "SequenceVariant": "SK",
    "SeriesDescription": "ep2d_REST_SMS6_A-P",
    "SeriesNumber": 13,
    "ShimSetting": [
      3065,
      -4195,
      -776,
      381,
      15,
      -32,
      -72,
      19
    ],
    "SliceThickness": 2,
    "SliceTiming": [
      0.6825,
      0,
      0.455,
      0.0775,
      0.5325,
      0.1525,
      0.6075,
      0.305,
      0.76,
      0.38,
      0.835,
      0.2275,
      0.6825,
      0,
      0.455,
      0.0775,
      0.5325,
      0.1525,
      0.6075,
      0.305,
      0.76,
      0.38,
      0.835,
      0.2275,
      0.6825,
      0,
      0.455,
      0.0775,
      0.5325,
      0.1525,
      0.6075,
      0.305,
      0.76,
      0.38,
      0.835,
      0.2275,
      0.6825,
      0,
      0.455,
      0.0775,
      0.5325,
      0.1525,
      0.6075,
      0.305,
      0.76,
      0.38,
      0.835,
      0.2275,
      0.6825,
      0,
      0.455,
      0.0775,
      0.5325,
      0.1525,
      0.6075,
      0.305,
      0.76,
      0.38,
      0.835,
      0.2275,
      0.6825,
      0,
      0.455,
      0.0775,
      0.5325,
      0.1525,
      0.6075,
      0.305,
      0.76,
      0.38,
      0.835,
      0.2275
    ],
    "SoftwareVersions": "syngo_MR_E11",
    "SpacingBetweenSlices": 2,
    "StationName": "mrc_Trio",
    "TaskName": "rest",
    "TotalReadoutTime": 0.0576811,
    "TxRefAmp": 210.98,
    "dataset": "ds004146",
    "modality": "bold",
    "session_id": "02",
    "subject_id": "0366",
    "task_id": "rest"
  },
  "dummy_trs": 2,
  "dvars_nstd": 43.97617092811729,
  "dvars_std": 1.1313944670061722,
  "dvars_vstd": 1.0200974350617282,
  "efc": 0.5062978868843423,
  "fber": 849.1514892578125,
  "fd_mean": 0.2993945857988994,
  "fd_num": 188,
  "fd_perc": 57.84615384615385,
  "fwhm_avg": 3.1564150000000004,
  "fwhm_x": 2.903385,
  "fwhm_y": 3.27444,
  "fwhm_z": 3.29142,
  "gcor": 0.0053932,
  "gsr_x": -0.007308848202228546,
  "gsr_y": 0.04601903632283211,
  "provenance": {
    "md5sum": "a572dd0dde3b3790554360a867f422df",
    "settings": {
      "fd_thres": 0.2,
      "testing": false
    },
    "software": "mriqc",
    "version": "23.0.1",
    "webapi_port": null,
    "webapi_url": "https://mriqc.nimh.nih.gov/api/v1"
  },
  "size_t": 325,
  "size_x": 104,
  "size_y": 104,
  "size_z": 72,
  "snr": 2.705556224351027,
  "spacing_tr": 0.9300000071525574,
  "spacing_x": 2.0,
  "spacing_y": 2.0,
  "spacing_z": 2.0,
  "summary_bg_k": 40.904888955249845,
  "summary_bg_mad": 7.064028856648747,
  "summary_bg_mean": 36.01985549926758,
  "summary_bg_median": 20.035385131835938,
  "summary_bg_n": 527766.0,
  "summary_bg_p05": 14.692307472229004,
  "summary_bg_p95": 108.1969223022461,
  "summary_bg_stdv": 48.921653747558594,
  "summary_fg_k": 0.8264850186810611,
  "summary_fg_mad": 208.66377451625075,
  "summary_fg_mean": 623.7782592773438,
  "summary_fg_median": 594.1907958984375,
  "summary_fg_n": 151637.0,
  "summary_fg_p05": 333.5261535644531,
  "summary_fg_p95": 1036.746484375,
  "summary_fg_stdv": 219.6179962158203,
  "tsnr": 32.93863901286386
}