{
  "aor": 0.0005886702127659575,
  "aqi": 0.013428622872340425,
  "bids_meta": {
    "AcquisitionMatrixPE": 90,
    "AcquisitionNumber": 1,
    "AcquisitionTime": "16:04:49.157500",
    "BandwidthPerPixelPhaseEncode": 21.368,
    "BaseResolution": 90,
    "BodyPartExamined": "BRAIN",
    "CoilString": "HC1-7;NC1_2",
    "ConsistencyInfo": "N4_VE11C_LATEST_20160120",
    "ConversionSoftware": "dcm2niix",
    "ConversionSoftwareVersion": "v1.0.20190410  GCC6.3.0",
    "DerivedVendorReportedEchoSpacing": 0.000519988,
    "DeviceSerialNumber": "167001",
    "DwellTime": 2.2e-06,
    "EchoTime": 0.03,
    "EchoTrainLength": 90,
    "EffectiveEchoSpacing": 0.000519988,
    "FlipAngle": 52,
    "ImageOrientationPatientDICOM": [
      0.994091,
      0.106782,
      0.0195103,
      -0.097997,
      0.960139,
      -0.261782
    ],
    "ImageType": [
      "ORIGINAL",
      "PRIMARY",
      "M",
      "ND",
      "NORM",
      "MOSAIC"
    ],
    "ImagingFrequency": 123.229,
    "InPlanePhaseEncodingDirectionDICOM": "COL",
    "InstitutionAddress": "Cooper_60_St._Lucia_QLD_AU_4072",
    "InstitutionName": "St_Lucia_Campus",
    "InstitutionalDepartmentName": "Gehrmann_Labs_MRI",
    "MRAcquisitionType": "2D",
    "MagneticFieldStrength": 3,
    "Manufacturer": "Siemens",
    "ManufacturersModelName": "Prisma_fit",
    "Modality": "MR",
    "MultibandAccelerationFactor": 6,
    "PartialFourier": 1,
    "PatientPosition": "HFS",
    "PercentPhaseFOV": 100,
    "PhaseEncodingDirection": "j-",
    "PhaseEncodingSteps": 90,
    "PhaseResolution": 1,
    "PixelBandwidth": 2525,
    "ProcedureStepDescription": "Research_16092_QTAB",
    "ProtocolName": "PARTLY_CLOUDY_mb6_2.4",
    "PulseSequenceDetails": "%SiemensSeq%_ep2d_bold",
    "ReceiveCoilActiveElements": "HC1-7;NC1,2",
    "ReceiveCoilName": "HeadNeck_64",
    "ReconMatrixPE": 90,
    "RefLinesPE": 12,
    "RepetitionTime": 0.8,
    "SAR": 0.0698599,
    "ScanOptions": "FS",
    "ScanningSequence": "EP",
    "SequenceName": "_epfid2d1_90",
    "SequenceVariant": "SK",
    "SeriesDescription": "PARTLY_CLOUDY_mb6_2.4",
    "SeriesNumber": 23,
    "ShimSetting": [
      3065,
      -4195,
      -776,
      381,
      15,
      -32,
      -72,
      19
    ],
    "SliceThickness": 2.4,
    "SliceTiming": [
      0.545,
      0,
      0.39,
      0.0775,
      0.4675,
      0.235,
      0.625,
      0.3125,
      0.7025,
      0.155,
      0.545,
      0,
      0.39,
      0.0775,
      0.4675,
      0.235,
      0.625,
      0.3125,
      0.7025,
      0.155,
      0.545,
      0,
      0.39,
      0.0775,
      0.4675,
      0.235,
      0.625,
      0.3125,
      0.7025,
      0.155,
      0.545,
      0,
      0.39,
      0.0775,
      0.4675,
      0.235,
      0.625,
      0.3125,
      0.7025,
      0.155,
      0.545,
      0,
      0.39,
      0.0775,
      0.4675,
      0.235,
      0.625,
      0.3125,
      0.7025,
      0.155,
      0.545,
      0,
      0.39,
      0.0775,
      0.4675,
      0.235,
      0.625,
      0.3125,
      0.7025,
      0.155
    ],
    "SoftwareVersions": "syngo_MR_E11",
    "SpacingBetweenSlices": 2.4,
    "StationName": "mrc_Trio",
    "TaskName": "partlycloudy",
    "TotalReadoutTime": 0.046279,
    "TxRefAmp": 210.98,
    "dataset": "ds004146",
    "modality": "bold",
    "session_id": "02",
    "subject_id": "0366",
    "task_id": "partlycloudy"
  },
  "dummy_trs": 4,
  "dvars_nstd": 30.42265909338665,
  "dvars_std": 1.1485860360000009,
  "dvars_vstd": 0.9981069957866665,
  "efc": 0.4675760717063048,
  "fber": 6194.01025390625,
  "fd_mean": 0.15195330679962274,
  "fd_num": 101,
  "fd_perc": 26.861702127659573,
  "fwhm_avg": 1.7711055437885541,
  "fwhm_x": 1.713145765259037,
  "fwhm_y": 1.830195760607888,
  "fwhm_z": 1.7699751054987374,
  "gcor": 0.00805204,
  "gsr_x": -0.01305384747684002,
  "gsr_y": 0.022668957710266113,
  "provenance": {
    "md5sum": "21c766a54384c969d14bd471ce4294b1",
    "settings": {
      "fd_thres": 0.2,
      "testing": false
    },
    "software": "mriqc",
    "version": "23.0.1",
    "webapi_port": null,
    "webapi_url": "https://mriqc.nimh.nih.gov/api/v1"
  },
  "size_t": 376,
  "size_x": 90,
  "size_y": 90,
  "size_z": 60,
  "snr": 7.3022496460899315,
  "spacing_tr": 0.800000011920929,
  "spacing_x": 2.4000000953674316,
  "spacing_y": 2.4000000953674316,
  "spacing_z": 2.3999998569488525,
  "summary_bg_k": 30.681992487744672,
  "summary_bg_mad": 6.983214157759953,
  "summary_bg_mean": 25.516895294189453,
  "summary_bg_median": 8.893616676330566,
  "summary_bg_n": 337388.0,
  "summary_bg_p05": 3.1409573554992676,
  "summary_bg_p95": 103.574462890625,
  "summary_bg_stdv": 52.5567512512207,
  "summary_fg_k": 2.1391119977861788,
  "summary_fg_mad": 95.22172012262419,
  "summary_fg_mean": 707.96728515625,
  "summary_fg_median": 707.2978515625,
  "summary_fg_n": 79411.0,
  "summary_fg_p05": 562.3829650878906,
  "summary_fg_p95": 858.247314453125,
  "summary_fg_stdv": 96.85965728759766,
  "tsnr": 50.8955976983998
}