{
  "bids_meta": {
    "AcquisitionMatrixPE": 256,
    "AcquisitionNumber": 1,
    "AcquisitionTime": "12:29:4.397500",
    "BaseResolution": 256,
    "BodyPartExamined": "BRAIN",
    "ConsistencyInfo": "N4_VE11C_LATEST_20160120",
    "ConversionSoftware": "dcm2niix",
    "ConversionSoftwareVersion": "v1.0.20171215 GCC6.3.0",
    "DeviceSerialNumber": "167001",
    "DwellTime": 2.6e-06,
    "EchoTime": 0.408,
    "EchoTrainLength": 259,
    "FlipAngle": 120,
    "ImageOrientationPatientDICOM": [
      0.0470454,
      0.998893,
      -3.69903e-08,
      -0.0141437,
      0.000666097,
      -0.9999
    ],
    "ImageType": [
      "ORIGINAL",
      "PRIMARY",
      "M",
      "ND",
      "NORM"
    ],
    "InPlanePhaseEncodingDirectionDICOM": "ROW",
    "InstitutionAddress": "Cooper_60_St._Lucia_QLD_AU_4072",
    "InstitutionName": "St_Lucia_Campus",
    "InstitutionalDepartmentName": "Gehrmann_Labs_MRI",
    "MRAcquisitionType": "3D",
    "MagneticFieldStrength": 3,
    "Manufacturer": "Siemens",
    "ManufacturersModelName": "Prisma_fit",
    "Modality": "MR",
    "ParallelReductionFactorInPlane": 2,
    "PartialFourier": 1,
    "PatientPosition": "HFS",
    "PercentPhaseFOV": 100,
    "PhaseEncodingSteps": 233,
    "PhaseResolution": 1,
    "PixelBandwidth": 750,
    "ProcedureStepDescription": "Research_16092_QTAB",
    "ProtocolName": "t2_spc_sag_p2_iso",
    "PulseSequenceDetails": "%SiemensSeq%_tse_vfl",
    "ReceiveCoilActiveElements": "HC1-7;NC1",
    "ReceiveCoilName": "HeadNeck_64",
    "ReconMatrixPE": 256,
    "RepetitionTime": 3.2,
    "SAR": 0.145511,
    "ScanOptions": "PFP",
    "ScanningSequence": "SE",
    "SequenceName": "_spcR_282ns",
    "SequenceVariant": "SK_SP",
    "SeriesDescription": "t2_spc_sag_p2_iso",
    "SeriesNumber": 19,
    "ShimSetting": [
      3044,
      -4172,
      -1039,
      -11,
      -3,
      35,
      -21,
      -13
    ],
    "SliceThickness": 1,
    "SoftwareVersions": "syngo_MR_E11",
    "StationName": "mrc_Trio",
    "TxRefAmp": 223.032,
    "dataset": "ds004146",
    "modality": "T2w",
    "session_id": "01",
    "subject_id": "0295"
  },
  "cjv": 0.6177291303775325,
  "cnr": 0.5435809780391851,
  "efc": 0.705280639296095,
  "fber": -1.0,
  "fwhm_avg": 4.197170877580102,
  "fwhm_x": 4.2999127562947725,
  "fwhm_y": 4.55991243205201,
  "fwhm_z": 3.7316874443935237,
  "icvs_csf": 0.5238913535488325,
  "icvs_gm": 0.3756504749580216,
  "icvs_wm": 0.10045817149314588,
  "inu_med": 1.035936713218689,
  "inu_range": 0.34281294345855706,
  "provenance": {
    "md5sum": "6498a974920c584beaf15e6457d74a58",
    "settings": {
      "testing": false
    },
    "software": "mriqc",
    "version": "23.0.1",
    "warnings": {
      "large_rot_frame": true,
      "small_air_mask": false
    },
    "webapi_port": null,
    "webapi_url": "https://mriqc.nimh.nih.gov/api/v1"
  },
  "qi_1": 0.0,
  "qi_2": 0.00612009581610462,
  "rpve_csf": 8.686777983719486,
  "rpve_gm": 11.28139939372857,
  "rpve_wm": 40.4177573282552,
  "size_x": 192,
  "size_y": 300,
  "size_z": 320,
  "snr_csf": 19.012961612688596,
  "snr_gm": 13.406109929004849,
  "snr_total": 10.890457500321643,
  "snr_wm": 0.2523009592714846,
  "snrd_csf": 79.80664933888684,
  "snrd_gm": 52.6878541684993,
  "snrd_total": 49.72546572716473,
  "snrd_wm": 16.681893674108057,
  "spacing_x": 0.7999999523162842,
  "spacing_y": 0.800000011920929,
  "spacing_z": 0.800000011920929,
  "summary_bg_k": 9.006519871772436,
  "summary_bg_mad": 0.0,
  "summary_bg_mean": 22.780768471595216,
  "summary_bg_median": 0.0,
  "summary_bg_n": 1648921.0,
  "summary_bg_p05": 0.0,
  "summary_bg_p95": 108.79541318118572,
  "summary_bg_stdv": 39.44501280744976,
  "summary_csf_k": 0.1077311403348773,
  "summary_csf_mad": 251.87229377894292,
  "summary_csf_mean": 4810.978259537423,
  "summary_csf_median": 4805.067013971508,
  "summary_csf_n": 406432.0,
  "summary_csf_p05": 4409.369109615684,
  "summary_csf_p95": 5234.799335807562,
  "summary_csf_stdv": 252.72554589710842,
  "summary_gm_k": -0.16845142977613925,
  "summary_gm_mad": 244.3600644203138,
  "summary_gm_mean": 3179.466388077097,
  "summary_gm_median": 3172.2753955870867,
  "summary_gm_n": 376063.0,
  "summary_gm_p05": 2808.413055896759,
  "summary_gm_p95": 3583.174065053463,
  "summary_gm_stdv": 236.6287606650363,
  "summary_wm_k": -1.0527840023907329,
  "summary_wm_mad": 1094.8011238877632,
  "summary_wm_mean": 3465.9695352522867,
  "summary_wm_median": 1004.3977248519659,
  "summary_wm_n": 63629.0,
  "summary_wm_p05": 170.63097842335702,
  "summary_wm_p95": 10664.244946867228,
  "summary_wm_stdv": 3980.919593454656,
  "tpm_overlap_csf": 0.10386551285861606,
  "tpm_overlap_gm": 0.23447650791764962,
  "tpm_overlap_wm": 0.031963938692873714,
  "wm2max": 0.10107170933877288
}