{
  "aor": 0.0005615902140672782,
  "aqi": 0.005805523272171253,
  "bids_meta": {
    "AcquisitionMatrixPE": 104,
    "AcquisitionNumber": 1,
    "AcquisitionTime": "16:42:53.745000",
    "BandwidthPerPixelPhaseEncode": 17.17,
    "BaseResolution": 104,
    "BodyPartExamined": "BRAIN",
    "ConsistencyInfo": "N4_VE11C_LATEST_20160120",
    "ConversionSoftware": "dcm2niix",
    "ConversionSoftwareVersion": "v1.0.20171215 GCC6.3.0",
    "DerivedVendorReportedEchoSpacing": 0.000560011,
    "DeviceSerialNumber": "167001",
    "DwellTime": 2.1e-06,
    "EchoTime": 0.03,
    "EchoTrainLength": 91,
    "EffectiveEchoSpacing": 0.000560011,
    "FlipAngle": 52,
    "ImageOrientationPatientDICOM": [
      0.996896,
      -0.0479813,
      0.0624205,
      0.052943,
      0.995353,
      -0.0804271
    ],
    "ImageType": [
      "ORIGINAL",
      "PRIMARY",
      "M",
      "ND",
      "MOSAIC"
    ],
    "InPlanePhaseEncodingDirectionDICOM": "COL",
    "InstitutionAddress": "Cooper_60_St._Lucia_QLD_AU_4072",
    "InstitutionName": "St_Lucia_Campus",
    "InstitutionalDepartmentName": "Gehrmann_Labs_MRI",
    "MRAcquisitionType": "2D",
    "MagneticFieldStrength": 3,
    "Manufacturer": "Siemens",
    "ManufacturersModelName": "Prisma_fit",
    "Modality": "MR",
    "MultibandAccelerationFactor": 6,
    "PartialFourier": 0.875,
    "PatientPosition": "HFS",
    "PercentPhaseFOV": 100,
    "PhaseEncodingDirection": "j-",
    "PhaseEncodingSteps": 91,
    "PhaseResolution": 1,
    "PixelBandwidth": 2290,
    "ProcedureStepDescription": "Research_16092_QTAB",
    "ProtocolName": "ep2d_REST_SMS6_A-P",
    "PulseSequenceDetails": "%SiemensSeq%_ep2d_bold",
    "ReceiveCoilActiveElements": "HC1-7;NC1,2",
    "ReceiveCoilName": "HeadNeck_64",
    "ReconMatrixPE": 104,
    "RepetitionTime": 0.93,
    "SAR": 0.0687292,
    "ScanOptions": "PFP_FS",
    "ScanningSequence": "EP",
    "SequenceName": "_epfid2d1_104",
    "SequenceVariant": "SK",
    "SeriesDescription": "ep2d_REST_SMS6_A-P",
    "SeriesNumber": 9,
    "ShimSetting": [
      3071,
      -4190,
      -758,
      504,
      -46,
      -2,
      -65,
      -14
    ],
    "SliceThickness": 2,
    "SliceTiming": [
      0.6825,
      0,
      0.455,
      0.075,
      0.53,
      0.15,
      0.605,
      0.3025,
      0.7575,
      0.3775,
      0.8325,
      0.2275,
      0.6825,
      0,
      0.455,
      0.075,
      0.53,
      0.15,
      0.605,
      0.3025,
      0.7575,
      0.3775,
      0.8325,
      0.2275,
      0.6825,
      0,
      0.455,
      0.075,
      0.53,
      0.15,
      0.605,
      0.3025,
      0.7575,
      0.3775,
      0.8325,
      0.2275,
      0.6825,
      0,
      0.455,
      0.075,
      0.53,
      0.15,
      0.605,
      0.3025,
      0.7575,
      0.3775,
      0.8325,
      0.2275,
      0.6825,
      0,
      0.455,
      0.075,
      0.53,
      0.15,
      0.605,
      0.3025,
      0.7575,
      0.3775,
      0.8325,
      0.2275,
      0.6825,
      0,
      0.455,
      0.075,
      0.53,
      0.15,
      0.605,
      0.3025,
      0.7575,
      0.3775,
      0.8325,
      0.2275
    ],
    "SoftwareVersions": "syngo_MR_E11",
    "SpacingBetweenSlices": 2,
    "StationName": "mrc_Trio",
    "TaskName": "rest",
    "TotalReadoutTime": 0.0576811,
    "TxRefAmp": 208.529,
    "dataset": "ds004146",
    "modality": "bold",
    "session_id": "01",
    "subject_id": "0236",
    "task_id": "rest"
  },
  "dummy_trs": 0,
  "dvars_nstd": 40.07032830877302,
  "dvars_std": 1.100301794631901,
  "dvars_vstd": 1.0041524920858904,
  "efc": 0.5243394791021226,
  "fber": 827.9459838867188,
  "fd_mean": 0.20290096668920143,
  "fd_num": 154,
  "fd_perc": 47.09480122324159,
  "fwhm_avg": 3.1338950000000003,
  "fwhm_x": 2.90012,
  "fwhm_y": 3.27594,
  "fwhm_z": 3.225625,
  "gcor": 0.021154,
  "gsr_x": -0.014565049670636654,
  "gsr_y": 0.0609058141708374,
  "provenance": {
    "md5sum": "4acb53d41bd52ba9471a522de35c62d6",
    "settings": {
      "fd_thres": 0.2,
      "testing": false
    },
    "software": "mriqc",
    "version": "23.0.1",
    "webapi_port": null,
    "webapi_url": "https://mriqc.nimh.nih.gov/api/v1"
  },
  "size_t": 327,
  "size_x": 104,
  "size_y": 104,
  "size_z": 72,
  "snr": 2.60718519277856,
  "spacing_tr": 0.9300000071525574,
  "spacing_x": 2.0,
  "spacing_y": 2.0,
  "spacing_z": 2.0,
  "summary_bg_k": 38.41875514928941,
  "summary_bg_mad": 7.281527875762346,
  "summary_bg_mean": 38.09423065185547,
  "summary_bg_median": 20.021408081054688,
  "summary_bg_n": 509354.0,
  "summary_bg_p05": 14.678899765014648,
  "summary_bg_p95": 120.08058433532707,
  "summary_bg_stdv": 53.7847900390625,
  "summary_fg_k": 1.1303015884669296,
  "summary_fg_mad": 208.3713533084199,
  "summary_fg_mean": 620.5029907226562,
  "summary_fg_median": 583.3731079101562,
  "summary_fg_n": 168037.0,
  "summary_fg_p05": 331.7523193359375,
  "summary_fg_p95": 1047.0281982421875,
  "summary_fg_stdv": 223.7552490234375,
  "tsnr": 38.36598702007905
}