{
  "aor": 0.001419472295514512,
  "aqi": 0.020377475197889183,
  "bids_meta": {
    "AcquisitionMatrixPE": 90,
    "AcquisitionNumber": 1,
    "AcquisitionTime": "14:26:48.665000",
    "BandwidthPerPixelPhaseEncode": 21.368,
    "BaseResolution": 90,
    "BodyPartExamined": "BRAIN",
    "CoilString": "HC1-7;NC1_2",
    "ConsistencyInfo": "N4_VE11C_LATEST_20160120",
    "ConversionSoftware": "dcm2niix",
    "ConversionSoftwareVersion": "v1.0.20190410  GCC6.3.0",
    "DerivedVendorReportedEchoSpacing": 0.000519988,
    "DeviceSerialNumber": "167001",
    "DwellTime": 2.2e-06,
    "EchoTime": 0.03,
    "EchoTrainLength": 90,
    "EffectiveEchoSpacing": 0.000519988,
    "FlipAngle": 52,
    "ImageOrientationPatientDICOM": [
      0.999158,
      0.0269616,
      0.0309207,
      -0.0174404,
      0.961368,
      -0.274713
    ],
    "ImageType": [
      "ORIGINAL",
      "PRIMARY",
      "M",
      "ND",
      "NORM",
      "MOSAIC"
    ],
    "ImagingFrequency": 123.229,
    "InPlanePhaseEncodingDirectionDICOM": "COL",
    "InstitutionAddress": "Cooper_60_St._Lucia_QLD_AU_4072",
    "InstitutionName": "St_Lucia_Campus",
    "InstitutionalDepartmentName": "Gehrmann_Labs_MRI",
    "MRAcquisitionType": "2D",
    "MagneticFieldStrength": 3,
    "Manufacturer": "Siemens",
    "ManufacturersModelName": "Prisma_fit",
    "Modality": "MR",
    "MultibandAccelerationFactor": 6,
    "PartialFourier": 1,
    "PatientPosition": "HFS",
    "PercentPhaseFOV": 100,
    "PhaseEncodingDirection": "j-",
    "PhaseEncodingSteps": 90,
    "PhaseResolution": 1,
    "PixelBandwidth": 2525,
    "ProcedureStepDescription": "Research_16092_QTAB",
    "ProtocolName": "PARTLY_CLOUDY_mb6_2.4",
    "PulseSequenceDetails": "%SiemensSeq%_ep2d_bold",
    "ReceiveCoilActiveElements": "HC1-7;NC1,2",
    "ReceiveCoilName": "HeadNeck_64",
    "ReconMatrixPE": 90,
    "RefLinesPE": 12,
    "RepetitionTime": 0.8,
    "SAR": 0.0693293,
    "ScanOptions": "FS",
    "ScanningSequence": "EP",
    "SequenceName": "_epfid2d1_90",
    "SequenceVariant": "SK",
    "SeriesDescription": "PARTLY_CLOUDY_mb6_2.4",
    "SeriesNumber": 19,
    "ShimSetting": [
      3048,
      -4149,
      -742,
      474,
      -34,
      119,
      -117,
      -16
    ],
    "SliceThickness": 2.4,
    "SliceTiming": [
      0.545,
      0,
      0.39,
      0.0775,
      0.4675,
      0.2325,
      0.6225,
      0.3125,
      0.7025,
      0.155,
      0.545,
      0,
      0.39,
      0.0775,
      0.4675,
      0.2325,
      0.6225,
      0.3125,
      0.7025,
      0.155,
      0.545,
      0,
      0.39,
      0.0775,
      0.4675,
      0.2325,
      0.6225,
      0.3125,
      0.7025,
      0.155,
      0.545,
      0,
      0.39,
      0.0775,
      0.4675,
      0.2325,
      0.6225,
      0.3125,
      0.7025,
      0.155,
      0.545,
      0,
      0.39,
      0.0775,
      0.4675,
      0.2325,
      0.6225,
      0.3125,
      0.7025,
      0.155,
      0.545,
      0,
      0.39,
      0.0775,
      0.4675,
      0.2325,
      0.6225,
      0.3125,
      0.7025,
      0.155
    ],
    "SoftwareVersions": "syngo_MR_E11",
    "SpacingBetweenSlices": 2.4,
    "StationName": "mrc_Trio",
    "TaskName": "partlycloudy",
    "TotalReadoutTime": 0.046279,
    "TxRefAmp": 207.859,
    "dataset": "ds004146",
    "modality": "bold",
    "session_id": "02",
    "subject_id": "0292",
    "task_id": "partlycloudy"
  },
  "dummy_trs": 1,
  "dvars_nstd": 38.197020389417986,
  "dvars_std": 1.1813967698677252,
  "dvars_vstd": 1.0092841378835975,
  "efc": 0.48409698317870853,
  "fber": 7308.06591796875,
  "fd_mean": 0.3636231426986614,
  "fd_num": 289,
  "fd_perc": 76.2532981530343,
  "fwhm_avg": 1.7911346510489257,
  "fwhm_x": 1.6997124324594963,
  "fwhm_y": 1.8780915920380117,
  "fwhm_z": 1.7955999286492696,
  "gcor": 0.00610583,
  "gsr_x": -0.022805020213127136,
  "gsr_y": 0.02949933521449566,
  "provenance": {
    "md5sum": "998902db27f74dc65e7b69e86d99fa23",
    "settings": {
      "fd_thres": 0.2,
      "testing": false
    },
    "software": "mriqc",
    "version": "23.0.1",
    "webapi_port": null,
    "webapi_url": "https://mriqc.nimh.nih.gov/api/v1"
  },
  "size_t": 379,
  "size_x": 90,
  "size_y": 90,
  "size_z": 60,
  "snr": 7.356730924502952,
  "spacing_tr": 0.800000011920929,
  "spacing_x": 2.4000000953674316,
  "spacing_y": 2.4000000953674316,
  "spacing_z": 2.4000000953674316,
  "summary_bg_k": 35.592617226693456,
  "summary_bg_mad": 5.590075584686455,
  "summary_bg_mean": 23.810022354125977,
  "summary_bg_median": 7.949868202209473,
  "summary_bg_n": 326074.0,
  "summary_bg_p05": 3.1055409908294678,
  "summary_bg_p95": 96.16095733642578,
  "summary_bg_stdv": 51.88416290283203,
  "summary_fg_k": 1.509896374520836,
  "summary_fg_mad": 91.4558525734708,
  "summary_fg_mean": 687.9412841796875,
  "summary_fg_median": 686.1240234375,
  "summary_fg_n": 89099.0,
  "summary_fg_p05": 547.1693969726563,
  "summary_fg_p95": 840.0778564453124,
  "summary_fg_stdv": 93.26427459716797,
  "tsnr": 42.57510074600577
}