{
  "aor": 0.007707981651376146,
  "aqi": 0.022734137981651376,
  "bids_meta": {
    "AcquisitionMatrixPE": 104,
    "AcquisitionNumber": 1,
    "AcquisitionTime": "13:36:38.402500",
    "BandwidthPerPixelPhaseEncode": 17.17,
    "BaseResolution": 104,
    "BodyPartExamined": "BRAIN",
    "ConsistencyInfo": "N4_VE11C_LATEST_20160120",
    "ConversionSoftware": "dcm2niix",
    "ConversionSoftwareVersion": "v1.0.20171215 GCC6.3.0",
    "DerivedVendorReportedEchoSpacing": 0.000560011,
    "DeviceSerialNumber": "167001",
    "DwellTime": 2.1e-06,
    "EchoTime": 0.03,
    "EchoTrainLength": 91,
    "EffectiveEchoSpacing": 0.000560011,
    "FlipAngle": 52,
    "ImageOrientationPatientDICOM": [
      0.997007,
      -0.014082,
      -0.0760147,
      -1.25357e-08,
      0.98327,
      -0.182155
    ],
    "ImageType": [
      "ORIGINAL",
      "PRIMARY",
      "M",
      "ND",
      "MOSAIC"
    ],
    "InPlanePhaseEncodingDirectionDICOM": "COL",
    "InstitutionAddress": "Cooper_60_St._Lucia_QLD_AU_4072",
    "InstitutionName": "St_Lucia_Campus",
    "InstitutionalDepartmentName": "Gehrmann_Labs_MRI",
    "MRAcquisitionType": "2D",
    "MagneticFieldStrength": 3,
    "Manufacturer": "Siemens",
    "ManufacturersModelName": "Prisma_fit",
    "Modality": "MR",
    "MultibandAccelerationFactor": 6,
    "PartialFourier": 0.875,
    "PatientPosition": "HFS",
    "PercentPhaseFOV": 100,
    "PhaseEncodingDirection": "j",
    "PhaseEncodingSteps": 91,
    "PhaseResolution": 1,
    "PixelBandwidth": 2290,
    "ProcedureStepDescription": "Research_16092_QTAB",
    "ProtocolName": "ep2d_REST_SMS6_P-A",
    "PulseSequenceDetails": "%SiemensSeq%_ep2d_bold",
    "ReceiveCoilActiveElements": "HC1-7;NC1,2",
    "ReceiveCoilName": "HeadNeck_64",
    "ReconMatrixPE": 104,
    "RepetitionTime": 0.93,
    "SAR": 0.0649844,
    "ScanOptions": "PFP_FS",
    "ScanningSequence": "EP",
    "SequenceName": "_epfid2d1_104",
    "SequenceVariant": "SK",
    "SeriesDescription": "ep2d_REST_SMS6_P-A",
    "SeriesNumber": 10,
    "ShimSetting": [
      3032,
      -4181,
      -742,
      550,
      -11,
      -6,
      -4,
      14
    ],
    "SliceThickness": 2,
    "SliceTiming": [
      0.6825,
      0,
      0.455,
      0.075,
      0.53,
      0.15,
      0.605,
      0.3025,
      0.7575,
      0.3775,
      0.8325,
      0.2275,
      0.6825,
      0,
      0.455,
      0.075,
      0.53,
      0.15,
      0.605,
      0.3025,
      0.7575,
      0.3775,
      0.8325,
      0.2275,
      0.6825,
      0,
      0.455,
      0.075,
      0.53,
      0.15,
      0.605,
      0.3025,
      0.7575,
      0.3775,
      0.8325,
      0.2275,
      0.6825,
      0,
      0.455,
      0.075,
      0.53,
      0.15,
      0.605,
      0.3025,
      0.7575,
      0.3775,
      0.8325,
      0.2275,
      0.6825,
      0,
      0.455,
      0.075,
      0.53,
      0.15,
      0.605,
      0.3025,
      0.7575,
      0.3775,
      0.8325,
      0.2275,
      0.6825,
      0,
      0.455,
      0.075,
      0.53,
      0.15,
      0.605,
      0.3025,
      0.7575,
      0.3775,
      0.8325,
      0.2275
    ],
    "SoftwareVersions": "syngo_MR_E11",
    "SpacingBetweenSlices": 2,
    "StationName": "mrc_Trio",
    "TaskName": "rest",
    "TotalReadoutTime": 0.0576811,
    "TxRefAmp": 211.227,
    "dataset": "ds004146",
    "modality": "bold",
    "session_id": "01",
    "subject_id": "0421",
    "task_id": "rest"
  },
  "dummy_trs": 0,
  "dvars_nstd": 62.93073607365034,
  "dvars_std": 1.0485629376993861,
  "dvars_vstd": 0.9844029248159512,
  "efc": 0.5152114911638676,
  "fber": 859.3216552734375,
  "fd_mean": 0.733665752778069,
  "fd_num": 189,
  "fd_perc": 57.79816513761468,
  "fwhm_avg": 3.0946916666666664,
  "fwhm_x": 2.93119,
  "fwhm_y": 3.16534,
  "fwhm_z": 3.187545,
  "gcor": 0.06515,
  "gsr_x": -0.006379113532602787,
  "gsr_y": 0.05198514834046364,
  "provenance": {
    "md5sum": "ace550c619a17a572ef61fc569b2f318",
    "settings": {
      "fd_thres": 0.2,
      "testing": false
    },
    "software": "mriqc",
    "version": "23.0.1",
    "webapi_port": null,
    "webapi_url": "https://mriqc.nimh.nih.gov/api/v1"
  },
  "size_t": 327,
  "size_x": 104,
  "size_y": 104,
  "size_z": 72,
  "snr": 2.8369476851038296,
  "spacing_tr": 0.9300000071525574,
  "spacing_x": 2.0,
  "spacing_y": 2.0,
  "spacing_z": 2.0,
  "summary_bg_k": 68.78712142881973,
  "summary_bg_mad": 7.181780085703338,
  "summary_bg_mean": 36.21294403076172,
  "summary_bg_median": 19.529052734375,
  "summary_bg_n": 523586.0,
  "summary_bg_p05": 13.920489311218262,
  "summary_bg_p95": 113.93195915222168,
  "summary_bg_stdv": 50.47507095336914,
  "summary_fg_k": -0.07558942060909812,
  "summary_fg_mad": 211.83991314340702,
  "summary_fg_mean": 594.7581787109375,
  "summary_fg_median": 567.7400512695312,
  "summary_fg_n": 155435.0,
  "summary_fg_p05": 320.04710998535154,
  "summary_fg_p95": 954.2431640624998,
  "summary_fg_stdv": 200.12290954589844,
  "tsnr": 18.95160166732967
}