{
  "aor": 0.00048482849604221634,
  "aqi": 0.011913330580474935,
  "bids_meta": {
    "AcquisitionMatrixPE": 90,
    "AcquisitionNumber": 1,
    "AcquisitionTime": "15:30:55.960000",
    "BandwidthPerPixelPhaseEncode": 21.368,
    "BaseResolution": 90,
    "BodyPartExamined": "BRAIN",
    "CoilString": "HC1-7;NC1_2",
    "ConsistencyInfo": "N4_VE11C_LATEST_20160120",
    "ConversionSoftware": "dcm2niix",
    "ConversionSoftwareVersion": "v1.0.20190410  GCC6.3.0",
    "DerivedVendorReportedEchoSpacing": 0.000519988,
    "DeviceSerialNumber": "167001",
    "DwellTime": 2.2e-06,
    "EchoTime": 0.03,
    "EchoTrainLength": 90,
    "EffectiveEchoSpacing": 0.000519988,
    "FlipAngle": 52,
    "ImageOrientationPatientDICOM": [
      0.999518,
      0.0299575,
      0.00819219,
      -0.0237295,
      0.906812,
      -0.420866
    ],
    "ImageType": [
      "ORIGINAL",
      "PRIMARY",
      "M",
      "ND",
      "NORM",
      "MOSAIC"
    ],
    "ImagingFrequency": 123.229,
    "InPlanePhaseEncodingDirectionDICOM": "COL",
    "InstitutionAddress": "Cooper_60_St._Lucia_QLD_AU_4072",
    "InstitutionName": "St_Lucia_Campus",
    "InstitutionalDepartmentName": "Gehrmann_Labs_MRI",
    "MRAcquisitionType": "2D",
    "MagneticFieldStrength": 3,
    "Manufacturer": "Siemens",
    "ManufacturersModelName": "Prisma_fit",
    "Modality": "MR",
    "MultibandAccelerationFactor": 6,
    "PartialFourier": 1,
    "PatientPosition": "HFS",
    "PercentPhaseFOV": 100,
    "PhaseEncodingDirection": "j-",
    "PhaseEncodingSteps": 90,
    "PhaseResolution": 1,
    "PixelBandwidth": 2525,
    "ProcedureStepDescription": "Research_16092_QTAB",
    "ProtocolName": "PARTLY_CLOUDY_mb6_2.4",
    "PulseSequenceDetails": "%SiemensSeq%_ep2d_bold",
    "ReceiveCoilActiveElements": "HC1-7;NC1,2",
    "ReceiveCoilName": "HeadNeck_64",
    "ReconMatrixPE": 90,
    "RefLinesPE": 12,
    "RepetitionTime": 0.8,
    "SAR": 0.0515767,
    "ScanOptions": "FS",
    "ScanningSequence": "EP",
    "SequenceName": "_epfid2d1_90",
    "SequenceVariant": "SK",
    "SeriesDescription": "PARTLY_CLOUDY_mb6_2.4",
    "SeriesNumber": 19,
    "ShimSetting": [
      3061,
      -4128,
      -746,
      438,
      13,
      -14,
      -214,
      2
    ],
    "SliceThickness": 2.4,
    "SliceTiming": [
      0.545,
      0,
      0.39,
      0.0775,
      0.4675,
      0.235,
      0.625,
      0.3125,
      0.7025,
      0.155,
      0.545,
      0,
      0.39,
      0.0775,
      0.4675,
      0.235,
      0.625,
      0.3125,
      0.7025,
      0.155,
      0.545,
      0,
      0.39,
      0.0775,
      0.4675,
      0.235,
      0.625,
      0.3125,
      0.7025,
      0.155,
      0.545,
      0,
      0.39,
      0.0775,
      0.4675,
      0.235,
      0.625,
      0.3125,
      0.7025,
      0.155,
      0.545,
      0,
      0.39,
      0.0775,
      0.4675,
      0.235,
      0.625,
      0.3125,
      0.7025,
      0.155,
      0.545,
      0,
      0.39,
      0.0775,
      0.4675,
      0.235,
      0.625,
      0.3125,
      0.7025,
      0.155
    ],
    "SoftwareVersions": "syngo_MR_E11",
    "SpacingBetweenSlices": 2.4,
    "StationName": "mrc_Trio",
    "TaskName": "partlycloudy",
    "TotalReadoutTime": 0.046279,
    "TxRefAmp": 211.986,
    "dataset": "ds004146",
    "modality": "bold",
    "session_id": "02",
    "subject_id": "0238",
    "task_id": "partlycloudy"
  },
  "dummy_trs": 1,
  "dvars_nstd": 36.14604184476191,
  "dvars_std": 1.285741575185185,
  "dvars_vstd": 1.002303311693122,
  "efc": 0.48268556946831187,
  "fber": 7352.755859375,
  "fd_mean": 0.12506377798144305,
  "fd_num": 48,
  "fd_perc": 12.664907651715039,
  "fwhm_avg": 1.8266708208513798,
  "fwhm_x": 1.7515915970646703,
  "fwhm_y": 1.9133582573033072,
  "fwhm_z": 1.8150626081861623,
  "gcor": 0.00811164,
  "gsr_x": -0.017238063737750053,
  "gsr_y": 0.04013795405626297,
  "provenance": {
    "md5sum": "d2f4d479232ffc91587802bc3d129416",
    "settings": {
      "fd_thres": 0.2,
      "testing": false
    },
    "software": "mriqc",
    "version": "23.0.1",
    "webapi_port": null,
    "webapi_url": "https://mriqc.nimh.nih.gov/api/v1"
  },
  "size_t": 379,
  "size_x": 90,
  "size_y": 90,
  "size_z": 60,
  "snr": 6.524669189857605,
  "spacing_tr": 0.800000011920929,
  "spacing_x": 2.4000000953674316,
  "spacing_y": 2.4000000953674316,
  "spacing_z": 2.3999998569488525,
  "summary_bg_k": 21.25339368851357,
  "summary_bg_mad": 5.836523548342213,
  "summary_bg_mean": 28.7825984954834,
  "summary_bg_median": 7.757256031036377,
  "summary_bg_n": 333020.0,
  "summary_bg_p05": 3.0501320362091064,
  "summary_bg_p95": 143.56214370727537,
  "summary_bg_stdv": 59.40632629394531,
  "summary_fg_k": 1.3671162046230796,
  "summary_fg_mad": 103.76659086780529,
  "summary_fg_mean": 676.2256469726562,
  "summary_fg_median": 674.5857543945312,
  "summary_fg_n": 82395.0,
  "summary_fg_p05": 519.8577880859375,
  "summary_fg_p95": 842.5762817382813,
  "summary_fg_stdv": 103.389404296875,
  "tsnr": 52.98402512446046
}