{
  "aor": 0.0005743119266055047,
  "aqi": 0.0063661233333333345,
  "bids_meta": {
    "AcquisitionMatrixPE": 104,
    "AcquisitionNumber": 1,
    "AcquisitionTime": "14:36:34.615000",
    "BandwidthPerPixelPhaseEncode": 17.17,
    "BaseResolution": 104,
    "BodyPartExamined": "BRAIN",
    "CoilString": "HC1-7;NC1_2",
    "ConsistencyInfo": "N4_VE11C_LATEST_20160120",
    "ConversionSoftware": "dcm2niix",
    "ConversionSoftwareVersion": "v1.0.20181125  (JP2:OpenJPEG) GCC6.3.0",
    "DerivedVendorReportedEchoSpacing": 0.000560011,
    "DeviceSerialNumber": "167001",
    "DwellTime": 2.1e-06,
    "EchoTime": 0.03,
    "EchoTrainLength": 91,
    "EffectiveEchoSpacing": 0.000560011,
    "FlipAngle": 52,
    "ImageOrientationPatientDICOM": [
      0.991265,
      0.0332303,
      -0.127632,
      -0.0743596,
      0.940074,
      -0.332763
    ],
    "ImageType": [
      "ORIGINAL",
      "PRIMARY",
      "M",
      "ND",
      "MOSAIC"
    ],
    "ImagingFrequency": 123.229,
    "InPlanePhaseEncodingDirectionDICOM": "COL",
    "InstitutionAddress": "Cooper_60_St._Lucia_QLD_AU_4072",
    "InstitutionName": "St_Lucia_Campus",
    "InstitutionalDepartmentName": "Gehrmann_Labs_MRI",
    "MRAcquisitionType": "2D",
    "MagneticFieldStrength": 3,
    "Manufacturer": "Siemens",
    "ManufacturersModelName": "Prisma_fit",
    "Modality": "MR",
    "MultibandAccelerationFactor": 6,
    "PartialFourier": 0.875,
    "PatientPosition": "HFS",
    "PercentPhaseFOV": 100,
    "PhaseEncodingDirection": "j-",
    "PhaseEncodingSteps": 91,
    "PhaseResolution": 1,
    "PixelBandwidth": 2290,
    "ProcedureStepDescription": "Research_16092_QTAB",
    "ProtocolName": "ep2d_REST_SMS6_A-P",
    "PulseSequenceDetails": "%SiemensSeq%_ep2d_bold",
    "ReceiveCoilActiveElements": "HC1-7;NC1,2",
    "ReceiveCoilName": "HeadNeck_64",
    "ReconMatrixPE": 104,
    "RepetitionTime": 0.93,
    "SAR": 0.062012,
    "ScanOptions": "PFP_FS",
    "ScanningSequence": "EP",
    "SequenceName": "_epfid2d1_104",
    "SequenceVariant": "SK",
    "SeriesDescription": "ep2d_REST_SMS6_A-P",
    "SeriesNumber": 9,
    "ShimSetting": [
      3017,
      -4141,
      -798,
      468,
      -2,
      -50,
      -153,
      -58
    ],
    "SliceThickness": 2,
    "SliceTiming": [
      0.6825,
      0,
      0.455,
      0.075,
      0.53,
      0.15,
      0.605,
      0.3025,
      0.7575,
      0.3775,
      0.8325,
      0.2275,
      0.6825,
      0,
      0.455,
      0.075,
      0.53,
      0.15,
      0.605,
      0.3025,
      0.7575,
      0.3775,
      0.8325,
      0.2275,
      0.6825,
      0,
      0.455,
      0.075,
      0.53,
      0.15,
      0.605,
      0.3025,
      0.7575,
      0.3775,
      0.8325,
      0.2275,
      0.6825,
      0,
      0.455,
      0.075,
      0.53,
      0.15,
      0.605,
      0.3025,
      0.7575,
      0.3775,
      0.8325,
      0.2275,
      0.6825,
      0,
      0.455,
      0.075,
      0.53,
      0.15,
      0.605,
      0.3025,
      0.7575,
      0.3775,
      0.8325,
      0.2275,
      0.6825,
      0,
      0.455,
      0.075,
      0.53,
      0.15,
      0.605,
      0.3025,
      0.7575,
      0.3775,
      0.8325,
      0.2275
    ],
    "SoftwareVersions": "syngo_MR_E11",
    "SpacingBetweenSlices": 2,
    "StationName": "mrc_Trio",
    "TaskName": "rest",
    "TotalReadoutTime": 0.0576811,
    "TxRefAmp": 208.445,
    "dataset": "ds004146",
    "modality": "bold",
    "session_id": "01",
    "subject_id": "0141",
    "task_id": "rest"
  },
  "dummy_trs": 0,
  "dvars_nstd": 41.52153866398771,
  "dvars_std": 1.12110545107362,
  "dvars_vstd": 0.9982406329141097,
  "efc": 0.5181034679848827,
  "fber": 914.6498413085938,
  "fd_mean": 0.2376310755542122,
  "fd_num": 185,
  "fd_perc": 56.57492354740061,
  "fwhm_avg": 3.1886166666666664,
  "fwhm_x": 2.959625,
  "fwhm_y": 3.2946,
  "fwhm_z": 3.311625,
  "gcor": 0.00602577,
  "gsr_x": -0.011806542985141277,
  "gsr_y": 0.059279944747686386,
  "provenance": {
    "md5sum": "afa29f2d8014a8da64eef228a1b22126",
    "settings": {
      "fd_thres": 0.2,
      "testing": false
    },
    "software": "mriqc",
    "version": "23.0.1",
    "webapi_port": null,
    "webapi_url": "https://mriqc.nimh.nih.gov/api/v1"
  },
  "size_t": 327,
  "size_x": 104,
  "size_y": 104,
  "size_z": 72,
  "snr": 2.7735334815639745,
  "spacing_tr": 0.9300000071525574,
  "spacing_x": 2.0,
  "spacing_y": 2.0,
  "spacing_z": 2.0,
  "summary_bg_k": 62.933423410578314,
  "summary_bg_mad": 7.7893300510602685,
  "summary_bg_mean": 36.62123107910156,
  "summary_bg_median": 20.397554397583008,
  "summary_bg_n": 512272.0,
  "summary_bg_p05": 14.743120193481445,
  "summary_bg_p95": 99.2446517944336,
  "summary_bg_stdv": 50.61867141723633,
  "summary_fg_k": 0.6001952627585534,
  "summary_fg_mad": 216.48263710719172,
  "summary_fg_mean": 661.6576538085938,
  "summary_fg_median": 632.446533203125,
  "summary_fg_n": 163943.0,
  "summary_fg_p05": 355.1779815673828,
  "summary_fg_p95": 1090.1036987304688,
  "summary_fg_stdv": 228.02847290039062,
  "tsnr": 38.73379339266103
}