{
  "aor": 0.0014032721712538227,
  "aqi": 0.006540909663608562,
  "bids_meta": {
    "AcquisitionMatrixPE": 104,
    "AcquisitionNumber": 1,
    "AcquisitionTime": "13:14:30.535000",
    "BandwidthPerPixelPhaseEncode": 17.17,
    "BaseResolution": 104,
    "BodyPartExamined": "BRAIN",
    "ConsistencyInfo": "N4_VE11C_LATEST_20160120",
    "ConversionSoftware": "dcm2niix",
    "ConversionSoftwareVersion": "v1.0.20171215 GCC6.3.0",
    "DerivedVendorReportedEchoSpacing": 0.000560011,
    "DeviceSerialNumber": "167001",
    "DwellTime": 2.1e-06,
    "EchoTime": 0.03,
    "EchoTrainLength": 91,
    "EffectiveEchoSpacing": 0.000560011,
    "FlipAngle": 52,
    "ImageOrientationPatientDICOM": [
      0.997128,
      0.056695,
      -0.0502141,
      -0.0651805,
      0.980044,
      -0.187789
    ],
    "ImageType": [
      "ORIGINAL",
      "PRIMARY",
      "M",
      "ND",
      "MOSAIC"
    ],
    "InPlanePhaseEncodingDirectionDICOM": "COL",
    "InstitutionAddress": "Cooper_60_St._Lucia_QLD_AU_4072",
    "InstitutionName": "St_Lucia_Campus",
    "InstitutionalDepartmentName": "Gehrmann_Labs_MRI",
    "MRAcquisitionType": "2D",
    "MagneticFieldStrength": 3,
    "Manufacturer": "Siemens",
    "ManufacturersModelName": "Prisma_fit",
    "Modality": "MR",
    "MultibandAccelerationFactor": 6,
    "PartialFourier": 0.875,
    "PatientPosition": "HFS",
    "PercentPhaseFOV": 100,
    "PhaseEncodingDirection": "j",
    "PhaseEncodingSteps": 91,
    "PhaseResolution": 1,
    "PixelBandwidth": 2290,
    "ProcedureStepDescription": "Research_16092_QTAB",
    "ProtocolName": "ep2d_REST_SMS6_P-A",
    "PulseSequenceDetails": "%SiemensSeq%_ep2d_bold",
    "ReceiveCoilActiveElements": "HC1-7;NC1,2",
    "ReceiveCoilName": "HeadNeck_64",
    "ReconMatrixPE": 104,
    "RepetitionTime": 0.93,
    "SAR": 0.0821402,
    "ScanOptions": "PFP_FS",
    "ScanningSequence": "EP",
    "SequenceName": "_epfid2d1_104",
    "SequenceVariant": "SK",
    "SeriesDescription": "ep2d_REST_SMS6_P-A",
    "SeriesNumber": 10,
    "ShimSetting": [
      3033,
      -4178,
      -698,
      541,
      -11,
      110,
      -2,
      -16
    ],
    "SliceThickness": 2,
    "SliceTiming": [
      0.6825,
      0,
      0.455,
      0.075,
      0.53,
      0.1525,
      0.6075,
      0.3025,
      0.7575,
      0.38,
      0.835,
      0.2275,
      0.6825,
      0,
      0.455,
      0.075,
      0.53,
      0.1525,
      0.6075,
      0.3025,
      0.7575,
      0.38,
      0.835,
      0.2275,
      0.6825,
      0,
      0.455,
      0.075,
      0.53,
      0.1525,
      0.6075,
      0.3025,
      0.7575,
      0.38,
      0.835,
      0.2275,
      0.6825,
      0,
      0.455,
      0.075,
      0.53,
      0.1525,
      0.6075,
      0.3025,
      0.7575,
      0.38,
      0.835,
      0.2275,
      0.6825,
      0,
      0.455,
      0.075,
      0.53,
      0.1525,
      0.6075,
      0.3025,
      0.7575,
      0.38,
      0.835,
      0.2275,
      0.6825,
      0,
      0.455,
      0.075,
      0.53,
      0.1525,
      0.6075,
      0.3025,
      0.7575,
      0.38,
      0.835,
      0.2275
    ],
    "SoftwareVersions": "syngo_MR_E11",
    "SpacingBetweenSlices": 2,
    "StationName": "mrc_Trio",
    "TaskName": "rest",
    "TotalReadoutTime": 0.0576811,
    "TxRefAmp": 208.073,
    "dataset": "ds004146",
    "modality": "bold",
    "session_id": "01",
    "subject_id": "0064",
    "task_id": "rest"
  },
  "dummy_trs": 0,
  "dvars_nstd": 38.05951356006134,
  "dvars_std": 1.0799699161349696,
  "dvars_vstd": 1.0228788967177904,
  "efc": 0.49696893466021175,
  "fber": 979.0079956054688,
  "fd_mean": 0.12047575700634318,
  "fd_num": 28,
  "fd_perc": 8.562691131498472,
  "fwhm_avg": 3.053428333333333,
  "fwhm_x": 2.845085,
  "fwhm_y": 3.17218,
  "fwhm_z": 3.14302,
  "gcor": 0.0142866,
  "gsr_x": -0.010685931891202927,
  "gsr_y": 0.04493849724531174,
  "provenance": {
    "md5sum": "fb4e8b8207c4e590c90a68321d6c1957",
    "settings": {
      "fd_thres": 0.2,
      "testing": false
    },
    "software": "mriqc",
    "version": "23.0.1",
    "webapi_port": null,
    "webapi_url": "https://mriqc.nimh.nih.gov/api/v1"
  },
  "size_t": 327,
  "size_x": 104,
  "size_y": 104,
  "size_z": 72,
  "snr": 2.8041878982962776,
  "spacing_tr": 0.9300000071525574,
  "spacing_x": 2.0,
  "spacing_y": 2.0,
  "spacing_z": 2.0,
  "summary_bg_k": 107.3138750389335,
  "summary_bg_mad": 3.6861040995297505,
  "summary_bg_mean": 29.780574798583984,
  "summary_bg_median": 16.62079620361328,
  "summary_bg_n": 536007.0,
  "summary_bg_p05": 13.709480285644531,
  "summary_bg_p95": 90.51284561157212,
  "summary_bg_stdv": 44.59722137451172,
  "summary_fg_k": 1.3364782157302972,
  "summary_fg_mad": 172.75718301853433,
  "summary_fg_mean": 553.2774658203125,
  "summary_fg_median": 521.626953125,
  "summary_fg_n": 145507.0,
  "summary_fg_p05": 316.9315185546875,
  "summary_fg_p95": 902.4562988281247,
  "summary_fg_stdv": 186.0164794921875,
  "tsnr": 38.484849618398584
}