{
  "aor": 0.0029658409785932724,
  "aqi": 0.007700880183486239,
  "bids_meta": {
    "AcquisitionMatrixPE": 104,
    "AcquisitionNumber": 1,
    "AcquisitionTime": "12:04:36.795000",
    "BandwidthPerPixelPhaseEncode": 17.17,
    "BaseResolution": 104,
    "BodyPartExamined": "BRAIN",
    "ConsistencyInfo": "N4_VE11C_LATEST_20160120",
    "ConversionSoftware": "dcm2niix",
    "ConversionSoftwareVersion": "v1.0.20171215 GCC6.3.0",
    "DerivedVendorReportedEchoSpacing": 0.000560011,
    "DeviceSerialNumber": "167001",
    "DwellTime": 2.1e-06,
    "EchoTime": 0.03,
    "EchoTrainLength": 91,
    "EffectiveEchoSpacing": 0.000560011,
    "FlipAngle": 52,
    "ImageOrientationPatientDICOM": [
      0.996604,
      0.081409,
      0.0123666,
      -0.0660196,
      0.879735,
      -0.470858
    ],
    "ImageType": [
      "ORIGINAL",
      "PRIMARY",
      "M",
      "ND",
      "MOSAIC"
    ],
    "InPlanePhaseEncodingDirectionDICOM": "COL",
    "InstitutionAddress": "Cooper_60_St._Lucia_QLD_AU_4072",
    "InstitutionName": "St_Lucia_Campus",
    "InstitutionalDepartmentName": "Gehrmann_Labs_MRI",
    "MRAcquisitionType": "2D",
    "MagneticFieldStrength": 3,
    "Manufacturer": "Siemens",
    "ManufacturersModelName": "Prisma_fit",
    "Modality": "MR",
    "MultibandAccelerationFactor": 6,
    "PartialFourier": 0.875,
    "PatientPosition": "HFS",
    "PercentPhaseFOV": 100,
    "PhaseEncodingDirection": "j",
    "PhaseEncodingSteps": 91,
    "PhaseResolution": 1,
    "PixelBandwidth": 2290,
    "ProcedureStepDescription": "Research_16092_QTAB",
    "ProtocolName": "ep2d_REST_SMS6_P-A",
    "PulseSequenceDetails": "%SiemensSeq%_ep2d_bold",
    "ReceiveCoilActiveElements": "HC1-7;NC1,2",
    "ReceiveCoilName": "HeadNeck_64",
    "ReconMatrixPE": 104,
    "RepetitionTime": 0.93,
    "SAR": 0.0744838,
    "ScanOptions": "PFP_FS",
    "ScanningSequence": "EP",
    "SequenceName": "_epfid2d1_104",
    "SequenceVariant": "SK",
    "SeriesDescription": "ep2d_REST_SMS6_P-A",
    "SeriesNumber": 10,
    "ShimSetting": [
      3068,
      -4160,
      -776,
      446,
      -28,
      -87,
      -37,
      42
    ],
    "SliceThickness": 2,
    "SliceTiming": [
      0.6825,
      0,
      0.455,
      0.075,
      0.53,
      0.1525,
      0.6075,
      0.3025,
      0.7575,
      0.38,
      0.835,
      0.2275,
      0.6825,
      0,
      0.455,
      0.075,
      0.53,
      0.1525,
      0.6075,
      0.3025,
      0.7575,
      0.38,
      0.835,
      0.2275,
      0.6825,
      0,
      0.455,
      0.075,
      0.53,
      0.1525,
      0.6075,
      0.3025,
      0.7575,
      0.38,
      0.835,
      0.2275,
      0.6825,
      0,
      0.455,
      0.075,
      0.53,
      0.1525,
      0.6075,
      0.3025,
      0.7575,
      0.38,
      0.835,
      0.2275,
      0.6825,
      0,
      0.455,
      0.075,
      0.53,
      0.1525,
      0.6075,
      0.3025,
      0.7575,
      0.38,
      0.835,
      0.2275,
      0.6825,
      0,
      0.455,
      0.075,
      0.53,
      0.1525,
      0.6075,
      0.3025,
      0.7575,
      0.38,
      0.835,
      0.2275
    ],
    "SoftwareVersions": "syngo_MR_E11",
    "SpacingBetweenSlices": 2,
    "StationName": "mrc_Trio",
    "TaskName": "rest",
    "TotalReadoutTime": 0.0576811,
    "TxRefAmp": 207.565,
    "dataset": "ds004146",
    "modality": "bold",
    "session_id": "01",
    "subject_id": "0136",
    "task_id": "rest"
  },
  "dummy_trs": 0,
  "dvars_nstd": 38.766050286227006,
  "dvars_std": 1.1114209522392637,
  "dvars_vstd": 1.0379151941104299,
  "efc": 0.5026123723767618,
  "fber": 965.5861206054688,
  "fd_mean": 0.1563058786020508,
  "fd_num": 62,
  "fd_perc": 18.960244648318042,
  "fwhm_avg": 3.116913333333333,
  "fwhm_x": 2.9478,
  "fwhm_y": 3.120775,
  "fwhm_z": 3.282165,
  "gcor": 0.0261278,
  "gsr_x": -0.022073812782764435,
  "gsr_y": 0.03056289628148079,
  "provenance": {
    "md5sum": "d1f94275294a89ad134fea2913a940ff",
    "settings": {
      "fd_thres": 0.2,
      "testing": false
    },
    "software": "mriqc",
    "version": "23.0.1",
    "webapi_port": null,
    "webapi_url": "https://mriqc.nimh.nih.gov/api/v1"
  },
  "size_t": 327,
  "size_x": 104,
  "size_y": 104,
  "size_z": 72,
  "snr": 2.6548371411508156,
  "spacing_tr": 0.9300000071525574,
  "spacing_x": 2.0,
  "spacing_y": 2.0,
  "spacing_z": 2.0,
  "summary_bg_k": 52.373444664872665,
  "summary_bg_mad": 5.005483432804061,
  "summary_bg_mean": 36.391380310058594,
  "summary_bg_median": 17.920490264892578,
  "summary_bg_n": 536529.0,
  "summary_bg_p05": 14.085627555847168,
  "summary_bg_p95": 135.11805114746087,
  "summary_bg_stdv": 55.41313934326172,
  "summary_fg_k": 1.9242997260900214,
  "summary_fg_mad": 192.4186520723349,
  "summary_fg_mean": 591.8836669921875,
  "summary_fg_median": 557.70947265625,
  "summary_fg_n": 146722.0,
  "summary_fg_p05": 330.10122833251955,
  "summary_fg_p95": 984.6052246093749,
  "summary_fg_stdv": 210.07223510742188,
  "tsnr": 34.43429951183498
}