{
  "aor": 0.0005034036939313984,
  "aqi": 0.009945819208443271,
  "bids_meta": {
    "AcquisitionMatrixPE": 90,
    "AcquisitionNumber": 1,
    "AcquisitionTime": "11:43:8.792500",
    "BandwidthPerPixelPhaseEncode": 21.368,
    "BaseResolution": 90,
    "BodyPartExamined": "BRAIN",
    "CoilString": "HC1-7;NC1_2",
    "ConsistencyInfo": "N4_VE11C_LATEST_20160120",
    "ConversionSoftware": "dcm2niix",
    "ConversionSoftwareVersion": "v1.0.20190410  GCC6.3.0",
    "DerivedVendorReportedEchoSpacing": 0.000519988,
    "DeviceSerialNumber": "167001",
    "DwellTime": 2.2e-06,
    "EchoTime": 0.03,
    "EchoTrainLength": 90,
    "EffectiveEchoSpacing": 0.000519988,
    "FlipAngle": 52,
    "ImageOrientationPatientDICOM": [
      0.998686,
      0.0260278,
      -0.0441479,
      -0.0415081,
      0.916053,
      -0.398903
    ],
    "ImageType": [
      "ORIGINAL",
      "PRIMARY",
      "M",
      "ND",
      "NORM",
      "MOSAIC"
    ],
    "ImagingFrequency": 123.229,
    "InPlanePhaseEncodingDirectionDICOM": "COL",
    "InstitutionAddress": "Cooper_60_St._Lucia_QLD_AU_4072",
    "InstitutionName": "St_Lucia_Campus",
    "InstitutionalDepartmentName": "Gehrmann_Labs_MRI",
    "MRAcquisitionType": "2D",
    "MagneticFieldStrength": 3,
    "Manufacturer": "Siemens",
    "ManufacturersModelName": "Prisma_fit",
    "Modality": "MR",
    "MultibandAccelerationFactor": 6,
    "PartialFourier": 1,
    "PatientPosition": "HFS",
    "PercentPhaseFOV": 100,
    "PhaseEncodingDirection": "j-",
    "PhaseEncodingSteps": 90,
    "PhaseResolution": 1,
    "PixelBandwidth": 2525,
    "ProcedureStepDescription": "Research_16092_QTAB",
    "ProtocolName": "PARTLY_CLOUDY_mb6_2.4",
    "PulseSequenceDetails": "%SiemensSeq%_ep2d_bold",
    "ReceiveCoilActiveElements": "HC1-7;NC1,2",
    "ReceiveCoilName": "HeadNeck_64",
    "ReconMatrixPE": 90,
    "RefLinesPE": 12,
    "RepetitionTime": 0.8,
    "SAR": 0.0581729,
    "ScanOptions": "FS",
    "ScanningSequence": "EP",
    "SequenceName": "_epfid2d1_90",
    "SequenceVariant": "SK",
    "SeriesDescription": "PARTLY_CLOUDY_mb6_2.4",
    "SeriesNumber": 19,
    "ShimSetting": [
      3044,
      -4140,
      -732,
      365,
      -54,
      10,
      -189,
      17
    ],
    "SliceThickness": 2.4,
    "SliceTiming": [
      0.545,
      0,
      0.39,
      0.0775,
      0.4675,
      0.235,
      0.625,
      0.3125,
      0.7025,
      0.155,
      0.545,
      0,
      0.39,
      0.0775,
      0.4675,
      0.235,
      0.625,
      0.3125,
      0.7025,
      0.155,
      0.545,
      0,
      0.39,
      0.0775,
      0.4675,
      0.235,
      0.625,
      0.3125,
      0.7025,
      0.155,
      0.545,
      0,
      0.39,
      0.0775,
      0.4675,
      0.235,
      0.625,
      0.3125,
      0.7025,
      0.155,
      0.545,
      0,
      0.39,
      0.0775,
      0.4675,
      0.235,
      0.625,
      0.3125,
      0.7025,
      0.155,
      0.545,
      0,
      0.39,
      0.0775,
      0.4675,
      0.235,
      0.625,
      0.3125,
      0.7025,
      0.155
    ],
    "SoftwareVersions": "syngo_MR_E11",
    "SpacingBetweenSlices": 2.4,
    "StationName": "mrc_Trio",
    "TaskName": "partlycloudy",
    "TotalReadoutTime": 0.046279,
    "TxRefAmp": 212.51,
    "dataset": "ds004146",
    "modality": "bold",
    "session_id": "02",
    "subject_id": "0102",
    "task_id": "partlycloudy"
  },
  "dummy_trs": 1,
  "dvars_nstd": 31.88444781952383,
  "dvars_std": 1.1850715358201054,
  "dvars_vstd": 1.0017090901058194,
  "efc": 0.4921437958329986,
  "fber": 5426.14208984375,
  "fd_mean": 0.1469849109186394,
  "fd_num": 107,
  "fd_perc": 28.232189973614776,
  "fwhm_avg": 1.9157277016535985,
  "fwhm_x": 1.8369874270046778,
  "fwhm_y": 2.0203915863835182,
  "fwhm_z": 1.8898040915725989,
  "gcor": 0.00965714,
  "gsr_x": -0.015300344675779343,
  "gsr_y": 0.02996770292520523,
  "provenance": {
    "md5sum": "7520a7e0bda62620139d9f7020fc9a41",
    "settings": {
      "fd_thres": 0.2,
      "testing": false
    },
    "software": "mriqc",
    "version": "23.0.1",
    "webapi_port": null,
    "webapi_url": "https://mriqc.nimh.nih.gov/api/v1"
  },
  "size_t": 379,
  "size_x": 90,
  "size_y": 90,
  "size_z": 60,
  "snr": 6.031510763094788,
  "spacing_tr": 0.800000011920929,
  "spacing_x": 2.4000000953674316,
  "spacing_y": 2.4000000953674316,
  "spacing_z": 2.4000000953674316,
  "summary_bg_k": 21.03633287542969,
  "summary_bg_mad": 7.1978577661257646,
  "summary_bg_mean": 31.808687210083008,
  "summary_bg_median": 9.147757530212402,
  "summary_bg_n": 329945.0,
  "summary_bg_p05": 3.422163724899292,
  "summary_bg_p95": 152.25752258300776,
  "summary_bg_stdv": 64.53434753417969,
  "summary_fg_k": 0.9814505392812984,
  "summary_fg_mad": 116.56226967049984,
  "summary_fg_mean": 687.7526245117188,
  "summary_fg_median": 684.577880859375,
  "summary_fg_n": 85869.0,
  "summary_fg_p05": 516.4717895507813,
  "summary_fg_p95": 869.1377685546875,
  "summary_fg_stdv": 113.49957275390625,
  "tsnr": 50.13203213131055
}