{
  "bids_meta": {
    "AcquisitionMatrixPE": 256,
    "AcquisitionNumber": 1,
    "AcquisitionTime": "10:47:31.937500",
    "BaseResolution": 256,
    "BodyPartExamined": "BRAIN",
    "CoilString": "HC1-7;NC1_2",
    "ConsistencyInfo": "N4_VE11C_LATEST_20160120",
    "ConversionSoftware": "dcm2niix",
    "ConversionSoftwareVersion": "v1.0.20190410  GCC6.3.0",
    "DeviceSerialNumber": "167001",
    "DwellTime": 2.6e-06,
    "EchoTime": 0.408,
    "EchoTrainLength": 259,
    "FlipAngle": 120,
    "ImageOrientationPatientDICOM": [
      -0.046391,
      0.998739,
      0.0191974,
      -0.000352395,
      0.0192018,
      -0.999816
    ],
    "ImageType": [
      "ORIGINAL",
      "PRIMARY",
      "M",
      "ND",
      "NORM"
    ],
    "ImagingFrequency": 123.229,
    "InPlanePhaseEncodingDirectionDICOM": "ROW",
    "InstitutionAddress": "Cooper_60_St._Lucia_QLD_AU_4072",
    "InstitutionName": "St_Lucia_Campus",
    "InstitutionalDepartmentName": "Gehrmann_Labs_MRI",
    "MRAcquisitionType": "3D",
    "MagneticFieldStrength": 3,
    "Manufacturer": "Siemens",
    "ManufacturersModelName": "Prisma_fit",
    "Modality": "MR",
    "PartialFourier": 1,
    "PatientPosition": "HFS",
    "PercentPhaseFOV": 100,
    "PhaseEncodingSteps": 233,
    "PhaseResolution": 1,
    "PixelBandwidth": 750,
    "ProcedureStepDescription": "Research_16092_QTAB",
    "ProtocolName": "t2_spc_sag_p2_iso",
    "PulseSequenceDetails": "%SiemensSeq%_tse_vfl",
    "ReceiveCoilActiveElements": "HC1-7;NC1,2",
    "ReceiveCoilName": "HeadNeck_64",
    "ReconMatrixPE": 256,
    "RefLinesPE": 24,
    "RepetitionTime": 3.2,
    "SAR": 0.15722,
    "ScanOptions": "PFP",
    "ScanningSequence": "SE",
    "SequenceName": "_spcR_282ns",
    "SequenceVariant": "SK_SP",
    "SeriesDescription": "t2_spc_sag_p2_iso",
    "SeriesNumber": 32,
    "ShimSetting": [
      3046,
      -4168,
      -1041,
      -17,
      -5,
      41,
      -30,
      -10
    ],
    "SliceThickness": 1,
    "SoftwareVersions": "syngo_MR_E11",
    "StationName": "mrc_Trio",
    "TxRefAmp": 245.541,
    "dataset": "ds004146",
    "modality": "T2w",
    "session_id": "02",
    "subject_id": "0365"
  },
  "cjv": 7.4640587737041,
  "cnr": 0.11664601764496513,
  "efc": 0.6684406631009017,
  "fber": 448.2293877551021,
  "fwhm_avg": 4.3956457678331065,
  "fwhm_x": 4.490974933079259,
  "fwhm_y": 4.544087432287821,
  "fwhm_z": 4.151874938132242,
  "icvs_csf": 0.3873444460672298,
  "icvs_gm": 0.47917030906587427,
  "icvs_wm": 0.13348524486689592,
  "inu_med": 0.9855847656726837,
  "inu_range": 0.3935633897781372,
  "provenance": {
    "md5sum": "0639e5f20027b44909d6dcd992011e52",
    "settings": {
      "testing": false
    },
    "software": "mriqc",
    "version": "23.0.1",
    "warnings": {
      "large_rot_frame": true,
      "small_air_mask": false
    },
    "webapi_port": null,
    "webapi_url": "https://mriqc.nimh.nih.gov/api/v1"
  },
  "qi_1": 0.0,
  "qi_2": 0.005963539248929391,
  "rpve_csf": 10.985689733723126,
  "rpve_gm": 9.585563505512113,
  "rpve_wm": 33.15290553596379,
  "size_x": 192,
  "size_y": 300,
  "size_z": 320,
  "snr_csf": 13.747731587118912,
  "snr_gm": 11.47373776187995,
  "snr_total": 8.605213187730875,
  "snr_wm": 0.594170214193767,
  "snrd_csf": 52.98385033871177,
  "snrd_gm": 34.176477251841,
  "snrd_total": 38.57145747718345,
  "snrd_wm": 28.554044840997566,
  "spacing_x": 0.800000011920929,
  "spacing_y": 0.800000011920929,
  "spacing_z": 0.800000011920929,
  "summary_bg_k": 1.2007097568941063,
  "summary_bg_mad": 23.715310547427933,
  "summary_bg_mean": 60.857456979744555,
  "summary_bg_median": 15.995733886957169,
  "summary_bg_n": 2232480.0,
  "summary_bg_p05": 0.0,
  "summary_bg_p95": 228.7389945834875,
  "summary_bg_stdv": 80.93773831463983,
  "summary_csf_k": 0.10653908337899143,
  "summary_csf_mad": 138.90396177779218,
  "summary_csf_mean": 1924.0923810007894,
  "summary_csf_median": 1917.964663207531,
  "summary_csf_n": 122670.0,
  "summary_csf_p05": 1707.9635283201933,
  "summary_csf_p95": 2162.775561839342,
  "summary_csf_stdv": 139.51078644933224,
  "summary_gm_k": -0.05303571265722118,
  "summary_gm_mad": 110.7843792715562,
  "summary_gm_mean": 1237.3686854155628,
  "summary_gm_median": 1237.1557609140873,
  "summary_gm_n": 251094.0,
  "summary_gm_p05": 1062.4214107394218,
  "summary_gm_p95": 1412.6518127024174,
  "summary_gm_stdv": 107.82478413362479,
  "summary_wm_k": -1.7304172620905125,
  "summary_wm_mad": 1408.3506563665417,
  "summary_wm_mean": 1987.1076980749497,
  "summary_wm_median": 1033.629089742899,
  "summary_wm_n": 76727.0,
  "summary_wm_p05": 115.16928398609161,
  "summary_wm_p95": 4487.344163437187,
  "summary_wm_stdv": 1739.6064785323308,
  "tpm_overlap_csf": 0.11060430728698631,
  "tpm_overlap_gm": 0.3223479474580143,
  "tpm_overlap_wm": 0.06086753898335007,
  "wm2max": 0.24748322147651006
}