{
  "aor": 0.00035282321899736147,
  "aqi": 0.01251395482849604,
  "bids_meta": {
    "AcquisitionMatrixPE": 90,
    "AcquisitionNumber": 1,
    "AcquisitionTime": "11:38:19.600000",
    "BandwidthPerPixelPhaseEncode": 21.368,
    "BaseResolution": 90,
    "BodyPartExamined": "BRAIN",
    "CoilString": "HC1-7;NC1_2",
    "ConsistencyInfo": "N4_VE11C_LATEST_20160120",
    "ConversionSoftware": "dcm2niix",
    "ConversionSoftwareVersion": "v1.0.20190410  GCC6.3.0",
    "DerivedVendorReportedEchoSpacing": 0.000519988,
    "DeviceSerialNumber": "167001",
    "DwellTime": 2.2e-06,
    "EchoTime": 0.03,
    "EchoTrainLength": 90,
    "EffectiveEchoSpacing": 0.000519988,
    "FlipAngle": 52,
    "ImageOrientationPatientDICOM": [
      0.998959,
      -0.034941,
      0.0293433,
      0.0420434,
      0.954743,
      -0.294445
    ],
    "ImageType": [
      "ORIGINAL",
      "PRIMARY",
      "M",
      "ND",
      "NORM",
      "MOSAIC"
    ],
    "ImagingFrequency": 123.229,
    "InPlanePhaseEncodingDirectionDICOM": "COL",
    "InstitutionAddress": "Cooper_60_St._Lucia_QLD_AU_4072",
    "InstitutionName": "St_Lucia_Campus",
    "InstitutionalDepartmentName": "Gehrmann_Labs_MRI",
    "MRAcquisitionType": "2D",
    "MagneticFieldStrength": 3,
    "Manufacturer": "Siemens",
    "ManufacturersModelName": "Prisma_fit",
    "Modality": "MR",
    "MultibandAccelerationFactor": 6,
    "PartialFourier": 1,
    "PatientPosition": "HFS",
    "PercentPhaseFOV": 100,
    "PhaseEncodingDirection": "j-",
    "PhaseEncodingSteps": 90,
    "PhaseResolution": 1,
    "PixelBandwidth": 2525,
    "ProcedureStepDescription": "Research_16092_QTAB",
    "ProtocolName": "PARTLY_CLOUDY_mb6_2.4",
    "PulseSequenceDetails": "%SiemensSeq%_ep2d_bold",
    "ReceiveCoilActiveElements": "HC1-7;NC1,2",
    "ReceiveCoilName": "HeadNeck_64",
    "ReconMatrixPE": 90,
    "RefLinesPE": 12,
    "RepetitionTime": 0.8,
    "SAR": 0.0484565,
    "ScanOptions": "FS",
    "ScanningSequence": "EP",
    "SequenceName": "_epfid2d1_90",
    "SequenceVariant": "SK",
    "SeriesDescription": "PARTLY_CLOUDY_mb6_2.4",
    "SeriesNumber": 19,
    "ShimSetting": [
      3061,
      -4181,
      -775,
      541,
      13,
      37,
      -38,
      -22
    ],
    "SliceThickness": 2.4,
    "SliceTiming": [
      0.5475,
      0,
      0.39,
      0.0775,
      0.4675,
      0.235,
      0.625,
      0.3125,
      0.7025,
      0.1575,
      0.5475,
      0,
      0.39,
      0.0775,
      0.4675,
      0.235,
      0.625,
      0.3125,
      0.7025,
      0.1575,
      0.5475,
      0,
      0.39,
      0.0775,
      0.4675,
      0.235,
      0.625,
      0.3125,
      0.7025,
      0.1575,
      0.5475,
      0,
      0.39,
      0.0775,
      0.4675,
      0.235,
      0.625,
      0.3125,
      0.7025,
      0.1575,
      0.5475,
      0,
      0.39,
      0.0775,
      0.4675,
      0.235,
      0.625,
      0.3125,
      0.7025,
      0.1575,
      0.5475,
      0,
      0.39,
      0.0775,
      0.4675,
      0.235,
      0.625,
      0.3125,
      0.7025,
      0.1575
    ],
    "SoftwareVersions": "syngo_MR_E11",
    "SpacingBetweenSlices": 2.4,
    "StationName": "mrc_Trio",
    "TaskName": "partlycloudy",
    "TotalReadoutTime": 0.046279,
    "TxRefAmp": 217.376,
    "dataset": "ds004146",
    "modality": "bold",
    "session_id": "02",
    "subject_id": "0195",
    "task_id": "partlycloudy"
  },
  "dummy_trs": 1,
  "dvars_nstd": 38.31573361179894,
  "dvars_std": 1.2958793528042325,
  "dvars_vstd": 0.9885500882010587,
  "efc": 0.46016660440028173,
  "fber": 6760.43701171875,
  "fd_mean": 0.09876210301116858,
  "fd_num": 3,
  "fd_perc": 0.7915567282321899,
  "fwhm_avg": 1.9468791527987672,
  "fwhm_x": 1.8200374276782103,
  "fwhm_y": 2.1031415830953284,
  "fwhm_z": 1.9174584476227627,
  "gcor": 0.00464864,
  "gsr_x": -0.024429356679320335,
  "gsr_y": 0.03399042785167694,
  "provenance": {
    "md5sum": "c74267de5cfc6b8bd8143c3bf25dfb4d",
    "settings": {
      "fd_thres": 0.2,
      "testing": false
    },
    "software": "mriqc",
    "version": "23.0.1",
    "webapi_port": null,
    "webapi_url": "https://mriqc.nimh.nih.gov/api/v1"
  },
  "size_t": 379,
  "size_x": 90,
  "size_y": 90,
  "size_z": 60,
  "snr": 6.848269188140693,
  "spacing_tr": 0.800000011920929,
  "spacing_x": 2.4000000953674316,
  "spacing_y": 2.4000000953674316,
  "spacing_z": 2.3999998569488525,
  "summary_bg_k": 25.640306990162472,
  "summary_bg_mad": 5.738726613930276,
  "summary_bg_mean": 26.51883316040039,
  "summary_bg_median": 7.97097635269165,
  "summary_bg_n": 345358.0,
  "summary_bg_p05": 3.3667547702789307,
  "summary_bg_p95": 113.40106201171875,
  "summary_bg_stdv": 53.233177185058594,
  "summary_fg_k": 1.7976460594305035,
  "summary_fg_mad": 91.71013188462808,
  "summary_fg_mean": 667.9752807617188,
  "summary_fg_median": 665.39453125,
  "summary_fg_n": 72286.0,
  "summary_fg_p05": 525.0118865966797,
  "summary_fg_p95": 827.0930328369141,
  "summary_fg_stdv": 97.1617660522461,
  "tsnr": 49.06955933198333
}