{
  "aor": 0.0023090825688073394,
  "aqi": 0.01575854727828746,
  "bids_meta": {
    "AcquisitionMatrixPE": 104,
    "AcquisitionNumber": 1,
    "AcquisitionTime": "12:30:32.330000",
    "BandwidthPerPixelPhaseEncode": 17.17,
    "BaseResolution": 104,
    "BodyPartExamined": "BRAIN",
    "ConsistencyInfo": "N4_VE11C_LATEST_20160120",
    "ConversionSoftware": "dcm2niix",
    "ConversionSoftwareVersion": "v1.0.20171215 GCC6.3.0",
    "DerivedVendorReportedEchoSpacing": 0.000560011,
    "DeviceSerialNumber": "167001",
    "DwellTime": 2.1e-06,
    "EchoTime": 0.03,
    "EchoTrainLength": 91,
    "EffectiveEchoSpacing": 0.000560011,
    "FlipAngle": 52,
    "ImageOrientationPatientDICOM": [
      0.997826,
      0.064525,
      0.013399,
      -0.0619037,
      0.987455,
      -0.145263
    ],
    "ImageType": [
      "ORIGINAL",
      "PRIMARY",
      "M",
      "ND",
      "MOSAIC"
    ],
    "InPlanePhaseEncodingDirectionDICOM": "COL",
    "InstitutionAddress": "Cooper_60_St._Lucia_QLD_AU_4072",
    "InstitutionName": "St_Lucia_Campus",
    "InstitutionalDepartmentName": "Gehrmann_Labs_MRI",
    "MRAcquisitionType": "2D",
    "MagneticFieldStrength": 3,
    "Manufacturer": "Siemens",
    "ManufacturersModelName": "Prisma_fit",
    "Modality": "MR",
    "MultibandAccelerationFactor": 6,
    "PartialFourier": 0.875,
    "PatientPosition": "HFS",
    "PercentPhaseFOV": 100,
    "PhaseEncodingDirection": "j-",
    "PhaseEncodingSteps": 91,
    "PhaseResolution": 1,
    "PixelBandwidth": 2290,
    "ProcedureStepDescription": "Research_16092_QTAB",
    "ProtocolName": "ep2d_REST_SMS6_A-P",
    "PulseSequenceDetails": "%SiemensSeq%_ep2d_bold",
    "ReceiveCoilActiveElements": "HC1-7;NC1,2",
    "ReceiveCoilName": "HeadNeck_64",
    "ReconMatrixPE": 104,
    "RepetitionTime": 0.93,
    "SAR": 0.0591795,
    "ScanOptions": "PFP_FS",
    "ScanningSequence": "EP",
    "SequenceName": "_epfid2d1_104",
    "SequenceVariant": "SK",
    "SeriesDescription": "ep2d_REST_SMS6_A-P",
    "SeriesNumber": 9,
    "ShimSetting": [
      3042,
      -4181,
      -764,
      535,
      -86,
      89,
      57,
      -26
    ],
    "SliceThickness": 2,
    "SliceTiming": [
      0.6825,
      0,
      0.455,
      0.0775,
      0.5325,
      0.1525,
      0.6075,
      0.305,
      0.76,
      0.38,
      0.835,
      0.2275,
      0.6825,
      0,
      0.455,
      0.0775,
      0.5325,
      0.1525,
      0.6075,
      0.305,
      0.76,
      0.38,
      0.835,
      0.2275,
      0.6825,
      0,
      0.455,
      0.0775,
      0.5325,
      0.1525,
      0.6075,
      0.305,
      0.76,
      0.38,
      0.835,
      0.2275,
      0.6825,
      0,
      0.455,
      0.0775,
      0.5325,
      0.1525,
      0.6075,
      0.305,
      0.76,
      0.38,
      0.835,
      0.2275,
      0.6825,
      0,
      0.455,
      0.0775,
      0.5325,
      0.1525,
      0.6075,
      0.305,
      0.76,
      0.38,
      0.835,
      0.2275,
      0.6825,
      0,
      0.455,
      0.0775,
      0.5325,
      0.1525,
      0.6075,
      0.305,
      0.76,
      0.38,
      0.835,
      0.2275
    ],
    "SoftwareVersions": "syngo_MR_E11",
    "SpacingBetweenSlices": 2,
    "StationName": "mrc_Trio",
    "TaskName": "rest",
    "TotalReadoutTime": 0.0576811,
    "TxRefAmp": 217.783,
    "dataset": "ds004146",
    "modality": "bold",
    "session_id": "01",
    "subject_id": "0184",
    "task_id": "rest"
  },
  "dummy_trs": 0,
  "dvars_nstd": 41.817327499355784,
  "dvars_std": 0.9910555430674847,
  "dvars_vstd": 0.9530615682822086,
  "efc": 0.5291540564059926,
  "fber": 739.6627807617188,
  "fd_mean": 0.2787557063983466,
  "fd_num": 176,
  "fd_perc": 53.82262996941896,
  "fwhm_avg": 3.1066233333333333,
  "fwhm_x": 2.91917,
  "fwhm_y": 3.22717,
  "fwhm_z": 3.17353,
  "gcor": 0.0131536,
  "gsr_x": -0.021094314754009247,
  "gsr_y": 0.06379395723342896,
  "provenance": {
    "md5sum": "8702626f04c034185f5a79b18e5c915b",
    "settings": {
      "fd_thres": 0.2,
      "testing": false
    },
    "software": "mriqc",
    "version": "23.0.1",
    "webapi_port": null,
    "webapi_url": "https://mriqc.nimh.nih.gov/api/v1"
  },
  "size_t": 327,
  "size_x": 104,
  "size_y": 104,
  "size_z": 72,
  "snr": 2.908615741250045,
  "spacing_tr": 0.9300000071525574,
  "spacing_x": 2.0,
  "spacing_y": 2.0,
  "spacing_z": 2.0,
  "summary_bg_k": 87.29293218377009,
  "summary_bg_mad": 8.809468841996868,
  "summary_bg_mean": 38.23752975463867,
  "summary_bg_median": 20.798166275024414,
  "summary_bg_n": 513125.0,
  "summary_bg_p05": 13.969419479370117,
  "summary_bg_p95": 107.1620864868164,
  "summary_bg_stdv": 56.57607650756836,
  "summary_fg_k": 0.5399330689561013,
  "summary_fg_mad": 193.05116054748137,
  "summary_fg_mean": 598.1697998046875,
  "summary_fg_median": 572.0305786132812,
  "summary_fg_n": 164736.0,
  "summary_fg_p05": 330.4365539550781,
  "summary_fg_p95": 958.0680847167969,
  "summary_fg_stdv": 196.6670379638672,
  "tsnr": 26.587439268361777
}