{
  "bids_meta": {
    "AcquisitionMatrixPE": 256,
    "AcquisitionNumber": 1,
    "AcquisitionTime": "09:17:3.467500",
    "BaseResolution": 256,
    "BodyPartExamined": "BRAIN",
    "ConsistencyInfo": "N4_VE11C_LATEST_20160120",
    "ConversionSoftware": "dcm2niix",
    "ConversionSoftwareVersion": "v1.0.20171215 GCC6.3.0",
    "DeviceSerialNumber": "167001",
    "DwellTime": 2.6e-06,
    "EchoTime": 0.408,
    "EchoTrainLength": 259,
    "FlipAngle": 120,
    "ImageOrientationPatientDICOM": [
      -0.031273,
      0.999511,
      -1.27648e-08,
      0.00292846,
      9.16138e-05,
      -0.999996
    ],
    "ImageType": [
      "ORIGINAL",
      "PRIMARY",
      "M",
      "ND",
      "NORM"
    ],
    "InPlanePhaseEncodingDirectionDICOM": "ROW",
    "InstitutionAddress": "Cooper_60_St._Lucia_QLD_AU_4072",
    "InstitutionName": "St_Lucia_Campus",
    "InstitutionalDepartmentName": "Gehrmann_Labs_MRI",
    "MRAcquisitionType": "3D",
    "MagneticFieldStrength": 3,
    "Manufacturer": "Siemens",
    "ManufacturersModelName": "Prisma_fit",
    "Modality": "MR",
    "ParallelReductionFactorInPlane": 2,
    "PartialFourier": 1,
    "PatientPosition": "HFS",
    "PercentPhaseFOV": 100,
    "PhaseEncodingSteps": 233,
    "PhaseResolution": 1,
    "PixelBandwidth": 750,
    "ProcedureStepDescription": "Research_16092_QTAB",
    "ProtocolName": "t2_spc_sag_p2_iso",
    "PulseSequenceDetails": "%SiemensSeq%_tse_vfl",
    "ReceiveCoilActiveElements": "HC1-7;NC1",
    "ReceiveCoilName": "HeadNeck_64",
    "ReconMatrixPE": 256,
    "RepetitionTime": 3.2,
    "SAR": 0.162726,
    "ScanOptions": "PFP",
    "ScanningSequence": "SE",
    "SequenceName": "_spcR_282ns",
    "SequenceVariant": "SK_SP",
    "SeriesDescription": "t2_spc_sag_p2_iso",
    "SeriesNumber": 20,
    "ShimSetting": [
      3049,
      -4116,
      -1083,
      143,
      -7,
      49,
      -24,
      -19
    ],
    "SliceThickness": 1,
    "SoftwareVersions": "syngo_MR_E11",
    "StationName": "mrc_Trio",
    "TxRefAmp": 217.672,
    "dataset": "ds004146",
    "modality": "T2w",
    "session_id": "01",
    "subject_id": "0239"
  },
  "cjv": 1.2980243410847765,
  "cnr": 1.028607458896183,
  "efc": 0.6231107448276886,
  "fber": -1.0,
  "fwhm_avg": 4.320412547344472,
  "fwhm_x": 4.4985877681367255,
  "fwhm_y": 4.6701874304087845,
  "fwhm_z": 3.792462443487906,
  "icvs_csf": 0.48796800082065384,
  "icvs_gm": 0.11825757249823944,
  "icvs_wm": 0.39377442668110674,
  "inu_med": 1.0505603551864624,
  "inu_range": 0.4224801719188691,
  "provenance": {
    "md5sum": "4a91450d6108c86be69db56d79df6ea9",
    "settings": {
      "testing": false
    },
    "software": "mriqc",
    "version": "23.0.1",
    "warnings": {
      "large_rot_frame": true,
      "small_air_mask": false
    },
    "webapi_port": null,
    "webapi_url": "https://mriqc.nimh.nih.gov/api/v1"
  },
  "qi_1": 0.0,
  "qi_2": 0.017161405257516332,
  "rpve_csf": 9.3114542915591,
  "rpve_gm": 33.79372260110526,
  "rpve_wm": 11.401128713755751,
  "size_x": 192,
  "size_y": 300,
  "size_z": 320,
  "snr_csf": 18.621327303300298,
  "snr_gm": 1.5828734508587885,
  "snr_total": 11.634183227786322,
  "snr_wm": 14.698348929199877,
  "snrd_csf": 92.61583426529972,
  "snrd_gm": 186.7005953230705,
  "snrd_total": 114.8684430303556,
  "snrd_wm": 65.28889950269662,
  "spacing_x": 0.7999999523162842,
  "spacing_y": 0.800000011920929,
  "spacing_z": 0.800000011920929,
  "summary_bg_k": 6.2069038381290405,
  "summary_bg_mad": 0.0,
  "summary_bg_mean": 6.13580409926796,
  "summary_bg_median": 0.0,
  "summary_bg_n": 1431958.0,
  "summary_bg_p05": 0.0,
  "summary_bg_p95": 27.596549153327942,
  "summary_bg_stdv": 10.033669514524872,
  "summary_csf_k": 0.22674988417164554,
  "summary_csf_mad": 76.38152808017482,
  "summary_csf_mean": 1421.9967910570165,
  "summary_csf_median": 1418.4476283565164,
  "summary_csf_n": 189395.0,
  "summary_csf_p05": 1305.3617693260312,
  "summary_csf_p95": 1550.8060774207115,
  "summary_csf_stdv": 76.17308157294518,
  "summary_gm_k": -1.6761333365709516,
  "summary_gm_mad": 2342.366861125361,
  "summary_gm_mean": 2389.5309442968637,
  "summary_gm_median": 2859.392443522811,
  "summary_gm_n": 70307.0,
  "summary_gm_p05": 57.59279823303223,
  "summary_gm_p95": 4577.652581430972,
  "summary_gm_stdv": 1806.4439117676277,
  "summary_wm_k": -0.2711206221403022,
  "summary_wm_mad": 71.26718995544695,
  "summary_wm_mean": 1001.2025235221846,
  "summary_wm_median": 999.9249630719423,
  "summary_wm_n": 278582.0,
  "summary_wm_p05": 892.3884101212025,
  "summary_wm_p95": 1114.6606158018112,
  "summary_wm_stdv": 68.02962517884353,
  "tpm_overlap_csf": 0.10748345469030827,
  "tpm_overlap_gm": 0.07055940535280317,
  "tpm_overlap_wm": 0.42465618690246004,
  "wm2max": 0.2259349001135266
}