{
  "aor": 0.004812782874617737,
  "aqi": 0.010189278440366972,
  "bids_meta": {
    "AcquisitionMatrixPE": 104,
    "AcquisitionNumber": 1,
    "AcquisitionTime": "11:29:44.442500",
    "BandwidthPerPixelPhaseEncode": 17.17,
    "BaseResolution": 104,
    "BodyPartExamined": "BRAIN",
    "ConsistencyInfo": "N4_VE11C_LATEST_20160120",
    "ConversionSoftware": "dcm2niix",
    "ConversionSoftwareVersion": "v1.0.20171215 GCC6.3.0",
    "DerivedVendorReportedEchoSpacing": 0.000560011,
    "DeviceSerialNumber": "167001",
    "DwellTime": 2.1e-06,
    "EchoTime": 0.03,
    "EchoTrainLength": 91,
    "EffectiveEchoSpacing": 0.000560011,
    "FlipAngle": 52,
    "ImageOrientationPatientDICOM": [
      0.993403,
      0.114638,
      -0.00306921,
      -0.113711,
      0.981189,
      -0.156006
    ],
    "ImageType": [
      "ORIGINAL",
      "PRIMARY",
      "M",
      "ND",
      "MOSAIC"
    ],
    "InPlanePhaseEncodingDirectionDICOM": "COL",
    "InstitutionAddress": "Cooper_60_St._Lucia_QLD_AU_4072",
    "InstitutionName": "St_Lucia_Campus",
    "InstitutionalDepartmentName": "Gehrmann_Labs_MRI",
    "MRAcquisitionType": "2D",
    "MagneticFieldStrength": 3,
    "Manufacturer": "Siemens",
    "ManufacturersModelName": "Prisma_fit",
    "Modality": "MR",
    "MultibandAccelerationFactor": 6,
    "PartialFourier": 0.875,
    "PatientPosition": "HFS",
    "PercentPhaseFOV": 100,
    "PhaseEncodingDirection": "j-",
    "PhaseEncodingSteps": 91,
    "PhaseResolution": 1,
    "PixelBandwidth": 2290,
    "ProcedureStepDescription": "Research_16092_QTAB",
    "ProtocolName": "ep2d_REST_SMS6_A-P",
    "PulseSequenceDetails": "%SiemensSeq%_ep2d_bold",
    "ReceiveCoilActiveElements": "HC1-7;NC1,2",
    "ReceiveCoilName": "HeadNeck_64",
    "ReconMatrixPE": 104,
    "RepetitionTime": 0.93,
    "SAR": 0.0750009,
    "ScanOptions": "PFP_FS",
    "ScanningSequence": "EP",
    "SequenceName": "_epfid2d1_104",
    "SequenceVariant": "SK",
    "SeriesDescription": "ep2d_REST_SMS6_A-P",
    "SeriesNumber": 9,
    "ShimSetting": [
      3057,
      -4131,
      -742,
      311,
      30,
      80,
      -146,
      -5
    ],
    "SliceThickness": 2,
    "SliceTiming": [
      0.6825,
      0,
      0.455,
      0.0775,
      0.5325,
      0.1525,
      0.6075,
      0.305,
      0.76,
      0.38,
      0.835,
      0.2275,
      0.6825,
      0,
      0.455,
      0.0775,
      0.5325,
      0.1525,
      0.6075,
      0.305,
      0.76,
      0.38,
      0.835,
      0.2275,
      0.6825,
      0,
      0.455,
      0.0775,
      0.5325,
      0.1525,
      0.6075,
      0.305,
      0.76,
      0.38,
      0.835,
      0.2275,
      0.6825,
      0,
      0.455,
      0.0775,
      0.5325,
      0.1525,
      0.6075,
      0.305,
      0.76,
      0.38,
      0.835,
      0.2275,
      0.6825,
      0,
      0.455,
      0.0775,
      0.5325,
      0.1525,
      0.6075,
      0.305,
      0.76,
      0.38,
      0.835,
      0.2275,
      0.6825,
      0,
      0.455,
      0.0775,
      0.5325,
      0.1525,
      0.6075,
      0.305,
      0.76,
      0.38,
      0.835,
      0.2275
    ],
    "SoftwareVersions": "syngo_MR_E11",
    "SpacingBetweenSlices": 2,
    "StationName": "mrc_Trio",
    "TaskName": "rest",
    "TotalReadoutTime": 0.0576811,
    "TxRefAmp": 211.707,
    "dataset": "ds004146",
    "modality": "bold",
    "session_id": "01",
    "subject_id": "0096",
    "task_id": "rest"
  },
  "dummy_trs": 0,
  "dvars_nstd": 44.72133749389571,
  "dvars_std": 1.0939098059815948,
  "dvars_vstd": 1.0137477435889566,
  "efc": 0.5063808096351409,
  "fber": 796.2852172851562,
  "fd_mean": 0.3272514380668837,
  "fd_num": 140,
  "fd_perc": 42.813455657492355,
  "fwhm_avg": 3.3987483333333337,
  "fwhm_x": 3.172465,
  "fwhm_y": 3.58497,
  "fwhm_z": 3.43881,
  "gcor": 0.0202898,
  "gsr_x": -0.009254241362214088,
  "gsr_y": 0.0443221777677536,
  "provenance": {
    "md5sum": "9b4eda79a688713590a3cd6f97f63c3b",
    "settings": {
      "fd_thres": 0.2,
      "testing": false
    },
    "software": "mriqc",
    "version": "23.0.1",
    "webapi_port": null,
    "webapi_url": "https://mriqc.nimh.nih.gov/api/v1"
  },
  "size_t": 327,
  "size_x": 104,
  "size_y": 104,
  "size_z": 72,
  "snr": 2.466188404029044,
  "spacing_tr": 0.9300000071525574,
  "spacing_x": 2.0,
  "spacing_y": 2.0,
  "spacing_z": 2.0,
  "summary_bg_k": 65.11793575743611,
  "summary_bg_mad": 8.891078870692857,
  "summary_bg_mean": 39.73971176147461,
  "summary_bg_median": 21.52293586730957,
  "summary_bg_n": 524873.0,
  "summary_bg_p05": 14.629969596862793,
  "summary_bg_p95": 128.26422119140614,
  "summary_bg_stdv": 53.996910095214844,
  "summary_fg_k": 1.4803186715211947,
  "summary_fg_mad": 231.2859460868739,
  "summary_fg_mean": 660.4137573242188,
  "summary_fg_median": 617.6239013671875,
  "summary_fg_n": 152879.0,
  "summary_fg_p05": 340.1315002441406,
  "summary_fg_p95": 1129.9318359375004,
  "summary_fg_stdv": 250.43580627441406,
  "tsnr": 29.95972921012435
}