{
  "aor": 0.007070061162079511,
  "aqi": 0.012244462721712538,
  "bids_meta": {
    "AcquisitionMatrixPE": 104,
    "AcquisitionNumber": 1,
    "AcquisitionTime": "11:35:14.457500",
    "BandwidthPerPixelPhaseEncode": 17.17,
    "BaseResolution": 104,
    "BodyPartExamined": "BRAIN",
    "ConsistencyInfo": "N4_VE11C_LATEST_20160120",
    "ConversionSoftware": "dcm2niix",
    "ConversionSoftwareVersion": "v1.0.20171215 GCC6.3.0",
    "DerivedVendorReportedEchoSpacing": 0.000560011,
    "DeviceSerialNumber": "167001",
    "DwellTime": 2.1e-06,
    "EchoTime": 0.03,
    "EchoTrainLength": 91,
    "EffectiveEchoSpacing": 0.000560011,
    "FlipAngle": 52,
    "ImageOrientationPatientDICOM": [
      0.993403,
      0.114638,
      -0.00306921,
      -0.113711,
      0.981189,
      -0.156006
    ],
    "ImageType": [
      "ORIGINAL",
      "PRIMARY",
      "M",
      "ND",
      "MOSAIC"
    ],
    "InPlanePhaseEncodingDirectionDICOM": "COL",
    "InstitutionAddress": "Cooper_60_St._Lucia_QLD_AU_4072",
    "InstitutionName": "St_Lucia_Campus",
    "InstitutionalDepartmentName": "Gehrmann_Labs_MRI",
    "MRAcquisitionType": "2D",
    "MagneticFieldStrength": 3,
    "Manufacturer": "Siemens",
    "ManufacturersModelName": "Prisma_fit",
    "Modality": "MR",
    "MultibandAccelerationFactor": 6,
    "PartialFourier": 0.875,
    "PatientPosition": "HFS",
    "PercentPhaseFOV": 100,
    "PhaseEncodingDirection": "j",
    "PhaseEncodingSteps": 91,
    "PhaseResolution": 1,
    "PixelBandwidth": 2290,
    "ProcedureStepDescription": "Research_16092_QTAB",
    "ProtocolName": "ep2d_REST_SMS6_P-A",
    "PulseSequenceDetails": "%SiemensSeq%_ep2d_bold",
    "ReceiveCoilActiveElements": "HC1-7;NC1,2",
    "ReceiveCoilName": "HeadNeck_64",
    "ReconMatrixPE": 104,
    "RepetitionTime": 0.93,
    "SAR": 0.0750009,
    "ScanOptions": "PFP_FS",
    "ScanningSequence": "EP",
    "SequenceName": "_epfid2d1_104",
    "SequenceVariant": "SK",
    "SeriesDescription": "ep2d_REST_SMS6_P-A",
    "SeriesNumber": 10,
    "ShimSetting": [
      3057,
      -4131,
      -742,
      311,
      30,
      80,
      -146,
      -5
    ],
    "SliceThickness": 2,
    "SliceTiming": [
      0.6825,
      0,
      0.455,
      0.0775,
      0.5325,
      0.1525,
      0.6075,
      0.305,
      0.76,
      0.38,
      0.835,
      0.2275,
      0.6825,
      0,
      0.455,
      0.0775,
      0.5325,
      0.1525,
      0.6075,
      0.305,
      0.76,
      0.38,
      0.835,
      0.2275,
      0.6825,
      0,
      0.455,
      0.0775,
      0.5325,
      0.1525,
      0.6075,
      0.305,
      0.76,
      0.38,
      0.835,
      0.2275,
      0.6825,
      0,
      0.455,
      0.0775,
      0.5325,
      0.1525,
      0.6075,
      0.305,
      0.76,
      0.38,
      0.835,
      0.2275,
      0.6825,
      0,
      0.455,
      0.0775,
      0.5325,
      0.1525,
      0.6075,
      0.305,
      0.76,
      0.38,
      0.835,
      0.2275,
      0.6825,
      0,
      0.455,
      0.0775,
      0.5325,
      0.1525,
      0.6075,
      0.305,
      0.76,
      0.38,
      0.835,
      0.2275
    ],
    "SoftwareVersions": "syngo_MR_E11",
    "SpacingBetweenSlices": 2,
    "StationName": "mrc_Trio",
    "TaskName": "rest",
    "TotalReadoutTime": 0.0576811,
    "TxRefAmp": 211.707,
    "dataset": "ds004146",
    "modality": "bold",
    "session_id": "01",
    "subject_id": "0096",
    "task_id": "rest"
  },
  "dummy_trs": 0,
  "dvars_nstd": 53.71849549190186,
  "dvars_std": 1.1057987669018414,
  "dvars_vstd": 1.0220614177300609,
  "efc": 0.5116387972803447,
  "fber": 787.6796264648438,
  "fd_mean": 0.4660793413813662,
  "fd_num": 182,
  "fd_perc": 55.657492354740064,
  "fwhm_avg": 3.2401883333333337,
  "fwhm_x": 3.014905,
  "fwhm_y": 3.431225,
  "fwhm_z": 3.274435,
  "gcor": 0.0420465,
  "gsr_x": -0.008039296604692936,
  "gsr_y": 0.04857873544096947,
  "provenance": {
    "md5sum": "ec27bca0707833bc6cf5b43854d6ac5c",
    "settings": {
      "fd_thres": 0.2,
      "testing": false
    },
    "software": "mriqc",
    "version": "23.0.1",
    "webapi_port": null,
    "webapi_url": "https://mriqc.nimh.nih.gov/api/v1"
  },
  "size_t": 327,
  "size_x": 104,
  "size_y": 104,
  "size_z": 72,
  "snr": 2.6237830308472447,
  "spacing_tr": 0.9300000071525574,
  "spacing_x": 2.0,
  "spacing_y": 2.0,
  "spacing_z": 2.0,
  "summary_bg_k": 76.68432296448881,
  "summary_bg_mad": 9.267396415305457,
  "summary_bg_mean": 42.943580627441406,
  "summary_bg_median": 21.80428123474121,
  "summary_bg_n": 529392.0,
  "summary_bg_p05": 14.770642280578613,
  "summary_bg_p95": 151.83593597412067,
  "summary_bg_stdv": 64.79735565185547,
  "summary_fg_k": 0.36940469606022175,
  "summary_fg_mad": 239.93673638141786,
  "summary_fg_mean": 645.7101440429688,
  "summary_fg_median": 612.2110595703125,
  "summary_fg_n": 150152.0,
  "summary_fg_p05": 328.0461898803711,
  "summary_fg_p95": 1065.1183471679685,
  "summary_fg_stdv": 233.33065795898438,
  "tsnr": 25.842059746733867
}