{
  "aor": 0.0009300925925925925,
  "aqi": 0.005332679783950617,
  "bids_meta": {
    "AcquisitionMatrixPE": 104,
    "AcquisitionNumber": 1,
    "AcquisitionTime": "11:22:29.467500",
    "BandwidthPerPixelPhaseEncode": 17.17,
    "BaseResolution": 104,
    "BodyPartExamined": "BRAIN",
    "CoilString": "HC1-7;NC1_2",
    "ConsistencyInfo": "N4_VE11C_LATEST_20160120",
    "ConversionSoftware": "dcm2niix",
    "ConversionSoftwareVersion": "v1.0.20190410  GCC6.3.0",
    "DerivedVendorReportedEchoSpacing": 0.000560011,
    "DeviceSerialNumber": "167001",
    "DwellTime": 2.1e-06,
    "EchoTime": 0.03,
    "EchoTrainLength": 91,
    "EffectiveEchoSpacing": 0.000560011,
    "FlipAngle": 52,
    "ImageOrientationPatientDICOM": [
      0.99551,
      -0.0944787,
      0.00577629,
      0.0937528,
      0.975778,
      -0.197658
    ],
    "ImageType": [
      "ORIGINAL",
      "PRIMARY",
      "M",
      "ND",
      "MOSAIC"
    ],
    "ImagingFrequency": 123.229,
    "InPlanePhaseEncodingDirectionDICOM": "COL",
    "InstitutionAddress": "Cooper_60_St._Lucia_QLD_AU_4072",
    "InstitutionName": "St_Lucia_Campus",
    "InstitutionalDepartmentName": "Gehrmann_Labs_MRI",
    "MRAcquisitionType": "2D",
    "MagneticFieldStrength": 3,
    "Manufacturer": "Siemens",
    "ManufacturersModelName": "Prisma_fit",
    "Modality": "MR",
    "MultibandAccelerationFactor": 6,
    "PartialFourier": 0.875,
    "PatientPosition": "HFS",
    "PercentPhaseFOV": 100,
    "PhaseEncodingDirection": "j-",
    "PhaseEncodingSteps": 91,
    "PhaseResolution": 1,
    "PixelBandwidth": 2290,
    "ProcedureStepDescription": "Research_16092_QTAB",
    "ProtocolName": "ep2d_REST_SMS6_A-P",
    "PulseSequenceDetails": "%SiemensSeq%_ep2d_bold",
    "ReceiveCoilActiveElements": "HC1-7;NC1,2",
    "ReceiveCoilName": "HeadNeck_64",
    "ReconMatrixPE": 104,
    "RefLinesPE": 12,
    "RepetitionTime": 0.93,
    "SAR": 0.0725195,
    "ScanOptions": "PFP_FS",
    "ScanningSequence": "EP",
    "SequenceName": "_epfid2d1_104",
    "SequenceVariant": "SK",
    "SeriesDescription": "ep2d_REST_SMS6_A-P",
    "SeriesNumber": 9,
    "ShimSetting": [
      3056,
      -4190,
      -757,
      637,
      -10,
      89,
      -88,
      21
    ],
    "SliceThickness": 2,
    "SliceTiming": [
      0.6825,
      0,
      0.455,
      0.075,
      0.53,
      0.15,
      0.605,
      0.3025,
      0.7575,
      0.3775,
      0.8325,
      0.2275,
      0.6825,
      0,
      0.455,
      0.075,
      0.53,
      0.15,
      0.605,
      0.3025,
      0.7575,
      0.3775,
      0.8325,
      0.2275,
      0.6825,
      0,
      0.455,
      0.075,
      0.53,
      0.15,
      0.605,
      0.3025,
      0.7575,
      0.3775,
      0.8325,
      0.2275,
      0.6825,
      0,
      0.455,
      0.075,
      0.53,
      0.15,
      0.605,
      0.3025,
      0.7575,
      0.3775,
      0.8325,
      0.2275,
      0.6825,
      0,
      0.455,
      0.075,
      0.53,
      0.15,
      0.605,
      0.3025,
      0.7575,
      0.3775,
      0.8325,
      0.2275,
      0.6825,
      0,
      0.455,
      0.075,
      0.53,
      0.15,
      0.605,
      0.3025,
      0.7575,
      0.3775,
      0.8325,
      0.2275
    ],
    "SoftwareVersions": "syngo_MR_E11",
    "SpacingBetweenSlices": 2,
    "StationName": "mrc_Trio",
    "TaskName": "rest",
    "TotalReadoutTime": 0.0576811,
    "TxRefAmp": 213.077,
    "dataset": "ds004146",
    "modality": "bold",
    "session_id": "02",
    "subject_id": "0290",
    "task_id": "rest"
  },
  "dummy_trs": 3,
  "dvars_nstd": 36.420194425015474,
  "dvars_std": 1.0844656794736836,
  "dvars_vstd": 1.0003593671826634,
  "efc": 0.512874562445591,
  "fber": 948.4171142578125,
  "fd_mean": 0.1495219318374051,
  "fd_num": 70,
  "fd_perc": 21.604938271604937,
  "fwhm_avg": 3.0616383333333332,
  "fwhm_x": 2.898755,
  "fwhm_y": 3.17312,
  "fwhm_z": 3.11304,
  "gcor": 0.00799304,
  "gsr_x": -0.011375140398740768,
  "gsr_y": 0.049521662294864655,
  "provenance": {
    "md5sum": "b8c6d10c7715dbab679edd90c79e7247",
    "settings": {
      "fd_thres": 0.2,
      "testing": false
    },
    "software": "mriqc",
    "version": "23.0.1",
    "webapi_port": null,
    "webapi_url": "https://mriqc.nimh.nih.gov/api/v1"
  },
  "size_t": 324,
  "size_x": 104,
  "size_y": 104,
  "size_z": 72,
  "snr": 2.727080252834761,
  "spacing_tr": 0.9300000071525574,
  "spacing_x": 2.0,
  "spacing_y": 2.0,
  "spacing_z": 2.0,
  "summary_bg_k": 52.34707026089268,
  "summary_bg_mad": 6.186662017021181,
  "summary_bg_mean": 35.625492095947266,
  "summary_bg_median": 19.370370864868164,
  "summary_bg_n": 518367.0,
  "summary_bg_p05": 14.719136238098145,
  "summary_bg_p95": 108.83333587646484,
  "summary_bg_stdv": 48.5041389465332,
  "summary_fg_k": 0.5142842369085443,
  "summary_fg_mad": 219.31760257673562,
  "summary_fg_mean": 637.3136596679688,
  "summary_fg_median": 605.4830322265625,
  "summary_fg_n": 160130.0,
  "summary_fg_p05": 343.2359588623047,
  "summary_fg_p95": 1045.256475830078,
  "summary_fg_stdv": 222.02542114257812,
  "tsnr": 40.27383920061402
}