{
  "bids_meta": {
    "AcquisitionMatrixPE": 256,
    "AcquisitionNumber": 1,
    "AcquisitionTime": "16:28:40.120000",
    "BaseResolution": 256,
    "BodyPartExamined": "BRAIN",
    "CoilString": "HC1-7;NC1_2",
    "ConsistencyInfo": "N4_VE11C_LATEST_20160120",
    "ConversionSoftware": "dcm2niix",
    "ConversionSoftwareVersion": "v1.0.20190410  GCC6.3.0",
    "DeviceSerialNumber": "167001",
    "DwellTime": 2.6e-06,
    "EchoTime": 0.408,
    "EchoTrainLength": 259,
    "FlipAngle": 120,
    "ImageOrientationPatientDICOM": [
      0.0294466,
      0.999566,
      -3.73138e-08,
      0.0282163,
      -0.000831274,
      -0.999601
    ],
    "ImageType": [
      "ORIGINAL",
      "PRIMARY",
      "M",
      "ND",
      "NORM"
    ],
    "ImagingFrequency": 123.229,
    "InPlanePhaseEncodingDirectionDICOM": "ROW",
    "InstitutionAddress": "Cooper_60_St._Lucia_QLD_AU_4072",
    "InstitutionName": "St_Lucia_Campus",
    "InstitutionalDepartmentName": "Gehrmann_Labs_MRI",
    "MRAcquisitionType": "3D",
    "MagneticFieldStrength": 3,
    "Manufacturer": "Siemens",
    "ManufacturersModelName": "Prisma_fit",
    "Modality": "MR",
    "PartialFourier": 1,
    "PatientPosition": "HFS",
    "PercentPhaseFOV": 100,
    "PhaseEncodingSteps": 233,
    "PhaseResolution": 1,
    "PixelBandwidth": 750,
    "ProcedureStepDescription": "Research_16092_QTAB",
    "ProtocolName": "t2_spc_sag_p2_iso",
    "PulseSequenceDetails": "%SiemensSeq%_tse_vfl",
    "ReceiveCoilActiveElements": "HC1-7;NC1,2",
    "ReceiveCoilName": "HeadNeck_64",
    "ReconMatrixPE": 256,
    "RefLinesPE": 24,
    "RepetitionTime": 3.2,
    "SAR": 0.152088,
    "ScanOptions": "PFP",
    "ScanningSequence": "SE",
    "SequenceName": "_spcR_282ns",
    "SequenceVariant": "SK_SP",
    "SeriesDescription": "t2_spc_sag_p2_iso",
    "SeriesNumber": 32,
    "ShimSetting": [
      3046,
      -4168,
      -1041,
      -17,
      -5,
      41,
      -30,
      -10
    ],
    "SliceThickness": 1,
    "SoftwareVersions": "syngo_MR_E11",
    "StationName": "mrc_Trio",
    "TxRefAmp": 211.19,
    "dataset": "ds004146",
    "modality": "T2w",
    "session_id": "02",
    "subject_id": "0390"
  },
  "cjv": 4.356406299995927,
  "cnr": 0.24310877528166933,
  "efc": 0.6376860243487757,
  "fber": 10380.759107627051,
  "fwhm_avg": 3.8563332758694897,
  "fwhm_x": 3.9886749405641115,
  "fwhm_y": 4.032424939912186,
  "fwhm_z": 3.547899947132171,
  "icvs_csf": 0.42759869099485276,
  "icvs_gm": 0.44322258449395086,
  "icvs_wm": 0.12917872451119639,
  "inu_med": 0.9767032861709595,
  "inu_range": 0.30475894212722765,
  "provenance": {
    "md5sum": "5aaadb1977ffa17990ec4793321950c2",
    "settings": {
      "testing": false
    },
    "software": "mriqc",
    "version": "23.0.1",
    "warnings": {
      "large_rot_frame": true,
      "small_air_mask": false
    },
    "webapi_port": null,
    "webapi_url": "https://mriqc.nimh.nih.gov/api/v1"
  },
  "qi_1": 0.007171534866450302,
  "qi_2": 0.01337207806151831,
  "rpve_csf": 11.912453521957202,
  "rpve_gm": 11.964261723840833,
  "rpve_wm": 41.392658569622334,
  "size_x": 192,
  "size_y": 300,
  "size_z": 320,
  "snr_csf": 17.30156697871055,
  "snr_gm": 14.559562037704017,
  "snr_total": 10.868555498028924,
  "snr_wm": 0.7445374776722002,
  "snrd_csf": 32.615893829912494,
  "snrd_gm": 22.371235323164754,
  "snrd_total": 23.94681610429214,
  "snrd_wm": 16.853319159799177,
  "spacing_x": 0.800000011920929,
  "spacing_y": 0.800000011920929,
  "spacing_z": 0.800000011920929,
  "summary_bg_k": 5.248611239042926,
  "summary_bg_mad": 0.0,
  "summary_bg_mean": 23.172258051412147,
  "summary_bg_median": 0.0,
  "summary_bg_n": 1765836.0,
  "summary_bg_p05": 0.0,
  "summary_bg_p95": 111.36004194617271,
  "summary_bg_stdv": 39.340309100853354,
  "summary_csf_k": 0.2635413590824216,
  "summary_csf_mad": 111.5664028796895,
  "summary_csf_mean": 1963.5528481348726,
  "summary_csf_median": 1958.5529744178057,
  "summary_csf_n": 140457.0,
  "summary_csf_p05": 1787.4934070259333,
  "summary_csf_p95": 2155.4428000599146,
  "summary_csf_stdv": 113.20049824054432,
  "summary_gm_k": -0.20105119586732734,
  "summary_gm_mad": 96.32615870347973,
  "summary_gm_mean": 1345.5136696044028,
  "summary_gm_median": 1343.371109560132,
  "summary_gm_n": 247752.0,
  "summary_gm_p05": 1198.0100133866072,
  "summary_gm_p95": 1497.8255109339952,
  "summary_gm_stdv": 92.26708845760199,
  "summary_wm_k": -1.7833733015557205,
  "summary_wm_mad": 1347.1496606913122,
  "summary_wm_mean": 1647.6096929181183,
  "summary_wm_median": 1012.0255646333098,
  "summary_wm_n": 59094.0,
  "summary_wm_p05": 99.76278313994408,
  "summary_wm_p95": 3423.718364173919,
  "summary_wm_stdv": 1359.2559570215635,
  "tpm_overlap_csf": 0.10976094126271087,
  "tpm_overlap_gm": 0.29029898502891344,
  "tpm_overlap_wm": 0.04131411972749234,
  "wm2max": 0.30481076468136625
}