{
  "aor": 0.013634509202453989,
  "aqi": 0.029833548527607365,
  "bids_meta": {
    "AcquisitionMatrixPE": 104,
    "AcquisitionNumber": 1,
    "AcquisitionTime": "09:59:38.835000",
    "BandwidthPerPixelPhaseEncode": 17.17,
    "BaseResolution": 104,
    "BodyPartExamined": "BRAIN",
    "ConsistencyInfo": "N4_VE11C_LATEST_20160120",
    "ConversionSoftware": "dcm2niix",
    "ConversionSoftwareVersion": "v1.0.20171215 GCC6.3.0",
    "DerivedVendorReportedEchoSpacing": 0.000560011,
    "DeviceSerialNumber": "167001",
    "DwellTime": 2.1e-06,
    "EchoTime": 0.03,
    "EchoTrainLength": 91,
    "EffectiveEchoSpacing": 0.000560011,
    "FlipAngle": 52,
    "ImageOrientationPatientDICOM": [
      0.998942,
      0.0146425,
      -0.043593,
      -0.0242391,
      0.973232,
      -0.228545
    ],
    "ImageType": [
      "ORIGINAL",
      "PRIMARY",
      "M",
      "ND",
      "MOSAIC"
    ],
    "InPlanePhaseEncodingDirectionDICOM": "COL",
    "InstitutionAddress": "Cooper_60_St._Lucia_QLD_AU_4072",
    "InstitutionName": "St_Lucia_Campus",
    "InstitutionalDepartmentName": "Gehrmann_Labs_MRI",
    "MRAcquisitionType": "2D",
    "MagneticFieldStrength": 3,
    "Manufacturer": "Siemens",
    "ManufacturersModelName": "Prisma_fit",
    "Modality": "MR",
    "MultibandAccelerationFactor": 6,
    "PartialFourier": 0.875,
    "PatientPosition": "HFS",
    "PercentPhaseFOV": 100,
    "PhaseEncodingDirection": "j",
    "PhaseEncodingSteps": 91,
    "PhaseResolution": 1,
    "PixelBandwidth": 2290,
    "ProcedureStepDescription": "Research_16092_QTAB",
    "ProtocolName": "ep2d_REST_SMS6_P-A",
    "PulseSequenceDetails": "%SiemensSeq%_ep2d_bold",
    "ReceiveCoilActiveElements": "HC1-7;NC1,2",
    "ReceiveCoilName": "HeadNeck_64",
    "ReconMatrixPE": 104,
    "RepetitionTime": 0.93,
    "SAR": 0.0522416,
    "ScanOptions": "PFP_FS",
    "ScanningSequence": "EP",
    "SequenceName": "_epfid2d1_104",
    "SequenceVariant": "SK",
    "SeriesDescription": "ep2d_REST_SMS6_P-A",
    "SeriesNumber": 10,
    "ShimSetting": [
      3054,
      -4167,
      -790,
      530,
      38,
      -50,
      -98,
      12
    ],
    "SliceThickness": 2,
    "SliceTiming": [
      0.6825,
      0,
      0.455,
      0.075,
      0.53,
      0.15,
      0.605,
      0.3025,
      0.7575,
      0.3775,
      0.8325,
      0.2275,
      0.6825,
      0,
      0.455,
      0.075,
      0.53,
      0.15,
      0.605,
      0.3025,
      0.7575,
      0.3775,
      0.8325,
      0.2275,
      0.6825,
      0,
      0.455,
      0.075,
      0.53,
      0.15,
      0.605,
      0.3025,
      0.7575,
      0.3775,
      0.8325,
      0.2275,
      0.6825,
      0,
      0.455,
      0.075,
      0.53,
      0.15,
      0.605,
      0.3025,
      0.7575,
      0.3775,
      0.8325,
      0.2275,
      0.6825,
      0,
      0.455,
      0.075,
      0.53,
      0.15,
      0.605,
      0.3025,
      0.7575,
      0.3775,
      0.8325,
      0.2275,
      0.6825,
      0,
      0.455,
      0.075,
      0.53,
      0.15,
      0.605,
      0.3025,
      0.7575,
      0.3775,
      0.8325,
      0.2275
    ],
    "SoftwareVersions": "syngo_MR_E11",
    "SpacingBetweenSlices": 2,
    "StationName": "mrc_Trio",
    "TaskName": "rest",
    "TotalReadoutTime": 0.0576811,
    "TxRefAmp": 214.827,
    "dataset": "ds004146",
    "modality": "bold",
    "session_id": "01",
    "subject_id": "0349",
    "task_id": "rest"
  },
  "dummy_trs": 1,
  "dvars_nstd": 76.27735429036922,
  "dvars_std": 1.1945021577538455,
  "dvars_vstd": 1.0863227384307685,
  "efc": 0.5289553354803207,
  "fber": 791.6769409179688,
  "fd_mean": 0.879304803404214,
  "fd_num": 230,
  "fd_perc": 70.5521472392638,
  "fwhm_avg": 3.1933599999999998,
  "fwhm_x": 2.876925,
  "fwhm_y": 3.32944,
  "fwhm_z": 3.373715,
  "gcor": 0.0405566,
  "gsr_x": -0.017102587968111038,
  "gsr_y": 0.07071290165185928,
  "provenance": {
    "md5sum": "5f593490043fbeb2af6bc3ee30db9303",
    "settings": {
      "fd_thres": 0.2,
      "testing": false
    },
    "software": "mriqc",
    "version": "23.0.1",
    "webapi_port": null,
    "webapi_url": "https://mriqc.nimh.nih.gov/api/v1"
  },
  "size_t": 326,
  "size_x": 104,
  "size_y": 104,
  "size_z": 72,
  "snr": 2.700726158689006,
  "spacing_tr": 0.9300000071525574,
  "spacing_x": 2.0,
  "spacing_y": 2.0,
  "spacing_z": 2.0,
  "summary_bg_k": 25.97165734929841,
  "summary_bg_mad": 5.9849847588720495,
  "summary_bg_mean": 36.383705139160156,
  "summary_bg_median": 18.647239685058594,
  "summary_bg_n": 512806.0,
  "summary_bg_p05": 13.978527069091797,
  "summary_bg_p95": 125.59048461914062,
  "summary_bg_stdv": 49.09031295776367,
  "summary_fg_k": 0.5022424422051976,
  "summary_fg_mad": 196.3174733146975,
  "summary_fg_mean": 557.9561767578125,
  "summary_fg_median": 529.3681030273438,
  "summary_fg_n": 162685.0,
  "summary_fg_p05": 297.4601135253906,
  "summary_fg_p95": 914.0091918945311,
  "summary_fg_stdv": 196.00894165039062,
  "tsnr": 18.70730648539029
}