{
  "bids_meta": {
    "AcquisitionMatrixPE": 256,
    "AcquisitionNumber": 1,
    "AcquisitionTime": "14:14:16.190000",
    "BaseResolution": 256,
    "BodyPartExamined": "BRAIN",
    "ConsistencyInfo": "N4_VE11C_LATEST_20160120",
    "ConversionSoftware": "dcm2niix",
    "ConversionSoftwareVersion": "v1.0.20171215 GCC6.3.0",
    "DeviceSerialNumber": "167001",
    "DwellTime": 2.6e-06,
    "EchoTime": 0.408,
    "EchoTrainLength": 259,
    "FlipAngle": 120,
    "ImageOrientationPatientDICOM": [
      -0.0503137,
      0.998733,
      5.58333e-08,
      0.0346588,
      0.00174608,
      -0.999398
    ],
    "ImageType": [
      "ORIGINAL",
      "PRIMARY",
      "M",
      "ND",
      "NORM"
    ],
    "InPlanePhaseEncodingDirectionDICOM": "ROW",
    "InstitutionAddress": "Cooper_60_St._Lucia_QLD_AU_4072",
    "InstitutionName": "St_Lucia_Campus",
    "InstitutionalDepartmentName": "Gehrmann_Labs_MRI",
    "MRAcquisitionType": "3D",
    "MagneticFieldStrength": 3,
    "Manufacturer": "Siemens",
    "ManufacturersModelName": "Prisma_fit",
    "Modality": "MR",
    "ParallelReductionFactorInPlane": 2,
    "PartialFourier": 1,
    "PatientPosition": "HFS",
    "PercentPhaseFOV": 100,
    "PhaseEncodingSteps": 233,
    "PhaseResolution": 1,
    "PixelBandwidth": 750,
    "ProcedureStepDescription": "Research_16092_QTAB",
    "ProtocolName": "t2_spc_sag_p2_iso",
    "PulseSequenceDetails": "%SiemensSeq%_tse_vfl",
    "ReceiveCoilActiveElements": "HC1-7;NC1",
    "ReceiveCoilName": "HeadNeck_64",
    "ReconMatrixPE": 256,
    "RepetitionTime": 3.2,
    "SAR": 0.185977,
    "ScanOptions": "PFP",
    "ScanningSequence": "SE",
    "SequenceName": "_spcR_282ns",
    "SequenceVariant": "SK_SP",
    "SeriesDescription": "t2_spc_sag_p2_iso",
    "SeriesNumber": 19,
    "ShimSetting": [
      3043,
      -4177,
      -1039,
      1,
      -3,
      36,
      -3,
      -11
    ],
    "SliceThickness": 1,
    "SoftwareVersions": "syngo_MR_E11",
    "StationName": "mrc_Trio",
    "TxRefAmp": 205.466,
    "dataset": "ds004146",
    "modality": "T2w",
    "session_id": "01",
    "subject_id": "0353"
  },
  "cjv": 67.1462741591616,
  "cnr": 0.015555773403360337,
  "efc": 0.6315071614552127,
  "fber": 5487.013796871799,
  "fwhm_avg": 4.145929210250519,
  "fwhm_x": 4.24247525287123,
  "fwhm_y": 4.416949934182317,
  "fwhm_z": 3.778362443698012,
  "icvs_csf": 0.4436892424920675,
  "icvs_gm": 0.4400388592103862,
  "icvs_wm": 0.11627189829754632,
  "inu_med": 1.0181394815444946,
  "inu_range": 0.2703060507774352,
  "provenance": {
    "md5sum": "04155b0ce1bf340740abd559ee77df93",
    "settings": {
      "testing": false
    },
    "software": "mriqc",
    "version": "23.0.1",
    "warnings": {
      "large_rot_frame": true,
      "small_air_mask": false
    },
    "webapi_port": null,
    "webapi_url": "https://mriqc.nimh.nih.gov/api/v1"
  },
  "qi_1": 0.00010790569042656719,
  "qi_2": 0.009818698408875004,
  "rpve_csf": 11.433178570190286,
  "rpve_gm": 11.660107116121715,
  "rpve_wm": 45.16302557369956,
  "size_x": 192,
  "size_y": 300,
  "size_z": 320,
  "snr_csf": 15.357500258112674,
  "snr_gm": 11.485664942626137,
  "snr_total": 9.18238079268771,
  "snr_wm": 0.7039771773243159,
  "snrd_csf": 60.6489461604677,
  "snrd_gm": 37.43835900750704,
  "snrd_total": 44.90482612777487,
  "snrd_wm": 36.627173215349856,
  "spacing_x": 0.7999999523162842,
  "spacing_y": 0.800000011920929,
  "spacing_z": 0.800000011920929,
  "summary_bg_k": 3.635239593812371,
  "summary_bg_mad": 19.329763734184265,
  "summary_bg_mean": 28.242175915775483,
  "summary_bg_median": 13.037727512419224,
  "summary_bg_n": 1546856.0,
  "summary_bg_p05": 0.0,
  "summary_bg_p95": 108.6477292701602,
  "summary_bg_stdv": 38.67734436335373,
  "summary_csf_k": 0.5885924481141491,
  "summary_csf_mad": 110.84265484288271,
  "summary_csf_mean": 1794.143494208086,
  "summary_csf_median": 1789.4438471272588,
  "summary_csf_n": 171776.0,
  "summary_csf_p05": 1614.0328755229712,
  "summary_csf_p95": 1992.3789101466537,
  "summary_csf_stdv": 116.51887406086061,
  "summary_gm_k": 0.09365642906681826,
  "summary_gm_mad": 96.64881867092132,
  "summary_gm_mean": 1107.6209093432878,
  "summary_gm_median": 1104.6167396754026,
  "summary_gm_n": 288301.0,
  "summary_gm_p05": 955.5331598594785,
  "summary_gm_p95": 1270.1391933113337,
  "summary_gm_stdv": 96.17334559700215,
  "summary_wm_k": -1.83123603398121,
  "summary_wm_mad": 1510.429605799181,
  "summary_wm_mean": 1755.5364481100107,
  "summary_wm_median": 1080.6827471405268,
  "summary_wm_n": 54403.0,
  "summary_wm_p05": 78.79952121153477,
  "summary_wm_p95": 3809.472817070782,
  "summary_wm_stdv": 1535.0963777039074,
  "tpm_overlap_csf": 0.11191485492384189,
  "tpm_overlap_gm": 0.27881551133628785,
  "tpm_overlap_wm": 0.041877795379866134,
  "wm2max": 0.3035632143236262
}