{
  "aor": 0.0005343799472295515,
  "aqi": 0.017025835356200527,
  "bids_meta": {
    "AcquisitionMatrixPE": 90,
    "AcquisitionNumber": 1,
    "AcquisitionTime": "11:30:55.380000",
    "BandwidthPerPixelPhaseEncode": 21.368,
    "BaseResolution": 90,
    "BodyPartExamined": "BRAIN",
    "CoilString": "HC1-7;NC1_2",
    "ConsistencyInfo": "N4_VE11C_LATEST_20160120",
    "ConversionSoftware": "dcm2niix",
    "ConversionSoftwareVersion": "v1.0.20190410  GCC6.3.0",
    "DerivedVendorReportedEchoSpacing": 0.000519988,
    "DeviceSerialNumber": "167001",
    "DwellTime": 2.2e-06,
    "EchoTime": 0.03,
    "EchoTrainLength": 90,
    "EffectiveEchoSpacing": 0.000519988,
    "FlipAngle": 52,
    "ImageOrientationPatientDICOM": [
      0.999652,
      -0.00871334,
      0.0249121,
      0.0174489,
      0.926391,
      -0.376158
    ],
    "ImageType": [
      "ORIGINAL",
      "PRIMARY",
      "M",
      "ND",
      "NORM",
      "MOSAIC"
    ],
    "ImagingFrequency": 123.229,
    "InPlanePhaseEncodingDirectionDICOM": "COL",
    "InstitutionAddress": "Cooper_60_St._Lucia_QLD_AU_4072",
    "InstitutionName": "St_Lucia_Campus",
    "InstitutionalDepartmentName": "Gehrmann_Labs_MRI",
    "MRAcquisitionType": "2D",
    "MagneticFieldStrength": 3,
    "Manufacturer": "Siemens",
    "ManufacturersModelName": "Prisma_fit",
    "Modality": "MR",
    "MultibandAccelerationFactor": 6,
    "PartialFourier": 1,
    "PatientPosition": "HFS",
    "PercentPhaseFOV": 100,
    "PhaseEncodingDirection": "j-",
    "PhaseEncodingSteps": 90,
    "PhaseResolution": 1,
    "PixelBandwidth": 2525,
    "ProcedureStepDescription": "Research_16092_QTAB",
    "ProtocolName": "PARTLY_CLOUDY_mb6_2.4",
    "PulseSequenceDetails": "%SiemensSeq%_ep2d_bold",
    "ReceiveCoilActiveElements": "HC1-7;NC1,2",
    "ReceiveCoilName": "HeadNeck_64",
    "ReconMatrixPE": 90,
    "RefLinesPE": 12,
    "RepetitionTime": 0.8,
    "SAR": 0.0566817,
    "ScanOptions": "FS",
    "ScanningSequence": "EP",
    "SequenceName": "_epfid2d1_90",
    "SequenceVariant": "SK",
    "SeriesDescription": "PARTLY_CLOUDY_mb6_2.4",
    "SeriesNumber": 19,
    "ShimSetting": [
      3057,
      -4181,
      -763,
      468,
      -10,
      -7,
      -20,
      -2
    ],
    "SliceThickness": 2.4,
    "SliceTiming": [
      0.545,
      0,
      0.39,
      0.0775,
      0.4675,
      0.235,
      0.625,
      0.3125,
      0.7025,
      0.155,
      0.545,
      0,
      0.39,
      0.0775,
      0.4675,
      0.235,
      0.625,
      0.3125,
      0.7025,
      0.155,
      0.545,
      0,
      0.39,
      0.0775,
      0.4675,
      0.235,
      0.625,
      0.3125,
      0.7025,
      0.155,
      0.545,
      0,
      0.39,
      0.0775,
      0.4675,
      0.235,
      0.625,
      0.3125,
      0.7025,
      0.155,
      0.545,
      0,
      0.39,
      0.0775,
      0.4675,
      0.235,
      0.625,
      0.3125,
      0.7025,
      0.155,
      0.545,
      0,
      0.39,
      0.0775,
      0.4675,
      0.235,
      0.625,
      0.3125,
      0.7025,
      0.155
    ],
    "SoftwareVersions": "syngo_MR_E11",
    "SpacingBetweenSlices": 2.4,
    "StationName": "mrc_Trio",
    "TaskName": "partlycloudy",
    "TotalReadoutTime": 0.046279,
    "TxRefAmp": 216.022,
    "dataset": "ds004146",
    "modality": "bold",
    "session_id": "02",
    "subject_id": "0038",
    "task_id": "partlycloudy"
  },
  "dummy_trs": 1,
  "dvars_nstd": 34.351689207513246,
  "dvars_std": 1.2032494253439145,
  "dvars_vstd": 1.0008413273280425,
  "efc": 0.5046511165780397,
  "fber": 5078.962890625,
  "fd_mean": 0.17110772364497365,
  "fd_num": 133,
  "fd_perc": 35.09234828496042,
  "fwhm_avg": 1.8047818727288563,
  "fwhm_x": 1.7234999315142658,
  "fwhm_y": 1.8746874255066146,
  "fwhm_z": 1.8161582611656881,
  "gcor": 0.0141448,
  "gsr_x": -0.017820801585912704,
  "gsr_y": 0.029200555756688118,
  "provenance": {
    "md5sum": "b3eab6388588f185883c9ac61049cc3c",
    "settings": {
      "fd_thres": 0.2,
      "testing": false
    },
    "software": "mriqc",
    "version": "23.0.1",
    "webapi_port": null,
    "webapi_url": "https://mriqc.nimh.nih.gov/api/v1"
  },
  "size_t": 379,
  "size_x": 90,
  "size_y": 90,
  "size_z": 60,
  "snr": 7.001671527675331,
  "spacing_tr": 0.800000011920929,
  "spacing_x": 2.4000000953674316,
  "spacing_y": 2.4000000953674316,
  "spacing_z": 2.4000000953674316,
  "summary_bg_k": 33.460146031880896,
  "summary_bg_mad": 7.592957819465085,
  "summary_bg_mean": 28.51171875,
  "summary_bg_median": 9.39577865600586,
  "summary_bg_n": 320104.0,
  "summary_bg_p05": 3.4538259506225586,
  "summary_bg_p95": 121.6139923095702,
  "summary_bg_stdv": 54.54897689819336,
  "summary_fg_k": 2.0758726939610677,
  "summary_fg_mad": 91.8157347159877,
  "summary_fg_mean": 685.0587768554688,
  "summary_fg_median": 683.068603515625,
  "summary_fg_n": 93437.0,
  "summary_fg_p05": 538.8195556640625,
  "summary_fg_p95": 840.7024291992187,
  "summary_fg_stdv": 97.55741119384766,
  "tsnr": 46.44700138352346
}