{
  "bids_meta": {
    "AcquisitionMatrixPE": 256,
    "AcquisitionNumber": 1,
    "AcquisitionTime": "11:57:3.105000",
    "BaseResolution": 256,
    "BodyPartExamined": "BRAIN",
    "CoilString": "HC1-7;NC1_2",
    "ConsistencyInfo": "N4_VE11C_LATEST_20160120",
    "ConversionSoftware": "dcm2niix",
    "ConversionSoftwareVersion": "v1.0.20181125  (JP2:OpenJPEG) GCC6.3.0",
    "DeviceSerialNumber": "167001",
    "DwellTime": 2.6e-06,
    "EchoTime": 0.408,
    "EchoTrainLength": 259,
    "FlipAngle": 120,
    "ImageOrientationPatientDICOM": [
      -0.0175492,
      0.998654,
      0.0488013,
      0.0437504,
      0.049529,
      -0.997814
    ],
    "ImageType": [
      "ORIGINAL",
      "PRIMARY",
      "M",
      "ND",
      "NORM"
    ],
    "ImagingFrequency": 123.229,
    "InPlanePhaseEncodingDirectionDICOM": "ROW",
    "InstitutionAddress": "Cooper_60_St._Lucia_QLD_AU_4072",
    "InstitutionName": "St_Lucia_Campus",
    "InstitutionalDepartmentName": "Gehrmann_Labs_MRI",
    "MRAcquisitionType": "3D",
    "MagneticFieldStrength": 3,
    "Manufacturer": "Siemens",
    "ManufacturersModelName": "Prisma_fit",
    "Modality": "MR",
    "PartialFourier": 1,
    "PatientPosition": "HFS",
    "PercentPhaseFOV": 100,
    "PhaseEncodingSteps": 233,
    "PhaseResolution": 1,
    "PixelBandwidth": 750,
    "ProcedureStepDescription": "Research_16092_QTAB",
    "ProtocolName": "t2_spc_sag_p2_iso",
    "PulseSequenceDetails": "%SiemensSeq%_tse_vfl",
    "ReceiveCoilActiveElements": "HC1-7;NC1,2",
    "ReceiveCoilName": "HeadNeck_64",
    "ReconMatrixPE": 256,
    "RepetitionTime": 3.2,
    "SAR": 0.163107,
    "ScanOptions": "PFP",
    "ScanningSequence": "SE",
    "SequenceName": "_spcR_282ns",
    "SequenceVariant": "SK_SP",
    "SeriesDescription": "t2_spc_sag_p2_iso",
    "SeriesNumber": 19,
    "ShimSetting": [
      3044,
      -4172,
      -1039,
      -11,
      -3,
      35,
      -21,
      -13
    ],
    "SliceThickness": 1,
    "SoftwareVersions": "syngo_MR_E11",
    "StationName": "mrc_Trio",
    "TxRefAmp": 214.079,
    "dataset": "ds004146",
    "modality": "T2w",
    "session_id": "01",
    "subject_id": "0398"
  },
  "cjv": 0.4051931985005841,
  "cnr": 1.851053905166275,
  "efc": 0.5823144813443111,
  "fber": 1767.2048441539787,
  "fwhm_avg": 5.8108250483304955,
  "fwhm_x": 5.432537823804487,
  "fwhm_y": 6.4078374045157815,
  "fwhm_z": 5.592099916671217,
  "icvs_csf": 0.47240919402681164,
  "icvs_gm": 0.1145415557038671,
  "icvs_wm": 0.4130492502693212,
  "inu_med": 1.0270310640335083,
  "inu_range": 0.5364535033702849,
  "provenance": {
    "md5sum": "523bcaf3ac15abf197a843762323cbd1",
    "settings": {
      "testing": false
    },
    "software": "mriqc",
    "version": "23.0.1",
    "warnings": {
      "large_rot_frame": true,
      "small_air_mask": false
    },
    "webapi_port": null,
    "webapi_url": "https://mriqc.nimh.nih.gov/api/v1"
  },
  "qi_1": 0.001072819148676512,
  "qi_2": 0.010242219032863016,
  "rpve_csf": 9.483418738626298,
  "rpve_gm": 32.832789493772275,
  "rpve_wm": 10.543181495440672,
  "size_x": 192,
  "size_y": 300,
  "size_z": 320,
  "snr_csf": 13.92819498149749,
  "snr_gm": 2.322050461201891,
  "snr_total": 8.247689179950212,
  "snr_wm": 8.492822097151256,
  "snrd_csf": 28.5017986874971,
  "snrd_gm": 82.74443732343715,
  "snrd_total": 42.63966042113003,
  "snrd_wm": 16.672745252455837,
  "spacing_x": 0.7999999523162842,
  "spacing_y": 0.800000011920929,
  "spacing_z": 0.800000011920929,
  "summary_bg_k": 7.0792544638208295,
  "summary_bg_mad": 0.0,
  "summary_bg_mean": 24.55217040833126,
  "summary_bg_median": 0.0,
  "summary_bg_n": 2202403.0,
  "summary_bg_p05": 0.0,
  "summary_bg_p95": 104.85098850727081,
  "summary_bg_stdv": 39.29385246119074,
  "summary_csf_k": 0.08773018717403147,
  "summary_csf_mad": 122.55576163046956,
  "summary_csf_mean": 1714.2929665705667,
  "summary_csf_median": 1709.4844256937504,
  "summary_csf_n": 254366.0,
  "summary_csf_p05": 1522.8409648239613,
  "summary_csf_p95": 1922.993233203888,
  "summary_csf_stdv": 122.73529108951459,
  "summary_gm_k": -0.757404918410955,
  "summary_gm_mad": 1481.2315111272083,
  "summary_gm_mean": 4056.871753767079,
  "summary_gm_median": 4962.856150522828,
  "summary_gm_n": 107050.0,
  "summary_gm_p05": 164.45507740974426,
  "summary_gm_p95": 6176.370384262501,
  "summary_gm_stdv": 2137.2631875601705,
  "summary_wm_k": -0.27604507562281233,
  "summary_wm_mad": 124.49085260358224,
  "summary_wm_mean": 1002.7639198875245,
  "summary_wm_median": 999.9999879002571,
  "summary_wm_n": 272263.0,
  "summary_wm_p05": 816.2932248413563,
  "summary_wm_p95": 1199.0428395271301,
  "summary_wm_stdv": 117.74627326462218,
  "tpm_overlap_csf": 0.10804737325999564,
  "tpm_overlap_gm": 0.07682266806190258,
  "tpm_overlap_wm": 0.4036860544697944,
  "wm2max": 0.16445462025542876
}