{
  "aor": 0.0009719384615384617,
  "aqi": 0.008765532338461538,
  "bids_meta": {
    "AcquisitionMatrixPE": 104,
    "AcquisitionNumber": 1,
    "AcquisitionTime": "14:29:53.947500",
    "BandwidthPerPixelPhaseEncode": 17.17,
    "BaseResolution": 104,
    "BodyPartExamined": "BRAIN",
    "ConsistencyInfo": "N4_VE11C_LATEST_20160120",
    "ConversionSoftware": "dcm2niix",
    "ConversionSoftwareVersion": "v1.0.20171215 GCC6.3.0",
    "DerivedVendorReportedEchoSpacing": 0.000560011,
    "DeviceSerialNumber": "167001",
    "DwellTime": 2.1e-06,
    "EchoTime": 0.03,
    "EchoTrainLength": 91,
    "EffectiveEchoSpacing": 0.000560011,
    "FlipAngle": 52,
    "ImageOrientationPatientDICOM": [
      0.997537,
      -0.0483505,
      -0.0508203,
      0.0294319,
      0.946132,
      -0.322441
    ],
    "ImageType": [
      "ORIGINAL",
      "PRIMARY",
      "M",
      "ND",
      "MOSAIC"
    ],
    "InPlanePhaseEncodingDirectionDICOM": "COL",
    "InstitutionAddress": "Cooper_60_St._Lucia_QLD_AU_4072",
    "InstitutionName": "St_Lucia_Campus",
    "InstitutionalDepartmentName": "Gehrmann_Labs_MRI",
    "MRAcquisitionType": "2D",
    "MagneticFieldStrength": 3,
    "Manufacturer": "Siemens",
    "ManufacturersModelName": "Prisma_fit",
    "Modality": "MR",
    "MultibandAccelerationFactor": 6,
    "PartialFourier": 0.875,
    "PatientPosition": "HFS",
    "PercentPhaseFOV": 100,
    "PhaseEncodingDirection": "j-",
    "PhaseEncodingSteps": 91,
    "PhaseResolution": 1,
    "PixelBandwidth": 2290,
    "ProcedureStepDescription": "Research_16092_QTAB",
    "ProtocolName": "ep2d_REST_SMS6_A-P",
    "PulseSequenceDetails": "%SiemensSeq%_ep2d_bold",
    "ReceiveCoilActiveElements": "HC1-7;NC1,2",
    "ReceiveCoilName": "HeadNeck_64",
    "ReconMatrixPE": 104,
    "RepetitionTime": 0.93,
    "SAR": 0.0762276,
    "ScanOptions": "PFP_FS",
    "ScanningSequence": "EP",
    "SequenceName": "_epfid2d1_104",
    "SequenceVariant": "SK",
    "SeriesDescription": "ep2d_REST_SMS6_A-P",
    "SeriesNumber": 9,
    "ShimSetting": [
      3028,
      -4190,
      -834,
      499,
      -120,
      -148,
      -32,
      -10
    ],
    "SliceThickness": 2,
    "SliceTiming": [
      0.6825,
      0,
      0.455,
      0.075,
      0.53,
      0.1525,
      0.6075,
      0.3025,
      0.7575,
      0.38,
      0.835,
      0.2275,
      0.6825,
      0,
      0.455,
      0.075,
      0.53,
      0.1525,
      0.6075,
      0.3025,
      0.7575,
      0.38,
      0.835,
      0.2275,
      0.6825,
      0,
      0.455,
      0.075,
      0.53,
      0.1525,
      0.6075,
      0.3025,
      0.7575,
      0.38,
      0.835,
      0.2275,
      0.6825,
      0,
      0.455,
      0.075,
      0.53,
      0.1525,
      0.6075,
      0.3025,
      0.7575,
      0.38,
      0.835,
      0.2275,
      0.6825,
      0,
      0.455,
      0.075,
      0.53,
      0.1525,
      0.6075,
      0.3025,
      0.7575,
      0.38,
      0.835,
      0.2275,
      0.6825,
      0,
      0.455,
      0.075,
      0.53,
      0.1525,
      0.6075,
      0.3025,
      0.7575,
      0.38,
      0.835,
      0.2275
    ],
    "SoftwareVersions": "syngo_MR_E11",
    "SpacingBetweenSlices": 2,
    "StationName": "mrc_Trio",
    "TaskName": "rest",
    "TotalReadoutTime": 0.0576811,
    "TxRefAmp": 208.356,
    "dataset": "ds004146",
    "modality": "bold",
    "session_id": "01",
    "subject_id": "0226",
    "task_id": "rest"
  },
  "dummy_trs": 2,
  "dvars_nstd": 44.98828320432097,
  "dvars_std": 1.118078743981482,
  "dvars_vstd": 0.9977182982098769,
  "efc": 0.49376929118436436,
  "fber": 988.4764404296875,
  "fd_mean": 0.22782255694315984,
  "fd_num": 170,
  "fd_perc": 52.30769230769231,
  "fwhm_avg": 3.05568,
  "fwhm_x": 2.73432,
  "fwhm_y": 3.27261,
  "fwhm_z": 3.16011,
  "gcor": 0.00805558,
  "gsr_x": -0.010862510651350021,
  "gsr_y": 0.049731459468603134,
  "provenance": {
    "md5sum": "51fd1289d3980f58fb9b16f22d2d150f",
    "settings": {
      "fd_thres": 0.2,
      "testing": false
    },
    "software": "mriqc",
    "version": "23.0.1",
    "webapi_port": null,
    "webapi_url": "https://mriqc.nimh.nih.gov/api/v1"
  },
  "size_t": 325,
  "size_x": 104,
  "size_y": 104,
  "size_z": 72,
  "snr": 2.9075735022260996,
  "spacing_tr": 0.9300000071525574,
  "spacing_x": 2.0,
  "spacing_y": 2.0,
  "spacing_z": 2.0,
  "summary_bg_k": 67.35799650764483,
  "summary_bg_mad": 4.365693271422842,
  "summary_bg_mean": 29.272729873657227,
  "summary_bg_median": 17.31999969482422,
  "summary_bg_n": 536728.0,
  "summary_bg_p05": 13.895384788513184,
  "summary_bg_p95": 73.25738487243642,
  "summary_bg_stdv": 41.06774139404297,
  "summary_fg_k": 1.093434237895761,
  "summary_fg_mad": 177.76173467828428,
  "summary_fg_mean": 582.8875122070312,
  "summary_fg_median": 554.4615478515625,
  "summary_fg_n": 143595.0,
  "summary_fg_p05": 336.19384765625,
  "summary_fg_p95": 934.613537597656,
  "summary_fg_stdv": 190.69496154785156,
  "tsnr": 33.5814045725856
}