{
  "bids_meta": {
    "AcquisitionMatrixPE": 256,
    "AcquisitionNumber": 1,
    "AcquisitionTime": "13:59:21.365000",
    "BaseResolution": 256,
    "BodyPartExamined": "BRAIN",
    "ConsistencyInfo": "N4_VE11C_LATEST_20160120",
    "ConversionSoftware": "dcm2niix",
    "ConversionSoftwareVersion": "v1.0.20171215 GCC6.3.0",
    "DeviceSerialNumber": "167001",
    "DwellTime": 2.6e-06,
    "EchoTime": 0.408,
    "EchoTrainLength": 259,
    "FlipAngle": 120,
    "ImageOrientationPatientDICOM": [
      -0.143927,
      0.988203,
      -0.0523357,
      0.0106318,
      -0.0513391,
      -0.998625
    ],
    "ImageType": [
      "ORIGINAL",
      "PRIMARY",
      "M",
      "ND",
      "NORM"
    ],
    "InPlanePhaseEncodingDirectionDICOM": "ROW",
    "InstitutionAddress": "Cooper_60_St._Lucia_QLD_AU_4072",
    "InstitutionName": "St_Lucia_Campus",
    "InstitutionalDepartmentName": "Gehrmann_Labs_MRI",
    "MRAcquisitionType": "3D",
    "MagneticFieldStrength": 3,
    "Manufacturer": "Siemens",
    "ManufacturersModelName": "Prisma_fit",
    "Modality": "MR",
    "ParallelReductionFactorInPlane": 2,
    "PartialFourier": 1,
    "PatientPosition": "HFS",
    "PercentPhaseFOV": 100,
    "PhaseEncodingSteps": 233,
    "PhaseResolution": 1,
    "PixelBandwidth": 750,
    "ProcedureStepDescription": "Research_16092_QTAB",
    "ProtocolName": "t2_spc_sag_p2_iso",
    "PulseSequenceDetails": "%SiemensSeq%_tse_vfl",
    "ReceiveCoilActiveElements": "HC1-7;NC1",
    "ReceiveCoilName": "HeadNeck_64",
    "ReconMatrixPE": 256,
    "RepetitionTime": 3.2,
    "SAR": 0.187238,
    "ScanOptions": "PFP",
    "ScanningSequence": "SE",
    "SequenceName": "_spcR_282ns",
    "SequenceVariant": "SK_SP",
    "SeriesDescription": "t2_spc_sag_p2_iso",
    "SeriesNumber": 19,
    "ShimSetting": [
      3045,
      -4172,
      -1048,
      3,
      -5,
      36,
      -4,
      -10
    ],
    "SliceThickness": 1,
    "SoftwareVersions": "syngo_MR_E11",
    "StationName": "mrc_Trio",
    "TxRefAmp": 214.008,
    "dataset": "ds004146",
    "modality": "T2w",
    "session_id": "01",
    "subject_id": "0381"
  },
  "cjv": 1.3115148140291897,
  "cnr": 1.0422610337895502,
  "efc": 0.6349727461774519,
  "fber": -1.0,
  "fwhm_avg": 4.504566715187275,
  "fwhm_x": 4.65643777754532,
  "fwhm_y": 4.809524928332494,
  "fwhm_z": 4.047737439684012,
  "icvs_csf": 0.49454216887905555,
  "icvs_gm": 0.10351183084383768,
  "icvs_wm": 0.40194600027710675,
  "inu_med": 1.0426117181777954,
  "inu_range": 0.36906561255455017,
  "provenance": {
    "md5sum": "b31f864414083c2bf7232246bede7ce4",
    "settings": {
      "testing": false
    },
    "software": "mriqc",
    "version": "23.0.1",
    "warnings": {
      "large_rot_frame": true,
      "small_air_mask": false
    },
    "webapi_port": null,
    "webapi_url": "https://mriqc.nimh.nih.gov/api/v1"
  },
  "qi_1": 0.18065904490758247,
  "qi_2": 0.010196388293598601,
  "rpve_csf": 9.396090053957607,
  "rpve_gm": 37.30727615391966,
  "rpve_wm": 11.503073747163425,
  "size_x": 192,
  "size_y": 300,
  "size_z": 320,
  "snr_csf": 18.989481697940274,
  "snr_gm": 1.5697593668216074,
  "snr_total": 11.752268298431204,
  "snr_wm": 14.697563830531731,
  "snrd_csf": 148.46216055476987,
  "snrd_gm": 304.2525511855894,
  "snrd_total": 184.94187285822545,
  "snrd_wm": 102.1109068343171,
  "spacing_x": 0.7999999523162842,
  "spacing_y": 0.800000011920929,
  "spacing_z": 0.800000011920929,
  "summary_bg_k": 11.7897899880518,
  "summary_bg_mad": 0.0,
  "summary_bg_mean": 2.2050481994033,
  "summary_bg_median": 0.0,
  "summary_bg_n": 831066.0,
  "summary_bg_p05": 0.0,
  "summary_bg_p95": 16.327164620161057,
  "summary_bg_stdv": 6.415430608716539,
  "summary_csf_k": 0.15084351246447136,
  "summary_csf_mad": 76.65451987789703,
  "summary_csf_mean": 1457.2503443594321,
  "summary_csf_median": 1453.8173868209124,
  "summary_csf_n": 314696.0,
  "summary_csf_p05": 1338.516505241394,
  "summary_csf_p95": 1587.7778851091862,
  "summary_csf_stdv": 76.55896564575055,
  "summary_gm_k": -1.687163121044181,
  "summary_gm_mad": 2523.6051183260147,
  "summary_gm_mean": 2504.116091626467,
  "summary_gm_median": 2979.39654956758,
  "summary_gm_n": 68815.0,
  "summary_gm_p05": 67.79660737514496,
  "summary_gm_p95": 4811.1489231437445,
  "summary_gm_stdv": 1897.9819229554923,
  "summary_wm_k": -0.36572018967333975,
  "summary_wm_mad": 72.50480150856727,
  "summary_wm_mean": 1000.468766865161,
  "summary_wm_median": 999.922210380435,
  "summary_wm_n": 442841.0,
  "summary_wm_p05": 890.2192138135433,
  "summary_wm_p95": 1111.7244138270617,
  "summary_wm_stdv": 68.03311711543952,
  "tpm_overlap_csf": 0.10337364625005359,
  "tpm_overlap_gm": 0.07302481809887645,
  "tpm_overlap_wm": 0.4644835498722331,
  "wm2max": 0.21455740370226353
}