{
  "aor": 0.001686726403823178,
  "aqi": 0.032528345758661883,
  "bids_meta": {
    "AcquisitionMatrixPE": 90,
    "AcquisitionNumber": 1,
    "AcquisitionTime": "09:50:48.715000",
    "BandwidthPerPixelPhaseEncode": 21.368,
    "BaseResolution": 90,
    "BodyPartExamined": "BRAIN",
    "CoilString": "HC1-7;NC1_2",
    "ConsistencyInfo": "N4_VE11C_LATEST_20160120",
    "ConversionSoftware": "dcm2niix",
    "ConversionSoftwareVersion": "v1.0.20190410  GCC6.3.0",
    "DelayTime": 0.001,
    "DerivedVendorReportedEchoSpacing": 0.000519988,
    "DeviceSerialNumber": "167001",
    "DwellTime": 2.2e-06,
    "EchoTime": 0.03,
    "EchoTrainLength": 90,
    "EffectiveEchoSpacing": 0.000519988,
    "FlipAngle": 52,
    "ImageOrientationPatientDICOM": [
      0.99839,
      0.0217582,
      0.0523742,
      -0.00888701,
      0.972092,
      -0.234432
    ],
    "ImageType": [
      "ORIGINAL",
      "PRIMARY",
      "M",
      "ND",
      "NORM",
      "MOSAIC"
    ],
    "ImagingFrequency": 123.229,
    "InPlanePhaseEncodingDirectionDICOM": "COL",
    "InstitutionAddress": "Cooper_60_St._Lucia_QLD_AU_4072",
    "InstitutionName": "St_Lucia_Campus",
    "InstitutionalDepartmentName": "Gehrmann_Labs_MRI",
    "MRAcquisitionType": "2D",
    "MagneticFieldStrength": 3,
    "Manufacturer": "Siemens",
    "ManufacturersModelName": "Prisma_fit",
    "Modality": "MR",
    "MultibandAccelerationFactor": 6,
    "PartialFourier": 1,
    "PatientPosition": "HFS",
    "PercentPhaseFOV": 100,
    "PhaseEncodingDirection": "j-",
    "PhaseEncodingSteps": 90,
    "PhaseResolution": 1,
    "PixelBandwidth": 2525,
    "ProcedureStepDescription": "Research_16092_QTAB",
    "ProtocolName": "EMOT_TASK_mb6_2.4",
    "PulseSequenceDetails": "%SiemensSeq%_ep2d_bold",
    "ReceiveCoilActiveElements": "HC1-7;NC1,2",
    "ReceiveCoilName": "HeadNeck_64",
    "ReconMatrixPE": 90,
    "RefLinesPE": 12,
    "RepetitionTime": 0.8,
    "SAR": 0.057235,
    "ScanOptions": "FS",
    "ScanningSequence": "EP",
    "SequenceName": "_epfid2d1_90",
    "SequenceVariant": "SK",
    "SeriesDescription": "EMOT_TASK_mb6_2.4",
    "SeriesNumber": 20,
    "ShimSetting": [
      3053,
      -4194,
      -790,
      494,
      12,
      -81,
      -154,
      31
    ],
    "SliceThickness": 2.4,
    "SliceTiming": [
      0.545,
      0,
      0.3875,
      0.0775,
      0.4675,
      0.2325,
      0.6225,
      0.31,
      0.7,
      0.155,
      0.545,
      0,
      0.3875,
      0.0775,
      0.4675,
      0.2325,
      0.6225,
      0.31,
      0.7,
      0.155,
      0.545,
      0,
      0.3875,
      0.0775,
      0.4675,
      0.2325,
      0.6225,
      0.31,
      0.7,
      0.155,
      0.545,
      0,
      0.3875,
      0.0775,
      0.4675,
      0.2325,
      0.6225,
      0.31,
      0.7,
      0.155,
      0.545,
      0,
      0.3875,
      0.0775,
      0.4675,
      0.2325,
      0.6225,
      0.31,
      0.7,
      0.155,
      0.545,
      0,
      0.3875,
      0.0775,
      0.4675,
      0.2325,
      0.6225,
      0.31,
      0.7,
      0.155
    ],
    "SoftwareVersions": "syngo_MR_E11",
    "SpacingBetweenSlices": 2.4,
    "StationName": "mrc_Trio",
    "TaskName": "emotionalconflict",
    "TotalReadoutTime": 0.046279,
    "TxRefAmp": 214.956,
    "dataset": "ds004146",
    "modality": "bold",
    "session_id": "02",
    "subject_id": "0382",
    "task_id": "emotionalconflict"
  },
  "dummy_trs": 0,
  "dvars_nstd": 32.759772549569405,
  "dvars_std": 1.0337292160406706,
  "dvars_vstd": 0.9409182717105264,
  "efc": 0.46844685180906936,
  "fber": 6798.7216796875,
  "fd_mean": 0.20443199653577412,
  "fd_num": 162,
  "fd_perc": 19.35483870967742,
  "fwhm_avg": 1.8974041534710857,
  "fwhm_x": 1.7742332628316377,
  "fwhm_y": 2.0395874189540777,
  "fwhm_z": 1.8783917786275415,
  "gcor": 0.0155277,
  "gsr_x": -0.01709790714085102,
  "gsr_y": 0.02731865830719471,
  "provenance": {
    "md5sum": "868d4e254fc6c27d590c9d6bc0171e2d",
    "settings": {
      "fd_thres": 0.2,
      "testing": false
    },
    "software": "mriqc",
    "version": "23.0.1",
    "webapi_port": null,
    "webapi_url": "https://mriqc.nimh.nih.gov/api/v1"
  },
  "size_t": 837,
  "size_x": 90,
  "size_y": 90,
  "size_z": 60,
  "snr": 7.215782987371615,
  "spacing_tr": 0.800000011920929,
  "spacing_x": 2.4000000953674316,
  "spacing_y": 2.4000000953674316,
  "spacing_z": 2.3999998569488525,
  "summary_bg_k": 31.14430301859057,
  "summary_bg_mad": 5.875497890214001,
  "summary_bg_mean": 22.427587509155273,
  "summary_bg_median": 7.403822898864746,
  "summary_bg_n": 337440.0,
  "summary_bg_p05": 2.0083632469177246,
  "summary_bg_p95": 92.89485931396484,
  "summary_bg_stdv": 44.84423828125,
  "summary_fg_k": 1.7795246358412218,
  "summary_fg_mad": 79.18990725387755,
  "summary_fg_mean": 604.6240844726562,
  "summary_fg_median": 604.8046875,
  "summary_fg_n": 79594.0,
  "summary_fg_p05": 473.25184631347656,
  "summary_fg_p95": 735.3811431884766,
  "summary_fg_stdv": 83.81639099121094,
  "tsnr": 31.55338068329729
}