{
  "aor": 0.000572361963190184,
  "aqi": 0.007295579355828219,
  "bids_meta": {
    "AcquisitionMatrixPE": 104,
    "AcquisitionNumber": 1,
    "AcquisitionTime": "11:09:55.987500",
    "BandwidthPerPixelPhaseEncode": 17.17,
    "BaseResolution": 104,
    "BodyPartExamined": "BRAIN",
    "ConsistencyInfo": "N4_VE11C_LATEST_20160120",
    "ConversionSoftware": "dcm2niix",
    "ConversionSoftwareVersion": "v1.0.20171215 GCC6.3.0",
    "DerivedVendorReportedEchoSpacing": 0.000560011,
    "DeviceSerialNumber": "167001",
    "DwellTime": 2.1e-06,
    "EchoTime": 0.03,
    "EchoTrainLength": 91,
    "EffectiveEchoSpacing": 0.000560011,
    "FlipAngle": 52,
    "ImageOrientationPatientDICOM": [
      0.999976,
      0.00687274,
      -0.00122706,
      -0.00698128,
      0.983267,
      -0.182035
    ],
    "ImageType": [
      "ORIGINAL",
      "PRIMARY",
      "M",
      "ND",
      "MOSAIC"
    ],
    "InPlanePhaseEncodingDirectionDICOM": "COL",
    "InstitutionAddress": "Cooper_60_St._Lucia_QLD_AU_4072",
    "InstitutionName": "St_Lucia_Campus",
    "InstitutionalDepartmentName": "Gehrmann_Labs_MRI",
    "MRAcquisitionType": "2D",
    "MagneticFieldStrength": 3,
    "Manufacturer": "Siemens",
    "ManufacturersModelName": "Prisma_fit",
    "Modality": "MR",
    "MultibandAccelerationFactor": 6,
    "PartialFourier": 0.875,
    "PatientPosition": "HFS",
    "PercentPhaseFOV": 100,
    "PhaseEncodingDirection": "j",
    "PhaseEncodingSteps": 91,
    "PhaseResolution": 1,
    "PixelBandwidth": 2290,
    "ProcedureStepDescription": "Research_16092_QTAB",
    "ProtocolName": "ep2d_REST_SMS6_P-A",
    "PulseSequenceDetails": "%SiemensSeq%_ep2d_bold",
    "ReceiveCoilActiveElements": "HC1-7;NC1,2",
    "ReceiveCoilName": "HeadNeck_64",
    "ReconMatrixPE": 104,
    "RepetitionTime": 0.93,
    "SAR": 0.0635198,
    "ScanOptions": "PFP_FS",
    "ScanningSequence": "EP",
    "SequenceName": "_epfid2d1_104",
    "SequenceVariant": "SK",
    "SeriesDescription": "ep2d_REST_SMS6_P-A",
    "SeriesNumber": 10,
    "ShimSetting": [
      3067,
      -4188,
      -743,
      454,
      -20,
      62,
      -56,
      -4
    ],
    "SliceThickness": 2,
    "SliceTiming": [
      0.6825,
      0,
      0.455,
      0.0775,
      0.5325,
      0.1525,
      0.6075,
      0.305,
      0.76,
      0.38,
      0.835,
      0.2275,
      0.6825,
      0,
      0.455,
      0.0775,
      0.5325,
      0.1525,
      0.6075,
      0.305,
      0.76,
      0.38,
      0.835,
      0.2275,
      0.6825,
      0,
      0.455,
      0.0775,
      0.5325,
      0.1525,
      0.6075,
      0.305,
      0.76,
      0.38,
      0.835,
      0.2275,
      0.6825,
      0,
      0.455,
      0.0775,
      0.5325,
      0.1525,
      0.6075,
      0.305,
      0.76,
      0.38,
      0.835,
      0.2275,
      0.6825,
      0,
      0.455,
      0.0775,
      0.5325,
      0.1525,
      0.6075,
      0.305,
      0.76,
      0.38,
      0.835,
      0.2275,
      0.6825,
      0,
      0.455,
      0.0775,
      0.5325,
      0.1525,
      0.6075,
      0.305,
      0.76,
      0.38,
      0.835,
      0.2275
    ],
    "SoftwareVersions": "syngo_MR_E11",
    "SpacingBetweenSlices": 2,
    "StationName": "mrc_Trio",
    "TaskName": "rest",
    "TotalReadoutTime": 0.0576811,
    "TxRefAmp": 213.266,
    "dataset": "ds004146",
    "modality": "bold",
    "session_id": "01",
    "subject_id": "0022",
    "task_id": "rest"
  },
  "dummy_trs": 1,
  "dvars_nstd": 42.20995443504616,
  "dvars_std": 1.1255462296615384,
  "dvars_vstd": 0.9921007216923079,
  "efc": 0.5274864647957364,
  "fber": 896.2293701171875,
  "fd_mean": 0.17824042683300842,
  "fd_num": 121,
  "fd_perc": 37.11656441717791,
  "fwhm_avg": 3.0670100000000002,
  "fwhm_x": 2.92998,
  "fwhm_y": 3.143815,
  "fwhm_z": 3.127235,
  "gcor": 0.00532525,
  "gsr_x": -0.0204988531768322,
  "gsr_y": 0.06384855508804321,
  "provenance": {
    "md5sum": "ae10fbb0a8cb44a5231d05bac34c9619",
    "settings": {
      "fd_thres": 0.2,
      "testing": false
    },
    "software": "mriqc",
    "version": "23.0.1",
    "webapi_port": null,
    "webapi_url": "https://mriqc.nimh.nih.gov/api/v1"
  },
  "size_t": 326,
  "size_x": 104,
  "size_y": 104,
  "size_z": 72,
  "snr": 2.633425721140566,
  "spacing_tr": 0.9300000071525574,
  "spacing_x": 2.0,
  "spacing_y": 2.0,
  "spacing_z": 2.0,
  "summary_bg_k": 44.01560658671517,
  "summary_bg_mad": 7.303863564587698,
  "summary_bg_mean": 43.12972640991211,
  "summary_bg_median": 20.33742332458496,
  "summary_bg_n": 509807.0,
  "summary_bg_p05": 14.714723587036133,
  "summary_bg_p95": 161.43588409423785,
  "summary_bg_stdv": 65.8393783569336,
  "summary_fg_k": 0.556989007579495,
  "summary_fg_mad": 235.26304192146105,
  "summary_fg_mean": 643.6614379882812,
  "summary_fg_median": 612.9877319335938,
  "summary_fg_n": 166554.0,
  "summary_fg_p05": 329.0061340332031,
  "summary_fg_p95": 1063.958251953125,
  "summary_fg_stdv": 232.7712860107422,
  "tsnr": 35.39425397850573
}