{
  "aor": 0.002291055900621118,
  "aqi": 0.007048370590062113,
  "bids_meta": {
    "AcquisitionMatrixPE": 104,
    "AcquisitionNumber": 1,
    "AcquisitionTime": "15:58:3.227500",
    "BandwidthPerPixelPhaseEncode": 17.17,
    "BaseResolution": 104,
    "BodyPartExamined": "BRAIN",
    "ConsistencyInfo": "N4_VE11C_LATEST_20160120",
    "ConversionSoftware": "dcm2niix",
    "ConversionSoftwareVersion": "v1.0.20171215 GCC6.3.0",
    "DerivedVendorReportedEchoSpacing": 0.000560011,
    "DeviceSerialNumber": "167001",
    "DwellTime": 2.1e-06,
    "EchoTime": 0.03,
    "EchoTrainLength": 91,
    "EffectiveEchoSpacing": 0.000560011,
    "FlipAngle": 52,
    "ImageOrientationPatientDICOM": [
      0.999398,
      0.0346191,
      -0.00207681,
      -0.0345505,
      0.988644,
      -0.146252
    ],
    "ImageType": [
      "ORIGINAL",
      "PRIMARY",
      "M",
      "ND",
      "MOSAIC"
    ],
    "InPlanePhaseEncodingDirectionDICOM": "COL",
    "InstitutionAddress": "Cooper_60_St._Lucia_QLD_AU_4072",
    "InstitutionName": "St_Lucia_Campus",
    "InstitutionalDepartmentName": "Gehrmann_Labs_MRI",
    "MRAcquisitionType": "2D",
    "MagneticFieldStrength": 3,
    "Manufacturer": "Siemens",
    "ManufacturersModelName": "Prisma_fit",
    "Modality": "MR",
    "MultibandAccelerationFactor": 6,
    "PartialFourier": 0.875,
    "PatientPosition": "HFS",
    "PercentPhaseFOV": 100,
    "PhaseEncodingDirection": "j-",
    "PhaseEncodingSteps": 91,
    "PhaseResolution": 1,
    "PixelBandwidth": 2290,
    "ProcedureStepDescription": "Research_16092_QTAB",
    "ProtocolName": "ep2d_REST_SMS6_A-P",
    "PulseSequenceDetails": "%SiemensSeq%_ep2d_bold",
    "ReceiveCoilActiveElements": "HC1-7;NC1,2",
    "ReceiveCoilName": "HeadNeck_64",
    "ReconMatrixPE": 104,
    "RepetitionTime": 0.93,
    "SAR": 0.0737115,
    "ScanOptions": "PFP_FS",
    "ScanningSequence": "EP",
    "SequenceName": "_epfid2d1_104",
    "SequenceVariant": "SK",
    "SeriesDescription": "ep2d_REST_SMS6_A-P",
    "SeriesNumber": 9,
    "ShimSetting": [
      3042,
      -4203,
      -736,
      421,
      10,
      85,
      -98,
      60
    ],
    "SliceThickness": 2,
    "SliceTiming": [
      0.6825,
      0,
      0.455,
      0.075,
      0.53,
      0.15,
      0.605,
      0.3025,
      0.7575,
      0.3775,
      0.8325,
      0.2275,
      0.6825,
      0,
      0.455,
      0.075,
      0.53,
      0.15,
      0.605,
      0.3025,
      0.7575,
      0.3775,
      0.8325,
      0.2275,
      0.6825,
      0,
      0.455,
      0.075,
      0.53,
      0.15,
      0.605,
      0.3025,
      0.7575,
      0.3775,
      0.8325,
      0.2275,
      0.6825,
      0,
      0.455,
      0.075,
      0.53,
      0.15,
      0.605,
      0.3025,
      0.7575,
      0.3775,
      0.8325,
      0.2275,
      0.6825,
      0,
      0.455,
      0.075,
      0.53,
      0.15,
      0.605,
      0.3025,
      0.7575,
      0.3775,
      0.8325,
      0.2275,
      0.6825,
      0,
      0.455,
      0.075,
      0.53,
      0.15,
      0.605,
      0.3025,
      0.7575,
      0.3775,
      0.8325,
      0.2275
    ],
    "SoftwareVersions": "syngo_MR_E11",
    "SpacingBetweenSlices": 2,
    "StationName": "mrc_Trio",
    "TaskName": "rest",
    "TotalReadoutTime": 0.0576811,
    "TxRefAmp": 209.355,
    "dataset": "ds004146",
    "modality": "bold",
    "session_id": "01",
    "subject_id": "0148",
    "task_id": "rest"
  },
  "dummy_trs": 5,
  "dvars_nstd": 45.95588881361374,
  "dvars_std": 1.1846019362305287,
  "dvars_vstd": 1.0305575268535832,
  "efc": 0.5107326021231913,
  "fber": 803.3187866210938,
  "fd_mean": 0.29599038252358506,
  "fd_num": 223,
  "fd_perc": 69.25465838509317,
  "fwhm_avg": 3.47213,
  "fwhm_x": 3.20724,
  "fwhm_y": 3.609345,
  "fwhm_z": 3.599805,
  "gcor": 0.00623379,
  "gsr_x": -0.0013918208424001932,
  "gsr_y": 0.03281903266906738,
  "provenance": {
    "md5sum": "d158964c8021d55a6b8bd232014c9b81",
    "settings": {
      "fd_thres": 0.2,
      "testing": false
    },
    "software": "mriqc",
    "version": "23.0.1",
    "webapi_port": null,
    "webapi_url": "https://mriqc.nimh.nih.gov/api/v1"
  },
  "size_t": 322,
  "size_x": 104,
  "size_y": 104,
  "size_z": 72,
  "snr": 2.29433969652885,
  "spacing_tr": 0.9300000071525574,
  "spacing_x": 2.0,
  "spacing_y": 2.0,
  "spacing_z": 2.0,
  "summary_bg_k": 56.5441481341414,
  "summary_bg_mad": 8.66079094827956,
  "summary_bg_mean": 36.742713928222656,
  "summary_bg_median": 21.60869598388672,
  "summary_bg_n": 506004.0,
  "summary_bg_p05": 14.829193115234375,
  "summary_bg_p95": 103.06475028991692,
  "summary_bg_stdv": 49.67796325683594,
  "summary_fg_k": 2.533647259832353,
  "summary_fg_mad": 225.91730445970714,
  "summary_fg_mean": 668.3040771484375,
  "summary_fg_median": 617.8944091796875,
  "summary_fg_n": 171628.0,
  "summary_fg_p05": 339.74145965576173,
  "summary_fg_p95": 1182.9062377929686,
  "summary_fg_stdv": 269.3117370605469,
  "tsnr": 35.89008074719459
}