{
  "aor": 0.00031335384615384615,
  "aqi": 0.004810664707692308,
  "bids_meta": {
    "AcquisitionMatrixPE": 104,
    "AcquisitionNumber": 1,
    "AcquisitionTime": "11:12:9.572500",
    "BandwidthPerPixelPhaseEncode": 17.17,
    "BaseResolution": 104,
    "BodyPartExamined": "BRAIN",
    "ConsistencyInfo": "N4_VE11C_LATEST_20160120",
    "ConversionSoftware": "dcm2niix",
    "ConversionSoftwareVersion": "v1.0.20171215 GCC6.3.0",
    "DerivedVendorReportedEchoSpacing": 0.000560011,
    "DeviceSerialNumber": "167001",
    "DwellTime": 2.1e-06,
    "EchoTime": 0.03,
    "EchoTrainLength": 91,
    "EffectiveEchoSpacing": 0.000560011,
    "FlipAngle": 52,
    "ImageOrientationPatientDICOM": [
      0.998606,
      0.0363776,
      -0.0382405,
      -0.0476171,
      0.933476,
      -0.355466
    ],
    "ImageType": [
      "ORIGINAL",
      "PRIMARY",
      "M",
      "ND",
      "MOSAIC"
    ],
    "InPlanePhaseEncodingDirectionDICOM": "COL",
    "InstitutionAddress": "Cooper_60_St._Lucia_QLD_AU_4072",
    "InstitutionName": "St_Lucia_Campus",
    "InstitutionalDepartmentName": "Gehrmann_Labs_MRI",
    "MRAcquisitionType": "2D",
    "MagneticFieldStrength": 3,
    "Manufacturer": "Siemens",
    "ManufacturersModelName": "Prisma_fit",
    "Modality": "MR",
    "MultibandAccelerationFactor": 6,
    "PartialFourier": 0.875,
    "PatientPosition": "HFS",
    "PercentPhaseFOV": 100,
    "PhaseEncodingDirection": "j",
    "PhaseEncodingSteps": 91,
    "PhaseResolution": 1,
    "PixelBandwidth": 2290,
    "ProcedureStepDescription": "Research_16092_QTAB",
    "ProtocolName": "ep2d_REST_SMS6_P-A",
    "PulseSequenceDetails": "%SiemensSeq%_ep2d_bold",
    "ReceiveCoilActiveElements": "HC1-7;NC1,2",
    "ReceiveCoilName": "HeadNeck_64",
    "ReconMatrixPE": 104,
    "RepetitionTime": 0.93,
    "SAR": 0.0674479,
    "ScanOptions": "PFP_FS",
    "ScanningSequence": "EP",
    "SequenceName": "_epfid2d1_104",
    "SequenceVariant": "SK",
    "SeriesDescription": "ep2d_REST_SMS6_P-A",
    "SeriesNumber": 10,
    "ShimSetting": [
      3054,
      -4117,
      -773,
      523,
      -5,
      96,
      -115,
      9
    ],
    "SliceThickness": 2,
    "SliceTiming": [
      0.6825,
      0,
      0.455,
      0.075,
      0.53,
      0.1525,
      0.6075,
      0.3025,
      0.7575,
      0.38,
      0.835,
      0.2275,
      0.6825,
      0,
      0.455,
      0.075,
      0.53,
      0.1525,
      0.6075,
      0.3025,
      0.7575,
      0.38,
      0.835,
      0.2275,
      0.6825,
      0,
      0.455,
      0.075,
      0.53,
      0.1525,
      0.6075,
      0.3025,
      0.7575,
      0.38,
      0.835,
      0.2275,
      0.6825,
      0,
      0.455,
      0.075,
      0.53,
      0.1525,
      0.6075,
      0.3025,
      0.7575,
      0.38,
      0.835,
      0.2275,
      0.6825,
      0,
      0.455,
      0.075,
      0.53,
      0.1525,
      0.6075,
      0.3025,
      0.7575,
      0.38,
      0.835,
      0.2275,
      0.6825,
      0,
      0.455,
      0.075,
      0.53,
      0.1525,
      0.6075,
      0.3025,
      0.7575,
      0.38,
      0.835,
      0.2275
    ],
    "SoftwareVersions": "syngo_MR_E11",
    "SpacingBetweenSlices": 2,
    "StationName": "mrc_Trio",
    "TaskName": "rest",
    "TotalReadoutTime": 0.0576811,
    "TxRefAmp": 208.96,
    "dataset": "ds004146",
    "modality": "bold",
    "session_id": "01",
    "subject_id": "0416",
    "task_id": "rest"
  },
  "dummy_trs": 2,
  "dvars_nstd": 38.37487131271609,
  "dvars_std": 1.0904420479320989,
  "dvars_vstd": 0.9897047895061729,
  "efc": 0.5308282557317575,
  "fber": 959.64111328125,
  "fd_mean": 0.1273899302315645,
  "fd_num": 35,
  "fd_perc": 10.76923076923077,
  "fwhm_avg": 3.140955,
  "fwhm_x": 2.942565,
  "fwhm_y": 3.17056,
  "fwhm_z": 3.30974,
  "gcor": 0.00238925,
  "gsr_x": -0.022743862122297287,
  "gsr_y": 0.06142958253622055,
  "provenance": {
    "md5sum": "4802e12a926fab8ce9936bb9c03396d2",
    "settings": {
      "fd_thres": 0.2,
      "testing": false
    },
    "software": "mriqc",
    "version": "23.0.1",
    "webapi_port": null,
    "webapi_url": "https://mriqc.nimh.nih.gov/api/v1"
  },
  "size_t": 325,
  "size_x": 104,
  "size_y": 104,
  "size_z": 72,
  "snr": 2.5603330230061574,
  "spacing_tr": 0.9300000071525574,
  "spacing_x": 2.0,
  "spacing_y": 2.0,
  "spacing_z": 2.0,
  "summary_bg_k": 49.51011148237356,
  "summary_bg_mad": 5.378425951194841,
  "summary_bg_mean": 36.08639144897461,
  "summary_bg_median": 18.34153938293457,
  "summary_bg_n": 497741.0,
  "summary_bg_p05": 14.329230308532715,
  "summary_bg_p95": 123.95999908447266,
  "summary_bg_stdv": 49.056880950927734,
  "summary_fg_k": 0.7903320054346277,
  "summary_fg_mad": 223.3620009870072,
  "summary_fg_mean": 609.6422729492188,
  "summary_fg_median": 573.1461181640625,
  "summary_fg_n": 178194.0,
  "summary_fg_p05": 319.9863052368164,
  "summary_fg_p95": 1019.7479888916017,
  "summary_fg_stdv": 223.85545349121094,
  "tsnr": 39.23410292668268
}