{
  "aor": 0.0005884049079754602,
  "aqi": 0.007572022147239264,
  "bids_meta": {
    "AcquisitionMatrixPE": 104,
    "AcquisitionNumber": 1,
    "AcquisitionTime": "13:16:45.520000",
    "BandwidthPerPixelPhaseEncode": 17.17,
    "BaseResolution": 104,
    "BodyPartExamined": "BRAIN",
    "ConsistencyInfo": "N4_VE11C_LATEST_20160120",
    "ConversionSoftware": "dcm2niix",
    "ConversionSoftwareVersion": "v1.0.20171215 GCC6.3.0",
    "DerivedVendorReportedEchoSpacing": 0.000560011,
    "DeviceSerialNumber": "167001",
    "DwellTime": 2.1e-06,
    "EchoTime": 0.03,
    "EchoTrainLength": 91,
    "EffectiveEchoSpacing": 0.000560011,
    "FlipAngle": 52,
    "ImageOrientationPatientDICOM": [
      0.991254,
      0.119517,
      -0.0559635,
      -0.128565,
      0.970261,
      -0.205097
    ],
    "ImageType": [
      "ORIGINAL",
      "PRIMARY",
      "M",
      "ND",
      "MOSAIC"
    ],
    "InPlanePhaseEncodingDirectionDICOM": "COL",
    "InstitutionAddress": "Cooper_60_St._Lucia_QLD_AU_4072",
    "InstitutionName": "St_Lucia_Campus",
    "InstitutionalDepartmentName": "Gehrmann_Labs_MRI",
    "MRAcquisitionType": "2D",
    "MagneticFieldStrength": 3,
    "Manufacturer": "Siemens",
    "ManufacturersModelName": "Prisma_fit",
    "Modality": "MR",
    "MultibandAccelerationFactor": 6,
    "PartialFourier": 0.875,
    "PatientPosition": "HFS",
    "PercentPhaseFOV": 100,
    "PhaseEncodingDirection": "j-",
    "PhaseEncodingSteps": 91,
    "PhaseResolution": 1,
    "PixelBandwidth": 2290,
    "ProcedureStepDescription": "Research_16092_QTAB",
    "ProtocolName": "ep2d_REST_SMS6_A-P",
    "PulseSequenceDetails": "%SiemensSeq%_ep2d_bold",
    "ReceiveCoilActiveElements": "HC1-7;NC1,2",
    "ReceiveCoilName": "HeadNeck_64",
    "ReconMatrixPE": 104,
    "RepetitionTime": 0.93,
    "SAR": 0.0728851,
    "ScanOptions": "PFP_FS",
    "ScanningSequence": "EP",
    "SequenceName": "_epfid2d1_104",
    "SequenceVariant": "SK",
    "SeriesDescription": "ep2d_REST_SMS6_A-P",
    "SeriesNumber": 9,
    "ShimSetting": [
      3033,
      -4182,
      -780,
      296,
      5,
      12,
      -64,
      30
    ],
    "SliceThickness": 2,
    "SliceTiming": [
      0.6825,
      0,
      0.455,
      0.075,
      0.53,
      0.1525,
      0.6075,
      0.3025,
      0.7575,
      0.38,
      0.835,
      0.2275,
      0.6825,
      0,
      0.455,
      0.075,
      0.53,
      0.1525,
      0.6075,
      0.3025,
      0.7575,
      0.38,
      0.835,
      0.2275,
      0.6825,
      0,
      0.455,
      0.075,
      0.53,
      0.1525,
      0.6075,
      0.3025,
      0.7575,
      0.38,
      0.835,
      0.2275,
      0.6825,
      0,
      0.455,
      0.075,
      0.53,
      0.1525,
      0.6075,
      0.3025,
      0.7575,
      0.38,
      0.835,
      0.2275,
      0.6825,
      0,
      0.455,
      0.075,
      0.53,
      0.1525,
      0.6075,
      0.3025,
      0.7575,
      0.38,
      0.835,
      0.2275,
      0.6825,
      0,
      0.455,
      0.075,
      0.53,
      0.1525,
      0.6075,
      0.3025,
      0.7575,
      0.38,
      0.835,
      0.2275
    ],
    "SoftwareVersions": "syngo_MR_E11",
    "SpacingBetweenSlices": 2,
    "StationName": "mrc_Trio",
    "TaskName": "rest",
    "TotalReadoutTime": 0.0576811,
    "TxRefAmp": 214.008,
    "dataset": "ds004146",
    "modality": "bold",
    "session_id": "01",
    "subject_id": "0381",
    "task_id": "rest"
  },
  "dummy_trs": 1,
  "dvars_nstd": 39.06312960720002,
  "dvars_std": 1.0758451271384608,
  "dvars_vstd": 0.9913350548000003,
  "efc": 0.518427286833181,
  "fber": 973.9352416992188,
  "fd_mean": 0.27142201774203106,
  "fd_num": 228,
  "fd_perc": 69.93865030674847,
  "fwhm_avg": 3.1626483333333333,
  "fwhm_x": 2.95934,
  "fwhm_y": 3.263955,
  "fwhm_z": 3.26465,
  "gcor": 0.0118269,
  "gsr_x": -0.01266378816217184,
  "gsr_y": 0.050254952162504196,
  "provenance": {
    "md5sum": "2eb1c6b19bac382e8e0c830f9cea947a",
    "settings": {
      "fd_thres": 0.2,
      "testing": false
    },
    "software": "mriqc",
    "version": "23.0.1",
    "webapi_port": null,
    "webapi_url": "https://mriqc.nimh.nih.gov/api/v1"
  },
  "size_t": 326,
  "size_x": 104,
  "size_y": 104,
  "size_z": 72,
  "snr": 2.8017961363177153,
  "spacing_tr": 0.9300000071525574,
  "spacing_x": 2.0,
  "spacing_y": 2.0,
  "spacing_z": 2.0,
  "summary_bg_k": 43.08171094453957,
  "summary_bg_mad": 6.562559627495583,
  "summary_bg_mean": 37.25123977661133,
  "summary_bg_median": 19.245397567749023,
  "summary_bg_n": 515737.0,
  "summary_bg_p05": 14.37116527557373,
  "summary_bg_p95": 119.6472396850586,
  "summary_bg_stdv": 54.996639251708984,
  "summary_fg_k": 0.3904970736150699,
  "summary_fg_mad": 215.66862659348521,
  "summary_fg_mean": 640.88330078125,
  "summary_fg_median": 610.211669921875,
  "summary_fg_n": 162149.0,
  "summary_fg_p05": 345.02085571289064,
  "summary_fg_p95": 1043.2717529296876,
  "summary_fg_stdv": 217.7923583984375,
  "tsnr": 36.60484594409354
}