{
  "bids_meta": {
    "AcquisitionMatrixPE": 256,
    "AcquisitionNumber": 1,
    "AcquisitionTime": "14:54:57.995000",
    "BaseResolution": 256,
    "BodyPartExamined": "BRAIN",
    "CoilString": "HC1-7;NC1_2",
    "ConsistencyInfo": "N4_VE11C_LATEST_20160120",
    "ConversionSoftware": "dcm2niix",
    "ConversionSoftwareVersion": "v1.0.20181125  (JP2:OpenJPEG) GCC6.3.0",
    "DeviceSerialNumber": "167001",
    "DwellTime": 2.6e-06,
    "EchoTime": 0.408,
    "EchoTrainLength": 259,
    "FlipAngle": 120,
    "ImageOrientationPatientDICOM": [
      0.0744991,
      0.996327,
      0.0422128,
      0.132695,
      0.0320497,
      -0.990639
    ],
    "ImageType": [
      "ORIGINAL",
      "PRIMARY",
      "M",
      "ND",
      "NORM"
    ],
    "ImagingFrequency": 123.229,
    "InPlanePhaseEncodingDirectionDICOM": "ROW",
    "InstitutionAddress": "Cooper_60_St._Lucia_QLD_AU_4072",
    "InstitutionName": "St_Lucia_Campus",
    "InstitutionalDepartmentName": "Gehrmann_Labs_MRI",
    "MRAcquisitionType": "3D",
    "MagneticFieldStrength": 3,
    "Manufacturer": "Siemens",
    "ManufacturersModelName": "Prisma_fit",
    "Modality": "MR",
    "PartialFourier": 1,
    "PatientPosition": "HFS",
    "PercentPhaseFOV": 100,
    "PhaseEncodingSteps": 233,
    "PhaseResolution": 1,
    "PixelBandwidth": 750,
    "ProcedureStepDescription": "Research_16092_QTAB",
    "ProtocolName": "t2_spc_sag_p2_iso",
    "PulseSequenceDetails": "%SiemensSeq%_tse_vfl",
    "ReceiveCoilActiveElements": "HC1-7;NC1,2",
    "ReceiveCoilName": "HeadNeck_64",
    "ReconMatrixPE": 256,
    "RepetitionTime": 3.2,
    "SAR": 0.188973,
    "ScanOptions": "PFP",
    "ScanningSequence": "SE",
    "SequenceName": "_spcR_282ns",
    "SequenceVariant": "SK_SP",
    "SeriesDescription": "t2_spc_sag_p2_iso",
    "SeriesNumber": 19,
    "ShimSetting": [
      3044,
      -4172,
      -1039,
      -11,
      -3,
      35,
      -21,
      -13
    ],
    "SliceThickness": 1,
    "SoftwareVersions": "syngo_MR_E11",
    "StationName": "mrc_Trio",
    "TxRefAmp": 214.465,
    "dataset": "ds004146",
    "modality": "T2w",
    "session_id": "01",
    "subject_id": "0009"
  },
  "cjv": 1.3728750812007642,
  "cnr": 0.998065565795492,
  "efc": 0.6270633091918055,
  "fber": 3865.058000752368,
  "fwhm_avg": 4.5062250512563375,
  "fwhm_x": 4.767587784170376,
  "fwhm_y": 4.679812430265361,
  "fwhm_z": 4.071274939333276,
  "icvs_csf": 0.3145642877956347,
  "icvs_gm": 0.52271375345238,
  "icvs_wm": 0.16272195875198522,
  "inu_med": 1.011721134185791,
  "inu_range": 0.5943959534168242,
  "provenance": {
    "md5sum": "e2b6185ad850511d913caa849936e237",
    "settings": {
      "testing": false
    },
    "software": "mriqc",
    "version": "23.0.1",
    "warnings": {
      "large_rot_frame": true,
      "small_air_mask": false
    },
    "webapi_port": null,
    "webapi_url": "https://mriqc.nimh.nih.gov/api/v1"
  },
  "qi_1": 0.05039752133541225,
  "qi_2": 0.003568201796362867,
  "rpve_csf": 12.866583109299283,
  "rpve_gm": 8.91006310254854,
  "rpve_wm": 28.81750494227983,
  "size_x": 192,
  "size_y": 300,
  "size_z": 320,
  "snr_csf": 12.942647619176265,
  "snr_gm": 9.933029857567439,
  "snr_total": 8.203067829410934,
  "snr_wm": 1.733526011489098,
  "snrd_csf": 18.638745146565515,
  "snrd_gm": 11.823976690769213,
  "snrd_total": 19.48885875274287,
  "snrd_wm": 28.003854420893884,
  "spacing_x": 0.7999999523162842,
  "spacing_y": 0.800000011920929,
  "spacing_z": 0.800000011920929,
  "summary_bg_k": 14.06803768391898,
  "summary_bg_mad": 0.0,
  "summary_bg_mean": 9.6367163914475,
  "summary_bg_median": 0.0,
  "summary_bg_n": 2233880.0,
  "summary_bg_p05": 0.0,
  "summary_bg_p95": 61.02954997867346,
  "summary_bg_stdv": 23.425376790228526,
  "summary_csf_k": 0.7581411572143453,
  "summary_csf_mad": 48.657788238870005,
  "summary_csf_mean": 669.3218601740625,
  "summary_csf_median": 666.4560661800206,
  "summary_csf_n": 63291.0,
  "summary_csf_p05": 591.2469953019172,
  "summary_csf_p95": 758.2791497502476,
  "summary_csf_stdv": 51.49261733412889,
  "summary_gm_k": 0.19034096777056986,
  "summary_gm_mad": 42.98196469571756,
  "summary_gm_mean": 424.42661326758775,
  "summary_gm_median": 422.7838800288737,
  "summary_gm_n": 329777.0,
  "summary_gm_p05": 358.14905212819576,
  "summary_gm_p95": 496.1531441323459,
  "summary_gm_stdv": 42.56337140590441,
  "summary_wm_k": -1.5601064016479023,
  "summary_wm_mad": 751.275148306494,
  "summary_wm_mean": 815.2099497671834,
  "summary_wm_median": 1001.319483069703,
  "summary_wm_n": 102848.0,
  "summary_wm_p05": 58.81248989570887,
  "summary_wm_p95": 1560.8995011597872,
  "summary_wm_stdv": 577.6173004982884,
  "tpm_overlap_csf": 0.11386537680700758,
  "tpm_overlap_gm": 0.3521474921421057,
  "tpm_overlap_wm": 0.07683342190434536,
  "wm2max": 0.6569091219428934
}