{
  "aor": 0.0017479419525065964,
  "aqi": 0.015098370712401056,
  "bids_meta": {
    "AcquisitionMatrixPE": 90,
    "AcquisitionNumber": 1,
    "AcquisitionTime": "11:52:11.447500",
    "BandwidthPerPixelPhaseEncode": 21.368,
    "BaseResolution": 90,
    "BodyPartExamined": "BRAIN",
    "CoilString": "HC1-7;NC1_2",
    "ConsistencyInfo": "N4_VE11C_LATEST_20160120",
    "ConversionSoftware": "dcm2niix",
    "ConversionSoftwareVersion": "v1.0.20190410  GCC6.3.0",
    "DerivedVendorReportedEchoSpacing": 0.000519988,
    "DeviceSerialNumber": "167001",
    "DwellTime": 2.2e-06,
    "EchoTime": 0.03,
    "EchoTrainLength": 90,
    "EffectiveEchoSpacing": 0.000519988,
    "FlipAngle": 52,
    "ImageOrientationPatientDICOM": [
      0.994129,
      0.101843,
      -0.036558,
      -0.106417,
      0.981381,
      -0.159894
    ],
    "ImageType": [
      "ORIGINAL",
      "PRIMARY",
      "M",
      "ND",
      "NORM",
      "MOSAIC"
    ],
    "ImagingFrequency": 123.229,
    "InPlanePhaseEncodingDirectionDICOM": "COL",
    "InstitutionAddress": "Cooper_60_St._Lucia_QLD_AU_4072",
    "InstitutionName": "St_Lucia_Campus",
    "InstitutionalDepartmentName": "Gehrmann_Labs_MRI",
    "MRAcquisitionType": "2D",
    "MagneticFieldStrength": 3,
    "Manufacturer": "Siemens",
    "ManufacturersModelName": "Prisma_fit",
    "Modality": "MR",
    "MultibandAccelerationFactor": 6,
    "PartialFourier": 1,
    "PatientPosition": "HFS",
    "PercentPhaseFOV": 100,
    "PhaseEncodingDirection": "j-",
    "PhaseEncodingSteps": 90,
    "PhaseResolution": 1,
    "PixelBandwidth": 2525,
    "ProcedureStepDescription": "Research_16092_QTAB",
    "ProtocolName": "PARTLY_CLOUDY_mb6_2.4",
    "PulseSequenceDetails": "%SiemensSeq%_ep2d_bold",
    "ReceiveCoilActiveElements": "HC1-7;NC1,2",
    "ReceiveCoilName": "HeadNeck_64",
    "ReconMatrixPE": 90,
    "RefLinesPE": 12,
    "RepetitionTime": 0.8,
    "SAR": 0.058794,
    "ScanOptions": "FS",
    "ScanningSequence": "EP",
    "SequenceName": "_epfid2d1_90",
    "SequenceVariant": "SK",
    "SeriesDescription": "PARTLY_CLOUDY_mb6_2.4",
    "SeriesNumber": 19,
    "ShimSetting": [
      3051,
      -4162,
      -789,
      267,
      84,
      46,
      -63,
      -18
    ],
    "SliceThickness": 2.4,
    "SliceTiming": [
      0.5475,
      0,
      0.39,
      0.08,
      0.47,
      0.235,
      0.625,
      0.3125,
      0.7025,
      0.1575,
      0.5475,
      0,
      0.39,
      0.08,
      0.47,
      0.235,
      0.625,
      0.3125,
      0.7025,
      0.1575,
      0.5475,
      0,
      0.39,
      0.08,
      0.47,
      0.235,
      0.625,
      0.3125,
      0.7025,
      0.1575,
      0.5475,
      0,
      0.39,
      0.08,
      0.47,
      0.235,
      0.625,
      0.3125,
      0.7025,
      0.1575,
      0.5475,
      0,
      0.39,
      0.08,
      0.47,
      0.235,
      0.625,
      0.3125,
      0.7025,
      0.1575,
      0.5475,
      0,
      0.39,
      0.08,
      0.47,
      0.235,
      0.625,
      0.3125,
      0.7025,
      0.1575
    ],
    "SoftwareVersions": "syngo_MR_E11",
    "SpacingBetweenSlices": 2.4,
    "StationName": "mrc_Trio",
    "TaskName": "partlycloudy",
    "TotalReadoutTime": 0.046279,
    "TxRefAmp": 214.232,
    "dataset": "ds004146",
    "modality": "bold",
    "session_id": "02",
    "subject_id": "0266",
    "task_id": "partlycloudy"
  },
  "dummy_trs": 1,
  "dvars_nstd": 42.42681398854497,
  "dvars_std": 1.3806161860846566,
  "dvars_vstd": 1.0256767657142871,
  "efc": 0.5021966817223757,
  "fber": 4835.935546875,
  "fd_mean": 0.12279391385892624,
  "fd_num": 40,
  "fd_perc": 10.554089709762533,
  "fwhm_avg": 1.8873429805592836,
  "fwhm_x": 1.8239832608547504,
  "fwhm_y": 1.933891589820719,
  "fwhm_z": 1.904154091002381,
  "gcor": 0.0346496,
  "gsr_x": -0.014697138220071793,
  "gsr_y": 0.031123803928494453,
  "provenance": {
    "md5sum": "ce5986da143e9c930a473513ca5d0df7",
    "settings": {
      "fd_thres": 0.2,
      "testing": false
    },
    "software": "mriqc",
    "version": "23.0.1",
    "webapi_port": null,
    "webapi_url": "https://mriqc.nimh.nih.gov/api/v1"
  },
  "size_t": 379,
  "size_x": 90,
  "size_y": 90,
  "size_z": 60,
  "snr": 6.814666140935817,
  "spacing_tr": 0.800000011920929,
  "spacing_x": 2.4000000953674316,
  "spacing_y": 2.4000000953674316,
  "spacing_z": 2.4000000953674316,
  "summary_bg_k": 34.47506450672852,
  "summary_bg_mad": 8.230594581208335,
  "summary_bg_mean": 28.162525177001953,
  "summary_bg_median": 9.467019081115723,
  "summary_bg_n": 321674.0,
  "summary_bg_p05": 2.936675548553467,
  "summary_bg_p95": 120.66952896118133,
  "summary_bg_stdv": 55.006839752197266,
  "summary_fg_k": 1.0639241869677685,
  "summary_fg_mad": 99.23263691541243,
  "summary_fg_mean": 670.9281005859375,
  "summary_fg_median": 670.1728515625,
  "summary_fg_n": 93532.0,
  "summary_fg_p05": 521.4051635742187,
  "summary_fg_p95": 828.6922302246094,
  "summary_fg_stdv": 98.34220123291016,
  "tsnr": 49.23979645059444
}