{
  "aor": 0.0006085902031063321,
  "aqi": 0.026830829390681002,
  "bids_meta": {
    "AcquisitionMatrixPE": 90,
    "AcquisitionNumber": 1,
    "AcquisitionTime": "12:09:34.515000",
    "BandwidthPerPixelPhaseEncode": 21.368,
    "BaseResolution": 90,
    "BodyPartExamined": "BRAIN",
    "CoilString": "HC1-7;NC1_2",
    "ConsistencyInfo": "N4_VE11C_LATEST_20160120",
    "ConversionSoftware": "dcm2niix",
    "ConversionSoftwareVersion": "v1.0.20190410  GCC6.3.0",
    "DelayTime": 0.001,
    "DerivedVendorReportedEchoSpacing": 0.000519988,
    "DeviceSerialNumber": "167001",
    "DwellTime": 2.2e-06,
    "EchoTime": 0.03,
    "EchoTrainLength": 90,
    "EffectiveEchoSpacing": 0.000519988,
    "FlipAngle": 52,
    "ImageOrientationPatientDICOM": [
      0.999624,
      -0.0265765,
      0.00677091,
      0.0273982,
      0.956722,
      -0.289712
    ],
    "ImageType": [
      "ORIGINAL",
      "PRIMARY",
      "M",
      "ND",
      "NORM",
      "MOSAIC"
    ],
    "ImagingFrequency": 123.229,
    "InPlanePhaseEncodingDirectionDICOM": "COL",
    "InstitutionAddress": "Cooper_60_St._Lucia_QLD_AU_4072",
    "InstitutionName": "St_Lucia_Campus",
    "InstitutionalDepartmentName": "Gehrmann_Labs_MRI",
    "MRAcquisitionType": "2D",
    "MagneticFieldStrength": 3,
    "Manufacturer": "Siemens",
    "ManufacturersModelName": "Prisma_fit",
    "Modality": "MR",
    "MultibandAccelerationFactor": 6,
    "PartialFourier": 1,
    "PatientPosition": "HFS",
    "PercentPhaseFOV": 100,
    "PhaseEncodingDirection": "j-",
    "PhaseEncodingSteps": 90,
    "PhaseResolution": 1,
    "PixelBandwidth": 2525,
    "ProcedureStepDescription": "Research_16092_QTAB",
    "ProtocolName": "EMOT_TASK_mb6_2.4",
    "PulseSequenceDetails": "%SiemensSeq%_ep2d_bold",
    "ReceiveCoilActiveElements": "HC1-7;NC1,2",
    "ReceiveCoilName": "HeadNeck_64",
    "ReconMatrixPE": 90,
    "RefLinesPE": 12,
    "RepetitionTime": 0.8,
    "SAR": 0.0610772,
    "ScanOptions": "FS",
    "ScanningSequence": "EP",
    "SequenceName": "_epfid2d1_90",
    "SequenceVariant": "SK",
    "SeriesDescription": "EMOT_TASK_mb6_2.4",
    "SeriesNumber": 20,
    "ShimSetting": [
      3050,
      -4150,
      -755,
      613,
      -41,
      -36,
      -114,
      -34
    ],
    "SliceThickness": 2.4,
    "SliceTiming": [
      0.545,
      0,
      0.39,
      0.0775,
      0.4675,
      0.2325,
      0.6225,
      0.31,
      0.7,
      0.155,
      0.545,
      0,
      0.39,
      0.0775,
      0.4675,
      0.2325,
      0.6225,
      0.31,
      0.7,
      0.155,
      0.545,
      0,
      0.39,
      0.0775,
      0.4675,
      0.2325,
      0.6225,
      0.31,
      0.7,
      0.155,
      0.545,
      0,
      0.39,
      0.0775,
      0.4675,
      0.2325,
      0.6225,
      0.31,
      0.7,
      0.155,
      0.545,
      0,
      0.39,
      0.0775,
      0.4675,
      0.2325,
      0.6225,
      0.31,
      0.7,
      0.155,
      0.545,
      0,
      0.39,
      0.0775,
      0.4675,
      0.2325,
      0.6225,
      0.31,
      0.7,
      0.155
    ],
    "SoftwareVersions": "syngo_MR_E11",
    "SpacingBetweenSlices": 2.4,
    "StationName": "mrc_Trio",
    "TaskName": "emotionalconflict",
    "TotalReadoutTime": 0.046279,
    "TxRefAmp": 209.367,
    "dataset": "ds004146",
    "modality": "bold",
    "session_id": "02",
    "subject_id": "0174",
    "task_id": "emotionalconflict"
  },
  "dummy_trs": 0,
  "dvars_nstd": 35.17271775377991,
  "dvars_std": 1.1598891063516739,
  "dvars_vstd": 0.9841265998923449,
  "efc": 0.4662642047599136,
  "fber": 8255.91796875,
  "fd_mean": 0.23713518425119814,
  "fd_num": 425,
  "fd_perc": 50.77658303464755,
  "fwhm_avg": 1.8719318700605552,
  "fwhm_x": 1.7202999316414227,
  "fwhm_y": 2.053429085070726,
  "fwhm_z": 1.8420665934695166,
  "gcor": 0.0160356,
  "gsr_x": -0.02537541650235653,
  "gsr_y": 0.043398503214120865,
  "provenance": {
    "md5sum": "ae4c960cbcfb3cc6c8ad97191235fd6d",
    "settings": {
      "fd_thres": 0.2,
      "testing": false
    },
    "software": "mriqc",
    "version": "23.0.1",
    "webapi_port": null,
    "webapi_url": "https://mriqc.nimh.nih.gov/api/v1"
  },
  "size_t": 837,
  "size_x": 90,
  "size_y": 90,
  "size_z": 60,
  "snr": 7.7021092848668555,
  "spacing_tr": 0.800000011920929,
  "spacing_x": 2.4000000953674316,
  "spacing_y": 2.4000000953674316,
  "spacing_z": 2.4000000953674316,
  "summary_bg_k": 24.900747833053078,
  "summary_bg_mad": 4.864068844365973,
  "summary_bg_mean": 25.000415802001953,
  "summary_bg_median": 7.471923351287842,
  "summary_bg_n": 338838.0,
  "summary_bg_p05": 3.5149340629577637,
  "summary_bg_p95": 110.08523941040002,
  "summary_bg_stdv": 51.83853530883789,
  "summary_fg_k": 2.841841603764964,
  "summary_fg_mad": 82.87161830503227,
  "summary_fg_mean": 684.588134765625,
  "summary_fg_median": 683.651123046875,
  "summary_fg_n": 78313.0,
  "summary_fg_p05": 553.9940063476563,
  "summary_fg_p95": 823.9337890625,
  "summary_fg_stdv": 88.76097869873047,
  "tsnr": 38.06251712178346
}