{
  "bids_meta": {
    "AcquisitionMatrixPE": 256,
    "AcquisitionNumber": 1,
    "AcquisitionTime": "11:58:15.872500",
    "BaseResolution": 256,
    "BodyPartExamined": "BRAIN",
    "CoilString": "HC1-7;NC1_2",
    "ConsistencyInfo": "N4_VE11C_LATEST_20160120",
    "ConversionSoftware": "dcm2niix",
    "ConversionSoftwareVersion": "v1.0.20181125  (JP2:OpenJPEG) GCC6.3.0",
    "DeviceSerialNumber": "167001",
    "DwellTime": 2.6e-06,
    "EchoTime": 0.408,
    "EchoTrainLength": 259,
    "FlipAngle": 120,
    "ImageOrientationPatientDICOM": [
      -0.051975,
      0.997249,
      0.0528577,
      -0.00924751,
      0.0524464,
      -0.998581
    ],
    "ImageType": [
      "ORIGINAL",
      "PRIMARY",
      "M",
      "ND",
      "NORM"
    ],
    "ImagingFrequency": 123.229,
    "InPlanePhaseEncodingDirectionDICOM": "ROW",
    "InstitutionAddress": "Cooper_60_St._Lucia_QLD_AU_4072",
    "InstitutionName": "St_Lucia_Campus",
    "InstitutionalDepartmentName": "Gehrmann_Labs_MRI",
    "MRAcquisitionType": "3D",
    "MagneticFieldStrength": 3,
    "Manufacturer": "Siemens",
    "ManufacturersModelName": "Prisma_fit",
    "Modality": "MR",
    "PartialFourier": 1,
    "PatientPosition": "HFS",
    "PercentPhaseFOV": 100,
    "PhaseEncodingSteps": 233,
    "PhaseResolution": 1,
    "PixelBandwidth": 750,
    "ProcedureStepDescription": "Research_16092_QTAB",
    "ProtocolName": "t2_spc_sag_p2_iso",
    "PulseSequenceDetails": "%SiemensSeq%_tse_vfl",
    "ReceiveCoilActiveElements": "HC1-7;NC1,2",
    "ReceiveCoilName": "HeadNeck_64",
    "ReconMatrixPE": 256,
    "RepetitionTime": 3.2,
    "SAR": 0.198847,
    "ScanOptions": "PFP",
    "ScanningSequence": "SE",
    "SequenceName": "_spcR_282ns",
    "SequenceVariant": "SK_SP",
    "SeriesDescription": "t2_spc_sag_p2_iso",
    "SeriesNumber": 19,
    "ShimSetting": [
      3044,
      -4172,
      -1039,
      -11,
      -3,
      35,
      -21,
      -13
    ],
    "SliceThickness": 1,
    "SoftwareVersions": "syngo_MR_E11",
    "StationName": "mrc_Trio",
    "TxRefAmp": 214.454,
    "dataset": "ds004146",
    "modality": "T2w",
    "session_id": "01",
    "subject_id": "0131"
  },
  "cjv": 0.38126420011031004,
  "cnr": 3.6025251870258703,
  "efc": 0.5854354012108717,
  "fber": 2853.048390889546,
  "fwhm_avg": 6.843508397629556,
  "fwhm_x": 6.695012899053866,
  "fwhm_y": 7.553224887448178,
  "fwhm_z": 6.282287406386622,
  "icvs_csf": 0.11827625586451712,
  "icvs_gm": 0.4841013463211447,
  "icvs_wm": 0.39762239781433817,
  "inu_med": 0.8763682246208191,
  "inu_range": 0.28843086957931496,
  "provenance": {
    "md5sum": "c65aa33d7ec171e986b031b467936c43",
    "settings": {
      "testing": false
    },
    "software": "mriqc",
    "version": "23.0.1",
    "warnings": {
      "large_rot_frame": true,
      "small_air_mask": false
    },
    "webapi_port": null,
    "webapi_url": "https://mriqc.nimh.nih.gov/api/v1"
  },
  "qi_1": 0.07516257283924893,
  "qi_2": 0.00358722925958575,
  "rpve_csf": 30.700725628211327,
  "rpve_gm": 8.703478945706342,
  "rpve_wm": 10.123431149624908,
  "size_x": 192,
  "size_y": 300,
  "size_z": 320,
  "snr_csf": 2.792779978058792,
  "snr_gm": 18.521122124851352,
  "snr_total": 11.157860327534541,
  "snr_wm": 12.15967887969348,
  "snrd_csf": 69.34544536537021,
  "snrd_gm": 23.243322150998694,
  "snrd_total": 36.27402490691693,
  "snrd_wm": 16.233307204381884,
  "spacing_x": 0.7999999523162842,
  "spacing_y": 0.800000011920929,
  "spacing_z": 0.800000011920929,
  "summary_bg_k": 9.839509633055412,
  "summary_bg_mad": 0.0,
  "summary_bg_mean": 19.788435079672528,
  "summary_bg_median": 0.0,
  "summary_bg_n": 2110935.0,
  "summary_bg_p05": 0.0,
  "summary_bg_p95": 112.48494992405176,
  "summary_bg_stdv": 40.35430460769562,
  "summary_csf_k": 0.7446847473628679,
  "summary_csf_mad": 407.4626720021869,
  "summary_csf_mean": 3598.3402627235523,
  "summary_csf_median": 4271.457402504981,
  "summary_csf_n": 174752.0,
  "summary_csf_p05": 182.70173290483663,
  "summary_csf_p95": 4738.5348985332985,
  "summary_csf_stdv": 1529.459969837259,
  "summary_gm_k": 0.05811028116606565,
  "summary_gm_mad": 77.73097423822028,
  "summary_gm_mean": 1434.9806256596783,
  "summary_gm_median": 1431.7142234444618,
  "summary_gm_n": 245061.0,
  "summary_gm_p05": 1314.411930911243,
  "summary_gm_p95": 1566.4392384141684,
  "summary_gm_stdv": 77.30154213399283,
  "summary_wm_k": -0.3129092371194586,
  "summary_wm_mad": 86.89680121577459,
  "summary_wm_mean": 998.6269292635195,
  "summary_wm_median": 999.9197475761175,
  "summary_wm_n": 244651.0,
  "summary_wm_p05": 862.6254832148552,
  "summary_wm_p95": 1131.192333675921,
  "summary_wm_stdv": 82.23224592553166,
  "tpm_overlap_csf": 0.10578517250794962,
  "tpm_overlap_gm": 0.4193504720669806,
  "tpm_overlap_wm": 0.36529580119304395,
  "wm2max": 0.21124228238008005
}