{
  "bids_meta": {
    "AcquisitionMatrixPE": 256,
    "AcquisitionNumber": 1,
    "AcquisitionTime": "14:54:22.492500",
    "BaseResolution": 256,
    "BodyPartExamined": "BRAIN",
    "ConsistencyInfo": "N4_VE11C_LATEST_20160120",
    "ConversionSoftware": "dcm2niix",
    "ConversionSoftwareVersion": "v1.0.20171215 GCC6.3.0",
    "DeviceSerialNumber": "167001",
    "DwellTime": 2.6e-06,
    "EchoTime": 0.408,
    "EchoTrainLength": 259,
    "FlipAngle": 120,
    "ImageOrientationPatientDICOM": [
      0.0122189,
      0.999925,
      -8.86923e-09,
      0.00703687,
      -8.59985e-05,
      -0.999975
    ],
    "ImageType": [
      "ORIGINAL",
      "PRIMARY",
      "M",
      "ND",
      "NORM"
    ],
    "InPlanePhaseEncodingDirectionDICOM": "ROW",
    "InstitutionAddress": "Cooper_60_St._Lucia_QLD_AU_4072",
    "InstitutionName": "St_Lucia_Campus",
    "InstitutionalDepartmentName": "Gehrmann_Labs_MRI",
    "MRAcquisitionType": "3D",
    "MagneticFieldStrength": 3,
    "Manufacturer": "Siemens",
    "ManufacturersModelName": "Prisma_fit",
    "Modality": "MR",
    "ParallelReductionFactorInPlane": 2,
    "PartialFourier": 1,
    "PatientPosition": "HFS",
    "PercentPhaseFOV": 100,
    "PhaseEncodingSteps": 233,
    "PhaseResolution": 1,
    "PixelBandwidth": 750,
    "ProcedureStepDescription": "Research_16092_QTAB",
    "ProtocolName": "t2_spc_sag_p2_iso",
    "PulseSequenceDetails": "%SiemensSeq%_tse_vfl",
    "ReceiveCoilActiveElements": "HC1-7;NC1",
    "ReceiveCoilName": "HeadNeck_64",
    "ReconMatrixPE": 256,
    "RepetitionTime": 3.2,
    "SAR": 0.16371,
    "ScanOptions": "PFP",
    "ScanningSequence": "SE",
    "SequenceName": "_spcR_282ns",
    "SequenceVariant": "SK_SP",
    "SeriesDescription": "t2_spc_sag_p2_iso",
    "SeriesNumber": 31,
    "ShimSetting": [
      3049,
      -4116,
      -1083,
      143,
      -7,
      49,
      -24,
      -19
    ],
    "SliceThickness": 1,
    "SoftwareVersions": "syngo_MR_E11",
    "StationName": "mrc_Trio",
    "TxRefAmp": 210.295,
    "dataset": "ds004146",
    "modality": "T2w",
    "session_id": "01",
    "subject_id": "0093"
  },
  "cjv": 1.616047778083539,
  "cnr": 0.9592565691449161,
  "efc": 0.6275157664142531,
  "fber": 4349.198533319162,
  "fwhm_avg": 4.336220880069714,
  "fwhm_x": 4.483587767242656,
  "fwhm_y": 4.59401243154388,
  "fwhm_z": 3.931062441422605,
  "icvs_csf": 0.4719718945863998,
  "icvs_gm": 0.1254395727755732,
  "icvs_wm": 0.402588532638027,
  "inu_med": 1.0185505151748657,
  "inu_range": 0.2943392753601072,
  "provenance": {
    "md5sum": "e2bc0c4af917b18cc4d0a99471cf29ac",
    "settings": {
      "testing": false
    },
    "software": "mriqc",
    "version": "23.0.1",
    "warnings": {
      "large_rot_frame": true,
      "small_air_mask": false
    },
    "webapi_port": null,
    "webapi_url": "https://mriqc.nimh.nih.gov/api/v1"
  },
  "qi_1": 0.0,
  "qi_2": 0.029031756540017217,
  "rpve_csf": 9.967131507538324,
  "rpve_gm": 34.47949335869798,
  "rpve_wm": 11.802076746149401,
  "size_x": 192,
  "size_y": 300,
  "size_z": 320,
  "snr_csf": 16.42451242771917,
  "snr_gm": 1.5182175404734843,
  "snr_total": 10.39207738990808,
  "snr_wm": 13.233502201531586,
  "snrd_csf": 61.335297918711774,
  "snrd_gm": 109.09131847311356,
  "snrd_total": 70.17566557310455,
  "snrd_wm": 40.10038032748831,
  "spacing_x": 0.7999999523162842,
  "spacing_y": 0.800000011920929,
  "spacing_z": 0.800000011920929,
  "summary_bg_k": 4.820412948568904,
  "summary_bg_mad": 0.0,
  "summary_bg_mean": 12.991479776993707,
  "summary_bg_median": 0.0,
  "summary_bg_n": 1539475.0,
  "summary_bg_p05": 0.0,
  "summary_bg_p95": 40.86538369953632,
  "summary_bg_stdv": 16.337410766860565,
  "summary_csf_k": 0.41406434636961675,
  "summary_csf_mad": 89.90345137157097,
  "summary_csf_mean": 1534.8057724123664,
  "summary_csf_median": 1529.544010385871,
  "summary_csf_n": 191816.0,
  "summary_csf_p05": 1392.2921524196863,
  "summary_csf_p95": 1695.1767610162497,
  "summary_csf_stdv": 93.12544467322539,
  "summary_gm_k": -1.6493990150289157,
  "summary_gm_mad": 2702.391979463104,
  "summary_gm_mean": 2310.2983596061677,
  "summary_gm_median": 2720.4558943659067,
  "summary_gm_n": 78213.0,
  "summary_gm_p05": 77.54342257976532,
  "summary_gm_p95": 4704.559447914362,
  "summary_gm_stdv": 1791.863438841423,
  "summary_wm_k": -0.13563481796784993,
  "summary_wm_mad": 77.9469821354541,
  "summary_wm_mean": 1001.6233175500795,
  "summary_wm_median": 999.9999775886536,
  "summary_wm_n": 321401.0,
  "summary_wm_p05": 880.6606502383947,
  "summary_wm_p95": 1127.4813643097878,
  "summary_wm_stdv": 75.56566709776524,
  "tpm_overlap_csf": 0.11119833946886853,
  "tpm_overlap_gm": 0.07736156306211689,
  "tpm_overlap_wm": 0.437187536513134,
  "wm2max": 0.22021481873601886
}