{
  "bids_meta": {
    "AcquisitionMatrixPE": 256,
    "AcquisitionNumber": 1,
    "AcquisitionTime": "16:33:6.135000",
    "BaseResolution": 256,
    "BodyPartExamined": "BRAIN",
    "CoilString": "HC1-7;NC1_2",
    "ConsistencyInfo": "N4_VE11C_LATEST_20160120",
    "ConversionSoftware": "dcm2niix",
    "ConversionSoftwareVersion": "v1.0.20190410  GCC6.3.0",
    "DeviceSerialNumber": "167001",
    "DwellTime": 2.6e-06,
    "EchoTime": 0.408,
    "EchoTrainLength": 259,
    "FlipAngle": 120,
    "ImageOrientationPatientDICOM": [
      -0.0821371,
      0.996468,
      0.0174386,
      -0.0411159,
      0.0140947,
      -0.999055
    ],
    "ImageType": [
      "ORIGINAL",
      "PRIMARY",
      "M",
      "ND",
      "NORM"
    ],
    "ImagingFrequency": 123.229,
    "InPlanePhaseEncodingDirectionDICOM": "ROW",
    "InstitutionAddress": "Cooper_60_St._Lucia_QLD_AU_4072",
    "InstitutionName": "Centre_for_Advanced_Imaging",
    "InstitutionalDepartmentName": "Gehrmann_Labs_MRI",
    "MRAcquisitionType": "3D",
    "MagneticFieldStrength": 3,
    "Manufacturer": "Siemens",
    "ManufacturersModelName": "Prisma_fit",
    "Modality": "MR",
    "PartialFourier": 1,
    "PatientPosition": "HFS",
    "PercentPhaseFOV": 100,
    "PhaseEncodingSteps": 233,
    "PhaseResolution": 1,
    "PixelBandwidth": 750,
    "ProcedureStepDescription": "Research_16092_QTAB",
    "ProtocolName": "t2_spc_sag_p2_iso",
    "PulseSequenceDetails": "%SiemensSeq%_tse_vfl",
    "ReceiveCoilActiveElements": "HC1-7;NC1,2",
    "ReceiveCoilName": "HeadNeck_64",
    "ReconMatrixPE": 256,
    "RefLinesPE": 24,
    "RepetitionTime": 3.2,
    "SAR": 0.143214,
    "ScanOptions": "PFP",
    "ScanningSequence": "SE",
    "SequenceName": "_spcR_282ns",
    "SequenceVariant": "SK_SP",
    "SeriesDescription": "t2_spc_sag_p2_iso",
    "SeriesNumber": 32,
    "ShimSetting": [
      3046,
      -4168,
      -1041,
      -17,
      -5,
      41,
      -30,
      -10
    ],
    "SliceThickness": 1,
    "SoftwareVersions": "syngo_MR_E11",
    "StationName": "mrc_Trio",
    "TxRefAmp": 213.001,
    "dataset": "ds004146",
    "modality": "T2w",
    "session_id": "02",
    "subject_id": "0421"
  },
  "cjv": 0.9974698321884048,
  "cnr": 0.45419504829480434,
  "efc": 0.6531074908851463,
  "fber": -1.0,
  "fwhm_avg": 4.050116606315226,
  "fwhm_x": 4.280424936216698,
  "fwhm_y": 4.302774935883657,
  "fwhm_z": 3.5671499468453236,
  "icvs_csf": 0.5031520402750171,
  "icvs_gm": 0.37888599924972166,
  "icvs_wm": 0.11796196047526117,
  "inu_med": 1.0233356356620789,
  "inu_range": 0.3052458971738815,
  "provenance": {
    "md5sum": "7869b5e1487009fe91e859665ffc4225",
    "settings": {
      "testing": false
    },
    "software": "mriqc",
    "version": "23.0.1",
    "warnings": {
      "large_rot_frame": true,
      "small_air_mask": false
    },
    "webapi_port": null,
    "webapi_url": "https://mriqc.nimh.nih.gov/api/v1"
  },
  "qi_1": 0.10196081511704458,
  "qi_2": 0.03438082683488058,
  "rpve_csf": 9.519853819811335,
  "rpve_gm": 12.277308198377495,
  "rpve_wm": 37.57239265310132,
  "size_x": 192,
  "size_y": 300,
  "size_z": 320,
  "snr_csf": 17.55275004138189,
  "snr_gm": 13.186126245179057,
  "snr_total": 10.349495054234465,
  "snr_wm": 0.3096088761424439,
  "snrd_csf": 162.94581919808374,
  "snrd_gm": 102.91858395799191,
  "snrd_total": 102.51362386057512,
  "snrd_wm": 41.676468425649674,
  "spacing_x": 0.800000011920929,
  "spacing_y": 0.800000011920929,
  "spacing_z": 0.800000011920929,
  "summary_bg_k": 28.74988657186803,
  "summary_bg_mad": 0.0,
  "summary_bg_mean": 5.643379353735346,
  "summary_bg_median": 0.0,
  "summary_bg_n": 1151050.0,
  "summary_bg_p05": 0.0,
  "summary_bg_p95": 35.80374303460121,
  "summary_bg_stdv": 15.890969587255944,
  "summary_csf_k": 0.19848500474032438,
  "summary_csf_mad": 221.94251932331983,
  "summary_csf_mean": 3960.4465867505746,
  "summary_csf_median": 3952.4090819060802,
  "summary_csf_n": 351799.0,
  "summary_csf_p05": 3606.0115515589714,
  "summary_csf_p95": 4341.830040097237,
  "summary_csf_stdv": 225.17289058175416,
  "summary_gm_k": -0.1719498232513592,
  "summary_gm_mad": 197.03952010790795,
  "summary_gm_mean": 2494.476505676722,
  "summary_gm_median": 2496.3901984989643,
  "summary_gm_n": 410384.0,
  "summary_gm_p05": 2189.6272643506527,
  "summary_gm_p95": 2808.162709861994,
  "summary_gm_stdv": 189.3192216235735,
  "summary_wm_k": -1.6192400169569396,
  "summary_wm_mad": 1284.6889332090982,
  "summary_wm_mean": 3191.9636883750936,
  "summary_wm_median": 1010.9032138288021,
  "summary_wm_n": 58998.0,
  "summary_wm_p05": 117.5777240395546,
  "summary_wm_p95": 8008.825827220077,
  "summary_wm_stdv": 3265.0699783574846,
  "tpm_overlap_csf": 0.1043515423924309,
  "tpm_overlap_gm": 0.2178208792380046,
  "tpm_overlap_wm": 0.029886051698824998,
  "wm2max": 0.13029359261650653
}