{
  "aor": 0.00045007915567282325,
  "aqi": 0.017086781266490766,
  "bids_meta": {
    "AcquisitionMatrixPE": 90,
    "AcquisitionNumber": 1,
    "AcquisitionTime": "15:43:54.755000",
    "BandwidthPerPixelPhaseEncode": 21.368,
    "BaseResolution": 90,
    "BodyPartExamined": "BRAIN",
    "CoilString": "HC1-7;NC1_2",
    "ConsistencyInfo": "N4_VE11C_LATEST_20160120",
    "ConversionSoftware": "dcm2niix",
    "ConversionSoftwareVersion": "v1.0.20190410  GCC6.3.0",
    "DerivedVendorReportedEchoSpacing": 0.000519988,
    "DeviceSerialNumber": "167001",
    "DwellTime": 2.2e-06,
    "EchoTime": 0.03,
    "EchoTrainLength": 90,
    "EffectiveEchoSpacing": 0.000519988,
    "FlipAngle": 52,
    "ImageOrientationPatientDICOM": [
      0.999291,
      -0.0216034,
      0.030837,
      0.0319277,
      0.920303,
      -0.389902
    ],
    "ImageType": [
      "ORIGINAL",
      "PRIMARY",
      "M",
      "ND",
      "NORM",
      "MOSAIC"
    ],
    "ImagingFrequency": 123.229,
    "InPlanePhaseEncodingDirectionDICOM": "COL",
    "InstitutionAddress": "Cooper_60_St._Lucia_QLD_AU_4072",
    "InstitutionName": "CAI",
    "InstitutionalDepartmentName": "Gehrmann_Labs_MRI",
    "MRAcquisitionType": "2D",
    "MagneticFieldStrength": 3,
    "Manufacturer": "Siemens",
    "ManufacturersModelName": "Prisma_fit",
    "Modality": "MR",
    "MultibandAccelerationFactor": 6,
    "PartialFourier": 1,
    "PatientPosition": "HFS",
    "PercentPhaseFOV": 100,
    "PhaseEncodingDirection": "j-",
    "PhaseEncodingSteps": 90,
    "PhaseResolution": 1,
    "PixelBandwidth": 2525,
    "ProcedureStepDescription": "Research_16092_QTAB",
    "ProtocolName": "PARTLY_CLOUDY_mb6_2.4",
    "PulseSequenceDetails": "%SiemensSeq%_ep2d_bold",
    "ReceiveCoilActiveElements": "HC1-7;NC1,2",
    "ReceiveCoilName": "HeadNeck_64",
    "ReconMatrixPE": 90,
    "RefLinesPE": 12,
    "RepetitionTime": 0.8,
    "SAR": 0.0542273,
    "ScanOptions": "FS",
    "ScanningSequence": "EP",
    "SequenceName": "_epfid2d1_90",
    "SequenceVariant": "SK",
    "SeriesDescription": "PARTLY_CLOUDY_mb6_2.4",
    "SeriesNumber": 19,
    "ShimSetting": [
      3057,
      -4133,
      -759,
      259,
      -39,
      38,
      -97,
      -1
    ],
    "SliceThickness": 2.4,
    "SliceTiming": [
      0.545,
      0,
      0.39,
      0.0775,
      0.4675,
      0.2325,
      0.6225,
      0.31,
      0.7,
      0.155,
      0.545,
      0,
      0.39,
      0.0775,
      0.4675,
      0.2325,
      0.6225,
      0.31,
      0.7,
      0.155,
      0.545,
      0,
      0.39,
      0.0775,
      0.4675,
      0.2325,
      0.6225,
      0.31,
      0.7,
      0.155,
      0.545,
      0,
      0.39,
      0.0775,
      0.4675,
      0.2325,
      0.6225,
      0.31,
      0.7,
      0.155,
      0.545,
      0,
      0.39,
      0.0775,
      0.4675,
      0.2325,
      0.6225,
      0.31,
      0.7,
      0.155,
      0.545,
      0,
      0.39,
      0.0775,
      0.4675,
      0.2325,
      0.6225,
      0.31,
      0.7,
      0.155
    ],
    "SoftwareVersions": "syngo_MR_E11",
    "SpacingBetweenSlices": 2.4,
    "StationName": "mrc_Trio",
    "TaskName": "partlycloudy",
    "TotalReadoutTime": 0.046279,
    "TxRefAmp": 215.364,
    "dataset": "ds004146",
    "modality": "bold",
    "session_id": "02",
    "subject_id": "0408",
    "task_id": "partlycloudy"
  },
  "dummy_trs": 1,
  "dvars_nstd": 33.21242592317461,
  "dvars_std": 1.1579922428306877,
  "dvars_vstd": 0.9866343593386244,
  "efc": 0.48900146662746347,
  "fber": 5717.86572265625,
  "fd_mean": 0.18343954123082112,
  "fd_num": 154,
  "fd_perc": 40.63324538258575,
  "fwhm_avg": 1.7287819329336875,
  "fwhm_x": 1.6447332679775053,
  "fwhm_y": 1.8146874278908003,
  "fwhm_z": 1.7269251029327572,
  "gcor": 0.00603809,
  "gsr_x": -0.02295456826686859,
  "gsr_y": 0.036462683230638504,
  "provenance": {
    "md5sum": "1b964f0f9c838df85ede0e4977e23509",
    "settings": {
      "fd_thres": 0.2,
      "testing": false
    },
    "software": "mriqc",
    "version": "23.0.1",
    "webapi_port": null,
    "webapi_url": "https://mriqc.nimh.nih.gov/api/v1"
  },
  "size_t": 379,
  "size_x": 90,
  "size_y": 90,
  "size_z": 60,
  "snr": 6.806084024660398,
  "spacing_tr": 0.800000011920929,
  "spacing_x": 2.4000000953674316,
  "spacing_y": 2.4000000953674316,
  "spacing_z": 2.3999998569488525,
  "summary_bg_k": 21.021142890175636,
  "summary_bg_mad": 6.579781875880543,
  "summary_bg_mean": 30.569921493530273,
  "summary_bg_median": 8.45910358428955,
  "summary_bg_n": 333511.0,
  "summary_bg_p05": 3.0422165393829346,
  "summary_bg_p95": 146.65435791015625,
  "summary_bg_stdv": 60.654510498046875,
  "summary_fg_k": 1.6798689407492313,
  "summary_fg_mad": 91.63380284585187,
  "summary_fg_mean": 647.9285888671875,
  "summary_fg_median": 646.4498901367188,
  "summary_fg_n": 82784.0,
  "summary_fg_p05": 507.570458984375,
  "summary_fg_p95": 800.550323486328,
  "summary_fg_stdv": 94.98060607910156,
  "tsnr": 45.29370105918497
}