{
  "aor": 0.0012722826086956523,
  "aqi": 0.018661760144927538,
  "bids_meta": {
    "AcquisitionMatrixPE": 90,
    "AcquisitionNumber": 1,
    "AcquisitionTime": "16:25:49.325000",
    "BandwidthPerPixelPhaseEncode": 21.368,
    "BaseResolution": 90,
    "BodyPartExamined": "BRAIN",
    "CoilString": "HC1-7;NC1_2",
    "ConsistencyInfo": "N4_VE11C_LATEST_20160120",
    "ConversionSoftware": "dcm2niix",
    "ConversionSoftwareVersion": "v1.0.20190410  GCC6.3.0",
    "DerivedVendorReportedEchoSpacing": 0.000519988,
    "DeviceSerialNumber": "167001",
    "DwellTime": 2.2e-06,
    "EchoTime": 0.03,
    "EchoTrainLength": 90,
    "EffectiveEchoSpacing": 0.000519988,
    "FlipAngle": 52,
    "ImageOrientationPatientDICOM": [
      0.995973,
      0.0895645,
      -0.00389777,
      -0.0888883,
      0.980933,
      -0.172829
    ],
    "ImageType": [
      "ORIGINAL",
      "PRIMARY",
      "M",
      "ND",
      "NORM",
      "MOSAIC"
    ],
    "ImagingFrequency": 123.229,
    "InPlanePhaseEncodingDirectionDICOM": "COL",
    "InstitutionAddress": "Cooper_60_St._Lucia_QLD_AU_4072",
    "InstitutionName": "St_Lucia_Campus",
    "InstitutionalDepartmentName": "Gehrmann_Labs_MRI",
    "MRAcquisitionType": "2D",
    "MagneticFieldStrength": 3,
    "Manufacturer": "Siemens",
    "ManufacturersModelName": "Prisma_fit",
    "Modality": "MR",
    "MultibandAccelerationFactor": 6,
    "PartialFourier": 1,
    "PatientPosition": "HFS",
    "PercentPhaseFOV": 100,
    "PhaseEncodingDirection": "j-",
    "PhaseEncodingSteps": 90,
    "PhaseResolution": 1,
    "PixelBandwidth": 2525,
    "ProcedureStepDescription": "Research_16092_QTAB",
    "ProtocolName": "EMOT_TASK_mb6_2.4",
    "PulseSequenceDetails": "%SiemensSeq%_ep2d_bold",
    "ReceiveCoilActiveElements": "HC1-7;NC1,2",
    "ReceiveCoilName": "HeadNeck_64",
    "ReconMatrixPE": 90,
    "RefLinesPE": 12,
    "RepetitionTime": 0.8,
    "SAR": 0.0573909,
    "ScanOptions": "FS",
    "ScanningSequence": "EP",
    "SequenceName": "_epfid2d1_90",
    "SequenceVariant": "SK",
    "SeriesDescription": "EMOT_TASK_mb6_2.4",
    "SeriesNumber": 20,
    "ShimSetting": [
      3038,
      -4158,
      -774,
      431,
      -12,
      34,
      28,
      21
    ],
    "SliceThickness": 2.4,
    "SliceTiming": [
      0.5475,
      0,
      0.39,
      0.0775,
      0.4675,
      0.235,
      0.625,
      0.3125,
      0.7025,
      0.1575,
      0.5475,
      0,
      0.39,
      0.0775,
      0.4675,
      0.235,
      0.625,
      0.3125,
      0.7025,
      0.1575,
      0.5475,
      0,
      0.39,
      0.0775,
      0.4675,
      0.235,
      0.625,
      0.3125,
      0.7025,
      0.1575,
      0.5475,
      0,
      0.39,
      0.0775,
      0.4675,
      0.235,
      0.625,
      0.3125,
      0.7025,
      0.1575,
      0.5475,
      0,
      0.39,
      0.0775,
      0.4675,
      0.235,
      0.625,
      0.3125,
      0.7025,
      0.1575,
      0.5475,
      0,
      0.39,
      0.0775,
      0.4675,
      0.235,
      0.625,
      0.3125,
      0.7025,
      0.1575
    ],
    "SoftwareVersions": "syngo_MR_E11",
    "SpacingBetweenSlices": 2.4,
    "StationName": "mrc_Trio",
    "TaskName": "emotionalconflict",
    "TotalReadoutTime": 0.046279,
    "TxRefAmp": 217.068,
    "dataset": "ds004146",
    "modality": "bold",
    "session_id": "02",
    "subject_id": "0418",
    "task_id": "emotionalconflict"
  },
  "dummy_trs": 2,
  "dvars_nstd": 42.05842759835549,
  "dvars_std": 1.3403811067110054,
  "dvars_vstd": 1.0210062952237002,
  "efc": 0.48047120225201195,
  "fber": 7439.82421875,
  "fd_mean": 0.13204256271180476,
  "fd_num": 110,
  "fd_perc": 13.285024154589372,
  "fwhm_avg": 1.8471152043800139,
  "fwhm_x": 1.7033290989824492,
  "fwhm_y": 1.9709582550144888,
  "fwhm_z": 1.867058259143104,
  "gcor": 0.0440319,
  "gsr_x": -0.020732378587126732,
  "gsr_y": 0.04458099231123924,
  "provenance": {
    "md5sum": "2aafb8d236a401071b1a42cdb382fc48",
    "settings": {
      "fd_thres": 0.2,
      "testing": false
    },
    "software": "mriqc",
    "version": "23.0.1",
    "webapi_port": null,
    "webapi_url": "https://mriqc.nimh.nih.gov/api/v1"
  },
  "size_t": 828,
  "size_x": 90,
  "size_y": 90,
  "size_z": 60,
  "snr": 6.782076528088825,
  "spacing_tr": 0.800000011920929,
  "spacing_x": 2.4000000953674316,
  "spacing_y": 2.4000000953674316,
  "spacing_z": 2.4000000953674316,
  "summary_bg_k": 26.595589486831734,
  "summary_bg_mad": 5.368165843202109,
  "summary_bg_mean": 26.47344207763672,
  "summary_bg_median": 7.532608509063721,
  "summary_bg_n": 332531.0,
  "summary_bg_p05": 3.247584581375122,
  "summary_bg_p95": 120.30978393554688,
  "summary_bg_stdv": 53.1173095703125,
  "summary_fg_k": 1.6688799411779707,
  "summary_fg_mad": 93.76744154269234,
  "summary_fg_mean": 660.1873779296875,
  "summary_fg_median": 657.9238891601562,
  "summary_fg_n": 83399.0,
  "summary_fg_p05": 515.9030212402344,
  "summary_fg_p95": 817.270422363281,
  "summary_fg_stdv": 97.00862884521484,
  "tsnr": 42.31802255299408
}