{
  "aor": 0.0016041052631578948,
  "aqi": 0.016139906842105266,
  "bids_meta": {
    "AcquisitionMatrixPE": 90,
    "AcquisitionNumber": 1,
    "AcquisitionTime": "16:18:32.650000",
    "BandwidthPerPixelPhaseEncode": 21.368,
    "BaseResolution": 90,
    "BodyPartExamined": "BRAIN",
    "CoilString": "HC1-7;NC1_2",
    "ConsistencyInfo": "N4_VE11C_LATEST_20160120",
    "ConversionSoftware": "dcm2niix",
    "ConversionSoftwareVersion": "v1.0.20190410  GCC6.3.0",
    "DerivedVendorReportedEchoSpacing": 0.000519988,
    "DeviceSerialNumber": "167001",
    "DwellTime": 2.2e-06,
    "EchoTime": 0.03,
    "EchoTrainLength": 90,
    "EffectiveEchoSpacing": 0.000519988,
    "FlipAngle": 52,
    "ImageOrientationPatientDICOM": [
      0.995973,
      0.0895645,
      -0.00389777,
      -0.0888883,
      0.980933,
      -0.172829
    ],
    "ImageType": [
      "ORIGINAL",
      "PRIMARY",
      "M",
      "ND",
      "NORM",
      "MOSAIC"
    ],
    "ImagingFrequency": 123.229,
    "InPlanePhaseEncodingDirectionDICOM": "COL",
    "InstitutionAddress": "Cooper_60_St._Lucia_QLD_AU_4072",
    "InstitutionName": "St_Lucia_Campus",
    "InstitutionalDepartmentName": "Gehrmann_Labs_MRI",
    "MRAcquisitionType": "2D",
    "MagneticFieldStrength": 3,
    "Manufacturer": "Siemens",
    "ManufacturersModelName": "Prisma_fit",
    "Modality": "MR",
    "MultibandAccelerationFactor": 6,
    "PartialFourier": 1,
    "PatientPosition": "HFS",
    "PercentPhaseFOV": 100,
    "PhaseEncodingDirection": "j-",
    "PhaseEncodingSteps": 90,
    "PhaseResolution": 1,
    "PixelBandwidth": 2525,
    "ProcedureStepDescription": "Research_16092_QTAB",
    "ProtocolName": "PARTLY_CLOUDY_mb6_2.4",
    "PulseSequenceDetails": "%SiemensSeq%_ep2d_bold",
    "ReceiveCoilActiveElements": "HC1-7;NC1,2",
    "ReceiveCoilName": "HeadNeck_64",
    "ReconMatrixPE": 90,
    "RefLinesPE": 12,
    "RepetitionTime": 0.8,
    "SAR": 0.0571526,
    "ScanOptions": "FS",
    "ScanningSequence": "EP",
    "SequenceName": "_epfid2d1_90",
    "SequenceVariant": "SK",
    "SeriesDescription": "PARTLY_CLOUDY_mb6_2.4",
    "SeriesNumber": 19,
    "ShimSetting": [
      3038,
      -4158,
      -774,
      431,
      -12,
      34,
      28,
      21
    ],
    "SliceThickness": 2.4,
    "SliceTiming": [
      0.545,
      0,
      0.39,
      0.0775,
      0.4675,
      0.2325,
      0.6225,
      0.3125,
      0.7025,
      0.155,
      0.545,
      0,
      0.39,
      0.0775,
      0.4675,
      0.2325,
      0.6225,
      0.3125,
      0.7025,
      0.155,
      0.545,
      0,
      0.39,
      0.0775,
      0.4675,
      0.2325,
      0.6225,
      0.3125,
      0.7025,
      0.155,
      0.545,
      0,
      0.39,
      0.0775,
      0.4675,
      0.2325,
      0.6225,
      0.3125,
      0.7025,
      0.155,
      0.545,
      0,
      0.39,
      0.0775,
      0.4675,
      0.2325,
      0.6225,
      0.3125,
      0.7025,
      0.155,
      0.545,
      0,
      0.39,
      0.0775,
      0.4675,
      0.2325,
      0.6225,
      0.3125,
      0.7025,
      0.155
    ],
    "SoftwareVersions": "syngo_MR_E11",
    "SpacingBetweenSlices": 2.4,
    "StationName": "mrc_Trio",
    "TaskName": "partlycloudy",
    "TotalReadoutTime": 0.046279,
    "TxRefAmp": 217.068,
    "dataset": "ds004146",
    "modality": "bold",
    "session_id": "02",
    "subject_id": "0418",
    "task_id": "partlycloudy"
  },
  "dummy_trs": 0,
  "dvars_nstd": 46.38171991620054,
  "dvars_std": 1.4091509154617412,
  "dvars_vstd": 1.0195514952770457,
  "efc": 0.47987440308704205,
  "fber": 7694.66650390625,
  "fd_mean": 0.12685056994137367,
  "fd_num": 37,
  "fd_perc": 9.736842105263158,
  "fwhm_avg": 1.844311037824775,
  "fwhm_x": 1.7054457655650073,
  "fwhm_y": 1.9690415884239836,
  "fwhm_z": 1.8584457594853339,
  "gcor": 0.0135198,
  "gsr_x": -0.020597949624061584,
  "gsr_y": 0.04543280228972435,
  "provenance": {
    "md5sum": "cb2add3314b60a6b8e902c7a37449a8c",
    "settings": {
      "fd_thres": 0.2,
      "testing": false
    },
    "software": "mriqc",
    "version": "23.0.1",
    "webapi_port": null,
    "webapi_url": "https://mriqc.nimh.nih.gov/api/v1"
  },
  "size_t": 380,
  "size_x": 90,
  "size_y": 90,
  "size_z": 60,
  "snr": 6.7706265707863045,
  "spacing_tr": 0.800000011920929,
  "spacing_x": 2.4000000953674316,
  "spacing_y": 2.4000000953674316,
  "spacing_z": 2.4000000953674316,
  "summary_bg_k": 27.664184464129967,
  "summary_bg_mad": 5.333466487413974,
  "summary_bg_mean": 26.2528076171875,
  "summary_bg_median": 7.447368621826172,
  "summary_bg_n": 332566.0,
  "summary_bg_p05": 3.192105293273926,
  "summary_bg_p95": 119.69474029541016,
  "summary_bg_stdv": 52.88674545288086,
  "summary_fg_k": 1.585217926880122,
  "summary_fg_mad": 94.35201248577988,
  "summary_fg_mean": 661.7844848632812,
  "summary_fg_median": 659.5394897460938,
  "summary_fg_n": 83503.0,
  "summary_fg_p05": 516.6639953613281,
  "summary_fg_p95": 820.2866027832031,
  "summary_fg_stdv": 97.41130065917969,
  "tsnr": 46.36002505652141
}