{
  "aor": 0.0013434769230769232,
  "aqi": 0.011529793323076923,
  "bids_meta": {
    "AcquisitionMatrixPE": 104,
    "AcquisitionNumber": 1,
    "AcquisitionTime": "12:07:48.740000",
    "BandwidthPerPixelPhaseEncode": 17.17,
    "BaseResolution": 104,
    "BodyPartExamined": "BRAIN",
    "ConsistencyInfo": "N4_VE11C_LATEST_20160120",
    "ConversionSoftware": "dcm2niix",
    "ConversionSoftwareVersion": "v1.0.20171215 GCC6.3.0",
    "DerivedVendorReportedEchoSpacing": 0.000560011,
    "DeviceSerialNumber": "167001",
    "DwellTime": 2.1e-06,
    "EchoTime": 0.03,
    "EchoTrainLength": 91,
    "EffectiveEchoSpacing": 0.000560011,
    "FlipAngle": 52,
    "ImageOrientationPatientDICOM": [
      0.993287,
      -0.103048,
      0.0525638,
      0.105976,
      0.992771,
      -0.0563472
    ],
    "ImageType": [
      "ORIGINAL",
      "PRIMARY",
      "M",
      "ND",
      "MOSAIC"
    ],
    "InPlanePhaseEncodingDirectionDICOM": "COL",
    "InstitutionAddress": "Cooper_60_St._Lucia_QLD_AU_4072",
    "InstitutionName": "St_Lucia_Campus",
    "InstitutionalDepartmentName": "Gehrmann_Labs_MRI",
    "MRAcquisitionType": "2D",
    "MagneticFieldStrength": 3,
    "Manufacturer": "Siemens",
    "ManufacturersModelName": "Prisma_fit",
    "Modality": "MR",
    "MultibandAccelerationFactor": 6,
    "PartialFourier": 0.875,
    "PatientPosition": "HFS",
    "PercentPhaseFOV": 100,
    "PhaseEncodingDirection": "j",
    "PhaseEncodingSteps": 91,
    "PhaseResolution": 1,
    "PixelBandwidth": 2290,
    "ProcedureStepDescription": "Research_16092_QTAB",
    "ProtocolName": "ep2d_REST_SMS6_P-A",
    "PulseSequenceDetails": "%SiemensSeq%_ep2d_bold",
    "ReceiveCoilActiveElements": "HC1-7;NC1,2",
    "ReceiveCoilName": "HeadNeck_64",
    "ReconMatrixPE": 104,
    "RepetitionTime": 0.93,
    "SAR": 0.0727183,
    "ScanOptions": "PFP_FS",
    "ScanningSequence": "EP",
    "SequenceName": "_epfid2d1_104",
    "SequenceVariant": "SK",
    "SeriesDescription": "ep2d_REST_SMS6_P-A",
    "SeriesNumber": 10,
    "ShimSetting": [
      3087,
      -4193,
      -812,
      533,
      -46,
      82,
      113,
      24
    ],
    "SliceThickness": 2,
    "SliceTiming": [
      0.6825,
      0,
      0.455,
      0.075,
      0.53,
      0.1525,
      0.6075,
      0.3025,
      0.7575,
      0.38,
      0.835,
      0.2275,
      0.6825,
      0,
      0.455,
      0.075,
      0.53,
      0.1525,
      0.6075,
      0.3025,
      0.7575,
      0.38,
      0.835,
      0.2275,
      0.6825,
      0,
      0.455,
      0.075,
      0.53,
      0.1525,
      0.6075,
      0.3025,
      0.7575,
      0.38,
      0.835,
      0.2275,
      0.6825,
      0,
      0.455,
      0.075,
      0.53,
      0.1525,
      0.6075,
      0.3025,
      0.7575,
      0.38,
      0.835,
      0.2275,
      0.6825,
      0,
      0.455,
      0.075,
      0.53,
      0.1525,
      0.6075,
      0.3025,
      0.7575,
      0.38,
      0.835,
      0.2275,
      0.6825,
      0,
      0.455,
      0.075,
      0.53,
      0.1525,
      0.6075,
      0.3025,
      0.7575,
      0.38,
      0.835,
      0.2275
    ],
    "SoftwareVersions": "syngo_MR_E11",
    "SpacingBetweenSlices": 2,
    "StationName": "mrc_Trio",
    "TaskName": "rest",
    "TotalReadoutTime": 0.0576811,
    "TxRefAmp": 218.132,
    "dataset": "ds004146",
    "modality": "bold",
    "session_id": "01",
    "subject_id": "0171",
    "task_id": "rest"
  },
  "dummy_trs": 2,
  "dvars_nstd": 49.33201783373457,
  "dvars_std": 1.0795655020987656,
  "dvars_vstd": 0.9933141521913571,
  "efc": 0.5362753382479414,
  "fber": 690.1053466796875,
  "fd_mean": 0.372876058371593,
  "fd_num": 214,
  "fd_perc": 65.84615384615384,
  "fwhm_avg": 3.182413399403695,
  "fwhm_x": 2.935575,
  "fwhm_y": 3.286235,
  "fwhm_z": 3.3254301982110857,
  "gcor": 0.0283271,
  "gsr_x": -0.001085735741071403,
  "gsr_y": 0.04983798786997795,
  "provenance": {
    "md5sum": "807ff53af9fccb581277e10de8b0c8fe",
    "settings": {
      "fd_thres": 0.2,
      "testing": false
    },
    "software": "mriqc",
    "version": "23.0.1",
    "webapi_port": null,
    "webapi_url": "https://mriqc.nimh.nih.gov/api/v1"
  },
  "size_t": 325,
  "size_x": 104,
  "size_y": 104,
  "size_z": 72,
  "snr": 2.5192248228263234,
  "spacing_tr": 0.9300000071525574,
  "spacing_x": 2.0,
  "spacing_y": 2.0,
  "spacing_z": 1.9999998807907104,
  "summary_bg_k": 62.46076472907497,
  "summary_bg_mad": 9.835355216340131,
  "summary_bg_mean": 41.16944122314453,
  "summary_bg_median": 21.760000228881836,
  "summary_bg_n": 501394.0,
  "summary_bg_p05": 14.113845825195312,
  "summary_bg_p95": 130.62261505126946,
  "summary_bg_stdv": 60.66834259033203,
  "summary_fg_k": 0.9274322470451266,
  "summary_fg_mad": 208.6636840253927,
  "summary_fg_mean": 610.5573120117188,
  "summary_fg_median": 569.6338500976562,
  "summary_fg_n": 175611.0,
  "summary_fg_p05": 316.8092346191406,
  "summary_fg_p95": 1037.1154174804688,
  "summary_fg_stdv": 226.1140899658203,
  "tsnr": 28.42243457015138
}