{
  "bids_meta": {
    "AcquisitionMatrixPE": 256,
    "AcquisitionNumber": 1,
    "AcquisitionTime": "13:19:22.522500",
    "BaseResolution": 256,
    "BodyPartExamined": "BRAIN",
    "ConsistencyInfo": "N4_VE11C_LATEST_20160120",
    "ConversionSoftware": "dcm2niix",
    "ConversionSoftwareVersion": "v1.0.20171215 GCC6.3.0",
    "DeviceSerialNumber": "167001",
    "DwellTime": 2.6e-06,
    "EchoTime": 0.408,
    "EchoTrainLength": 259,
    "FlipAngle": 120,
    "ImageOrientationPatientDICOM": [
      -0.0449435,
      0.99899,
      1.28539e-08,
      0.0699093,
      0.00314516,
      -0.997548
    ],
    "ImageType": [
      "ORIGINAL",
      "PRIMARY",
      "M",
      "ND",
      "NORM"
    ],
    "InPlanePhaseEncodingDirectionDICOM": "ROW",
    "InstitutionAddress": "Cooper_60_St._Lucia_QLD_AU_4072",
    "InstitutionName": "St_Lucia_Campus",
    "InstitutionalDepartmentName": "Gehrmann_Labs_MRI",
    "MRAcquisitionType": "3D",
    "MagneticFieldStrength": 3,
    "Manufacturer": "Siemens",
    "ManufacturersModelName": "Prisma_fit",
    "Modality": "MR",
    "ParallelReductionFactorInPlane": 2,
    "PartialFourier": 1,
    "PatientPosition": "HFS",
    "PercentPhaseFOV": 100,
    "PhaseEncodingSteps": 233,
    "PhaseResolution": 1,
    "PixelBandwidth": 750,
    "ProcedureStepDescription": "Research_16092_QTAB",
    "ProtocolName": "t2_spc_sag_p2_iso",
    "PulseSequenceDetails": "%SiemensSeq%_tse_vfl",
    "ReceiveCoilActiveElements": "HC1-7;NC1",
    "ReceiveCoilName": "HeadNeck_64",
    "ReconMatrixPE": 256,
    "RepetitionTime": 3.2,
    "SAR": 0.166173,
    "ScanOptions": "PFP",
    "ScanningSequence": "SE",
    "SequenceName": "_spcR_282ns",
    "SequenceVariant": "SK_SP",
    "SeriesDescription": "t2_spc_sag_p2_iso",
    "SeriesNumber": 19,
    "ShimSetting": [
      3044,
      -4172,
      -1039,
      -11,
      -3,
      35,
      -21,
      -13
    ],
    "SliceThickness": 1,
    "SoftwareVersions": "syngo_MR_E11",
    "StationName": "mrc_Trio",
    "TxRefAmp": 208.139,
    "dataset": "ds004146",
    "modality": "T2w",
    "session_id": "01",
    "subject_id": "0259"
  },
  "cjv": 120.00605957218201,
  "cnr": 0.009147769245955211,
  "efc": 0.6232107214196819,
  "fber": -1.0,
  "fwhm_avg": 3.9571458767677403,
  "fwhm_x": 4.123187745761141,
  "fwhm_y": 4.2468374367171915,
  "fwhm_z": 3.501412447824889,
  "icvs_csf": 0.5087867265317952,
  "icvs_gm": 0.37429899554828505,
  "icvs_wm": 0.11691427791991972,
  "inu_med": 1.049799919128418,
  "inu_range": 0.332904189825058,
  "provenance": {
    "md5sum": "5a77b786917ca60da3f399028520b211",
    "settings": {
      "testing": false
    },
    "software": "mriqc",
    "version": "23.0.1",
    "warnings": {
      "large_rot_frame": true,
      "small_air_mask": false
    },
    "webapi_port": null,
    "webapi_url": "https://mriqc.nimh.nih.gov/api/v1"
  },
  "qi_1": 0.16877482944340916,
  "qi_2": 0.013995333256281672,
  "rpve_csf": 9.175056596423865,
  "rpve_gm": 12.08326106272026,
  "rpve_wm": 34.760597965099755,
  "size_x": 192,
  "size_y": 300,
  "size_z": 320,
  "snr_csf": 19.684644258007612,
  "snr_gm": 14.972686447923163,
  "snr_total": 11.80296894747977,
  "snr_wm": 0.7515761365085296,
  "snrd_csf": 94.89230192419949,
  "snrd_gm": 67.05370764057136,
  "snrd_total": 76.60898572188648,
  "snrd_wm": 67.8809476008886,
  "spacing_x": 0.7999999523162842,
  "spacing_y": 0.800000011920929,
  "spacing_z": 0.800000011920929,
  "summary_bg_k": 44.28325344233283,
  "summary_bg_mad": 0.0,
  "summary_bg_mean": 2.5512226057259095,
  "summary_bg_median": 0.0,
  "summary_bg_n": 953852.0,
  "summary_bg_p05": 0.0,
  "summary_bg_p95": 20.782575622200966,
  "summary_bg_stdv": 9.763726982160536,
  "summary_csf_k": 0.2403549775090159,
  "summary_csf_mad": 70.85086518960671,
  "summary_csf_mean": 1418.691235675173,
  "summary_csf_median": 1414.2131756022573,
  "summary_csf_n": 318540.0,
  "summary_csf_p05": 1309.0087249949574,
  "summary_csf_p95": 1543.0181781873107,
  "summary_csf_stdv": 71.84335857068548,
  "summary_gm_k": -0.3951101675697095,
  "summary_gm_mad": 71.72126893886477,
  "summary_gm_mean": 999.6049731172437,
  "summary_gm_median": 999.3248650878668,
  "summary_gm_n": 382774.0,
  "summary_gm_p05": 892.1830557361245,
  "summary_gm_p95": 1108.6388645470142,
  "summary_gm_stdv": 66.74310339636516,
  "summary_wm_k": -1.7254634021649908,
  "summary_wm_mad": 1407.7910240499984,
  "summary_wm_mean": 1537.8105281341811,
  "summary_wm_median": 1011.6535116434097,
  "summary_wm_n": 66878.0,
  "summary_wm_p05": 56.06598790735006,
  "summary_wm_p95": 3394.9071126874533,
  "summary_wm_stdv": 1346.0325561818527,
  "tpm_overlap_csf": 0.10831753519329018,
  "tpm_overlap_gm": 0.2340144938722516,
  "tpm_overlap_wm": 0.03643940622830887,
  "wm2max": 0.30977762597299874
}