{
  "aor": 0.0008798421052631578,
  "aqi": 0.015365487894736844,
  "bids_meta": {
    "AcquisitionMatrixPE": 90,
    "AcquisitionNumber": 1,
    "AcquisitionTime": "10:15:36.042500",
    "BandwidthPerPixelPhaseEncode": 21.368,
    "BaseResolution": 90,
    "BodyPartExamined": "BRAIN",
    "CoilString": "HC1-7;NC1_2",
    "ConsistencyInfo": "N4_VE11C_LATEST_20160120",
    "ConversionSoftware": "dcm2niix",
    "ConversionSoftwareVersion": "v1.0.20190410  GCC6.3.0",
    "DerivedVendorReportedEchoSpacing": 0.000519988,
    "DeviceSerialNumber": "167001",
    "DwellTime": 2.2e-06,
    "EchoTime": 0.03,
    "EchoTrainLength": 90,
    "EffectiveEchoSpacing": 0.000519988,
    "FlipAngle": 52,
    "ImageOrientationPatientDICOM": [
      0.997183,
      0.0714614,
      0.0227734,
      -0.0627375,
      0.961131,
      -0.268869
    ],
    "ImageType": [
      "ORIGINAL",
      "PRIMARY",
      "M",
      "ND",
      "NORM",
      "MOSAIC"
    ],
    "ImagingFrequency": 123.229,
    "InPlanePhaseEncodingDirectionDICOM": "COL",
    "InstitutionAddress": "Cooper_60_St._Lucia_QLD_AU_4072",
    "InstitutionName": "St_Lucia_Campus",
    "InstitutionalDepartmentName": "Gehrmann_Labs_MRI",
    "MRAcquisitionType": "2D",
    "MagneticFieldStrength": 3,
    "Manufacturer": "Siemens",
    "ManufacturersModelName": "Prisma_fit",
    "Modality": "MR",
    "MultibandAccelerationFactor": 6,
    "PartialFourier": 1,
    "PatientPosition": "HFS",
    "PercentPhaseFOV": 100,
    "PhaseEncodingDirection": "j-",
    "PhaseEncodingSteps": 90,
    "PhaseResolution": 1,
    "PixelBandwidth": 2525,
    "ProcedureStepDescription": "Research_16092_QTAB",
    "ProtocolName": "PARTLY_CLOUDY_mb6_2.4",
    "PulseSequenceDetails": "%SiemensSeq%_ep2d_bold",
    "ReceiveCoilActiveElements": "HC1-7;NC1,2",
    "ReceiveCoilName": "HeadNeck_64",
    "ReconMatrixPE": 90,
    "RefLinesPE": 12,
    "RepetitionTime": 0.8,
    "SAR": 0.0595546,
    "ScanOptions": "FS",
    "ScanningSequence": "EP",
    "SequenceName": "_epfid2d1_90",
    "SequenceVariant": "SK",
    "SeriesDescription": "PARTLY_CLOUDY_mb6_2.4",
    "SeriesNumber": 19,
    "ShimSetting": [
      3038,
      -4182,
      -797,
      278,
      39,
      57,
      -204,
      24
    ],
    "SliceThickness": 2.4,
    "SliceTiming": [
      0.545,
      0,
      0.39,
      0.0775,
      0.4675,
      0.235,
      0.625,
      0.3125,
      0.7025,
      0.1575,
      0.545,
      0,
      0.39,
      0.0775,
      0.4675,
      0.235,
      0.625,
      0.3125,
      0.7025,
      0.1575,
      0.545,
      0,
      0.39,
      0.0775,
      0.4675,
      0.235,
      0.625,
      0.3125,
      0.7025,
      0.1575,
      0.545,
      0,
      0.39,
      0.0775,
      0.4675,
      0.235,
      0.625,
      0.3125,
      0.7025,
      0.1575,
      0.545,
      0,
      0.39,
      0.0775,
      0.4675,
      0.235,
      0.625,
      0.3125,
      0.7025,
      0.1575,
      0.545,
      0,
      0.39,
      0.0775,
      0.4675,
      0.235,
      0.625,
      0.3125,
      0.7025,
      0.1575
    ],
    "SoftwareVersions": "syngo_MR_E11",
    "SpacingBetweenSlices": 2.4,
    "StationName": "mrc_Trio",
    "TaskName": "partlycloudy",
    "TotalReadoutTime": 0.046279,
    "TxRefAmp": 213.471,
    "dataset": "ds004146",
    "modality": "bold",
    "session_id": "02",
    "subject_id": "0323",
    "task_id": "partlycloudy"
  },
  "dummy_trs": 0,
  "dvars_nstd": 40.53127150416887,
  "dvars_std": 1.329104435065963,
  "dvars_vstd": 1.0072609644327177,
  "efc": 0.46702752142963844,
  "fber": 5956.814453125,
  "fd_mean": 0.21555108287214103,
  "fd_num": 193,
  "fd_perc": 50.78947368421053,
  "fwhm_avg": 1.9115263129316578,
  "fwhm_x": 1.8478999265710543,
  "fwhm_y": 1.9884749209851058,
  "fwhm_z": 1.898204091238813,
  "gcor": 0.0149373,
  "gsr_x": -0.009966499172151089,
  "gsr_y": 0.02072639763355255,
  "provenance": {
    "md5sum": "6279ea0de553280deeb74d3648f22fa8",
    "settings": {
      "fd_thres": 0.2,
      "testing": false
    },
    "software": "mriqc",
    "version": "23.0.1",
    "webapi_port": null,
    "webapi_url": "https://mriqc.nimh.nih.gov/api/v1"
  },
  "size_t": 380,
  "size_x": 90,
  "size_y": 90,
  "size_z": 60,
  "snr": 6.930462796521961,
  "spacing_tr": 0.800000011920929,
  "spacing_x": 2.4000000953674316,
  "spacing_y": 2.4000000953674316,
  "spacing_z": 2.4000000953674316,
  "summary_bg_k": 23.78517883777627,
  "summary_bg_mad": 6.6795141128233215,
  "summary_bg_mean": 27.293479919433594,
  "summary_bg_median": 8.700000762939453,
  "summary_bg_n": 341392.0,
  "summary_bg_p05": 3.3315792083740234,
  "summary_bg_p95": 124.90237464904791,
  "summary_bg_stdv": 54.23117446899414,
  "summary_fg_k": 1.9815670128127234,
  "summary_fg_mad": 91.02004860103898,
  "summary_fg_mean": 679.5409545898438,
  "summary_fg_median": 676.8868408203125,
  "summary_fg_n": 75755.0,
  "summary_fg_p05": 537.3100219726563,
  "summary_fg_p95": 837.5934753417969,
  "summary_fg_stdv": 97.6677017211914,
  "tsnr": 48.45914095337503
}