{
  "aor": 0.0005678100263852244,
  "aqi": 0.013565100158311345,
  "bids_meta": {
    "AcquisitionMatrixPE": 90,
    "AcquisitionNumber": 1,
    "AcquisitionTime": "14:17:39.402500",
    "BandwidthPerPixelPhaseEncode": 21.368,
    "BaseResolution": 90,
    "BodyPartExamined": "BRAIN",
    "CoilString": "HC1-7;NC1_2",
    "ConsistencyInfo": "N4_VE11C_LATEST_20160120",
    "ConversionSoftware": "dcm2niix",
    "ConversionSoftwareVersion": "v1.0.20190410  GCC6.3.0",
    "DerivedVendorReportedEchoSpacing": 0.000519988,
    "DeviceSerialNumber": "167001",
    "DwellTime": 2.2e-06,
    "EchoTime": 0.03,
    "EchoTrainLength": 90,
    "EffectiveEchoSpacing": 0.000519988,
    "FlipAngle": 52,
    "ImageOrientationPatientDICOM": [
      0.999657,
      0.0192007,
      -0.0178298,
      -0.0219871,
      0.984816,
      -0.172202
    ],
    "ImageType": [
      "ORIGINAL",
      "PRIMARY",
      "M",
      "ND",
      "NORM",
      "MOSAIC"
    ],
    "ImagingFrequency": 123.229,
    "InPlanePhaseEncodingDirectionDICOM": "COL",
    "InstitutionAddress": "Cooper_60_St._Lucia_QLD_AU_4072",
    "InstitutionName": "St_Lucia_Campus",
    "InstitutionalDepartmentName": "Gehrmann_Labs_MRI",
    "MRAcquisitionType": "2D",
    "MagneticFieldStrength": 3,
    "Manufacturer": "Siemens",
    "ManufacturersModelName": "Prisma_fit",
    "Modality": "MR",
    "MultibandAccelerationFactor": 6,
    "PartialFourier": 1,
    "PatientPosition": "HFS",
    "PercentPhaseFOV": 100,
    "PhaseEncodingDirection": "j-",
    "PhaseEncodingSteps": 90,
    "PhaseResolution": 1,
    "PixelBandwidth": 2525,
    "ProcedureStepDescription": "Research_16092_QTAB",
    "ProtocolName": "PARTLY_CLOUDY_mb6_2.4",
    "PulseSequenceDetails": "%SiemensSeq%_ep2d_bold",
    "ReceiveCoilActiveElements": "HC1-7;NC1,2",
    "ReceiveCoilName": "HeadNeck_64",
    "ReconMatrixPE": 90,
    "RefLinesPE": 12,
    "RepetitionTime": 0.8,
    "SAR": 0.0536669,
    "ScanOptions": "FS",
    "ScanningSequence": "EP",
    "SequenceName": "_epfid2d1_90",
    "SequenceVariant": "SK",
    "SeriesDescription": "PARTLY_CLOUDY_mb6_2.4",
    "SeriesNumber": 19,
    "ShimSetting": [
      3045,
      -4153,
      -752,
      562,
      -27,
      57,
      -101,
      -20
    ],
    "SliceThickness": 2.4,
    "SliceTiming": [
      0.5475,
      0,
      0.39,
      0.0775,
      0.4675,
      0.235,
      0.625,
      0.3125,
      0.7025,
      0.1575,
      0.5475,
      0,
      0.39,
      0.0775,
      0.4675,
      0.235,
      0.625,
      0.3125,
      0.7025,
      0.1575,
      0.5475,
      0,
      0.39,
      0.0775,
      0.4675,
      0.235,
      0.625,
      0.3125,
      0.7025,
      0.1575,
      0.5475,
      0,
      0.39,
      0.0775,
      0.4675,
      0.235,
      0.625,
      0.3125,
      0.7025,
      0.1575,
      0.5475,
      0,
      0.39,
      0.0775,
      0.4675,
      0.235,
      0.625,
      0.3125,
      0.7025,
      0.1575,
      0.5475,
      0,
      0.39,
      0.0775,
      0.4675,
      0.235,
      0.625,
      0.3125,
      0.7025,
      0.1575
    ],
    "SoftwareVersions": "syngo_MR_E11",
    "SpacingBetweenSlices": 2.4,
    "StationName": "mrc_Trio",
    "TaskName": "partlycloudy",
    "TotalReadoutTime": 0.046279,
    "TxRefAmp": 208.143,
    "dataset": "ds004146",
    "modality": "bold",
    "session_id": "02",
    "subject_id": "0187",
    "task_id": "partlycloudy"
  },
  "dummy_trs": 1,
  "dvars_nstd": 31.01832013415342,
  "dvars_std": 1.1659529263227506,
  "dvars_vstd": 1.0014682798677257,
  "efc": 0.4499383749899966,
  "fber": 9649.107421875,
  "fd_mean": 0.1961373119492429,
  "fd_num": 175,
  "fd_perc": 46.17414248021108,
  "fwhm_avg": 1.9007457578044828,
  "fwhm_x": 1.785779095706181,
  "fwhm_y": 2.0476290853011974,
  "fwhm_z": 1.8688290924060706,
  "gcor": 0.0129259,
  "gsr_x": -0.017378268763422966,
  "gsr_y": 0.037490762770175934,
  "provenance": {
    "md5sum": "1b489ade7f1436aefae2854401d4f59c",
    "settings": {
      "fd_thres": 0.2,
      "testing": false
    },
    "software": "mriqc",
    "version": "23.0.1",
    "webapi_port": null,
    "webapi_url": "https://mriqc.nimh.nih.gov/api/v1"
  },
  "size_t": 379,
  "size_x": 90,
  "size_y": 90,
  "size_z": 60,
  "snr": 6.979764337994841,
  "spacing_tr": 0.800000011920929,
  "spacing_x": 2.4000000953674316,
  "spacing_y": 2.4000000953674316,
  "spacing_z": 2.4000000953674316,
  "summary_bg_k": 36.509588067837186,
  "summary_bg_mad": 4.459542188671862,
  "summary_bg_mean": 21.598270416259766,
  "summary_bg_median": 6.804749488830566,
  "summary_bg_n": 343976.0,
  "summary_bg_p05": 3.189973831176758,
  "summary_bg_p95": 93.64182662963867,
  "summary_bg_stdv": 45.1776008605957,
  "summary_fg_k": 2.370540277418794,
  "summary_fg_mad": 94.33500020446401,
  "summary_fg_mean": 675.2335815429688,
  "summary_fg_median": 674.50927734375,
  "summary_fg_n": 73976.0,
  "summary_fg_p05": 528.3456420898438,
  "summary_fg_p95": 826.2731170654297,
  "summary_fg_stdv": 96.63717651367188,
  "tsnr": 48.983802867121994
}