{
  "aor": 0.0012734969325153376,
  "aqi": 0.005499832147239263,
  "bids_meta": {
    "AcquisitionMatrixPE": 104,
    "AcquisitionNumber": 1,
    "AcquisitionTime": "13:20:20.662500",
    "BandwidthPerPixelPhaseEncode": 17.17,
    "BaseResolution": 104,
    "BodyPartExamined": "BRAIN",
    "ConsistencyInfo": "N4_VE11C_LATEST_20160120",
    "ConversionSoftware": "dcm2niix",
    "ConversionSoftwareVersion": "v1.0.20171215 GCC6.3.0",
    "DerivedVendorReportedEchoSpacing": 0.000560011,
    "DeviceSerialNumber": "167001",
    "DwellTime": 2.1e-06,
    "EchoTime": 0.03,
    "EchoTrainLength": 91,
    "EffectiveEchoSpacing": 0.000560011,
    "FlipAngle": 52,
    "ImageOrientationPatientDICOM": [
      0.997942,
      -0.0531035,
      -0.0359443,
      0.0360697,
      0.928312,
      -0.370048
    ],
    "ImageType": [
      "ORIGINAL",
      "PRIMARY",
      "M",
      "ND",
      "MOSAIC"
    ],
    "InPlanePhaseEncodingDirectionDICOM": "COL",
    "InstitutionAddress": "Cooper_60_St._Lucia_QLD_AU_4072",
    "InstitutionName": "St_Lucia_Campus",
    "InstitutionalDepartmentName": "Gehrmann_Labs_MRI",
    "MRAcquisitionType": "2D",
    "MagneticFieldStrength": 3,
    "Manufacturer": "Siemens",
    "ManufacturersModelName": "Prisma_fit",
    "Modality": "MR",
    "MultibandAccelerationFactor": 6,
    "PartialFourier": 0.875,
    "PatientPosition": "HFS",
    "PercentPhaseFOV": 100,
    "PhaseEncodingDirection": "j-",
    "PhaseEncodingSteps": 91,
    "PhaseResolution": 1,
    "PixelBandwidth": 2290,
    "ProcedureStepDescription": "Research_16092_QTAB",
    "ProtocolName": "ep2d_REST_SMS6_A-P",
    "PulseSequenceDetails": "%SiemensSeq%_ep2d_bold",
    "ReceiveCoilActiveElements": "HC1-7;NC1,2",
    "ReceiveCoilName": "HeadNeck_64",
    "ReconMatrixPE": 104,
    "RepetitionTime": 0.93,
    "SAR": 0.0685659,
    "ScanOptions": "PFP_FS",
    "ScanningSequence": "EP",
    "SequenceName": "_epfid2d1_104",
    "SequenceVariant": "SK",
    "SeriesDescription": "ep2d_REST_SMS6_A-P",
    "SeriesNumber": 9,
    "ShimSetting": [
      3023,
      -4150,
      -752,
      363,
      -40,
      19,
      -138,
      -18
    ],
    "SliceThickness": 2,
    "SliceTiming": [
      0.6825,
      0,
      0.455,
      0.075,
      0.53,
      0.1525,
      0.6075,
      0.3025,
      0.7575,
      0.38,
      0.835,
      0.2275,
      0.6825,
      0,
      0.455,
      0.075,
      0.53,
      0.1525,
      0.6075,
      0.3025,
      0.7575,
      0.38,
      0.835,
      0.2275,
      0.6825,
      0,
      0.455,
      0.075,
      0.53,
      0.1525,
      0.6075,
      0.3025,
      0.7575,
      0.38,
      0.835,
      0.2275,
      0.6825,
      0,
      0.455,
      0.075,
      0.53,
      0.1525,
      0.6075,
      0.3025,
      0.7575,
      0.38,
      0.835,
      0.2275,
      0.6825,
      0,
      0.455,
      0.075,
      0.53,
      0.1525,
      0.6075,
      0.3025,
      0.7575,
      0.38,
      0.835,
      0.2275,
      0.6825,
      0,
      0.455,
      0.075,
      0.53,
      0.1525,
      0.6075,
      0.3025,
      0.7575,
      0.38,
      0.835,
      0.2275
    ],
    "SoftwareVersions": "syngo_MR_E11",
    "SpacingBetweenSlices": 2,
    "StationName": "mrc_Trio",
    "TaskName": "rest",
    "TotalReadoutTime": 0.0576811,
    "TxRefAmp": 206.764,
    "dataset": "ds004146",
    "modality": "bold",
    "session_id": "01",
    "subject_id": "0245",
    "task_id": "rest"
  },
  "dummy_trs": 1,
  "dvars_nstd": 36.97816897464617,
  "dvars_std": 1.117623561292308,
  "dvars_vstd": 1.0185797018461535,
  "efc": 0.5306722402266888,
  "fber": 790.087158203125,
  "fd_mean": 0.17295294221909108,
  "fd_num": 142,
  "fd_perc": 43.558282208588956,
  "fwhm_avg": 3.409526666666667,
  "fwhm_x": 3.163635,
  "fwhm_y": 3.523855,
  "fwhm_z": 3.54109,
  "gcor": 0.00804567,
  "gsr_x": 0.0007998635992407799,
  "gsr_y": 0.04875565692782402,
  "provenance": {
    "md5sum": "8f2021c140f7a89a36717133443b07ae",
    "settings": {
      "fd_thres": 0.2,
      "testing": false
    },
    "software": "mriqc",
    "version": "23.0.1",
    "webapi_port": null,
    "webapi_url": "https://mriqc.nimh.nih.gov/api/v1"
  },
  "size_t": 326,
  "size_x": 104,
  "size_y": 104,
  "size_z": 72,
  "snr": 2.266907908895995,
  "spacing_tr": 0.9300000071525574,
  "spacing_x": 2.0,
  "spacing_y": 2.0,
  "spacing_z": 2.0,
  "summary_bg_k": 37.14983044005997,
  "summary_bg_mad": 8.977475017428588,
  "summary_bg_mean": 41.82950210571289,
  "summary_bg_median": 21.438650131225586,
  "summary_bg_n": 492179.0,
  "summary_bg_p05": 14.717790603637695,
  "summary_bg_p95": 135.27699737548807,
  "summary_bg_stdv": 61.5190315246582,
  "summary_fg_k": 1.6737610586823735,
  "summary_fg_mad": 233.81000759082755,
  "summary_fg_mean": 667.7252807617188,
  "summary_fg_median": 613.6625366210938,
  "summary_fg_n": 182323.0,
  "summary_fg_p05": 339.8871185302734,
  "summary_fg_p95": 1199.9318725585936,
  "summary_fg_stdv": 270.70391845703125,
  "tsnr": 38.77830374543555
}