{
  "bids_meta": {
    "AcquisitionMatrixPE": 256,
    "AcquisitionNumber": 1,
    "AcquisitionTime": "11:16:6.165000",
    "BaseResolution": 256,
    "BodyPartExamined": "BRAIN",
    "ConsistencyInfo": "N4_VE11C_LATEST_20160120",
    "ConversionSoftware": "dcm2niix",
    "ConversionSoftwareVersion": "v1.0.20171215 GCC6.3.0",
    "DeviceSerialNumber": "167001",
    "DwellTime": 2.6e-06,
    "EchoTime": 0.408,
    "EchoTrainLength": 259,
    "FlipAngle": 120,
    "ImageOrientationPatientDICOM": [
      0,
      1,
      0,
      0,
      0,
      -1
    ],
    "ImageType": [
      "ORIGINAL",
      "PRIMARY",
      "M",
      "ND",
      "NORM"
    ],
    "InPlanePhaseEncodingDirectionDICOM": "ROW",
    "InstitutionAddress": "Cooper_60_St._Lucia_QLD_AU_4072",
    "InstitutionName": "St_Lucia_Campus",
    "InstitutionalDepartmentName": "Gehrmann_Labs_MRI",
    "MRAcquisitionType": "3D",
    "MagneticFieldStrength": 3,
    "Manufacturer": "Siemens",
    "ManufacturersModelName": "Prisma_fit",
    "Modality": "MR",
    "ParallelReductionFactorInPlane": 2,
    "PartialFourier": 1,
    "PatientPosition": "HFS",
    "PercentPhaseFOV": 100,
    "PhaseEncodingSteps": 233,
    "PhaseResolution": 1,
    "PixelBandwidth": 750,
    "ProcedureStepDescription": "Research_16092_QTAB",
    "ProtocolName": "t2_spc_sag_p2_iso",
    "PulseSequenceDetails": "%SiemensSeq%_tse_vfl",
    "ReceiveCoilActiveElements": "HC1-7;NC1",
    "ReceiveCoilName": "HeadNeck_64",
    "ReconMatrixPE": 256,
    "RepetitionTime": 3.2,
    "SAR": 0.153974,
    "ScanOptions": "PFP",
    "ScanningSequence": "SE",
    "SequenceName": "_spcR_282ns",
    "SequenceVariant": "SK_SP",
    "SeriesDescription": "t2_spc_sag_p2_iso",
    "SeriesNumber": 19,
    "ShimSetting": [
      3049,
      -4116,
      -1083,
      143,
      -7,
      49,
      -24,
      -19
    ],
    "SliceThickness": 1,
    "SoftwareVersions": "syngo_MR_E11",
    "StationName": "mrc_Trio",
    "TxRefAmp": 208.277,
    "dataset": "ds004146",
    "modality": "T2w",
    "session_id": "01",
    "subject_id": "0073"
  },
  "cjv": 2.341548950146584,
  "cnr": 0.3130468619505344,
  "efc": 0.6302127818825551,
  "fber": -1.0,
  "fwhm_avg": 3.9698500436086266,
  "fwhm_x": 4.137825246633604,
  "fwhm_y": 4.1917499375380585,
  "fwhm_z": 3.5799749466542163,
  "icvs_csf": 0.48340485762262253,
  "icvs_gm": 0.40118284543970306,
  "icvs_wm": 0.11541229693767444,
  "inu_med": 1.0679768919944763,
  "inu_range": 0.3831295967102052,
  "provenance": {
    "md5sum": "be6a64a8daf0ce18b4a57ca47b0f3dc0",
    "settings": {
      "testing": false
    },
    "software": "mriqc",
    "version": "23.0.1",
    "warnings": {
      "large_rot_frame": true,
      "small_air_mask": false
    },
    "webapi_port": null,
    "webapi_url": "https://mriqc.nimh.nih.gov/api/v1"
  },
  "qi_1": 0.0,
  "qi_2": 0.01005835675020743,
  "rpve_csf": 9.83342548144679,
  "rpve_gm": 11.79795471289063,
  "rpve_wm": 38.84181355086015,
  "size_x": 192,
  "size_y": 300,
  "size_z": 320,
  "snr_csf": 17.908802555647256,
  "snr_gm": 17.18259233280278,
  "snr_total": 11.864100890744242,
  "snr_wm": 0.5009077837826897,
  "snrd_csf": 114.91670892508107,
  "snrd_gm": 75.96814822795575,
  "snrd_total": 79.2050735867346,
  "snrd_wm": 46.73036360716694,
  "spacing_x": 0.7999999523162842,
  "spacing_y": 0.800000011920929,
  "spacing_z": 0.800000011920929,
  "summary_bg_k": 11.588026153088512,
  "summary_bg_mad": 0.0,
  "summary_bg_mean": 7.7658853105014085,
  "summary_bg_median": 0.0,
  "summary_bg_n": 1018715.0,
  "summary_bg_p05": 0.0,
  "summary_bg_p95": 36.25899222493172,
  "summary_bg_stdv": 14.301908436720367,
  "summary_csf_k": 0.6268856428490435,
  "summary_csf_mad": 132.40313125352463,
  "summary_csf_mean": 2515.848843689488,
  "summary_csf_median": 2508.681014969945,
  "summary_csf_n": 273672.0,
  "summary_csf_p05": 2300.047924786806,
  "summary_csf_p95": 2756.163025394082,
  "summary_csf_stdv": 140.08063486092533,
  "summary_gm_k": 0.1689474012563763,
  "summary_gm_mad": 97.98685008988022,
  "summary_gm_mean": 1657.7924213380943,
  "summary_gm_median": 1658.4172396212816,
  "summary_gm_n": 381153.0,
  "summary_gm_p05": 1501.1990167200565,
  "summary_gm_p95": 1811.510762348771,
  "summary_gm_stdv": 96.51716295025422,
  "summary_wm_k": -1.7587965661406408,
  "summary_wm_mad": 1396.5614918470592,
  "summary_wm_mean": 2206.3402279822144,
  "summary_wm_median": 1020.1438685506582,
  "summary_wm_n": 52671.0,
  "summary_wm_p05": 85.85131756961346,
  "summary_wm_p95": 4946.906395576894,
  "summary_wm_stdv": 2036.5708368267442,
  "tpm_overlap_csf": 0.10758424397276654,
  "tpm_overlap_gm": 0.25253765809380146,
  "tpm_overlap_wm": 0.029046064359401387,
  "wm2max": 0.21149868745525416
}