{
  "bids_meta": {
    "AcquisitionMatrixPE": 256,
    "AcquisitionNumber": 1,
    "AcquisitionTime": "11:46:42.777500",
    "BaseResolution": 256,
    "BodyPartExamined": "BRAIN",
    "CoilString": "HC1-7;NC1_2",
    "ConsistencyInfo": "N4_VE11C_LATEST_20160120",
    "ConversionSoftware": "dcm2niix",
    "ConversionSoftwareVersion": "v1.0.20181125  (JP2:OpenJPEG) GCC6.3.0",
    "DeviceSerialNumber": "167001",
    "DwellTime": 2.6e-06,
    "EchoTime": 0.408,
    "EchoTrainLength": 259,
    "FlipAngle": 120,
    "ImageOrientationPatientDICOM": [
      0.0313765,
      0.998601,
      0.0425726,
      -0.00399906,
      0.0427186,
      -0.999079
    ],
    "ImageType": [
      "ORIGINAL",
      "PRIMARY",
      "M",
      "ND",
      "NORM"
    ],
    "ImagingFrequency": 123.229,
    "InPlanePhaseEncodingDirectionDICOM": "ROW",
    "InstitutionAddress": "Cooper_60_St._Lucia_QLD_AU_4072",
    "InstitutionName": "St_Lucia_Campus",
    "InstitutionalDepartmentName": "Gehrmann_Labs_MRI",
    "MRAcquisitionType": "3D",
    "MagneticFieldStrength": 3,
    "Manufacturer": "Siemens",
    "ManufacturersModelName": "Prisma_fit",
    "Modality": "MR",
    "PartialFourier": 1,
    "PatientPosition": "HFS",
    "PercentPhaseFOV": 100,
    "PhaseEncodingSteps": 233,
    "PhaseResolution": 1,
    "PixelBandwidth": 750,
    "ProcedureStepDescription": "Research_16092_QTAB",
    "ProtocolName": "t2_spc_sag_p2_iso",
    "PulseSequenceDetails": "%SiemensSeq%_tse_vfl",
    "ReceiveCoilActiveElements": "HC1-7;NC1,2",
    "ReceiveCoilName": "HeadNeck_64",
    "ReconMatrixPE": 256,
    "RepetitionTime": 3.2,
    "SAR": 0.166792,
    "ScanOptions": "PFP",
    "ScanningSequence": "SE",
    "SequenceName": "_spcR_282ns",
    "SequenceVariant": "SK_SP",
    "SeriesDescription": "t2_spc_sag_p2_iso",
    "SeriesNumber": 19,
    "ShimSetting": [
      3044,
      -4172,
      -1039,
      -11,
      -3,
      35,
      -21,
      -13
    ],
    "SliceThickness": 1,
    "SoftwareVersions": "syngo_MR_E11",
    "StationName": "mrc_Trio",
    "TxRefAmp": 205.911,
    "dataset": "ds004146",
    "modality": "T2w",
    "session_id": "01",
    "subject_id": "0081"
  },
  "cjv": 1.3680664248013064,
  "cnr": 0.9414862751858765,
  "efc": 0.5911313748664994,
  "fber": 7176.871463577634,
  "fwhm_avg": 4.180712541137393,
  "fwhm_x": 4.1648377482436745,
  "fwhm_y": 4.546849932246657,
  "fwhm_z": 3.8304499429218484,
  "icvs_csf": 0.4806719707513041,
  "icvs_gm": 0.4083868494842306,
  "icvs_wm": 0.11094117976446534,
  "inu_med": 1.0180540084838867,
  "inu_range": 0.2945002466440201,
  "provenance": {
    "md5sum": "b47da3962e54d18245579ec2aacd9a72",
    "settings": {
      "testing": false
    },
    "software": "mriqc",
    "version": "23.0.1",
    "warnings": {
      "large_rot_frame": true,
      "small_air_mask": false
    },
    "webapi_port": null,
    "webapi_url": "https://mriqc.nimh.nih.gov/api/v1"
  },
  "qi_1": 0.0009237492423303507,
  "qi_2": 0.019111020238966766,
  "rpve_csf": 11.364442299832959,
  "rpve_gm": 13.063158295702745,
  "rpve_wm": 44.15570945076409,
  "size_x": 192,
  "size_y": 300,
  "size_z": 320,
  "snr_csf": 18.21666706004578,
  "snr_gm": 14.316715925618372,
  "snr_total": 11.404246309105098,
  "snr_wm": 1.6793559416511437,
  "snrd_csf": 47.623211693210614,
  "snrd_gm": 33.44649868138985,
  "snrd_total": 52.44338390820966,
  "snrd_wm": 76.26044135002853,
  "spacing_x": 0.7999999523162842,
  "spacing_y": 0.800000011920929,
  "spacing_z": 0.800000011920929,
  "summary_bg_k": 3.2438066000420713,
  "summary_bg_mad": 0.0,
  "summary_bg_mean": 5.71113573423488,
  "summary_bg_median": 0.0,
  "summary_bg_n": 2036990.0,
  "summary_bg_p05": 0.0,
  "summary_bg_p95": 23.159092754125595,
  "summary_bg_stdv": 8.608586899285283,
  "summary_csf_k": 0.2069345482797571,
  "summary_csf_mad": 34.07333140493652,
  "summary_csf_mean": 627.3659561769389,
  "summary_csf_median": 625.7758785560727,
  "summary_csf_n": 187145.0,
  "summary_csf_p05": 574.4011225774884,
  "summary_csf_p95": 685.9490671530366,
  "summary_csf_stdv": 34.35173978807539,
  "summary_gm_k": -0.11803553496149499,
  "summary_gm_mad": 31.599360147812412,
  "summary_gm_mean": 439.8261499140995,
  "summary_gm_median": 439.49182242900133,
  "summary_gm_n": 232250.0,
  "summary_gm_p05": 390.39252316206694,
  "summary_gm_p95": 490.462052769959,
  "summary_gm_stdv": 30.697743710935477,
  "summary_wm_k": -1.7615943271799197,
  "summary_wm_mad": 738.0493495021975,
  "summary_wm_mean": 781.7697164555773,
  "summary_wm_median": 1002.0732115320861,
  "summary_wm_n": 49670.0,
  "summary_wm_p05": 35.395993292331696,
  "summary_wm_p95": 1518.4767349574713,
  "summary_wm_stdv": 596.6948991097947,
  "tpm_overlap_csf": 0.10860770966398949,
  "tpm_overlap_gm": 0.2621600101134172,
  "tpm_overlap_wm": 0.04795770895156334,
  "wm2max": 0.6998481450744266
}