{
  "bids_meta": {
    "AcquisitionMatrixPE": 256,
    "AcquisitionNumber": 1,
    "AcquisitionTime": "14:50:22.170000",
    "BaseResolution": 256,
    "BodyPartExamined": "BRAIN",
    "CoilString": "HC1-7;NC1_2",
    "ConsistencyInfo": "N4_VE11C_LATEST_20160120",
    "ConversionSoftware": "dcm2niix",
    "ConversionSoftwareVersion": "v1.0.20190410  GCC6.3.0",
    "DeviceSerialNumber": "167001",
    "DwellTime": 2.6e-06,
    "EchoTime": 0.408,
    "EchoTrainLength": 259,
    "FlipAngle": 120,
    "ImageOrientationPatientDICOM": [
      -0.0143193,
      0.999891,
      -0.00365998,
      -0.0533572,
      -0.00441925,
      -0.998566
    ],
    "ImageType": [
      "ORIGINAL",
      "PRIMARY",
      "M",
      "ND",
      "NORM"
    ],
    "ImagingFrequency": 123.229,
    "InPlanePhaseEncodingDirectionDICOM": "ROW",
    "InstitutionAddress": "Cooper_60_St._Lucia_QLD_AU_4072",
    "InstitutionName": "Centre_for_Advanced_Imaging",
    "InstitutionalDepartmentName": "Gehrmann_Labs_MRI",
    "MRAcquisitionType": "3D",
    "MagneticFieldStrength": 3,
    "Manufacturer": "Siemens",
    "ManufacturersModelName": "Prisma_fit",
    "Modality": "MR",
    "PartialFourier": 1,
    "PatientPosition": "HFS",
    "PercentPhaseFOV": 100,
    "PhaseEncodingSteps": 233,
    "PhaseResolution": 1,
    "PixelBandwidth": 750,
    "ProcedureStepDescription": "Research_16092_QTAB",
    "ProtocolName": "t2_spc_sag_p2_iso",
    "PulseSequenceDetails": "%SiemensSeq%_tse_vfl",
    "ReceiveCoilActiveElements": "HC1-7;NC1,2",
    "ReceiveCoilName": "HeadNeck_64",
    "ReconMatrixPE": 256,
    "RefLinesPE": 24,
    "RepetitionTime": 3.2,
    "SAR": 0.155115,
    "ScanOptions": "PFP",
    "ScanningSequence": "SE",
    "SequenceName": "_spcR_282ns",
    "SequenceVariant": "SK_SP",
    "SeriesDescription": "t2_spc_sag_p2_iso",
    "SeriesNumber": 36,
    "ShimSetting": [
      3046,
      -4168,
      -1041,
      -17,
      -5,
      41,
      -30,
      -10
    ],
    "SliceThickness": 1,
    "SoftwareVersions": "syngo_MR_E11",
    "StationName": "mrc_Trio",
    "TxRefAmp": 215.845,
    "dataset": "ds004146",
    "modality": "T2w",
    "session_id": "02",
    "subject_id": "0250"
  },
  "cjv": 3.279306207816918,
  "cnr": 0.4784679435262892,
  "efc": 0.6441865488519177,
  "fber": -1.0,
  "fwhm_avg": 4.018099940125645,
  "fwhm_x": 4.145762438223326,
  "fwhm_y": 4.228499936990441,
  "fwhm_z": 3.680037445163169,
  "icvs_csf": 0.3620311400424812,
  "icvs_gm": 0.454164172040434,
  "icvs_wm": 0.18380468791708474,
  "inu_med": 1.0349398851394653,
  "inu_range": 0.353863799571991,
  "provenance": {
    "md5sum": "ce30d783e6ad1b00b1202487cf9b764a",
    "settings": {
      "testing": false
    },
    "software": "mriqc",
    "version": "23.0.1",
    "warnings": {
      "large_rot_frame": true,
      "small_air_mask": false
    },
    "webapi_port": null,
    "webapi_url": "https://mriqc.nimh.nih.gov/api/v1"
  },
  "qi_1": 1.7979700500002925e-05,
  "qi_2": 0.023800062367406567,
  "rpve_csf": 10.204930337382883,
  "rpve_gm": 8.904047068382152,
  "rpve_wm": 26.100094867200163,
  "size_x": 192,
  "size_y": 300,
  "size_z": 320,
  "snr_csf": 17.662334316216878,
  "snr_gm": 17.172607005013656,
  "snr_total": 12.051022491880948,
  "snr_wm": 1.3181261544123084,
  "snrd_csf": 74.69133199721271,
  "snrd_gm": 47.86782324033605,
  "snrd_total": 65.91919305000852,
  "snrd_wm": 75.1984239124768,
  "spacing_x": 0.800000011920929,
  "spacing_y": 0.800000011920929,
  "spacing_z": 0.800000011920929,
  "summary_bg_k": 3.4326235016859474,
  "summary_bg_mad": 0.0,
  "summary_bg_mean": 5.683663862920515,
  "summary_bg_median": 0.0,
  "summary_bg_n": 1886047.0,
  "summary_bg_p05": 0.0,
  "summary_bg_p95": 23.570573329925537,
  "summary_bg_stdv": 8.75493727387217,
  "summary_csf_k": 0.9569652056793605,
  "summary_csf_mad": 51.435826281864955,
  "summary_csf_mean": 1000.8401652616109,
  "summary_csf_median": 998.1401224806905,
  "summary_csf_n": 33789.0,
  "summary_csf_p05": 912.8220128305256,
  "summary_csf_p95": 1097.5637471079826,
  "summary_csf_stdv": 56.51151961616257,
  "summary_gm_k": 0.8532365701103073,
  "summary_gm_mad": 35.54641497823152,
  "summary_gm_mean": 640.8166955356011,
  "summary_gm_median": 639.6832627616823,
  "summary_gm_n": 204445.0,
  "summary_gm_p05": 582.3036483116448,
  "summary_gm_p95": 703.2501527108252,
  "summary_gm_stdv": 37.25012155315143,
  "summary_wm_k": -1.6720590462502363,
  "summary_wm_mad": 1162.165739472626,
  "summary_wm_mean": 1000.2964348376887,
  "summary_wm_median": 1004.9166623130441,
  "summary_wm_n": 121905.0,
  "summary_wm_p05": 59.81032982468605,
  "summary_wm_p95": 2065.6292911805212,
  "summary_wm_stdv": 762.3796381099713,
  "tpm_overlap_csf": 0.11825026677729467,
  "tpm_overlap_gm": 0.33948590730663447,
  "tpm_overlap_wm": 0.08344113945203645,
  "wm2max": 0.49389107100838053
}