{
  "bids_meta": {
    "AcquisitionMatrixPE": 256,
    "AcquisitionNumber": 1,
    "AcquisitionTime": "11:13:5.167500",
    "BaseResolution": 256,
    "BodyPartExamined": "BRAIN",
    "ConsistencyInfo": "N4_VE11C_LATEST_20160120",
    "ConversionSoftware": "dcm2niix",
    "ConversionSoftwareVersion": "v1.0.20171215 GCC6.3.0",
    "DeviceSerialNumber": "167001",
    "DwellTime": 2.6e-06,
    "EchoTime": 0.408,
    "EchoTrainLength": 259,
    "FlipAngle": 120,
    "ImageOrientationPatientDICOM": [
      -0.105539,
      0.994415,
      2.28421e-08,
      -0.0292135,
      -0.00310045,
      -0.999568
    ],
    "ImageType": [
      "ORIGINAL",
      "PRIMARY",
      "M",
      "ND",
      "NORM"
    ],
    "InPlanePhaseEncodingDirectionDICOM": "ROW",
    "InstitutionAddress": "Cooper_60_St._Lucia_QLD_AU_4072",
    "InstitutionName": "St_Lucia_Campus",
    "InstitutionalDepartmentName": "Gehrmann_Labs_MRI",
    "MRAcquisitionType": "3D",
    "MagneticFieldStrength": 3,
    "Manufacturer": "Siemens",
    "ManufacturersModelName": "Prisma_fit",
    "Modality": "MR",
    "ParallelReductionFactorInPlane": 2,
    "PartialFourier": 1,
    "PatientPosition": "HFS",
    "PercentPhaseFOV": 100,
    "PhaseEncodingSteps": 233,
    "PhaseResolution": 1,
    "PixelBandwidth": 750,
    "ProcedureStepDescription": "Research_16092_QTAB",
    "ProtocolName": "t2_spc_sag_p2_iso",
    "PulseSequenceDetails": "%SiemensSeq%_tse_vfl",
    "ReceiveCoilActiveElements": "HC1-7;NC1",
    "ReceiveCoilName": "HeadNeck_64",
    "ReconMatrixPE": 256,
    "RepetitionTime": 3.2,
    "SAR": 0.192805,
    "ScanOptions": "PFP",
    "ScanningSequence": "SE",
    "SequenceName": "_spcR_282ns",
    "SequenceVariant": "SK_SP",
    "SeriesDescription": "t2_spc_sag_p2_iso",
    "SeriesNumber": 19,
    "ShimSetting": [
      3045,
      -4172,
      -1048,
      3,
      -5,
      36,
      -4,
      -10
    ],
    "SliceThickness": 1,
    "SoftwareVersions": "syngo_MR_E11",
    "StationName": "mrc_Trio",
    "TxRefAmp": 207.688,
    "dataset": "ds004146",
    "modality": "T2w",
    "session_id": "01",
    "subject_id": "0139"
  },
  "cjv": 1.1568860477750065,
  "cnr": 0.9315860508624045,
  "efc": 0.6011490776096222,
  "fber": -1.0,
  "fwhm_avg": 3.9420208743223975,
  "fwhm_x": 4.015650239351406,
  "fwhm_y": 4.287299936114253,
  "fwhm_z": 3.523112447501534,
  "icvs_csf": 0.5125318398711678,
  "icvs_gm": 0.09766473734491045,
  "icvs_wm": 0.38980342278392177,
  "inu_med": 1.0036792755126953,
  "inu_range": 0.30309424400329577,
  "provenance": {
    "md5sum": "d889b40b2afea73976b630ad49c54936",
    "settings": {
      "testing": false
    },
    "software": "mriqc",
    "version": "23.0.1",
    "warnings": {
      "large_rot_frame": true,
      "small_air_mask": false
    },
    "webapi_port": null,
    "webapi_url": "https://mriqc.nimh.nih.gov/api/v1"
  },
  "qi_1": 0.06588655509435208,
  "qi_2": 0.045240167549049685,
  "rpve_csf": 10.24341644706941,
  "rpve_gm": 46.97101160149776,
  "rpve_wm": 13.123299428096633,
  "size_x": 192,
  "size_y": 300,
  "size_z": 320,
  "snr_csf": 20.60933424985521,
  "snr_gm": 1.7704792433373067,
  "snr_total": 12.361217955483028,
  "snr_wm": 14.703840373256568,
  "snrd_csf": 227.21103578723813,
  "snrd_gm": 322.0419625075189,
  "snrd_total": 233.85678800515916,
  "snrd_wm": 152.3173657207204,
  "spacing_x": 0.7999999523162842,
  "spacing_y": 0.800000011920929,
  "spacing_z": 0.800000011920929,
  "summary_bg_k": 37.607162687539756,
  "summary_bg_mad": 0.0,
  "summary_bg_mean": 1.1158845039247653,
  "summary_bg_median": 0.0,
  "summary_bg_n": 1540626.0,
  "summary_bg_p05": 0.0,
  "summary_bg_p95": 10.535934776067734,
  "summary_bg_stdv": 4.301127313890972,
  "summary_csf_k": 0.11786403691393366,
  "summary_csf_mad": 71.88664003199779,
  "summary_csf_mean": 1492.6920723176759,
  "summary_csf_median": 1491.6948471218348,
  "summary_csf_n": 348632.0,
  "summary_csf_p05": 1375.907074123621,
  "summary_csf_p95": 1612.6968327388167,
  "summary_csf_stdv": 72.37947085924536,
  "summary_gm_k": -1.764605035281508,
  "summary_gm_mad": 1216.8925794330091,
  "summary_gm_mean": 1614.1239819696675,
  "summary_gm_median": 2114.282584756613,
  "summary_gm_n": 37527.0,
  "summary_gm_p05": 56.7650363445282,
  "summary_gm_p95": 2951.4432348690925,
  "summary_gm_stdv": 1194.170687046111,
  "summary_wm_k": -0.34789492662440225,
  "summary_wm_mad": 72.20542779267184,
  "summary_wm_mean": 1000.5447637335002,
  "summary_wm_median": 999.9999726489186,
  "summary_wm_n": 428026.0,
  "summary_wm_p05": 891.1465648859739,
  "summary_wm_p95": 1112.9924976453185,
  "summary_wm_stdv": 68.00936211969055,
  "tpm_overlap_csf": 0.10746474050078869,
  "tpm_overlap_gm": 0.059859249581553725,
  "tpm_overlap_wm": 0.4636406354329651,
  "wm2max": 0.34612164077881236
}