{
  "aor": 0.03554697247706421,
  "aqi": 0.03363531149847095,
  "bids_meta": {
    "AcquisitionMatrixPE": 104,
    "AcquisitionNumber": 1,
    "AcquisitionTime": "11:07:35.895000",
    "BandwidthPerPixelPhaseEncode": 17.17,
    "BaseResolution": 104,
    "BodyPartExamined": "BRAIN",
    "ConsistencyInfo": "N4_VE11C_LATEST_20160120",
    "ConversionSoftware": "dcm2niix",
    "ConversionSoftwareVersion": "v1.0.20171215 GCC6.3.0",
    "DerivedVendorReportedEchoSpacing": 0.000560011,
    "DeviceSerialNumber": "167001",
    "DwellTime": 2.1e-06,
    "EchoTime": 0.03,
    "EchoTrainLength": 91,
    "EffectiveEchoSpacing": 0.000560011,
    "FlipAngle": 52,
    "ImageOrientationPatientDICOM": [
      0.99904,
      -0.0435841,
      0.00445772,
      0.043619,
      0.979962,
      -0.194349
    ],
    "ImageType": [
      "ORIGINAL",
      "PRIMARY",
      "M",
      "ND",
      "MOSAIC"
    ],
    "InPlanePhaseEncodingDirectionDICOM": "COL",
    "InstitutionAddress": "Cooper_60_St._Lucia_QLD_AU_4072",
    "InstitutionName": "St_Lucia_Campus",
    "InstitutionalDepartmentName": "Gehrmann_Labs_MRI",
    "MRAcquisitionType": "2D",
    "MagneticFieldStrength": 3,
    "Manufacturer": "Siemens",
    "ManufacturersModelName": "Prisma_fit",
    "Modality": "MR",
    "MultibandAccelerationFactor": 6,
    "PartialFourier": 0.875,
    "PatientPosition": "HFS",
    "PercentPhaseFOV": 100,
    "PhaseEncodingDirection": "j",
    "PhaseEncodingSteps": 91,
    "PhaseResolution": 1,
    "PixelBandwidth": 2290,
    "ProcedureStepDescription": "Research_16092_QTAB",
    "ProtocolName": "ep2d_REST_SMS6_P-A",
    "PulseSequenceDetails": "%SiemensSeq%_ep2d_bold",
    "ReceiveCoilActiveElements": "HC1-7;NC1,2",
    "ReceiveCoilName": "HeadNeck_64",
    "ReconMatrixPE": 104,
    "RepetitionTime": 0.93,
    "SAR": 0.0759756,
    "ScanOptions": "PFP_FS",
    "ScanningSequence": "EP",
    "SequenceName": "_epfid2d1_104",
    "SequenceVariant": "SK",
    "SeriesDescription": "ep2d_REST_SMS6_P-A",
    "SeriesNumber": 10,
    "ShimSetting": [
      3077,
      -4160,
      -832,
      433,
      106,
      -27,
      40,
      46
    ],
    "SliceThickness": 2,
    "SliceTiming": [
      0.6825,
      0,
      0.455,
      0.075,
      0.53,
      0.15,
      0.605,
      0.3025,
      0.7575,
      0.3775,
      0.8325,
      0.2275,
      0.6825,
      0,
      0.455,
      0.075,
      0.53,
      0.15,
      0.605,
      0.3025,
      0.7575,
      0.3775,
      0.8325,
      0.2275,
      0.6825,
      0,
      0.455,
      0.075,
      0.53,
      0.15,
      0.605,
      0.3025,
      0.7575,
      0.3775,
      0.8325,
      0.2275,
      0.6825,
      0,
      0.455,
      0.075,
      0.53,
      0.15,
      0.605,
      0.3025,
      0.7575,
      0.3775,
      0.8325,
      0.2275,
      0.6825,
      0,
      0.455,
      0.075,
      0.53,
      0.15,
      0.605,
      0.3025,
      0.7575,
      0.3775,
      0.8325,
      0.2275,
      0.6825,
      0,
      0.455,
      0.075,
      0.53,
      0.15,
      0.605,
      0.3025,
      0.7575,
      0.3775,
      0.8325,
      0.2275
    ],
    "SoftwareVersions": "syngo_MR_E11",
    "SpacingBetweenSlices": 2,
    "StationName": "mrc_Trio",
    "TaskName": "rest",
    "TotalReadoutTime": 0.0576811,
    "TxRefAmp": 218.336,
    "dataset": "ds004146",
    "modality": "bold",
    "session_id": "01",
    "subject_id": "0191",
    "task_id": "rest"
  },
  "dummy_trs": 0,
  "dvars_nstd": 69.48167607825151,
  "dvars_std": 1.2659892097852756,
  "dvars_vstd": 1.2745739667177918,
  "efc": 0.537794052317413,
  "fber": 753.4959106445312,
  "fd_mean": 0.9497268936159848,
  "fd_num": 226,
  "fd_perc": 69.1131498470948,
  "fwhm_avg": 3.4018816666666667,
  "fwhm_x": 3.07504,
  "fwhm_y": 3.46968,
  "fwhm_z": 3.660925,
  "gcor": 0.0503871,
  "gsr_x": -0.013779565691947937,
  "gsr_y": 0.06268759816884995,
  "provenance": {
    "md5sum": "735b490ea2df0913c1b44c04fea7d2f2",
    "settings": {
      "fd_thres": 0.2,
      "testing": false
    },
    "software": "mriqc",
    "version": "23.0.1",
    "webapi_port": null,
    "webapi_url": "https://mriqc.nimh.nih.gov/api/v1"
  },
  "size_t": 327,
  "size_x": 104,
  "size_y": 104,
  "size_z": 72,
  "snr": 2.4617348471396774,
  "spacing_tr": 0.9300000071525574,
  "spacing_x": 2.0,
  "spacing_y": 2.0,
  "spacing_z": 2.0,
  "summary_bg_k": 70.88087297091027,
  "summary_bg_mad": 6.995886412687929,
  "summary_bg_mean": 34.99848175048828,
  "summary_bg_median": 19.32721710205078,
  "summary_bg_n": 491224.0,
  "summary_bg_p05": 13.486239433288574,
  "summary_bg_p95": 107.72691230773911,
  "summary_bg_stdv": 46.34787368774414,
  "summary_fg_k": 0.8083881739882361,
  "summary_fg_mad": 203.81925593898538,
  "summary_fg_mean": 578.2823486328125,
  "summary_fg_median": 536.0550537109375,
  "summary_fg_n": 182013.0,
  "summary_fg_p05": 305.11989135742186,
  "summary_fg_p95": 996.9296874999999,
  "summary_fg_stdv": 217.75439453125,
  "tsnr": 14.983440263720695
}