{
  "bids_meta": {
    "AcquisitionMatrixPE": 256,
    "AcquisitionNumber": 1,
    "AcquisitionTime": "16:17:36.007500",
    "BaseResolution": 256,
    "BodyPartExamined": "BRAIN",
    "CoilString": "HC1-7;NC1_2",
    "ConsistencyInfo": "N4_VE11C_LATEST_20160120",
    "ConversionSoftware": "dcm2niix",
    "ConversionSoftwareVersion": "v1.0.20181125  (JP2:OpenJPEG) GCC6.3.0",
    "DeviceSerialNumber": "167001",
    "DwellTime": 2.6e-06,
    "EchoTime": 0.408,
    "EchoTrainLength": 259,
    "FlipAngle": 120,
    "ImageOrientationPatientDICOM": [
      -0.110364,
      0.982287,
      -0.151433,
      0.0152905,
      -0.150668,
      -0.988466
    ],
    "ImageType": [
      "ORIGINAL",
      "PRIMARY",
      "M",
      "ND",
      "NORM"
    ],
    "ImagingFrequency": 123.23,
    "InPlanePhaseEncodingDirectionDICOM": "ROW",
    "InstitutionAddress": "Cooper_60_St._Lucia_QLD_AU_4072",
    "InstitutionName": "St_Lucia_Campus",
    "InstitutionalDepartmentName": "Gehrmann_Labs_MRI",
    "MRAcquisitionType": "3D",
    "MagneticFieldStrength": 3,
    "Manufacturer": "Siemens",
    "ManufacturersModelName": "Prisma_fit",
    "Modality": "MR",
    "PartialFourier": 1,
    "PatientPosition": "HFS",
    "PercentPhaseFOV": 100,
    "PhaseEncodingSteps": 233,
    "PhaseResolution": 1,
    "PixelBandwidth": 750,
    "ProcedureStepDescription": "Research_16092_QTAB",
    "ProtocolName": "t2_spc_sag_p2_iso",
    "PulseSequenceDetails": "%SiemensSeq%_tse_vfl",
    "ReceiveCoilActiveElements": "HC1-7;NC1,2",
    "ReceiveCoilName": "HeadNeck_64",
    "ReconMatrixPE": 256,
    "RepetitionTime": 3.2,
    "SAR": 0.186526,
    "ScanOptions": "PFP",
    "ScanningSequence": "SE",
    "SequenceName": "_spcR_282ns",
    "SequenceVariant": "SK_SP",
    "SeriesDescription": "t2_spc_sag_p2_iso",
    "SeriesNumber": 19,
    "ShimSetting": [
      3044,
      -4172,
      -1039,
      -11,
      -3,
      35,
      -21,
      -13
    ],
    "SliceThickness": 1,
    "SoftwareVersions": "syngo_MR_E11",
    "StationName": "mrc_Trio",
    "TxRefAmp": 211.706,
    "dataset": "ds004146",
    "modality": "T2w",
    "session_id": "01",
    "subject_id": "0291"
  },
  "cjv": 2.257796344476878,
  "cnr": 0.7257930476957464,
  "efc": 0.6124874069465905,
  "fber": 4608.901234567901,
  "fwhm_avg": 4.305262543444776,
  "fwhm_x": 4.3324752582356485,
  "fwhm_y": 4.491062433077954,
  "fwhm_z": 4.092249939020724,
  "icvs_csf": 0.4597268160232007,
  "icvs_gm": 0.4231994420284963,
  "icvs_wm": 0.11707374194830299,
  "inu_med": 1.0251344442367554,
  "inu_range": 0.2651304692029951,
  "provenance": {
    "md5sum": "fbfb7c6dad3b82097a4b3e14dafa27fb",
    "settings": {
      "testing": false
    },
    "software": "mriqc",
    "version": "23.0.1",
    "warnings": {
      "large_rot_frame": true,
      "small_air_mask": false
    },
    "webapi_port": null,
    "webapi_url": "https://mriqc.nimh.nih.gov/api/v1"
  },
  "qi_1": 0.010320835895942817,
  "qi_2": 0.005205578767930363,
  "rpve_csf": 10.85371838508729,
  "rpve_gm": 11.848677709645376,
  "rpve_wm": 40.22901108054493,
  "size_x": 192,
  "size_y": 300,
  "size_z": 320,
  "snr_csf": 17.75499660132593,
  "snr_gm": 13.256454148752137,
  "snr_total": 10.799974767312106,
  "snr_wm": 1.3884735518582465,
  "snrd_csf": 34.56964492984448,
  "snrd_gm": 23.655183014021418,
  "snrd_total": 35.95481818818799,
  "snrd_wm": 49.63962662069807,
  "spacing_x": 0.7999999523162842,
  "spacing_y": 0.800000011920929,
  "spacing_z": 0.800000011920929,
  "summary_bg_k": 6.619383390194384,
  "summary_bg_mad": 0.0,
  "summary_bg_mean": 7.334747914091884,
  "summary_bg_median": 0.0,
  "summary_bg_n": 2464006.0,
  "summary_bg_p05": 0.0,
  "summary_bg_p95": 36.086030803620815,
  "summary_bg_stdv": 13.224969782667783,
  "summary_csf_k": 0.23476811506833917,
  "summary_csf_mad": 38.69166210645341,
  "summary_csf_mean": 699.6030868181231,
  "summary_csf_median": 697.8432424068451,
  "summary_csf_n": 158763.0,
  "summary_csf_p05": 638.8397323563695,
  "summary_csf_p95": 767.0756273567677,
  "summary_csf_stdv": 39.303924428787056,
  "summary_gm_k": -0.050637766148929675,
  "summary_gm_mad": 36.82378876338324,
  "summary_gm_mean": 478.0828470030747,
  "summary_gm_median": 477.51747661083937,
  "summary_gm_n": 206263.0,
  "summary_gm_p05": 420.0437982901931,
  "summary_gm_p95": 537.6908579841256,
  "summary_gm_stdv": 36.02142124175954,
  "summary_wm_k": -1.7680152189679854,
  "summary_wm_mad": 1147.4746205053536,
  "summary_wm_mean": 869.1412506334025,
  "summary_wm_median": 1002.0547813884914,
  "summary_wm_n": 65766.0,
  "summary_wm_p05": 37.79584273695946,
  "summary_wm_p95": 1830.848620198667,
  "summary_wm_stdv": 721.6897734090027,
  "tpm_overlap_csf": 0.10187813651249351,
  "tpm_overlap_gm": 0.2848452642699493,
  "tpm_overlap_wm": 0.051978623767139756,
  "wm2max": 0.5784502164502164
}