{
  "aor": 0.0011757798165137616,
  "aqi": 0.007043566850152906,
  "bids_meta": {
    "AcquisitionMatrixPE": 104,
    "AcquisitionNumber": 1,
    "AcquisitionTime": "11:19:10.445000",
    "BandwidthPerPixelPhaseEncode": 17.17,
    "BaseResolution": 104,
    "BodyPartExamined": "BRAIN",
    "ConsistencyInfo": "N4_VE11C_LATEST_20160120",
    "ConversionSoftware": "dcm2niix",
    "ConversionSoftwareVersion": "v1.0.20171215 GCC6.3.0",
    "DerivedVendorReportedEchoSpacing": 0.000560011,
    "DeviceSerialNumber": "167001",
    "DwellTime": 2.1e-06,
    "EchoTime": 0.03,
    "EchoTrainLength": 91,
    "EffectiveEchoSpacing": 0.000560011,
    "FlipAngle": 52,
    "ImageOrientationPatientDICOM": [
      0.998579,
      -0.0185303,
      -0.0499706,
      0.00278858,
      0.954492,
      -0.298223
    ],
    "ImageType": [
      "ORIGINAL",
      "PRIMARY",
      "M",
      "ND",
      "MOSAIC"
    ],
    "InPlanePhaseEncodingDirectionDICOM": "COL",
    "InstitutionAddress": "Cooper_60_St._Lucia_QLD_AU_4072",
    "InstitutionName": "St_Lucia_Campus",
    "InstitutionalDepartmentName": "Gehrmann_Labs_MRI",
    "MRAcquisitionType": "2D",
    "MagneticFieldStrength": 3,
    "Manufacturer": "Siemens",
    "ManufacturersModelName": "Prisma_fit",
    "Modality": "MR",
    "MultibandAccelerationFactor": 6,
    "PartialFourier": 0.875,
    "PatientPosition": "HFS",
    "PercentPhaseFOV": 100,
    "PhaseEncodingDirection": "j-",
    "PhaseEncodingSteps": 91,
    "PhaseResolution": 1,
    "PixelBandwidth": 2290,
    "ProcedureStepDescription": "Research_16092_QTAB",
    "ProtocolName": "ep2d_REST_SMS6_A-P",
    "PulseSequenceDetails": "%SiemensSeq%_ep2d_bold",
    "ReceiveCoilActiveElements": "HC1-7;NC1,2",
    "ReceiveCoilName": "HeadNeck_64",
    "ReconMatrixPE": 104,
    "RepetitionTime": 0.93,
    "SAR": 0.0631542,
    "ScanOptions": "PFP_FS",
    "ScanningSequence": "EP",
    "SequenceName": "_epfid2d1_104",
    "SequenceVariant": "SK",
    "SeriesDescription": "ep2d_REST_SMS6_A-P",
    "SeriesNumber": 9,
    "ShimSetting": [
      3033,
      -4147,
      -804,
      461,
      -14,
      -10,
      -68,
      -23
    ],
    "SliceThickness": 2,
    "SliceTiming": [
      0.6825,
      0,
      0.455,
      0.075,
      0.53,
      0.1525,
      0.6075,
      0.3025,
      0.7575,
      0.38,
      0.835,
      0.2275,
      0.6825,
      0,
      0.455,
      0.075,
      0.53,
      0.1525,
      0.6075,
      0.3025,
      0.7575,
      0.38,
      0.835,
      0.2275,
      0.6825,
      0,
      0.455,
      0.075,
      0.53,
      0.1525,
      0.6075,
      0.3025,
      0.7575,
      0.38,
      0.835,
      0.2275,
      0.6825,
      0,
      0.455,
      0.075,
      0.53,
      0.1525,
      0.6075,
      0.3025,
      0.7575,
      0.38,
      0.835,
      0.2275,
      0.6825,
      0,
      0.455,
      0.075,
      0.53,
      0.1525,
      0.6075,
      0.3025,
      0.7575,
      0.38,
      0.835,
      0.2275,
      0.6825,
      0,
      0.455,
      0.075,
      0.53,
      0.1525,
      0.6075,
      0.3025,
      0.7575,
      0.38,
      0.835,
      0.2275
    ],
    "SoftwareVersions": "syngo_MR_E11",
    "SpacingBetweenSlices": 2,
    "StationName": "mrc_Trio",
    "TaskName": "rest",
    "TotalReadoutTime": 0.0576811,
    "TxRefAmp": 210.878,
    "dataset": "ds004146",
    "modality": "bold",
    "session_id": "01",
    "subject_id": "0117",
    "task_id": "rest"
  },
  "dummy_trs": 0,
  "dvars_nstd": 40.29274028953989,
  "dvars_std": 1.1050604190184043,
  "dvars_vstd": 1.0121668146319016,
  "efc": 0.5233319248521336,
  "fber": 966.8005981445312,
  "fd_mean": 0.2625186137926505,
  "fd_num": 191,
  "fd_perc": 58.40978593272171,
  "fwhm_avg": 3.214318795047197,
  "fwhm_x": 3.0157,
  "fwhm_y": 3.307425,
  "fwhm_z": 3.319831385141593,
  "gcor": 0.0135317,
  "gsr_x": -0.022152651101350784,
  "gsr_y": 0.06433030962944031,
  "provenance": {
    "md5sum": "f6ec40d80f6c33315004ddeb58374f59",
    "settings": {
      "fd_thres": 0.2,
      "testing": false
    },
    "software": "mriqc",
    "version": "23.0.1",
    "webapi_port": null,
    "webapi_url": "https://mriqc.nimh.nih.gov/api/v1"
  },
  "size_t": 327,
  "size_x": 104,
  "size_y": 104,
  "size_z": 72,
  "snr": 2.7607459506000027,
  "spacing_tr": 0.9300000071525574,
  "spacing_x": 2.0,
  "spacing_y": 2.0,
  "spacing_z": 1.9999991655349731,
  "summary_bg_k": 68.40589700671858,
  "summary_bg_mad": 5.653837705549158,
  "summary_bg_mean": 36.709537506103516,
  "summary_bg_median": 18.71559715270996,
  "summary_bg_n": 508000.0,
  "summary_bg_p05": 14.379205703735352,
  "summary_bg_p95": 113.34556579589844,
  "summary_bg_stdv": 60.17583084106445,
  "summary_fg_k": 0.9887707469064888,
  "summary_fg_mad": 204.48119656571686,
  "summary_fg_mean": 620.6437377929688,
  "summary_fg_median": 590.3455810546875,
  "summary_fg_n": 168955.0,
  "summary_fg_p05": 339.85536804199216,
  "summary_fg_p95": 1018.0238830566404,
  "summary_fg_stdv": 213.83489990234375,
  "tsnr": 36.987041478278115
}