{
  "aor": 0.00044835106382978726,
  "aqi": 0.01207659095744681,
  "bids_meta": {
    "AcquisitionMatrixPE": 90,
    "AcquisitionNumber": 1,
    "AcquisitionTime": "14:19:37.780000",
    "BandwidthPerPixelPhaseEncode": 21.368,
    "BaseResolution": 90,
    "BodyPartExamined": "BRAIN",
    "CoilString": "HC1-7;NC1_2",
    "ConsistencyInfo": "N4_VE11C_LATEST_20160120",
    "ConversionSoftware": "dcm2niix",
    "ConversionSoftwareVersion": "v1.0.20190410  GCC6.3.0",
    "DerivedVendorReportedEchoSpacing": 0.000519988,
    "DeviceSerialNumber": "167001",
    "DwellTime": 2.2e-06,
    "EchoTime": 0.03,
    "EchoTrainLength": 90,
    "EffectiveEchoSpacing": 0.000519988,
    "FlipAngle": 52,
    "ImageOrientationPatientDICOM": [
      0.997463,
      -0.00876563,
      -0.0706432,
      -0.012361,
      0.955985,
      -0.293156
    ],
    "ImageType": [
      "ORIGINAL",
      "PRIMARY",
      "M",
      "ND",
      "NORM",
      "MOSAIC"
    ],
    "ImagingFrequency": 123.229,
    "InPlanePhaseEncodingDirectionDICOM": "COL",
    "InstitutionAddress": "Cooper_60_St._Lucia_QLD_AU_4072",
    "InstitutionName": "St_Lucia_Campus",
    "InstitutionalDepartmentName": "Gehrmann_Labs_MRI",
    "MRAcquisitionType": "2D",
    "MagneticFieldStrength": 3,
    "Manufacturer": "Siemens",
    "ManufacturersModelName": "Prisma_fit",
    "Modality": "MR",
    "MultibandAccelerationFactor": 6,
    "PartialFourier": 1,
    "PatientPosition": "HFS",
    "PercentPhaseFOV": 100,
    "PhaseEncodingDirection": "j-",
    "PhaseEncodingSteps": 90,
    "PhaseResolution": 1,
    "PixelBandwidth": 2525,
    "ProcedureStepDescription": "Research_16092_QTAB",
    "ProtocolName": "PARTLY_CLOUDY_mb6_2.4",
    "PulseSequenceDetails": "%SiemensSeq%_ep2d_bold",
    "ReceiveCoilActiveElements": "HC1-7;NC1,2",
    "ReceiveCoilName": "HeadNeck_64",
    "ReconMatrixPE": 90,
    "RefLinesPE": 12,
    "RepetitionTime": 0.8,
    "SAR": 0.0552845,
    "ScanOptions": "FS",
    "ScanningSequence": "EP",
    "SequenceName": "_epfid2d1_90",
    "SequenceVariant": "SK",
    "SeriesDescription": "PARTLY_CLOUDY_mb6_2.4",
    "SeriesNumber": 19,
    "ShimSetting": [
      3026,
      -4167,
      -782,
      405,
      8,
      89,
      2,
      -6
    ],
    "SliceThickness": 2.4,
    "SliceTiming": [
      0.545,
      0,
      0.39,
      0.0775,
      0.4675,
      0.235,
      0.625,
      0.3125,
      0.7025,
      0.155,
      0.545,
      0,
      0.39,
      0.0775,
      0.4675,
      0.235,
      0.625,
      0.3125,
      0.7025,
      0.155,
      0.545,
      0,
      0.39,
      0.0775,
      0.4675,
      0.235,
      0.625,
      0.3125,
      0.7025,
      0.155,
      0.545,
      0,
      0.39,
      0.0775,
      0.4675,
      0.235,
      0.625,
      0.3125,
      0.7025,
      0.155,
      0.545,
      0,
      0.39,
      0.0775,
      0.4675,
      0.235,
      0.625,
      0.3125,
      0.7025,
      0.155,
      0.545,
      0,
      0.39,
      0.0775,
      0.4675,
      0.235,
      0.625,
      0.3125,
      0.7025,
      0.155
    ],
    "SoftwareVersions": "syngo_MR_E11",
    "SpacingBetweenSlices": 2.4,
    "StationName": "mrc_Trio",
    "TaskName": "partlycloudy",
    "TotalReadoutTime": 0.046279,
    "TxRefAmp": 216.169,
    "dataset": "ds004146",
    "modality": "bold",
    "session_id": "02",
    "subject_id": "0207",
    "task_id": "partlycloudy"
  },
  "dummy_trs": 4,
  "dvars_nstd": 32.05752481560003,
  "dvars_std": 1.2040948210133342,
  "dvars_vstd": 0.9987365471733336,
  "efc": 0.5263102137087309,
  "fber": 5791.87109375,
  "fd_mean": 0.11822976327372434,
  "fd_num": 29,
  "fd_perc": 7.712765957446808,
  "fwhm_avg": 1.8677652035594567,
  "fwhm_x": 1.766308263146549,
  "fwhm_y": 1.9864332543995675,
  "fwhm_z": 1.8505540931322537,
  "gcor": 0.00754949,
  "gsr_x": -0.02505260705947876,
  "gsr_y": 0.04714071750640869,
  "provenance": {
    "md5sum": "dd52319579c75c6f395a90e3fdb71e0e",
    "settings": {
      "fd_thres": 0.2,
      "testing": false
    },
    "software": "mriqc",
    "version": "23.0.1",
    "webapi_port": null,
    "webapi_url": "https://mriqc.nimh.nih.gov/api/v1"
  },
  "size_t": 376,
  "size_x": 90,
  "size_y": 90,
  "size_z": 60,
  "snr": 6.7363676158426005,
  "spacing_tr": 0.800000011920929,
  "spacing_x": 2.4000000953674316,
  "spacing_y": 2.4000000953674316,
  "spacing_z": 2.4000000953674316,
  "summary_bg_k": 23.499609938805442,
  "summary_bg_mad": 6.6204490330619565,
  "summary_bg_mean": 30.395404815673828,
  "summary_bg_median": 8.880318641662598,
  "summary_bg_n": 307359.0,
  "summary_bg_p05": 3.7313828468322754,
  "summary_bg_p95": 137.82126617431592,
  "summary_bg_stdv": 59.546119689941406,
  "summary_fg_k": 1.5034134810888986,
  "summary_fg_mad": 101.09294797547335,
  "summary_fg_mean": 700.6934204101562,
  "summary_fg_median": 699.27392578125,
  "summary_fg_n": 103389.0,
  "summary_fg_p05": 543.3074340820312,
  "summary_fg_p95": 869.2595581054686,
  "summary_fg_stdv": 103.80528259277344,
  "tsnr": 52.101874363143
}