{
  "aor": 0.0008768518518518518,
  "aqi": 0.020733089153439153,
  "bids_meta": {
    "AcquisitionMatrixPE": 90,
    "AcquisitionNumber": 1,
    "AcquisitionTime": "10:37:53.185000",
    "BandwidthPerPixelPhaseEncode": 21.368,
    "BaseResolution": 90,
    "BodyPartExamined": "BRAIN",
    "CoilString": "HC1-7;NC1_2",
    "ConsistencyInfo": "N4_VE11C_LATEST_20160120",
    "ConversionSoftware": "dcm2niix",
    "ConversionSoftwareVersion": "v1.0.20190410  GCC6.3.0",
    "DerivedVendorReportedEchoSpacing": 0.000519988,
    "DeviceSerialNumber": "167001",
    "DwellTime": 2.2e-06,
    "EchoTime": 0.03,
    "EchoTrainLength": 90,
    "EffectiveEchoSpacing": 0.000519988,
    "FlipAngle": 52,
    "ImageOrientationPatientDICOM": [
      0.994611,
      -0.074321,
      -0.0722931,
      0.0503848,
      0.955858,
      -0.289476
    ],
    "ImageType": [
      "ORIGINAL",
      "PRIMARY",
      "M",
      "ND",
      "NORM",
      "MOSAIC"
    ],
    "ImagingFrequency": 123.229,
    "InPlanePhaseEncodingDirectionDICOM": "COL",
    "InstitutionAddress": "Cooper_60_St._Lucia_QLD_AU_4072",
    "InstitutionName": "St_Lucia_Campus",
    "InstitutionalDepartmentName": "Gehrmann_Labs_MRI",
    "MRAcquisitionType": "2D",
    "MagneticFieldStrength": 3,
    "Manufacturer": "Siemens",
    "ManufacturersModelName": "Prisma_fit",
    "Modality": "MR",
    "MultibandAccelerationFactor": 6,
    "PartialFourier": 1,
    "PatientPosition": "HFS",
    "PercentPhaseFOV": 100,
    "PhaseEncodingDirection": "j-",
    "PhaseEncodingSteps": 90,
    "PhaseResolution": 1,
    "PixelBandwidth": 2525,
    "ProcedureStepDescription": "Research_16092_QTAB",
    "ProtocolName": "PARTLY_CLOUDY_mb6_2.4",
    "PulseSequenceDetails": "%SiemensSeq%_ep2d_bold",
    "ReceiveCoilActiveElements": "HC1-7;NC1,2",
    "ReceiveCoilName": "HeadNeck_64",
    "ReconMatrixPE": 90,
    "RefLinesPE": 12,
    "RepetitionTime": 0.8,
    "SAR": 0.0635482,
    "ScanOptions": "FS",
    "ScanningSequence": "EP",
    "SequenceName": "_epfid2d1_90",
    "SequenceVariant": "SK",
    "SeriesDescription": "PARTLY_CLOUDY_mb6_2.4",
    "SeriesNumber": 19,
    "ShimSetting": [
      3026,
      -4158,
      -817,
      440,
      -40,
      0,
      -110,
      -88
    ],
    "SliceThickness": 2.4,
    "SliceTiming": [
      0.545,
      0,
      0.39,
      0.0775,
      0.4675,
      0.235,
      0.625,
      0.3125,
      0.7025,
      0.155,
      0.545,
      0,
      0.39,
      0.0775,
      0.4675,
      0.235,
      0.625,
      0.3125,
      0.7025,
      0.155,
      0.545,
      0,
      0.39,
      0.0775,
      0.4675,
      0.235,
      0.625,
      0.3125,
      0.7025,
      0.155,
      0.545,
      0,
      0.39,
      0.0775,
      0.4675,
      0.235,
      0.625,
      0.3125,
      0.7025,
      0.155,
      0.545,
      0,
      0.39,
      0.0775,
      0.4675,
      0.235,
      0.625,
      0.3125,
      0.7025,
      0.155,
      0.545,
      0,
      0.39,
      0.0775,
      0.4675,
      0.235,
      0.625,
      0.3125,
      0.7025,
      0.155
    ],
    "SoftwareVersions": "syngo_MR_E11",
    "SpacingBetweenSlices": 2.4,
    "StationName": "mrc_Trio",
    "TaskName": "partlycloudy",
    "TotalReadoutTime": 0.046279,
    "TxRefAmp": 216.514,
    "dataset": "ds004146",
    "modality": "bold",
    "session_id": "02",
    "subject_id": "0141",
    "task_id": "partlycloudy"
  },
  "dummy_trs": 2,
  "dvars_nstd": 36.40329309848808,
  "dvars_std": 1.1764818506100791,
  "dvars_vstd": 1.0077312809018562,
  "efc": 0.4841400434393342,
  "fber": 6731.91015625,
  "fd_mean": 0.2986750811812955,
  "fd_num": 260,
  "fd_perc": 68.78306878306879,
  "fwhm_avg": 1.803234650568115,
  "fwhm_x": 1.7242957648159756,
  "fwhm_y": 1.889720758242577,
  "fwhm_z": 1.7956874286457927,
  "gcor": 0.00571851,
  "gsr_x": -0.017115898430347443,
  "gsr_y": 0.029656456783413887,
  "provenance": {
    "md5sum": "f328f55e465e131ef80810e44de55e78",
    "settings": {
      "fd_thres": 0.2,
      "testing": false
    },
    "software": "mriqc",
    "version": "23.0.1",
    "webapi_port": null,
    "webapi_url": "https://mriqc.nimh.nih.gov/api/v1"
  },
  "size_t": 378,
  "size_x": 90,
  "size_y": 90,
  "size_z": 60,
  "snr": 7.301123124272524,
  "spacing_tr": 0.800000011920929,
  "spacing_x": 2.4000000953674316,
  "spacing_y": 2.4000000953674316,
  "spacing_z": 2.4000000953674316,
  "summary_bg_k": 33.816128124274165,
  "summary_bg_mad": 6.236342205057643,
  "summary_bg_mean": 24.89842414855957,
  "summary_bg_median": 8.351851463317871,
  "summary_bg_n": 327532.0,
  "summary_bg_p05": 3.35185170173645,
  "summary_bg_p95": 97.70224533081058,
  "summary_bg_stdv": 51.12821960449219,
  "summary_fg_k": 2.464946261769038,
  "summary_fg_mad": 88.90907786414331,
  "summary_fg_mean": 700.65966796875,
  "summary_fg_median": 697.7327880859375,
  "summary_fg_n": 87161.0,
  "summary_fg_p05": 563.1348876953125,
  "summary_fg_p95": 854.6190185546875,
  "summary_fg_stdv": 95.56458282470703,
  "tsnr": 44.71795920608565
}