{
  "aor": 0.004312427440633245,
  "aqi": 0.015703519525065962,
  "bids_meta": {
    "AcquisitionMatrixPE": 90,
    "AcquisitionNumber": 1,
    "AcquisitionTime": "15:43:14.427500",
    "BandwidthPerPixelPhaseEncode": 21.368,
    "BaseResolution": 90,
    "BodyPartExamined": "BRAIN",
    "CoilString": "HC1-7;NC1_2",
    "ConsistencyInfo": "N4_VE11C_LATEST_20160120",
    "ConversionSoftware": "dcm2niix",
    "ConversionSoftwareVersion": "v1.0.20190410  GCC6.3.0",
    "DerivedVendorReportedEchoSpacing": 0.000519988,
    "DeviceSerialNumber": "167001",
    "DwellTime": 2.2e-06,
    "EchoTime": 0.03,
    "EchoTrainLength": 90,
    "EffectiveEchoSpacing": 0.000519988,
    "FlipAngle": 52,
    "ImageOrientationPatientDICOM": [
      0.995631,
      -0.0238542,
      0.0902729,
      0.0432961,
      0.974538,
      -0.220001
    ],
    "ImageType": [
      "ORIGINAL",
      "PRIMARY",
      "M",
      "ND",
      "NORM",
      "MOSAIC"
    ],
    "ImagingFrequency": 123.229,
    "InPlanePhaseEncodingDirectionDICOM": "COL",
    "InstitutionAddress": "Cooper_60_St._Lucia_QLD_AU_4072",
    "InstitutionName": "St_Lucia_Campus",
    "InstitutionalDepartmentName": "Gehrmann_Labs_MRI",
    "MRAcquisitionType": "2D",
    "MagneticFieldStrength": 3,
    "Manufacturer": "Siemens",
    "ManufacturersModelName": "Prisma_fit",
    "Modality": "MR",
    "MultibandAccelerationFactor": 6,
    "PartialFourier": 1,
    "PatientPosition": "HFS",
    "PercentPhaseFOV": 100,
    "PhaseEncodingDirection": "j-",
    "PhaseEncodingSteps": 90,
    "PhaseResolution": 1,
    "PixelBandwidth": 2525,
    "ProcedureStepDescription": "Research_16092_QTAB",
    "ProtocolName": "PARTLY_CLOUDY_mb6_2.4",
    "PulseSequenceDetails": "%SiemensSeq%_ep2d_bold",
    "ReceiveCoilActiveElements": "HC1-7;NC1,2",
    "ReceiveCoilName": "HeadNeck_64",
    "ReconMatrixPE": 90,
    "RefLinesPE": 12,
    "RepetitionTime": 0.8,
    "SAR": 0.0562209,
    "ScanOptions": "FS",
    "ScanningSequence": "EP",
    "SequenceName": "_epfid2d1_90",
    "SequenceVariant": "SK",
    "SeriesDescription": "PARTLY_CLOUDY_mb6_2.4",
    "SeriesNumber": 19,
    "ShimSetting": [
      3082,
      -4186,
      -801,
      438,
      48,
      23,
      9,
      11
    ],
    "SliceThickness": 2.4,
    "SliceTiming": [
      0.5475,
      0,
      0.39,
      0.08,
      0.47,
      0.235,
      0.625,
      0.3125,
      0.7025,
      0.1575,
      0.5475,
      0,
      0.39,
      0.08,
      0.47,
      0.235,
      0.625,
      0.3125,
      0.7025,
      0.1575,
      0.5475,
      0,
      0.39,
      0.08,
      0.47,
      0.235,
      0.625,
      0.3125,
      0.7025,
      0.1575,
      0.5475,
      0,
      0.39,
      0.08,
      0.47,
      0.235,
      0.625,
      0.3125,
      0.7025,
      0.1575,
      0.5475,
      0,
      0.39,
      0.08,
      0.47,
      0.235,
      0.625,
      0.3125,
      0.7025,
      0.1575,
      0.5475,
      0,
      0.39,
      0.08,
      0.47,
      0.235,
      0.625,
      0.3125,
      0.7025,
      0.1575
    ],
    "SoftwareVersions": "syngo_MR_E11",
    "SpacingBetweenSlices": 2.4,
    "StationName": "mrc_Trio",
    "TaskName": "partlycloudy",
    "TotalReadoutTime": 0.046279,
    "TxRefAmp": 220.636,
    "dataset": "ds004146",
    "modality": "bold",
    "session_id": "02",
    "subject_id": "0063",
    "task_id": "partlycloudy"
  },
  "dummy_trs": 1,
  "dvars_nstd": 31.83646606253968,
  "dvars_std": 1.2110714434656082,
  "dvars_vstd": 1.0520313576455034,
  "efc": 0.5287034548524001,
  "fber": 5167.91796875,
  "fd_mean": 0.14300556804721792,
  "fd_num": 88,
  "fd_perc": 23.218997361477573,
  "fwhm_avg": 1.8905110973838068,
  "fwhm_x": 1.7772165960464241,
  "fwhm_y": 2.0402540855942535,
  "fwhm_z": 1.8540626105107432,
  "gcor": 0.019512,
  "gsr_x": -0.025730425491929054,
  "gsr_y": 0.044394075870513916,
  "provenance": {
    "md5sum": "bef09f1cf5184a3760c389350cf9b21d",
    "settings": {
      "fd_thres": 0.2,
      "testing": false
    },
    "software": "mriqc",
    "version": "23.0.1",
    "webapi_port": null,
    "webapi_url": "https://mriqc.nimh.nih.gov/api/v1"
  },
  "size_t": 379,
  "size_x": 90,
  "size_y": 90,
  "size_z": 60,
  "snr": 6.619634540801974,
  "spacing_tr": 0.800000011920929,
  "spacing_x": 2.4000000953674316,
  "spacing_y": 2.4000000953674316,
  "spacing_z": 2.3999998569488525,
  "summary_bg_k": 22.492205249417413,
  "summary_bg_mad": 6.920114458256666,
  "summary_bg_mean": 30.011621475219727,
  "summary_bg_median": 8.915567398071289,
  "summary_bg_n": 307470.0,
  "summary_bg_p05": 3.5646438598632812,
  "summary_bg_p95": 132.40568161010728,
  "summary_bg_stdv": 57.7952766418457,
  "summary_fg_k": 1.917004471224816,
  "summary_fg_mad": 94.09239421399688,
  "summary_fg_mean": 665.1113891601562,
  "summary_fg_median": 664.1952514648438,
  "summary_fg_n": 103263.0,
  "summary_fg_p05": 513.2567687988281,
  "summary_fg_p95": 826.9071838378906,
  "summary_fg_stdv": 100.33666229248047,
  "tsnr": 44.643643191084266
}