{
  "aor": 0.005509184210526316,
  "aqi": 0.02316227236842105,
  "bids_meta": {
    "AcquisitionMatrixPE": 90,
    "AcquisitionNumber": 1,
    "AcquisitionTime": "14:27:31.330000",
    "BandwidthPerPixelPhaseEncode": 21.368,
    "BaseResolution": 90,
    "BodyPartExamined": "BRAIN",
    "CoilString": "HC1-7;NC1_2",
    "ConsistencyInfo": "N4_VE11C_LATEST_20160120",
    "ConversionSoftware": "dcm2niix",
    "ConversionSoftwareVersion": "v1.0.20190410  GCC6.3.0",
    "DerivedVendorReportedEchoSpacing": 0.000519988,
    "DeviceSerialNumber": "167001",
    "DwellTime": 2.2e-06,
    "EchoTime": 0.03,
    "EchoTrainLength": 90,
    "EffectiveEchoSpacing": 0.000519988,
    "FlipAngle": 52,
    "ImageOrientationPatientDICOM": [
      0.998266,
      0.0269701,
      -0.0523202,
      -0.0296279,
      0.998274,
      -0.0507059
    ],
    "ImageType": [
      "ORIGINAL",
      "PRIMARY",
      "M",
      "ND",
      "NORM",
      "MOSAIC"
    ],
    "ImagingFrequency": 123.229,
    "InPlanePhaseEncodingDirectionDICOM": "COL",
    "InstitutionAddress": "Cooper_60_St._Lucia_QLD_AU_4072",
    "InstitutionName": "St_Lucia_Campus",
    "InstitutionalDepartmentName": "Gehrmann_Labs_MRI",
    "MRAcquisitionType": "2D",
    "MagneticFieldStrength": 3,
    "Manufacturer": "Siemens",
    "ManufacturersModelName": "Prisma_fit",
    "Modality": "MR",
    "MultibandAccelerationFactor": 6,
    "PartialFourier": 1,
    "PatientPosition": "HFS",
    "PercentPhaseFOV": 100,
    "PhaseEncodingDirection": "j-",
    "PhaseEncodingSteps": 90,
    "PhaseResolution": 1,
    "PixelBandwidth": 2525,
    "ProcedureStepDescription": "Research_16092_QTAB",
    "ProtocolName": "PARTLY_CLOUDY_mb6_2.4",
    "PulseSequenceDetails": "%SiemensSeq%_ep2d_bold",
    "ReceiveCoilActiveElements": "HC1-7;NC1,2",
    "ReceiveCoilName": "HeadNeck_64",
    "ReconMatrixPE": 90,
    "RefLinesPE": 12,
    "RepetitionTime": 0.8,
    "SAR": 0.0831316,
    "ScanOptions": "FS",
    "ScanningSequence": "EP",
    "SequenceName": "_epfid2d1_90",
    "SequenceVariant": "SK",
    "SeriesDescription": "PARTLY_CLOUDY_mb6_2.4",
    "SeriesNumber": 23,
    "ShimSetting": [
      3021,
      -4216,
      -839,
      656,
      61,
      -109,
      -112,
      1
    ],
    "SliceThickness": 2.4,
    "SliceTiming": [
      0.545,
      0,
      0.39,
      0.0775,
      0.4675,
      0.235,
      0.625,
      0.3125,
      0.7025,
      0.155,
      0.545,
      0,
      0.39,
      0.0775,
      0.4675,
      0.235,
      0.625,
      0.3125,
      0.7025,
      0.155,
      0.545,
      0,
      0.39,
      0.0775,
      0.4675,
      0.235,
      0.625,
      0.3125,
      0.7025,
      0.155,
      0.545,
      0,
      0.39,
      0.0775,
      0.4675,
      0.235,
      0.625,
      0.3125,
      0.7025,
      0.155,
      0.545,
      0,
      0.39,
      0.0775,
      0.4675,
      0.235,
      0.625,
      0.3125,
      0.7025,
      0.155,
      0.545,
      0,
      0.39,
      0.0775,
      0.4675,
      0.235,
      0.625,
      0.3125,
      0.7025,
      0.155
    ],
    "SoftwareVersions": "syngo_MR_E11",
    "SpacingBetweenSlices": 2.4,
    "StationName": "mrc_Trio",
    "TaskName": "partlycloudy",
    "TotalReadoutTime": 0.046279,
    "TxRefAmp": 208.439,
    "dataset": "ds004146",
    "modality": "bold",
    "session_id": "02",
    "subject_id": "0209",
    "task_id": "partlycloudy"
  },
  "dummy_trs": 0,
  "dvars_nstd": 36.34282056253298,
  "dvars_std": 1.1387769468073883,
  "dvars_vstd": 1.0483515297097619,
  "efc": 0.4308033045150614,
  "fber": 8776.392578125,
  "fd_mean": 0.3194361463522878,
  "fd_num": 175,
  "fd_perc": 46.05263157894737,
  "fwhm_avg": 1.8579166534142955,
  "fwhm_x": 1.7520624303792942,
  "fwhm_y": 1.9923957541626391,
  "fwhm_z": 1.829291775700953,
  "gcor": 0.0191547,
  "gsr_x": -0.01269591972231865,
  "gsr_y": 0.029902782291173935,
  "provenance": {
    "md5sum": "010aaf3b670050f30bb5f390022f7a82",
    "settings": {
      "fd_thres": 0.2,
      "testing": false
    },
    "software": "mriqc",
    "version": "23.0.1",
    "webapi_port": null,
    "webapi_url": "https://mriqc.nimh.nih.gov/api/v1"
  },
  "size_t": 380,
  "size_x": 90,
  "size_y": 90,
  "size_z": 60,
  "snr": 7.2544799919643905,
  "spacing_tr": 0.800000011920929,
  "spacing_x": 2.4000000953674316,
  "spacing_y": 2.4000000953674316,
  "spacing_z": 2.3999998569488525,
  "summary_bg_k": 51.18024574734821,
  "summary_bg_mad": 3.948404223422606,
  "summary_bg_mean": 15.067625045776367,
  "summary_bg_median": 6.468421459197998,
  "summary_bg_n": 348660.0,
  "summary_bg_p05": 3.0552632808685303,
  "summary_bg_p95": 52.45013236999509,
  "summary_bg_stdv": 30.45889663696289,
  "summary_fg_k": 1.1161262452565808,
  "summary_fg_mad": 82.20252890051381,
  "summary_fg_mean": 609.7774658203125,
  "summary_fg_median": 608.2816162109375,
  "summary_fg_n": 71183.0,
  "summary_fg_p05": 482.27817993164064,
  "summary_fg_p95": 746.6242309570309,
  "summary_fg_stdv": 83.8485107421875,
  "tsnr": 37.21555860317312
}