{
  "aor": 0.01026806153846154,
  "aqi": 0.010777967353846155,
  "bids_meta": {
    "AcquisitionMatrixPE": 104,
    "AcquisitionNumber": 1,
    "AcquisitionTime": "10:23:22.735000",
    "BandwidthPerPixelPhaseEncode": 17.17,
    "BaseResolution": 104,
    "BodyPartExamined": "BRAIN",
    "ConsistencyInfo": "N4_VE11C_LATEST_20160120",
    "ConversionSoftware": "dcm2niix",
    "ConversionSoftwareVersion": "v1.0.20171215 GCC6.3.0",
    "DerivedVendorReportedEchoSpacing": 0.000560011,
    "DeviceSerialNumber": "167001",
    "DwellTime": 2.1e-06,
    "EchoTime": 0.03,
    "EchoTrainLength": 91,
    "EffectiveEchoSpacing": 0.000560011,
    "FlipAngle": 52,
    "ImageOrientationPatientDICOM": [
      0.998201,
      -0.0277134,
      -0.0531634,
      0.0160295,
      0.977835,
      -0.20876
    ],
    "ImageType": [
      "ORIGINAL",
      "PRIMARY",
      "M",
      "ND",
      "MOSAIC"
    ],
    "InPlanePhaseEncodingDirectionDICOM": "COL",
    "InstitutionAddress": "Cooper_60_St._Lucia_QLD_AU_4072",
    "InstitutionName": "St_Lucia_Campus",
    "InstitutionalDepartmentName": "Gehrmann_Labs_MRI",
    "MRAcquisitionType": "2D",
    "MagneticFieldStrength": 3,
    "Manufacturer": "Siemens",
    "ManufacturersModelName": "Prisma_fit",
    "Modality": "MR",
    "MultibandAccelerationFactor": 6,
    "PartialFourier": 0.875,
    "PatientPosition": "HFS",
    "PercentPhaseFOV": 100,
    "PhaseEncodingDirection": "j-",
    "PhaseEncodingSteps": 91,
    "PhaseResolution": 1,
    "PixelBandwidth": 2290,
    "ProcedureStepDescription": "Research_16092_QTAB",
    "ProtocolName": "ep2d_REST_SMS6_A-P",
    "PulseSequenceDetails": "%SiemensSeq%_ep2d_bold",
    "ReceiveCoilActiveElements": "HC1-7;NC1,2",
    "ReceiveCoilName": "HeadNeck_64",
    "ReconMatrixPE": 104,
    "RepetitionTime": 0.93,
    "SAR": 0.0703568,
    "ScanOptions": "PFP_FS",
    "ScanningSequence": "EP",
    "SequenceName": "_epfid2d1_104",
    "SequenceVariant": "SK",
    "SeriesDescription": "ep2d_REST_SMS6_A-P",
    "SeriesNumber": 9,
    "ShimSetting": [
      3033,
      -4186,
      -839,
      584,
      21,
      -4,
      41,
      -11
    ],
    "SliceThickness": 2,
    "SliceTiming": [
      0.6825,
      0,
      0.455,
      0.075,
      0.53,
      0.1525,
      0.6075,
      0.3025,
      0.7575,
      0.38,
      0.835,
      0.2275,
      0.6825,
      0,
      0.455,
      0.075,
      0.53,
      0.1525,
      0.6075,
      0.3025,
      0.7575,
      0.38,
      0.835,
      0.2275,
      0.6825,
      0,
      0.455,
      0.075,
      0.53,
      0.1525,
      0.6075,
      0.3025,
      0.7575,
      0.38,
      0.835,
      0.2275,
      0.6825,
      0,
      0.455,
      0.075,
      0.53,
      0.1525,
      0.6075,
      0.3025,
      0.7575,
      0.38,
      0.835,
      0.2275,
      0.6825,
      0,
      0.455,
      0.075,
      0.53,
      0.1525,
      0.6075,
      0.3025,
      0.7575,
      0.38,
      0.835,
      0.2275,
      0.6825,
      0,
      0.455,
      0.075,
      0.53,
      0.1525,
      0.6075,
      0.3025,
      0.7575,
      0.38,
      0.835,
      0.2275
    ],
    "SoftwareVersions": "syngo_MR_E11",
    "SpacingBetweenSlices": 2,
    "StationName": "mrc_Trio",
    "TaskName": "rest",
    "TotalReadoutTime": 0.0576811,
    "TxRefAmp": 209.938,
    "dataset": "ds004146",
    "modality": "bold",
    "session_id": "01",
    "subject_id": "0412",
    "task_id": "rest"
  },
  "dummy_trs": 2,
  "dvars_nstd": 41.823152542098754,
  "dvars_std": 1.116233792098765,
  "dvars_vstd": 1.1089260592283956,
  "efc": 0.4974642685931672,
  "fber": 925.7122802734375,
  "fd_mean": 0.3124798574985822,
  "fd_num": 150,
  "fd_perc": 46.15384615384615,
  "fwhm_avg": 3.0125500000000005,
  "fwhm_x": 2.733055,
  "fwhm_y": 3.173465,
  "fwhm_z": 3.13113,
  "gcor": 0.0219653,
  "gsr_x": -0.01602661795914173,
  "gsr_y": 0.05723172053694725,
  "provenance": {
    "md5sum": "2253c7020fe8a0bff0b003a55210485a",
    "settings": {
      "fd_thres": 0.2,
      "testing": false
    },
    "software": "mriqc",
    "version": "23.0.1",
    "webapi_port": null,
    "webapi_url": "https://mriqc.nimh.nih.gov/api/v1"
  },
  "size_t": 325,
  "size_x": 104,
  "size_y": 104,
  "size_z": 72,
  "snr": 2.9246295703983067,
  "spacing_tr": 0.9300000071525574,
  "spacing_x": 2.0,
  "spacing_y": 2.0,
  "spacing_z": 2.0,
  "summary_bg_k": 52.70872918812836,
  "summary_bg_mad": 3.9231943894140078,
  "summary_bg_mean": 29.115510940551758,
  "summary_bg_median": 16.886154174804688,
  "summary_bg_n": 537122.0,
  "summary_bg_p05": 13.70769214630127,
  "summary_bg_p95": 81.94738502502413,
  "summary_bg_stdv": 40.66431427001953,
  "summary_fg_k": 1.414730117696121,
  "summary_fg_mad": 162.92657291656388,
  "summary_fg_mean": 551.2691040039062,
  "summary_fg_median": 521.7538452148438,
  "summary_fg_n": 143181.0,
  "summary_fg_p05": 327.0030822753906,
  "summary_fg_p95": 874.4984741210938,
  "summary_fg_stdv": 178.39935302734375,
  "tsnr": 30.093746172613464
}