{
  "aor": 0.0010895778364116095,
  "aqi": 0.013218022163588392,
  "bids_meta": {
    "AcquisitionMatrixPE": 90,
    "AcquisitionNumber": 1,
    "AcquisitionTime": "10:22:54.192500",
    "BandwidthPerPixelPhaseEncode": 21.368,
    "BaseResolution": 90,
    "BodyPartExamined": "BRAIN",
    "CoilString": "HC1-7;NC1_2",
    "ConsistencyInfo": "N4_VE11C_LATEST_20160120",
    "ConversionSoftware": "dcm2niix",
    "ConversionSoftwareVersion": "v1.0.20190410  GCC6.3.0",
    "DerivedVendorReportedEchoSpacing": 0.000519988,
    "DeviceSerialNumber": "167001",
    "DwellTime": 2.2e-06,
    "EchoTime": 0.03,
    "EchoTrainLength": 90,
    "EffectiveEchoSpacing": 0.000519988,
    "FlipAngle": 52,
    "ImageOrientationPatientDICOM": [
      0.99912,
      0.039456,
      -0.0142467,
      -0.0411768,
      0.987306,
      -0.153397
    ],
    "ImageType": [
      "ORIGINAL",
      "PRIMARY",
      "M",
      "ND",
      "NORM",
      "MOSAIC"
    ],
    "ImagingFrequency": 123.229,
    "InPlanePhaseEncodingDirectionDICOM": "COL",
    "InstitutionAddress": "Cooper_60_St._Lucia_QLD_AU_4072",
    "InstitutionName": "St_Lucia_Campus",
    "InstitutionalDepartmentName": "Gehrmann_Labs_MRI",
    "MRAcquisitionType": "2D",
    "MagneticFieldStrength": 3,
    "Manufacturer": "Siemens",
    "ManufacturersModelName": "Prisma_fit",
    "Modality": "MR",
    "MultibandAccelerationFactor": 6,
    "PartialFourier": 1,
    "PatientPosition": "HFS",
    "PercentPhaseFOV": 100,
    "PhaseEncodingDirection": "j-",
    "PhaseEncodingSteps": 90,
    "PhaseResolution": 1,
    "PixelBandwidth": 2525,
    "ProcedureStepDescription": "Research_16092_QTAB",
    "ProtocolName": "PARTLY_CLOUDY_mb6_2.4",
    "PulseSequenceDetails": "%SiemensSeq%_ep2d_bold",
    "ReceiveCoilActiveElements": "HC1-7;NC1,2",
    "ReceiveCoilName": "HeadNeck_64",
    "ReconMatrixPE": 90,
    "RefLinesPE": 12,
    "RepetitionTime": 0.8,
    "SAR": 0.0665143,
    "ScanOptions": "FS",
    "ScanningSequence": "EP",
    "SequenceName": "_epfid2d1_90",
    "SequenceVariant": "SK",
    "SeriesDescription": "PARTLY_CLOUDY_mb6_2.4",
    "SeriesNumber": 19,
    "ShimSetting": [
      3046,
      -4220,
      -796,
      343,
      -22,
      -195,
      0,
      -16
    ],
    "SliceThickness": 2.4,
    "SliceTiming": [
      0.545,
      0,
      0.39,
      0.0775,
      0.4675,
      0.2325,
      0.6225,
      0.31,
      0.7,
      0.155,
      0.545,
      0,
      0.39,
      0.0775,
      0.4675,
      0.2325,
      0.6225,
      0.31,
      0.7,
      0.155,
      0.545,
      0,
      0.39,
      0.0775,
      0.4675,
      0.2325,
      0.6225,
      0.31,
      0.7,
      0.155,
      0.545,
      0,
      0.39,
      0.0775,
      0.4675,
      0.2325,
      0.6225,
      0.31,
      0.7,
      0.155,
      0.545,
      0,
      0.39,
      0.0775,
      0.4675,
      0.2325,
      0.6225,
      0.31,
      0.7,
      0.155,
      0.545,
      0,
      0.39,
      0.0775,
      0.4675,
      0.2325,
      0.6225,
      0.31,
      0.7,
      0.155
    ],
    "SoftwareVersions": "syngo_MR_E11",
    "SpacingBetweenSlices": 2.4,
    "StationName": "mrc_Trio",
    "TaskName": "partlycloudy",
    "TotalReadoutTime": 0.046279,
    "TxRefAmp": 217.982,
    "dataset": "ds004146",
    "modality": "bold",
    "session_id": "02",
    "subject_id": "0378",
    "task_id": "partlycloudy"
  },
  "dummy_trs": 1,
  "dvars_nstd": 34.64187305661376,
  "dvars_std": 1.2640077182275127,
  "dvars_vstd": 1.0035966599470891,
  "efc": 0.48151133488290193,
  "fber": 6735.6640625,
  "fd_mean": 0.10037487432399665,
  "fd_num": 13,
  "fd_perc": 3.430079155672823,
  "fwhm_avg": 1.822724927571419,
  "fwhm_x": 1.7218749315788378,
  "fwhm_y": 1.9309207566054363,
  "fwhm_z": 1.8153790945299826,
  "gcor": 0.0127348,
  "gsr_x": -0.01584826409816742,
  "gsr_y": 0.028157465159893036,
  "provenance": {
    "md5sum": "a8798e39de15d5dbff31236608ca8c5a",
    "settings": {
      "fd_thres": 0.2,
      "testing": false
    },
    "software": "mriqc",
    "version": "23.0.1",
    "webapi_port": null,
    "webapi_url": "https://mriqc.nimh.nih.gov/api/v1"
  },
  "size_t": 379,
  "size_x": 90,
  "size_y": 90,
  "size_z": 60,
  "snr": 7.051399235206263,
  "spacing_tr": 0.800000011920929,
  "spacing_x": 2.4000000953674316,
  "spacing_y": 2.4000000953674316,
  "spacing_z": 2.4000000953674316,
  "summary_bg_k": 26.492362306522356,
  "summary_bg_mad": 6.701049523122679,
  "summary_bg_mean": 28.017507553100586,
  "summary_bg_median": 8.53562068939209,
  "summary_bg_n": 331982.0,
  "summary_bg_p05": 3.158311367034912,
  "summary_bg_p95": 122.24762840271005,
  "summary_bg_stdv": 57.11552429199219,
  "summary_fg_k": 1.8465042684561563,
  "summary_fg_mad": 96.62731462091811,
  "summary_fg_mean": 712.5474243164062,
  "summary_fg_median": 710.1134643554688,
  "summary_fg_n": 83974.0,
  "summary_fg_p05": 562.8794494628906,
  "summary_fg_p95": 875.6264373779296,
  "summary_fg_stdv": 100.70472717285156,
  "tsnr": 51.084955553524196
}