{
  "aor": 0.0010769387755102042,
  "aqi": 0.022226702400960384,
  "bids_meta": {
    "AcquisitionMatrixPE": 90,
    "AcquisitionNumber": 1,
    "AcquisitionTime": "10:18:36.840000",
    "BandwidthPerPixelPhaseEncode": 21.368,
    "BaseResolution": 90,
    "BodyPartExamined": "BRAIN",
    "CoilString": "HC1-7;NC1_2",
    "ConsistencyInfo": "N4_VE11C_LATEST_20160120",
    "ConversionSoftware": "dcm2niix",
    "ConversionSoftwareVersion": "v1.0.20190410  GCC6.3.0",
    "DelayTime": 0.001,
    "DerivedVendorReportedEchoSpacing": 0.000519988,
    "DeviceSerialNumber": "167001",
    "DwellTime": 2.2e-06,
    "EchoTime": 0.03,
    "EchoTrainLength": 90,
    "EffectiveEchoSpacing": 0.000519988,
    "FlipAngle": 52,
    "ImageOrientationPatientDICOM": [
      0.997276,
      -0.0733775,
      -0.00752742,
      0.065365,
      0.926415,
      -0.370787
    ],
    "ImageType": [
      "ORIGINAL",
      "PRIMARY",
      "M",
      "ND",
      "NORM",
      "MOSAIC"
    ],
    "ImagingFrequency": 123.229,
    "InPlanePhaseEncodingDirectionDICOM": "COL",
    "InstitutionAddress": "Cooper_60_St._Lucia_QLD_AU_4072",
    "InstitutionName": "St_Lucia_Campus",
    "InstitutionalDepartmentName": "Gehrmann_Labs_MRI",
    "MRAcquisitionType": "2D",
    "MagneticFieldStrength": 3,
    "Manufacturer": "Siemens",
    "ManufacturersModelName": "Prisma_fit",
    "Modality": "MR",
    "MultibandAccelerationFactor": 6,
    "PartialFourier": 1,
    "PatientPosition": "HFS",
    "PercentPhaseFOV": 100,
    "PhaseEncodingDirection": "j-",
    "PhaseEncodingSteps": 90,
    "PhaseResolution": 1,
    "PixelBandwidth": 2525,
    "ProcedureStepDescription": "Research_16092_QTAB",
    "ProtocolName": "EMOT_TASK_mb6_2.4",
    "PulseSequenceDetails": "%SiemensSeq%_ep2d_bold",
    "ReceiveCoilActiveElements": "HC1-7;NC1,2",
    "ReceiveCoilName": "HeadNeck_64",
    "ReconMatrixPE": 90,
    "RefLinesPE": 12,
    "RepetitionTime": 0.8,
    "SAR": 0.0631039,
    "ScanOptions": "FS",
    "ScanningSequence": "EP",
    "SequenceName": "_epfid2d1_90",
    "SequenceVariant": "SK",
    "SeriesDescription": "EMOT_TASK_mb6_2.4",
    "SeriesNumber": 20,
    "ShimSetting": [
      3044,
      -4142,
      -749,
      470,
      0,
      -33,
      -58,
      -24
    ],
    "SliceThickness": 2.4,
    "SliceTiming": [
      0.545,
      0,
      0.39,
      0.0775,
      0.4675,
      0.235,
      0.625,
      0.3125,
      0.7025,
      0.1575,
      0.545,
      0,
      0.39,
      0.0775,
      0.4675,
      0.235,
      0.625,
      0.3125,
      0.7025,
      0.1575,
      0.545,
      0,
      0.39,
      0.0775,
      0.4675,
      0.235,
      0.625,
      0.3125,
      0.7025,
      0.1575,
      0.545,
      0,
      0.39,
      0.0775,
      0.4675,
      0.235,
      0.625,
      0.3125,
      0.7025,
      0.1575,
      0.545,
      0,
      0.39,
      0.0775,
      0.4675,
      0.235,
      0.625,
      0.3125,
      0.7025,
      0.1575,
      0.545,
      0,
      0.39,
      0.0775,
      0.4675,
      0.235,
      0.625,
      0.3125,
      0.7025,
      0.1575
    ],
    "SoftwareVersions": "syngo_MR_E11",
    "SpacingBetweenSlices": 2.4,
    "StationName": "mrc_Trio",
    "TaskName": "emotionalconflict",
    "TotalReadoutTime": 0.046279,
    "TxRefAmp": 241.699,
    "dataset": "ds004146",
    "modality": "bold",
    "session_id": "02",
    "subject_id": "0327",
    "task_id": "emotionalconflict"
  },
  "dummy_trs": 4,
  "dvars_nstd": 32.60294037588945,
  "dvars_std": 1.142316797884617,
  "dvars_vstd": 0.9924543004326926,
  "efc": 0.518830673183553,
  "fber": 5174.05908203125,
  "fd_mean": 0.1944431628693312,
  "fd_num": 290,
  "fd_perc": 34.81392557022809,
  "fwhm_avg": 1.8335499271412719,
  "fwhm_x": 1.72643743139754,
  "fwhm_y": 1.9291249233434629,
  "fwhm_z": 1.845087426682813,
  "gcor": 0.00951852,
  "gsr_x": -0.02312750183045864,
  "gsr_y": 0.0469796247780323,
  "provenance": {
    "md5sum": "109c5f276479fddf1c372937d57f01e1",
    "settings": {
      "fd_thres": 0.2,
      "testing": false
    },
    "software": "mriqc",
    "version": "23.0.1",
    "webapi_port": null,
    "webapi_url": "https://mriqc.nimh.nih.gov/api/v1"
  },
  "size_t": 833,
  "size_x": 90,
  "size_y": 90,
  "size_z": 60,
  "snr": 6.966000874146433,
  "spacing_tr": 0.800000011920929,
  "spacing_x": 2.4000000953674316,
  "spacing_y": 2.4000000953674316,
  "spacing_z": 2.4000000953674316,
  "summary_bg_k": 23.28702672547076,
  "summary_bg_mad": 7.843731316832241,
  "summary_bg_mean": 31.413110733032227,
  "summary_bg_median": 9.507802963256836,
  "summary_bg_n": 314696.0,
  "summary_bg_p05": 3.349339723587036,
  "summary_bg_p95": 133.3748435974121,
  "summary_bg_stdv": 58.08667755126953,
  "summary_fg_k": 1.6411039629225188,
  "summary_fg_mad": 93.15115355385369,
  "summary_fg_mean": 691.792724609375,
  "summary_fg_median": 690.0390014648438,
  "summary_fg_n": 98566.0,
  "summary_fg_p05": 540.2124633789062,
  "summary_fg_p95": 851.8970184326172,
  "summary_fg_stdv": 99.05762481689453,
  "tsnr": 38.40118113788776
}