{
  "aor": 0.0012321165644171778,
  "aqi": 0.007919054938650307,
  "bids_meta": {
    "AcquisitionMatrixPE": 104,
    "AcquisitionNumber": 1,
    "AcquisitionTime": "15:13:4.975000",
    "BandwidthPerPixelPhaseEncode": 17.17,
    "BaseResolution": 104,
    "BodyPartExamined": "BRAIN",
    "CoilString": "HC1-7;NC1_2",
    "ConsistencyInfo": "N4_VE11C_LATEST_20160120",
    "ConversionSoftware": "dcm2niix",
    "ConversionSoftwareVersion": "v1.0.20190410  GCC6.3.0",
    "DerivedVendorReportedEchoSpacing": 0.000560011,
    "DeviceSerialNumber": "167001",
    "DwellTime": 2.1e-06,
    "EchoTime": 0.03,
    "EchoTrainLength": 91,
    "EffectiveEchoSpacing": 0.000560011,
    "FlipAngle": 52,
    "ImageOrientationPatientDICOM": [
      0.999725,
      -0.0163664,
      -0.0167657,
      0.0111675,
      0.961921,
      -0.273098
    ],
    "ImageType": [
      "ORIGINAL",
      "PRIMARY",
      "M",
      "ND",
      "MOSAIC"
    ],
    "ImagingFrequency": 123.229,
    "InPlanePhaseEncodingDirectionDICOM": "COL",
    "InstitutionAddress": "Cooper_60_St._Lucia_QLD_AU_4072",
    "InstitutionName": "St_Lucia_Campus",
    "InstitutionalDepartmentName": "Gehrmann_Labs_MRI",
    "MRAcquisitionType": "2D",
    "MagneticFieldStrength": 3,
    "Manufacturer": "Siemens",
    "ManufacturersModelName": "Prisma_fit",
    "Modality": "MR",
    "MultibandAccelerationFactor": 6,
    "PartialFourier": 0.875,
    "PatientPosition": "HFS",
    "PercentPhaseFOV": 100,
    "PhaseEncodingDirection": "j-",
    "PhaseEncodingSteps": 91,
    "PhaseResolution": 1,
    "PixelBandwidth": 2290,
    "ProcedureStepDescription": "Research_16092_QTAB",
    "ProtocolName": "ep2d_REST_SMS6_A-P",
    "PulseSequenceDetails": "%SiemensSeq%_ep2d_bold",
    "ReceiveCoilActiveElements": "HC1-7;NC1,2",
    "ReceiveCoilName": "HeadNeck_64",
    "ReconMatrixPE": 104,
    "RefLinesPE": 12,
    "RepetitionTime": 0.93,
    "SAR": 0.0643136,
    "ScanOptions": "PFP_FS",
    "ScanningSequence": "EP",
    "SequenceName": "_epfid2d1_104",
    "SequenceVariant": "SK",
    "SeriesDescription": "ep2d_REST_SMS6_A-P",
    "SeriesNumber": 9,
    "ShimSetting": [
      3052,
      -4177,
      -794,
      507,
      -71,
      -9,
      -39,
      -36
    ],
    "SliceThickness": 2,
    "SliceTiming": [
      0.6825,
      0,
      0.455,
      0.075,
      0.53,
      0.1525,
      0.6075,
      0.3025,
      0.7575,
      0.38,
      0.835,
      0.2275,
      0.6825,
      0,
      0.455,
      0.075,
      0.53,
      0.1525,
      0.6075,
      0.3025,
      0.7575,
      0.38,
      0.835,
      0.2275,
      0.6825,
      0,
      0.455,
      0.075,
      0.53,
      0.1525,
      0.6075,
      0.3025,
      0.7575,
      0.38,
      0.835,
      0.2275,
      0.6825,
      0,
      0.455,
      0.075,
      0.53,
      0.1525,
      0.6075,
      0.3025,
      0.7575,
      0.38,
      0.835,
      0.2275,
      0.6825,
      0,
      0.455,
      0.075,
      0.53,
      0.1525,
      0.6075,
      0.3025,
      0.7575,
      0.38,
      0.835,
      0.2275,
      0.6825,
      0,
      0.455,
      0.075,
      0.53,
      0.1525,
      0.6075,
      0.3025,
      0.7575,
      0.38,
      0.835,
      0.2275
    ],
    "SoftwareVersions": "syngo_MR_E11",
    "SpacingBetweenSlices": 2,
    "StationName": "mrc_Trio",
    "TaskName": "rest",
    "TotalReadoutTime": 0.0576811,
    "TxRefAmp": 213.165,
    "dataset": "ds004146",
    "modality": "bold",
    "session_id": "02",
    "subject_id": "0120",
    "task_id": "rest"
  },
  "dummy_trs": 1,
  "dvars_nstd": 37.69666481599998,
  "dvars_std": 1.0295137499076927,
  "dvars_vstd": 1.005887421569231,
  "efc": 0.49010078542596397,
  "fber": 893.2879028320312,
  "fd_mean": 0.18566249624091138,
  "fd_num": 123,
  "fd_perc": 37.73006134969325,
  "fwhm_avg": 2.868571727442845,
  "fwhm_x": 2.626485,
  "fwhm_y": 3.0589651823285333,
  "fwhm_z": 2.920265,
  "gcor": 0.00637132,
  "gsr_x": -0.012161003425717354,
  "gsr_y": 0.05899740010499954,
  "provenance": {
    "md5sum": "3b71e0e1664b1c2497b04e76c2aed980",
    "settings": {
      "fd_thres": 0.2,
      "testing": false
    },
    "software": "mriqc",
    "version": "23.0.1",
    "webapi_port": null,
    "webapi_url": "https://mriqc.nimh.nih.gov/api/v1"
  },
  "size_t": 326,
  "size_x": 104,
  "size_y": 104,
  "size_z": 72,
  "snr": 3.2085962874519223,
  "spacing_tr": 0.9300000071525574,
  "spacing_x": 2.0,
  "spacing_y": 1.9999998807907104,
  "spacing_z": 2.0,
  "summary_bg_k": 46.69660191401712,
  "summary_bg_mad": 3.833844564514311,
  "summary_bg_mean": 32.11444091796875,
  "summary_bg_median": 17.131900787353516,
  "summary_bg_n": 559280.0,
  "summary_bg_p05": 14.092023849487305,
  "summary_bg_p95": 102.95107345581033,
  "summary_bg_stdv": 47.528785705566406,
  "summary_fg_k": 0.8099910482919181,
  "summary_fg_mad": 156.28264362671405,
  "summary_fg_mean": 539.3115234375,
  "summary_fg_median": 520.8005981445312,
  "summary_fg_n": 125077.0,
  "summary_fg_p05": 320.5723815917969,
  "summary_fg_p95": 827.3693237304688,
  "summary_fg_stdv": 162.31350708007812,
  "tsnr": 35.10047203232534
}