{
  "bids_meta": {
    "AcquisitionMatrixPE": 256,
    "AcquisitionNumber": 1,
    "AcquisitionTime": "12:25:32.827500",
    "BaseResolution": 256,
    "BodyPartExamined": "BRAIN",
    "ConsistencyInfo": "N4_VE11C_LATEST_20160120",
    "ConversionSoftware": "dcm2niix",
    "ConversionSoftwareVersion": "v1.0.20171215 GCC6.3.0",
    "DeviceSerialNumber": "167001",
    "DwellTime": 2.6e-06,
    "EchoTime": 0.408,
    "EchoTrainLength": 259,
    "FlipAngle": 120,
    "ImageOrientationPatientDICOM": [
      -0.0601856,
      0.998187,
      -4.44075e-08,
      0.0102282,
      0.000616665,
      -0.999947
    ],
    "ImageType": [
      "ORIGINAL",
      "PRIMARY",
      "M",
      "ND",
      "NORM"
    ],
    "InPlanePhaseEncodingDirectionDICOM": "ROW",
    "InstitutionAddress": "Cooper_60_St._Lucia_QLD_AU_4072",
    "InstitutionName": "St_Lucia_Campus",
    "InstitutionalDepartmentName": "Gehrmann_Labs_MRI",
    "MRAcquisitionType": "3D",
    "MagneticFieldStrength": 3,
    "Manufacturer": "Siemens",
    "ManufacturersModelName": "Prisma_fit",
    "Modality": "MR",
    "ParallelReductionFactorInPlane": 2,
    "PartialFourier": 1,
    "PatientPosition": "HFS",
    "PercentPhaseFOV": 100,
    "PhaseEncodingSteps": 233,
    "PhaseResolution": 1,
    "PixelBandwidth": 750,
    "ProcedureStepDescription": "Research_16092_QTAB",
    "ProtocolName": "t2_spc_sag_p2_iso",
    "PulseSequenceDetails": "%SiemensSeq%_tse_vfl",
    "ReceiveCoilActiveElements": "HC1-7;NC1",
    "ReceiveCoilName": "HeadNeck_64",
    "ReconMatrixPE": 256,
    "RepetitionTime": 3.2,
    "SAR": 0.165738,
    "ScanOptions": "PFP",
    "ScanningSequence": "SE",
    "SequenceName": "_spcR_282ns",
    "SequenceVariant": "SK_SP",
    "SeriesDescription": "t2_spc_sag_p2_iso",
    "SeriesNumber": 19,
    "ShimSetting": [
      3045,
      -4172,
      -1048,
      3,
      -5,
      36,
      -4,
      -10
    ],
    "SliceThickness": 1,
    "SoftwareVersions": "syngo_MR_E11",
    "StationName": "mrc_Trio",
    "TxRefAmp": 212.525,
    "dataset": "ds004146",
    "modality": "T2w",
    "session_id": "01",
    "subject_id": "0095"
  },
  "cjv": 3.5233483837718254,
  "cnr": 0.2556232441297844,
  "efc": 0.6425266890431277,
  "fber": 13260.29959727502,
  "fwhm_avg": 3.986650043880448,
  "fwhm_x": 4.158850247886792,
  "fwhm_y": 4.2133749372158205,
  "fwhm_z": 3.587724946538732,
  "icvs_csf": 0.49539940638214713,
  "icvs_gm": 0.3890837038993578,
  "icvs_wm": 0.11551688971849507,
  "inu_med": 1.039280891418457,
  "inu_range": 0.3706851452589036,
  "provenance": {
    "md5sum": "40ab2c19bdee1c6eea33ef0a3205be12",
    "settings": {
      "testing": false
    },
    "software": "mriqc",
    "version": "23.0.1",
    "warnings": {
      "large_rot_frame": true,
      "small_air_mask": false
    },
    "webapi_port": null,
    "webapi_url": "https://mriqc.nimh.nih.gov/api/v1"
  },
  "qi_1": 0.0,
  "qi_2": 0.03375097968459556,
  "rpve_csf": 9.361359250076047,
  "rpve_gm": 11.56132606183322,
  "rpve_wm": 35.95249737489617,
  "size_x": 192,
  "size_y": 300,
  "size_z": 320,
  "snr_csf": 21.244922542161973,
  "snr_gm": 17.04453774207166,
  "snr_total": 12.971376408813768,
  "snr_wm": 0.6246689422076724,
  "snrd_csf": 86.73851324920204,
  "snrd_gm": 62.78735172302538,
  "snrd_total": 64.6876811522577,
  "snrd_wm": 44.537178484545635,
  "spacing_x": 0.7999999523162842,
  "spacing_y": 0.800000011920929,
  "spacing_z": 0.800000011920929,
  "summary_bg_k": 3.9082680878660527,
  "summary_bg_mad": 0.0,
  "summary_bg_mean": 9.30342989110531,
  "summary_bg_median": 0.0,
  "summary_bg_n": 1634035.0,
  "summary_bg_p05": 0.0,
  "summary_bg_p95": 37.44509309530258,
  "summary_bg_stdv": 14.80415054154201,
  "summary_csf_k": 0.15667200763618183,
  "summary_csf_mad": 92.02874138096284,
  "summary_csf_mean": 1962.4823015016386,
  "summary_csf_median": 1960.034594155848,
  "summary_csf_n": 309486.0,
  "summary_csf_p05": 1816.0150053277612,
  "summary_csf_p95": 2116.7279068008065,
  "summary_csf_stdv": 92.25881730879155,
  "summary_gm_k": -0.35887372704041676,
  "summary_gm_mad": 88.50559930953386,
  "summary_gm_mean": 1422.283302880128,
  "summary_gm_median": 1418.8089793398976,
  "summary_gm_n": 341471.0,
  "summary_gm_p05": 1291.855711787939,
  "summary_gm_p95": 1562.6125387847424,
  "summary_gm_stdv": 83.24114876642935,
  "summary_wm_k": -1.67497558432611,
  "summary_wm_mad": 1364.5236004525361,
  "summary_wm_mean": 1785.2239904527619,
  "summary_wm_median": 1006.4088867306709,
  "summary_wm_n": 65215.0,
  "summary_wm_p05": 76.97847022861242,
  "summary_wm_p95": 4126.32684245184,
  "summary_wm_stdv": 1611.0952580096791,
  "tpm_overlap_csf": 0.10443811463161902,
  "tpm_overlap_gm": 0.25402906730700164,
  "tpm_overlap_wm": 0.030116464687352587,
  "wm2max": 0.2530417149478563
}