{
  "aor": 0.00045326153846153843,
  "aqi": 0.00464160636923077,
  "bids_meta": {
    "AcquisitionMatrixPE": 104,
    "AcquisitionNumber": 1,
    "AcquisitionTime": "12:16:6.740000",
    "BandwidthPerPixelPhaseEncode": 17.17,
    "BaseResolution": 104,
    "BodyPartExamined": "BRAIN",
    "ConsistencyInfo": "N4_VE11C_LATEST_20160120",
    "ConversionSoftware": "dcm2niix",
    "ConversionSoftwareVersion": "v1.0.20171215 GCC6.3.0",
    "DerivedVendorReportedEchoSpacing": 0.000560011,
    "DeviceSerialNumber": "167001",
    "DwellTime": 2.1e-06,
    "EchoTime": 0.03,
    "EchoTrainLength": 91,
    "EffectiveEchoSpacing": 0.000560011,
    "FlipAngle": 52,
    "ImageOrientationPatientDICOM": [
      0.994373,
      -0.105882,
      -0.00324183,
      0.101531,
      0.961346,
      -0.25594
    ],
    "ImageType": [
      "ORIGINAL",
      "PRIMARY",
      "M",
      "ND",
      "MOSAIC"
    ],
    "InPlanePhaseEncodingDirectionDICOM": "COL",
    "InstitutionAddress": "Cooper_60_St._Lucia_QLD_AU_4072",
    "InstitutionName": "St_Lucia_Campus",
    "InstitutionalDepartmentName": "Gehrmann_Labs_MRI",
    "MRAcquisitionType": "2D",
    "MagneticFieldStrength": 3,
    "Manufacturer": "Siemens",
    "ManufacturersModelName": "Prisma_fit",
    "Modality": "MR",
    "MultibandAccelerationFactor": 6,
    "PartialFourier": 0.875,
    "PatientPosition": "HFS",
    "PercentPhaseFOV": 100,
    "PhaseEncodingDirection": "j",
    "PhaseEncodingSteps": 91,
    "PhaseResolution": 1,
    "PixelBandwidth": 2290,
    "ProcedureStepDescription": "Research_16092_QTAB",
    "ProtocolName": "ep2d_REST_SMS6_P-A",
    "PulseSequenceDetails": "%SiemensSeq%_ep2d_bold",
    "ReceiveCoilActiveElements": "HC1-7;NC1,2",
    "ReceiveCoilName": "HeadNeck_64",
    "ReconMatrixPE": 104,
    "RepetitionTime": 0.93,
    "SAR": 0.0658819,
    "ScanOptions": "PFP_FS",
    "ScanningSequence": "EP",
    "SequenceName": "_epfid2d1_104",
    "SequenceVariant": "SK",
    "SeriesDescription": "ep2d_REST_SMS6_P-A",
    "SeriesNumber": 10,
    "ShimSetting": [
      3033,
      -4126,
      -809,
      482,
      -74,
      172,
      -134,
      -39
    ],
    "SliceThickness": 2,
    "SliceTiming": [
      0.6825,
      0,
      0.455,
      0.0775,
      0.5325,
      0.1525,
      0.6075,
      0.305,
      0.76,
      0.38,
      0.835,
      0.2275,
      0.6825,
      0,
      0.455,
      0.0775,
      0.5325,
      0.1525,
      0.6075,
      0.305,
      0.76,
      0.38,
      0.835,
      0.2275,
      0.6825,
      0,
      0.455,
      0.0775,
      0.5325,
      0.1525,
      0.6075,
      0.305,
      0.76,
      0.38,
      0.835,
      0.2275,
      0.6825,
      0,
      0.455,
      0.0775,
      0.5325,
      0.1525,
      0.6075,
      0.305,
      0.76,
      0.38,
      0.835,
      0.2275,
      0.6825,
      0,
      0.455,
      0.0775,
      0.5325,
      0.1525,
      0.6075,
      0.305,
      0.76,
      0.38,
      0.835,
      0.2275,
      0.6825,
      0,
      0.455,
      0.0775,
      0.5325,
      0.1525,
      0.6075,
      0.305,
      0.76,
      0.38,
      0.835,
      0.2275
    ],
    "SoftwareVersions": "syngo_MR_E11",
    "SpacingBetweenSlices": 2,
    "StationName": "mrc_Trio",
    "TaskName": "rest",
    "TotalReadoutTime": 0.0576811,
    "TxRefAmp": 208.33,
    "dataset": "ds004146",
    "modality": "bold",
    "session_id": "01",
    "subject_id": "0260",
    "task_id": "rest"
  },
  "dummy_trs": 2,
  "dvars_nstd": 36.085979685339495,
  "dvars_std": 1.0615491006790125,
  "dvars_vstd": 1.001398730524692,
  "efc": 0.5221985792772736,
  "fber": 898.5986938476562,
  "fd_mean": 0.13298629497024042,
  "fd_num": 42,
  "fd_perc": 12.923076923076923,
  "fwhm_avg": 2.894765,
  "fwhm_x": 2.72382,
  "fwhm_y": 2.97493,
  "fwhm_z": 2.985545,
  "gcor": 0.00609959,
  "gsr_x": -0.008391402661800385,
  "gsr_y": 0.06606078892946243,
  "provenance": {
    "md5sum": "88c2438499c2822a18729ca57bb2e116",
    "settings": {
      "fd_thres": 0.2,
      "testing": false
    },
    "software": "mriqc",
    "version": "23.0.1",
    "webapi_port": null,
    "webapi_url": "https://mriqc.nimh.nih.gov/api/v1"
  },
  "size_t": 325,
  "size_x": 104,
  "size_y": 104,
  "size_z": 72,
  "snr": 2.827115445609023,
  "spacing_tr": 0.9300000071525574,
  "spacing_x": 2.0,
  "spacing_y": 2.0,
  "spacing_z": 2.0,
  "summary_bg_k": 66.3455450997059,
  "summary_bg_mad": 6.2953556767515195,
  "summary_bg_mean": 42.81364440917969,
  "summary_bg_median": 18.920000076293945,
  "summary_bg_n": 525588.0,
  "summary_bg_p05": 14.273846626281738,
  "summary_bg_p95": 166.15077209472656,
  "summary_bg_stdv": 73.85445404052734,
  "summary_fg_k": 0.1816839970837254,
  "summary_fg_mad": 209.72661226691622,
  "summary_fg_mean": 597.2845458984375,
  "summary_fg_median": 572.4630737304688,
  "summary_fg_n": 152642.0,
  "summary_fg_p05": 318.07708740234375,
  "summary_fg_p95": 960.7946289062492,
  "summary_fg_stdv": 202.489501953125,
  "tsnr": 40.35097652673721
}