{
  "bids_meta": {
    "AcquisitionMatrixPE": 256,
    "AcquisitionNumber": 1,
    "AcquisitionTime": "12:37:49.930000",
    "BaseResolution": 256,
    "BodyPartExamined": "BRAIN",
    "ConsistencyInfo": "N4_VE11C_LATEST_20160120",
    "ConversionSoftware": "dcm2niix",
    "ConversionSoftwareVersion": "v1.0.20171215 GCC6.3.0",
    "DeviceSerialNumber": "167001",
    "DwellTime": 2.6e-06,
    "EchoTime": 0.408,
    "EchoTrainLength": 259,
    "FlipAngle": 120,
    "ImageOrientationPatientDICOM": [
      0.0249491,
      0.999689,
      -1.49615e-08,
      0.117517,
      -0.00293287,
      -0.993067
    ],
    "ImageType": [
      "ORIGINAL",
      "PRIMARY",
      "M",
      "ND",
      "NORM"
    ],
    "InPlanePhaseEncodingDirectionDICOM": "ROW",
    "InstitutionAddress": "Cooper_60_St._Lucia_QLD_AU_4072",
    "InstitutionName": "St_Lucia_Campus",
    "InstitutionalDepartmentName": "Gehrmann_Labs_MRI",
    "MRAcquisitionType": "3D",
    "MagneticFieldStrength": 3,
    "Manufacturer": "Siemens",
    "ManufacturersModelName": "Prisma_fit",
    "Modality": "MR",
    "ParallelReductionFactorInPlane": 2,
    "PartialFourier": 1,
    "PatientPosition": "HFS",
    "PercentPhaseFOV": 100,
    "PhaseEncodingSteps": 233,
    "PhaseResolution": 1,
    "PixelBandwidth": 750,
    "ProcedureStepDescription": "Research_16092_QTAB",
    "ProtocolName": "t2_spc_sag_p2_iso",
    "PulseSequenceDetails": "%SiemensSeq%_tse_vfl",
    "ReceiveCoilActiveElements": "HC1-7;NC1",
    "ReceiveCoilName": "HeadNeck_64",
    "ReconMatrixPE": 256,
    "RepetitionTime": 3.2,
    "SAR": 0.151359,
    "ScanOptions": "PFP",
    "ScanningSequence": "SE",
    "SequenceName": "_spcR_282ns",
    "SequenceVariant": "SK_SP",
    "SeriesDescription": "t2_spc_sag_p2_iso",
    "SeriesNumber": 19,
    "ShimSetting": [
      3043,
      -4177,
      -1039,
      1,
      -3,
      36,
      -3,
      -11
    ],
    "SliceThickness": 1,
    "SoftwareVersions": "syngo_MR_E11",
    "StationName": "mrc_Trio",
    "TxRefAmp": 209.456,
    "dataset": "ds004146",
    "modality": "T2w",
    "session_id": "01",
    "subject_id": "0386"
  },
  "cjv": 0.9365798435138732,
  "cnr": 1.1372804514417314,
  "efc": 0.624351006112076,
  "fber": -1.0,
  "fwhm_avg": 3.970283374032259,
  "fwhm_x": 4.020925239665821,
  "fwhm_y": 4.312187435743399,
  "fwhm_z": 3.5777374466875576,
  "icvs_csf": 0.5262155555965674,
  "icvs_gm": 0.11713120531533136,
  "icvs_wm": 0.35665323908810126,
  "inu_med": 1.0076557397842407,
  "inu_range": 0.2709322363138199,
  "provenance": {
    "md5sum": "b8fc148a45a6c78a32f65e6bf39ffd26",
    "settings": {
      "testing": false
    },
    "software": "mriqc",
    "version": "23.0.1",
    "warnings": {
      "large_rot_frame": true,
      "small_air_mask": false
    },
    "webapi_port": null,
    "webapi_url": "https://mriqc.nimh.nih.gov/api/v1"
  },
  "qi_1": 0.08328115438440173,
  "qi_2": 0.04299641022716677,
  "rpve_csf": 11.005583093172666,
  "rpve_gm": 42.68892970057653,
  "rpve_wm": 15.339792486462853,
  "size_x": 192,
  "size_y": 300,
  "size_z": 320,
  "snr_csf": 19.354585083077705,
  "snr_gm": 1.7666677160648612,
  "snr_total": 11.146359116547792,
  "snr_wm": 12.317824550500813,
  "snrd_csf": 125.70738219687063,
  "snrd_gm": 230.44892775991198,
  "snrd_total": 146.02080554080783,
  "snrd_wm": 81.90610666564089,
  "spacing_x": 0.7999999523162842,
  "spacing_y": 0.800000011920929,
  "spacing_z": 0.800000011920929,
  "summary_bg_k": 15.890005881241908,
  "summary_bg_mad": 0.0,
  "summary_bg_mean": 2.8640842126217096,
  "summary_bg_median": 0.0,
  "summary_bg_n": 1223177.0,
  "summary_bg_p05": 0.0,
  "summary_bg_p95": 17.119622826576233,
  "summary_bg_stdv": 7.998626792800497,
  "summary_csf_k": 0.1333165750071803,
  "summary_csf_mad": 79.00020131103257,
  "summary_csf_mean": 1536.8706615234657,
  "summary_csf_median": 1534.7741864025593,
  "summary_csf_n": 287944.0,
  "summary_csf_p05": 1411.3702385276556,
  "summary_csf_p95": 1670.1618702560663,
  "summary_csf_stdv": 79.29756772132609,
  "summary_gm_k": -1.7135792679225956,
  "summary_gm_mad": 1612.048284583761,
  "summary_gm_mean": 2172.990574332149,
  "summary_gm_median": 2813.574345666915,
  "summary_gm_n": 45936.0,
  "summary_gm_p05": 69.47713597118855,
  "summary_gm_p95": 3971.64549812302,
  "summary_gm_stdv": 1592.5709713135955,
  "summary_wm_k": -0.3764674579830838,
  "summary_wm_mad": 86.50892191756981,
  "summary_wm_mean": 1002.7414744100679,
  "summary_wm_median": 999.9999683573842,
  "summary_wm_n": 308423.0,
  "summary_wm_p05": 874.7413946762681,
  "summary_wm_p95": 1139.3822308704257,
  "summary_wm_stdv": 81.18303220720013,
  "tpm_overlap_csf": 0.10537885276131813,
  "tpm_overlap_gm": 0.07170400581495616,
  "tpm_overlap_wm": 0.42895883794067413,
  "wm2max": 0.262951565011965
}