{
  "aor": 0.00044923547400611613,
  "aqi": 0.004751451100917431,
  "bids_meta": {
    "AcquisitionMatrixPE": 104,
    "AcquisitionNumber": 1,
    "AcquisitionTime": "11:43:52.122500",
    "BandwidthPerPixelPhaseEncode": 17.17,
    "BaseResolution": 104,
    "BodyPartExamined": "BRAIN",
    "ConsistencyInfo": "N4_VE11C_LATEST_20160120",
    "ConversionSoftware": "dcm2niix",
    "ConversionSoftwareVersion": "v1.0.20171215 GCC6.3.0",
    "DerivedVendorReportedEchoSpacing": 0.000560011,
    "DeviceSerialNumber": "167001",
    "DwellTime": 2.1e-06,
    "EchoTime": 0.03,
    "EchoTrainLength": 91,
    "EffectiveEchoSpacing": 0.000560011,
    "FlipAngle": 52,
    "ImageOrientationPatientDICOM": [
      0.998477,
      0.0519108,
      -0.0186993,
      -0.0549495,
      0.966208,
      -0.251837
    ],
    "ImageType": [
      "ORIGINAL",
      "PRIMARY",
      "M",
      "ND",
      "MOSAIC"
    ],
    "InPlanePhaseEncodingDirectionDICOM": "COL",
    "InstitutionAddress": "Cooper_60_St._Lucia_QLD_AU_4072",
    "InstitutionName": "St_Lucia_Campus",
    "InstitutionalDepartmentName": "Gehrmann_Labs_MRI",
    "MRAcquisitionType": "2D",
    "MagneticFieldStrength": 3,
    "Manufacturer": "Siemens",
    "ManufacturersModelName": "Prisma_fit",
    "Modality": "MR",
    "MultibandAccelerationFactor": 6,
    "PartialFourier": 0.875,
    "PatientPosition": "HFS",
    "PercentPhaseFOV": 100,
    "PhaseEncodingDirection": "j-",
    "PhaseEncodingSteps": 91,
    "PhaseResolution": 1,
    "PixelBandwidth": 2290,
    "ProcedureStepDescription": "Research_16092_QTAB",
    "ProtocolName": "ep2d_REST_SMS6_A-P",
    "PulseSequenceDetails": "%SiemensSeq%_ep2d_bold",
    "ReceiveCoilActiveElements": "HC1-7;NC1,2",
    "ReceiveCoilName": "HeadNeck_64",
    "ReconMatrixPE": 104,
    "RepetitionTime": 0.93,
    "SAR": 0.0608413,
    "ScanOptions": "PFP_FS",
    "ScanningSequence": "EP",
    "SequenceName": "_epfid2d1_104",
    "SequenceVariant": "SK",
    "SeriesDescription": "ep2d_REST_SMS6_A-P",
    "SeriesNumber": 9,
    "ShimSetting": [
      3056,
      -4097,
      -803,
      444,
      23,
      90,
      -32,
      11
    ],
    "SliceThickness": 2,
    "SliceTiming": [
      0.6825,
      0,
      0.455,
      0.075,
      0.53,
      0.1525,
      0.6075,
      0.3025,
      0.7575,
      0.38,
      0.835,
      0.2275,
      0.6825,
      0,
      0.455,
      0.075,
      0.53,
      0.1525,
      0.6075,
      0.3025,
      0.7575,
      0.38,
      0.835,
      0.2275,
      0.6825,
      0,
      0.455,
      0.075,
      0.53,
      0.1525,
      0.6075,
      0.3025,
      0.7575,
      0.38,
      0.835,
      0.2275,
      0.6825,
      0,
      0.455,
      0.075,
      0.53,
      0.1525,
      0.6075,
      0.3025,
      0.7575,
      0.38,
      0.835,
      0.2275,
      0.6825,
      0,
      0.455,
      0.075,
      0.53,
      0.1525,
      0.6075,
      0.3025,
      0.7575,
      0.38,
      0.835,
      0.2275,
      0.6825,
      0,
      0.455,
      0.075,
      0.53,
      0.1525,
      0.6075,
      0.3025,
      0.7575,
      0.38,
      0.835,
      0.2275
    ],
    "SoftwareVersions": "syngo_MR_E11",
    "SpacingBetweenSlices": 2,
    "StationName": "mrc_Trio",
    "TaskName": "rest",
    "TotalReadoutTime": 0.0576811,
    "TxRefAmp": 217.987,
    "dataset": "ds004146",
    "modality": "bold",
    "session_id": "01",
    "subject_id": "0024",
    "task_id": "rest"
  },
  "dummy_trs": 0,
  "dvars_nstd": 35.56405741460126,
  "dvars_std": 1.0548086703067487,
  "dvars_vstd": 1.0007307130981598,
  "efc": 0.5426820078941244,
  "fber": 743.2060546875,
  "fd_mean": 0.13328944383424068,
  "fd_num": 32,
  "fd_perc": 9.785932721712538,
  "fwhm_avg": 3.1702066666666666,
  "fwhm_x": 2.92085,
  "fwhm_y": 3.293665,
  "fwhm_z": 3.296105,
  "gcor": 0.0151866,
  "gsr_x": -0.00902952067553997,
  "gsr_y": 0.07131293416023254,
  "provenance": {
    "md5sum": "cc08c86e3323e586899421a7e691b72c",
    "settings": {
      "fd_thres": 0.2,
      "testing": false
    },
    "software": "mriqc",
    "version": "23.0.1",
    "webapi_port": null,
    "webapi_url": "https://mriqc.nimh.nih.gov/api/v1"
  },
  "size_t": 327,
  "size_x": 104,
  "size_y": 104,
  "size_z": 72,
  "snr": 2.501512504821041,
  "spacing_tr": 0.9300000071525574,
  "spacing_x": 2.0,
  "spacing_y": 2.0,
  "spacing_z": 2.0,
  "summary_bg_k": 36.71171825003827,
  "summary_bg_mad": 7.753057356173543,
  "summary_bg_mean": 43.09168243408203,
  "summary_bg_median": 20.159021377563477,
  "summary_bg_n": 494990.0,
  "summary_bg_p05": 14.422019004821777,
  "summary_bg_p95": 156.36697387695312,
  "summary_bg_stdv": 66.59075927734375,
  "summary_fg_k": 1.5942202088442246,
  "summary_fg_mad": 212.86902042672946,
  "summary_fg_mean": 597.2767944335938,
  "summary_fg_median": 564.6177368164062,
  "summary_fg_n": 176471.0,
  "summary_fg_p05": 303.2935791015625,
  "summary_fg_p95": 1007.7156372070312,
  "summary_fg_stdv": 225.70989990234375,
  "tsnr": 38.40511152287945
}