{
  "aor": 0.00245934036939314,
  "aqi": 0.022927087862796833,
  "bids_meta": {
    "AcquisitionMatrixPE": 90,
    "AcquisitionNumber": 1,
    "AcquisitionTime": "15:53:11.472500",
    "BandwidthPerPixelPhaseEncode": 21.368,
    "BaseResolution": 90,
    "BodyPartExamined": "BRAIN",
    "CoilString": "HC1-7;NC1_2",
    "ConsistencyInfo": "N4_VE11C_LATEST_20160120",
    "ConversionSoftware": "dcm2niix",
    "ConversionSoftwareVersion": "v1.0.20190410  GCC6.3.0",
    "DerivedVendorReportedEchoSpacing": 0.000519988,
    "DeviceSerialNumber": "167001",
    "DwellTime": 2.2e-06,
    "EchoTime": 0.03,
    "EchoTrainLength": 90,
    "EffectiveEchoSpacing": 0.000519988,
    "FlipAngle": 52,
    "ImageOrientationPatientDICOM": [
      0.997389,
      -0.0361284,
      -0.0625306,
      0.0210665,
      0.973762,
      -0.226593
    ],
    "ImageType": [
      "ORIGINAL",
      "PRIMARY",
      "M",
      "ND",
      "NORM",
      "MOSAIC"
    ],
    "ImagingFrequency": 123.229,
    "InPlanePhaseEncodingDirectionDICOM": "COL",
    "InstitutionAddress": "Cooper_60_St._Lucia_QLD_AU_4072",
    "InstitutionName": "St_Lucia_Campus",
    "InstitutionalDepartmentName": "Gehrmann_Labs_MRI",
    "MRAcquisitionType": "2D",
    "MagneticFieldStrength": 3,
    "Manufacturer": "Siemens",
    "ManufacturersModelName": "Prisma_fit",
    "Modality": "MR",
    "MultibandAccelerationFactor": 6,
    "PartialFourier": 1,
    "PatientPosition": "HFS",
    "PercentPhaseFOV": 100,
    "PhaseEncodingDirection": "j-",
    "PhaseEncodingSteps": 90,
    "PhaseResolution": 1,
    "PixelBandwidth": 2525,
    "ProcedureStepDescription": "Research_16092_QTAB",
    "ProtocolName": "PARTLY_CLOUDY_mb6_2.4",
    "PulseSequenceDetails": "%SiemensSeq%_ep2d_bold",
    "ReceiveCoilActiveElements": "HC1-7;NC1,2",
    "ReceiveCoilName": "HeadNeck_64",
    "ReconMatrixPE": 90,
    "RefLinesPE": 12,
    "RepetitionTime": 0.8,
    "SAR": 0.0518657,
    "ScanOptions": "FS",
    "ScanningSequence": "EP",
    "SequenceName": "_epfid2d1_90",
    "SequenceVariant": "SK",
    "SeriesDescription": "PARTLY_CLOUDY_mb6_2.4",
    "SeriesNumber": 19,
    "ShimSetting": [
      3010,
      -4178,
      -738,
      442,
      1,
      63,
      27,
      -38
    ],
    "SliceThickness": 2.4,
    "SliceTiming": [
      0.545,
      0,
      0.39,
      0.0775,
      0.4675,
      0.235,
      0.625,
      0.3125,
      0.7025,
      0.155,
      0.545,
      0,
      0.39,
      0.0775,
      0.4675,
      0.235,
      0.625,
      0.3125,
      0.7025,
      0.155,
      0.545,
      0,
      0.39,
      0.0775,
      0.4675,
      0.235,
      0.625,
      0.3125,
      0.7025,
      0.155,
      0.545,
      0,
      0.39,
      0.0775,
      0.4675,
      0.235,
      0.625,
      0.3125,
      0.7025,
      0.155,
      0.545,
      0,
      0.39,
      0.0775,
      0.4675,
      0.235,
      0.625,
      0.3125,
      0.7025,
      0.155,
      0.545,
      0,
      0.39,
      0.0775,
      0.4675,
      0.235,
      0.625,
      0.3125,
      0.7025,
      0.155
    ],
    "SoftwareVersions": "syngo_MR_E11",
    "SpacingBetweenSlices": 2.4,
    "StationName": "mrc_Trio",
    "TaskName": "partlycloudy",
    "TotalReadoutTime": 0.046279,
    "TxRefAmp": 222.192,
    "dataset": "ds004146",
    "modality": "bold",
    "session_id": "02",
    "subject_id": "0420",
    "task_id": "partlycloudy"
  },
  "dummy_trs": 1,
  "dvars_nstd": 40.277678666402124,
  "dvars_std": 1.2252850170370375,
  "dvars_vstd": 1.022924578386243,
  "efc": 0.4658868257056102,
  "fber": 7521.87841796875,
  "fd_mean": 0.265869846280787,
  "fd_num": 245,
  "fd_perc": 64.64379947229551,
  "fwhm_avg": 1.84544298222424,
  "fwhm_x": 1.773612429522974,
  "fwhm_y": 1.9493874225383037,
  "fwhm_z": 1.8133290946114422,
  "gcor": 0.00630079,
  "gsr_x": -0.013069438748061657,
  "gsr_y": 0.026184480637311935,
  "provenance": {
    "md5sum": "95efce9bb1541902b8f170b2d23ea522",
    "settings": {
      "fd_thres": 0.2,
      "testing": false
    },
    "software": "mriqc",
    "version": "23.0.1",
    "webapi_port": null,
    "webapi_url": "https://mriqc.nimh.nih.gov/api/v1"
  },
  "size_t": 379,
  "size_x": 90,
  "size_y": 90,
  "size_z": 60,
  "snr": 7.34651097415505,
  "spacing_tr": 0.800000011920929,
  "spacing_x": 2.4000000953674316,
  "spacing_y": 2.4000000953674316,
  "spacing_z": 2.4000000953674316,
  "summary_bg_k": 40.42788427664472,
  "summary_bg_mad": 6.462424423450492,
  "summary_bg_mean": 25.20766258239746,
  "summary_bg_median": 8.965699195861816,
  "summary_bg_n": 335940.0,
  "summary_bg_p05": 3.736147880554199,
  "summary_bg_p95": 92.40461769103982,
  "summary_bg_stdv": 49.500545501708984,
  "summary_fg_k": 1.9132875998818024,
  "summary_fg_mad": 101.6129989367619,
  "summary_fg_mean": 787.3866577148438,
  "summary_fg_median": 785.7111206054688,
  "summary_fg_n": 80552.0,
  "summary_fg_p05": 627.1049072265625,
  "summary_fg_p95": 958.27919921875,
  "summary_fg_stdv": 106.94957733154297,
  "tsnr": 39.573822239995934
}