{
  "aor": 0.0005599472295514513,
  "aqi": 0.015576255408970976,
  "bids_meta": {
    "AcquisitionMatrixPE": 90,
    "AcquisitionNumber": 1,
    "AcquisitionTime": "10:15:39.040000",
    "BandwidthPerPixelPhaseEncode": 21.368,
    "BaseResolution": 90,
    "BodyPartExamined": "BRAIN",
    "CoilString": "HC1-7;NC1_2",
    "ConsistencyInfo": "N4_VE11C_LATEST_20160120",
    "ConversionSoftware": "dcm2niix",
    "ConversionSoftwareVersion": "v1.0.20190410  GCC6.3.0",
    "DerivedVendorReportedEchoSpacing": 0.000519988,
    "DeviceSerialNumber": "167001",
    "DwellTime": 2.2e-06,
    "EchoTime": 0.03,
    "EchoTrainLength": 90,
    "EffectiveEchoSpacing": 0.000519988,
    "FlipAngle": 52,
    "ImageOrientationPatientDICOM": [
      0.993221,
      -0.0836679,
      -0.080695,
      0.067711,
      0.9807,
      -0.18342
    ],
    "ImageType": [
      "ORIGINAL",
      "PRIMARY",
      "M",
      "ND",
      "NORM",
      "MOSAIC"
    ],
    "ImagingFrequency": 123.229,
    "InPlanePhaseEncodingDirectionDICOM": "COL",
    "InstitutionAddress": "Cooper_60_St._Lucia_QLD_AU_4072",
    "InstitutionName": "Centre_for_Advanced_Imaging",
    "InstitutionalDepartmentName": "Gehrmann_Labs_MRI",
    "MRAcquisitionType": "2D",
    "MagneticFieldStrength": 3,
    "Manufacturer": "Siemens",
    "ManufacturersModelName": "Prisma_fit",
    "Modality": "MR",
    "MultibandAccelerationFactor": 6,
    "PartialFourier": 1,
    "PatientPosition": "HFS",
    "PercentPhaseFOV": 100,
    "PhaseEncodingDirection": "j-",
    "PhaseEncodingSteps": 90,
    "PhaseResolution": 1,
    "PixelBandwidth": 2525,
    "ProcedureStepDescription": "Research_16092_QTAB",
    "ProtocolName": "PARTLY_CLOUDY_mb6_2.4",
    "PulseSequenceDetails": "%SiemensSeq%_ep2d_bold",
    "ReceiveCoilActiveElements": "HC1-7;NC1,2",
    "ReceiveCoilName": "HeadNeck_64",
    "ReconMatrixPE": 90,
    "RefLinesPE": 12,
    "RepetitionTime": 0.8,
    "SAR": 0.0686038,
    "ScanOptions": "FS",
    "ScanningSequence": "EP",
    "SequenceName": "_epfid2d1_90",
    "SequenceVariant": "SK",
    "SeriesDescription": "PARTLY_CLOUDY_mb6_2.4",
    "SeriesNumber": 19,
    "ShimSetting": [
      3005,
      -4177,
      -801,
      463,
      -54,
      234,
      -78,
      -63
    ],
    "SliceThickness": 2.4,
    "SliceTiming": [
      0.5475,
      0,
      0.39,
      0.08,
      0.47,
      0.235,
      0.625,
      0.3125,
      0.7025,
      0.1575,
      0.5475,
      0,
      0.39,
      0.08,
      0.47,
      0.235,
      0.625,
      0.3125,
      0.7025,
      0.1575,
      0.5475,
      0,
      0.39,
      0.08,
      0.47,
      0.235,
      0.625,
      0.3125,
      0.7025,
      0.1575,
      0.5475,
      0,
      0.39,
      0.08,
      0.47,
      0.235,
      0.625,
      0.3125,
      0.7025,
      0.1575,
      0.5475,
      0,
      0.39,
      0.08,
      0.47,
      0.235,
      0.625,
      0.3125,
      0.7025,
      0.1575,
      0.5475,
      0,
      0.39,
      0.08,
      0.47,
      0.235,
      0.625,
      0.3125,
      0.7025,
      0.1575
    ],
    "SoftwareVersions": "syngo_MR_E11",
    "SpacingBetweenSlices": 2.4,
    "StationName": "mrc_Trio",
    "TaskName": "partlycloudy",
    "TotalReadoutTime": 0.046279,
    "TxRefAmp": 214.363,
    "dataset": "ds004146",
    "modality": "bold",
    "session_id": "02",
    "subject_id": "0284",
    "task_id": "partlycloudy"
  },
  "dummy_trs": 1,
  "dvars_nstd": 39.676601500476195,
  "dvars_std": 1.2651506348148143,
  "dvars_vstd": 1.001785769259259,
  "efc": 0.49556219212560104,
  "fber": 6759.564453125,
  "fd_mean": 0.18446355172906811,
  "fd_num": 170,
  "fd_perc": 44.854881266490764,
  "fwhm_avg": 1.786392984570676,
  "fwhm_x": 1.6791582666095788,
  "fwhm_y": 1.8714707589677668,
  "fwhm_z": 1.8085499281346826,
  "gcor": 0.0101061,
  "gsr_x": -0.016131652519106865,
  "gsr_y": 0.030659064650535583,
  "provenance": {
    "md5sum": "ada375cd74b9caa337784d0ebc652b39",
    "settings": {
      "fd_thres": 0.2,
      "testing": false
    },
    "software": "mriqc",
    "version": "23.0.1",
    "webapi_port": null,
    "webapi_url": "https://mriqc.nimh.nih.gov/api/v1"
  },
  "size_t": 379,
  "size_x": 90,
  "size_y": 90,
  "size_z": 60,
  "snr": 7.096365100495114,
  "spacing_tr": 0.800000011920929,
  "spacing_x": 2.4000000953674316,
  "spacing_y": 2.4000000953674316,
  "spacing_z": 2.4000000953674316,
  "summary_bg_k": 39.29802015453113,
  "summary_bg_mad": 5.953879940332521,
  "summary_bg_mean": 24.377910614013672,
  "summary_bg_median": 8.213720321655273,
  "summary_bg_n": 319829.0,
  "summary_bg_p05": 3.332453966140747,
  "summary_bg_p95": 100.49076843261719,
  "summary_bg_stdv": 51.50957489013672,
  "summary_fg_k": 1.5811110806829243,
  "summary_fg_mad": 93.6699828885584,
  "summary_fg_mean": 687.3318481445312,
  "summary_fg_median": 686.1451416015625,
  "summary_fg_n": 94083.0,
  "summary_fg_p05": 540.4224426269532,
  "summary_fg_p95": 841.5435791015625,
  "summary_fg_stdv": 96.68914794921875,
  "tsnr": 48.88114205561578
}