{
  "aor": 0.0006392592592592593,
  "aqi": 0.00445206712962963,
  "bids_meta": {
    "AcquisitionMatrixPE": 104,
    "AcquisitionNumber": 1,
    "AcquisitionTime": "13:57:53.235000",
    "BandwidthPerPixelPhaseEncode": 17.17,
    "BaseResolution": 104,
    "BodyPartExamined": "BRAIN",
    "CoilString": "HC1-7;NC1_2",
    "ConsistencyInfo": "N4_VE11C_LATEST_20160120",
    "ConversionSoftware": "dcm2niix",
    "ConversionSoftwareVersion": "v1.0.20190410  GCC6.3.0",
    "DerivedVendorReportedEchoSpacing": 0.000560011,
    "DeviceSerialNumber": "167001",
    "DwellTime": 2.1e-06,
    "EchoTime": 0.03,
    "EchoTrainLength": 91,
    "EffectiveEchoSpacing": 0.000560011,
    "FlipAngle": 52,
    "ImageOrientationPatientDICOM": [
      0.998943,
      -0.0402886,
      -0.0221249,
      0.0361059,
      0.985682,
      -0.164703
    ],
    "ImageType": [
      "ORIGINAL",
      "PRIMARY",
      "M",
      "ND",
      "MOSAIC"
    ],
    "ImagingFrequency": 123.229,
    "InPlanePhaseEncodingDirectionDICOM": "COL",
    "InstitutionAddress": "Cooper_60_St._Lucia_QLD_AU_4072",
    "InstitutionName": "St_Lucia_Campus",
    "InstitutionalDepartmentName": "Gehrmann_Labs_MRI",
    "MRAcquisitionType": "2D",
    "MagneticFieldStrength": 3,
    "Manufacturer": "Siemens",
    "ManufacturersModelName": "Prisma_fit",
    "Modality": "MR",
    "MultibandAccelerationFactor": 6,
    "PartialFourier": 0.875,
    "PatientPosition": "HFS",
    "PercentPhaseFOV": 100,
    "PhaseEncodingDirection": "j",
    "PhaseEncodingSteps": 91,
    "PhaseResolution": 1,
    "PixelBandwidth": 2290,
    "ProcedureStepDescription": "Research_16092_QTAB",
    "ProtocolName": "ep2d_REST_SMS6_P-A",
    "PulseSequenceDetails": "%SiemensSeq%_ep2d_bold",
    "ReceiveCoilActiveElements": "HC1-7;NC1,2",
    "ReceiveCoilName": "HeadNeck_64",
    "ReconMatrixPE": 104,
    "RefLinesPE": 12,
    "RepetitionTime": 0.93,
    "SAR": 0.0574833,
    "ScanOptions": "PFP_FS",
    "ScanningSequence": "EP",
    "SequenceName": "_epfid2d1_104",
    "SequenceVariant": "SK",
    "SeriesDescription": "ep2d_REST_SMS6_P-A",
    "SeriesNumber": 10,
    "ShimSetting": [
      3034,
      -4159,
      -781,
      442,
      -15,
      -10,
      28,
      -26
    ],
    "SliceThickness": 2,
    "SliceTiming": [
      0.6825,
      0,
      0.455,
      0.075,
      0.53,
      0.1525,
      0.6075,
      0.3025,
      0.7575,
      0.38,
      0.835,
      0.2275,
      0.6825,
      0,
      0.455,
      0.075,
      0.53,
      0.1525,
      0.6075,
      0.3025,
      0.7575,
      0.38,
      0.835,
      0.2275,
      0.6825,
      0,
      0.455,
      0.075,
      0.53,
      0.1525,
      0.6075,
      0.3025,
      0.7575,
      0.38,
      0.835,
      0.2275,
      0.6825,
      0,
      0.455,
      0.075,
      0.53,
      0.1525,
      0.6075,
      0.3025,
      0.7575,
      0.38,
      0.835,
      0.2275,
      0.6825,
      0,
      0.455,
      0.075,
      0.53,
      0.1525,
      0.6075,
      0.3025,
      0.7575,
      0.38,
      0.835,
      0.2275,
      0.6825,
      0,
      0.455,
      0.075,
      0.53,
      0.1525,
      0.6075,
      0.3025,
      0.7575,
      0.38,
      0.835,
      0.2275
    ],
    "SoftwareVersions": "syngo_MR_E11",
    "SpacingBetweenSlices": 2,
    "StationName": "mrc_Trio",
    "TaskName": "rest",
    "TotalReadoutTime": 0.0576811,
    "TxRefAmp": 215.781,
    "dataset": "ds004146",
    "modality": "bold",
    "session_id": "02",
    "subject_id": "0170",
    "task_id": "rest"
  },
  "dummy_trs": 3,
  "dvars_nstd": 38.53291334965945,
  "dvars_std": 1.1202368184520115,
  "dvars_vstd": 1.0072669037461301,
  "efc": 0.5427794105153281,
  "fber": 824.4489135742188,
  "fd_mean": 0.14299363940958648,
  "fd_num": 73,
  "fd_perc": 22.530864197530864,
  "fwhm_avg": 3.0784933333333337,
  "fwhm_x": 2.88498,
  "fwhm_y": 3.18215,
  "fwhm_z": 3.16835,
  "gcor": 0.0115322,
  "gsr_x": -0.017866162583231926,
  "gsr_y": 0.06946957111358643,
  "provenance": {
    "md5sum": "50ef5713c1f27ebd123a8feb0dd4af58",
    "settings": {
      "fd_thres": 0.2,
      "testing": false
    },
    "software": "mriqc",
    "version": "23.0.1",
    "webapi_port": null,
    "webapi_url": "https://mriqc.nimh.nih.gov/api/v1"
  },
  "size_t": 324,
  "size_x": 104,
  "size_y": 104,
  "size_z": 72,
  "snr": 2.7525069576711534,
  "spacing_tr": 0.9300000071525574,
  "spacing_x": 2.0,
  "spacing_y": 2.0,
  "spacing_z": 2.0,
  "summary_bg_k": 36.632180595910796,
  "summary_bg_mad": 8.373956137014437,
  "summary_bg_mean": 46.83582305908203,
  "summary_bg_median": 21.179012298583984,
  "summary_bg_n": 503197.0,
  "summary_bg_p05": 14.962963104248047,
  "summary_bg_p95": 177.89198303222656,
  "summary_bg_stdv": 71.31507110595703,
  "summary_fg_k": 0.45372461944170484,
  "summary_fg_mad": 223.23918226990108,
  "summary_fg_mean": 638.87109375,
  "summary_fg_median": 609.100341796875,
  "summary_fg_n": 174068.0,
  "summary_fg_p05": 334.216064453125,
  "summary_fg_p95": 1039.3618835449217,
  "summary_fg_stdv": 221.28866577148438,
  "tsnr": 42.29580213036388
}