{
  "bids_meta": {
    "AcquisitionMatrixPE": 256,
    "AcquisitionNumber": 1,
    "AcquisitionTime": "13:45:30.117500",
    "BaseResolution": 256,
    "BodyPartExamined": "BRAIN",
    "CoilString": "HC1-7;NC1_2",
    "ConsistencyInfo": "N4_VE11C_LATEST_20160120",
    "ConversionSoftware": "dcm2niix",
    "ConversionSoftwareVersion": "v1.0.20190410  GCC6.3.0",
    "DeviceSerialNumber": "167001",
    "DwellTime": 2.6e-06,
    "EchoTime": 0.408,
    "EchoTrainLength": 259,
    "FlipAngle": 120,
    "ImageOrientationPatientDICOM": [
      -0.0955648,
      0.98668,
      -0.13164,
      0.0512782,
      -0.12719,
      -0.990552
    ],
    "ImageType": [
      "ORIGINAL",
      "PRIMARY",
      "M",
      "ND",
      "NORM"
    ],
    "ImagingFrequency": 123.229,
    "InPlanePhaseEncodingDirectionDICOM": "ROW",
    "InstitutionAddress": "Cooper_60_St._Lucia_QLD_AU_4072",
    "InstitutionName": "St_Lucia_Campus",
    "InstitutionalDepartmentName": "Gehrmann_Labs_MRI",
    "MRAcquisitionType": "3D",
    "MagneticFieldStrength": 3,
    "Manufacturer": "Siemens",
    "ManufacturersModelName": "Prisma_fit",
    "Modality": "MR",
    "PartialFourier": 1,
    "PatientPosition": "HFS",
    "PercentPhaseFOV": 100,
    "PhaseEncodingSteps": 233,
    "PhaseResolution": 1,
    "PixelBandwidth": 750,
    "ProcedureStepDescription": "Research_16092_QTAB",
    "ProtocolName": "t2_spc_sag_p2_iso",
    "PulseSequenceDetails": "%SiemensSeq%_tse_vfl",
    "ReceiveCoilActiveElements": "HC1-7;NC1,2",
    "ReceiveCoilName": "HeadNeck_64",
    "ReconMatrixPE": 256,
    "RefLinesPE": 24,
    "RepetitionTime": 3.2,
    "SAR": 0.140107,
    "ScanOptions": "PFP",
    "ScanningSequence": "SE",
    "SequenceName": "_spcR_282ns",
    "SequenceVariant": "SK_SP",
    "SeriesDescription": "t2_spc_sag_p2_iso",
    "SeriesNumber": 32,
    "ShimSetting": [
      3044,
      -4172,
      -1039,
      -11,
      -3,
      35,
      -21,
      -13
    ],
    "SliceThickness": 1,
    "SoftwareVersions": "syngo_MR_E11",
    "StationName": "mrc_Trio",
    "TxRefAmp": 216.201,
    "dataset": "ds004146",
    "modality": "T2w",
    "session_id": "02",
    "subject_id": "0402"
  },
  "cjv": 1.5125178437903852,
  "cnr": 0.4081786299315728,
  "efc": 0.6603762582527178,
  "fber": -1.0,
  "fwhm_avg": 3.9931167118880952,
  "fwhm_x": 4.216725251336411,
  "fwhm_y": 4.172937437818387,
  "fwhm_z": 3.5896874465094886,
  "icvs_csf": 0.39611050351110294,
  "icvs_gm": 0.47779964885199666,
  "icvs_wm": 0.12608984763690037,
  "inu_med": 0.9949034452438354,
  "inu_range": 0.31508865356445304,
  "provenance": {
    "md5sum": "5de3862bb41aa500137f208728b9cbb0",
    "settings": {
      "testing": false
    },
    "software": "mriqc",
    "version": "23.0.1",
    "warnings": {
      "large_rot_frame": true,
      "small_air_mask": false
    },
    "webapi_port": null,
    "webapi_url": "https://mriqc.nimh.nih.gov/api/v1"
  },
  "qi_1": 0.0,
  "qi_2": 0.007443383434979182,
  "rpve_csf": 11.102965601234466,
  "rpve_gm": 10.176296321261859,
  "rpve_wm": 38.45514315746274,
  "size_x": 192,
  "size_y": 300,
  "size_z": 320,
  "snr_csf": 14.833061078341103,
  "snr_gm": 15.284321954175455,
  "snr_total": 10.176933014542437,
  "snr_wm": 0.41341601111075343,
  "snrd_csf": 98.15097386755606,
  "snrd_gm": 64.55992684732492,
  "snrd_total": 65.05763681967609,
  "snrd_wm": 32.462009744147295,
  "spacing_x": 0.7999999523162842,
  "spacing_y": 0.800000011920929,
  "spacing_z": 0.800000011920929,
  "summary_bg_k": 6.545032253237865,
  "summary_bg_mad": 0.0,
  "summary_bg_mean": 10.774579558257678,
  "summary_bg_median": 0.0,
  "summary_bg_n": 1574647.0,
  "summary_bg_p05": 0.0,
  "summary_bg_p95": 55.92105209827423,
  "summary_bg_stdv": 20.519100833969173,
  "summary_csf_k": 0.7157323073837771,
  "summary_csf_mad": 196.8674637596181,
  "summary_csf_mean": 3088.705225431238,
  "summary_csf_median": 3074.122777700424,
  "summary_csf_n": 119003.0,
  "summary_csf_p05": 2779.7148857712746,
  "summary_csf_p95": 3450.986809194088,
  "summary_csf_stdv": 207.24716532081115,
  "summary_gm_k": -0.0007660641079936248,
  "summary_gm_mad": 138.66882459698945,
  "summary_gm_mean": 2022.127825537966,
  "summary_gm_median": 2022.0394544005394,
  "summary_gm_n": 393017.0,
  "summary_gm_p05": 1808.0043687224388,
  "summary_gm_p95": 2231.030680477619,
  "summary_gm_stdv": 132.29483702340542,
  "summary_wm_k": -1.777182538558904,
  "summary_wm_mad": 1381.8925480500689,
  "summary_wm_mean": 2582.741232987618,
  "summary_wm_median": 1016.7214815318584,
  "summary_wm_n": 53436.0,
  "summary_wm_p05": 86.73245531320572,
  "summary_wm_p95": 6026.644679367542,
  "summary_wm_stdv": 2459.295094317179,
  "tpm_overlap_csf": 0.11378671086246923,
  "tpm_overlap_gm": 0.30774170305674836,
  "tpm_overlap_wm": 0.040106500018038393,
  "wm2max": 0.17355781829071987
}