{
  "aor": 0.0005558465608465608,
  "aqi": 0.010473811296296296,
  "bids_meta": {
    "AcquisitionMatrixPE": 90,
    "AcquisitionNumber": 1,
    "AcquisitionTime": "12:05:44.567500",
    "BandwidthPerPixelPhaseEncode": 21.368,
    "BaseResolution": 90,
    "BodyPartExamined": "BRAIN",
    "CoilString": "HC1-7;NC1_2",
    "ConsistencyInfo": "N4_VE11C_LATEST_20160120",
    "ConversionSoftware": "dcm2niix",
    "ConversionSoftwareVersion": "v1.0.20190410  GCC6.3.0",
    "DerivedVendorReportedEchoSpacing": 0.000519988,
    "DeviceSerialNumber": "167001",
    "DwellTime": 2.2e-06,
    "EchoTime": 0.03,
    "EchoTrainLength": 90,
    "EffectiveEchoSpacing": 0.000519988,
    "FlipAngle": 52,
    "ImageOrientationPatientDICOM": [
      0.998206,
      -0.0471743,
      0.0368707,
      0.0556336,
      0.958403,
      -0.279944
    ],
    "ImageType": [
      "ORIGINAL",
      "PRIMARY",
      "M",
      "ND",
      "NORM",
      "MOSAIC"
    ],
    "ImagingFrequency": 123.229,
    "InPlanePhaseEncodingDirectionDICOM": "COL",
    "InstitutionAddress": "Cooper_60_St._Lucia_QLD_AU_4072",
    "InstitutionName": "St_Lucia_Campus",
    "InstitutionalDepartmentName": "Gehrmann_Labs_MRI",
    "MRAcquisitionType": "2D",
    "MagneticFieldStrength": 3,
    "Manufacturer": "Siemens",
    "ManufacturersModelName": "Prisma_fit",
    "Modality": "MR",
    "MultibandAccelerationFactor": 6,
    "PartialFourier": 1,
    "PatientPosition": "HFS",
    "PercentPhaseFOV": 100,
    "PhaseEncodingDirection": "j-",
    "PhaseEncodingSteps": 90,
    "PhaseResolution": 1,
    "PixelBandwidth": 2525,
    "ProcedureStepDescription": "Research_16092_QTAB",
    "ProtocolName": "PARTLY_CLOUDY_mb6_2.4",
    "PulseSequenceDetails": "%SiemensSeq%_ep2d_bold",
    "ReceiveCoilActiveElements": "HC1-7;NC1,2",
    "ReceiveCoilName": "HeadNeck_64",
    "ReconMatrixPE": 90,
    "RefLinesPE": 12,
    "RepetitionTime": 0.8,
    "SAR": 0.0639848,
    "ScanOptions": "FS",
    "ScanningSequence": "EP",
    "SequenceName": "_epfid2d1_90",
    "SequenceVariant": "SK",
    "SeriesDescription": "PARTLY_CLOUDY_mb6_2.4",
    "SeriesNumber": 24,
    "ShimSetting": [
      3057,
      -4162,
      -731,
      559,
      -22,
      43,
      -72,
      37
    ],
    "SliceThickness": 2.4,
    "SliceTiming": [
      0.545,
      0,
      0.39,
      0.0775,
      0.4675,
      0.235,
      0.625,
      0.3125,
      0.7025,
      0.155,
      0.545,
      0,
      0.39,
      0.0775,
      0.4675,
      0.235,
      0.625,
      0.3125,
      0.7025,
      0.155,
      0.545,
      0,
      0.39,
      0.0775,
      0.4675,
      0.235,
      0.625,
      0.3125,
      0.7025,
      0.155,
      0.545,
      0,
      0.39,
      0.0775,
      0.4675,
      0.235,
      0.625,
      0.3125,
      0.7025,
      0.155,
      0.545,
      0,
      0.39,
      0.0775,
      0.4675,
      0.235,
      0.625,
      0.3125,
      0.7025,
      0.155,
      0.545,
      0,
      0.39,
      0.0775,
      0.4675,
      0.235,
      0.625,
      0.3125,
      0.7025,
      0.155
    ],
    "SoftwareVersions": "syngo_MR_E11",
    "SpacingBetweenSlices": 2.4,
    "StationName": "mrc_Trio",
    "TaskName": "partlycloudy",
    "TotalReadoutTime": 0.046279,
    "TxRefAmp": 216.389,
    "dataset": "ds004146",
    "modality": "bold",
    "session_id": "02",
    "subject_id": "0001",
    "task_id": "partlycloudy"
  },
  "dummy_trs": 2,
  "dvars_nstd": 29.788036498010616,
  "dvars_std": 1.1763540200000002,
  "dvars_vstd": 1.0105901944827589,
  "efc": 0.4706723986458299,
  "fber": 7467.65087890625,
  "fd_mean": 0.16460045706979345,
  "fd_num": 149,
  "fd_perc": 39.41798941798942,
  "fwhm_avg": 1.866830541273459,
  "fwhm_x": 1.8082165948145947,
  "fwhm_y": 1.9833832545207637,
  "fwhm_z": 1.8088917744850181,
  "gcor": 0.00803373,
  "gsr_x": -0.011683264747262001,
  "gsr_y": 0.02547369711101055,
  "provenance": {
    "md5sum": "ff05a16044893793a131d6ce4da44c82",
    "settings": {
      "fd_thres": 0.2,
      "testing": false
    },
    "software": "mriqc",
    "version": "23.0.1",
    "webapi_port": null,
    "webapi_url": "https://mriqc.nimh.nih.gov/api/v1"
  },
  "size_t": 378,
  "size_x": 90,
  "size_y": 90,
  "size_z": 60,
  "snr": 6.841223884487149,
  "spacing_tr": 0.800000011920929,
  "spacing_x": 2.4000000953674316,
  "spacing_y": 2.4000000953674316,
  "spacing_z": 2.3999998569488525,
  "summary_bg_k": 39.13089377460526,
  "summary_bg_mad": 6.0637644738941665,
  "summary_bg_mean": 23.03875160217285,
  "summary_bg_median": 7.460317134857178,
  "summary_bg_n": 334675.0,
  "summary_bg_p05": 2.628835964202883,
  "summary_bg_p95": 95.46375350952145,
  "summary_bg_stdv": 47.76494598388672,
  "summary_fg_k": 1.4075015880811925,
  "summary_fg_mad": 94.89441468901002,
  "summary_fg_mean": 654.2987670898438,
  "summary_fg_median": 651.2671508789062,
  "summary_fg_n": 82371.0,
  "summary_fg_p05": 513.0899047851562,
  "summary_fg_p95": 809.0661315917969,
  "summary_fg_stdv": 95.19688415527344,
  "tsnr": 54.936279396526515
}