{
  "aor": 0.000525,
  "aqi": 0.005900590644171779,
  "bids_meta": {
    "AcquisitionMatrixPE": 104,
    "AcquisitionNumber": 1,
    "AcquisitionTime": "15:26:2.967500",
    "BandwidthPerPixelPhaseEncode": 17.17,
    "BaseResolution": 104,
    "BodyPartExamined": "BRAIN",
    "ConsistencyInfo": "N4_VE11C_LATEST_20160120",
    "ConversionSoftware": "dcm2niix",
    "ConversionSoftwareVersion": "v1.0.20171215 GCC6.3.0",
    "DerivedVendorReportedEchoSpacing": 0.000560011,
    "DeviceSerialNumber": "167001",
    "DwellTime": 2.1e-06,
    "EchoTime": 0.03,
    "EchoTrainLength": 91,
    "EffectiveEchoSpacing": 0.000560011,
    "FlipAngle": 52,
    "ImageOrientationPatientDICOM": [
      0.999586,
      -0.0220426,
      -0.0184853,
      0.0174478,
      0.975423,
      -0.219649
    ],
    "ImageType": [
      "ORIGINAL",
      "PRIMARY",
      "M",
      "ND",
      "MOSAIC"
    ],
    "InPlanePhaseEncodingDirectionDICOM": "COL",
    "InstitutionAddress": "Cooper_60_St._Lucia_QLD_AU_4072",
    "InstitutionName": "St_Lucia_Campus",
    "InstitutionalDepartmentName": "Gehrmann_Labs_MRI",
    "MRAcquisitionType": "2D",
    "MagneticFieldStrength": 3,
    "Manufacturer": "Siemens",
    "ManufacturersModelName": "Prisma_fit",
    "Modality": "MR",
    "MultibandAccelerationFactor": 6,
    "PartialFourier": 0.875,
    "PatientPosition": "HFS",
    "PercentPhaseFOV": 100,
    "PhaseEncodingDirection": "j-",
    "PhaseEncodingSteps": 91,
    "PhaseResolution": 1,
    "PixelBandwidth": 2290,
    "ProcedureStepDescription": "Research_16092_QTAB",
    "ProtocolName": "ep2d_REST_SMS6_A-P",
    "PulseSequenceDetails": "%SiemensSeq%_ep2d_bold",
    "ReceiveCoilActiveElements": "HC1-7;NC1,2",
    "ReceiveCoilName": "HeadNeck_64",
    "ReconMatrixPE": 104,
    "RepetitionTime": 0.93,
    "SAR": 0.0683893,
    "ScanOptions": "PFP_FS",
    "ScanningSequence": "EP",
    "SequenceName": "_epfid2d1_104",
    "SequenceVariant": "SK",
    "SeriesDescription": "ep2d_REST_SMS6_A-P",
    "SeriesNumber": 9,
    "ShimSetting": [
      3052,
      -4176,
      -791,
      590,
      -9,
      -23,
      -82,
      -16
    ],
    "SliceThickness": 2,
    "SliceTiming": [
      0.6825,
      0,
      0.455,
      0.075,
      0.53,
      0.15,
      0.605,
      0.3025,
      0.7575,
      0.3775,
      0.8325,
      0.2275,
      0.6825,
      0,
      0.455,
      0.075,
      0.53,
      0.15,
      0.605,
      0.3025,
      0.7575,
      0.3775,
      0.8325,
      0.2275,
      0.6825,
      0,
      0.455,
      0.075,
      0.53,
      0.15,
      0.605,
      0.3025,
      0.7575,
      0.3775,
      0.8325,
      0.2275,
      0.6825,
      0,
      0.455,
      0.075,
      0.53,
      0.15,
      0.605,
      0.3025,
      0.7575,
      0.3775,
      0.8325,
      0.2275,
      0.6825,
      0,
      0.455,
      0.075,
      0.53,
      0.15,
      0.605,
      0.3025,
      0.7575,
      0.3775,
      0.8325,
      0.2275,
      0.6825,
      0,
      0.455,
      0.075,
      0.53,
      0.15,
      0.605,
      0.3025,
      0.7575,
      0.3775,
      0.8325,
      0.2275
    ],
    "SoftwareVersions": "syngo_MR_E11",
    "SpacingBetweenSlices": 2,
    "StationName": "mrc_Trio",
    "TaskName": "rest",
    "TotalReadoutTime": 0.0576811,
    "TxRefAmp": 210.27,
    "dataset": "ds004146",
    "modality": "bold",
    "session_id": "01",
    "subject_id": "0419",
    "task_id": "rest"
  },
  "dummy_trs": 1,
  "dvars_nstd": 47.95146776624615,
  "dvars_std": 1.2183398363384617,
  "dvars_vstd": 1.008566667815385,
  "efc": 0.5255916004026716,
  "fber": 941.0770874023438,
  "fd_mean": 0.21384883567538912,
  "fd_num": 179,
  "fd_perc": 54.9079754601227,
  "fwhm_avg": 2.9639599999999997,
  "fwhm_x": 2.74747,
  "fwhm_y": 3.0795,
  "fwhm_z": 3.06491,
  "gcor": 0.00683198,
  "gsr_x": -0.022634578868746758,
  "gsr_y": 0.06074690446257591,
  "provenance": {
    "md5sum": "afbefa340a88f85cd7d336440742e91c",
    "settings": {
      "fd_thres": 0.2,
      "testing": false
    },
    "software": "mriqc",
    "version": "23.0.1",
    "webapi_port": null,
    "webapi_url": "https://mriqc.nimh.nih.gov/api/v1"
  },
  "size_t": 326,
  "size_x": 104,
  "size_y": 104,
  "size_z": 72,
  "snr": 2.933224790227446,
  "spacing_tr": 0.9300000071525574,
  "spacing_x": 2.0,
  "spacing_y": 2.0,
  "spacing_z": 2.0,
  "summary_bg_k": 42.27798468805869,
  "summary_bg_mad": 4.957166970277002,
  "summary_bg_mean": 35.131591796875,
  "summary_bg_median": 17.77914047241211,
  "summary_bg_n": 513084.0,
  "summary_bg_p05": 14.156441688537598,
  "summary_bg_p95": 118.39217147827141,
  "summary_bg_stdv": 53.267311096191406,
  "summary_fg_k": 0.9492976198101015,
  "summary_fg_mad": 181.9530449966213,
  "summary_fg_mean": 577.27392578125,
  "summary_fg_median": 554.8113403320312,
  "summary_fg_n": 164044.0,
  "summary_fg_p05": 323.8772888183594,
  "summary_fg_p95": 923.3298645019531,
  "summary_fg_stdv": 189.1466522216797,
  "tsnr": 39.554129817173816
}