{
  "aor": 0.002409763157894737,
  "aqi": 0.01920805894736842,
  "bids_meta": {
    "AcquisitionMatrixPE": 90,
    "AcquisitionNumber": 1,
    "AcquisitionTime": "17:08:59.862500",
    "BandwidthPerPixelPhaseEncode": 21.368,
    "BaseResolution": 90,
    "BodyPartExamined": "BRAIN",
    "CoilString": "HC1-7;NC1_2",
    "ConsistencyInfo": "N4_VE11C_LATEST_20160120",
    "ConversionSoftware": "dcm2niix",
    "ConversionSoftwareVersion": "v1.0.20190410  GCC6.3.0",
    "DerivedVendorReportedEchoSpacing": 0.000519988,
    "DeviceSerialNumber": "167001",
    "DwellTime": 2.2e-06,
    "EchoTime": 0.03,
    "EchoTrainLength": 90,
    "EffectiveEchoSpacing": 0.000519988,
    "FlipAngle": 52,
    "ImageOrientationPatientDICOM": [
      0.998548,
      -0.0503921,
      0.0190391,
      0.0535551,
      0.966751,
      -0.25005
    ],
    "ImageType": [
      "ORIGINAL",
      "PRIMARY",
      "M",
      "ND",
      "NORM",
      "MOSAIC"
    ],
    "ImagingFrequency": 123.229,
    "InPlanePhaseEncodingDirectionDICOM": "COL",
    "InstitutionAddress": "Cooper_60_St._Lucia_QLD_AU_4072",
    "InstitutionName": "St_Lucia_Campus",
    "InstitutionalDepartmentName": "Gehrmann_Labs_MRI",
    "MRAcquisitionType": "2D",
    "MagneticFieldStrength": 3,
    "Manufacturer": "Siemens",
    "ManufacturersModelName": "Prisma_fit",
    "Modality": "MR",
    "MultibandAccelerationFactor": 6,
    "PartialFourier": 1,
    "PatientPosition": "HFS",
    "PercentPhaseFOV": 100,
    "PhaseEncodingDirection": "j-",
    "PhaseEncodingSteps": 90,
    "PhaseResolution": 1,
    "PixelBandwidth": 2525,
    "ProcedureStepDescription": "Research_16092_QTAB",
    "ProtocolName": "PARTLY_CLOUDY_mb6_2.4",
    "PulseSequenceDetails": "%SiemensSeq%_ep2d_bold",
    "ReceiveCoilActiveElements": "HC1-7;NC1,2",
    "ReceiveCoilName": "HeadNeck_64",
    "ReconMatrixPE": 90,
    "RefLinesPE": 12,
    "RepetitionTime": 0.8,
    "SAR": 0.0573416,
    "ScanOptions": "FS",
    "ScanningSequence": "EP",
    "SequenceName": "_epfid2d1_90",
    "SequenceVariant": "SK",
    "SeriesDescription": "PARTLY_CLOUDY_mb6_2.4",
    "SeriesNumber": 19,
    "ShimSetting": [
      3074,
      -4160,
      -770,
      504,
      110,
      -31,
      -158,
      -65
    ],
    "SliceThickness": 2.4,
    "SliceTiming": [
      0.5475,
      0,
      0.39,
      0.0775,
      0.4675,
      0.235,
      0.625,
      0.3125,
      0.7025,
      0.1575,
      0.5475,
      0,
      0.39,
      0.0775,
      0.4675,
      0.235,
      0.625,
      0.3125,
      0.7025,
      0.1575,
      0.5475,
      0,
      0.39,
      0.0775,
      0.4675,
      0.235,
      0.625,
      0.3125,
      0.7025,
      0.1575,
      0.5475,
      0,
      0.39,
      0.0775,
      0.4675,
      0.235,
      0.625,
      0.3125,
      0.7025,
      0.1575,
      0.5475,
      0,
      0.39,
      0.0775,
      0.4675,
      0.235,
      0.625,
      0.3125,
      0.7025,
      0.1575,
      0.5475,
      0,
      0.39,
      0.0775,
      0.4675,
      0.235,
      0.625,
      0.3125,
      0.7025,
      0.1575
    ],
    "SoftwareVersions": "syngo_MR_E11",
    "SpacingBetweenSlices": 2.4,
    "StationName": "mrc_Trio",
    "TaskName": "partlycloudy",
    "TotalReadoutTime": 0.046279,
    "TxRefAmp": 213.375,
    "dataset": "ds004146",
    "modality": "bold",
    "session_id": "02",
    "subject_id": "0411",
    "task_id": "partlycloudy"
  },
  "dummy_trs": 0,
  "dvars_nstd": 33.21018307071244,
  "dvars_std": 1.1686032879683366,
  "dvars_vstd": 1.0340250362005285,
  "efc": 0.4845409585367125,
  "fber": 6281.8095703125,
  "fd_mean": 0.19090690741452482,
  "fd_num": 156,
  "fd_perc": 41.05263157894737,
  "fwhm_avg": 1.8673972090844522,
  "fwhm_x": 1.7464582639353168,
  "fwhm_y": 2.011604086732702,
  "fwhm_z": 1.8441292765853372,
  "gcor": 0.050324,
  "gsr_x": -0.023713860660791397,
  "gsr_y": 0.0368100143969059,
  "provenance": {
    "md5sum": "2970453493d2f572b4d3ff6adff1e1e0",
    "settings": {
      "fd_thres": 0.2,
      "testing": false
    },
    "software": "mriqc",
    "version": "23.0.1",
    "webapi_port": null,
    "webapi_url": "https://mriqc.nimh.nih.gov/api/v1"
  },
  "size_t": 380,
  "size_x": 90,
  "size_y": 90,
  "size_z": 60,
  "snr": 6.716895213769801,
  "spacing_tr": 0.800000011920929,
  "spacing_x": 2.4000000953674316,
  "spacing_y": 2.4000000953674316,
  "spacing_z": 2.3999998569488525,
  "summary_bg_k": 19.536285676129733,
  "summary_bg_mad": 6.230830746233739,
  "summary_bg_mean": 27.60057258605957,
  "summary_bg_median": 8.107894897460938,
  "summary_bg_n": 332036.0,
  "summary_bg_p05": 3.1263158321380615,
  "summary_bg_p95": 127.89869117736816,
  "summary_bg_stdv": 54.66389083862305,
  "summary_fg_k": 2.2516919549235572,
  "summary_fg_mad": 92.73675066935378,
  "summary_fg_mean": 656.9521484375,
  "summary_fg_median": 651.9605712890625,
  "summary_fg_n": 84082.0,
  "summary_fg_p05": 516.5741241455078,
  "summary_fg_p95": 815.7210693359375,
  "summary_fg_stdv": 97.06221008300781,
  "tsnr": 41.26041453075595
}