{
  "bids_meta": {
    "AcquisitionMatrixPE": 256,
    "AcquisitionNumber": 1,
    "AcquisitionTime": "12:03:25.817500",
    "BaseResolution": 256,
    "BodyPartExamined": "BRAIN",
    "CoilString": "HC1-7;NC1_2",
    "ConsistencyInfo": "N4_VE11C_LATEST_20160120",
    "ConversionSoftware": "dcm2niix",
    "ConversionSoftwareVersion": "v1.0.20181125  (JP2:OpenJPEG) GCC6.3.0",
    "DeviceSerialNumber": "167001",
    "DwellTime": 2.6e-06,
    "EchoTime": 0.408,
    "EchoTrainLength": 259,
    "FlipAngle": 120,
    "ImageOrientationPatientDICOM": [
      -0.0140398,
      0.999863,
      -0.00872592,
      0.0124844,
      -0.00855081,
      -0.999885
    ],
    "ImageType": [
      "ORIGINAL",
      "PRIMARY",
      "M",
      "ND",
      "NORM"
    ],
    "ImagingFrequency": 123.229,
    "InPlanePhaseEncodingDirectionDICOM": "ROW",
    "InstitutionAddress": "Cooper_60_St._Lucia_QLD_AU_4072",
    "InstitutionName": "St_Lucia_Campus",
    "InstitutionalDepartmentName": "Gehrmann_Labs_MRI",
    "MRAcquisitionType": "3D",
    "MagneticFieldStrength": 3,
    "Manufacturer": "Siemens",
    "ManufacturersModelName": "Prisma_fit",
    "Modality": "MR",
    "PartialFourier": 1,
    "PatientPosition": "HFS",
    "PercentPhaseFOV": 100,
    "PhaseEncodingSteps": 233,
    "PhaseResolution": 1,
    "PixelBandwidth": 750,
    "ProcedureStepDescription": "Research_16092_QTAB",
    "ProtocolName": "t2_spc_sag_p2_iso",
    "PulseSequenceDetails": "%SiemensSeq%_tse_vfl",
    "ReceiveCoilActiveElements": "HC1-7;NC1,2",
    "ReceiveCoilName": "HeadNeck_64",
    "ReconMatrixPE": 256,
    "RepetitionTime": 3.2,
    "SAR": 0.1834,
    "ScanOptions": "PFP",
    "ScanningSequence": "SE",
    "SequenceName": "_spcR_282ns",
    "SequenceVariant": "SK_SP",
    "SeriesDescription": "t2_spc_sag_p2_iso",
    "SeriesNumber": 19,
    "ShimSetting": [
      3044,
      -4172,
      -1039,
      -11,
      -3,
      35,
      -21,
      -13
    ],
    "SliceThickness": 1,
    "SoftwareVersions": "syngo_MR_E11",
    "StationName": "mrc_Trio",
    "TxRefAmp": 210.403,
    "dataset": "ds004146",
    "modality": "T2w",
    "session_id": "01",
    "subject_id": "0051"
  },
  "cjv": 2.581924771662645,
  "cnr": 0.591967586399411,
  "efc": 0.6383721432402406,
  "fber": 4524.180960279104,
  "fwhm_avg": 4.5927250503085615,
  "fwhm_x": 4.781325284989196,
  "fwhm_y": 4.946762426287496,
  "fwhm_z": 4.050087439648994,
  "icvs_csf": 0.5023583885050528,
  "icvs_gm": 0.08568278910518552,
  "icvs_wm": 0.41195882238976167,
  "inu_med": 1.0498073101043701,
  "inu_range": 0.35735466480255107,
  "provenance": {
    "md5sum": "bff43111e25ac378100bc9b91e21bd8c",
    "settings": {
      "testing": false
    },
    "software": "mriqc",
    "version": "23.0.1",
    "warnings": {
      "large_rot_frame": true,
      "small_air_mask": false
    },
    "webapi_port": null,
    "webapi_url": "https://mriqc.nimh.nih.gov/api/v1"
  },
  "qi_1": 3.88247202540246e-06,
  "qi_2": 0.01643311512825546,
  "rpve_csf": 8.552299045430132,
  "rpve_gm": 41.60637685364427,
  "rpve_wm": 10.37545080605664,
  "size_x": 192,
  "size_y": 300,
  "size_z": 320,
  "snr_csf": 17.33677611696184,
  "snr_gm": 1.0616154786880208,
  "snr_total": 10.4108213317149,
  "snr_wm": 12.834072399494836,
  "snrd_csf": 80.80780506228604,
  "snrd_gm": 116.8572271403164,
  "snrd_total": 83.1057677527662,
  "snrd_wm": 51.65227105569617,
  "spacing_x": 0.7999999523162842,
  "spacing_y": 0.800000011920929,
  "spacing_z": 0.800000011920929,
  "summary_bg_k": 3.618635335110551,
  "summary_bg_mad": 0.0,
  "summary_bg_mean": 7.778669423530456,
  "summary_bg_median": 0.0,
  "summary_bg_n": 1356038.0,
  "summary_bg_p05": 0.0,
  "summary_bg_p95": 32.885024443268776,
  "summary_bg_stdv": 12.683592939960196,
  "summary_csf_k": 0.08820012422319357,
  "summary_csf_mad": 90.58050023796739,
  "summary_csf_mean": 1565.629644022347,
  "summary_csf_median": 1564.4578835517168,
  "summary_csf_n": 411274.0,
  "summary_csf_p05": 1420.8626770675182,
  "summary_csf_p95": 1715.269753754139,
  "summary_csf_stdv": 90.23915236780849,
  "summary_gm_k": -1.7642054532059632,
  "summary_gm_mad": 3179.618727480811,
  "summary_gm_mean": 2312.522702413442,
  "summary_gm_median": 2262.3830718919635,
  "summary_gm_n": 63230.0,
  "summary_gm_p05": 49.6965706050396,
  "summary_gm_p95": 5114.36346918568,
  "summary_gm_stdv": 2131.058963560913,
  "summary_wm_k": -0.17138184099959197,
  "summary_wm_mad": 79.75947403504242,
  "summary_wm_mean": 1002.5226102562352,
  "summary_wm_median": 999.9999702274799,
  "summary_wm_n": 555045.0,
  "summary_wm_p05": 878.3827850669622,
  "summary_wm_p95": 1134.9843847751617,
  "summary_wm_stdv": 77.91751817128609,
  "tpm_overlap_csf": 0.10859990828946221,
  "tpm_overlap_gm": 0.05752639039468291,
  "tpm_overlap_wm": 0.4555122115119252,
  "wm2max": 0.20034831756046267
}