{
  "aor": 0.0007631076923076922,
  "aqi": 0.006037176153846154,
  "bids_meta": {
    "AcquisitionMatrixPE": 104,
    "AcquisitionNumber": 1,
    "AcquisitionTime": "14:08:21.455000",
    "BandwidthPerPixelPhaseEncode": 17.17,
    "BaseResolution": 104,
    "BodyPartExamined": "BRAIN",
    "ConsistencyInfo": "N4_VE11C_LATEST_20160120",
    "ConversionSoftware": "dcm2niix",
    "ConversionSoftwareVersion": "v1.0.20171215 GCC6.3.0",
    "DerivedVendorReportedEchoSpacing": 0.000560011,
    "DeviceSerialNumber": "167001",
    "DwellTime": 2.1e-06,
    "EchoTime": 0.03,
    "EchoTrainLength": 91,
    "EffectiveEchoSpacing": 0.000560011,
    "FlipAngle": 52,
    "ImageOrientationPatientDICOM": [
      0.99652,
      -0.0172292,
      -0.0815515,
      -0.00643531,
      0.959579,
      -0.281365
    ],
    "ImageType": [
      "ORIGINAL",
      "PRIMARY",
      "M",
      "ND",
      "MOSAIC"
    ],
    "InPlanePhaseEncodingDirectionDICOM": "COL",
    "InstitutionAddress": "Cooper_60_St._Lucia_QLD_AU_4072",
    "InstitutionName": "St_Lucia_Campus",
    "InstitutionalDepartmentName": "Gehrmann_Labs_MRI",
    "MRAcquisitionType": "2D",
    "MagneticFieldStrength": 3,
    "Manufacturer": "Siemens",
    "ManufacturersModelName": "Prisma_fit",
    "Modality": "MR",
    "MultibandAccelerationFactor": 6,
    "PartialFourier": 0.875,
    "PatientPosition": "HFS",
    "PercentPhaseFOV": 100,
    "PhaseEncodingDirection": "j-",
    "PhaseEncodingSteps": 91,
    "PhaseResolution": 1,
    "PixelBandwidth": 2290,
    "ProcedureStepDescription": "Research_16092_QTAB",
    "ProtocolName": "ep2d_REST_SMS6_A-P",
    "PulseSequenceDetails": "%SiemensSeq%_ep2d_bold",
    "ReceiveCoilActiveElements": "HC1-7;NC1,2",
    "ReceiveCoilName": "HeadNeck_64",
    "ReconMatrixPE": 104,
    "RepetitionTime": 0.93,
    "SAR": 0.0626882,
    "ScanOptions": "PFP_FS",
    "ScanningSequence": "EP",
    "SequenceName": "_epfid2d1_104",
    "SequenceVariant": "SK",
    "SeriesDescription": "ep2d_REST_SMS6_A-P",
    "SeriesNumber": 9,
    "ShimSetting": [
      3024,
      -4173,
      -784,
      321,
      -9,
      -68,
      -131,
      -8
    ],
    "SliceThickness": 2,
    "SliceTiming": [
      0.6825,
      0,
      0.455,
      0.0775,
      0.5325,
      0.1525,
      0.6075,
      0.305,
      0.76,
      0.38,
      0.835,
      0.2275,
      0.6825,
      0,
      0.455,
      0.0775,
      0.5325,
      0.1525,
      0.6075,
      0.305,
      0.76,
      0.38,
      0.835,
      0.2275,
      0.6825,
      0,
      0.455,
      0.0775,
      0.5325,
      0.1525,
      0.6075,
      0.305,
      0.76,
      0.38,
      0.835,
      0.2275,
      0.6825,
      0,
      0.455,
      0.0775,
      0.5325,
      0.1525,
      0.6075,
      0.305,
      0.76,
      0.38,
      0.835,
      0.2275,
      0.6825,
      0,
      0.455,
      0.0775,
      0.5325,
      0.1525,
      0.6075,
      0.305,
      0.76,
      0.38,
      0.835,
      0.2275,
      0.6825,
      0,
      0.455,
      0.0775,
      0.5325,
      0.1525,
      0.6075,
      0.305,
      0.76,
      0.38,
      0.835,
      0.2275
    ],
    "SoftwareVersions": "syngo_MR_E11",
    "SpacingBetweenSlices": 2,
    "StationName": "mrc_Trio",
    "TaskName": "rest",
    "TotalReadoutTime": 0.0576811,
    "TxRefAmp": 215.975,
    "dataset": "ds004146",
    "modality": "bold",
    "session_id": "01",
    "subject_id": "0057",
    "task_id": "rest"
  },
  "dummy_trs": 2,
  "dvars_nstd": 40.58010958444444,
  "dvars_std": 1.0953677143827159,
  "dvars_vstd": 1.0026384303703708,
  "efc": 0.5433633775705096,
  "fber": 651.4127807617188,
  "fd_mean": 0.19040096390016978,
  "fd_num": 139,
  "fd_perc": 42.76923076923077,
  "fwhm_avg": 3.1873849999999995,
  "fwhm_x": 2.88183,
  "fwhm_y": 3.339615,
  "fwhm_z": 3.34071,
  "gcor": 0.00877286,
  "gsr_x": -0.0035414507146924734,
  "gsr_y": 0.05787275359034538,
  "provenance": {
    "md5sum": "377ae8e430da1d018ae6a47df0cca6fe",
    "settings": {
      "fd_thres": 0.2,
      "testing": false
    },
    "software": "mriqc",
    "version": "23.0.1",
    "webapi_port": null,
    "webapi_url": "https://mriqc.nimh.nih.gov/api/v1"
  },
  "size_t": 325,
  "size_x": 104,
  "size_y": 104,
  "size_z": 72,
  "snr": 2.399581473581771,
  "spacing_tr": 0.9300000071525574,
  "spacing_x": 2.0,
  "spacing_y": 2.0,
  "spacing_z": 2.0,
  "summary_bg_k": 31.616480248061862,
  "summary_bg_mad": 9.648319096241677,
  "summary_bg_mean": 44.45292282104492,
  "summary_bg_median": 21.683076858520508,
  "summary_bg_n": 494002.0,
  "summary_bg_p05": 14.498461723327637,
  "summary_bg_p95": 158.31969909667941,
  "summary_bg_stdv": 65.39160919189453,
  "summary_fg_k": 0.9396463636800658,
  "summary_fg_mad": 215.21454346772467,
  "summary_fg_mean": 607.0545043945312,
  "summary_fg_median": 567.464599609375,
  "summary_fg_n": 178766.0,
  "summary_fg_p05": 305.27000427246094,
  "summary_fg_p95": 1066.8131103515625,
  "summary_fg_stdv": 236.48416137695312,
  "tsnr": 36.35092722577974
}