{
  "bids_meta": {
    "AcquisitionMatrixPE": 256,
    "AcquisitionNumber": 1,
    "AcquisitionTime": "13:21:23.270000",
    "BaseResolution": 256,
    "BodyPartExamined": "BRAIN",
    "ConsistencyInfo": "N4_VE11C_LATEST_20160120",
    "ConversionSoftware": "dcm2niix",
    "ConversionSoftwareVersion": "v1.0.20171215 GCC6.3.0",
    "DeviceSerialNumber": "167001",
    "DwellTime": 2.6e-06,
    "EchoTime": 0.408,
    "EchoTrainLength": 259,
    "FlipAngle": 120,
    "ImageOrientationPatientDICOM": [
      0,
      1,
      0,
      0,
      0,
      -1
    ],
    "ImageType": [
      "ORIGINAL",
      "PRIMARY",
      "M",
      "ND",
      "NORM"
    ],
    "InPlanePhaseEncodingDirectionDICOM": "ROW",
    "InstitutionAddress": "Cooper_60_St._Lucia_QLD_AU_4072",
    "InstitutionName": "Centre_for_Advanced_Imaging",
    "InstitutionalDepartmentName": "Gehrmann_Labs_MRI",
    "MRAcquisitionType": "3D",
    "MagneticFieldStrength": 3,
    "Manufacturer": "Siemens",
    "ManufacturersModelName": "Prisma_fit",
    "Modality": "MR",
    "ParallelReductionFactorInPlane": 2,
    "PartialFourier": 1,
    "PatientPosition": "HFS",
    "PercentPhaseFOV": 100,
    "PhaseEncodingSteps": 233,
    "PhaseResolution": 1,
    "PixelBandwidth": 750,
    "ProcedureStepDescription": "Research_16092_QTAB",
    "ProtocolName": "t2_spc_sag_p2_iso",
    "PulseSequenceDetails": "%SiemensSeq%_tse_vfl",
    "ReceiveCoilActiveElements": "HC1-7;NC1",
    "ReceiveCoilName": "HeadNeck_64",
    "ReconMatrixPE": 256,
    "RepetitionTime": 3.2,
    "SAR": 0.15725,
    "ScanOptions": "PFP",
    "ScanningSequence": "SE",
    "SequenceName": "_spcR_282ns",
    "SequenceVariant": "SK_SP",
    "SeriesDescription": "t2_spc_sag_p2_iso",
    "SeriesNumber": 19,
    "ShimSetting": [
      3045,
      -4172,
      -1048,
      3,
      -5,
      36,
      -4,
      -10
    ],
    "SliceThickness": 1,
    "SoftwareVersions": "syngo_MR_E11",
    "StationName": "mrc_Trio",
    "TxRefAmp": 214.242,
    "dataset": "ds004146",
    "modality": "T2w",
    "session_id": "01",
    "subject_id": "0097"
  },
  "cjv": 2.2252772481372824,
  "cnr": 0.7204837881924088,
  "efc": 0.6881344543678921,
  "fber": 1551.208979182661,
  "fwhm_avg": 4.352729209945854,
  "fwhm_x": 4.354287759535775,
  "fwhm_y": 4.570599931892754,
  "fwhm_z": 4.133299938409031,
  "icvs_csf": 0.37481355563664986,
  "icvs_gm": 0.49603837858930155,
  "icvs_wm": 0.12914806577404855,
  "inu_med": 0.9944360256195068,
  "inu_range": 0.3851681351661682,
  "provenance": {
    "md5sum": "e260c393a38dbd408e426dcf346ce5a0",
    "settings": {
      "testing": false
    },
    "software": "mriqc",
    "version": "23.0.1",
    "warnings": {
      "large_rot_frame": true,
      "small_air_mask": false
    },
    "webapi_port": null,
    "webapi_url": "https://mriqc.nimh.nih.gov/api/v1"
  },
  "qi_1": 0.0,
  "qi_2": 0.007544266382110751,
  "rpve_csf": 11.15115720751456,
  "rpve_gm": 9.260995036952707,
  "rpve_wm": 35.37172468037199,
  "size_x": 192,
  "size_y": 300,
  "size_z": 320,
  "snr_csf": 16.246779765855404,
  "snr_gm": 13.132360924768445,
  "snr_total": 10.29346655562571,
  "snr_wm": 1.5012589762532793,
  "snrd_csf": 29.571218223748463,
  "snrd_gm": 20.195240783699465,
  "snrd_total": 29.557267655776613,
  "snrd_wm": 38.90534395988192,
  "spacing_x": 0.7999999523162842,
  "spacing_y": 0.800000011920929,
  "spacing_z": 0.800000011920929,
  "summary_bg_k": 3.343381065506513,
  "summary_bg_mad": 0.0,
  "summary_bg_mean": 12.030080352704374,
  "summary_bg_median": 0.0,
  "summary_bg_n": 1941864.0,
  "summary_bg_p05": 0.0,
  "summary_bg_p95": 46.21991527080536,
  "summary_bg_stdv": 16.92716320612832,
  "summary_csf_k": 0.4447346587190881,
  "summary_csf_mad": 45.943399843847516,
  "summary_csf_mean": 766.1999234942051,
  "summary_csf_median": 764.0498025715351,
  "summary_csf_n": 112081.0,
  "summary_csf_p05": 694.2873903512955,
  "summary_csf_p95": 846.3558548986912,
  "summary_csf_stdv": 47.027559005761006,
  "summary_gm_k": -0.000942173672239921,
  "summary_gm_mad": 40.72151790745807,
  "summary_gm_mean": 522.7338962039771,
  "summary_gm_median": 521.7968910485506,
  "summary_gm_n": 325994.0,
  "summary_gm_p05": 459.54212549328804,
  "summary_gm_p95": 588.531528070569,
  "summary_gm_stdv": 39.73360873345228,
  "summary_wm_k": -1.6541535570593853,
  "summary_wm_mad": 1035.0319669706664,
  "summary_wm_mean": 858.4460408334497,
  "summary_wm_median": 1005.2213658094406,
  "summary_wm_n": 67253.0,
  "summary_wm_p05": 45.78737595677376,
  "summary_wm_p95": 1824.8215745687485,
  "summary_wm_stdv": 669.5806041799509,
  "tpm_overlap_csf": 0.1112784182956686,
  "tpm_overlap_gm": 0.3173987718948492,
  "tpm_overlap_wm": 0.05423000873230636,
  "wm2max": 0.5925224454116661
}