{
  "bids_meta": {
    "AcquisitionMatrixPE": 256,
    "AcquisitionNumber": 1,
    "AcquisitionTime": "17:42:22.915000",
    "BaseResolution": 256,
    "BodyPartExamined": "BRAIN",
    "CoilString": "HC1-7;NC1_2",
    "ConsistencyInfo": "N4_VE11C_LATEST_20160120",
    "ConversionSoftware": "dcm2niix",
    "ConversionSoftwareVersion": "v1.0.20190410  GCC6.3.0",
    "DeviceSerialNumber": "167001",
    "DwellTime": 2.6e-06,
    "EchoTime": 0.408,
    "EchoTrainLength": 259,
    "FlipAngle": 120,
    "ImageOrientationPatientDICOM": [
      0.0619578,
      0.99784,
      0.0218096,
      0.0233651,
      0.0203955,
      -0.999519
    ],
    "ImageType": [
      "ORIGINAL",
      "PRIMARY",
      "M",
      "ND",
      "NORM"
    ],
    "ImagingFrequency": 123.229,
    "InPlanePhaseEncodingDirectionDICOM": "ROW",
    "InstitutionAddress": "Cooper_60_St._Lucia_QLD_AU_4072",
    "InstitutionName": "St_Lucia_Campus",
    "InstitutionalDepartmentName": "Gehrmann_Labs_MRI",
    "MRAcquisitionType": "3D",
    "MagneticFieldStrength": 3,
    "Manufacturer": "Siemens",
    "ManufacturersModelName": "Prisma_fit",
    "Modality": "MR",
    "PartialFourier": 1,
    "PatientPosition": "HFS",
    "PercentPhaseFOV": 100,
    "PhaseEncodingSteps": 233,
    "PhaseResolution": 1,
    "PixelBandwidth": 750,
    "ProcedureStepDescription": "Research_16092_QTAB",
    "ProtocolName": "t2_spc_sag_p2_iso",
    "PulseSequenceDetails": "%SiemensSeq%_tse_vfl",
    "ReceiveCoilActiveElements": "HC1-7;NC1,2",
    "ReceiveCoilName": "HeadNeck_64",
    "ReconMatrixPE": 256,
    "RefLinesPE": 24,
    "RepetitionTime": 3.2,
    "SAR": 0.151599,
    "ScanOptions": "PFP",
    "ScanningSequence": "SE",
    "SequenceName": "_spcR_282ns",
    "SequenceVariant": "SK_SP",
    "SeriesDescription": "t2_spc_sag_p2_iso",
    "SeriesNumber": 32,
    "ShimSetting": [
      3068,
      -4193,
      -855,
      -65,
      67,
      -213,
      -48,
      -69
    ],
    "SliceThickness": 1,
    "SoftwareVersions": "syngo_MR_E11",
    "StationName": "mrc_Trio",
    "TxRefAmp": 213.375,
    "dataset": "ds004146",
    "modality": "T2w",
    "session_id": "02",
    "subject_id": "0411"
  },
  "cjv": 1.7840434800025755,
  "cnr": 0.8869313350017858,
  "efc": 0.625209370545658,
  "fber": -1.0,
  "fwhm_avg": 4.379291601410137,
  "fwhm_x": 4.514962432721817,
  "fwhm_y": 4.791024928608165,
  "fwhm_z": 3.831887442900428,
  "icvs_csf": 0.4723847709160655,
  "icvs_gm": 0.42086164410070326,
  "icvs_wm": 0.10675358498323123,
  "inu_med": 1.0539624691009521,
  "inu_range": 0.31757378578186035,
  "provenance": {
    "md5sum": "a1762e03eee80fc530835f5fbcdce88b",
    "settings": {
      "testing": false
    },
    "software": "mriqc",
    "version": "23.0.1",
    "warnings": {
      "large_rot_frame": true,
      "small_air_mask": false
    },
    "webapi_port": null,
    "webapi_url": "https://mriqc.nimh.nih.gov/api/v1"
  },
  "qi_1": 0.10938862242788101,
  "qi_2": 0.004681397136239693,
  "rpve_csf": 10.056357194549644,
  "rpve_gm": 11.465951427741503,
  "rpve_wm": 38.43420843211004,
  "size_x": 192,
  "size_y": 300,
  "size_z": 320,
  "snr_csf": 16.64857040169118,
  "snr_gm": 14.462440871774495,
  "snr_total": 10.82220663287214,
  "snr_wm": 1.3556086251507424,
  "snrd_csf": 115.24681878577458,
  "snrd_gm": 75.97601582640722,
  "snrd_total": 137.06499787102538,
  "snrd_wm": 219.97215900089432,
  "spacing_x": 0.800000011920929,
  "spacing_y": 0.800000011920929,
  "spacing_z": 0.800000011920929,
  "summary_bg_k": 8.742236693336414,
  "summary_bg_mad": 0.0,
  "summary_bg_mean": 1.319552794879331,
  "summary_bg_median": 0.0,
  "summary_bg_n": 1224461.0,
  "summary_bg_p05": 0.0,
  "summary_bg_p95": 6.491805287078023,
  "summary_bg_stdv": 2.980914056625674,
  "summary_csf_k": 0.3335383132928218,
  "summary_csf_mad": 31.161794945138176,
  "summary_csf_mean": 526.1328679728457,
  "summary_csf_median": 524.3806665297598,
  "summary_csf_n": 211923.0,
  "summary_csf_p05": 478.09380372054875,
  "summary_csf_p95": 579.8957906663418,
  "summary_csf_stdv": 31.496964404752685,
  "summary_gm_k": -0.31506649179799684,
  "summary_gm_mad": 25.594105820591327,
  "summary_gm_mean": 345.63465789515516,
  "summary_gm_median": 345.6959093455225,
  "summary_gm_n": 352374.0,
  "summary_gm_p05": 306.7159663885832,
  "summary_gm_p95": 383.8898489717394,
  "summary_gm_stdv": 23.902978887589047,
  "summary_wm_k": -1.7622278504070905,
  "summary_wm_mad": 1143.2969074781686,
  "summary_wm_mean": 870.274471635141,
  "summary_wm_median": 1000.887907971628,
  "summary_wm_n": 61262.0,
  "summary_wm_p05": 16.913627227768302,
  "summary_wm_p95": 1799.7715043858625,
  "summary_wm_stdv": 738.3250006349734,
  "tpm_overlap_csf": 0.10967234949326321,
  "tpm_overlap_gm": 0.2747226127630142,
  "tpm_overlap_wm": 0.03939019970211781,
  "wm2max": 0.5790763429582679
}