{
  "aor": 0.001532208588957055,
  "aqi": 0.007138663067484663,
  "bids_meta": {
    "AcquisitionMatrixPE": 104,
    "AcquisitionNumber": 1,
    "AcquisitionTime": "10:53:2.690000",
    "BandwidthPerPixelPhaseEncode": 17.17,
    "BaseResolution": 104,
    "BodyPartExamined": "BRAIN",
    "ConsistencyInfo": "N4_VE11C_LATEST_20160120",
    "ConversionSoftware": "dcm2niix",
    "ConversionSoftwareVersion": "v1.0.20171215 GCC6.3.0",
    "DerivedVendorReportedEchoSpacing": 0.000560011,
    "DeviceSerialNumber": "167001",
    "DwellTime": 2.1e-06,
    "EchoTime": 0.03,
    "EchoTrainLength": 91,
    "EffectiveEchoSpacing": 0.000560011,
    "FlipAngle": 52,
    "ImageOrientationPatientDICOM": [
      0.999346,
      0.0341695,
      0.0118397,
      -0.0315803,
      0.984128,
      -0.174629
    ],
    "ImageType": [
      "ORIGINAL",
      "PRIMARY",
      "M",
      "ND",
      "MOSAIC"
    ],
    "InPlanePhaseEncodingDirectionDICOM": "COL",
    "InstitutionAddress": "Cooper_60_St._Lucia_QLD_AU_4072",
    "InstitutionName": "St_Lucia_Campus",
    "InstitutionalDepartmentName": "Gehrmann_Labs_MRI",
    "MRAcquisitionType": "2D",
    "MagneticFieldStrength": 3,
    "Manufacturer": "Siemens",
    "ManufacturersModelName": "Prisma_fit",
    "Modality": "MR",
    "MultibandAccelerationFactor": 6,
    "PartialFourier": 0.875,
    "PatientPosition": "HFS",
    "PercentPhaseFOV": 100,
    "PhaseEncodingDirection": "j-",
    "PhaseEncodingSteps": 91,
    "PhaseResolution": 1,
    "PixelBandwidth": 2290,
    "ProcedureStepDescription": "Research_16092_QTAB",
    "ProtocolName": "ep2d_REST_SMS6_A-P",
    "PulseSequenceDetails": "%SiemensSeq%_ep2d_bold",
    "ReceiveCoilActiveElements": "HC1-7;NC1,2",
    "ReceiveCoilName": "HeadNeck_64",
    "ReconMatrixPE": 104,
    "RepetitionTime": 0.93,
    "SAR": 0.0728405,
    "ScanOptions": "PFP_FS",
    "ScanningSequence": "EP",
    "SequenceName": "_epfid2d1_104",
    "SequenceVariant": "SK",
    "SeriesDescription": "ep2d_REST_SMS6_A-P",
    "SeriesNumber": 9,
    "ShimSetting": [
      3059,
      -4141,
      -822,
      337,
      11,
      -110,
      -192,
      -7
    ],
    "SliceThickness": 2,
    "SliceTiming": [
      0.6825,
      0,
      0.455,
      0.075,
      0.53,
      0.15,
      0.605,
      0.3025,
      0.7575,
      0.3775,
      0.8325,
      0.2275,
      0.6825,
      0,
      0.455,
      0.075,
      0.53,
      0.15,
      0.605,
      0.3025,
      0.7575,
      0.3775,
      0.8325,
      0.2275,
      0.6825,
      0,
      0.455,
      0.075,
      0.53,
      0.15,
      0.605,
      0.3025,
      0.7575,
      0.3775,
      0.8325,
      0.2275,
      0.6825,
      0,
      0.455,
      0.075,
      0.53,
      0.15,
      0.605,
      0.3025,
      0.7575,
      0.3775,
      0.8325,
      0.2275,
      0.6825,
      0,
      0.455,
      0.075,
      0.53,
      0.15,
      0.605,
      0.3025,
      0.7575,
      0.3775,
      0.8325,
      0.2275,
      0.6825,
      0,
      0.455,
      0.075,
      0.53,
      0.15,
      0.605,
      0.3025,
      0.7575,
      0.3775,
      0.8325,
      0.2275
    ],
    "SoftwareVersions": "syngo_MR_E11",
    "SpacingBetweenSlices": 2,
    "StationName": "mrc_Trio",
    "TaskName": "rest",
    "TotalReadoutTime": 0.0576811,
    "TxRefAmp": 214.377,
    "dataset": "ds004146",
    "modality": "bold",
    "session_id": "01",
    "subject_id": "0190",
    "task_id": "rest"
  },
  "dummy_trs": 1,
  "dvars_nstd": 44.81745093701539,
  "dvars_std": 1.1368969367076924,
  "dvars_vstd": 1.024231812584616,
  "efc": 0.5110451633821042,
  "fber": 886.3690795898438,
  "fd_mean": 0.19937223772997417,
  "fd_num": 143,
  "fd_perc": 43.86503067484663,
  "fwhm_avg": 3.2708383333333333,
  "fwhm_x": 2.97469,
  "fwhm_y": 3.39384,
  "fwhm_z": 3.443985,
  "gcor": 0.0104935,
  "gsr_x": -0.01826220564544201,
  "gsr_y": 0.0724303275346756,
  "provenance": {
    "md5sum": "f44d916ebe7997e750c4e52d66f5ce69",
    "settings": {
      "fd_thres": 0.2,
      "testing": false
    },
    "software": "mriqc",
    "version": "23.0.1",
    "webapi_port": null,
    "webapi_url": "https://mriqc.nimh.nih.gov/api/v1"
  },
  "size_t": 326,
  "size_x": 104,
  "size_y": 104,
  "size_z": 72,
  "snr": 2.634653999493594,
  "spacing_tr": 0.9300000071525574,
  "spacing_x": 2.0,
  "spacing_y": 2.0,
  "spacing_z": 2.0,
  "summary_bg_k": 46.63872429812815,
  "summary_bg_mad": 4.770704901559385,
  "summary_bg_mean": 34.34379196166992,
  "summary_bg_median": 17.77914047241211,
  "summary_bg_n": 521873.0,
  "summary_bg_p05": 14.067483901977539,
  "summary_bg_p95": 108.28833770751953,
  "summary_bg_stdv": 55.142234802246094,
  "summary_fg_k": 1.1287855862781138,
  "summary_fg_mad": 184.6362799199079,
  "summary_fg_mean": 573.3636474609375,
  "summary_fg_median": 537.1564331054688,
  "summary_fg_n": 156554.0,
  "summary_fg_p05": 323.0518371582031,
  "summary_fg_p95": 965.1041198730471,
  "summary_fg_stdv": 203.88055419921875,
  "tsnr": 35.583625114522874
}