{
  "aor": 0.0001694976076555024,
  "aqi": 0.010919549617224881,
  "bids_meta": {
    "AcquisitionMatrixPE": 90,
    "AcquisitionNumber": 1,
    "AcquisitionTime": "10:21:52.795000",
    "BandwidthPerPixelPhaseEncode": 21.368,
    "BaseResolution": 90,
    "BodyPartExamined": "BRAIN",
    "CoilString": "HC1-7;NC1_2",
    "ConsistencyInfo": "N4_VE11C_LATEST_20160120",
    "ConversionSoftware": "dcm2niix",
    "ConversionSoftwareVersion": "v1.0.20190410  GCC6.3.0",
    "DelayTime": 0.001,
    "DerivedVendorReportedEchoSpacing": 0.000519988,
    "DeviceSerialNumber": "167001",
    "DwellTime": 2.2e-06,
    "EchoTime": 0.03,
    "EchoTrainLength": 90,
    "EffectiveEchoSpacing": 0.000519988,
    "FlipAngle": 52,
    "ImageOrientationPatientDICOM": [
      0.999275,
      -0.0357637,
      -0.013064,
      0.0319272,
      0.974004,
      -0.224271
    ],
    "ImageType": [
      "ORIGINAL",
      "PRIMARY",
      "M",
      "ND",
      "NORM",
      "MOSAIC"
    ],
    "ImagingFrequency": 123.229,
    "InPlanePhaseEncodingDirectionDICOM": "COL",
    "InstitutionAddress": "Cooper_60_St._Lucia_QLD_AU_4072",
    "InstitutionName": "St_Lucia_Campus",
    "InstitutionalDepartmentName": "Gehrmann_Labs_MRI",
    "MRAcquisitionType": "2D",
    "MagneticFieldStrength": 3,
    "Manufacturer": "Siemens",
    "ManufacturersModelName": "Prisma_fit",
    "Modality": "MR",
    "MultibandAccelerationFactor": 6,
    "PartialFourier": 1,
    "PatientPosition": "HFS",
    "PercentPhaseFOV": 100,
    "PhaseEncodingDirection": "j-",
    "PhaseEncodingSteps": 90,
    "PhaseResolution": 1,
    "PixelBandwidth": 2525,
    "ProcedureStepDescription": "Research_16092_QTAB",
    "ProtocolName": "EMOT_TASK_mb6_2.4",
    "PulseSequenceDetails": "%SiemensSeq%_ep2d_bold",
    "ReceiveCoilActiveElements": "HC1-7;NC1,2",
    "ReceiveCoilName": "HeadNeck_64",
    "ReconMatrixPE": 90,
    "RefLinesPE": 12,
    "RepetitionTime": 0.8,
    "SAR": 0.0647129,
    "ScanOptions": "FS",
    "ScanningSequence": "EP",
    "SequenceName": "_epfid2d1_90",
    "SequenceVariant": "SK",
    "SeriesDescription": "EMOT_TASK_mb6_2.4",
    "SeriesNumber": 20,
    "ShimSetting": [
      3054,
      -4176,
      -757,
      504,
      -88,
      -1,
      -44,
      59
    ],
    "SliceThickness": 2.4,
    "SliceTiming": [
      0.545,
      0,
      0.39,
      0.0775,
      0.4675,
      0.235,
      0.6225,
      0.3125,
      0.7025,
      0.1575,
      0.545,
      0,
      0.39,
      0.0775,
      0.4675,
      0.235,
      0.6225,
      0.3125,
      0.7025,
      0.1575,
      0.545,
      0,
      0.39,
      0.0775,
      0.4675,
      0.235,
      0.6225,
      0.3125,
      0.7025,
      0.1575,
      0.545,
      0,
      0.39,
      0.0775,
      0.4675,
      0.235,
      0.6225,
      0.3125,
      0.7025,
      0.1575,
      0.545,
      0,
      0.39,
      0.0775,
      0.4675,
      0.235,
      0.6225,
      0.3125,
      0.7025,
      0.1575,
      0.545,
      0,
      0.39,
      0.0775,
      0.4675,
      0.235,
      0.6225,
      0.3125,
      0.7025,
      0.1575
    ],
    "SoftwareVersions": "syngo_MR_E11",
    "SpacingBetweenSlices": 2.4,
    "StationName": "mrc_Trio",
    "TaskName": "emotionalconflict",
    "TotalReadoutTime": 0.046279,
    "TxRefAmp": 212.904,
    "dataset": "ds004146",
    "modality": "bold",
    "session_id": "02",
    "subject_id": "0374",
    "task_id": "emotionalconflict"
  },
  "dummy_trs": 1,
  "dvars_nstd": 27.04987922249103,
  "dvars_std": 1.0820358678682624,
  "dvars_vstd": 0.9953219211497001,
  "efc": 0.4670469386651752,
  "fber": 7967.93212890625,
  "fd_mean": 0.10424937991020287,
  "fd_num": 22,
  "fd_perc": 2.6315789473684212,
  "fwhm_avg": 1.8378429825262368,
  "fwhm_x": 1.7384457642537052,
  "fwhm_y": 1.957766588872012,
  "fwhm_z": 1.8173165944529932,
  "gcor": 0.0195755,
  "gsr_x": -0.01790798082947731,
  "gsr_y": 0.02802433632314205,
  "provenance": {
    "md5sum": "824e5ef6982f3c6982babab2a4833521",
    "settings": {
      "fd_thres": 0.2,
      "testing": false
    },
    "software": "mriqc",
    "version": "23.0.1",
    "webapi_port": null,
    "webapi_url": "https://mriqc.nimh.nih.gov/api/v1"
  },
  "size_t": 836,
  "size_x": 90,
  "size_y": 90,
  "size_z": 60,
  "snr": 7.320185751369119,
  "spacing_tr": 0.800000011920929,
  "spacing_x": 2.4000000953674316,
  "spacing_y": 2.4000000953674316,
  "spacing_z": 2.4000000953674316,
  "summary_bg_k": 31.23240133418082,
  "summary_bg_mad": 4.793628074002318,
  "summary_bg_mean": 22.17604637145996,
  "summary_bg_median": 7.076554775238037,
  "summary_bg_n": 336680.0,
  "summary_bg_p05": 3.1949758529663086,
  "summary_bg_p95": 95.02415733337396,
  "summary_bg_stdv": 46.92839050292969,
  "summary_fg_k": 2.1370581718731962,
  "summary_fg_mad": 83.03015828835879,
  "summary_fg_mean": 643.2401123046875,
  "summary_fg_median": 639.3875122070312,
  "summary_fg_n": 80326.0,
  "summary_fg_p05": 517.1067504882812,
  "summary_fg_p95": 784.4210357666016,
  "summary_fg_stdv": 87.34526062011719,
  "tsnr": 54.02439761441201
}