{
  "bids_meta": {
    "AcquisitionMatrixPE": 256,
    "AcquisitionNumber": 1,
    "AcquisitionTime": "11:20:14.097500",
    "BaseResolution": 256,
    "BodyPartExamined": "BRAIN",
    "CoilString": "HC1-7;NC1_2",
    "ConsistencyInfo": "N4_VE11C_LATEST_20160120",
    "ConversionSoftware": "dcm2niix",
    "ConversionSoftwareVersion": "v1.0.20190410  GCC6.3.0",
    "DeviceSerialNumber": "167001",
    "DwellTime": 2.6e-06,
    "EchoTime": 0.408,
    "EchoTrainLength": 259,
    "FlipAngle": 120,
    "ImageOrientationPatientDICOM": [
      -0.0582307,
      0.995384,
      -0.0762913,
      0.0501759,
      -0.0734062,
      -0.996039
    ],
    "ImageType": [
      "ORIGINAL",
      "PRIMARY",
      "M",
      "ND",
      "NORM"
    ],
    "ImagingFrequency": 123.229,
    "InPlanePhaseEncodingDirectionDICOM": "ROW",
    "InstitutionAddress": "Cooper_60_St._Lucia_QLD_AU_4072",
    "InstitutionName": "St_Lucia_Campus",
    "InstitutionalDepartmentName": "Gehrmann_Labs_MRI",
    "MRAcquisitionType": "3D",
    "MagneticFieldStrength": 3,
    "Manufacturer": "Siemens",
    "ManufacturersModelName": "Prisma_fit",
    "Modality": "MR",
    "PartialFourier": 1,
    "PatientPosition": "HFS",
    "PercentPhaseFOV": 100,
    "PhaseEncodingSteps": 233,
    "PhaseResolution": 1,
    "PixelBandwidth": 750,
    "ProcedureStepDescription": "Research_16092_QTAB",
    "ProtocolName": "t2_spc_sag_p2_iso",
    "PulseSequenceDetails": "%SiemensSeq%_tse_vfl",
    "ReceiveCoilActiveElements": "HC1-7;NC1,2",
    "ReceiveCoilName": "HeadNeck_64",
    "ReconMatrixPE": 256,
    "RefLinesPE": 24,
    "RepetitionTime": 3.2,
    "SAR": 0.140345,
    "ScanOptions": "PFP",
    "ScanningSequence": "SE",
    "SequenceName": "_spcR_282ns",
    "SequenceVariant": "SK_SP",
    "SeriesDescription": "t2_spc_sag_p2_iso",
    "SeriesNumber": 37,
    "ShimSetting": [
      3046,
      -4168,
      -1041,
      -17,
      -5,
      41,
      -30,
      -10
    ],
    "SliceThickness": 1,
    "SoftwareVersions": "syngo_MR_E11",
    "StationName": "mrc_Trio",
    "TxRefAmp": 220.676,
    "dataset": "ds004146",
    "modality": "T2w",
    "session_id": "02",
    "subject_id": "0055"
  },
  "cjv": 1.3049461813031906,
  "cnr": 1.0912890795570585,
  "efc": 0.6326106016285192,
  "fber": -1.0,
  "fwhm_avg": 4.287416715757618,
  "fwhm_x": 4.549112771148251,
  "fwhm_y": 4.431049933972211,
  "fwhm_z": 3.882087442152389,
  "icvs_csf": 0.457923629644368,
  "icvs_gm": 0.3864123043215879,
  "icvs_wm": 0.15566406603404406,
  "inu_med": 1.0129238367080688,
  "inu_range": 0.30074709057807913,
  "provenance": {
    "md5sum": "70578add914d98c577dbb7eb51fd8056",
    "settings": {
      "testing": false
    },
    "software": "mriqc",
    "version": "23.0.1",
    "warnings": {
      "large_rot_frame": true,
      "small_air_mask": false
    },
    "webapi_port": null,
    "webapi_url": "https://mriqc.nimh.nih.gov/api/v1"
  },
  "qi_1": 0.08741623982513881,
  "qi_2": 0.002648919900432978,
  "rpve_csf": 9.988966041197964,
  "rpve_gm": 11.26173511173876,
  "rpve_wm": 30.682443251310485,
  "size_x": 192,
  "size_y": 300,
  "size_z": 320,
  "snr_csf": 17.713849866596185,
  "snr_gm": 15.406662145928,
  "snr_total": 11.580658125513253,
  "snr_wm": 1.6214623640155705,
  "snrd_csf": 111.68058673571431,
  "snrd_gm": 71.09112326992711,
  "snrd_total": 133.48713313026607,
  "snrd_wm": 217.68968938515687,
  "spacing_x": 0.7999999523162842,
  "spacing_y": 0.800000011920929,
  "spacing_z": 0.800000011920929,
  "summary_bg_k": 16.446590204252495,
  "summary_bg_mad": 0.0,
  "summary_bg_mean": 1.2650426565502002,
  "summary_bg_median": 0.0,
  "summary_bg_n": 1692625.0,
  "summary_bg_p05": 0.0,
  "summary_bg_p95": 6.647799862548709,
  "summary_bg_stdv": 3.0099786757995095,
  "summary_csf_k": 1.123869723006857,
  "summary_csf_mad": 26.59944087547823,
  "summary_csf_mean": 514.0953190501722,
  "summary_csf_median": 513.1086970213801,
  "summary_csf_n": 57049.0,
  "summary_csf_p05": 468.6298433225602,
  "summary_csf_p95": 561.9393233209848,
  "summary_csf_stdv": 28.9662723675722,
  "summary_gm_k": 0.43124060575003753,
  "summary_gm_mad": 20.939143189178548,
  "summary_gm_mean": 325.76371366201715,
  "summary_gm_median": 326.62322698161006,
  "summary_gm_n": 211667.0,
  "summary_gm_p05": 289.91348878480494,
  "summary_gm_p95": 358.4472327493131,
  "summary_gm_stdv": 21.200079052639623,
  "summary_wm_k": -1.5063843991264636,
  "summary_wm_mad": 857.9902982393841,
  "summary_wm_mean": 866.3004365536788,
  "summary_wm_median": 1000.1601544208825,
  "summary_wm_n": 83520.0,
  "summary_wm_p05": 22.05254090949893,
  "summary_wm_p95": 1673.7237798515707,
  "summary_wm_stdv": 616.822313641156,
  "tpm_overlap_csf": 0.11221547418944619,
  "tpm_overlap_gm": 0.2803228162939337,
  "tpm_overlap_wm": 0.049515283690557355,
  "wm2max": 0.6143728680136447
}