{
  "aor": 0.0007002153846153846,
  "aqi": 0.006568396307692308,
  "bids_meta": {
    "AcquisitionMatrixPE": 104,
    "AcquisitionNumber": 1,
    "AcquisitionTime": "12:11:39.585000",
    "BandwidthPerPixelPhaseEncode": 17.17,
    "BaseResolution": 104,
    "BodyPartExamined": "BRAIN",
    "ConsistencyInfo": "N4_VE11C_LATEST_20160120",
    "ConversionSoftware": "dcm2niix",
    "ConversionSoftwareVersion": "v1.0.20171215 GCC6.3.0",
    "DerivedVendorReportedEchoSpacing": 0.000560011,
    "DeviceSerialNumber": "167001",
    "DwellTime": 2.1e-06,
    "EchoTime": 0.03,
    "EchoTrainLength": 91,
    "EffectiveEchoSpacing": 0.000560011,
    "FlipAngle": 52,
    "ImageOrientationPatientDICOM": [
      0.999988,
      -0.00148424,
      -0.004647,
      -0.00139629,
      0.825652,
      -0.564179
    ],
    "ImageType": [
      "ORIGINAL",
      "PRIMARY",
      "M",
      "ND",
      "MOSAIC"
    ],
    "InPlanePhaseEncodingDirectionDICOM": "COL",
    "InstitutionAddress": "Cooper_60_St._Lucia_QLD_AU_4072",
    "InstitutionName": "St_Lucia_Campus",
    "InstitutionalDepartmentName": "Gehrmann_Labs_MRI",
    "MRAcquisitionType": "2D",
    "MagneticFieldStrength": 3,
    "Manufacturer": "Siemens",
    "ManufacturersModelName": "Prisma_fit",
    "Modality": "MR",
    "MultibandAccelerationFactor": 6,
    "PartialFourier": 0.875,
    "PatientPosition": "HFS",
    "PercentPhaseFOV": 100,
    "PhaseEncodingDirection": "j-",
    "PhaseEncodingSteps": 91,
    "PhaseResolution": 1,
    "PixelBandwidth": 2290,
    "ProcedureStepDescription": "Research_16092_QTAB",
    "ProtocolName": "ep2d_REST_SMS6_A-P",
    "PulseSequenceDetails": "%SiemensSeq%_ep2d_bold",
    "ReceiveCoilActiveElements": "HC1-7;NC1,2",
    "ReceiveCoilName": "HeadNeck_64",
    "ReconMatrixPE": 104,
    "RepetitionTime": 0.93,
    "SAR": 0.0584046,
    "ScanOptions": "PFP_FS",
    "ScanningSequence": "EP",
    "SequenceName": "_epfid2d1_104",
    "SequenceVariant": "SK",
    "SeriesDescription": "ep2d_REST_SMS6_A-P",
    "SeriesNumber": 9,
    "ShimSetting": [
      3061,
      -4157,
      -812,
      434,
      -118,
      -77,
      -65,
      -17
    ],
    "SliceThickness": 2,
    "SliceTiming": [
      0.6825,
      0,
      0.455,
      0.075,
      0.53,
      0.1525,
      0.6075,
      0.3025,
      0.7575,
      0.38,
      0.835,
      0.2275,
      0.6825,
      0,
      0.455,
      0.075,
      0.53,
      0.1525,
      0.6075,
      0.3025,
      0.7575,
      0.38,
      0.835,
      0.2275,
      0.6825,
      0,
      0.455,
      0.075,
      0.53,
      0.1525,
      0.6075,
      0.3025,
      0.7575,
      0.38,
      0.835,
      0.2275,
      0.6825,
      0,
      0.455,
      0.075,
      0.53,
      0.1525,
      0.6075,
      0.3025,
      0.7575,
      0.38,
      0.835,
      0.2275,
      0.6825,
      0,
      0.455,
      0.075,
      0.53,
      0.1525,
      0.6075,
      0.3025,
      0.7575,
      0.38,
      0.835,
      0.2275,
      0.6825,
      0,
      0.455,
      0.075,
      0.53,
      0.1525,
      0.6075,
      0.3025,
      0.7575,
      0.38,
      0.835,
      0.2275
    ],
    "SoftwareVersions": "syngo_MR_E11",
    "SpacingBetweenSlices": 2,
    "StationName": "mrc_Trio",
    "TaskName": "rest",
    "TotalReadoutTime": 0.0576811,
    "TxRefAmp": 217.779,
    "dataset": "ds004146",
    "modality": "bold",
    "session_id": "01",
    "subject_id": "0279",
    "task_id": "rest"
  },
  "dummy_trs": 2,
  "dvars_nstd": 40.14178151243826,
  "dvars_std": 1.0536952900925918,
  "dvars_vstd": 1.0046296053703698,
  "efc": 0.5249436363991364,
  "fber": 749.7528076171875,
  "fd_mean": 0.2441957321587611,
  "fd_num": 185,
  "fd_perc": 56.92307692307692,
  "fwhm_avg": 3.1123966666666667,
  "fwhm_x": 2.89171,
  "fwhm_y": 3.167625,
  "fwhm_z": 3.277855,
  "gcor": 0.0114744,
  "gsr_x": -0.019223365932703018,
  "gsr_y": 0.04163667932152748,
  "provenance": {
    "md5sum": "f519923cffcb9cd27a7ec040f728d7b7",
    "settings": {
      "fd_thres": 0.2,
      "testing": false
    },
    "software": "mriqc",
    "version": "23.0.1",
    "webapi_port": null,
    "webapi_url": "https://mriqc.nimh.nih.gov/api/v1"
  },
  "size_t": 325,
  "size_x": 104,
  "size_y": 104,
  "size_z": 72,
  "snr": 2.771479712610064,
  "spacing_tr": 0.9300000071525574,
  "spacing_x": 2.0,
  "spacing_y": 2.0,
  "spacing_z": 2.0,
  "summary_bg_k": 57.21621717211433,
  "summary_bg_mad": 6.149376955659875,
  "summary_bg_mean": 36.05630874633789,
  "summary_bg_median": 19.209230422973633,
  "summary_bg_n": 516963.0,
  "summary_bg_p05": 14.646153450012207,
  "summary_bg_p95": 107.3960037231442,
  "summary_bg_stdv": 52.74941635131836,
  "summary_fg_k": 0.5412934633574293,
  "summary_fg_mad": 185.8955280779993,
  "summary_fg_mean": 561.4989013671875,
  "summary_fg_median": 533.1861572265625,
  "summary_fg_n": 162054.0,
  "summary_fg_p05": 307.4747711181641,
  "summary_fg_p95": 924.4441436767578,
  "summary_fg_stdv": 192.3826141357422,
  "tsnr": 34.56999448360875
}