{
  "aor": 0.0044505973715651135,
  "aqi": 0.021695790800477895,
  "bids_meta": {
    "AcquisitionMatrixPE": 90,
    "AcquisitionNumber": 1,
    "AcquisitionTime": "10:35:23.340000",
    "BandwidthPerPixelPhaseEncode": 21.368,
    "BaseResolution": 90,
    "BodyPartExamined": "BRAIN",
    "CoilString": "HC1-7;NC1_2",
    "ConsistencyInfo": "N4_VE11C_LATEST_20160120",
    "ConversionSoftware": "dcm2niix",
    "ConversionSoftwareVersion": "v1.0.20190410  GCC6.3.0",
    "DelayTime": 0.001,
    "DerivedVendorReportedEchoSpacing": 0.000519988,
    "DeviceSerialNumber": "167001",
    "DwellTime": 2.2e-06,
    "EchoTime": 0.03,
    "EchoTrainLength": 90,
    "EffectiveEchoSpacing": 0.000519988,
    "FlipAngle": 52,
    "ImageOrientationPatientDICOM": [
      0.998536,
      0.0535253,
      -0.00774668,
      -0.0540787,
      0.986368,
      -0.155415
    ],
    "ImageType": [
      "ORIGINAL",
      "PRIMARY",
      "M",
      "ND",
      "NORM",
      "MOSAIC"
    ],
    "ImagingFrequency": 123.229,
    "InPlanePhaseEncodingDirectionDICOM": "COL",
    "InstitutionAddress": "Cooper_60_St._Lucia_QLD_AU_4072",
    "InstitutionName": "St_Lucia_Campus",
    "InstitutionalDepartmentName": "Gehrmann_Labs_MRI",
    "MRAcquisitionType": "2D",
    "MagneticFieldStrength": 3,
    "Manufacturer": "Siemens",
    "ManufacturersModelName": "Prisma_fit",
    "Modality": "MR",
    "MultibandAccelerationFactor": 6,
    "PartialFourier": 1,
    "PatientPosition": "HFS",
    "PercentPhaseFOV": 100,
    "PhaseEncodingDirection": "j-",
    "PhaseEncodingSteps": 90,
    "PhaseResolution": 1,
    "PixelBandwidth": 2525,
    "ProcedureStepDescription": "Research_16092_QTAB",
    "ProtocolName": "EMOT_TASK_mb6_2.4",
    "PulseSequenceDetails": "%SiemensSeq%_ep2d_bold",
    "ReceiveCoilActiveElements": "HC1-7;NC1,2",
    "ReceiveCoilName": "HeadNeck_64",
    "ReconMatrixPE": 90,
    "RefLinesPE": 12,
    "RepetitionTime": 0.8,
    "SAR": 0.0570196,
    "ScanOptions": "FS",
    "ScanningSequence": "EP",
    "SequenceName": "_epfid2d1_90",
    "SequenceVariant": "SK",
    "SeriesDescription": "EMOT_TASK_mb6_2.4",
    "SeriesNumber": 20,
    "ShimSetting": [
      3037,
      -4261,
      -748,
      657,
      -34,
      -17,
      68,
      53
    ],
    "SliceThickness": 2.4,
    "SliceTiming": [
      0.545,
      0,
      0.39,
      0.0775,
      0.4675,
      0.2325,
      0.6225,
      0.31,
      0.7,
      0.155,
      0.545,
      0,
      0.39,
      0.0775,
      0.4675,
      0.2325,
      0.6225,
      0.31,
      0.7,
      0.155,
      0.545,
      0,
      0.39,
      0.0775,
      0.4675,
      0.2325,
      0.6225,
      0.31,
      0.7,
      0.155,
      0.545,
      0,
      0.39,
      0.0775,
      0.4675,
      0.2325,
      0.6225,
      0.31,
      0.7,
      0.155,
      0.545,
      0,
      0.39,
      0.0775,
      0.4675,
      0.2325,
      0.6225,
      0.31,
      0.7,
      0.155,
      0.545,
      0,
      0.39,
      0.0775,
      0.4675,
      0.2325,
      0.6225,
      0.31,
      0.7,
      0.155
    ],
    "SoftwareVersions": "syngo_MR_E11",
    "SpacingBetweenSlices": 2.4,
    "StationName": "mrc_Trio",
    "TaskName": "emotionalconflict",
    "TotalReadoutTime": 0.046279,
    "TxRefAmp": 213.887,
    "dataset": "ds004146",
    "modality": "bold",
    "session_id": "02",
    "subject_id": "0277",
    "task_id": "emotionalconflict"
  },
  "dummy_trs": 0,
  "dvars_nstd": 44.91606760260765,
  "dvars_std": 1.220752743253589,
  "dvars_vstd": 1.0001613384928223,
  "efc": 0.4700065425908379,
  "fber": 7076.5888671875,
  "fd_mean": 0.33322578028838723,
  "fd_num": 334,
  "fd_perc": 39.90442054958184,
  "fwhm_avg": 1.9970194300523278,
  "fwhm_x": 1.8977082579251823,
  "fwhm_y": 2.1315540819663177,
  "fwhm_z": 1.961795950265484,
  "gcor": 0.0370128,
  "gsr_x": -0.019506752490997314,
  "gsr_y": 0.036218445748090744,
  "provenance": {
    "md5sum": "718f555bc29e663d07b6b912bfd0c5ee",
    "settings": {
      "fd_thres": 0.2,
      "testing": false
    },
    "software": "mriqc",
    "version": "23.0.1",
    "webapi_port": null,
    "webapi_url": "https://mriqc.nimh.nih.gov/api/v1"
  },
  "size_t": 837,
  "size_x": 90,
  "size_y": 90,
  "size_z": 60,
  "snr": 6.261621056503857,
  "spacing_tr": 0.800000011920929,
  "spacing_x": 2.4000000953674316,
  "spacing_y": 2.4000000953674316,
  "spacing_z": 2.3999998569488525,
  "summary_bg_k": 33.398925205045664,
  "summary_bg_mad": 5.293615515354699,
  "summary_bg_mean": 25.375396728515625,
  "summary_bg_median": 7.19295072555542,
  "summary_bg_n": 339036.0,
  "summary_bg_p05": 2.9904420375823975,
  "summary_bg_p95": 114.46445083618164,
  "summary_bg_stdv": 54.63180160522461,
  "summary_fg_k": 0.8536456593088029,
  "summary_fg_mad": 99.20236772339032,
  "summary_fg_mean": 614.2725830078125,
  "summary_fg_median": 613.9110107421875,
  "summary_fg_n": 77650.0,
  "summary_fg_p05": 462.52125854492186,
  "summary_fg_p95": 772.2820709228515,
  "summary_fg_stdv": 98.04283142089844,
  "tsnr": 33.44661428546533
}