{
  "aor": 0.0023472171253822627,
  "aqi": 0.011984457706422019,
  "bids_meta": {
    "AcquisitionMatrixPE": 104,
    "AcquisitionNumber": 1,
    "AcquisitionTime": "15:11:25.917500",
    "BandwidthPerPixelPhaseEncode": 17.17,
    "BaseResolution": 104,
    "BodyPartExamined": "BRAIN",
    "ConsistencyInfo": "N4_VE11C_LATEST_20160120",
    "ConversionSoftware": "dcm2niix",
    "ConversionSoftwareVersion": "v1.0.20171215 GCC6.3.0",
    "DerivedVendorReportedEchoSpacing": 0.000560011,
    "DeviceSerialNumber": "167001",
    "DwellTime": 2.1e-06,
    "EchoTime": 0.03,
    "EchoTrainLength": 91,
    "EffectiveEchoSpacing": 0.000560011,
    "FlipAngle": 52,
    "ImageOrientationPatientDICOM": [
      0.99251,
      0.0860281,
      -0.0867392,
      -0.111854,
      0.925425,
      -0.362046
    ],
    "ImageType": [
      "ORIGINAL",
      "PRIMARY",
      "M",
      "ND",
      "MOSAIC"
    ],
    "InPlanePhaseEncodingDirectionDICOM": "COL",
    "InstitutionAddress": "Cooper_60_St._Lucia_QLD_AU_4072",
    "InstitutionName": "St_Lucia_Campus",
    "InstitutionalDepartmentName": "Gehrmann_Labs_MRI",
    "MRAcquisitionType": "2D",
    "MagneticFieldStrength": 3,
    "Manufacturer": "Siemens",
    "ManufacturersModelName": "Prisma_fit",
    "Modality": "MR",
    "MultibandAccelerationFactor": 6,
    "PartialFourier": 0.875,
    "PatientPosition": "HFS",
    "PercentPhaseFOV": 100,
    "PhaseEncodingDirection": "j",
    "PhaseEncodingSteps": 91,
    "PhaseResolution": 1,
    "PixelBandwidth": 2290,
    "ProcedureStepDescription": "Research_16092_QTAB",
    "ProtocolName": "ep2d_REST_SMS6_P-A",
    "PulseSequenceDetails": "%SiemensSeq%_ep2d_bold",
    "ReceiveCoilActiveElements": "HC1-7;NC1,2",
    "ReceiveCoilName": "HeadNeck_64",
    "ReconMatrixPE": 104,
    "RepetitionTime": 0.93,
    "SAR": 0.0582167,
    "ScanOptions": "PFP_FS",
    "ScanningSequence": "EP",
    "SequenceName": "_epfid2d1_104",
    "SequenceVariant": "SK",
    "SeriesDescription": "ep2d_REST_SMS6_P-A",
    "SeriesNumber": 10,
    "ShimSetting": [
      2994,
      -4167,
      -760,
      313,
      -17,
      -22,
      9,
      -29
    ],
    "SliceThickness": 2,
    "SliceTiming": [
      0.6825,
      0,
      0.455,
      0.075,
      0.53,
      0.1525,
      0.6075,
      0.3025,
      0.7575,
      0.38,
      0.835,
      0.2275,
      0.6825,
      0,
      0.455,
      0.075,
      0.53,
      0.1525,
      0.6075,
      0.3025,
      0.7575,
      0.38,
      0.835,
      0.2275,
      0.6825,
      0,
      0.455,
      0.075,
      0.53,
      0.1525,
      0.6075,
      0.3025,
      0.7575,
      0.38,
      0.835,
      0.2275,
      0.6825,
      0,
      0.455,
      0.075,
      0.53,
      0.1525,
      0.6075,
      0.3025,
      0.7575,
      0.38,
      0.835,
      0.2275,
      0.6825,
      0,
      0.455,
      0.075,
      0.53,
      0.1525,
      0.6075,
      0.3025,
      0.7575,
      0.38,
      0.835,
      0.2275,
      0.6825,
      0,
      0.455,
      0.075,
      0.53,
      0.1525,
      0.6075,
      0.3025,
      0.7575,
      0.38,
      0.835,
      0.2275
    ],
    "SoftwareVersions": "syngo_MR_E11",
    "SpacingBetweenSlices": 2,
    "StationName": "mrc_Trio",
    "TaskName": "rest",
    "TotalReadoutTime": 0.0576811,
    "TxRefAmp": 210.275,
    "dataset": "ds004146",
    "modality": "bold",
    "session_id": "01",
    "subject_id": "0375",
    "task_id": "rest"
  },
  "dummy_trs": 0,
  "dvars_nstd": 46.43346312601229,
  "dvars_std": 1.0538504206134967,
  "dvars_vstd": 0.996318703435583,
  "efc": 0.5393033850623968,
  "fber": 729.616943359375,
  "fd_mean": 0.35339847203902996,
  "fd_num": 226,
  "fd_perc": 69.1131498470948,
  "fwhm_avg": 3.1173816666666667,
  "fwhm_x": 2.926385,
  "fwhm_y": 3.13012,
  "fwhm_z": 3.29564,
  "gcor": 0.0141648,
  "gsr_x": -0.02468320168554783,
  "gsr_y": 0.04635169357061386,
  "provenance": {
    "md5sum": "83870c09e964988d57ee291c7d0b201e",
    "settings": {
      "fd_thres": 0.2,
      "testing": false
    },
    "software": "mriqc",
    "version": "23.0.1",
    "webapi_port": null,
    "webapi_url": "https://mriqc.nimh.nih.gov/api/v1"
  },
  "size_t": 327,
  "size_x": 104,
  "size_y": 104,
  "size_z": 72,
  "snr": 2.73958969590194,
  "spacing_tr": 0.9300000071525574,
  "spacing_x": 2.0,
  "spacing_y": 2.0,
  "spacing_z": 2.0,
  "summary_bg_k": 52.89343310401394,
  "summary_bg_mad": 7.7485243297524455,
  "summary_bg_mean": 40.349388122558594,
  "summary_bg_median": 19.889909744262695,
  "summary_bg_n": 507489.0,
  "summary_bg_p05": 14.149847984313965,
  "summary_bg_p95": 140.69725036621094,
  "summary_bg_stdv": 60.77989959716797,
  "summary_fg_k": 0.8906925976794762,
  "summary_fg_mad": 187.7690281806229,
  "summary_fg_mean": 572.4429931640625,
  "summary_fg_median": 539.2996826171875,
  "summary_fg_n": 171884.0,
  "summary_fg_p05": 318.5784606933594,
  "summary_fg_p95": 944.3084411621094,
  "summary_fg_stdv": 196.85360717773438,
  "tsnr": 28.272029626183212
}