{
  "bids_meta": {
    "AcquisitionMatrixPE": 256,
    "AcquisitionNumber": 1,
    "AcquisitionTime": "16:13:6.370000",
    "BaseResolution": 256,
    "BodyPartExamined": "BRAIN",
    "CoilString": "HC1-7;NC1_2",
    "ConsistencyInfo": "N4_VE11C_LATEST_20160120",
    "ConversionSoftware": "dcm2niix",
    "ConversionSoftwareVersion": "v1.0.20181125  (JP2:OpenJPEG) GCC6.3.0",
    "DeviceSerialNumber": "167001",
    "DwellTime": 2.6e-06,
    "EchoTime": 0.408,
    "EchoTrainLength": 259,
    "FlipAngle": 120,
    "ImageOrientationPatientDICOM": [
      0.00800167,
      0.973044,
      0.230483,
      0.0750313,
      0.229256,
      -0.97047
    ],
    "ImageType": [
      "ORIGINAL",
      "PRIMARY",
      "M",
      "ND",
      "NORM"
    ],
    "ImagingFrequency": 123.229,
    "InPlanePhaseEncodingDirectionDICOM": "ROW",
    "InstitutionAddress": "Cooper_60_St._Lucia_QLD_AU_4072",
    "InstitutionName": "St_Lucia_Campus",
    "InstitutionalDepartmentName": "Gehrmann_Labs_MRI",
    "MRAcquisitionType": "3D",
    "MagneticFieldStrength": 3,
    "Manufacturer": "Siemens",
    "ManufacturersModelName": "Prisma_fit",
    "Modality": "MR",
    "PartialFourier": 1,
    "PatientPosition": "HFS",
    "PercentPhaseFOV": 100,
    "PhaseEncodingSteps": 233,
    "PhaseResolution": 1,
    "PixelBandwidth": 750,
    "ProcedureStepDescription": "Research_16092_QTAB",
    "ProtocolName": "t2_spc_sag_p2_iso",
    "PulseSequenceDetails": "%SiemensSeq%_tse_vfl",
    "ReceiveCoilActiveElements": "HC1-7;NC1,2",
    "ReceiveCoilName": "HeadNeck_64",
    "ReconMatrixPE": 256,
    "RepetitionTime": 3.2,
    "SAR": 0.187945,
    "ScanOptions": "PFP",
    "ScanningSequence": "SE",
    "SequenceName": "_spcR_282ns",
    "SequenceVariant": "SK_SP",
    "SeriesDescription": "t2_spc_sag_p2_iso",
    "SeriesNumber": 19,
    "ShimSetting": [
      3044,
      -4172,
      -1039,
      -11,
      -3,
      35,
      -21,
      -13
    ],
    "SliceThickness": 1,
    "SoftwareVersions": "syngo_MR_E11",
    "StationName": "mrc_Trio",
    "TxRefAmp": 215.492,
    "dataset": "ds004146",
    "modality": "T2w",
    "session_id": "01",
    "subject_id": "0246"
  },
  "cjv": 11.306734746235618,
  "cnr": 0.09455785539067696,
  "efc": 0.6021276552353478,
  "fber": -1.0,
  "fwhm_avg": 3.8140208801276416,
  "fwhm_x": 4.172600248706356,
  "fwhm_y": 3.9597249409955,
  "fwhm_z": 3.309737450681069,
  "icvs_csf": 0.4702892630983737,
  "icvs_gm": 0.4028496407969853,
  "icvs_wm": 0.12686109610464094,
  "inu_med": 0.9875804781913757,
  "inu_range": 0.24735664129257207,
  "provenance": {
    "md5sum": "3d94ae01fe90a1d1c872bec5e78ce58a",
    "settings": {
      "testing": false
    },
    "software": "mriqc",
    "version": "23.0.1",
    "warnings": {
      "large_rot_frame": true,
      "small_air_mask": false
    },
    "webapi_port": null,
    "webapi_url": "https://mriqc.nimh.nih.gov/api/v1"
  },
  "qi_1": 0.0006894049488285377,
  "qi_2": 0.006142444259809295,
  "rpve_csf": 11.210826920142413,
  "rpve_gm": 13.004037334428851,
  "rpve_wm": 41.06445121214967,
  "size_x": 192,
  "size_y": 300,
  "size_z": 320,
  "snr_csf": 17.289039271101633,
  "snr_gm": 14.840921943647903,
  "snr_total": 10.954091861447127,
  "snr_wm": 0.7323143695918461,
  "snrd_csf": 66.14824085453002,
  "snrd_gm": 45.11175715130004,
  "snrd_total": 50.40185758318819,
  "snrd_wm": 39.9455747437345,
  "spacing_x": 0.7999999523162842,
  "spacing_y": 0.800000011920929,
  "spacing_z": 0.800000011920929,
  "summary_bg_k": 12.435216540942841,
  "summary_bg_mad": 0.0,
  "summary_bg_mean": 7.285459790713831,
  "summary_bg_median": 0.0,
  "summary_bg_n": 2238964.0,
  "summary_bg_p05": 0.0,
  "summary_bg_p95": 43.9668410718441,
  "summary_bg_stdv": 16.773354816460056,
  "summary_csf_k": 0.4579249949528572,
  "summary_csf_mad": 94.68261111501572,
  "summary_csf_mean": 1698.816630031301,
  "summary_csf_median": 1693.5830681025982,
  "summary_csf_n": 191818.0,
  "summary_csf_p05": 1548.541617527604,
  "summary_csf_p95": 1866.4415284618735,
  "summary_csf_stdv": 97.95678215448501,
  "summary_gm_k": -0.16694357301142082,
  "summary_gm_mad": 81.93687500337899,
  "summary_gm_mean": 1155.7745032145829,
  "summary_gm_median": 1154.989264972508,
  "summary_gm_n": 249045.0,
  "summary_gm_p05": 1029.7820178419352,
  "summary_gm_p95": 1281.1790113449097,
  "summary_gm_stdv": 77.82447414785061,
  "summary_wm_k": -1.7879055407911821,
  "summary_wm_mad": 1413.5931757527394,
  "summary_wm_mean": 1608.238510276814,
  "summary_wm_median": 1022.7203045412898,
  "summary_wm_n": 61865.0,
  "summary_wm_p05": 69.08197794109583,
  "summary_wm_p95": 3480.994813799858,
  "summary_wm_stdv": 1396.5478232190292,
  "tpm_overlap_csf": 0.10322887085625851,
  "tpm_overlap_gm": 0.2600390449563544,
  "tpm_overlap_wm": 0.040013648703748766,
  "wm2max": 0.30634955670823677
}