{
  "bids_meta": {
    "AcquisitionMatrixPE": 256,
    "AcquisitionNumber": 1,
    "AcquisitionTime": "10:31:4.597500",
    "BaseResolution": 256,
    "BodyPartExamined": "BRAIN",
    "ConsistencyInfo": "N4_VE11C_LATEST_20160120",
    "ConversionSoftware": "dcm2niix",
    "ConversionSoftwareVersion": "v1.0.20171215 GCC6.3.0",
    "DeviceSerialNumber": "167001",
    "DwellTime": 2.6e-06,
    "EchoTime": 0.408,
    "EchoTrainLength": 259,
    "FlipAngle": 120,
    "ImageOrientationPatientDICOM": [
      0.00724601,
      0.980004,
      0.198846,
      0.0113256,
      0.198758,
      -0.979983
    ],
    "ImageType": [
      "ORIGINAL",
      "PRIMARY",
      "M",
      "ND",
      "NORM"
    ],
    "InPlanePhaseEncodingDirectionDICOM": "ROW",
    "InstitutionAddress": "Cooper_60_St._Lucia_QLD_AU_4072",
    "InstitutionName": "St_Lucia_Campus",
    "InstitutionalDepartmentName": "Gehrmann_Labs_MRI",
    "MRAcquisitionType": "3D",
    "MagneticFieldStrength": 3,
    "Manufacturer": "Siemens",
    "ManufacturersModelName": "Prisma_fit",
    "Modality": "MR",
    "ParallelReductionFactorInPlane": 2,
    "PartialFourier": 1,
    "PatientPosition": "HFS",
    "PercentPhaseFOV": 100,
    "PhaseEncodingSteps": 233,
    "PhaseResolution": 1,
    "PixelBandwidth": 750,
    "ProcedureStepDescription": "Research_16092_QTAB",
    "ProtocolName": "t2_spc_sag_p2_iso",
    "PulseSequenceDetails": "%SiemensSeq%_tse_vfl",
    "ReceiveCoilActiveElements": "HC1-7;NC1,2",
    "ReceiveCoilName": "HeadNeck_64",
    "ReconMatrixPE": 256,
    "RepetitionTime": 3.2,
    "SAR": 0.149919,
    "ScanOptions": "PFP",
    "ScanningSequence": "SE",
    "SequenceName": "_spcR_282ns",
    "SequenceVariant": "SK_SP",
    "SeriesDescription": "t2_spc_sag_p2_iso",
    "SeriesNumber": 19,
    "ShimSetting": [
      3044,
      -4172,
      -1039,
      -11,
      -3,
      35,
      -21,
      -13
    ],
    "SliceThickness": 1,
    "SoftwareVersions": "syngo_MR_E11",
    "StationName": "mrc_Trio",
    "TxRefAmp": 216.64,
    "dataset": "ds004146",
    "modality": "T2w",
    "session_id": "01",
    "subject_id": "0119"
  },
  "cjv": 2.365804132433416,
  "cnr": 0.6720334998656163,
  "efc": 0.6600612689862767,
  "fber": -1.0,
  "fwhm_avg": 4.01997087687062,
  "fwhm_x": 4.16502524825485,
  "fwhm_y": 4.3170249356713155,
  "fwhm_z": 3.5778624466856948,
  "icvs_csf": 0.489226375069038,
  "icvs_gm": 0.3807323139865765,
  "icvs_wm": 0.13004131094438556,
  "inu_med": 1.0440187454223633,
  "inu_range": 0.314790904521942,
  "provenance": {
    "md5sum": "491c20b581ace63735fea065eae82313",
    "settings": {
      "testing": false
    },
    "software": "mriqc",
    "version": "23.0.1",
    "warnings": {
      "large_rot_frame": true,
      "small_air_mask": false
    },
    "webapi_port": null,
    "webapi_url": "https://mriqc.nimh.nih.gov/api/v1"
  },
  "qi_1": 0.1130715510208554,
  "qi_2": 0.005497123796538096,
  "rpve_csf": 9.243423184053043,
  "rpve_gm": 11.81752030561361,
  "rpve_wm": 32.13863387193381,
  "size_x": 192,
  "size_y": 300,
  "size_z": 320,
  "snr_csf": 18.299863707344073,
  "snr_gm": 14.321361638942122,
  "snr_total": 11.338808894584146,
  "snr_wm": 1.3952013374662406,
  "snrd_csf": 121.38165921752024,
  "snrd_gm": 79.64803093284324,
  "snrd_total": 118.2924310737023,
  "snrd_wm": 153.84760307074345,
  "spacing_x": 0.7999999523162842,
  "spacing_y": 0.800000011920929,
  "spacing_z": 0.800000011920929,
  "summary_bg_k": 18.238821965572306,
  "summary_bg_mad": 0.0,
  "summary_bg_mean": 1.7142052147870879,
  "summary_bg_median": 0.0,
  "summary_bg_n": 1142140.0,
  "summary_bg_p05": 0.0,
  "summary_bg_p95": 8.666996039450169,
  "summary_bg_stdv": 4.273572324022305,
  "summary_csf_k": 0.3319232134666521,
  "summary_csf_mad": 42.50663716199709,
  "summary_csf_mean": 793.5165799659185,
  "summary_csf_median": 791.7943492010236,
  "summary_csf_n": 341188.0,
  "summary_csf_p05": 726.0174515023828,
  "summary_csf_p95": 866.5018777996302,
  "summary_csf_stdv": 43.26770961323354,
  "summary_gm_k": -0.06569190421745486,
  "summary_gm_mad": 37.47424218764571,
  "summary_gm_mean": 519.9700863643591,
  "summary_gm_median": 519.5584013611078,
  "summary_gm_n": 439789.0,
  "summary_gm_p05": 461.1303253993392,
  "summary_gm_p95": 578.7773819044232,
  "summary_gm_stdv": 36.2785204206751,
  "summary_wm_k": -1.7350948533029156,
  "summary_wm_mad": 1107.6154763936484,
  "summary_wm_mean": 862.5079357668003,
  "summary_wm_median": 1003.5755280889571,
  "summary_wm_n": 80750.0,
  "summary_wm_p05": 24.122589737176895,
  "summary_wm_p95": 1837.915600623563,
  "summary_wm_stdv": 719.3007109656992,
  "tpm_overlap_csf": 0.10432572748484112,
  "tpm_overlap_gm": 0.22818188332651015,
  "tpm_overlap_wm": 0.028690438205754724,
  "wm2max": 0.5623914998855711
}