{
  "aor": 0.0011844891640866875,
  "aqi": 0.00990706520123839,
  "bids_meta": {
    "AcquisitionMatrixPE": 104,
    "AcquisitionNumber": 1,
    "AcquisitionTime": "11:44:7.865000",
    "BandwidthPerPixelPhaseEncode": 17.17,
    "BaseResolution": 104,
    "BodyPartExamined": "BRAIN",
    "CoilString": "HC1-7;NC1_2",
    "ConsistencyInfo": "N4_VE11C_LATEST_20160120",
    "ConversionSoftware": "dcm2niix",
    "ConversionSoftwareVersion": "v1.0.20190410  GCC6.3.0",
    "DerivedVendorReportedEchoSpacing": 0.000560011,
    "DeviceSerialNumber": "167001",
    "DwellTime": 2.1e-06,
    "EchoTime": 0.03,
    "EchoTrainLength": 91,
    "EffectiveEchoSpacing": 0.000560011,
    "FlipAngle": 52,
    "ImageOrientationPatientDICOM": [
      0.998476,
      0.0544739,
      -0.00886145,
      -0.0539008,
      0.928,
      -0.36866
    ],
    "ImageType": [
      "ORIGINAL",
      "PRIMARY",
      "M",
      "ND",
      "MOSAIC"
    ],
    "ImagingFrequency": 123.229,
    "InPlanePhaseEncodingDirectionDICOM": "COL",
    "InstitutionAddress": "Cooper_60_St._Lucia_QLD_AU_4072",
    "InstitutionName": "St_Lucia_Campus",
    "InstitutionalDepartmentName": "Gehrmann_Labs_MRI",
    "MRAcquisitionType": "2D",
    "MagneticFieldStrength": 3,
    "Manufacturer": "Siemens",
    "ManufacturersModelName": "Prisma_fit",
    "Modality": "MR",
    "MultibandAccelerationFactor": 6,
    "PartialFourier": 0.875,
    "PatientPosition": "HFS",
    "PercentPhaseFOV": 100,
    "PhaseEncodingDirection": "j",
    "PhaseEncodingSteps": 91,
    "PhaseResolution": 1,
    "PixelBandwidth": 2290,
    "ProcedureStepDescription": "Research_16092_QTAB",
    "ProtocolName": "ep2d_REST_SMS6_P-A",
    "PulseSequenceDetails": "%SiemensSeq%_ep2d_bold",
    "ReceiveCoilActiveElements": "HC1-7;NC1,2",
    "ReceiveCoilName": "HeadNeck_64",
    "ReconMatrixPE": 104,
    "RefLinesPE": 12,
    "RepetitionTime": 0.93,
    "SAR": 0.0553204,
    "ScanOptions": "PFP_FS",
    "ScanningSequence": "EP",
    "SequenceName": "_epfid2d1_104",
    "SequenceVariant": "SK",
    "SeriesDescription": "ep2d_REST_SMS6_P-A",
    "SeriesNumber": 10,
    "ShimSetting": [
      3050,
      -4152,
      -707,
      603,
      -56,
      8,
      -114,
      3
    ],
    "SliceThickness": 2,
    "SliceTiming": [
      0.6825,
      0,
      0.455,
      0.075,
      0.53,
      0.15,
      0.605,
      0.3025,
      0.7575,
      0.3775,
      0.8325,
      0.2275,
      0.6825,
      0,
      0.455,
      0.075,
      0.53,
      0.15,
      0.605,
      0.3025,
      0.7575,
      0.3775,
      0.8325,
      0.2275,
      0.6825,
      0,
      0.455,
      0.075,
      0.53,
      0.15,
      0.605,
      0.3025,
      0.7575,
      0.3775,
      0.8325,
      0.2275,
      0.6825,
      0,
      0.455,
      0.075,
      0.53,
      0.15,
      0.605,
      0.3025,
      0.7575,
      0.3775,
      0.8325,
      0.2275,
      0.6825,
      0,
      0.455,
      0.075,
      0.53,
      0.15,
      0.605,
      0.3025,
      0.7575,
      0.3775,
      0.8325,
      0.2275,
      0.6825,
      0,
      0.455,
      0.075,
      0.53,
      0.15,
      0.605,
      0.3025,
      0.7575,
      0.3775,
      0.8325,
      0.2275
    ],
    "SoftwareVersions": "syngo_MR_E11",
    "SpacingBetweenSlices": 2,
    "StationName": "mrc_Trio",
    "TaskName": "rest",
    "TotalReadoutTime": 0.0576811,
    "TxRefAmp": 219.815,
    "dataset": "ds004146",
    "modality": "bold",
    "session_id": "02",
    "subject_id": "0332",
    "task_id": "rest"
  },
  "dummy_trs": 4,
  "dvars_nstd": 37.04572168788818,
  "dvars_std": 0.9748432781366456,
  "dvars_vstd": 0.970201607670807,
  "efc": 0.5089827811643812,
  "fber": 781.8269653320312,
  "fd_mean": 0.17376818524608084,
  "fd_num": 94,
  "fd_perc": 29.102167182662537,
  "fwhm_avg": 2.97425,
  "fwhm_x": 2.766225,
  "fwhm_y": 3.08545,
  "fwhm_z": 3.071075,
  "gcor": 0.0115149,
  "gsr_x": -0.01379307359457016,
  "gsr_y": 0.051496703177690506,
  "provenance": {
    "md5sum": "b637909d4370d055ae96975fcb117147",
    "settings": {
      "fd_thres": 0.2,
      "testing": false
    },
    "software": "mriqc",
    "version": "23.0.1",
    "webapi_port": null,
    "webapi_url": "https://mriqc.nimh.nih.gov/api/v1"
  },
  "size_t": 323,
  "size_x": 104,
  "size_y": 104,
  "size_z": 72,
  "snr": 2.9742171117995295,
  "spacing_tr": 0.9300000071525574,
  "spacing_x": 2.0,
  "spacing_y": 2.0,
  "spacing_z": 2.0,
  "summary_bg_k": 36.26791970930482,
  "summary_bg_mad": 4.512067890018512,
  "summary_bg_mean": 26.012540817260742,
  "summary_bg_median": 13.365324974060059,
  "summary_bg_n": 544026.0,
  "summary_bg_p05": 10.012383460998535,
  "summary_bg_p95": 90.8475227355957,
  "summary_bg_stdv": 36.56369400024414,
  "summary_fg_k": 0.6455451596210913,
  "summary_fg_mad": 123.54250823434114,
  "summary_fg_mean": 391.1794738769531,
  "summary_fg_median": 375.1919250488281,
  "summary_fg_n": 138677.0,
  "summary_fg_p05": 222.55974426269532,
  "summary_fg_p95": 626.2643676757812,
  "summary_fg_stdv": 126.14767456054688,
  "tsnr": 31.155572631396353
}