{
  "aor": 0.0033143157894736843,
  "aqi": 0.027574602105263156,
  "bids_meta": {
    "AcquisitionMatrixPE": 90,
    "AcquisitionNumber": 1,
    "AcquisitionTime": "10:19:49.370000",
    "BandwidthPerPixelPhaseEncode": 21.368,
    "BaseResolution": 90,
    "BodyPartExamined": "BRAIN",
    "CoilString": "HC1-7;NC1_2",
    "ConsistencyInfo": "N4_VE11C_LATEST_20160120",
    "ConversionSoftware": "dcm2niix",
    "ConversionSoftwareVersion": "v1.0.20190410  GCC6.3.0",
    "DerivedVendorReportedEchoSpacing": 0.000519988,
    "DeviceSerialNumber": "167001",
    "DwellTime": 2.2e-06,
    "EchoTime": 0.03,
    "EchoTrainLength": 90,
    "EffectiveEchoSpacing": 0.000519988,
    "FlipAngle": 52,
    "ImageOrientationPatientDICOM": [
      0.998451,
      -0.0233817,
      -0.050488,
      0.00174261,
      0.920111,
      -0.391654
    ],
    "ImageType": [
      "ORIGINAL",
      "PRIMARY",
      "M",
      "ND",
      "NORM",
      "MOSAIC"
    ],
    "ImagingFrequency": 123.229,
    "InPlanePhaseEncodingDirectionDICOM": "COL",
    "InstitutionAddress": "Cooper_60_St._Lucia_QLD_AU_4072",
    "InstitutionName": "St_Lucia_Campus",
    "InstitutionalDepartmentName": "Gehrmann_Labs_MRI",
    "MRAcquisitionType": "2D",
    "MagneticFieldStrength": 3,
    "Manufacturer": "Siemens",
    "ManufacturersModelName": "Prisma_fit",
    "Modality": "MR",
    "MultibandAccelerationFactor": 6,
    "PartialFourier": 1,
    "PatientPosition": "HFS",
    "PercentPhaseFOV": 100,
    "PhaseEncodingDirection": "j-",
    "PhaseEncodingSteps": 90,
    "PhaseResolution": 1,
    "PixelBandwidth": 2525,
    "ProcedureStepDescription": "Research_16092_QTAB",
    "ProtocolName": "PARTLY_CLOUDY_mb6_2.4",
    "PulseSequenceDetails": "%SiemensSeq%_ep2d_bold",
    "ReceiveCoilActiveElements": "HC1-7;NC1,2",
    "ReceiveCoilName": "HeadNeck_64",
    "ReconMatrixPE": 90,
    "RefLinesPE": 12,
    "RepetitionTime": 0.8,
    "SAR": 0.067636,
    "ScanOptions": "FS",
    "ScanningSequence": "EP",
    "SequenceName": "_epfid2d1_90",
    "SequenceVariant": "SK",
    "SeriesDescription": "PARTLY_CLOUDY_mb6_2.4",
    "SeriesNumber": 19,
    "ShimSetting": [
      3007,
      -4118,
      -747,
      607,
      -27,
      57,
      -136,
      -18
    ],
    "SliceThickness": 2.4,
    "SliceTiming": [
      0.545,
      0,
      0.39,
      0.0775,
      0.4675,
      0.235,
      0.625,
      0.3125,
      0.7025,
      0.155,
      0.545,
      0,
      0.39,
      0.0775,
      0.4675,
      0.235,
      0.625,
      0.3125,
      0.7025,
      0.155,
      0.545,
      0,
      0.39,
      0.0775,
      0.4675,
      0.235,
      0.625,
      0.3125,
      0.7025,
      0.155,
      0.545,
      0,
      0.39,
      0.0775,
      0.4675,
      0.235,
      0.625,
      0.3125,
      0.7025,
      0.155,
      0.545,
      0,
      0.39,
      0.0775,
      0.4675,
      0.235,
      0.625,
      0.3125,
      0.7025,
      0.155,
      0.545,
      0,
      0.39,
      0.0775,
      0.4675,
      0.235,
      0.625,
      0.3125,
      0.7025,
      0.155
    ],
    "SoftwareVersions": "syngo_MR_E11",
    "SpacingBetweenSlices": 2.4,
    "StationName": "mrc_Trio",
    "TaskName": "partlycloudy",
    "TotalReadoutTime": 0.046279,
    "TxRefAmp": 218.415,
    "dataset": "ds004146",
    "modality": "bold",
    "session_id": "02",
    "subject_id": "0229",
    "task_id": "partlycloudy"
  },
  "dummy_trs": 0,
  "dvars_nstd": 39.12192331060684,
  "dvars_std": 1.2633415581794196,
  "dvars_vstd": 1.0347071875989444,
  "efc": 0.4835904233425281,
  "fber": 7604.86328125,
  "fd_mean": 0.295548468542173,
  "fd_num": 249,
  "fd_perc": 65.52631578947368,
  "fwhm_avg": 1.8475304821412901,
  "fwhm_x": 1.7548665969345334,
  "fwhm_y": 1.9628415886703496,
  "fwhm_z": 1.8248832608189876,
  "gcor": 0.0199805,
  "gsr_x": -0.0211973674595356,
  "gsr_y": 0.03704201802611351,
  "provenance": {
    "md5sum": "d301c3a80267d7d74631badd3be358f9",
    "settings": {
      "fd_thres": 0.2,
      "testing": false
    },
    "software": "mriqc",
    "version": "23.0.1",
    "webapi_port": null,
    "webapi_url": "https://mriqc.nimh.nih.gov/api/v1"
  },
  "size_t": 380,
  "size_x": 90,
  "size_y": 90,
  "size_z": 60,
  "snr": 7.553231379594899,
  "spacing_tr": 0.800000011920929,
  "spacing_x": 2.4000000953674316,
  "spacing_y": 2.4000000953674316,
  "spacing_z": 2.4000000953674316,
  "summary_bg_k": 33.22748351515574,
  "summary_bg_mad": 6.2581420183329035,
  "summary_bg_mean": 24.98529052734375,
  "summary_bg_median": 8.27368450164795,
  "summary_bg_n": 326618.0,
  "summary_bg_p05": 3.197368621826172,
  "summary_bg_p95": 102.12408256530753,
  "summary_bg_stdv": 51.26914978027344,
  "summary_fg_k": 2.0608124580376703,
  "summary_fg_mad": 89.9607626165525,
  "summary_fg_mean": 732.3168334960938,
  "summary_fg_median": 727.95263671875,
  "summary_fg_n": 87870.0,
  "summary_fg_p05": 592.8927734375,
  "summary_fg_p95": 890.5768798828125,
  "summary_fg_stdv": 96.37577056884766,
  "tsnr": 38.21858389303088
}