{
  "aor": 0.000474954128440367,
  "aqi": 0.006429313516819571,
  "bids_meta": {
    "AcquisitionMatrixPE": 104,
    "AcquisitionNumber": 1,
    "AcquisitionTime": "12:29:41.912500",
    "BandwidthPerPixelPhaseEncode": 17.17,
    "BaseResolution": 104,
    "BodyPartExamined": "BRAIN",
    "CoilString": "HC1-7;NC1_2",
    "ConsistencyInfo": "N4_VE11C_LATEST_20160120",
    "ConversionSoftware": "dcm2niix",
    "ConversionSoftwareVersion": "v1.0.20190410  GCC6.3.0",
    "DerivedVendorReportedEchoSpacing": 0.000560011,
    "DeviceSerialNumber": "167001",
    "DwellTime": 2.1e-06,
    "EchoTime": 0.03,
    "EchoTrainLength": 91,
    "EffectiveEchoSpacing": 0.000560011,
    "FlipAngle": 52,
    "ImageOrientationPatientDICOM": [
      0.999308,
      -0.00296009,
      -0.0370723,
      -0.0092441,
      0.945773,
      -0.324698
    ],
    "ImageType": [
      "ORIGINAL",
      "PRIMARY",
      "M",
      "ND",
      "MOSAIC"
    ],
    "ImagingFrequency": 123.229,
    "InPlanePhaseEncodingDirectionDICOM": "COL",
    "InstitutionAddress": "Cooper_60_St._Lucia_QLD_AU_4072",
    "InstitutionName": "St_Lucia_Campus",
    "InstitutionalDepartmentName": "Gehrmann_Labs_MRI",
    "MRAcquisitionType": "2D",
    "MagneticFieldStrength": 3,
    "Manufacturer": "Siemens",
    "ManufacturersModelName": "Prisma_fit",
    "Modality": "MR",
    "MultibandAccelerationFactor": 6,
    "PartialFourier": 0.875,
    "PatientPosition": "HFS",
    "PercentPhaseFOV": 100,
    "PhaseEncodingDirection": "j",
    "PhaseEncodingSteps": 91,
    "PhaseResolution": 1,
    "PixelBandwidth": 2290,
    "ProcedureStepDescription": "Research_16092_QTAB",
    "ProtocolName": "ep2d_REST_SMS6_P-A",
    "PulseSequenceDetails": "%SiemensSeq%_ep2d_bold",
    "ReceiveCoilActiveElements": "HC1-7;NC1,2",
    "ReceiveCoilName": "HeadNeck_64",
    "ReconMatrixPE": 104,
    "RefLinesPE": 12,
    "RepetitionTime": 0.93,
    "SAR": 0.0613722,
    "ScanOptions": "PFP_FS",
    "ScanningSequence": "EP",
    "SequenceName": "_epfid2d1_104",
    "SequenceVariant": "SK",
    "SeriesDescription": "ep2d_REST_SMS6_P-A",
    "SeriesNumber": 31,
    "ShimSetting": [
      3040,
      -4179,
      -765,
      370,
      6,
      -207,
      -60,
      6
    ],
    "SliceThickness": 2,
    "SliceTiming": [
      0.6825,
      0,
      0.455,
      0.0775,
      0.5325,
      0.1525,
      0.6075,
      0.305,
      0.76,
      0.38,
      0.835,
      0.2275,
      0.6825,
      0,
      0.455,
      0.0775,
      0.5325,
      0.1525,
      0.6075,
      0.305,
      0.76,
      0.38,
      0.835,
      0.2275,
      0.6825,
      0,
      0.455,
      0.0775,
      0.5325,
      0.1525,
      0.6075,
      0.305,
      0.76,
      0.38,
      0.835,
      0.2275,
      0.6825,
      0,
      0.455,
      0.0775,
      0.5325,
      0.1525,
      0.6075,
      0.305,
      0.76,
      0.38,
      0.835,
      0.2275,
      0.6825,
      0,
      0.455,
      0.0775,
      0.5325,
      0.1525,
      0.6075,
      0.305,
      0.76,
      0.38,
      0.835,
      0.2275,
      0.6825,
      0,
      0.455,
      0.0775,
      0.5325,
      0.1525,
      0.6075,
      0.305,
      0.76,
      0.38,
      0.835,
      0.2275
    ],
    "SoftwareVersions": "syngo_MR_E11",
    "SpacingBetweenSlices": 2,
    "StationName": "mrc_Trio",
    "TaskName": "rest",
    "TotalReadoutTime": 0.0576811,
    "TxRefAmp": 239.385,
    "dataset": "ds004146",
    "modality": "bold",
    "session_id": "02",
    "subject_id": "0257",
    "task_id": "rest"
  },
  "dummy_trs": 0,
  "dvars_nstd": 40.80634503285277,
  "dvars_std": 1.0452090292024538,
  "dvars_vstd": 0.9933731054601236,
  "efc": 0.549845832003207,
  "fber": 566.1207275390625,
  "fd_mean": 0.1940069129587688,
  "fd_num": 147,
  "fd_perc": 44.95412844036697,
  "fwhm_avg": 3.190620136160271,
  "fwhm_x": 2.91208,
  "fwhm_y": 3.233195,
  "fwhm_z": 3.4265854084808125,
  "gcor": 0.00941004,
  "gsr_x": -0.01286859530955553,
  "gsr_y": 0.0550260916352272,
  "provenance": {
    "md5sum": "31077e13c31a1c05dcf888a12a134e9c",
    "settings": {
      "fd_thres": 0.2,
      "testing": false
    },
    "software": "mriqc",
    "version": "23.0.1",
    "webapi_port": null,
    "webapi_url": "https://mriqc.nimh.nih.gov/api/v1"
  },
  "size_t": 327,
  "size_x": 104,
  "size_y": 104,
  "size_z": 72,
  "snr": 2.5903093708184333,
  "spacing_tr": 0.9300000071525574,
  "spacing_x": 2.0,
  "spacing_y": 2.0,
  "spacing_z": 1.999999761581421,
  "summary_bg_k": 66.42739828375547,
  "summary_bg_mad": 10.886019118756794,
  "summary_bg_mean": 45.849464416503906,
  "summary_bg_median": 23.284404754638672,
  "summary_bg_n": 500302.0,
  "summary_bg_p05": 15.229358673095703,
  "summary_bg_p95": 152.68792648315414,
  "summary_bg_stdv": 62.81745529174805,
  "summary_fg_k": 0.9503914099226503,
  "summary_fg_mad": 210.35722043404337,
  "summary_fg_mean": 593.841796875,
  "summary_fg_median": 560.0550537109375,
  "summary_fg_n": 175118.0,
  "summary_fg_p05": 313.19573974609375,
  "summary_fg_p95": 988.9064514160153,
  "summary_fg_stdv": 216.21102905273438,
  "tsnr": 33.851837599650025
}