{
  "aor": 0.0017974074074074073,
  "aqi": 0.007312483765432099,
  "bids_meta": {
    "AcquisitionMatrixPE": 104,
    "AcquisitionNumber": 1,
    "AcquisitionTime": "12:11:51.110000",
    "BandwidthPerPixelPhaseEncode": 17.17,
    "BaseResolution": 104,
    "BodyPartExamined": "BRAIN",
    "ConsistencyInfo": "N4_VE11C_LATEST_20160120",
    "ConversionSoftware": "dcm2niix",
    "ConversionSoftwareVersion": "v1.0.20171215 GCC6.3.0",
    "DerivedVendorReportedEchoSpacing": 0.000560011,
    "DeviceSerialNumber": "167001",
    "DwellTime": 2.1e-06,
    "EchoTime": 0.03,
    "EchoTrainLength": 91,
    "EffectiveEchoSpacing": 0.000560011,
    "FlipAngle": 52,
    "ImageOrientationPatientDICOM": [
      0.999313,
      -0.0196649,
      -0.0314283,
      0.013954,
      0.984899,
      -0.172569
    ],
    "ImageType": [
      "ORIGINAL",
      "PRIMARY",
      "M",
      "ND",
      "MOSAIC"
    ],
    "InPlanePhaseEncodingDirectionDICOM": "COL",
    "InstitutionAddress": "Cooper_60_St._Lucia_QLD_AU_4072",
    "InstitutionName": "St_Lucia_Campus",
    "InstitutionalDepartmentName": "Gehrmann_Labs_MRI",
    "MRAcquisitionType": "2D",
    "MagneticFieldStrength": 3,
    "Manufacturer": "Siemens",
    "ManufacturersModelName": "Prisma_fit",
    "Modality": "MR",
    "MultibandAccelerationFactor": 6,
    "PartialFourier": 0.875,
    "PatientPosition": "HFS",
    "PercentPhaseFOV": 100,
    "PhaseEncodingDirection": "j",
    "PhaseEncodingSteps": 91,
    "PhaseResolution": 1,
    "PixelBandwidth": 2290,
    "ProcedureStepDescription": "Research_16092_QTAB",
    "ProtocolName": "ep2d_REST_SMS6_P-A",
    "PulseSequenceDetails": "%SiemensSeq%_ep2d_bold",
    "ReceiveCoilActiveElements": "HC1-7;NC1,2",
    "ReceiveCoilName": "HeadNeck_64",
    "ReconMatrixPE": 104,
    "RepetitionTime": 0.93,
    "SAR": 0.0572342,
    "ScanOptions": "PFP_FS",
    "ScanningSequence": "EP",
    "SequenceName": "_epfid2d1_104",
    "SequenceVariant": "SK",
    "SeriesDescription": "ep2d_REST_SMS6_P-A",
    "SeriesNumber": 10,
    "ShimSetting": [
      3042,
      -4116,
      -779,
      679,
      -22,
      -104,
      -46,
      -12
    ],
    "SliceThickness": 2,
    "SliceTiming": [
      0.6825,
      0,
      0.455,
      0.0775,
      0.5325,
      0.1525,
      0.6075,
      0.305,
      0.76,
      0.38,
      0.835,
      0.2275,
      0.6825,
      0,
      0.455,
      0.0775,
      0.5325,
      0.1525,
      0.6075,
      0.305,
      0.76,
      0.38,
      0.835,
      0.2275,
      0.6825,
      0,
      0.455,
      0.0775,
      0.5325,
      0.1525,
      0.6075,
      0.305,
      0.76,
      0.38,
      0.835,
      0.2275,
      0.6825,
      0,
      0.455,
      0.0775,
      0.5325,
      0.1525,
      0.6075,
      0.305,
      0.76,
      0.38,
      0.835,
      0.2275,
      0.6825,
      0,
      0.455,
      0.0775,
      0.5325,
      0.1525,
      0.6075,
      0.305,
      0.76,
      0.38,
      0.835,
      0.2275,
      0.6825,
      0,
      0.455,
      0.0775,
      0.5325,
      0.1525,
      0.6075,
      0.305,
      0.76,
      0.38,
      0.835,
      0.2275
    ],
    "SoftwareVersions": "syngo_MR_E11",
    "SpacingBetweenSlices": 2,
    "StationName": "mrc_Trio",
    "TaskName": "rest",
    "TotalReadoutTime": 0.0576811,
    "TxRefAmp": 211.918,
    "dataset": "ds004146",
    "modality": "bold",
    "session_id": "01",
    "subject_id": "0152",
    "task_id": "rest"
  },
  "dummy_trs": 3,
  "dvars_nstd": 41.54814168018578,
  "dvars_std": 1.1019008864396291,
  "dvars_vstd": 1.012104105696595,
  "efc": 0.5038629029309847,
  "fber": 888.1600952148438,
  "fd_mean": 0.1659099977113231,
  "fd_num": 95,
  "fd_perc": 29.320987654320987,
  "fwhm_avg": 3.195715065404975,
  "fwhm_x": 2.983805,
  "fwhm_y": 3.3114,
  "fwhm_z": 3.291940196214926,
  "gcor": 0.00485029,
  "gsr_x": -0.025218889117240906,
  "gsr_y": 0.06660057604312897,
  "provenance": {
    "md5sum": "4ce6a107a10bef391e109c1b2999cce6",
    "settings": {
      "fd_thres": 0.2,
      "testing": false
    },
    "software": "mriqc",
    "version": "23.0.1",
    "webapi_port": null,
    "webapi_url": "https://mriqc.nimh.nih.gov/api/v1"
  },
  "size_t": 324,
  "size_x": 104,
  "size_y": 104,
  "size_z": 72,
  "snr": 2.564166490880184,
  "spacing_tr": 0.9300000071525574,
  "spacing_x": 2.0,
  "spacing_y": 2.0,
  "spacing_z": 1.9999998807907104,
  "summary_bg_k": 23.641246477414555,
  "summary_bg_mad": 5.52772738348099,
  "summary_bg_mean": 41.70510482788086,
  "summary_bg_median": 18.515432357788086,
  "summary_bg_n": 543974.0,
  "summary_bg_p05": 14.429012298583984,
  "summary_bg_p95": 163.7171279907226,
  "summary_bg_stdv": 65.68074798583984,
  "summary_fg_k": 1.4875248893558242,
  "summary_fg_mad": 197.1265973220686,
  "summary_fg_mean": 590.5209350585938,
  "summary_fg_median": 559.6141967773438,
  "summary_fg_n": 137397.0,
  "summary_fg_p05": 308.7314758300781,
  "summary_fg_p95": 1010.2889160156247,
  "summary_fg_stdv": 218.24330139160156,
  "tsnr": 34.34556942956988
}