{
  "aor": 0.0004062269938650307,
  "aqi": 0.007925459417177915,
  "bids_meta": {
    "AcquisitionMatrixPE": 104,
    "AcquisitionNumber": 1,
    "AcquisitionTime": "11:13:55.910000",
    "BandwidthPerPixelPhaseEncode": 17.17,
    "BaseResolution": 104,
    "BodyPartExamined": "BRAIN",
    "CoilString": "HC1-7;NC1_2",
    "ConsistencyInfo": "N4_VE11C_LATEST_20160120",
    "ConversionSoftware": "dcm2niix",
    "ConversionSoftwareVersion": "v1.0.20181125  (JP2:OpenJPEG) GCC6.3.0",
    "DerivedVendorReportedEchoSpacing": 0.000560011,
    "DeviceSerialNumber": "167001",
    "DwellTime": 2.1e-06,
    "EchoTime": 0.03,
    "EchoTrainLength": 91,
    "EffectiveEchoSpacing": 0.000560011,
    "FlipAngle": 52,
    "ImageOrientationPatientDICOM": [
      0.999287,
      0.0167673,
      0.0338242,
      -0.017617,
      0.999533,
      0.0249836
    ],
    "ImageType": [
      "ORIGINAL",
      "PRIMARY",
      "M",
      "ND",
      "MOSAIC"
    ],
    "ImagingFrequency": 123.229,
    "InPlanePhaseEncodingDirectionDICOM": "COL",
    "InstitutionAddress": "Cooper_60_St._Lucia_QLD_AU_4072",
    "InstitutionName": "St_Lucia_Campus",
    "InstitutionalDepartmentName": "Gehrmann_Labs_MRI",
    "MRAcquisitionType": "2D",
    "MagneticFieldStrength": 3,
    "Manufacturer": "Siemens",
    "ManufacturersModelName": "Prisma_fit",
    "Modality": "MR",
    "MultibandAccelerationFactor": 6,
    "PartialFourier": 0.875,
    "PatientPosition": "HFS",
    "PercentPhaseFOV": 100,
    "PhaseEncodingDirection": "j-",
    "PhaseEncodingSteps": 91,
    "PhaseResolution": 1,
    "PixelBandwidth": 2290,
    "ProcedureStepDescription": "Research_16092_QTAB",
    "ProtocolName": "ep2d_REST_SMS6_A-P",
    "PulseSequenceDetails": "%SiemensSeq%_ep2d_bold",
    "ReceiveCoilActiveElements": "HC1-7;NC1,2",
    "ReceiveCoilName": "HeadNeck_64",
    "ReconMatrixPE": 104,
    "RepetitionTime": 0.93,
    "SAR": 0.0634917,
    "ScanOptions": "PFP_FS",
    "ScanningSequence": "EP",
    "SequenceName": "_epfid2d1_104",
    "SequenceVariant": "SK",
    "SeriesDescription": "ep2d_REST_SMS6_A-P",
    "SeriesNumber": 9,
    "ShimSetting": [
      3050,
      -4183,
      -815,
      338,
      13,
      46,
      -26,
      -15
    ],
    "SliceThickness": 2,
    "SliceTiming": [
      0.6825,
      0,
      0.455,
      0.075,
      0.53,
      0.15,
      0.605,
      0.3025,
      0.7575,
      0.3775,
      0.8325,
      0.2275,
      0.6825,
      0,
      0.455,
      0.075,
      0.53,
      0.15,
      0.605,
      0.3025,
      0.7575,
      0.3775,
      0.8325,
      0.2275,
      0.6825,
      0,
      0.455,
      0.075,
      0.53,
      0.15,
      0.605,
      0.3025,
      0.7575,
      0.3775,
      0.8325,
      0.2275,
      0.6825,
      0,
      0.455,
      0.075,
      0.53,
      0.15,
      0.605,
      0.3025,
      0.7575,
      0.3775,
      0.8325,
      0.2275,
      0.6825,
      0,
      0.455,
      0.075,
      0.53,
      0.15,
      0.605,
      0.3025,
      0.7575,
      0.3775,
      0.8325,
      0.2275,
      0.6825,
      0,
      0.455,
      0.075,
      0.53,
      0.15,
      0.605,
      0.3025,
      0.7575,
      0.3775,
      0.8325,
      0.2275
    ],
    "SoftwareVersions": "syngo_MR_E11",
    "SpacingBetweenSlices": 2,
    "StationName": "mrc_Trio",
    "TaskName": "rest",
    "TotalReadoutTime": 0.0576811,
    "TxRefAmp": 214.079,
    "dataset": "ds004146",
    "modality": "bold",
    "session_id": "01",
    "subject_id": "0398",
    "task_id": "rest"
  },
  "dummy_trs": 1,
  "dvars_nstd": 42.18894990190765,
  "dvars_std": 1.0853134982153843,
  "dvars_vstd": 0.9851518243384625,
  "efc": 0.524207487945416,
  "fber": 879.0927734375,
  "fd_mean": 0.18624721497267896,
  "fd_num": 144,
  "fd_perc": 44.171779141104295,
  "fwhm_avg": 2.972645,
  "fwhm_x": 2.74737,
  "fwhm_y": 3.12756,
  "fwhm_z": 3.043005,
  "gcor": 0.00412694,
  "gsr_x": -0.023379504680633545,
  "gsr_y": 0.06224474310874939,
  "provenance": {
    "md5sum": "1101003b0dc7a5cc9c0232b2e5cde7f9",
    "settings": {
      "fd_thres": 0.2,
      "testing": false
    },
    "software": "mriqc",
    "version": "23.0.1",
    "webapi_port": null,
    "webapi_url": "https://mriqc.nimh.nih.gov/api/v1"
  },
  "size_t": 326,
  "size_x": 104,
  "size_y": 104,
  "size_z": 72,
  "snr": 2.8376772604052847,
  "spacing_tr": 0.9300000071525574,
  "spacing_x": 2.0,
  "spacing_y": 2.0,
  "spacing_z": 2.0,
  "summary_bg_k": 47.30026379422345,
  "summary_bg_mad": 5.648440774217489,
  "summary_bg_mean": 36.232173919677734,
  "summary_bg_median": 18.717790603637695,
  "summary_bg_n": 514888.0,
  "summary_bg_p05": 14.346625328063965,
  "summary_bg_p95": 118.48465728759766,
  "summary_bg_stdv": 52.83800506591797,
  "summary_fg_k": 0.7861363613284302,
  "summary_fg_mad": 192.13797205333773,
  "summary_fg_mean": 589.7830810546875,
  "summary_fg_median": 561.1441650390625,
  "summary_fg_n": 163723.0,
  "summary_fg_p05": 329.9671691894531,
  "summary_fg_p95": 952.5478454589843,
  "summary_fg_stdv": 197.74710083007812,
  "tsnr": 34.13970964390319
}