{
  "bids_meta": {
    "AcquisitionMatrixPE": 256,
    "AcquisitionNumber": 1,
    "AcquisitionTime": "10:53:5.115000",
    "BaseResolution": 256,
    "BodyPartExamined": "BRAIN",
    "CoilString": "HC1-7;NC1_2",
    "ConsistencyInfo": "N4_VE11C_LATEST_20160120",
    "ConversionSoftware": "dcm2niix",
    "ConversionSoftwareVersion": "v1.0.20190410  GCC6.3.0",
    "DeviceSerialNumber": "167001",
    "DwellTime": 2.6e-06,
    "EchoTime": 0.408,
    "EchoTrainLength": 259,
    "FlipAngle": 120,
    "ImageOrientationPatientDICOM": [
      0.00170486,
      0.999997,
      0.00174376,
      0.0425969,
      0.00166956,
      -0.999091
    ],
    "ImageType": [
      "ORIGINAL",
      "PRIMARY",
      "M",
      "ND",
      "NORM"
    ],
    "ImagingFrequency": 123.229,
    "InPlanePhaseEncodingDirectionDICOM": "ROW",
    "InstitutionAddress": "Cooper_60_St._Lucia_QLD_AU_4072",
    "InstitutionName": "Centre_for_Advanced_Imaging",
    "InstitutionalDepartmentName": "Gehrmann_Labs_MRI",
    "MRAcquisitionType": "3D",
    "MagneticFieldStrength": 3,
    "Manufacturer": "Siemens",
    "ManufacturersModelName": "Prisma_fit",
    "Modality": "MR",
    "PartialFourier": 1,
    "PatientPosition": "HFS",
    "PercentPhaseFOV": 100,
    "PhaseEncodingSteps": 233,
    "PhaseResolution": 1,
    "PixelBandwidth": 750,
    "ProcedureStepDescription": "Research_16092_QTAB",
    "ProtocolName": "t2_spc_sag_p2_iso",
    "PulseSequenceDetails": "%SiemensSeq%_tse_vfl",
    "ReceiveCoilActiveElements": "HC1-7;NC1,2",
    "ReceiveCoilName": "HeadNeck_64",
    "ReconMatrixPE": 256,
    "RefLinesPE": 24,
    "RepetitionTime": 3.2,
    "SAR": 0.13714,
    "ScanOptions": "PFP",
    "ScanningSequence": "SE",
    "SequenceName": "_spcR_282ns",
    "SequenceVariant": "SK_SP",
    "SeriesDescription": "t2_spc_sag_p2_iso",
    "SeriesNumber": 33,
    "ShimSetting": [
      3046,
      -4168,
      -1041,
      -17,
      -5,
      41,
      -30,
      -10
    ],
    "SliceThickness": 1,
    "SoftwareVersions": "syngo_MR_E11",
    "StationName": "mrc_Trio",
    "TxRefAmp": 211.52,
    "dataset": "ds004146",
    "modality": "T2w",
    "session_id": "02",
    "subject_id": "0372"
  },
  "cjv": 2.6907163460146992,
  "cnr": 0.6105040303856804,
  "efc": 0.5955249827983696,
  "fber": -1.0,
  "fwhm_avg": 3.805387443295308,
  "fwhm_x": 4.000674940385298,
  "fwhm_y": 4.018224940123782,
  "fwhm_z": 3.3972624493768446,
  "icvs_csf": 0.35354922243137565,
  "icvs_gm": 0.49310758419778145,
  "icvs_wm": 0.15334319337084285,
  "inu_med": 1.0254555940628052,
  "inu_range": 0.3357437282800674,
  "provenance": {
    "md5sum": "bf40678d23cf1ff2121ad59ccee7d5f5",
    "settings": {
      "testing": false
    },
    "software": "mriqc",
    "version": "23.0.1",
    "warnings": {
      "large_rot_frame": true,
      "small_air_mask": false
    },
    "webapi_port": null,
    "webapi_url": "https://mriqc.nimh.nih.gov/api/v1"
  },
  "qi_1": 0.09794764190032987,
  "qi_2": 0.016947650283291732,
  "rpve_csf": 13.730181770846736,
  "rpve_gm": 11.4446877877447,
  "rpve_wm": 37.09824656361206,
  "size_x": 192,
  "size_y": 300,
  "size_z": 320,
  "snr_csf": 14.751698987556585,
  "snr_gm": 13.592289011124421,
  "snr_total": 9.878232121062727,
  "snr_wm": 1.290708364507172,
  "snrd_csf": 144.0212101498281,
  "snrd_gm": 95.0200671538384,
  "snrd_total": 139.84923471484348,
  "snrd_wm": 180.5064268408639,
  "spacing_x": 0.800000011920929,
  "spacing_y": 0.800000011920929,
  "spacing_z": 0.800000011920929,
  "summary_bg_k": 21.0987787891338,
  "summary_bg_mad": 0.0,
  "summary_bg_mean": 1.4034627467707663,
  "summary_bg_median": 0.0,
  "summary_bg_n": 1283622.0,
  "summary_bg_p05": 0.0,
  "summary_bg_p95": 7.924634125083685,
  "summary_bg_stdv": 3.669594791137687,
  "summary_csf_k": 1.144029794373301,
  "summary_csf_mad": 49.92140272998728,
  "summary_csf_mean": 811.1574240731314,
  "summary_csf_median": 806.7014480940998,
  "summary_csf_n": 69882.0,
  "summary_csf_p05": 731.302335858345,
  "summary_csf_p95": 907.7142273494973,
  "summary_csf_stdv": 54.68493336740209,
  "summary_gm_k": 0.22373453924735776,
  "summary_gm_mad": 40.70739382767517,
  "summary_gm_mean": 532.5935116594269,
  "summary_gm_median": 532.2328960523009,
  "summary_gm_n": 337307.0,
  "summary_gm_p05": 471.2362308986485,
  "summary_gm_p95": 595.1367345638573,
  "summary_gm_stdv": 39.15691512090271,
  "summary_wm_k": -1.7661917734257302,
  "summary_wm_mad": 1247.6938086607074,
  "summary_wm_mean": 927.3090666647199,
  "summary_wm_median": 1011.064938083291,
  "summary_wm_n": 74175.0,
  "summary_wm_p05": 26.79907390847802,
  "summary_wm_p95": 1967.9727292619646,
  "summary_wm_stdv": 783.3358413571788,
  "tpm_overlap_csf": 0.11092928170534436,
  "tpm_overlap_gm": 0.3192068445791669,
  "tpm_overlap_wm": 0.042933051894881225,
  "wm2max": 0.5298821258702695
}