{
  "aor": 0.0022879816513761467,
  "aqi": 0.006659167645259939,
  "bids_meta": {
    "AcquisitionMatrixPE": 104,
    "AcquisitionNumber": 1,
    "AcquisitionTime": "10:25:25.787500",
    "BandwidthPerPixelPhaseEncode": 17.17,
    "BaseResolution": 104,
    "BodyPartExamined": "BRAIN",
    "ConsistencyInfo": "N4_VE11C_LATEST_20160120",
    "ConversionSoftware": "dcm2niix",
    "ConversionSoftwareVersion": "v1.0.20171215 GCC6.3.0",
    "DerivedVendorReportedEchoSpacing": 0.000560011,
    "DeviceSerialNumber": "167001",
    "DwellTime": 2.1e-06,
    "EchoTime": 0.03,
    "EchoTrainLength": 91,
    "EffectiveEchoSpacing": 0.000560011,
    "FlipAngle": 52,
    "ImageOrientationPatientDICOM": [
      0.998305,
      0.0204943,
      -0.0544619,
      -0.0315474,
      0.977063,
      -0.210601
    ],
    "ImageType": [
      "ORIGINAL",
      "PRIMARY",
      "M",
      "ND",
      "MOSAIC"
    ],
    "InPlanePhaseEncodingDirectionDICOM": "COL",
    "InstitutionAddress": "Cooper_60_St._Lucia_QLD_AU_4072",
    "InstitutionName": "St_Lucia_Campus",
    "InstitutionalDepartmentName": "Gehrmann_Labs_MRI",
    "MRAcquisitionType": "2D",
    "MagneticFieldStrength": 3,
    "Manufacturer": "Siemens",
    "ManufacturersModelName": "Prisma_fit",
    "Modality": "MR",
    "MultibandAccelerationFactor": 6,
    "PartialFourier": 0.875,
    "PatientPosition": "HFS",
    "PercentPhaseFOV": 100,
    "PhaseEncodingDirection": "j",
    "PhaseEncodingSteps": 91,
    "PhaseResolution": 1,
    "PixelBandwidth": 2290,
    "ProcedureStepDescription": "Research_16092_QTAB",
    "ProtocolName": "ep2d_REST_SMS6_P-A",
    "PulseSequenceDetails": "%SiemensSeq%_ep2d_bold",
    "ReceiveCoilActiveElements": "HC1-7;NC1,2",
    "ReceiveCoilName": "HeadNeck_64",
    "ReconMatrixPE": 104,
    "RepetitionTime": 0.93,
    "SAR": 0.0580682,
    "ScanOptions": "PFP_FS",
    "ScanningSequence": "EP",
    "SequenceName": "_epfid2d1_104",
    "SequenceVariant": "SK",
    "SeriesDescription": "ep2d_REST_SMS6_P-A",
    "SeriesNumber": 10,
    "ShimSetting": [
      3019,
      -4213,
      -740,
      438,
      24,
      -52,
      -123,
      -24
    ],
    "SliceThickness": 2,
    "SliceTiming": [
      0.6825,
      0,
      0.455,
      0.0775,
      0.5325,
      0.1525,
      0.6075,
      0.305,
      0.76,
      0.38,
      0.835,
      0.2275,
      0.6825,
      0,
      0.455,
      0.0775,
      0.5325,
      0.1525,
      0.6075,
      0.305,
      0.76,
      0.38,
      0.835,
      0.2275,
      0.6825,
      0,
      0.455,
      0.0775,
      0.5325,
      0.1525,
      0.6075,
      0.305,
      0.76,
      0.38,
      0.835,
      0.2275,
      0.6825,
      0,
      0.455,
      0.0775,
      0.5325,
      0.1525,
      0.6075,
      0.305,
      0.76,
      0.38,
      0.835,
      0.2275,
      0.6825,
      0,
      0.455,
      0.0775,
      0.5325,
      0.1525,
      0.6075,
      0.305,
      0.76,
      0.38,
      0.835,
      0.2275,
      0.6825,
      0,
      0.455,
      0.0775,
      0.5325,
      0.1525,
      0.6075,
      0.305,
      0.76,
      0.38,
      0.835,
      0.2275
    ],
    "SoftwareVersions": "syngo_MR_E11",
    "SpacingBetweenSlices": 2,
    "StationName": "mrc_Trio",
    "TaskName": "rest",
    "TotalReadoutTime": 0.0576811,
    "TxRefAmp": 213.841,
    "dataset": "ds004146",
    "modality": "bold",
    "session_id": "01",
    "subject_id": "0344",
    "task_id": "rest"
  },
  "dummy_trs": 0,
  "dvars_nstd": 41.566835485398755,
  "dvars_std": 1.1172185843251525,
  "dvars_vstd": 1.0264711661656436,
  "efc": 0.5127074525046064,
  "fber": 862.8134765625,
  "fd_mean": 0.14233070051706892,
  "fd_num": 45,
  "fd_perc": 13.761467889908257,
  "fwhm_avg": 2.851148333333333,
  "fwhm_x": 2.67654,
  "fwhm_y": 2.935985,
  "fwhm_z": 2.94092,
  "gcor": 0.0236476,
  "gsr_x": 0.0034218155778944492,
  "gsr_y": 0.04536928981542587,
  "provenance": {
    "md5sum": "8efd879fd822e85073e1cc75e0f8d4d6",
    "settings": {
      "fd_thres": 0.2,
      "testing": false
    },
    "software": "mriqc",
    "version": "23.0.1",
    "webapi_port": null,
    "webapi_url": "https://mriqc.nimh.nih.gov/api/v1"
  },
  "size_t": 327,
  "size_x": 104,
  "size_y": 104,
  "size_z": 72,
  "snr": 2.9567269039203166,
  "spacing_tr": 0.9300000071525574,
  "spacing_x": 2.0,
  "spacing_y": 2.0,
  "spacing_z": 2.0,
  "summary_bg_k": 47.91555168278042,
  "summary_bg_mad": 5.699177867197736,
  "summary_bg_mean": 38.922664642333984,
  "summary_bg_median": 18.461774826049805,
  "summary_bg_n": 537762.0,
  "summary_bg_p05": 14.235474586486816,
  "summary_bg_p95": 145.87753219604477,
  "summary_bg_stdv": 61.143409729003906,
  "summary_fg_k": 0.13222451910397215,
  "summary_fg_mad": 189.3514418155721,
  "summary_fg_mean": 566.62841796875,
  "summary_fg_median": 544.574951171875,
  "summary_fg_n": 143411.0,
  "summary_fg_p05": 310.4770812988281,
  "summary_fg_p95": 896.2981872558594,
  "summary_fg_stdv": 184.18104553222656,
  "tsnr": 35.27978392923251
}