{
  "bids_meta": {
    "AcquisitionMatrixPE": 256,
    "AcquisitionNumber": 1,
    "AcquisitionTime": "12:25:12.400000",
    "BaseResolution": 256,
    "BodyPartExamined": "BRAIN",
    "CoilString": "HC1-7;NC1_2",
    "ConsistencyInfo": "N4_VE11C_LATEST_20160120",
    "ConversionSoftware": "dcm2niix",
    "ConversionSoftwareVersion": "v1.0.20190410  GCC6.3.0",
    "DeviceSerialNumber": "167001",
    "DwellTime": 2.6e-06,
    "EchoTime": 0.408,
    "EchoTrainLength": 259,
    "FlipAngle": 120,
    "ImageOrientationPatientDICOM": [
      0.0277321,
      0.998738,
      0.0418726,
      -0.0108098,
      0.0421859,
      -0.999051
    ],
    "ImageType": [
      "ORIGINAL",
      "PRIMARY",
      "M",
      "ND",
      "NORM"
    ],
    "ImagingFrequency": 123.229,
    "InPlanePhaseEncodingDirectionDICOM": "ROW",
    "InstitutionAddress": "Cooper_60_St._Lucia_QLD_AU_4072",
    "InstitutionName": "St_Lucia_Campus",
    "InstitutionalDepartmentName": "Gehrmann_Labs_MRI",
    "MRAcquisitionType": "3D",
    "MagneticFieldStrength": 3,
    "Manufacturer": "Siemens",
    "ManufacturersModelName": "Prisma_fit",
    "Modality": "MR",
    "PartialFourier": 1,
    "PatientPosition": "HFS",
    "PercentPhaseFOV": 100,
    "PhaseEncodingSteps": 233,
    "PhaseResolution": 1,
    "PixelBandwidth": 750,
    "ProcedureStepDescription": "Research_16092_QTAB",
    "ProtocolName": "t2_spc_sag_p2_iso",
    "PulseSequenceDetails": "%SiemensSeq%_tse_vfl",
    "ReceiveCoilActiveElements": "HC1-7;NC1,2",
    "ReceiveCoilName": "HeadNeck_64",
    "ReconMatrixPE": 256,
    "RefLinesPE": 24,
    "RepetitionTime": 3.2,
    "SAR": 0.170979,
    "ScanOptions": "PFP",
    "ScanningSequence": "SE",
    "SequenceName": "_spcR_282ns",
    "SequenceVariant": "SK_SP",
    "SeriesDescription": "t2_spc_sag_p2_iso",
    "SeriesNumber": 29,
    "ShimSetting": [
      3046,
      -4168,
      -1041,
      -17,
      -5,
      41,
      -30,
      -10
    ],
    "SliceThickness": 1,
    "SoftwareVersions": "syngo_MR_E11",
    "StationName": "mrc_Trio",
    "TxRefAmp": 211.366,
    "dataset": "ds004146",
    "modality": "T2w",
    "session_id": "02",
    "subject_id": "0130"
  },
  "cjv": 1.2306484683069558,
  "cnr": 1.0761547788001466,
  "efc": 0.5862914334465252,
  "fber": -1.0,
  "fwhm_avg": 4.313874935718254,
  "fwhm_x": 4.367949934912474,
  "fwhm_y": 4.670437430405059,
  "fwhm_z": 3.9032374418372298,
  "icvs_csf": 0.49186773488619584,
  "icvs_gm": 0.12306767865239564,
  "icvs_wm": 0.3850645864614085,
  "inu_med": 1.041354775428772,
  "inu_range": 0.31385443210601804,
  "provenance": {
    "md5sum": "72fc513ea78e05e18a8e465fbbf3428d",
    "settings": {
      "testing": false
    },
    "software": "mriqc",
    "version": "23.0.1",
    "warnings": {
      "large_rot_frame": true,
      "small_air_mask": false
    },
    "webapi_port": null,
    "webapi_url": "https://mriqc.nimh.nih.gov/api/v1"
  },
  "qi_1": 0.06048839568886739,
  "qi_2": 0.04213097919715285,
  "rpve_csf": 10.836171329848636,
  "rpve_gm": 37.4334527642792,
  "rpve_wm": 13.568266839650288,
  "size_x": 192,
  "size_y": 300,
  "size_z": 320,
  "snr_csf": 19.865849794017905,
  "snr_gm": 1.6585542636825927,
  "snr_total": 11.935401119167423,
  "snr_wm": 14.281799299801776,
  "snrd_csf": 184.60990092817693,
  "snrd_gm": 363.53654333584007,
  "snrd_total": 225.20231890831084,
  "snrd_wm": 127.46051246091551,
  "spacing_x": 0.800000011920929,
  "spacing_y": 0.800000011920929,
  "spacing_z": 0.800000011920929,
  "summary_bg_k": 38.88479660122542,
  "summary_bg_mad": 0.0,
  "summary_bg_mean": 1.3916783558366785,
  "summary_bg_median": 0.0,
  "summary_bg_n": 1539236.0,
  "summary_bg_p05": 0.0,
  "summary_bg_p95": 13.557279109954834,
  "summary_bg_stdv": 5.139916419736634,
  "summary_csf_k": 0.18121392160829508,
  "summary_csf_mad": 72.47185446317683,
  "summary_csf_mean": 1450.4954832718226,
  "summary_csf_median": 1448.3693182468414,
  "summary_csf_n": 258680.0,
  "summary_csf_p05": 1335.9945380687714,
  "summary_csf_p95": 1572.9456496238708,
  "summary_csf_stdv": 72.90735275475707,
  "summary_gm_k": -1.6063690951916512,
  "summary_gm_mad": 2205.4223815835785,
  "summary_gm_mean": 2329.7225197806183,
  "summary_gm_median": 2852.150251865387,
  "summary_gm_n": 75534.0,
  "summary_gm_p05": 62.664756774902344,
  "summary_gm_p95": 4530.191175967454,
  "summary_gm_stdv": 1719.6491151034627,
  "summary_wm_k": -0.34560779555962595,
  "summary_wm_mad": 73.92352489156096,
  "summary_wm_mean": 1000.9684817479539,
  "summary_wm_median": 999.9999707937241,
  "summary_wm_n": 338043.0,
  "summary_wm_p05": 887.4745541810989,
  "summary_wm_p95": 1115.9900254011154,
  "summary_wm_stdv": 70.01908307903345,
  "tpm_overlap_csf": 0.1074225463939456,
  "tpm_overlap_gm": 0.0678050284735414,
  "tpm_overlap_wm": 0.4693122216431555,
  "wm2max": 0.22964231354642314
}