{
  "bids_meta": {
    "AcquisitionMatrixPE": 256,
    "AcquisitionNumber": 1,
    "AcquisitionTime": "11:02:47.102500",
    "BaseResolution": 256,
    "BodyPartExamined": "BRAIN",
    "CoilString": "HC1-7;NC1_2",
    "ConsistencyInfo": "N4_VE11C_LATEST_20160120",
    "ConversionSoftware": "dcm2niix",
    "ConversionSoftwareVersion": "v1.0.20190410  GCC6.3.0",
    "DeviceSerialNumber": "167001",
    "DwellTime": 2.6e-06,
    "EchoTime": 0.408,
    "EchoTrainLength": 259,
    "FlipAngle": 120,
    "ImageOrientationPatientDICOM": [
      -0.00383928,
      0.999869,
      0.0157047,
      -0.0182856,
      0.015632,
      -0.999711
    ],
    "ImageType": [
      "ORIGINAL",
      "PRIMARY",
      "M",
      "ND",
      "NORM"
    ],
    "ImagingFrequency": 123.229,
    "InPlanePhaseEncodingDirectionDICOM": "ROW",
    "InstitutionAddress": "Cooper_60_St._Lucia_QLD_AU_4072",
    "InstitutionName": "St_Lucia_Campus",
    "InstitutionalDepartmentName": "Gehrmann_Labs_MRI",
    "MRAcquisitionType": "3D",
    "MagneticFieldStrength": 3,
    "Manufacturer": "Siemens",
    "ManufacturersModelName": "Prisma_fit",
    "Modality": "MR",
    "PartialFourier": 1,
    "PatientPosition": "HFS",
    "PercentPhaseFOV": 100,
    "PhaseEncodingSteps": 233,
    "PhaseResolution": 1,
    "PixelBandwidth": 750,
    "ProcedureStepDescription": "Research_16092_QTAB",
    "ProtocolName": "t2_spc_sag_p2_iso",
    "PulseSequenceDetails": "%SiemensSeq%_tse_vfl",
    "ReceiveCoilActiveElements": "HC1-7;NC1,2",
    "ReceiveCoilName": "HeadNeck_64",
    "ReconMatrixPE": 256,
    "RefLinesPE": 24,
    "RepetitionTime": 3.2,
    "SAR": 0.182663,
    "ScanOptions": "PFP",
    "ScanningSequence": "SE",
    "SequenceName": "_spcR_282ns",
    "SequenceVariant": "SK_SP",
    "SeriesDescription": "t2_spc_sag_p2_iso",
    "SeriesNumber": 33,
    "ShimSetting": [
      3046,
      -4168,
      -1041,
      -17,
      -5,
      41,
      -30,
      -10
    ],
    "SliceThickness": 1,
    "SoftwareVersions": "syngo_MR_E11",
    "StationName": "mrc_Trio",
    "TxRefAmp": 211.81,
    "dataset": "ds004146",
    "modality": "T2w",
    "session_id": "02",
    "subject_id": "0198"
  },
  "cjv": 7.303653189082156,
  "cnr": 0.15429421251805878,
  "efc": 0.66371008509669,
  "fber": 1331.4990770377144,
  "fwhm_avg": 4.061266606149078,
  "fwhm_x": 3.9600374409908436,
  "fwhm_y": 4.335837435390987,
  "fwhm_z": 3.8879249420654034,
  "icvs_csf": 0.40487723548717397,
  "icvs_gm": 0.4694527089046462,
  "icvs_wm": 0.12567005560817984,
  "inu_med": 1.0133705735206604,
  "inu_range": 0.3602940171957014,
  "provenance": {
    "md5sum": "a8d0b227d186f60049e6dcdbdc015da5",
    "settings": {
      "testing": false
    },
    "software": "mriqc",
    "version": "23.0.1",
    "warnings": {
      "large_rot_frame": true,
      "small_air_mask": false
    },
    "webapi_port": null,
    "webapi_url": "https://mriqc.nimh.nih.gov/api/v1"
  },
  "qi_1": 0.0,
  "qi_2": 0.008517125065214376,
  "rpve_csf": 9.537258347422144,
  "rpve_gm": 8.808463611202555,
  "rpve_wm": 32.57827346126324,
  "size_x": 192,
  "size_y": 300,
  "size_z": 320,
  "snr_csf": 16.441861334627763,
  "snr_gm": 14.786779716011896,
  "snr_total": 10.683072522871383,
  "snr_wm": 0.8205765179744884,
  "snrd_csf": 72.45530499579675,
  "snrd_gm": 50.199501222590804,
  "snrd_total": 54.96366228453474,
  "snrd_wm": 42.236180635216684,
  "spacing_x": 0.800000011920929,
  "spacing_y": 0.800000011920929,
  "spacing_z": 0.800000011920929,
  "summary_bg_k": 2.7269782856008833,
  "summary_bg_mad": 15.752948764439248,
  "summary_bg_mean": 30.03612907141243,
  "summary_bg_median": 10.625202476978302,
  "summary_bg_n": 1926535.0,
  "summary_bg_p05": 0.0,
  "summary_bg_p95": 115.77583430707455,
  "summary_bg_stdv": 41.14729499484989,
  "summary_csf_k": 0.16961243166198825,
  "summary_csf_mad": 106.33240415996492,
  "summary_csf_mean": 1746.9118488556476,
  "summary_csf_median": 1742.2092671245337,
  "summary_csf_n": 156232.0,
  "summary_csf_p05": 1583.6734716296196,
  "summary_csf_p95": 1927.5024322718382,
  "summary_csf_stdv": 105.96146360475781,
  "summary_gm_k": -0.1303399588823,
  "summary_gm_mad": 84.33590862913206,
  "summary_gm_mean": 1208.2314679244887,
  "summary_gm_median": 1207.061874076724,
  "summary_gm_n": 294907.0,
  "summary_gm_p05": 1076.8383559137583,
  "summary_gm_p95": 1343.1162960380316,
  "summary_gm_stdv": 81.63101437530491,
  "summary_wm_k": -1.6678045127641297,
  "summary_wm_mad": 1314.1705397602168,
  "summary_wm_mean": 1544.691667248905,
  "summary_wm_median": 1015.5814721211791,
  "summary_wm_n": 88352.0,
  "summary_wm_p05": 122.80855216607452,
  "summary_wm_p95": 3283.087144265324,
  "summary_wm_stdv": 1237.6368351996352,
  "tpm_overlap_csf": 0.10292186107784337,
  "tpm_overlap_gm": 0.32367594989707965,
  "tpm_overlap_wm": 0.04875682446899796,
  "wm2max": 0.3231662062425267
}