{
  "aor": 0.0008695705521472391,
  "aqi": 0.006861577638036811,
  "bids_meta": {
    "AcquisitionMatrixPE": 104,
    "AcquisitionNumber": 1,
    "AcquisitionTime": "12:11:47.027500",
    "BandwidthPerPixelPhaseEncode": 17.17,
    "BaseResolution": 104,
    "BodyPartExamined": "BRAIN",
    "ConsistencyInfo": "N4_VE11C_LATEST_20160120",
    "ConversionSoftware": "dcm2niix",
    "ConversionSoftwareVersion": "v1.0.20171215 GCC6.3.0",
    "DerivedVendorReportedEchoSpacing": 0.000560011,
    "DeviceSerialNumber": "167001",
    "DwellTime": 2.1e-06,
    "EchoTime": 0.03,
    "EchoTrainLength": 91,
    "EffectiveEchoSpacing": 0.000560011,
    "FlipAngle": 52,
    "ImageOrientationPatientDICOM": [
      0.999399,
      0.0346139,
      0.00160796,
      -0.0326296,
      0.955699,
      -0.292532
    ],
    "ImageType": [
      "ORIGINAL",
      "PRIMARY",
      "M",
      "ND",
      "MOSAIC"
    ],
    "InPlanePhaseEncodingDirectionDICOM": "COL",
    "InstitutionAddress": "Cooper_60_St._Lucia_QLD_AU_4072",
    "InstitutionName": "St_Lucia_Campus",
    "InstitutionalDepartmentName": "Gehrmann_Labs_MRI",
    "MRAcquisitionType": "2D",
    "MagneticFieldStrength": 3,
    "Manufacturer": "Siemens",
    "ManufacturersModelName": "Prisma_fit",
    "Modality": "MR",
    "MultibandAccelerationFactor": 6,
    "PartialFourier": 0.875,
    "PatientPosition": "HFS",
    "PercentPhaseFOV": 100,
    "PhaseEncodingDirection": "j",
    "PhaseEncodingSteps": 91,
    "PhaseResolution": 1,
    "PixelBandwidth": 2290,
    "ProcedureStepDescription": "Research_16092_QTAB",
    "ProtocolName": "ep2d_REST_SMS6_P-A",
    "PulseSequenceDetails": "%SiemensSeq%_ep2d_bold",
    "ReceiveCoilActiveElements": "HC1-7;NC1,2",
    "ReceiveCoilName": "HeadNeck_64",
    "ReconMatrixPE": 104,
    "RepetitionTime": 0.93,
    "SAR": 0.0771352,
    "ScanOptions": "PFP_FS",
    "ScanningSequence": "EP",
    "SequenceName": "_epfid2d1_104",
    "SequenceVariant": "SK",
    "SeriesDescription": "ep2d_REST_SMS6_P-A",
    "SeriesNumber": 14,
    "ShimSetting": [
      3062,
      -4163,
      -771,
      436,
      0,
      142,
      -28,
      30
    ],
    "SliceThickness": 2,
    "SliceTiming": [
      0.6825,
      0,
      0.455,
      0.075,
      0.53,
      0.15,
      0.605,
      0.3025,
      0.7575,
      0.3775,
      0.8325,
      0.2275,
      0.6825,
      0,
      0.455,
      0.075,
      0.53,
      0.15,
      0.605,
      0.3025,
      0.7575,
      0.3775,
      0.8325,
      0.2275,
      0.6825,
      0,
      0.455,
      0.075,
      0.53,
      0.15,
      0.605,
      0.3025,
      0.7575,
      0.3775,
      0.8325,
      0.2275,
      0.6825,
      0,
      0.455,
      0.075,
      0.53,
      0.15,
      0.605,
      0.3025,
      0.7575,
      0.3775,
      0.8325,
      0.2275,
      0.6825,
      0,
      0.455,
      0.075,
      0.53,
      0.15,
      0.605,
      0.3025,
      0.7575,
      0.3775,
      0.8325,
      0.2275,
      0.6825,
      0,
      0.455,
      0.075,
      0.53,
      0.15,
      0.605,
      0.3025,
      0.7575,
      0.3775,
      0.8325,
      0.2275
    ],
    "SoftwareVersions": "syngo_MR_E11",
    "SpacingBetweenSlices": 2,
    "StationName": "mrc_Trio",
    "TaskName": "rest",
    "TotalReadoutTime": 0.0576811,
    "TxRefAmp": 207.993,
    "dataset": "ds004146",
    "modality": "bold",
    "session_id": "01",
    "subject_id": "0031",
    "task_id": "rest"
  },
  "dummy_trs": 1,
  "dvars_nstd": 36.680646444676874,
  "dvars_std": 1.0684204964307695,
  "dvars_vstd": 1.0036457418153855,
  "efc": 0.5174851979127698,
  "fber": 1003.276123046875,
  "fd_mean": 0.19468938574959269,
  "fd_num": 145,
  "fd_perc": 44.47852760736196,
  "fwhm_avg": 3.059703333333333,
  "fwhm_x": 2.897145,
  "fwhm_y": 3.16394,
  "fwhm_z": 3.118025,
  "gcor": 0.00672771,
  "gsr_x": -0.008250587619841099,
  "gsr_y": 0.0446883961558342,
  "provenance": {
    "md5sum": "200c530b6988eae41cdb88d028b92943",
    "settings": {
      "fd_thres": 0.2,
      "testing": false
    },
    "software": "mriqc",
    "version": "23.0.1",
    "webapi_port": null,
    "webapi_url": "https://mriqc.nimh.nih.gov/api/v1"
  },
  "size_t": 326,
  "size_x": 104,
  "size_y": 104,
  "size_z": 72,
  "snr": 2.902343285198996,
  "spacing_tr": 0.9300000071525574,
  "spacing_x": 2.0,
  "spacing_y": 2.0,
  "spacing_z": 2.0,
  "summary_bg_k": 56.28728065814212,
  "summary_bg_mad": 6.1396110125873475,
  "summary_bg_mean": 37.53495788574219,
  "summary_bg_median": 19.122699737548828,
  "summary_bg_n": 519453.0,
  "summary_bg_p05": 14.432515144348145,
  "summary_bg_p95": 128.40184020996094,
  "summary_bg_stdv": 57.15401077270508,
  "summary_fg_k": 0.1981193363480811,
  "summary_fg_mad": 217.02384030655253,
  "summary_fg_mean": 632.042724609375,
  "summary_fg_median": 607.472412109375,
  "summary_fg_n": 159804.0,
  "summary_fg_p05": 343.0101058959961,
  "summary_fg_p95": 1009.6461303710939,
  "summary_fg_stdv": 209.303466796875,
  "tsnr": 37.38180222013034
}