{
  "aor": 0.002029105263157895,
  "aqi": 0.016910676842105263,
  "bids_meta": {
    "AcquisitionMatrixPE": 90,
    "AcquisitionNumber": 1,
    "AcquisitionTime": "14:30:26.892500",
    "BandwidthPerPixelPhaseEncode": 21.368,
    "BaseResolution": 90,
    "BodyPartExamined": "BRAIN",
    "CoilString": "HC1-7;NC1_2",
    "ConsistencyInfo": "N4_VE11C_LATEST_20160120",
    "ConversionSoftware": "dcm2niix",
    "ConversionSoftwareVersion": "v1.0.20190410  GCC6.3.0",
    "DerivedVendorReportedEchoSpacing": 0.000519988,
    "DeviceSerialNumber": "167001",
    "DwellTime": 2.2e-06,
    "EchoTime": 0.03,
    "EchoTrainLength": 90,
    "EffectiveEchoSpacing": 0.000519988,
    "FlipAngle": 52,
    "ImageOrientationPatientDICOM": [
      0.997464,
      0.0468572,
      -0.0535783,
      -0.0575133,
      0.974062,
      -0.218851
    ],
    "ImageType": [
      "ORIGINAL",
      "PRIMARY",
      "M",
      "ND",
      "NORM",
      "MOSAIC"
    ],
    "ImagingFrequency": 123.229,
    "InPlanePhaseEncodingDirectionDICOM": "COL",
    "InstitutionAddress": "Cooper_60_St._Lucia_QLD_AU_4072",
    "InstitutionName": "St_Lucia_Campus",
    "InstitutionalDepartmentName": "Gehrmann_Labs_MRI",
    "MRAcquisitionType": "2D",
    "MagneticFieldStrength": 3,
    "Manufacturer": "Siemens",
    "ManufacturersModelName": "Prisma_fit",
    "Modality": "MR",
    "MultibandAccelerationFactor": 6,
    "PartialFourier": 1,
    "PatientPosition": "HFS",
    "PercentPhaseFOV": 100,
    "PhaseEncodingDirection": "j-",
    "PhaseEncodingSteps": 90,
    "PhaseResolution": 1,
    "PixelBandwidth": 2525,
    "ProcedureStepDescription": "Research_16092_QTAB",
    "ProtocolName": "PARTLY_CLOUDY_mb6_2.4",
    "PulseSequenceDetails": "%SiemensSeq%_ep2d_bold",
    "ReceiveCoilActiveElements": "HC1-7;NC1,2",
    "ReceiveCoilName": "HeadNeck_64",
    "ReconMatrixPE": 90,
    "RefLinesPE": 12,
    "RepetitionTime": 0.8,
    "SAR": 0.0618293,
    "ScanOptions": "FS",
    "ScanningSequence": "EP",
    "SequenceName": "_epfid2d1_90",
    "SequenceVariant": "SK",
    "SeriesDescription": "PARTLY_CLOUDY_mb6_2.4",
    "SeriesNumber": 19,
    "ShimSetting": [
      3027,
      -4189,
      -794,
      507,
      40,
      -107,
      -102,
      8
    ],
    "SliceThickness": 2.4,
    "SliceTiming": [
      0.545,
      0,
      0.39,
      0.0775,
      0.4675,
      0.235,
      0.625,
      0.3125,
      0.7025,
      0.155,
      0.545,
      0,
      0.39,
      0.0775,
      0.4675,
      0.235,
      0.625,
      0.3125,
      0.7025,
      0.155,
      0.545,
      0,
      0.39,
      0.0775,
      0.4675,
      0.235,
      0.625,
      0.3125,
      0.7025,
      0.155,
      0.545,
      0,
      0.39,
      0.0775,
      0.4675,
      0.235,
      0.625,
      0.3125,
      0.7025,
      0.155,
      0.545,
      0,
      0.39,
      0.0775,
      0.4675,
      0.235,
      0.625,
      0.3125,
      0.7025,
      0.155,
      0.545,
      0,
      0.39,
      0.0775,
      0.4675,
      0.235,
      0.625,
      0.3125,
      0.7025,
      0.155
    ],
    "SoftwareVersions": "syngo_MR_E11",
    "SpacingBetweenSlices": 2.4,
    "StationName": "mrc_Trio",
    "TaskName": "partlycloudy",
    "TotalReadoutTime": 0.046279,
    "TxRefAmp": 209.659,
    "dataset": "ds004146",
    "modality": "bold",
    "session_id": "02",
    "subject_id": "0326",
    "task_id": "partlycloudy"
  },
  "dummy_trs": 0,
  "dvars_nstd": 32.48219740662269,
  "dvars_std": 1.1911950703166225,
  "dvars_vstd": 1.0229335728232185,
  "efc": 0.44627894821990427,
  "fber": 8407.505859375,
  "fd_mean": 0.14171809889981382,
  "fd_num": 66,
  "fd_perc": 17.36842105263158,
  "fwhm_avg": 1.7661221520428334,
  "fwhm_x": 1.6857540996808174,
  "fwhm_y": 1.9004040911513929,
  "fwhm_z": 1.7122082652962898,
  "gcor": 0.0251357,
  "gsr_x": -0.014787182211875916,
  "gsr_y": 0.0245494544506073,
  "provenance": {
    "md5sum": "43ea25f17d18d5f429ede629721714fc",
    "settings": {
      "fd_thres": 0.2,
      "testing": false
    },
    "software": "mriqc",
    "version": "23.0.1",
    "webapi_port": null,
    "webapi_url": "https://mriqc.nimh.nih.gov/api/v1"
  },
  "size_t": 380,
  "size_x": 90,
  "size_y": 90,
  "size_z": 60,
  "snr": 7.572998154334359,
  "spacing_tr": 0.800000011920929,
  "spacing_x": 2.4000000953674316,
  "spacing_y": 2.4000000953674316,
  "spacing_z": 2.4000000953674316,
  "summary_bg_k": 35.63724726437094,
  "summary_bg_mad": 4.572657528650291,
  "summary_bg_mean": 20.389650344848633,
  "summary_bg_median": 6.878947734832764,
  "summary_bg_n": 346432.0,
  "summary_bg_p05": 3.228947401046753,
  "summary_bg_p95": 85.61052703857422,
  "summary_bg_stdv": 41.46855163574219,
  "summary_fg_k": 2.8636258572981452,
  "summary_fg_mad": 78.32232615219772,
  "summary_fg_mean": 633.4839477539062,
  "summary_fg_median": 634.3961181640625,
  "summary_fg_n": 71884.0,
  "summary_fg_p05": 507.79634857177734,
  "summary_fg_p95": 763.0966247558594,
  "summary_fg_stdv": 83.77021789550781,
  "tsnr": 47.28326077200472
}