{
  "bids_meta": {
    "AcquisitionMatrixPE": 256,
    "AcquisitionNumber": 1,
    "AcquisitionTime": "14:53:19.220000",
    "BaseResolution": 256,
    "BodyPartExamined": "BRAIN",
    "CoilString": "HC1-7;NC1_2",
    "ConsistencyInfo": "N4_VE11C_LATEST_20160120",
    "ConversionSoftware": "dcm2niix",
    "ConversionSoftwareVersion": "v1.0.20190410  GCC6.3.0",
    "DeviceSerialNumber": "167001",
    "DwellTime": 2.6e-06,
    "EchoTime": 0.408,
    "EchoTrainLength": 259,
    "FlipAngle": 120,
    "ImageOrientationPatientDICOM": [
      -0.000524429,
      0.999452,
      0.0331105,
      0.0519241,
      0.033093,
      -0.998103
    ],
    "ImageType": [
      "ORIGINAL",
      "PRIMARY",
      "M",
      "ND",
      "NORM"
    ],
    "ImagingFrequency": 123.229,
    "InPlanePhaseEncodingDirectionDICOM": "ROW",
    "InstitutionAddress": "Cooper_60_St._Lucia_QLD_AU_4072",
    "InstitutionName": "St_Lucia_Campus",
    "InstitutionalDepartmentName": "Gehrmann_Labs_MRI",
    "MRAcquisitionType": "3D",
    "MagneticFieldStrength": 3,
    "Manufacturer": "Siemens",
    "ManufacturersModelName": "Prisma_fit",
    "Modality": "MR",
    "PartialFourier": 1,
    "PatientPosition": "HFS",
    "PercentPhaseFOV": 100,
    "PhaseEncodingSteps": 233,
    "PhaseResolution": 1,
    "PixelBandwidth": 750,
    "ProcedureStepDescription": "Research_16092_QTAB",
    "ProtocolName": "t2_spc_sag_p2_iso",
    "PulseSequenceDetails": "%SiemensSeq%_tse_vfl",
    "ReceiveCoilActiveElements": "HC1-7;NC1,2",
    "ReceiveCoilName": "HeadNeck_64",
    "ReconMatrixPE": 256,
    "RefLinesPE": 24,
    "RepetitionTime": 3.2,
    "SAR": 0.216995,
    "ScanOptions": "PFP",
    "ScanningSequence": "SE",
    "SequenceName": "_spcR_282ns",
    "SequenceVariant": "SK_SP",
    "SeriesDescription": "t2_spc_sag_p2_iso",
    "SeriesNumber": 32,
    "ShimSetting": [
      3046,
      -4168,
      -1041,
      -17,
      -5,
      41,
      -30,
      -10
    ],
    "SliceThickness": 1,
    "SoftwareVersions": "syngo_MR_E11",
    "StationName": "mrc_Trio",
    "TxRefAmp": 211.923,
    "dataset": "ds004146",
    "modality": "T2w",
    "session_id": "02",
    "subject_id": "0340"
  },
  "cjv": 1.2982593884456284,
  "cnr": 1.0569211489047827,
  "efc": 0.5950186238031483,
  "fber": 4590.726739715495,
  "fwhm_avg": 4.46783326675743,
  "fwhm_x": 4.382812434691005,
  "fwhm_y": 4.611862431277895,
  "fwhm_z": 4.408824934303389,
  "icvs_csf": 0.4593654484888972,
  "icvs_gm": 0.12593103501883918,
  "icvs_wm": 0.4147035164922636,
  "inu_med": 1.012434720993042,
  "inu_range": 0.2810538291931153,
  "provenance": {
    "md5sum": "03194d4b8196e009079994da86b182fb",
    "settings": {
      "testing": false
    },
    "software": "mriqc",
    "version": "23.0.1",
    "warnings": {
      "large_rot_frame": true,
      "small_air_mask": false
    },
    "webapi_port": null,
    "webapi_url": "https://mriqc.nimh.nih.gov/api/v1"
  },
  "qi_1": 0.0016648429910826356,
  "qi_2": 0.008464370282128196,
  "rpve_csf": 10.081639339147257,
  "rpve_gm": 33.959838227015496,
  "rpve_wm": 11.465064245342331,
  "size_x": 192,
  "size_y": 300,
  "size_z": 320,
  "snr_csf": 18.02329643249443,
  "snr_gm": 1.664184283653006,
  "snr_total": 10.888425894892082,
  "snr_wm": 12.977796968528812,
  "snrd_csf": 42.85396267097934,
  "snrd_gm": 79.054869109417,
  "snrd_total": 50.23229966681697,
  "snrd_wm": 28.788067220054575,
  "spacing_x": 0.800000011920929,
  "spacing_y": 0.800000011920929,
  "spacing_z": 0.800000011920929,
  "summary_bg_k": 3.9859374604619227,
  "summary_bg_mad": 0.0,
  "summary_bg_mean": 14.480586822244595,
  "summary_bg_median": 0.0,
  "summary_bg_n": 2456012.0,
  "summary_bg_p05": 0.0,
  "summary_bg_p95": 61.35250887274742,
  "summary_bg_stdv": 22.75722061200007,
  "summary_csf_k": 0.43883826244117463,
  "summary_csf_mad": 79.7329677471706,
  "summary_csf_mean": 1493.4044673460405,
  "summary_csf_median": 1488.6015837341547,
  "summary_csf_n": 172977.0,
  "summary_csf_p05": 1367.8855500668287,
  "summary_csf_p95": 1636.9338963329792,
  "summary_csf_stdv": 82.5929533154295,
  "summary_gm_k": -1.5158985457301712,
  "summary_gm_mad": 2186.9289958761647,
  "summary_gm_mean": 2334.966279952376,
  "summary_gm_median": 2746.098517462611,
  "summary_gm_n": 79227.0,
  "summary_gm_p05": 105.36260657161476,
  "summary_gm_p95": 4550.390124095976,
  "summary_gm_stdv": 1650.106429804568,
  "summary_wm_k": -0.18168766573673922,
  "summary_wm_mad": 79.95980407077565,
  "summary_wm_mean": 1001.0767175944436,
  "summary_wm_median": 999.9999949932098,
  "summary_wm_n": 289330.0,
  "summary_wm_p05": 876.7594815343618,
  "summary_wm_p95": 1128.4424668103456,
  "summary_wm_stdv": 77.0545470303022,
  "tpm_overlap_csf": 0.10687689224210975,
  "tpm_overlap_gm": 0.08195463440823621,
  "tpm_overlap_wm": 0.41093829655115544,
  "wm2max": 0.23138330825736791
}