{
  "aor": 0.0014081746031746032,
  "aqi": 0.01766075529100529,
  "bids_meta": {
    "AcquisitionMatrixPE": 90,
    "AcquisitionNumber": 1,
    "AcquisitionTime": "14:20:28.010000",
    "BandwidthPerPixelPhaseEncode": 21.368,
    "BaseResolution": 90,
    "BodyPartExamined": "BRAIN",
    "CoilString": "HC1-7;NC1_2",
    "ConsistencyInfo": "N4_VE11C_LATEST_20160120",
    "ConversionSoftware": "dcm2niix",
    "ConversionSoftwareVersion": "v1.0.20190410  GCC6.3.0",
    "DerivedVendorReportedEchoSpacing": 0.000519988,
    "DeviceSerialNumber": "167001",
    "DwellTime": 2.2e-06,
    "EchoTime": 0.03,
    "EchoTrainLength": 90,
    "EffectiveEchoSpacing": 0.000519988,
    "FlipAngle": 52,
    "ImageOrientationPatientDICOM": [
      0.999864,
      0.0032439,
      0.0161464,
      0.00052356,
      0.973653,
      -0.228034
    ],
    "ImageType": [
      "ORIGINAL",
      "PRIMARY",
      "M",
      "ND",
      "NORM",
      "MOSAIC"
    ],
    "ImagingFrequency": 123.229,
    "InPlanePhaseEncodingDirectionDICOM": "COL",
    "InstitutionAddress": "Cooper_60_St._Lucia_QLD_AU_4072",
    "InstitutionName": "St_Lucia_Campus",
    "InstitutionalDepartmentName": "Gehrmann_Labs_MRI",
    "MRAcquisitionType": "2D",
    "MagneticFieldStrength": 3,
    "Manufacturer": "Siemens",
    "ManufacturersModelName": "Prisma_fit",
    "Modality": "MR",
    "MultibandAccelerationFactor": 6,
    "PartialFourier": 1,
    "PatientPosition": "HFS",
    "PercentPhaseFOV": 100,
    "PhaseEncodingDirection": "j-",
    "PhaseEncodingSteps": 90,
    "PhaseResolution": 1,
    "PixelBandwidth": 2525,
    "ProcedureStepDescription": "Research_16092_QTAB",
    "ProtocolName": "PARTLY_CLOUDY_mb6_2.4",
    "PulseSequenceDetails": "%SiemensSeq%_ep2d_bold",
    "ReceiveCoilActiveElements": "HC1-7;NC1,2",
    "ReceiveCoilName": "HeadNeck_64",
    "ReconMatrixPE": 90,
    "RefLinesPE": 12,
    "RepetitionTime": 0.8,
    "SAR": 0.0820774,
    "ScanOptions": "FS",
    "ScanningSequence": "EP",
    "SequenceName": "_epfid2d1_90",
    "SequenceVariant": "SK",
    "SeriesDescription": "PARTLY_CLOUDY_mb6_2.4",
    "SeriesNumber": 19,
    "ShimSetting": [
      3040,
      -4195,
      -834,
      615,
      8,
      15,
      -58,
      -32
    ],
    "SliceThickness": 2.4,
    "SliceTiming": [
      0.545,
      0,
      0.39,
      0.0775,
      0.4675,
      0.2325,
      0.6225,
      0.31,
      0.7,
      0.155,
      0.545,
      0,
      0.39,
      0.0775,
      0.4675,
      0.2325,
      0.6225,
      0.31,
      0.7,
      0.155,
      0.545,
      0,
      0.39,
      0.0775,
      0.4675,
      0.2325,
      0.6225,
      0.31,
      0.7,
      0.155,
      0.545,
      0,
      0.39,
      0.0775,
      0.4675,
      0.2325,
      0.6225,
      0.31,
      0.7,
      0.155,
      0.545,
      0,
      0.39,
      0.0775,
      0.4675,
      0.2325,
      0.6225,
      0.31,
      0.7,
      0.155,
      0.545,
      0,
      0.39,
      0.0775,
      0.4675,
      0.2325,
      0.6225,
      0.31,
      0.7,
      0.155
    ],
    "SoftwareVersions": "syngo_MR_E11",
    "SpacingBetweenSlices": 2.4,
    "StationName": "mrc_Trio",
    "TaskName": "partlycloudy",
    "TotalReadoutTime": 0.046279,
    "TxRefAmp": 211.923,
    "dataset": "ds004146",
    "modality": "bold",
    "session_id": "02",
    "subject_id": "0340",
    "task_id": "partlycloudy"
  },
  "dummy_trs": 2,
  "dvars_nstd": 34.82877039230768,
  "dvars_std": 1.1460852874005303,
  "dvars_vstd": 1.0085252429177725,
  "efc": 0.47218624763460937,
  "fber": 6800.638671875,
  "fd_mean": 0.2495889288262751,
  "fd_num": 145,
  "fd_perc": 38.35978835978836,
  "fwhm_avg": 1.8145818723394394,
  "fwhm_x": 1.6995582657989556,
  "fwhm_y": 1.9539249223579995,
  "fwhm_z": 1.7902624288613627,
  "gcor": 0.0109317,
  "gsr_x": -0.017661435529589653,
  "gsr_y": 0.022611647844314575,
  "provenance": {
    "md5sum": "7e7f3a2c14b8f8078372fdfcf68d065d",
    "settings": {
      "fd_thres": 0.2,
      "testing": false
    },
    "software": "mriqc",
    "version": "23.0.1",
    "webapi_port": null,
    "webapi_url": "https://mriqc.nimh.nih.gov/api/v1"
  },
  "size_t": 378,
  "size_x": 90,
  "size_y": 90,
  "size_z": 60,
  "snr": 7.109325731129917,
  "spacing_tr": 0.800000011920929,
  "spacing_x": 2.4000000953674316,
  "spacing_y": 2.4000000953674316,
  "spacing_z": 2.4000000953674316,
  "summary_bg_k": 31.44071694845035,
  "summary_bg_mad": 5.193029977898779,
  "summary_bg_mean": 21.718732833862305,
  "summary_bg_median": 7.544973373413086,
  "summary_bg_n": 333173.0,
  "summary_bg_p05": 3.3015871047973633,
  "summary_bg_p95": 90.47460021972647,
  "summary_bg_stdv": 45.5699462890625,
  "summary_fg_k": 2.4804589431969806,
  "summary_fg_mad": 82.43346157029082,
  "summary_fg_mean": 630.6791381835938,
  "summary_fg_median": 628.5819702148438,
  "summary_fg_n": 83377.0,
  "summary_fg_p05": 499.81798095703124,
  "summary_fg_p95": 770.9719482421875,
  "summary_fg_stdv": 88.41600799560547,
  "tsnr": 45.6956334176939
}