{
  "aor": 0.0004137888198757765,
  "aqi": 0.004671743726708074,
  "bids_meta": {
    "AcquisitionMatrixPE": 104,
    "AcquisitionNumber": 1,
    "AcquisitionTime": "13:43:0.200000",
    "BandwidthPerPixelPhaseEncode": 17.17,
    "BaseResolution": 104,
    "BodyPartExamined": "BRAIN",
    "CoilString": "HC1-7;NC1_2",
    "ConsistencyInfo": "N4_VE11C_LATEST_20160120",
    "ConversionSoftware": "dcm2niix",
    "ConversionSoftwareVersion": "v1.0.20190410  GCC6.3.0",
    "DerivedVendorReportedEchoSpacing": 0.000560011,
    "DeviceSerialNumber": "167001",
    "DwellTime": 2.1e-06,
    "EchoTime": 0.03,
    "EchoTrainLength": 91,
    "EffectiveEchoSpacing": 0.000560011,
    "FlipAngle": 52,
    "ImageOrientationPatientDICOM": [
      0.999611,
      0.0217084,
      0.0174855,
      -0.0151796,
      0.950055,
      -0.311712
    ],
    "ImageType": [
      "ORIGINAL",
      "PRIMARY",
      "M",
      "ND",
      "MOSAIC"
    ],
    "ImagingFrequency": 123.229,
    "InPlanePhaseEncodingDirectionDICOM": "COL",
    "InstitutionAddress": "Cooper_60_St._Lucia_QLD_AU_4072",
    "InstitutionName": "Centre_for_Advanced_Imaging",
    "InstitutionalDepartmentName": "Gehrmann_Labs_MRI",
    "MRAcquisitionType": "2D",
    "MagneticFieldStrength": 3,
    "Manufacturer": "Siemens",
    "ManufacturersModelName": "Prisma_fit",
    "Modality": "MR",
    "MultibandAccelerationFactor": 6,
    "PartialFourier": 0.875,
    "PatientPosition": "HFS",
    "PercentPhaseFOV": 100,
    "PhaseEncodingDirection": "j-",
    "PhaseEncodingSteps": 91,
    "PhaseResolution": 1,
    "PixelBandwidth": 2290,
    "ProcedureStepDescription": "Research_16092_QTAB",
    "ProtocolName": "ep2d_REST_SMS6_A-P",
    "PulseSequenceDetails": "%SiemensSeq%_ep2d_bold",
    "ReceiveCoilActiveElements": "HC1-7;NC1,2",
    "ReceiveCoilName": "HeadNeck_64",
    "ReconMatrixPE": 104,
    "RefLinesPE": 12,
    "RepetitionTime": 0.93,
    "SAR": 0.0746875,
    "ScanOptions": "PFP_FS",
    "ScanningSequence": "EP",
    "SequenceName": "_epfid2d1_104",
    "SequenceVariant": "SK",
    "SeriesDescription": "ep2d_REST_SMS6_A-P",
    "SeriesNumber": 9,
    "ShimSetting": [
      3051,
      -4149,
      -789,
      322,
      -81,
      -58,
      -90,
      -6
    ],
    "SliceThickness": 2,
    "SliceTiming": [
      0.6825,
      0,
      0.455,
      0.075,
      0.53,
      0.15,
      0.605,
      0.3025,
      0.7575,
      0.3775,
      0.8325,
      0.2275,
      0.6825,
      0,
      0.455,
      0.075,
      0.53,
      0.15,
      0.605,
      0.3025,
      0.7575,
      0.3775,
      0.8325,
      0.2275,
      0.6825,
      0,
      0.455,
      0.075,
      0.53,
      0.15,
      0.605,
      0.3025,
      0.7575,
      0.3775,
      0.8325,
      0.2275,
      0.6825,
      0,
      0.455,
      0.075,
      0.53,
      0.15,
      0.605,
      0.3025,
      0.7575,
      0.3775,
      0.8325,
      0.2275,
      0.6825,
      0,
      0.455,
      0.075,
      0.53,
      0.15,
      0.605,
      0.3025,
      0.7575,
      0.3775,
      0.8325,
      0.2275,
      0.6825,
      0,
      0.455,
      0.075,
      0.53,
      0.15,
      0.605,
      0.3025,
      0.7575,
      0.3775,
      0.8325,
      0.2275
    ],
    "SoftwareVersions": "syngo_MR_E11",
    "SpacingBetweenSlices": 2,
    "StationName": "mrc_Trio",
    "TaskName": "rest",
    "TotalReadoutTime": 0.0576811,
    "TxRefAmp": 213.006,
    "dataset": "ds004146",
    "modality": "bold",
    "session_id": "02",
    "subject_id": "0101",
    "task_id": "rest"
  },
  "dummy_trs": 5,
  "dvars_nstd": 40.27017982006228,
  "dvars_std": 1.1313139800000003,
  "dvars_vstd": 1.0010897911838006,
  "efc": 0.5365894902531804,
  "fber": 859.0565185546875,
  "fd_mean": 0.10530035428690986,
  "fd_num": 6,
  "fd_perc": 1.8633540372670807,
  "fwhm_avg": 3.120203333333334,
  "fwhm_x": 2.901395,
  "fwhm_y": 3.212895,
  "fwhm_z": 3.24632,
  "gcor": 0.00745481,
  "gsr_x": -0.01598486863076687,
  "gsr_y": 0.060466550290584564,
  "provenance": {
    "md5sum": "969742dcdad77711fbd237b190ceb66d",
    "settings": {
      "fd_thres": 0.2,
      "testing": false
    },
    "software": "mriqc",
    "version": "23.0.1",
    "webapi_port": null,
    "webapi_url": "https://mriqc.nimh.nih.gov/api/v1"
  },
  "size_t": 322,
  "size_x": 104,
  "size_y": 104,
  "size_z": 72,
  "snr": 2.520364715011325,
  "spacing_tr": 0.9300000071525574,
  "spacing_x": 2.0,
  "spacing_y": 2.0,
  "spacing_z": 2.0,
  "summary_bg_k": 67.88513427631526,
  "summary_bg_mad": 6.759192020307697,
  "summary_bg_mean": 38.21876907348633,
  "summary_bg_median": 19.860248565673828,
  "summary_bg_n": 488485.0,
  "summary_bg_p05": 14.742236137390137,
  "summary_bg_p95": 120.25652465820305,
  "summary_bg_stdv": 58.467098236083984,
  "summary_fg_k": 0.6580635105671955,
  "summary_fg_mad": 229.2370520786095,
  "summary_fg_mean": 633.547607421875,
  "summary_fg_median": 593.1180419921875,
  "summary_fg_n": 184325.0,
  "summary_fg_p05": 326.2049865722656,
  "summary_fg_p95": 1067.6819824218749,
  "summary_fg_stdv": 235.32960510253906,
  "tsnr": 40.50747647183016
}