{
  "bids_meta": {
    "AcquisitionMatrixPE": 256,
    "AcquisitionNumber": 1,
    "AcquisitionTime": "14:45:32.130000",
    "BaseResolution": 256,
    "BodyPartExamined": "BRAIN",
    "CoilString": "HC1-7;NC1_2",
    "ConsistencyInfo": "N4_VE11C_LATEST_20160120",
    "ConversionSoftware": "dcm2niix",
    "ConversionSoftwareVersion": "v1.0.20190410  GCC6.3.0",
    "DeviceSerialNumber": "167001",
    "DwellTime": 2.6e-06,
    "EchoTime": 0.408,
    "EchoTrainLength": 259,
    "FlipAngle": 120,
    "ImageOrientationPatientDICOM": [
      -0.026026,
      0.999632,
      -0.00767273,
      0.0419654,
      -0.00657603,
      -0.999097
    ],
    "ImageType": [
      "ORIGINAL",
      "PRIMARY",
      "M",
      "ND",
      "NORM"
    ],
    "ImagingFrequency": 123.229,
    "InPlanePhaseEncodingDirectionDICOM": "ROW",
    "InstitutionAddress": "Cooper_60_St._Lucia_QLD_AU_4072",
    "InstitutionName": "Centre_for_Advanced_Imaging",
    "InstitutionalDepartmentName": "Gehrmann_Labs_MRI",
    "MRAcquisitionType": "3D",
    "MagneticFieldStrength": 3,
    "Manufacturer": "Siemens",
    "ManufacturersModelName": "Prisma_fit",
    "Modality": "MR",
    "PartialFourier": 1,
    "PatientPosition": "HFS",
    "PercentPhaseFOV": 100,
    "PhaseEncodingSteps": 233,
    "PhaseResolution": 1,
    "PixelBandwidth": 750,
    "ProcedureStepDescription": "Research_16092_QTAB",
    "ProtocolName": "t2_spc_sag_p2_iso",
    "PulseSequenceDetails": "%SiemensSeq%_tse_vfl",
    "ReceiveCoilActiveElements": "HC1-7;NC1,2",
    "ReceiveCoilName": "HeadNeck_64",
    "ReconMatrixPE": 256,
    "RefLinesPE": 24,
    "RepetitionTime": 3.2,
    "SAR": 0.124856,
    "ScanOptions": "PFP",
    "ScanningSequence": "SE",
    "SequenceName": "_spcR_282ns",
    "SequenceVariant": "SK_SP",
    "SeriesDescription": "t2_spc_sag_p2_iso",
    "SeriesNumber": 32,
    "ShimSetting": [
      3046,
      -4168,
      -1041,
      -17,
      -5,
      41,
      -30,
      -10
    ],
    "SliceThickness": 1,
    "SoftwareVersions": "syngo_MR_E11",
    "StationName": "mrc_Trio",
    "TxRefAmp": 220.245,
    "dataset": "ds004146",
    "modality": "T2w",
    "session_id": "02",
    "subject_id": "0036"
  },
  "cjv": 2.2714850480553848,
  "cnr": 0.7620022479562669,
  "efc": 0.6371999775063361,
  "fber": -1.0,
  "fwhm_avg": 3.9666374408924963,
  "fwhm_x": 4.130724938447402,
  "fwhm_y": 4.173562437809073,
  "fwhm_z": 3.595624946421013,
  "icvs_csf": 0.3310422252597063,
  "icvs_gm": 0.5164900716453857,
  "icvs_wm": 0.15246770309490798,
  "inu_med": 1.041479229927063,
  "inu_range": 0.2734491616487502,
  "provenance": {
    "md5sum": "0878fffef82d20eb27fc9fdc016a5181",
    "settings": {
      "testing": false
    },
    "software": "mriqc",
    "version": "23.0.1",
    "warnings": {
      "large_rot_frame": true,
      "small_air_mask": false
    },
    "webapi_port": null,
    "webapi_url": "https://mriqc.nimh.nih.gov/api/v1"
  },
  "qi_1": 0.03902116827186672,
  "qi_2": 0.001335467531608841,
  "rpve_csf": 11.001205536701287,
  "rpve_gm": 8.841494019858288,
  "rpve_wm": 27.912126377305654,
  "size_x": 192,
  "size_y": 300,
  "size_z": 320,
  "snr_csf": 12.831686252657754,
  "snr_gm": 12.234712017756618,
  "snr_total": 8.802329361889585,
  "snr_wm": 1.3405898152543823,
  "snrd_csf": 113.56359142993381,
  "snrd_gm": 71.75905330638936,
  "snrd_total": 117.27827205462204,
  "snrd_wm": 166.5121714275429,
  "spacing_x": 0.800000011920929,
  "spacing_y": 0.800000011920929,
  "spacing_z": 0.800000011920929,
  "summary_bg_k": 275.4673804368248,
  "summary_bg_mad": 0.0,
  "summary_bg_mean": 1.0096846615707207,
  "summary_bg_median": 0.0,
  "summary_bg_n": 1374102.0,
  "summary_bg_p05": 0.0,
  "summary_bg_p95": 6.350911561399698,
  "summary_bg_stdv": 3.958334139247272,
  "summary_csf_k": 1.5446489630206424,
  "summary_csf_mad": 47.173068156504065,
  "summary_csf_mean": 691.9238818476272,
  "summary_csf_median": 686.1512212306261,
  "summary_csf_n": 79219.0,
  "summary_csf_p05": 616.9863187037408,
  "summary_csf_p95": 789.2192486599088,
  "summary_csf_stdv": 53.472854384279955,
  "summary_gm_k": 0.011065072275151966,
  "summary_gm_mad": 36.86713469629464,
  "summary_gm_mean": 435.89694652120113,
  "summary_gm_median": 433.56820122152567,
  "summary_gm_n": 526141.0,
  "summary_gm_p05": 381.87620463222265,
  "summary_gm_p95": 495.3079086393118,
  "summary_gm_stdv": 35.43751488105762,
  "summary_wm_k": -1.6870789248955111,
  "summary_wm_mad": 1263.554287373768,
  "summary_wm_mean": 850.8549326124507,
  "summary_wm_median": 1006.0665424205363,
  "summary_wm_n": 86905.0,
  "summary_wm_p05": 19.49508673325181,
  "summary_wm_p95": 1901.9874246269464,
  "summary_wm_stdv": 750.4612840138481,
  "tpm_overlap_csf": 0.11909343618579464,
  "tpm_overlap_gm": 0.32940496468048075,
  "tpm_overlap_wm": 0.045035148918713304,
  "wm2max": 0.5396596725534728
}