{
  "aor": 0.0004090184049079755,
  "aqi": 0.0036840937423312883,
  "bids_meta": {
    "AcquisitionMatrixPE": 104,
    "AcquisitionNumber": 1,
    "AcquisitionTime": "15:38:31.405000",
    "BandwidthPerPixelPhaseEncode": 17.17,
    "BaseResolution": 104,
    "BodyPartExamined": "BRAIN",
    "CoilString": "HC1-7;NC1_2",
    "ConsistencyInfo": "N4_VE11C_LATEST_20160120",
    "ConversionSoftware": "dcm2niix",
    "ConversionSoftwareVersion": "v1.0.20181125  (JP2:OpenJPEG) GCC6.3.0",
    "DerivedVendorReportedEchoSpacing": 0.000560011,
    "DeviceSerialNumber": "167001",
    "DwellTime": 2.1e-06,
    "EchoTime": 0.03,
    "EchoTrainLength": 91,
    "EffectiveEchoSpacing": 0.000560011,
    "FlipAngle": 52,
    "ImageOrientationPatientDICOM": [
      0.99788,
      0.0635843,
      -0.0138462,
      -0.0650547,
      0.969492,
      -0.236331
    ],
    "ImageType": [
      "ORIGINAL",
      "PRIMARY",
      "M",
      "ND",
      "MOSAIC"
    ],
    "ImagingFrequency": 123.229,
    "InPlanePhaseEncodingDirectionDICOM": "COL",
    "InstitutionAddress": "Cooper_60_St._Lucia_QLD_AU_4072",
    "InstitutionName": "St_Lucia_Campus",
    "InstitutionalDepartmentName": "Gehrmann_Labs_MRI",
    "MRAcquisitionType": "2D",
    "MagneticFieldStrength": 3,
    "Manufacturer": "Siemens",
    "ManufacturersModelName": "Prisma_fit",
    "Modality": "MR",
    "MultibandAccelerationFactor": 6,
    "PartialFourier": 0.875,
    "PatientPosition": "HFS",
    "PercentPhaseFOV": 100,
    "PhaseEncodingDirection": "j",
    "PhaseEncodingSteps": 91,
    "PhaseResolution": 1,
    "PixelBandwidth": 2290,
    "ProcedureStepDescription": "Research_16092_QTAB",
    "ProtocolName": "ep2d_REST_SMS6_P-A",
    "PulseSequenceDetails": "%SiemensSeq%_ep2d_bold",
    "ReceiveCoilActiveElements": "HC1-7;NC1,2",
    "ReceiveCoilName": "HeadNeck_64",
    "ReconMatrixPE": 104,
    "RepetitionTime": 0.93,
    "SAR": 0.076371,
    "ScanOptions": "PFP_FS",
    "ScanningSequence": "EP",
    "SequenceName": "_epfid2d1_104",
    "SequenceVariant": "SK",
    "SeriesDescription": "ep2d_REST_SMS6_P-A",
    "SeriesNumber": 10,
    "ShimSetting": [
      3052,
      -4138,
      -791,
      331,
      3,
      110,
      -73,
      -11
    ],
    "SliceThickness": 2,
    "SliceTiming": [
      0.6825,
      0,
      0.455,
      0.075,
      0.53,
      0.15,
      0.605,
      0.3025,
      0.7575,
      0.3775,
      0.8325,
      0.2275,
      0.6825,
      0,
      0.455,
      0.075,
      0.53,
      0.15,
      0.605,
      0.3025,
      0.7575,
      0.3775,
      0.8325,
      0.2275,
      0.6825,
      0,
      0.455,
      0.075,
      0.53,
      0.15,
      0.605,
      0.3025,
      0.7575,
      0.3775,
      0.8325,
      0.2275,
      0.6825,
      0,
      0.455,
      0.075,
      0.53,
      0.15,
      0.605,
      0.3025,
      0.7575,
      0.3775,
      0.8325,
      0.2275,
      0.6825,
      0,
      0.455,
      0.075,
      0.53,
      0.15,
      0.605,
      0.3025,
      0.7575,
      0.3775,
      0.8325,
      0.2275,
      0.6825,
      0,
      0.455,
      0.075,
      0.53,
      0.15,
      0.605,
      0.3025,
      0.7575,
      0.3775,
      0.8325,
      0.2275
    ],
    "SoftwareVersions": "syngo_MR_E11",
    "SpacingBetweenSlices": 2,
    "StationName": "mrc_Trio",
    "TaskName": "rest",
    "TotalReadoutTime": 0.0576811,
    "TxRefAmp": 203.44,
    "dataset": "ds004146",
    "modality": "bold",
    "session_id": "01",
    "subject_id": "0087",
    "task_id": "rest"
  },
  "dummy_trs": 1,
  "dvars_nstd": 34.646552523230774,
  "dvars_std": 1.0734611049538456,
  "dvars_vstd": 1.0105638072923073,
  "efc": 0.4826044137579728,
  "fber": 1138.61962890625,
  "fd_mean": 0.11511177772122476,
  "fd_num": 10,
  "fd_perc": 3.067484662576687,
  "fwhm_avg": 2.9409150000000004,
  "fwhm_x": 2.82148,
  "fwhm_y": 3.032725,
  "fwhm_z": 2.96854,
  "gcor": 0.0105381,
  "gsr_x": -0.018282724544405937,
  "gsr_y": 0.05021526664495468,
  "provenance": {
    "md5sum": "109d98921f477a7fb91f8ed15bdfea11",
    "settings": {
      "fd_thres": 0.2,
      "testing": false
    },
    "software": "mriqc",
    "version": "23.0.1",
    "webapi_port": null,
    "webapi_url": "https://mriqc.nimh.nih.gov/api/v1"
  },
  "size_t": 326,
  "size_x": 104,
  "size_y": 104,
  "size_z": 72,
  "snr": 2.9332647139699013,
  "spacing_tr": 0.9300000071525574,
  "spacing_x": 2.0,
  "spacing_y": 2.0,
  "spacing_z": 2.0,
  "summary_bg_k": 64.15399739067723,
  "summary_bg_mad": 3.883870455906968,
  "summary_bg_mean": 32.0701789855957,
  "summary_bg_median": 17.420244216918945,
  "summary_bg_n": 550035.0,
  "summary_bg_p05": 14.233128547668457,
  "summary_bg_p95": 106.36686859130852,
  "summary_bg_stdv": 45.04298782348633,
  "summary_fg_k": 0.5704457390345619,
  "summary_fg_mad": 202.91181361432876,
  "summary_fg_mean": 615.3930053710938,
  "summary_fg_median": 591.886474609375,
  "summary_fg_n": 133979.0,
  "summary_fg_p05": 340.14691162109375,
  "summary_fg_p95": 983.3447387695311,
  "summary_fg_stdv": 201.783447265625,
  "tsnr": 43.8271678625606
}