{
  "aor": 0.0011558684210526316,
  "aqi": 0.01608875263157895,
  "bids_meta": {
    "AcquisitionMatrixPE": 90,
    "AcquisitionNumber": 1,
    "AcquisitionTime": "10:34:8.077500",
    "BandwidthPerPixelPhaseEncode": 21.368,
    "BaseResolution": 90,
    "BodyPartExamined": "BRAIN",
    "CoilString": "HC1-7;NC1_2",
    "ConsistencyInfo": "N4_VE11C_LATEST_20160120",
    "ConversionSoftware": "dcm2niix",
    "ConversionSoftwareVersion": "v1.0.20190410  GCC6.3.0",
    "DerivedVendorReportedEchoSpacing": 0.000519988,
    "DeviceSerialNumber": "167001",
    "DwellTime": 2.2e-06,
    "EchoTime": 0.03,
    "EchoTrainLength": 90,
    "EffectiveEchoSpacing": 0.000519988,
    "FlipAngle": 52,
    "ImageOrientationPatientDICOM": [
      0.996935,
      -0.0503805,
      0.0598463,
      0.0707617,
      0.906938,
      -0.415279
    ],
    "ImageType": [
      "ORIGINAL",
      "PRIMARY",
      "M",
      "ND",
      "NORM",
      "MOSAIC"
    ],
    "ImagingFrequency": 123.229,
    "InPlanePhaseEncodingDirectionDICOM": "COL",
    "InstitutionAddress": "Cooper_60_St._Lucia_QLD_AU_4072",
    "InstitutionName": "Centre_for_Advanced_Imaging",
    "InstitutionalDepartmentName": "Gehrmann_Labs_MRI",
    "MRAcquisitionType": "2D",
    "MagneticFieldStrength": 3,
    "Manufacturer": "Siemens",
    "ManufacturersModelName": "Prisma_fit",
    "Modality": "MR",
    "MultibandAccelerationFactor": 6,
    "PartialFourier": 1,
    "PatientPosition": "HFS",
    "PercentPhaseFOV": 100,
    "PhaseEncodingDirection": "j-",
    "PhaseEncodingSteps": 90,
    "PhaseResolution": 1,
    "PixelBandwidth": 2525,
    "ProcedureStepDescription": "Research_16092_QTAB",
    "ProtocolName": "PARTLY_CLOUDY_mb6_2.4",
    "PulseSequenceDetails": "%SiemensSeq%_ep2d_bold",
    "ReceiveCoilActiveElements": "HC1-7;NC1,2",
    "ReceiveCoilName": "HeadNeck_64",
    "ReconMatrixPE": 90,
    "RefLinesPE": 12,
    "RepetitionTime": 0.8,
    "SAR": 0.0455051,
    "ScanOptions": "FS",
    "ScanningSequence": "EP",
    "SequenceName": "_epfid2d1_90",
    "SequenceVariant": "SK",
    "SeriesDescription": "PARTLY_CLOUDY_mb6_2.4",
    "SeriesNumber": 19,
    "ShimSetting": [
      3080,
      -4167,
      -742,
      412,
      26,
      -116,
      -207,
      -5
    ],
    "SliceThickness": 2.4,
    "SliceTiming": [
      0.545,
      0,
      0.39,
      0.0775,
      0.4675,
      0.2325,
      0.6225,
      0.31,
      0.7,
      0.155,
      0.545,
      0,
      0.39,
      0.0775,
      0.4675,
      0.2325,
      0.6225,
      0.31,
      0.7,
      0.155,
      0.545,
      0,
      0.39,
      0.0775,
      0.4675,
      0.2325,
      0.6225,
      0.31,
      0.7,
      0.155,
      0.545,
      0,
      0.39,
      0.0775,
      0.4675,
      0.2325,
      0.6225,
      0.31,
      0.7,
      0.155,
      0.545,
      0,
      0.39,
      0.0775,
      0.4675,
      0.2325,
      0.6225,
      0.31,
      0.7,
      0.155,
      0.545,
      0,
      0.39,
      0.0775,
      0.4675,
      0.2325,
      0.6225,
      0.31,
      0.7,
      0.155
    ],
    "SoftwareVersions": "syngo_MR_E11",
    "SpacingBetweenSlices": 2.4,
    "StationName": "mrc_Trio",
    "TaskName": "partlycloudy",
    "TotalReadoutTime": 0.046279,
    "TxRefAmp": 219.499,
    "dataset": "ds004146",
    "modality": "bold",
    "session_id": "02",
    "subject_id": "0304",
    "task_id": "partlycloudy"
  },
  "dummy_trs": 0,
  "dvars_nstd": 31.87384269234829,
  "dvars_std": 1.186859169788918,
  "dvars_vstd": 1.0059952724010546,
  "efc": 0.4909321175426968,
  "fber": 6675.63330078125,
  "fd_mean": 0.1494618021684084,
  "fd_num": 114,
  "fd_perc": 30.0,
  "fwhm_avg": 1.7777402071367288,
  "fwhm_x": 1.6964040992576241,
  "fwhm_y": 1.847595759916474,
  "fwhm_z": 1.789220762236088,
  "gcor": 0.0142607,
  "gsr_x": -0.017203522846102715,
  "gsr_y": 0.030435455963015556,
  "provenance": {
    "md5sum": "db94b2406713d29c384599f76e8fd009",
    "settings": {
      "fd_thres": 0.2,
      "testing": false
    },
    "software": "mriqc",
    "version": "23.0.1",
    "webapi_port": null,
    "webapi_url": "https://mriqc.nimh.nih.gov/api/v1"
  },
  "size_t": 380,
  "size_x": 90,
  "size_y": 90,
  "size_z": 60,
  "snr": 7.243410007961717,
  "spacing_tr": 0.800000011920929,
  "spacing_x": 2.4000000953674316,
  "spacing_y": 2.4000000953674316,
  "spacing_z": 2.4000000953674316,
  "summary_bg_k": 27.561793984651906,
  "summary_bg_mad": 6.632693930773532,
  "summary_bg_mean": 26.436634063720703,
  "summary_bg_median": 8.307894706726074,
  "summary_bg_n": 325850.0,
  "summary_bg_p05": 2.981579065322876,
  "summary_bg_p95": 110.64934692382798,
  "summary_bg_stdv": 51.83576583862305,
  "summary_fg_k": 1.5851439703461656,
  "summary_fg_mad": 91.34391538204676,
  "summary_fg_mean": 689.714599609375,
  "summary_fg_median": 686.8118896484375,
  "summary_fg_n": 89024.0,
  "summary_fg_p05": 547.345181274414,
  "summary_fg_p95": 844.6022674560546,
  "summary_fg_stdv": 94.81832885742188,
  "tsnr": 49.348785331472754
}