{
  "aor": 0.003380684210526316,
  "aqi": 0.020438354736842104,
  "bids_meta": {
    "AcquisitionMatrixPE": 90,
    "AcquisitionNumber": 1,
    "AcquisitionTime": "10:14:51.620000",
    "BandwidthPerPixelPhaseEncode": 21.368,
    "BaseResolution": 90,
    "BodyPartExamined": "BRAIN",
    "CoilString": "HC1-7;NC1_2",
    "ConsistencyInfo": "N4_VE11C_LATEST_20160120",
    "ConversionSoftware": "dcm2niix",
    "ConversionSoftwareVersion": "v1.0.20190410  GCC6.3.0",
    "DerivedVendorReportedEchoSpacing": 0.000519988,
    "DeviceSerialNumber": "167001",
    "DwellTime": 2.2e-06,
    "EchoTime": 0.03,
    "EchoTrainLength": 90,
    "EffectiveEchoSpacing": 0.000519988,
    "FlipAngle": 52,
    "ImageOrientationPatientDICOM": [
      0.999773,
      0.0212455,
      0.00173824,
      -0.0204186,
      0.977888,
      -0.208132
    ],
    "ImageType": [
      "ORIGINAL",
      "PRIMARY",
      "M",
      "ND",
      "NORM",
      "MOSAIC"
    ],
    "ImagingFrequency": 123.229,
    "InPlanePhaseEncodingDirectionDICOM": "COL",
    "InstitutionAddress": "Cooper_60_St._Lucia_QLD_AU_4072",
    "InstitutionName": "Centre_for_Advanced_Imaging",
    "InstitutionalDepartmentName": "Gehrmann_Labs_MRI",
    "MRAcquisitionType": "2D",
    "MagneticFieldStrength": 3,
    "Manufacturer": "Siemens",
    "ManufacturersModelName": "Prisma_fit",
    "Modality": "MR",
    "MultibandAccelerationFactor": 6,
    "PartialFourier": 1,
    "PatientPosition": "HFS",
    "PercentPhaseFOV": 100,
    "PhaseEncodingDirection": "j-",
    "PhaseEncodingSteps": 90,
    "PhaseResolution": 1,
    "PixelBandwidth": 2525,
    "ProcedureStepDescription": "Research_16092_QTAB",
    "ProtocolName": "PARTLY_CLOUDY_mb6_2.4",
    "PulseSequenceDetails": "%SiemensSeq%_ep2d_bold",
    "ReceiveCoilActiveElements": "HC1-7;NC1,2",
    "ReceiveCoilName": "HeadNeck_64",
    "ReconMatrixPE": 90,
    "RefLinesPE": 12,
    "RepetitionTime": 0.8,
    "SAR": 0.0612167,
    "ScanOptions": "FS",
    "ScanningSequence": "EP",
    "SequenceName": "_epfid2d1_90",
    "SequenceVariant": "SK",
    "SeriesDescription": "PARTLY_CLOUDY_mb6_2.4",
    "SeriesNumber": 19,
    "ShimSetting": [
      3066,
      -4184,
      -743,
      357,
      34,
      -37,
      -159,
      -16
    ],
    "SliceThickness": 2.4,
    "SliceTiming": [
      0.5475,
      0,
      0.39,
      0.08,
      0.47,
      0.235,
      0.625,
      0.3125,
      0.7025,
      0.1575,
      0.5475,
      0,
      0.39,
      0.08,
      0.47,
      0.235,
      0.625,
      0.3125,
      0.7025,
      0.1575,
      0.5475,
      0,
      0.39,
      0.08,
      0.47,
      0.235,
      0.625,
      0.3125,
      0.7025,
      0.1575,
      0.5475,
      0,
      0.39,
      0.08,
      0.47,
      0.235,
      0.625,
      0.3125,
      0.7025,
      0.1575,
      0.5475,
      0,
      0.39,
      0.08,
      0.47,
      0.235,
      0.625,
      0.3125,
      0.7025,
      0.1575,
      0.5475,
      0,
      0.39,
      0.08,
      0.47,
      0.235,
      0.625,
      0.3125,
      0.7025,
      0.1575
    ],
    "SoftwareVersions": "syngo_MR_E11",
    "SpacingBetweenSlices": 2.4,
    "StationName": "mrc_Trio",
    "TaskName": "partlycloudy",
    "TotalReadoutTime": 0.046279,
    "TxRefAmp": 217.623,
    "dataset": "ds004146",
    "modality": "bold",
    "session_id": "02",
    "subject_id": "0396",
    "task_id": "partlycloudy"
  },
  "dummy_trs": 0,
  "dvars_nstd": 34.11651337562007,
  "dvars_std": 1.2385945661213715,
  "dvars_vstd": 1.0334805073087077,
  "efc": 0.47713839157059096,
  "fber": 6831.865234375,
  "fd_mean": 0.13349358083110638,
  "fd_num": 51,
  "fd_perc": 13.421052631578947,
  "fwhm_avg": 1.7416374307935463,
  "fwhm_x": 1.6784624333038953,
  "fwhm_y": 1.7996749284873432,
  "fwhm_z": 1.7467749305894005,
  "gcor": 0.0319807,
  "gsr_x": -0.009462286718189716,
  "gsr_y": 0.027383098378777504,
  "provenance": {
    "md5sum": "f7faa1a15b075a861bb73ca81e17e086",
    "settings": {
      "fd_thres": 0.2,
      "testing": false
    },
    "software": "mriqc",
    "version": "23.0.1",
    "webapi_port": null,
    "webapi_url": "https://mriqc.nimh.nih.gov/api/v1"
  },
  "size_t": 380,
  "size_x": 90,
  "size_y": 90,
  "size_z": 60,
  "snr": 6.973627552938756,
  "spacing_tr": 0.800000011920929,
  "spacing_x": 2.4000000953674316,
  "spacing_y": 2.4000000953674316,
  "spacing_z": 2.4000000953674316,
  "summary_bg_k": 25.638678647572142,
  "summary_bg_mad": 6.1684058398868675,
  "summary_bg_mean": 25.174415588378906,
  "summary_bg_median": 7.892105579376221,
  "summary_bg_n": 333737.0,
  "summary_bg_p05": 2.9236843585968018,
  "summary_bg_p95": 110.03948211669922,
  "summary_bg_stdv": 50.903907775878906,
  "summary_fg_k": 2.1351870679715113,
  "summary_fg_mad": 91.8042423770137,
  "summary_fg_mean": 657.0906372070312,
  "summary_fg_median": 655.3131713867188,
  "summary_fg_n": 83256.0,
  "summary_fg_p05": 518.5651397705078,
  "summary_fg_p95": 804.9349212646484,
  "summary_fg_stdv": 93.96963500976562,
  "tsnr": 41.07344079238828
}