{
  "aor": 0.0019312709832134292,
  "aqi": 0.026564246522781776,
  "bids_meta": {
    "AcquisitionMatrixPE": 90,
    "AcquisitionNumber": 1,
    "AcquisitionTime": "10:22:20.730000",
    "BandwidthPerPixelPhaseEncode": 21.368,
    "BaseResolution": 90,
    "BodyPartExamined": "BRAIN",
    "CoilString": "HC1-7;NC1_2",
    "ConsistencyInfo": "N4_VE11C_LATEST_20160120",
    "ConversionSoftware": "dcm2niix",
    "ConversionSoftwareVersion": "v1.0.20190410  GCC6.3.0",
    "DelayTime": 0.001,
    "DerivedVendorReportedEchoSpacing": 0.000519988,
    "DeviceSerialNumber": "167001",
    "DwellTime": 2.2e-06,
    "EchoTime": 0.03,
    "EchoTrainLength": 90,
    "EffectiveEchoSpacing": 0.000519988,
    "FlipAngle": 52,
    "ImageOrientationPatientDICOM": [
      0.999773,
      0.0212455,
      0.00173824,
      -0.0204186,
      0.977888,
      -0.208132
    ],
    "ImageType": [
      "ORIGINAL",
      "PRIMARY",
      "M",
      "ND",
      "NORM",
      "MOSAIC"
    ],
    "ImagingFrequency": 123.229,
    "InPlanePhaseEncodingDirectionDICOM": "COL",
    "InstitutionAddress": "Cooper_60_St._Lucia_QLD_AU_4072",
    "InstitutionName": "Centre_for_Advanced_Imaging",
    "InstitutionalDepartmentName": "Gehrmann_Labs_MRI",
    "MRAcquisitionType": "2D",
    "MagneticFieldStrength": 3,
    "Manufacturer": "Siemens",
    "ManufacturersModelName": "Prisma_fit",
    "Modality": "MR",
    "MultibandAccelerationFactor": 6,
    "PartialFourier": 1,
    "PatientPosition": "HFS",
    "PercentPhaseFOV": 100,
    "PhaseEncodingDirection": "j-",
    "PhaseEncodingSteps": 90,
    "PhaseResolution": 1,
    "PixelBandwidth": 2525,
    "ProcedureStepDescription": "Research_16092_QTAB",
    "ProtocolName": "EMOT_TASK_mb6_2.4",
    "PulseSequenceDetails": "%SiemensSeq%_ep2d_bold",
    "ReceiveCoilActiveElements": "HC1-7;NC1,2",
    "ReceiveCoilName": "HeadNeck_64",
    "ReconMatrixPE": 90,
    "RefLinesPE": 12,
    "RepetitionTime": 0.8,
    "SAR": 0.0614738,
    "ScanOptions": "FS",
    "ScanningSequence": "EP",
    "SequenceName": "_epfid2d1_90",
    "SequenceVariant": "SK",
    "SeriesDescription": "EMOT_TASK_mb6_2.4",
    "SeriesNumber": 20,
    "ShimSetting": [
      3066,
      -4184,
      -743,
      357,
      34,
      -37,
      -159,
      -16
    ],
    "SliceThickness": 2.4,
    "SliceTiming": [
      0.545,
      0,
      0.39,
      0.0775,
      0.4675,
      0.235,
      0.6225,
      0.3125,
      0.7025,
      0.155,
      0.545,
      0,
      0.39,
      0.0775,
      0.4675,
      0.235,
      0.6225,
      0.3125,
      0.7025,
      0.155,
      0.545,
      0,
      0.39,
      0.0775,
      0.4675,
      0.235,
      0.6225,
      0.3125,
      0.7025,
      0.155,
      0.545,
      0,
      0.39,
      0.0775,
      0.4675,
      0.235,
      0.6225,
      0.3125,
      0.7025,
      0.155,
      0.545,
      0,
      0.39,
      0.0775,
      0.4675,
      0.235,
      0.6225,
      0.3125,
      0.7025,
      0.155,
      0.545,
      0,
      0.39,
      0.0775,
      0.4675,
      0.235,
      0.6225,
      0.3125,
      0.7025,
      0.155
    ],
    "SoftwareVersions": "syngo_MR_E11",
    "SpacingBetweenSlices": 2.4,
    "StationName": "mrc_Trio",
    "TaskName": "emotionalconflict",
    "TotalReadoutTime": 0.046279,
    "TxRefAmp": 217.623,
    "dataset": "ds004146",
    "modality": "bold",
    "session_id": "02",
    "subject_id": "0396",
    "task_id": "emotionalconflict"
  },
  "dummy_trs": 3,
  "dvars_nstd": 31.112520678211286,
  "dvars_std": 1.1230890981392556,
  "dvars_vstd": 0.9941949241656663,
  "efc": 0.47656443306560514,
  "fber": 6770.9248046875,
  "fd_mean": 0.14250394870121058,
  "fd_num": 114,
  "fd_perc": 13.66906474820144,
  "fwhm_avg": 1.7711777073974992,
  "fwhm_x": 1.7107540986874064,
  "fwhm_y": 1.832395760520468,
  "fwhm_z": 1.770383262984623,
  "gcor": 0.0372443,
  "gsr_x": -0.008189788088202477,
  "gsr_y": 0.028995711356401443,
  "provenance": {
    "md5sum": "9c9783140fc3c136e5b97cf7f1f8a15a",
    "settings": {
      "fd_thres": 0.2,
      "testing": false
    },
    "software": "mriqc",
    "version": "23.0.1",
    "webapi_port": null,
    "webapi_url": "https://mriqc.nimh.nih.gov/api/v1"
  },
  "size_t": 834,
  "size_x": 90,
  "size_y": 90,
  "size_z": 60,
  "snr": 6.988480388254559,
  "spacing_tr": 0.800000011920929,
  "spacing_x": 2.4000000953674316,
  "spacing_y": 2.4000000953674316,
  "spacing_z": 2.4000000953674316,
  "summary_bg_k": 26.363198759521428,
  "summary_bg_mad": 6.312614687047567,
  "summary_bg_mean": 25.1366024017334,
  "summary_bg_median": 7.995203971862793,
  "summary_bg_n": 333729.0,
  "summary_bg_p05": 2.8705036640167236,
  "summary_bg_p95": 108.46642761230454,
  "summary_bg_stdv": 50.489646911621094,
  "summary_fg_k": 1.997767285224728,
  "summary_fg_mad": 91.45200671200313,
  "summary_fg_mean": 656.2796020507812,
  "summary_fg_median": 654.3231201171875,
  "summary_fg_n": 83240.0,
  "summary_fg_p05": 517.8546203613281,
  "summary_fg_p95": 803.5780029296875,
  "summary_fg_stdv": 93.62825012207031,
  "tsnr": 35.94881113385782
}