{
  "bids_meta": {
    "AcquisitionMatrixPE": 256,
    "AcquisitionNumber": 1,
    "AcquisitionTime": "11:46:0.542500",
    "BaseResolution": 256,
    "BodyPartExamined": "BRAIN",
    "CoilString": "HC1-7;NC1_2",
    "ConsistencyInfo": "N4_VE11C_LATEST_20160120",
    "ConversionSoftware": "dcm2niix",
    "ConversionSoftwareVersion": "v1.0.20181125  (JP2:OpenJPEG) GCC6.3.0",
    "DeviceSerialNumber": "167001",
    "DwellTime": 2.6e-06,
    "EchoTime": 0.408,
    "EchoTrainLength": 259,
    "FlipAngle": 120,
    "ImageOrientationPatientDICOM": [
      -0.12349,
      0.991669,
      -0.0366364,
      0.0242298,
      -0.0338949,
      -0.999132
    ],
    "ImageType": [
      "ORIGINAL",
      "PRIMARY",
      "M",
      "ND",
      "NORM"
    ],
    "ImagingFrequency": 123.229,
    "InPlanePhaseEncodingDirectionDICOM": "ROW",
    "InstitutionAddress": "Cooper_60_St._Lucia_QLD_AU_4072",
    "InstitutionName": "St_Lucia_Campus",
    "InstitutionalDepartmentName": "Gehrmann_Labs_MRI",
    "MRAcquisitionType": "3D",
    "MagneticFieldStrength": 3,
    "Manufacturer": "Siemens",
    "ManufacturersModelName": "Prisma_fit",
    "Modality": "MR",
    "PartialFourier": 1,
    "PatientPosition": "HFS",
    "PercentPhaseFOV": 100,
    "PhaseEncodingSteps": 233,
    "PhaseResolution": 1,
    "PixelBandwidth": 750,
    "ProcedureStepDescription": "Research_16092_QTAB",
    "ProtocolName": "t2_spc_sag_p2_iso",
    "PulseSequenceDetails": "%SiemensSeq%_tse_vfl",
    "ReceiveCoilActiveElements": "HC1-7;NC1,2",
    "ReceiveCoilName": "HeadNeck_64",
    "ReconMatrixPE": 256,
    "RepetitionTime": 3.2,
    "SAR": 0.205992,
    "ScanOptions": "PFP",
    "ScanningSequence": "SE",
    "SequenceName": "_spcR_282ns",
    "SequenceVariant": "SK_SP",
    "SeriesDescription": "t2_spc_sag_p2_iso",
    "SeriesNumber": 19,
    "ShimSetting": [
      3044,
      -4172,
      -1039,
      -11,
      -3,
      35,
      -21,
      -13
    ],
    "SliceThickness": 1,
    "SoftwareVersions": "syngo_MR_E11",
    "StationName": "mrc_Trio",
    "TxRefAmp": 209.742,
    "dataset": "ds004146",
    "modality": "T2w",
    "session_id": "01",
    "subject_id": "0366"
  },
  "cjv": 1.1680020418047592,
  "cnr": 1.0243675486164465,
  "efc": 0.6074600985365547,
  "fber": -1.0,
  "fwhm_avg": 3.881479212737027,
  "fwhm_x": 4.183925249381378,
  "fwhm_y": 3.9413124412698677,
  "fwhm_z": 3.5191999475598346,
  "icvs_csf": 0.5112918482899137,
  "icvs_gm": 0.11841403176486316,
  "icvs_wm": 0.37029411994522315,
  "inu_med": 1.0215632915496826,
  "inu_range": 0.2886059582233429,
  "provenance": {
    "md5sum": "9b37eb9bbd878126b05c94793dddbe58",
    "settings": {
      "testing": false
    },
    "software": "mriqc",
    "version": "23.0.1",
    "warnings": {
      "large_rot_frame": true,
      "small_air_mask": false
    },
    "webapi_port": null,
    "webapi_url": "https://mriqc.nimh.nih.gov/api/v1"
  },
  "qi_1": 0.09254014277967743,
  "qi_2": 0.04370026514255635,
  "rpve_csf": 10.21714036341714,
  "rpve_gm": 39.316397565019216,
  "rpve_wm": 13.77438055074083,
  "size_x": 192,
  "size_y": 300,
  "size_z": 320,
  "snr_csf": 18.50699118987398,
  "snr_gm": 1.771879795521109,
  "snr_total": 10.980414321133106,
  "snr_wm": 12.662371978004229,
  "snrd_csf": 208.41655740055248,
  "snrd_gm": 322.8819225436066,
  "snrd_total": 222.39724518893482,
  "snrd_wm": 135.89325562264537,
  "spacing_x": 0.7999999523162842,
  "spacing_y": 0.800000011920929,
  "spacing_z": 0.800000011920929,
  "summary_bg_k": 127.23366347397433,
  "summary_bg_mad": 0.0,
  "summary_bg_mean": 1.030445632309298,
  "summary_bg_median": 0.0,
  "summary_bg_n": 1678730.0,
  "summary_bg_p05": 0.0,
  "summary_bg_p95": 11.423811435699463,
  "summary_bg_stdv": 4.820676441452221,
  "summary_csf_k": 0.1980029609053271,
  "summary_csf_mad": 81.95022623799112,
  "summary_csf_mean": 1537.7887843293288,
  "summary_csf_median": 1533.5871862247586,
  "summary_csf_n": 275551.0,
  "summary_csf_p05": 1409.2937378436327,
  "summary_csf_p95": 1679.300281047821,
  "summary_csf_stdv": 82.86513932619354,
  "summary_gm_k": -1.7329489228142823,
  "summary_gm_mad": 1524.7682029318369,
  "summary_gm_mean": 1830.106251610371,
  "summary_gm_median": 2375.855283536017,
  "summary_gm_n": 46273.0,
  "summary_gm_p05": 58.904027715325356,
  "summary_gm_p95": 3476.1944210618735,
  "summary_gm_stdv": 1340.852589011714,
  "summary_wm_k": -0.26628071955101884,
  "summary_wm_mad": 82.3030797417069,
  "summary_wm_mean": 1003.0077110831318,
  "summary_wm_median": 999.9404947310686,
  "summary_wm_n": 362199.0,
  "summary_wm_p05": 878.8599933162332,
  "summary_wm_p95": 1138.8707015141845,
  "summary_wm_stdv": 78.9693365581624,
  "tpm_overlap_csf": 0.10322883142842613,
  "tpm_overlap_gm": 0.08831699041881076,
  "tpm_overlap_wm": 0.4733205104412186,
  "wm2max": 0.3038729975047915
}