{
  "aor": 0.0011428684210526314,
  "aqi": 0.023327002894736843,
  "bids_meta": {
    "AcquisitionMatrixPE": 90,
    "AcquisitionNumber": 1,
    "AcquisitionTime": "11:49:4.465000",
    "BandwidthPerPixelPhaseEncode": 21.368,
    "BaseResolution": 90,
    "BodyPartExamined": "BRAIN",
    "CoilString": "HC1-7;NC1_2",
    "ConsistencyInfo": "N4_VE11C_LATEST_20160120",
    "ConversionSoftware": "dcm2niix",
    "ConversionSoftwareVersion": "v1.0.20190410  GCC6.3.0",
    "DerivedVendorReportedEchoSpacing": 0.000519988,
    "DeviceSerialNumber": "167001",
    "DwellTime": 2.2e-06,
    "EchoTime": 0.03,
    "EchoTrainLength": 90,
    "EffectiveEchoSpacing": 0.000519988,
    "FlipAngle": 52,
    "ImageOrientationPatientDICOM": [
      0.998148,
      0.0551897,
      -0.0255886,
      -0.0601751,
      0.957462,
      -0.282217
    ],
    "ImageType": [
      "ORIGINAL",
      "PRIMARY",
      "M",
      "ND",
      "NORM",
      "MOSAIC"
    ],
    "ImagingFrequency": 123.229,
    "InPlanePhaseEncodingDirectionDICOM": "COL",
    "InstitutionAddress": "Cooper_60_St._Lucia_QLD_AU_4072",
    "InstitutionName": "St_Lucia_Campus",
    "InstitutionalDepartmentName": "Gehrmann_Labs_MRI",
    "MRAcquisitionType": "2D",
    "MagneticFieldStrength": 3,
    "Manufacturer": "Siemens",
    "ManufacturersModelName": "Prisma_fit",
    "Modality": "MR",
    "MultibandAccelerationFactor": 6,
    "PartialFourier": 1,
    "PatientPosition": "HFS",
    "PercentPhaseFOV": 100,
    "PhaseEncodingDirection": "j-",
    "PhaseEncodingSteps": 90,
    "PhaseResolution": 1,
    "PixelBandwidth": 2525,
    "ProcedureStepDescription": "Research_16092_QTAB",
    "ProtocolName": "PARTLY_CLOUDY_mb6_2.4",
    "PulseSequenceDetails": "%SiemensSeq%_ep2d_bold",
    "ReceiveCoilActiveElements": "HC1-7;NC1,2",
    "ReceiveCoilName": "HeadNeck_64",
    "ReconMatrixPE": 90,
    "RefLinesPE": 12,
    "RepetitionTime": 0.8,
    "SAR": 0.0582885,
    "ScanOptions": "FS",
    "ScanningSequence": "EP",
    "SequenceName": "_epfid2d1_90",
    "SequenceVariant": "SK",
    "SeriesDescription": "PARTLY_CLOUDY_mb6_2.4",
    "SeriesNumber": 19,
    "ShimSetting": [
      3020,
      -4167,
      -766,
      603,
      -44,
      5,
      -2,
      23
    ],
    "SliceThickness": 2.4,
    "SliceTiming": [
      0.5475,
      0,
      0.39,
      0.0775,
      0.4675,
      0.235,
      0.625,
      0.3125,
      0.7025,
      0.1575,
      0.5475,
      0,
      0.39,
      0.0775,
      0.4675,
      0.235,
      0.625,
      0.3125,
      0.7025,
      0.1575,
      0.5475,
      0,
      0.39,
      0.0775,
      0.4675,
      0.235,
      0.625,
      0.3125,
      0.7025,
      0.1575,
      0.5475,
      0,
      0.39,
      0.0775,
      0.4675,
      0.235,
      0.625,
      0.3125,
      0.7025,
      0.1575,
      0.5475,
      0,
      0.39,
      0.0775,
      0.4675,
      0.235,
      0.625,
      0.3125,
      0.7025,
      0.1575,
      0.5475,
      0,
      0.39,
      0.0775,
      0.4675,
      0.235,
      0.625,
      0.3125,
      0.7025,
      0.1575
    ],
    "SoftwareVersions": "syngo_MR_E11",
    "SpacingBetweenSlices": 2.4,
    "StationName": "mrc_Trio",
    "TaskName": "partlycloudy",
    "TotalReadoutTime": 0.046279,
    "TxRefAmp": 218.705,
    "dataset": "ds004146",
    "modality": "bold",
    "session_id": "02",
    "subject_id": "0314",
    "task_id": "partlycloudy"
  },
  "dummy_trs": 0,
  "dvars_nstd": 34.800510975224284,
  "dvars_std": 1.1488527681794192,
  "dvars_vstd": 0.9881077662532978,
  "efc": 0.4987698873416761,
  "fber": 5923.8251953125,
  "fd_mean": 0.24906191479244613,
  "fd_num": 221,
  "fd_perc": 58.1578947368421,
  "fwhm_avg": 1.9052915909571808,
  "fwhm_x": 1.7778665960205953,
  "fwhm_y": 2.0533749184062113,
  "fwhm_z": 1.8846332584447358,
  "gcor": 0.0149401,
  "gsr_x": -0.027165498584508896,
  "gsr_y": 0.03097745217382908,
  "provenance": {
    "md5sum": "0bee06d7e9d2d77ce814ba3fe68d8bcc",
    "settings": {
      "fd_thres": 0.2,
      "testing": false
    },
    "software": "mriqc",
    "version": "23.0.1",
    "webapi_port": null,
    "webapi_url": "https://mriqc.nimh.nih.gov/api/v1"
  },
  "size_t": 380,
  "size_x": 90,
  "size_y": 90,
  "size_z": 60,
  "snr": 7.270949573235652,
  "spacing_tr": 0.800000011920929,
  "spacing_x": 2.4000000953674316,
  "spacing_y": 2.4000000953674316,
  "spacing_z": 2.4000000953674316,
  "summary_bg_k": 28.667657808000204,
  "summary_bg_mad": 6.8940997504831865,
  "summary_bg_mean": 27.978229522705078,
  "summary_bg_median": 9.044736862182617,
  "summary_bg_n": 321547.0,
  "summary_bg_p05": 3.5763158798217773,
  "summary_bg_p95": 120.41447830200211,
  "summary_bg_stdv": 56.430423736572266,
  "summary_fg_k": 2.4259484534450397,
  "summary_fg_mad": 86.32646877502283,
  "summary_fg_mean": 710.282958984375,
  "summary_fg_median": 707.489501953125,
  "summary_fg_n": 92082.0,
  "summary_fg_p05": 564.6955535888671,
  "summary_fg_p95": 871.2784637451172,
  "summary_fg_stdv": 97.30306243896484,
  "tsnr": 41.33595004060771
}