{
  "aor": 0.0015296941896024467,
  "aqi": 0.010099239388379205,
  "bids_meta": {
    "AcquisitionMatrixPE": 104,
    "AcquisitionNumber": 1,
    "AcquisitionTime": "11:21:22.550000",
    "BandwidthPerPixelPhaseEncode": 17.17,
    "BaseResolution": 104,
    "BodyPartExamined": "BRAIN",
    "ConsistencyInfo": "N4_VE11C_LATEST_20160120",
    "ConversionSoftware": "dcm2niix",
    "ConversionSoftwareVersion": "v1.0.20171215 GCC6.3.0",
    "DerivedVendorReportedEchoSpacing": 0.000560011,
    "DeviceSerialNumber": "167001",
    "DwellTime": 2.1e-06,
    "EchoTime": 0.03,
    "EchoTrainLength": 91,
    "EffectiveEchoSpacing": 0.000560011,
    "FlipAngle": 52,
    "ImageOrientationPatientDICOM": [
      0.998105,
      0.0576577,
      -0.0214882,
      -0.0612216,
      0.895527,
      -0.440776
    ],
    "ImageType": [
      "ORIGINAL",
      "PRIMARY",
      "M",
      "ND",
      "MOSAIC"
    ],
    "InPlanePhaseEncodingDirectionDICOM": "COL",
    "InstitutionAddress": "Cooper_60_St._Lucia_QLD_AU_4072",
    "InstitutionName": "St_Lucia_Campus",
    "InstitutionalDepartmentName": "Gehrmann_Labs_MRI",
    "MRAcquisitionType": "2D",
    "MagneticFieldStrength": 3,
    "Manufacturer": "Siemens",
    "ManufacturersModelName": "Prisma_fit",
    "Modality": "MR",
    "MultibandAccelerationFactor": 6,
    "PartialFourier": 0.875,
    "PatientPosition": "HFS",
    "PercentPhaseFOV": 100,
    "PhaseEncodingDirection": "j-",
    "PhaseEncodingSteps": 91,
    "PhaseResolution": 1,
    "PixelBandwidth": 2290,
    "ProcedureStepDescription": "Research_16092_QTAB",
    "ProtocolName": "ep2d_REST_SMS6_A-P",
    "PulseSequenceDetails": "%SiemensSeq%_ep2d_bold",
    "ReceiveCoilActiveElements": "HC1-7;NC1,2",
    "ReceiveCoilName": "HeadNeck_64",
    "ReconMatrixPE": 104,
    "RepetitionTime": 0.93,
    "SAR": 0.0826456,
    "ScanOptions": "PFP_FS",
    "ScanningSequence": "EP",
    "SequenceName": "_epfid2d1_104",
    "SequenceVariant": "SK",
    "SeriesDescription": "ep2d_REST_SMS6_A-P",
    "SeriesNumber": 9,
    "ShimSetting": [
      3046,
      -4097,
      -790,
      441,
      -133,
      -1,
      -154,
      48
    ],
    "SliceThickness": 2,
    "SliceTiming": [
      0.6825,
      0,
      0.455,
      0.0775,
      0.5325,
      0.1525,
      0.6075,
      0.305,
      0.76,
      0.38,
      0.835,
      0.2275,
      0.6825,
      0,
      0.455,
      0.0775,
      0.5325,
      0.1525,
      0.6075,
      0.305,
      0.76,
      0.38,
      0.835,
      0.2275,
      0.6825,
      0,
      0.455,
      0.0775,
      0.5325,
      0.1525,
      0.6075,
      0.305,
      0.76,
      0.38,
      0.835,
      0.2275,
      0.6825,
      0,
      0.455,
      0.0775,
      0.5325,
      0.1525,
      0.6075,
      0.305,
      0.76,
      0.38,
      0.835,
      0.2275,
      0.6825,
      0,
      0.455,
      0.0775,
      0.5325,
      0.1525,
      0.6075,
      0.305,
      0.76,
      0.38,
      0.835,
      0.2275,
      0.6825,
      0,
      0.455,
      0.0775,
      0.5325,
      0.1525,
      0.6075,
      0.305,
      0.76,
      0.38,
      0.835,
      0.2275
    ],
    "SoftwareVersions": "syngo_MR_E11",
    "SpacingBetweenSlices": 2,
    "StationName": "mrc_Trio",
    "TaskName": "rest",
    "TotalReadoutTime": 0.0576811,
    "TxRefAmp": 202.912,
    "dataset": "ds004146",
    "modality": "bold",
    "session_id": "01",
    "subject_id": "0235",
    "task_id": "rest"
  },
  "dummy_trs": 0,
  "dvars_nstd": 46.459830471503075,
  "dvars_std": 1.0938268454601237,
  "dvars_vstd": 1.00534354208589,
  "efc": 0.5042319560786609,
  "fber": 1038.9716796875,
  "fd_mean": 0.3645536363685556,
  "fd_num": 222,
  "fd_perc": 67.88990825688073,
  "fwhm_avg": 3.0314199999999993,
  "fwhm_x": 2.853045,
  "fwhm_y": 3.208485,
  "fwhm_z": 3.03273,
  "gcor": 0.0277547,
  "gsr_x": -0.007921907119452953,
  "gsr_y": 0.058098796755075455,
  "provenance": {
    "md5sum": "0fc7bc9cf4dbbf41b6519416c36863e7",
    "settings": {
      "fd_thres": 0.2,
      "testing": false
    },
    "software": "mriqc",
    "version": "23.0.1",
    "webapi_port": null,
    "webapi_url": "https://mriqc.nimh.nih.gov/api/v1"
  },
  "size_t": 327,
  "size_x": 104,
  "size_y": 104,
  "size_z": 72,
  "snr": 2.9722466635488947,
  "spacing_tr": 0.9300000071525574,
  "spacing_x": 2.0,
  "spacing_y": 2.0,
  "spacing_z": 2.0,
  "summary_bg_k": 59.12481937111858,
  "summary_bg_mad": 5.078027408657854,
  "summary_bg_mean": 33.55767059326172,
  "summary_bg_median": 18.116209030151367,
  "summary_bg_n": 529161.0,
  "summary_bg_p05": 14.137615203857422,
  "summary_bg_p95": 102.40367126464844,
  "summary_bg_stdv": 49.42287826538086,
  "summary_fg_k": 0.19080865729517837,
  "summary_fg_mad": 200.5548434797886,
  "summary_fg_mean": 620.646728515625,
  "summary_fg_median": 592.75537109375,
  "summary_fg_n": 150893.0,
  "summary_fg_p05": 346.3596496582031,
  "summary_fg_p95": 983.8868652343749,
  "summary_fg_stdv": 199.42941284179688,
  "tsnr": 31.49698868568521
}