{
  "aor": 0.0007019938650306747,
  "aqi": 0.007179924417177914,
  "bids_meta": {
    "AcquisitionMatrixPE": 104,
    "AcquisitionNumber": 1,
    "AcquisitionTime": "16:39:15.777500",
    "BandwidthPerPixelPhaseEncode": 17.17,
    "BaseResolution": 104,
    "BodyPartExamined": "BRAIN",
    "CoilString": "HC1-7;NC1_2",
    "ConsistencyInfo": "N4_VE11C_LATEST_20160120",
    "ConversionSoftware": "dcm2niix",
    "ConversionSoftwareVersion": "v1.0.20190410  GCC6.3.0",
    "DerivedVendorReportedEchoSpacing": 0.000560011,
    "DeviceSerialNumber": "167001",
    "DwellTime": 2.1e-06,
    "EchoTime": 0.03,
    "EchoTrainLength": 91,
    "EffectiveEchoSpacing": 0.000560011,
    "FlipAngle": 52,
    "ImageOrientationPatientDICOM": [
      0.999885,
      0.0113611,
      0.0100857,
      -0.00855134,
      0.96962,
      -0.244467
    ],
    "ImageType": [
      "ORIGINAL",
      "PRIMARY",
      "M",
      "ND",
      "MOSAIC"
    ],
    "ImagingFrequency": 123.229,
    "InPlanePhaseEncodingDirectionDICOM": "COL",
    "InstitutionAddress": "Cooper_60_St._Lucia_QLD_AU_4072",
    "InstitutionName": "St_Lucia_Campus",
    "InstitutionalDepartmentName": "Gehrmann_Labs_MRI",
    "MRAcquisitionType": "2D",
    "MagneticFieldStrength": 3,
    "Manufacturer": "Siemens",
    "ManufacturersModelName": "Prisma_fit",
    "Modality": "MR",
    "MultibandAccelerationFactor": 6,
    "PartialFourier": 0.875,
    "PatientPosition": "HFS",
    "PercentPhaseFOV": 100,
    "PhaseEncodingDirection": "j-",
    "PhaseEncodingSteps": 91,
    "PhaseResolution": 1,
    "PixelBandwidth": 2290,
    "ProcedureStepDescription": "Research_16092_QTAB",
    "ProtocolName": "ep2d_REST_SMS6_A-P",
    "PulseSequenceDetails": "%SiemensSeq%_ep2d_bold",
    "ReceiveCoilActiveElements": "HC1-7;NC1,2",
    "ReceiveCoilName": "HeadNeck_64",
    "ReconMatrixPE": 104,
    "RefLinesPE": 12,
    "RepetitionTime": 0.93,
    "SAR": 0.0516071,
    "ScanOptions": "PFP_FS",
    "ScanningSequence": "EP",
    "SequenceName": "_epfid2d1_104",
    "SequenceVariant": "SK",
    "SeriesDescription": "ep2d_REST_SMS6_A-P",
    "SeriesNumber": 5,
    "ShimSetting": [
      3056,
      -4176,
      -760,
      507,
      28,
      28,
      -35,
      -23
    ],
    "SliceThickness": 2,
    "SliceTiming": [
      0.6825,
      0,
      0.455,
      0.0775,
      0.5325,
      0.1525,
      0.6075,
      0.305,
      0.76,
      0.38,
      0.835,
      0.2275,
      0.6825,
      0,
      0.455,
      0.0775,
      0.5325,
      0.1525,
      0.6075,
      0.305,
      0.76,
      0.38,
      0.835,
      0.2275,
      0.6825,
      0,
      0.455,
      0.0775,
      0.5325,
      0.1525,
      0.6075,
      0.305,
      0.76,
      0.38,
      0.835,
      0.2275,
      0.6825,
      0,
      0.455,
      0.0775,
      0.5325,
      0.1525,
      0.6075,
      0.305,
      0.76,
      0.38,
      0.835,
      0.2275,
      0.6825,
      0,
      0.455,
      0.0775,
      0.5325,
      0.1525,
      0.6075,
      0.305,
      0.76,
      0.38,
      0.835,
      0.2275,
      0.6825,
      0,
      0.455,
      0.0775,
      0.5325,
      0.1525,
      0.6075,
      0.305,
      0.76,
      0.38,
      0.835,
      0.2275
    ],
    "SoftwareVersions": "syngo_MR_E11",
    "SpacingBetweenSlices": 2,
    "StationName": "mrc_Trio",
    "TaskName": "rest",
    "TotalReadoutTime": 0.0576811,
    "TxRefAmp": 211.352,
    "dataset": "ds004146",
    "modality": "bold",
    "session_id": "02",
    "subject_id": "0029",
    "task_id": "rest"
  },
  "dummy_trs": 1,
  "dvars_nstd": 43.42256679846154,
  "dvars_std": 1.1049545288615379,
  "dvars_vstd": 1.0016775221538465,
  "efc": 0.5206412386239326,
  "fber": 823.0086059570312,
  "fd_mean": 0.20268036972743914,
  "fd_num": 157,
  "fd_perc": 48.15950920245399,
  "fwhm_avg": 2.994218333333333,
  "fwhm_x": 2.783475,
  "fwhm_y": 3.15497,
  "fwhm_z": 3.04421,
  "gcor": 0.0129768,
  "gsr_x": -0.01361955888569355,
  "gsr_y": 0.06602388620376587,
  "provenance": {
    "md5sum": "61c6b12c66353aa53d5c66d503aefeda",
    "settings": {
      "fd_thres": 0.2,
      "testing": false
    },
    "software": "mriqc",
    "version": "23.0.1",
    "webapi_port": null,
    "webapi_url": "https://mriqc.nimh.nih.gov/api/v1"
  },
  "size_t": 326,
  "size_x": 104,
  "size_y": 104,
  "size_z": 72,
  "snr": 2.8854223733952846,
  "spacing_tr": 0.9300000071525574,
  "spacing_x": 2.0,
  "spacing_y": 2.0,
  "spacing_z": 2.0,
  "summary_bg_k": 41.60154304818779,
  "summary_bg_mad": 5.725753901075138,
  "summary_bg_mean": 36.51387405395508,
  "summary_bg_median": 18.920244216918945,
  "summary_bg_n": 522112.0,
  "summary_bg_p05": 14.38036823272705,
  "summary_bg_p95": 122.28051681518541,
  "summary_bg_stdv": 53.236629486083984,
  "summary_fg_k": 0.2957058628019702,
  "summary_fg_mad": 190.7189849080505,
  "summary_fg_mean": 575.5962524414062,
  "summary_fg_median": 554.1748046875,
  "summary_fg_n": 155715.0,
  "summary_fg_p05": 312.16994323730466,
  "summary_fg_p95": 921.9190063476561,
  "summary_fg_stdv": 192.05958557128906,
  "tsnr": 34.37519060098566
}