{
  "aor": 0.00043826139088729016,
  "aqi": 0.01314994324940048,
  "bids_meta": {
    "AcquisitionMatrixPE": 90,
    "AcquisitionNumber": 1,
    "AcquisitionTime": "11:44:32.452500",
    "BandwidthPerPixelPhaseEncode": 21.368,
    "BaseResolution": 90,
    "BodyPartExamined": "BRAIN",
    "CoilString": "HC1-7;NC1_2",
    "ConsistencyInfo": "N4_VE11C_LATEST_20160120",
    "ConversionSoftware": "dcm2niix",
    "ConversionSoftwareVersion": "v1.0.20190410  GCC6.3.0",
    "DelayTime": 0.001,
    "DerivedVendorReportedEchoSpacing": 0.000519988,
    "DeviceSerialNumber": "167001",
    "DwellTime": 2.2e-06,
    "EchoTime": 0.03,
    "EchoTrainLength": 90,
    "EffectiveEchoSpacing": 0.000519988,
    "FlipAngle": 52,
    "ImageOrientationPatientDICOM": [
      0.998695,
      -0.0434635,
      0.0268085,
      0.0505917,
      0.913517,
      -0.403641
    ],
    "ImageType": [
      "ORIGINAL",
      "PRIMARY",
      "M",
      "ND",
      "NORM",
      "MOSAIC"
    ],
    "ImagingFrequency": 123.229,
    "InPlanePhaseEncodingDirectionDICOM": "COL",
    "InstitutionAddress": "Cooper_60_St._Lucia_QLD_AU_4072",
    "InstitutionName": "St_Lucia_Campus",
    "InstitutionalDepartmentName": "Gehrmann_Labs_MRI",
    "MRAcquisitionType": "2D",
    "MagneticFieldStrength": 3,
    "Manufacturer": "Siemens",
    "ManufacturersModelName": "Prisma_fit",
    "Modality": "MR",
    "MultibandAccelerationFactor": 6,
    "PartialFourier": 1,
    "PatientPosition": "HFS",
    "PercentPhaseFOV": 100,
    "PhaseEncodingDirection": "j-",
    "PhaseEncodingSteps": 90,
    "PhaseResolution": 1,
    "PixelBandwidth": 2525,
    "ProcedureStepDescription": "Research_16092_QTAB",
    "ProtocolName": "EMOT_TASK_mb6_2.4",
    "PulseSequenceDetails": "%SiemensSeq%_ep2d_bold",
    "ReceiveCoilActiveElements": "HC1-7;NC1,2",
    "ReceiveCoilName": "HeadNeck_64",
    "ReconMatrixPE": 90,
    "RefLinesPE": 12,
    "RepetitionTime": 0.8,
    "SAR": 0.0572607,
    "ScanOptions": "FS",
    "ScanningSequence": "EP",
    "SequenceName": "_epfid2d1_90",
    "SequenceVariant": "SK",
    "SeriesDescription": "EMOT_TASK_mb6_2.4",
    "SeriesNumber": 20,
    "ShimSetting": [
      3051,
      -4158,
      -753,
      477,
      14,
      -99,
      38,
      -8
    ],
    "SliceThickness": 2.4,
    "SliceTiming": [
      0.545,
      0,
      0.39,
      0.0775,
      0.4675,
      0.2325,
      0.6225,
      0.31,
      0.7,
      0.155,
      0.545,
      0,
      0.39,
      0.0775,
      0.4675,
      0.2325,
      0.6225,
      0.31,
      0.7,
      0.155,
      0.545,
      0,
      0.39,
      0.0775,
      0.4675,
      0.2325,
      0.6225,
      0.31,
      0.7,
      0.155,
      0.545,
      0,
      0.39,
      0.0775,
      0.4675,
      0.2325,
      0.6225,
      0.31,
      0.7,
      0.155,
      0.545,
      0,
      0.39,
      0.0775,
      0.4675,
      0.2325,
      0.6225,
      0.31,
      0.7,
      0.155,
      0.545,
      0,
      0.39,
      0.0775,
      0.4675,
      0.2325,
      0.6225,
      0.31,
      0.7,
      0.155
    ],
    "SoftwareVersions": "syngo_MR_E11",
    "SpacingBetweenSlices": 2.4,
    "StationName": "mrc_Trio",
    "TaskName": "emotionalconflict",
    "TotalReadoutTime": 0.046279,
    "TxRefAmp": 241.161,
    "dataset": "ds004146",
    "modality": "bold",
    "session_id": "02",
    "subject_id": "0158",
    "task_id": "emotionalconflict"
  },
  "dummy_trs": 3,
  "dvars_nstd": 44.53482423151266,
  "dvars_std": 1.375545698511407,
  "dvars_vstd": 1.0046188736614647,
  "efc": 0.5075673927880417,
  "fber": 5167.29736328125,
  "fd_mean": 0.21084585682519746,
  "fd_num": 447,
  "fd_perc": 53.597122302158276,
  "fwhm_avg": 1.9034610354743655,
  "fwhm_x": 1.8124332613137064,
  "fwhm_y": 2.0073165869030722,
  "fwhm_z": 1.8906332582063174,
  "gcor": 0.012762,
  "gsr_x": -0.02361925318837166,
  "gsr_y": 0.03844090551137924,
  "provenance": {
    "md5sum": "27c7249dec29b04df13f889599935e05",
    "settings": {
      "fd_thres": 0.2,
      "testing": false
    },
    "software": "mriqc",
    "version": "23.0.1",
    "webapi_port": null,
    "webapi_url": "https://mriqc.nimh.nih.gov/api/v1"
  },
  "size_t": 834,
  "size_x": 90,
  "size_y": 90,
  "size_z": 60,
  "snr": 6.643062542722444,
  "spacing_tr": 0.800000011920929,
  "spacing_x": 2.4000000953674316,
  "spacing_y": 2.4000000953674316,
  "spacing_z": 2.4000000953674316,
  "summary_bg_k": 22.715443014806546,
  "summary_bg_mad": 7.3739020748088695,
  "summary_bg_mean": 30.50387191772461,
  "summary_bg_median": 9.136691093444824,
  "summary_bg_n": 320945.0,
  "summary_bg_p05": 3.399280548095703,
  "summary_bg_p95": 129.68273620605464,
  "summary_bg_stdv": 57.963157653808594,
  "summary_fg_k": 1.5762357621734129,
  "summary_fg_mad": 96.717534006407,
  "summary_fg_mean": 674.0675048828125,
  "summary_fg_median": 673.4940185546875,
  "summary_fg_n": 92743.0,
  "summary_fg_p05": 521.9177734375,
  "summary_fg_p95": 837.2114196777342,
  "summary_fg_stdv": 101.38251495361328,
  "tsnr": 47.6378402300179
}