{
  "bids_meta": {
    "AcquisitionMatrixPE": 256,
    "AcquisitionNumber": 1,
    "AcquisitionTime": "11:02:17.525000",
    "BaseResolution": 256,
    "BodyPartExamined": "BRAIN",
    "ConsistencyInfo": "N4_VE11C_LATEST_20160120",
    "ConversionSoftware": "dcm2niix",
    "ConversionSoftwareVersion": "v1.0.20171215 GCC6.3.0",
    "DeviceSerialNumber": "167001",
    "DwellTime": 2.6e-06,
    "EchoTime": 0.408,
    "EchoTrainLength": 259,
    "FlipAngle": 120,
    "ImageOrientationPatientDICOM": [
      0.00642156,
      0.999979,
      2.65934e-09,
      0.0235191,
      -0.00015103,
      -0.999723
    ],
    "ImageType": [
      "ORIGINAL",
      "PRIMARY",
      "M",
      "ND",
      "NORM"
    ],
    "InPlanePhaseEncodingDirectionDICOM": "ROW",
    "InstitutionAddress": "Cooper_60_St._Lucia_QLD_AU_4072",
    "InstitutionName": "St_Lucia_Campus",
    "InstitutionalDepartmentName": "Gehrmann_Labs_MRI",
    "MRAcquisitionType": "3D",
    "MagneticFieldStrength": 3,
    "Manufacturer": "Siemens",
    "ManufacturersModelName": "Prisma_fit",
    "Modality": "MR",
    "ParallelReductionFactorInPlane": 2,
    "PartialFourier": 1,
    "PatientPosition": "HFS",
    "PercentPhaseFOV": 100,
    "PhaseEncodingSteps": 233,
    "PhaseResolution": 1,
    "PixelBandwidth": 750,
    "ProcedureStepDescription": "Research_16092_QTAB",
    "ProtocolName": "t2_spc_sag_p2_iso",
    "PulseSequenceDetails": "%SiemensSeq%_tse_vfl",
    "ReceiveCoilActiveElements": "HC1-7;NC1",
    "ReceiveCoilName": "HeadNeck_64",
    "ReconMatrixPE": 256,
    "RepetitionTime": 3.2,
    "SAR": 0.179079,
    "ScanOptions": "PFP",
    "ScanningSequence": "SE",
    "SequenceName": "_spcR_282ns",
    "SequenceVariant": "SK_SP",
    "SeriesDescription": "t2_spc_sag_p2_iso",
    "SeriesNumber": 19,
    "ShimSetting": [
      3045,
      -4172,
      -1048,
      3,
      -5,
      36,
      -4,
      -10
    ],
    "SliceThickness": 1,
    "SoftwareVersions": "syngo_MR_E11",
    "StationName": "mrc_Trio",
    "TxRefAmp": 217.662,
    "dataset": "ds004146",
    "modality": "T2w",
    "session_id": "01",
    "subject_id": "0025"
  },
  "cjv": 1.0566840366685883,
  "cnr": 0.5019469819169431,
  "efc": 0.6616900842433437,
  "fber": -1.0,
  "fwhm_avg": 4.029470876752343,
  "fwhm_x": 4.16596274831073,
  "fwhm_y": 4.34534993524924,
  "fwhm_z": 3.5770999466970568,
  "icvs_csf": 0.48547626362589225,
  "icvs_gm": 0.39132958540861384,
  "icvs_wm": 0.12319415096549392,
  "inu_med": 1.0303964614868164,
  "inu_range": 0.4245542675256728,
  "provenance": {
    "md5sum": "4bd67c16276cfabb4d26635628bdabe7",
    "settings": {
      "testing": false
    },
    "software": "mriqc",
    "version": "23.0.1",
    "warnings": {
      "large_rot_frame": true,
      "small_air_mask": false
    },
    "webapi_port": null,
    "webapi_url": "https://mriqc.nimh.nih.gov/api/v1"
  },
  "qi_1": 0.06144793529604545,
  "qi_2": 0.03519988460402017,
  "rpve_csf": 8.818813241297192,
  "rpve_gm": 10.55241952647989,
  "rpve_wm": 32.24439045656867,
  "size_x": 192,
  "size_y": 300,
  "size_z": 320,
  "snr_csf": 19.969001885157486,
  "snr_gm": 16.476963101148012,
  "snr_total": 12.271676979553051,
  "snr_wm": 0.3690659523536593,
  "snrd_csf": 143.40341916174907,
  "snrd_gm": 104.01127574803301,
  "snrd_total": 97.15023180365148,
  "snrd_wm": 44.03600050117235,
  "spacing_x": 0.7999999523162842,
  "spacing_y": 0.800000011920929,
  "spacing_z": 0.800000011920929,
  "summary_bg_k": 38.68510979695764,
  "summary_bg_mad": 0.0,
  "summary_bg_mean": 4.601090848129271,
  "summary_bg_median": 0.0,
  "summary_bg_n": 1134266.0,
  "summary_bg_p05": 0.0,
  "summary_bg_p95": 28.113470628857613,
  "summary_bg_stdv": 14.985165664908322,
  "summary_csf_k": 0.18462644953467722,
  "summary_csf_mad": 164.27254664257867,
  "summary_csf_mean": 3287.7051160089823,
  "summary_csf_median": 3280.1169238239527,
  "summary_csf_n": 280752.0,
  "summary_csf_p05": 3032.565729960799,
  "summary_csf_p95": 3564.1774664223194,
  "summary_csf_stdv": 164.26014184485462,
  "summary_gm_k": -0.1795131033291315,
  "summary_gm_mad": 151.44759466589053,
  "summary_gm_mean": 2383.5338811335773,
  "summary_gm_median": 2379.086550682783,
  "summary_gm_n": 278721.0,
  "summary_gm_p05": 2155.578098669648,
  "summary_gm_p95": 2623.8391185104847,
  "summary_gm_stdv": 144.38839658804372,
  "summary_wm_k": -1.5028178563066361,
  "summary_wm_mad": 1298.1491831697692,
  "summary_wm_mean": 2691.847590004458,
  "summary_wm_median": 1007.2509522140026,
  "summary_wm_n": 73404.0,
  "summary_wm_p05": 103.80358386039734,
  "summary_wm_p95": 6935.485075405984,
  "summary_wm_stdv": 2729.170991684508,
  "tpm_overlap_csf": 0.10408495796718814,
  "tpm_overlap_gm": 0.26823562543428053,
  "tpm_overlap_wm": 0.03642497379852887,
  "wm2max": 0.14797510560863214
}