{
  "aor": 0.0008937614678899083,
  "aqi": 0.007317768562691131,
  "bids_meta": {
    "AcquisitionMatrixPE": 104,
    "AcquisitionNumber": 1,
    "AcquisitionTime": "09:28:22.977500",
    "BandwidthPerPixelPhaseEncode": 17.17,
    "BaseResolution": 104,
    "BodyPartExamined": "BRAIN",
    "ConsistencyInfo": "N4_VE11C_LATEST_20160120",
    "ConversionSoftware": "dcm2niix",
    "ConversionSoftwareVersion": "v1.0.20171215 GCC6.3.0",
    "DerivedVendorReportedEchoSpacing": 0.000560011,
    "DeviceSerialNumber": "167001",
    "DwellTime": 2.1e-06,
    "EchoTime": 0.03,
    "EchoTrainLength": 91,
    "EffectiveEchoSpacing": 0.000560011,
    "FlipAngle": 52,
    "ImageOrientationPatientDICOM": [
      0.999892,
      -0.00207693,
      0.0145163,
      0.00401386,
      0.990877,
      -0.134707
    ],
    "ImageType": [
      "ORIGINAL",
      "PRIMARY",
      "M",
      "ND",
      "MOSAIC"
    ],
    "InPlanePhaseEncodingDirectionDICOM": "COL",
    "InstitutionAddress": "Cooper_60_St._Lucia_QLD_AU_4072",
    "InstitutionName": "St_Lucia_Campus",
    "InstitutionalDepartmentName": "Gehrmann_Labs_MRI",
    "MRAcquisitionType": "2D",
    "MagneticFieldStrength": 3,
    "Manufacturer": "Siemens",
    "ManufacturersModelName": "Prisma_fit",
    "Modality": "MR",
    "MultibandAccelerationFactor": 6,
    "PartialFourier": 0.875,
    "PatientPosition": "HFS",
    "PercentPhaseFOV": 100,
    "PhaseEncodingDirection": "j",
    "PhaseEncodingSteps": 91,
    "PhaseResolution": 1,
    "PixelBandwidth": 2290,
    "ProcedureStepDescription": "Research_16092_QTAB",
    "ProtocolName": "ep2d_REST_SMS6_P-A",
    "PulseSequenceDetails": "%SiemensSeq%_ep2d_bold",
    "ReceiveCoilActiveElements": "HC1-7;NC1,2",
    "ReceiveCoilName": "HeadNeck_64",
    "ReconMatrixPE": 104,
    "RepetitionTime": 0.93,
    "SAR": 0.078434,
    "ScanOptions": "PFP_FS",
    "ScanningSequence": "EP",
    "SequenceName": "_epfid2d1_104",
    "SequenceVariant": "SK",
    "SeriesDescription": "ep2d_REST_SMS6_P-A",
    "SeriesNumber": 10,
    "ShimSetting": [
      3069,
      -4141,
      -799,
      432,
      -41,
      -178,
      -104,
      10
    ],
    "SliceThickness": 2,
    "SliceTiming": [
      0.6825,
      0,
      0.455,
      0.0775,
      0.5325,
      0.1525,
      0.6075,
      0.305,
      0.76,
      0.38,
      0.835,
      0.2275,
      0.6825,
      0,
      0.455,
      0.0775,
      0.5325,
      0.1525,
      0.6075,
      0.305,
      0.76,
      0.38,
      0.835,
      0.2275,
      0.6825,
      0,
      0.455,
      0.0775,
      0.5325,
      0.1525,
      0.6075,
      0.305,
      0.76,
      0.38,
      0.835,
      0.2275,
      0.6825,
      0,
      0.455,
      0.0775,
      0.5325,
      0.1525,
      0.6075,
      0.305,
      0.76,
      0.38,
      0.835,
      0.2275,
      0.6825,
      0,
      0.455,
      0.0775,
      0.5325,
      0.1525,
      0.6075,
      0.305,
      0.76,
      0.38,
      0.835,
      0.2275,
      0.6825,
      0,
      0.455,
      0.0775,
      0.5325,
      0.1525,
      0.6075,
      0.305,
      0.76,
      0.38,
      0.835,
      0.2275
    ],
    "SoftwareVersions": "syngo_MR_E11",
    "SpacingBetweenSlices": 2,
    "StationName": "mrc_Trio",
    "TaskName": "rest",
    "TotalReadoutTime": 0.0576811,
    "TxRefAmp": 208.397,
    "dataset": "ds004146",
    "modality": "bold",
    "session_id": "01",
    "subject_id": "0144",
    "task_id": "rest"
  },
  "dummy_trs": 0,
  "dvars_nstd": 42.179783458312876,
  "dvars_std": 1.1176965151226994,
  "dvars_vstd": 1.0010470495092023,
  "efc": 0.48210177870726384,
  "fber": 969.4364624023438,
  "fd_mean": 0.12902658560707092,
  "fd_num": 23,
  "fd_perc": 7.033639143730887,
  "fwhm_avg": 3.1523283999042753,
  "fwhm_x": 2.95767,
  "fwhm_y": 3.14869,
  "fwhm_z": 3.350625199712825,
  "gcor": 0.00662153,
  "gsr_x": -0.01649411767721176,
  "gsr_y": 0.040646862238645554,
  "provenance": {
    "md5sum": "6096655b7c88451d3cf4753def8247cf",
    "settings": {
      "fd_thres": 0.2,
      "testing": false
    },
    "software": "mriqc",
    "version": "23.0.1",
    "webapi_port": null,
    "webapi_url": "https://mriqc.nimh.nih.gov/api/v1"
  },
  "size_t": 327,
  "size_x": 104,
  "size_y": 104,
  "size_z": 72,
  "snr": 2.653343003770945,
  "spacing_tr": 0.9300000071525574,
  "spacing_x": 2.0,
  "spacing_y": 2.0,
  "spacing_z": 1.9999998807907104,
  "summary_bg_k": 45.21834967837391,
  "summary_bg_mad": 4.280050743864416,
  "summary_bg_mean": 31.485498428344727,
  "summary_bg_median": 17.131498336791992,
  "summary_bg_n": 554556.0,
  "summary_bg_p05": 13.804282188415527,
  "summary_bg_p95": 99.6131534576416,
  "summary_bg_stdv": 43.702030181884766,
  "summary_fg_k": 2.2310537475692334,
  "summary_fg_mad": 179.03670562296415,
  "summary_fg_mean": 572.6837768554688,
  "summary_fg_median": 532.1345825195312,
  "summary_fg_n": 131748.0,
  "summary_fg_p05": 332.8828842163086,
  "summary_fg_p95": 947.7812377929686,
  "summary_fg_stdv": 200.55174255371094,
  "tsnr": 37.23217062000185
}