{
  "aor": 0.0003872171253822629,
  "aqi": 0.00912260266055046,
  "bids_meta": {
    "AcquisitionMatrixPE": 104,
    "AcquisitionNumber": 1,
    "AcquisitionTime": "09:22:53.582500",
    "BandwidthPerPixelPhaseEncode": 17.17,
    "BaseResolution": 104,
    "BodyPartExamined": "BRAIN",
    "ConsistencyInfo": "N4_VE11C_LATEST_20160120",
    "ConversionSoftware": "dcm2niix",
    "ConversionSoftwareVersion": "v1.0.20171215 GCC6.3.0",
    "DerivedVendorReportedEchoSpacing": 0.000560011,
    "DeviceSerialNumber": "167001",
    "DwellTime": 2.1e-06,
    "EchoTime": 0.03,
    "EchoTrainLength": 91,
    "EffectiveEchoSpacing": 0.000560011,
    "FlipAngle": 52,
    "ImageOrientationPatientDICOM": [
      0.999892,
      -0.00207693,
      0.0145163,
      0.00401386,
      0.990877,
      -0.134707
    ],
    "ImageType": [
      "ORIGINAL",
      "PRIMARY",
      "M",
      "ND",
      "MOSAIC"
    ],
    "InPlanePhaseEncodingDirectionDICOM": "COL",
    "InstitutionAddress": "Cooper_60_St._Lucia_QLD_AU_4072",
    "InstitutionName": "St_Lucia_Campus",
    "InstitutionalDepartmentName": "Gehrmann_Labs_MRI",
    "MRAcquisitionType": "2D",
    "MagneticFieldStrength": 3,
    "Manufacturer": "Siemens",
    "ManufacturersModelName": "Prisma_fit",
    "Modality": "MR",
    "MultibandAccelerationFactor": 6,
    "PartialFourier": 0.875,
    "PatientPosition": "HFS",
    "PercentPhaseFOV": 100,
    "PhaseEncodingDirection": "j-",
    "PhaseEncodingSteps": 91,
    "PhaseResolution": 1,
    "PixelBandwidth": 2290,
    "ProcedureStepDescription": "Research_16092_QTAB",
    "ProtocolName": "ep2d_REST_SMS6_A-P",
    "PulseSequenceDetails": "%SiemensSeq%_ep2d_bold",
    "ReceiveCoilActiveElements": "HC1-7;NC1,2",
    "ReceiveCoilName": "HeadNeck_64",
    "ReconMatrixPE": 104,
    "RepetitionTime": 0.93,
    "SAR": 0.078434,
    "ScanOptions": "PFP_FS",
    "ScanningSequence": "EP",
    "SequenceName": "_epfid2d1_104",
    "SequenceVariant": "SK",
    "SeriesDescription": "ep2d_REST_SMS6_A-P",
    "SeriesNumber": 9,
    "ShimSetting": [
      3069,
      -4141,
      -799,
      432,
      -41,
      -178,
      -104,
      10
    ],
    "SliceThickness": 2,
    "SliceTiming": [
      0.6825,
      0,
      0.455,
      0.0775,
      0.5325,
      0.1525,
      0.6075,
      0.305,
      0.76,
      0.38,
      0.835,
      0.2275,
      0.6825,
      0,
      0.455,
      0.0775,
      0.5325,
      0.1525,
      0.6075,
      0.305,
      0.76,
      0.38,
      0.835,
      0.2275,
      0.6825,
      0,
      0.455,
      0.0775,
      0.5325,
      0.1525,
      0.6075,
      0.305,
      0.76,
      0.38,
      0.835,
      0.2275,
      0.6825,
      0,
      0.455,
      0.0775,
      0.5325,
      0.1525,
      0.6075,
      0.305,
      0.76,
      0.38,
      0.835,
      0.2275,
      0.6825,
      0,
      0.455,
      0.0775,
      0.5325,
      0.1525,
      0.6075,
      0.305,
      0.76,
      0.38,
      0.835,
      0.2275,
      0.6825,
      0,
      0.455,
      0.0775,
      0.5325,
      0.1525,
      0.6075,
      0.305,
      0.76,
      0.38,
      0.835,
      0.2275
    ],
    "SoftwareVersions": "syngo_MR_E11",
    "SpacingBetweenSlices": 2,
    "StationName": "mrc_Trio",
    "TaskName": "rest",
    "TotalReadoutTime": 0.0576811,
    "TxRefAmp": 208.397,
    "dataset": "ds004146",
    "modality": "bold",
    "session_id": "01",
    "subject_id": "0144",
    "task_id": "rest"
  },
  "dummy_trs": 0,
  "dvars_nstd": 43.47993261530673,
  "dvars_std": 1.121953433496932,
  "dvars_vstd": 0.9811336906748459,
  "efc": 0.48306099874195696,
  "fber": 1004.4835205078125,
  "fd_mean": 0.1520774085947845,
  "fd_num": 87,
  "fd_perc": 26.605504587155963,
  "fwhm_avg": 3.1680483994172057,
  "fwhm_x": 2.89272,
  "fwhm_y": 3.285315,
  "fwhm_z": 3.326110198251617,
  "gcor": 0.00654974,
  "gsr_x": -0.017666123807430267,
  "gsr_y": 0.050969380885362625,
  "provenance": {
    "md5sum": "4c2fa2b0b6631bac33ee05c61d499f8d",
    "settings": {
      "fd_thres": 0.2,
      "testing": false
    },
    "software": "mriqc",
    "version": "23.0.1",
    "webapi_port": null,
    "webapi_url": "https://mriqc.nimh.nih.gov/api/v1"
  },
  "size_t": 327,
  "size_x": 104,
  "size_y": 104,
  "size_z": 72,
  "snr": 2.7928544262574286,
  "spacing_tr": 0.9300000071525574,
  "spacing_x": 2.0,
  "spacing_y": 2.0,
  "spacing_z": 1.9999998807907104,
  "summary_bg_k": 38.9000087219616,
  "summary_bg_mad": 4.148566113179095,
  "summary_bg_mean": 30.988222122192383,
  "summary_bg_median": 16.782875061035156,
  "summary_bg_n": 552694.0,
  "summary_bg_p05": 13.449542045593262,
  "summary_bg_p95": 95.25688171386719,
  "summary_bg_stdv": 43.566184997558594,
  "summary_fg_k": 1.9340057311960424,
  "summary_fg_mad": 165.1945226694845,
  "summary_fg_mean": 574.1481323242188,
  "summary_fg_median": 536.1024780273438,
  "summary_fg_n": 132750.0,
  "summary_fg_p05": 343.090071105957,
  "summary_fg_p95": 944.0556976318358,
  "summary_fg_stdv": 191.95431518554688,
  "tsnr": 35.54780992306769
}