{
  "aor": 0.00035790450928381963,
  "aqi": 0.013669066843501328,
  "bids_meta": {
    "AcquisitionMatrixPE": 90,
    "AcquisitionNumber": 1,
    "AcquisitionTime": "15:49:12.772500",
    "BandwidthPerPixelPhaseEncode": 21.368,
    "BaseResolution": 90,
    "BodyPartExamined": "BRAIN",
    "CoilString": "HC1-7;NC1_2",
    "ConsistencyInfo": "N4_VE11C_LATEST_20160120",
    "ConversionSoftware": "dcm2niix",
    "ConversionSoftwareVersion": "v1.0.20190410  GCC6.3.0",
    "DerivedVendorReportedEchoSpacing": 0.000519988,
    "DeviceSerialNumber": "167001",
    "DwellTime": 2.2e-06,
    "EchoTime": 0.03,
    "EchoTrainLength": 90,
    "EffectiveEchoSpacing": 0.000519988,
    "FlipAngle": 52,
    "ImageOrientationPatientDICOM": [
      0.999382,
      0.0160813,
      -0.0312489,
      -0.0251225,
      0.948679,
      -0.315243
    ],
    "ImageType": [
      "ORIGINAL",
      "PRIMARY",
      "M",
      "ND",
      "NORM",
      "MOSAIC"
    ],
    "ImagingFrequency": 123.229,
    "InPlanePhaseEncodingDirectionDICOM": "COL",
    "InstitutionAddress": "Cooper_60_St._Lucia_QLD_AU_4072",
    "InstitutionName": "St_Lucia_Campus",
    "InstitutionalDepartmentName": "Gehrmann_Labs_MRI",
    "MRAcquisitionType": "2D",
    "MagneticFieldStrength": 3,
    "Manufacturer": "Siemens",
    "ManufacturersModelName": "Prisma_fit",
    "Modality": "MR",
    "MultibandAccelerationFactor": 6,
    "PartialFourier": 1,
    "PatientPosition": "HFS",
    "PercentPhaseFOV": 100,
    "PhaseEncodingDirection": "j-",
    "PhaseEncodingSteps": 90,
    "PhaseResolution": 1,
    "PixelBandwidth": 2525,
    "ProcedureStepDescription": "Research_16092_QTAB",
    "ProtocolName": "PARTLY_CLOUDY_mb6_2.4",
    "PulseSequenceDetails": "%SiemensSeq%_ep2d_bold",
    "ReceiveCoilActiveElements": "HC1-7;NC1,2",
    "ReceiveCoilName": "HeadNeck_64",
    "ReconMatrixPE": 90,
    "RefLinesPE": 12,
    "RepetitionTime": 0.8,
    "SAR": 0.0558974,
    "ScanOptions": "FS",
    "ScanningSequence": "EP",
    "SequenceName": "_epfid2d1_90",
    "SequenceVariant": "SK",
    "SeriesDescription": "PARTLY_CLOUDY_mb6_2.4",
    "SeriesNumber": 19,
    "ShimSetting": [
      3058,
      -4174,
      -758,
      464,
      21,
      190,
      -132,
      19
    ],
    "SliceThickness": 2.4,
    "SliceTiming": [
      0.545,
      0,
      0.39,
      0.0775,
      0.4675,
      0.235,
      0.625,
      0.3125,
      0.7025,
      0.155,
      0.545,
      0,
      0.39,
      0.0775,
      0.4675,
      0.235,
      0.625,
      0.3125,
      0.7025,
      0.155,
      0.545,
      0,
      0.39,
      0.0775,
      0.4675,
      0.235,
      0.625,
      0.3125,
      0.7025,
      0.155,
      0.545,
      0,
      0.39,
      0.0775,
      0.4675,
      0.235,
      0.625,
      0.3125,
      0.7025,
      0.155,
      0.545,
      0,
      0.39,
      0.0775,
      0.4675,
      0.235,
      0.625,
      0.3125,
      0.7025,
      0.155,
      0.545,
      0,
      0.39,
      0.0775,
      0.4675,
      0.235,
      0.625,
      0.3125,
      0.7025,
      0.155
    ],
    "SoftwareVersions": "syngo_MR_E11",
    "SpacingBetweenSlices": 2.4,
    "StationName": "mrc_Trio",
    "TaskName": "partlycloudy",
    "TotalReadoutTime": 0.046279,
    "TxRefAmp": 217.196,
    "dataset": "ds004146",
    "modality": "bold",
    "session_id": "02",
    "subject_id": "0053",
    "task_id": "partlycloudy"
  },
  "dummy_trs": 3,
  "dvars_nstd": 31.066588148058543,
  "dvars_std": 1.1734183073404258,
  "dvars_vstd": 0.9995798097872333,
  "efc": 0.4978657823415577,
  "fber": 5182.90576171875,
  "fd_mean": 0.1256655700716,
  "fd_num": 60,
  "fd_perc": 15.915119363395226,
  "fwhm_avg": 1.730166656071117,
  "fwhm_x": 1.6650374338373568,
  "fwhm_y": 1.7692374296968212,
  "fwhm_z": 1.7562251046791737,
  "gcor": 0.00691504,
  "gsr_x": -0.01692793518304825,
  "gsr_y": 0.02311697229743004,
  "provenance": {
    "md5sum": "5bc7cef841bbf9e31301657a5b606b20",
    "settings": {
      "fd_thres": 0.2,
      "testing": false
    },
    "software": "mriqc",
    "version": "23.0.1",
    "webapi_port": null,
    "webapi_url": "https://mriqc.nimh.nih.gov/api/v1"
  },
  "size_t": 377,
  "size_x": 90,
  "size_y": 90,
  "size_z": 60,
  "snr": 7.0049539389201145,
  "spacing_tr": 0.800000011920929,
  "spacing_x": 2.4000000953674316,
  "spacing_y": 2.4000000953674316,
  "spacing_z": 2.3999998569488525,
  "summary_bg_k": 24.061716942827022,
  "summary_bg_mad": 7.499529543314092,
  "summary_bg_mean": 26.28101348876953,
  "summary_bg_median": 9.026525497436523,
  "summary_bg_n": 322624.0,
  "summary_bg_p05": 3.031830072402954,
  "summary_bg_p95": 116.18488006591784,
  "summary_bg_stdv": 52.15883255004883,
  "summary_fg_k": 2.520346748746082,
  "summary_fg_mad": 85.76289171100593,
  "summary_fg_mean": 660.8927001953125,
  "summary_fg_median": 659.93896484375,
  "summary_fg_n": 91741.0,
  "summary_fg_p05": 521.604736328125,
  "summary_fg_p95": 810.13525390625,
  "summary_fg_stdv": 94.20980834960938,
  "tsnr": 52.816039400640875
}