{
  "aor": 0.0017010526315789476,
  "aqi": 0.03253187789473684,
  "bids_meta": {
    "AcquisitionMatrixPE": 90,
    "AcquisitionNumber": 1,
    "AcquisitionTime": "10:15:3.077500",
    "BandwidthPerPixelPhaseEncode": 21.368,
    "BaseResolution": 90,
    "BodyPartExamined": "BRAIN",
    "CoilString": "HC1-7;NC1_2",
    "ConsistencyInfo": "N4_VE11C_LATEST_20160120",
    "ConversionSoftware": "dcm2niix",
    "ConversionSoftwareVersion": "v1.0.20190410  GCC6.3.0",
    "DerivedVendorReportedEchoSpacing": 0.000519988,
    "DeviceSerialNumber": "167001",
    "DwellTime": 2.2e-06,
    "EchoTime": 0.03,
    "EchoTrainLength": 90,
    "EffectiveEchoSpacing": 0.000519988,
    "FlipAngle": 52,
    "ImageOrientationPatientDICOM": [
      0.998927,
      0.0450492,
      0.0106997,
      -0.0401211,
      0.957496,
      -0.285643
    ],
    "ImageType": [
      "ORIGINAL",
      "PRIMARY",
      "M",
      "ND",
      "NORM",
      "MOSAIC"
    ],
    "ImagingFrequency": 123.229,
    "InPlanePhaseEncodingDirectionDICOM": "COL",
    "InstitutionAddress": "Cooper_60_St._Lucia_QLD_AU_4072",
    "InstitutionName": "St_Lucia_Campus",
    "InstitutionalDepartmentName": "Gehrmann_Labs_MRI",
    "MRAcquisitionType": "2D",
    "MagneticFieldStrength": 3,
    "Manufacturer": "Siemens",
    "ManufacturersModelName": "Prisma_fit",
    "Modality": "MR",
    "MultibandAccelerationFactor": 6,
    "PartialFourier": 1,
    "PatientPosition": "HFS",
    "PercentPhaseFOV": 100,
    "PhaseEncodingDirection": "j-",
    "PhaseEncodingSteps": 90,
    "PhaseResolution": 1,
    "PixelBandwidth": 2525,
    "ProcedureStepDescription": "Research_16092_QTAB",
    "ProtocolName": "PARTLY_CLOUDY_mb6_2.4",
    "PulseSequenceDetails": "%SiemensSeq%_ep2d_bold",
    "ReceiveCoilActiveElements": "HC1-7;NC1,2",
    "ReceiveCoilName": "HeadNeck_64",
    "ReconMatrixPE": 90,
    "RefLinesPE": 12,
    "RepetitionTime": 0.8,
    "SAR": 0.0594678,
    "ScanOptions": "FS",
    "ScanningSequence": "EP",
    "SequenceName": "_epfid2d1_90",
    "SequenceVariant": "SK",
    "SeriesDescription": "PARTLY_CLOUDY_mb6_2.4",
    "SeriesNumber": 19,
    "ShimSetting": [
      3013,
      -4173,
      -793,
      801,
      -300,
      -142,
      -821,
      197
    ],
    "SliceThickness": 2.4,
    "SliceTiming": [
      0.545,
      0,
      0.39,
      0.0775,
      0.4675,
      0.235,
      0.625,
      0.3125,
      0.7025,
      0.155,
      0.545,
      0,
      0.39,
      0.0775,
      0.4675,
      0.235,
      0.625,
      0.3125,
      0.7025,
      0.155,
      0.545,
      0,
      0.39,
      0.0775,
      0.4675,
      0.235,
      0.625,
      0.3125,
      0.7025,
      0.155,
      0.545,
      0,
      0.39,
      0.0775,
      0.4675,
      0.235,
      0.625,
      0.3125,
      0.7025,
      0.155,
      0.545,
      0,
      0.39,
      0.0775,
      0.4675,
      0.235,
      0.625,
      0.3125,
      0.7025,
      0.155,
      0.545,
      0,
      0.39,
      0.0775,
      0.4675,
      0.235,
      0.625,
      0.3125,
      0.7025,
      0.155
    ],
    "SoftwareVersions": "syngo_MR_E11",
    "SpacingBetweenSlices": 2.4,
    "StationName": "mrc_Trio",
    "TaskName": "partlycloudy",
    "TotalReadoutTime": 0.046279,
    "TxRefAmp": 245.541,
    "dataset": "ds004146",
    "modality": "bold",
    "session_id": "02",
    "subject_id": "0365",
    "task_id": "partlycloudy"
  },
  "dummy_trs": 0,
  "dvars_nstd": 35.9855243462533,
  "dvars_std": 1.0604201273350922,
  "dvars_vstd": 0.9687154150923479,
  "efc": 0.49451986636342454,
  "fber": 4857.33251953125,
  "fd_mean": 0.27495662176708435,
  "fd_num": 183,
  "fd_perc": 48.1578947368421,
  "fwhm_avg": 2.000342976069067,
  "fwhm_x": 1.8953374246860573,
  "fwhm_y": 2.111974916077657,
  "fwhm_z": 1.9937165874434872,
  "gcor": 0.00576544,
  "gsr_x": -0.015980498865246773,
  "gsr_y": 0.036612365394830704,
  "provenance": {
    "md5sum": "6b20c9205635a7dc36dae6825b5ccf38",
    "settings": {
      "fd_thres": 0.2,
      "testing": false
    },
    "software": "mriqc",
    "version": "23.0.1",
    "webapi_port": null,
    "webapi_url": "https://mriqc.nimh.nih.gov/api/v1"
  },
  "size_t": 380,
  "size_x": 90,
  "size_y": 90,
  "size_z": 60,
  "snr": 6.723155118454422,
  "spacing_tr": 0.800000011920929,
  "spacing_x": 2.4000000953674316,
  "spacing_y": 2.4000000953674316,
  "spacing_z": 2.4000000953674316,
  "summary_bg_k": 17.832341424690913,
  "summary_bg_mad": 7.705630249110885,
  "summary_bg_mean": 31.499332427978516,
  "summary_bg_median": 9.447368621826172,
  "summary_bg_n": 331384.0,
  "summary_bg_p05": 3.6447370052337646,
  "summary_bg_p95": 138.0571174621581,
  "summary_bg_stdv": 57.56928634643555,
  "summary_fg_k": 1.2308449933510293,
  "summary_fg_mad": 97.59031833242547,
  "summary_fg_mean": 669.7454223632812,
  "summary_fg_median": 669.0579223632812,
  "summary_fg_n": 84359.0,
  "summary_fg_p05": 518.7934265136719,
  "summary_fg_p95": 831.1174194335936,
  "summary_fg_stdv": 99.51487731933594,
  "tsnr": 29.956797104910947
}