{
  "aor": 0.000556,
  "aqi": 0.008751441784615385,
  "bids_meta": {
    "AcquisitionMatrixPE": 104,
    "AcquisitionNumber": 1,
    "AcquisitionTime": "09:58:31.752500",
    "BandwidthPerPixelPhaseEncode": 17.17,
    "BaseResolution": 104,
    "BodyPartExamined": "BRAIN",
    "CoilString": "HC1-7;NC1_2",
    "ConsistencyInfo": "N4_VE11C_LATEST_20160120",
    "ConversionSoftware": "dcm2niix",
    "ConversionSoftwareVersion": "v1.0.20190410  GCC6.3.0",
    "DerivedVendorReportedEchoSpacing": 0.000560011,
    "DeviceSerialNumber": "167001",
    "DwellTime": 2.1e-06,
    "EchoTime": 0.03,
    "EchoTrainLength": 91,
    "EffectiveEchoSpacing": 0.000560011,
    "FlipAngle": 52,
    "ImageOrientationPatientDICOM": [
      0.996749,
      -0.0752446,
      0.0288203,
      0.0801965,
      0.96107,
      -0.264412
    ],
    "ImageType": [
      "ORIGINAL",
      "PRIMARY",
      "M",
      "ND",
      "MOSAIC"
    ],
    "ImagingFrequency": 123.229,
    "InPlanePhaseEncodingDirectionDICOM": "COL",
    "InstitutionAddress": "Cooper_60_St._Lucia_QLD_AU_4072",
    "InstitutionName": "St_Lucia_Campus",
    "InstitutionalDepartmentName": "Gehrmann_Labs_MRI",
    "MRAcquisitionType": "2D",
    "MagneticFieldStrength": 3,
    "Manufacturer": "Siemens",
    "ManufacturersModelName": "Prisma_fit",
    "Modality": "MR",
    "MultibandAccelerationFactor": 6,
    "PartialFourier": 0.875,
    "PatientPosition": "HFS",
    "PercentPhaseFOV": 100,
    "PhaseEncodingDirection": "j-",
    "PhaseEncodingSteps": 91,
    "PhaseResolution": 1,
    "PixelBandwidth": 2290,
    "ProcedureStepDescription": "Research_16092_QTAB",
    "ProtocolName": "ep2d_REST_SMS6_A-P",
    "PulseSequenceDetails": "%SiemensSeq%_ep2d_bold",
    "ReceiveCoilActiveElements": "HC1-7;NC1,2",
    "ReceiveCoilName": "HeadNeck_64",
    "ReconMatrixPE": 104,
    "RefLinesPE": 12,
    "RepetitionTime": 0.93,
    "SAR": 0.0697133,
    "ScanOptions": "PFP_FS",
    "ScanningSequence": "EP",
    "SequenceName": "_epfid2d1_104",
    "SequenceVariant": "SK",
    "SeriesDescription": "ep2d_REST_SMS6_A-P",
    "SeriesNumber": 9,
    "ShimSetting": [
      3049,
      -4180,
      -785,
      319,
      -25,
      -140,
      -129,
      -45
    ],
    "SliceThickness": 2,
    "SliceTiming": [
      0.6825,
      0,
      0.455,
      0.0775,
      0.5325,
      0.1525,
      0.6075,
      0.305,
      0.76,
      0.38,
      0.835,
      0.2275,
      0.6825,
      0,
      0.455,
      0.0775,
      0.5325,
      0.1525,
      0.6075,
      0.305,
      0.76,
      0.38,
      0.835,
      0.2275,
      0.6825,
      0,
      0.455,
      0.0775,
      0.5325,
      0.1525,
      0.6075,
      0.305,
      0.76,
      0.38,
      0.835,
      0.2275,
      0.6825,
      0,
      0.455,
      0.0775,
      0.5325,
      0.1525,
      0.6075,
      0.305,
      0.76,
      0.38,
      0.835,
      0.2275,
      0.6825,
      0,
      0.455,
      0.0775,
      0.5325,
      0.1525,
      0.6075,
      0.305,
      0.76,
      0.38,
      0.835,
      0.2275,
      0.6825,
      0,
      0.455,
      0.0775,
      0.5325,
      0.1525,
      0.6075,
      0.305,
      0.76,
      0.38,
      0.835,
      0.2275
    ],
    "SoftwareVersions": "syngo_MR_E11",
    "SpacingBetweenSlices": 2,
    "StationName": "mrc_Trio",
    "TaskName": "rest",
    "TotalReadoutTime": 0.0576811,
    "TxRefAmp": 210.076,
    "dataset": "ds004146",
    "modality": "bold",
    "session_id": "02",
    "subject_id": "0076",
    "task_id": "rest"
  },
  "dummy_trs": 2,
  "dvars_nstd": 40.704001720925916,
  "dvars_std": 1.04877402919753,
  "dvars_vstd": 0.9718108224074076,
  "efc": 0.5253906769051635,
  "fber": 844.5315551757812,
  "fd_mean": 0.16665583351766378,
  "fd_num": 101,
  "fd_perc": 31.076923076923077,
  "fwhm_avg": 2.9783850000000007,
  "fwhm_x": 2.716225,
  "fwhm_y": 3.140365,
  "fwhm_z": 3.078565,
  "gcor": 0.0104246,
  "gsr_x": -0.021677166223526,
  "gsr_y": 0.07831042259931564,
  "provenance": {
    "md5sum": "e310a4a91a384b0d6569cfc444f72d5e",
    "settings": {
      "fd_thres": 0.2,
      "testing": false
    },
    "software": "mriqc",
    "version": "23.0.1",
    "webapi_port": null,
    "webapi_url": "https://mriqc.nimh.nih.gov/api/v1"
  },
  "size_t": 325,
  "size_x": 104,
  "size_y": 104,
  "size_z": 72,
  "snr": 3.0641213361337503,
  "spacing_tr": 0.9300000071525574,
  "spacing_x": 2.0,
  "spacing_y": 2.0,
  "spacing_z": 2.0,
  "summary_bg_k": 52.98906692313426,
  "summary_bg_mad": 5.830047442832159,
  "summary_bg_mean": 39.02252960205078,
  "summary_bg_median": 19.033845901489258,
  "summary_bg_n": 524490.0,
  "summary_bg_p05": 14.652307510375977,
  "summary_bg_p95": 136.8953857421875,
  "summary_bg_stdv": 59.510040283203125,
  "summary_fg_k": 0.7520196502224841,
  "summary_fg_mad": 179.23291242595943,
  "summary_fg_mean": 584.6807861328125,
  "summary_fg_median": 561.3846435546875,
  "summary_fg_n": 155082.0,
  "summary_fg_p05": 338.35400543212893,
  "summary_fg_p95": 907.7346405029294,
  "summary_fg_stdv": 183.21168518066406,
  "tsnr": 33.02329784957692
}