{
  "aor": 0.0022023280423280425,
  "aqi": 0.016267141534391537,
  "bids_meta": {
    "AcquisitionMatrixPE": 90,
    "AcquisitionNumber": 1,
    "AcquisitionTime": "14:18:29.725000",
    "BandwidthPerPixelPhaseEncode": 21.368,
    "BaseResolution": 90,
    "BodyPartExamined": "BRAIN",
    "CoilString": "HC1-7;NC1_2",
    "ConsistencyInfo": "N4_VE11C_LATEST_20160120",
    "ConversionSoftware": "dcm2niix",
    "ConversionSoftwareVersion": "v1.0.20190410  GCC6.3.0",
    "DerivedVendorReportedEchoSpacing": 0.000519988,
    "DeviceSerialNumber": "167001",
    "DwellTime": 2.2e-06,
    "EchoTime": 0.03,
    "EchoTrainLength": 90,
    "EffectiveEchoSpacing": 0.000519988,
    "FlipAngle": 52,
    "ImageOrientationPatientDICOM": [
      0.998978,
      0.0391476,
      0.0226118,
      -0.030347,
      0.951405,
      -0.306443
    ],
    "ImageType": [
      "ORIGINAL",
      "PRIMARY",
      "M",
      "ND",
      "NORM",
      "MOSAIC"
    ],
    "ImagingFrequency": 123.229,
    "InPlanePhaseEncodingDirectionDICOM": "COL",
    "InstitutionAddress": "Cooper_60_St._Lucia_QLD_AU_4072",
    "InstitutionName": "St_Lucia_Campus",
    "InstitutionalDepartmentName": "Gehrmann_Labs_MRI",
    "MRAcquisitionType": "2D",
    "MagneticFieldStrength": 3,
    "Manufacturer": "Siemens",
    "ManufacturersModelName": "Prisma_fit",
    "Modality": "MR",
    "MultibandAccelerationFactor": 6,
    "PartialFourier": 1,
    "PatientPosition": "HFS",
    "PercentPhaseFOV": 100,
    "PhaseEncodingDirection": "j-",
    "PhaseEncodingSteps": 90,
    "PhaseResolution": 1,
    "PixelBandwidth": 2525,
    "ProcedureStepDescription": "Research_16092_QTAB",
    "ProtocolName": "PARTLY_CLOUDY_mb6_2.4",
    "PulseSequenceDetails": "%SiemensSeq%_ep2d_bold",
    "ReceiveCoilActiveElements": "HC1-7;NC1,2",
    "ReceiveCoilName": "HeadNeck_64",
    "ReconMatrixPE": 90,
    "RefLinesPE": 12,
    "RepetitionTime": 0.8,
    "SAR": 0.0532549,
    "ScanOptions": "FS",
    "ScanningSequence": "EP",
    "SequenceName": "_epfid2d1_90",
    "SequenceVariant": "SK",
    "SeriesDescription": "PARTLY_CLOUDY_mb6_2.4",
    "SeriesNumber": 19,
    "ShimSetting": [
      3066,
      -4125,
      -737,
      376,
      -72,
      30,
      -121,
      7
    ],
    "SliceThickness": 2.4,
    "SliceTiming": [
      0.545,
      0,
      0.39,
      0.0775,
      0.4675,
      0.2325,
      0.6225,
      0.3125,
      0.7025,
      0.155,
      0.545,
      0,
      0.39,
      0.0775,
      0.4675,
      0.2325,
      0.6225,
      0.3125,
      0.7025,
      0.155,
      0.545,
      0,
      0.39,
      0.0775,
      0.4675,
      0.2325,
      0.6225,
      0.3125,
      0.7025,
      0.155,
      0.545,
      0,
      0.39,
      0.0775,
      0.4675,
      0.2325,
      0.6225,
      0.3125,
      0.7025,
      0.155,
      0.545,
      0,
      0.39,
      0.0775,
      0.4675,
      0.2325,
      0.6225,
      0.3125,
      0.7025,
      0.155,
      0.545,
      0,
      0.39,
      0.0775,
      0.4675,
      0.2325,
      0.6225,
      0.3125,
      0.7025,
      0.155
    ],
    "SoftwareVersions": "syngo_MR_E11",
    "SpacingBetweenSlices": 2.4,
    "StationName": "mrc_Trio",
    "TaskName": "partlycloudy",
    "TotalReadoutTime": 0.046279,
    "TxRefAmp": 215.632,
    "dataset": "ds004146",
    "modality": "bold",
    "session_id": "02",
    "subject_id": "0303",
    "task_id": "partlycloudy"
  },
  "dummy_trs": 2,
  "dvars_nstd": 36.42932509888593,
  "dvars_std": 1.2471628187002646,
  "dvars_vstd": 1.0380413777188333,
  "efc": 0.4616921679195917,
  "fber": 8260.93359375,
  "fd_mean": 0.19179654911433003,
  "fd_num": 164,
  "fd_perc": 43.386243386243386,
  "fwhm_avg": 1.7894679844484864,
  "fwhm_x": 1.6862832663264566,
  "fwhm_y": 1.9274457567435201,
  "fwhm_z": 1.7546749302754827,
  "gcor": 0.0133278,
  "gsr_x": -0.024408094584941864,
  "gsr_y": 0.03803792968392372,
  "provenance": {
    "md5sum": "a880237d35e8303be42076304822a028",
    "settings": {
      "fd_thres": 0.2,
      "testing": false
    },
    "software": "mriqc",
    "version": "23.0.1",
    "webapi_port": null,
    "webapi_url": "https://mriqc.nimh.nih.gov/api/v1"
  },
  "size_t": 378,
  "size_x": 90,
  "size_y": 90,
  "size_z": 60,
  "snr": 7.022028355979082,
  "spacing_tr": 0.800000011920929,
  "spacing_x": 2.4000000953674316,
  "spacing_y": 2.4000000953674316,
  "spacing_z": 2.4000000953674316,
  "summary_bg_k": 29.114585421375217,
  "summary_bg_mad": 4.7929624713236745,
  "summary_bg_mean": 23.783769607543945,
  "summary_bg_median": 6.920634746551514,
  "summary_bg_n": 341298.0,
  "summary_bg_p05": 3.0238094329833984,
  "summary_bg_p95": 107.45502471923828,
  "summary_bg_stdv": 50.53384017944336,
  "summary_fg_k": 2.533528579899208,
  "summary_fg_mad": 83.83566266140735,
  "summary_fg_mean": 635.95166015625,
  "summary_fg_median": 633.5172119140625,
  "summary_fg_n": 76092.0,
  "summary_fg_p05": 505.5424407958984,
  "summary_fg_p95": 779.1598999023438,
  "summary_fg_stdv": 90.21795654296875,
  "tsnr": 45.77743884176016
}