{
  "bids_meta": {
    "AcquisitionMatrixPE": 256,
    "AcquisitionNumber": 1,
    "AcquisitionTime": "10:43:53.112500",
    "BaseResolution": 256,
    "BodyPartExamined": "BRAIN",
    "CoilString": "HC1-7;NC1_2",
    "ConsistencyInfo": "N4_VE11C_LATEST_20160120",
    "ConversionSoftware": "dcm2niix",
    "ConversionSoftwareVersion": "v1.0.20190410  GCC6.3.0",
    "DeviceSerialNumber": "167001",
    "DwellTime": 2.6e-06,
    "EchoTime": 0.408,
    "EchoTrainLength": 259,
    "FlipAngle": 120,
    "ImageOrientationPatientDICOM": [
      0.0847908,
      0.996344,
      0.0104717,
      -0.002175,
      0.0106946,
      -0.99994
    ],
    "ImageType": [
      "ORIGINAL",
      "PRIMARY",
      "M",
      "ND",
      "NORM"
    ],
    "ImagingFrequency": 123.229,
    "InPlanePhaseEncodingDirectionDICOM": "ROW",
    "InstitutionAddress": "Cooper_60_St._Lucia_QLD_AU_4072",
    "InstitutionName": "St_Lucia_Campus",
    "InstitutionalDepartmentName": "Gehrmann_Labs_MRI",
    "MRAcquisitionType": "3D",
    "MagneticFieldStrength": 3,
    "Manufacturer": "Siemens",
    "ManufacturersModelName": "Prisma_fit",
    "Modality": "MR",
    "PartialFourier": 1,
    "PatientPosition": "HFS",
    "PercentPhaseFOV": 100,
    "PhaseEncodingSteps": 233,
    "PhaseResolution": 1,
    "PixelBandwidth": 750,
    "ProcedureStepDescription": "Research_16092_QTAB",
    "ProtocolName": "t2_spc_sag_p2_iso",
    "PulseSequenceDetails": "%SiemensSeq%_tse_vfl",
    "ReceiveCoilActiveElements": "HC1-7;NC1,2",
    "ReceiveCoilName": "HeadNeck_64",
    "ReconMatrixPE": 256,
    "RefLinesPE": 24,
    "RepetitionTime": 3.2,
    "SAR": 0.166136,
    "ScanOptions": "PFP",
    "ScanningSequence": "SE",
    "SequenceName": "_spcR_282ns",
    "SequenceVariant": "SK_SP",
    "SeriesDescription": "t2_spc_sag_p2_iso",
    "SeriesNumber": 32,
    "ShimSetting": [
      3045,
      -4194,
      -825,
      43,
      -1,
      -270,
      66,
      -5
    ],
    "SliceThickness": 1,
    "SoftwareVersions": "syngo_MR_E11",
    "StationName": "mrc_Trio",
    "TxRefAmp": 241.699,
    "dataset": "ds004146",
    "modality": "T2w",
    "session_id": "02",
    "subject_id": "0327"
  },
  "cjv": 0.34375638509546114,
  "cnr": 3.900613468562217,
  "efc": 0.6744568642995309,
  "fber": -1.0,
  "fwhm_avg": 4.485812433156187,
  "fwhm_x": 4.6940874300526465,
  "fwhm_y": 4.6573999305993325,
  "fwhm_z": 4.105949938816578,
  "icvs_csf": 0.1681175605188864,
  "icvs_gm": 0.39025173754349624,
  "icvs_wm": 0.4416307019376174,
  "inu_med": 1.0350878834724426,
  "inu_range": 0.35125368237495425,
  "provenance": {
    "md5sum": "e2aefcfc4408097ab6fb3f99ebfa26fb",
    "settings": {
      "testing": false
    },
    "software": "mriqc",
    "version": "23.0.1",
    "warnings": {
      "large_rot_frame": true,
      "small_air_mask": false
    },
    "webapi_port": null,
    "webapi_url": "https://mriqc.nimh.nih.gov/api/v1"
  },
  "qi_1": 0.05897019581536306,
  "qi_2": 0.00660764474586108,
  "rpve_csf": 24.83051072392957,
  "rpve_gm": 9.935735526933914,
  "rpve_wm": 9.863279677411633,
  "size_x": 192,
  "size_y": 300,
  "size_z": 320,
  "snr_csf": 2.529504907032285,
  "snr_gm": 15.680049250963217,
  "snr_total": 10.487199647503237,
  "snr_wm": 13.252044784514212,
  "snrd_csf": 220.42519934633563,
  "snrd_gm": 113.35828305304422,
  "snrd_total": 136.95315211351502,
  "snrd_wm": 77.07597394116517,
  "spacing_x": 0.800000011920929,
  "spacing_y": 0.800000011920929,
  "spacing_z": 0.800000011920929,
  "summary_bg_k": 79.19620304940268,
  "summary_bg_mad": 0.0,
  "summary_bg_mean": 3.1809382858791424,
  "summary_bg_median": 0.0,
  "summary_bg_n": 1324365.0,
  "summary_bg_p05": 0.0,
  "summary_bg_p95": 19.018785543739796,
  "summary_bg_stdv": 8.49987816088141,
  "summary_csf_k": 0.6803842794406463,
  "summary_csf_mad": 527.4044820705084,
  "summary_csf_mean": 2743.8428088986757,
  "summary_csf_median": 2859.8431380577385,
  "summary_csf_n": 167576.0,
  "summary_csf_p05": 162.1642571464181,
  "summary_csf_p95": 4496.1961579322815,
  "summary_csf_stdv": 1130.5906531831042,
  "summary_gm_k": 17.75344136119548,
  "summary_gm_mad": 82.40515202672864,
  "summary_gm_mean": 1476.6171012336456,
  "summary_gm_median": 1470.734330251813,
  "summary_gm_n": 129947.0,
  "summary_gm_p05": 1343.114397868514,
  "summary_gm_p95": 1628.0080425441265,
  "summary_gm_stdv": 93.7961767672992,
  "summary_wm_k": -0.1714285276764813,
  "summary_wm_mad": 79.41278617100946,
  "summary_wm_mean": 1000.2012403601277,
  "summary_wm_median": 999.9999811202288,
  "summary_wm_n": 434456.0,
  "summary_wm_p05": 877.9692428559065,
  "summary_wm_p95": 1121.332070119679,
  "summary_wm_stdv": 75.45996459532161,
  "tpm_overlap_csf": 0.13491675572294576,
  "tpm_overlap_gm": 0.4019935556569144,
  "tpm_overlap_wm": 0.4299854255747747,
  "wm2max": 0.223115160122625
}