{
  "aor": 0.001418435582822086,
  "aqi": 0.005930518496932515,
  "bids_meta": {
    "AcquisitionMatrixPE": 104,
    "AcquisitionNumber": 1,
    "AcquisitionTime": "14:36:59.967500",
    "BandwidthPerPixelPhaseEncode": 17.17,
    "BaseResolution": 104,
    "BodyPartExamined": "BRAIN",
    "CoilString": "HC1-7;NC1_2",
    "ConsistencyInfo": "N4_VE11C_LATEST_20160120",
    "ConversionSoftware": "dcm2niix",
    "ConversionSoftwareVersion": "v1.0.20181125  (JP2:OpenJPEG) GCC6.3.0",
    "DerivedVendorReportedEchoSpacing": 0.000560011,
    "DeviceSerialNumber": "167001",
    "DwellTime": 2.1e-06,
    "EchoTime": 0.03,
    "EchoTrainLength": 91,
    "EffectiveEchoSpacing": 0.000560011,
    "FlipAngle": 52,
    "ImageOrientationPatientDICOM": [
      0.991402,
      0.0371443,
      -0.125465,
      -0.075414,
      0.945789,
      -0.315904
    ],
    "ImageType": [
      "ORIGINAL",
      "PRIMARY",
      "M",
      "ND",
      "MOSAIC"
    ],
    "ImagingFrequency": 123.229,
    "InPlanePhaseEncodingDirectionDICOM": "COL",
    "InstitutionAddress": "Cooper_60_St._Lucia_QLD_AU_4072",
    "InstitutionName": "St_Lucia_Campus",
    "InstitutionalDepartmentName": "Gehrmann_Labs_MRI",
    "MRAcquisitionType": "2D",
    "MagneticFieldStrength": 3,
    "Manufacturer": "Siemens",
    "ManufacturersModelName": "Prisma_fit",
    "Modality": "MR",
    "MultibandAccelerationFactor": 6,
    "PartialFourier": 0.875,
    "PatientPosition": "HFS",
    "PercentPhaseFOV": 100,
    "PhaseEncodingDirection": "j",
    "PhaseEncodingSteps": 91,
    "PhaseResolution": 1,
    "PixelBandwidth": 2290,
    "ProcedureStepDescription": "Research_16092_QTAB",
    "ProtocolName": "ep2d_REST_SMS6_P-A",
    "PulseSequenceDetails": "%SiemensSeq%_ep2d_bold",
    "ReceiveCoilActiveElements": "HC1-7;NC1,2",
    "ReceiveCoilName": "HeadNeck_64",
    "ReconMatrixPE": 104,
    "RepetitionTime": 0.93,
    "SAR": 0.0795422,
    "ScanOptions": "PFP_FS",
    "ScanningSequence": "EP",
    "SequenceName": "_epfid2d1_104",
    "SequenceVariant": "SK",
    "SeriesDescription": "ep2d_REST_SMS6_P-A",
    "SeriesNumber": 10,
    "ShimSetting": [
      3042,
      -4178,
      -770,
      408,
      -23,
      -190,
      -198,
      56
    ],
    "SliceThickness": 2,
    "SliceTiming": [
      0.6825,
      0,
      0.455,
      0.0775,
      0.5325,
      0.1525,
      0.6075,
      0.305,
      0.76,
      0.38,
      0.835,
      0.2275,
      0.6825,
      0,
      0.455,
      0.0775,
      0.5325,
      0.1525,
      0.6075,
      0.305,
      0.76,
      0.38,
      0.835,
      0.2275,
      0.6825,
      0,
      0.455,
      0.0775,
      0.5325,
      0.1525,
      0.6075,
      0.305,
      0.76,
      0.38,
      0.835,
      0.2275,
      0.6825,
      0,
      0.455,
      0.0775,
      0.5325,
      0.1525,
      0.6075,
      0.305,
      0.76,
      0.38,
      0.835,
      0.2275,
      0.6825,
      0,
      0.455,
      0.0775,
      0.5325,
      0.1525,
      0.6075,
      0.305,
      0.76,
      0.38,
      0.835,
      0.2275,
      0.6825,
      0,
      0.455,
      0.0775,
      0.5325,
      0.1525,
      0.6075,
      0.305,
      0.76,
      0.38,
      0.835,
      0.2275
    ],
    "SoftwareVersions": "syngo_MR_E11",
    "SpacingBetweenSlices": 2,
    "StationName": "mrc_Trio",
    "TaskName": "rest",
    "TotalReadoutTime": 0.0576811,
    "TxRefAmp": 205.586,
    "dataset": "ds004146",
    "modality": "bold",
    "session_id": "01",
    "subject_id": "0213",
    "task_id": "rest"
  },
  "dummy_trs": 1,
  "dvars_nstd": 39.273304754369214,
  "dvars_std": 1.093807314923076,
  "dvars_vstd": 1.0175393375692312,
  "efc": 0.48814098595209676,
  "fber": 987.7640991210938,
  "fd_mean": 0.1593630248718687,
  "fd_num": 55,
  "fd_perc": 16.87116564417178,
  "fwhm_avg": 3.0099350614515976,
  "fwhm_x": 2.842045,
  "fwhm_y": 3.0929601843547934,
  "fwhm_z": 3.0948,
  "gcor": 0.0195404,
  "gsr_x": -0.016955751925706863,
  "gsr_y": 0.0338703989982605,
  "provenance": {
    "md5sum": "9f02c371700d67529c36a4e24406e7c8",
    "settings": {
      "fd_thres": 0.2,
      "testing": false
    },
    "software": "mriqc",
    "version": "23.0.1",
    "webapi_port": null,
    "webapi_url": "https://mriqc.nimh.nih.gov/api/v1"
  },
  "size_t": 326,
  "size_x": 104,
  "size_y": 104,
  "size_z": 72,
  "snr": 2.793396425034828,
  "spacing_tr": 0.9300000071525574,
  "spacing_x": 2.0,
  "spacing_y": 1.9999998807907104,
  "spacing_z": 2.0,
  "summary_bg_k": 66.07517081866936,
  "summary_bg_mad": 5.166367694922284,
  "summary_bg_mean": 34.92049789428711,
  "summary_bg_median": 18.190183639526367,
  "summary_bg_n": 552217.0,
  "summary_bg_p05": 14.276073455810547,
  "summary_bg_p95": 120.90184020996094,
  "summary_bg_stdv": 48.44371032714844,
  "summary_fg_k": 0.8669450168387103,
  "summary_fg_mad": 199.34179090473842,
  "summary_fg_mean": 600.288330078125,
  "summary_fg_median": 570.9263916015625,
  "summary_fg_n": 134154.0,
  "summary_fg_p05": 334.65230255126954,
  "summary_fg_p95": 984.1302001953123,
  "summary_fg_stdv": 204.383544921875,
  "tsnr": 37.143423567991704
}