{
  "bids_meta": {
    "AcquisitionMatrixPE": 256,
    "AcquisitionNumber": 1,
    "AcquisitionTime": "15:21:38.220000",
    "BaseResolution": 256,
    "BodyPartExamined": "BRAIN",
    "ConsistencyInfo": "N4_VE11C_LATEST_20160120",
    "ConversionSoftware": "dcm2niix",
    "ConversionSoftwareVersion": "v1.0.20171215 GCC6.3.0",
    "DeviceSerialNumber": "167001",
    "DwellTime": 2.6e-06,
    "EchoTime": 0.408,
    "EchoTrainLength": 259,
    "FlipAngle": 120,
    "ImageOrientationPatientDICOM": [
      0.0123886,
      0.999923,
      -9.03642e-09,
      -0.0258189,
      0.000319874,
      -0.999667
    ],
    "ImageType": [
      "ORIGINAL",
      "PRIMARY",
      "M",
      "ND",
      "NORM"
    ],
    "InPlanePhaseEncodingDirectionDICOM": "ROW",
    "InstitutionAddress": "Cooper_60_St._Lucia_QLD_AU_4072",
    "InstitutionName": "St_Lucia_Campus",
    "InstitutionalDepartmentName": "Gehrmann_Labs_MRI",
    "MRAcquisitionType": "3D",
    "MagneticFieldStrength": 3,
    "Manufacturer": "Siemens",
    "ManufacturersModelName": "Prisma_fit",
    "Modality": "MR",
    "ParallelReductionFactorInPlane": 2,
    "PartialFourier": 1,
    "PatientPosition": "HFS",
    "PercentPhaseFOV": 100,
    "PhaseEncodingSteps": 233,
    "PhaseResolution": 1,
    "PixelBandwidth": 750,
    "ProcedureStepDescription": "Research_16092_QTAB",
    "ProtocolName": "t2_spc_sag_p2_iso",
    "PulseSequenceDetails": "%SiemensSeq%_tse_vfl",
    "ReceiveCoilActiveElements": "HC1-7;NC1",
    "ReceiveCoilName": "HeadNeck_64",
    "ReconMatrixPE": 256,
    "RepetitionTime": 3.2,
    "SAR": 0.165443,
    "ScanOptions": "PFP",
    "ScanningSequence": "SE",
    "SequenceName": "_spcR_282ns",
    "SequenceVariant": "SK_SP",
    "SeriesDescription": "t2_spc_sag_p2_iso",
    "SeriesNumber": 23,
    "ShimSetting": [
      3045,
      -4172,
      -1048,
      3,
      -5,
      36,
      -4,
      -10
    ],
    "SliceThickness": 1,
    "SoftwareVersions": "syngo_MR_E11",
    "StationName": "mrc_Trio",
    "TxRefAmp": 210.165,
    "dataset": "ds004146",
    "modality": "T2w",
    "session_id": "01",
    "subject_id": "0406"
  },
  "cjv": 1.5775249215196803,
  "cnr": 0.34570722327131603,
  "efc": 0.6444664998152169,
  "fber": -1.0,
  "fwhm_avg": 4.251679212133344,
  "fwhm_x": 4.381737761171922,
  "fwhm_y": 4.664437430494466,
  "fwhm_z": 3.7088624447336427,
  "icvs_csf": 0.5271215878770249,
  "icvs_gm": 0.37586254568724387,
  "icvs_wm": 0.0970158664357313,
  "inu_med": 0.9474016427993774,
  "inu_range": 0.283477532863617,
  "provenance": {
    "md5sum": "aa8530c85a81fe64aed05b56932f9ac2",
    "settings": {
      "testing": false
    },
    "software": "mriqc",
    "version": "23.0.1",
    "warnings": {
      "large_rot_frame": true,
      "small_air_mask": false
    },
    "webapi_port": null,
    "webapi_url": "https://mriqc.nimh.nih.gov/api/v1"
  },
  "qi_1": 0.0,
  "qi_2": 0.00438513596661944,
  "rpve_csf": 8.63168391089497,
  "rpve_gm": 11.362240208926224,
  "rpve_wm": 39.11212480185447,
  "size_x": 192,
  "size_y": 300,
  "size_z": 320,
  "snr_csf": 21.44038340249176,
  "snr_gm": 14.126523107004635,
  "snr_total": 11.974676155151668,
  "snr_wm": 0.3571219559586072,
  "snrd_csf": 106.95619216255223,
  "snrd_gm": 74.18900407019284,
  "snrd_total": 72.93966998286618,
  "snrd_wm": 37.6738137158535,
  "spacing_x": 0.7999999523162842,
  "spacing_y": 0.800000011920929,
  "spacing_z": 0.800000011920929,
  "summary_bg_k": 5.626052043502604,
  "summary_bg_mad": 0.0,
  "summary_bg_mean": 9.395356633486523,
  "summary_bg_median": 0.0,
  "summary_bg_n": 1691101.0,
  "summary_bg_p05": 0.0,
  "summary_bg_p95": 48.411997489631176,
  "summary_bg_stdv": 17.52202318575294,
  "summary_csf_k": 0.07284267847761683,
  "summary_csf_mad": 133.57807607585173,
  "summary_csf_mean": 2864.8262713365825,
  "summary_csf_median": 2860.6086899340153,
  "summary_csf_n": 471863.0,
  "summary_csf_p05": 2654.1684637367725,
  "summary_csf_p95": 3089.9867190420628,
  "summary_csf_stdv": 133.42138547831775,
  "summary_gm_k": -0.36193658484377655,
  "summary_gm_mad": 149.92790178893026,
  "summary_gm_mean": 1986.6923137451602,
  "summary_gm_median": 1984.2302296832204,
  "summary_gm_n": 444928.0,
  "summary_gm_p05": 1763.5641545653343,
  "summary_gm_p95": 2221.1071558967233,
  "summary_gm_stdv": 140.4611725630589,
  "summary_wm_k": -1.7253719472083888,
  "summary_wm_mad": 1390.716175154461,
  "summary_wm_mean": 2892.0288860946553,
  "summary_wm_median": 1007.6091595962644,
  "summary_wm_n": 57411.0,
  "summary_wm_p05": 71.12924460321665,
  "summary_wm_p95": 6907.14590151608,
  "summary_wm_stdv": 2821.4461960251588,
  "tpm_overlap_csf": 0.10408684303880202,
  "tpm_overlap_gm": 0.22496486438204288,
  "tpm_overlap_wm": 0.029008014676486716,
  "wm2max": 0.15035874020570822
}