{
  "aor": 0.003534893048128342,
  "aqi": 0.015271127727272727,
  "bids_meta": {
    "AcquisitionMatrixPE": 90,
    "AcquisitionNumber": 1,
    "AcquisitionTime": "10:27:54.105000",
    "BandwidthPerPixelPhaseEncode": 21.368,
    "BaseResolution": 90,
    "BodyPartExamined": "BRAIN",
    "CoilString": "HC1-7;NC1_2",
    "ConsistencyInfo": "N4_VE11C_LATEST_20160120",
    "ConversionSoftware": "dcm2niix",
    "ConversionSoftwareVersion": "v1.0.20190410  GCC6.3.0",
    "DerivedVendorReportedEchoSpacing": 0.000519988,
    "DeviceSerialNumber": "167001",
    "DwellTime": 2.2e-06,
    "EchoTime": 0.03,
    "EchoTrainLength": 90,
    "EffectiveEchoSpacing": 0.000519988,
    "FlipAngle": 52,
    "ImageOrientationPatientDICOM": [
      0.998536,
      0.0535253,
      -0.00774668,
      -0.0540787,
      0.986368,
      -0.155415
    ],
    "ImageType": [
      "ORIGINAL",
      "PRIMARY",
      "M",
      "ND",
      "NORM",
      "MOSAIC"
    ],
    "ImagingFrequency": 123.229,
    "InPlanePhaseEncodingDirectionDICOM": "COL",
    "InstitutionAddress": "Cooper_60_St._Lucia_QLD_AU_4072",
    "InstitutionName": "St_Lucia_Campus",
    "InstitutionalDepartmentName": "Gehrmann_Labs_MRI",
    "MRAcquisitionType": "2D",
    "MagneticFieldStrength": 3,
    "Manufacturer": "Siemens",
    "ManufacturersModelName": "Prisma_fit",
    "Modality": "MR",
    "MultibandAccelerationFactor": 6,
    "PartialFourier": 1,
    "PatientPosition": "HFS",
    "PercentPhaseFOV": 100,
    "PhaseEncodingDirection": "j-",
    "PhaseEncodingSteps": 90,
    "PhaseResolution": 1,
    "PixelBandwidth": 2525,
    "ProcedureStepDescription": "Research_16092_QTAB",
    "ProtocolName": "PARTLY_CLOUDY_mb6_2.4",
    "PulseSequenceDetails": "%SiemensSeq%_ep2d_bold",
    "ReceiveCoilActiveElements": "HC1-7;NC1,2",
    "ReceiveCoilName": "HeadNeck_64",
    "ReconMatrixPE": 90,
    "RefLinesPE": 12,
    "RepetitionTime": 0.8,
    "SAR": 0.0567811,
    "ScanOptions": "FS",
    "ScanningSequence": "EP",
    "SequenceName": "_epfid2d1_90",
    "SequenceVariant": "SK",
    "SeriesDescription": "PARTLY_CLOUDY_mb6_2.4",
    "SeriesNumber": 19,
    "ShimSetting": [
      3037,
      -4261,
      -748,
      657,
      -34,
      -17,
      68,
      53
    ],
    "SliceThickness": 2.4,
    "SliceTiming": [
      0.545,
      0,
      0.39,
      0.0775,
      0.4675,
      0.235,
      0.625,
      0.3125,
      0.7025,
      0.155,
      0.545,
      0,
      0.39,
      0.0775,
      0.4675,
      0.235,
      0.625,
      0.3125,
      0.7025,
      0.155,
      0.545,
      0,
      0.39,
      0.0775,
      0.4675,
      0.235,
      0.625,
      0.3125,
      0.7025,
      0.155,
      0.545,
      0,
      0.39,
      0.0775,
      0.4675,
      0.235,
      0.625,
      0.3125,
      0.7025,
      0.155,
      0.545,
      0,
      0.39,
      0.0775,
      0.4675,
      0.235,
      0.625,
      0.3125,
      0.7025,
      0.155,
      0.545,
      0,
      0.39,
      0.0775,
      0.4675,
      0.235,
      0.625,
      0.3125,
      0.7025,
      0.155
    ],
    "SoftwareVersions": "syngo_MR_E11",
    "SpacingBetweenSlices": 2.4,
    "StationName": "mrc_Trio",
    "TaskName": "partlycloudy",
    "TotalReadoutTime": 0.046279,
    "TxRefAmp": 213.887,
    "dataset": "ds004146",
    "modality": "bold",
    "session_id": "02",
    "subject_id": "0277",
    "task_id": "partlycloudy"
  },
  "dummy_trs": 6,
  "dvars_nstd": 43.85218403994636,
  "dvars_std": 1.329087743431636,
  "dvars_vstd": 1.0383046671849867,
  "efc": 0.46757468094012306,
  "fber": 7536.734375,
  "fd_mean": 0.2246363182821655,
  "fd_num": 128,
  "fd_perc": 34.224598930481285,
  "fwhm_avg": 1.9950541524708865,
  "fwhm_x": 1.9033707577001746,
  "fwhm_y": 2.1164249159008297,
  "fwhm_z": 1.9653667838116555,
  "gcor": 0.0226618,
  "gsr_x": -0.01868036948144436,
  "gsr_y": 0.0359138622879982,
  "provenance": {
    "md5sum": "17518f1decae20e75f8969c66e4c7797",
    "settings": {
      "fd_thres": 0.2,
      "testing": false
    },
    "software": "mriqc",
    "version": "23.0.1",
    "webapi_port": null,
    "webapi_url": "https://mriqc.nimh.nih.gov/api/v1"
  },
  "size_t": 374,
  "size_x": 90,
  "size_y": 90,
  "size_z": 60,
  "snr": 6.31018680029667,
  "spacing_tr": 0.800000011920929,
  "spacing_x": 2.4000000953674316,
  "spacing_y": 2.4000000953674316,
  "spacing_z": 2.3999998569488525,
  "summary_bg_k": 34.89480051624713,
  "summary_bg_mad": 4.947292862350697,
  "summary_bg_mean": 24.48646354675293,
  "summary_bg_median": 6.938502788543701,
  "summary_bg_n": 339288.0,
  "summary_bg_p05": 3.021390438079834,
  "summary_bg_p95": 108.82353210449219,
  "summary_bg_stdv": 53.59634780883789,
  "summary_fg_k": 0.5681273391428165,
  "summary_fg_mad": 98.9299449951914,
  "summary_fg_mean": 615.110107421875,
  "summary_fg_median": 613.8556518554688,
  "summary_fg_n": 77481.0,
  "summary_fg_p05": 464.3716735839844,
  "summary_fg_p95": 772.2379760742188,
  "summary_fg_stdv": 97.27947998046875,
  "tsnr": 40.47235161927529
}