{
  "aor": 0.0008552242744063325,
  "aqi": 0.014964955936675463,
  "bids_meta": {
    "AcquisitionMatrixPE": 90,
    "AcquisitionNumber": 1,
    "AcquisitionTime": "10:39:27.027500",
    "BandwidthPerPixelPhaseEncode": 21.368,
    "BaseResolution": 90,
    "BodyPartExamined": "BRAIN",
    "CoilString": "HC1-7;NC1_2",
    "ConsistencyInfo": "N4_VE11C_LATEST_20160120",
    "ConversionSoftware": "dcm2niix",
    "ConversionSoftwareVersion": "v1.0.20190410  GCC6.3.0",
    "DerivedVendorReportedEchoSpacing": 0.000519988,
    "DeviceSerialNumber": "167001",
    "DwellTime": 2.2e-06,
    "EchoTime": 0.03,
    "EchoTrainLength": 90,
    "EffectiveEchoSpacing": 0.000519988,
    "FlipAngle": 52,
    "ImageOrientationPatientDICOM": [
      0.998894,
      0.0340592,
      -0.032418,
      -0.0376752,
      0.992251,
      -0.118398
    ],
    "ImageType": [
      "ORIGINAL",
      "PRIMARY",
      "M",
      "ND",
      "NORM",
      "MOSAIC"
    ],
    "ImagingFrequency": 123.229,
    "InPlanePhaseEncodingDirectionDICOM": "COL",
    "InstitutionAddress": "Cooper_60_St._Lucia_QLD_AU_4072",
    "InstitutionName": "St_Lucia_Campus",
    "InstitutionalDepartmentName": "Gehrmann_Labs_MRI",
    "MRAcquisitionType": "2D",
    "MagneticFieldStrength": 3,
    "Manufacturer": "Siemens",
    "ManufacturersModelName": "Prisma_fit",
    "Modality": "MR",
    "MultibandAccelerationFactor": 6,
    "PartialFourier": 1,
    "PatientPosition": "HFS",
    "PercentPhaseFOV": 100,
    "PhaseEncodingDirection": "j-",
    "PhaseEncodingSteps": 90,
    "PhaseResolution": 1,
    "PixelBandwidth": 2525,
    "ProcedureStepDescription": "Research_16092_QTAB",
    "ProtocolName": "PARTLY_CLOUDY_mb6_2.4",
    "PulseSequenceDetails": "%SiemensSeq%_ep2d_bold",
    "ReceiveCoilActiveElements": "HC1-7;NC1,2",
    "ReceiveCoilName": "HeadNeck_64",
    "ReconMatrixPE": 90,
    "RefLinesPE": 12,
    "RepetitionTime": 0.8,
    "SAR": 0.0512283,
    "ScanOptions": "FS",
    "ScanningSequence": "EP",
    "SequenceName": "_epfid2d1_90",
    "SequenceVariant": "SK",
    "SeriesDescription": "PARTLY_CLOUDY_mb6_2.4",
    "SeriesNumber": 19,
    "ShimSetting": [
      3012,
      -4160,
      -746,
      519,
      -99,
      -72,
      55,
      11
    ],
    "SliceThickness": 2.4,
    "SliceTiming": [
      0.5475,
      0,
      0.39,
      0.08,
      0.47,
      0.235,
      0.625,
      0.3125,
      0.7025,
      0.1575,
      0.5475,
      0,
      0.39,
      0.08,
      0.47,
      0.235,
      0.625,
      0.3125,
      0.7025,
      0.1575,
      0.5475,
      0,
      0.39,
      0.08,
      0.47,
      0.235,
      0.625,
      0.3125,
      0.7025,
      0.1575,
      0.5475,
      0,
      0.39,
      0.08,
      0.47,
      0.235,
      0.625,
      0.3125,
      0.7025,
      0.1575,
      0.5475,
      0,
      0.39,
      0.08,
      0.47,
      0.235,
      0.625,
      0.3125,
      0.7025,
      0.1575,
      0.5475,
      0,
      0.39,
      0.08,
      0.47,
      0.235,
      0.625,
      0.3125,
      0.7025,
      0.1575
    ],
    "SoftwareVersions": "syngo_MR_E11",
    "SpacingBetweenSlices": 2.4,
    "StationName": "mrc_Trio",
    "TaskName": "partlycloudy",
    "TotalReadoutTime": 0.046279,
    "TxRefAmp": 216.364,
    "dataset": "ds004146",
    "modality": "bold",
    "session_id": "02",
    "subject_id": "0240",
    "task_id": "partlycloudy"
  },
  "dummy_trs": 1,
  "dvars_nstd": 36.98871378939157,
  "dvars_std": 1.275408547698412,
  "dvars_vstd": 1.010545599285715,
  "efc": 0.4526430407763525,
  "fber": 8406.0048828125,
  "fd_mean": 0.11433692323492148,
  "fd_num": 16,
  "fd_perc": 4.221635883905013,
  "fwhm_avg": 1.7943818731421148,
  "fwhm_x": 1.6912499327957657,
  "fwhm_y": 1.9384249229739139,
  "fwhm_z": 1.7534707636566653,
  "gcor": 0.00935838,
  "gsr_x": -0.025723692029714584,
  "gsr_y": 0.036833494901657104,
  "provenance": {
    "md5sum": "2f00216341ba80c62475886e0bc1f0b8",
    "settings": {
      "fd_thres": 0.2,
      "testing": false
    },
    "software": "mriqc",
    "version": "23.0.1",
    "webapi_port": null,
    "webapi_url": "https://mriqc.nimh.nih.gov/api/v1"
  },
  "size_t": 379,
  "size_x": 90,
  "size_y": 90,
  "size_z": 60,
  "snr": 7.015512110465392,
  "spacing_tr": 0.800000011920929,
  "spacing_x": 2.4000000953674316,
  "spacing_y": 2.4000000953674316,
  "spacing_z": 2.4000000953674316,
  "summary_bg_k": 34.463892016942026,
  "summary_bg_mad": 5.054148426526629,
  "summary_bg_mean": 23.970230102539062,
  "summary_bg_median": 7.324538707733154,
  "summary_bg_n": 345137.0,
  "summary_bg_p05": 3.2242746353149414,
  "summary_bg_p95": 97.41266937255865,
  "summary_bg_stdv": 50.50138854980469,
  "summary_fg_k": 1.695001029934076,
  "summary_fg_mad": 93.5780441767663,
  "summary_fg_mean": 678.56982421875,
  "summary_fg_median": 678.153076171875,
  "summary_fg_n": 73080.0,
  "summary_fg_p05": 531.6994689941406,
  "summary_fg_p95": 831.3276062011719,
  "summary_fg_stdv": 96.66413879394531,
  "tsnr": 48.041298690252006
}