{
  "bids_meta": {
    "AcquisitionMatrixPE": 256,
    "AcquisitionNumber": 1,
    "AcquisitionTime": "12:12:6.690000",
    "BaseResolution": 256,
    "BodyPartExamined": "BRAIN",
    "ConsistencyInfo": "N4_VE11C_LATEST_20160120",
    "ConversionSoftware": "dcm2niix",
    "ConversionSoftwareVersion": "v1.0.20171215 GCC6.3.0",
    "DeviceSerialNumber": "167001",
    "DwellTime": 2.6e-06,
    "EchoTime": 0.408,
    "EchoTrainLength": 259,
    "FlipAngle": 120,
    "ImageOrientationPatientDICOM": [
      -0.0714578,
      0.997444,
      -2.49524e-08,
      0.00118802,
      8.5086e-05,
      -0.999999
    ],
    "ImageType": [
      "ORIGINAL",
      "PRIMARY",
      "M",
      "ND",
      "NORM"
    ],
    "InPlanePhaseEncodingDirectionDICOM": "ROW",
    "InstitutionAddress": "Cooper_60_St._Lucia_QLD_AU_4072",
    "InstitutionName": "Centre_for_Advanced_Imaging",
    "InstitutionalDepartmentName": "Gehrmann_Labs_MRI",
    "MRAcquisitionType": "3D",
    "MagneticFieldStrength": 3,
    "Manufacturer": "Siemens",
    "ManufacturersModelName": "Prisma_fit",
    "Modality": "MR",
    "ParallelReductionFactorInPlane": 2,
    "PartialFourier": 1,
    "PatientPosition": "HFS",
    "PercentPhaseFOV": 100,
    "PhaseEncodingSteps": 233,
    "PhaseResolution": 1,
    "PixelBandwidth": 750,
    "ProcedureStepDescription": "Research_16092_QTAB",
    "ProtocolName": "t2_spc_sag_p2_iso",
    "PulseSequenceDetails": "%SiemensSeq%_tse_vfl",
    "ReceiveCoilActiveElements": "HC1-7;NC1",
    "ReceiveCoilName": "HeadNeck_64",
    "ReconMatrixPE": 256,
    "RepetitionTime": 3.2,
    "SAR": 0.16618,
    "ScanOptions": "PFP",
    "ScanningSequence": "SE",
    "SequenceName": "_spcR_282ns",
    "SequenceVariant": "SK_SP",
    "SeriesDescription": "t2_spc_sag_p2_iso",
    "SeriesNumber": 19,
    "ShimSetting": [
      3045,
      -4172,
      -1048,
      3,
      -5,
      36,
      -4,
      -10
    ],
    "SliceThickness": 1,
    "SoftwareVersions": "syngo_MR_E11",
    "StationName": "mrc_Trio",
    "TxRefAmp": 215.227,
    "dataset": "ds004146",
    "modality": "T2w",
    "session_id": "01",
    "subject_id": "0052"
  },
  "cjv": 0.42856756303877064,
  "cnr": 1.6164421461316223,
  "efc": 0.6557272201807546,
  "fber": 3863.6753859476253,
  "fwhm_avg": 4.928025051809109,
  "fwhm_x": 5.042925300581771,
  "fwhm_y": 5.163687423055062,
  "fwhm_z": 4.577462431790495,
  "icvs_csf": 0.46176294743349744,
  "icvs_gm": 0.10349965091574974,
  "icvs_wm": 0.43473740165075286,
  "inu_med": 1.0128492712974548,
  "inu_range": 0.3944765627384186,
  "provenance": {
    "md5sum": "d51262003da035d0b1821641a25b675d",
    "settings": {
      "testing": false
    },
    "software": "mriqc",
    "version": "23.0.1",
    "warnings": {
      "large_rot_frame": true,
      "small_air_mask": false
    },
    "webapi_port": null,
    "webapi_url": "https://mriqc.nimh.nih.gov/api/v1"
  },
  "qi_1": 0.0,
  "qi_2": 0.008316462322786452,
  "rpve_csf": 9.779115237457038,
  "rpve_gm": 38.11857318266528,
  "rpve_wm": 10.637469529276828,
  "size_x": 192,
  "size_y": 300,
  "size_z": 320,
  "snr_csf": 16.419117427504084,
  "snr_gm": 2.124708822847535,
  "snr_total": 10.37361714512642,
  "snr_wm": 12.577025185027644,
  "snrd_csf": 49.52540455471358,
  "snrd_gm": 137.78254725982194,
  "snrd_total": 73.3927111519467,
  "snrd_wm": 32.87018164130458,
  "spacing_x": 0.7999999523162842,
  "spacing_y": 0.800000011920929,
  "spacing_z": 0.800000011920929,
  "summary_bg_k": 2.9507942613582383,
  "summary_bg_mad": 0.0,
  "summary_bg_mean": 12.721180539120228,
  "summary_bg_median": 0.0,
  "summary_bg_n": 1802543.0,
  "summary_bg_p05": 0.0,
  "summary_bg_p95": 52.70069061219692,
  "summary_bg_stdv": 19.931024264766165,
  "summary_csf_k": 0.39586279864289864,
  "summary_csf_mad": 88.90681089803662,
  "summary_csf_mean": 1510.4739989134619,
  "summary_csf_median": 1506.6969869211316,
  "summary_csf_n": 188925.0,
  "summary_csf_p05": 1367.5041329786181,
  "summary_csf_p95": 1666.4623695909977,
  "summary_csf_stdv": 91.76455470369727,
  "summary_gm_k": -1.2882097385927125,
  "summary_gm_mad": 1286.6178342076453,
  "summary_gm_mean": 3221.884768439383,
  "summary_gm_median": 4191.718385204673,
  "summary_gm_n": 76905.0,
  "summary_gm_p05": 101.28687547892332,
  "summary_gm_p95": 5190.405226573348,
  "summary_gm_stdv": 1972.8308592066355,
  "summary_wm_k": -0.0028155480745395423,
  "summary_wm_mad": 81.24914397397215,
  "summary_wm_mean": 999.5807422997094,
  "summary_wm_median": 999.9999815002084,
  "summary_wm_n": 327872.0,
  "summary_wm_p05": 869.8240231275558,
  "summary_wm_p95": 1128.42508636415,
  "summary_wm_stdv": 79.5099351239405,
  "tpm_overlap_csf": 0.10795666568331257,
  "tpm_overlap_gm": 0.06651965823745794,
  "tpm_overlap_wm": 0.41065025058589094,
  "wm2max": 0.19810617228282548
}