{
  "aor": 0.0005238359788359788,
  "aqi": 0.024546167460317462,
  "bids_meta": {
    "AcquisitionMatrixPE": 90,
    "AcquisitionNumber": 1,
    "AcquisitionTime": "11:50:19.362500",
    "BandwidthPerPixelPhaseEncode": 21.368,
    "BaseResolution": 90,
    "BodyPartExamined": "BRAIN",
    "CoilString": "HC1-7;NC1_2",
    "ConsistencyInfo": "N4_VE11C_LATEST_20160120",
    "ConversionSoftware": "dcm2niix",
    "ConversionSoftwareVersion": "v1.0.20190410  GCC6.3.0",
    "DerivedVendorReportedEchoSpacing": 0.000519988,
    "DeviceSerialNumber": "167001",
    "DwellTime": 2.2e-06,
    "EchoTime": 0.03,
    "EchoTrainLength": 90,
    "EffectiveEchoSpacing": 0.000519988,
    "FlipAngle": 52,
    "ImageOrientationPatientDICOM": [
      0.99943,
      0.0200801,
      -0.0271489,
      -0.029837,
      0.901601,
      -0.431537
    ],
    "ImageType": [
      "ORIGINAL",
      "PRIMARY",
      "M",
      "ND",
      "NORM",
      "MOSAIC"
    ],
    "ImagingFrequency": 123.229,
    "InPlanePhaseEncodingDirectionDICOM": "COL",
    "InstitutionAddress": "Cooper_60_St._Lucia_QLD_AU_4072",
    "InstitutionName": "St_Lucia_Campus",
    "InstitutionalDepartmentName": "Gehrmann_Labs_MRI",
    "MRAcquisitionType": "2D",
    "MagneticFieldStrength": 3,
    "Manufacturer": "Siemens",
    "ManufacturersModelName": "Prisma_fit",
    "Modality": "MR",
    "MultibandAccelerationFactor": 6,
    "PartialFourier": 1,
    "PatientPosition": "HFS",
    "PercentPhaseFOV": 100,
    "PhaseEncodingDirection": "j-",
    "PhaseEncodingSteps": 90,
    "PhaseResolution": 1,
    "PixelBandwidth": 2525,
    "ProcedureStepDescription": "Research_16092_QTAB",
    "ProtocolName": "PARTLY_CLOUDY_mb6_2.4",
    "PulseSequenceDetails": "%SiemensSeq%_ep2d_bold",
    "ReceiveCoilActiveElements": "HC1-7;NC1,2",
    "ReceiveCoilName": "HeadNeck_64",
    "ReconMatrixPE": 90,
    "RefLinesPE": 12,
    "RepetitionTime": 0.8,
    "SAR": 0.0614414,
    "ScanOptions": "FS",
    "ScanningSequence": "EP",
    "SequenceName": "_epfid2d1_90",
    "SequenceVariant": "SK",
    "SeriesDescription": "PARTLY_CLOUDY_mb6_2.4",
    "SeriesNumber": 19,
    "ShimSetting": [
      3031,
      -4175,
      -743,
      467,
      -67,
      -133,
      -46,
      33
    ],
    "SliceThickness": 2.4,
    "SliceTiming": [
      0.5475,
      0,
      0.39,
      0.08,
      0.47,
      0.235,
      0.625,
      0.3125,
      0.7025,
      0.1575,
      0.5475,
      0,
      0.39,
      0.08,
      0.47,
      0.235,
      0.625,
      0.3125,
      0.7025,
      0.1575,
      0.5475,
      0,
      0.39,
      0.08,
      0.47,
      0.235,
      0.625,
      0.3125,
      0.7025,
      0.1575,
      0.5475,
      0,
      0.39,
      0.08,
      0.47,
      0.235,
      0.625,
      0.3125,
      0.7025,
      0.1575,
      0.5475,
      0,
      0.39,
      0.08,
      0.47,
      0.235,
      0.625,
      0.3125,
      0.7025,
      0.1575,
      0.5475,
      0,
      0.39,
      0.08,
      0.47,
      0.235,
      0.625,
      0.3125,
      0.7025,
      0.1575
    ],
    "SoftwareVersions": "syngo_MR_E11",
    "SpacingBetweenSlices": 2.4,
    "StationName": "mrc_Trio",
    "TaskName": "partlycloudy",
    "TotalReadoutTime": 0.046279,
    "TxRefAmp": 215.165,
    "dataset": "ds004146",
    "modality": "bold",
    "session_id": "02",
    "subject_id": "0098",
    "task_id": "partlycloudy"
  },
  "dummy_trs": 2,
  "dvars_nstd": 43.46035651228114,
  "dvars_std": 1.221262330742706,
  "dvars_vstd": 0.981542411087533,
  "efc": 0.4941911641254807,
  "fber": 6472.3095703125,
  "fd_mean": 0.32712211003584685,
  "fd_num": 278,
  "fd_perc": 73.54497354497354,
  "fwhm_avg": 1.8664458208074766,
  "fwhm_x": 1.777937429351114,
  "fwhm_y": 1.9599332554525828,
  "fwhm_z": 1.8614667776187328,
  "gcor": 0.00440423,
  "gsr_x": -0.022444168105721474,
  "gsr_y": 0.035065121948719025,
  "provenance": {
    "md5sum": "dc6fe42d15623659eed12c9b2680e0d2",
    "settings": {
      "fd_thres": 0.2,
      "testing": false
    },
    "software": "mriqc",
    "version": "23.0.1",
    "webapi_port": null,
    "webapi_url": "https://mriqc.nimh.nih.gov/api/v1"
  },
  "size_t": 378,
  "size_x": 90,
  "size_y": 90,
  "size_z": 60,
  "snr": 6.750538636624387,
  "spacing_tr": 0.800000011920929,
  "spacing_x": 2.4000000953674316,
  "spacing_y": 2.4000000953674316,
  "spacing_z": 2.3999998569488525,
  "summary_bg_k": 33.547201710691986,
  "summary_bg_mad": 6.365775945280144,
  "summary_bg_mean": 25.513578414916992,
  "summary_bg_median": 8.55820083618164,
  "summary_bg_n": 322235.0,
  "summary_bg_p05": 3.4814813137054443,
  "summary_bg_p95": 106.65952148437496,
  "summary_bg_stdv": 49.14286804199219,
  "summary_fg_k": 1.7724904618976618,
  "summary_fg_mad": 98.23615158642171,
  "summary_fg_mean": 697.8680419921875,
  "summary_fg_median": 698.2036743164062,
  "summary_fg_n": 91761.0,
  "summary_fg_p05": 539.0502319335938,
  "summary_fg_p95": 860.8756103515625,
  "summary_fg_stdv": 103.42876434326172,
  "tsnr": 37.56727057462558
}