{
  "bids_meta": {
    "AcquisitionMatrixPE": 256,
    "AcquisitionNumber": 1,
    "AcquisitionTime": "13:58:3.180000",
    "BaseResolution": 256,
    "BodyPartExamined": "BRAIN",
    "ConsistencyInfo": "N4_VE11C_LATEST_20160120",
    "ConversionSoftware": "dcm2niix",
    "ConversionSoftwareVersion": "v1.0.20171215 GCC6.3.0",
    "DeviceSerialNumber": "167001",
    "DwellTime": 2.6e-06,
    "EchoTime": 0.408,
    "EchoTrainLength": 259,
    "FlipAngle": 120,
    "ImageOrientationPatientDICOM": [
      0.0145349,
      0.999894,
      -2.01467e-08,
      0.0574793,
      -0.000835567,
      -0.998346
    ],
    "ImageType": [
      "ORIGINAL",
      "PRIMARY",
      "M",
      "ND",
      "NORM"
    ],
    "InPlanePhaseEncodingDirectionDICOM": "ROW",
    "InstitutionAddress": "Cooper_60_St._Lucia_QLD_AU_4072",
    "InstitutionName": "Centre_for_Advanced_Imaging",
    "InstitutionalDepartmentName": "Gehrmann_Labs_MRI",
    "MRAcquisitionType": "3D",
    "MagneticFieldStrength": 3,
    "Manufacturer": "Siemens",
    "ManufacturersModelName": "Prisma_fit",
    "Modality": "MR",
    "ParallelReductionFactorInPlane": 2,
    "PartialFourier": 1,
    "PatientPosition": "HFS",
    "PercentPhaseFOV": 100,
    "PhaseEncodingSteps": 233,
    "PhaseResolution": 1,
    "PixelBandwidth": 750,
    "ProcedureStepDescription": "Research_16092_QTAB",
    "ProtocolName": "t2_spc_sag_p2_iso",
    "PulseSequenceDetails": "%SiemensSeq%_tse_vfl",
    "ReceiveCoilActiveElements": "HC1-7;NC1,2",
    "ReceiveCoilName": "HeadNeck_64",
    "ReconMatrixPE": 256,
    "RepetitionTime": 3.2,
    "SAR": 0.157919,
    "ScanOptions": "PFP",
    "ScanningSequence": "SE",
    "SequenceName": "_spcR_282ns",
    "SequenceVariant": "SK_SP",
    "SeriesDescription": "t2_spc_sag_p2_iso",
    "SeriesNumber": 16,
    "ShimSetting": [
      3049,
      -4116,
      -1083,
      143,
      -7,
      49,
      -24,
      -19
    ],
    "SliceThickness": 1,
    "SoftwareVersions": "syngo_MR_E11",
    "StationName": "mrc_Trio",
    "TxRefAmp": 211.676,
    "dataset": "ds004146",
    "modality": "T2w",
    "session_id": "01",
    "subject_id": "0123"
  },
  "cjv": 1.2819483551089803,
  "cnr": 1.1054917100479233,
  "efc": 0.605930973138169,
  "fber": -1.0,
  "fwhm_avg": 4.348779216384583,
  "fwhm_x": 4.611175274847464,
  "fwhm_y": 4.4788499332599345,
  "fwhm_z": 3.9563124410463506,
  "icvs_csf": 0.37660555780304744,
  "icvs_gm": 0.1395914726145899,
  "icvs_wm": 0.4838029695823627,
  "inu_med": 1.0020158886909485,
  "inu_range": 0.2730557799339295,
  "provenance": {
    "md5sum": "da40360dc0f66ee4a414039ffbe8c74c",
    "settings": {
      "testing": false
    },
    "software": "mriqc",
    "version": "23.0.1",
    "warnings": {
      "large_rot_frame": true,
      "small_air_mask": false
    },
    "webapi_port": null,
    "webapi_url": "https://mriqc.nimh.nih.gov/api/v1"
  },
  "qi_1": 0.0,
  "qi_2": 0.013011789713233529,
  "rpve_csf": 11.522911212525594,
  "rpve_gm": 33.234184621738834,
  "rpve_wm": 10.231445520698559,
  "size_x": 192,
  "size_y": 300,
  "size_z": 320,
  "snr_csf": 14.491752597984439,
  "snr_gm": 1.6970050518721778,
  "snr_total": 9.340611060515998,
  "snr_wm": 11.833075531691378,
  "snrd_csf": 75.87738784751058,
  "snrd_gm": 142.05812716639116,
  "snrd_total": 89.11147080975667,
  "snrd_wm": 49.39889741536827,
  "spacing_x": 0.7999999523162842,
  "spacing_y": 0.800000011920929,
  "spacing_z": 0.800000011920929,
  "summary_bg_k": 9.623467647556382,
  "summary_bg_mad": 0.0,
  "summary_bg_mean": 7.5285980773673,
  "summary_bg_median": 0.0,
  "summary_bg_n": 2222255.0,
  "summary_bg_p05": 0.0,
  "summary_bg_p95": 32.36930754035711,
  "summary_bg_stdv": 13.262166287093805,
  "summary_csf_k": 0.9733285329372219,
  "summary_csf_mad": 98.65422587900534,
  "summary_csf_mean": 1543.9068335084744,
  "summary_csf_median": 1536.0137752443552,
  "summary_csf_n": 95942.0,
  "summary_csf_p05": 1386.1587727814913,
  "summary_csf_p95": 1728.1095484066752,
  "summary_csf_stdv": 105.99171907813859,
  "summary_gm_k": -1.4002580991688798,
  "summary_gm_mad": 2316.515100130637,
  "summary_gm_mean": 2630.5296995622593,
  "summary_gm_median": 2875.7347399927676,
  "summary_gm_n": 90584.0,
  "summary_gm_p05": 108.002193197608,
  "summary_gm_p95": 4715.875010428949,
  "summary_gm_stdv": 1694.5847412017954,
  "summary_wm_k": -0.10508214847680053,
  "summary_wm_mad": 88.07998023119676,
  "summary_wm_mean": 1001.0658470263393,
  "summary_wm_median": 999.9999876692891,
  "summary_wm_n": 404115.0,
  "summary_wm_p05": 865.0364341959357,
  "summary_wm_p95": 1138.490463271737,
  "summary_wm_stdv": 84.50877776608209,
  "tpm_overlap_csf": 0.11059005498660787,
  "tpm_overlap_gm": 0.08646818835098836,
  "tpm_overlap_wm": 0.4087243937312546,
  "wm2max": 0.2168643981371316
}