{
  "aor": 0.0008664220183486239,
  "aqi": 0.006345871987767584,
  "bids_meta": {
    "AcquisitionMatrixPE": 104,
    "AcquisitionNumber": 1,
    "AcquisitionTime": "11:02:48.860000",
    "BandwidthPerPixelPhaseEncode": 17.17,
    "BaseResolution": 104,
    "BodyPartExamined": "BRAIN",
    "CoilString": "HC1-7;NC1_2",
    "ConsistencyInfo": "N4_VE11C_LATEST_20160120",
    "ConversionSoftware": "dcm2niix",
    "ConversionSoftwareVersion": "v1.0.20190410  GCC6.3.0",
    "DerivedVendorReportedEchoSpacing": 0.000560011,
    "DeviceSerialNumber": "167001",
    "DwellTime": 2.1e-06,
    "EchoTime": 0.03,
    "EchoTrainLength": 91,
    "EffectiveEchoSpacing": 0.000560011,
    "FlipAngle": 52,
    "ImageOrientationPatientDICOM": [
      0.998644,
      0.00897927,
      -0.0512794,
      -0.0291157,
      0.912891,
      -0.407164
    ],
    "ImageType": [
      "ORIGINAL",
      "PRIMARY",
      "M",
      "ND",
      "MOSAIC"
    ],
    "ImagingFrequency": 123.229,
    "InPlanePhaseEncodingDirectionDICOM": "COL",
    "InstitutionAddress": "Cooper_60_St._Lucia_QLD_AU_4072",
    "InstitutionName": "St_Lucia_Campus",
    "InstitutionalDepartmentName": "Gehrmann_Labs_MRI",
    "MRAcquisitionType": "2D",
    "MagneticFieldStrength": 3,
    "Manufacturer": "Siemens",
    "ManufacturersModelName": "Prisma_fit",
    "Modality": "MR",
    "MultibandAccelerationFactor": 6,
    "PartialFourier": 0.875,
    "PatientPosition": "HFS",
    "PercentPhaseFOV": 100,
    "PhaseEncodingDirection": "j-",
    "PhaseEncodingSteps": 91,
    "PhaseResolution": 1,
    "PixelBandwidth": 2290,
    "ProcedureStepDescription": "Research_16092_QTAB",
    "ProtocolName": "ep2d_REST_SMS6_A-P",
    "PulseSequenceDetails": "%SiemensSeq%_ep2d_bold",
    "ReceiveCoilActiveElements": "HC1-7;NC1,2",
    "ReceiveCoilName": "HeadNeck_64",
    "ReconMatrixPE": 104,
    "RefLinesPE": 12,
    "RepetitionTime": 0.93,
    "SAR": 0.0532685,
    "ScanOptions": "PFP_FS",
    "ScanningSequence": "EP",
    "SequenceName": "_epfid2d1_104",
    "SequenceVariant": "SK",
    "SeriesDescription": "ep2d_REST_SMS6_A-P",
    "SeriesNumber": 9,
    "ShimSetting": [
      3040,
      -4179,
      -735,
      475,
      -57,
      -67,
      -91,
      -32
    ],
    "SliceThickness": 2,
    "SliceTiming": [
      0.6825,
      0,
      0.455,
      0.075,
      0.53,
      0.15,
      0.605,
      0.3025,
      0.7575,
      0.3775,
      0.8325,
      0.2275,
      0.6825,
      0,
      0.455,
      0.075,
      0.53,
      0.15,
      0.605,
      0.3025,
      0.7575,
      0.3775,
      0.8325,
      0.2275,
      0.6825,
      0,
      0.455,
      0.075,
      0.53,
      0.15,
      0.605,
      0.3025,
      0.7575,
      0.3775,
      0.8325,
      0.2275,
      0.6825,
      0,
      0.455,
      0.075,
      0.53,
      0.15,
      0.605,
      0.3025,
      0.7575,
      0.3775,
      0.8325,
      0.2275,
      0.6825,
      0,
      0.455,
      0.075,
      0.53,
      0.15,
      0.605,
      0.3025,
      0.7575,
      0.3775,
      0.8325,
      0.2275,
      0.6825,
      0,
      0.455,
      0.075,
      0.53,
      0.15,
      0.605,
      0.3025,
      0.7575,
      0.3775,
      0.8325,
      0.2275
    ],
    "SoftwareVersions": "syngo_MR_E11",
    "SpacingBetweenSlices": 2,
    "StationName": "mrc_Trio",
    "TaskName": "rest",
    "TotalReadoutTime": 0.0576811,
    "TxRefAmp": 227.228,
    "dataset": "ds004146",
    "modality": "bold",
    "session_id": "02",
    "subject_id": "0384",
    "task_id": "rest"
  },
  "dummy_trs": 0,
  "dvars_nstd": 40.94137723000001,
  "dvars_std": 1.0912293496319034,
  "dvars_vstd": 1.0127505243865034,
  "efc": 0.5182918286652507,
  "fber": 664.611328125,
  "fd_mean": 0.13779647652041505,
  "fd_num": 64,
  "fd_perc": 19.571865443425075,
  "fwhm_avg": 3.0305666666666666,
  "fwhm_x": 2.78856,
  "fwhm_y": 3.15243,
  "fwhm_z": 3.15071,
  "gcor": 0.0208918,
  "gsr_x": 0.0032104519195854664,
  "gsr_y": 0.04162018001079559,
  "provenance": {
    "md5sum": "64795645a1bdff27d2ccecf56bff21ca",
    "settings": {
      "fd_thres": 0.2,
      "testing": false
    },
    "software": "mriqc",
    "version": "23.0.1",
    "webapi_port": null,
    "webapi_url": "https://mriqc.nimh.nih.gov/api/v1"
  },
  "size_t": 327,
  "size_x": 104,
  "size_y": 104,
  "size_z": 72,
  "snr": 2.656801889895132,
  "spacing_tr": 0.9300000071525574,
  "spacing_x": 2.0,
  "spacing_y": 2.0,
  "spacing_z": 2.0,
  "summary_bg_k": 45.34547470050858,
  "summary_bg_mad": 8.065901219533519,
  "summary_bg_mean": 39.202056884765625,
  "summary_bg_median": 20.95718765258789,
  "summary_bg_n": 526228.0,
  "summary_bg_p05": 14.785933494567871,
  "summary_bg_p95": 126.31192779541016,
  "summary_bg_stdv": 54.32851028442383,
  "summary_fg_k": 1.0782202089031392,
  "summary_fg_mad": 194.46345136927195,
  "summary_fg_mean": 585.2608032226562,
  "summary_fg_median": 553.8960571289062,
  "summary_fg_n": 150934.0,
  "summary_fg_p05": 312.9977310180664,
  "summary_fg_p95": 965.1073822021485,
  "summary_fg_stdv": 208.4815673828125,
  "tsnr": 36.34159420535434
}