{
  "aor": 0.0004237037037037037,
  "aqi": 0.013238369312169311,
  "bids_meta": {
    "AcquisitionMatrixPE": 90,
    "AcquisitionNumber": 1,
    "AcquisitionTime": "10:43:3.607500",
    "BandwidthPerPixelPhaseEncode": 21.368,
    "BaseResolution": 90,
    "BodyPartExamined": "BRAIN",
    "CoilString": "HC1-7;NC1_2",
    "ConsistencyInfo": "N4_VE11C_LATEST_20160120",
    "ConversionSoftware": "dcm2niix",
    "ConversionSoftwareVersion": "v1.0.20190410  GCC6.3.0",
    "DerivedVendorReportedEchoSpacing": 0.000519988,
    "DeviceSerialNumber": "167001",
    "DwellTime": 2.2e-06,
    "EchoTime": 0.03,
    "EchoTrainLength": 90,
    "EffectiveEchoSpacing": 0.000519988,
    "FlipAngle": 52,
    "ImageOrientationPatientDICOM": [
      0.995061,
      0.0424486,
      0.0897321,
      -0.00694694,
      0.931519,
      -0.363627
    ],
    "ImageType": [
      "ORIGINAL",
      "PRIMARY",
      "M",
      "ND",
      "NORM",
      "MOSAIC"
    ],
    "ImagingFrequency": 123.229,
    "InPlanePhaseEncodingDirectionDICOM": "COL",
    "InstitutionAddress": "Cooper_60_St._Lucia_QLD_AU_4072",
    "InstitutionName": "St_Lucia_Campus",
    "InstitutionalDepartmentName": "Gehrmann_Labs_MRI",
    "MRAcquisitionType": "2D",
    "MagneticFieldStrength": 3,
    "Manufacturer": "Siemens",
    "ManufacturersModelName": "Prisma_fit",
    "Modality": "MR",
    "MultibandAccelerationFactor": 6,
    "PartialFourier": 1,
    "PatientPosition": "HFS",
    "PercentPhaseFOV": 100,
    "PhaseEncodingDirection": "j-",
    "PhaseEncodingSteps": 90,
    "PhaseResolution": 1,
    "PixelBandwidth": 2525,
    "ProcedureStepDescription": "Research_16092_QTAB",
    "ProtocolName": "PARTLY_CLOUDY_mb6_2.4",
    "PulseSequenceDetails": "%SiemensSeq%_ep2d_bold",
    "ReceiveCoilActiveElements": "HC1-7;NC1,2",
    "ReceiveCoilName": "HeadNeck_64",
    "ReconMatrixPE": 90,
    "RefLinesPE": 12,
    "RepetitionTime": 0.8,
    "SAR": 0.0529914,
    "ScanOptions": "FS",
    "ScanningSequence": "EP",
    "SequenceName": "_epfid2d1_90",
    "SequenceVariant": "SK",
    "SeriesDescription": "PARTLY_CLOUDY_mb6_2.4",
    "SeriesNumber": 19,
    "ShimSetting": [
      3096,
      -4149,
      -742,
      467,
      70,
      8,
      -252,
      32
    ],
    "SliceThickness": 2.4,
    "SliceTiming": [
      0.5475,
      0,
      0.39,
      0.0775,
      0.4675,
      0.235,
      0.625,
      0.3125,
      0.7025,
      0.1575,
      0.5475,
      0,
      0.39,
      0.0775,
      0.4675,
      0.235,
      0.625,
      0.3125,
      0.7025,
      0.1575,
      0.5475,
      0,
      0.39,
      0.0775,
      0.4675,
      0.235,
      0.625,
      0.3125,
      0.7025,
      0.1575,
      0.5475,
      0,
      0.39,
      0.0775,
      0.4675,
      0.235,
      0.625,
      0.3125,
      0.7025,
      0.1575,
      0.5475,
      0,
      0.39,
      0.0775,
      0.4675,
      0.235,
      0.625,
      0.3125,
      0.7025,
      0.1575,
      0.5475,
      0,
      0.39,
      0.0775,
      0.4675,
      0.235,
      0.625,
      0.3125,
      0.7025,
      0.1575
    ],
    "SoftwareVersions": "syngo_MR_E11",
    "SpacingBetweenSlices": 2.4,
    "StationName": "mrc_Trio",
    "TaskName": "partlycloudy",
    "TotalReadoutTime": 0.046279,
    "TxRefAmp": 213.39,
    "dataset": "ds004146",
    "modality": "bold",
    "session_id": "02",
    "subject_id": "0271",
    "task_id": "partlycloudy"
  },
  "dummy_trs": 2,
  "dvars_nstd": 29.060710016657804,
  "dvars_std": 1.1250300275596827,
  "dvars_vstd": 1.0030491607957566,
  "efc": 0.4396023077096228,
  "fber": 8641.78515625,
  "fd_mean": 0.11381922110361577,
  "fd_num": 37,
  "fd_perc": 9.788359788359788,
  "fwhm_avg": 1.7620041557242239,
  "fwhm_x": 1.6720707668912107,
  "fwhm_y": 1.829987427282833,
  "fwhm_z": 1.7839542729986273,
  "gcor": 0.0088908,
  "gsr_x": -0.015568814240396023,
  "gsr_y": 0.025631070137023926,
  "provenance": {
    "md5sum": "bfa1d4a5768418bdc70b6369df5ba809",
    "settings": {
      "fd_thres": 0.2,
      "testing": false
    },
    "software": "mriqc",
    "version": "23.0.1",
    "webapi_port": null,
    "webapi_url": "https://mriqc.nimh.nih.gov/api/v1"
  },
  "size_t": 378,
  "size_x": 90,
  "size_y": 90,
  "size_z": 60,
  "snr": 7.3284016870261555,
  "spacing_tr": 0.800000011920929,
  "spacing_x": 2.4000000953674316,
  "spacing_y": 2.4000000953674316,
  "spacing_z": 2.3999998569488525,
  "summary_bg_k": 37.15794933304818,
  "summary_bg_mad": 4.726284494647838,
  "summary_bg_mean": 21.381193161010742,
  "summary_bg_median": 6.825396537780762,
  "summary_bg_n": 351606.0,
  "summary_bg_p05": 2.9708993434906006,
  "summary_bg_p95": 87.53372573852539,
  "summary_bg_stdv": 46.97657012939453,
  "summary_fg_k": 1.075887891591118,
  "summary_fg_mad": 87.78726269673524,
  "summary_fg_mean": 637.3829345703125,
  "summary_fg_median": 636.4761962890625,
  "summary_fg_n": 68693.0,
  "summary_fg_p05": 504.0401916503906,
  "summary_fg_p95": 775.5285400390624,
  "summary_fg_stdv": 86.84998321533203,
  "tsnr": 49.77795955957845
}