{
  "bids_meta": {
    "AcquisitionMatrixPE": 256,
    "AcquisitionNumber": 1,
    "AcquisitionTime": "16:57:51.670000",
    "BaseResolution": 256,
    "BodyPartExamined": "BRAIN",
    "ConsistencyInfo": "N4_VE11C_LATEST_20160120",
    "ConversionSoftware": "dcm2niix",
    "ConversionSoftwareVersion": "v1.0.20181125  (JP2:OpenJPEG) GCC6.3.0",
    "DeviceSerialNumber": "167001",
    "DwellTime": 2.6e-06,
    "EchoTime": 0.408,
    "EchoTrainLength": 259,
    "FlipAngle": 120,
    "ImageOrientationPatientDICOM": [
      0.000272461,
      1,
      7.87806e-09,
      -0.0535201,
      1.459e-05,
      -0.998567
    ],
    "ImageType": [
      "ORIGINAL",
      "PRIMARY",
      "M",
      "ND",
      "NORM"
    ],
    "ImagingFrequency": 123.229,
    "InPlanePhaseEncodingDirectionDICOM": "ROW",
    "InstitutionAddress": "Cooper_60_St._Lucia_QLD_AU_4072",
    "InstitutionName": "St_Lucia_Campus",
    "InstitutionalDepartmentName": "Gehrmann_Labs_MRI",
    "MRAcquisitionType": "3D",
    "MagneticFieldStrength": 3,
    "Manufacturer": "Siemens",
    "ManufacturersModelName": "Prisma_fit",
    "Modality": "MR",
    "PartialFourier": 1,
    "PatientPosition": "HFS",
    "PercentPhaseFOV": 100,
    "PhaseEncodingSteps": 233,
    "PhaseResolution": 1,
    "PixelBandwidth": 750,
    "ProcedureStepDescription": "Research_16092_QTAB",
    "ProtocolName": "t2_spc_sag_p2_iso",
    "PulseSequenceDetails": "%SiemensSeq%_tse_vfl",
    "ReceiveCoilActiveElements": "HC1-7;NC1",
    "ReceiveCoilName": "HeadNeck_64",
    "ReconMatrixPE": 256,
    "RepetitionTime": 3.2,
    "SAR": 0.15859,
    "ScanOptions": "PFP",
    "ScanningSequence": "SE",
    "SequenceName": "_spcR_282ns",
    "SequenceVariant": "SK_SP",
    "SeriesDescription": "t2_spc_sag_p2_iso",
    "SeriesNumber": 24,
    "ShimSetting": [
      3044,
      -4172,
      -1039,
      -11,
      -3,
      35,
      -21,
      -13
    ],
    "SliceThickness": 1,
    "SoftwareVersions": "syngo_MR_E11",
    "StationName": "mrc_Trio",
    "TxRefAmp": 222.889,
    "dataset": "ds004146",
    "modality": "T2w",
    "session_id": "01",
    "subject_id": "0336"
  },
  "cjv": 0.8725676842312261,
  "cnr": 1.2556720790180065,
  "efc": 0.6977732210330345,
  "fber": 922.5982023032988,
  "fwhm_avg": 5.539529229326864,
  "fwhm_x": 5.846750348493477,
  "fwhm_y": 5.722012414735371,
  "fwhm_z": 5.049824924751745,
  "icvs_csf": 0.43524764568292773,
  "icvs_gm": 0.11090158652251696,
  "icvs_wm": 0.4538507677945553,
  "inu_med": 1.0371729135513306,
  "inu_range": 0.621863877773285,
  "provenance": {
    "md5sum": "744d5c4e774f686f8904c893fe732200",
    "settings": {
      "testing": false
    },
    "software": "mriqc",
    "version": "23.0.1",
    "warnings": {
      "large_rot_frame": true,
      "small_air_mask": false
    },
    "webapi_port": null,
    "webapi_url": "https://mriqc.nimh.nih.gov/api/v1"
  },
  "qi_1": 0.03748001243952889,
  "qi_2": 0.0033700914828238534,
  "rpve_csf": 10.061414482426555,
  "rpve_gm": 37.19921495243643,
  "rpve_wm": 9.8470350591377,
  "size_x": 192,
  "size_y": 300,
  "size_z": 320,
  "snr_csf": 14.29806307840612,
  "snr_gm": 1.8270655817457928,
  "snr_total": 8.7723969356947,
  "snr_wm": 10.192062146932185,
  "snrd_csf": 15.882332585525152,
  "snrd_gm": 31.078085168655207,
  "snrd_total": 18.876959165407385,
  "snrd_wm": 9.670459742041794,
  "spacing_x": 0.7999999523162842,
  "spacing_y": 0.800000011920929,
  "spacing_z": 0.800000011920929,
  "summary_bg_k": 6.9076255758757465,
  "summary_bg_mad": 0.0,
  "summary_bg_mean": 32.44455967376783,
  "summary_bg_median": 0.0,
  "summary_bg_n": 1789076.0,
  "summary_bg_p05": 0.0,
  "summary_bg_p95": 203.67369510233402,
  "summary_bg_stdv": 67.74615005056718,
  "summary_csf_k": 0.16062955211075858,
  "summary_csf_mad": 114.53923428653427,
  "summary_csf_mean": 1646.3385961338672,
  "summary_csf_median": 1642.3555254936218,
  "summary_csf_n": 203872.0,
  "summary_csf_p05": 1466.8647952750325,
  "summary_csf_p95": 1840.8068181574345,
  "summary_csf_stdv": 114.86531347456183,
  "summary_gm_k": -1.378541102616235,
  "summary_gm_mad": 1830.2915753910584,
  "summary_gm_mean": 2720.2103555174613,
  "summary_gm_median": 3213.713390249759,
  "summary_gm_n": 64676.0,
  "summary_gm_p05": 140.73474157601595,
  "summary_gm_p95": 4957.072880147025,
  "summary_gm_stdv": 1758.9344233442423,
  "summary_wm_k": -0.13842966899603448,
  "summary_wm_mad": 101.32316879193417,
  "summary_wm_mean": 1001.1444317361731,
  "summary_wm_median": 1000.0000255554914,
  "summary_wm_n": 272192.0,
  "summary_wm_p05": 843.3279523998499,
  "summary_wm_p95": 1163.3351638913155,
  "summary_wm_stdv": 98.11539354831403,
  "tpm_overlap_csf": 0.11322479950401708,
  "tpm_overlap_gm": 0.07276127172024412,
  "tpm_overlap_wm": 0.40919996318220103,
  "wm2max": 0.21763668430335098
}