{
  "aor": 0.0004956615384615384,
  "aqi": 0.008129661230769232,
  "bids_meta": {
    "AcquisitionMatrixPE": 104,
    "AcquisitionNumber": 1,
    "AcquisitionTime": "12:40:59.097500",
    "BandwidthPerPixelPhaseEncode": 17.17,
    "BaseResolution": 104,
    "BodyPartExamined": "BRAIN",
    "ConsistencyInfo": "N4_VE11C_LATEST_20160120",
    "ConversionSoftware": "dcm2niix",
    "ConversionSoftwareVersion": "v1.0.20171215 GCC6.3.0",
    "DerivedVendorReportedEchoSpacing": 0.000560011,
    "DeviceSerialNumber": "167001",
    "DwellTime": 2.1e-06,
    "EchoTime": 0.03,
    "EchoTrainLength": 91,
    "EffectiveEchoSpacing": 0.000560011,
    "FlipAngle": 52,
    "ImageOrientationPatientDICOM": [
      0.999649,
      -0.0192821,
      -0.0181462,
      0.0122137,
      0.943863,
      -0.330111
    ],
    "ImageType": [
      "ORIGINAL",
      "PRIMARY",
      "M",
      "ND",
      "MOSAIC"
    ],
    "InPlanePhaseEncodingDirectionDICOM": "COL",
    "InstitutionAddress": "Cooper_60_St._Lucia_QLD_AU_4072",
    "InstitutionName": "St_Lucia_Campus",
    "InstitutionalDepartmentName": "Gehrmann_Labs_MRI",
    "MRAcquisitionType": "2D",
    "MagneticFieldStrength": 3,
    "Manufacturer": "Siemens",
    "ManufacturersModelName": "Prisma_fit",
    "Modality": "MR",
    "MultibandAccelerationFactor": 6,
    "PartialFourier": 0.875,
    "PatientPosition": "HFS",
    "PercentPhaseFOV": 100,
    "PhaseEncodingDirection": "j-",
    "PhaseEncodingSteps": 91,
    "PhaseResolution": 1,
    "PixelBandwidth": 2290,
    "ProcedureStepDescription": "Research_16092_QTAB",
    "ProtocolName": "ep2d_REST_SMS6_A-P",
    "PulseSequenceDetails": "%SiemensSeq%_ep2d_bold",
    "ReceiveCoilActiveElements": "HC1-7;NC1,2",
    "ReceiveCoilName": "HeadNeck_64",
    "ReconMatrixPE": 104,
    "RepetitionTime": 0.93,
    "SAR": 0.0565798,
    "ScanOptions": "PFP_FS",
    "ScanningSequence": "EP",
    "SequenceName": "_epfid2d1_104",
    "SequenceVariant": "SK",
    "SeriesDescription": "ep2d_REST_SMS6_A-P",
    "SeriesNumber": 13,
    "ShimSetting": [
      3061,
      -4176,
      -752,
      475,
      -6,
      0,
      -59,
      -53
    ],
    "SliceThickness": 2,
    "SliceTiming": [
      0.6825,
      0,
      0.455,
      0.075,
      0.53,
      0.15,
      0.605,
      0.3025,
      0.7575,
      0.3775,
      0.8325,
      0.2275,
      0.6825,
      0,
      0.455,
      0.075,
      0.53,
      0.15,
      0.605,
      0.3025,
      0.7575,
      0.3775,
      0.8325,
      0.2275,
      0.6825,
      0,
      0.455,
      0.075,
      0.53,
      0.15,
      0.605,
      0.3025,
      0.7575,
      0.3775,
      0.8325,
      0.2275,
      0.6825,
      0,
      0.455,
      0.075,
      0.53,
      0.15,
      0.605,
      0.3025,
      0.7575,
      0.3775,
      0.8325,
      0.2275,
      0.6825,
      0,
      0.455,
      0.075,
      0.53,
      0.15,
      0.605,
      0.3025,
      0.7575,
      0.3775,
      0.8325,
      0.2275,
      0.6825,
      0,
      0.455,
      0.075,
      0.53,
      0.15,
      0.605,
      0.3025,
      0.7575,
      0.3775,
      0.8325,
      0.2275
    ],
    "SoftwareVersions": "syngo_MR_E11",
    "SpacingBetweenSlices": 2,
    "StationName": "mrc_Trio",
    "TaskName": "rest",
    "TotalReadoutTime": 0.0576811,
    "TxRefAmp": 220.905,
    "dataset": "ds004146",
    "modality": "bold",
    "session_id": "01",
    "subject_id": "0217",
    "task_id": "rest"
  },
  "dummy_trs": 2,
  "dvars_nstd": 55.77526514024693,
  "dvars_std": 1.1112212264197527,
  "dvars_vstd": 0.9899491176543197,
  "efc": 0.523987883375667,
  "fber": 781.0835571289062,
  "fd_mean": 0.5175781574409283,
  "fd_num": 280,
  "fd_perc": 86.15384615384616,
  "fwhm_avg": 3.175843333333333,
  "fwhm_x": 2.92976,
  "fwhm_y": 3.362335,
  "fwhm_z": 3.235435,
  "gcor": 0.00551005,
  "gsr_x": -0.0014831398148089647,
  "gsr_y": 0.04748793691396713,
  "provenance": {
    "md5sum": "88a6cc906fd49a54beb211acb28a287a",
    "settings": {
      "fd_thres": 0.2,
      "testing": false
    },
    "software": "mriqc",
    "version": "23.0.1",
    "webapi_port": null,
    "webapi_url": "https://mriqc.nimh.nih.gov/api/v1"
  },
  "size_t": 325,
  "size_x": 104,
  "size_y": 104,
  "size_z": 72,
  "snr": 2.525549764602136,
  "spacing_tr": 0.9300000071525574,
  "spacing_x": 2.0,
  "spacing_y": 2.0,
  "spacing_z": 2.0,
  "summary_bg_k": 38.65998309975772,
  "summary_bg_mad": 7.2259749724295546,
  "summary_bg_mean": 38.351043701171875,
  "summary_bg_median": 19.812307357788086,
  "summary_bg_n": 511175.0,
  "summary_bg_p05": 14.406153678894043,
  "summary_bg_p95": 126.72923278808594,
  "summary_bg_stdv": 54.35396194458008,
  "summary_fg_k": 0.7797710920293874,
  "summary_fg_mad": 207.12859710921052,
  "summary_fg_mean": 600.5133666992188,
  "summary_fg_median": 567.1384887695312,
  "summary_fg_n": 163586.0,
  "summary_fg_p05": 310.1638488769531,
  "summary_fg_p95": 1034.4884948730469,
  "summary_fg_stdv": 224.55972290039062,
  "tsnr": 32.324702847981825
}