{
  "aor": 0.002555245398773006,
  "aqi": 0.008243486779141105,
  "bids_meta": {
    "AcquisitionMatrixPE": 104,
    "AcquisitionNumber": 1,
    "AcquisitionTime": "12:46:36.140000",
    "BandwidthPerPixelPhaseEncode": 17.17,
    "BaseResolution": 104,
    "BodyPartExamined": "BRAIN",
    "ConsistencyInfo": "N4_VE11C_LATEST_20160120",
    "ConversionSoftware": "dcm2niix",
    "ConversionSoftwareVersion": "v1.0.20171215 GCC6.3.0",
    "DerivedVendorReportedEchoSpacing": 0.000560011,
    "DeviceSerialNumber": "167001",
    "DwellTime": 2.1e-06,
    "EchoTime": 0.03,
    "EchoTrainLength": 91,
    "EffectiveEchoSpacing": 0.000560011,
    "FlipAngle": 52,
    "ImageOrientationPatientDICOM": [
      0.999649,
      -0.0192821,
      -0.0181462,
      0.0122137,
      0.943863,
      -0.330111
    ],
    "ImageType": [
      "ORIGINAL",
      "PRIMARY",
      "M",
      "ND",
      "MOSAIC"
    ],
    "InPlanePhaseEncodingDirectionDICOM": "COL",
    "InstitutionAddress": "Cooper_60_St._Lucia_QLD_AU_4072",
    "InstitutionName": "St_Lucia_Campus",
    "InstitutionalDepartmentName": "Gehrmann_Labs_MRI",
    "MRAcquisitionType": "2D",
    "MagneticFieldStrength": 3,
    "Manufacturer": "Siemens",
    "ManufacturersModelName": "Prisma_fit",
    "Modality": "MR",
    "MultibandAccelerationFactor": 6,
    "PartialFourier": 0.875,
    "PatientPosition": "HFS",
    "PercentPhaseFOV": 100,
    "PhaseEncodingDirection": "j",
    "PhaseEncodingSteps": 91,
    "PhaseResolution": 1,
    "PixelBandwidth": 2290,
    "ProcedureStepDescription": "Research_16092_QTAB",
    "ProtocolName": "ep2d_REST_SMS6_P-A",
    "PulseSequenceDetails": "%SiemensSeq%_ep2d_bold",
    "ReceiveCoilActiveElements": "HC1-7;NC1,2",
    "ReceiveCoilName": "HeadNeck_64",
    "ReconMatrixPE": 104,
    "RepetitionTime": 0.93,
    "SAR": 0.0565798,
    "ScanOptions": "PFP_FS",
    "ScanningSequence": "EP",
    "SequenceName": "_epfid2d1_104",
    "SequenceVariant": "SK",
    "SeriesDescription": "ep2d_REST_SMS6_P-A",
    "SeriesNumber": 14,
    "ShimSetting": [
      3061,
      -4176,
      -752,
      475,
      -6,
      0,
      -59,
      -53
    ],
    "SliceThickness": 2,
    "SliceTiming": [
      0.6825,
      0,
      0.455,
      0.075,
      0.53,
      0.1525,
      0.6075,
      0.3025,
      0.7575,
      0.38,
      0.835,
      0.2275,
      0.6825,
      0,
      0.455,
      0.075,
      0.53,
      0.1525,
      0.6075,
      0.3025,
      0.7575,
      0.38,
      0.835,
      0.2275,
      0.6825,
      0,
      0.455,
      0.075,
      0.53,
      0.1525,
      0.6075,
      0.3025,
      0.7575,
      0.38,
      0.835,
      0.2275,
      0.6825,
      0,
      0.455,
      0.075,
      0.53,
      0.1525,
      0.6075,
      0.3025,
      0.7575,
      0.38,
      0.835,
      0.2275,
      0.6825,
      0,
      0.455,
      0.075,
      0.53,
      0.1525,
      0.6075,
      0.3025,
      0.7575,
      0.38,
      0.835,
      0.2275,
      0.6825,
      0,
      0.455,
      0.075,
      0.53,
      0.1525,
      0.6075,
      0.3025,
      0.7575,
      0.38,
      0.835,
      0.2275
    ],
    "SoftwareVersions": "syngo_MR_E11",
    "SpacingBetweenSlices": 2,
    "StationName": "mrc_Trio",
    "TaskName": "rest",
    "TotalReadoutTime": 0.0576811,
    "TxRefAmp": 220.905,
    "dataset": "ds004146",
    "modality": "bold",
    "session_id": "01",
    "subject_id": "0217",
    "task_id": "rest"
  },
  "dummy_trs": 1,
  "dvars_nstd": 53.89163352384618,
  "dvars_std": 1.1301741008615385,
  "dvars_vstd": 1.0146784794153842,
  "efc": 0.5262555942345706,
  "fber": 797.38720703125,
  "fd_mean": 0.4045506586298671,
  "fd_num": 275,
  "fd_perc": 84.3558282208589,
  "fwhm_avg": 3.066876666666667,
  "fwhm_x": 2.86709,
  "fwhm_y": 3.181175,
  "fwhm_z": 3.152365,
  "gcor": 0.00961465,
  "gsr_x": 0.005196905694901943,
  "gsr_y": 0.050248850136995316,
  "provenance": {
    "md5sum": "c3a500bee80141594d6f20d24704ea25",
    "settings": {
      "fd_thres": 0.2,
      "testing": false
    },
    "software": "mriqc",
    "version": "23.0.1",
    "webapi_port": null,
    "webapi_url": "https://mriqc.nimh.nih.gov/api/v1"
  },
  "size_t": 326,
  "size_x": 104,
  "size_y": 104,
  "size_z": 72,
  "snr": 2.576436721429777,
  "spacing_tr": 0.9300000071525574,
  "spacing_x": 2.0,
  "spacing_y": 2.0,
  "spacing_z": 2.0,
  "summary_bg_k": 30.54999758628385,
  "summary_bg_mad": 7.640403307483287,
  "summary_bg_mean": 42.83877944946289,
  "summary_bg_median": 20.150306701660156,
  "summary_bg_n": 518146.0,
  "summary_bg_p05": 14.435582160949707,
  "summary_bg_p95": 159.67176818847656,
  "summary_bg_stdv": 63.543033599853516,
  "summary_fg_k": 0.37643670737170787,
  "summary_fg_mad": 220.32103307908267,
  "summary_fg_mean": 604.83056640625,
  "summary_fg_median": 574.886474609375,
  "summary_fg_n": 158641.0,
  "summary_fg_p05": 305.8987731933594,
  "summary_fg_p95": 1020.38037109375,
  "summary_fg_stdv": 223.13168334960938,
  "tsnr": 31.35846401460003
}