{
  "aor": 0.0020194179894179893,
  "aqi": 0.019590821164021163,
  "bids_meta": {
    "AcquisitionMatrixPE": 90,
    "AcquisitionNumber": 1,
    "AcquisitionTime": "14:40:44.572500",
    "BandwidthPerPixelPhaseEncode": 21.368,
    "BaseResolution": 90,
    "BodyPartExamined": "BRAIN",
    "CoilString": "HC1-7;NC1_2",
    "ConsistencyInfo": "N4_VE11C_LATEST_20160120",
    "ConversionSoftware": "dcm2niix",
    "ConversionSoftwareVersion": "v1.0.20190410  GCC6.3.0",
    "DerivedVendorReportedEchoSpacing": 0.000519988,
    "DeviceSerialNumber": "167001",
    "DwellTime": 2.2e-06,
    "EchoTime": 0.03,
    "EchoTrainLength": 90,
    "EffectiveEchoSpacing": 0.000519988,
    "FlipAngle": 52,
    "ImageOrientationPatientDICOM": [
      0.998678,
      0.0502954,
      -0.0106164,
      -0.0512899,
      0.988719,
      -0.140725
    ],
    "ImageType": [
      "ORIGINAL",
      "PRIMARY",
      "M",
      "ND",
      "NORM",
      "MOSAIC"
    ],
    "ImagingFrequency": 123.229,
    "InPlanePhaseEncodingDirectionDICOM": "COL",
    "InstitutionAddress": "Cooper_60_St._Lucia_QLD_AU_4072",
    "InstitutionName": "St_Lucia_Campus",
    "InstitutionalDepartmentName": "Gehrmann_Labs_MRI",
    "MRAcquisitionType": "2D",
    "MagneticFieldStrength": 3,
    "Manufacturer": "Siemens",
    "ManufacturersModelName": "Prisma_fit",
    "Modality": "MR",
    "MultibandAccelerationFactor": 6,
    "PartialFourier": 1,
    "PatientPosition": "HFS",
    "PercentPhaseFOV": 100,
    "PhaseEncodingDirection": "j-",
    "PhaseEncodingSteps": 90,
    "PhaseResolution": 1,
    "PixelBandwidth": 2525,
    "ProcedureStepDescription": "Research_16092_QTAB",
    "ProtocolName": "PARTLY_CLOUDY_mb6_2.4",
    "PulseSequenceDetails": "%SiemensSeq%_ep2d_bold",
    "ReceiveCoilActiveElements": "HC1-7;NC1,2",
    "ReceiveCoilName": "HeadNeck_64",
    "ReconMatrixPE": 90,
    "RefLinesPE": 12,
    "RepetitionTime": 0.8,
    "SAR": 0.0555273,
    "ScanOptions": "FS",
    "ScanningSequence": "EP",
    "SequenceName": "_epfid2d1_90",
    "SequenceVariant": "SK",
    "SeriesDescription": "PARTLY_CLOUDY_mb6_2.4",
    "SeriesNumber": 19,
    "ShimSetting": [
      3054,
      -4165,
      -800,
      367,
      0,
      -87,
      -127,
      -5
    ],
    "SliceThickness": 2.4,
    "SliceTiming": [
      0.5475,
      0,
      0.39,
      0.0775,
      0.4675,
      0.235,
      0.625,
      0.3125,
      0.7025,
      0.1575,
      0.5475,
      0,
      0.39,
      0.0775,
      0.4675,
      0.235,
      0.625,
      0.3125,
      0.7025,
      0.1575,
      0.5475,
      0,
      0.39,
      0.0775,
      0.4675,
      0.235,
      0.625,
      0.3125,
      0.7025,
      0.1575,
      0.5475,
      0,
      0.39,
      0.0775,
      0.4675,
      0.235,
      0.625,
      0.3125,
      0.7025,
      0.1575,
      0.5475,
      0,
      0.39,
      0.0775,
      0.4675,
      0.235,
      0.625,
      0.3125,
      0.7025,
      0.1575,
      0.5475,
      0,
      0.39,
      0.0775,
      0.4675,
      0.235,
      0.625,
      0.3125,
      0.7025,
      0.1575
    ],
    "SoftwareVersions": "syngo_MR_E11",
    "SpacingBetweenSlices": 2.4,
    "StationName": "mrc_Trio",
    "TaskName": "partlycloudy",
    "TotalReadoutTime": 0.046279,
    "TxRefAmp": 211.812,
    "dataset": "ds004146",
    "modality": "bold",
    "session_id": "02",
    "subject_id": "0032",
    "task_id": "partlycloudy"
  },
  "dummy_trs": 2,
  "dvars_nstd": 32.871332249522546,
  "dvars_std": 1.1417332914588851,
  "dvars_vstd": 1.006092447161803,
  "efc": 0.4707287246761887,
  "fber": 6916.68505859375,
  "fd_mean": 0.13204667866484435,
  "fd_num": 33,
  "fd_perc": 8.73015873015873,
  "fwhm_avg": 1.7363402655679356,
  "fwhm_x": 1.6103082693454316,
  "fwhm_y": 1.883829091810024,
  "fwhm_z": 1.714883435548351,
  "gcor": 0.015634,
  "gsr_x": -0.018447449430823326,
  "gsr_y": 0.037844885140657425,
  "provenance": {
    "md5sum": "942532840619d28cc05c9f5181f27840",
    "settings": {
      "fd_thres": 0.2,
      "testing": false
    },
    "software": "mriqc",
    "version": "23.0.1",
    "webapi_port": null,
    "webapi_url": "https://mriqc.nimh.nih.gov/api/v1"
  },
  "size_t": 378,
  "size_x": 90,
  "size_y": 90,
  "size_z": 60,
  "snr": 7.39703408477477,
  "spacing_tr": 0.800000011920929,
  "spacing_x": 2.4000000953674316,
  "spacing_y": 2.4000000953674316,
  "spacing_z": 2.3999998569488525,
  "summary_bg_k": 26.934158215557773,
  "summary_bg_mad": 5.569563852218937,
  "summary_bg_mean": 24.626523971557617,
  "summary_bg_median": 7.52910041809082,
  "summary_bg_n": 338511.0,
  "summary_bg_p05": 3.1031744480133057,
  "summary_bg_p95": 106.4417953491211,
  "summary_bg_stdv": 48.46963119506836,
  "summary_fg_k": 1.8367785765185554,
  "summary_fg_mad": 81.22540861514861,
  "summary_fg_mean": 632.5712280273438,
  "summary_fg_median": 631.7222290039062,
  "summary_fg_n": 79081.0,
  "summary_fg_p05": 504.0423278808594,
  "summary_fg_p95": 768.4312133789062,
  "summary_fg_stdv": 85.40155792236328,
  "tsnr": 43.80743635492399
}