{
  "aor": 0.004590023952095809,
  "aqi": 0.027770885029940115,
  "bids_meta": {
    "AcquisitionMatrixPE": 90,
    "AcquisitionNumber": 1,
    "AcquisitionTime": "10:34:51.950000",
    "BandwidthPerPixelPhaseEncode": 21.368,
    "BaseResolution": 90,
    "BodyPartExamined": "BRAIN",
    "CoilString": "HC1-7;NC1_2",
    "ConsistencyInfo": "N4_VE11C_LATEST_20160120",
    "ConversionSoftware": "dcm2niix",
    "ConversionSoftwareVersion": "v1.0.20190410  GCC6.3.0",
    "DelayTime": 0.001,
    "DerivedVendorReportedEchoSpacing": 0.000519988,
    "DeviceSerialNumber": "167001",
    "DwellTime": 2.2e-06,
    "EchoTime": 0.03,
    "EchoTrainLength": 90,
    "EffectiveEchoSpacing": 0.000519988,
    "FlipAngle": 52,
    "ImageOrientationPatientDICOM": [
      0.995263,
      0.0842236,
      -0.0485564,
      -0.096885,
      0.900583,
      -0.42375
    ],
    "ImageType": [
      "ORIGINAL",
      "PRIMARY",
      "M",
      "ND",
      "NORM",
      "MOSAIC"
    ],
    "ImagingFrequency": 123.229,
    "InPlanePhaseEncodingDirectionDICOM": "COL",
    "InstitutionAddress": "Cooper_60_St._Lucia_QLD_AU_4072",
    "InstitutionName": "St_Lucia_Campus",
    "InstitutionalDepartmentName": "Gehrmann_Labs_MRI",
    "MRAcquisitionType": "2D",
    "MagneticFieldStrength": 3,
    "Manufacturer": "Siemens",
    "ManufacturersModelName": "Prisma_fit",
    "Modality": "MR",
    "MultibandAccelerationFactor": 6,
    "PartialFourier": 1,
    "PatientPosition": "HFS",
    "PercentPhaseFOV": 100,
    "PhaseEncodingDirection": "j-",
    "PhaseEncodingSteps": 90,
    "PhaseResolution": 1,
    "PixelBandwidth": 2525,
    "ProcedureStepDescription": "Research_16092_QTAB",
    "ProtocolName": "EMOT_TASK_mb6_2.4",
    "PulseSequenceDetails": "%SiemensSeq%_ep2d_bold",
    "ReceiveCoilActiveElements": "HC1-7;NC1,2",
    "ReceiveCoilName": "HeadNeck_64",
    "ReconMatrixPE": 90,
    "RefLinesPE": 12,
    "RepetitionTime": 0.8,
    "SAR": 0.0495032,
    "ScanOptions": "FS",
    "ScanningSequence": "EP",
    "SequenceName": "_epfid2d1_90",
    "SequenceVariant": "SK",
    "SeriesDescription": "EMOT_TASK_mb6_2.4",
    "SeriesNumber": 20,
    "ShimSetting": [
      3044,
      -4162,
      -758,
      365,
      -25,
      13,
      -179,
      8
    ],
    "SliceThickness": 2.4,
    "SliceTiming": [
      0.545,
      0,
      0.39,
      0.0775,
      0.4675,
      0.235,
      0.625,
      0.3125,
      0.7025,
      0.1575,
      0.545,
      0,
      0.39,
      0.0775,
      0.4675,
      0.235,
      0.625,
      0.3125,
      0.7025,
      0.1575,
      0.545,
      0,
      0.39,
      0.0775,
      0.4675,
      0.235,
      0.625,
      0.3125,
      0.7025,
      0.1575,
      0.545,
      0,
      0.39,
      0.0775,
      0.4675,
      0.235,
      0.625,
      0.3125,
      0.7025,
      0.1575,
      0.545,
      0,
      0.39,
      0.0775,
      0.4675,
      0.235,
      0.625,
      0.3125,
      0.7025,
      0.1575,
      0.545,
      0,
      0.39,
      0.0775,
      0.4675,
      0.235,
      0.625,
      0.3125,
      0.7025,
      0.1575
    ],
    "SoftwareVersions": "syngo_MR_E11",
    "SpacingBetweenSlices": 2.4,
    "StationName": "mrc_Trio",
    "TaskName": "emotionalconflict",
    "TotalReadoutTime": 0.046279,
    "TxRefAmp": 217.523,
    "dataset": "ds004146",
    "modality": "bold",
    "session_id": "02",
    "subject_id": "0364",
    "task_id": "emotionalconflict"
  },
  "dummy_trs": 2,
  "dvars_nstd": 38.2732804638729,
  "dvars_std": 1.225221858585132,
  "dvars_vstd": 1.0457694348201434,
  "efc": 0.4681128539614336,
  "fber": 7178.4306640625,
  "fd_mean": 0.26523395810184214,
  "fd_num": 267,
  "fd_perc": 31.976047904191617,
  "fwhm_avg": 1.8910333218296964,
  "fwhm_x": 1.807499928176406,
  "fwhm_y": 1.9437582560953197,
  "fwhm_z": 1.9218417812173634,
  "gcor": 0.0189491,
  "gsr_x": -0.02117178402841091,
  "gsr_y": 0.02938839979469776,
  "provenance": {
    "md5sum": "17c03fb3fdc11a822522796e9043399a",
    "settings": {
      "fd_thres": 0.2,
      "testing": false
    },
    "software": "mriqc",
    "version": "23.0.1",
    "webapi_port": null,
    "webapi_url": "https://mriqc.nimh.nih.gov/api/v1"
  },
  "size_t": 835,
  "size_x": 90,
  "size_y": 90,
  "size_z": 60,
  "snr": 7.225065988778235,
  "spacing_tr": 0.800000011920929,
  "spacing_x": 2.4000000953674316,
  "spacing_y": 2.4000000953674316,
  "spacing_z": 2.3999998569488525,
  "summary_bg_k": 24.9898062683485,
  "summary_bg_mad": 6.283747396365614,
  "summary_bg_mean": 27.248823165893555,
  "summary_bg_median": 7.920958042144775,
  "summary_bg_n": 340271.0,
  "summary_bg_p05": 2.9952096939086914,
  "summary_bg_p95": 118.11497116088867,
  "summary_bg_stdv": 57.65380859375,
  "summary_fg_k": 2.2338081625402415,
  "summary_fg_mad": 87.16287577609994,
  "summary_fg_mean": 680.7298583984375,
  "summary_fg_median": 677.7149658203125,
  "summary_fg_n": 76743.0,
  "summary_fg_p05": 542.6974975585938,
  "summary_fg_p95": 833.5792907714844,
  "summary_fg_stdv": 93.79991149902344,
  "tsnr": 34.92135192384012
}