{
  "aor": 0.0009733438485804416,
  "aqi": 0.004499635141955835,
  "bids_meta": {
    "AcquisitionMatrixPE": 104,
    "AcquisitionNumber": 1,
    "AcquisitionTime": "09:39:56.115000",
    "BandwidthPerPixelPhaseEncode": 17.17,
    "BaseResolution": 104,
    "BodyPartExamined": "BRAIN",
    "ConsistencyInfo": "N4_VE11C_LATEST_20160120",
    "ConversionSoftware": "dcm2niix",
    "ConversionSoftwareVersion": "v1.0.20171215 GCC6.3.0",
    "DerivedVendorReportedEchoSpacing": 0.000560011,
    "DeviceSerialNumber": "167001",
    "DwellTime": 2.1e-06,
    "EchoTime": 0.03,
    "EchoTrainLength": 91,
    "EffectiveEchoSpacing": 0.000560011,
    "FlipAngle": 52,
    "ImageOrientationPatientDICOM": [
      0.997806,
      0.0245108,
      -0.0615071,
      -0.0404248,
      0.961239,
      -0.272739
    ],
    "ImageType": [
      "ORIGINAL",
      "PRIMARY",
      "M",
      "ND",
      "MOSAIC"
    ],
    "InPlanePhaseEncodingDirectionDICOM": "COL",
    "InstitutionAddress": "Cooper_60_St._Lucia_QLD_AU_4072",
    "InstitutionName": "St_Lucia_Campus",
    "InstitutionalDepartmentName": "Gehrmann_Labs_MRI",
    "MRAcquisitionType": "2D",
    "MagneticFieldStrength": 3,
    "Manufacturer": "Siemens",
    "ManufacturersModelName": "Prisma_fit",
    "Modality": "MR",
    "MultibandAccelerationFactor": 6,
    "PartialFourier": 0.875,
    "PatientPosition": "HFS",
    "PercentPhaseFOV": 100,
    "PhaseEncodingDirection": "j",
    "PhaseEncodingSteps": 91,
    "PhaseResolution": 1,
    "PixelBandwidth": 2290,
    "ProcedureStepDescription": "Research_16092_QTAB",
    "ProtocolName": "ep2d_REST_SMS6_P-A",
    "PulseSequenceDetails": "%SiemensSeq%_ep2d_bold",
    "ReceiveCoilActiveElements": "HC1-7;NC1,2",
    "ReceiveCoilName": "HeadNeck_64",
    "ReconMatrixPE": 104,
    "RepetitionTime": 0.93,
    "SAR": 0.0769923,
    "ScanOptions": "PFP_FS",
    "ScanningSequence": "EP",
    "SequenceName": "_epfid2d1_104",
    "SequenceVariant": "SK",
    "SeriesDescription": "ep2d_REST_SMS6_P-A",
    "SeriesNumber": 10,
    "ShimSetting": [
      3044,
      -4176,
      -799,
      541,
      65,
      34,
      62,
      4
    ],
    "SliceThickness": 2,
    "SliceTiming": [
      0.6825,
      0,
      0.455,
      0.075,
      0.53,
      0.1525,
      0.6075,
      0.3025,
      0.7575,
      0.38,
      0.835,
      0.2275,
      0.6825,
      0,
      0.455,
      0.075,
      0.53,
      0.1525,
      0.6075,
      0.3025,
      0.7575,
      0.38,
      0.835,
      0.2275,
      0.6825,
      0,
      0.455,
      0.075,
      0.53,
      0.1525,
      0.6075,
      0.3025,
      0.7575,
      0.38,
      0.835,
      0.2275,
      0.6825,
      0,
      0.455,
      0.075,
      0.53,
      0.1525,
      0.6075,
      0.3025,
      0.7575,
      0.38,
      0.835,
      0.2275,
      0.6825,
      0,
      0.455,
      0.075,
      0.53,
      0.1525,
      0.6075,
      0.3025,
      0.7575,
      0.38,
      0.835,
      0.2275,
      0.6825,
      0,
      0.455,
      0.075,
      0.53,
      0.1525,
      0.6075,
      0.3025,
      0.7575,
      0.38,
      0.835,
      0.2275
    ],
    "SoftwareVersions": "syngo_MR_E11",
    "SpacingBetweenSlices": 2,
    "StationName": "mrc_Trio",
    "TaskName": "rest",
    "TotalReadoutTime": 0.0576811,
    "TxRefAmp": 210.822,
    "dataset": "ds004146",
    "modality": "bold",
    "session_id": "01",
    "subject_id": "0167",
    "task_id": "rest"
  },
  "dummy_trs": 10,
  "dvars_nstd": 38.5671855166139,
  "dvars_std": 1.1167067886708857,
  "dvars_vstd": 1.0151237747151893,
  "efc": 0.5500948041974395,
  "fber": 904.4036865234375,
  "fd_mean": 0.18042056643930715,
  "fd_num": 143,
  "fd_perc": 45.110410094637224,
  "fwhm_avg": 3.159852122412713,
  "fwhm_x": 2.952355,
  "fwhm_y": 3.25028,
  "fwhm_z": 3.2769213672381383,
  "gcor": 0.00888401,
  "gsr_x": -0.028401361778378487,
  "gsr_y": 0.07398170977830887,
  "provenance": {
    "md5sum": "7b08053a77b563e0df07715650ff3283",
    "settings": {
      "fd_thres": 0.2,
      "testing": false
    },
    "software": "mriqc",
    "version": "23.0.1",
    "webapi_port": null,
    "webapi_url": "https://mriqc.nimh.nih.gov/api/v1"
  },
  "size_t": 317,
  "size_x": 104,
  "size_y": 104,
  "size_z": 72,
  "snr": 2.5442384737296115,
  "spacing_tr": 0.9300000071525574,
  "spacing_x": 2.0,
  "spacing_y": 2.0,
  "spacing_z": 1.9999991655349731,
  "summary_bg_k": 73.0466197422353,
  "summary_bg_mad": 6.60856998706169,
  "summary_bg_mean": 41.02964401245117,
  "summary_bg_median": 19.829652786254883,
  "summary_bg_n": 478793.0,
  "summary_bg_p05": 14.574132919311523,
  "summary_bg_p95": 142.69085083007758,
  "summary_bg_stdv": 62.93032455444336,
  "summary_fg_k": 1.4168514242010124,
  "summary_fg_mad": 232.16524575467292,
  "summary_fg_mean": 635.8877563476562,
  "summary_fg_median": 603.4637451171875,
  "summary_fg_n": 193297.0,
  "summary_fg_p05": 323.7489013671875,
  "summary_fg_p95": 1064.0094726562495,
  "summary_fg_stdv": 237.187744140625,
  "tsnr": 40.06175669841468
}