{
  "aor": 0.0016062996941896026,
  "aqi": 0.0069984253211009175,
  "bids_meta": {
    "AcquisitionMatrixPE": 104,
    "AcquisitionNumber": 1,
    "AcquisitionTime": "11:22:54.930000",
    "BandwidthPerPixelPhaseEncode": 17.17,
    "BaseResolution": 104,
    "BodyPartExamined": "BRAIN",
    "ConsistencyInfo": "N4_VE11C_LATEST_20160120",
    "ConversionSoftware": "dcm2niix",
    "ConversionSoftwareVersion": "v1.0.20171215 GCC6.3.0",
    "DerivedVendorReportedEchoSpacing": 0.000560011,
    "DeviceSerialNumber": "167001",
    "DwellTime": 2.1e-06,
    "EchoTime": 0.03,
    "EchoTrainLength": 91,
    "EffectiveEchoSpacing": 0.000560011,
    "FlipAngle": 52,
    "ImageOrientationPatientDICOM": [
      0.999892,
      0.0142687,
      0.00356577,
      -0.0122166,
      0.940765,
      -0.338839
    ],
    "ImageType": [
      "ORIGINAL",
      "PRIMARY",
      "M",
      "ND",
      "MOSAIC"
    ],
    "InPlanePhaseEncodingDirectionDICOM": "COL",
    "InstitutionAddress": "Cooper_60_St._Lucia_QLD_AU_4072",
    "InstitutionName": "St_Lucia_Campus",
    "InstitutionalDepartmentName": "Gehrmann_Labs_MRI",
    "MRAcquisitionType": "2D",
    "MagneticFieldStrength": 3,
    "Manufacturer": "Siemens",
    "ManufacturersModelName": "Prisma_fit",
    "Modality": "MR",
    "MultibandAccelerationFactor": 6,
    "PartialFourier": 0.875,
    "PatientPosition": "HFS",
    "PercentPhaseFOV": 100,
    "PhaseEncodingDirection": "j",
    "PhaseEncodingSteps": 91,
    "PhaseResolution": 1,
    "PixelBandwidth": 2290,
    "ProcedureStepDescription": "Research_16092_QTAB",
    "ProtocolName": "ep2d_REST_SMS6_P-A",
    "PulseSequenceDetails": "%SiemensSeq%_ep2d_bold",
    "ReceiveCoilActiveElements": "HC1-7;NC1,2",
    "ReceiveCoilName": "HeadNeck_64",
    "ReconMatrixPE": 104,
    "RepetitionTime": 0.93,
    "SAR": 0.0635651,
    "ScanOptions": "PFP_FS",
    "ScanningSequence": "EP",
    "SequenceName": "_epfid2d1_104",
    "SequenceVariant": "SK",
    "SeriesDescription": "ep2d_REST_SMS6_P-A",
    "SeriesNumber": 10,
    "ShimSetting": [
      3050,
      -4115,
      -779,
      432,
      -38,
      86,
      -22,
      25
    ],
    "SliceThickness": 2,
    "SliceTiming": [
      0.6825,
      0,
      0.455,
      0.075,
      0.53,
      0.1525,
      0.6075,
      0.3025,
      0.7575,
      0.38,
      0.835,
      0.2275,
      0.6825,
      0,
      0.455,
      0.075,
      0.53,
      0.1525,
      0.6075,
      0.3025,
      0.7575,
      0.38,
      0.835,
      0.2275,
      0.6825,
      0,
      0.455,
      0.075,
      0.53,
      0.1525,
      0.6075,
      0.3025,
      0.7575,
      0.38,
      0.835,
      0.2275,
      0.6825,
      0,
      0.455,
      0.075,
      0.53,
      0.1525,
      0.6075,
      0.3025,
      0.7575,
      0.38,
      0.835,
      0.2275,
      0.6825,
      0,
      0.455,
      0.075,
      0.53,
      0.1525,
      0.6075,
      0.3025,
      0.7575,
      0.38,
      0.835,
      0.2275,
      0.6825,
      0,
      0.455,
      0.075,
      0.53,
      0.1525,
      0.6075,
      0.3025,
      0.7575,
      0.38,
      0.835,
      0.2275
    ],
    "SoftwareVersions": "syngo_MR_E11",
    "SpacingBetweenSlices": 2,
    "StationName": "mrc_Trio",
    "TaskName": "rest",
    "TotalReadoutTime": 0.0576811,
    "TxRefAmp": 216.753,
    "dataset": "ds004146",
    "modality": "bold",
    "session_id": "01",
    "subject_id": "0282",
    "task_id": "rest"
  },
  "dummy_trs": 0,
  "dvars_nstd": 38.69720678395707,
  "dvars_std": 1.0605733125153365,
  "dvars_vstd": 1.0072586473312883,
  "efc": 0.5536180217913811,
  "fber": 745.3290405273438,
  "fd_mean": 0.20586678577450096,
  "fd_num": 142,
  "fd_perc": 43.42507645259939,
  "fwhm_avg": 3.1589483333333335,
  "fwhm_x": 2.920915,
  "fwhm_y": 3.23578,
  "fwhm_z": 3.32015,
  "gcor": 0.0126726,
  "gsr_x": -0.017918648198246956,
  "gsr_y": 0.0757330060005188,
  "provenance": {
    "md5sum": "995d401d92d31ce275ff97a9b098127e",
    "settings": {
      "fd_thres": 0.2,
      "testing": false
    },
    "software": "mriqc",
    "version": "23.0.1",
    "webapi_port": null,
    "webapi_url": "https://mriqc.nimh.nih.gov/api/v1"
  },
  "size_t": 327,
  "size_x": 104,
  "size_y": 104,
  "size_z": 72,
  "snr": 2.490035757775966,
  "spacing_tr": 0.9300000071525574,
  "spacing_x": 2.0,
  "spacing_y": 2.0,
  "spacing_z": 2.0,
  "summary_bg_k": 58.956332134046455,
  "summary_bg_mad": 7.95255293629156,
  "summary_bg_mean": 46.31708526611328,
  "summary_bg_median": 20.507646560668945,
  "summary_bg_n": 485601.0,
  "summary_bg_p05": 14.376147270202637,
  "summary_bg_p95": 183.7981719970703,
  "summary_bg_stdv": 74.51740264892578,
  "summary_fg_k": 0.47682952142389823,
  "summary_fg_mad": 230.8258000736231,
  "summary_fg_mean": 604.8941650390625,
  "summary_fg_median": 571.714111328125,
  "summary_fg_n": 185118.0,
  "summary_fg_p05": 299.16162109375,
  "summary_fg_p95": 1019.3333740234375,
  "summary_fg_stdv": 229.6001434326172,
  "tsnr": 34.24409942817874
}