{
  "aor": 0.0004986544342507645,
  "aqi": 0.006934997308868502,
  "bids_meta": {
    "AcquisitionMatrixPE": 104,
    "AcquisitionNumber": 1,
    "AcquisitionTime": "13:00:12.535000",
    "BandwidthPerPixelPhaseEncode": 17.17,
    "BaseResolution": 104,
    "BodyPartExamined": "BRAIN",
    "ConsistencyInfo": "N4_VE11C_LATEST_20160120",
    "ConversionSoftware": "dcm2niix",
    "ConversionSoftwareVersion": "v1.0.20171215 GCC6.3.0",
    "DerivedVendorReportedEchoSpacing": 0.000560011,
    "DeviceSerialNumber": "167001",
    "DwellTime": 2.1e-06,
    "EchoTime": 0.03,
    "EchoTrainLength": 91,
    "EffectiveEchoSpacing": 0.000560011,
    "FlipAngle": 52,
    "ImageOrientationPatientDICOM": [
      0.996509,
      -0.0111165,
      -0.0827449,
      -0.013219,
      0.957585,
      -0.287847
    ],
    "ImageType": [
      "ORIGINAL",
      "PRIMARY",
      "M",
      "ND",
      "MOSAIC"
    ],
    "InPlanePhaseEncodingDirectionDICOM": "COL",
    "InstitutionAddress": "Cooper_60_St._Lucia_QLD_AU_4072",
    "InstitutionName": "St_Lucia_Campus",
    "InstitutionalDepartmentName": "Gehrmann_Labs_MRI",
    "MRAcquisitionType": "2D",
    "MagneticFieldStrength": 3,
    "Manufacturer": "Siemens",
    "ManufacturersModelName": "Prisma_fit",
    "Modality": "MR",
    "MultibandAccelerationFactor": 6,
    "PartialFourier": 0.875,
    "PatientPosition": "HFS",
    "PercentPhaseFOV": 100,
    "PhaseEncodingDirection": "j-",
    "PhaseEncodingSteps": 91,
    "PhaseResolution": 1,
    "PixelBandwidth": 2290,
    "ProcedureStepDescription": "Research_17024_Mood_Empathy_2",
    "ProtocolName": "ep2d_REST_SMS6_A-P",
    "PulseSequenceDetails": "%SiemensSeq%_ep2d_bold",
    "ReceiveCoilActiveElements": "HC1-7;NC1,2",
    "ReceiveCoilName": "HeadNeck_64",
    "ReconMatrixPE": 104,
    "RepetitionTime": 0.93,
    "SAR": 0.0545068,
    "ScanOptions": "PFP_FS",
    "ScanningSequence": "EP",
    "SequenceName": "_epfid2d1_104",
    "SequenceVariant": "SK",
    "SeriesDescription": "ep2d_REST_SMS6_A-P",
    "SeriesNumber": 9,
    "ShimSetting": [
      3020,
      -4117,
      -804,
      561,
      -52,
      -32,
      -44,
      3
    ],
    "SliceThickness": 2,
    "SliceTiming": [
      0.6825,
      0,
      0.455,
      0.075,
      0.53,
      0.1525,
      0.6075,
      0.3025,
      0.7575,
      0.38,
      0.835,
      0.2275,
      0.6825,
      0,
      0.455,
      0.075,
      0.53,
      0.1525,
      0.6075,
      0.3025,
      0.7575,
      0.38,
      0.835,
      0.2275,
      0.6825,
      0,
      0.455,
      0.075,
      0.53,
      0.1525,
      0.6075,
      0.3025,
      0.7575,
      0.38,
      0.835,
      0.2275,
      0.6825,
      0,
      0.455,
      0.075,
      0.53,
      0.1525,
      0.6075,
      0.3025,
      0.7575,
      0.38,
      0.835,
      0.2275,
      0.6825,
      0,
      0.455,
      0.075,
      0.53,
      0.1525,
      0.6075,
      0.3025,
      0.7575,
      0.38,
      0.835,
      0.2275,
      0.6825,
      0,
      0.455,
      0.075,
      0.53,
      0.1525,
      0.6075,
      0.3025,
      0.7575,
      0.38,
      0.835,
      0.2275
    ],
    "SoftwareVersions": "syngo_MR_E11",
    "SpacingBetweenSlices": 2,
    "StationName": "mrc_Trio",
    "TaskName": "rest",
    "TotalReadoutTime": 0.0576811,
    "TxRefAmp": 213.164,
    "dataset": "ds004146",
    "modality": "bold",
    "session_id": "01",
    "subject_id": "0354",
    "task_id": "rest"
  },
  "dummy_trs": 0,
  "dvars_nstd": 43.1516610653681,
  "dvars_std": 1.1412221376380371,
  "dvars_vstd": 1.003999386288344,
  "efc": 0.5498261720101499,
  "fber": 807.2564086914062,
  "fd_mean": 0.17840390972478615,
  "fd_num": 132,
  "fd_perc": 40.36697247706422,
  "fwhm_avg": 3.0658450632251335,
  "fwhm_x": 2.79778,
  "fwhm_y": 3.21753,
  "fwhm_z": 3.182225189675402,
  "gcor": 0.00732077,
  "gsr_x": -0.016528135165572166,
  "gsr_y": 0.06903623789548874,
  "provenance": {
    "md5sum": "7b9dd1378f27bffaa84a6ecd8774c756",
    "settings": {
      "fd_thres": 0.2,
      "testing": false
    },
    "software": "mriqc",
    "version": "23.0.1",
    "webapi_port": null,
    "webapi_url": "https://mriqc.nimh.nih.gov/api/v1"
  },
  "size_t": 327,
  "size_x": 104,
  "size_y": 104,
  "size_z": 72,
  "snr": 2.857752030189172,
  "spacing_tr": 0.9300000071525574,
  "spacing_x": 2.0,
  "spacing_y": 2.0,
  "spacing_z": 1.9999998807907104,
  "summary_bg_k": 38.978630596814774,
  "summary_bg_mad": 6.565161239664897,
  "summary_bg_mean": 40.49083709716797,
  "summary_bg_median": 18.81345558166504,
  "summary_bg_n": 495118.0,
  "summary_bg_p05": 13.98165225982666,
  "summary_bg_p95": 145.16437225341744,
  "summary_bg_stdv": 63.93964385986328,
  "summary_fg_k": 0.31245430869450486,
  "summary_fg_mad": 187.03910629677154,
  "summary_fg_mean": 572.0773315429688,
  "summary_fg_median": 544.9266357421875,
  "summary_fg_n": 179636.0,
  "summary_fg_p05": 315.1827392578125,
  "summary_fg_p95": 923.06884765625,
  "summary_fg_stdv": 190.68313598632812,
  "tsnr": 38.03523047827184
}