{
  "aor": 0.0037913455657492354,
  "aqi": 0.007160483211009174,
  "bids_meta": {
    "AcquisitionMatrixPE": 104,
    "AcquisitionNumber": 1,
    "AcquisitionTime": "09:47:48.465000",
    "BandwidthPerPixelPhaseEncode": 17.17,
    "BaseResolution": 104,
    "BodyPartExamined": "BRAIN",
    "ConsistencyInfo": "N4_VE11C_LATEST_20160120",
    "ConversionSoftware": "dcm2niix",
    "ConversionSoftwareVersion": "v1.0.20171215 GCC6.3.0",
    "DerivedVendorReportedEchoSpacing": 0.000560011,
    "DeviceSerialNumber": "167001",
    "DwellTime": 2.1e-06,
    "EchoTime": 0.03,
    "EchoTrainLength": 91,
    "EffectiveEchoSpacing": 0.000560011,
    "FlipAngle": 52,
    "ImageOrientationPatientDICOM": [
      0.995129,
      0.0365414,
      -0.091559,
      -0.0598188,
      0.962062,
      -0.266193
    ],
    "ImageType": [
      "ORIGINAL",
      "PRIMARY",
      "M",
      "ND",
      "MOSAIC"
    ],
    "InPlanePhaseEncodingDirectionDICOM": "COL",
    "InstitutionAddress": "Cooper_60_St._Lucia_QLD_AU_4072",
    "InstitutionName": "St_Lucia_Campus",
    "InstitutionalDepartmentName": "Gehrmann_Labs_MRI",
    "MRAcquisitionType": "2D",
    "MagneticFieldStrength": 3,
    "Manufacturer": "Siemens",
    "ManufacturersModelName": "Prisma_fit",
    "Modality": "MR",
    "MultibandAccelerationFactor": 6,
    "PartialFourier": 0.875,
    "PatientPosition": "HFS",
    "PercentPhaseFOV": 100,
    "PhaseEncodingDirection": "j",
    "PhaseEncodingSteps": 91,
    "PhaseResolution": 1,
    "PixelBandwidth": 2290,
    "ProcedureStepDescription": "Research_16092_QTAB",
    "ProtocolName": "ep2d_REST_SMS6_P-A",
    "PulseSequenceDetails": "%SiemensSeq%_ep2d_bold",
    "ReceiveCoilActiveElements": "HC1-7;NC1,2",
    "ReceiveCoilName": "HeadNeck_64",
    "ReconMatrixPE": 104,
    "RepetitionTime": 0.93,
    "SAR": 0.0775528,
    "ScanOptions": "PFP_FS",
    "ScanningSequence": "EP",
    "SequenceName": "_epfid2d1_104",
    "SequenceVariant": "SK",
    "SeriesDescription": "ep2d_REST_SMS6_P-A",
    "SeriesNumber": 10,
    "ShimSetting": [
      3016,
      -4114,
      -754,
      626,
      81,
      126,
      32,
      -26
    ],
    "SliceThickness": 2,
    "SliceTiming": [
      0.6825,
      0,
      0.455,
      0.0775,
      0.53,
      0.1525,
      0.6075,
      0.305,
      0.7575,
      0.38,
      0.835,
      0.2275,
      0.6825,
      0,
      0.455,
      0.0775,
      0.53,
      0.1525,
      0.6075,
      0.305,
      0.7575,
      0.38,
      0.835,
      0.2275,
      0.6825,
      0,
      0.455,
      0.0775,
      0.53,
      0.1525,
      0.6075,
      0.305,
      0.7575,
      0.38,
      0.835,
      0.2275,
      0.6825,
      0,
      0.455,
      0.0775,
      0.53,
      0.1525,
      0.6075,
      0.305,
      0.7575,
      0.38,
      0.835,
      0.2275,
      0.6825,
      0,
      0.455,
      0.0775,
      0.53,
      0.1525,
      0.6075,
      0.305,
      0.7575,
      0.38,
      0.835,
      0.2275,
      0.6825,
      0,
      0.455,
      0.0775,
      0.53,
      0.1525,
      0.6075,
      0.305,
      0.7575,
      0.38,
      0.835,
      0.2275
    ],
    "SoftwareVersions": "syngo_MR_E11",
    "SpacingBetweenSlices": 2,
    "StationName": "mrc_Trio",
    "TaskName": "rest",
    "TotalReadoutTime": 0.0576811,
    "TxRefAmp": 215.53,
    "dataset": "ds004146",
    "modality": "bold",
    "session_id": "01",
    "subject_id": "0206",
    "task_id": "rest"
  },
  "dummy_trs": 0,
  "dvars_nstd": 41.83768012659513,
  "dvars_std": 1.111022765920246,
  "dvars_vstd": 1.0237585237423317,
  "efc": 0.5403526658121728,
  "fber": 863.1195068359375,
  "fd_mean": 0.24473041684857744,
  "fd_num": 132,
  "fd_perc": 40.36697247706422,
  "fwhm_avg": 3.464048333333333,
  "fwhm_x": 3.34127,
  "fwhm_y": 3.408895,
  "fwhm_z": 3.64198,
  "gcor": 0.0187318,
  "gsr_x": -0.027719436213374138,
  "gsr_y": 0.05280055105686188,
  "provenance": {
    "md5sum": "0554133d276bd5aeed3d83529226ba68",
    "settings": {
      "fd_thres": 0.2,
      "testing": false
    },
    "software": "mriqc",
    "version": "23.0.1",
    "webapi_port": null,
    "webapi_url": "https://mriqc.nimh.nih.gov/api/v1"
  },
  "size_t": 327,
  "size_x": 104,
  "size_y": 104,
  "size_z": 72,
  "snr": 2.205239163298717,
  "spacing_tr": 0.9300000071525574,
  "spacing_x": 2.0,
  "spacing_y": 2.0,
  "spacing_z": 2.0,
  "summary_bg_k": 37.142286958940325,
  "summary_bg_mad": 7.898143893961472,
  "summary_bg_mean": 43.617549896240234,
  "summary_bg_median": 20.354740142822266,
  "summary_bg_n": 483369.0,
  "summary_bg_p05": 14.55351734161377,
  "summary_bg_p95": 161.5908294677733,
  "summary_bg_stdv": 66.70077514648438,
  "summary_fg_k": 1.948999271116941,
  "summary_fg_mad": 243.7407458272448,
  "summary_fg_mean": 653.1900024414062,
  "summary_fg_median": 599.0703735351562,
  "summary_fg_n": 192625.0,
  "summary_fg_p05": 324.7645263671875,
  "summary_fg_p95": 1178.6397705078123,
  "summary_fg_stdv": 271.6570739746094,
  "tsnr": 33.271976709365845
}