{
  "aor": 0.003928078947368421,
  "aqi": 0.03741993710526316,
  "bids_meta": {
    "AcquisitionMatrixPE": 90,
    "AcquisitionNumber": 1,
    "AcquisitionTime": "14:15:58.517500",
    "BandwidthPerPixelPhaseEncode": 21.368,
    "BaseResolution": 90,
    "BodyPartExamined": "BRAIN",
    "CoilString": "HC1-7;NC1_2",
    "ConsistencyInfo": "N4_VE11C_LATEST_20160120",
    "ConversionSoftware": "dcm2niix",
    "ConversionSoftwareVersion": "v1.0.20190410  GCC6.3.0",
    "DerivedVendorReportedEchoSpacing": 0.000519988,
    "DeviceSerialNumber": "167001",
    "DwellTime": 2.2e-06,
    "EchoTime": 0.03,
    "EchoTrainLength": 90,
    "EffectiveEchoSpacing": 0.000519988,
    "FlipAngle": 52,
    "ImageOrientationPatientDICOM": [
      0.993816,
      0.0979631,
      0.0522779,
      -0.0852002,
      0.974675,
      -0.206759
    ],
    "ImageType": [
      "ORIGINAL",
      "PRIMARY",
      "M",
      "ND",
      "NORM",
      "MOSAIC"
    ],
    "ImagingFrequency": 123.229,
    "InPlanePhaseEncodingDirectionDICOM": "COL",
    "InstitutionAddress": "Cooper_60_St._Lucia_QLD_AU_4072",
    "InstitutionName": "St_Lucia_Campus",
    "InstitutionalDepartmentName": "Gehrmann_Labs_MRI",
    "MRAcquisitionType": "2D",
    "MagneticFieldStrength": 3,
    "Manufacturer": "Siemens",
    "ManufacturersModelName": "Prisma_fit",
    "Modality": "MR",
    "MultibandAccelerationFactor": 6,
    "PartialFourier": 1,
    "PatientPosition": "HFS",
    "PercentPhaseFOV": 100,
    "PhaseEncodingDirection": "j-",
    "PhaseEncodingSteps": 90,
    "PhaseResolution": 1,
    "PixelBandwidth": 2525,
    "ProcedureStepDescription": "Research_16092_QTAB",
    "ProtocolName": "PARTLY_CLOUDY_mb6_2.4",
    "PulseSequenceDetails": "%SiemensSeq%_ep2d_bold",
    "ReceiveCoilActiveElements": "HC1-7;NC1,2",
    "ReceiveCoilName": "HeadNeck_64",
    "ReconMatrixPE": 90,
    "RefLinesPE": 12,
    "RepetitionTime": 0.8,
    "SAR": 0.0624244,
    "ScanOptions": "FS",
    "ScanningSequence": "EP",
    "SequenceName": "_epfid2d1_90",
    "SequenceVariant": "SK",
    "SeriesDescription": "PARTLY_CLOUDY_mb6_2.4",
    "SeriesNumber": 19,
    "ShimSetting": [
      3080,
      -4186,
      -792,
      540,
      27,
      4,
      -77,
      31
    ],
    "SliceThickness": 2.4,
    "SliceTiming": [
      0.545,
      0,
      0.39,
      0.0775,
      0.4675,
      0.235,
      0.625,
      0.3125,
      0.7025,
      0.155,
      0.545,
      0,
      0.39,
      0.0775,
      0.4675,
      0.235,
      0.625,
      0.3125,
      0.7025,
      0.155,
      0.545,
      0,
      0.39,
      0.0775,
      0.4675,
      0.235,
      0.625,
      0.3125,
      0.7025,
      0.155,
      0.545,
      0,
      0.39,
      0.0775,
      0.4675,
      0.235,
      0.625,
      0.3125,
      0.7025,
      0.155,
      0.545,
      0,
      0.39,
      0.0775,
      0.4675,
      0.235,
      0.625,
      0.3125,
      0.7025,
      0.155,
      0.545,
      0,
      0.39,
      0.0775,
      0.4675,
      0.235,
      0.625,
      0.3125,
      0.7025,
      0.155
    ],
    "SoftwareVersions": "syngo_MR_E11",
    "SpacingBetweenSlices": 2.4,
    "StationName": "mrc_Trio",
    "TaskName": "partlycloudy",
    "TotalReadoutTime": 0.046279,
    "TxRefAmp": 213.911,
    "dataset": "ds004146",
    "modality": "bold",
    "session_id": "02",
    "subject_id": "0183",
    "task_id": "partlycloudy"
  },
  "dummy_trs": 0,
  "dvars_nstd": 45.142646709261236,
  "dvars_std": 1.0689963449076514,
  "dvars_vstd": 0.9666444796833766,
  "efc": 0.44570322451168787,
  "fber": 8220.625,
  "fd_mean": 0.5110014583326135,
  "fd_num": 281,
  "fd_perc": 73.94736842105263,
  "fwhm_avg": 1.8382679825093489,
  "fwhm_x": 1.7434582640545264,
  "fwhm_y": 1.9197790903814995,
  "fwhm_z": 1.8515665930920207,
  "gcor": 0.0234739,
  "gsr_x": -0.010329349897801876,
  "gsr_y": 0.0290975458920002,
  "provenance": {
    "md5sum": "06b6ab7fc06215df28cadd18882565be",
    "settings": {
      "fd_thres": 0.2,
      "testing": false
    },
    "software": "mriqc",
    "version": "23.0.1",
    "webapi_port": null,
    "webapi_url": "https://mriqc.nimh.nih.gov/api/v1"
  },
  "size_t": 380,
  "size_x": 90,
  "size_y": 90,
  "size_z": 60,
  "snr": 7.035603653171504,
  "spacing_tr": 0.800000011920929,
  "spacing_x": 2.4000000953674316,
  "spacing_y": 2.4000000953674316,
  "spacing_z": 2.4000000953674316,
  "summary_bg_k": 39.97605336507354,
  "summary_bg_mad": 5.181304342181323,
  "summary_bg_mean": 20.32654571533203,
  "summary_bg_median": 7.252631664276123,
  "summary_bg_n": 344972.0,
  "summary_bg_p05": 2.931579113006592,
  "summary_bg_p95": 77.72223854064944,
  "summary_bg_stdv": 44.30934143066406,
  "summary_fg_k": 1.3811370554029523,
  "summary_fg_mad": 90.50506512780196,
  "summary_fg_mean": 651.8787841796875,
  "summary_fg_median": 649.97900390625,
  "summary_fg_n": 73739.0,
  "summary_fg_p05": 512.7215881347656,
  "summary_fg_p95": 799.8500427246091,
  "summary_fg_stdv": 92.38362884521484,
  "tsnr": 28.868667280767113
}