{
  "aor": 0.0010753374233128837,
  "aqi": 0.006603608190184049,
  "bids_meta": {
    "AcquisitionMatrixPE": 104,
    "AcquisitionNumber": 1,
    "AcquisitionTime": "09:56:39.127500",
    "BandwidthPerPixelPhaseEncode": 17.17,
    "BaseResolution": 104,
    "BodyPartExamined": "BRAIN",
    "ConsistencyInfo": "N4_VE11C_LATEST_20160120",
    "ConversionSoftware": "dcm2niix",
    "ConversionSoftwareVersion": "v1.0.20171215 GCC6.3.0",
    "DerivedVendorReportedEchoSpacing": 0.000560011,
    "DeviceSerialNumber": "167001",
    "DwellTime": 2.1e-06,
    "EchoTime": 0.03,
    "EchoTrainLength": 91,
    "EffectiveEchoSpacing": 0.000560011,
    "FlipAngle": 52,
    "ImageOrientationPatientDICOM": [
      0.997,
      -0.0753062,
      -0.0179029,
      0.0716408,
      0.985316,
      -0.154982
    ],
    "ImageType": [
      "ORIGINAL",
      "PRIMARY",
      "M",
      "ND",
      "MOSAIC"
    ],
    "InPlanePhaseEncodingDirectionDICOM": "COL",
    "InstitutionAddress": "Cooper_60_St._Lucia_QLD_AU_4072",
    "InstitutionName": "St_Lucia_Campus",
    "InstitutionalDepartmentName": "Gehrmann_Labs_MRI",
    "MRAcquisitionType": "2D",
    "MagneticFieldStrength": 3,
    "Manufacturer": "Siemens",
    "ManufacturersModelName": "Prisma_fit",
    "Modality": "MR",
    "MultibandAccelerationFactor": 6,
    "PartialFourier": 0.875,
    "PatientPosition": "HFS",
    "PercentPhaseFOV": 100,
    "PhaseEncodingDirection": "j-",
    "PhaseEncodingSteps": 91,
    "PhaseResolution": 1,
    "PixelBandwidth": 2290,
    "ProcedureStepDescription": "Research_16092_QTAB",
    "ProtocolName": "ep2d_REST_SMS6_A-P",
    "PulseSequenceDetails": "%SiemensSeq%_ep2d_bold",
    "ReceiveCoilActiveElements": "HC1-7;NC1,2",
    "ReceiveCoilName": "HeadNeck_64",
    "ReconMatrixPE": 104,
    "RepetitionTime": 0.93,
    "SAR": 0.0606046,
    "ScanOptions": "PFP_FS",
    "ScanningSequence": "EP",
    "SequenceName": "_epfid2d1_104",
    "SequenceVariant": "SK",
    "SeriesDescription": "ep2d_REST_SMS6_A-P",
    "SeriesNumber": 9,
    "ShimSetting": [
      3057,
      -4096,
      -724,
      716,
      -11,
      66,
      -40,
      -40
    ],
    "SliceThickness": 2,
    "SliceTiming": [
      0.6825,
      0,
      0.455,
      0.075,
      0.53,
      0.15,
      0.605,
      0.3025,
      0.7575,
      0.3775,
      0.8325,
      0.2275,
      0.6825,
      0,
      0.455,
      0.075,
      0.53,
      0.15,
      0.605,
      0.3025,
      0.7575,
      0.3775,
      0.8325,
      0.2275,
      0.6825,
      0,
      0.455,
      0.075,
      0.53,
      0.15,
      0.605,
      0.3025,
      0.7575,
      0.3775,
      0.8325,
      0.2275,
      0.6825,
      0,
      0.455,
      0.075,
      0.53,
      0.15,
      0.605,
      0.3025,
      0.7575,
      0.3775,
      0.8325,
      0.2275,
      0.6825,
      0,
      0.455,
      0.075,
      0.53,
      0.15,
      0.605,
      0.3025,
      0.7575,
      0.3775,
      0.8325,
      0.2275,
      0.6825,
      0,
      0.455,
      0.075,
      0.53,
      0.15,
      0.605,
      0.3025,
      0.7575,
      0.3775,
      0.8325,
      0.2275
    ],
    "SoftwareVersions": "syngo_MR_E11",
    "SpacingBetweenSlices": 2,
    "StationName": "mrc_Trio",
    "TaskName": "rest",
    "TotalReadoutTime": 0.0576811,
    "TxRefAmp": 210.379,
    "dataset": "ds004146",
    "modality": "bold",
    "session_id": "01",
    "subject_id": "0302",
    "task_id": "rest"
  },
  "dummy_trs": 1,
  "dvars_nstd": 46.83282804036923,
  "dvars_std": 1.3130800102153848,
  "dvars_vstd": 1.0096322373230773,
  "efc": 0.5099656584521305,
  "fber": 1033.408203125,
  "fd_mean": 0.18365302579052822,
  "fd_num": 115,
  "fd_perc": 35.2760736196319,
  "fwhm_avg": 3.445413333333333,
  "fwhm_x": 3.298265,
  "fwhm_y": 3.61483,
  "fwhm_z": 3.423145,
  "gcor": 0.0080814,
  "gsr_x": -0.023170724511146545,
  "gsr_y": 0.06482363492250443,
  "provenance": {
    "md5sum": "56d3329b4f11f7a4fe44b500a0ec8b13",
    "settings": {
      "fd_thres": 0.2,
      "testing": false
    },
    "software": "mriqc",
    "version": "23.0.1",
    "webapi_port": null,
    "webapi_url": "https://mriqc.nimh.nih.gov/api/v1"
  },
  "size_t": 326,
  "size_x": 104,
  "size_y": 104,
  "size_z": 72,
  "snr": 2.4010291664694337,
  "spacing_tr": 0.9300000071525574,
  "spacing_x": 2.0,
  "spacing_y": 2.0,
  "spacing_z": 2.0,
  "summary_bg_k": 31.61895766288351,
  "summary_bg_mad": 5.7166595698397975,
  "summary_bg_mean": 38.91598129272461,
  "summary_bg_median": 18.96319007873535,
  "summary_bg_n": 515899.0,
  "summary_bg_p05": 14.766870498657227,
  "summary_bg_p95": 143.46348724365228,
  "summary_bg_stdv": 56.677364349365234,
  "summary_fg_k": 1.700030177356866,
  "summary_fg_mad": 231.8089380010495,
  "summary_fg_mean": 669.8780517578125,
  "summary_fg_median": 624.2545776367188,
  "summary_fg_n": 160711.0,
  "summary_fg_p05": 344.36195373535156,
  "summary_fg_p95": 1163.79443359375,
  "summary_fg_stdv": 259.9937744140625,
  "tsnr": 38.042573202517815
}