{
  "aor": 0.005111865443425076,
  "aqi": 0.011438755626911315,
  "bids_meta": {
    "AcquisitionMatrixPE": 104,
    "AcquisitionNumber": 1,
    "AcquisitionTime": "11:01:43.025000",
    "BandwidthPerPixelPhaseEncode": 17.17,
    "BaseResolution": 104,
    "BodyPartExamined": "BRAIN",
    "ConsistencyInfo": "N4_VE11C_LATEST_20160120",
    "ConversionSoftware": "dcm2niix",
    "ConversionSoftwareVersion": "v1.0.20171215 GCC6.3.0",
    "DerivedVendorReportedEchoSpacing": 0.000560011,
    "DeviceSerialNumber": "167001",
    "DwellTime": 2.1e-06,
    "EchoTime": 0.03,
    "EchoTrainLength": 91,
    "EffectiveEchoSpacing": 0.000560011,
    "FlipAngle": 52,
    "ImageOrientationPatientDICOM": [
      0.993412,
      -0.0956337,
      0.0631338,
      0.106165,
      0.975455,
      -0.192915
    ],
    "ImageType": [
      "ORIGINAL",
      "PRIMARY",
      "M",
      "ND",
      "MOSAIC"
    ],
    "InPlanePhaseEncodingDirectionDICOM": "COL",
    "InstitutionAddress": "Cooper_60_St._Lucia_QLD_AU_4072",
    "InstitutionName": "St_Lucia_Campus",
    "InstitutionalDepartmentName": "Gehrmann_Labs_MRI",
    "MRAcquisitionType": "2D",
    "MagneticFieldStrength": 3,
    "Manufacturer": "Siemens",
    "ManufacturersModelName": "Prisma_fit",
    "Modality": "MR",
    "MultibandAccelerationFactor": 6,
    "PartialFourier": 0.875,
    "PatientPosition": "HFS",
    "PercentPhaseFOV": 100,
    "PhaseEncodingDirection": "j",
    "PhaseEncodingSteps": 91,
    "PhaseResolution": 1,
    "PixelBandwidth": 2290,
    "ProcedureStepDescription": "Research_16092_QTAB",
    "ProtocolName": "ep2d_REST_SMS6_P-A",
    "PulseSequenceDetails": "%SiemensSeq%_ep2d_bold",
    "ReceiveCoilActiveElements": "HC1-7;NC1,2",
    "ReceiveCoilName": "HeadNeck_64",
    "ReconMatrixPE": 104,
    "RepetitionTime": 0.93,
    "SAR": 0.0694862,
    "ScanOptions": "PFP_FS",
    "ScanningSequence": "EP",
    "SequenceName": "_epfid2d1_104",
    "SequenceVariant": "SK",
    "SeriesDescription": "ep2d_REST_SMS6_P-A",
    "SeriesNumber": 10,
    "ShimSetting": [
      3060,
      -4103,
      -775,
      527,
      -39,
      86,
      -86,
      -11
    ],
    "SliceThickness": 2,
    "SliceTiming": [
      0.6825,
      0,
      0.455,
      0.075,
      0.53,
      0.15,
      0.605,
      0.3025,
      0.7575,
      0.3775,
      0.8325,
      0.2275,
      0.6825,
      0,
      0.455,
      0.075,
      0.53,
      0.15,
      0.605,
      0.3025,
      0.7575,
      0.3775,
      0.8325,
      0.2275,
      0.6825,
      0,
      0.455,
      0.075,
      0.53,
      0.15,
      0.605,
      0.3025,
      0.7575,
      0.3775,
      0.8325,
      0.2275,
      0.6825,
      0,
      0.455,
      0.075,
      0.53,
      0.15,
      0.605,
      0.3025,
      0.7575,
      0.3775,
      0.8325,
      0.2275,
      0.6825,
      0,
      0.455,
      0.075,
      0.53,
      0.15,
      0.605,
      0.3025,
      0.7575,
      0.3775,
      0.8325,
      0.2275,
      0.6825,
      0,
      0.455,
      0.075,
      0.53,
      0.15,
      0.605,
      0.3025,
      0.7575,
      0.3775,
      0.8325,
      0.2275
    ],
    "SoftwareVersions": "syngo_MR_E11",
    "SpacingBetweenSlices": 2,
    "StationName": "mrc_Trio",
    "TaskName": "rest",
    "TotalReadoutTime": 0.0576811,
    "TxRefAmp": 211.299,
    "dataset": "ds004146",
    "modality": "bold",
    "session_id": "01",
    "subject_id": "0243",
    "task_id": "rest"
  },
  "dummy_trs": 0,
  "dvars_nstd": 49.18239214337421,
  "dvars_std": 1.1126243021165647,
  "dvars_vstd": 1.0232060827607365,
  "efc": 0.5224024803255974,
  "fber": 840.4540405273438,
  "fd_mean": 0.29328295309892227,
  "fd_num": 126,
  "fd_perc": 38.53211009174312,
  "fwhm_avg": 3.388431666666667,
  "fwhm_x": 3.19669,
  "fwhm_y": 3.42895,
  "fwhm_z": 3.539655,
  "gcor": 0.0435985,
  "gsr_x": -0.014032506383955479,
  "gsr_y": 0.07302874326705933,
  "provenance": {
    "md5sum": "93cc031d0f2743c57a376a870360529a",
    "settings": {
      "fd_thres": 0.2,
      "testing": false
    },
    "software": "mriqc",
    "version": "23.0.1",
    "webapi_port": null,
    "webapi_url": "https://mriqc.nimh.nih.gov/api/v1"
  },
  "size_t": 327,
  "size_x": 104,
  "size_y": 104,
  "size_z": 72,
  "snr": 2.2007184798420205,
  "spacing_tr": 0.9300000071525574,
  "spacing_x": 2.0,
  "spacing_y": 2.0,
  "spacing_z": 2.0,
  "summary_bg_k": 26.8640963556931,
  "summary_bg_mad": 7.3177977428097565,
  "summary_bg_mean": 48.7042350769043,
  "summary_bg_median": 19.681957244873047,
  "summary_bg_n": 515712.0,
  "summary_bg_p05": 14.085627555847168,
  "summary_bg_p95": 201.98135375976534,
  "summary_bg_stdv": 84.16793823242188,
  "summary_fg_k": 1.5561596862385425,
  "summary_fg_mad": 226.525267289604,
  "summary_fg_mean": 624.6740112304688,
  "summary_fg_median": 571.4434204101562,
  "summary_fg_n": 162113.0,
  "summary_fg_p05": 305.0097961425781,
  "summary_fg_p95": 1135.1395263671875,
  "summary_fg_stdv": 259.6614074707031,
  "tsnr": 29.529422604711726
}