{
  "aor": 0.001384678899082569,
  "aqi": 0.00528173868501529,
  "bids_meta": {
    "AcquisitionMatrixPE": 104,
    "AcquisitionNumber": 1,
    "AcquisitionTime": "11:07:25.967500",
    "BandwidthPerPixelPhaseEncode": 17.17,
    "BaseResolution": 104,
    "BodyPartExamined": "BRAIN",
    "ConsistencyInfo": "N4_VE11C_LATEST_20160120",
    "ConversionSoftware": "dcm2niix",
    "ConversionSoftwareVersion": "v1.0.20171215 GCC6.3.0",
    "DerivedVendorReportedEchoSpacing": 0.000560011,
    "DeviceSerialNumber": "167001",
    "DwellTime": 2.1e-06,
    "EchoTime": 0.03,
    "EchoTrainLength": 91,
    "EffectiveEchoSpacing": 0.000560011,
    "FlipAngle": 52,
    "ImageOrientationPatientDICOM": [
      0.993328,
      0.113039,
      -0.0228575,
      -0.114581,
      0.944816,
      -0.30691
    ],
    "ImageType": [
      "ORIGINAL",
      "PRIMARY",
      "M",
      "ND",
      "MOSAIC"
    ],
    "InPlanePhaseEncodingDirectionDICOM": "COL",
    "InstitutionAddress": "Cooper_60_St._Lucia_QLD_AU_4072",
    "InstitutionName": "St_Lucia_Campus",
    "InstitutionalDepartmentName": "Gehrmann_Labs_MRI",
    "MRAcquisitionType": "2D",
    "MagneticFieldStrength": 3,
    "Manufacturer": "Siemens",
    "ManufacturersModelName": "Prisma_fit",
    "Modality": "MR",
    "MultibandAccelerationFactor": 6,
    "PartialFourier": 0.875,
    "PatientPosition": "HFS",
    "PercentPhaseFOV": 100,
    "PhaseEncodingDirection": "j",
    "PhaseEncodingSteps": 91,
    "PhaseResolution": 1,
    "PixelBandwidth": 2290,
    "ProcedureStepDescription": "Research_16092_QTAB",
    "ProtocolName": "ep2d_REST_SMS6_P-A",
    "PulseSequenceDetails": "%SiemensSeq%_ep2d_bold",
    "ReceiveCoilActiveElements": "HC1-7;NC1,2",
    "ReceiveCoilName": "HeadNeck_64",
    "ReconMatrixPE": 104,
    "RepetitionTime": 0.93,
    "SAR": 0.0792472,
    "ScanOptions": "PFP_FS",
    "ScanningSequence": "EP",
    "SequenceName": "_epfid2d1_104",
    "SequenceVariant": "SK",
    "SeriesDescription": "ep2d_REST_SMS6_P-A",
    "SeriesNumber": 10,
    "ShimSetting": [
      3065,
      -4145,
      -724,
      583,
      26,
      64,
      -235,
      72
    ],
    "SliceThickness": 2,
    "SliceTiming": [
      0.6825,
      0,
      0.455,
      0.075,
      0.53,
      0.15,
      0.605,
      0.3025,
      0.7575,
      0.3775,
      0.8325,
      0.2275,
      0.6825,
      0,
      0.455,
      0.075,
      0.53,
      0.15,
      0.605,
      0.3025,
      0.7575,
      0.3775,
      0.8325,
      0.2275,
      0.6825,
      0,
      0.455,
      0.075,
      0.53,
      0.15,
      0.605,
      0.3025,
      0.7575,
      0.3775,
      0.8325,
      0.2275,
      0.6825,
      0,
      0.455,
      0.075,
      0.53,
      0.15,
      0.605,
      0.3025,
      0.7575,
      0.3775,
      0.8325,
      0.2275,
      0.6825,
      0,
      0.455,
      0.075,
      0.53,
      0.15,
      0.605,
      0.3025,
      0.7575,
      0.3775,
      0.8325,
      0.2275,
      0.6825,
      0,
      0.455,
      0.075,
      0.53,
      0.15,
      0.605,
      0.3025,
      0.7575,
      0.3775,
      0.8325,
      0.2275
    ],
    "SoftwareVersions": "syngo_MR_E11",
    "SpacingBetweenSlices": 2,
    "StationName": "mrc_Trio",
    "TaskName": "rest",
    "TotalReadoutTime": 0.0576811,
    "TxRefAmp": 203.817,
    "dataset": "ds004146",
    "modality": "bold",
    "session_id": "01",
    "subject_id": "0185",
    "task_id": "rest"
  },
  "dummy_trs": 0,
  "dvars_nstd": 41.07477549659513,
  "dvars_std": 1.1691894010429436,
  "dvars_vstd": 1.014604947423312,
  "efc": 0.4924972651605543,
  "fber": 1188.3599853515625,
  "fd_mean": 0.16648436604325284,
  "fd_num": 58,
  "fd_perc": 17.737003058103976,
  "fwhm_avg": 3.1543616666666665,
  "fwhm_x": 3.0044,
  "fwhm_y": 3.24113,
  "fwhm_z": 3.217555,
  "gcor": 0.0252256,
  "gsr_x": -0.016216149553656578,
  "gsr_y": 0.04348482936620712,
  "provenance": {
    "md5sum": "bedc5e2e34219a4236b44d11356eb6dc",
    "settings": {
      "fd_thres": 0.2,
      "testing": false
    },
    "software": "mriqc",
    "version": "23.0.1",
    "webapi_port": null,
    "webapi_url": "https://mriqc.nimh.nih.gov/api/v1"
  },
  "size_t": 327,
  "size_x": 104,
  "size_y": 104,
  "size_z": 72,
  "snr": 2.7461851279117377,
  "spacing_tr": 0.9300000071525574,
  "spacing_x": 2.0,
  "spacing_y": 2.0,
  "spacing_z": 2.0,
  "summary_bg_k": 60.97260770613674,
  "summary_bg_mad": 5.046287740192227,
  "summary_bg_mean": 33.276527404785156,
  "summary_bg_median": 18.082569122314453,
  "summary_bg_n": 532732.0,
  "summary_bg_p05": 14.113150596618652,
  "summary_bg_p95": 104.21407318115234,
  "summary_bg_stdv": 47.50686264038086,
  "summary_fg_k": 0.4407771845527968,
  "summary_fg_mad": 232.10432278448195,
  "summary_fg_mean": 654.44970703125,
  "summary_fg_median": 624.1437377929688,
  "summary_fg_n": 148662.0,
  "summary_fg_p05": 344.6270751953125,
  "summary_fg_p95": 1067.1892333984374,
  "summary_fg_stdv": 227.27587890625,
  "tsnr": 40.1930972118862
}