{
  "bids_meta": {
    "AcquisitionMatrixPE": 256,
    "AcquisitionNumber": 1,
    "AcquisitionTime": "13:10:48.977500",
    "BaseResolution": 256,
    "BodyPartExamined": "BRAIN",
    "CoilString": "HC1-7;NC1_2",
    "ConsistencyInfo": "N4_VE11C_LATEST_20160120",
    "ConversionSoftware": "dcm2niix",
    "ConversionSoftwareVersion": "v1.0.20181125  (JP2:OpenJPEG) GCC6.3.0",
    "DeviceSerialNumber": "167001",
    "DwellTime": 2.6e-06,
    "EchoTime": 0.408,
    "EchoTrainLength": 259,
    "FlipAngle": 120,
    "ImageOrientationPatientDICOM": [
      0.0818259,
      0.996645,
      0.00174453,
      0.0307731,
      -0.000776941,
      -0.999526
    ],
    "ImageType": [
      "ORIGINAL",
      "PRIMARY",
      "M",
      "ND",
      "NORM"
    ],
    "ImagingFrequency": 123.229,
    "InPlanePhaseEncodingDirectionDICOM": "ROW",
    "InstitutionAddress": "Cooper_60_St._Lucia_QLD_AU_4072",
    "InstitutionName": "St_Lucia_Campus",
    "InstitutionalDepartmentName": "Gehrmann_Labs_MRI",
    "MRAcquisitionType": "3D",
    "MagneticFieldStrength": 3,
    "Manufacturer": "Siemens",
    "ManufacturersModelName": "Prisma_fit",
    "Modality": "MR",
    "PartialFourier": 1,
    "PatientPosition": "HFS",
    "PercentPhaseFOV": 100,
    "PhaseEncodingSteps": 233,
    "PhaseResolution": 1,
    "PixelBandwidth": 750,
    "ProcedureStepDescription": "Research_16092_QTAB",
    "ProtocolName": "t2_spc_sag_p2_iso",
    "PulseSequenceDetails": "%SiemensSeq%_tse_vfl",
    "ReceiveCoilActiveElements": "HC1-7;NC1,2",
    "ReceiveCoilName": "HeadNeck_64",
    "ReconMatrixPE": 256,
    "RepetitionTime": 3.2,
    "SAR": 0.176462,
    "ScanOptions": "PFP",
    "ScanningSequence": "SE",
    "SequenceName": "_spcR_282ns",
    "SequenceVariant": "SK_SP",
    "SeriesDescription": "t2_spc_sag_p2_iso",
    "SeriesNumber": 19,
    "ShimSetting": [
      3044,
      -4172,
      -1039,
      -11,
      -3,
      35,
      -21,
      -13
    ],
    "SliceThickness": 1,
    "SoftwareVersions": "syngo_MR_E11",
    "StationName": "mrc_Trio",
    "TxRefAmp": 210.535,
    "dataset": "ds004146",
    "modality": "T2w",
    "session_id": "01",
    "subject_id": "0086"
  },
  "cjv": 3.9896230851965124,
  "cnr": 0.3303194994626879,
  "efc": 0.6331901028388877,
  "fber": -1.0,
  "fwhm_avg": 4.195520880356747,
  "fwhm_x": 4.410725262899712,
  "fwhm_y": 4.4567624335890645,
  "fwhm_z": 3.7190749445814646,
  "icvs_csf": 0.49753405544879814,
  "icvs_gm": 0.395339878405979,
  "icvs_wm": 0.10712606614522281,
  "inu_med": 1.0569105744361877,
  "inu_range": 0.37470833659172054,
  "provenance": {
    "md5sum": "f661508982258fea3eed94f1974bdc71",
    "settings": {
      "testing": false
    },
    "software": "mriqc",
    "version": "23.0.1",
    "warnings": {
      "large_rot_frame": true,
      "small_air_mask": false
    },
    "webapi_port": null,
    "webapi_url": "https://mriqc.nimh.nih.gov/api/v1"
  },
  "qi_1": 0.08594729211868928,
  "qi_2": 0.08307203252346101,
  "rpve_csf": 8.44462870161152,
  "rpve_gm": 10.50224061764847,
  "rpve_wm": 34.193165215576364,
  "size_x": 192,
  "size_y": 300,
  "size_z": 320,
  "snr_csf": 18.159345458389698,
  "snr_gm": 12.747489393142029,
  "snr_total": 10.606883548211401,
  "snr_wm": 0.9138157931024794,
  "snrd_csf": 372.61066253203,
  "snrd_gm": 245.2640556615438,
  "snrd_total": 334.07000890899695,
  "snrd_wm": 384.33530853341705,
  "spacing_x": 0.7999999523162842,
  "spacing_y": 0.800000011920929,
  "spacing_z": 0.800000011920929,
  "summary_bg_k": 42.48674576816945,
  "summary_bg_mad": 0.0,
  "summary_bg_mean": 0.30923469594047015,
  "summary_bg_median": 0.0,
  "summary_bg_n": 968835.0,
  "summary_bg_p05": 0.0,
  "summary_bg_p95": 0.0,
  "summary_bg_stdv": 1.727694314138135,
  "summary_csf_k": 0.1837418679203271,
  "summary_csf_mad": 53.78100791097104,
  "summary_csf_mean": 984.6979375009358,
  "summary_csf_median": 982.630980424583,
  "summary_csf_n": 367417.0,
  "summary_csf_p05": 900.0698616541922,
  "summary_csf_p95": 1076.3213193789124,
  "summary_csf_stdv": 54.11151219411297,
  "summary_gm_k": -0.19936973139358738,
  "summary_gm_mad": 52.607353052836885,
  "summary_gm_mean": 649.7092898500766,
  "summary_gm_median": 646.7986123636365,
  "summary_gm_n": 469321.0,
  "summary_gm_p05": 570.7101362943649,
  "summary_gm_p95": 736.6239920072258,
  "summary_gm_stdv": 50.739239966115065,
  "summary_wm_k": -1.6876399821393184,
  "summary_wm_mad": 1410.5950624351224,
  "summary_wm_mean": 1221.5062826627545,
  "summary_wm_median": 1013.5506549105048,
  "summary_wm_n": 73399.0,
  "summary_wm_p05": 31.199069134891033,
  "summary_wm_p95": 2798.3236725255847,
  "summary_wm_stdv": 1109.1335454554187,
  "tpm_overlap_csf": 0.10710718832106933,
  "tpm_overlap_gm": 0.23935933286964153,
  "tpm_overlap_wm": 0.030721538053714737,
  "wm2max": 0.3734024088332404
}