{
  "bids_meta": {
    "AcquisitionMatrixPE": 256,
    "AcquisitionNumber": 1,
    "AcquisitionTime": "11:10:2.217500",
    "BaseResolution": 256,
    "BodyPartExamined": "BRAIN",
    "ConsistencyInfo": "N4_VE11C_LATEST_20160120",
    "ConversionSoftware": "dcm2niix",
    "ConversionSoftwareVersion": "v1.0.20171215 GCC6.3.0",
    "DeviceSerialNumber": "167001",
    "DwellTime": 2.6e-06,
    "EchoTime": 0.408,
    "EchoTrainLength": 259,
    "FlipAngle": 120,
    "ImageOrientationPatientDICOM": [
      -0.0422487,
      0.999107,
      9.84696e-09,
      0.0476376,
      0.00201444,
      -0.998863
    ],
    "ImageType": [
      "ORIGINAL",
      "PRIMARY",
      "M",
      "ND",
      "NORM"
    ],
    "InPlanePhaseEncodingDirectionDICOM": "ROW",
    "InstitutionAddress": "Cooper_60_St._Lucia_QLD_AU_4072",
    "InstitutionName": "St_Lucia_Campus",
    "InstitutionalDepartmentName": "Gehrmann_Labs_MRI",
    "MRAcquisitionType": "3D",
    "MagneticFieldStrength": 3,
    "Manufacturer": "Siemens",
    "ManufacturersModelName": "Prisma_fit",
    "Modality": "MR",
    "ParallelReductionFactorInPlane": 2,
    "PartialFourier": 1,
    "PatientPosition": "HFS",
    "PercentPhaseFOV": 100,
    "PhaseEncodingSteps": 233,
    "PhaseResolution": 1,
    "PixelBandwidth": 750,
    "ProcedureStepDescription": "Research_16092_QTAB",
    "ProtocolName": "t2_spc_sag_p2_iso",
    "PulseSequenceDetails": "%SiemensSeq%_tse_vfl",
    "ReceiveCoilActiveElements": "HC1-7;NC1",
    "ReceiveCoilName": "HeadNeck_64",
    "ReconMatrixPE": 256,
    "RepetitionTime": 3.2,
    "SAR": 0.12716,
    "ScanOptions": "PFP",
    "ScanningSequence": "SE",
    "SequenceName": "_spcR_282ns",
    "SequenceVariant": "SK_SP",
    "SeriesDescription": "t2_spc_sag_p2_iso",
    "SeriesNumber": 19,
    "ShimSetting": [
      3044,
      -4172,
      -1039,
      -11,
      -3,
      35,
      -21,
      -13
    ],
    "SliceThickness": 1,
    "SoftwareVersions": "syngo_MR_E11",
    "StationName": "mrc_Trio",
    "TxRefAmp": 216.97,
    "dataset": "ds004146",
    "modality": "T2w",
    "session_id": "01",
    "subject_id": "0166"
  },
  "cjv": 4.5247535732520365,
  "cnr": 0.20516540646406953,
  "efc": 0.6906200527964456,
  "fber": 6978.674556213017,
  "fwhm_avg": 4.2356292168810405,
  "fwhm_x": 4.563275271992402,
  "fwhm_y": 4.353374935129659,
  "fwhm_z": 3.7902374435210606,
  "icvs_csf": 0.4248920672363974,
  "icvs_gm": 0.44738680085596444,
  "icvs_wm": 0.12772113190763817,
  "inu_med": 1.0281224250793457,
  "inu_range": 0.3876644283533096,
  "provenance": {
    "md5sum": "2dcf41923a9a080c56692baf96b0b8d9",
    "settings": {
      "testing": false
    },
    "software": "mriqc",
    "version": "23.0.1",
    "warnings": {
      "large_rot_frame": true,
      "small_air_mask": false
    },
    "webapi_port": null,
    "webapi_url": "https://mriqc.nimh.nih.gov/api/v1"
  },
  "qi_1": 0.0001928436349158953,
  "qi_2": 0.011197296785182496,
  "rpve_csf": 9.930631502301374,
  "rpve_gm": 9.750655553878333,
  "rpve_wm": 34.66857849943798,
  "size_x": 192,
  "size_y": 300,
  "size_z": 320,
  "snr_csf": 16.21019729985701,
  "snr_gm": 13.12127465286921,
  "snr_total": 9.991789719394136,
  "snr_wm": 0.6438972054561893,
  "snrd_csf": 46.19659352468012,
  "snrd_gm": 30.448802688743253,
  "snrd_total": 33.24135173237465,
  "snrd_wm": 23.07865898370058,
  "spacing_x": 0.7999999523162842,
  "spacing_y": 0.800000011920929,
  "spacing_z": 0.800000011920929,
  "summary_bg_k": 5.340876154853062,
  "summary_bg_mad": 0.0,
  "summary_bg_mean": 16.845121974269624,
  "summary_bg_median": 0.0,
  "summary_bg_n": 1647897.0,
  "summary_bg_p05": 0.0,
  "summary_bg_p95": 79.98197313398123,
  "summary_bg_stdv": 28.812418619852803,
  "summary_csf_k": 0.58947243605258,
  "summary_csf_mad": 119.0268271499623,
  "summary_csf_mean": 2037.7614142428308,
  "summary_csf_median": 2031.6923184916377,
  "summary_csf_n": 171193.0,
  "summary_csf_p05": 1845.3681162893772,
  "summary_csf_p95": 2252.938227273524,
  "summary_csf_stdv": 125.33384677418029,
  "summary_gm_k": 0.019088386741935803,
  "summary_gm_mad": 104.88612832110803,
  "summary_gm_mean": 1339.2867211364473,
  "summary_gm_median": 1339.1160215511918,
  "summary_gm_n": 301084.0,
  "summary_gm_p05": 1174.3456468507648,
  "summary_gm_p95": 1504.5623002499342,
  "summary_gm_stdv": 102.05668528033645,
  "summary_wm_k": -1.7257676853168689,
  "summary_wm_mad": 1361.7381628101393,
  "summary_wm_mean": 1828.005010978774,
  "summary_wm_median": 1014.9825041368604,
  "summary_wm_n": 77914.0,
  "summary_wm_p05": 100.53320970498027,
  "summary_wm_p95": 4030.6408432871103,
  "summary_wm_stdv": 1576.3012823098627,
  "tpm_overlap_csf": 0.10731320573511126,
  "tpm_overlap_gm": 0.29502003459116866,
  "tpm_overlap_wm": 0.0458239450060394,
  "wm2max": 0.25829940943753227
}