{
  "aor": 0.0028564643799472303,
  "aqi": 0.016389683113456465,
  "bids_meta": {
    "AcquisitionMatrixPE": 90,
    "AcquisitionNumber": 1,
    "AcquisitionTime": "10:48:30.672500",
    "BandwidthPerPixelPhaseEncode": 21.368,
    "BaseResolution": 90,
    "BodyPartExamined": "BRAIN",
    "CoilString": "HC1-7;NC1_2",
    "ConsistencyInfo": "N4_VE11C_LATEST_20160120",
    "ConversionSoftware": "dcm2niix",
    "ConversionSoftwareVersion": "v1.0.20190410  GCC6.3.0",
    "DerivedVendorReportedEchoSpacing": 0.000519988,
    "DeviceSerialNumber": "167001",
    "DwellTime": 2.2e-06,
    "EchoTime": 0.03,
    "EchoTrainLength": 90,
    "EffectiveEchoSpacing": 0.000519988,
    "FlipAngle": 52,
    "ImageOrientationPatientDICOM": [
      0.992678,
      -0.0855584,
      0.0852615,
      0.109067,
      0.938248,
      -0.328321
    ],
    "ImageType": [
      "ORIGINAL",
      "PRIMARY",
      "M",
      "ND",
      "NORM",
      "MOSAIC"
    ],
    "ImagingFrequency": 123.229,
    "InPlanePhaseEncodingDirectionDICOM": "COL",
    "InstitutionAddress": "Cooper_60_St._Lucia_QLD_AU_4072",
    "InstitutionName": "St_Lucia_Campus",
    "InstitutionalDepartmentName": "Gehrmann_Labs_MRI",
    "MRAcquisitionType": "2D",
    "MagneticFieldStrength": 3,
    "Manufacturer": "Siemens",
    "ManufacturersModelName": "Prisma_fit",
    "Modality": "MR",
    "MultibandAccelerationFactor": 6,
    "PartialFourier": 1,
    "PatientPosition": "HFS",
    "PercentPhaseFOV": 100,
    "PhaseEncodingDirection": "j-",
    "PhaseEncodingSteps": 90,
    "PhaseResolution": 1,
    "PixelBandwidth": 2525,
    "ProcedureStepDescription": "Research_16092_QTAB",
    "ProtocolName": "PARTLY_CLOUDY_mb6_2.4",
    "PulseSequenceDetails": "%SiemensSeq%_ep2d_bold",
    "ReceiveCoilActiveElements": "HC1-7;NC1,2",
    "ReceiveCoilName": "HeadNeck_64",
    "ReconMatrixPE": 90,
    "RefLinesPE": 12,
    "RepetitionTime": 0.8,
    "SAR": 0.0780823,
    "ScanOptions": "FS",
    "ScanningSequence": "EP",
    "SequenceName": "_epfid2d1_90",
    "SequenceVariant": "SK",
    "SeriesDescription": "PARTLY_CLOUDY_mb6_2.4",
    "SeriesNumber": 19,
    "ShimSetting": [
      3045,
      -4138,
      -769,
      492,
      -88,
      165,
      67,
      10
    ],
    "SliceThickness": 2.4,
    "SliceTiming": [
      0.545,
      0,
      0.39,
      0.0775,
      0.4675,
      0.235,
      0.6225,
      0.3125,
      0.7025,
      0.155,
      0.545,
      0,
      0.39,
      0.0775,
      0.4675,
      0.235,
      0.6225,
      0.3125,
      0.7025,
      0.155,
      0.545,
      0,
      0.39,
      0.0775,
      0.4675,
      0.235,
      0.6225,
      0.3125,
      0.7025,
      0.155,
      0.545,
      0,
      0.39,
      0.0775,
      0.4675,
      0.235,
      0.6225,
      0.3125,
      0.7025,
      0.155,
      0.545,
      0,
      0.39,
      0.0775,
      0.4675,
      0.235,
      0.6225,
      0.3125,
      0.7025,
      0.155,
      0.545,
      0,
      0.39,
      0.0775,
      0.4675,
      0.235,
      0.6225,
      0.3125,
      0.7025,
      0.155
    ],
    "SoftwareVersions": "syngo_MR_E11",
    "SpacingBetweenSlices": 2.4,
    "StationName": "mrc_Trio",
    "TaskName": "partlycloudy",
    "TotalReadoutTime": 0.046279,
    "TxRefAmp": 207.448,
    "dataset": "ds004146",
    "modality": "bold",
    "session_id": "02",
    "subject_id": "0092",
    "task_id": "partlycloudy"
  },
  "dummy_trs": 1,
  "dvars_nstd": 31.896840358015858,
  "dvars_std": 1.2035943185714297,
  "dvars_vstd": 1.0185529038359784,
  "efc": 0.4825069629959775,
  "fber": 8454.5341796875,
  "fd_mean": 0.18702566695450612,
  "fd_num": 149,
  "fd_perc": 39.31398416886544,
  "fwhm_avg": 1.941015264550601,
  "fwhm_x": 1.8373707603227791,
  "fwhm_y": 2.055904084972378,
  "fwhm_z": 1.9297709483566452,
  "gcor": 0.00852236,
  "gsr_x": -0.017374956980347633,
  "gsr_y": 0.03271729126572609,
  "provenance": {
    "md5sum": "5b41b881b7fdd2638fbc9735fd9e3800",
    "settings": {
      "fd_thres": 0.2,
      "testing": false
    },
    "software": "mriqc",
    "version": "23.0.1",
    "webapi_port": null,
    "webapi_url": "https://mriqc.nimh.nih.gov/api/v1"
  },
  "size_t": 379,
  "size_x": 90,
  "size_y": 90,
  "size_z": 60,
  "snr": 7.156183709076245,
  "spacing_tr": 0.800000011920929,
  "spacing_x": 2.4000000953674316,
  "spacing_y": 2.4000000953674316,
  "spacing_z": 2.3999998569488525,
  "summary_bg_k": 59.27604683350035,
  "summary_bg_mad": 5.500102221217918,
  "summary_bg_mean": 20.32797622680664,
  "summary_bg_median": 7.69657039642334,
  "summary_bg_n": 322111.0,
  "summary_bg_p05": 3.1649078130722046,
  "summary_bg_p95": 75.52507019042969,
  "summary_bg_stdv": 42.06809616088867,
  "summary_fg_k": 2.1514393462416397,
  "summary_fg_mad": 94.1804870643213,
  "summary_fg_mean": 719.3630981445312,
  "summary_fg_median": 715.0751953125,
  "summary_fg_n": 91916.0,
  "summary_fg_p05": 573.646484375,
  "summary_fg_p95": 883.3522796630859,
  "summary_fg_stdv": 99.92355346679688,
  "tsnr": 47.80928397085518
}