{
  "bids_meta": {
    "AcquisitionMatrixPE": 256,
    "AcquisitionNumber": 1,
    "AcquisitionTime": "18:43:43.115000",
    "BaseResolution": 256,
    "BodyPartExamined": "BRAIN",
    "ConsistencyInfo": "N4_VE11C_LATEST_20160120",
    "ConversionSoftware": "dcm2niix",
    "ConversionSoftwareVersion": "v1.0.20171215 GCC6.3.0",
    "DeviceSerialNumber": "167001",
    "DwellTime": 2.6e-06,
    "EchoTime": 0.408,
    "EchoTrainLength": 259,
    "FlipAngle": 120,
    "ImageOrientationPatientDICOM": [
      0.0409093,
      0.999163,
      -3.43396e-09,
      -0.0299664,
      0.00122693,
      -0.99955
    ],
    "ImageType": [
      "ORIGINAL",
      "PRIMARY",
      "M",
      "ND",
      "NORM"
    ],
    "InPlanePhaseEncodingDirectionDICOM": "ROW",
    "InstitutionAddress": "Cooper_60_St._Lucia_QLD_AU_4072",
    "InstitutionName": "St_Lucia_Campus",
    "InstitutionalDepartmentName": "Gehrmann_Labs_MRI",
    "MRAcquisitionType": "3D",
    "MagneticFieldStrength": 3,
    "Manufacturer": "Siemens",
    "ManufacturersModelName": "Prisma_fit",
    "Modality": "MR",
    "ParallelReductionFactorInPlane": 2,
    "PartialFourier": 1,
    "PatientPosition": "HFS",
    "PercentPhaseFOV": 100,
    "PhaseEncodingSteps": 233,
    "PhaseResolution": 1,
    "PixelBandwidth": 750,
    "ProcedureStepDescription": "Research_16092_QTAB",
    "ProtocolName": "t2_spc_sag_p2_iso",
    "PulseSequenceDetails": "%SiemensSeq%_tse_vfl",
    "ReceiveCoilActiveElements": "HC1-7;NC1",
    "ReceiveCoilName": "HeadNeck_64",
    "ReconMatrixPE": 256,
    "RepetitionTime": 3.2,
    "SAR": 0.225053,
    "ScanOptions": "PFP",
    "ScanningSequence": "SE",
    "SequenceName": "_spcR_282ns",
    "SequenceVariant": "SK_SP",
    "SeriesDescription": "t2_spc_sag_p2_iso",
    "SeriesNumber": 19,
    "ShimSetting": [
      3044,
      -4172,
      -1039,
      -11,
      -3,
      35,
      -21,
      -13
    ],
    "SliceThickness": 1,
    "SoftwareVersions": "syngo_MR_E11",
    "StationName": "mrc_Trio",
    "TxRefAmp": 208.322,
    "dataset": "ds004146",
    "modality": "T2w",
    "session_id": "01",
    "subject_id": "0092"
  },
  "cjv": 3.4558446524532593,
  "cnr": 0.18354607745778415,
  "efc": 0.6140987086854589,
  "fber": 4935.576537775133,
  "fwhm_avg": 4.579395883144507,
  "fwhm_x": 4.753300283318775,
  "fwhm_y": 4.911362426814997,
  "fwhm_z": 4.073524939299748,
  "icvs_csf": 0.4598883707742596,
  "icvs_gm": 0.4246199023053,
  "icvs_wm": 0.11549172692044041,
  "inu_med": 1.0523866415023804,
  "inu_range": 0.374554842710495,
  "provenance": {
    "md5sum": "8e274beae579d53323c8da6b45f5285f",
    "settings": {
      "testing": false
    },
    "software": "mriqc",
    "version": "23.0.1",
    "warnings": {
      "large_rot_frame": true,
      "small_air_mask": false
    },
    "webapi_port": null,
    "webapi_url": "https://mriqc.nimh.nih.gov/api/v1"
  },
  "qi_1": 0.003824443483908719,
  "qi_2": 0.007284452058784865,
  "rpve_csf": 9.037729901419713,
  "rpve_gm": 9.813848139100008,
  "rpve_wm": 33.362951240142976,
  "size_x": 192,
  "size_y": 300,
  "size_z": 320,
  "snr_csf": 17.93287277345593,
  "snr_gm": 14.04692151759941,
  "snr_total": 10.80710862179302,
  "snr_wm": 0.44153157432371715,
  "snrd_csf": 43.40474059892857,
  "snrd_gm": 30.375601258732605,
  "snrd_total": 31.74325359487032,
  "snrd_wm": 21.449418926949786,
  "spacing_x": 0.7999999523162842,
  "spacing_y": 0.800000011920929,
  "spacing_z": 0.800000011920929,
  "summary_bg_k": 4.275539372435026,
  "summary_bg_mad": 0.0,
  "summary_bg_mean": 20.738066877788384,
  "summary_bg_median": 0.0,
  "summary_bg_n": 1657753.0,
  "summary_bg_p05": 0.0,
  "summary_bg_p95": 86.49247299134731,
  "summary_bg_stdv": 30.77243392122918,
  "summary_csf_k": 0.2789597520800742,
  "summary_csf_mad": 111.96210623487256,
  "summary_csf_mean": 2044.9664425702767,
  "summary_csf_median": 2038.7655333280563,
  "summary_csf_n": 205507.0,
  "summary_csf_p05": 1870.613694101572,
  "summary_csf_p95": 2240.1449815034866,
  "summary_csf_stdv": 113.68845353147546,
  "summary_gm_k": -0.12800365194711372,
  "summary_gm_mad": 104.9458142441539,
  "summary_gm_mean": 1427.5382830968551,
  "summary_gm_median": 1426.7733903229237,
  "summary_gm_n": 269541.0,
  "summary_gm_p05": 1263.4546578526497,
  "summary_gm_p95": 1594.220401480794,
  "summary_gm_stdv": 101.57177441765997,
  "summary_wm_k": -1.5779715798784468,
  "summary_wm_mad": 1343.9931232434103,
  "summary_wm_mean": 2448.5337968975537,
  "summary_wm_median": 1007.5013792216778,
  "summary_wm_n": 91583.0,
  "summary_wm_p05": 132.70905634760857,
  "summary_wm_p95": 5986.396786938607,
  "summary_wm_stdv": 2281.820683531659,
  "tpm_overlap_csf": 0.10603154529389908,
  "tpm_overlap_gm": 0.28178637193362444,
  "tpm_overlap_wm": 0.038605098015987105,
  "wm2max": 0.17493924506530062
}