{
  "bids_meta": {
    "AcquisitionMatrixPE": 256,
    "AcquisitionNumber": 1,
    "AcquisitionTime": "11:47:36.100000",
    "BaseResolution": 256,
    "BodyPartExamined": "BRAIN",
    "ConsistencyInfo": "N4_VE11C_LATEST_20160120",
    "ConversionSoftware": "dcm2niix",
    "ConversionSoftwareVersion": "v1.0.20171215 GCC6.3.0",
    "DeviceSerialNumber": "167001",
    "DwellTime": 2.6e-06,
    "EchoTime": 0.408,
    "EchoTrainLength": 259,
    "FlipAngle": 120,
    "ImageOrientationPatientDICOM": [
      0,
      1,
      0,
      0,
      0,
      -1
    ],
    "ImageType": [
      "ORIGINAL",
      "PRIMARY",
      "M",
      "ND",
      "NORM"
    ],
    "InPlanePhaseEncodingDirectionDICOM": "ROW",
    "InstitutionAddress": "Cooper_60_St._Lucia_QLD_AU_4072",
    "InstitutionName": "St_Lucia_Campus",
    "InstitutionalDepartmentName": "Gehrmann_Labs_MRI",
    "MRAcquisitionType": "3D",
    "MagneticFieldStrength": 3,
    "Manufacturer": "Siemens",
    "ManufacturersModelName": "Prisma_fit",
    "Modality": "MR",
    "ParallelReductionFactorInPlane": 2,
    "PartialFourier": 1,
    "PatientPosition": "HFS",
    "PercentPhaseFOV": 100,
    "PhaseEncodingSteps": 233,
    "PhaseResolution": 1,
    "PixelBandwidth": 750,
    "ProcedureStepDescription": "Research_16092_QTAB",
    "ProtocolName": "t2_spc_sag_p2_iso",
    "PulseSequenceDetails": "%SiemensSeq%_tse_vfl",
    "ReceiveCoilActiveElements": "HC1-7;NC1",
    "ReceiveCoilName": "HeadNeck_64",
    "ReconMatrixPE": 256,
    "RepetitionTime": 3.2,
    "SAR": 0.198322,
    "ScanOptions": "PFP",
    "ScanningSequence": "SE",
    "SequenceName": "_spcR_282ns",
    "SequenceVariant": "SK_SP",
    "SeriesDescription": "t2_spc_sag_p2_iso",
    "SeriesNumber": 19,
    "ShimSetting": [
      3045,
      -4172,
      -1048,
      3,
      -5,
      36,
      -4,
      -10
    ],
    "SliceThickness": 1,
    "SoftwareVersions": "syngo_MR_E11",
    "StationName": "mrc_Trio",
    "TxRefAmp": 208.614,
    "dataset": "ds004146",
    "modality": "T2w",
    "session_id": "01",
    "subject_id": "0080"
  },
  "cjv": 1.1113875077838797,
  "cnr": 0.4327886077366959,
  "efc": 0.6233950490166748,
  "fber": -1.0,
  "fwhm_avg": 4.1793250434336,
  "fwhm_x": 4.256462753704951,
  "fwhm_y": 4.420662434126997,
  "fwhm_z": 3.8608499424688527,
  "icvs_csf": 0.4840869878841155,
  "icvs_gm": 0.4086860776686896,
  "icvs_wm": 0.10722693444719489,
  "inu_med": 1.0057867765426636,
  "inu_range": 0.2548415541648864,
  "provenance": {
    "md5sum": "f1c6aa34e9b0196a0929fe7b8b35bf61",
    "settings": {
      "testing": false
    },
    "software": "mriqc",
    "version": "23.0.1",
    "warnings": {
      "large_rot_frame": true,
      "small_air_mask": false
    },
    "webapi_port": null,
    "webapi_url": "https://mriqc.nimh.nih.gov/api/v1"
  },
  "qi_1": 0.0006001441563769407,
  "qi_2": 0.015278431252040151,
  "rpve_csf": 10.113175597529008,
  "rpve_gm": 11.644109735589412,
  "rpve_wm": 42.35357759943159,
  "size_x": 192,
  "size_y": 300,
  "size_z": 320,
  "snr_csf": 17.632226365437432,
  "snr_gm": 13.953045600171162,
  "snr_total": 10.64104249830876,
  "snr_wm": 0.3378555293176858,
  "snrd_csf": 57.324191248556474,
  "snrd_gm": 37.87527365963437,
  "snrd_total": 37.26308666490411,
  "snrd_wm": 16.589795086521484,
  "spacing_x": 0.7999999523162842,
  "spacing_y": 0.800000011920929,
  "spacing_z": 0.800000011920929,
  "summary_bg_k": 6.006534063990779,
  "summary_bg_mad": 0.0,
  "summary_bg_mean": 21.945480852265664,
  "summary_bg_median": 0.0,
  "summary_bg_n": 2179295.0,
  "summary_bg_p05": 0.0,
  "summary_bg_p95": 110.78968271613121,
  "summary_bg_stdv": 39.82818100819935,
  "summary_csf_k": 0.2802399564153779,
  "summary_csf_mad": 193.2757712400372,
  "summary_csf_mean": 3494.249314517157,
  "summary_csf_median": 3484.9510196596384,
  "summary_csf_n": 264717.0,
  "summary_csf_p05": 3188.0346699804068,
  "summary_csf_p95": 3830.368630439043,
  "summary_csf_stdv": 197.64630767648197,
  "summary_gm_k": -0.1924134292685027,
  "summary_gm_mad": 171.73984960989142,
  "summary_gm_mean": 2304.14672450537,
  "summary_gm_median": 2302.5789057835937,
  "summary_gm_n": 303846.0,
  "summary_gm_p05": 2037.6684644445777,
  "summary_gm_p95": 2576.598721034825,
  "summary_gm_stdv": 165.0231198768831,
  "summary_wm_k": -1.7177901967694882,
  "summary_wm_mad": 1266.4216965388273,
  "summary_wm_mean": 3064.178449623061,
  "summary_wm_median": 1008.5554116591811,
  "summary_wm_n": 61608.0,
  "summary_wm_p05": 147.96577624976635,
  "summary_wm_p95": 7337.557601412757,
  "summary_wm_stdv": 2985.143467680992,
  "tpm_overlap_csf": 0.1088707797501351,
  "tpm_overlap_gm": 0.2563049752371805,
  "tpm_overlap_wm": 0.03700208220560512,
  "wm2max": 0.14277001359216535
}