{
  "bids_meta": {
    "AcquisitionMatrixPE": 256,
    "AcquisitionNumber": 1,
    "AcquisitionTime": "11:56:43.122500",
    "BaseResolution": 256,
    "BodyPartExamined": "BRAIN",
    "ConsistencyInfo": "N4_VE11C_LATEST_20160120",
    "ConversionSoftware": "dcm2niix",
    "ConversionSoftwareVersion": "v1.0.20171215 GCC6.3.0",
    "DeviceSerialNumber": "167001",
    "DwellTime": 2.6e-06,
    "EchoTime": 0.408,
    "EchoTrainLength": 259,
    "FlipAngle": 120,
    "ImageOrientationPatientDICOM": [
      0.0108987,
      0.999941,
      -2.64236e-09,
      0.0382615,
      -0.000417028,
      -0.999268
    ],
    "ImageType": [
      "ORIGINAL",
      "PRIMARY",
      "M",
      "ND",
      "NORM"
    ],
    "InPlanePhaseEncodingDirectionDICOM": "ROW",
    "InstitutionAddress": "Cooper_60_St._Lucia_QLD_AU_4072",
    "InstitutionName": "St_Lucia_Campus",
    "InstitutionalDepartmentName": "Gehrmann_Labs_MRI",
    "MRAcquisitionType": "3D",
    "MagneticFieldStrength": 3,
    "Manufacturer": "Siemens",
    "ManufacturersModelName": "Prisma_fit",
    "Modality": "MR",
    "ParallelReductionFactorInPlane": 2,
    "PartialFourier": 1,
    "PatientPosition": "HFS",
    "PercentPhaseFOV": 100,
    "PhaseEncodingSteps": 233,
    "PhaseResolution": 1,
    "PixelBandwidth": 750,
    "ProcedureStepDescription": "Research_16092_QTAB",
    "ProtocolName": "t2_spc_sag_p2_iso",
    "PulseSequenceDetails": "%SiemensSeq%_tse_vfl",
    "ReceiveCoilActiveElements": "HC1-7;NC1",
    "ReceiveCoilName": "HeadNeck_64",
    "ReconMatrixPE": 256,
    "RepetitionTime": 3.2,
    "SAR": 0.139626,
    "ScanOptions": "PFP",
    "ScanningSequence": "SE",
    "SequenceName": "_spcR_282ns",
    "SequenceVariant": "SK_SP",
    "SeriesDescription": "t2_spc_sag_p2_iso",
    "SeriesNumber": 19,
    "ShimSetting": [
      3044,
      -4172,
      -1039,
      -11,
      -3,
      35,
      -21,
      -13
    ],
    "SliceThickness": 1,
    "SoftwareVersions": "syngo_MR_E11",
    "StationName": "mrc_Trio",
    "TxRefAmp": 208.272,
    "dataset": "ds004146",
    "modality": "T2w",
    "session_id": "01",
    "subject_id": "0145"
  },
  "cjv": 30.66546867136903,
  "cnr": 0.0375512639947032,
  "efc": 0.6367763457854252,
  "fber": -1.0,
  "fwhm_avg": 4.076054209787652,
  "fwhm_x": 4.181912749261424,
  "fwhm_y": 4.393374934533612,
  "fwhm_z": 3.6528749455679215,
  "icvs_csf": 0.512489473179553,
  "icvs_gm": 0.3880952211038745,
  "icvs_wm": 0.09941530571657257,
  "inu_med": 0.9378242492675781,
  "inu_range": 0.27682535350322734,
  "provenance": {
    "md5sum": "5ea74f351cc918dd05f354c149cb8122",
    "settings": {
      "testing": false
    },
    "software": "mriqc",
    "version": "23.0.1",
    "warnings": {
      "large_rot_frame": true,
      "small_air_mask": false
    },
    "webapi_port": null,
    "webapi_url": "https://mriqc.nimh.nih.gov/api/v1"
  },
  "qi_1": 0.12104176960169424,
  "qi_2": 0.034761285836101566,
  "rpve_csf": 10.02315406686125,
  "rpve_gm": 12.639820780747112,
  "rpve_wm": 44.389195015612465,
  "size_x": 192,
  "size_y": 300,
  "size_z": 320,
  "snr_csf": 22.023285786988808,
  "snr_gm": 14.342629337000487,
  "snr_total": 12.38067829479438,
  "snr_wm": 0.7761197603938478,
  "snrd_csf": 165.93379440372922,
  "snrd_gm": 113.33618803805075,
  "snrd_total": 132.7921893827595,
  "snrd_wm": 119.1065857064985,
  "spacing_x": 0.7999999523162842,
  "spacing_y": 0.800000011920929,
  "spacing_z": 0.800000011920929,
  "summary_bg_k": 33.76699302416951,
  "summary_bg_mad": 0.0,
  "summary_bg_mean": 1.674764138650419,
  "summary_bg_median": 0.0,
  "summary_bg_n": 1133394.0,
  "summary_bg_p05": 0.0,
  "summary_bg_p95": 11.661134257912636,
  "summary_bg_stdv": 5.695543704508753,
  "summary_csf_k": 0.19341679772925913,
  "summary_csf_mad": 64.36235291013297,
  "summary_csf_mean": 1444.0522842490686,
  "summary_csf_median": 1442.5746731236577,
  "summary_csf_n": 392154.0,
  "summary_csf_p05": 1339.4140448123217,
  "summary_csf_p95": 1554.0481892228127,
  "summary_csf_stdv": 65.50216201973873,
  "summary_gm_k": -0.2566510221211562,
  "summary_gm_mad": 72.40764702389959,
  "summary_gm_mean": 987.9525681308958,
  "summary_gm_median": 985.3081164062023,
  "summary_gm_n": 418864.0,
  "summary_gm_p05": 879.9538093730807,
  "summary_gm_p95": 1103.5935822203755,
  "summary_gm_stdv": 68.69779013925599,
  "summary_wm_k": -1.8149367650902857,
  "summary_wm_mad": 1465.9552934105816,
  "summary_wm_mean": 1515.0743386644567,
  "summary_wm_median": 1035.4740850701928,
  "summary_wm_n": 45442.0,
  "summary_wm_p05": 46.75999380648136,
  "summary_wm_p95": 3217.7774281155316,
  "summary_wm_stdv": 1334.1532383128024,
  "tpm_overlap_csf": 0.10813574371797499,
  "tpm_overlap_gm": 0.2245776942771538,
  "tpm_overlap_wm": 0.0247401562864328,
  "wm2max": 0.33325282401902495
}