{
  "aor": 0.0009772923076923077,
  "aqi": 0.007964041323076921,
  "bids_meta": {
    "AcquisitionMatrixPE": 104,
    "AcquisitionNumber": 1,
    "AcquisitionTime": "13:47:39.625000",
    "BandwidthPerPixelPhaseEncode": 17.17,
    "BaseResolution": 104,
    "BodyPartExamined": "BRAIN",
    "CoilString": "HC1-7;NC1_2",
    "ConsistencyInfo": "N4_VE11C_LATEST_20160120",
    "ConversionSoftware": "dcm2niix",
    "ConversionSoftwareVersion": "v1.0.20190410  GCC6.3.0",
    "DerivedVendorReportedEchoSpacing": 0.000560011,
    "DeviceSerialNumber": "167001",
    "DwellTime": 2.1e-06,
    "EchoTime": 0.03,
    "EchoTrainLength": 91,
    "EffectiveEchoSpacing": 0.000560011,
    "FlipAngle": 52,
    "ImageOrientationPatientDICOM": [
      0.998479,
      0.00397843,
      -0.0549963,
      -0.0209151,
      0.950184,
      -0.310986
    ],
    "ImageType": [
      "ORIGINAL",
      "PRIMARY",
      "M",
      "ND",
      "MOSAIC"
    ],
    "ImagingFrequency": 123.229,
    "InPlanePhaseEncodingDirectionDICOM": "COL",
    "InstitutionAddress": "Cooper_60_St._Lucia_QLD_AU_4072",
    "InstitutionName": "St_Lucia_Campus",
    "InstitutionalDepartmentName": "Gehrmann_Labs_MRI",
    "MRAcquisitionType": "2D",
    "MagneticFieldStrength": 3,
    "Manufacturer": "Siemens",
    "ManufacturersModelName": "Prisma_fit",
    "Modality": "MR",
    "MultibandAccelerationFactor": 6,
    "PartialFourier": 0.875,
    "PatientPosition": "HFS",
    "PercentPhaseFOV": 100,
    "PhaseEncodingDirection": "j-",
    "PhaseEncodingSteps": 91,
    "PhaseResolution": 1,
    "PixelBandwidth": 2290,
    "ProcedureStepDescription": "Research_16092_QTAB",
    "ProtocolName": "ep2d_REST_SMS6_A-P",
    "PulseSequenceDetails": "%SiemensSeq%_ep2d_bold",
    "ReceiveCoilActiveElements": "HC1-7;NC1,2",
    "ReceiveCoilName": "HeadNeck_64",
    "ReconMatrixPE": 104,
    "RefLinesPE": 12,
    "RepetitionTime": 0.93,
    "SAR": 0.0636527,
    "ScanOptions": "PFP_FS",
    "ScanningSequence": "EP",
    "SequenceName": "_epfid2d1_104",
    "SequenceVariant": "SK",
    "SeriesDescription": "ep2d_REST_SMS6_A-P",
    "SeriesNumber": 9,
    "ShimSetting": [
      3003,
      -4166,
      -748,
      344,
      -37,
      69,
      -14,
      24
    ],
    "SliceThickness": 2,
    "SliceTiming": [
      0.6825,
      0,
      0.455,
      0.0775,
      0.5325,
      0.1525,
      0.6075,
      0.305,
      0.76,
      0.38,
      0.835,
      0.2275,
      0.6825,
      0,
      0.455,
      0.0775,
      0.5325,
      0.1525,
      0.6075,
      0.305,
      0.76,
      0.38,
      0.835,
      0.2275,
      0.6825,
      0,
      0.455,
      0.0775,
      0.5325,
      0.1525,
      0.6075,
      0.305,
      0.76,
      0.38,
      0.835,
      0.2275,
      0.6825,
      0,
      0.455,
      0.0775,
      0.5325,
      0.1525,
      0.6075,
      0.305,
      0.76,
      0.38,
      0.835,
      0.2275,
      0.6825,
      0,
      0.455,
      0.0775,
      0.5325,
      0.1525,
      0.6075,
      0.305,
      0.76,
      0.38,
      0.835,
      0.2275,
      0.6825,
      0,
      0.455,
      0.0775,
      0.5325,
      0.1525,
      0.6075,
      0.305,
      0.76,
      0.38,
      0.835,
      0.2275
    ],
    "SoftwareVersions": "syngo_MR_E11",
    "SpacingBetweenSlices": 2,
    "StationName": "mrc_Trio",
    "TaskName": "rest",
    "TotalReadoutTime": 0.0576811,
    "TxRefAmp": 219.276,
    "dataset": "ds004146",
    "modality": "bold",
    "session_id": "02",
    "subject_id": "0028",
    "task_id": "rest"
  },
  "dummy_trs": 2,
  "dvars_nstd": 41.214522302962976,
  "dvars_std": 1.0962797746296309,
  "dvars_vstd": 1.0014537703086424,
  "efc": 0.5235709446847356,
  "fber": 738.4777221679688,
  "fd_mean": 0.15630582464921255,
  "fd_num": 81,
  "fd_perc": 24.923076923076923,
  "fwhm_avg": 3.0038283884820376,
  "fwhm_x": 2.7757251654461124,
  "fwhm_y": 3.14079,
  "fwhm_z": 3.09497,
  "gcor": 0.0485793,
  "gsr_x": -0.005957277491688728,
  "gsr_y": 0.04850951209664345,
  "provenance": {
    "md5sum": "4c85cce6689a6d3b069018042f476c1d",
    "settings": {
      "fd_thres": 0.2,
      "testing": false
    },
    "software": "mriqc",
    "version": "23.0.1",
    "webapi_port": null,
    "webapi_url": "https://mriqc.nimh.nih.gov/api/v1"
  },
  "size_t": 325,
  "size_x": 104,
  "size_y": 104,
  "size_z": 72,
  "snr": 2.767230577200078,
  "spacing_tr": 0.9300000071525574,
  "spacing_x": 1.9999998807907104,
  "spacing_y": 2.0,
  "spacing_z": 2.0,
  "summary_bg_k": 30.003937518836317,
  "summary_bg_mad": 7.60916982225495,
  "summary_bg_mean": 42.577816009521484,
  "summary_bg_median": 20.60615348815918,
  "summary_bg_n": 526628.0,
  "summary_bg_p05": 14.760000228881836,
  "summary_bg_p95": 155.14661636352528,
  "summary_bg_stdv": 62.244380950927734,
  "summary_fg_k": 0.372803701018793,
  "summary_fg_mad": 205.84453183329532,
  "summary_fg_mean": 596.5469970703125,
  "summary_fg_median": 569.7415161132812,
  "summary_fg_n": 153055.0,
  "summary_fg_p05": 315.61077270507815,
  "summary_fg_p95": 967.2763000488279,
  "summary_fg_stdv": 205.88803100585938,
  "tsnr": 34.363241108483635
}