{
  "aor": 0.0004834259259259259,
  "aqi": 0.004426979074074074,
  "bids_meta": {
    "AcquisitionMatrixPE": 104,
    "AcquisitionNumber": 1,
    "AcquisitionTime": "13:53:6.022500",
    "BandwidthPerPixelPhaseEncode": 17.17,
    "BaseResolution": 104,
    "BodyPartExamined": "BRAIN",
    "CoilString": "HC1-7;NC1_2",
    "ConsistencyInfo": "N4_VE11C_LATEST_20160120",
    "ConversionSoftware": "dcm2niix",
    "ConversionSoftwareVersion": "v1.0.20190410  GCC6.3.0",
    "DerivedVendorReportedEchoSpacing": 0.000560011,
    "DeviceSerialNumber": "167001",
    "DwellTime": 2.1e-06,
    "EchoTime": 0.03,
    "EchoTrainLength": 91,
    "EffectiveEchoSpacing": 0.000560011,
    "FlipAngle": 52,
    "ImageOrientationPatientDICOM": [
      0.998479,
      0.00397853,
      -0.0549962,
      -0.0209152,
      0.950184,
      -0.310986
    ],
    "ImageType": [
      "ORIGINAL",
      "PRIMARY",
      "M",
      "ND",
      "MOSAIC"
    ],
    "ImagingFrequency": 123.229,
    "InPlanePhaseEncodingDirectionDICOM": "COL",
    "InstitutionAddress": "Cooper_60_St._Lucia_QLD_AU_4072",
    "InstitutionName": "St_Lucia_Campus",
    "InstitutionalDepartmentName": "Gehrmann_Labs_MRI",
    "MRAcquisitionType": "2D",
    "MagneticFieldStrength": 3,
    "Manufacturer": "Siemens",
    "ManufacturersModelName": "Prisma_fit",
    "Modality": "MR",
    "MultibandAccelerationFactor": 6,
    "PartialFourier": 0.875,
    "PatientPosition": "HFS",
    "PercentPhaseFOV": 100,
    "PhaseEncodingDirection": "j",
    "PhaseEncodingSteps": 91,
    "PhaseResolution": 1,
    "PixelBandwidth": 2290,
    "ProcedureStepDescription": "Research_16092_QTAB",
    "ProtocolName": "ep2d_REST_SMS6_P-A",
    "PulseSequenceDetails": "%SiemensSeq%_ep2d_bold",
    "ReceiveCoilActiveElements": "HC1-7;NC1,2",
    "ReceiveCoilName": "HeadNeck_64",
    "ReconMatrixPE": 104,
    "RefLinesPE": 12,
    "RepetitionTime": 0.93,
    "SAR": 0.0636527,
    "ScanOptions": "PFP_FS",
    "ScanningSequence": "EP",
    "SequenceName": "_epfid2d1_104",
    "SequenceVariant": "SK",
    "SeriesDescription": "ep2d_REST_SMS6_P-A",
    "SeriesNumber": 10,
    "ShimSetting": [
      3003,
      -4166,
      -748,
      344,
      -37,
      69,
      -14,
      24
    ],
    "SliceThickness": 2,
    "SliceTiming": [
      0.6825,
      0,
      0.455,
      0.075,
      0.53,
      0.15,
      0.605,
      0.3025,
      0.7575,
      0.3775,
      0.8325,
      0.2275,
      0.6825,
      0,
      0.455,
      0.075,
      0.53,
      0.15,
      0.605,
      0.3025,
      0.7575,
      0.3775,
      0.8325,
      0.2275,
      0.6825,
      0,
      0.455,
      0.075,
      0.53,
      0.15,
      0.605,
      0.3025,
      0.7575,
      0.3775,
      0.8325,
      0.2275,
      0.6825,
      0,
      0.455,
      0.075,
      0.53,
      0.15,
      0.605,
      0.3025,
      0.7575,
      0.3775,
      0.8325,
      0.2275,
      0.6825,
      0,
      0.455,
      0.075,
      0.53,
      0.15,
      0.605,
      0.3025,
      0.7575,
      0.3775,
      0.8325,
      0.2275,
      0.6825,
      0,
      0.455,
      0.075,
      0.53,
      0.15,
      0.605,
      0.3025,
      0.7575,
      0.3775,
      0.8325,
      0.2275
    ],
    "SoftwareVersions": "syngo_MR_E11",
    "SpacingBetweenSlices": 2,
    "StationName": "mrc_Trio",
    "TaskName": "rest",
    "TotalReadoutTime": 0.0576811,
    "TxRefAmp": 219.276,
    "dataset": "ds004146",
    "modality": "bold",
    "session_id": "02",
    "subject_id": "0028",
    "task_id": "rest"
  },
  "dummy_trs": 3,
  "dvars_nstd": 38.564305568266214,
  "dvars_std": 1.0906996128482982,
  "dvars_vstd": 0.9992601049535611,
  "efc": 0.5254136407559749,
  "fber": 748.430419921875,
  "fd_mean": 0.08180494081406141,
  "fd_num": 2,
  "fd_perc": 0.6172839506172839,
  "fwhm_avg": 2.8869773113867225,
  "fwhm_x": 2.690655160375545,
  "fwhm_y": 2.99436,
  "fwhm_z": 2.975916773784622,
  "gcor": 0.00360884,
  "gsr_x": -0.007817010395228863,
  "gsr_y": 0.04812786355614662,
  "provenance": {
    "md5sum": "a32d7239ab9edcf78dcf683be141bd87",
    "settings": {
      "fd_thres": 0.2,
      "testing": false
    },
    "software": "mriqc",
    "version": "23.0.1",
    "webapi_port": null,
    "webapi_url": "https://mriqc.nimh.nih.gov/api/v1"
  },
  "size_t": 324,
  "size_x": 104,
  "size_y": 104,
  "size_z": 72,
  "snr": 2.782967804419746,
  "spacing_tr": 0.9300000071525574,
  "spacing_x": 1.9999998807907104,
  "spacing_y": 2.0,
  "spacing_z": 1.9999988079071045,
  "summary_bg_k": 32.401157413103334,
  "summary_bg_mad": 7.760781599261022,
  "summary_bg_mean": 45.60746765136719,
  "summary_bg_median": 20.716049194335938,
  "summary_bg_n": 530384.0,
  "summary_bg_p05": 14.873456954956055,
  "summary_bg_p95": 182.9748489379882,
  "summary_bg_stdv": 69.46047973632812,
  "summary_fg_k": 0.07362345135809178,
  "summary_fg_mad": 212.39419227175796,
  "summary_fg_mean": 595.60693359375,
  "summary_fg_median": 569.8858032226562,
  "summary_fg_n": 150806.0,
  "summary_fg_p05": 312.45601654052734,
  "summary_fg_p95": 961.6219329833984,
  "summary_fg_stdv": 204.77560424804688,
  "tsnr": 40.490523672662675
}