{
  "aor": 0.0013063302752293578,
  "aqi": 0.0057492388379204885,
  "bids_meta": {
    "AcquisitionMatrixPE": 104,
    "AcquisitionNumber": 1,
    "AcquisitionTime": "12:24:8.380000",
    "BandwidthPerPixelPhaseEncode": 17.17,
    "BaseResolution": 104,
    "BodyPartExamined": "BRAIN",
    "ConsistencyInfo": "N4_VE11C_LATEST_20160120",
    "ConversionSoftware": "dcm2niix",
    "ConversionSoftwareVersion": "v1.0.20171215 GCC6.3.0",
    "DerivedVendorReportedEchoSpacing": 0.000560011,
    "DeviceSerialNumber": "167001",
    "DwellTime": 2.1e-06,
    "EchoTime": 0.03,
    "EchoTrainLength": 91,
    "EffectiveEchoSpacing": 0.000560011,
    "FlipAngle": 52,
    "ImageOrientationPatientDICOM": [
      0.998687,
      0.0428543,
      0.0280833,
      -0.031385,
      0.944914,
      -0.325809
    ],
    "ImageType": [
      "ORIGINAL",
      "PRIMARY",
      "M",
      "ND",
      "MOSAIC"
    ],
    "InPlanePhaseEncodingDirectionDICOM": "COL",
    "InstitutionAddress": "Cooper_60_St._Lucia_QLD_AU_4072",
    "InstitutionName": "St_Lucia_Campus",
    "InstitutionalDepartmentName": "Gehrmann_Labs_MRI",
    "MRAcquisitionType": "2D",
    "MagneticFieldStrength": 3,
    "Manufacturer": "Siemens",
    "ManufacturersModelName": "Prisma_fit",
    "Modality": "MR",
    "MultibandAccelerationFactor": 6,
    "PartialFourier": 0.875,
    "PatientPosition": "HFS",
    "PercentPhaseFOV": 100,
    "PhaseEncodingDirection": "j",
    "PhaseEncodingSteps": 91,
    "PhaseResolution": 1,
    "PixelBandwidth": 2290,
    "ProcedureStepDescription": "Research_16092_QTAB",
    "ProtocolName": "ep2d_REST_SMS6_P-A",
    "PulseSequenceDetails": "%SiemensSeq%_ep2d_bold",
    "ReceiveCoilActiveElements": "HC1-7;NC1,2",
    "ReceiveCoilName": "HeadNeck_64",
    "ReconMatrixPE": 104,
    "RepetitionTime": 0.93,
    "SAR": 0.0595149,
    "ScanOptions": "PFP_FS",
    "ScanningSequence": "EP",
    "SequenceName": "_epfid2d1_104",
    "SequenceVariant": "SK",
    "SeriesDescription": "ep2d_REST_SMS6_P-A",
    "SeriesNumber": 10,
    "ShimSetting": [
      3068,
      -4196,
      -731,
      451,
      -25,
      -110,
      -103,
      36
    ],
    "SliceThickness": 2,
    "SliceTiming": [
      0.6825,
      0,
      0.455,
      0.075,
      0.53,
      0.15,
      0.605,
      0.3025,
      0.7575,
      0.3775,
      0.8325,
      0.2275,
      0.6825,
      0,
      0.455,
      0.075,
      0.53,
      0.15,
      0.605,
      0.3025,
      0.7575,
      0.3775,
      0.8325,
      0.2275,
      0.6825,
      0,
      0.455,
      0.075,
      0.53,
      0.15,
      0.605,
      0.3025,
      0.7575,
      0.3775,
      0.8325,
      0.2275,
      0.6825,
      0,
      0.455,
      0.075,
      0.53,
      0.15,
      0.605,
      0.3025,
      0.7575,
      0.3775,
      0.8325,
      0.2275,
      0.6825,
      0,
      0.455,
      0.075,
      0.53,
      0.15,
      0.605,
      0.3025,
      0.7575,
      0.3775,
      0.8325,
      0.2275,
      0.6825,
      0,
      0.455,
      0.075,
      0.53,
      0.15,
      0.605,
      0.3025,
      0.7575,
      0.3775,
      0.8325,
      0.2275
    ],
    "SoftwareVersions": "syngo_MR_E11",
    "SpacingBetweenSlices": 2,
    "StationName": "mrc_Trio",
    "TaskName": "rest",
    "TotalReadoutTime": 0.0576811,
    "TxRefAmp": 211.534,
    "dataset": "ds004146",
    "modality": "bold",
    "session_id": "01",
    "subject_id": "0304",
    "task_id": "rest"
  },
  "dummy_trs": 0,
  "dvars_nstd": 39.47476344901838,
  "dvars_std": 1.1117472635276087,
  "dvars_vstd": 1.0175330740184056,
  "efc": 0.5336400018342183,
  "fber": 756.5850830078125,
  "fd_mean": 0.17095867848450072,
  "fd_num": 108,
  "fd_perc": 33.027522935779814,
  "fwhm_avg": 3.018221666666667,
  "fwhm_x": 2.86219,
  "fwhm_y": 3.10324,
  "fwhm_z": 3.089235,
  "gcor": 0.0166244,
  "gsr_x": -0.021209197118878365,
  "gsr_y": 0.04480666667222977,
  "provenance": {
    "md5sum": "6c41488135152b071fd3fa58ffe57924",
    "settings": {
      "fd_thres": 0.2,
      "testing": false
    },
    "software": "mriqc",
    "version": "23.0.1",
    "webapi_port": null,
    "webapi_url": "https://mriqc.nimh.nih.gov/api/v1"
  },
  "size_t": 327,
  "size_x": 104,
  "size_y": 104,
  "size_z": 72,
  "snr": 2.7211020397031924,
  "spacing_tr": 0.9300000071525574,
  "spacing_x": 2.0,
  "spacing_y": 2.0,
  "spacing_z": 2.0,
  "summary_bg_k": 51.40314098192443,
  "summary_bg_mad": 8.92735297949924,
  "summary_bg_mean": 45.79622268676758,
  "summary_bg_median": 21.740062713623047,
  "summary_bg_n": 513643.0,
  "summary_bg_p05": 14.923547744750977,
  "summary_bg_p95": 175.73058929443349,
  "summary_bg_stdv": 69.483642578125,
  "summary_fg_k": 0.16569878367752544,
  "summary_fg_mad": 228.41822292671117,
  "summary_fg_mean": 628.1671752929688,
  "summary_fg_median": 597.83642578125,
  "summary_fg_n": 165678.0,
  "summary_fg_p05": 328.78243560791014,
  "summary_fg_p95": 1024.7407226562498,
  "summary_fg_stdv": 219.703125,
  "tsnr": 37.70174401928671
}