{
  "aor": 0.0034397859327217127,
  "aqi": 0.013883262568807338,
  "bids_meta": {
    "AcquisitionMatrixPE": 104,
    "AcquisitionNumber": 1,
    "AcquisitionTime": "11:19:41.825000",
    "BandwidthPerPixelPhaseEncode": 17.17,
    "BaseResolution": 104,
    "BodyPartExamined": "BRAIN",
    "CoilString": "HC2_4_6_7;NC2",
    "ConsistencyInfo": "N4_VE11C_LATEST_20160120",
    "ConversionSoftware": "dcm2niix",
    "ConversionSoftwareVersion": "v1.0.20181125  (JP2:OpenJPEG) GCC6.3.0",
    "DerivedVendorReportedEchoSpacing": 0.000560011,
    "DeviceSerialNumber": "167001",
    "DwellTime": 2.1e-06,
    "EchoTime": 0.03,
    "EchoTrainLength": 91,
    "EffectiveEchoSpacing": 0.000560011,
    "FlipAngle": 52,
    "ImageOrientationPatientDICOM": [
      0.996193,
      0.020096,
      -0.0848264,
      -0.0450627,
      0.951685,
      -0.303751
    ],
    "ImageType": [
      "ORIGINAL",
      "PRIMARY",
      "M",
      "ND",
      "MOSAIC"
    ],
    "ImagingFrequency": 123.229,
    "InPlanePhaseEncodingDirectionDICOM": "COL",
    "InstitutionAddress": "Cooper_60_St._Lucia_QLD_AU_4072",
    "InstitutionName": "St_Lucia_Campus",
    "InstitutionalDepartmentName": "Gehrmann_Labs_MRI",
    "MRAcquisitionType": "2D",
    "MagneticFieldStrength": 3,
    "Manufacturer": "Siemens",
    "ManufacturersModelName": "Prisma_fit",
    "Modality": "MR",
    "MultibandAccelerationFactor": 6,
    "PartialFourier": 0.875,
    "PatientPosition": "HFS",
    "PercentPhaseFOV": 100,
    "PhaseEncodingDirection": "j",
    "PhaseEncodingSteps": 91,
    "PhaseResolution": 1,
    "PixelBandwidth": 2290,
    "ProcedureStepDescription": "Research_16092_QTAB",
    "ProtocolName": "ep2d_REST_SMS6_P-A",
    "PulseSequenceDetails": "%SiemensSeq%_ep2d_bold",
    "ReceiveCoilActiveElements": "HC2,4,6,7;NC2",
    "ReceiveCoilName": "HeadNeck_64",
    "ReconMatrixPE": 104,
    "RepetitionTime": 0.93,
    "SAR": 0.0803899,
    "ScanOptions": "PFP_FS",
    "ScanningSequence": "EP",
    "SequenceName": "_epfid2d1_104",
    "SequenceVariant": "SK",
    "SeriesDescription": "ep2d_REST_SMS6_P-A",
    "SeriesNumber": 36,
    "ShimSetting": [
      3039,
      -4189,
      -840,
      661,
      -33,
      28,
      -23,
      -13
    ],
    "SliceThickness": 2,
    "SliceTiming": [
      0.6825,
      0,
      0.455,
      0.075,
      0.53,
      0.1525,
      0.6075,
      0.3025,
      0.7575,
      0.38,
      0.835,
      0.2275,
      0.6825,
      0,
      0.455,
      0.075,
      0.53,
      0.1525,
      0.6075,
      0.3025,
      0.7575,
      0.38,
      0.835,
      0.2275,
      0.6825,
      0,
      0.455,
      0.075,
      0.53,
      0.1525,
      0.6075,
      0.3025,
      0.7575,
      0.38,
      0.835,
      0.2275,
      0.6825,
      0,
      0.455,
      0.075,
      0.53,
      0.1525,
      0.6075,
      0.3025,
      0.7575,
      0.38,
      0.835,
      0.2275,
      0.6825,
      0,
      0.455,
      0.075,
      0.53,
      0.1525,
      0.6075,
      0.3025,
      0.7575,
      0.38,
      0.835,
      0.2275,
      0.6825,
      0,
      0.455,
      0.075,
      0.53,
      0.1525,
      0.6075,
      0.3025,
      0.7575,
      0.38,
      0.835,
      0.2275
    ],
    "SoftwareVersions": "syngo_MR_E11",
    "SpacingBetweenSlices": 2,
    "StationName": "mrc_Trio",
    "TaskName": "rest",
    "TotalReadoutTime": 0.0576811,
    "TxRefAmp": 209.915,
    "dataset": "ds004146",
    "modality": "bold",
    "session_id": "01",
    "subject_id": "0143",
    "task_id": "rest"
  },
  "dummy_trs": 0,
  "dvars_nstd": 63.71170261579761,
  "dvars_std": 1.0793250942638026,
  "dvars_vstd": 1.0126571711963188,
  "efc": 0.4697535083792882,
  "fber": 842.1524658203125,
  "fd_mean": 0.4865802684609012,
  "fd_num": 172,
  "fd_perc": 52.599388379204896,
  "fwhm_avg": 4.113191666666666,
  "fwhm_x": 3.923415,
  "fwhm_y": 4.08881,
  "fwhm_z": 4.32735,
  "gcor": 0.0266737,
  "gsr_x": -0.01907254010438919,
  "gsr_y": 0.051275789737701416,
  "provenance": {
    "md5sum": "f51a6cdaadad0508a521617187323e57",
    "settings": {
      "fd_thres": 0.2,
      "testing": false
    },
    "software": "mriqc",
    "version": "23.0.1",
    "webapi_port": null,
    "webapi_url": "https://mriqc.nimh.nih.gov/api/v1"
  },
  "size_t": 327,
  "size_x": 104,
  "size_y": 104,
  "size_z": 72,
  "snr": 1.8010743167242393,
  "spacing_tr": 0.9300000071525574,
  "spacing_x": 2.0,
  "spacing_y": 2.0,
  "spacing_z": 2.0,
  "summary_bg_k": 34.472086701951596,
  "summary_bg_mad": 5.2367144396287335,
  "summary_bg_mean": 28.535615921020508,
  "summary_bg_median": 15.654435157775879,
  "summary_bg_n": 541173.0,
  "summary_bg_p05": 11.565749168395996,
  "summary_bg_p95": 101.78715820312489,
  "summary_bg_stdv": 39.669715881347656,
  "summary_fg_k": 1.907418776108619,
  "summary_fg_mad": 235.73829990800837,
  "summary_fg_mean": 519.2644653320312,
  "summary_fg_median": 465.2201843261719,
  "summary_fg_n": 139624.0,
  "summary_fg_p05": 207.9729461669922,
  "summary_fg_p95": 1003.435028076172,
  "summary_fg_stdv": 258.3005676269531,
  "tsnr": 20.289378579938784
}