{
  "bids_meta": {
    "AcquisitionMatrixPE": 256,
    "AcquisitionNumber": 1,
    "AcquisitionTime": "13:19:35.487500",
    "BaseResolution": 256,
    "BodyPartExamined": "BRAIN",
    "ConsistencyInfo": "N4_VE11C_LATEST_20160120",
    "ConversionSoftware": "dcm2niix",
    "ConversionSoftwareVersion": "v1.0.20171215 GCC6.3.0",
    "DeviceSerialNumber": "167001",
    "DwellTime": 2.6e-06,
    "EchoTime": 0.408,
    "EchoTrainLength": 259,
    "FlipAngle": 120,
    "ImageOrientationPatientDICOM": [
      -0.0242853,
      0.999705,
      -1.67897e-08,
      0.0326941,
      0.000794203,
      -0.999465
    ],
    "ImageType": [
      "ORIGINAL",
      "PRIMARY",
      "M",
      "ND",
      "NORM"
    ],
    "InPlanePhaseEncodingDirectionDICOM": "ROW",
    "InstitutionAddress": "Cooper_60_St._Lucia_QLD_AU_4072",
    "InstitutionName": "St_Lucia_Campus",
    "InstitutionalDepartmentName": "Gehrmann_Labs_MRI",
    "MRAcquisitionType": "3D",
    "MagneticFieldStrength": 3,
    "Manufacturer": "Siemens",
    "ManufacturersModelName": "Prisma_fit",
    "Modality": "MR",
    "ParallelReductionFactorInPlane": 2,
    "PartialFourier": 1,
    "PatientPosition": "HFS",
    "PercentPhaseFOV": 100,
    "PhaseEncodingSteps": 233,
    "PhaseResolution": 1,
    "PixelBandwidth": 750,
    "ProcedureStepDescription": "Research_16092_QTAB",
    "ProtocolName": "t2_spc_sag_p2_iso",
    "PulseSequenceDetails": "%SiemensSeq%_tse_vfl",
    "ReceiveCoilActiveElements": "HC1-7;NC1",
    "ReceiveCoilName": "HeadNeck_64",
    "ReconMatrixPE": 256,
    "RepetitionTime": 3.2,
    "SAR": 0.200029,
    "ScanOptions": "PFP",
    "ScanningSequence": "SE",
    "SequenceName": "_spcR_282ns",
    "SequenceVariant": "SK_SP",
    "SeriesDescription": "t2_spc_sag_p2_iso",
    "SeriesNumber": 14,
    "ShimSetting": [
      3045,
      -4172,
      -1048,
      3,
      -5,
      36,
      -4,
      -10
    ],
    "SliceThickness": 1,
    "SoftwareVersions": "syngo_MR_E11",
    "StationName": "mrc_Trio",
    "TxRefAmp": 207.155,
    "dataset": "ds004146",
    "modality": "T2w",
    "session_id": "01",
    "subject_id": "0358"
  },
  "cjv": 4.782540023531058,
  "cnr": 0.20565795847145846,
  "efc": 0.6317880957931288,
  "fber": 2043.671876806567,
  "fwhm_avg": 4.079616708789275,
  "fwhm_x": 4.143850246992722,
  "fwhm_y": 4.155324938080834,
  "fwhm_z": 3.939674941294269,
  "icvs_csf": 0.40603053004902406,
  "icvs_gm": 0.45186322119015787,
  "icvs_wm": 0.14210624876081807,
  "inu_med": 0.997490406036377,
  "inu_range": 0.5337060809135433,
  "provenance": {
    "md5sum": "c990f84b685f9bebba227bfd8f42e437",
    "settings": {
      "testing": false
    },
    "software": "mriqc",
    "version": "23.0.1",
    "warnings": {
      "large_rot_frame": true,
      "small_air_mask": false
    },
    "webapi_port": null,
    "webapi_url": "https://mriqc.nimh.nih.gov/api/v1"
  },
  "qi_1": 0.07472393922411627,
  "qi_2": 0.002806769603339856,
  "rpve_csf": 12.731600257312596,
  "rpve_gm": 11.877398417832957,
  "rpve_wm": 38.17702655772682,
  "size_x": 192,
  "size_y": 300,
  "size_z": 320,
  "snr_csf": 14.439505460751255,
  "snr_gm": 11.577455214928035,
  "snr_total": 8.903206851797897,
  "snr_wm": 0.692659879714402,
  "snrd_csf": 13.278864283415436,
  "snrd_gm": 8.610351354647086,
  "snrd_total": 9.506748020343112,
  "snrd_wm": 6.631028422966818,
  "spacing_x": 0.7999999523162842,
  "spacing_y": 0.800000011920929,
  "spacing_z": 0.800000011920929,
  "summary_bg_k": 5.922199371847309,
  "summary_bg_mad": 0.0,
  "summary_bg_mean": 48.714836990333325,
  "summary_bg_median": 0.0,
  "summary_bg_n": 2006039.0,
  "summary_bg_p05": 0.0,
  "summary_bg_p95": 322.6482508480549,
  "summary_bg_stdv": 102.86282156208136,
  "summary_csf_k": 0.2892928864324009,
  "summary_csf_mad": 141.65502631531547,
  "summary_csf_mean": 2092.2301668474097,
  "summary_csf_median": 2084.9115502238274,
  "summary_csf_n": 120247.0,
  "summary_csf_p05": 1869.605741262436,
  "summary_csf_p95": 2339.4675926357504,
  "summary_csf_stdv": 144.38880102824203,
  "summary_gm_k": -0.10606334858648614,
  "summary_gm_mad": 120.48156990425288,
  "summary_gm_mean": 1353.6601860231438,
  "summary_gm_median": 1351.9093657135963,
  "summary_gm_n": 188445.0,
  "summary_gm_p05": 1166.4079657793045,
  "summary_gm_p95": 1547.2679530084133,
  "summary_gm_stdv": 116.77054703287358,
  "summary_wm_k": -1.7065233407376732,
  "summary_wm_mad": 1365.8030116462057,
  "summary_wm_mean": 1854.7604751374283,
  "summary_wm_median": 1041.1363090872765,
  "summary_wm_n": 44725.0,
  "summary_wm_p05": 160.58677676320076,
  "summary_wm_p95": 4022.229183244704,
  "summary_wm_stdv": 1503.0821045116136,
  "tpm_overlap_csf": 0.1151319071739062,
  "tpm_overlap_gm": 0.3085472908923748,
  "tpm_overlap_wm": 0.06978860749283118,
  "wm2max": 0.2694656488549618
}