{
  "bids_meta": {
    "AcquisitionMatrixPE": 256,
    "AcquisitionNumber": 1,
    "AcquisitionTime": "13:50:14.972500",
    "BaseResolution": 256,
    "BodyPartExamined": "BRAIN",
    "ConsistencyInfo": "N4_VE11C_LATEST_20160120",
    "ConversionSoftware": "dcm2niix",
    "ConversionSoftwareVersion": "v1.0.20171215 GCC6.3.0",
    "DeviceSerialNumber": "167001",
    "DwellTime": 2.6e-06,
    "EchoTime": 0.408,
    "EchoTrainLength": 259,
    "FlipAngle": 120,
    "ImageOrientationPatientDICOM": [
      -0.0289658,
      0.99958,
      -7.40887e-08,
      0.00636434,
      0.000184351,
      -0.99998
    ],
    "ImageType": [
      "ORIGINAL",
      "PRIMARY",
      "M",
      "ND",
      "NORM"
    ],
    "InPlanePhaseEncodingDirectionDICOM": "ROW",
    "InstitutionAddress": "Cooper_60_St._Lucia_QLD_AU_4072",
    "InstitutionName": "St_Lucia_Campus",
    "InstitutionalDepartmentName": "Gehrmann_Labs_MRI",
    "MRAcquisitionType": "3D",
    "MagneticFieldStrength": 3,
    "Manufacturer": "Siemens",
    "ManufacturersModelName": "Prisma_fit",
    "Modality": "MR",
    "ParallelReductionFactorInPlane": 2,
    "PartialFourier": 1,
    "PatientPosition": "HFS",
    "PercentPhaseFOV": 100,
    "PhaseEncodingSteps": 233,
    "PhaseResolution": 1,
    "PixelBandwidth": 750,
    "ProcedureStepDescription": "Research_16092_QTAB",
    "ProtocolName": "t2_spc_sag_p2_iso",
    "PulseSequenceDetails": "%SiemensSeq%_tse_vfl",
    "ReceiveCoilActiveElements": "HC1-7;NC1",
    "ReceiveCoilName": "HeadNeck_64",
    "ReconMatrixPE": 256,
    "RepetitionTime": 3.2,
    "SAR": 0.211014,
    "ScanOptions": "PFP",
    "ScanningSequence": "SE",
    "SequenceName": "_spcR_282ns",
    "SequenceVariant": "SK_SP",
    "SeriesDescription": "t2_spc_sag_p2_iso",
    "SeriesNumber": 19,
    "ShimSetting": [
      3045,
      -4172,
      -1048,
      3,
      -5,
      36,
      -4,
      -10
    ],
    "SliceThickness": 1,
    "SoftwareVersions": "syngo_MR_E11",
    "StationName": "mrc_Trio",
    "TxRefAmp": 208.073,
    "dataset": "ds004146",
    "modality": "T2w",
    "session_id": "01",
    "subject_id": "0064"
  },
  "cjv": 1.5382993835606344,
  "cnr": 0.8856923629199569,
  "efc": 0.5968940858589217,
  "fber": -1.0,
  "fwhm_avg": 4.165420879871777,
  "fwhm_x": 4.373137760659323,
  "fwhm_y": 4.474474933325128,
  "fwhm_z": 3.648649945630879,
  "icvs_csf": 0.515610564942457,
  "icvs_gm": 0.37127402711451685,
  "icvs_wm": 0.11311540794302609,
  "inu_med": 1.0004081726074219,
  "inu_range": 0.267116093635559,
  "provenance": {
    "md5sum": "b3ce8887de0163c620f3c8f2747befb7",
    "settings": {
      "testing": false
    },
    "software": "mriqc",
    "version": "23.0.1",
    "warnings": {
      "large_rot_frame": true,
      "small_air_mask": false
    },
    "webapi_port": null,
    "webapi_url": "https://mriqc.nimh.nih.gov/api/v1"
  },
  "qi_1": 0.14005992766344158,
  "qi_2": 0.007526083991226274,
  "rpve_csf": 10.281596586447659,
  "rpve_gm": 13.724028922601468,
  "rpve_wm": 40.27662496051662,
  "size_x": 192,
  "size_y": 300,
  "size_z": 320,
  "snr_csf": 19.546515953555566,
  "snr_gm": 15.318145819345524,
  "snr_total": 12.143508885250542,
  "snr_wm": 1.565864882850536,
  "snrd_csf": 131.36004384932315,
  "snrd_gm": 89.83819090844513,
  "snrd_total": 142.76203337719102,
  "snrd_wm": 207.08786537380476,
  "spacing_x": 0.7999999523162842,
  "spacing_y": 0.800000011920929,
  "spacing_z": 0.800000011920929,
  "summary_bg_k": 33.36109735493731,
  "summary_bg_mad": 0.0,
  "summary_bg_mean": 0.825234804570006,
  "summary_bg_median": 0.0,
  "summary_bg_n": 1269701.0,
  "summary_bg_p05": 0.0,
  "summary_bg_p95": 5.809826845303178,
  "summary_bg_stdv": 3.171052330020602,
  "summary_csf_k": 0.09656778991112835,
  "summary_csf_mad": 32.466880486847295,
  "summary_csf_mean": 636.5090054377167,
  "summary_csf_median": 635.8211406357586,
  "summary_csf_n": 363718.0,
  "summary_csf_p05": 584.663117825985,
  "summary_csf_p95": 690.8173295967281,
  "summary_csf_stdv": 32.52857276908512,
  "summary_gm_k": -0.07056576016718896,
  "summary_gm_mad": 28.8421267230096,
  "summary_gm_mean": 434.9807621135654,
  "summary_gm_median": 434.8431938830763,
  "summary_gm_n": 386336.0,
  "summary_gm_p05": 388.4960231669247,
  "summary_gm_p95": 481.742429593578,
  "summary_gm_stdv": 28.387419484872414,
  "summary_wm_k": -1.7664674213449694,
  "summary_wm_mad": 844.1778685049526,
  "summary_wm_mean": 817.5071811765425,
  "summary_wm_median": 1002.3660080749542,
  "summary_wm_n": 60983.0,
  "summary_wm_p05": 26.291438135690996,
  "summary_wm_p95": 1588.6826920030637,
  "summary_wm_stdv": 640.1304484275504,
  "tpm_overlap_csf": 0.10673272906274867,
  "tpm_overlap_gm": 0.21688188672623948,
  "tpm_overlap_wm": 0.03280122898708209,
  "wm2max": 0.6482649574102726
}