{
  "aor": 0.000867723076923077,
  "aqi": 0.00584023843076923,
  "bids_meta": {
    "AcquisitionMatrixPE": 104,
    "AcquisitionNumber": 1,
    "AcquisitionTime": "15:40:53.575000",
    "BandwidthPerPixelPhaseEncode": 17.17,
    "BaseResolution": 104,
    "BodyPartExamined": "BRAIN",
    "CoilString": "HC1-7;NC1_2",
    "ConsistencyInfo": "N4_VE11C_LATEST_20160120",
    "ConversionSoftware": "dcm2niix",
    "ConversionSoftwareVersion": "v1.0.20181125  (JP2:OpenJPEG) GCC6.3.0",
    "DerivedVendorReportedEchoSpacing": 0.000560011,
    "DeviceSerialNumber": "167001",
    "DwellTime": 2.1e-06,
    "EchoTime": 0.03,
    "EchoTrainLength": 91,
    "EffectiveEchoSpacing": 0.000560011,
    "FlipAngle": 52,
    "ImageOrientationPatientDICOM": [
      0.99829,
      0.0309187,
      -0.0496012,
      -0.0397464,
      0.981317,
      -0.18825
    ],
    "ImageType": [
      "ORIGINAL",
      "PRIMARY",
      "M",
      "ND",
      "MOSAIC"
    ],
    "ImagingFrequency": 123.229,
    "InPlanePhaseEncodingDirectionDICOM": "COL",
    "InstitutionAddress": "Cooper_60_St._Lucia_QLD_AU_4072",
    "InstitutionName": "St_Lucia_Campus",
    "InstitutionalDepartmentName": "Gehrmann_Labs_MRI",
    "MRAcquisitionType": "2D",
    "MagneticFieldStrength": 3,
    "Manufacturer": "Siemens",
    "ManufacturersModelName": "Prisma_fit",
    "Modality": "MR",
    "MultibandAccelerationFactor": 6,
    "PartialFourier": 0.875,
    "PatientPosition": "HFS",
    "PercentPhaseFOV": 100,
    "PhaseEncodingDirection": "j-",
    "PhaseEncodingSteps": 91,
    "PhaseResolution": 1,
    "PixelBandwidth": 2290,
    "ProcedureStepDescription": "Research_16092_QTAB",
    "ProtocolName": "ep2d_REST_SMS6_A-P",
    "PulseSequenceDetails": "%SiemensSeq%_ep2d_bold",
    "ReceiveCoilActiveElements": "HC1-7;NC1,2",
    "ReceiveCoilName": "HeadNeck_64",
    "ReconMatrixPE": 104,
    "RepetitionTime": 0.93,
    "SAR": 0.0819483,
    "ScanOptions": "PFP_FS",
    "ScanningSequence": "EP",
    "SequenceName": "_epfid2d1_104",
    "SequenceVariant": "SK",
    "SeriesDescription": "ep2d_REST_SMS6_A-P",
    "SeriesNumber": 9,
    "ShimSetting": [
      3040,
      -4216,
      -772,
      437,
      24,
      -161,
      45,
      36
    ],
    "SliceThickness": 2,
    "SliceTiming": [
      0.6825,
      0,
      0.455,
      0.075,
      0.53,
      0.1525,
      0.6075,
      0.3025,
      0.7575,
      0.38,
      0.835,
      0.2275,
      0.6825,
      0,
      0.455,
      0.075,
      0.53,
      0.1525,
      0.6075,
      0.3025,
      0.7575,
      0.38,
      0.835,
      0.2275,
      0.6825,
      0,
      0.455,
      0.075,
      0.53,
      0.1525,
      0.6075,
      0.3025,
      0.7575,
      0.38,
      0.835,
      0.2275,
      0.6825,
      0,
      0.455,
      0.075,
      0.53,
      0.1525,
      0.6075,
      0.3025,
      0.7575,
      0.38,
      0.835,
      0.2275,
      0.6825,
      0,
      0.455,
      0.075,
      0.53,
      0.1525,
      0.6075,
      0.3025,
      0.7575,
      0.38,
      0.835,
      0.2275,
      0.6825,
      0,
      0.455,
      0.075,
      0.53,
      0.1525,
      0.6075,
      0.3025,
      0.7575,
      0.38,
      0.835,
      0.2275
    ],
    "SoftwareVersions": "syngo_MR_E11",
    "SpacingBetweenSlices": 2,
    "StationName": "mrc_Trio",
    "TaskName": "rest",
    "TotalReadoutTime": 0.0576811,
    "TxRefAmp": 208.259,
    "dataset": "ds004146",
    "modality": "bold",
    "session_id": "01",
    "subject_id": "0030",
    "task_id": "rest"
  },
  "dummy_trs": 2,
  "dvars_nstd": 41.430332689969106,
  "dvars_std": 1.1489970552160498,
  "dvars_vstd": 1.0103728221296304,
  "efc": 0.5360399485800325,
  "fber": 861.6050415039062,
  "fd_mean": 0.1793456403991997,
  "fd_num": 142,
  "fd_perc": 43.69230769230769,
  "fwhm_avg": 3.2773866666666667,
  "fwhm_x": 3.006735,
  "fwhm_y": 3.415825,
  "fwhm_z": 3.4096,
  "gcor": 0.00972209,
  "gsr_x": -0.016712736338377,
  "gsr_y": 0.058292366564273834,
  "provenance": {
    "md5sum": "6e71f6bd65913bf28e9d4ee90b100477",
    "settings": {
      "fd_thres": 0.2,
      "testing": false
    },
    "software": "mriqc",
    "version": "23.0.1",
    "webapi_port": null,
    "webapi_url": "https://mriqc.nimh.nih.gov/api/v1"
  },
  "size_t": 325,
  "size_x": 104,
  "size_y": 104,
  "size_z": 72,
  "snr": 2.59267052668308,
  "spacing_tr": 0.9300000071525574,
  "spacing_x": 2.0,
  "spacing_y": 2.0,
  "spacing_z": 2.0,
  "summary_bg_k": 44.33929908209214,
  "summary_bg_mad": 6.993321562429703,
  "summary_bg_mean": 37.59143829345703,
  "summary_bg_median": 20.058462142944336,
  "summary_bg_n": 491244.0,
  "summary_bg_p05": 14.760000228881836,
  "summary_bg_p95": 116.43030967712396,
  "summary_bg_stdv": 54.55630874633789,
  "summary_fg_k": 1.0681173666009292,
  "summary_fg_mad": 209.11760879215166,
  "summary_fg_mean": 638.1591186523438,
  "summary_fg_median": 597.2338256835938,
  "summary_fg_n": 183110.0,
  "summary_fg_p05": 345.94568939208983,
  "summary_fg_p95": 1078.1729187011717,
  "summary_fg_stdv": 230.35406494140625,
  "tsnr": 39.150628075702116
}