{
  "aor": 0.00048464379947229554,
  "aqi": 0.019567900527704487,
  "bids_meta": {
    "AcquisitionMatrixPE": 90,
    "AcquisitionNumber": 1,
    "AcquisitionTime": "11:40:57.017500",
    "BandwidthPerPixelPhaseEncode": 21.368,
    "BaseResolution": 90,
    "BodyPartExamined": "BRAIN",
    "CoilString": "HC1-7;NC1_2",
    "ConsistencyInfo": "N4_VE11C_LATEST_20160120",
    "ConversionSoftware": "dcm2niix",
    "ConversionSoftwareVersion": "v1.0.20190410  GCC6.3.0",
    "DerivedVendorReportedEchoSpacing": 0.000519988,
    "DeviceSerialNumber": "167001",
    "DwellTime": 2.2e-06,
    "EchoTime": 0.03,
    "EchoTrainLength": 90,
    "EffectiveEchoSpacing": 0.000519988,
    "FlipAngle": 52,
    "ImageOrientationPatientDICOM": [
      0.997903,
      0.0609681,
      -0.0217146,
      -0.0634822,
      0.987381,
      -0.145079
    ],
    "ImageType": [
      "ORIGINAL",
      "PRIMARY",
      "M",
      "ND",
      "NORM",
      "MOSAIC"
    ],
    "ImagingFrequency": 123.229,
    "InPlanePhaseEncodingDirectionDICOM": "COL",
    "InstitutionAddress": "Cooper_60_St._Lucia_QLD_AU_4072",
    "InstitutionName": "Centre_for_Advanced_Imaging",
    "InstitutionalDepartmentName": "Gehrmann_Labs_MRI",
    "MRAcquisitionType": "2D",
    "MagneticFieldStrength": 3,
    "Manufacturer": "Siemens",
    "ManufacturersModelName": "Prisma_fit",
    "Modality": "MR",
    "MultibandAccelerationFactor": 6,
    "PartialFourier": 1,
    "PatientPosition": "HFS",
    "PercentPhaseFOV": 100,
    "PhaseEncodingDirection": "j-",
    "PhaseEncodingSteps": 90,
    "PhaseResolution": 1,
    "PixelBandwidth": 2525,
    "ProcedureStepDescription": "Research_16092_QTAB",
    "ProtocolName": "PARTLY_CLOUDY_mb6_2.4",
    "PulseSequenceDetails": "%SiemensSeq%_ep2d_bold",
    "ReceiveCoilActiveElements": "HC1-7;NC1,2",
    "ReceiveCoilName": "HeadNeck_64",
    "ReconMatrixPE": 90,
    "RefLinesPE": 12,
    "RepetitionTime": 0.8,
    "SAR": 0.0743146,
    "ScanOptions": "FS",
    "ScanningSequence": "EP",
    "SequenceName": "_epfid2d1_90",
    "SequenceVariant": "SK",
    "SeriesDescription": "PARTLY_CLOUDY_mb6_2.4",
    "SeriesNumber": 19,
    "ShimSetting": [
      3030,
      -4207,
      -765,
      543,
      2,
      104,
      135,
      -27
    ],
    "SliceThickness": 2.4,
    "SliceTiming": [
      0.545,
      0,
      0.39,
      0.0775,
      0.4675,
      0.2325,
      0.6225,
      0.31,
      0.7,
      0.155,
      0.545,
      0,
      0.39,
      0.0775,
      0.4675,
      0.2325,
      0.6225,
      0.31,
      0.7,
      0.155,
      0.545,
      0,
      0.39,
      0.0775,
      0.4675,
      0.2325,
      0.6225,
      0.31,
      0.7,
      0.155,
      0.545,
      0,
      0.39,
      0.0775,
      0.4675,
      0.2325,
      0.6225,
      0.31,
      0.7,
      0.155,
      0.545,
      0,
      0.39,
      0.0775,
      0.4675,
      0.2325,
      0.6225,
      0.31,
      0.7,
      0.155,
      0.545,
      0,
      0.39,
      0.0775,
      0.4675,
      0.2325,
      0.6225,
      0.31,
      0.7,
      0.155
    ],
    "SoftwareVersions": "syngo_MR_E11",
    "SpacingBetweenSlices": 2.4,
    "StationName": "mrc_Trio",
    "TaskName": "partlycloudy",
    "TotalReadoutTime": 0.046279,
    "TxRefAmp": 213.125,
    "dataset": "ds004146",
    "modality": "bold",
    "session_id": "02",
    "subject_id": "0050",
    "task_id": "partlycloudy"
  },
  "dummy_trs": 1,
  "dvars_nstd": 32.81021633378307,
  "dvars_std": 1.1435549258465616,
  "dvars_vstd": 0.9871554835714283,
  "efc": 0.476061403635886,
  "fber": 8199.81640625,
  "fd_mean": 0.2279737727517106,
  "fd_num": 203,
  "fd_perc": 53.562005277044854,
  "fwhm_avg": 1.8452985377855355,
  "fwhm_x": 1.725883264752894,
  "fwhm_y": 1.9875332543558577,
  "fwhm_z": 1.822479094247854,
  "gcor": 0.0114194,
  "gsr_x": -0.025060005486011505,
  "gsr_y": 0.03073899634182453,
  "provenance": {
    "md5sum": "d633d2ff6dfc2f418ea3079be4f0313a",
    "settings": {
      "fd_thres": 0.2,
      "testing": false
    },
    "software": "mriqc",
    "version": "23.0.1",
    "webapi_port": null,
    "webapi_url": "https://mriqc.nimh.nih.gov/api/v1"
  },
  "size_t": 379,
  "size_x": 90,
  "size_y": 90,
  "size_z": 60,
  "snr": 7.361090519483766,
  "spacing_tr": 0.800000011920929,
  "spacing_x": 2.4000000953674316,
  "spacing_y": 2.4000000953674316,
  "spacing_z": 2.4000000953674316,
  "summary_bg_k": 35.83179577961089,
  "summary_bg_mad": 4.686431048229164,
  "summary_bg_mean": 20.77345085144043,
  "summary_bg_median": 6.97097635269165,
  "summary_bg_n": 328827.0,
  "summary_bg_p05": 3.079155683517456,
  "summary_bg_p95": 83.64749679565436,
  "summary_bg_stdv": 45.20583724975586,
  "summary_fg_k": 2.172042462750982,
  "summary_fg_mad": 83.12938151422497,
  "summary_fg_mean": 640.6636962890625,
  "summary_fg_median": 640.1557006835938,
  "summary_fg_n": 86192.0,
  "summary_fg_p05": 508.1986968994141,
  "summary_fg_p95": 777.2270538330077,
  "summary_fg_stdv": 86.96428680419922,
  "tsnr": 44.88870376953855
}