{
  "bids_meta": {
    "AcquisitionMatrixPE": 256,
    "AcquisitionNumber": 1,
    "AcquisitionTime": "12:49:19.517500",
    "BaseResolution": 256,
    "BodyPartExamined": "BRAIN",
    "ConsistencyInfo": "N4_VE11C_LATEST_20160120",
    "ConversionSoftware": "dcm2niix",
    "ConversionSoftwareVersion": "v1.0.20171215 GCC6.3.0",
    "DeviceSerialNumber": "167001",
    "DwellTime": 2.6e-06,
    "EchoTime": 0.408,
    "EchoTrainLength": 259,
    "FlipAngle": 120,
    "ImageOrientationPatientDICOM": [
      0,
      0.989526,
      0.144356,
      0,
      0.144356,
      -0.989526
    ],
    "ImageType": [
      "ORIGINAL",
      "PRIMARY",
      "M",
      "ND",
      "NORM"
    ],
    "InPlanePhaseEncodingDirectionDICOM": "ROW",
    "InstitutionAddress": "Cooper_60_St._Lucia_QLD_AU_4072",
    "InstitutionName": "Centre_for_Advanced_Imaging",
    "InstitutionalDepartmentName": "Gehrmann_Labs_MRI",
    "MRAcquisitionType": "3D",
    "MagneticFieldStrength": 3,
    "Manufacturer": "Siemens",
    "ManufacturersModelName": "Prisma_fit",
    "Modality": "MR",
    "ParallelReductionFactorInPlane": 2,
    "PartialFourier": 1,
    "PatientPosition": "HFS",
    "PercentPhaseFOV": 100,
    "PhaseEncodingSteps": 233,
    "PhaseResolution": 1,
    "PixelBandwidth": 750,
    "ProcedureStepDescription": "Research_16092_QTAB",
    "ProtocolName": "t2_spc_sag_p2_iso",
    "PulseSequenceDetails": "%SiemensSeq%_tse_vfl",
    "ReceiveCoilActiveElements": "HC1-7;NC1,2",
    "ReceiveCoilName": "HeadNeck_64",
    "ReconMatrixPE": 256,
    "RepetitionTime": 3.2,
    "SAR": 0.163734,
    "ScanOptions": "PFP",
    "ScanningSequence": "SE",
    "SequenceName": "_spcR_282ns",
    "SequenceVariant": "SK_SP",
    "SeriesDescription": "t2_spc_sag_p2_iso",
    "SeriesNumber": 16,
    "ShimSetting": [
      3049,
      -4116,
      -1083,
      143,
      -7,
      49,
      -24,
      -19
    ],
    "SliceThickness": 1,
    "SoftwareVersions": "syngo_MR_E11",
    "StationName": "mrc_Trio",
    "TxRefAmp": 215.064,
    "dataset": "ds004146",
    "modality": "T2w",
    "session_id": "01",
    "subject_id": "0404"
  },
  "cjv": 1.7270468259206595,
  "cnr": 0.923476085754987,
  "efc": 0.6106046828928946,
  "fber": -1.0,
  "fwhm_avg": 4.325041714604951,
  "fwhm_x": 4.525275269727425,
  "fwhm_y": 4.56238743201513,
  "fwhm_z": 3.887462442072296,
  "icvs_csf": 0.4340699038278576,
  "icvs_gm": 0.13496620390781966,
  "icvs_wm": 0.43096389226432275,
  "inu_med": 1.0034451484680176,
  "inu_range": 0.2966901779174804,
  "provenance": {
    "md5sum": "ae3af75539f719649a2b03c9dfcbf643",
    "settings": {
      "testing": false
    },
    "software": "mriqc",
    "version": "23.0.1",
    "warnings": {
      "large_rot_frame": true,
      "small_air_mask": false
    },
    "webapi_port": null,
    "webapi_url": "https://mriqc.nimh.nih.gov/api/v1"
  },
  "qi_1": 0.0,
  "qi_2": 0.01012971562621397,
  "rpve_csf": 10.485082940138856,
  "rpve_gm": 32.96323646993929,
  "rpve_wm": 11.153172386456864,
  "size_x": 192,
  "size_y": 300,
  "size_z": 320,
  "snr_csf": 16.26830353764414,
  "snr_gm": 1.46805735465788,
  "snr_total": 10.23879644343206,
  "snr_wm": 12.980028437994157,
  "snrd_csf": 94.90334205862824,
  "snrd_gm": 169.378505074444,
  "snrd_total": 109.00627840063923,
  "snrd_wm": 62.73698806884539,
  "spacing_x": 0.7999999523162842,
  "spacing_y": 0.800000011920929,
  "spacing_z": 0.800000011920929,
  "summary_bg_k": 11.14619936189059,
  "summary_bg_mad": 0.0,
  "summary_bg_mean": 5.4239447392485465,
  "summary_bg_median": 0.0,
  "summary_bg_n": 2196433.0,
  "summary_bg_p05": 0.0,
  "summary_bg_p95": 19.60629913955927,
  "summary_bg_stdv": 10.441763817183006,
  "summary_csf_k": 0.9138728995727985,
  "summary_csf_mad": 86.62132614433062,
  "summary_csf_mean": 1517.8695848053721,
  "summary_csf_median": 1512.5984195619822,
  "summary_csf_n": 158680.0,
  "summary_csf_p05": 1376.1417271569371,
  "summary_csf_p95": 1677.2440882399678,
  "summary_csf_stdv": 92.97795863368664,
  "summary_gm_k": -1.5974647482399624,
  "summary_gm_mad": 2855.235033474445,
  "summary_gm_mean": 2489.203811048972,
  "summary_gm_median": 2699.6062891557813,
  "summary_gm_n": 92293.0,
  "summary_gm_p05": 75.74803121387959,
  "summary_gm_p95": 4784.881871938705,
  "summary_gm_stdv": 1838.8870539394163,
  "summary_wm_k": -0.07289004445178682,
  "summary_wm_mad": 80.20060789913092,
  "summary_wm_mean": 999.0387985679266,
  "summary_wm_median": 999.9212561175227,
  "summary_wm_n": 346835.0,
  "summary_wm_p05": 872.7559022605419,
  "summary_wm_p95": 1121.4173186570406,
  "summary_wm_stdv": 77.03525607813238,
  "tpm_overlap_csf": 0.10889168575945199,
  "tpm_overlap_gm": 0.07603428216778217,
  "tpm_overlap_wm": 0.41888655342916553,
  "wm2max": 0.212265570153445
}