{
  "aor": 0.0005050613496932515,
  "aqi": 0.006297454693251534,
  "bids_meta": {
    "AcquisitionMatrixPE": 104,
    "AcquisitionNumber": 1,
    "AcquisitionTime": "15:43:2.632500",
    "BandwidthPerPixelPhaseEncode": 17.17,
    "BaseResolution": 104,
    "BodyPartExamined": "BRAIN",
    "ConsistencyInfo": "N4_VE11C_LATEST_20160120",
    "ConversionSoftware": "dcm2niix",
    "ConversionSoftwareVersion": "v1.0.20171215 GCC6.3.0",
    "DerivedVendorReportedEchoSpacing": 0.000560011,
    "DeviceSerialNumber": "167001",
    "DwellTime": 2.1e-06,
    "EchoTime": 0.03,
    "EchoTrainLength": 91,
    "EffectiveEchoSpacing": 0.000560011,
    "FlipAngle": 52,
    "ImageOrientationPatientDICOM": [
      0.994446,
      0.0971256,
      -0.0405352,
      -0.101012,
      0.988948,
      -0.108524
    ],
    "ImageType": [
      "ORIGINAL",
      "PRIMARY",
      "M",
      "ND",
      "MOSAIC"
    ],
    "InPlanePhaseEncodingDirectionDICOM": "COL",
    "InstitutionAddress": "Cooper_60_St._Lucia_QLD_AU_4072",
    "InstitutionName": "St_Lucia_Campus",
    "InstitutionalDepartmentName": "Gehrmann_Labs_MRI",
    "MRAcquisitionType": "2D",
    "MagneticFieldStrength": 3,
    "Manufacturer": "Siemens",
    "ManufacturersModelName": "Prisma_fit",
    "Modality": "MR",
    "MultibandAccelerationFactor": 6,
    "PartialFourier": 0.875,
    "PatientPosition": "HFS",
    "PercentPhaseFOV": 100,
    "PhaseEncodingDirection": "j-",
    "PhaseEncodingSteps": 91,
    "PhaseResolution": 1,
    "PixelBandwidth": 2290,
    "ProcedureStepDescription": "Research_16092_QTAB",
    "ProtocolName": "ep2d_REST_SMS6_A-P",
    "PulseSequenceDetails": "%SiemensSeq%_ep2d_bold",
    "ReceiveCoilActiveElements": "HC1-7;NC1,2",
    "ReceiveCoilName": "HeadNeck_64",
    "ReconMatrixPE": 104,
    "RepetitionTime": 0.93,
    "SAR": 0.0616859,
    "ScanOptions": "PFP_FS",
    "ScanningSequence": "EP",
    "SequenceName": "_epfid2d1_104",
    "SequenceVariant": "SK",
    "SeriesDescription": "ep2d_REST_SMS6_A-P",
    "SeriesNumber": 9,
    "ShimSetting": [
      3044,
      -4187,
      -789,
      516,
      0,
      -92,
      -98,
      -3
    ],
    "SliceThickness": 2,
    "SliceTiming": [
      0.6825,
      0,
      0.455,
      0.075,
      0.53,
      0.1525,
      0.6075,
      0.3025,
      0.7575,
      0.38,
      0.835,
      0.2275,
      0.6825,
      0,
      0.455,
      0.075,
      0.53,
      0.1525,
      0.6075,
      0.3025,
      0.7575,
      0.38,
      0.835,
      0.2275,
      0.6825,
      0,
      0.455,
      0.075,
      0.53,
      0.1525,
      0.6075,
      0.3025,
      0.7575,
      0.38,
      0.835,
      0.2275,
      0.6825,
      0,
      0.455,
      0.075,
      0.53,
      0.1525,
      0.6075,
      0.3025,
      0.7575,
      0.38,
      0.835,
      0.2275,
      0.6825,
      0,
      0.455,
      0.075,
      0.53,
      0.1525,
      0.6075,
      0.3025,
      0.7575,
      0.38,
      0.835,
      0.2275,
      0.6825,
      0,
      0.455,
      0.075,
      0.53,
      0.1525,
      0.6075,
      0.3025,
      0.7575,
      0.38,
      0.835,
      0.2275
    ],
    "SoftwareVersions": "syngo_MR_E11",
    "SpacingBetweenSlices": 2,
    "StationName": "mrc_Trio",
    "TaskName": "rest",
    "TotalReadoutTime": 0.0576811,
    "TxRefAmp": 210.144,
    "dataset": "ds004146",
    "modality": "bold",
    "session_id": "01",
    "subject_id": "0372",
    "task_id": "rest"
  },
  "dummy_trs": 1,
  "dvars_nstd": 41.256640249415376,
  "dvars_std": 1.106684066307692,
  "dvars_vstd": 1.0085446589846154,
  "efc": 0.48918700363248563,
  "fber": 1014.5157470703125,
  "fd_mean": 0.24372902376770553,
  "fd_num": 199,
  "fd_perc": 61.04294478527607,
  "fwhm_avg": 2.7857083333333335,
  "fwhm_x": 2.577545,
  "fwhm_y": 2.94853,
  "fwhm_z": 2.83105,
  "gcor": 0.0101208,
  "gsr_x": -0.014094159007072449,
  "gsr_y": 0.06397790461778641,
  "provenance": {
    "md5sum": "dcc687a8d6b66e23d1834e969db0ac41",
    "settings": {
      "fd_thres": 0.2,
      "testing": false
    },
    "software": "mriqc",
    "version": "23.0.1",
    "webapi_port": null,
    "webapi_url": "https://mriqc.nimh.nih.gov/api/v1"
  },
  "size_t": 326,
  "size_x": 104,
  "size_y": 104,
  "size_z": 72,
  "snr": 3.260665002662087,
  "spacing_tr": 0.9300000071525574,
  "spacing_x": 2.0,
  "spacing_y": 2.0,
  "spacing_z": 2.0,
  "summary_bg_k": 45.82744549220073,
  "summary_bg_mad": 4.029402378386926,
  "summary_bg_mean": 32.3780517578125,
  "summary_bg_median": 17.220857620239258,
  "summary_bg_n": 555919.0,
  "summary_bg_p05": 13.950613307952885,
  "summary_bg_p95": 106.24601287841783,
  "summary_bg_stdv": 46.52397537231445,
  "summary_fg_k": 0.34920679157444967,
  "summary_fg_mad": 172.09327421564,
  "summary_fg_mean": 569.9072265625,
  "summary_fg_median": 555.8281860351562,
  "summary_fg_n": 127936.0,
  "summary_fg_p05": 329.0720901489258,
  "summary_fg_p95": 868.8926391601562,
  "summary_fg_stdv": 170.46400451660156,
  "tsnr": 37.509926821803674
}