{
  "aor": 0.0005579683377308708,
  "aqi": 0.012105461556728233,
  "bids_meta": {
    "AcquisitionMatrixPE": 90,
    "AcquisitionNumber": 1,
    "AcquisitionTime": "10:11:20.932500",
    "BandwidthPerPixelPhaseEncode": 21.368,
    "BaseResolution": 90,
    "BodyPartExamined": "BRAIN",
    "CoilString": "HC1-7;NC1_2",
    "ConsistencyInfo": "N4_VE11C_LATEST_20160120",
    "ConversionSoftware": "dcm2niix",
    "ConversionSoftwareVersion": "v1.0.20190410  GCC6.3.0",
    "DerivedVendorReportedEchoSpacing": 0.000519988,
    "DeviceSerialNumber": "167001",
    "DwellTime": 2.2e-06,
    "EchoTime": 0.03,
    "EchoTrainLength": 90,
    "EffectiveEchoSpacing": 0.000519988,
    "FlipAngle": 52,
    "ImageOrientationPatientDICOM": [
      0.999659,
      -0.0260603,
      -0.00151676,
      0.0254787,
      0.986695,
      -0.160573
    ],
    "ImageType": [
      "ORIGINAL",
      "PRIMARY",
      "M",
      "ND",
      "NORM",
      "MOSAIC"
    ],
    "ImagingFrequency": 123.229,
    "InPlanePhaseEncodingDirectionDICOM": "COL",
    "InstitutionAddress": "Cooper_60_St._Lucia_QLD_AU_4072",
    "InstitutionName": "St_Lucia_Campus",
    "InstitutionalDepartmentName": "Gehrmann_Labs_MRI",
    "MRAcquisitionType": "2D",
    "MagneticFieldStrength": 3,
    "Manufacturer": "Siemens",
    "ManufacturersModelName": "Prisma_fit",
    "Modality": "MR",
    "MultibandAccelerationFactor": 6,
    "PartialFourier": 1,
    "PatientPosition": "HFS",
    "PercentPhaseFOV": 100,
    "PhaseEncodingDirection": "j-",
    "PhaseEncodingSteps": 90,
    "PhaseResolution": 1,
    "PixelBandwidth": 2525,
    "ProcedureStepDescription": "Research_16092_QTAB",
    "ProtocolName": "PARTLY_CLOUDY_mb6_2.4",
    "PulseSequenceDetails": "%SiemensSeq%_ep2d_bold",
    "ReceiveCoilActiveElements": "HC1-7;NC1,2",
    "ReceiveCoilName": "HeadNeck_64",
    "ReconMatrixPE": 90,
    "RefLinesPE": 12,
    "RepetitionTime": 0.8,
    "SAR": 0.0539837,
    "ScanOptions": "FS",
    "ScanningSequence": "EP",
    "SequenceName": "_epfid2d1_90",
    "SequenceVariant": "SK",
    "SeriesDescription": "PARTLY_CLOUDY_mb6_2.4",
    "SeriesNumber": 19,
    "ShimSetting": [
      3024,
      -4146,
      -758,
      553,
      -90,
      81,
      -54,
      21
    ],
    "SliceThickness": 2.4,
    "SliceTiming": [
      0.545,
      0,
      0.39,
      0.0775,
      0.4675,
      0.235,
      0.6225,
      0.3125,
      0.7025,
      0.155,
      0.545,
      0,
      0.39,
      0.0775,
      0.4675,
      0.235,
      0.6225,
      0.3125,
      0.7025,
      0.155,
      0.545,
      0,
      0.39,
      0.0775,
      0.4675,
      0.235,
      0.6225,
      0.3125,
      0.7025,
      0.155,
      0.545,
      0,
      0.39,
      0.0775,
      0.4675,
      0.235,
      0.6225,
      0.3125,
      0.7025,
      0.155,
      0.545,
      0,
      0.39,
      0.0775,
      0.4675,
      0.235,
      0.6225,
      0.3125,
      0.7025,
      0.155,
      0.545,
      0,
      0.39,
      0.0775,
      0.4675,
      0.235,
      0.6225,
      0.3125,
      0.7025,
      0.155
    ],
    "SoftwareVersions": "syngo_MR_E11",
    "SpacingBetweenSlices": 2.4,
    "StationName": "mrc_Trio",
    "TaskName": "partlycloudy",
    "TotalReadoutTime": 0.046279,
    "TxRefAmp": 213.562,
    "dataset": "ds004146",
    "modality": "bold",
    "session_id": "02",
    "subject_id": "0302",
    "task_id": "partlycloudy"
  },
  "dummy_trs": 1,
  "dvars_nstd": 40.938125176031754,
  "dvars_std": 1.362517680846561,
  "dvars_vstd": 1.006012760132275,
  "efc": 0.4732898205997876,
  "fber": 8261.015625,
  "fd_mean": 0.09595406234586398,
  "fd_num": 7,
  "fd_perc": 1.8469656992084433,
  "fwhm_avg": 1.8936263744740343,
  "fwhm_x": 1.7948290953465664,
  "fwhm_y": 2.049012418579562,
  "fwhm_z": 1.8370376094959744,
  "gcor": 0.00778017,
  "gsr_x": -0.021038314327597618,
  "gsr_y": 0.03684793412685394,
  "provenance": {
    "md5sum": "fdbacd56723d34f27d5d30e46fa47650",
    "settings": {
      "fd_thres": 0.2,
      "testing": false
    },
    "software": "mriqc",
    "version": "23.0.1",
    "webapi_port": null,
    "webapi_url": "https://mriqc.nimh.nih.gov/api/v1"
  },
  "size_t": 379,
  "size_x": 90,
  "size_y": 90,
  "size_z": 60,
  "snr": 6.89315235757478,
  "spacing_tr": 0.800000011920929,
  "spacing_x": 2.4000000953674316,
  "spacing_y": 2.4000000953674316,
  "spacing_z": 2.3999998569488525,
  "summary_bg_k": 30.10645647084717,
  "summary_bg_mad": 5.45707134384952,
  "summary_bg_mean": 24.736177444458008,
  "summary_bg_median": 7.453825950622559,
  "summary_bg_n": 333806.0,
  "summary_bg_p05": 3.0606861114501953,
  "summary_bg_p95": 109.2236213684082,
  "summary_bg_stdv": 51.909210205078125,
  "summary_fg_k": 1.9106649744067097,
  "summary_fg_mad": 94.31545417912238,
  "summary_fg_mean": 688.1854858398438,
  "summary_fg_median": 685.6121826171875,
  "summary_fg_n": 82367.0,
  "summary_fg_p05": 541.9813049316406,
  "summary_fg_p95": 849.4161499023437,
  "summary_fg_stdv": 99.46218872070312,
  "tsnr": 55.601726626977324
}