{
  "aor": 0.0006512137203166227,
  "aqi": 0.015137993139841687,
  "bids_meta": {
    "AcquisitionMatrixPE": 90,
    "AcquisitionNumber": 1,
    "AcquisitionTime": "11:18:22.132500",
    "BandwidthPerPixelPhaseEncode": 21.368,
    "BaseResolution": 90,
    "BodyPartExamined": "BRAIN",
    "CoilString": "HC1-7;NC1_2",
    "ConsistencyInfo": "N4_VE11C_LATEST_20160120",
    "ConversionSoftware": "dcm2niix",
    "ConversionSoftwareVersion": "v1.0.20190410  GCC6.3.0",
    "DerivedVendorReportedEchoSpacing": 0.000519988,
    "DeviceSerialNumber": "167001",
    "DwellTime": 2.2e-06,
    "EchoTime": 0.03,
    "EchoTrainLength": 90,
    "EffectiveEchoSpacing": 0.000519988,
    "FlipAngle": 52,
    "ImageOrientationPatientDICOM": [
      0.999328,
      0.0349332,
      -0.011065,
      -0.0366437,
      0.952211,
      -0.303236
    ],
    "ImageType": [
      "ORIGINAL",
      "PRIMARY",
      "M",
      "ND",
      "NORM",
      "MOSAIC"
    ],
    "ImagingFrequency": 123.229,
    "InPlanePhaseEncodingDirectionDICOM": "COL",
    "InstitutionAddress": "Cooper_60_St._Lucia_QLD_AU_4072",
    "InstitutionName": "Centre_for_Advanced_Imaging",
    "InstitutionalDepartmentName": "Gehrmann_Labs_MRI",
    "MRAcquisitionType": "2D",
    "MagneticFieldStrength": 3,
    "Manufacturer": "Siemens",
    "ManufacturersModelName": "Prisma_fit",
    "Modality": "MR",
    "MultibandAccelerationFactor": 6,
    "PartialFourier": 1,
    "PatientPosition": "HFS",
    "PercentPhaseFOV": 100,
    "PhaseEncodingDirection": "j-",
    "PhaseEncodingSteps": 90,
    "PhaseResolution": 1,
    "PixelBandwidth": 2525,
    "ProcedureStepDescription": "Research_16092_QTAB",
    "ProtocolName": "PARTLY_CLOUDY_mb6_2.4",
    "PulseSequenceDetails": "%SiemensSeq%_ep2d_bold",
    "ReceiveCoilActiveElements": "HC1-7;NC1,2",
    "ReceiveCoilName": "HeadNeck_64",
    "ReconMatrixPE": 90,
    "RefLinesPE": 12,
    "RepetitionTime": 0.8,
    "SAR": 0.0576095,
    "ScanOptions": "FS",
    "ScanningSequence": "EP",
    "SequenceName": "_epfid2d1_90",
    "SequenceVariant": "SK",
    "SeriesDescription": "PARTLY_CLOUDY_mb6_2.4",
    "SeriesNumber": 19,
    "ShimSetting": [
      3060,
      -4167,
      -833,
      350,
      58,
      15,
      -59,
      -16
    ],
    "SliceThickness": 2.4,
    "SliceTiming": [
      0.545,
      0,
      0.39,
      0.0775,
      0.4675,
      0.2325,
      0.6225,
      0.31,
      0.7,
      0.155,
      0.545,
      0,
      0.39,
      0.0775,
      0.4675,
      0.2325,
      0.6225,
      0.31,
      0.7,
      0.155,
      0.545,
      0,
      0.39,
      0.0775,
      0.4675,
      0.2325,
      0.6225,
      0.31,
      0.7,
      0.155,
      0.545,
      0,
      0.39,
      0.0775,
      0.4675,
      0.2325,
      0.6225,
      0.31,
      0.7,
      0.155,
      0.545,
      0,
      0.39,
      0.0775,
      0.4675,
      0.2325,
      0.6225,
      0.31,
      0.7,
      0.155,
      0.545,
      0,
      0.39,
      0.0775,
      0.4675,
      0.2325,
      0.6225,
      0.31,
      0.7,
      0.155
    ],
    "SoftwareVersions": "syngo_MR_E11",
    "SpacingBetweenSlices": 2.4,
    "StationName": "mrc_Trio",
    "TaskName": "partlycloudy",
    "TotalReadoutTime": 0.046279,
    "TxRefAmp": 212.538,
    "dataset": "ds004146",
    "modality": "bold",
    "session_id": "02",
    "subject_id": "0157",
    "task_id": "partlycloudy"
  },
  "dummy_trs": 1,
  "dvars_nstd": 36.108050911296296,
  "dvars_std": 1.2438882629365082,
  "dvars_vstd": 1.0068832844973539,
  "efc": 0.48257618035902056,
  "fber": 6557.40966796875,
  "fd_mean": 0.13268259683078715,
  "fd_num": 86,
  "fd_perc": 22.691292875989447,
  "fwhm_avg": 1.822769432208581,
  "fwhm_x": 1.6994165991379182,
  "fwhm_y": 1.9510790891377494,
  "fwhm_z": 1.8178126083500747,
  "gcor": 0.00763785,
  "gsr_x": -0.023672401905059814,
  "gsr_y": 0.039228785783052444,
  "provenance": {
    "md5sum": "6447825fbc070ac9db21806e22fe1ad1",
    "settings": {
      "fd_thres": 0.2,
      "testing": false
    },
    "software": "mriqc",
    "version": "23.0.1",
    "webapi_port": null,
    "webapi_url": "https://mriqc.nimh.nih.gov/api/v1"
  },
  "size_t": 379,
  "size_x": 90,
  "size_y": 90,
  "size_z": 60,
  "snr": 7.18708497620566,
  "spacing_tr": 0.800000011920929,
  "spacing_x": 2.4000000953674316,
  "spacing_y": 2.4000000953674316,
  "spacing_z": 2.3999998569488525,
  "summary_bg_k": 19.55325341745349,
  "summary_bg_mad": 5.69178448131005,
  "summary_bg_mean": 28.152814865112305,
  "summary_bg_median": 7.849604606628418,
  "summary_bg_n": 334864.0,
  "summary_bg_p05": 3.2348287105560303,
  "summary_bg_p95": 136.14882202148414,
  "summary_bg_stdv": 55.533443450927734,
  "summary_fg_k": 1.6632918362609912,
  "summary_fg_mad": 85.91265408110034,
  "summary_fg_mean": 645.7626953125,
  "summary_fg_median": 644.8047485351562,
  "summary_fg_n": 80882.0,
  "summary_fg_p05": 511.1138610839844,
  "summary_fg_p95": 788.9761260986328,
  "summary_fg_stdv": 89.71659088134766,
  "tsnr": 49.08198915841058
}