{
  "aor": 0.0009243947368421054,
  "aqi": 0.014064411578947368,
  "bids_meta": {
    "AcquisitionMatrixPE": 90,
    "AcquisitionNumber": 1,
    "AcquisitionTime": "11:40:40.252500",
    "BandwidthPerPixelPhaseEncode": 21.368,
    "BaseResolution": 90,
    "BodyPartExamined": "BRAIN",
    "CoilString": "HC1-7;NC1_2",
    "ConsistencyInfo": "N4_VE11C_LATEST_20160120",
    "ConversionSoftware": "dcm2niix",
    "ConversionSoftwareVersion": "v1.0.20190410  GCC6.3.0",
    "DerivedVendorReportedEchoSpacing": 0.000519988,
    "DeviceSerialNumber": "167001",
    "DwellTime": 2.2e-06,
    "EchoTime": 0.03,
    "EchoTrainLength": 90,
    "EffectiveEchoSpacing": 0.000519988,
    "FlipAngle": 52,
    "ImageOrientationPatientDICOM": [
      0.999938,
      -0.00683549,
      -0.00883938,
      0.0038395,
      0.953083,
      -0.302683
    ],
    "ImageType": [
      "ORIGINAL",
      "PRIMARY",
      "M",
      "ND",
      "NORM",
      "MOSAIC"
    ],
    "ImagingFrequency": 123.229,
    "InPlanePhaseEncodingDirectionDICOM": "COL",
    "InstitutionAddress": "Cooper_60_St._Lucia_QLD_AU_4072",
    "InstitutionName": "St_Lucia_Campus",
    "InstitutionalDepartmentName": "Gehrmann_Labs_MRI",
    "MRAcquisitionType": "2D",
    "MagneticFieldStrength": 3,
    "Manufacturer": "Siemens",
    "ManufacturersModelName": "Prisma_fit",
    "Modality": "MR",
    "MultibandAccelerationFactor": 6,
    "PartialFourier": 1,
    "PatientPosition": "HFS",
    "PercentPhaseFOV": 100,
    "PhaseEncodingDirection": "j-",
    "PhaseEncodingSteps": 90,
    "PhaseResolution": 1,
    "PixelBandwidth": 2525,
    "ProcedureStepDescription": "Research_16092_QTAB",
    "ProtocolName": "PARTLY_CLOUDY_mb6_2.4",
    "PulseSequenceDetails": "%SiemensSeq%_ep2d_bold",
    "ReceiveCoilActiveElements": "HC1-7;NC1,2",
    "ReceiveCoilName": "HeadNeck_64",
    "ReconMatrixPE": 90,
    "RefLinesPE": 12,
    "RepetitionTime": 0.8,
    "SAR": 0.0625901,
    "ScanOptions": "FS",
    "ScanningSequence": "EP",
    "SequenceName": "_epfid2d1_90",
    "SequenceVariant": "SK",
    "SeriesDescription": "PARTLY_CLOUDY_mb6_2.4",
    "SeriesNumber": 19,
    "ShimSetting": [
      3009,
      -4165,
      -759,
      387,
      -143,
      66,
      -65,
      -3
    ],
    "SliceThickness": 2.4,
    "SliceTiming": [
      0.5475,
      0,
      0.39,
      0.0775,
      0.4675,
      0.235,
      0.625,
      0.3125,
      0.7025,
      0.1575,
      0.5475,
      0,
      0.39,
      0.0775,
      0.4675,
      0.235,
      0.625,
      0.3125,
      0.7025,
      0.1575,
      0.5475,
      0,
      0.39,
      0.0775,
      0.4675,
      0.235,
      0.625,
      0.3125,
      0.7025,
      0.1575,
      0.5475,
      0,
      0.39,
      0.0775,
      0.4675,
      0.235,
      0.625,
      0.3125,
      0.7025,
      0.1575,
      0.5475,
      0,
      0.39,
      0.0775,
      0.4675,
      0.235,
      0.625,
      0.3125,
      0.7025,
      0.1575,
      0.5475,
      0,
      0.39,
      0.0775,
      0.4675,
      0.235,
      0.625,
      0.3125,
      0.7025,
      0.1575
    ],
    "SoftwareVersions": "syngo_MR_E11",
    "SpacingBetweenSlices": 2.4,
    "StationName": "mrc_Trio",
    "TaskName": "partlycloudy",
    "TotalReadoutTime": 0.046279,
    "TxRefAmp": 219.435,
    "dataset": "ds004146",
    "modality": "bold",
    "session_id": "02",
    "subject_id": "0243",
    "task_id": "partlycloudy"
  },
  "dummy_trs": 0,
  "dvars_nstd": 44.63237978852244,
  "dvars_std": 1.404212497968337,
  "dvars_vstd": 1.011601528997362,
  "efc": 0.5025851334151257,
  "fber": 4975.693359375,
  "fd_mean": 0.10550126466980113,
  "fd_num": 16,
  "fd_perc": 4.2105263157894735,
  "fwhm_avg": 1.812823599250591,
  "fwhm_x": 1.7482040971992772,
  "fwhm_y": 1.8730540922381842,
  "fwhm_z": 1.8172126083143119,
  "gcor": 0.0285421,
  "gsr_x": -0.015216287225484848,
  "gsr_y": 0.03757284954190254,
  "provenance": {
    "md5sum": "75409ee474952e915e0b1389b92a01d7",
    "settings": {
      "fd_thres": 0.2,
      "testing": false
    },
    "software": "mriqc",
    "version": "23.0.1",
    "webapi_port": null,
    "webapi_url": "https://mriqc.nimh.nih.gov/api/v1"
  },
  "size_t": 380,
  "size_x": 90,
  "size_y": 90,
  "size_z": 60,
  "snr": 6.83139798560371,
  "spacing_tr": 0.800000011920929,
  "spacing_x": 2.4000000953674316,
  "spacing_y": 2.4000000953674316,
  "spacing_z": 2.3999998569488525,
  "summary_bg_k": 16.62494135296547,
  "summary_bg_mad": 7.869496467786219,
  "summary_bg_mean": 34.20022964477539,
  "summary_bg_median": 9.260526657104492,
  "summary_bg_n": 328730.0,
  "summary_bg_p05": 3.02368426322937,
  "summary_bg_p95": 169.16987838745115,
  "summary_bg_stdv": 64.93055725097656,
  "summary_fg_k": 1.8009629165583796,
  "summary_fg_mad": 94.63678721610441,
  "summary_fg_mean": 666.8609008789062,
  "summary_fg_median": 664.800048828125,
  "summary_fg_n": 86559.0,
  "summary_fg_p05": 523.2413391113281,
  "summary_fg_p95": 821.1008239746093,
  "summary_fg_stdv": 97.31481170654297,
  "tsnr": 48.98919985257089
}