{
  "aor": 0.0007088859416445623,
  "aqi": 0.013827488461538463,
  "bids_meta": {
    "AcquisitionMatrixPE": 90,
    "AcquisitionNumber": 1,
    "AcquisitionTime": "17:26:34.230000",
    "BandwidthPerPixelPhaseEncode": 21.368,
    "BaseResolution": 90,
    "BodyPartExamined": "BRAIN",
    "CoilString": "HC1-7;NC1_2",
    "ConsistencyInfo": "N4_VE11C_LATEST_20160120",
    "ConversionSoftware": "dcm2niix",
    "ConversionSoftwareVersion": "v1.0.20190410  GCC6.3.0",
    "DerivedVendorReportedEchoSpacing": 0.000519988,
    "DeviceSerialNumber": "167001",
    "DwellTime": 2.2e-06,
    "EchoTime": 0.03,
    "EchoTrainLength": 90,
    "EffectiveEchoSpacing": 0.000519988,
    "FlipAngle": 52,
    "ImageOrientationPatientDICOM": [
      0.991751,
      0.123968,
      -0.0325866,
      -0.127222,
      0.983017,
      -0.132255
    ],
    "ImageType": [
      "ORIGINAL",
      "PRIMARY",
      "M",
      "ND",
      "NORM",
      "MOSAIC"
    ],
    "ImagingFrequency": 123.229,
    "InPlanePhaseEncodingDirectionDICOM": "COL",
    "InstitutionAddress": "Cooper_60_St._Lucia_QLD_AU_4072",
    "InstitutionName": "St_Lucia_Campus",
    "InstitutionalDepartmentName": "Gehrmann_Labs_MRI",
    "MRAcquisitionType": "2D",
    "MagneticFieldStrength": 3,
    "Manufacturer": "Siemens",
    "ManufacturersModelName": "Prisma_fit",
    "Modality": "MR",
    "MultibandAccelerationFactor": 6,
    "PartialFourier": 1,
    "PatientPosition": "HFS",
    "PercentPhaseFOV": 100,
    "PhaseEncodingDirection": "j-",
    "PhaseEncodingSteps": 90,
    "PhaseResolution": 1,
    "PixelBandwidth": 2525,
    "ProcedureStepDescription": "Research_16092_QTAB",
    "ProtocolName": "PARTLY_CLOUDY_mb6_2.4",
    "PulseSequenceDetails": "%SiemensSeq%_ep2d_bold",
    "ReceiveCoilActiveElements": "HC1-7;NC1,2",
    "ReceiveCoilName": "HeadNeck_64",
    "ReconMatrixPE": 90,
    "RefLinesPE": 12,
    "RepetitionTime": 0.8,
    "SAR": 0.076309,
    "ScanOptions": "FS",
    "ScanningSequence": "EP",
    "SequenceName": "_epfid2d1_90",
    "SequenceVariant": "SK",
    "SeriesDescription": "PARTLY_CLOUDY_mb6_2.4",
    "SeriesNumber": 19,
    "ShimSetting": [
      3061,
      -4236,
      -782,
      466,
      7,
      101,
      31,
      -17
    ],
    "SliceThickness": 2.4,
    "SliceTiming": [
      0.545,
      0,
      0.39,
      0.0775,
      0.4675,
      0.2325,
      0.6225,
      0.3125,
      0.7025,
      0.155,
      0.545,
      0,
      0.39,
      0.0775,
      0.4675,
      0.2325,
      0.6225,
      0.3125,
      0.7025,
      0.155,
      0.545,
      0,
      0.39,
      0.0775,
      0.4675,
      0.2325,
      0.6225,
      0.3125,
      0.7025,
      0.155,
      0.545,
      0,
      0.39,
      0.0775,
      0.4675,
      0.2325,
      0.6225,
      0.3125,
      0.7025,
      0.155,
      0.545,
      0,
      0.39,
      0.0775,
      0.4675,
      0.2325,
      0.6225,
      0.3125,
      0.7025,
      0.155,
      0.545,
      0,
      0.39,
      0.0775,
      0.4675,
      0.2325,
      0.6225,
      0.3125,
      0.7025,
      0.155
    ],
    "SoftwareVersions": "syngo_MR_E11",
    "SpacingBetweenSlices": 2.4,
    "StationName": "mrc_Trio",
    "TaskName": "partlycloudy",
    "TotalReadoutTime": 0.046279,
    "TxRefAmp": 210.684,
    "dataset": "ds004146",
    "modality": "bold",
    "session_id": "02",
    "subject_id": "0181",
    "task_id": "partlycloudy"
  },
  "dummy_trs": 3,
  "dvars_nstd": 31.196514195372345,
  "dvars_std": 1.147980518218086,
  "dvars_vstd": 0.9999415372606382,
  "efc": 0.4731512254006806,
  "fber": 5773.33740234375,
  "fd_mean": 0.155900841440707,
  "fd_num": 106,
  "fd_perc": 28.116710875331567,
  "fwhm_avg": 1.855759709691757,
  "fwhm_x": 1.7904582621869143,
  "fwhm_y": 1.9283165900422496,
  "fwhm_z": 1.8485042768461075,
  "gcor": 0.0108422,
  "gsr_x": -0.016789861023426056,
  "gsr_y": 0.023344118148088455,
  "provenance": {
    "md5sum": "29affbc933fda0dad24ee678897828f6",
    "settings": {
      "fd_thres": 0.2,
      "testing": false
    },
    "software": "mriqc",
    "version": "23.0.1",
    "webapi_port": null,
    "webapi_url": "https://mriqc.nimh.nih.gov/api/v1"
  },
  "size_t": 377,
  "size_x": 90,
  "size_y": 90,
  "size_z": 60,
  "snr": 6.904628870579802,
  "spacing_tr": 0.800000011920929,
  "spacing_x": 2.4000000953674316,
  "spacing_y": 2.4000000953674316,
  "spacing_z": 2.3999998569488525,
  "summary_bg_k": 31.080892258292998,
  "summary_bg_mad": 6.933229976997184,
  "summary_bg_mean": 25.592117309570312,
  "summary_bg_median": 9.007957458496094,
  "summary_bg_n": 334486.0,
  "summary_bg_p05": 3.1803712844848633,
  "summary_bg_p95": 101.91445350646973,
  "summary_bg_stdv": 51.908077239990234,
  "summary_fg_k": 1.3310304834000846,
  "summary_fg_mad": 100.9349509372952,
  "summary_fg_mean": 695.779296875,
  "summary_fg_median": 692.586181640625,
  "summary_fg_n": 81217.0,
  "summary_fg_p05": 546.336328125,
  "summary_fg_p95": 858.1564697265625,
  "summary_fg_stdv": 100.30690002441406,
  "tsnr": 46.26543205231428
}