{
  "aor": 0.001063921052631579,
  "aqi": 0.026884473947368422,
  "bids_meta": {
    "AcquisitionMatrixPE": 90,
    "AcquisitionNumber": 1,
    "AcquisitionTime": "10:24:12.927500",
    "BandwidthPerPixelPhaseEncode": 21.368,
    "BaseResolution": 90,
    "BodyPartExamined": "BRAIN",
    "CoilString": "HC1-7;NC1_2",
    "ConsistencyInfo": "N4_VE11C_LATEST_20160120",
    "ConversionSoftware": "dcm2niix",
    "ConversionSoftwareVersion": "v1.0.20190410  GCC6.3.0",
    "DerivedVendorReportedEchoSpacing": 0.000519988,
    "DeviceSerialNumber": "167001",
    "DwellTime": 2.2e-06,
    "EchoTime": 0.03,
    "EchoTrainLength": 90,
    "EffectiveEchoSpacing": 0.000519988,
    "FlipAngle": 52,
    "ImageOrientationPatientDICOM": [
      0.998917,
      0.00220296,
      -0.0464718,
      -0.0181337,
      0.938315,
      -0.345307
    ],
    "ImageType": [
      "ORIGINAL",
      "PRIMARY",
      "M",
      "ND",
      "NORM",
      "MOSAIC"
    ],
    "ImagingFrequency": 123.229,
    "InPlanePhaseEncodingDirectionDICOM": "COL",
    "InstitutionAddress": "Cooper_60_St._Lucia_QLD_AU_4072",
    "InstitutionName": "St_Lucia_Campus",
    "InstitutionalDepartmentName": "Gehrmann_Labs_MRI",
    "MRAcquisitionType": "2D",
    "MagneticFieldStrength": 3,
    "Manufacturer": "Siemens",
    "ManufacturersModelName": "Prisma_fit",
    "Modality": "MR",
    "MultibandAccelerationFactor": 6,
    "PartialFourier": 1,
    "PatientPosition": "HFS",
    "PercentPhaseFOV": 100,
    "PhaseEncodingDirection": "j-",
    "PhaseEncodingSteps": 90,
    "PhaseResolution": 1,
    "PixelBandwidth": 2525,
    "ProcedureStepDescription": "Research_16092_QTAB",
    "ProtocolName": "PARTLY_CLOUDY_mb6_2.4",
    "PulseSequenceDetails": "%SiemensSeq%_ep2d_bold",
    "ReceiveCoilActiveElements": "HC1-7;NC1,2",
    "ReceiveCoilName": "HeadNeck_64",
    "ReconMatrixPE": 90,
    "RefLinesPE": 12,
    "RepetitionTime": 0.8,
    "SAR": 0.0564921,
    "ScanOptions": "FS",
    "ScanningSequence": "EP",
    "SequenceName": "_epfid2d1_90",
    "SequenceVariant": "SK",
    "SeriesDescription": "PARTLY_CLOUDY_mb6_2.4",
    "SeriesNumber": 19,
    "ShimSetting": [
      3035,
      -4159,
      -730,
      535,
      44,
      -158,
      -53,
      -32
    ],
    "SliceThickness": 2.4,
    "SliceTiming": [
      0.5475,
      0,
      0.39,
      0.08,
      0.4675,
      0.235,
      0.625,
      0.3125,
      0.7025,
      0.1575,
      0.5475,
      0,
      0.39,
      0.08,
      0.4675,
      0.235,
      0.625,
      0.3125,
      0.7025,
      0.1575,
      0.5475,
      0,
      0.39,
      0.08,
      0.4675,
      0.235,
      0.625,
      0.3125,
      0.7025,
      0.1575,
      0.5475,
      0,
      0.39,
      0.08,
      0.4675,
      0.235,
      0.625,
      0.3125,
      0.7025,
      0.1575,
      0.5475,
      0,
      0.39,
      0.08,
      0.4675,
      0.235,
      0.625,
      0.3125,
      0.7025,
      0.1575,
      0.5475,
      0,
      0.39,
      0.08,
      0.4675,
      0.235,
      0.625,
      0.3125,
      0.7025,
      0.1575
    ],
    "SoftwareVersions": "syngo_MR_E11",
    "SpacingBetweenSlices": 2.4,
    "StationName": "mrc_Trio",
    "TaskName": "partlycloudy",
    "TotalReadoutTime": 0.046279,
    "TxRefAmp": 213.751,
    "dataset": "ds004146",
    "modality": "bold",
    "session_id": "02",
    "subject_id": "0333",
    "task_id": "partlycloudy"
  },
  "dummy_trs": 0,
  "dvars_nstd": 43.679092381794185,
  "dvars_std": 1.1810951537203178,
  "dvars_vstd": 0.9989771889182056,
  "efc": 0.4849678702634871,
  "fber": 7462.15869140625,
  "fd_mean": 0.47171093271823483,
  "fd_num": 313,
  "fd_perc": 82.36842105263158,
  "fwhm_avg": 1.7983568729841626,
  "fwhm_x": 1.6994665991359312,
  "fwhm_y": 1.93544992309213,
  "fwhm_z": 1.7601540967244271,
  "gcor": 0.00941053,
  "gsr_x": -0.023482829332351685,
  "gsr_y": 0.04028259217739105,
  "provenance": {
    "md5sum": "ed359bc35c8f6cac522a64f4d5fc4ae2",
    "settings": {
      "fd_thres": 0.2,
      "testing": false
    },
    "software": "mriqc",
    "version": "23.0.1",
    "webapi_port": null,
    "webapi_url": "https://mriqc.nimh.nih.gov/api/v1"
  },
  "size_t": 380,
  "size_x": 90,
  "size_y": 90,
  "size_z": 60,
  "snr": 7.099444275355718,
  "spacing_tr": 0.800000011920929,
  "spacing_x": 2.4000000953674316,
  "spacing_y": 2.4000000953674316,
  "spacing_z": 2.4000000953674316,
  "summary_bg_k": 33.489033496783264,
  "summary_bg_mad": 5.9713757821711555,
  "summary_bg_mean": 25.14727210998535,
  "summary_bg_median": 8.051316261291504,
  "summary_bg_n": 326842.0,
  "summary_bg_p05": 3.3000001907348633,
  "summary_bg_p95": 105.81026840209967,
  "summary_bg_stdv": 49.407493591308594,
  "summary_fg_k": 2.0349533781872022,
  "summary_fg_mad": 93.73558876065414,
  "summary_fg_mean": 703.5469360351562,
  "summary_fg_median": 704.0302734375,
  "summary_fg_n": 87622.0,
  "summary_fg_p05": 554.8110748291016,
  "summary_fg_p95": 859.6021362304688,
  "summary_fg_stdv": 99.16638946533203,
  "tsnr": 36.632158288965
}