{
  "aor": 0.0021247757255936674,
  "aqi": 0.016085719261213723,
  "bids_meta": {
    "AcquisitionMatrixPE": 90,
    "AcquisitionNumber": 1,
    "AcquisitionTime": "15:54:3.262500",
    "BandwidthPerPixelPhaseEncode": 21.368,
    "BaseResolution": 90,
    "BodyPartExamined": "BRAIN",
    "CoilString": "HC1-7;NC1_2",
    "ConsistencyInfo": "N4_VE11C_LATEST_20160120",
    "ConversionSoftware": "dcm2niix",
    "ConversionSoftwareVersion": "v1.0.20190410  GCC6.3.0",
    "DerivedVendorReportedEchoSpacing": 0.000519988,
    "DeviceSerialNumber": "167001",
    "DwellTime": 2.2e-06,
    "EchoTime": 0.03,
    "EchoTrainLength": 90,
    "EffectiveEchoSpacing": 0.000519988,
    "FlipAngle": 52,
    "ImageOrientationPatientDICOM": [
      0.995817,
      0.0746796,
      -0.0526438,
      -0.090276,
      0.893052,
      -0.440804
    ],
    "ImageType": [
      "ORIGINAL",
      "PRIMARY",
      "M",
      "ND",
      "NORM",
      "MOSAIC"
    ],
    "ImagingFrequency": 123.229,
    "InPlanePhaseEncodingDirectionDICOM": "COL",
    "InstitutionAddress": "Cooper_60_St._Lucia_QLD_AU_4072",
    "InstitutionName": "St_Lucia_Campus",
    "InstitutionalDepartmentName": "Gehrmann_Labs_MRI",
    "MRAcquisitionType": "2D",
    "MagneticFieldStrength": 3,
    "Manufacturer": "Siemens",
    "ManufacturersModelName": "Prisma_fit",
    "Modality": "MR",
    "MultibandAccelerationFactor": 6,
    "PartialFourier": 1,
    "PatientPosition": "HFS",
    "PercentPhaseFOV": 100,
    "PhaseEncodingDirection": "j-",
    "PhaseEncodingSteps": 90,
    "PhaseResolution": 1,
    "PixelBandwidth": 2525,
    "ProcedureStepDescription": "Research_16092_QTAB",
    "ProtocolName": "PARTLY_CLOUDY_mb6_2.4",
    "PulseSequenceDetails": "%SiemensSeq%_ep2d_bold",
    "ReceiveCoilActiveElements": "HC1-7;NC1,2",
    "ReceiveCoilName": "HeadNeck_64",
    "ReconMatrixPE": 90,
    "RefLinesPE": 12,
    "RepetitionTime": 0.8,
    "SAR": 0.0579063,
    "ScanOptions": "FS",
    "ScanningSequence": "EP",
    "SequenceName": "_epfid2d1_90",
    "SequenceVariant": "SK",
    "SeriesDescription": "PARTLY_CLOUDY_mb6_2.4",
    "SeriesNumber": 19,
    "ShimSetting": [
      3043,
      -4160,
      -745,
      537,
      17,
      13,
      22,
      -13
    ],
    "SliceThickness": 2.4,
    "SliceTiming": [
      0.5475,
      0,
      0.39,
      0.08,
      0.47,
      0.235,
      0.625,
      0.3125,
      0.7025,
      0.1575,
      0.5475,
      0,
      0.39,
      0.08,
      0.47,
      0.235,
      0.625,
      0.3125,
      0.7025,
      0.1575,
      0.5475,
      0,
      0.39,
      0.08,
      0.47,
      0.235,
      0.625,
      0.3125,
      0.7025,
      0.1575,
      0.5475,
      0,
      0.39,
      0.08,
      0.47,
      0.235,
      0.625,
      0.3125,
      0.7025,
      0.1575,
      0.5475,
      0,
      0.39,
      0.08,
      0.47,
      0.235,
      0.625,
      0.3125,
      0.7025,
      0.1575,
      0.5475,
      0,
      0.39,
      0.08,
      0.47,
      0.235,
      0.625,
      0.3125,
      0.7025,
      0.1575
    ],
    "SoftwareVersions": "syngo_MR_E11",
    "SpacingBetweenSlices": 2.4,
    "StationName": "mrc_Trio",
    "TaskName": "partlycloudy",
    "TotalReadoutTime": 0.046279,
    "TxRefAmp": 216.212,
    "dataset": "ds004146",
    "modality": "bold",
    "session_id": "02",
    "subject_id": "0075",
    "task_id": "partlycloudy"
  },
  "dummy_trs": 1,
  "dvars_nstd": 37.049237735423276,
  "dvars_std": 1.2794090636243385,
  "dvars_vstd": 1.0350144317724865,
  "efc": 0.5033730024570582,
  "fber": 6412.95458984375,
  "fd_mean": 0.1414652270183305,
  "fd_num": 76,
  "fd_perc": 20.052770448548813,
  "fwhm_avg": 1.8881152027508206,
  "fwhm_x": 1.81479992788633,
  "fwhm_y": 1.9272207567524609,
  "fwhm_z": 1.9223249236136704,
  "gcor": 0.0246834,
  "gsr_x": -0.019915003329515457,
  "gsr_y": 0.03694026917219162,
  "provenance": {
    "md5sum": "d1fe6e2f15710831a78a2c8fb40b77f6",
    "settings": {
      "fd_thres": 0.2,
      "testing": false
    },
    "software": "mriqc",
    "version": "23.0.1",
    "webapi_port": null,
    "webapi_url": "https://mriqc.nimh.nih.gov/api/v1"
  },
  "size_t": 379,
  "size_x": 90,
  "size_y": 90,
  "size_z": 60,
  "snr": 6.842019978080357,
  "spacing_tr": 0.800000011920929,
  "spacing_x": 2.4000000953674316,
  "spacing_y": 2.4000000953674316,
  "spacing_z": 2.4000000953674316,
  "summary_bg_k": 23.309767939232167,
  "summary_bg_mad": 6.403747111155124,
  "summary_bg_mean": 27.871660232543945,
  "summary_bg_median": 8.313984870910645,
  "summary_bg_n": 319910.0,
  "summary_bg_p05": 3.3113458156585693,
  "summary_bg_p95": 124.3104274749755,
  "summary_bg_stdv": 54.43416976928711,
  "summary_fg_k": 2.017156018540663,
  "summary_fg_mad": 91.75311504220804,
  "summary_fg_mean": 682.252685546875,
  "summary_fg_median": 679.2454223632812,
  "summary_fg_n": 93881.0,
  "summary_fg_p05": 536.9024047851562,
  "summary_fg_p95": 850.9683837890625,
  "summary_fg_stdv": 99.27503967285156,
  "tsnr": 47.819920862442814
}