{
  "aor": 0.0003217724550898204,
  "aqi": 0.018529927425149702,
  "bids_meta": {
    "AcquisitionMatrixPE": 90,
    "AcquisitionNumber": 1,
    "AcquisitionTime": "10:36:1.280000",
    "BandwidthPerPixelPhaseEncode": 21.368,
    "BaseResolution": 90,
    "BodyPartExamined": "BRAIN",
    "CoilString": "HC1-7;NC1_2",
    "ConsistencyInfo": "N4_VE11C_LATEST_20160120",
    "ConversionSoftware": "dcm2niix",
    "ConversionSoftwareVersion": "v1.0.20190410  GCC6.3.0",
    "DelayTime": 0.001,
    "DerivedVendorReportedEchoSpacing": 0.000519988,
    "DeviceSerialNumber": "167001",
    "DwellTime": 2.2e-06,
    "EchoTime": 0.03,
    "EchoTrainLength": 90,
    "EffectiveEchoSpacing": 0.000519988,
    "FlipAngle": 52,
    "ImageOrientationPatientDICOM": [
      0.99087,
      0.0676906,
      0.116597,
      -0.0207558,
      0.931103,
      -0.364166
    ],
    "ImageType": [
      "ORIGINAL",
      "PRIMARY",
      "M",
      "ND",
      "NORM",
      "MOSAIC"
    ],
    "ImagingFrequency": 123.229,
    "InPlanePhaseEncodingDirectionDICOM": "COL",
    "InstitutionAddress": "Cooper_60_St._Lucia_QLD_AU_4072",
    "InstitutionName": "St_Lucia_Campus",
    "InstitutionalDepartmentName": "Gehrmann_Labs_MRI",
    "MRAcquisitionType": "2D",
    "MagneticFieldStrength": 3,
    "Manufacturer": "Siemens",
    "ManufacturersModelName": "Prisma_fit",
    "Modality": "MR",
    "MultibandAccelerationFactor": 6,
    "PartialFourier": 1,
    "PatientPosition": "HFS",
    "PercentPhaseFOV": 100,
    "PhaseEncodingDirection": "j-",
    "PhaseEncodingSteps": 90,
    "PhaseResolution": 1,
    "PixelBandwidth": 2525,
    "ProcedureStepDescription": "Research_16092_QTAB",
    "ProtocolName": "EMOT_TASK_mb6_2.4",
    "PulseSequenceDetails": "%SiemensSeq%_ep2d_bold",
    "ReceiveCoilActiveElements": "HC1-7;NC1,2",
    "ReceiveCoilName": "HeadNeck_64",
    "ReconMatrixPE": 90,
    "RefLinesPE": 12,
    "RepetitionTime": 0.8,
    "SAR": 0.0526684,
    "ScanOptions": "FS",
    "ScanningSequence": "EP",
    "SequenceName": "_epfid2d1_90",
    "SequenceVariant": "SK",
    "SeriesDescription": "EMOT_TASK_mb6_2.4",
    "SeriesNumber": 20,
    "ShimSetting": [
      3070,
      -4122,
      -738,
      520,
      -13,
      165,
      -134,
      34
    ],
    "SliceThickness": 2.4,
    "SliceTiming": [
      0.545,
      0,
      0.3875,
      0.0775,
      0.4675,
      0.2325,
      0.6225,
      0.31,
      0.7,
      0.155,
      0.545,
      0,
      0.3875,
      0.0775,
      0.4675,
      0.2325,
      0.6225,
      0.31,
      0.7,
      0.155,
      0.545,
      0,
      0.3875,
      0.0775,
      0.4675,
      0.2325,
      0.6225,
      0.31,
      0.7,
      0.155,
      0.545,
      0,
      0.3875,
      0.0775,
      0.4675,
      0.2325,
      0.6225,
      0.31,
      0.7,
      0.155,
      0.545,
      0,
      0.3875,
      0.0775,
      0.4675,
      0.2325,
      0.6225,
      0.31,
      0.7,
      0.155,
      0.545,
      0,
      0.3875,
      0.0775,
      0.4675,
      0.2325,
      0.6225,
      0.31,
      0.7,
      0.155
    ],
    "SoftwareVersions": "syngo_MR_E11",
    "SpacingBetweenSlices": 2.4,
    "StationName": "mrc_Trio",
    "TaskName": "emotionalconflict",
    "TotalReadoutTime": 0.046279,
    "TxRefAmp": 208.027,
    "dataset": "ds004146",
    "modality": "bold",
    "session_id": "02",
    "subject_id": "0356",
    "task_id": "emotionalconflict"
  },
  "dummy_trs": 2,
  "dvars_nstd": 33.88438400904079,
  "dvars_std": 1.2086483198920857,
  "dvars_vstd": 0.9770287492446044,
  "efc": 0.4760409700712164,
  "fber": 7995.86962890625,
  "fd_mean": 0.1072166842126299,
  "fd_num": 47,
  "fd_perc": 5.62874251497006,
  "fwhm_avg": 1.8364374270265327,
  "fwhm_x": 1.7175290984181921,
  "fwhm_y": 1.9582665888521438,
  "fwhm_z": 1.833516593809263,
  "gcor": 0.011425,
  "gsr_x": -0.019610151648521423,
  "gsr_y": 0.036347292363643646,
  "provenance": {
    "md5sum": "a6c39bf48e01b24102edbf778b103c2a",
    "settings": {
      "fd_thres": 0.2,
      "testing": false
    },
    "software": "mriqc",
    "version": "23.0.1",
    "webapi_port": null,
    "webapi_url": "https://mriqc.nimh.nih.gov/api/v1"
  },
  "size_t": 835,
  "size_x": 90,
  "size_y": 90,
  "size_z": 60,
  "snr": 6.715965250597472,
  "spacing_tr": 0.800000011920929,
  "spacing_x": 2.4000000953674316,
  "spacing_y": 2.4000000953674316,
  "spacing_z": 2.4000000953674316,
  "summary_bg_k": 29.777969880790373,
  "summary_bg_mad": 5.557539172493976,
  "summary_bg_mean": 28.116613388061523,
  "summary_bg_median": 7.632335662841797,
  "summary_bg_n": 335031.0,
  "summary_bg_p05": 3.1005988121032715,
  "summary_bg_p95": 128.46886444091797,
  "summary_bg_stdv": 60.854698181152344,
  "summary_fg_k": 1.4442671275088852,
  "summary_fg_mad": 97.35811879063559,
  "summary_fg_mean": 687.0997924804688,
  "summary_fg_median": 683.3778686523438,
  "summary_fg_n": 81970.0,
  "summary_fg_p05": 536.5208465576172,
  "summary_fg_p95": 858.98681640625,
  "summary_fg_stdv": 101.75360870361328,
  "tsnr": 41.94630024489015
}