{
  "bids_meta": {
    "AcquisitionMatrixPE": 256,
    "AcquisitionNumber": 1,
    "AcquisitionTime": "12:17:44.710000",
    "BaseResolution": 256,
    "BodyPartExamined": "BRAIN",
    "CoilString": "HC1-7;NC1_2",
    "ConsistencyInfo": "N4_VE11C_LATEST_20160120",
    "ConversionSoftware": "dcm2niix",
    "ConversionSoftwareVersion": "v1.0.20190410  GCC6.3.0",
    "DeviceSerialNumber": "167001",
    "DwellTime": 2.6e-06,
    "EchoTime": 0.408,
    "EchoTrainLength": 259,
    "FlipAngle": 120,
    "ImageOrientationPatientDICOM": [
      -0.109709,
      0.993875,
      0.0132448,
      -0.0551126,
      0.00722217,
      -0.998454
    ],
    "ImageType": [
      "ORIGINAL",
      "PRIMARY",
      "M",
      "ND",
      "NORM"
    ],
    "ImagingFrequency": 123.229,
    "InPlanePhaseEncodingDirectionDICOM": "ROW",
    "InstitutionAddress": "Cooper_60_St._Lucia_QLD_AU_4072",
    "InstitutionName": "St_Lucia_Campus",
    "InstitutionalDepartmentName": "Gehrmann_Labs_MRI",
    "MRAcquisitionType": "3D",
    "MagneticFieldStrength": 3,
    "Manufacturer": "Siemens",
    "ManufacturersModelName": "Prisma_fit",
    "Modality": "MR",
    "PartialFourier": 1,
    "PatientPosition": "HFS",
    "PercentPhaseFOV": 100,
    "PhaseEncodingSteps": 233,
    "PhaseResolution": 1,
    "PixelBandwidth": 750,
    "ProcedureStepDescription": "Research_16092_QTAB",
    "ProtocolName": "t2_spc_sag_p2_iso",
    "PulseSequenceDetails": "%SiemensSeq%_tse_vfl",
    "ReceiveCoilActiveElements": "HC1-7;NC1,2",
    "ReceiveCoilName": "HeadNeck_64",
    "ReconMatrixPE": 256,
    "RefLinesPE": 24,
    "RepetitionTime": 3.2,
    "SAR": 0.1533,
    "ScanOptions": "PFP",
    "ScanningSequence": "SE",
    "SequenceName": "_spcR_282ns",
    "SequenceVariant": "SK_SP",
    "SeriesDescription": "t2_spc_sag_p2_iso",
    "SeriesNumber": 29,
    "ShimSetting": [
      3046,
      -4168,
      -1041,
      -17,
      -5,
      41,
      -30,
      -10
    ],
    "SliceThickness": 1,
    "SoftwareVersions": "syngo_MR_E11",
    "StationName": "mrc_Trio",
    "TxRefAmp": 215.612,
    "dataset": "ds004146",
    "modality": "T2w",
    "session_id": "02",
    "subject_id": "0203"
  },
  "cjv": 0.8100756133912113,
  "cnr": 1.2492741731694166,
  "efc": 0.6271226997180654,
  "fber": 3518.5022520727043,
  "fwhm_avg": 4.5615415986944,
  "fwhm_x": 4.758599929091336,
  "fwhm_y": 4.708212429842168,
  "fwhm_z": 4.217812437149697,
  "icvs_csf": 0.44436824500595923,
  "icvs_gm": 0.13832608414984285,
  "icvs_wm": 0.41730567084419795,
  "inu_med": 0.9988392889499664,
  "inu_range": 0.32080091536045074,
  "provenance": {
    "md5sum": "5c831d8a4b83347e62d097ff5d4052ff",
    "settings": {
      "testing": false
    },
    "software": "mriqc",
    "version": "23.0.1",
    "warnings": {
      "large_rot_frame": true,
      "small_air_mask": false
    },
    "webapi_port": null,
    "webapi_url": "https://mriqc.nimh.nih.gov/api/v1"
  },
  "qi_1": 0.003544046656910072,
  "qi_2": 0.008767830737691088,
  "rpve_csf": 9.732529880424451,
  "rpve_gm": 30.418574327003313,
  "rpve_wm": 10.7611995768211,
  "size_x": 192,
  "size_y": 300,
  "size_z": 320,
  "snr_csf": 15.73860140653173,
  "snr_gm": 1.87836557029848,
  "snr_total": 9.86893062491104,
  "snr_wm": 11.989824897902905,
  "snrd_csf": 43.494169771085716,
  "snrd_gm": 83.51641924506801,
  "snrd_total": 51.633237705547224,
  "snrd_wm": 27.889124100487937,
  "spacing_x": 0.800000011920929,
  "spacing_y": 0.800000011920929,
  "spacing_z": 0.800000011920929,
  "summary_bg_k": 7.013954003249955,
  "summary_bg_mad": 0.0,
  "summary_bg_mean": 14.488184828603702,
  "summary_bg_median": 0.0,
  "summary_bg_n": 1906404.0,
  "summary_bg_p05": 0.0,
  "summary_bg_p95": 64.01003980636597,
  "summary_bg_stdv": 23.490748134103338,
  "summary_csf_k": 0.4648000406513648,
  "summary_csf_mad": 94.66882548672764,
  "summary_csf_mean": 1565.4049353086968,
  "summary_csf_median": 1559.5387271940708,
  "summary_csf_n": 152465.0,
  "summary_csf_p05": 1414.574813514948,
  "summary_csf_p95": 1738.609951299428,
  "summary_csf_stdv": 99.08972039427394,
  "summary_gm_k": -1.2164123630584167,
  "summary_gm_mad": 1530.5181122915674,
  "summary_gm_mean": 2597.5159836999446,
  "summary_gm_median": 2994.587340205908,
  "summary_gm_n": 104335.0,
  "summary_gm_p05": 103.20834482014185,
  "summary_gm_p95": 4736.115396261215,
  "summary_gm_stdv": 1594.243972895743,
  "summary_wm_k": -0.06825105886448446,
  "summary_wm_mad": 85.24846324541937,
  "summary_wm_mean": 998.5748439596755,
  "summary_wm_median": 999.9999846220016,
  "summary_wm_n": 317174.0,
  "summary_wm_p05": 860.2917972505093,
  "summary_wm_p95": 1132.726684808731,
  "summary_wm_stdv": 83.40392096751258,
  "tpm_overlap_csf": 0.10590294147467422,
  "tpm_overlap_gm": 0.08498990655777021,
  "tpm_overlap_wm": 0.4268314801924091,
  "wm2max": 0.21798160117643037
}