{
  "aor": 0.0004667692307692308,
  "aqi": 0.004402416584615385,
  "bids_meta": {
    "AcquisitionMatrixPE": 104,
    "AcquisitionNumber": 1,
    "AcquisitionTime": "13:58:35.100000",
    "BandwidthPerPixelPhaseEncode": 17.17,
    "BaseResolution": 104,
    "BodyPartExamined": "BRAIN",
    "ConsistencyInfo": "N4_VE11C_LATEST_20160120",
    "ConversionSoftware": "dcm2niix",
    "ConversionSoftwareVersion": "v1.0.20171215 GCC6.3.0",
    "DerivedVendorReportedEchoSpacing": 0.000560011,
    "DeviceSerialNumber": "167001",
    "DwellTime": 2.1e-06,
    "EchoTime": 0.03,
    "EchoTrainLength": 91,
    "EffectiveEchoSpacing": 0.000560011,
    "FlipAngle": 52,
    "ImageOrientationPatientDICOM": [
      0.999782,
      -0.0207264,
      -0.00245718,
      0.0191968,
      0.959369,
      -0.2815
    ],
    "ImageType": [
      "ORIGINAL",
      "PRIMARY",
      "M",
      "ND",
      "MOSAIC"
    ],
    "InPlanePhaseEncodingDirectionDICOM": "COL",
    "InstitutionAddress": "Cooper_60_St._Lucia_QLD_AU_4072",
    "InstitutionName": "St_Lucia_Campus",
    "InstitutionalDepartmentName": "Gehrmann_Labs_MRI",
    "MRAcquisitionType": "2D",
    "MagneticFieldStrength": 3,
    "Manufacturer": "Siemens",
    "ManufacturersModelName": "Prisma_fit",
    "Modality": "MR",
    "MultibandAccelerationFactor": 6,
    "PartialFourier": 0.875,
    "PatientPosition": "HFS",
    "PercentPhaseFOV": 100,
    "PhaseEncodingDirection": "j",
    "PhaseEncodingSteps": 91,
    "PhaseResolution": 1,
    "PixelBandwidth": 2290,
    "ProcedureStepDescription": "Research_16092_QTAB",
    "ProtocolName": "ep2d_REST_SMS6_P-A",
    "PulseSequenceDetails": "%SiemensSeq%_ep2d_bold",
    "ReceiveCoilActiveElements": "HC1-7;NC1,2",
    "ReceiveCoilName": "HeadNeck_64",
    "ReconMatrixPE": 104,
    "RepetitionTime": 0.93,
    "SAR": 0.0619858,
    "ScanOptions": "PFP_FS",
    "ScanningSequence": "EP",
    "SequenceName": "_epfid2d1_104",
    "SequenceVariant": "SK",
    "SeriesDescription": "ep2d_REST_SMS6_P-A",
    "SeriesNumber": 10,
    "ShimSetting": [
      3057,
      -4012,
      -886,
      234,
      81,
      709,
      247,
      -73
    ],
    "SliceThickness": 2,
    "SliceTiming": [
      0.6825,
      0,
      0.455,
      0.0775,
      0.5325,
      0.1525,
      0.6075,
      0.305,
      0.76,
      0.38,
      0.835,
      0.2275,
      0.6825,
      0,
      0.455,
      0.0775,
      0.5325,
      0.1525,
      0.6075,
      0.305,
      0.76,
      0.38,
      0.835,
      0.2275,
      0.6825,
      0,
      0.455,
      0.0775,
      0.5325,
      0.1525,
      0.6075,
      0.305,
      0.76,
      0.38,
      0.835,
      0.2275,
      0.6825,
      0,
      0.455,
      0.0775,
      0.5325,
      0.1525,
      0.6075,
      0.305,
      0.76,
      0.38,
      0.835,
      0.2275,
      0.6825,
      0,
      0.455,
      0.0775,
      0.5325,
      0.1525,
      0.6075,
      0.305,
      0.76,
      0.38,
      0.835,
      0.2275,
      0.6825,
      0,
      0.455,
      0.0775,
      0.5325,
      0.1525,
      0.6075,
      0.305,
      0.76,
      0.38,
      0.835,
      0.2275
    ],
    "SoftwareVersions": "syngo_MR_E11",
    "SpacingBetweenSlices": 2,
    "StationName": "mrc_Trio",
    "TaskName": "rest",
    "TotalReadoutTime": 0.0576811,
    "TxRefAmp": 210.19,
    "dataset": "ds004146",
    "modality": "bold",
    "session_id": "01",
    "subject_id": "0212",
    "task_id": "rest"
  },
  "dummy_trs": 2,
  "dvars_nstd": 34.99196736623456,
  "dvars_std": 1.0545590560493834,
  "dvars_vstd": 1.0076557346296298,
  "efc": 0.5096085970844517,
  "fber": 937.3641967773438,
  "fd_mean": 0.10135954933966226,
  "fd_num": 15,
  "fd_perc": 4.615384615384615,
  "fwhm_avg": 3.0751233333333334,
  "fwhm_x": 2.867255,
  "fwhm_y": 3.14303,
  "fwhm_z": 3.215085,
  "gcor": 0.00451999,
  "gsr_x": -0.01649717055261135,
  "gsr_y": 0.05865955352783203,
  "provenance": {
    "md5sum": "6d353f6389ea66bb1cdda9fb2412269f",
    "settings": {
      "fd_thres": 0.2,
      "testing": false
    },
    "software": "mriqc",
    "version": "23.0.1",
    "webapi_port": null,
    "webapi_url": "https://mriqc.nimh.nih.gov/api/v1"
  },
  "size_t": 325,
  "size_x": 104,
  "size_y": 104,
  "size_z": 72,
  "snr": 2.89189098591458,
  "spacing_tr": 0.9300000071525574,
  "spacing_x": 2.0,
  "spacing_y": 2.0,
  "spacing_z": 2.0,
  "summary_bg_k": 84.04783971565297,
  "summary_bg_mad": 4.703272245266499,
  "summary_bg_mean": 35.53213882446289,
  "summary_bg_median": 17.53230857849121,
  "summary_bg_n": 533454.0,
  "summary_bg_p05": 14.027692794799805,
  "summary_bg_p95": 123.81953735351556,
  "summary_bg_stdv": 57.16310119628906,
  "summary_fg_k": 1.4543718962351626,
  "summary_fg_mad": 179.42224192374192,
  "summary_fg_mean": 567.5552368164062,
  "summary_fg_median": 540.3477172851562,
  "summary_fg_n": 146808.0,
  "summary_fg_p05": 322.0318405151367,
  "summary_fg_p95": 904.9127502441406,
  "summary_fg_stdv": 186.8486328125,
  "tsnr": 41.15349897183478
}