{
  "aor": 0.0005643384615384615,
  "aqi": 0.0059841552307692315,
  "bids_meta": {
    "AcquisitionMatrixPE": 104,
    "AcquisitionNumber": 1,
    "AcquisitionTime": "11:49:0.172500",
    "BandwidthPerPixelPhaseEncode": 17.17,
    "BaseResolution": 104,
    "BodyPartExamined": "BRAIN",
    "CoilString": "HC1-7;NC1_2",
    "ConsistencyInfo": "N4_VE11C_LATEST_20160120",
    "ConversionSoftware": "dcm2niix",
    "ConversionSoftwareVersion": "v1.0.20190410  GCC6.3.0",
    "DerivedVendorReportedEchoSpacing": 0.000560011,
    "DeviceSerialNumber": "167001",
    "DwellTime": 2.1e-06,
    "EchoTime": 0.03,
    "EchoTrainLength": 91,
    "EffectiveEchoSpacing": 0.000560011,
    "FlipAngle": 52,
    "ImageOrientationPatientDICOM": [
      0.998448,
      0.02522,
      0.0496483,
      -0.0125475,
      0.970527,
      -0.240667
    ],
    "ImageType": [
      "ORIGINAL",
      "PRIMARY",
      "M",
      "ND",
      "MOSAIC"
    ],
    "ImagingFrequency": 123.229,
    "InPlanePhaseEncodingDirectionDICOM": "COL",
    "InstitutionAddress": "Cooper_60_St._Lucia_QLD_AU_4072",
    "InstitutionName": "St_Lucia_Campus",
    "InstitutionalDepartmentName": "Gehrmann_Labs_MRI",
    "MRAcquisitionType": "2D",
    "MagneticFieldStrength": 3,
    "Manufacturer": "Siemens",
    "ManufacturersModelName": "Prisma_fit",
    "Modality": "MR",
    "MultibandAccelerationFactor": 6,
    "PartialFourier": 0.875,
    "PatientPosition": "HFS",
    "PercentPhaseFOV": 100,
    "PhaseEncodingDirection": "j",
    "PhaseEncodingSteps": 91,
    "PhaseResolution": 1,
    "PixelBandwidth": 2290,
    "ProcedureStepDescription": "Research_16092_QTAB",
    "ProtocolName": "ep2d_REST_SMS6_P-A",
    "PulseSequenceDetails": "%SiemensSeq%_ep2d_bold",
    "ReceiveCoilActiveElements": "HC1-7;NC1,2",
    "ReceiveCoilName": "HeadNeck_64",
    "ReconMatrixPE": 104,
    "RefLinesPE": 12,
    "RepetitionTime": 0.93,
    "SAR": 0.0817764,
    "ScanOptions": "PFP_FS",
    "ScanningSequence": "EP",
    "SequenceName": "_epfid2d1_104",
    "SequenceVariant": "SK",
    "SeriesDescription": "ep2d_REST_SMS6_P-A",
    "SeriesNumber": 10,
    "ShimSetting": [
      3047,
      -4160,
      -776,
      629,
      -118,
      -214,
      -99,
      -13
    ],
    "SliceThickness": 2,
    "SliceTiming": [
      0.6825,
      0,
      0.455,
      0.075,
      0.53,
      0.1525,
      0.6075,
      0.3025,
      0.7575,
      0.38,
      0.835,
      0.2275,
      0.6825,
      0,
      0.455,
      0.075,
      0.53,
      0.1525,
      0.6075,
      0.3025,
      0.7575,
      0.38,
      0.835,
      0.2275,
      0.6825,
      0,
      0.455,
      0.075,
      0.53,
      0.1525,
      0.6075,
      0.3025,
      0.7575,
      0.38,
      0.835,
      0.2275,
      0.6825,
      0,
      0.455,
      0.075,
      0.53,
      0.1525,
      0.6075,
      0.3025,
      0.7575,
      0.38,
      0.835,
      0.2275,
      0.6825,
      0,
      0.455,
      0.075,
      0.53,
      0.1525,
      0.6075,
      0.3025,
      0.7575,
      0.38,
      0.835,
      0.2275,
      0.6825,
      0,
      0.455,
      0.075,
      0.53,
      0.1525,
      0.6075,
      0.3025,
      0.7575,
      0.38,
      0.835,
      0.2275
    ],
    "SoftwareVersions": "syngo_MR_E11",
    "SpacingBetweenSlices": 2,
    "StationName": "mrc_Trio",
    "TaskName": "rest",
    "TotalReadoutTime": 0.0576811,
    "TxRefAmp": 252.236,
    "dataset": "ds004146",
    "modality": "bold",
    "session_id": "02",
    "subject_id": "0410",
    "task_id": "rest"
  },
  "dummy_trs": 2,
  "dvars_nstd": 43.388919347685174,
  "dvars_std": 1.0833837562654325,
  "dvars_vstd": 1.006189351944445,
  "efc": 0.5152994716722161,
  "fber": 686.67919921875,
  "fd_mean": 0.17776262121594688,
  "fd_num": 122,
  "fd_perc": 37.53846153846154,
  "fwhm_avg": 3.0376501261027804,
  "fwhm_x": 2.789165,
  "fwhm_y": 3.150305,
  "fwhm_z": 3.173480378308341,
  "gcor": 0.00426254,
  "gsr_x": -0.010547704063355923,
  "gsr_y": 0.05696684867143631,
  "provenance": {
    "md5sum": "42a1b1b9974454aa4a4efe84dc1923df",
    "settings": {
      "fd_thres": 0.2,
      "testing": false
    },
    "software": "mriqc",
    "version": "23.0.1",
    "webapi_port": null,
    "webapi_url": "https://mriqc.nimh.nih.gov/api/v1"
  },
  "size_t": 325,
  "size_x": 104,
  "size_y": 104,
  "size_z": 72,
  "snr": 2.6858894427731803,
  "spacing_tr": 0.9300000071525574,
  "spacing_x": 2.0,
  "spacing_y": 2.0,
  "spacing_z": 1.999999761581421,
  "summary_bg_k": 29.806409329909222,
  "summary_bg_mad": 6.441337225682479,
  "summary_bg_mean": 40.41449737548828,
  "summary_bg_median": 19.664615631103516,
  "summary_bg_n": 541371.0,
  "summary_bg_p05": 14.821538925170898,
  "summary_bg_p95": 150.7861557006836,
  "summary_bg_stdv": 58.409812927246094,
  "summary_fg_k": 1.0360901405569285,
  "summary_fg_mad": 184.7414302969772,
  "summary_fg_mean": 548.3539428710938,
  "summary_fg_median": 521.2861328125,
  "summary_fg_n": 140085.0,
  "summary_fg_p05": 300.81354370117185,
  "summary_fg_p95": 910.0750610351562,
  "summary_fg_stdv": 194.08255004882812,
  "tsnr": 35.30598701967392
}