{
  "aor": 0.0004078835978835978,
  "aqi": 0.017466865873015873,
  "bids_meta": {
    "AcquisitionMatrixPE": 90,
    "AcquisitionNumber": 1,
    "AcquisitionTime": "12:19:5.815000",
    "BandwidthPerPixelPhaseEncode": 21.368,
    "BaseResolution": 90,
    "BodyPartExamined": "BRAIN",
    "CoilString": "HC1-7;NC1_2",
    "ConsistencyInfo": "N4_VE11C_LATEST_20160120",
    "ConversionSoftware": "dcm2niix",
    "ConversionSoftwareVersion": "v1.0.20190410  GCC6.3.0",
    "DerivedVendorReportedEchoSpacing": 0.000519988,
    "DeviceSerialNumber": "167001",
    "DwellTime": 2.2e-06,
    "EchoTime": 0.03,
    "EchoTrainLength": 90,
    "EffectiveEchoSpacing": 0.000519988,
    "FlipAngle": 52,
    "ImageOrientationPatientDICOM": [
      0.998448,
      0.0252201,
      0.0496483,
      -0.0125475,
      0.970527,
      -0.240667
    ],
    "ImageType": [
      "ORIGINAL",
      "PRIMARY",
      "M",
      "ND",
      "NORM",
      "MOSAIC"
    ],
    "ImagingFrequency": 123.229,
    "InPlanePhaseEncodingDirectionDICOM": "COL",
    "InstitutionAddress": "Cooper_60_St._Lucia_QLD_AU_4072",
    "InstitutionName": "St_Lucia_Campus",
    "InstitutionalDepartmentName": "Gehrmann_Labs_MRI",
    "MRAcquisitionType": "2D",
    "MagneticFieldStrength": 3,
    "Manufacturer": "Siemens",
    "ManufacturersModelName": "Prisma_fit",
    "Modality": "MR",
    "MultibandAccelerationFactor": 6,
    "PartialFourier": 1,
    "PatientPosition": "HFS",
    "PercentPhaseFOV": 100,
    "PhaseEncodingDirection": "j-",
    "PhaseEncodingSteps": 90,
    "PhaseResolution": 1,
    "PixelBandwidth": 2525,
    "ProcedureStepDescription": "Research_16092_QTAB",
    "ProtocolName": "PARTLY_CLOUDY_mb6_2.4",
    "PulseSequenceDetails": "%SiemensSeq%_ep2d_bold",
    "ReceiveCoilActiveElements": "HC1-7;NC1,2",
    "ReceiveCoilName": "HeadNeck_64",
    "ReconMatrixPE": 90,
    "RefLinesPE": 12,
    "RepetitionTime": 0.8,
    "SAR": 0.0794616,
    "ScanOptions": "FS",
    "ScanningSequence": "EP",
    "SequenceName": "_epfid2d1_90",
    "SequenceVariant": "SK",
    "SeriesDescription": "PARTLY_CLOUDY_mb6_2.4",
    "SeriesNumber": 19,
    "ShimSetting": [
      3047,
      -4160,
      -776,
      629,
      -118,
      -213,
      -99,
      -13
    ],
    "SliceThickness": 2.4,
    "SliceTiming": [
      0.5475,
      0,
      0.39,
      0.0775,
      0.4675,
      0.235,
      0.625,
      0.3125,
      0.7025,
      0.1575,
      0.5475,
      0,
      0.39,
      0.0775,
      0.4675,
      0.235,
      0.625,
      0.3125,
      0.7025,
      0.1575,
      0.5475,
      0,
      0.39,
      0.0775,
      0.4675,
      0.235,
      0.625,
      0.3125,
      0.7025,
      0.1575,
      0.5475,
      0,
      0.39,
      0.0775,
      0.4675,
      0.235,
      0.625,
      0.3125,
      0.7025,
      0.1575,
      0.5475,
      0,
      0.39,
      0.0775,
      0.4675,
      0.235,
      0.625,
      0.3125,
      0.7025,
      0.1575,
      0.5475,
      0,
      0.39,
      0.0775,
      0.4675,
      0.235,
      0.625,
      0.3125,
      0.7025,
      0.1575
    ],
    "SoftwareVersions": "syngo_MR_E11",
    "SpacingBetweenSlices": 2.4,
    "StationName": "mrc_Trio",
    "TaskName": "partlycloudy",
    "TotalReadoutTime": 0.046279,
    "TxRefAmp": 252.236,
    "dataset": "ds004146",
    "modality": "bold",
    "session_id": "02",
    "subject_id": "0410",
    "task_id": "partlycloudy"
  },
  "dummy_trs": 2,
  "dvars_nstd": 39.287862904111414,
  "dvars_std": 1.1926625438992045,
  "dvars_vstd": 0.990009752944298,
  "efc": 0.4697215425056036,
  "fber": 6086.5751953125,
  "fd_mean": 0.21285415717158906,
  "fd_num": 193,
  "fd_perc": 51.05820105820106,
  "fwhm_avg": 1.9277290277617813,
  "fwhm_x": 1.8395624269023567,
  "fwhm_y": 2.0621124180590145,
  "fwhm_z": 1.881512238323973,
  "gcor": 0.00710188,
  "gsr_x": -0.019753672182559967,
  "gsr_y": 0.03625922650098801,
  "provenance": {
    "md5sum": "f5b12cbbea4cc65451c00eaa6b710f51",
    "settings": {
      "fd_thres": 0.2,
      "testing": false
    },
    "software": "mriqc",
    "version": "23.0.1",
    "webapi_port": null,
    "webapi_url": "https://mriqc.nimh.nih.gov/api/v1"
  },
  "size_t": 378,
  "size_x": 90,
  "size_y": 90,
  "size_z": 60,
  "snr": 6.823687349360901,
  "spacing_tr": 0.800000011920929,
  "spacing_x": 2.4000000953674316,
  "spacing_y": 2.4000000953674316,
  "spacing_z": 2.4000003337860107,
  "summary_bg_k": 20.37586867975847,
  "summary_bg_mad": 5.651930681411461,
  "summary_bg_mean": 26.586881637573242,
  "summary_bg_median": 7.783068656921387,
  "summary_bg_n": 342837.0,
  "summary_bg_p05": 3.275132179260254,
  "summary_bg_p95": 125.1703689575196,
  "summary_bg_stdv": 51.571163177490234,
  "summary_fg_k": 0.9293029589744268,
  "summary_fg_mad": 90.47597231693467,
  "summary_fg_mean": 609.8646850585938,
  "summary_fg_median": 609.6031494140625,
  "summary_fg_n": 75288.0,
  "summary_fg_p05": 470.5575225830078,
  "summary_fg_p95": 751.5713836669919,
  "summary_fg_stdv": 89.33573150634766,
  "tsnr": 39.977726861834526
}