{
  "aor": 0.002556004784688995,
  "aqi": 0.016143054545454543,
  "bids_meta": {
    "AcquisitionMatrixPE": 90,
    "AcquisitionNumber": 1,
    "AcquisitionTime": "10:39:40.207500",
    "BandwidthPerPixelPhaseEncode": 21.368,
    "BaseResolution": 90,
    "BodyPartExamined": "BRAIN",
    "CoilString": "HC1-7;NC1_2",
    "ConsistencyInfo": "N4_VE11C_LATEST_20160120",
    "ConversionSoftware": "dcm2niix",
    "ConversionSoftwareVersion": "v1.0.20190410  GCC6.3.0",
    "DelayTime": 0.001,
    "DerivedVendorReportedEchoSpacing": 0.000519988,
    "DeviceSerialNumber": "167001",
    "DwellTime": 2.2e-06,
    "EchoTime": 0.03,
    "EchoTrainLength": 90,
    "EffectiveEchoSpacing": 0.000519988,
    "FlipAngle": 52,
    "ImageOrientationPatientDICOM": [
      0.9949,
      -0.0744691,
      -0.0680279,
      0.0481366,
      0.943252,
      -0.328571
    ],
    "ImageType": [
      "ORIGINAL",
      "PRIMARY",
      "M",
      "ND",
      "NORM",
      "MOSAIC"
    ],
    "ImagingFrequency": 123.229,
    "InPlanePhaseEncodingDirectionDICOM": "COL",
    "InstitutionAddress": "Cooper_60_St._Lucia_QLD_AU_4072",
    "InstitutionName": "St_Lucia_Campus",
    "InstitutionalDepartmentName": "Gehrmann_Labs_MRI",
    "MRAcquisitionType": "2D",
    "MagneticFieldStrength": 3,
    "Manufacturer": "Siemens",
    "ManufacturersModelName": "Prisma_fit",
    "Modality": "MR",
    "MultibandAccelerationFactor": 6,
    "PartialFourier": 1,
    "PatientPosition": "HFS",
    "PercentPhaseFOV": 100,
    "PhaseEncodingDirection": "j-",
    "PhaseEncodingSteps": 90,
    "PhaseResolution": 1,
    "PixelBandwidth": 2525,
    "ProcedureStepDescription": "Research_16092_QTAB",
    "ProtocolName": "EMOT_TASK_mb6_2.4",
    "PulseSequenceDetails": "%SiemensSeq%_ep2d_bold",
    "ReceiveCoilActiveElements": "HC1-7;NC1,2",
    "ReceiveCoilName": "HeadNeck_64",
    "ReconMatrixPE": 90,
    "RefLinesPE": 12,
    "RepetitionTime": 0.8,
    "SAR": 0.0663668,
    "ScanOptions": "FS",
    "ScanningSequence": "EP",
    "SequenceName": "_epfid2d1_90",
    "SequenceVariant": "SK",
    "SeriesDescription": "EMOT_TASK_mb6_2.4",
    "SeriesNumber": 24,
    "ShimSetting": [
      3016,
      -4179,
      -768,
      476,
      -115,
      -301,
      -92,
      18
    ],
    "SliceThickness": 2.4,
    "SliceTiming": [
      0.545,
      0,
      0.3875,
      0.0775,
      0.465,
      0.2325,
      0.6225,
      0.31,
      0.7,
      0.155,
      0.545,
      0,
      0.3875,
      0.0775,
      0.465,
      0.2325,
      0.6225,
      0.31,
      0.7,
      0.155,
      0.545,
      0,
      0.3875,
      0.0775,
      0.465,
      0.2325,
      0.6225,
      0.31,
      0.7,
      0.155,
      0.545,
      0,
      0.3875,
      0.0775,
      0.465,
      0.2325,
      0.6225,
      0.31,
      0.7,
      0.155,
      0.545,
      0,
      0.3875,
      0.0775,
      0.465,
      0.2325,
      0.6225,
      0.31,
      0.7,
      0.155,
      0.545,
      0,
      0.3875,
      0.0775,
      0.465,
      0.2325,
      0.6225,
      0.31,
      0.7,
      0.155
    ],
    "SoftwareVersions": "syngo_MR_E11",
    "SpacingBetweenSlices": 2.4,
    "StationName": "mrc_Trio",
    "TaskName": "emotionalconflict",
    "TotalReadoutTime": 0.046279,
    "TxRefAmp": 211.272,
    "dataset": "ds004146",
    "modality": "bold",
    "session_id": "02",
    "subject_id": "0255",
    "task_id": "emotionalconflict"
  },
  "dummy_trs": 1,
  "dvars_nstd": 33.493444058874225,
  "dvars_std": 1.2007283054970066,
  "dvars_vstd": 1.0385475179281436,
  "efc": 0.47945754766958126,
  "fber": 6825.13818359375,
  "fd_mean": 0.1788630945876983,
  "fd_num": 274,
  "fd_perc": 32.77511961722488,
  "fwhm_avg": 1.8202902054459438,
  "fwhm_x": 1.7215249315927454,
  "fwhm_y": 1.9235624235644968,
  "fwhm_z": 1.815783261180589,
  "gcor": 0.0147915,
  "gsr_x": -0.02303137071430683,
  "gsr_y": 0.030511939898133278,
  "provenance": {
    "md5sum": "4ae58cb005472fdd79a772b74311cd4b",
    "settings": {
      "fd_thres": 0.2,
      "testing": false
    },
    "software": "mriqc",
    "version": "23.0.1",
    "webapi_port": null,
    "webapi_url": "https://mriqc.nimh.nih.gov/api/v1"
  },
  "size_t": 836,
  "size_x": 90,
  "size_y": 90,
  "size_z": 60,
  "snr": 7.223169848999985,
  "spacing_tr": 0.800000011920929,
  "spacing_x": 2.4000000953674316,
  "spacing_y": 2.4000000953674316,
  "spacing_z": 2.4000000953674316,
  "summary_bg_k": 29.05901490339597,
  "summary_bg_mad": 5.765477973845176,
  "summary_bg_mean": 25.08580780029297,
  "summary_bg_median": 7.992822647094727,
  "summary_bg_n": 331827.0,
  "summary_bg_p05": 3.289473533630371,
  "summary_bg_p95": 108.63767776489262,
  "summary_bg_stdv": 50.502960205078125,
  "summary_fg_k": 1.8775786191319943,
  "summary_fg_mad": 92.15715672345972,
  "summary_fg_mean": 671.9566040039062,
  "summary_fg_median": 668.9102783203125,
  "summary_fg_n": 84011.0,
  "summary_fg_p05": 536.0747375488281,
  "summary_fg_p95": 819.6895751953125,
  "summary_fg_stdv": 92.60564422607422,
  "tsnr": 44.76039701420814
}