{
  "aor": 0.0004562576687116565,
  "aqi": 0.005142760368098159,
  "bids_meta": {
    "AcquisitionMatrixPE": 104,
    "AcquisitionNumber": 1,
    "AcquisitionTime": "17:15:21.837500",
    "BandwidthPerPixelPhaseEncode": 17.17,
    "BaseResolution": 104,
    "BodyPartExamined": "BRAIN",
    "ConsistencyInfo": "N4_VE11C_LATEST_20160120",
    "ConversionSoftware": "dcm2niix",
    "ConversionSoftwareVersion": "v1.0.20171215 GCC6.3.0",
    "DerivedVendorReportedEchoSpacing": 0.000560011,
    "DeviceSerialNumber": "167001",
    "DwellTime": 2.1e-06,
    "EchoTime": 0.03,
    "EchoTrainLength": 91,
    "EffectiveEchoSpacing": 0.000560011,
    "FlipAngle": 52,
    "ImageOrientationPatientDICOM": [
      0.999418,
      0.0107331,
      -0.0323933,
      -0.0195387,
      0.958232,
      -0.285324
    ],
    "ImageType": [
      "ORIGINAL",
      "PRIMARY",
      "M",
      "ND",
      "MOSAIC"
    ],
    "InPlanePhaseEncodingDirectionDICOM": "COL",
    "InstitutionAddress": "Cooper_60_St._Lucia_QLD_AU_4072",
    "InstitutionName": "St_Lucia_Campus",
    "InstitutionalDepartmentName": "Gehrmann_Labs_MRI",
    "MRAcquisitionType": "2D",
    "MagneticFieldStrength": 3,
    "Manufacturer": "Siemens",
    "ManufacturersModelName": "Prisma_fit",
    "Modality": "MR",
    "MultibandAccelerationFactor": 6,
    "PartialFourier": 0.875,
    "PatientPosition": "HFS",
    "PercentPhaseFOV": 100,
    "PhaseEncodingDirection": "j",
    "PhaseEncodingSteps": 91,
    "PhaseResolution": 1,
    "PixelBandwidth": 2290,
    "ProcedureStepDescription": "Research_16092_QTAB",
    "ProtocolName": "ep2d_REST_SMS6_P-A",
    "PulseSequenceDetails": "%SiemensSeq%_ep2d_bold",
    "ReceiveCoilActiveElements": "HC1-7;NC1,2",
    "ReceiveCoilName": "HeadNeck_64",
    "ReconMatrixPE": 104,
    "RepetitionTime": 0.93,
    "SAR": 0.0681815,
    "ScanOptions": "PFP_FS",
    "ScanningSequence": "EP",
    "SequenceName": "_epfid2d1_104",
    "SequenceVariant": "SK",
    "SeriesDescription": "ep2d_REST_SMS6_P-A",
    "SeriesNumber": 10,
    "ShimSetting": [
      3023,
      -4166,
      -804,
      513,
      -54,
      -65,
      -77,
      24
    ],
    "SliceThickness": 2,
    "SliceTiming": [
      0.6825,
      0,
      0.455,
      0.075,
      0.53,
      0.15,
      0.605,
      0.3025,
      0.7575,
      0.3775,
      0.8325,
      0.2275,
      0.6825,
      0,
      0.455,
      0.075,
      0.53,
      0.15,
      0.605,
      0.3025,
      0.7575,
      0.3775,
      0.8325,
      0.2275,
      0.6825,
      0,
      0.455,
      0.075,
      0.53,
      0.15,
      0.605,
      0.3025,
      0.7575,
      0.3775,
      0.8325,
      0.2275,
      0.6825,
      0,
      0.455,
      0.075,
      0.53,
      0.15,
      0.605,
      0.3025,
      0.7575,
      0.3775,
      0.8325,
      0.2275,
      0.6825,
      0,
      0.455,
      0.075,
      0.53,
      0.15,
      0.605,
      0.3025,
      0.7575,
      0.3775,
      0.8325,
      0.2275,
      0.6825,
      0,
      0.455,
      0.075,
      0.53,
      0.15,
      0.605,
      0.3025,
      0.7575,
      0.3775,
      0.8325,
      0.2275
    ],
    "SoftwareVersions": "syngo_MR_E11",
    "SpacingBetweenSlices": 2,
    "StationName": "mrc_Trio",
    "TaskName": "rest",
    "TotalReadoutTime": 0.0576811,
    "TxRefAmp": 205.355,
    "dataset": "ds004146",
    "modality": "bold",
    "session_id": "01",
    "subject_id": "0326",
    "task_id": "rest"
  },
  "dummy_trs": 1,
  "dvars_nstd": 40.65658441396924,
  "dvars_std": 1.1529884835384623,
  "dvars_vstd": 1.009392333415385,
  "efc": 0.4813084449625353,
  "fber": 1056.384033203125,
  "fd_mean": 0.12359767101212535,
  "fd_num": 22,
  "fd_perc": 6.748466257668712,
  "fwhm_avg": 2.9885033333333335,
  "fwhm_x": 2.876595,
  "fwhm_y": 2.99604,
  "fwhm_z": 3.092875,
  "gcor": 0.00760752,
  "gsr_x": -0.009932668879628181,
  "gsr_y": 0.039511069655418396,
  "provenance": {
    "md5sum": "bcf43378b619dddc08ab2d4d25dbd548",
    "settings": {
      "fd_thres": 0.2,
      "testing": false
    },
    "software": "mriqc",
    "version": "23.0.1",
    "webapi_port": null,
    "webapi_url": "https://mriqc.nimh.nih.gov/api/v1"
  },
  "size_t": 326,
  "size_x": 104,
  "size_y": 104,
  "size_z": 72,
  "snr": 2.8771232911041356,
  "spacing_tr": 0.9300000071525574,
  "spacing_x": 2.0,
  "spacing_y": 2.0,
  "spacing_z": 2.0,
  "summary_bg_k": 47.86180483833761,
  "summary_bg_mad": 4.243153096489193,
  "summary_bg_mean": 31.357526779174805,
  "summary_bg_median": 17.263803482055664,
  "summary_bg_n": 553723.0,
  "summary_bg_p05": 13.91411018371582,
  "summary_bg_p95": 97.50276031494148,
  "summary_bg_stdv": 44.58372497558594,
  "summary_fg_k": 1.308610362500212,
  "summary_fg_mad": 183.58570368051,
  "summary_fg_mean": 591.1837768554688,
  "summary_fg_median": 562.0260620117188,
  "summary_fg_n": 131570.0,
  "summary_fg_p05": 335.2157867431641,
  "summary_fg_p95": 952.5556579589831,
  "summary_fg_stdv": 195.34231567382812,
  "tsnr": 40.87886164826341
}