{
  "aor": 0.0005404749340369394,
  "aqi": 0.01230160474934037,
  "bids_meta": {
    "AcquisitionMatrixPE": 90,
    "AcquisitionNumber": 1,
    "AcquisitionTime": "14:32:59.275000",
    "BandwidthPerPixelPhaseEncode": 21.368,
    "BaseResolution": 90,
    "BodyPartExamined": "BRAIN",
    "CoilString": "HC1-7;NC1_2",
    "ConsistencyInfo": "N4_VE11C_LATEST_20160120",
    "ConversionSoftware": "dcm2niix",
    "ConversionSoftwareVersion": "v1.0.20190410  GCC6.3.0",
    "DerivedVendorReportedEchoSpacing": 0.000519988,
    "DeviceSerialNumber": "167001",
    "DwellTime": 2.2e-06,
    "EchoTime": 0.03,
    "EchoTrainLength": 90,
    "EffectiveEchoSpacing": 0.000519988,
    "FlipAngle": 52,
    "ImageOrientationPatientDICOM": [
      0.996546,
      -0.081562,
      0.0156253,
      0.0829818,
      0.985355,
      -0.148964
    ],
    "ImageType": [
      "ORIGINAL",
      "PRIMARY",
      "M",
      "ND",
      "NORM",
      "MOSAIC"
    ],
    "ImagingFrequency": 123.229,
    "InPlanePhaseEncodingDirectionDICOM": "COL",
    "InstitutionAddress": "Cooper_60_St._Lucia_QLD_AU_4072",
    "InstitutionName": "St_Lucia_Campus",
    "InstitutionalDepartmentName": "Gehrmann_Labs_MRI",
    "MRAcquisitionType": "2D",
    "MagneticFieldStrength": 3,
    "Manufacturer": "Siemens",
    "ManufacturersModelName": "Prisma_fit",
    "Modality": "MR",
    "MultibandAccelerationFactor": 6,
    "PartialFourier": 1,
    "PatientPosition": "HFS",
    "PercentPhaseFOV": 100,
    "PhaseEncodingDirection": "j-",
    "PhaseEncodingSteps": 90,
    "PhaseResolution": 1,
    "PixelBandwidth": 2525,
    "ProcedureStepDescription": "Research_16092_QTAB",
    "ProtocolName": "PARTLY_CLOUDY_mb6_2.4",
    "PulseSequenceDetails": "%SiemensSeq%_ep2d_bold",
    "ReceiveCoilActiveElements": "HC1-7;NC1,2",
    "ReceiveCoilName": "HeadNeck_64",
    "ReconMatrixPE": 90,
    "RefLinesPE": 12,
    "RepetitionTime": 0.8,
    "SAR": 0.0680401,
    "ScanOptions": "FS",
    "ScanningSequence": "EP",
    "SequenceName": "_epfid2d1_90",
    "SequenceVariant": "SK",
    "SeriesDescription": "PARTLY_CLOUDY_mb6_2.4",
    "SeriesNumber": 19,
    "ShimSetting": [
      3053,
      -4160,
      -761,
      307,
      31,
      102,
      -74,
      37
    ],
    "SliceThickness": 2.4,
    "SliceTiming": [
      0.5475,
      0,
      0.39,
      0.08,
      0.47,
      0.235,
      0.625,
      0.3125,
      0.7025,
      0.1575,
      0.5475,
      0,
      0.39,
      0.08,
      0.47,
      0.235,
      0.625,
      0.3125,
      0.7025,
      0.1575,
      0.5475,
      0,
      0.39,
      0.08,
      0.47,
      0.235,
      0.625,
      0.3125,
      0.7025,
      0.1575,
      0.5475,
      0,
      0.39,
      0.08,
      0.47,
      0.235,
      0.625,
      0.3125,
      0.7025,
      0.1575,
      0.5475,
      0,
      0.39,
      0.08,
      0.47,
      0.235,
      0.625,
      0.3125,
      0.7025,
      0.1575,
      0.5475,
      0,
      0.39,
      0.08,
      0.47,
      0.235,
      0.625,
      0.3125,
      0.7025,
      0.1575
    ],
    "SoftwareVersions": "syngo_MR_E11",
    "SpacingBetweenSlices": 2.4,
    "StationName": "mrc_Trio",
    "TaskName": "partlycloudy",
    "TotalReadoutTime": 0.046279,
    "TxRefAmp": 213.146,
    "dataset": "ds004146",
    "modality": "bold",
    "session_id": "02",
    "subject_id": "0086",
    "task_id": "partlycloudy"
  },
  "dummy_trs": 1,
  "dvars_nstd": 42.17667318764546,
  "dvars_std": 1.414558771746031,
  "dvars_vstd": 1.0023933811640218,
  "efc": 0.5089967794767866,
  "fber": 6227.97412109375,
  "fd_mean": 0.11013512283550146,
  "fd_num": 5,
  "fd_perc": 1.3192612137203166,
  "fwhm_avg": 1.8695860368204367,
  "fwhm_x": 1.7578832634813282,
  "fwhm_y": 1.976604088123477,
  "fwhm_z": 1.8742707588565046,
  "gcor": 0.0126259,
  "gsr_x": -0.018618786707520485,
  "gsr_y": 0.031686943024396896,
  "provenance": {
    "md5sum": "ac339ceba7f6daa53c85859e94976f63",
    "settings": {
      "fd_thres": 0.2,
      "testing": false
    },
    "software": "mriqc",
    "version": "23.0.1",
    "webapi_port": null,
    "webapi_url": "https://mriqc.nimh.nih.gov/api/v1"
  },
  "size_t": 379,
  "size_x": 90,
  "size_y": 90,
  "size_z": 60,
  "snr": 6.478542023247201,
  "spacing_tr": 0.800000011920929,
  "spacing_x": 2.4000000953674316,
  "spacing_y": 2.4000000953674316,
  "spacing_z": 2.4000000953674316,
  "summary_bg_k": 31.62897175775251,
  "summary_bg_mad": 6.857524476789813,
  "summary_bg_mean": 26.004337310791016,
  "summary_bg_median": 8.662269592285156,
  "summary_bg_n": 312711.0,
  "summary_bg_p05": 2.9472296237945557,
  "summary_bg_p95": 112.00527954101562,
  "summary_bg_stdv": 53.04507827758789,
  "summary_fg_k": 1.491941277019892,
  "summary_fg_mad": 106.68474005862367,
  "summary_fg_mean": 700.221923828125,
  "summary_fg_median": 697.1912841796875,
  "summary_fg_n": 99814.0,
  "summary_fg_p05": 540.8372131347656,
  "summary_fg_p95": 874.2985931396482,
  "summary_fg_stdv": 107.61492156982422,
  "tsnr": 55.45919280266389
}