{
  "bids_meta": {
    "AcquisitionMatrixPE": 256,
    "AcquisitionNumber": 1,
    "AcquisitionTime": "17:12:49.095000",
    "BaseResolution": 256,
    "BodyPartExamined": "BRAIN",
    "CoilString": "HC1-7;NC1_2",
    "ConsistencyInfo": "N4_VE11C_LATEST_20160120",
    "ConversionSoftware": "dcm2niix",
    "ConversionSoftwareVersion": "v1.0.20181125  (JP2:OpenJPEG) GCC6.3.0",
    "DeviceSerialNumber": "167001",
    "DwellTime": 2.6e-06,
    "EchoTime": 0.408,
    "EchoTrainLength": 259,
    "FlipAngle": 120,
    "ImageOrientationPatientDICOM": [
      -0.0223241,
      0.999086,
      0.0364562,
      0.0260479,
      0.0370341,
      -0.998974
    ],
    "ImageType": [
      "ORIGINAL",
      "PRIMARY",
      "M",
      "ND",
      "NORM"
    ],
    "ImagingFrequency": 123.229,
    "InPlanePhaseEncodingDirectionDICOM": "ROW",
    "InstitutionAddress": "Cooper_60_St._Lucia_QLD_AU_4072",
    "InstitutionName": "St_Lucia_Campus",
    "InstitutionalDepartmentName": "Gehrmann_Labs_MRI",
    "MRAcquisitionType": "3D",
    "MagneticFieldStrength": 3,
    "Manufacturer": "Siemens",
    "ManufacturersModelName": "Prisma_fit",
    "Modality": "MR",
    "PartialFourier": 1,
    "PatientPosition": "HFS",
    "PercentPhaseFOV": 100,
    "PhaseEncodingSteps": 233,
    "PhaseResolution": 1,
    "PixelBandwidth": 750,
    "ProcedureStepDescription": "Research_16092_QTAB",
    "ProtocolName": "t2_spc_sag_p2_iso",
    "PulseSequenceDetails": "%SiemensSeq%_tse_vfl",
    "ReceiveCoilActiveElements": "HC1-7;NC1,2",
    "ReceiveCoilName": "HeadNeck_64",
    "ReconMatrixPE": 256,
    "RepetitionTime": 3.2,
    "SAR": 0.148132,
    "ScanOptions": "PFP",
    "ScanningSequence": "SE",
    "SequenceName": "_spcR_282ns",
    "SequenceVariant": "SK_SP",
    "SeriesDescription": "t2_spc_sag_p2_iso",
    "SeriesNumber": 19,
    "ShimSetting": [
      3044,
      -4172,
      -1039,
      -11,
      -3,
      35,
      -21,
      -13
    ],
    "SliceThickness": 1,
    "SoftwareVersions": "syngo_MR_E11",
    "StationName": "mrc_Trio",
    "TxRefAmp": 220.752,
    "dataset": "ds004146",
    "modality": "T2w",
    "session_id": "01",
    "subject_id": "0115"
  },
  "cjv": 1.6231843204873893,
  "cnr": 1.0014821634876787,
  "efc": 0.6319743509981441,
  "fber": 4122.063307571549,
  "fwhm_avg": 4.368445881965949,
  "fwhm_x": 4.5792752729460755,
  "fwhm_y": 4.585299931673706,
  "fwhm_z": 3.9407624412780637,
  "icvs_csf": 0.4375094028990025,
  "icvs_gm": 0.12872289097488618,
  "icvs_wm": 0.4337677061261113,
  "inu_med": 1.0306528806686401,
  "inu_range": 0.3477433264255523,
  "provenance": {
    "md5sum": "6275b012893f4aab57932bc5fb691795",
    "settings": {
      "testing": false
    },
    "software": "mriqc",
    "version": "23.0.1",
    "warnings": {
      "large_rot_frame": true,
      "small_air_mask": false
    },
    "webapi_port": null,
    "webapi_url": "https://mriqc.nimh.nih.gov/api/v1"
  },
  "qi_1": 0.0,
  "qi_2": 0.022404020980083317,
  "rpve_csf": 9.498340576286454,
  "rpve_gm": 31.37723006180622,
  "rpve_wm": 10.174362860671382,
  "size_x": 192,
  "size_y": 300,
  "size_z": 320,
  "snr_csf": 15.500130515802944,
  "snr_gm": 1.5052388541877628,
  "snr_total": 9.904186133190196,
  "snr_wm": 12.70718902957988,
  "snrd_csf": 82.88919677714388,
  "snrd_gm": 154.02280753991622,
  "snrd_total": 96.12561343611942,
  "snrd_wm": 51.46483599129815,
  "spacing_x": 0.7999999523162842,
  "spacing_y": 0.800000011920929,
  "spacing_z": 0.800000011920929,
  "summary_bg_k": 3.488884961348724,
  "summary_bg_mad": 0.0,
  "summary_bg_mean": 9.179020602396966,
  "summary_bg_median": 0.0,
  "summary_bg_n": 1578718.0,
  "summary_bg_p05": 0.0,
  "summary_bg_p95": 33.9366502314806,
  "summary_bg_stdv": 12.729786489680079,
  "summary_csf_k": 1.2092160569501438,
  "summary_csf_mad": 95.33962720318226,
  "summary_csf_mean": 1618.2807976131523,
  "summary_csf_median": 1610.598613165319,
  "summary_csf_n": 193445.0,
  "summary_csf_p05": 1464.8450512737036,
  "summary_csf_p95": 1798.6424622684717,
  "summary_csf_stdv": 103.90844442123203,
  "summary_gm_k": -1.5066905704985958,
  "summary_gm_mad": 3153.367845620815,
  "summary_gm_mean": 2688.2446084181934,
  "summary_gm_median": 2992.777465157211,
  "summary_gm_n": 97716.0,
  "summary_gm_p05": 65.34980595856905,
  "summary_gm_p95": 5303.689311817288,
  "summary_gm_stdv": 1988.2307337075943,
  "summary_wm_k": 0.01664651781484139,
  "summary_wm_mad": 81.27735471989827,
  "summary_wm_mean": 1001.3316317426749,
  "summary_wm_median": 999.999960154295,
  "summary_wm_n": 405349.0,
  "summary_wm_p05": 875.2175077646971,
  "summary_wm_p95": 1128.78519693017,
  "summary_wm_stdv": 78.69551041704226,
  "tpm_overlap_csf": 0.10988293299832368,
  "tpm_overlap_gm": 0.0783124548736064,
  "tpm_overlap_wm": 0.44172875100066733,
  "wm2max": 0.1912432810237806
}