{
  "aor": 0.0005383289124668434,
  "aqi": 0.016120741114058354,
  "bids_meta": {
    "AcquisitionMatrixPE": 90,
    "AcquisitionNumber": 1,
    "AcquisitionTime": "11:55:53.855000",
    "BandwidthPerPixelPhaseEncode": 21.368,
    "BaseResolution": 90,
    "BodyPartExamined": "BRAIN",
    "CoilString": "HC1-7;NC1_2",
    "ConsistencyInfo": "N4_VE11C_LATEST_20160120",
    "ConversionSoftware": "dcm2niix",
    "ConversionSoftwareVersion": "v1.0.20190410  GCC6.3.0",
    "DerivedVendorReportedEchoSpacing": 0.000519988,
    "DeviceSerialNumber": "167001",
    "DwellTime": 2.2e-06,
    "EchoTime": 0.03,
    "EchoTrainLength": 90,
    "EffectiveEchoSpacing": 0.000519988,
    "FlipAngle": 52,
    "ImageOrientationPatientDICOM": [
      0.995171,
      0.0927268,
      0.0321942,
      -0.0800695,
      0.956604,
      -0.280174
    ],
    "ImageType": [
      "ORIGINAL",
      "PRIMARY",
      "M",
      "ND",
      "NORM",
      "MOSAIC"
    ],
    "ImagingFrequency": 123.229,
    "InPlanePhaseEncodingDirectionDICOM": "COL",
    "InstitutionAddress": "Cooper_60_St._Lucia_QLD_AU_4072",
    "InstitutionName": "St_Lucia_Campus",
    "InstitutionalDepartmentName": "Gehrmann_Labs_MRI",
    "MRAcquisitionType": "2D",
    "MagneticFieldStrength": 3,
    "Manufacturer": "Siemens",
    "ManufacturersModelName": "Prisma_fit",
    "Modality": "MR",
    "MultibandAccelerationFactor": 6,
    "PartialFourier": 1,
    "PatientPosition": "HFS",
    "PercentPhaseFOV": 100,
    "PhaseEncodingDirection": "j-",
    "PhaseEncodingSteps": 90,
    "PhaseResolution": 1,
    "PixelBandwidth": 2525,
    "ProcedureStepDescription": "Research_16092_QTAB",
    "ProtocolName": "PARTLY_CLOUDY_mb6_2.4",
    "PulseSequenceDetails": "%SiemensSeq%_ep2d_bold",
    "ReceiveCoilActiveElements": "HC1-7;NC1,2",
    "ReceiveCoilName": "HeadNeck_64",
    "ReconMatrixPE": 90,
    "RefLinesPE": 12,
    "RepetitionTime": 0.8,
    "SAR": 0.0433833,
    "ScanOptions": "FS",
    "ScanningSequence": "EP",
    "SequenceName": "_epfid2d1_90",
    "SequenceVariant": "SK",
    "SeriesDescription": "PARTLY_CLOUDY_mb6_2.4",
    "SeriesNumber": 19,
    "ShimSetting": [
      3038,
      -4172,
      -746,
      481,
      -44,
      43,
      -76,
      6
    ],
    "SliceThickness": 2.4,
    "SliceTiming": [
      0.545,
      0,
      0.39,
      0.0775,
      0.4675,
      0.2325,
      0.6225,
      0.31,
      0.7,
      0.155,
      0.545,
      0,
      0.39,
      0.0775,
      0.4675,
      0.2325,
      0.6225,
      0.31,
      0.7,
      0.155,
      0.545,
      0,
      0.39,
      0.0775,
      0.4675,
      0.2325,
      0.6225,
      0.31,
      0.7,
      0.155,
      0.545,
      0,
      0.39,
      0.0775,
      0.4675,
      0.2325,
      0.6225,
      0.31,
      0.7,
      0.155,
      0.545,
      0,
      0.39,
      0.0775,
      0.4675,
      0.2325,
      0.6225,
      0.31,
      0.7,
      0.155,
      0.545,
      0,
      0.39,
      0.0775,
      0.4675,
      0.2325,
      0.6225,
      0.31,
      0.7,
      0.155
    ],
    "SoftwareVersions": "syngo_MR_E11",
    "SpacingBetweenSlices": 2.4,
    "StationName": "mrc_Trio",
    "TaskName": "partlycloudy",
    "TotalReadoutTime": 0.046279,
    "TxRefAmp": 213.622,
    "dataset": "ds004146",
    "modality": "bold",
    "session_id": "02",
    "subject_id": "0155",
    "task_id": "partlycloudy"
  },
  "dummy_trs": 3,
  "dvars_nstd": 41.13197246002658,
  "dvars_std": 1.311694794308511,
  "dvars_vstd": 0.9973330040425529,
  "efc": 0.4585473246367281,
  "fber": 6778.97509765625,
  "fd_mean": 0.16212582684502738,
  "fd_num": 130,
  "fd_perc": 34.48275862068966,
  "fwhm_avg": 1.868248599240878,
  "fwhm_x": 1.728379097987052,
  "fwhm_y": 1.9929374208077821,
  "fwhm_z": 1.8834292789277998,
  "gcor": 0.00926241,
  "gsr_x": -0.02185065858066082,
  "gsr_y": 0.02989690937101841,
  "provenance": {
    "md5sum": "373aca4ed631a8a175d2f345b6d56f48",
    "settings": {
      "fd_thres": 0.2,
      "testing": false
    },
    "software": "mriqc",
    "version": "23.0.1",
    "webapi_port": null,
    "webapi_url": "https://mriqc.nimh.nih.gov/api/v1"
  },
  "size_t": 377,
  "size_x": 90,
  "size_y": 90,
  "size_z": 60,
  "snr": 7.418254894484515,
  "spacing_tr": 0.800000011920929,
  "spacing_x": 2.4000000953674316,
  "spacing_y": 2.4000000953674316,
  "spacing_z": 2.3999998569488525,
  "summary_bg_k": 23.678570219456763,
  "summary_bg_mad": 5.37590740680539,
  "summary_bg_mean": 24.22913360595703,
  "summary_bg_median": 7.427055358886719,
  "summary_bg_n": 345854.0,
  "summary_bg_p05": 3.002652406692505,
  "summary_bg_p95": 108.60410804748504,
  "summary_bg_stdv": 48.46243667602539,
  "summary_fg_k": 1.8866071642910995,
  "summary_fg_mad": 80.32792028487893,
  "summary_fg_mean": 618.1251220703125,
  "summary_fg_median": 616.960205078125,
  "summary_fg_n": 73087.0,
  "summary_fg_p05": 493.63633117675784,
  "summary_fg_p95": 750.3116394042968,
  "summary_fg_stdv": 83.16726684570312,
  "tsnr": 47.85090038180351
}