{
  "aor": 0.0006055555555555555,
  "aqi": 0.006865651327160494,
  "bids_meta": {
    "AcquisitionMatrixPE": 104,
    "AcquisitionNumber": 1,
    "AcquisitionTime": "09:54:2.492500",
    "BandwidthPerPixelPhaseEncode": 17.17,
    "BaseResolution": 104,
    "BodyPartExamined": "BRAIN",
    "ConsistencyInfo": "N4_VE11C_LATEST_20160120",
    "ConversionSoftware": "dcm2niix",
    "ConversionSoftwareVersion": "v1.0.20171215 GCC6.3.0",
    "DerivedVendorReportedEchoSpacing": 0.000560011,
    "DeviceSerialNumber": "167001",
    "DwellTime": 2.1e-06,
    "EchoTime": 0.03,
    "EchoTrainLength": 91,
    "EffectiveEchoSpacing": 0.000560011,
    "FlipAngle": 52,
    "ImageOrientationPatientDICOM": [
      0.998275,
      0.0423063,
      0.0407018,
      -0.0331162,
      0.978281,
      -0.20462
    ],
    "ImageType": [
      "ORIGINAL",
      "PRIMARY",
      "M",
      "ND",
      "MOSAIC"
    ],
    "InPlanePhaseEncodingDirectionDICOM": "COL",
    "InstitutionAddress": "Cooper_60_St._Lucia_QLD_AU_4072",
    "InstitutionName": "St_Lucia_Campus",
    "InstitutionalDepartmentName": "Gehrmann_Labs_MRI",
    "MRAcquisitionType": "2D",
    "MagneticFieldStrength": 3,
    "Manufacturer": "Siemens",
    "ManufacturersModelName": "Prisma_fit",
    "Modality": "MR",
    "MultibandAccelerationFactor": 6,
    "PartialFourier": 0.875,
    "PatientPosition": "HFS",
    "PercentPhaseFOV": 100,
    "PhaseEncodingDirection": "j",
    "PhaseEncodingSteps": 91,
    "PhaseResolution": 1,
    "PixelBandwidth": 2290,
    "ProcedureStepDescription": "Research_16092_QTAB",
    "ProtocolName": "ep2d_REST_SMS6_P-A",
    "PulseSequenceDetails": "%SiemensSeq%_ep2d_bold",
    "ReceiveCoilActiveElements": "HC1-7;NC1,2",
    "ReceiveCoilName": "HeadNeck_64",
    "ReconMatrixPE": 104,
    "RepetitionTime": 0.93,
    "SAR": 0.0851321,
    "ScanOptions": "PFP_FS",
    "ScanningSequence": "EP",
    "SequenceName": "_epfid2d1_104",
    "SequenceVariant": "SK",
    "SeriesDescription": "ep2d_REST_SMS6_P-A",
    "SeriesNumber": 10,
    "ShimSetting": [
      3060,
      -4109,
      -814,
      260,
      -79,
      59,
      -95,
      3
    ],
    "SliceThickness": 2,
    "SliceTiming": [
      0.6825,
      0,
      0.455,
      0.0775,
      0.5325,
      0.1525,
      0.6075,
      0.305,
      0.76,
      0.38,
      0.835,
      0.2275,
      0.6825,
      0,
      0.455,
      0.0775,
      0.5325,
      0.1525,
      0.6075,
      0.305,
      0.76,
      0.38,
      0.835,
      0.2275,
      0.6825,
      0,
      0.455,
      0.0775,
      0.5325,
      0.1525,
      0.6075,
      0.305,
      0.76,
      0.38,
      0.835,
      0.2275,
      0.6825,
      0,
      0.455,
      0.0775,
      0.5325,
      0.1525,
      0.6075,
      0.305,
      0.76,
      0.38,
      0.835,
      0.2275,
      0.6825,
      0,
      0.455,
      0.0775,
      0.5325,
      0.1525,
      0.6075,
      0.305,
      0.76,
      0.38,
      0.835,
      0.2275,
      0.6825,
      0,
      0.455,
      0.0775,
      0.5325,
      0.1525,
      0.6075,
      0.305,
      0.76,
      0.38,
      0.835,
      0.2275
    ],
    "SoftwareVersions": "syngo_MR_E11",
    "SpacingBetweenSlices": 2,
    "StationName": "mrc_Trio",
    "TaskName": "rest",
    "TotalReadoutTime": 0.0576811,
    "TxRefAmp": 210.875,
    "dataset": "ds004146",
    "modality": "bold",
    "session_id": "01",
    "subject_id": "0399",
    "task_id": "rest"
  },
  "dummy_trs": 3,
  "dvars_nstd": 39.58999080473684,
  "dvars_std": 1.1015195918575857,
  "dvars_vstd": 0.9832007811145512,
  "efc": 0.5313851800993937,
  "fber": 948.775634765625,
  "fd_mean": 0.1191921979172233,
  "fd_num": 17,
  "fd_perc": 5.246913580246914,
  "fwhm_avg": 3.336093333333333,
  "fwhm_x": 3.143915,
  "fwhm_y": 3.384685,
  "fwhm_z": 3.47968,
  "gcor": 0.00442771,
  "gsr_x": -0.02242988720536232,
  "gsr_y": 0.06706474721431732,
  "provenance": {
    "md5sum": "c68205104ef8947e564228a3aef8841b",
    "settings": {
      "fd_thres": 0.2,
      "testing": false
    },
    "software": "mriqc",
    "version": "23.0.1",
    "webapi_port": null,
    "webapi_url": "https://mriqc.nimh.nih.gov/api/v1"
  },
  "size_t": 324,
  "size_x": 104,
  "size_y": 104,
  "size_z": 72,
  "snr": 2.3755373564872424,
  "spacing_tr": 0.9300000071525574,
  "spacing_x": 2.0,
  "spacing_y": 2.0,
  "spacing_z": 2.0,
  "summary_bg_k": 62.38767886196386,
  "summary_bg_mad": 6.401731922163648,
  "summary_bg_mean": 40.01718521118164,
  "summary_bg_median": 19.490741729736328,
  "summary_bg_n": 494232.0,
  "summary_bg_p05": 14.570987701416016,
  "summary_bg_p95": 140.0628074645992,
  "summary_bg_stdv": 60.95281982421875,
  "summary_fg_k": 0.845576635514889,
  "summary_fg_mad": 245.1464308163968,
  "summary_fg_mean": 644.8658447265625,
  "summary_fg_median": 600.552490234375,
  "summary_fg_n": 183918.0,
  "summary_fg_p05": 323.5334991455078,
  "summary_fg_p95": 1124.147344970703,
  "summary_fg_stdv": 252.8063201904297,
  "tsnr": 34.22121073433664
}