{
  "bids_meta": {
    "AcquisitionMatrixPE": 256,
    "AcquisitionNumber": 1,
    "AcquisitionTime": "11:22:42.940000",
    "BaseResolution": 256,
    "BodyPartExamined": "BRAIN",
    "ConsistencyInfo": "N4_VE11C_LATEST_20160120",
    "ConversionSoftware": "dcm2niix",
    "ConversionSoftwareVersion": "v1.0.20171215 GCC6.3.0",
    "DeviceSerialNumber": "167001",
    "DwellTime": 2.6e-06,
    "EchoTime": 0.408,
    "EchoTrainLength": 259,
    "FlipAngle": 120,
    "ImageOrientationPatientDICOM": [
      -0.0988926,
      0.995098,
      3.89403e-08,
      -0.0421206,
      -0.0041859,
      -0.999104
    ],
    "ImageType": [
      "ORIGINAL",
      "PRIMARY",
      "M",
      "ND",
      "NORM"
    ],
    "InPlanePhaseEncodingDirectionDICOM": "ROW",
    "InstitutionAddress": "Cooper_60_St._Lucia_QLD_AU_4072",
    "InstitutionName": "St_Lucia_Campus",
    "InstitutionalDepartmentName": "Gehrmann_Labs_MRI",
    "MRAcquisitionType": "3D",
    "MagneticFieldStrength": 3,
    "Manufacturer": "Siemens",
    "ManufacturersModelName": "Prisma_fit",
    "Modality": "MR",
    "ParallelReductionFactorInPlane": 2,
    "PartialFourier": 1,
    "PatientPosition": "HFS",
    "PercentPhaseFOV": 100,
    "PhaseEncodingSteps": 233,
    "PhaseResolution": 1,
    "PixelBandwidth": 750,
    "ProcedureStepDescription": "Research_16092_QTAB",
    "ProtocolName": "t2_spc_sag_p2_iso",
    "PulseSequenceDetails": "%SiemensSeq%_tse_vfl",
    "ReceiveCoilActiveElements": "HC1-7;NC1",
    "ReceiveCoilName": "HeadNeck_64",
    "ReconMatrixPE": 256,
    "RepetitionTime": 3.2,
    "SAR": 0.187936,
    "ScanOptions": "PFP",
    "ScanningSequence": "SE",
    "SequenceName": "_spcR_282ns",
    "SequenceVariant": "SK_SP",
    "SeriesDescription": "t2_spc_sag_p2_iso",
    "SeriesNumber": 19,
    "ShimSetting": [
      3043,
      -4177,
      -1039,
      1,
      -3,
      36,
      -3,
      -11
    ],
    "SliceThickness": 1,
    "SoftwareVersions": "syngo_MR_E11",
    "StationName": "mrc_Trio",
    "TxRefAmp": 208.399,
    "dataset": "ds004146",
    "modality": "T2w",
    "session_id": "01",
    "subject_id": "0138"
  },
  "cjv": 1.0318006998232638,
  "cnr": 1.2493285045275129,
  "efc": 0.6058459093305418,
  "fber": -1.0,
  "fwhm_avg": 4.202704208807839,
  "fwhm_x": 4.218450251439229,
  "fwhm_y": 4.515424932714925,
  "fwhm_z": 3.8742374422693633,
  "icvs_csf": 0.51715053190354,
  "icvs_gm": 0.10537923407869863,
  "icvs_wm": 0.37747023401776136,
  "inu_med": 1.0372021198272705,
  "inu_range": 0.29550262689590456,
  "provenance": {
    "md5sum": "f651714665a6f063026e9303f41a7fef",
    "settings": {
      "testing": false
    },
    "software": "mriqc",
    "version": "23.0.1",
    "warnings": {
      "large_rot_frame": true,
      "small_air_mask": false
    },
    "webapi_port": null,
    "webapi_url": "https://mriqc.nimh.nih.gov/api/v1"
  },
  "qi_1": 0.08104828790370164,
  "qi_2": 0.02298977946904133,
  "rpve_csf": 9.79352247456028,
  "rpve_gm": 39.652493869305474,
  "rpve_wm": 13.06274786773695,
  "size_x": 192,
  "size_y": 300,
  "size_z": 320,
  "snr_csf": 18.634680713035028,
  "snr_gm": 1.7925907933836118,
  "snr_total": 10.896957047144637,
  "snr_wm": 12.26359963501527,
  "snrd_csf": 133.27348630878112,
  "snrd_gm": 284.8430048998254,
  "snrd_total": 168.08246298139193,
  "snrd_wm": 86.13089773556923,
  "spacing_x": 0.7999999523162842,
  "spacing_y": 0.800000011920929,
  "spacing_z": 0.800000011920929,
  "summary_bg_k": 16.91682751023574,
  "summary_bg_mad": 0.0,
  "summary_bg_mean": 2.4027315283432364,
  "summary_bg_median": 0.0,
  "summary_bg_n": 1347578.0,
  "summary_bg_p05": 0.0,
  "summary_bg_p95": 17.427589371800423,
  "summary_bg_stdv": 7.6056653986146765,
  "summary_csf_k": 0.1897845843402166,
  "summary_csf_mad": 81.51764672038387,
  "summary_csf_mean": 1549.3117759672687,
  "summary_csf_median": 1547.2099296748638,
  "summary_csf_n": 306152.0,
  "summary_csf_p05": 1417.03483723104,
  "summary_csf_p95": 1688.4306773543358,
  "summary_csf_stdv": 83.02838275758049,
  "summary_gm_k": -1.2731465037406975,
  "summary_gm_mad": 2297.5360548870094,
  "summary_gm_mean": 2959.4019694848657,
  "summary_gm_median": 3306.823718547821,
  "summary_gm_n": 51566.0,
  "summary_gm_p05": 72.98314422369003,
  "summary_gm_p95": 5079.283195361495,
  "summary_gm_stdv": 1844.699675243614,
  "summary_wm_k": -0.18245708638703784,
  "summary_wm_mad": 82.7307069394372,
  "summary_wm_mean": 1003.5540197671698,
  "summary_wm_median": 999.9181676656008,
  "summary_wm_n": 390585.0,
  "summary_wm_p05": 874.4886159896851,
  "summary_wm_p95": 1144.0844234079123,
  "summary_wm_stdv": 81.53534992967887,
  "tpm_overlap_csf": 0.10491576134699183,
  "tpm_overlap_gm": 0.06653038796044497,
  "tpm_overlap_wm": 0.4529811975806631,
  "wm2max": 0.20368333333333333
}