{
  "aor": 0.0008536307692307692,
  "aqi": 0.006360562553846154,
  "bids_meta": {
    "AcquisitionMatrixPE": 104,
    "AcquisitionNumber": 1,
    "AcquisitionTime": "12:06:12.242500",
    "BandwidthPerPixelPhaseEncode": 17.17,
    "BaseResolution": 104,
    "BodyPartExamined": "BRAIN",
    "ConsistencyInfo": "N4_VE11C_LATEST_20160120",
    "ConversionSoftware": "dcm2niix",
    "ConversionSoftwareVersion": "v1.0.20171215 GCC6.3.0",
    "DerivedVendorReportedEchoSpacing": 0.000560011,
    "DeviceSerialNumber": "167001",
    "DwellTime": 2.1e-06,
    "EchoTime": 0.03,
    "EchoTrainLength": 91,
    "EffectiveEchoSpacing": 0.000560011,
    "FlipAngle": 52,
    "ImageOrientationPatientDICOM": [
      0.999399,
      0.0346139,
      0.00160796,
      -0.0326296,
      0.955699,
      -0.292532
    ],
    "ImageType": [
      "ORIGINAL",
      "PRIMARY",
      "M",
      "ND",
      "MOSAIC"
    ],
    "InPlanePhaseEncodingDirectionDICOM": "COL",
    "InstitutionAddress": "Cooper_60_St._Lucia_QLD_AU_4072",
    "InstitutionName": "St_Lucia_Campus",
    "InstitutionalDepartmentName": "Gehrmann_Labs_MRI",
    "MRAcquisitionType": "2D",
    "MagneticFieldStrength": 3,
    "Manufacturer": "Siemens",
    "ManufacturersModelName": "Prisma_fit",
    "Modality": "MR",
    "MultibandAccelerationFactor": 6,
    "PartialFourier": 0.875,
    "PatientPosition": "HFS",
    "PercentPhaseFOV": 100,
    "PhaseEncodingDirection": "j-",
    "PhaseEncodingSteps": 91,
    "PhaseResolution": 1,
    "PixelBandwidth": 2290,
    "ProcedureStepDescription": "Research_16092_QTAB",
    "ProtocolName": "ep2d_REST_SMS6_A-P",
    "PulseSequenceDetails": "%SiemensSeq%_ep2d_bold",
    "ReceiveCoilActiveElements": "HC1-7;NC1,2",
    "ReceiveCoilName": "HeadNeck_64",
    "ReconMatrixPE": 104,
    "RepetitionTime": 0.93,
    "SAR": 0.0771352,
    "ScanOptions": "PFP_FS",
    "ScanningSequence": "EP",
    "SequenceName": "_epfid2d1_104",
    "SequenceVariant": "SK",
    "SeriesDescription": "ep2d_REST_SMS6_A-P",
    "SeriesNumber": 13,
    "ShimSetting": [
      3062,
      -4163,
      -771,
      436,
      0,
      142,
      -28,
      30
    ],
    "SliceThickness": 2,
    "SliceTiming": [
      0.6825,
      0,
      0.455,
      0.0775,
      0.5325,
      0.1525,
      0.6075,
      0.305,
      0.76,
      0.38,
      0.835,
      0.2275,
      0.6825,
      0,
      0.455,
      0.0775,
      0.5325,
      0.1525,
      0.6075,
      0.305,
      0.76,
      0.38,
      0.835,
      0.2275,
      0.6825,
      0,
      0.455,
      0.0775,
      0.5325,
      0.1525,
      0.6075,
      0.305,
      0.76,
      0.38,
      0.835,
      0.2275,
      0.6825,
      0,
      0.455,
      0.0775,
      0.5325,
      0.1525,
      0.6075,
      0.305,
      0.76,
      0.38,
      0.835,
      0.2275,
      0.6825,
      0,
      0.455,
      0.0775,
      0.5325,
      0.1525,
      0.6075,
      0.305,
      0.76,
      0.38,
      0.835,
      0.2275,
      0.6825,
      0,
      0.455,
      0.0775,
      0.5325,
      0.1525,
      0.6075,
      0.305,
      0.76,
      0.38,
      0.835,
      0.2275
    ],
    "SoftwareVersions": "syngo_MR_E11",
    "SpacingBetweenSlices": 2,
    "StationName": "mrc_Trio",
    "TaskName": "rest",
    "TotalReadoutTime": 0.0576811,
    "TxRefAmp": 207.993,
    "dataset": "ds004146",
    "modality": "bold",
    "session_id": "01",
    "subject_id": "0031",
    "task_id": "rest"
  },
  "dummy_trs": 2,
  "dvars_nstd": 38.35688459737653,
  "dvars_std": 1.096635182160494,
  "dvars_vstd": 1.0092514380555555,
  "efc": 0.5198915892206234,
  "fber": 945.5426635742188,
  "fd_mean": 0.2039091086054741,
  "fd_num": 156,
  "fd_perc": 48.0,
  "fwhm_avg": 3.2000716666666666,
  "fwhm_x": 2.98284,
  "fwhm_y": 3.33162,
  "fwhm_z": 3.285755,
  "gcor": 0.00832949,
  "gsr_x": -0.012551533058285713,
  "gsr_y": 0.0577252022922039,
  "provenance": {
    "md5sum": "1693c8a07e98ca8d2d9d88ae1bb946bd",
    "settings": {
      "fd_thres": 0.2,
      "testing": false
    },
    "software": "mriqc",
    "version": "23.0.1",
    "webapi_port": null,
    "webapi_url": "https://mriqc.nimh.nih.gov/api/v1"
  },
  "size_t": 325,
  "size_x": 104,
  "size_y": 104,
  "size_z": 72,
  "snr": 2.7459382151391467,
  "spacing_tr": 0.9300000071525574,
  "spacing_x": 2.0,
  "spacing_y": 2.0,
  "spacing_z": 2.0,
  "summary_bg_k": 47.42524923956608,
  "summary_bg_mad": 5.944092788465135,
  "summary_bg_mean": 35.9028434753418,
  "summary_bg_median": 18.975383758544922,
  "summary_bg_n": 511701.0,
  "summary_bg_p05": 14.54769229888916,
  "summary_bg_p95": 112.73846435546875,
  "summary_bg_stdv": 53.55559539794922,
  "summary_fg_k": 0.7565356784864568,
  "summary_fg_mad": 203.96951600879916,
  "summary_fg_mean": 626.047119140625,
  "summary_fg_median": 593.719970703125,
  "summary_fg_n": 165298.0,
  "summary_fg_p05": 341.2852386474609,
  "summary_fg_p95": 1034.3440307617186,
  "summary_fg_stdv": 216.2168731689453,
  "tsnr": 38.149612431414425
}