{
  "aor": 0.0010622935779816514,
  "aqi": 0.004656900550458715,
  "bids_meta": {
    "AcquisitionMatrixPE": 104,
    "AcquisitionNumber": 1,
    "AcquisitionTime": "08:52:43.792500",
    "BandwidthPerPixelPhaseEncode": 17.17,
    "BaseResolution": 104,
    "BodyPartExamined": "BRAIN",
    "ConsistencyInfo": "N4_VE11C_LATEST_20160120",
    "ConversionSoftware": "dcm2niix",
    "ConversionSoftwareVersion": "v1.0.20171215 GCC6.3.0",
    "DerivedVendorReportedEchoSpacing": 0.000560011,
    "DeviceSerialNumber": "167001",
    "DwellTime": 2.1e-06,
    "EchoTime": 0.03,
    "EchoTrainLength": 91,
    "EffectiveEchoSpacing": 0.000560011,
    "FlipAngle": 52,
    "ImageOrientationPatientDICOM": [
      0.99842,
      0.039214,
      -0.0402394,
      -0.0472589,
      0.973457,
      -0.223939
    ],
    "ImageType": [
      "ORIGINAL",
      "PRIMARY",
      "M",
      "ND",
      "MOSAIC"
    ],
    "InPlanePhaseEncodingDirectionDICOM": "COL",
    "InstitutionAddress": "Cooper_60_St._Lucia_QLD_AU_4072",
    "InstitutionName": "St_Lucia_Campus",
    "InstitutionalDepartmentName": "Gehrmann_Labs_MRI",
    "MRAcquisitionType": "2D",
    "MagneticFieldStrength": 3,
    "Manufacturer": "Siemens",
    "ManufacturersModelName": "Prisma_fit",
    "Modality": "MR",
    "MultibandAccelerationFactor": 6,
    "PartialFourier": 0.875,
    "PatientPosition": "HFS",
    "PercentPhaseFOV": 100,
    "PhaseEncodingDirection": "j",
    "PhaseEncodingSteps": 91,
    "PhaseResolution": 1,
    "PixelBandwidth": 2290,
    "ProcedureStepDescription": "Research_16092_QTAB",
    "ProtocolName": "ep2d_REST_SMS6_P-A",
    "PulseSequenceDetails": "%SiemensSeq%_ep2d_bold",
    "ReceiveCoilActiveElements": "HC1-7;NC1,2",
    "ReceiveCoilName": "HeadNeck_64",
    "ReconMatrixPE": 104,
    "RepetitionTime": 0.93,
    "SAR": 0.0609803,
    "ScanOptions": "PFP_FS",
    "ScanningSequence": "EP",
    "SequenceName": "_epfid2d1_104",
    "SequenceVariant": "SK",
    "SeriesDescription": "ep2d_REST_SMS6_P-A",
    "SeriesNumber": 10,
    "ShimSetting": [
      3024,
      -4100,
      -710,
      773,
      -76,
      98,
      9,
      -3
    ],
    "SliceThickness": 2,
    "SliceTiming": [
      0.6825,
      0,
      0.455,
      0.075,
      0.53,
      0.15,
      0.605,
      0.3025,
      0.7575,
      0.3775,
      0.8325,
      0.2275,
      0.6825,
      0,
      0.455,
      0.075,
      0.53,
      0.15,
      0.605,
      0.3025,
      0.7575,
      0.3775,
      0.8325,
      0.2275,
      0.6825,
      0,
      0.455,
      0.075,
      0.53,
      0.15,
      0.605,
      0.3025,
      0.7575,
      0.3775,
      0.8325,
      0.2275,
      0.6825,
      0,
      0.455,
      0.075,
      0.53,
      0.15,
      0.605,
      0.3025,
      0.7575,
      0.3775,
      0.8325,
      0.2275,
      0.6825,
      0,
      0.455,
      0.075,
      0.53,
      0.15,
      0.605,
      0.3025,
      0.7575,
      0.3775,
      0.8325,
      0.2275,
      0.6825,
      0,
      0.455,
      0.075,
      0.53,
      0.15,
      0.605,
      0.3025,
      0.7575,
      0.3775,
      0.8325,
      0.2275
    ],
    "SoftwareVersions": "syngo_MR_E11",
    "SpacingBetweenSlices": 2,
    "StationName": "mrc_Trio",
    "TaskName": "rest",
    "TotalReadoutTime": 0.0576811,
    "TxRefAmp": 215.694,
    "dataset": "ds004146",
    "modality": "bold",
    "session_id": "01",
    "subject_id": "0239",
    "task_id": "rest"
  },
  "dummy_trs": 0,
  "dvars_nstd": 36.31239081331288,
  "dvars_std": 1.1184739194785276,
  "dvars_vstd": 1.0136973275153376,
  "efc": 0.5092892649565607,
  "fber": 1092.1793212890625,
  "fd_mean": 0.12999064170780106,
  "fd_num": 35,
  "fd_perc": 10.703363914373089,
  "fwhm_avg": 3.327051666666667,
  "fwhm_x": 3.182985,
  "fwhm_y": 3.396025,
  "fwhm_z": 3.402145,
  "gcor": 0.0186996,
  "gsr_x": -0.022125182673335075,
  "gsr_y": 0.0686592310667038,
  "provenance": {
    "md5sum": "7b29c8179aae80738b62727a94d94abf",
    "settings": {
      "fd_thres": 0.2,
      "testing": false
    },
    "software": "mriqc",
    "version": "23.0.1",
    "webapi_port": null,
    "webapi_url": "https://mriqc.nimh.nih.gov/api/v1"
  },
  "size_t": 327,
  "size_x": 104,
  "size_y": 104,
  "size_z": 72,
  "snr": 2.3441992928072026,
  "spacing_tr": 0.9300000071525574,
  "spacing_x": 2.0,
  "spacing_y": 2.0,
  "spacing_z": 2.0,
  "summary_bg_k": 32.34122074988974,
  "summary_bg_mad": 5.662906586230667,
  "summary_bg_mean": 42.24470138549805,
  "summary_bg_median": 18.847095489501953,
  "summary_bg_n": 519384.0,
  "summary_bg_p05": 14.633028030395508,
  "summary_bg_p95": 171.27477798461908,
  "summary_bg_stdv": 67.66940307617188,
  "summary_fg_k": 1.5258621199139633,
  "summary_fg_mad": 244.39363736816998,
  "summary_fg_mean": 674.5365600585938,
  "summary_fg_median": 627.1254272460938,
  "summary_fg_n": 159381.0,
  "summary_fg_p05": 338.07952880859375,
  "summary_fg_p95": 1190.330322265625,
  "summary_fg_stdv": 267.5213928222656,
  "tsnr": 41.5037608218845
}