{
  "bids_meta": {
    "AcquisitionMatrixPE": 256,
    "AcquisitionNumber": 1,
    "AcquisitionTime": "11:11:12.115000",
    "BaseResolution": 256,
    "BodyPartExamined": "BRAIN",
    "CoilString": "HC1-7;NC1_2",
    "ConsistencyInfo": "N4_VE11C_LATEST_20160120",
    "ConversionSoftware": "dcm2niix",
    "ConversionSoftwareVersion": "v1.0.20190410  GCC6.3.0",
    "DeviceSerialNumber": "167001",
    "DwellTime": 2.6e-06,
    "EchoTime": 0.408,
    "EchoTrainLength": 259,
    "FlipAngle": 120,
    "ImageOrientationPatientDICOM": [
      0.0290093,
      0.998062,
      0.0550599,
      -0.0468113,
      0.0563791,
      -0.997311
    ],
    "ImageType": [
      "ORIGINAL",
      "PRIMARY",
      "M",
      "ND",
      "NORM"
    ],
    "ImagingFrequency": 123.229,
    "InPlanePhaseEncodingDirectionDICOM": "ROW",
    "InstitutionAddress": "Cooper_60_St._Lucia_QLD_AU_4072",
    "InstitutionName": "St_Lucia_Campus",
    "InstitutionalDepartmentName": "Gehrmann_Labs_MRI",
    "MRAcquisitionType": "3D",
    "MagneticFieldStrength": 3,
    "Manufacturer": "Siemens",
    "ManufacturersModelName": "Prisma_fit",
    "Modality": "MR",
    "PartialFourier": 1,
    "PatientPosition": "HFS",
    "PercentPhaseFOV": 100,
    "PhaseEncodingSteps": 233,
    "PhaseResolution": 1,
    "PixelBandwidth": 750,
    "ProcedureStepDescription": "Research_16092_QTAB",
    "ProtocolName": "t2_spc_sag_p2_iso",
    "PulseSequenceDetails": "%SiemensSeq%_tse_vfl",
    "ReceiveCoilActiveElements": "HC1-7;NC1,2",
    "ReceiveCoilName": "HeadNeck_64",
    "ReconMatrixPE": 256,
    "RefLinesPE": 24,
    "RepetitionTime": 3.2,
    "SAR": 0.163604,
    "ScanOptions": "PFP",
    "ScanningSequence": "SE",
    "SequenceName": "_spcR_282ns",
    "SequenceVariant": "SK_SP",
    "SeriesDescription": "t2_spc_sag_p2_iso",
    "SeriesNumber": 33,
    "ShimSetting": [
      3024,
      -4181,
      -867,
      38,
      36,
      -223,
      105,
      -8
    ],
    "SliceThickness": 1,
    "SoftwareVersions": "syngo_MR_E11",
    "StationName": "mrc_Trio",
    "TxRefAmp": 216.262,
    "dataset": "ds004146",
    "modality": "T2w",
    "session_id": "02",
    "subject_id": "0325"
  },
  "cjv": 1.1360235650357127,
  "cnr": 1.1138101905968945,
  "efc": 0.6989319590289497,
  "fber": 1428.9453677961371,
  "fwhm_avg": 5.039224924909696,
  "fwhm_x": 4.642837430816331,
  "fwhm_y": 5.637137416000106,
  "fwhm_z": 4.837699927912653,
  "icvs_csf": 0.3443272272360143,
  "icvs_gm": 0.49850756671132246,
  "icvs_wm": 0.15716520605266326,
  "inu_med": 0.9420475959777832,
  "inu_range": 0.6654237508773804,
  "provenance": {
    "md5sum": "cc8553c33ad1ff5e46ac4d1c3fe22019",
    "settings": {
      "testing": false
    },
    "software": "mriqc",
    "version": "23.0.1",
    "warnings": {
      "large_rot_frame": true,
      "small_air_mask": false
    },
    "webapi_port": null,
    "webapi_url": "https://mriqc.nimh.nih.gov/api/v1"
  },
  "qi_1": 0.004685622113985704,
  "qi_2": 0.0027766410642052776,
  "rpve_csf": 13.050917263757519,
  "rpve_gm": 9.291023127781637,
  "rpve_wm": 28.722629167443895,
  "size_x": 192,
  "size_y": 300,
  "size_z": 320,
  "snr_csf": 9.482354858860248,
  "snr_gm": 8.089676331752775,
  "snr_total": 6.470805566782339,
  "snr_wm": 1.840385509733992,
  "snrd_csf": 14.663791613924463,
  "snrd_gm": 8.433859024197117,
  "snrd_total": 14.880735723832442,
  "snrd_wm": 21.544556533375744,
  "spacing_x": 0.800000011920929,
  "spacing_y": 0.800000011920929,
  "spacing_z": 0.800000011920929,
  "summary_bg_k": 10.326732128926228,
  "summary_bg_mad": 0.0,
  "summary_bg_mean": 16.028452015108122,
  "summary_bg_median": 0.0,
  "summary_bg_n": 2071194.0,
  "summary_bg_p05": 0.0,
  "summary_bg_p95": 82.7929176595062,
  "summary_bg_stdv": 30.385450925961493,
  "summary_csf_k": 0.07424294783777396,
  "summary_csf_mad": 72.69222068490723,
  "summary_csf_mean": 683.9776021813575,
  "summary_csf_median": 680.1116843353957,
  "summary_csf_n": 110663.0,
  "summary_csf_p05": 573.9698261810466,
  "summary_csf_p95": 806.6391537575049,
  "summary_csf_stdv": 71.72359836305824,
  "summary_gm_k": 0.18335556674334663,
  "summary_gm_mad": 48.15967408365444,
  "summary_gm_mean": 391.644643501788,
  "summary_gm_median": 391.1652741264552,
  "summary_gm_n": 110859.0,
  "summary_gm_p05": 313.8366308709607,
  "summary_gm_p95": 471.6317311562598,
  "summary_gm_stdv": 48.35341907812946,
  "summary_wm_k": -1.7032537754814356,
  "summary_wm_mad": 642.6319984036431,
  "summary_wm_mean": 737.4762757240718,
  "summary_wm_median": 999.2439212147146,
  "summary_wm_n": 66455.0,
  "summary_wm_p05": 56.8732381688431,
  "summary_wm_p95": 1486.1808552386237,
  "summary_wm_stdv": 542.9495057973843,
  "tpm_overlap_csf": 0.10385418991156214,
  "tpm_overlap_gm": 0.35970961105801363,
  "tpm_overlap_wm": 0.1490250326396666,
  "wm2max": 0.753481130627371
}