{
  "aor": 0.0075232110091743125,
  "aqi": 0.013045557064220182,
  "bids_meta": {
    "AcquisitionMatrixPE": 104,
    "AcquisitionNumber": 1,
    "AcquisitionTime": "15:34:58.147500",
    "BandwidthPerPixelPhaseEncode": 17.17,
    "BaseResolution": 104,
    "BodyPartExamined": "BRAIN",
    "CoilString": "HC1-7;NC1_2",
    "ConsistencyInfo": "N4_VE11C_LATEST_20160120",
    "ConversionSoftware": "dcm2niix",
    "ConversionSoftwareVersion": "v1.0.20190410  GCC6.3.0",
    "DerivedVendorReportedEchoSpacing": 0.000560011,
    "DeviceSerialNumber": "167001",
    "DwellTime": 2.1e-06,
    "EchoTime": 0.03,
    "EchoTrainLength": 91,
    "EffectiveEchoSpacing": 0.000560011,
    "FlipAngle": 52,
    "ImageOrientationPatientDICOM": [
      0.999173,
      -0.040242,
      -0.0057519,
      0.0369873,
      0.958679,
      -0.282076
    ],
    "ImageType": [
      "ORIGINAL",
      "PRIMARY",
      "M",
      "ND",
      "MOSAIC"
    ],
    "ImagingFrequency": 123.229,
    "InPlanePhaseEncodingDirectionDICOM": "COL",
    "InstitutionAddress": "Cooper_60_St._Lucia_QLD_AU_4072",
    "InstitutionName": "St_Lucia_Campus",
    "InstitutionalDepartmentName": "Gehrmann_Labs_MRI",
    "MRAcquisitionType": "2D",
    "MagneticFieldStrength": 3,
    "Manufacturer": "Siemens",
    "ManufacturersModelName": "Prisma_fit",
    "Modality": "MR",
    "MultibandAccelerationFactor": 6,
    "PartialFourier": 0.875,
    "PatientPosition": "HFS",
    "PercentPhaseFOV": 100,
    "PhaseEncodingDirection": "j-",
    "PhaseEncodingSteps": 91,
    "PhaseResolution": 1,
    "PixelBandwidth": 2290,
    "ProcedureStepDescription": "Research_16092_QTAB",
    "ProtocolName": "ep2d_REST_SMS6_A-P",
    "PulseSequenceDetails": "%SiemensSeq%_ep2d_bold",
    "ReceiveCoilActiveElements": "HC1-7;NC1,2",
    "ReceiveCoilName": "HeadNeck_64",
    "ReconMatrixPE": 104,
    "RefLinesPE": 12,
    "RepetitionTime": 0.93,
    "SAR": 0.0716245,
    "ScanOptions": "PFP_FS",
    "ScanningSequence": "EP",
    "SequenceName": "_epfid2d1_104",
    "SequenceVariant": "SK",
    "SeriesDescription": "ep2d_REST_SMS6_A-P",
    "SeriesNumber": 9,
    "ShimSetting": [
      3050,
      -4140,
      -718,
      403,
      58,
      52,
      -125,
      -34
    ],
    "SliceThickness": 2,
    "SliceTiming": [
      0.6825,
      0,
      0.455,
      0.075,
      0.53,
      0.15,
      0.605,
      0.3025,
      0.7575,
      0.3775,
      0.8325,
      0.2275,
      0.6825,
      0,
      0.455,
      0.075,
      0.53,
      0.15,
      0.605,
      0.3025,
      0.7575,
      0.3775,
      0.8325,
      0.2275,
      0.6825,
      0,
      0.455,
      0.075,
      0.53,
      0.15,
      0.605,
      0.3025,
      0.7575,
      0.3775,
      0.8325,
      0.2275,
      0.6825,
      0,
      0.455,
      0.075,
      0.53,
      0.15,
      0.605,
      0.3025,
      0.7575,
      0.3775,
      0.8325,
      0.2275,
      0.6825,
      0,
      0.455,
      0.075,
      0.53,
      0.15,
      0.605,
      0.3025,
      0.7575,
      0.3775,
      0.8325,
      0.2275,
      0.6825,
      0,
      0.455,
      0.075,
      0.53,
      0.15,
      0.605,
      0.3025,
      0.7575,
      0.3775,
      0.8325,
      0.2275
    ],
    "SoftwareVersions": "syngo_MR_E11",
    "SpacingBetweenSlices": 2,
    "StationName": "mrc_Trio",
    "TaskName": "rest",
    "TotalReadoutTime": 0.0576811,
    "TxRefAmp": 206.43,
    "dataset": "ds004146",
    "modality": "bold",
    "session_id": "02",
    "subject_id": "0315",
    "task_id": "rest"
  },
  "dummy_trs": 0,
  "dvars_nstd": 48.562843042055206,
  "dvars_std": 1.092159405521472,
  "dvars_vstd": 1.0214535627914119,
  "efc": 0.4913232127950907,
  "fber": 1033.3575439453125,
  "fd_mean": 0.41260845799010604,
  "fd_num": 141,
  "fd_perc": 43.11926605504587,
  "fwhm_avg": 3.34763,
  "fwhm_x": 3.14242,
  "fwhm_y": 3.503185,
  "fwhm_z": 3.397285,
  "gcor": 0.0328493,
  "gsr_x": -0.00873700063675642,
  "gsr_y": 0.04484933242201805,
  "provenance": {
    "md5sum": "fae6f204cba554e3f3f66728a748b01c",
    "settings": {
      "fd_thres": 0.2,
      "testing": false
    },
    "software": "mriqc",
    "version": "23.0.1",
    "webapi_port": null,
    "webapi_url": "https://mriqc.nimh.nih.gov/api/v1"
  },
  "size_t": 327,
  "size_x": 104,
  "size_y": 104,
  "size_z": 72,
  "snr": 2.605662671313578,
  "spacing_tr": 0.9300000071525574,
  "spacing_x": 2.0,
  "spacing_y": 2.0,
  "spacing_z": 2.0,
  "summary_bg_k": 48.82577018288965,
  "summary_bg_mad": 6.129904454140425,
  "summary_bg_mean": 33.5919189453125,
  "summary_bg_median": 19.05810546875,
  "summary_bg_n": 533073.0,
  "summary_bg_p05": 14.348624229431152,
  "summary_bg_p95": 98.06544799804676,
  "summary_bg_stdv": 44.72929382324219,
  "summary_fg_k": 1.1699133337022198,
  "summary_fg_mad": 215.82069648046024,
  "summary_fg_mean": 658.9030151367188,
  "summary_fg_median": 618.7125854492188,
  "summary_fg_n": 148209.0,
  "summary_fg_p05": 356.48931884765625,
  "summary_fg_p95": 1109.7847412109377,
  "summary_fg_stdv": 237.44842529296875,
  "tsnr": 27.43446906656027
}