{
  "aor": 0.0023058465608465605,
  "aqi": 0.01449077531746032,
  "bids_meta": {
    "AcquisitionMatrixPE": 90,
    "AcquisitionNumber": 1,
    "AcquisitionTime": "15:35:49.897500",
    "BandwidthPerPixelPhaseEncode": 21.368,
    "BaseResolution": 90,
    "BodyPartExamined": "BRAIN",
    "CoilString": "HC1-7;NC1_2",
    "ConsistencyInfo": "N4_VE11C_LATEST_20160120",
    "ConversionSoftware": "dcm2niix",
    "ConversionSoftwareVersion": "v1.0.20190410  GCC6.3.0",
    "DerivedVendorReportedEchoSpacing": 0.000519988,
    "DeviceSerialNumber": "167001",
    "DwellTime": 2.2e-06,
    "EchoTime": 0.03,
    "EchoTrainLength": 90,
    "EffectiveEchoSpacing": 0.000519988,
    "FlipAngle": 52,
    "ImageOrientationPatientDICOM": [
      0.997153,
      -0.0160423,
      0.0736847,
      0.0348213,
      0.964655,
      -0.261205
    ],
    "ImageType": [
      "ORIGINAL",
      "PRIMARY",
      "M",
      "ND",
      "NORM",
      "MOSAIC"
    ],
    "ImagingFrequency": 123.229,
    "InPlanePhaseEncodingDirectionDICOM": "COL",
    "InstitutionAddress": "Cooper_60_St._Lucia_QLD_AU_4072",
    "InstitutionName": "St_Lucia_Campus",
    "InstitutionalDepartmentName": "Gehrmann_Labs_MRI",
    "MRAcquisitionType": "2D",
    "MagneticFieldStrength": 3,
    "Manufacturer": "Siemens",
    "ManufacturersModelName": "Prisma_fit",
    "Modality": "MR",
    "MultibandAccelerationFactor": 6,
    "PartialFourier": 1,
    "PatientPosition": "HFS",
    "PercentPhaseFOV": 100,
    "PhaseEncodingDirection": "j-",
    "PhaseEncodingSteps": 90,
    "PhaseResolution": 1,
    "PixelBandwidth": 2525,
    "ProcedureStepDescription": "Research_16092_QTAB",
    "ProtocolName": "PARTLY_CLOUDY_mb6_2.4",
    "PulseSequenceDetails": "%SiemensSeq%_ep2d_bold",
    "ReceiveCoilActiveElements": "HC1-7;NC1,2",
    "ReceiveCoilName": "HeadNeck_64",
    "ReconMatrixPE": 90,
    "RefLinesPE": 12,
    "RepetitionTime": 0.8,
    "SAR": 0.0557899,
    "ScanOptions": "FS",
    "ScanningSequence": "EP",
    "SequenceName": "_epfid2d1_90",
    "SequenceVariant": "SK",
    "SeriesDescription": "PARTLY_CLOUDY_mb6_2.4",
    "SeriesNumber": 19,
    "ShimSetting": [
      3057,
      -4154,
      -756,
      348,
      -34,
      -8,
      -133,
      -18
    ],
    "SliceThickness": 2.4,
    "SliceTiming": [
      0.545,
      0,
      0.39,
      0.0775,
      0.4675,
      0.2325,
      0.6225,
      0.31,
      0.7,
      0.155,
      0.545,
      0,
      0.39,
      0.0775,
      0.4675,
      0.2325,
      0.6225,
      0.31,
      0.7,
      0.155,
      0.545,
      0,
      0.39,
      0.0775,
      0.4675,
      0.2325,
      0.6225,
      0.31,
      0.7,
      0.155,
      0.545,
      0,
      0.39,
      0.0775,
      0.4675,
      0.2325,
      0.6225,
      0.31,
      0.7,
      0.155,
      0.545,
      0,
      0.39,
      0.0775,
      0.4675,
      0.2325,
      0.6225,
      0.31,
      0.7,
      0.155,
      0.545,
      0,
      0.39,
      0.0775,
      0.4675,
      0.2325,
      0.6225,
      0.31,
      0.7,
      0.155
    ],
    "SoftwareVersions": "syngo_MR_E11",
    "SpacingBetweenSlices": 2.4,
    "StationName": "mrc_Trio",
    "TaskName": "partlycloudy",
    "TotalReadoutTime": 0.046279,
    "TxRefAmp": 219.025,
    "dataset": "ds004146",
    "modality": "bold",
    "session_id": "02",
    "subject_id": "0280",
    "task_id": "partlycloudy"
  },
  "dummy_trs": 2,
  "dvars_nstd": 34.16410330832892,
  "dvars_std": 1.2129730973474797,
  "dvars_vstd": 1.0162429526259944,
  "efc": 0.4957882451211342,
  "fber": 5981.28515625,
  "fd_mean": 0.16051121896733184,
  "fd_num": 90,
  "fd_perc": 23.80952380952381,
  "fwhm_avg": 1.9642818031241642,
  "fwhm_x": 1.8435082600788966,
  "fwhm_y": 2.138745748347213,
  "fwhm_z": 1.9105914009463825,
  "gcor": 0.0114449,
  "gsr_x": -0.00973848532885313,
  "gsr_y": 0.036824095994234085,
  "provenance": {
    "md5sum": "c600a3c3ab801551df512f4a113e9f94",
    "settings": {
      "fd_thres": 0.2,
      "testing": false
    },
    "software": "mriqc",
    "version": "23.0.1",
    "webapi_port": null,
    "webapi_url": "https://mriqc.nimh.nih.gov/api/v1"
  },
  "size_t": 378,
  "size_x": 90,
  "size_y": 90,
  "size_z": 60,
  "snr": 6.1887506368905525,
  "spacing_tr": 0.800000011920929,
  "spacing_x": 2.4000000953674316,
  "spacing_y": 2.4000000953674316,
  "spacing_z": 2.4000003337860107,
  "summary_bg_k": 17.35648853375612,
  "summary_bg_mad": 6.808987442796225,
  "summary_bg_mean": 32.43241500854492,
  "summary_bg_median": 8.634920120239258,
  "summary_bg_n": 329316.0,
  "summary_bg_p05": 3.1137564182281494,
  "summary_bg_p95": 161.80753326416016,
  "summary_bg_stdv": 64.45191955566406,
  "summary_fg_k": 1.196562614364189,
  "summary_fg_mad": 106.3374813908066,
  "summary_fg_mean": 677.4884033203125,
  "summary_fg_median": 674.6150512695312,
  "summary_fg_n": 85810.0,
  "summary_fg_p05": 515.1452117919922,
  "summary_fg_p95": 856.8064697265626,
  "summary_fg_stdv": 109.00602722167969,
  "tsnr": 43.436783894430846
}