{
  "aor": 0.004973189448441246,
  "aqi": 0.02539106366906475,
  "bids_meta": {
    "AcquisitionMatrixPE": 90,
    "AcquisitionNumber": 1,
    "AcquisitionTime": "11:52:5.647500",
    "BandwidthPerPixelPhaseEncode": 21.368,
    "BaseResolution": 90,
    "BodyPartExamined": "BRAIN",
    "CoilString": "HC1-7;NC1_2",
    "ConsistencyInfo": "N4_VE11C_LATEST_20160120",
    "ConversionSoftware": "dcm2niix",
    "ConversionSoftwareVersion": "v1.0.20190410  GCC6.3.0",
    "DelayTime": 0.001,
    "DerivedVendorReportedEchoSpacing": 0.000519988,
    "DeviceSerialNumber": "167001",
    "DwellTime": 2.2e-06,
    "EchoTime": 0.03,
    "EchoTrainLength": 90,
    "EffectiveEchoSpacing": 0.000519988,
    "FlipAngle": 52,
    "ImageOrientationPatientDICOM": [
      0.992453,
      0.110835,
      -0.0524736,
      -0.1201,
      0.964956,
      -0.233313
    ],
    "ImageType": [
      "ORIGINAL",
      "PRIMARY",
      "M",
      "ND",
      "NORM",
      "MOSAIC"
    ],
    "ImagingFrequency": 123.229,
    "InPlanePhaseEncodingDirectionDICOM": "COL",
    "InstitutionAddress": "Cooper_60_St._Lucia_QLD_AU_4072",
    "InstitutionName": "St_Lucia_Campus",
    "InstitutionalDepartmentName": "Gehrmann_Labs_MRI",
    "MRAcquisitionType": "2D",
    "MagneticFieldStrength": 3,
    "Manufacturer": "Siemens",
    "ManufacturersModelName": "Prisma_fit",
    "Modality": "MR",
    "MultibandAccelerationFactor": 6,
    "PartialFourier": 1,
    "PatientPosition": "HFS",
    "PercentPhaseFOV": 100,
    "PhaseEncodingDirection": "j-",
    "PhaseEncodingSteps": 90,
    "PhaseResolution": 1,
    "PixelBandwidth": 2525,
    "ProcedureStepDescription": "Research_16092_QTAB",
    "ProtocolName": "EMOT_TASK_mb6_2.4",
    "PulseSequenceDetails": "%SiemensSeq%_ep2d_bold",
    "ReceiveCoilActiveElements": "HC1-7;NC1,2",
    "ReceiveCoilName": "HeadNeck_64",
    "ReconMatrixPE": 90,
    "RefLinesPE": 12,
    "RepetitionTime": 0.8,
    "SAR": 0.0582287,
    "ScanOptions": "FS",
    "ScanningSequence": "EP",
    "SequenceName": "_epfid2d1_90",
    "SequenceVariant": "SK",
    "SeriesDescription": "EMOT_TASK_mb6_2.4",
    "SeriesNumber": 20,
    "ShimSetting": [
      3040,
      -4142,
      -785,
      412,
      -9,
      41,
      -46,
      -15
    ],
    "SliceThickness": 2.4,
    "SliceTiming": [
      0.545,
      0,
      0.39,
      0.0775,
      0.4675,
      0.235,
      0.6225,
      0.3125,
      0.7025,
      0.155,
      0.545,
      0,
      0.39,
      0.0775,
      0.4675,
      0.235,
      0.6225,
      0.3125,
      0.7025,
      0.155,
      0.545,
      0,
      0.39,
      0.0775,
      0.4675,
      0.235,
      0.6225,
      0.3125,
      0.7025,
      0.155,
      0.545,
      0,
      0.39,
      0.0775,
      0.4675,
      0.235,
      0.6225,
      0.3125,
      0.7025,
      0.155,
      0.545,
      0,
      0.39,
      0.0775,
      0.4675,
      0.235,
      0.6225,
      0.3125,
      0.7025,
      0.155,
      0.545,
      0,
      0.39,
      0.0775,
      0.4675,
      0.235,
      0.6225,
      0.3125,
      0.7025,
      0.155
    ],
    "SoftwareVersions": "syngo_MR_E11",
    "SpacingBetweenSlices": 2.4,
    "StationName": "mrc_Trio",
    "TaskName": "emotionalconflict",
    "TotalReadoutTime": 0.046279,
    "TxRefAmp": 215.612,
    "dataset": "ds004146",
    "modality": "bold",
    "session_id": "02",
    "subject_id": "0203",
    "task_id": "emotionalconflict"
  },
  "dummy_trs": 3,
  "dvars_nstd": 35.91179083404562,
  "dvars_std": 1.1145025626290523,
  "dvars_vstd": 0.9996428447539011,
  "efc": 0.5028813131208206,
  "fber": 4912.61376953125,
  "fd_mean": 0.2545052514128694,
  "fd_num": 228,
  "fd_perc": 27.33812949640288,
  "fwhm_avg": 1.853867924867832,
  "fwhm_x": 1.7219955938424834,
  "fwhm_y": 1.9907374208952022,
  "fwhm_z": 1.84887075986581,
  "gcor": 0.0288635,
  "gsr_x": -0.024616120383143425,
  "gsr_y": 0.04096914082765579,
  "provenance": {
    "md5sum": "24423bf81ccf75bc822821ea168cb9bf",
    "settings": {
      "fd_thres": 0.2,
      "testing": false
    },
    "software": "mriqc",
    "version": "23.0.1",
    "webapi_port": null,
    "webapi_url": "https://mriqc.nimh.nih.gov/api/v1"
  },
  "size_t": 834,
  "size_x": 90,
  "size_y": 90,
  "size_z": 60,
  "snr": 6.626999401268228,
  "spacing_tr": 0.800000011920929,
  "spacing_x": 2.4000003337860107,
  "spacing_y": 2.4000000953674316,
  "spacing_z": 2.4000000953674316,
  "summary_bg_k": 18.294409068793367,
  "summary_bg_mad": 7.917878677577339,
  "summary_bg_mean": 33.480384826660156,
  "summary_bg_median": 9.447242736816406,
  "summary_bg_n": 326540.0,
  "summary_bg_p05": 3.3489208221435547,
  "summary_bg_p95": 157.8603103637694,
  "summary_bg_stdv": 64.06716918945312,
  "summary_fg_k": 2.2632832661022038,
  "summary_fg_mad": 96.73527021458737,
  "summary_fg_mean": 674.1280517578125,
  "summary_fg_median": 672.4448852539062,
  "summary_fg_n": 88385.0,
  "summary_fg_p05": 525.53310546875,
  "summary_fg_p95": 834.7906616210937,
  "summary_fg_stdv": 101.46991729736328,
  "tsnr": 33.90138766821474
}