{
  "aor": 0.00023434624697336564,
  "aqi": 0.02499541053268765,
  "bids_meta": {
    "AcquisitionMatrixPE": 90,
    "AcquisitionNumber": 1,
    "AcquisitionTime": "10:38:44.447500",
    "BandwidthPerPixelPhaseEncode": 21.368,
    "BaseResolution": 90,
    "BodyPartExamined": "BRAIN",
    "CoilString": "HC1-7;NC1_2",
    "ConsistencyInfo": "N4_VE11C_LATEST_20160120",
    "ConversionSoftware": "dcm2niix",
    "ConversionSoftwareVersion": "v1.0.20190410  GCC6.3.0",
    "DerivedVendorReportedEchoSpacing": 0.000519988,
    "DeviceSerialNumber": "167001",
    "DwellTime": 2.2e-06,
    "EchoTime": 0.03,
    "EchoTrainLength": 90,
    "EffectiveEchoSpacing": 0.000519988,
    "FlipAngle": 52,
    "ImageOrientationPatientDICOM": [
      0.999841,
      -0.0122105,
      -0.0130268,
      0.00540976,
      0.902473,
      -0.430712
    ],
    "ImageType": [
      "ORIGINAL",
      "PRIMARY",
      "M",
      "ND",
      "NORM",
      "MOSAIC"
    ],
    "ImagingFrequency": 123.229,
    "InPlanePhaseEncodingDirectionDICOM": "COL",
    "InstitutionAddress": "Cooper_60_St._Lucia_QLD_AU_4072",
    "InstitutionName": "St_Lucia_Campus",
    "InstitutionalDepartmentName": "Gehrmann_Labs_MRI",
    "MRAcquisitionType": "2D",
    "MagneticFieldStrength": 3,
    "Manufacturer": "Siemens",
    "ManufacturersModelName": "Prisma_fit",
    "Modality": "MR",
    "MultibandAccelerationFactor": 6,
    "PartialFourier": 1,
    "PatientPosition": "HFS",
    "PercentPhaseFOV": 100,
    "PhaseEncodingDirection": "j-",
    "PhaseEncodingSteps": 90,
    "PhaseResolution": 1,
    "PixelBandwidth": 2525,
    "ProcedureStepDescription": "Research_16092_QTAB",
    "ProtocolName": "EMOT_TASK_mb6_2.4",
    "PulseSequenceDetails": "%SiemensSeq%_ep2d_bold",
    "ReceiveCoilActiveElements": "HC1-7;NC1,2",
    "ReceiveCoilName": "HeadNeck_64",
    "ReconMatrixPE": 90,
    "RefLinesPE": 12,
    "RepetitionTime": 0.8,
    "SAR": 0.0585777,
    "ScanOptions": "FS",
    "ScanningSequence": "EP",
    "SequenceName": "_epfid2d1_90",
    "SequenceVariant": "SK",
    "SeriesDescription": "EMOT_TASK_mb6_2.4",
    "SeriesNumber": 20,
    "ShimSetting": [
      3042,
      -4163,
      -806,
      324,
      21,
      -158,
      -51,
      -39
    ],
    "SliceThickness": 2.4,
    "SliceTiming": [
      0.545,
      0,
      0.39,
      0.0775,
      0.4675,
      0.235,
      0.625,
      0.3125,
      0.7025,
      0.155,
      0.545,
      0,
      0.39,
      0.0775,
      0.4675,
      0.235,
      0.625,
      0.3125,
      0.7025,
      0.155,
      0.545,
      0,
      0.39,
      0.0775,
      0.4675,
      0.235,
      0.625,
      0.3125,
      0.7025,
      0.155,
      0.545,
      0,
      0.39,
      0.0775,
      0.4675,
      0.235,
      0.625,
      0.3125,
      0.7025,
      0.155,
      0.545,
      0,
      0.39,
      0.0775,
      0.4675,
      0.235,
      0.625,
      0.3125,
      0.7025,
      0.155,
      0.545,
      0,
      0.39,
      0.0775,
      0.4675,
      0.235,
      0.625,
      0.3125,
      0.7025,
      0.155
    ],
    "SoftwareVersions": "syngo_MR_E11",
    "SpacingBetweenSlices": 2.4,
    "StationName": "mrc_Trio",
    "TaskName": "emotionalconflict",
    "TotalReadoutTime": 0.046279,
    "TxRefAmp": 231.781,
    "dataset": "ds004146",
    "modality": "bold",
    "session_id": "02",
    "subject_id": "0006",
    "task_id": "emotionalconflict"
  },
  "dummy_trs": 4,
  "dvars_nstd": 37.358428716763655,
  "dvars_std": 1.1888720751151514,
  "dvars_vstd": 0.9438917578181817,
  "efc": 0.5170580881939705,
  "fber": 5434.9150390625,
  "fd_mean": 0.12450803004815571,
  "fd_num": 85,
  "fd_perc": 10.290556900726392,
  "fwhm_avg": 1.8936847078883854,
  "fwhm_x": 1.806537428214652,
  "fwhm_y": 2.034962419137859,
  "fwhm_z": 1.8395542763126458,
  "gcor": 0.0113506,
  "gsr_x": -0.011291208676993847,
  "gsr_y": 0.04476548731327057,
  "provenance": {
    "md5sum": "4a2fa0122ff7d9586f526939ea371f89",
    "settings": {
      "fd_thres": 0.2,
      "testing": false
    },
    "software": "mriqc",
    "version": "23.0.1",
    "webapi_port": null,
    "webapi_url": "https://mriqc.nimh.nih.gov/api/v1"
  },
  "size_t": 826,
  "size_x": 90,
  "size_y": 90,
  "size_z": 60,
  "snr": 6.39342848189344,
  "spacing_tr": 0.800000011920929,
  "spacing_x": 2.4000000953674316,
  "spacing_y": 2.4000000953674316,
  "spacing_z": 2.3999998569488525,
  "summary_bg_k": 22.142550061774536,
  "summary_bg_mad": 6.214005455792548,
  "summary_bg_mean": 29.031768798828125,
  "summary_bg_median": 8.141646385192871,
  "summary_bg_n": 315152.0,
  "summary_bg_p05": 3.010351157188417,
  "summary_bg_p95": 138.05072860717777,
  "summary_bg_stdv": 57.973670959472656,
  "summary_fg_k": 2.31870211767154,
  "summary_fg_mad": 85.56910553846384,
  "summary_fg_mean": 616.5255737304688,
  "summary_fg_median": 612.13134765625,
  "summary_fg_n": 97050.0,
  "summary_fg_p05": 481.67234954833987,
  "summary_fg_p95": 775.2021636962892,
  "summary_fg_stdv": 95.74333953857422,
  "tsnr": 36.18021757167298
}