{
  "aor": 0.001050131926121372,
  "aqi": 0.019901779155672823,
  "bids_meta": {
    "AcquisitionMatrixPE": 90,
    "AcquisitionNumber": 1,
    "AcquisitionTime": "12:11:18.642500",
    "BandwidthPerPixelPhaseEncode": 21.368,
    "BaseResolution": 90,
    "BodyPartExamined": "BRAIN",
    "CoilString": "HC1-7;NC1_2",
    "ConsistencyInfo": "N4_VE11C_LATEST_20160120",
    "ConversionSoftware": "dcm2niix",
    "ConversionSoftwareVersion": "v1.0.20190410  GCC6.3.0",
    "DerivedVendorReportedEchoSpacing": 0.000519988,
    "DeviceSerialNumber": "167001",
    "DwellTime": 2.2e-06,
    "EchoTime": 0.03,
    "EchoTrainLength": 90,
    "EffectiveEchoSpacing": 0.000519988,
    "FlipAngle": 52,
    "ImageOrientationPatientDICOM": [
      0.998476,
      0.0544739,
      -0.00886145,
      -0.0539008,
      0.928,
      -0.36866
    ],
    "ImageType": [
      "ORIGINAL",
      "PRIMARY",
      "M",
      "ND",
      "NORM",
      "MOSAIC"
    ],
    "ImagingFrequency": 123.229,
    "InPlanePhaseEncodingDirectionDICOM": "COL",
    "InstitutionAddress": "Cooper_60_St._Lucia_QLD_AU_4072",
    "InstitutionName": "St_Lucia_Campus",
    "InstitutionalDepartmentName": "Gehrmann_Labs_MRI",
    "MRAcquisitionType": "2D",
    "MagneticFieldStrength": 3,
    "Manufacturer": "Siemens",
    "ManufacturersModelName": "Prisma_fit",
    "Modality": "MR",
    "MultibandAccelerationFactor": 6,
    "PartialFourier": 1,
    "PatientPosition": "HFS",
    "PercentPhaseFOV": 100,
    "PhaseEncodingDirection": "j-",
    "PhaseEncodingSteps": 90,
    "PhaseResolution": 1,
    "PixelBandwidth": 2525,
    "ProcedureStepDescription": "Research_16092_QTAB",
    "ProtocolName": "PARTLY_CLOUDY_mb6_2.4",
    "PulseSequenceDetails": "%SiemensSeq%_ep2d_bold",
    "ReceiveCoilActiveElements": "HC1-7;NC1,2",
    "ReceiveCoilName": "HeadNeck_64",
    "ReconMatrixPE": 90,
    "RefLinesPE": 12,
    "RepetitionTime": 0.8,
    "SAR": 0.0537546,
    "ScanOptions": "FS",
    "ScanningSequence": "EP",
    "SequenceName": "_epfid2d1_90",
    "SequenceVariant": "SK",
    "SeriesDescription": "PARTLY_CLOUDY_mb6_2.4",
    "SeriesNumber": 19,
    "ShimSetting": [
      3050,
      -4152,
      -707,
      603,
      -56,
      8,
      -114,
      3
    ],
    "SliceThickness": 2.4,
    "SliceTiming": [
      0.545,
      0,
      0.39,
      0.0775,
      0.4675,
      0.235,
      0.625,
      0.3125,
      0.7025,
      0.155,
      0.545,
      0,
      0.39,
      0.0775,
      0.4675,
      0.235,
      0.625,
      0.3125,
      0.7025,
      0.155,
      0.545,
      0,
      0.39,
      0.0775,
      0.4675,
      0.235,
      0.625,
      0.3125,
      0.7025,
      0.155,
      0.545,
      0,
      0.39,
      0.0775,
      0.4675,
      0.235,
      0.625,
      0.3125,
      0.7025,
      0.155,
      0.545,
      0,
      0.39,
      0.0775,
      0.4675,
      0.235,
      0.625,
      0.3125,
      0.7025,
      0.155,
      0.545,
      0,
      0.39,
      0.0775,
      0.4675,
      0.235,
      0.625,
      0.3125,
      0.7025,
      0.155
    ],
    "SoftwareVersions": "syngo_MR_E11",
    "SpacingBetweenSlices": 2.4,
    "StationName": "mrc_Trio",
    "TaskName": "partlycloudy",
    "TotalReadoutTime": 0.046279,
    "TxRefAmp": 219.815,
    "dataset": "ds004146",
    "modality": "bold",
    "session_id": "02",
    "subject_id": "0332",
    "task_id": "partlycloudy"
  },
  "dummy_trs": 1,
  "dvars_nstd": 38.55735445259261,
  "dvars_std": 1.2462297120634918,
  "dvars_vstd": 1.010565445714286,
  "efc": 0.46122192847715643,
  "fber": 6653.73974609375,
  "fd_mean": 0.16689862993845223,
  "fd_num": 131,
  "fd_perc": 34.56464379947229,
  "fwhm_avg": 1.7515499303996591,
  "fwhm_x": 1.6482582678374345,
  "fwhm_y": 1.8615207593631442,
  "fwhm_z": 1.7448707639983987,
  "gcor": 0.00977734,
  "gsr_x": -0.022236252203583717,
  "gsr_y": 0.033903058618307114,
  "provenance": {
    "md5sum": "453b6a4dcc3fb86baddd652d66dac1a4",
    "settings": {
      "fd_thres": 0.2,
      "testing": false
    },
    "software": "mriqc",
    "version": "23.0.1",
    "webapi_port": null,
    "webapi_url": "https://mriqc.nimh.nih.gov/api/v1"
  },
  "size_t": 379,
  "size_x": 90,
  "size_y": 90,
  "size_z": 60,
  "snr": 7.366611444191155,
  "spacing_tr": 0.800000011920929,
  "spacing_x": 2.4000000953674316,
  "spacing_y": 2.4000000953674316,
  "spacing_z": 2.4000000953674316,
  "summary_bg_k": 36.45904198964961,
  "summary_bg_mad": 4.205270654072705,
  "summary_bg_mean": 15.900078773498535,
  "summary_bg_median": 5.242744445800781,
  "summary_bg_n": 342896.0,
  "summary_bg_p05": 1.9894460439682007,
  "summary_bg_p95": 64.28562545776367,
  "summary_bg_stdv": 32.20112609863281,
  "summary_fg_k": 2.112056909947845,
  "summary_fg_mad": 55.87724519080404,
  "summary_fg_mean": 431.8473815917969,
  "summary_fg_median": 431.741455078125,
  "summary_fg_n": 75147.0,
  "summary_fg_p05": 343.8301055908203,
  "summary_fg_p95": 523.1417297363281,
  "summary_fg_stdv": 58.607486724853516,
  "tsnr": 43.553816294297576
}