{
  "bids_meta": {
    "AcquisitionMatrixPE": 256,
    "AcquisitionNumber": 1,
    "AcquisitionTime": "11:59:13.410000",
    "BaseResolution": 256,
    "BodyPartExamined": "BRAIN",
    "ConsistencyInfo": "N4_VE11C_LATEST_20160120",
    "ConversionSoftware": "dcm2niix",
    "ConversionSoftwareVersion": "v1.0.20171215 GCC6.3.0",
    "DeviceSerialNumber": "167001",
    "DwellTime": 2.6e-06,
    "EchoTime": 0.408,
    "EchoTrainLength": 259,
    "FlipAngle": 120,
    "ImageOrientationPatientDICOM": [
      0.0494633,
      0.998776,
      -1.03345e-08,
      0.0155599,
      -0.000770597,
      -0.999879
    ],
    "ImageType": [
      "ORIGINAL",
      "PRIMARY",
      "M",
      "ND",
      "NORM"
    ],
    "InPlanePhaseEncodingDirectionDICOM": "ROW",
    "InstitutionAddress": "Cooper_60_St._Lucia_QLD_AU_4072",
    "InstitutionName": "St_Lucia_Campus",
    "InstitutionalDepartmentName": "Gehrmann_Labs_MRI",
    "MRAcquisitionType": "3D",
    "MagneticFieldStrength": 3,
    "Manufacturer": "Siemens",
    "ManufacturersModelName": "Prisma_fit",
    "Modality": "MR",
    "ParallelReductionFactorInPlane": 2,
    "PartialFourier": 1,
    "PatientPosition": "HFS",
    "PercentPhaseFOV": 100,
    "PhaseEncodingSteps": 233,
    "PhaseResolution": 1,
    "PixelBandwidth": 750,
    "ProcedureStepDescription": "Research_16092_QTAB",
    "ProtocolName": "t2_spc_sag_p2_iso",
    "PulseSequenceDetails": "%SiemensSeq%_tse_vfl",
    "ReceiveCoilActiveElements": "HC1-7;NC1",
    "ReceiveCoilName": "HeadNeck_64",
    "ReconMatrixPE": 256,
    "RepetitionTime": 3.2,
    "SAR": 0.138126,
    "ScanOptions": "PFP",
    "ScanningSequence": "SE",
    "SequenceName": "_spcR_282ns",
    "SequenceVariant": "SK_SP",
    "SeriesDescription": "t2_spc_sag_p2_iso",
    "SeriesNumber": 19,
    "ShimSetting": [
      3045,
      -4172,
      -1048,
      3,
      -5,
      36,
      -4,
      -10
    ],
    "SliceThickness": 1,
    "SoftwareVersions": "syngo_MR_E11",
    "StationName": "mrc_Trio",
    "TxRefAmp": 215.923,
    "dataset": "ds004146",
    "modality": "T2w",
    "session_id": "01",
    "subject_id": "0379"
  },
  "cjv": 0.8122919124593104,
  "cnr": 0.5631690445242569,
  "efc": 0.6906048353525163,
  "fber": -1.0,
  "fwhm_avg": 3.999116709122688,
  "fwhm_x": 4.10897524491401,
  "fwhm_y": 4.303724935869501,
  "fwhm_z": 3.584649946584553,
  "icvs_csf": 0.5082229673673463,
  "icvs_gm": 0.37907424455911765,
  "icvs_wm": 0.11270278807353609,
  "inu_med": 0.9798106551170349,
  "inu_range": 0.33148634433746327,
  "provenance": {
    "md5sum": "b6205d92b876e90bff01054d710388a8",
    "settings": {
      "testing": false
    },
    "software": "mriqc",
    "version": "23.0.1",
    "warnings": {
      "large_rot_frame": true,
      "small_air_mask": false
    },
    "webapi_port": null,
    "webapi_url": "https://mriqc.nimh.nih.gov/api/v1"
  },
  "qi_1": 0.0,
  "qi_2": 0.01030081095736521,
  "rpve_csf": 10.54564976781466,
  "rpve_gm": 13.412958280704006,
  "rpve_wm": 43.70676222974163,
  "size_x": 192,
  "size_y": 300,
  "size_z": 320,
  "snr_csf": 19.46804863357604,
  "snr_gm": 16.882894575507134,
  "snr_total": 12.227593704329095,
  "snr_wm": 0.3318379039041095,
  "snrd_csf": 109.87879498918433,
  "snrd_gm": 73.96223849597938,
  "snrd_total": 70.41303270105529,
  "snrd_wm": 27.398064618002156,
  "spacing_x": 0.7999999523162842,
  "spacing_y": 0.800000011920929,
  "spacing_z": 0.800000011920929,
  "summary_bg_k": 14.89762168873488,
  "summary_bg_mad": 0.0,
  "summary_bg_mean": 11.448800873561037,
  "summary_bg_median": 0.0,
  "summary_bg_n": 1477825.0,
  "summary_bg_p05": 0.0,
  "summary_bg_p95": 58.93158948421478,
  "summary_bg_stdv": 24.192905601085517,
  "summary_csf_k": 0.7300597022906161,
  "summary_csf_mad": 196.53276555870607,
  "summary_csf_mean": 4062.5739479199306,
  "summary_csf_median": 4057.6089417934418,
  "summary_csf_n": 291857.0,
  "summary_csf_p05": 3735.4691808223724,
  "summary_csf_p95": 4406.642670035362,
  "summary_csf_stdv": 208.4236621139658,
  "summary_gm_k": 0.1392672336635652,
  "summary_gm_mad": 165.59301754392087,
  "summary_gm_mean": 2728.771342835348,
  "summary_gm_median": 2731.280774474144,
  "summary_gm_n": 282125.0,
  "summary_gm_p05": 2465.8681794404984,
  "summary_gm_p95": 2985.6712517738342,
  "summary_gm_stdv": 161.7777047474714,
  "summary_wm_k": -1.5570499334764254,
  "summary_wm_mad": 1231.1622968841116,
  "summary_wm_mean": 2985.8736078791,
  "summary_wm_median": 1011.7569271922112,
  "summary_wm_n": 44252.0,
  "summary_wm_p05": 131.97148966789246,
  "summary_wm_p95": 7516.709542554617,
  "summary_wm_stdv": 3048.914796831093,
  "tpm_overlap_csf": 0.10386375515443916,
  "tpm_overlap_gm": 0.23164196906963935,
  "tpm_overlap_wm": 0.031633243787292896,
  "wm2max": 0.13690961519339764
}