{
  "bids_meta": {
    "AcquisitionMatrixPE": 256,
    "AcquisitionNumber": 1,
    "AcquisitionTime": "10:56:40.805000",
    "BaseResolution": 256,
    "BodyPartExamined": "BRAIN",
    "CoilString": "HC1-7;NC1_2",
    "ConsistencyInfo": "N4_VE11C_LATEST_20160120",
    "ConversionSoftware": "dcm2niix",
    "ConversionSoftwareVersion": "v1.0.20190410  GCC6.3.0",
    "DeviceSerialNumber": "167001",
    "DwellTime": 2.6e-06,
    "EchoTime": 0.408,
    "EchoTrainLength": 259,
    "FlipAngle": 120,
    "ImageOrientationPatientDICOM": [
      -0.0613751,
      0.997895,
      0.0209415,
      0.00791347,
      0.0214669,
      -0.999738
    ],
    "ImageType": [
      "ORIGINAL",
      "PRIMARY",
      "M",
      "ND",
      "NORM"
    ],
    "ImagingFrequency": 123.229,
    "InPlanePhaseEncodingDirectionDICOM": "ROW",
    "InstitutionAddress": "Cooper_60_St._Lucia_QLD_AU_4072",
    "InstitutionName": "St_Lucia_Campus",
    "InstitutionalDepartmentName": "Gehrmann_Labs_MRI",
    "MRAcquisitionType": "3D",
    "MagneticFieldStrength": 3,
    "Manufacturer": "Siemens",
    "ManufacturersModelName": "Prisma_fit",
    "Modality": "MR",
    "PartialFourier": 1,
    "PatientPosition": "HFS",
    "PercentPhaseFOV": 100,
    "PhaseEncodingSteps": 233,
    "PhaseResolution": 1,
    "PixelBandwidth": 750,
    "ProcedureStepDescription": "Research_16092_QTAB",
    "ProtocolName": "t2_spc_sag_p2_iso",
    "PulseSequenceDetails": "%SiemensSeq%_tse_vfl",
    "ReceiveCoilActiveElements": "HC1-7;NC1,2",
    "ReceiveCoilName": "HeadNeck_64",
    "ReconMatrixPE": 256,
    "RefLinesPE": 24,
    "RepetitionTime": 3.2,
    "SAR": 0.158063,
    "ScanOptions": "PFP",
    "ScanningSequence": "SE",
    "SequenceName": "_spcR_282ns",
    "SequenceVariant": "SK_SP",
    "SeriesDescription": "t2_spc_sag_p2_iso",
    "SeriesNumber": 32,
    "ShimSetting": [
      3046,
      -4168,
      -1041,
      -17,
      -5,
      41,
      -30,
      -10
    ],
    "SliceThickness": 1,
    "SoftwareVersions": "syngo_MR_E11",
    "StationName": "mrc_Trio",
    "TxRefAmp": 215.29,
    "dataset": "ds004146",
    "modality": "T2w",
    "session_id": "02",
    "subject_id": "0334"
  },
  "cjv": 2.42054582498981,
  "cnr": 0.6365204477808226,
  "efc": 0.6558861742539267,
  "fber": 9864.337600394725,
  "fwhm_avg": 3.7820624436428782,
  "fwhm_x": 4.122424938571082,
  "fwhm_y": 3.8471499426729983,
  "fwhm_z": 3.3766124496845538,
  "icvs_csf": 0.46662031945526683,
  "icvs_gm": 0.12519237508849707,
  "icvs_wm": 0.4081873054562361,
  "inu_med": 1.0191617012023926,
  "inu_range": 0.30898088216781616,
  "provenance": {
    "md5sum": "ae27d2664712fa50ed764ff062d7d27c",
    "settings": {
      "testing": false
    },
    "software": "mriqc",
    "version": "23.0.1",
    "warnings": {
      "large_rot_frame": true,
      "small_air_mask": false
    },
    "webapi_port": null,
    "webapi_url": "https://mriqc.nimh.nih.gov/api/v1"
  },
  "qi_1": 0.1124559581109763,
  "qi_2": 0.02046020968412777,
  "rpve_csf": 10.369695339373509,
  "rpve_gm": 37.7544933707738,
  "rpve_wm": 12.022877547723896,
  "size_x": 192,
  "size_y": 300,
  "size_z": 320,
  "snr_csf": 17.88779428112477,
  "snr_gm": 1.4815989607511193,
  "snr_total": 11.352998092506398,
  "snr_wm": 14.689601035643308,
  "snrd_csf": 126.4678083538668,
  "snrd_gm": 149.8617112801161,
  "snrd_total": 120.56703855922144,
  "snrd_wm": 85.37159604368146,
  "spacing_x": 0.800000011920929,
  "spacing_y": 0.800000011920929,
  "spacing_z": 0.800000011920929,
  "summary_bg_k": 21.880431717547676,
  "summary_bg_mad": 0.0,
  "summary_bg_mean": 2.8003256855498697,
  "summary_bg_median": 0.0,
  "summary_bg_n": 1077046.0,
  "summary_bg_p05": 0.0,
  "summary_bg_p95": 19.56545215845108,
  "summary_bg_stdv": 7.673938673095684,
  "summary_csf_k": 0.5107428654384272,
  "summary_csf_mad": 79.2906106547924,
  "summary_csf_mean": 1484.4038481049572,
  "summary_csf_median": 1481.3803742676973,
  "summary_csf_n": 175266.0,
  "summary_csf_p05": 1354.6102968156338,
  "summary_csf_p95": 1623.6487760469317,
  "summary_csf_stdv": 82.81491417492006,
  "summary_gm_k": -1.7444442630110735,
  "summary_gm_mad": 1755.8122439236824,
  "summary_gm_mean": 1544.0357771259223,
  "summary_gm_median": 1755.4048009067774,
  "summary_gm_n": 54148.0,
  "summary_gm_p05": 72.8029393851757,
  "summary_gm_p95": 3100.040500496327,
  "summary_gm_stdv": 1184.7933469252785,
  "summary_wm_k": -0.23728984905401518,
  "summary_wm_mad": 72.67972093370057,
  "summary_wm_mean": 1000.9076367917323,
  "summary_wm_median": 999.9999884963036,
  "summary_wm_n": 306559.0,
  "summary_wm_p05": 891.5252302587032,
  "summary_wm_p95": 1110.371838918327,
  "summary_wm_stdv": 68.07525643897046,
  "tpm_overlap_csf": 0.1138136737093579,
  "tpm_overlap_gm": 0.08518617651923864,
  "tpm_overlap_wm": 0.4452842804678439,
  "wm2max": 0.3348293459770531
}