{
  "bids_meta": {
    "AcquisitionMatrixPE": 256,
    "AcquisitionNumber": 1,
    "AcquisitionTime": "11:53:58.112500",
    "BaseResolution": 256,
    "BodyPartExamined": "BRAIN",
    "ConsistencyInfo": "N4_VE11C_LATEST_20160120",
    "ConversionSoftware": "dcm2niix",
    "ConversionSoftwareVersion": "v1.0.20171215 GCC6.3.0",
    "DeviceSerialNumber": "167001",
    "DwellTime": 2.6e-06,
    "EchoTime": 0.408,
    "EchoTrainLength": 259,
    "FlipAngle": 120,
    "ImageOrientationPatientDICOM": [
      -0.00819694,
      0.998692,
      0.0504612,
      0.0717987,
      0.0509204,
      -0.996118
    ],
    "ImageType": [
      "ORIGINAL",
      "PRIMARY",
      "M",
      "ND",
      "NORM"
    ],
    "InPlanePhaseEncodingDirectionDICOM": "ROW",
    "InstitutionAddress": "Cooper_60_St._Lucia_QLD_AU_4072",
    "InstitutionName": "St_Lucia_Campus",
    "InstitutionalDepartmentName": "Gehrmann_Labs_MRI",
    "MRAcquisitionType": "3D",
    "MagneticFieldStrength": 3,
    "Manufacturer": "Siemens",
    "ManufacturersModelName": "Prisma_fit",
    "Modality": "MR",
    "ParallelReductionFactorInPlane": 2,
    "PartialFourier": 1,
    "PatientPosition": "HFS",
    "PercentPhaseFOV": 100,
    "PhaseEncodingSteps": 233,
    "PhaseResolution": 1,
    "PixelBandwidth": 750,
    "ProcedureStepDescription": "Research_16092_QTAB",
    "ProtocolName": "t2_spc_sag_p2_iso",
    "PulseSequenceDetails": "%SiemensSeq%_tse_vfl",
    "ReceiveCoilActiveElements": "HC1-7;NC1,2",
    "ReceiveCoilName": "HeadNeck_64",
    "ReconMatrixPE": 256,
    "RepetitionTime": 3.2,
    "SAR": 0.128185,
    "ScanOptions": "PFP",
    "ScanningSequence": "SE",
    "SequenceName": "_spcR_282ns",
    "SequenceVariant": "SK_SP",
    "SeriesDescription": "t2_spc_sag_p2_iso",
    "SeriesNumber": 27,
    "ShimSetting": [
      3045,
      -4172,
      -1048,
      3,
      -5,
      36,
      -4,
      -10
    ],
    "SliceThickness": 1,
    "SoftwareVersions": "syngo_MR_E11",
    "StationName": "mrc_Trio",
    "TxRefAmp": 211.95,
    "dataset": "ds004146",
    "modality": "T2w",
    "session_id": "01",
    "subject_id": "0195"
  },
  "cjv": 1.1212032537729757,
  "cnr": 1.0630411744994628,
  "efc": 0.6081769559602437,
  "fber": -1.0,
  "fwhm_avg": 4.42627921319201,
  "fwhm_x": 4.529125269956903,
  "fwhm_y": 4.803612428420597,
  "fwhm_z": 3.9460999411985287,
  "icvs_csf": 0.47298426826309825,
  "icvs_gm": 0.41482846409463825,
  "icvs_wm": 0.11218726764226349,
  "inu_med": 1.0439803004264832,
  "inu_range": 0.36200239956378943,
  "provenance": {
    "md5sum": "1320ee6ce21428b9a79b4cb560da921d",
    "settings": {
      "testing": false
    },
    "software": "mriqc",
    "version": "23.0.1",
    "warnings": {
      "large_rot_frame": true,
      "small_air_mask": false
    },
    "webapi_port": null,
    "webapi_url": "https://mriqc.nimh.nih.gov/api/v1"
  },
  "qi_1": 0.06809633999282991,
  "qi_2": 0.025524088873814747,
  "rpve_csf": 11.056739066842182,
  "rpve_gm": 12.549564717562115,
  "rpve_wm": 40.526755420950046,
  "size_x": 192,
  "size_y": 300,
  "size_z": 320,
  "snr_csf": 17.983856884744508,
  "snr_gm": 16.130696308148057,
  "snr_total": 11.902359794283322,
  "snr_wm": 1.5925261899574001,
  "snrd_csf": 152.0641359444633,
  "snrd_gm": 105.61210579102298,
  "snrd_total": 191.8885506941805,
  "snrd_wm": 317.98941034705535,
  "spacing_x": 0.7999999523162842,
  "spacing_y": 0.800000011920929,
  "spacing_z": 0.800000011920929,
  "summary_bg_k": 16.62491682782848,
  "summary_bg_mad": 0.0,
  "summary_bg_mean": 0.7127203122683631,
  "summary_bg_median": 0.0,
  "summary_bg_n": 1223884.0,
  "summary_bg_p05": 0.0,
  "summary_bg_p95": 5.289939008653164,
  "summary_bg_stdv": 2.0609206279305563,
  "summary_csf_k": 0.31369204113075266,
  "summary_csf_mad": 26.366999851675644,
  "summary_csf_mean": 479.48845912273106,
  "summary_csf_median": 478.36162749677896,
  "summary_csf_n": 186790.0,
  "summary_csf_p05": 438.5107536315918,
  "summary_csf_p95": 524.4848576150835,
  "summary_csf_stdv": 26.599430260207185,
  "summary_gm_k": -0.23059704578933404,
  "summary_gm_mad": 21.81066276682518,
  "summary_gm_mean": 331.58251698466773,
  "summary_gm_median": 332.2333599291742,
  "summary_gm_n": 262226.0,
  "summary_gm_p05": 297.14343117177486,
  "summary_gm_p95": 363.69590193778276,
  "summary_gm_stdv": 20.59630409594057,
  "summary_wm_k": -1.7484795024833606,
  "summary_wm_mad": 727.2586233876484,
  "summary_wm_mean": 801.9169807798302,
  "summary_wm_median": 1000.3274665363133,
  "summary_wm_n": 58147.0,
  "summary_wm_p05": 14.333215694874525,
  "summary_wm_p95": 1522.2681153900921,
  "summary_wm_stdv": 628.1333839880751,
  "tpm_overlap_csf": 0.11025330127210792,
  "tpm_overlap_gm": 0.27065725148074016,
  "tpm_overlap_wm": 0.039745580621641,
  "wm2max": 0.6816987966284999
}