{
  "bids_meta": {
    "AcquisitionMatrixPE": 256,
    "AcquisitionNumber": 1,
    "AcquisitionTime": "14:41:40.707500",
    "BaseResolution": 256,
    "BodyPartExamined": "BRAIN",
    "CoilString": "HC1-7;NC1_2",
    "ConsistencyInfo": "N4_VE11C_LATEST_20160120",
    "ConversionSoftware": "dcm2niix",
    "ConversionSoftwareVersion": "v1.0.20190410  GCC6.3.0",
    "DeviceSerialNumber": "167001",
    "DwellTime": 2.6e-06,
    "EchoTime": 0.408,
    "EchoTrainLength": 259,
    "FlipAngle": 120,
    "ImageOrientationPatientDICOM": [
      -0.0721618,
      0.995926,
      0.0540788,
      -0.00361679,
      0.0539585,
      -0.998537
    ],
    "ImageType": [
      "ORIGINAL",
      "PRIMARY",
      "M",
      "ND",
      "NORM"
    ],
    "ImagingFrequency": 123.229,
    "InPlanePhaseEncodingDirectionDICOM": "ROW",
    "InstitutionAddress": "Cooper_60_St._Lucia_QLD_AU_4072",
    "InstitutionName": "St_Lucia_Campus",
    "InstitutionalDepartmentName": "Gehrmann_Labs_MRI",
    "MRAcquisitionType": "3D",
    "MagneticFieldStrength": 3,
    "Manufacturer": "Siemens",
    "ManufacturersModelName": "Prisma_fit",
    "Modality": "MR",
    "PartialFourier": 1,
    "PatientPosition": "HFS",
    "PercentPhaseFOV": 100,
    "PhaseEncodingSteps": 233,
    "PhaseResolution": 1,
    "PixelBandwidth": 750,
    "ProcedureStepDescription": "Research_16092_QTAB",
    "ProtocolName": "t2_spc_sag_p2_iso",
    "PulseSequenceDetails": "%SiemensSeq%_tse_vfl",
    "ReceiveCoilActiveElements": "HC1-7;NC1,2",
    "ReceiveCoilName": "HeadNeck_64",
    "ReconMatrixPE": 256,
    "RefLinesPE": 24,
    "RepetitionTime": 3.2,
    "SAR": 0.157269,
    "ScanOptions": "PFP",
    "ScanningSequence": "SE",
    "SequenceName": "_spcR_282ns",
    "SequenceVariant": "SK_SP",
    "SeriesDescription": "t2_spc_sag_p2_iso",
    "SeriesNumber": 32,
    "ShimSetting": [
      3044,
      -4172,
      -1039,
      -11,
      -3,
      35,
      -21,
      -13
    ],
    "SliceThickness": 1,
    "SoftwareVersions": "syngo_MR_E11",
    "StationName": "mrc_Trio",
    "TxRefAmp": 235.482,
    "dataset": "ds004146",
    "modality": "T2w",
    "session_id": "02",
    "subject_id": "0389"
  },
  "cjv": 0.49825496389602825,
  "cnr": 0.5669485648453298,
  "efc": 0.6750441215761199,
  "fber": 1908.5478607921211,
  "fwhm_avg": 4.5629583818723205,
  "fwhm_x": 4.692212779677676,
  "fwhm_y": 4.73789992939979,
  "fwhm_z": 4.258762436539494,
  "icvs_csf": 0.4492824041617548,
  "icvs_gm": 0.4314285067595797,
  "icvs_wm": 0.11928908907866546,
  "inu_med": 1.0137479901313782,
  "inu_range": 0.5295751988887786,
  "provenance": {
    "md5sum": "6d52fbed7109a615a86c5e8bdb017d14",
    "settings": {
      "testing": false
    },
    "software": "mriqc",
    "version": "23.0.1",
    "warnings": {
      "large_rot_frame": true,
      "small_air_mask": false
    },
    "webapi_port": null,
    "webapi_url": "https://mriqc.nimh.nih.gov/api/v1"
  },
  "qi_1": 3.2988462520865203e-06,
  "qi_2": 0.008659590302328369,
  "rpve_csf": 8.902263852286925,
  "rpve_gm": 9.524834924374012,
  "rpve_wm": 33.63751792006277,
  "size_x": 192,
  "size_y": 300,
  "size_z": 320,
  "snr_csf": 14.290383249333278,
  "snr_gm": 12.304595827345038,
  "snr_total": 8.936860818182808,
  "snr_wm": 0.21560337787010894,
  "snrd_csf": 34.49805819340274,
  "snrd_gm": 21.877502553798497,
  "snrd_total": 20.79769790656432,
  "snrd_wm": 6.017532972491715,
  "spacing_x": 0.7999999523162842,
  "spacing_y": 0.800000011920929,
  "spacing_z": 0.800000011920929,
  "summary_bg_k": 3.0773667518072862,
  "summary_bg_mad": 0.0,
  "summary_bg_mean": 71.1636808160615,
  "summary_bg_median": 0.0,
  "summary_bg_n": 1742632.0,
  "summary_bg_p05": 0.0,
  "summary_bg_p95": 302.07304751873016,
  "summary_bg_stdv": 109.35489294502548,
  "summary_csf_k": 0.08430766466758266,
  "summary_csf_mad": 403.5810048639095,
  "summary_csf_mean": 5780.503181870597,
  "summary_csf_median": 5758.390864178538,
  "summary_csf_n": 237196.0,
  "summary_csf_p05": 5161.895312011242,
  "summary_csf_p95": 6476.801518857479,
  "summary_csf_stdv": 402.95481410332593,
  "summary_gm_k": -0.2148027632155669,
  "summary_gm_mad": 309.18037090662153,
  "summary_gm_mean": 3663.8036805844467,
  "summary_gm_median": 3651.7768661230803,
  "summary_gm_n": 380404.0,
  "summary_gm_p05": 3198.1737114340067,
  "summary_gm_p95": 4166.584363773465,
  "summary_gm_stdv": 296.78114726352,
  "summary_wm_k": -1.0432004752117656,
  "summary_wm_mad": 1009.8672469849413,
  "summary_wm_mean": 3882.521431869851,
  "summary_wm_median": 1004.4422413408756,
  "summary_wm_n": 77181.0,
  "summary_wm_p05": 187.06811276078224,
  "summary_wm_p95": 12336.130190581083,
  "summary_wm_stdv": 4658.719840968892,
  "tpm_overlap_csf": 0.10649616984820501,
  "tpm_overlap_gm": 0.26979149206066433,
  "tpm_overlap_wm": 0.03792515129801597,
  "wm2max": 0.08600287380610261
}