{
  "bids_meta": {
    "AcquisitionMatrixPE": 256,
    "AcquisitionNumber": 1,
    "AcquisitionTime": "15:11:30.640000",
    "BaseResolution": 256,
    "BodyPartExamined": "BRAIN",
    "ConsistencyInfo": "N4_VE11C_LATEST_20160120",
    "ConversionSoftware": "dcm2niix",
    "ConversionSoftwareVersion": "v1.0.20171215 GCC6.3.0",
    "DeviceSerialNumber": "167001",
    "DwellTime": 2.6e-06,
    "EchoTime": 0.408,
    "EchoTrainLength": 259,
    "FlipAngle": 120,
    "ImageOrientationPatientDICOM": [
      0,
      1,
      0,
      0,
      0,
      -1
    ],
    "ImageType": [
      "ORIGINAL",
      "PRIMARY",
      "M",
      "ND",
      "NORM"
    ],
    "InPlanePhaseEncodingDirectionDICOM": "ROW",
    "InstitutionAddress": "Cooper_60_St._Lucia_QLD_AU_4072",
    "InstitutionName": "St_Lucia_Campus",
    "InstitutionalDepartmentName": "Gehrmann_Labs_MRI",
    "MRAcquisitionType": "3D",
    "MagneticFieldStrength": 3,
    "Manufacturer": "Siemens",
    "ManufacturersModelName": "Prisma_fit",
    "Modality": "MR",
    "ParallelReductionFactorInPlane": 2,
    "PartialFourier": 1,
    "PatientPosition": "HFS",
    "PercentPhaseFOV": 100,
    "PhaseEncodingSteps": 233,
    "PhaseResolution": 1,
    "PixelBandwidth": 750,
    "ProcedureStepDescription": "Research_16092_QTAB",
    "ProtocolName": "t2_spc_sag_p2_iso",
    "PulseSequenceDetails": "%SiemensSeq%_tse_vfl",
    "ReceiveCoilActiveElements": "HC1-7;NC1",
    "ReceiveCoilName": "HeadNeck_64",
    "ReconMatrixPE": 256,
    "RepetitionTime": 3.2,
    "SAR": 0.195825,
    "ScanOptions": "PFP",
    "ScanningSequence": "SE",
    "SequenceName": "_spcR_282ns",
    "SequenceVariant": "SK_SP",
    "SeriesDescription": "t2_spc_sag_p2_iso",
    "SeriesNumber": 19,
    "ShimSetting": [
      3044,
      -4172,
      -1039,
      -11,
      -3,
      35,
      -21,
      -13
    ],
    "SliceThickness": 1,
    "SoftwareVersions": "syngo_MR_E11",
    "StationName": "mrc_Trio",
    "TxRefAmp": 208.356,
    "dataset": "ds004146",
    "modality": "T2w",
    "session_id": "01",
    "subject_id": "0226"
  },
  "cjv": 1.24949640548695,
  "cnr": 0.3906724698972809,
  "efc": 0.6222207519763773,
  "fber": 9605.15979832639,
  "fwhm_avg": 4.385683382130669,
  "fwhm_x": 4.596250273957865,
  "fwhm_y": 4.64116243084129,
  "fwhm_z": 3.9196374415928505,
  "icvs_csf": 0.4650443057322513,
  "icvs_gm": 0.427745803515599,
  "icvs_wm": 0.10720989075214972,
  "inu_med": 1.0075569152832031,
  "inu_range": 0.29309260845184326,
  "provenance": {
    "md5sum": "bcbe59afd453098c9b8ef9d48a665cac",
    "settings": {
      "testing": false
    },
    "software": "mriqc",
    "version": "23.0.1",
    "warnings": {
      "large_rot_frame": true,
      "small_air_mask": false
    },
    "webapi_port": null,
    "webapi_url": "https://mriqc.nimh.nih.gov/api/v1"
  },
  "qi_1": 0.0010564924663549835,
  "qi_2": 0.006345917960557122,
  "rpve_csf": 11.129700318929682,
  "rpve_gm": 11.905735626490491,
  "rpve_wm": 45.640662479151494,
  "size_x": 192,
  "size_y": 300,
  "size_z": 320,
  "snr_csf": 16.54781648109607,
  "snr_gm": 12.834558425266325,
  "snr_total": 9.908923927726024,
  "snr_wm": 0.34439687681567793,
  "snrd_csf": 41.08419450300253,
  "snrd_gm": 27.353483588207983,
  "snrd_total": 27.08041594769904,
  "snrd_wm": 12.803569751886622,
  "spacing_x": 0.7999999523162842,
  "spacing_y": 0.800000011920929,
  "spacing_z": 0.800000011920929,
  "summary_bg_k": 7.974414100018363,
  "summary_bg_mad": 0.0,
  "summary_bg_mean": 27.68117722960893,
  "summary_bg_median": 0.0,
  "summary_bg_n": 2351329.0,
  "summary_bg_p05": 0.0,
  "summary_bg_p95": 138.08434748649597,
  "summary_bg_stdv": 51.65901280990459,
  "summary_csf_k": 0.1345459165101368,
  "summary_csf_mad": 193.42383830941634,
  "summary_csf_mean": 3249.320060738548,
  "summary_csf_median": 3239.5832839012146,
  "summary_csf_n": 202169.0,
  "summary_csf_p05": 2945.1219062805176,
  "summary_csf_p95": 3586.7631566524506,
  "summary_csf_stdv": 195.77055834072127,
  "summary_gm_k": -0.019304673539186634,
  "summary_gm_mad": 171.19987246665963,
  "summary_gm_mean": 2157.470562566986,
  "summary_gm_median": 2156.8851296901703,
  "summary_gm_n": 234765.0,
  "summary_gm_p05": 1884.146312713623,
  "summary_gm_p95": 2431.52943444252,
  "summary_gm_stdv": 168.05257060719745,
  "summary_wm_k": -1.7353473158477684,
  "summary_wm_mad": 1262.3400937379386,
  "summary_wm_mean": 3046.6308513106815,
  "summary_wm_median": 1009.5909398794174,
  "summary_wm_n": 55274.0,
  "summary_wm_p05": 152.1849570274353,
  "summary_wm_p95": 7177.718386411667,
  "summary_wm_stdv": 2931.448788299998,
  "tpm_overlap_csf": 0.10671992129206037,
  "tpm_overlap_gm": 0.263665657895715,
  "tpm_overlap_wm": 0.04453194762248654,
  "wm2max": 0.14789623536855426
}