{
  "aor": 0.0037678527607361966,
  "aqi": 0.011311166901840492,
  "bids_meta": {
    "AcquisitionMatrixPE": 104,
    "AcquisitionNumber": 1,
    "AcquisitionTime": "16:26:47.752500",
    "BandwidthPerPixelPhaseEncode": 17.17,
    "BaseResolution": 104,
    "BodyPartExamined": "BRAIN",
    "ConsistencyInfo": "N4_VE11C_LATEST_20160120",
    "ConversionSoftware": "dcm2niix",
    "ConversionSoftwareVersion": "v1.0.20171215 GCC6.3.0",
    "DerivedVendorReportedEchoSpacing": 0.000560011,
    "DeviceSerialNumber": "167001",
    "DwellTime": 2.1e-06,
    "EchoTime": 0.03,
    "EchoTrainLength": 91,
    "EffectiveEchoSpacing": 0.000560011,
    "FlipAngle": 52,
    "ImageOrientationPatientDICOM": [
      0.999972,
      0.00743464,
      0.000713241,
      -0.00698123,
      0.964362,
      -0.264495
    ],
    "ImageType": [
      "ORIGINAL",
      "PRIMARY",
      "M",
      "ND",
      "MOSAIC"
    ],
    "InPlanePhaseEncodingDirectionDICOM": "COL",
    "InstitutionAddress": "Cooper_60_St._Lucia_QLD_AU_4072",
    "InstitutionName": "St_Lucia_Campus",
    "InstitutionalDepartmentName": "Gehrmann_Labs_MRI",
    "MRAcquisitionType": "2D",
    "MagneticFieldStrength": 3,
    "Manufacturer": "Siemens",
    "ManufacturersModelName": "Prisma_fit",
    "Modality": "MR",
    "MultibandAccelerationFactor": 6,
    "PartialFourier": 0.875,
    "PatientPosition": "HFS",
    "PercentPhaseFOV": 100,
    "PhaseEncodingDirection": "j-",
    "PhaseEncodingSteps": 91,
    "PhaseResolution": 1,
    "PixelBandwidth": 2290,
    "ProcedureStepDescription": "Research_16092_QTAB",
    "ProtocolName": "ep2d_REST_SMS6_A-P",
    "PulseSequenceDetails": "%SiemensSeq%_ep2d_bold",
    "ReceiveCoilActiveElements": "HC1-7;NC1,2",
    "ReceiveCoilName": "HeadNeck_64",
    "ReconMatrixPE": 104,
    "RepetitionTime": 0.93,
    "SAR": 0.0560969,
    "ScanOptions": "PFP_FS",
    "ScanningSequence": "EP",
    "SequenceName": "_epfid2d1_104",
    "SequenceVariant": "SK",
    "SeriesDescription": "ep2d_REST_SMS6_A-P",
    "SeriesNumber": 9,
    "ShimSetting": [
      3065,
      -4071,
      -795,
      579,
      70,
      109,
      -89,
      48
    ],
    "SliceThickness": 2,
    "SliceTiming": [
      0.6825,
      0,
      0.455,
      0.075,
      0.53,
      0.15,
      0.605,
      0.3025,
      0.7575,
      0.3775,
      0.8325,
      0.2275,
      0.6825,
      0,
      0.455,
      0.075,
      0.53,
      0.15,
      0.605,
      0.3025,
      0.7575,
      0.3775,
      0.8325,
      0.2275,
      0.6825,
      0,
      0.455,
      0.075,
      0.53,
      0.15,
      0.605,
      0.3025,
      0.7575,
      0.3775,
      0.8325,
      0.2275,
      0.6825,
      0,
      0.455,
      0.075,
      0.53,
      0.15,
      0.605,
      0.3025,
      0.7575,
      0.3775,
      0.8325,
      0.2275,
      0.6825,
      0,
      0.455,
      0.075,
      0.53,
      0.15,
      0.605,
      0.3025,
      0.7575,
      0.3775,
      0.8325,
      0.2275,
      0.6825,
      0,
      0.455,
      0.075,
      0.53,
      0.15,
      0.605,
      0.3025,
      0.7575,
      0.3775,
      0.8325,
      0.2275
    ],
    "SoftwareVersions": "syngo_MR_E11",
    "SpacingBetweenSlices": 2,
    "StationName": "mrc_Trio",
    "TaskName": "rest",
    "TotalReadoutTime": 0.0576811,
    "TxRefAmp": 210.608,
    "dataset": "ds004146",
    "modality": "bold",
    "session_id": "01",
    "subject_id": "0306",
    "task_id": "rest"
  },
  "dummy_trs": 1,
  "dvars_nstd": 50.584582308184615,
  "dvars_std": 1.169394288584615,
  "dvars_vstd": 1.037406282000001,
  "efc": 0.5192646312262674,
  "fber": 955.6340942382812,
  "fd_mean": 0.3960678183476235,
  "fd_num": 220,
  "fd_perc": 67.48466257668711,
  "fwhm_avg": 3.2791916666666663,
  "fwhm_x": 3.05564,
  "fwhm_y": 3.429265,
  "fwhm_z": 3.35267,
  "gcor": 0.0189766,
  "gsr_x": -0.02644728310406208,
  "gsr_y": 0.08312004059553146,
  "provenance": {
    "md5sum": "d079018f67cf38a6efbc0814ea0e89f7",
    "settings": {
      "fd_thres": 0.2,
      "testing": false
    },
    "software": "mriqc",
    "version": "23.0.1",
    "webapi_port": null,
    "webapi_url": "https://mriqc.nimh.nih.gov/api/v1"
  },
  "size_t": 326,
  "size_x": 104,
  "size_y": 104,
  "size_z": 72,
  "snr": 2.479347762927253,
  "spacing_tr": 0.9300000071525574,
  "spacing_x": 2.0,
  "spacing_y": 2.0,
  "spacing_z": 2.0,
  "summary_bg_k": 24.977780462854454,
  "summary_bg_mad": 4.957165556357345,
  "summary_bg_mean": 39.07004165649414,
  "summary_bg_median": 17.83742332458496,
  "summary_bg_n": 516944.0,
  "summary_bg_p05": 14.153373718261719,
  "summary_bg_p95": 147.81288146972656,
  "summary_bg_stdv": 60.385719299316406,
  "summary_fg_k": 3.074101455770485,
  "summary_fg_mad": 187.24902246476339,
  "summary_fg_mean": 600.6216430664062,
  "summary_fg_median": 562.4171752929688,
  "summary_fg_n": 160813.0,
  "summary_fg_p05": 324.2085815429688,
  "summary_fg_p95": 1031.7312499999991,
  "summary_fg_stdv": 226.84007263183594,
  "tsnr": 31.43869592063129
}