{
  "bids_meta": {
    "AcquisitionMatrixPE": 256,
    "AcquisitionNumber": 1,
    "AcquisitionTime": "10:48:39.730000",
    "BaseResolution": 256,
    "BodyPartExamined": "BRAIN",
    "CoilString": "HC1-7;NC1_2",
    "ConsistencyInfo": "N4_VE11C_LATEST_20160120",
    "ConversionSoftware": "dcm2niix",
    "ConversionSoftwareVersion": "v1.0.20190410  GCC6.3.0",
    "DeviceSerialNumber": "167001",
    "DwellTime": 2.6e-06,
    "EchoTime": 0.408,
    "EchoTrainLength": 259,
    "FlipAngle": 120,
    "ImageOrientationPatientDICOM": [
      0.0233468,
      0.999604,
      0.0157052,
      -0.0160537,
      0.0160823,
      -0.999742
    ],
    "ImageType": [
      "ORIGINAL",
      "PRIMARY",
      "M",
      "ND",
      "NORM"
    ],
    "ImagingFrequency": 123.229,
    "InPlanePhaseEncodingDirectionDICOM": "ROW",
    "InstitutionAddress": "Cooper_60_St._Lucia_QLD_AU_4072",
    "InstitutionName": "St_Lucia_Campus",
    "InstitutionalDepartmentName": "Gehrmann_Labs_MRI",
    "MRAcquisitionType": "3D",
    "MagneticFieldStrength": 3,
    "Manufacturer": "Siemens",
    "ManufacturersModelName": "Prisma_fit",
    "Modality": "MR",
    "PartialFourier": 1,
    "PatientPosition": "HFS",
    "PercentPhaseFOV": 100,
    "PhaseEncodingSteps": 233,
    "PhaseResolution": 1,
    "PixelBandwidth": 750,
    "ProcedureStepDescription": "Research_16092_QTAB",
    "ProtocolName": "t2_spc_sag_p2_iso",
    "PulseSequenceDetails": "%SiemensSeq%_tse_vfl",
    "ReceiveCoilActiveElements": "HC1-7;NC1,2",
    "ReceiveCoilName": "HeadNeck_64",
    "ReconMatrixPE": 256,
    "RefLinesPE": 24,
    "RepetitionTime": 3.2,
    "SAR": 0.149909,
    "ScanOptions": "PFP",
    "ScanningSequence": "SE",
    "SequenceName": "_spcR_282ns",
    "SequenceVariant": "SK_SP",
    "SeriesDescription": "t2_spc_sag_p2_iso",
    "SeriesNumber": 32,
    "ShimSetting": [
      3046,
      -4168,
      -1041,
      -17,
      -5,
      41,
      -30,
      -10
    ],
    "SliceThickness": 1,
    "SoftwareVersions": "syngo_MR_E11",
    "StationName": "mrc_Trio",
    "TxRefAmp": 246.333,
    "dataset": "ds004146",
    "modality": "T2w",
    "session_id": "02",
    "subject_id": "0295"
  },
  "cjv": 0.7449300179221982,
  "cnr": 0.458650889022313,
  "efc": 0.7031432000979686,
  "fber": 8159.7547704912295,
  "fwhm_avg": 4.023404106713273,
  "fwhm_x": 4.150799938148261,
  "fwhm_y": 4.373787434825489,
  "fwhm_z": 3.545624947166071,
  "icvs_csf": 0.5177976563043911,
  "icvs_gm": 0.3761758541762574,
  "icvs_wm": 0.10602648951935154,
  "inu_med": 1.0332600474357605,
  "inu_range": 0.31085745990276337,
  "provenance": {
    "md5sum": "7a423cb6a638fcbc1765d85cc4365d9c",
    "settings": {
      "testing": false
    },
    "software": "mriqc",
    "version": "23.0.1",
    "warnings": {
      "large_rot_frame": true,
      "small_air_mask": false
    },
    "webapi_port": null,
    "webapi_url": "https://mriqc.nimh.nih.gov/api/v1"
  },
  "qi_1": 0.0,
  "qi_2": 0.006047214264455927,
  "rpve_csf": 8.760027568392491,
  "rpve_gm": 11.459155930831855,
  "rpve_wm": 37.59933059946989,
  "size_x": 192,
  "size_y": 300,
  "size_z": 320,
  "snr_csf": 19.48944604755869,
  "snr_gm": 13.286002100701849,
  "snr_total": 11.000267140895915,
  "snr_wm": 0.22535327442720812,
  "snrd_csf": 89.79018100267274,
  "snrd_gm": 58.67128112634124,
  "snrd_total": 55.9246518394038,
  "snrd_wm": 19.312493389197428,
  "spacing_x": 0.800000011920929,
  "spacing_y": 0.800000011920929,
  "spacing_z": 0.800000011920929,
  "summary_bg_k": 10.777793404632177,
  "summary_bg_mad": 0.0,
  "summary_bg_mean": 18.251947210174897,
  "summary_bg_median": 0.0,
  "summary_bg_n": 2094321.0,
  "summary_bg_p05": 0.0,
  "summary_bg_p95": 86.46455816924572,
  "summary_bg_stdv": 34.11847329020965,
  "summary_csf_k": 0.21335612422865013,
  "summary_csf_mad": 236.44402885328714,
  "summary_csf_mean": 4682.647961317108,
  "summary_csf_median": 4676.131401434541,
  "summary_csf_n": 394213.0,
  "summary_csf_p05": 4302.305620312691,
  "summary_csf_p95": 5085.18348403275,
  "summary_csf_stdv": 239.9311637205798,
  "summary_gm_k": -0.15898356065562735,
  "summary_gm_mad": 238.34317767941795,
  "summary_gm_mean": 3055.055899487136,
  "summary_gm_median": 3055.5080407857895,
  "summary_gm_n": 420182.0,
  "summary_gm_p05": 2682.536230608821,
  "summary_gm_p95": 3432.9631984233856,
  "summary_gm_stdv": 229.97922036217463,
  "summary_wm_k": -1.1828767732217766,
  "summary_wm_mad": 1288.5724785297616,
  "summary_wm_mean": 3881.6221478424054,
  "summary_wm_median": 1005.764280334115,
  "summary_wm_n": 62175.0,
  "summary_wm_p05": 115.49957029521465,
  "summary_wm_p95": 11581.553954482079,
  "summary_wm_stdv": 4463.020094494893,
  "tpm_overlap_csf": 0.10451966225351214,
  "tpm_overlap_gm": 0.23346143206878772,
  "tpm_overlap_wm": 0.0296929788928421,
  "wm2max": 0.08958317486879136
}