{
  "aor": 0.0004737037037037037,
  "aqi": 0.011751132804232805,
  "bids_meta": {
    "AcquisitionMatrixPE": 90,
    "AcquisitionNumber": 1,
    "AcquisitionTime": "10:13:27.475000",
    "BandwidthPerPixelPhaseEncode": 21.368,
    "BaseResolution": 90,
    "BodyPartExamined": "BRAIN",
    "CoilString": "HC1-7;NC1_2",
    "ConsistencyInfo": "N4_VE11C_LATEST_20160120",
    "ConversionSoftware": "dcm2niix",
    "ConversionSoftwareVersion": "v1.0.20190410  GCC6.3.0",
    "DerivedVendorReportedEchoSpacing": 0.000519988,
    "DeviceSerialNumber": "167001",
    "DwellTime": 2.2e-06,
    "EchoTime": 0.03,
    "EchoTrainLength": 90,
    "EffectiveEchoSpacing": 0.000519988,
    "FlipAngle": 52,
    "ImageOrientationPatientDICOM": [
      0.999275,
      -0.0357637,
      -0.013064,
      0.0319272,
      0.974004,
      -0.224271
    ],
    "ImageType": [
      "ORIGINAL",
      "PRIMARY",
      "M",
      "ND",
      "NORM",
      "MOSAIC"
    ],
    "ImagingFrequency": 123.229,
    "InPlanePhaseEncodingDirectionDICOM": "COL",
    "InstitutionAddress": "Cooper_60_St._Lucia_QLD_AU_4072",
    "InstitutionName": "St_Lucia_Campus",
    "InstitutionalDepartmentName": "Gehrmann_Labs_MRI",
    "MRAcquisitionType": "2D",
    "MagneticFieldStrength": 3,
    "Manufacturer": "Siemens",
    "ManufacturersModelName": "Prisma_fit",
    "Modality": "MR",
    "MultibandAccelerationFactor": 6,
    "PartialFourier": 1,
    "PatientPosition": "HFS",
    "PercentPhaseFOV": 100,
    "PhaseEncodingDirection": "j-",
    "PhaseEncodingSteps": 90,
    "PhaseResolution": 1,
    "PixelBandwidth": 2525,
    "ProcedureStepDescription": "Research_16092_QTAB",
    "ProtocolName": "PARTLY_CLOUDY_mb6_2.4",
    "PulseSequenceDetails": "%SiemensSeq%_ep2d_bold",
    "ReceiveCoilActiveElements": "HC1-7;NC1,2",
    "ReceiveCoilName": "HeadNeck_64",
    "ReconMatrixPE": 90,
    "RefLinesPE": 12,
    "RepetitionTime": 0.8,
    "SAR": 0.0644423,
    "ScanOptions": "FS",
    "ScanningSequence": "EP",
    "SequenceName": "_epfid2d1_90",
    "SequenceVariant": "SK",
    "SeriesDescription": "PARTLY_CLOUDY_mb6_2.4",
    "SeriesNumber": 19,
    "ShimSetting": [
      3052,
      -4187,
      -764,
      469,
      -105,
      -101,
      -42,
      53
    ],
    "SliceThickness": 2.4,
    "SliceTiming": [
      0.5475,
      0,
      0.39,
      0.0775,
      0.4675,
      0.235,
      0.625,
      0.3125,
      0.7025,
      0.1575,
      0.5475,
      0,
      0.39,
      0.0775,
      0.4675,
      0.235,
      0.625,
      0.3125,
      0.7025,
      0.1575,
      0.5475,
      0,
      0.39,
      0.0775,
      0.4675,
      0.235,
      0.625,
      0.3125,
      0.7025,
      0.1575,
      0.5475,
      0,
      0.39,
      0.0775,
      0.4675,
      0.235,
      0.625,
      0.3125,
      0.7025,
      0.1575,
      0.5475,
      0,
      0.39,
      0.0775,
      0.4675,
      0.235,
      0.625,
      0.3125,
      0.7025,
      0.1575,
      0.5475,
      0,
      0.39,
      0.0775,
      0.4675,
      0.235,
      0.625,
      0.3125,
      0.7025,
      0.1575
    ],
    "SoftwareVersions": "syngo_MR_E11",
    "SpacingBetweenSlices": 2.4,
    "StationName": "mrc_Trio",
    "TaskName": "partlycloudy",
    "TotalReadoutTime": 0.046279,
    "TxRefAmp": 212.904,
    "dataset": "ds004146",
    "modality": "bold",
    "session_id": "02",
    "subject_id": "0374",
    "task_id": "partlycloudy"
  },
  "dummy_trs": 2,
  "dvars_nstd": 29.081165561379304,
  "dvars_std": 1.1345967377718837,
  "dvars_vstd": 1.0076242357824932,
  "efc": 0.4731283847406965,
  "fber": 6610.1123046875,
  "fd_mean": 0.11112450851388067,
  "fd_num": 24,
  "fd_perc": 6.349206349206349,
  "fwhm_avg": 1.8401652046561825,
  "fwhm_x": 1.7425040974257748,
  "fwhm_y": 1.955212422306839,
  "fwhm_z": 1.822779094235933,
  "gcor": 0.00591596,
  "gsr_x": -0.022651810199022293,
  "gsr_y": 0.023613430559635162,
  "provenance": {
    "md5sum": "23363ba8a872973fd4154a38ef61d948",
    "settings": {
      "fd_thres": 0.2,
      "testing": false
    },
    "software": "mriqc",
    "version": "23.0.1",
    "webapi_port": null,
    "webapi_url": "https://mriqc.nimh.nih.gov/api/v1"
  },
  "size_t": 378,
  "size_x": 90,
  "size_y": 90,
  "size_z": 60,
  "snr": 7.383378368203948,
  "spacing_tr": 0.800000011920929,
  "spacing_x": 2.4000000953674316,
  "spacing_y": 2.4000000953674316,
  "spacing_z": 2.4000000953674316,
  "summary_bg_k": 25.19391392147975,
  "summary_bg_mad": 5.577408631957195,
  "summary_bg_mean": 24.519744873046875,
  "summary_bg_median": 7.753968238830566,
  "summary_bg_n": 336471.0,
  "summary_bg_p05": 3.3386242389678955,
  "summary_bg_p95": 112.03042221069336,
  "summary_bg_stdv": 49.5632209777832,
  "summary_fg_k": 2.3152528337837612,
  "summary_fg_mad": 81.41765644310364,
  "summary_fg_mean": 641.0249633789062,
  "summary_fg_median": 637.711669921875,
  "summary_fg_n": 80420.0,
  "summary_fg_p05": 515.8146850585938,
  "summary_fg_p95": 779.709115600586,
  "summary_fg_stdv": 86.37071990966797,
  "tsnr": 54.00204701162875
}