{
  "aor": 0.0007979894179894181,
  "aqi": 0.02010322513227513,
  "bids_meta": {
    "AcquisitionMatrixPE": 90,
    "AcquisitionNumber": 1,
    "AcquisitionTime": "11:36:56.865000",
    "BandwidthPerPixelPhaseEncode": 21.368,
    "BaseResolution": 90,
    "BodyPartExamined": "BRAIN",
    "CoilString": "HC1-7;NC1_2",
    "ConsistencyInfo": "N4_VE11C_LATEST_20160120",
    "ConversionSoftware": "dcm2niix",
    "ConversionSoftwareVersion": "v1.0.20190410  GCC6.3.0",
    "DerivedVendorReportedEchoSpacing": 0.000519988,
    "DeviceSerialNumber": "167001",
    "DwellTime": 2.2e-06,
    "EchoTime": 0.03,
    "EchoTrainLength": 90,
    "EffectiveEchoSpacing": 0.000519988,
    "FlipAngle": 52,
    "ImageOrientationPatientDICOM": [
      0.999898,
      0.0141127,
      -0.00214422,
      -0.0139621,
      0.935652,
      -0.352647
    ],
    "ImageType": [
      "ORIGINAL",
      "PRIMARY",
      "M",
      "ND",
      "NORM",
      "MOSAIC"
    ],
    "ImagingFrequency": 123.229,
    "InPlanePhaseEncodingDirectionDICOM": "COL",
    "InstitutionAddress": "Cooper_60_St._Lucia_QLD_AU_4072",
    "InstitutionName": "St_Lucia_Campus",
    "InstitutionalDepartmentName": "Gehrmann_Labs_MRI",
    "MRAcquisitionType": "2D",
    "MagneticFieldStrength": 3,
    "Manufacturer": "Siemens",
    "ManufacturersModelName": "Prisma_fit",
    "Modality": "MR",
    "MultibandAccelerationFactor": 6,
    "PartialFourier": 1,
    "PatientPosition": "HFS",
    "PercentPhaseFOV": 100,
    "PhaseEncodingDirection": "j-",
    "PhaseEncodingSteps": 90,
    "PhaseResolution": 1,
    "PixelBandwidth": 2525,
    "ProcedureStepDescription": "Research_16092_QTAB",
    "ProtocolName": "PARTLY_CLOUDY_mb6_2.4",
    "PulseSequenceDetails": "%SiemensSeq%_ep2d_bold",
    "ReceiveCoilActiveElements": "HC1-7;NC1,2",
    "ReceiveCoilName": "HeadNeck_64",
    "ReconMatrixPE": 90,
    "RefLinesPE": 12,
    "RepetitionTime": 0.8,
    "SAR": 0.0535997,
    "ScanOptions": "FS",
    "ScanningSequence": "EP",
    "SequenceName": "_epfid2d1_90",
    "SequenceVariant": "SK",
    "SeriesDescription": "PARTLY_CLOUDY_mb6_2.4",
    "SeriesNumber": 19,
    "ShimSetting": [
      3034,
      -4167,
      -713,
      344,
      -58,
      -92,
      -153,
      0
    ],
    "SliceThickness": 2.4,
    "SliceTiming": [
      0.545,
      0,
      0.39,
      0.0775,
      0.4675,
      0.2325,
      0.6225,
      0.3125,
      0.7025,
      0.155,
      0.545,
      0,
      0.39,
      0.0775,
      0.4675,
      0.2325,
      0.6225,
      0.3125,
      0.7025,
      0.155,
      0.545,
      0,
      0.39,
      0.0775,
      0.4675,
      0.2325,
      0.6225,
      0.3125,
      0.7025,
      0.155,
      0.545,
      0,
      0.39,
      0.0775,
      0.4675,
      0.2325,
      0.6225,
      0.3125,
      0.7025,
      0.155,
      0.545,
      0,
      0.39,
      0.0775,
      0.4675,
      0.2325,
      0.6225,
      0.3125,
      0.7025,
      0.155,
      0.545,
      0,
      0.39,
      0.0775,
      0.4675,
      0.2325,
      0.6225,
      0.3125,
      0.7025,
      0.155
    ],
    "SoftwareVersions": "syngo_MR_E11",
    "SpacingBetweenSlices": 2.4,
    "StationName": "mrc_Trio",
    "TaskName": "partlycloudy",
    "TotalReadoutTime": 0.046279,
    "TxRefAmp": 231.803,
    "dataset": "ds004146",
    "modality": "bold",
    "session_id": "02",
    "subject_id": "0363",
    "task_id": "partlycloudy"
  },
  "dummy_trs": 2,
  "dvars_nstd": 35.665445853580906,
  "dvars_std": 1.1602170468965505,
  "dvars_vstd": 0.9872050321750657,
  "efc": 0.5083622156608828,
  "fber": 5029.93115234375,
  "fd_mean": 0.2457438520804594,
  "fd_num": 231,
  "fd_perc": 61.111111111111114,
  "fwhm_avg": 1.8670888766364684,
  "fwhm_x": 1.778395762666235,
  "fwhm_y": 1.9523749224195908,
  "fwhm_z": 1.8704959448235796,
  "gcor": 0.0123318,
  "gsr_x": -0.0153958760201931,
  "gsr_y": 0.03713753819465637,
  "provenance": {
    "md5sum": "f30bd28d59dc4b1ea6561aaf92c524f2",
    "settings": {
      "fd_thres": 0.2,
      "testing": false
    },
    "software": "mriqc",
    "version": "23.0.1",
    "webapi_port": null,
    "webapi_url": "https://mriqc.nimh.nih.gov/api/v1"
  },
  "size_t": 378,
  "size_x": 90,
  "size_y": 90,
  "size_z": 60,
  "snr": 6.780708683127037,
  "spacing_tr": 0.800000011920929,
  "spacing_x": 2.4000000953674316,
  "spacing_y": 2.4000000953674316,
  "spacing_z": 2.3999998569488525,
  "summary_bg_k": 21.17045760863394,
  "summary_bg_mad": 8.840702327225205,
  "summary_bg_mean": 35.63810348510742,
  "summary_bg_median": 10.007936477661133,
  "summary_bg_n": 322973.0,
  "summary_bg_p05": 2.947089910507202,
  "summary_bg_p95": 157.45978393554668,
  "summary_bg_stdv": 71.85112762451172,
  "summary_fg_k": 1.6360226351129716,
  "summary_fg_mad": 103.69193590990324,
  "summary_fg_mean": 730.218505859375,
  "summary_fg_median": 726.2010498046875,
  "summary_fg_n": 91385.0,
  "summary_fg_p05": 573.6359497070313,
  "summary_fg_p95": 903.8121337890625,
  "summary_fg_stdv": 107.09751892089844,
  "tsnr": 38.93047743290663
}