{
  "aor": 0.0014022324159021409,
  "aqi": 0.006303554862385321,
  "bids_meta": {
    "AcquisitionMatrixPE": 104,
    "AcquisitionNumber": 1,
    "AcquisitionTime": "11:42:10.905000",
    "BandwidthPerPixelPhaseEncode": 17.17,
    "BaseResolution": 104,
    "BodyPartExamined": "BRAIN",
    "CoilString": "HC1-7;NC1_2",
    "ConsistencyInfo": "N4_VE11C_LATEST_20160120",
    "ConversionSoftware": "dcm2niix",
    "ConversionSoftwareVersion": "v1.0.20190410  GCC6.3.0",
    "DerivedVendorReportedEchoSpacing": 0.000560011,
    "DeviceSerialNumber": "167001",
    "DwellTime": 2.1e-06,
    "EchoTime": 0.03,
    "EchoTrainLength": 91,
    "EffectiveEchoSpacing": 0.000560011,
    "FlipAngle": 52,
    "ImageOrientationPatientDICOM": [
      0.989622,
      -0.0744997,
      -0.122871,
      0.0267784,
      0.935736,
      -0.351684
    ],
    "ImageType": [
      "ORIGINAL",
      "PRIMARY",
      "M",
      "ND",
      "MOSAIC"
    ],
    "ImagingFrequency": 123.229,
    "InPlanePhaseEncodingDirectionDICOM": "COL",
    "InstitutionAddress": "Cooper_60_St._Lucia_QLD_AU_4072",
    "InstitutionName": "St_Lucia_Campus",
    "InstitutionalDepartmentName": "Gehrmann_Labs_MRI",
    "MRAcquisitionType": "2D",
    "MagneticFieldStrength": 3,
    "Manufacturer": "Siemens",
    "ManufacturersModelName": "Prisma_fit",
    "Modality": "MR",
    "MultibandAccelerationFactor": 6,
    "PartialFourier": 0.875,
    "PatientPosition": "HFS",
    "PercentPhaseFOV": 100,
    "PhaseEncodingDirection": "j",
    "PhaseEncodingSteps": 91,
    "PhaseResolution": 1,
    "PixelBandwidth": 2290,
    "ProcedureStepDescription": "Research_16092_QTAB",
    "ProtocolName": "ep2d_REST_SMS6_P-A",
    "PulseSequenceDetails": "%SiemensSeq%_ep2d_bold",
    "ReceiveCoilActiveElements": "HC1-7;NC1,2",
    "ReceiveCoilName": "HeadNeck_64",
    "ReconMatrixPE": 104,
    "RefLinesPE": 12,
    "RepetitionTime": 0.93,
    "SAR": 0.0657969,
    "ScanOptions": "PFP_FS",
    "ScanningSequence": "EP",
    "SequenceName": "_epfid2d1_104",
    "SequenceVariant": "SK",
    "SeriesDescription": "ep2d_REST_SMS6_P-A",
    "SeriesNumber": 10,
    "ShimSetting": [
      3009,
      -4153,
      -759,
      337,
      35,
      63,
      -149,
      -64
    ],
    "SliceThickness": 2,
    "SliceTiming": [
      0.6825,
      0,
      0.455,
      0.0775,
      0.5325,
      0.1525,
      0.6075,
      0.305,
      0.76,
      0.38,
      0.835,
      0.2275,
      0.6825,
      0,
      0.455,
      0.0775,
      0.5325,
      0.1525,
      0.6075,
      0.305,
      0.76,
      0.38,
      0.835,
      0.2275,
      0.6825,
      0,
      0.455,
      0.0775,
      0.5325,
      0.1525,
      0.6075,
      0.305,
      0.76,
      0.38,
      0.835,
      0.2275,
      0.6825,
      0,
      0.455,
      0.0775,
      0.5325,
      0.1525,
      0.6075,
      0.305,
      0.76,
      0.38,
      0.835,
      0.2275,
      0.6825,
      0,
      0.455,
      0.0775,
      0.5325,
      0.1525,
      0.6075,
      0.305,
      0.76,
      0.38,
      0.835,
      0.2275,
      0.6825,
      0,
      0.455,
      0.0775,
      0.5325,
      0.1525,
      0.6075,
      0.305,
      0.76,
      0.38,
      0.835,
      0.2275
    ],
    "SoftwareVersions": "syngo_MR_E11",
    "SpacingBetweenSlices": 2,
    "StationName": "mrc_Trio",
    "TaskName": "rest",
    "TotalReadoutTime": 0.0576811,
    "TxRefAmp": 205.388,
    "dataset": "ds004146",
    "modality": "bold",
    "session_id": "02",
    "subject_id": "0273",
    "task_id": "rest"
  },
  "dummy_trs": 0,
  "dvars_nstd": 36.81474962401843,
  "dvars_std": 1.100345450797546,
  "dvars_vstd": 1.020442738834354,
  "efc": 0.4821416697305206,
  "fber": 1134.8031005859375,
  "fd_mean": 0.17077984816021852,
  "fd_num": 87,
  "fd_perc": 26.605504587155963,
  "fwhm_avg": 3.050065,
  "fwhm_x": 2.88538,
  "fwhm_y": 3.103295,
  "fwhm_z": 3.16152,
  "gcor": 0.0397822,
  "gsr_x": -0.010929699055850506,
  "gsr_y": 0.03432771563529968,
  "provenance": {
    "md5sum": "0d58d0b6ee3f86034bf35b88c8868fb4",
    "settings": {
      "fd_thres": 0.2,
      "testing": false
    },
    "software": "mriqc",
    "version": "23.0.1",
    "webapi_port": null,
    "webapi_url": "https://mriqc.nimh.nih.gov/api/v1"
  },
  "size_t": 327,
  "size_x": 104,
  "size_y": 104,
  "size_z": 72,
  "snr": 3.1053573785884327,
  "spacing_tr": 0.9300000071525574,
  "spacing_x": 2.0,
  "spacing_y": 2.0,
  "spacing_z": 2.0,
  "summary_bg_k": 83.32575798544264,
  "summary_bg_mad": 4.62009700750995,
  "summary_bg_mean": 33.825260162353516,
  "summary_bg_median": 18.05504608154297,
  "summary_bg_n": 553982.0,
  "summary_bg_p05": 14.477065086364746,
  "summary_bg_p95": 113.83135108947711,
  "summary_bg_stdv": 52.558895111083984,
  "summary_fg_k": 0.07067037680848687,
  "summary_fg_mad": 210.97613265776585,
  "summary_fg_mean": 629.8861694335938,
  "summary_fg_median": 611.7186889648438,
  "summary_fg_n": 131282.0,
  "summary_fg_p05": 354.59390411376955,
  "summary_fg_p95": 971.6780364990234,
  "summary_fg_stdv": 196.9874267578125,
  "tsnr": 39.56273279618472
}