{
  "aor": 0.001079105263157895,
  "aqi": 0.015843068421052636,
  "bids_meta": {
    "AcquisitionMatrixPE": 90,
    "AcquisitionNumber": 1,
    "AcquisitionTime": "12:09:19.755000",
    "BandwidthPerPixelPhaseEncode": 21.368,
    "BaseResolution": 90,
    "BodyPartExamined": "BRAIN",
    "CoilString": "HC1-7;NC1_2",
    "ConsistencyInfo": "N4_VE11C_LATEST_20160120",
    "ConversionSoftware": "dcm2niix",
    "ConversionSoftwareVersion": "v1.0.20190410  GCC6.3.0",
    "DerivedVendorReportedEchoSpacing": 0.000519988,
    "DeviceSerialNumber": "167001",
    "DwellTime": 2.2e-06,
    "EchoTime": 0.03,
    "EchoTrainLength": 90,
    "EffectiveEchoSpacing": 0.000519988,
    "FlipAngle": 52,
    "ImageOrientationPatientDICOM": [
      0.989622,
      -0.0744997,
      -0.122871,
      0.0267784,
      0.935736,
      -0.351684
    ],
    "ImageType": [
      "ORIGINAL",
      "PRIMARY",
      "M",
      "ND",
      "NORM",
      "MOSAIC"
    ],
    "ImagingFrequency": 123.229,
    "InPlanePhaseEncodingDirectionDICOM": "COL",
    "InstitutionAddress": "Cooper_60_St._Lucia_QLD_AU_4072",
    "InstitutionName": "St_Lucia_Campus",
    "InstitutionalDepartmentName": "Gehrmann_Labs_MRI",
    "MRAcquisitionType": "2D",
    "MagneticFieldStrength": 3,
    "Manufacturer": "Siemens",
    "ManufacturersModelName": "Prisma_fit",
    "Modality": "MR",
    "MultibandAccelerationFactor": 6,
    "PartialFourier": 1,
    "PatientPosition": "HFS",
    "PercentPhaseFOV": 100,
    "PhaseEncodingDirection": "j-",
    "PhaseEncodingSteps": 90,
    "PhaseResolution": 1,
    "PixelBandwidth": 2525,
    "ProcedureStepDescription": "Research_16092_QTAB",
    "ProtocolName": "PARTLY_CLOUDY_mb6_2.4",
    "PulseSequenceDetails": "%SiemensSeq%_ep2d_bold",
    "ReceiveCoilActiveElements": "HC1-7;NC1,2",
    "ReceiveCoilName": "HeadNeck_64",
    "ReconMatrixPE": 90,
    "RefLinesPE": 12,
    "RepetitionTime": 0.8,
    "SAR": 0.0639345,
    "ScanOptions": "FS",
    "ScanningSequence": "EP",
    "SequenceName": "_epfid2d1_90",
    "SequenceVariant": "SK",
    "SeriesDescription": "PARTLY_CLOUDY_mb6_2.4",
    "SeriesNumber": 19,
    "ShimSetting": [
      3009,
      -4153,
      -759,
      337,
      35,
      62,
      -149,
      -64
    ],
    "SliceThickness": 2.4,
    "SliceTiming": [
      0.5475,
      0,
      0.39,
      0.0775,
      0.4675,
      0.235,
      0.625,
      0.3125,
      0.7025,
      0.1575,
      0.5475,
      0,
      0.39,
      0.0775,
      0.4675,
      0.235,
      0.625,
      0.3125,
      0.7025,
      0.1575,
      0.5475,
      0,
      0.39,
      0.0775,
      0.4675,
      0.235,
      0.625,
      0.3125,
      0.7025,
      0.1575,
      0.5475,
      0,
      0.39,
      0.0775,
      0.4675,
      0.235,
      0.625,
      0.3125,
      0.7025,
      0.1575,
      0.5475,
      0,
      0.39,
      0.0775,
      0.4675,
      0.235,
      0.625,
      0.3125,
      0.7025,
      0.1575,
      0.5475,
      0,
      0.39,
      0.0775,
      0.4675,
      0.235,
      0.625,
      0.3125,
      0.7025,
      0.1575
    ],
    "SoftwareVersions": "syngo_MR_E11",
    "SpacingBetweenSlices": 2.4,
    "StationName": "mrc_Trio",
    "TaskName": "partlycloudy",
    "TotalReadoutTime": 0.046279,
    "TxRefAmp": 205.388,
    "dataset": "ds004146",
    "modality": "bold",
    "session_id": "02",
    "subject_id": "0273",
    "task_id": "partlycloudy"
  },
  "dummy_trs": 0,
  "dvars_nstd": 29.84508283899735,
  "dvars_std": 1.1774877151187337,
  "dvars_vstd": 1.0082680208707118,
  "efc": 0.43986184607553064,
  "fber": 8921.3544921875,
  "fd_mean": 0.1594343797038508,
  "fd_num": 100,
  "fd_perc": 26.31578947368421,
  "fwhm_avg": 1.7955902064274334,
  "fwhm_x": 1.7360832643475825,
  "fwhm_y": 1.847595759916474,
  "fwhm_z": 1.803091595018244,
  "gcor": 0.022295,
  "gsr_x": -0.016992634162306786,
  "gsr_y": 0.02474289946258068,
  "provenance": {
    "md5sum": "94233e4f67abcf09582216cf51155bd5",
    "settings": {
      "fd_thres": 0.2,
      "testing": false
    },
    "software": "mriqc",
    "version": "23.0.1",
    "webapi_port": null,
    "webapi_url": "https://mriqc.nimh.nih.gov/api/v1"
  },
  "size_t": 380,
  "size_x": 90,
  "size_y": 90,
  "size_z": 60,
  "snr": 7.880365978235496,
  "spacing_tr": 0.800000011920929,
  "spacing_x": 2.4000000953674316,
  "spacing_y": 2.4000000953674316,
  "spacing_z": 2.4000000953674316,
  "summary_bg_k": 47.87001266127298,
  "summary_bg_mad": 4.865276331753253,
  "summary_bg_mean": 20.986379623413086,
  "summary_bg_median": 7.265789985656738,
  "summary_bg_n": 348179.0,
  "summary_bg_p05": 3.1657896041870117,
  "summary_bg_p95": 86.12974166870099,
  "summary_bg_stdv": 47.83484649658203,
  "summary_fg_k": 2.3816786588527297,
  "summary_fg_mad": 83.93674094986383,
  "summary_fg_mean": 687.242919921875,
  "summary_fg_median": 687.22900390625,
  "summary_fg_n": 70994.0,
  "summary_fg_p05": 556.367398071289,
  "summary_fg_p95": 823.2738739013671,
  "summary_fg_stdv": 87.20713806152344,
  "tsnr": 52.152114485390484
}