{
  "aor": 0.002483359788359788,
  "aqi": 0.02968573042328042,
  "bids_meta": {
    "AcquisitionMatrixPE": 90,
    "AcquisitionNumber": 1,
    "AcquisitionTime": "13:25:35.067500",
    "BandwidthPerPixelPhaseEncode": 21.368,
    "BaseResolution": 90,
    "BodyPartExamined": "BRAIN",
    "CoilString": "HC1-7;NC1_2",
    "ConsistencyInfo": "N4_VE11C_LATEST_20160120",
    "ConversionSoftware": "dcm2niix",
    "ConversionSoftwareVersion": "v1.0.20190410  GCC6.3.0",
    "DerivedVendorReportedEchoSpacing": 0.000519988,
    "DeviceSerialNumber": "167001",
    "DwellTime": 2.2e-06,
    "EchoTime": 0.03,
    "EchoTrainLength": 90,
    "EffectiveEchoSpacing": 0.000519988,
    "FlipAngle": 52,
    "ImageOrientationPatientDICOM": [
      0.994287,
      -0.106729,
      -0.0017321,
      0.102749,
      0.961361,
      -0.255396
    ],
    "ImageType": [
      "ORIGINAL",
      "PRIMARY",
      "M",
      "ND",
      "NORM",
      "MOSAIC"
    ],
    "ImagingFrequency": 123.229,
    "InPlanePhaseEncodingDirectionDICOM": "COL",
    "InstitutionAddress": "Cooper_60_St._Lucia_QLD_AU_4072",
    "InstitutionName": "St_Lucia_Campus",
    "InstitutionalDepartmentName": "Gehrmann_Labs_MRI",
    "MRAcquisitionType": "2D",
    "MagneticFieldStrength": 3,
    "Manufacturer": "Siemens",
    "ManufacturersModelName": "Prisma_fit",
    "Modality": "MR",
    "MultibandAccelerationFactor": 6,
    "PartialFourier": 1,
    "PatientPosition": "HFS",
    "PercentPhaseFOV": 100,
    "PhaseEncodingDirection": "j-",
    "PhaseEncodingSteps": 90,
    "PhaseResolution": 1,
    "PixelBandwidth": 2525,
    "ProcedureStepDescription": "Research_16092_QTAB",
    "ProtocolName": "PARTLY_CLOUDY_mb6_2.4",
    "PulseSequenceDetails": "%SiemensSeq%_ep2d_bold",
    "ReceiveCoilActiveElements": "HC1-7;NC1,2",
    "ReceiveCoilName": "HeadNeck_64",
    "ReconMatrixPE": 90,
    "RefLinesPE": 12,
    "RepetitionTime": 0.8,
    "SAR": 0.0741996,
    "ScanOptions": "FS",
    "ScanningSequence": "EP",
    "SequenceName": "_epfid2d1_90",
    "SequenceVariant": "SK",
    "SeriesDescription": "PARTLY_CLOUDY_mb6_2.4",
    "SeriesNumber": 19,
    "ShimSetting": [
      3041,
      -4178,
      -791,
      309,
      -20,
      -98,
      -9,
      40
    ],
    "SliceThickness": 2.4,
    "SliceTiming": [
      0.545,
      0,
      0.39,
      0.0775,
      0.4675,
      0.235,
      0.625,
      0.3125,
      0.7025,
      0.155,
      0.545,
      0,
      0.39,
      0.0775,
      0.4675,
      0.235,
      0.625,
      0.3125,
      0.7025,
      0.155,
      0.545,
      0,
      0.39,
      0.0775,
      0.4675,
      0.235,
      0.625,
      0.3125,
      0.7025,
      0.155,
      0.545,
      0,
      0.39,
      0.0775,
      0.4675,
      0.235,
      0.625,
      0.3125,
      0.7025,
      0.155,
      0.545,
      0,
      0.39,
      0.0775,
      0.4675,
      0.235,
      0.625,
      0.3125,
      0.7025,
      0.155,
      0.545,
      0,
      0.39,
      0.0775,
      0.4675,
      0.235,
      0.625,
      0.3125,
      0.7025,
      0.155
    ],
    "SoftwareVersions": "syngo_MR_E11",
    "SpacingBetweenSlices": 2.4,
    "StationName": "mrc_Trio",
    "TaskName": "partlycloudy",
    "TotalReadoutTime": 0.046279,
    "TxRefAmp": 210.09,
    "dataset": "ds004146",
    "modality": "bold",
    "session_id": "02",
    "subject_id": "0030",
    "task_id": "partlycloudy"
  },
  "dummy_trs": 2,
  "dvars_nstd": 37.45972792228118,
  "dvars_std": 1.22921570535809,
  "dvars_vstd": 1.0081342860742704,
  "efc": 0.5031175828986885,
  "fber": 5606.46240234375,
  "fd_mean": 0.15007569606859564,
  "fd_num": 83,
  "fd_perc": 21.95767195767196,
  "fwhm_avg": 1.8891027027115808,
  "fwhm_x": 1.7661749298185137,
  "fwhm_y": 1.9941499207596016,
  "fwhm_z": 1.906983257556627,
  "gcor": 0.0106166,
  "gsr_x": -0.0209669079631567,
  "gsr_y": 0.03617054596543312,
  "provenance": {
    "md5sum": "4e92df6dab652511d52238928f04457b",
    "settings": {
      "fd_thres": 0.2,
      "testing": false
    },
    "software": "mriqc",
    "version": "23.0.1",
    "webapi_port": null,
    "webapi_url": "https://mriqc.nimh.nih.gov/api/v1"
  },
  "size_t": 378,
  "size_x": 90,
  "size_y": 90,
  "size_z": 60,
  "snr": 7.1971553153512495,
  "spacing_tr": 0.800000011920929,
  "spacing_x": 2.4000000953674316,
  "spacing_y": 2.4000000953674316,
  "spacing_z": 2.4000000953674316,
  "summary_bg_k": 30.3260695900236,
  "summary_bg_mad": 7.126688120178804,
  "summary_bg_mean": 25.429311752319336,
  "summary_bg_median": 8.896824836730957,
  "summary_bg_n": 316963.0,
  "summary_bg_p05": 3.1137564182281494,
  "summary_bg_p95": 105.86428070068331,
  "summary_bg_stdv": 50.317203521728516,
  "summary_fg_k": 1.678632739016133,
  "summary_fg_mad": 89.33266557073662,
  "summary_fg_mean": 672.9426879882812,
  "summary_fg_median": 669.3438720703125,
  "summary_fg_n": 96009.0,
  "summary_fg_p05": 535.1348876953125,
  "summary_fg_p95": 823.4687377929686,
  "summary_fg_stdv": 93.00068664550781,
  "tsnr": 36.28359179710969
}