{
  "aor": 0.0025480211081794196,
  "aqi": 0.01770836042216359,
  "bids_meta": {
    "AcquisitionMatrixPE": 90,
    "AcquisitionNumber": 1,
    "AcquisitionTime": "14:16:41.752500",
    "BandwidthPerPixelPhaseEncode": 21.368,
    "BaseResolution": 90,
    "BodyPartExamined": "BRAIN",
    "CoilString": "HC1-7;NC1_2",
    "ConsistencyInfo": "N4_VE11C_LATEST_20160120",
    "ConversionSoftware": "dcm2niix",
    "ConversionSoftwareVersion": "v1.0.20190410  GCC6.3.0",
    "DerivedVendorReportedEchoSpacing": 0.000519988,
    "DeviceSerialNumber": "167001",
    "DwellTime": 2.2e-06,
    "EchoTime": 0.03,
    "EchoTrainLength": 90,
    "EffectiveEchoSpacing": 0.000519988,
    "FlipAngle": 52,
    "ImageOrientationPatientDICOM": [
      0.996784,
      0.0568092,
      -0.0565186,
      -0.0641097,
      0.98848,
      -0.137101
    ],
    "ImageType": [
      "ORIGINAL",
      "PRIMARY",
      "M",
      "ND",
      "NORM",
      "MOSAIC"
    ],
    "ImagingFrequency": 123.229,
    "InPlanePhaseEncodingDirectionDICOM": "COL",
    "InstitutionAddress": "Cooper_60_St._Lucia_QLD_AU_4072",
    "InstitutionName": "Centre_for_Advanced_Imaging",
    "InstitutionalDepartmentName": "Gehrmann_Labs_MRI",
    "MRAcquisitionType": "2D",
    "MagneticFieldStrength": 3,
    "Manufacturer": "Siemens",
    "ManufacturersModelName": "Prisma_fit",
    "Modality": "MR",
    "MultibandAccelerationFactor": 6,
    "PartialFourier": 1,
    "PatientPosition": "HFS",
    "PercentPhaseFOV": 100,
    "PhaseEncodingDirection": "j-",
    "PhaseEncodingSteps": 90,
    "PhaseResolution": 1,
    "PixelBandwidth": 2525,
    "ProcedureStepDescription": "Research_16092_QTAB",
    "ProtocolName": "PARTLY_CLOUDY_mb6_2.4",
    "PulseSequenceDetails": "%SiemensSeq%_ep2d_bold",
    "ReceiveCoilActiveElements": "HC1-7;NC1,2",
    "ReceiveCoilName": "HeadNeck_64",
    "ReconMatrixPE": 90,
    "RefLinesPE": 12,
    "RepetitionTime": 0.8,
    "SAR": 0.0600854,
    "ScanOptions": "FS",
    "ScanningSequence": "EP",
    "SequenceName": "_epfid2d1_90",
    "SequenceVariant": "SK",
    "SeriesDescription": "PARTLY_CLOUDY_mb6_2.4",
    "SeriesNumber": 19,
    "ShimSetting": [
      3033,
      -4178,
      -818,
      458,
      8,
      -57,
      -32,
      -7
    ],
    "SliceThickness": 2.4,
    "SliceTiming": [
      0.545,
      0,
      0.39,
      0.0775,
      0.4675,
      0.2325,
      0.6225,
      0.3125,
      0.7025,
      0.155,
      0.545,
      0,
      0.39,
      0.0775,
      0.4675,
      0.2325,
      0.6225,
      0.3125,
      0.7025,
      0.155,
      0.545,
      0,
      0.39,
      0.0775,
      0.4675,
      0.2325,
      0.6225,
      0.3125,
      0.7025,
      0.155,
      0.545,
      0,
      0.39,
      0.0775,
      0.4675,
      0.2325,
      0.6225,
      0.3125,
      0.7025,
      0.155,
      0.545,
      0,
      0.39,
      0.0775,
      0.4675,
      0.2325,
      0.6225,
      0.3125,
      0.7025,
      0.155,
      0.545,
      0,
      0.39,
      0.0775,
      0.4675,
      0.2325,
      0.6225,
      0.3125,
      0.7025,
      0.155
    ],
    "SoftwareVersions": "syngo_MR_E11",
    "SpacingBetweenSlices": 2.4,
    "StationName": "mrc_Trio",
    "TaskName": "partlycloudy",
    "TotalReadoutTime": 0.046279,
    "TxRefAmp": 219.532,
    "dataset": "ds004146",
    "modality": "bold",
    "session_id": "02",
    "subject_id": "0380",
    "task_id": "partlycloudy"
  },
  "dummy_trs": 1,
  "dvars_nstd": 35.769900342195776,
  "dvars_std": 1.184450586481482,
  "dvars_vstd": 1.029462150608465,
  "efc": 0.44534601156701914,
  "fber": 6323.32421875,
  "fd_mean": 0.19875437276388755,
  "fd_num": 172,
  "fd_perc": 45.382585751978894,
  "fwhm_avg": 1.83959304329207,
  "fwhm_x": 1.7182082650578714,
  "fwhm_y": 1.963404088647998,
  "fwhm_z": 1.8371667761703399,
  "gcor": 0.00814194,
  "gsr_x": -0.0231868177652359,
  "gsr_y": 0.022490521892905235,
  "provenance": {
    "md5sum": "3e695ed0cb99a52390c9d013d5e34438",
    "settings": {
      "fd_thres": 0.2,
      "testing": false
    },
    "software": "mriqc",
    "version": "23.0.1",
    "webapi_port": null,
    "webapi_url": "https://mriqc.nimh.nih.gov/api/v1"
  },
  "size_t": 379,
  "size_x": 90,
  "size_y": 90,
  "size_z": 60,
  "snr": 7.153505225247917,
  "spacing_tr": 0.800000011920929,
  "spacing_x": 2.4000000953674316,
  "spacing_y": 2.4000000953674316,
  "spacing_z": 2.3999998569488525,
  "summary_bg_k": 30.48768406400732,
  "summary_bg_mad": 5.2575662197738176,
  "summary_bg_mean": 22.94867706298828,
  "summary_bg_median": 7.530343532562256,
  "summary_bg_n": 352262.0,
  "summary_bg_p05": 3.316622734069824,
  "summary_bg_p95": 93.37995147705078,
  "summary_bg_stdv": 47.4901237487793,
  "summary_fg_k": 2.1076980578466324,
  "summary_fg_mad": 82.86528394496786,
  "summary_fg_mean": 609.0077514648438,
  "summary_fg_median": 607.0672607421875,
  "summary_fg_n": 66872.0,
  "summary_fg_p05": 483.6841873168945,
  "summary_fg_p95": 743.4307647705077,
  "summary_fg_stdv": 84.86227416992188,
  "tsnr": 42.80208782397676
}