{
  "bids_meta": {
    "AcquisitionMatrixPE": 256,
    "AcquisitionNumber": 1,
    "AcquisitionTime": "12:48:19.277500",
    "BaseResolution": 256,
    "BodyPartExamined": "BRAIN",
    "CoilString": "HC1-7;NC1_2",
    "ConsistencyInfo": "N4_VE11C_LATEST_20160120",
    "ConversionSoftware": "dcm2niix",
    "ConversionSoftwareVersion": "v1.0.20190410  GCC6.3.0",
    "DeviceSerialNumber": "167001",
    "DwellTime": 2.6e-06,
    "EchoTime": 0.408,
    "EchoTrainLength": 259,
    "FlipAngle": 120,
    "ImageOrientationPatientDICOM": [
      0.0278157,
      0.999564,
      -0.00991428,
      0.0822746,
      -0.0121738,
      -0.996535
    ],
    "ImageType": [
      "ORIGINAL",
      "PRIMARY",
      "M",
      "ND",
      "NORM"
    ],
    "ImagingFrequency": 123.229,
    "InPlanePhaseEncodingDirectionDICOM": "ROW",
    "InstitutionAddress": "Cooper_60_St._Lucia_QLD_AU_4072",
    "InstitutionName": "St_Lucia_Campus",
    "InstitutionalDepartmentName": "Gehrmann_Labs_MRI",
    "MRAcquisitionType": "3D",
    "MagneticFieldStrength": 3,
    "Manufacturer": "Siemens",
    "ManufacturersModelName": "Prisma_fit",
    "Modality": "MR",
    "PartialFourier": 1,
    "PatientPosition": "HFS",
    "PercentPhaseFOV": 100,
    "PhaseEncodingSteps": 233,
    "PhaseResolution": 1,
    "PixelBandwidth": 750,
    "ProcedureStepDescription": "Research_16092_QTAB",
    "ProtocolName": "t2_spc_sag_p2_iso",
    "PulseSequenceDetails": "%SiemensSeq%_tse_vfl",
    "ReceiveCoilActiveElements": "HC1-7;NC1,2",
    "ReceiveCoilName": "HeadNeck_64",
    "ReconMatrixPE": 256,
    "RefLinesPE": 24,
    "RepetitionTime": 3.2,
    "SAR": 0.165765,
    "ScanOptions": "PFP",
    "ScanningSequence": "SE",
    "SequenceName": "_spcR_282ns",
    "SequenceVariant": "SK_SP",
    "SeriesDescription": "t2_spc_sag_p2_iso",
    "SeriesNumber": 41,
    "ShimSetting": [
      3044,
      -4172,
      -1039,
      -11,
      -3,
      35,
      -21,
      -13
    ],
    "SliceThickness": 1,
    "SoftwareVersions": "syngo_MR_E11",
    "StationName": "mrc_Trio",
    "TxRefAmp": 215.016,
    "dataset": "ds004146",
    "modality": "T2w",
    "session_id": "02",
    "subject_id": "0001"
  },
  "cjv": 2.9065332064878606,
  "cnr": 0.5662977467138854,
  "efc": 0.6433338310654163,
  "fber": -1.0,
  "fwhm_avg": 3.9496750443389073,
  "fwhm_x": 4.155125247664764,
  "fwhm_y": 4.179849937715383,
  "fwhm_z": 3.5140499476365754,
  "icvs_csf": 0.4984377942244321,
  "icvs_gm": 0.3808572005863453,
  "icvs_wm": 0.1207050051892226,
  "inu_med": 1.0441167950630188,
  "inu_range": 0.3714176118373871,
  "provenance": {
    "md5sum": "4d059e3e7e5134a0cdd60350b669ead3",
    "settings": {
      "testing": false
    },
    "software": "mriqc",
    "version": "23.0.1",
    "warnings": {
      "large_rot_frame": true,
      "small_air_mask": false
    },
    "webapi_port": null,
    "webapi_url": "https://mriqc.nimh.nih.gov/api/v1"
  },
  "qi_1": 0.04867146286508972,
  "qi_2": 0.04265357079567242,
  "rpve_csf": 9.982126761492294,
  "rpve_gm": 12.825789161473223,
  "rpve_wm": 36.709755482934206,
  "size_x": 192,
  "size_y": 300,
  "size_z": 320,
  "snr_csf": 18.733218392078232,
  "snr_gm": 14.297215782951122,
  "snr_total": 11.424578862178478,
  "snr_wm": 1.2433024115060818,
  "snrd_csf": 219.04946966986432,
  "snrd_gm": 149.64894598833635,
  "snrd_total": 214.59380608141726,
  "snrd_wm": 275.0830025860511,
  "spacing_x": 0.7999999523162842,
  "spacing_y": 0.800000011920929,
  "spacing_z": 0.800000011920929,
  "summary_bg_k": 110.2492978951883,
  "summary_bg_mad": 0.0,
  "summary_bg_mean": 0.5447854678994205,
  "summary_bg_median": 0.0,
  "summary_bg_n": 948253.0,
  "summary_bg_p05": 0.0,
  "summary_bg_p95": 6.1919503808021545,
  "summary_bg_stdv": 2.3978005055660025,
  "summary_csf_k": 0.14015687561870482,
  "summary_csf_mad": 42.72323553638152,
  "summary_csf_mean": 803.3610249175797,
  "summary_csf_median": 801.7214874923229,
  "summary_csf_n": 297406.0,
  "summary_csf_p05": 736.263726323843,
  "summary_csf_p95": 875.3784796595573,
  "summary_csf_stdv": 42.7967113207449,
  "summary_gm_k": -0.3334047361209529,
  "summary_gm_mad": 40.20120274202606,
  "summary_gm_mean": 549.3084403200052,
  "summary_gm_median": 547.7154350578785,
  "summary_gm_n": 374353.0,
  "summary_gm_p05": 488.2454940378666,
  "summary_gm_p95": 613.4793915748596,
  "summary_gm_stdv": 38.30918633550353,
  "summary_wm_k": -1.781159214233921,
  "summary_wm_mad": 1294.1559080955617,
  "summary_wm_mean": 940.6393084193514,
  "summary_wm_median": 1006.8043275773525,
  "summary_wm_n": 58743.0,
  "summary_wm_p05": 25.073996871709824,
  "summary_wm_p95": 1999.1494303643703,
  "summary_wm_stdv": 809.7754405163341,
  "tpm_overlap_csf": 0.10972226826448535,
  "tpm_overlap_gm": 0.23138425299077112,
  "tpm_overlap_wm": 0.028423467161832052,
  "wm2max": 0.5208934686255147
}