{
  "aor": 0.005252777777777777,
  "aqi": 0.011400221265432098,
  "bids_meta": {
    "AcquisitionMatrixPE": 104,
    "AcquisitionNumber": 1,
    "AcquisitionTime": "14:34:24.232500",
    "BandwidthPerPixelPhaseEncode": 17.17,
    "BaseResolution": 104,
    "BodyPartExamined": "BRAIN",
    "ConsistencyInfo": "N4_VE11C_LATEST_20160120",
    "ConversionSoftware": "dcm2niix",
    "ConversionSoftwareVersion": "v1.0.20171215 GCC6.3.0",
    "DerivedVendorReportedEchoSpacing": 0.000560011,
    "DeviceSerialNumber": "167001",
    "DwellTime": 2.1e-06,
    "EchoTime": 0.03,
    "EchoTrainLength": 91,
    "EffectiveEchoSpacing": 0.000560011,
    "FlipAngle": 52,
    "ImageOrientationPatientDICOM": [
      0.995897,
      0.0888148,
      -0.0173272,
      -0.0897576,
      0.993866,
      -0.0646022
    ],
    "ImageType": [
      "ORIGINAL",
      "PRIMARY",
      "M",
      "ND",
      "MOSAIC"
    ],
    "InPlanePhaseEncodingDirectionDICOM": "COL",
    "InstitutionAddress": "Cooper_60_St._Lucia_QLD_AU_4072",
    "InstitutionName": "St_Lucia_Campus",
    "InstitutionalDepartmentName": "Gehrmann_Labs_MRI",
    "MRAcquisitionType": "2D",
    "MagneticFieldStrength": 3,
    "Manufacturer": "Siemens",
    "ManufacturersModelName": "Prisma_fit",
    "Modality": "MR",
    "MultibandAccelerationFactor": 6,
    "PartialFourier": 0.875,
    "PatientPosition": "HFS",
    "PercentPhaseFOV": 100,
    "PhaseEncodingDirection": "j-",
    "PhaseEncodingSteps": 91,
    "PhaseResolution": 1,
    "PixelBandwidth": 2290,
    "ProcedureStepDescription": "Research_16092_QTAB",
    "ProtocolName": "ep2d_REST_SMS6_A-P",
    "PulseSequenceDetails": "%SiemensSeq%_ep2d_bold",
    "ReceiveCoilActiveElements": "HC1-7;NC1,2",
    "ReceiveCoilName": "HeadNeck_64",
    "ReconMatrixPE": 104,
    "RepetitionTime": 0.93,
    "SAR": 0.0726566,
    "ScanOptions": "PFP_FS",
    "ScanningSequence": "EP",
    "SequenceName": "_epfid2d1_104",
    "SequenceVariant": "SK",
    "SeriesDescription": "ep2d_REST_SMS6_A-P",
    "SeriesNumber": 9,
    "ShimSetting": [
      3029,
      -4198,
      -750,
      467,
      -12,
      23,
      9,
      -9
    ],
    "SliceThickness": 2,
    "SliceTiming": [
      0.6825,
      0,
      0.455,
      0.075,
      0.53,
      0.1525,
      0.6075,
      0.3025,
      0.7575,
      0.38,
      0.835,
      0.2275,
      0.6825,
      0,
      0.455,
      0.075,
      0.53,
      0.1525,
      0.6075,
      0.3025,
      0.7575,
      0.38,
      0.835,
      0.2275,
      0.6825,
      0,
      0.455,
      0.075,
      0.53,
      0.1525,
      0.6075,
      0.3025,
      0.7575,
      0.38,
      0.835,
      0.2275,
      0.6825,
      0,
      0.455,
      0.075,
      0.53,
      0.1525,
      0.6075,
      0.3025,
      0.7575,
      0.38,
      0.835,
      0.2275,
      0.6825,
      0,
      0.455,
      0.075,
      0.53,
      0.1525,
      0.6075,
      0.3025,
      0.7575,
      0.38,
      0.835,
      0.2275,
      0.6825,
      0,
      0.455,
      0.075,
      0.53,
      0.1525,
      0.6075,
      0.3025,
      0.7575,
      0.38,
      0.835,
      0.2275
    ],
    "SoftwareVersions": "syngo_MR_E11",
    "SpacingBetweenSlices": 2,
    "StationName": "mrc_Trio",
    "TaskName": "rest",
    "TotalReadoutTime": 0.0576811,
    "TxRefAmp": 209.669,
    "dataset": "ds004146",
    "modality": "bold",
    "session_id": "01",
    "subject_id": "0339",
    "task_id": "rest"
  },
  "dummy_trs": 3,
  "dvars_nstd": 52.2368919208359,
  "dvars_std": 1.1749191720743042,
  "dvars_vstd": 1.013183988111456,
  "efc": 0.5158512159172004,
  "fber": 928.1045532226562,
  "fd_mean": 0.36310778730840637,
  "fd_num": 209,
  "fd_perc": 64.50617283950618,
  "fwhm_avg": 3.286395,
  "fwhm_x": 3.07582,
  "fwhm_y": 3.35163,
  "fwhm_z": 3.431735,
  "gcor": 0.0303518,
  "gsr_x": -0.011691657826304436,
  "gsr_y": 0.042011238634586334,
  "provenance": {
    "md5sum": "8100e72c31c22acb163edb5b2bdb6027",
    "settings": {
      "fd_thres": 0.2,
      "testing": false
    },
    "software": "mriqc",
    "version": "23.0.1",
    "webapi_port": null,
    "webapi_url": "https://mriqc.nimh.nih.gov/api/v1"
  },
  "size_t": 324,
  "size_x": 104,
  "size_y": 104,
  "size_z": 72,
  "snr": 2.5853933013872066,
  "spacing_tr": 0.9300000071525574,
  "spacing_x": 2.0,
  "spacing_y": 2.0,
  "spacing_z": 2.0,
  "summary_bg_k": 56.512514782246114,
  "summary_bg_mad": 7.554863996059841,
  "summary_bg_mean": 35.10527801513672,
  "summary_bg_median": 20.38888931274414,
  "summary_bg_n": 505751.0,
  "summary_bg_p05": 14.614197731018066,
  "summary_bg_p95": 97.49228286743164,
  "summary_bg_stdv": 46.46247100830078,
  "summary_fg_k": 1.030666415682803,
  "summary_fg_mad": 229.04833339411894,
  "summary_fg_mean": 664.4158935546875,
  "summary_fg_median": 624.6450805664062,
  "summary_fg_n": 172204.0,
  "summary_fg_p05": 350.74167785644534,
  "summary_fg_p95": 1117.0762329101562,
  "summary_fg_stdv": 241.604736328125,
  "tsnr": 29.14139793906361
}