{
  "aor": 0.0005360244648318043,
  "aqi": 0.005536021070336392,
  "bids_meta": {
    "AcquisitionMatrixPE": 104,
    "AcquisitionNumber": 1,
    "AcquisitionTime": "14:46:30.572500",
    "BandwidthPerPixelPhaseEncode": 17.17,
    "BaseResolution": 104,
    "BodyPartExamined": "BRAIN",
    "CoilString": "HC1-7;NC1_2",
    "ConsistencyInfo": "N4_VE11C_LATEST_20160120",
    "ConversionSoftware": "dcm2niix",
    "ConversionSoftwareVersion": "v1.0.20190410  GCC6.3.0",
    "DerivedVendorReportedEchoSpacing": 0.000560011,
    "DeviceSerialNumber": "167001",
    "DwellTime": 2.1e-06,
    "EchoTime": 0.03,
    "EchoTrainLength": 91,
    "EffectiveEchoSpacing": 0.000560011,
    "FlipAngle": 52,
    "ImageOrientationPatientDICOM": [
      0.999966,
      -0.00469784,
      -0.0068403,
      0.00314152,
      0.977279,
      -0.211935
    ],
    "ImageType": [
      "ORIGINAL",
      "PRIMARY",
      "M",
      "ND",
      "MOSAIC"
    ],
    "ImagingFrequency": 123.229,
    "InPlanePhaseEncodingDirectionDICOM": "COL",
    "InstitutionAddress": "Cooper_60_St._Lucia_QLD_AU_4072",
    "InstitutionName": "Centre_for_Advanced_Imaging",
    "InstitutionalDepartmentName": "Gehrmann_Labs_MRI",
    "MRAcquisitionType": "2D",
    "MagneticFieldStrength": 3,
    "Manufacturer": "Siemens",
    "ManufacturersModelName": "Prisma_fit",
    "Modality": "MR",
    "MultibandAccelerationFactor": 6,
    "PartialFourier": 0.875,
    "PatientPosition": "HFS",
    "PercentPhaseFOV": 100,
    "PhaseEncodingDirection": "j-",
    "PhaseEncodingSteps": 91,
    "PhaseResolution": 1,
    "PixelBandwidth": 2290,
    "ProcedureStepDescription": "Research_16092_QTAB",
    "ProtocolName": "ep2d_REST_SMS6_A-P",
    "PulseSequenceDetails": "%SiemensSeq%_ep2d_bold",
    "ReceiveCoilActiveElements": "HC1-7;NC1,2",
    "ReceiveCoilName": "HeadNeck_64",
    "ReconMatrixPE": 104,
    "RefLinesPE": 12,
    "RepetitionTime": 0.93,
    "SAR": 0.05989,
    "ScanOptions": "PFP_FS",
    "ScanningSequence": "EP",
    "SequenceName": "_epfid2d1_104",
    "SequenceVariant": "SK",
    "SeriesDescription": "ep2d_REST_SMS6_A-P",
    "SeriesNumber": 9,
    "ShimSetting": [
      3043,
      -4175,
      -792,
      448,
      -24,
      40,
      36,
      -16
    ],
    "SliceThickness": 2,
    "SliceTiming": [
      0.6825,
      0,
      0.455,
      0.0775,
      0.5325,
      0.1525,
      0.6075,
      0.305,
      0.76,
      0.38,
      0.835,
      0.2275,
      0.6825,
      0,
      0.455,
      0.0775,
      0.5325,
      0.1525,
      0.6075,
      0.305,
      0.76,
      0.38,
      0.835,
      0.2275,
      0.6825,
      0,
      0.455,
      0.0775,
      0.5325,
      0.1525,
      0.6075,
      0.305,
      0.76,
      0.38,
      0.835,
      0.2275,
      0.6825,
      0,
      0.455,
      0.0775,
      0.5325,
      0.1525,
      0.6075,
      0.305,
      0.76,
      0.38,
      0.835,
      0.2275,
      0.6825,
      0,
      0.455,
      0.0775,
      0.5325,
      0.1525,
      0.6075,
      0.305,
      0.76,
      0.38,
      0.835,
      0.2275,
      0.6825,
      0,
      0.455,
      0.0775,
      0.5325,
      0.1525,
      0.6075,
      0.305,
      0.76,
      0.38,
      0.835,
      0.2275
    ],
    "SoftwareVersions": "syngo_MR_E11",
    "SpacingBetweenSlices": 2,
    "StationName": "mrc_Trio",
    "TaskName": "rest",
    "TotalReadoutTime": 0.0576811,
    "TxRefAmp": 215.816,
    "dataset": "ds004146",
    "modality": "bold",
    "session_id": "02",
    "subject_id": "0117",
    "task_id": "rest"
  },
  "dummy_trs": 0,
  "dvars_nstd": 36.78847326374234,
  "dvars_std": 1.0723992710429435,
  "dvars_vstd": 1.0057995653987728,
  "efc": 0.5330223435876156,
  "fber": 885.6687622070312,
  "fd_mean": 0.16716129547911998,
  "fd_num": 96,
  "fd_perc": 29.357798165137616,
  "fwhm_avg": 3.1661816666666667,
  "fwhm_x": 2.953265,
  "fwhm_y": 3.305075,
  "fwhm_z": 3.240205,
  "gcor": 0.0166865,
  "gsr_x": -0.023748602718114853,
  "gsr_y": 0.07438111305236816,
  "provenance": {
    "md5sum": "19baeb2cd51c5f0ef622e0f5dc4769a0",
    "settings": {
      "fd_thres": 0.2,
      "testing": false
    },
    "software": "mriqc",
    "version": "23.0.1",
    "webapi_port": null,
    "webapi_url": "https://mriqc.nimh.nih.gov/api/v1"
  },
  "size_t": 327,
  "size_x": 104,
  "size_y": 104,
  "size_z": 72,
  "snr": 2.72778045457675,
  "spacing_tr": 0.9300000071525574,
  "spacing_x": 2.0,
  "spacing_y": 2.0,
  "spacing_z": 2.0,
  "summary_bg_k": 82.34151013912148,
  "summary_bg_mad": 5.681041519754372,
  "summary_bg_mean": 38.14696502685547,
  "summary_bg_median": 19.250764846801758,
  "summary_bg_n": 500549.0,
  "summary_bg_p05": 14.896024703979492,
  "summary_bg_p95": 124.99266510009758,
  "summary_bg_stdv": 61.82376480102539,
  "summary_fg_k": 0.6678085928414852,
  "summary_fg_mad": 206.82988678674425,
  "summary_fg_mean": 610.564453125,
  "summary_fg_median": 583.3516845703125,
  "summary_fg_n": 175074.0,
  "summary_fg_p05": 323.6686706542969,
  "summary_fg_p95": 998.896536254883,
  "summary_fg_stdv": 213.85519409179688,
  "tsnr": 39.06009594560601
}