{
  "aor": 0.0012136363636363636,
  "aqi": 0.01800805882352941,
  "bids_meta": {
    "AcquisitionMatrixPE": 90,
    "AcquisitionNumber": 1,
    "AcquisitionTime": "15:17:50.650000",
    "BandwidthPerPixelPhaseEncode": 21.368,
    "BaseResolution": 90,
    "BodyPartExamined": "BRAIN",
    "CoilString": "HC1-7;NC1_2",
    "ConsistencyInfo": "N4_VE11C_LATEST_20160120",
    "ConversionSoftware": "dcm2niix",
    "ConversionSoftwareVersion": "v1.0.20190410  GCC6.3.0",
    "DerivedVendorReportedEchoSpacing": 0.000519988,
    "DeviceSerialNumber": "167001",
    "DwellTime": 2.2e-06,
    "EchoTime": 0.03,
    "EchoTrainLength": 90,
    "EffectiveEchoSpacing": 0.000519988,
    "FlipAngle": 52,
    "ImageOrientationPatientDICOM": [
      0.999966,
      -0.00469784,
      -0.0068403,
      0.00314152,
      0.977279,
      -0.211935
    ],
    "ImageType": [
      "ORIGINAL",
      "PRIMARY",
      "M",
      "ND",
      "NORM",
      "MOSAIC"
    ],
    "ImagingFrequency": 123.229,
    "InPlanePhaseEncodingDirectionDICOM": "COL",
    "InstitutionAddress": "Cooper_60_St._Lucia_QLD_AU_4072",
    "InstitutionName": "Centre_for_Advanced_Imaging",
    "InstitutionalDepartmentName": "Gehrmann_Labs_MRI",
    "MRAcquisitionType": "2D",
    "MagneticFieldStrength": 3,
    "Manufacturer": "Siemens",
    "ManufacturersModelName": "Prisma_fit",
    "Modality": "MR",
    "MultibandAccelerationFactor": 6,
    "PartialFourier": 1,
    "PatientPosition": "HFS",
    "PercentPhaseFOV": 100,
    "PhaseEncodingDirection": "j-",
    "PhaseEncodingSteps": 90,
    "PhaseResolution": 1,
    "PixelBandwidth": 2525,
    "ProcedureStepDescription": "Research_16092_QTAB",
    "ProtocolName": "PARTLY_CLOUDY_mb6_2.4",
    "PulseSequenceDetails": "%SiemensSeq%_ep2d_bold",
    "ReceiveCoilActiveElements": "HC1-7;NC1,2",
    "ReceiveCoilName": "HeadNeck_64",
    "ReconMatrixPE": 90,
    "RefLinesPE": 12,
    "RepetitionTime": 0.8,
    "SAR": 0.0581947,
    "ScanOptions": "FS",
    "ScanningSequence": "EP",
    "SequenceName": "_epfid2d1_90",
    "SequenceVariant": "SK",
    "SeriesDescription": "PARTLY_CLOUDY_mb6_2.4",
    "SeriesNumber": 19,
    "ShimSetting": [
      3043,
      -4175,
      -792,
      447,
      -24,
      40,
      37,
      -16
    ],
    "SliceThickness": 2.4,
    "SliceTiming": [
      0.545,
      0,
      0.39,
      0.0775,
      0.4675,
      0.2325,
      0.6225,
      0.3125,
      0.7025,
      0.155,
      0.545,
      0,
      0.39,
      0.0775,
      0.4675,
      0.2325,
      0.6225,
      0.3125,
      0.7025,
      0.155,
      0.545,
      0,
      0.39,
      0.0775,
      0.4675,
      0.2325,
      0.6225,
      0.3125,
      0.7025,
      0.155,
      0.545,
      0,
      0.39,
      0.0775,
      0.4675,
      0.2325,
      0.6225,
      0.3125,
      0.7025,
      0.155,
      0.545,
      0,
      0.39,
      0.0775,
      0.4675,
      0.2325,
      0.6225,
      0.3125,
      0.7025,
      0.155,
      0.545,
      0,
      0.39,
      0.0775,
      0.4675,
      0.2325,
      0.6225,
      0.3125,
      0.7025,
      0.155
    ],
    "SoftwareVersions": "syngo_MR_E11",
    "SpacingBetweenSlices": 2.4,
    "StationName": "mrc_Trio",
    "TaskName": "partlycloudy",
    "TotalReadoutTime": 0.046279,
    "TxRefAmp": 215.816,
    "dataset": "ds004146",
    "modality": "bold",
    "session_id": "02",
    "subject_id": "0117",
    "task_id": "partlycloudy"
  },
  "dummy_trs": 6,
  "dvars_nstd": 34.600886367774805,
  "dvars_std": 1.2189472126005367,
  "dvars_vstd": 1.0043673422520107,
  "efc": 0.49455918225356105,
  "fber": 7371.61181640625,
  "fd_mean": 0.15102353248314307,
  "fd_num": 104,
  "fd_perc": 27.807486631016044,
  "fwhm_avg": 1.8749277032748448,
  "fwhm_x": 1.7533332636621293,
  "fwhm_y": 2.037604085699555,
  "fwhm_z": 1.83384576046285,
  "gcor": 0.0180986,
  "gsr_x": -0.025223849341273308,
  "gsr_y": 0.03709063306450844,
  "provenance": {
    "md5sum": "83223f4b4f0831cd48397a3d61d06437",
    "settings": {
      "fd_thres": 0.2,
      "testing": false
    },
    "software": "mriqc",
    "version": "23.0.1",
    "webapi_port": null,
    "webapi_url": "https://mriqc.nimh.nih.gov/api/v1"
  },
  "size_t": 374,
  "size_x": 90,
  "size_y": 90,
  "size_z": 60,
  "snr": 7.167209043678103,
  "spacing_tr": 0.800000011920929,
  "spacing_x": 2.4000000953674316,
  "spacing_y": 2.4000000953674316,
  "spacing_z": 2.4000000953674316,
  "summary_bg_k": 32.89691113119982,
  "summary_bg_mad": 5.260463341151493,
  "summary_bg_mean": 25.54248046875,
  "summary_bg_median": 7.556149959564209,
  "summary_bg_n": 322861.0,
  "summary_bg_p05": 3.2780749797821045,
  "summary_bg_p95": 110.36898803710938,
  "summary_bg_stdv": 54.96141052246094,
  "summary_fg_k": 2.2055752985309116,
  "summary_fg_mad": 86.56970820149641,
  "summary_fg_mean": 660.2556762695312,
  "summary_fg_median": 659.9358520507812,
  "summary_fg_n": 91199.0,
  "summary_fg_p05": 523.5984008789062,
  "summary_fg_p95": 808.2769958496092,
  "summary_fg_stdv": 92.07659912109375,
  "tsnr": 46.15036320639774
}