{
  "bids_meta": {
    "AcquisitionMatrixPE": 256,
    "AcquisitionNumber": 1,
    "AcquisitionTime": "11:35:52.510000",
    "BaseResolution": 256,
    "BodyPartExamined": "BRAIN",
    "CoilString": "HC1-7;NC1_2",
    "ConsistencyInfo": "N4_VE11C_LATEST_20160120",
    "ConversionSoftware": "dcm2niix",
    "ConversionSoftwareVersion": "v1.0.20181125  (JP2:OpenJPEG) GCC6.3.0",
    "DeviceSerialNumber": "167001",
    "DwellTime": 2.6e-06,
    "EchoTime": 0.408,
    "EchoTrainLength": 259,
    "FlipAngle": 120,
    "ImageOrientationPatientDICOM": [
      0.0365748,
      0.991915,
      0.121522,
      0.00856367,
      0.121288,
      -0.99258
    ],
    "ImageType": [
      "ORIGINAL",
      "PRIMARY",
      "M",
      "ND",
      "NORM"
    ],
    "ImagingFrequency": 123.229,
    "InPlanePhaseEncodingDirectionDICOM": "ROW",
    "InstitutionAddress": "Cooper_60_St._Lucia_QLD_AU_4072",
    "InstitutionName": "St_Lucia_Campus",
    "InstitutionalDepartmentName": "Gehrmann_Labs_MRI",
    "MRAcquisitionType": "3D",
    "MagneticFieldStrength": 3,
    "Manufacturer": "Siemens",
    "ManufacturersModelName": "Prisma_fit",
    "Modality": "MR",
    "PartialFourier": 1,
    "PatientPosition": "HFS",
    "PercentPhaseFOV": 100,
    "PhaseEncodingSteps": 233,
    "PhaseResolution": 1,
    "PixelBandwidth": 750,
    "ProcedureStepDescription": "Research_16092_QTAB",
    "ProtocolName": "t2_spc_sag_p2_iso",
    "PulseSequenceDetails": "%SiemensSeq%_tse_vfl",
    "ReceiveCoilActiveElements": "HC1-7;NC1,2",
    "ReceiveCoilName": "HeadNeck_64",
    "ReconMatrixPE": 256,
    "RepetitionTime": 3.2,
    "SAR": 0.167907,
    "ScanOptions": "PFP",
    "ScanningSequence": "SE",
    "SequenceName": "_spcR_282ns",
    "SequenceVariant": "SK_SP",
    "SeriesDescription": "t2_spc_sag_p2_iso",
    "SeriesNumber": 19,
    "ShimSetting": [
      3044,
      -4172,
      -1039,
      -11,
      -3,
      35,
      -21,
      -13
    ],
    "SliceThickness": 1,
    "SoftwareVersions": "syngo_MR_E11",
    "StationName": "mrc_Trio",
    "TxRefAmp": 210.01,
    "dataset": "ds004146",
    "modality": "T2w",
    "session_id": "01",
    "subject_id": "0411"
  },
  "cjv": 1.3051520327939279,
  "cnr": 1.0284300998812823,
  "efc": 0.6123260634576126,
  "fber": -1.0,
  "fwhm_avg": 4.429704215359695,
  "fwhm_x": 4.6184627752818335,
  "fwhm_y": 4.805287428395637,
  "fwhm_z": 3.8653624424016115,
  "icvs_csf": 0.5064647824488602,
  "icvs_gm": 0.10517379576907682,
  "icvs_wm": 0.388361421782063,
  "inu_med": 1.044677495956421,
  "inu_range": 0.3154687106609344,
  "provenance": {
    "md5sum": "a127fa04680b7061f2605690ddf8dd4c",
    "settings": {
      "testing": false
    },
    "software": "mriqc",
    "version": "23.0.1",
    "warnings": {
      "large_rot_frame": true,
      "small_air_mask": false
    },
    "webapi_port": null,
    "webapi_url": "https://mriqc.nimh.nih.gov/api/v1"
  },
  "qi_1": 0.06352441820102914,
  "qi_2": 0.012131393677271464,
  "rpve_csf": 9.888584570398889,
  "rpve_gm": 39.42651465840031,
  "rpve_wm": 12.699795269282996,
  "size_x": 192,
  "size_y": 300,
  "size_z": 320,
  "snr_csf": 17.570303713871038,
  "snr_gm": 1.5129622860333605,
  "snr_total": 10.963511693400454,
  "snr_wm": 13.80726908029696,
  "snrd_csf": 145.73045472742692,
  "snrd_gm": 300.8563510576041,
  "snrd_total": 180.9374351262538,
  "snrd_wm": 96.22549959373036,
  "spacing_x": 0.7999999523162842,
  "spacing_y": 0.800000011920929,
  "spacing_z": 0.800000011920929,
  "summary_bg_k": 10.500242860117833,
  "summary_bg_mad": 0.0,
  "summary_bg_mean": 2.675494373382337,
  "summary_bg_median": 0.0,
  "summary_bg_n": 1348790.0,
  "summary_bg_p05": 0.0,
  "summary_bg_p95": 17.376545444130898,
  "summary_bg_stdv": 6.807794649889515,
  "summary_csf_k": 0.04168398840447196,
  "summary_csf_mad": 87.71234201030761,
  "summary_csf_mean": 1518.5689746649705,
  "summary_csf_median": 1514.3457301706076,
  "summary_csf_n": 271171.0,
  "summary_csf_p05": 1385.4360093176365,
  "summary_csf_p95": 1665.2388015389442,
  "summary_csf_stdv": 86.18763583116656,
  "summary_gm_k": -1.732484930479733,
  "summary_gm_mad": 2698.1131216476724,
  "summary_gm_mean": 2590.1236328339037,
  "summary_gm_median": 3126.3233993947506,
  "summary_gm_n": 59263.0,
  "summary_gm_p05": 48.89679066836834,
  "summary_gm_p95": 5046.868105135857,
  "summary_gm_stdv": 2066.3416738504825,
  "summary_wm_k": -0.29063350241486985,
  "summary_wm_mad": 77.16768887245642,
  "summary_wm_mean": 999.574640684832,
  "summary_wm_median": 999.9191638827324,
  "summary_wm_n": 373917.0,
  "summary_wm_p05": 881.0312645882368,
  "summary_wm_p95": 1116.0591443628073,
  "summary_wm_stdv": 72.41966684213222,
  "tpm_overlap_csf": 0.10702969656475356,
  "tpm_overlap_gm": 0.06605764340941807,
  "tpm_overlap_wm": 0.44305108560178313,
  "wm2max": 0.20535803206851908
}