{
  "aor": 0.004122526595744681,
  "aqi": 0.018043159042553193,
  "bids_meta": {
    "AcquisitionMatrixPE": 90,
    "AcquisitionNumber": 1,
    "AcquisitionTime": "10:15:36.607500",
    "BandwidthPerPixelPhaseEncode": 21.368,
    "BaseResolution": 90,
    "BodyPartExamined": "BRAIN",
    "CoilString": "HC1-7;NC1_2",
    "ConsistencyInfo": "N4_VE11C_LATEST_20160120",
    "ConversionSoftware": "dcm2niix",
    "ConversionSoftwareVersion": "v1.0.20190410  GCC6.3.0",
    "DerivedVendorReportedEchoSpacing": 0.000519988,
    "DeviceSerialNumber": "167001",
    "DwellTime": 2.2e-06,
    "EchoTime": 0.03,
    "EchoTrainLength": 90,
    "EffectiveEchoSpacing": 0.000519988,
    "FlipAngle": 52,
    "ImageOrientationPatientDICOM": [
      0.996076,
      -0.0883565,
      -0.00501303,
      0.0848685,
      0.969742,
      -0.228906
    ],
    "ImageType": [
      "ORIGINAL",
      "PRIMARY",
      "M",
      "ND",
      "NORM",
      "MOSAIC"
    ],
    "ImagingFrequency": 123.229,
    "InPlanePhaseEncodingDirectionDICOM": "COL",
    "InstitutionAddress": "Cooper_60_St._Lucia_QLD_AU_4072",
    "InstitutionName": "St_Lucia_Campus",
    "InstitutionalDepartmentName": "Gehrmann_Labs_MRI",
    "MRAcquisitionType": "2D",
    "MagneticFieldStrength": 3,
    "Manufacturer": "Siemens",
    "ManufacturersModelName": "Prisma_fit",
    "Modality": "MR",
    "MultibandAccelerationFactor": 6,
    "PartialFourier": 1,
    "PatientPosition": "HFS",
    "PercentPhaseFOV": 100,
    "PhaseEncodingDirection": "j-",
    "PhaseEncodingSteps": 90,
    "PhaseResolution": 1,
    "PixelBandwidth": 2525,
    "ProcedureStepDescription": "Research_16092_QTAB",
    "ProtocolName": "PARTLY_CLOUDY_mb6_2.4",
    "PulseSequenceDetails": "%SiemensSeq%_ep2d_bold",
    "ReceiveCoilActiveElements": "HC1-7;NC1,2",
    "ReceiveCoilName": "HeadNeck_64",
    "ReconMatrixPE": 90,
    "RefLinesPE": 12,
    "RepetitionTime": 0.8,
    "SAR": 0.0503882,
    "ScanOptions": "FS",
    "ScanningSequence": "EP",
    "SequenceName": "_epfid2d1_90",
    "SequenceVariant": "SK",
    "SeriesDescription": "PARTLY_CLOUDY_mb6_2.4",
    "SeriesNumber": 19,
    "ShimSetting": [
      3047,
      -4182,
      -747,
      506,
      -27,
      27,
      52,
      -8
    ],
    "SliceThickness": 2.4,
    "SliceTiming": [
      0.5475,
      0,
      0.39,
      0.08,
      0.47,
      0.235,
      0.625,
      0.3125,
      0.7025,
      0.1575,
      0.5475,
      0,
      0.39,
      0.08,
      0.47,
      0.235,
      0.625,
      0.3125,
      0.7025,
      0.1575,
      0.5475,
      0,
      0.39,
      0.08,
      0.47,
      0.235,
      0.625,
      0.3125,
      0.7025,
      0.1575,
      0.5475,
      0,
      0.39,
      0.08,
      0.47,
      0.235,
      0.625,
      0.3125,
      0.7025,
      0.1575,
      0.5475,
      0,
      0.39,
      0.08,
      0.47,
      0.235,
      0.625,
      0.3125,
      0.7025,
      0.1575,
      0.5475,
      0,
      0.39,
      0.08,
      0.47,
      0.235,
      0.625,
      0.3125,
      0.7025,
      0.1575
    ],
    "SoftwareVersions": "syngo_MR_E11",
    "SpacingBetweenSlices": 2.4,
    "StationName": "mrc_Trio",
    "TaskName": "partlycloudy",
    "TotalReadoutTime": 0.046279,
    "TxRefAmp": 231.832,
    "dataset": "ds004146",
    "modality": "bold",
    "session_id": "02",
    "subject_id": "0054",
    "task_id": "partlycloudy"
  },
  "dummy_trs": 4,
  "dvars_nstd": 35.44928092989335,
  "dvars_std": 1.1693164539733336,
  "dvars_vstd": 1.0449105575733337,
  "efc": 0.49014232282451264,
  "fber": 6205.87353515625,
  "fd_mean": 0.28293428093987033,
  "fd_num": 236,
  "fd_perc": 62.765957446808514,
  "fwhm_avg": 1.8716249256283073,
  "fwhm_x": 1.7576374301577635,
  "fwhm_y": 1.9641207552861868,
  "fwhm_z": 1.893116591440972,
  "gcor": 0.00768326,
  "gsr_x": -0.012229230254888535,
  "gsr_y": 0.03367617353796959,
  "provenance": {
    "md5sum": "0377204ba452b68d733a9e646eac5f94",
    "settings": {
      "fd_thres": 0.2,
      "testing": false
    },
    "software": "mriqc",
    "version": "23.0.1",
    "webapi_port": null,
    "webapi_url": "https://mriqc.nimh.nih.gov/api/v1"
  },
  "size_t": 376,
  "size_x": 90,
  "size_y": 90,
  "size_z": 60,
  "snr": 6.6287254673940215,
  "spacing_tr": 0.800000011920929,
  "spacing_x": 2.4000000953674316,
  "spacing_y": 2.4000000953674316,
  "spacing_z": 2.4000000953674316,
  "summary_bg_k": 30.930037134524042,
  "summary_bg_mad": 7.41301109252801,
  "summary_bg_mean": 26.963293075561523,
  "summary_bg_median": 9.295212745666504,
  "summary_bg_n": 323842.0,
  "summary_bg_p05": 3.4255318641662598,
  "summary_bg_p95": 98.6327068328858,
  "summary_bg_stdv": 54.57844161987305,
  "summary_fg_k": 1.1679863255653977,
  "summary_fg_mad": 109.01858977892874,
  "summary_fg_mean": 745.687255859375,
  "summary_fg_median": 742.83642578125,
  "summary_fg_n": 91282.0,
  "summary_fg_p05": 576.4860046386718,
  "summary_fg_p95": 931.3253601074218,
  "summary_fg_stdv": 112.0626220703125,
  "tsnr": 40.119518299004994
}