{
  "bids_meta": {
    "AcquisitionMatrixPE": 256,
    "AcquisitionNumber": 1,
    "AcquisitionTime": "10:17:45.460000",
    "BaseResolution": 256,
    "BodyPartExamined": "BRAIN",
    "ConsistencyInfo": "N4_VE11C_LATEST_20160120",
    "ConversionSoftware": "dcm2niix",
    "ConversionSoftwareVersion": "v1.0.20171215 GCC6.3.0",
    "DeviceSerialNumber": "167001",
    "DwellTime": 2.6e-06,
    "EchoTime": 0.408,
    "EchoTrainLength": 259,
    "FlipAngle": 120,
    "ImageOrientationPatientDICOM": [
      -0.00255446,
      0.999997,
      -1.47784e-09,
      -0.0119454,
      -3.05155e-05,
      -0.999929
    ],
    "ImageType": [
      "ORIGINAL",
      "PRIMARY",
      "M",
      "ND",
      "NORM"
    ],
    "InPlanePhaseEncodingDirectionDICOM": "ROW",
    "InstitutionAddress": "Cooper_60_St._Lucia_QLD_AU_4072",
    "InstitutionName": "St_Lucia_Campus",
    "InstitutionalDepartmentName": "Gehrmann_Labs_MRI",
    "MRAcquisitionType": "3D",
    "MagneticFieldStrength": 3,
    "Manufacturer": "Siemens",
    "ManufacturersModelName": "Prisma_fit",
    "Modality": "MR",
    "ParallelReductionFactorInPlane": 2,
    "PartialFourier": 1,
    "PatientPosition": "HFS",
    "PercentPhaseFOV": 100,
    "PhaseEncodingSteps": 233,
    "PhaseResolution": 1,
    "PixelBandwidth": 750,
    "ProcedureStepDescription": "Research_16092_QTAB",
    "ProtocolName": "t2_spc_sag_p2_iso",
    "PulseSequenceDetails": "%SiemensSeq%_tse_vfl",
    "ReceiveCoilActiveElements": "HC1-7;NC1",
    "ReceiveCoilName": "HeadNeck_64",
    "ReconMatrixPE": 256,
    "RepetitionTime": 3.2,
    "SAR": 0.197789,
    "ScanOptions": "PFP",
    "ScanningSequence": "SE",
    "SequenceName": "_spcR_282ns",
    "SequenceVariant": "SK_SP",
    "SeriesDescription": "t2_spc_sag_p2_iso",
    "SeriesNumber": 29,
    "ShimSetting": [
      3043,
      -4177,
      -1039,
      1,
      -3,
      36,
      -3,
      -11
    ],
    "SliceThickness": 1,
    "SoftwareVersions": "syngo_MR_E11",
    "StationName": "mrc_Trio",
    "TxRefAmp": 210.822,
    "dataset": "ds004146",
    "modality": "T2w",
    "session_id": "01",
    "subject_id": "0167"
  },
  "cjv": 1.6423132320586773,
  "cnr": 0.9335343858907368,
  "efc": 0.6212733116395326,
  "fber": -1.0,
  "fwhm_avg": 4.391545877804241,
  "fwhm_x": 4.425562763784097,
  "fwhm_y": 4.804787428403088,
  "fwhm_z": 3.944287441225537,
  "icvs_csf": 0.5161726009874968,
  "icvs_gm": 0.11313984925110271,
  "icvs_wm": 0.3706875497614004,
  "inu_med": 1.0424656867980957,
  "inu_range": 0.31247052848339074,
  "provenance": {
    "md5sum": "faca9ee7344e9027326d84adafd2bcbd",
    "settings": {
      "testing": false
    },
    "software": "mriqc",
    "version": "23.0.1",
    "warnings": {
      "large_rot_frame": true,
      "small_air_mask": false
    },
    "webapi_port": null,
    "webapi_url": "https://mriqc.nimh.nih.gov/api/v1"
  },
  "qi_1": 0.16352694812936613,
  "qi_2": 0.01317967086273049,
  "rpve_csf": 7.919554115668435,
  "rpve_gm": 30.057908131473138,
  "rpve_wm": 10.609587903735061,
  "size_x": 192,
  "size_y": 300,
  "size_z": 320,
  "snr_csf": 19.40081523721644,
  "snr_gm": 1.465375554559234,
  "snr_total": 11.328844857694852,
  "snr_wm": 13.120343781308879,
  "snrd_csf": 116.40894560939414,
  "snrd_gm": 219.65897118455,
  "snrd_total": 138.558496609826,
  "snrd_wm": 79.60757303553389,
  "spacing_x": 0.7999999523162842,
  "spacing_y": 0.800000011920929,
  "spacing_z": 0.800000011920929,
  "summary_bg_k": 16.855848119817374,
  "summary_bg_mad": 0.0,
  "summary_bg_mean": 2.910777959534497,
  "summary_bg_median": 0.0,
  "summary_bg_n": 1072013.0,
  "summary_bg_p05": 0.0,
  "summary_bg_p95": 17.99687072634697,
  "summary_bg_stdv": 8.229574115528498,
  "summary_csf_k": 0.28800210146869,
  "summary_csf_mad": 73.31804649524183,
  "summary_csf_mean": 1465.6479671755658,
  "summary_csf_median": 1462.284870147705,
  "summary_csf_n": 342788.0,
  "summary_csf_p05": 1348.5133482515812,
  "summary_csf_p95": 1595.2269717305899,
  "summary_csf_stdv": 75.3722314932495,
  "summary_gm_k": -1.6718055702029773,
  "summary_gm_mad": 2809.2296754834315,
  "summary_gm_mean": 2391.5176227726975,
  "summary_gm_median": 2759.2723950371146,
  "summary_gm_n": 86884.0,
  "summary_gm_p05": 61.737091317772865,
  "summary_gm_p95": 4804.045548059044,
  "summary_gm_stdv": 1882.9688453223623,
  "summary_wm_k": -0.3688482853869921,
  "summary_wm_mad": 80.04660139512163,
  "summary_wm_mean": 1004.5989535748654,
  "summary_wm_median": 1000.0000342726707,
  "summary_wm_n": 412562.0,
  "summary_wm_p05": 885.7590287923813,
  "summary_wm_p95": 1134.6635756641626,
  "summary_wm_stdv": 76.21742532062535,
  "tpm_overlap_csf": 0.104717215335739,
  "tpm_overlap_gm": 0.07387619910038053,
  "tpm_overlap_wm": 0.4390952643317175,
  "wm2max": 0.21349102758434851
}