{
  "aor": 0.001274763157894737,
  "aqi": 0.024098795789473687,
  "bids_meta": {
    "AcquisitionMatrixPE": 90,
    "AcquisitionNumber": 1,
    "AcquisitionTime": "14:26:54.852500",
    "BandwidthPerPixelPhaseEncode": 21.368,
    "BaseResolution": 90,
    "BodyPartExamined": "BRAIN",
    "CoilString": "HC1-7;NC1_2",
    "ConsistencyInfo": "N4_VE11C_LATEST_20160120",
    "ConversionSoftware": "dcm2niix",
    "ConversionSoftwareVersion": "v1.0.20190410  GCC6.3.0",
    "DerivedVendorReportedEchoSpacing": 0.000519988,
    "DeviceSerialNumber": "167001",
    "DwellTime": 2.2e-06,
    "EchoTime": 0.03,
    "EchoTrainLength": 90,
    "EffectiveEchoSpacing": 0.000519988,
    "FlipAngle": 52,
    "ImageOrientationPatientDICOM": [
      0.999023,
      0.0431485,
      -0.00950997,
      -0.0427449,
      0.889344,
      -0.455236
    ],
    "ImageType": [
      "ORIGINAL",
      "PRIMARY",
      "M",
      "ND",
      "NORM",
      "MOSAIC"
    ],
    "ImagingFrequency": 123.229,
    "InPlanePhaseEncodingDirectionDICOM": "COL",
    "InstitutionAddress": "Cooper_60_St._Lucia_QLD_AU_4072",
    "InstitutionName": "St_Lucia_Campus",
    "InstitutionalDepartmentName": "Gehrmann_Labs_MRI",
    "MRAcquisitionType": "2D",
    "MagneticFieldStrength": 3,
    "Manufacturer": "Siemens",
    "ManufacturersModelName": "Prisma_fit",
    "Modality": "MR",
    "MultibandAccelerationFactor": 6,
    "PartialFourier": 1,
    "PatientPosition": "HFS",
    "PercentPhaseFOV": 100,
    "PhaseEncodingDirection": "j-",
    "PhaseEncodingSteps": 90,
    "PhaseResolution": 1,
    "PixelBandwidth": 2525,
    "ProcedureStepDescription": "Research_16092_QTAB",
    "ProtocolName": "PARTLY_CLOUDY_mb6_2.4",
    "PulseSequenceDetails": "%SiemensSeq%_ep2d_bold",
    "ReceiveCoilActiveElements": "HC1-7;NC1,2",
    "ReceiveCoilName": "HeadNeck_64",
    "ReconMatrixPE": 90,
    "RefLinesPE": 12,
    "RepetitionTime": 0.8,
    "SAR": 0.0526888,
    "ScanOptions": "FS",
    "ScanningSequence": "EP",
    "SequenceName": "_epfid2d1_90",
    "SequenceVariant": "SK",
    "SeriesDescription": "PARTLY_CLOUDY_mb6_2.4",
    "SeriesNumber": 19,
    "ShimSetting": [
      3034,
      -4153,
      -764,
      417,
      -74,
      -168,
      -53,
      -8
    ],
    "SliceThickness": 2.4,
    "SliceTiming": [
      0.5475,
      0,
      0.39,
      0.08,
      0.47,
      0.235,
      0.625,
      0.3125,
      0.7025,
      0.1575,
      0.5475,
      0,
      0.39,
      0.08,
      0.47,
      0.235,
      0.625,
      0.3125,
      0.7025,
      0.1575,
      0.5475,
      0,
      0.39,
      0.08,
      0.47,
      0.235,
      0.625,
      0.3125,
      0.7025,
      0.1575,
      0.5475,
      0,
      0.39,
      0.08,
      0.47,
      0.235,
      0.625,
      0.3125,
      0.7025,
      0.1575,
      0.5475,
      0,
      0.39,
      0.08,
      0.47,
      0.235,
      0.625,
      0.3125,
      0.7025,
      0.1575,
      0.5475,
      0,
      0.39,
      0.08,
      0.47,
      0.235,
      0.625,
      0.3125,
      0.7025,
      0.1575
    ],
    "SoftwareVersions": "syngo_MR_E11",
    "SpacingBetweenSlices": 2.4,
    "StationName": "mrc_Trio",
    "TaskName": "partlycloudy",
    "TotalReadoutTime": 0.046279,
    "TxRefAmp": 220.562,
    "dataset": "ds004146",
    "modality": "bold",
    "session_id": "02",
    "subject_id": "0404",
    "task_id": "partlycloudy"
  },
  "dummy_trs": 0,
  "dvars_nstd": 40.79807394733508,
  "dvars_std": 1.2046237721372026,
  "dvars_vstd": 0.9908909990237466,
  "efc": 0.48243662232178774,
  "fber": 6014.36083984375,
  "fd_mean": 0.23261569995617998,
  "fd_num": 197,
  "fd_perc": 51.8421052631579,
  "fwhm_avg": 1.7491346527178557,
  "fwhm_x": 1.6742082668062739,
  "fwhm_y": 1.7964790952810012,
  "fwhm_z": 1.7767165960662923,
  "gcor": 0.00793624,
  "gsr_x": -0.020927704870700836,
  "gsr_y": 0.03167252615094185,
  "provenance": {
    "md5sum": "a2a4a476f79fd44812d62be81b81eb4a",
    "settings": {
      "fd_thres": 0.2,
      "testing": false
    },
    "software": "mriqc",
    "version": "23.0.1",
    "webapi_port": null,
    "webapi_url": "https://mriqc.nimh.nih.gov/api/v1"
  },
  "size_t": 380,
  "size_x": 90,
  "size_y": 90,
  "size_z": 60,
  "snr": 7.4862820792650995,
  "spacing_tr": 0.800000011920929,
  "spacing_x": 2.4000000953674316,
  "spacing_y": 2.4000000953674316,
  "spacing_z": 2.4000000953674316,
  "summary_bg_k": 28.970140334992678,
  "summary_bg_mad": 6.507843764599875,
  "summary_bg_mean": 27.083757400512695,
  "summary_bg_median": 8.418421745300293,
  "summary_bg_n": 333379.0,
  "summary_bg_p05": 3.1710526943206787,
  "summary_bg_p95": 118.96369171142565,
  "summary_bg_stdv": 53.24079895019531,
  "summary_fg_k": 1.1271306014485303,
  "summary_fg_mad": 86.55667751793533,
  "summary_fg_mean": 660.3697509765625,
  "summary_fg_median": 656.9842529296875,
  "summary_fg_n": 83316.0,
  "summary_fg_p05": 531.4131774902344,
  "summary_fg_p95": 807.4493713378906,
  "summary_fg_stdv": 87.75788879394531,
  "tsnr": 39.003062112024054
}