{
  "aor": 0.0004437308868501529,
  "aqi": 0.005399041070336392,
  "bids_meta": {
    "AcquisitionMatrixPE": 104,
    "AcquisitionNumber": 1,
    "AcquisitionTime": "12:47:30.700000",
    "BandwidthPerPixelPhaseEncode": 17.17,
    "BaseResolution": 104,
    "BodyPartExamined": "BRAIN",
    "CoilString": "HC1-7;NC1_2",
    "ConsistencyInfo": "N4_VE11C_LATEST_20160120",
    "ConversionSoftware": "dcm2niix",
    "ConversionSoftwareVersion": "v1.0.20190410  GCC6.3.0",
    "DerivedVendorReportedEchoSpacing": 0.000560011,
    "DeviceSerialNumber": "167001",
    "DwellTime": 2.1e-06,
    "EchoTime": 0.03,
    "EchoTrainLength": 91,
    "EffectiveEchoSpacing": 0.000560011,
    "FlipAngle": 52,
    "ImageOrientationPatientDICOM": [
      0.998698,
      0.00935243,
      -0.0501484,
      -0.0259774,
      0.939281,
      -0.342165
    ],
    "ImageType": [
      "ORIGINAL",
      "PRIMARY",
      "M",
      "ND",
      "MOSAIC"
    ],
    "ImagingFrequency": 123.229,
    "InPlanePhaseEncodingDirectionDICOM": "COL",
    "InstitutionAddress": "Cooper_60_St._Lucia_QLD_AU_4072",
    "InstitutionName": "St_Lucia_Campus",
    "InstitutionalDepartmentName": "Gehrmann_Labs_MRI",
    "MRAcquisitionType": "2D",
    "MagneticFieldStrength": 3,
    "Manufacturer": "Siemens",
    "ManufacturersModelName": "Prisma_fit",
    "Modality": "MR",
    "MultibandAccelerationFactor": 6,
    "PartialFourier": 0.875,
    "PatientPosition": "HFS",
    "PercentPhaseFOV": 100,
    "PhaseEncodingDirection": "j",
    "PhaseEncodingSteps": 91,
    "PhaseResolution": 1,
    "PixelBandwidth": 2290,
    "ProcedureStepDescription": "Research_16092_QTAB",
    "ProtocolName": "ep2d_REST_SMS6_P-A",
    "PulseSequenceDetails": "%SiemensSeq%_ep2d_bold",
    "ReceiveCoilActiveElements": "HC1-7;NC1,2",
    "ReceiveCoilName": "HeadNeck_64",
    "ReconMatrixPE": 104,
    "RefLinesPE": 12,
    "RepetitionTime": 0.93,
    "SAR": 0.0605221,
    "ScanOptions": "PFP_FS",
    "ScanningSequence": "EP",
    "SequenceName": "_epfid2d1_104",
    "SequenceVariant": "SK",
    "SeriesDescription": "ep2d_REST_SMS6_P-A",
    "SeriesNumber": 10,
    "ShimSetting": [
      3036,
      -4138,
      -851,
      457,
      -62,
      -145,
      -42,
      39
    ],
    "SliceThickness": 2,
    "SliceTiming": [
      0.6825,
      0,
      0.455,
      0.075,
      0.53,
      0.1525,
      0.6075,
      0.3025,
      0.7575,
      0.38,
      0.835,
      0.2275,
      0.6825,
      0,
      0.455,
      0.075,
      0.53,
      0.1525,
      0.6075,
      0.3025,
      0.7575,
      0.38,
      0.835,
      0.2275,
      0.6825,
      0,
      0.455,
      0.075,
      0.53,
      0.1525,
      0.6075,
      0.3025,
      0.7575,
      0.38,
      0.835,
      0.2275,
      0.6825,
      0,
      0.455,
      0.075,
      0.53,
      0.1525,
      0.6075,
      0.3025,
      0.7575,
      0.38,
      0.835,
      0.2275,
      0.6825,
      0,
      0.455,
      0.075,
      0.53,
      0.1525,
      0.6075,
      0.3025,
      0.7575,
      0.38,
      0.835,
      0.2275,
      0.6825,
      0,
      0.455,
      0.075,
      0.53,
      0.1525,
      0.6075,
      0.3025,
      0.7575,
      0.38,
      0.835,
      0.2275
    ],
    "SoftwareVersions": "syngo_MR_E11",
    "SpacingBetweenSlices": 2,
    "StationName": "mrc_Trio",
    "TaskName": "rest",
    "TotalReadoutTime": 0.0576811,
    "TxRefAmp": 235.067,
    "dataset": "ds004146",
    "modality": "bold",
    "session_id": "02",
    "subject_id": "0059",
    "task_id": "rest"
  },
  "dummy_trs": 0,
  "dvars_nstd": 38.86491037141107,
  "dvars_std": 1.0552499614110433,
  "dvars_vstd": 0.999547479018405,
  "efc": 0.5717617888693437,
  "fber": 586.6915893554688,
  "fd_mean": 0.13733461044445355,
  "fd_num": 39,
  "fd_perc": 11.926605504587156,
  "fwhm_avg": 3.0095733333333334,
  "fwhm_x": 2.771375,
  "fwhm_y": 3.06349,
  "fwhm_z": 3.193855,
  "gcor": 0.00362846,
  "gsr_x": -0.021248722448945045,
  "gsr_y": 0.08249218016862869,
  "provenance": {
    "md5sum": "6c81efca441d69c6eb91e7eba74fb124",
    "settings": {
      "fd_thres": 0.2,
      "testing": false
    },
    "software": "mriqc",
    "version": "23.0.1",
    "webapi_port": null,
    "webapi_url": "https://mriqc.nimh.nih.gov/api/v1"
  },
  "size_t": 327,
  "size_x": 104,
  "size_y": 104,
  "size_z": 72,
  "snr": 2.518750609356119,
  "spacing_tr": 0.9300000071525574,
  "spacing_x": 2.0,
  "spacing_y": 2.0,
  "spacing_z": 2.0,
  "summary_bg_k": 24.840223494714127,
  "summary_bg_mad": 8.95455396586514,
  "summary_bg_mean": 49.470706939697266,
  "summary_bg_median": 22.082569122314453,
  "summary_bg_n": 477118.0,
  "summary_bg_p05": 15.232416152954102,
  "summary_bg_p95": 199.62049026489194,
  "summary_bg_stdv": 75.01154327392578,
  "summary_fg_k": 1.3222363623906555,
  "summary_fg_mad": 207.0020908896383,
  "summary_fg_mean": 579.3471069335938,
  "summary_fg_median": 546.0886840820312,
  "summary_fg_n": 194085.0,
  "summary_fg_p05": 298.5058288574219,
  "summary_fg_p95": 978.2575073242184,
  "summary_fg_stdv": 216.8087921142578,
  "tsnr": 36.710462900809944
}