{
  "aor": 0.0019564550264550263,
  "aqi": 0.018405154761904765,
  "bids_meta": {
    "AcquisitionMatrixPE": 90,
    "AcquisitionNumber": 1,
    "AcquisitionTime": "15:39:37.710000",
    "BandwidthPerPixelPhaseEncode": 21.368,
    "BaseResolution": 90,
    "BodyPartExamined": "BRAIN",
    "CoilString": "HC1-7;NC1_2",
    "ConsistencyInfo": "N4_VE11C_LATEST_20160120",
    "ConversionSoftware": "dcm2niix",
    "ConversionSoftwareVersion": "v1.0.20190410  GCC6.3.0",
    "DerivedVendorReportedEchoSpacing": 0.000519988,
    "DeviceSerialNumber": "167001",
    "DwellTime": 2.2e-06,
    "EchoTime": 0.03,
    "EchoTrainLength": 90,
    "EffectiveEchoSpacing": 0.000519988,
    "FlipAngle": 52,
    "ImageOrientationPatientDICOM": [
      0.99329,
      0.0839469,
      -0.0795467,
      -0.0889983,
      0.994085,
      -0.0622361
    ],
    "ImageType": [
      "ORIGINAL",
      "PRIMARY",
      "M",
      "ND",
      "NORM",
      "MOSAIC"
    ],
    "ImagingFrequency": 123.229,
    "InPlanePhaseEncodingDirectionDICOM": "COL",
    "InstitutionAddress": "Cooper_60_St._Lucia_QLD_AU_4072",
    "InstitutionName": "Centre_for_Advanced_Imaging",
    "InstitutionalDepartmentName": "Gehrmann_Labs_MRI",
    "MRAcquisitionType": "2D",
    "MagneticFieldStrength": 3,
    "Manufacturer": "Siemens",
    "ManufacturersModelName": "Prisma_fit",
    "Modality": "MR",
    "MultibandAccelerationFactor": 6,
    "PartialFourier": 1,
    "PatientPosition": "HFS",
    "PercentPhaseFOV": 100,
    "PhaseEncodingDirection": "j-",
    "PhaseEncodingSteps": 90,
    "PhaseResolution": 1,
    "PixelBandwidth": 2525,
    "ProcedureStepDescription": "Research_16092_QTAB",
    "ProtocolName": "PARTLY_CLOUDY_mb6_2.4",
    "PulseSequenceDetails": "%SiemensSeq%_ep2d_bold",
    "ReceiveCoilActiveElements": "HC1-7;NC1,2",
    "ReceiveCoilName": "HeadNeck_64",
    "ReconMatrixPE": 90,
    "RefLinesPE": 12,
    "RepetitionTime": 0.8,
    "SAR": 0.0627677,
    "ScanOptions": "FS",
    "ScanningSequence": "EP",
    "SequenceName": "_epfid2d1_90",
    "SequenceVariant": "SK",
    "SeriesDescription": "PARTLY_CLOUDY_mb6_2.4",
    "SeriesNumber": 19,
    "ShimSetting": [
      3010,
      -4186,
      -787,
      257,
      0,
      48,
      8,
      6
    ],
    "SliceThickness": 2.4,
    "SliceTiming": [
      0.545,
      0,
      0.39,
      0.0775,
      0.4675,
      0.2325,
      0.6225,
      0.31,
      0.7,
      0.155,
      0.545,
      0,
      0.39,
      0.0775,
      0.4675,
      0.2325,
      0.6225,
      0.31,
      0.7,
      0.155,
      0.545,
      0,
      0.39,
      0.0775,
      0.4675,
      0.2325,
      0.6225,
      0.31,
      0.7,
      0.155,
      0.545,
      0,
      0.39,
      0.0775,
      0.4675,
      0.2325,
      0.6225,
      0.31,
      0.7,
      0.155,
      0.545,
      0,
      0.39,
      0.0775,
      0.4675,
      0.2325,
      0.6225,
      0.31,
      0.7,
      0.155,
      0.545,
      0,
      0.39,
      0.0775,
      0.4675,
      0.2325,
      0.6225,
      0.31,
      0.7,
      0.155
    ],
    "SoftwareVersions": "syngo_MR_E11",
    "SpacingBetweenSlices": 2.4,
    "StationName": "mrc_Trio",
    "TaskName": "partlycloudy",
    "TotalReadoutTime": 0.046279,
    "TxRefAmp": 216.696,
    "dataset": "ds004146",
    "modality": "bold",
    "session_id": "02",
    "subject_id": "0381",
    "task_id": "partlycloudy"
  },
  "dummy_trs": 2,
  "dvars_nstd": 34.616664557559666,
  "dvars_std": 1.2175169680901858,
  "dvars_vstd": 0.9936389418302387,
  "efc": 0.4987259177339316,
  "fber": 4788.30908203125,
  "fd_mean": 0.17811153165357674,
  "fd_num": 167,
  "fd_perc": 44.17989417989418,
  "fwhm_avg": 2.002326374460292,
  "fwhm_x": 1.9046457576495108,
  "fwhm_y": 2.135270748485297,
  "fwhm_z": 1.9670626172460686,
  "gcor": 0.00584321,
  "gsr_x": -0.023609094321727753,
  "gsr_y": 0.030510250478982925,
  "provenance": {
    "md5sum": "36d2e1698b2c48cbfff277edcf29f0d3",
    "settings": {
      "fd_thres": 0.2,
      "testing": false
    },
    "software": "mriqc",
    "version": "23.0.1",
    "webapi_port": null,
    "webapi_url": "https://mriqc.nimh.nih.gov/api/v1"
  },
  "size_t": 378,
  "size_x": 90,
  "size_y": 90,
  "size_z": 60,
  "snr": 6.6386675280364855,
  "spacing_tr": 0.800000011920929,
  "spacing_x": 2.4000000953674316,
  "spacing_y": 2.4000000953674316,
  "spacing_z": 2.3999998569488525,
  "summary_bg_k": 23.543709319111247,
  "summary_bg_mad": 8.770102490900111,
  "summary_bg_mean": 32.069435119628906,
  "summary_bg_median": 10.230158805847168,
  "summary_bg_n": 325492.0,
  "summary_bg_p05": 3.17460298538208,
  "summary_bg_p95": 144.92062377929688,
  "summary_bg_stdv": 61.27908706665039,
  "summary_fg_k": 1.3374396523078564,
  "summary_fg_mad": 107.44160559546333,
  "summary_fg_mean": 715.9094848632812,
  "summary_fg_median": 713.7936401367188,
  "summary_fg_n": 87493.0,
  "summary_fg_p05": 559.5835815429688,
  "summary_fg_p95": 887.3809082031249,
  "summary_fg_stdv": 107.52000427246094,
  "tsnr": 41.43411297001876
}