{
  "bids_meta": {
    "AcquisitionMatrixPE": 256,
    "AcquisitionNumber": 1,
    "AcquisitionTime": "14:48:43.717500",
    "BaseResolution": 256,
    "BodyPartExamined": "BRAIN",
    "CoilString": "HC1-7;NC1_2",
    "ConsistencyInfo": "N4_VE11C_LATEST_20160120",
    "ConversionSoftware": "dcm2niix",
    "ConversionSoftwareVersion": "v1.0.20190410  GCC6.3.0",
    "DeviceSerialNumber": "167001",
    "DwellTime": 2.6e-06,
    "EchoTime": 0.408,
    "EchoTrainLength": 259,
    "FlipAngle": 120,
    "ImageOrientationPatientDICOM": [
      0.0752619,
      0.995882,
      -0.050536,
      0.0435428,
      -0.0539136,
      -0.997596
    ],
    "ImageType": [
      "ORIGINAL",
      "PRIMARY",
      "M",
      "ND",
      "NORM"
    ],
    "ImagingFrequency": 123.229,
    "InPlanePhaseEncodingDirectionDICOM": "ROW",
    "InstitutionAddress": "Cooper_60_St._Lucia_QLD_AU_4072",
    "InstitutionName": "Centre_for_Advanced_Imaging",
    "InstitutionalDepartmentName": "Gehrmann_Labs_MRI",
    "MRAcquisitionType": "3D",
    "MagneticFieldStrength": 3,
    "Manufacturer": "Siemens",
    "ManufacturersModelName": "Prisma_fit",
    "Modality": "MR",
    "PartialFourier": 1,
    "PatientPosition": "HFS",
    "PercentPhaseFOV": 100,
    "PhaseEncodingSteps": 233,
    "PhaseResolution": 1,
    "PixelBandwidth": 750,
    "ProcedureStepDescription": "Research_16092_QTAB",
    "ProtocolName": "t2_spc_sag_p2_iso",
    "PulseSequenceDetails": "%SiemensSeq%_tse_vfl",
    "ReceiveCoilActiveElements": "HC1-7;NC1,2",
    "ReceiveCoilName": "HeadNeck_64",
    "ReconMatrixPE": 256,
    "RefLinesPE": 24,
    "RepetitionTime": 3.2,
    "SAR": 0.164608,
    "ScanOptions": "PFP",
    "ScanningSequence": "SE",
    "SequenceName": "_spcR_282ns",
    "SequenceVariant": "SK_SP",
    "SeriesDescription": "t2_spc_sag_p2_iso",
    "SeriesNumber": 32,
    "ShimSetting": [
      3046,
      -4168,
      -1041,
      -17,
      -5,
      41,
      -30,
      -10
    ],
    "SliceThickness": 1,
    "SoftwareVersions": "syngo_MR_E11",
    "StationName": "mrc_Trio",
    "TxRefAmp": 204.424,
    "dataset": "ds004146",
    "modality": "T2w",
    "session_id": "02",
    "subject_id": "0034"
  },
  "cjv": 0.509290838417955,
  "cnr": 1.4001769340081598,
  "efc": 0.5769692685692737,
  "fber": 1850.6866589773163,
  "fwhm_avg": 4.109583373674507,
  "fwhm_x": 4.090100243788972,
  "fwhm_y": 4.428637434008159,
  "fwhm_z": 3.8100124432263907,
  "icvs_csf": 0.45892107178933095,
  "icvs_gm": 0.43661909163973667,
  "icvs_wm": 0.1044598365709324,
  "inu_med": 1.0438677072525024,
  "inu_range": 0.3262786149978638,
  "provenance": {
    "md5sum": "7caaacc513e3c8476852a92ba163f2ef",
    "settings": {
      "testing": false
    },
    "software": "mriqc",
    "version": "23.0.1",
    "warnings": {
      "large_rot_frame": true,
      "small_air_mask": false
    },
    "webapi_port": null,
    "webapi_url": "https://mriqc.nimh.nih.gov/api/v1"
  },
  "qi_1": 0.0,
  "qi_2": 0.005283389896728347,
  "rpve_csf": 10.704652488385761,
  "rpve_gm": 11.398020969007664,
  "rpve_wm": 44.397262361092636,
  "size_x": 192,
  "size_y": 300,
  "size_z": 320,
  "snr_csf": 16.74808448612975,
  "snr_gm": 14.140084550813368,
  "snr_total": 11.00674272912093,
  "snr_wm": 2.132059150419671,
  "snrd_csf": 45.82480917597921,
  "snrd_gm": 30.124283610287655,
  "snrd_total": 54.65334048826057,
  "snrd_wm": 88.01092867851484,
  "spacing_x": 0.7999999523162842,
  "spacing_y": 0.800000011920929,
  "spacing_z": 0.800000011920929,
  "summary_bg_k": 2.3477572313063524,
  "summary_bg_mad": 7.442071637306864,
  "summary_bg_mean": 7.948621944277432,
  "summary_bg_median": 5.019601039588451,
  "summary_bg_n": 2852203.0,
  "summary_bg_p05": 0.0,
  "summary_bg_p95": 26.808223251253366,
  "summary_bg_stdv": 9.328686346145862,
  "summary_csf_k": 0.3978945509849354,
  "summary_csf_mad": 30.229299836494253,
  "summary_csf_mean": 521.9339308915535,
  "summary_csf_median": 520.5503963045776,
  "summary_csf_n": 191472.0,
  "summary_csf_p05": 473.81924326345325,
  "summary_csf_p95": 575.0108465217054,
  "summary_csf_stdv": 31.081108851327752,
  "summary_gm_k": -0.021110696293774378,
  "summary_gm_mad": 25.256942238116658,
  "summary_gm_mean": 342.53432348192376,
  "summary_gm_median": 342.19908503070474,
  "summary_gm_n": 296695.0,
  "summary_gm_p05": 304.01902225613594,
  "summary_gm_p95": 381.8672596178949,
  "summary_gm_stdv": 24.200598455797817,
  "summary_wm_k": -1.3725890199545734,
  "summary_wm_mad": 309.63628144069224,
  "summary_wm_mean": 769.5147189604595,
  "summary_wm_median": 999.7668212167919,
  "summary_wm_n": 41697.0,
  "summary_wm_p05": 36.136685360223055,
  "summary_wm_p95": 1246.549065247178,
  "summary_wm_stdv": 468.91514828464176,
  "tpm_overlap_csf": 0.107855376604623,
  "tpm_overlap_gm": 0.27988273478599823,
  "tpm_overlap_wm": 0.04051226709062105,
  "wm2max": 0.8456480410523421
}