{
  "aor": 0.0003304923076923077,
  "aqi": 0.004215937784615384,
  "bids_meta": {
    "AcquisitionMatrixPE": 104,
    "AcquisitionNumber": 1,
    "AcquisitionTime": "15:27:33.707500",
    "BandwidthPerPixelPhaseEncode": 17.17,
    "BaseResolution": 104,
    "BodyPartExamined": "BRAIN",
    "CoilString": "HC1-7;NC1_2",
    "ConsistencyInfo": "N4_VE11C_LATEST_20160120",
    "ConversionSoftware": "dcm2niix",
    "ConversionSoftwareVersion": "v1.0.20190410  GCC6.3.0",
    "DerivedVendorReportedEchoSpacing": 0.000560011,
    "DeviceSerialNumber": "167001",
    "DwellTime": 2.1e-06,
    "EchoTime": 0.03,
    "EchoTrainLength": 91,
    "EffectiveEchoSpacing": 0.000560011,
    "FlipAngle": 52,
    "ImageOrientationPatientDICOM": [
      0.99969,
      0.0174972,
      -0.0177305,
      -0.0218133,
      0.958607,
      -0.283896
    ],
    "ImageType": [
      "ORIGINAL",
      "PRIMARY",
      "M",
      "ND",
      "MOSAIC"
    ],
    "ImagingFrequency": 123.23,
    "InPlanePhaseEncodingDirectionDICOM": "COL",
    "InstitutionAddress": "Cooper_60_St._Lucia_QLD_AU_4072",
    "InstitutionName": "St_Lucia_Campus",
    "InstitutionalDepartmentName": "Gehrmann_Labs_MRI",
    "MRAcquisitionType": "2D",
    "MagneticFieldStrength": 3,
    "Manufacturer": "Siemens",
    "ManufacturersModelName": "Prisma_fit",
    "Modality": "MR",
    "MultibandAccelerationFactor": 6,
    "PartialFourier": 0.875,
    "PatientPosition": "HFS",
    "PercentPhaseFOV": 100,
    "PhaseEncodingDirection": "j",
    "PhaseEncodingSteps": 91,
    "PhaseResolution": 1,
    "PixelBandwidth": 2290,
    "ProcedureStepDescription": "Research_16092_QTAB",
    "ProtocolName": "ep2d_REST_SMS6_P-A",
    "PulseSequenceDetails": "%SiemensSeq%_ep2d_bold",
    "ReceiveCoilActiveElements": "HC1-7;NC1,2",
    "ReceiveCoilName": "HeadNeck_64",
    "ReconMatrixPE": 104,
    "RefLinesPE": 12,
    "RepetitionTime": 0.93,
    "SAR": 0.0601473,
    "ScanOptions": "PFP_FS",
    "ScanningSequence": "EP",
    "SequenceName": "_epfid2d1_104",
    "SequenceVariant": "SK",
    "SeriesDescription": "ep2d_REST_SMS6_P-A",
    "SeriesNumber": 14,
    "ShimSetting": [
      3049,
      -4156,
      -757,
      506,
      -10,
      92,
      -77,
      -6
    ],
    "SliceThickness": 2,
    "SliceTiming": [
      0.6825,
      0,
      0.455,
      0.075,
      0.53,
      0.15,
      0.605,
      0.3025,
      0.7575,
      0.3775,
      0.8325,
      0.2275,
      0.6825,
      0,
      0.455,
      0.075,
      0.53,
      0.15,
      0.605,
      0.3025,
      0.7575,
      0.3775,
      0.8325,
      0.2275,
      0.6825,
      0,
      0.455,
      0.075,
      0.53,
      0.15,
      0.605,
      0.3025,
      0.7575,
      0.3775,
      0.8325,
      0.2275,
      0.6825,
      0,
      0.455,
      0.075,
      0.53,
      0.15,
      0.605,
      0.3025,
      0.7575,
      0.3775,
      0.8325,
      0.2275,
      0.6825,
      0,
      0.455,
      0.075,
      0.53,
      0.15,
      0.605,
      0.3025,
      0.7575,
      0.3775,
      0.8325,
      0.2275,
      0.6825,
      0,
      0.455,
      0.075,
      0.53,
      0.15,
      0.605,
      0.3025,
      0.7575,
      0.3775,
      0.8325,
      0.2275
    ],
    "SoftwareVersions": "syngo_MR_E11",
    "SpacingBetweenSlices": 2,
    "StationName": "mrc_Trio",
    "TaskName": "rest",
    "TotalReadoutTime": 0.0576811,
    "TxRefAmp": 219.04,
    "dataset": "ds004146",
    "modality": "bold",
    "session_id": "02",
    "subject_id": "0073",
    "task_id": "rest"
  },
  "dummy_trs": 2,
  "dvars_nstd": 36.06554252719135,
  "dvars_std": 1.0486061958641972,
  "dvars_vstd": 0.9991183284567909,
  "efc": 0.5269266444540192,
  "fber": 773.9428100585938,
  "fd_mean": 0.08931398806522842,
  "fd_num": 0,
  "fd_perc": 0.0,
  "fwhm_avg": 2.884155,
  "fwhm_x": 2.73326,
  "fwhm_y": 2.96196,
  "fwhm_z": 2.957245,
  "gcor": 0.00296409,
  "gsr_x": -0.011801375076174736,
  "gsr_y": 0.05410825088620186,
  "provenance": {
    "md5sum": "f3c0f64116f5b4ee2aa8f9c0624dec72",
    "settings": {
      "fd_thres": 0.2,
      "testing": false
    },
    "software": "mriqc",
    "version": "23.0.1",
    "webapi_port": null,
    "webapi_url": "https://mriqc.nimh.nih.gov/api/v1"
  },
  "size_t": 325,
  "size_x": 104,
  "size_y": 104,
  "size_z": 72,
  "snr": 2.886185586724132,
  "spacing_tr": 0.9300000071525574,
  "spacing_x": 2.0,
  "spacing_y": 2.0,
  "spacing_z": 2.0,
  "summary_bg_k": 39.48631293225095,
  "summary_bg_mad": 6.660305307319946,
  "summary_bg_mean": 38.90462112426758,
  "summary_bg_median": 19.667692184448242,
  "summary_bg_n": 519995.0,
  "summary_bg_p05": 14.704615592956543,
  "summary_bg_p95": 134.2655380249023,
  "summary_bg_stdv": 55.280216217041016,
  "summary_fg_k": 0.22536683906872135,
  "summary_fg_mad": 195.14235903189027,
  "summary_fg_mean": 575.5546264648438,
  "summary_fg_median": 551.2769165039062,
  "summary_fg_n": 159416.0,
  "summary_fg_p05": 314.9969177246094,
  "summary_fg_p95": 921.4800262451172,
  "summary_fg_stdv": 191.0047607421875,
  "tsnr": 39.79120208416134
}