{
  "aor": 0.0004842744063324538,
  "aqi": 0.011809701846965698,
  "bids_meta": {
    "AcquisitionMatrixPE": 90,
    "AcquisitionNumber": 1,
    "AcquisitionTime": "15:55:12.667500",
    "BandwidthPerPixelPhaseEncode": 21.368,
    "BaseResolution": 90,
    "BodyPartExamined": "BRAIN",
    "CoilString": "HC1-7;NC1_2",
    "ConsistencyInfo": "N4_VE11C_LATEST_20160120",
    "ConversionSoftware": "dcm2niix",
    "ConversionSoftwareVersion": "v1.0.20190410  GCC6.3.0",
    "DerivedVendorReportedEchoSpacing": 0.000519988,
    "DeviceSerialNumber": "167001",
    "DwellTime": 2.2e-06,
    "EchoTime": 0.03,
    "EchoTrainLength": 90,
    "EffectiveEchoSpacing": 0.000519988,
    "FlipAngle": 52,
    "ImageOrientationPatientDICOM": [
      0.99969,
      0.0174972,
      -0.0177305,
      -0.0218133,
      0.958607,
      -0.283896
    ],
    "ImageType": [
      "ORIGINAL",
      "PRIMARY",
      "M",
      "ND",
      "NORM",
      "MOSAIC"
    ],
    "ImagingFrequency": 123.23,
    "InPlanePhaseEncodingDirectionDICOM": "COL",
    "InstitutionAddress": "Cooper_60_St._Lucia_QLD_AU_4072",
    "InstitutionName": "St_Lucia_Campus",
    "InstitutionalDepartmentName": "Gehrmann_Labs_MRI",
    "MRAcquisitionType": "2D",
    "MagneticFieldStrength": 3,
    "Manufacturer": "Siemens",
    "ManufacturersModelName": "Prisma_fit",
    "Modality": "MR",
    "MultibandAccelerationFactor": 6,
    "PartialFourier": 1,
    "PatientPosition": "HFS",
    "PercentPhaseFOV": 100,
    "PhaseEncodingDirection": "j-",
    "PhaseEncodingSteps": 90,
    "PhaseResolution": 1,
    "PixelBandwidth": 2525,
    "ProcedureStepDescription": "Research_16092_QTAB",
    "ProtocolName": "PARTLY_CLOUDY_mb6_2.4",
    "PulseSequenceDetails": "%SiemensSeq%_ep2d_bold",
    "ReceiveCoilActiveElements": "HC1-7;NC1,2",
    "ReceiveCoilName": "HeadNeck_64",
    "ReconMatrixPE": 90,
    "RefLinesPE": 12,
    "RepetitionTime": 0.8,
    "SAR": 0.0584448,
    "ScanOptions": "FS",
    "ScanningSequence": "EP",
    "SequenceName": "_epfid2d1_90",
    "SequenceVariant": "SK",
    "SeriesDescription": "PARTLY_CLOUDY_mb6_2.4",
    "SeriesNumber": 23,
    "ShimSetting": [
      3049,
      -4156,
      -757,
      506,
      -10,
      92,
      -77,
      -6
    ],
    "SliceThickness": 2.4,
    "SliceTiming": [
      0.545,
      0,
      0.39,
      0.0775,
      0.4675,
      0.2325,
      0.6225,
      0.31,
      0.7,
      0.155,
      0.545,
      0,
      0.39,
      0.0775,
      0.4675,
      0.2325,
      0.6225,
      0.31,
      0.7,
      0.155,
      0.545,
      0,
      0.39,
      0.0775,
      0.4675,
      0.2325,
      0.6225,
      0.31,
      0.7,
      0.155,
      0.545,
      0,
      0.39,
      0.0775,
      0.4675,
      0.2325,
      0.6225,
      0.31,
      0.7,
      0.155,
      0.545,
      0,
      0.39,
      0.0775,
      0.4675,
      0.2325,
      0.6225,
      0.31,
      0.7,
      0.155,
      0.545,
      0,
      0.39,
      0.0775,
      0.4675,
      0.2325,
      0.6225,
      0.31,
      0.7,
      0.155
    ],
    "SoftwareVersions": "syngo_MR_E11",
    "SpacingBetweenSlices": 2.4,
    "StationName": "mrc_Trio",
    "TaskName": "partlycloudy",
    "TotalReadoutTime": 0.046279,
    "TxRefAmp": 219.04,
    "dataset": "ds004146",
    "modality": "bold",
    "session_id": "02",
    "subject_id": "0073",
    "task_id": "partlycloudy"
  },
  "dummy_trs": 1,
  "dvars_nstd": 30.07936349978836,
  "dvars_std": 1.1382048494708992,
  "dvars_vstd": 1.0040128668518522,
  "efc": 0.4812861912344876,
  "fber": 6435.828125,
  "fd_mean": 0.11177558306532223,
  "fd_num": 30,
  "fd_perc": 7.915567282321899,
  "fwhm_avg": 1.7742277649386928,
  "fwhm_x": 1.6993207658083929,
  "fwhm_y": 1.8820165918820464,
  "fwhm_z": 1.7413459371256392,
  "gcor": 0.00680945,
  "gsr_x": -0.01968326047062874,
  "gsr_y": 0.02728232555091381,
  "provenance": {
    "md5sum": "dc05c9c8840b7652637ab407e6dfcbcc",
    "settings": {
      "fd_thres": 0.2,
      "testing": false
    },
    "software": "mriqc",
    "version": "23.0.1",
    "webapi_port": null,
    "webapi_url": "https://mriqc.nimh.nih.gov/api/v1"
  },
  "size_t": 379,
  "size_x": 90,
  "size_y": 90,
  "size_z": 60,
  "snr": 6.787296153247834,
  "spacing_tr": 0.800000011920929,
  "spacing_x": 2.4000000953674316,
  "spacing_y": 2.4000000953674316,
  "spacing_z": 2.3999998569488525,
  "summary_bg_k": 23.37690489842847,
  "summary_bg_mad": 5.703520721424935,
  "summary_bg_mean": 24.491878509521484,
  "summary_bg_median": 7.577836513519287,
  "summary_bg_n": 331660.0,
  "summary_bg_p05": 3.0343008041381836,
  "summary_bg_p95": 104.04776420593255,
  "summary_bg_stdv": 49.98301696777344,
  "summary_fg_k": 2.445482313189328,
  "summary_fg_mad": 86.02024771133735,
  "summary_fg_mean": 619.8492431640625,
  "summary_fg_median": 617.2757568359375,
  "summary_fg_n": 84320.0,
  "summary_fg_p05": 488.05226745605466,
  "summary_fg_p95": 765.5260223388674,
  "summary_fg_stdv": 90.9452133178711,
  "tsnr": 52.49739726493135
}