{
  "aor": 0.0006803957783641162,
  "aqi": 0.014654883641160951,
  "bids_meta": {
    "AcquisitionMatrixPE": 90,
    "AcquisitionNumber": 1,
    "AcquisitionTime": "11:31:46.382500",
    "BandwidthPerPixelPhaseEncode": 21.368,
    "BaseResolution": 90,
    "BodyPartExamined": "BRAIN",
    "CoilString": "HC1-7;NC1_2",
    "ConsistencyInfo": "N4_VE11C_LATEST_20160120",
    "ConversionSoftware": "dcm2niix",
    "ConversionSoftwareVersion": "v1.0.20190410  GCC6.3.0",
    "DerivedVendorReportedEchoSpacing": 0.000519988,
    "DeviceSerialNumber": "167001",
    "DwellTime": 2.2e-06,
    "EchoTime": 0.03,
    "EchoTrainLength": 90,
    "EffectiveEchoSpacing": 0.000519988,
    "FlipAngle": 52,
    "ImageOrientationPatientDICOM": [
      0.998382,
      -0.0133666,
      -0.055264,
      -0.00209099,
      0.962685,
      -0.270617
    ],
    "ImageType": [
      "ORIGINAL",
      "PRIMARY",
      "M",
      "ND",
      "NORM",
      "MOSAIC"
    ],
    "ImagingFrequency": 123.229,
    "InPlanePhaseEncodingDirectionDICOM": "COL",
    "InstitutionAddress": "Cooper_60_St._Lucia_QLD_AU_4072",
    "InstitutionName": "St_Lucia_Campus",
    "InstitutionalDepartmentName": "Gehrmann_Labs_MRI",
    "MRAcquisitionType": "2D",
    "MagneticFieldStrength": 3,
    "Manufacturer": "Siemens",
    "ManufacturersModelName": "Prisma_fit",
    "Modality": "MR",
    "MultibandAccelerationFactor": 6,
    "PartialFourier": 1,
    "PatientPosition": "HFS",
    "PercentPhaseFOV": 100,
    "PhaseEncodingDirection": "j-",
    "PhaseEncodingSteps": 90,
    "PhaseResolution": 1,
    "PixelBandwidth": 2525,
    "ProcedureStepDescription": "Research_16092_QTAB",
    "ProtocolName": "PARTLY_CLOUDY_mb6_2.4",
    "PulseSequenceDetails": "%SiemensSeq%_ep2d_bold",
    "ReceiveCoilActiveElements": "HC1-7;NC1,2",
    "ReceiveCoilName": "HeadNeck_64",
    "ReconMatrixPE": 90,
    "RefLinesPE": 12,
    "RepetitionTime": 0.8,
    "SAR": 0.0657075,
    "ScanOptions": "FS",
    "ScanningSequence": "EP",
    "SequenceName": "_epfid2d1_90",
    "SequenceVariant": "SK",
    "SeriesDescription": "PARTLY_CLOUDY_mb6_2.4",
    "SeriesNumber": 19,
    "ShimSetting": [
      3041,
      -4176,
      -790,
      384,
      -66,
      -33,
      -100,
      -8
    ],
    "SliceThickness": 2.4,
    "SliceTiming": [
      0.545,
      0,
      0.39,
      0.0775,
      0.4675,
      0.235,
      0.625,
      0.3125,
      0.7025,
      0.155,
      0.545,
      0,
      0.39,
      0.0775,
      0.4675,
      0.235,
      0.625,
      0.3125,
      0.7025,
      0.155,
      0.545,
      0,
      0.39,
      0.0775,
      0.4675,
      0.235,
      0.625,
      0.3125,
      0.7025,
      0.155,
      0.545,
      0,
      0.39,
      0.0775,
      0.4675,
      0.235,
      0.625,
      0.3125,
      0.7025,
      0.155,
      0.545,
      0,
      0.39,
      0.0775,
      0.4675,
      0.235,
      0.625,
      0.3125,
      0.7025,
      0.155,
      0.545,
      0,
      0.39,
      0.0775,
      0.4675,
      0.235,
      0.625,
      0.3125,
      0.7025,
      0.155
    ],
    "SoftwareVersions": "syngo_MR_E11",
    "SpacingBetweenSlices": 2.4,
    "StationName": "mrc_Trio",
    "TaskName": "partlycloudy",
    "TotalReadoutTime": 0.046279,
    "TxRefAmp": 207.287,
    "dataset": "ds004146",
    "modality": "bold",
    "session_id": "02",
    "subject_id": "0256",
    "task_id": "partlycloudy"
  },
  "dummy_trs": 1,
  "dvars_nstd": 33.59777948108464,
  "dvars_std": 1.2403890585185189,
  "dvars_vstd": 1.0022125159259263,
  "efc": 0.47902293323780026,
  "fber": 7572.28955078125,
  "fd_mean": 0.13438433793289822,
  "fd_num": 77,
  "fd_perc": 20.316622691292874,
  "fwhm_avg": 1.8285541532213252,
  "fwhm_x": 1.7339332644330157,
  "fwhm_y": 1.9634999219775229,
  "fwhm_z": 1.7882292732534375,
  "gcor": 0.00983436,
  "gsr_x": -0.016882073134183884,
  "gsr_y": 0.026364829391241074,
  "provenance": {
    "md5sum": "fc67c324c72d11d7c7d45ef11e08a250",
    "settings": {
      "fd_thres": 0.2,
      "testing": false
    },
    "software": "mriqc",
    "version": "23.0.1",
    "webapi_port": null,
    "webapi_url": "https://mriqc.nimh.nih.gov/api/v1"
  },
  "size_t": 379,
  "size_x": 90,
  "size_y": 90,
  "size_z": 60,
  "snr": 7.29140783869695,
  "spacing_tr": 0.800000011920929,
  "spacing_x": 2.4000000953674316,
  "spacing_y": 2.4000000953674316,
  "spacing_z": 2.3999998569488525,
  "summary_bg_k": 28.739325192799875,
  "summary_bg_mad": 5.331891734395727,
  "summary_bg_mean": 23.110355377197266,
  "summary_bg_median": 7.656992435455322,
  "summary_bg_n": 328711.0,
  "summary_bg_p05": 3.3667547702789307,
  "summary_bg_p95": 96.55805206298828,
  "summary_bg_stdv": 49.61076736450195,
  "summary_fg_k": 2.3177821748062923,
  "summary_fg_mad": 88.38504530509998,
  "summary_fg_mean": 677.3008422851562,
  "summary_fg_median": 676.8944702148438,
  "summary_fg_n": 86392.0,
  "summary_fg_p05": 539.1940704345703,
  "summary_fg_p95": 821.0789276123047,
  "summary_fg_stdv": 92.83399963378906,
  "tsnr": 50.88232943415642
}