{
  "bids_meta": {
    "AcquisitionMatrixPE": 256,
    "AcquisitionNumber": 1,
    "AcquisitionTime": "12:25:9.355000",
    "BaseResolution": 256,
    "BodyPartExamined": "BRAIN",
    "ConsistencyInfo": "N4_VE11C_LATEST_20160120",
    "ConversionSoftware": "dcm2niix",
    "ConversionSoftwareVersion": "v1.0.20171215 GCC6.3.0",
    "DeviceSerialNumber": "167001",
    "DwellTime": 2.6e-06,
    "EchoTime": 0.408,
    "EchoTrainLength": 259,
    "FlipAngle": 120,
    "ImageOrientationPatientDICOM": [
      -0.0284608,
      0.999595,
      -4.9931e-09,
      -0.0331515,
      -0.000943907,
      -0.99945
    ],
    "ImageType": [
      "ORIGINAL",
      "PRIMARY",
      "M",
      "ND",
      "NORM"
    ],
    "InPlanePhaseEncodingDirectionDICOM": "ROW",
    "InstitutionAddress": "Cooper_60_St._Lucia_QLD_AU_4072",
    "InstitutionName": "St_Lucia_Campus",
    "InstitutionalDepartmentName": "Gehrmann_Labs_MRI",
    "MRAcquisitionType": "3D",
    "MagneticFieldStrength": 3,
    "Manufacturer": "Siemens",
    "ManufacturersModelName": "Prisma_fit",
    "Modality": "MR",
    "ParallelReductionFactorInPlane": 2,
    "PartialFourier": 1,
    "PatientPosition": "HFS",
    "PercentPhaseFOV": 100,
    "PhaseEncodingSteps": 233,
    "PhaseResolution": 1,
    "PixelBandwidth": 750,
    "ProcedureStepDescription": "Research_16092_QTAB",
    "ProtocolName": "t2_spc_sag_p2_iso",
    "PulseSequenceDetails": "%SiemensSeq%_tse_vfl",
    "ReceiveCoilActiveElements": "HC1-7;NC1",
    "ReceiveCoilName": "HeadNeck_64",
    "ReconMatrixPE": 256,
    "RepetitionTime": 3.2,
    "SAR": 0.180301,
    "ScanOptions": "PFP",
    "ScanningSequence": "SE",
    "SequenceName": "_spcR_282ns",
    "SequenceVariant": "SK_SP",
    "SeriesDescription": "t2_spc_sag_p2_iso",
    "SeriesNumber": 19,
    "ShimSetting": [
      3045,
      -4172,
      -1048,
      3,
      -5,
      36,
      -4,
      -10
    ],
    "SliceThickness": 1,
    "SoftwareVersions": "syngo_MR_E11",
    "StationName": "mrc_Trio",
    "TxRefAmp": 206.59,
    "dataset": "ds004146",
    "modality": "T2w",
    "session_id": "01",
    "subject_id": "0156"
  },
  "cjv": 1.9852039335340312,
  "cnr": 0.6797236101887745,
  "efc": 0.6125367692283681,
  "fber": -1.0,
  "fwhm_avg": 3.883175040526383,
  "fwhm_x": 3.96171273613648,
  "fwhm_y": 4.234537436900475,
  "fwhm_z": 3.4532749485421936,
  "icvs_csf": 0.5187774138081127,
  "icvs_gm": 0.09993284696732158,
  "icvs_wm": 0.3812897392245657,
  "inu_med": 0.98795485496521,
  "inu_range": 0.29730136692523956,
  "provenance": {
    "md5sum": "5ee47b829830debb9471a1966bf412c1",
    "settings": {
      "testing": false
    },
    "software": "mriqc",
    "version": "23.0.1",
    "warnings": {
      "large_rot_frame": true,
      "small_air_mask": false
    },
    "webapi_port": null,
    "webapi_url": "https://mriqc.nimh.nih.gov/api/v1"
  },
  "qi_1": 0.017911531706449484,
  "qi_2": 0.05870672062010611,
  "rpve_csf": 10.676736104187949,
  "rpve_gm": 48.99499382562937,
  "rpve_wm": 14.061914602833726,
  "size_x": 192,
  "size_y": 300,
  "size_z": 320,
  "snr_csf": 20.89519869579132,
  "snr_gm": 1.56522654500762,
  "snr_total": 12.353090414016066,
  "snr_wm": 14.598846001249264,
  "snrd_csf": 295.92003282388055,
  "snrd_gm": 349.8093208820109,
  "snrd_total": 281.1172187977379,
  "snrd_wm": 197.62230268732216,
  "spacing_x": 0.7999999523162842,
  "spacing_y": 0.800000011920929,
  "spacing_z": 0.800000011920929,
  "summary_bg_k": 64.95084236136684,
  "summary_bg_mad": 0.0,
  "summary_bg_mean": 0.7790438621073449,
  "summary_bg_median": 0.0,
  "summary_bg_n": 1284248.0,
  "summary_bg_p05": 0.0,
  "summary_bg_p95": 9.43301048502326,
  "summary_bg_stdv": 3.3149262150318384,
  "summary_csf_k": 0.1691995577177794,
  "summary_csf_mad": 70.67489383586404,
  "summary_csf_mean": 1499.0081226171555,
  "summary_csf_median": 1497.3264718018472,
  "summary_csf_n": 355919.0,
  "summary_csf_p05": 1385.0887802019715,
  "summary_csf_p95": 1619.8042763881385,
  "summary_csf_stdv": 71.65877626407752,
  "summary_gm_k": -1.787111124629357,
  "summary_gm_mad": 1456.7628778644207,
  "summary_gm_mean": 1485.8091885903286,
  "summary_gm_median": 1770.0010075066239,
  "summary_gm_n": 36096.0,
  "summary_gm_p05": 50.897901494055986,
  "summary_gm_p95": 2793.8609744291753,
  "summary_gm_stdv": 1130.8116994413165,
  "summary_wm_k": -0.2513851920020711,
  "summary_wm_mad": 71.94629404243514,
  "summary_wm_mean": 1000.791293873926,
  "summary_wm_median": 999.9495553188026,
  "summary_wm_n": 408632.0,
  "summary_wm_p05": 890.3853907547891,
  "summary_wm_p95": 1113.801451921463,
  "summary_wm_stdv": 68.49502568212486,
  "tpm_overlap_csf": 0.10713331439458686,
  "tpm_overlap_gm": 0.05962759948095549,
  "tpm_overlap_wm": 0.48264776175971275,
  "wm2max": 0.3703226288553868
}