{
  "aor": 0.0006839210526315789,
  "aqi": 0.021778512894736847,
  "bids_meta": {
    "AcquisitionMatrixPE": 90,
    "AcquisitionNumber": 1,
    "AcquisitionTime": "14:13:55.225000",
    "BandwidthPerPixelPhaseEncode": 21.368,
    "BaseResolution": 90,
    "BodyPartExamined": "BRAIN",
    "CoilString": "HC1-7;NC1_2",
    "ConsistencyInfo": "N4_VE11C_LATEST_20160120",
    "ConversionSoftware": "dcm2niix",
    "ConversionSoftwareVersion": "v1.0.20190410  GCC6.3.0",
    "DerivedVendorReportedEchoSpacing": 0.000519988,
    "DeviceSerialNumber": "167001",
    "DwellTime": 2.2e-06,
    "EchoTime": 0.03,
    "EchoTrainLength": 90,
    "EffectiveEchoSpacing": 0.000519988,
    "FlipAngle": 52,
    "ImageOrientationPatientDICOM": [
      0.997868,
      0.0595112,
      -0.0267818,
      -0.0647041,
      0.95566,
      -0.287277
    ],
    "ImageType": [
      "ORIGINAL",
      "PRIMARY",
      "M",
      "ND",
      "NORM",
      "MOSAIC"
    ],
    "ImagingFrequency": 123.229,
    "InPlanePhaseEncodingDirectionDICOM": "COL",
    "InstitutionAddress": "Cooper_60_St._Lucia_QLD_AU_4072",
    "InstitutionName": "St_Lucia_Campus",
    "InstitutionalDepartmentName": "Gehrmann_Labs_MRI",
    "MRAcquisitionType": "2D",
    "MagneticFieldStrength": 3,
    "Manufacturer": "Siemens",
    "ManufacturersModelName": "Prisma_fit",
    "Modality": "MR",
    "MultibandAccelerationFactor": 6,
    "PartialFourier": 1,
    "PatientPosition": "HFS",
    "PercentPhaseFOV": 100,
    "PhaseEncodingDirection": "j-",
    "PhaseEncodingSteps": 90,
    "PhaseResolution": 1,
    "PixelBandwidth": 2525,
    "ProcedureStepDescription": "Research_16092_QTAB",
    "ProtocolName": "PARTLY_CLOUDY_mb6_2.4",
    "PulseSequenceDetails": "%SiemensSeq%_ep2d_bold",
    "ReceiveCoilActiveElements": "HC1-7;NC1,2",
    "ReceiveCoilName": "HeadNeck_64",
    "ReconMatrixPE": 90,
    "RefLinesPE": 12,
    "RepetitionTime": 0.8,
    "SAR": 0.0545597,
    "ScanOptions": "FS",
    "ScanningSequence": "EP",
    "SequenceName": "_epfid2d1_90",
    "SequenceVariant": "SK",
    "SeriesDescription": "PARTLY_CLOUDY_mb6_2.4",
    "SeriesNumber": 19,
    "ShimSetting": [
      3063,
      -4196,
      -754,
      475,
      -15,
      -135,
      -42,
      3
    ],
    "SliceThickness": 2.4,
    "SliceTiming": [
      0.5475,
      0,
      0.39,
      0.08,
      0.47,
      0.235,
      0.625,
      0.3125,
      0.7025,
      0.1575,
      0.5475,
      0,
      0.39,
      0.08,
      0.47,
      0.235,
      0.625,
      0.3125,
      0.7025,
      0.1575,
      0.5475,
      0,
      0.39,
      0.08,
      0.47,
      0.235,
      0.625,
      0.3125,
      0.7025,
      0.1575,
      0.5475,
      0,
      0.39,
      0.08,
      0.47,
      0.235,
      0.625,
      0.3125,
      0.7025,
      0.1575,
      0.5475,
      0,
      0.39,
      0.08,
      0.47,
      0.235,
      0.625,
      0.3125,
      0.7025,
      0.1575,
      0.5475,
      0,
      0.39,
      0.08,
      0.47,
      0.235,
      0.625,
      0.3125,
      0.7025,
      0.1575
    ],
    "SoftwareVersions": "syngo_MR_E11",
    "SpacingBetweenSlices": 2.4,
    "StationName": "mrc_Trio",
    "TaskName": "partlycloudy",
    "TotalReadoutTime": 0.046279,
    "TxRefAmp": 216.801,
    "dataset": "ds004146",
    "modality": "bold",
    "session_id": "02",
    "subject_id": "0401",
    "task_id": "partlycloudy"
  },
  "dummy_trs": 0,
  "dvars_nstd": 34.55277737340367,
  "dvars_std": 1.1408955746438003,
  "dvars_vstd": 0.9700172026121369,
  "efc": 0.4533259069715667,
  "fber": 8420.822265625,
  "fd_mean": 0.2097266807829364,
  "fd_num": 152,
  "fd_perc": 40.0,
  "fwhm_avg": 1.930094367749385,
  "fwhm_x": 1.837962426965935,
  "fwhm_y": 2.0093207534901003,
  "fwhm_z": 1.9429999227921197,
  "gcor": 0.0101467,
  "gsr_x": -0.017065279185771942,
  "gsr_y": 0.02405206859111786,
  "provenance": {
    "md5sum": "27a3cc9c9e63896c8f06cf4a4c463a96",
    "settings": {
      "fd_thres": 0.2,
      "testing": false
    },
    "software": "mriqc",
    "version": "23.0.1",
    "webapi_port": null,
    "webapi_url": "https://mriqc.nimh.nih.gov/api/v1"
  },
  "size_t": 380,
  "size_x": 90,
  "size_y": 90,
  "size_z": 60,
  "snr": 7.025922035378401,
  "spacing_tr": 0.800000011920929,
  "spacing_x": 2.4000000953674316,
  "spacing_y": 2.4000000953674316,
  "spacing_z": 2.4000000953674316,
  "summary_bg_k": 35.94866286476221,
  "summary_bg_mad": 4.521937049226017,
  "summary_bg_mean": 21.05391502380371,
  "summary_bg_median": 7.089474201202393,
  "summary_bg_n": 342408.0,
  "summary_bg_p05": 3.3210527896881104,
  "summary_bg_p95": 88.28592376708976,
  "summary_bg_stdv": 45.97569274902344,
  "summary_fg_k": 1.109452091059052,
  "summary_fg_mad": 94.73049049962873,
  "summary_fg_mean": 657.0335693359375,
  "summary_fg_median": 656.7105712890625,
  "summary_fg_n": 75824.0,
  "summary_fg_p05": 512.9710693359375,
  "summary_fg_p95": 803.7848968505858,
  "summary_fg_stdv": 93.46904754638672,
  "tsnr": 39.85131831839681
}