{
  "aor": 0.0024947239263803677,
  "aqi": 0.009853070122699387,
  "bids_meta": {
    "AcquisitionMatrixPE": 104,
    "AcquisitionNumber": 1,
    "AcquisitionTime": "15:54:13.040000",
    "BandwidthPerPixelPhaseEncode": 17.17,
    "BaseResolution": 104,
    "BodyPartExamined": "BRAIN",
    "ConsistencyInfo": "N4_VE11C_LATEST_20160120",
    "ConversionSoftware": "dcm2niix",
    "ConversionSoftwareVersion": "v1.0.20171215 GCC6.3.0",
    "DerivedVendorReportedEchoSpacing": 0.000560011,
    "DeviceSerialNumber": "167001",
    "DwellTime": 2.1e-06,
    "EchoTime": 0.03,
    "EchoTrainLength": 91,
    "EffectiveEchoSpacing": 0.000560011,
    "FlipAngle": 52,
    "ImageOrientationPatientDICOM": [
      0.997639,
      -0.00934287,
      -0.0680371,
      -0.0141047,
      0.941708,
      -0.336135
    ],
    "ImageType": [
      "ORIGINAL",
      "PRIMARY",
      "M",
      "ND",
      "MOSAIC"
    ],
    "InPlanePhaseEncodingDirectionDICOM": "COL",
    "InstitutionAddress": "Cooper_60_St._Lucia_QLD_AU_4072",
    "InstitutionName": "St_Lucia_Campus",
    "InstitutionalDepartmentName": "Gehrmann_Labs_MRI",
    "MRAcquisitionType": "2D",
    "MagneticFieldStrength": 3,
    "Manufacturer": "Siemens",
    "ManufacturersModelName": "Prisma_fit",
    "Modality": "MR",
    "MultibandAccelerationFactor": 6,
    "PartialFourier": 0.875,
    "PatientPosition": "HFS",
    "PercentPhaseFOV": 100,
    "PhaseEncodingDirection": "j",
    "PhaseEncodingSteps": 91,
    "PhaseResolution": 1,
    "PixelBandwidth": 2290,
    "ProcedureStepDescription": "Research_16092_QTAB",
    "ProtocolName": "ep2d_REST_SMS6_P-A",
    "PulseSequenceDetails": "%SiemensSeq%_ep2d_bold",
    "ReceiveCoilActiveElements": "HC1-7;NC1,2",
    "ReceiveCoilName": "HeadNeck_64",
    "ReconMatrixPE": 104,
    "RepetitionTime": 0.93,
    "SAR": 0.0684024,
    "ScanOptions": "PFP_FS",
    "ScanningSequence": "EP",
    "SequenceName": "_epfid2d1_104",
    "SequenceVariant": "SK",
    "SeriesDescription": "ep2d_REST_SMS6_P-A",
    "SeriesNumber": 10,
    "ShimSetting": [
      3032,
      -4161,
      -810,
      535,
      32,
      -104,
      -87,
      10
    ],
    "SliceThickness": 2,
    "SliceTiming": [
      0.6825,
      0,
      0.455,
      0.075,
      0.53,
      0.15,
      0.605,
      0.3025,
      0.7575,
      0.3775,
      0.8325,
      0.2275,
      0.6825,
      0,
      0.455,
      0.075,
      0.53,
      0.15,
      0.605,
      0.3025,
      0.7575,
      0.3775,
      0.8325,
      0.2275,
      0.6825,
      0,
      0.455,
      0.075,
      0.53,
      0.15,
      0.605,
      0.3025,
      0.7575,
      0.3775,
      0.8325,
      0.2275,
      0.6825,
      0,
      0.455,
      0.075,
      0.53,
      0.15,
      0.605,
      0.3025,
      0.7575,
      0.3775,
      0.8325,
      0.2275,
      0.6825,
      0,
      0.455,
      0.075,
      0.53,
      0.15,
      0.605,
      0.3025,
      0.7575,
      0.3775,
      0.8325,
      0.2275,
      0.6825,
      0,
      0.455,
      0.075,
      0.53,
      0.15,
      0.605,
      0.3025,
      0.7575,
      0.3775,
      0.8325,
      0.2275
    ],
    "SoftwareVersions": "syngo_MR_E11",
    "SpacingBetweenSlices": 2,
    "StationName": "mrc_Trio",
    "TaskName": "rest",
    "TotalReadoutTime": 0.0576811,
    "TxRefAmp": 206.817,
    "dataset": "ds004146",
    "modality": "bold",
    "session_id": "01",
    "subject_id": "0390",
    "task_id": "rest"
  },
  "dummy_trs": 1,
  "dvars_nstd": 46.834217764123075,
  "dvars_std": 1.1111809283384617,
  "dvars_vstd": 1.0088713976307708,
  "efc": 0.48184587249058375,
  "fber": 1010.3617553710938,
  "fd_mean": 0.28374695726993127,
  "fd_num": 163,
  "fd_perc": 50.0,
  "fwhm_avg": 3.134233333333333,
  "fwhm_x": 2.98729,
  "fwhm_y": 3.140395,
  "fwhm_z": 3.275015,
  "gcor": 0.0167291,
  "gsr_x": -0.009244932793080807,
  "gsr_y": 0.04253625497221947,
  "provenance": {
    "md5sum": "2b44bf8e8d28f0f7ac2a63c4a2080a9b",
    "settings": {
      "fd_thres": 0.2,
      "testing": false
    },
    "software": "mriqc",
    "version": "23.0.1",
    "webapi_port": null,
    "webapi_url": "https://mriqc.nimh.nih.gov/api/v1"
  },
  "size_t": 326,
  "size_x": 104,
  "size_y": 104,
  "size_z": 72,
  "snr": 2.7366018994074817,
  "spacing_tr": 0.9300000071525574,
  "spacing_x": 2.0,
  "spacing_y": 2.0,
  "spacing_z": 2.0,
  "summary_bg_k": 41.24996902171346,
  "summary_bg_mad": 4.45235664897379,
  "summary_bg_mean": 31.65523338317871,
  "summary_bg_median": 17.23312759399414,
  "summary_bg_n": 553260.0,
  "summary_bg_p05": 13.644171714782715,
  "summary_bg_p95": 98.8561340332027,
  "summary_bg_stdv": 44.841556549072266,
  "summary_fg_k": 1.5583784462797041,
  "summary_fg_mad": 181.2640023578999,
  "summary_fg_mean": 581.2720336914062,
  "summary_fg_median": 545.8496704101562,
  "summary_fg_n": 131971.0,
  "summary_fg_p05": 330.8312683105469,
  "summary_fg_p95": 960.9432373046875,
  "summary_fg_stdv": 199.46182250976562,
  "tsnr": 30.542286888230592
}