{
  "aor": 0.00032490716180371353,
  "aqi": 0.012248526472148538,
  "bids_meta": {
    "AcquisitionMatrixPE": 90,
    "AcquisitionNumber": 1,
    "AcquisitionTime": "10:18:34.195000",
    "BandwidthPerPixelPhaseEncode": 21.368,
    "BaseResolution": 90,
    "BodyPartExamined": "BRAIN",
    "CoilString": "HC1-7;NC1_2",
    "ConsistencyInfo": "N4_VE11C_LATEST_20160120",
    "ConversionSoftware": "dcm2niix",
    "ConversionSoftwareVersion": "v1.0.20190410  GCC6.3.0",
    "DerivedVendorReportedEchoSpacing": 0.000519988,
    "DeviceSerialNumber": "167001",
    "DwellTime": 2.2e-06,
    "EchoTime": 0.03,
    "EchoTrainLength": 90,
    "EffectiveEchoSpacing": 0.000519988,
    "FlipAngle": 52,
    "ImageOrientationPatientDICOM": [
      0.996275,
      -0.085952,
      -0.0069773,
      0.0819087,
      0.968499,
      -0.23516
    ],
    "ImageType": [
      "ORIGINAL",
      "PRIMARY",
      "M",
      "ND",
      "NORM",
      "MOSAIC"
    ],
    "ImagingFrequency": 123.229,
    "InPlanePhaseEncodingDirectionDICOM": "COL",
    "InstitutionAddress": "Cooper_60_St._Lucia_QLD_AU_4072",
    "InstitutionName": "St_Lucia_Campus",
    "InstitutionalDepartmentName": "Gehrmann_Labs_MRI",
    "MRAcquisitionType": "2D",
    "MagneticFieldStrength": 3,
    "Manufacturer": "Siemens",
    "ManufacturersModelName": "Prisma_fit",
    "Modality": "MR",
    "MultibandAccelerationFactor": 6,
    "PartialFourier": 1,
    "PatientPosition": "HFS",
    "PercentPhaseFOV": 100,
    "PhaseEncodingDirection": "j-",
    "PhaseEncodingSteps": 90,
    "PhaseResolution": 1,
    "PixelBandwidth": 2525,
    "ProcedureStepDescription": "Research_16092_QTAB",
    "ProtocolName": "PARTLY_CLOUDY_mb6_2.4",
    "PulseSequenceDetails": "%SiemensSeq%_ep2d_bold",
    "ReceiveCoilActiveElements": "HC1-7;NC1,2",
    "ReceiveCoilName": "HeadNeck_64",
    "ReconMatrixPE": 90,
    "RefLinesPE": 12,
    "RepetitionTime": 0.8,
    "SAR": 0.0681648,
    "ScanOptions": "FS",
    "ScanningSequence": "EP",
    "SequenceName": "_epfid2d1_90",
    "SequenceVariant": "SK",
    "SeriesDescription": "PARTLY_CLOUDY_mb6_2.4",
    "SeriesNumber": 19,
    "ShimSetting": [
      3047,
      -4155,
      -769,
      385,
      12,
      135,
      -144,
      -49
    ],
    "SliceThickness": 2.4,
    "SliceTiming": [
      0.5475,
      0,
      0.39,
      0.0775,
      0.4675,
      0.235,
      0.625,
      0.3125,
      0.7025,
      0.1575,
      0.5475,
      0,
      0.39,
      0.0775,
      0.4675,
      0.235,
      0.625,
      0.3125,
      0.7025,
      0.1575,
      0.5475,
      0,
      0.39,
      0.0775,
      0.4675,
      0.235,
      0.625,
      0.3125,
      0.7025,
      0.1575,
      0.5475,
      0,
      0.39,
      0.0775,
      0.4675,
      0.235,
      0.625,
      0.3125,
      0.7025,
      0.1575,
      0.5475,
      0,
      0.39,
      0.0775,
      0.4675,
      0.235,
      0.625,
      0.3125,
      0.7025,
      0.1575,
      0.5475,
      0,
      0.39,
      0.0775,
      0.4675,
      0.235,
      0.625,
      0.3125,
      0.7025,
      0.1575
    ],
    "SoftwareVersions": "syngo_MR_E11",
    "SpacingBetweenSlices": 2.4,
    "StationName": "mrc_Trio",
    "TaskName": "partlycloudy",
    "TotalReadoutTime": 0.046279,
    "TxRefAmp": 212.146,
    "dataset": "ds004146",
    "modality": "bold",
    "session_id": "02",
    "subject_id": "0091",
    "task_id": "partlycloudy"
  },
  "dummy_trs": 3,
  "dvars_nstd": 44.00026394462768,
  "dvars_std": 1.3611062743085112,
  "dvars_vstd": 0.9983848752393635,
  "efc": 0.4882497575062551,
  "fber": 6720.40869140625,
  "fd_mean": 0.16693016915761266,
  "fd_num": 152,
  "fd_perc": 40.318302387267906,
  "fwhm_avg": 1.8773985980960823,
  "fwhm_x": 1.7498249304682045,
  "fwhm_y": 2.0225332529650824,
  "fwhm_z": 1.8598376108549601,
  "gcor": 0.0102069,
  "gsr_x": -0.017481597140431404,
  "gsr_y": 0.04887332022190094,
  "provenance": {
    "md5sum": "f70b8a1a92de09ddf4d008eb89d6a923",
    "settings": {
      "fd_thres": 0.2,
      "testing": false
    },
    "software": "mriqc",
    "version": "23.0.1",
    "webapi_port": null,
    "webapi_url": "https://mriqc.nimh.nih.gov/api/v1"
  },
  "size_t": 377,
  "size_x": 90,
  "size_y": 90,
  "size_z": 60,
  "snr": 6.782743036164098,
  "spacing_tr": 0.800000011920929,
  "spacing_x": 2.4000000953674316,
  "spacing_y": 2.4000000953674316,
  "spacing_z": 2.3999998569488525,
  "summary_bg_k": 19.672160555648503,
  "summary_bg_mad": 6.071983235381763,
  "summary_bg_mean": 29.680177688598633,
  "summary_bg_median": 8.167108535766602,
  "summary_bg_n": 330628.0,
  "summary_bg_p05": 3.222811698913574,
  "summary_bg_p95": 150.997212219238,
  "summary_bg_stdv": 63.07564163208008,
  "summary_fg_k": 1.7690640877359858,
  "summary_fg_mad": 94.7213961683934,
  "summary_fg_mean": 680.915283203125,
  "summary_fg_median": 677.8461303710938,
  "summary_fg_n": 85239.0,
  "summary_fg_p05": 533.8535949707032,
  "summary_fg_p95": 844.7005187988276,
  "summary_fg_stdv": 99.93628692626953,
  "tsnr": 52.41664245421998
}