{
  "aor": 0.0010906134969325151,
  "aqi": 0.0071510728220858895,
  "bids_meta": {
    "AcquisitionMatrixPE": 104,
    "AcquisitionNumber": 1,
    "AcquisitionTime": "09:55:9.220000",
    "BandwidthPerPixelPhaseEncode": 17.17,
    "BaseResolution": 104,
    "BodyPartExamined": "BRAIN",
    "ConsistencyInfo": "N4_VE11C_LATEST_20160120",
    "ConversionSoftware": "dcm2niix",
    "ConversionSoftwareVersion": "v1.0.20171215 GCC6.3.0",
    "DerivedVendorReportedEchoSpacing": 0.000560011,
    "DeviceSerialNumber": "167001",
    "DwellTime": 2.1e-06,
    "EchoTime": 0.03,
    "EchoTrainLength": 91,
    "EffectiveEchoSpacing": 0.000560011,
    "FlipAngle": 52,
    "ImageOrientationPatientDICOM": [
      0.999669,
      -0.00211962,
      -0.0256387,
      -0.00174476,
      0.988719,
      -0.14977
    ],
    "ImageType": [
      "ORIGINAL",
      "PRIMARY",
      "M",
      "ND",
      "MOSAIC"
    ],
    "InPlanePhaseEncodingDirectionDICOM": "COL",
    "InstitutionAddress": "Cooper_60_St._Lucia_QLD_AU_4072",
    "InstitutionName": "St_Lucia_Campus",
    "InstitutionalDepartmentName": "Gehrmann_Labs_MRI",
    "MRAcquisitionType": "2D",
    "MagneticFieldStrength": 3,
    "Manufacturer": "Siemens",
    "ManufacturersModelName": "Prisma_fit",
    "Modality": "MR",
    "MultibandAccelerationFactor": 6,
    "PartialFourier": 0.875,
    "PatientPosition": "HFS",
    "PercentPhaseFOV": 100,
    "PhaseEncodingDirection": "j",
    "PhaseEncodingSteps": 91,
    "PhaseResolution": 1,
    "PixelBandwidth": 2290,
    "ProcedureStepDescription": "Research_16092_QTAB",
    "ProtocolName": "ep2d_REST_SMS6_P-A",
    "PulseSequenceDetails": "%SiemensSeq%_ep2d_bold",
    "ReceiveCoilActiveElements": "HC1-7;NC1,2",
    "ReceiveCoilName": "HeadNeck_64",
    "ReconMatrixPE": 104,
    "RepetitionTime": 0.93,
    "SAR": 0.0583581,
    "ScanOptions": "PFP_FS",
    "ScanningSequence": "EP",
    "SequenceName": "_epfid2d1_104",
    "SequenceVariant": "SK",
    "SeriesDescription": "ep2d_REST_SMS6_P-A",
    "SeriesNumber": 10,
    "ShimSetting": [
      3049,
      -4151,
      -771,
      502,
      -18,
      75,
      57,
      -26
    ],
    "SliceThickness": 2,
    "SliceTiming": [
      0.6825,
      0,
      0.455,
      0.075,
      0.53,
      0.15,
      0.605,
      0.3025,
      0.7575,
      0.3775,
      0.8325,
      0.2275,
      0.6825,
      0,
      0.455,
      0.075,
      0.53,
      0.15,
      0.605,
      0.3025,
      0.7575,
      0.3775,
      0.8325,
      0.2275,
      0.6825,
      0,
      0.455,
      0.075,
      0.53,
      0.15,
      0.605,
      0.3025,
      0.7575,
      0.3775,
      0.8325,
      0.2275,
      0.6825,
      0,
      0.455,
      0.075,
      0.53,
      0.15,
      0.605,
      0.3025,
      0.7575,
      0.3775,
      0.8325,
      0.2275,
      0.6825,
      0,
      0.455,
      0.075,
      0.53,
      0.15,
      0.605,
      0.3025,
      0.7575,
      0.3775,
      0.8325,
      0.2275,
      0.6825,
      0,
      0.455,
      0.075,
      0.53,
      0.15,
      0.605,
      0.3025,
      0.7575,
      0.3775,
      0.8325,
      0.2275
    ],
    "SoftwareVersions": "syngo_MR_E11",
    "SpacingBetweenSlices": 2,
    "StationName": "mrc_Trio",
    "TaskName": "rest",
    "TotalReadoutTime": 0.0576811,
    "TxRefAmp": 216.64,
    "dataset": "ds004146",
    "modality": "bold",
    "session_id": "01",
    "subject_id": "0119",
    "task_id": "rest"
  },
  "dummy_trs": 1,
  "dvars_nstd": 43.286866513876966,
  "dvars_std": 1.1465031585230772,
  "dvars_vstd": 1.0090245838153848,
  "efc": 0.5319561356653942,
  "fber": 787.6458740234375,
  "fd_mean": 0.19577157058873723,
  "fd_num": 124,
  "fd_perc": 38.03680981595092,
  "fwhm_avg": 3.064118333333333,
  "fwhm_x": 2.89623,
  "fwhm_y": 3.178865,
  "fwhm_z": 3.11726,
  "gcor": 0.00732845,
  "gsr_x": -0.015470459125936031,
  "gsr_y": 0.055181995034217834,
  "provenance": {
    "md5sum": "d043dd0a264054d1923492ea5ada3240",
    "settings": {
      "fd_thres": 0.2,
      "testing": false
    },
    "software": "mriqc",
    "version": "23.0.1",
    "webapi_port": null,
    "webapi_url": "https://mriqc.nimh.nih.gov/api/v1"
  },
  "size_t": 326,
  "size_x": 104,
  "size_y": 104,
  "size_z": 72,
  "snr": 2.668383081070439,
  "spacing_tr": 0.9300000071525574,
  "spacing_x": 2.0,
  "spacing_y": 2.0,
  "spacing_z": 2.0,
  "summary_bg_k": 40.04059861074612,
  "summary_bg_mad": 8.37260867158109,
  "summary_bg_mean": 41.31502151489258,
  "summary_bg_median": 21.23312759399414,
  "summary_bg_n": 507513.0,
  "summary_bg_p05": 15.0,
  "summary_bg_p95": 136.42514953613238,
  "summary_bg_stdv": 57.03813171386719,
  "summary_fg_k": 0.4821488305306749,
  "summary_fg_mad": 230.59468642213,
  "summary_fg_mean": 633.0675048828125,
  "summary_fg_median": 602.4662475585938,
  "summary_fg_n": 169949.0,
  "summary_fg_p05": 330.3128723144531,
  "summary_fg_p95": 1042.0521240234375,
  "summary_fg_stdv": 225.7788543701172,
  "tsnr": 36.36334540799726
}