{
  "aor": 0.0009106332453825859,
  "aqi": 0.016542836147757256,
  "bids_meta": {
    "AcquisitionMatrixPE": 90,
    "AcquisitionNumber": 1,
    "AcquisitionTime": "10:09:19.192500",
    "BandwidthPerPixelPhaseEncode": 21.368,
    "BaseResolution": 90,
    "BodyPartExamined": "BRAIN",
    "CoilString": "HC1-7;NC1_2",
    "ConsistencyInfo": "N4_VE11C_LATEST_20160120",
    "ConversionSoftware": "dcm2niix",
    "ConversionSoftwareVersion": "v1.0.20190410  GCC6.3.0",
    "DerivedVendorReportedEchoSpacing": 0.000519988,
    "DeviceSerialNumber": "167001",
    "DwellTime": 2.2e-06,
    "EchoTime": 0.03,
    "EchoTrainLength": 90,
    "EffectiveEchoSpacing": 0.000519988,
    "FlipAngle": 52,
    "ImageOrientationPatientDICOM": [
      0.997706,
      -0.0546056,
      -0.04002,
      0.0379793,
      0.940794,
      -0.336845
    ],
    "ImageType": [
      "ORIGINAL",
      "PRIMARY",
      "M",
      "ND",
      "NORM",
      "MOSAIC"
    ],
    "ImagingFrequency": 123.229,
    "InPlanePhaseEncodingDirectionDICOM": "COL",
    "InstitutionAddress": "Cooper_60_St._Lucia_QLD_AU_4072",
    "InstitutionName": "St_Lucia_Campus",
    "InstitutionalDepartmentName": "Gehrmann_Labs_MRI",
    "MRAcquisitionType": "2D",
    "MagneticFieldStrength": 3,
    "Manufacturer": "Siemens",
    "ManufacturersModelName": "Prisma_fit",
    "Modality": "MR",
    "MultibandAccelerationFactor": 6,
    "PartialFourier": 1,
    "PatientPosition": "HFS",
    "PercentPhaseFOV": 100,
    "PhaseEncodingDirection": "j-",
    "PhaseEncodingSteps": 90,
    "PhaseResolution": 1,
    "PixelBandwidth": 2525,
    "ProcedureStepDescription": "Research_16092_QTAB",
    "ProtocolName": "PARTLY_CLOUDY_mb6_2.4",
    "PulseSequenceDetails": "%SiemensSeq%_ep2d_bold",
    "ReceiveCoilActiveElements": "HC1-7;NC1,2",
    "ReceiveCoilName": "HeadNeck_64",
    "ReconMatrixPE": 90,
    "RefLinesPE": 12,
    "RepetitionTime": 0.8,
    "SAR": 0.0565614,
    "ScanOptions": "FS",
    "ScanningSequence": "EP",
    "SequenceName": "_epfid2d1_90",
    "SequenceVariant": "SK",
    "SeriesDescription": "PARTLY_CLOUDY_mb6_2.4",
    "SeriesNumber": 19,
    "ShimSetting": [
      3056,
      -4187,
      -776,
      490,
      -7,
      -45,
      -37,
      -48
    ],
    "SliceThickness": 2.4,
    "SliceTiming": [
      0.545,
      0,
      0.39,
      0.0775,
      0.4675,
      0.2325,
      0.6225,
      0.31,
      0.7,
      0.155,
      0.545,
      0,
      0.39,
      0.0775,
      0.4675,
      0.2325,
      0.6225,
      0.31,
      0.7,
      0.155,
      0.545,
      0,
      0.39,
      0.0775,
      0.4675,
      0.2325,
      0.6225,
      0.31,
      0.7,
      0.155,
      0.545,
      0,
      0.39,
      0.0775,
      0.4675,
      0.2325,
      0.6225,
      0.31,
      0.7,
      0.155,
      0.545,
      0,
      0.39,
      0.0775,
      0.4675,
      0.2325,
      0.6225,
      0.31,
      0.7,
      0.155,
      0.545,
      0,
      0.39,
      0.0775,
      0.4675,
      0.2325,
      0.6225,
      0.31,
      0.7,
      0.155
    ],
    "SoftwareVersions": "syngo_MR_E11",
    "SpacingBetweenSlices": 2.4,
    "StationName": "mrc_Trio",
    "TaskName": "partlycloudy",
    "TotalReadoutTime": 0.046279,
    "TxRefAmp": 232.612,
    "dataset": "ds004146",
    "modality": "bold",
    "session_id": "02",
    "subject_id": "0272",
    "task_id": "partlycloudy"
  },
  "dummy_trs": 1,
  "dvars_nstd": 38.047154088412704,
  "dvars_std": 1.28589518,
  "dvars_vstd": 1.0118882004497352,
  "efc": 0.5019614817646476,
  "fber": 5051.44677734375,
  "fd_mean": 0.14904716808508647,
  "fd_num": 112,
  "fd_perc": 29.551451187335093,
  "fwhm_avg": 1.8191374277139734,
  "fwhm_x": 1.7589457634391084,
  "fwhm_y": 1.9028374243880344,
  "fwhm_z": 1.7956290953147773,
  "gcor": 0.0120921,
  "gsr_x": -0.014420715160667896,
  "gsr_y": 0.024991769343614578,
  "provenance": {
    "md5sum": "8c9db005dcba9fb5a41cbba6e37bfb73",
    "settings": {
      "fd_thres": 0.2,
      "testing": false
    },
    "software": "mriqc",
    "version": "23.0.1",
    "webapi_port": null,
    "webapi_url": "https://mriqc.nimh.nih.gov/api/v1"
  },
  "size_t": 379,
  "size_x": 90,
  "size_y": 90,
  "size_z": 60,
  "snr": 7.29576706172886,
  "spacing_tr": 0.800000011920929,
  "spacing_x": 2.4000000953674316,
  "spacing_y": 2.4000000953674316,
  "spacing_z": 2.4000000953674316,
  "summary_bg_k": 27.96766011869791,
  "summary_bg_mad": 7.424747686122809,
  "summary_bg_mean": 30.834003448486328,
  "summary_bg_median": 8.955145835876465,
  "summary_bg_n": 326441.0,
  "summary_bg_p05": 3.266490936279297,
  "summary_bg_p95": 138.3218994140625,
  "summary_bg_stdv": 60.11226272583008,
  "summary_fg_k": 1.9849369719868983,
  "summary_fg_mad": 86.03789342865966,
  "summary_fg_mean": 649.084228515625,
  "summary_fg_median": 646.2929077148438,
  "summary_fg_n": 87834.0,
  "summary_fg_p05": 519.8293182373047,
  "summary_fg_p95": 789.9367065429688,
  "summary_fg_stdv": 88.58413696289062,
  "tsnr": 46.42343059647828
}