{
  "aor": 0.0005776984126984127,
  "aqi": 0.01901202037037037,
  "bids_meta": {
    "AcquisitionMatrixPE": 90,
    "AcquisitionNumber": 1,
    "AcquisitionTime": "11:13:30.732500",
    "BandwidthPerPixelPhaseEncode": 21.368,
    "BaseResolution": 90,
    "BodyPartExamined": "BRAIN",
    "CoilString": "HC1-7;NC1_2",
    "ConsistencyInfo": "N4_VE11C_LATEST_20160120",
    "ConversionSoftware": "dcm2niix",
    "ConversionSoftwareVersion": "v1.0.20190410  GCC6.3.0",
    "DerivedVendorReportedEchoSpacing": 0.000519988,
    "DeviceSerialNumber": "167001",
    "DwellTime": 2.2e-06,
    "EchoTime": 0.03,
    "EchoTrainLength": 90,
    "EffectiveEchoSpacing": 0.000519988,
    "FlipAngle": 52,
    "ImageOrientationPatientDICOM": [
      0.999313,
      0.00236977,
      0.0369732,
      0.00366269,
      0.986744,
      -0.16224
    ],
    "ImageType": [
      "ORIGINAL",
      "PRIMARY",
      "M",
      "ND",
      "NORM",
      "MOSAIC"
    ],
    "ImagingFrequency": 123.229,
    "InPlanePhaseEncodingDirectionDICOM": "COL",
    "InstitutionAddress": "Cooper_60_St._Lucia_QLD_AU_4072",
    "InstitutionName": "St_Lucia_Campus",
    "InstitutionalDepartmentName": "Gehrmann_Labs_MRI",
    "MRAcquisitionType": "2D",
    "MagneticFieldStrength": 3,
    "Manufacturer": "Siemens",
    "ManufacturersModelName": "Prisma_fit",
    "Modality": "MR",
    "MultibandAccelerationFactor": 6,
    "PartialFourier": 1,
    "PatientPosition": "HFS",
    "PercentPhaseFOV": 100,
    "PhaseEncodingDirection": "j-",
    "PhaseEncodingSteps": 90,
    "PhaseResolution": 1,
    "PixelBandwidth": 2525,
    "ProcedureStepDescription": "Research_16092_QTAB",
    "ProtocolName": "PARTLY_CLOUDY_mb6_2.4",
    "PulseSequenceDetails": "%SiemensSeq%_ep2d_bold",
    "ReceiveCoilActiveElements": "HC1-7;NC1,2",
    "ReceiveCoilName": "HeadNeck_64",
    "ReconMatrixPE": 90,
    "RefLinesPE": 12,
    "RepetitionTime": 0.8,
    "SAR": 0.0576476,
    "ScanOptions": "FS",
    "ScanningSequence": "EP",
    "SequenceName": "_epfid2d1_90",
    "SequenceVariant": "SK",
    "SeriesDescription": "PARTLY_CLOUDY_mb6_2.4",
    "SeriesNumber": 19,
    "ShimSetting": [
      3060,
      -4169,
      -768,
      378,
      2,
      58,
      -24,
      -19
    ],
    "SliceThickness": 2.4,
    "SliceTiming": [
      0.545,
      0,
      0.3875,
      0.0775,
      0.4675,
      0.2325,
      0.6225,
      0.31,
      0.7,
      0.155,
      0.545,
      0,
      0.3875,
      0.0775,
      0.4675,
      0.2325,
      0.6225,
      0.31,
      0.7,
      0.155,
      0.545,
      0,
      0.3875,
      0.0775,
      0.4675,
      0.2325,
      0.6225,
      0.31,
      0.7,
      0.155,
      0.545,
      0,
      0.3875,
      0.0775,
      0.4675,
      0.2325,
      0.6225,
      0.31,
      0.7,
      0.155,
      0.545,
      0,
      0.3875,
      0.0775,
      0.4675,
      0.2325,
      0.6225,
      0.31,
      0.7,
      0.155,
      0.545,
      0,
      0.3875,
      0.0775,
      0.4675,
      0.2325,
      0.6225,
      0.31,
      0.7,
      0.155
    ],
    "SoftwareVersions": "syngo_MR_E11",
    "SpacingBetweenSlices": 2.4,
    "StationName": "mrc_Trio",
    "TaskName": "partlycloudy",
    "TotalReadoutTime": 0.046279,
    "TxRefAmp": 216.465,
    "dataset": "ds004146",
    "modality": "bold",
    "session_id": "02",
    "subject_id": "0005",
    "task_id": "partlycloudy"
  },
  "dummy_trs": 2,
  "dvars_nstd": 33.10531009594161,
  "dvars_std": 1.140954059071619,
  "dvars_vstd": 0.9769887628647211,
  "efc": 0.494272737911138,
  "fber": 7592.53955078125,
  "fd_mean": 0.20687565318347434,
  "fd_num": 202,
  "fd_perc": 53.439153439153436,
  "fwhm_avg": 1.9040124243413439,
  "fwhm_x": 1.7766249294032679,
  "fwhm_y": 2.0328082525567908,
  "fwhm_z": 1.9026040910639728,
  "gcor": 0.00548989,
  "gsr_x": -0.022906607016921043,
  "gsr_y": 0.047856807708740234,
  "provenance": {
    "md5sum": "46142a758b3e594c8d3f692ed6c9638e",
    "settings": {
      "fd_thres": 0.2,
      "testing": false
    },
    "software": "mriqc",
    "version": "23.0.1",
    "webapi_port": null,
    "webapi_url": "https://mriqc.nimh.nih.gov/api/v1"
  },
  "size_t": 378,
  "size_x": 90,
  "size_y": 90,
  "size_z": 60,
  "snr": 6.752365912217302,
  "spacing_tr": 0.800000011920929,
  "spacing_x": 2.4000000953674316,
  "spacing_y": 2.4000000953674316,
  "spacing_z": 2.4000000953674316,
  "summary_bg_k": 24.020865109238027,
  "summary_bg_mad": 5.808819560058251,
  "summary_bg_mean": 27.367778778076172,
  "summary_bg_median": 7.550264358520508,
  "summary_bg_n": 325214.0,
  "summary_bg_p05": 2.960317373275757,
  "summary_bg_p95": 124.78663711547846,
  "summary_bg_stdv": 56.6328125,
  "summary_fg_k": 1.0974250460639832,
  "summary_fg_mad": 99.65984425632826,
  "summary_fg_mean": 667.2933959960938,
  "summary_fg_median": 666.3597412109375,
  "summary_fg_n": 89745.0,
  "summary_fg_p05": 517.131201171875,
  "summary_fg_p95": 826.8190185546875,
  "summary_fg_stdv": 98.68482208251953,
  "tsnr": 41.27726898249239
}