{
  "aor": 0.002464036939313984,
  "aqi": 0.028692871767810026,
  "bids_meta": {
    "AcquisitionMatrixPE": 90,
    "AcquisitionNumber": 1,
    "AcquisitionTime": "10:16:24.487500",
    "BandwidthPerPixelPhaseEncode": 21.368,
    "BaseResolution": 90,
    "BodyPartExamined": "BRAIN",
    "CoilString": "HC1-7;NC1_2",
    "ConsistencyInfo": "N4_VE11C_LATEST_20160120",
    "ConversionSoftware": "dcm2niix",
    "ConversionSoftwareVersion": "v1.0.20190410  GCC6.3.0",
    "DerivedVendorReportedEchoSpacing": 0.000519988,
    "DeviceSerialNumber": "167001",
    "DwellTime": 2.2e-06,
    "EchoTime": 0.03,
    "EchoTrainLength": 90,
    "EffectiveEchoSpacing": 0.000519988,
    "FlipAngle": 52,
    "ImageOrientationPatientDICOM": [
      0.999444,
      -0.00305934,
      -0.0331963,
      -0.00558198,
      0.966364,
      -0.257117
    ],
    "ImageType": [
      "ORIGINAL",
      "PRIMARY",
      "M",
      "ND",
      "NORM",
      "MOSAIC"
    ],
    "ImagingFrequency": 123.229,
    "InPlanePhaseEncodingDirectionDICOM": "COL",
    "InstitutionAddress": "Cooper_60_St._Lucia_QLD_AU_4072",
    "InstitutionName": "St_Lucia_Campus",
    "InstitutionalDepartmentName": "Gehrmann_Labs_MRI",
    "MRAcquisitionType": "2D",
    "MagneticFieldStrength": 3,
    "Manufacturer": "Siemens",
    "ManufacturersModelName": "Prisma_fit",
    "Modality": "MR",
    "MultibandAccelerationFactor": 6,
    "PartialFourier": 1,
    "PatientPosition": "HFS",
    "PercentPhaseFOV": 100,
    "PhaseEncodingDirection": "j-",
    "PhaseEncodingSteps": 90,
    "PhaseResolution": 1,
    "PixelBandwidth": 2525,
    "ProcedureStepDescription": "Research_16092_QTAB",
    "ProtocolName": "PARTLY_CLOUDY_mb6_2.4",
    "PulseSequenceDetails": "%SiemensSeq%_ep2d_bold",
    "ReceiveCoilActiveElements": "HC1-7;NC1,2",
    "ReceiveCoilName": "HeadNeck_64",
    "ReconMatrixPE": 90,
    "RefLinesPE": 12,
    "RepetitionTime": 0.8,
    "SAR": 0.0622375,
    "ScanOptions": "FS",
    "ScanningSequence": "EP",
    "SequenceName": "_epfid2d1_90",
    "SequenceVariant": "SK",
    "SeriesDescription": "PARTLY_CLOUDY_mb6_2.4",
    "SeriesNumber": 20,
    "ShimSetting": [
      3043,
      -4187,
      -781,
      400,
      -45,
      -52,
      -17,
      -10
    ],
    "SliceThickness": 2.4,
    "SliceTiming": [
      0.545,
      0,
      0.39,
      0.0775,
      0.4675,
      0.235,
      0.625,
      0.3125,
      0.7025,
      0.155,
      0.545,
      0,
      0.39,
      0.0775,
      0.4675,
      0.235,
      0.625,
      0.3125,
      0.7025,
      0.155,
      0.545,
      0,
      0.39,
      0.0775,
      0.4675,
      0.235,
      0.625,
      0.3125,
      0.7025,
      0.155,
      0.545,
      0,
      0.39,
      0.0775,
      0.4675,
      0.235,
      0.625,
      0.3125,
      0.7025,
      0.155,
      0.545,
      0,
      0.39,
      0.0775,
      0.4675,
      0.235,
      0.625,
      0.3125,
      0.7025,
      0.155,
      0.545,
      0,
      0.39,
      0.0775,
      0.4675,
      0.235,
      0.625,
      0.3125,
      0.7025,
      0.155
    ],
    "SoftwareVersions": "syngo_MR_E11",
    "SpacingBetweenSlices": 2.4,
    "StationName": "mrc_Trio",
    "TaskName": "partlycloudy",
    "TotalReadoutTime": 0.046279,
    "TxRefAmp": 233.72,
    "dataset": "ds004146",
    "modality": "bold",
    "session_id": "02",
    "subject_id": "0387",
    "task_id": "partlycloudy"
  },
  "dummy_trs": 1,
  "dvars_nstd": 37.73331748634922,
  "dvars_std": 1.1572565933597885,
  "dvars_vstd": 1.0089313460052907,
  "efc": 0.5289703749772723,
  "fber": 3461.873046875,
  "fd_mean": 0.29118553257772395,
  "fd_num": 190,
  "fd_perc": 50.13192612137203,
  "fwhm_avg": 1.8661040925143524,
  "fwhm_x": 1.8048915949467184,
  "fwhm_y": 1.931933256565203,
  "fwhm_z": 1.8614874260311356,
  "gcor": 0.0154382,
  "gsr_x": -0.013384431600570679,
  "gsr_y": 0.03304772078990936,
  "provenance": {
    "md5sum": "8d71715e82bc0dcb90a35a705fd641e8",
    "settings": {
      "fd_thres": 0.2,
      "testing": false
    },
    "software": "mriqc",
    "version": "23.0.1",
    "webapi_port": null,
    "webapi_url": "https://mriqc.nimh.nih.gov/api/v1"
  },
  "size_t": 379,
  "size_x": 90,
  "size_y": 90,
  "size_z": 60,
  "snr": 6.915781946805697,
  "spacing_tr": 0.800000011920929,
  "spacing_x": 2.4000000953674316,
  "spacing_y": 2.4000000953674316,
  "spacing_z": 2.4000000953674316,
  "summary_bg_k": 21.604254840417244,
  "summary_bg_mad": 10.53860279889792,
  "summary_bg_mean": 31.218334197998047,
  "summary_bg_median": 11.6781005859375,
  "summary_bg_n": 307656.0,
  "summary_bg_p05": 3.5461742877960205,
  "summary_bg_p95": 124.95119285583496,
  "summary_bg_stdv": 53.71303176879883,
  "summary_fg_k": 1.602463019821383,
  "summary_fg_mad": 96.31050612683924,
  "summary_fg_mean": 697.1573486328125,
  "summary_fg_median": 696.6279907226562,
  "summary_fg_n": 103587.0,
  "summary_fg_p05": 540.7976623535156,
  "summary_fg_p95": 856.5491333007812,
  "summary_fg_stdv": 100.72969818115234,
  "tsnr": 33.95539510023082
}