{
  "aor": 0.0004923676012461059,
  "aqi": 0.004565697289719626,
  "bids_meta": {
    "AcquisitionMatrixPE": 104,
    "AcquisitionNumber": 1,
    "AcquisitionTime": "11:49:18.925000",
    "BandwidthPerPixelPhaseEncode": 17.17,
    "BaseResolution": 104,
    "BodyPartExamined": "BRAIN",
    "ConsistencyInfo": "N4_VE11C_LATEST_20160120",
    "ConversionSoftware": "dcm2niix",
    "ConversionSoftwareVersion": "v1.0.20171215 GCC6.3.0",
    "DerivedVendorReportedEchoSpacing": 0.000560011,
    "DeviceSerialNumber": "167001",
    "DwellTime": 2.1e-06,
    "EchoTime": 0.03,
    "EchoTrainLength": 91,
    "EffectiveEchoSpacing": 0.000560011,
    "FlipAngle": 52,
    "ImageOrientationPatientDICOM": [
      0.998477,
      0.0519108,
      -0.0186993,
      -0.0549495,
      0.966208,
      -0.251837
    ],
    "ImageType": [
      "ORIGINAL",
      "PRIMARY",
      "M",
      "ND",
      "MOSAIC"
    ],
    "InPlanePhaseEncodingDirectionDICOM": "COL",
    "InstitutionAddress": "Cooper_60_St._Lucia_QLD_AU_4072",
    "InstitutionName": "St_Lucia_Campus",
    "InstitutionalDepartmentName": "Gehrmann_Labs_MRI",
    "MRAcquisitionType": "2D",
    "MagneticFieldStrength": 3,
    "Manufacturer": "Siemens",
    "ManufacturersModelName": "Prisma_fit",
    "Modality": "MR",
    "MultibandAccelerationFactor": 6,
    "PartialFourier": 0.875,
    "PatientPosition": "HFS",
    "PercentPhaseFOV": 100,
    "PhaseEncodingDirection": "j",
    "PhaseEncodingSteps": 91,
    "PhaseResolution": 1,
    "PixelBandwidth": 2290,
    "ProcedureStepDescription": "Research_16092_QTAB",
    "ProtocolName": "ep2d_REST_SMS6_P-A",
    "PulseSequenceDetails": "%SiemensSeq%_ep2d_bold",
    "ReceiveCoilActiveElements": "HC1-7;NC1,2",
    "ReceiveCoilName": "HeadNeck_64",
    "ReconMatrixPE": 104,
    "RepetitionTime": 0.93,
    "SAR": 0.0608413,
    "ScanOptions": "PFP_FS",
    "ScanningSequence": "EP",
    "SequenceName": "_epfid2d1_104",
    "SequenceVariant": "SK",
    "SeriesDescription": "ep2d_REST_SMS6_P-A",
    "SeriesNumber": 10,
    "ShimSetting": [
      3056,
      -4097,
      -803,
      444,
      23,
      90,
      -32,
      11
    ],
    "SliceThickness": 2,
    "SliceTiming": [
      0.6825,
      0,
      0.455,
      0.075,
      0.53,
      0.15,
      0.605,
      0.3025,
      0.7575,
      0.3775,
      0.8325,
      0.2275,
      0.6825,
      0,
      0.455,
      0.075,
      0.53,
      0.15,
      0.605,
      0.3025,
      0.7575,
      0.3775,
      0.8325,
      0.2275,
      0.6825,
      0,
      0.455,
      0.075,
      0.53,
      0.15,
      0.605,
      0.3025,
      0.7575,
      0.3775,
      0.8325,
      0.2275,
      0.6825,
      0,
      0.455,
      0.075,
      0.53,
      0.15,
      0.605,
      0.3025,
      0.7575,
      0.3775,
      0.8325,
      0.2275,
      0.6825,
      0,
      0.455,
      0.075,
      0.53,
      0.15,
      0.605,
      0.3025,
      0.7575,
      0.3775,
      0.8325,
      0.2275,
      0.6825,
      0,
      0.455,
      0.075,
      0.53,
      0.15,
      0.605,
      0.3025,
      0.7575,
      0.3775,
      0.8325,
      0.2275
    ],
    "SoftwareVersions": "syngo_MR_E11",
    "SpacingBetweenSlices": 2,
    "StationName": "mrc_Trio",
    "TaskName": "rest",
    "TotalReadoutTime": 0.0576811,
    "TxRefAmp": 217.987,
    "dataset": "ds004146",
    "modality": "bold",
    "session_id": "01",
    "subject_id": "0024",
    "task_id": "rest"
  },
  "dummy_trs": 6,
  "dvars_nstd": 34.68006671681248,
  "dvars_std": 1.0526634921249998,
  "dvars_vstd": 1.0052115191562492,
  "efc": 0.5442506469252181,
  "fber": 766.73046875,
  "fd_mean": 0.1085255066070352,
  "fd_num": 6,
  "fd_perc": 1.8691588785046729,
  "fwhm_avg": 3.10901,
  "fwhm_x": 2.81627,
  "fwhm_y": 3.26606,
  "fwhm_z": 3.2447,
  "gcor": 0.010763,
  "gsr_x": -0.010170571506023407,
  "gsr_y": 0.06453849375247955,
  "provenance": {
    "md5sum": "670fd5872577be83e15d5e5f6aafe858",
    "settings": {
      "fd_thres": 0.2,
      "testing": false
    },
    "software": "mriqc",
    "version": "23.0.1",
    "webapi_port": null,
    "webapi_url": "https://mriqc.nimh.nih.gov/api/v1"
  },
  "size_t": 321,
  "size_x": 104,
  "size_y": 104,
  "size_z": 72,
  "snr": 2.573056307688623,
  "spacing_tr": 0.9300000071525574,
  "spacing_x": 2.0,
  "spacing_y": 2.0,
  "spacing_z": 2.0,
  "summary_bg_k": 57.54808819493254,
  "summary_bg_mad": 7.630088763583752,
  "summary_bg_mean": 44.861183166503906,
  "summary_bg_median": 20.16510772705078,
  "summary_bg_n": 498260.0,
  "summary_bg_p05": 14.504672050476074,
  "summary_bg_p95": 172.38051834106435,
  "summary_bg_stdv": 71.09521484375,
  "summary_fg_k": 0.3337291124668966,
  "summary_fg_mad": 225.88201302506252,
  "summary_fg_mean": 593.7817993164062,
  "summary_fg_median": 566.3582153320312,
  "summary_fg_n": 175667.0,
  "summary_fg_p05": 296.9613708496094,
  "summary_fg_p95": 986.4604187011716,
  "summary_fg_stdv": 220.11045837402344,
  "tsnr": 40.55595989059657
}