{
  "aor": 0.0013234828496042218,
  "aqi": 0.020436239050131925,
  "bids_meta": {
    "AcquisitionMatrixPE": 90,
    "AcquisitionNumber": 1,
    "AcquisitionTime": "12:02:26.357500",
    "BandwidthPerPixelPhaseEncode": 21.368,
    "BaseResolution": 90,
    "BodyPartExamined": "BRAIN",
    "CoilString": "HC1-7;NC1_2",
    "ConsistencyInfo": "N4_VE11C_LATEST_20160120",
    "ConversionSoftware": "dcm2niix",
    "ConversionSoftwareVersion": "v1.0.20190410  GCC6.3.0",
    "DerivedVendorReportedEchoSpacing": 0.000519988,
    "DeviceSerialNumber": "167001",
    "DwellTime": 2.2e-06,
    "EchoTime": 0.03,
    "EchoTrainLength": 90,
    "EffectiveEchoSpacing": 0.000519988,
    "FlipAngle": 52,
    "ImageOrientationPatientDICOM": [
      0.998712,
      0.0426382,
      -0.0274947,
      -0.048321,
      0.964568,
      -0.259372
    ],
    "ImageType": [
      "ORIGINAL",
      "PRIMARY",
      "M",
      "ND",
      "NORM",
      "MOSAIC"
    ],
    "ImagingFrequency": 123.229,
    "InPlanePhaseEncodingDirectionDICOM": "COL",
    "InstitutionAddress": "Cooper_60_St._Lucia_QLD_AU_4072",
    "InstitutionName": "St_Lucia_Campus",
    "InstitutionalDepartmentName": "Gehrmann_Labs_MRI",
    "MRAcquisitionType": "2D",
    "MagneticFieldStrength": 3,
    "Manufacturer": "Siemens",
    "ManufacturersModelName": "Prisma_fit",
    "Modality": "MR",
    "MultibandAccelerationFactor": 6,
    "PartialFourier": 1,
    "PatientPosition": "HFS",
    "PercentPhaseFOV": 100,
    "PhaseEncodingDirection": "j-",
    "PhaseEncodingSteps": 90,
    "PhaseResolution": 1,
    "PixelBandwidth": 2525,
    "ProcedureStepDescription": "Research_16092_QTAB",
    "ProtocolName": "PARTLY_CLOUDY_mb6_2.4",
    "PulseSequenceDetails": "%SiemensSeq%_ep2d_bold",
    "ReceiveCoilActiveElements": "HC1-7;NC1,2",
    "ReceiveCoilName": "HeadNeck_64",
    "ReconMatrixPE": 90,
    "RefLinesPE": 12,
    "RepetitionTime": 0.8,
    "SAR": 0.0620404,
    "ScanOptions": "FS",
    "ScanningSequence": "EP",
    "SequenceName": "_epfid2d1_90",
    "SequenceVariant": "SK",
    "SeriesDescription": "PARTLY_CLOUDY_mb6_2.4",
    "SeriesNumber": 19,
    "ShimSetting": [
      3052,
      -4174,
      -765,
      517,
      67,
      -12,
      -3,
      -5
    ],
    "SliceThickness": 2.4,
    "SliceTiming": [
      0.545,
      0,
      0.39,
      0.0775,
      0.4675,
      0.235,
      0.625,
      0.3125,
      0.7025,
      0.155,
      0.545,
      0,
      0.39,
      0.0775,
      0.4675,
      0.235,
      0.625,
      0.3125,
      0.7025,
      0.155,
      0.545,
      0,
      0.39,
      0.0775,
      0.4675,
      0.235,
      0.625,
      0.3125,
      0.7025,
      0.155,
      0.545,
      0,
      0.39,
      0.0775,
      0.4675,
      0.235,
      0.625,
      0.3125,
      0.7025,
      0.155,
      0.545,
      0,
      0.39,
      0.0775,
      0.4675,
      0.235,
      0.625,
      0.3125,
      0.7025,
      0.155,
      0.545,
      0,
      0.39,
      0.0775,
      0.4675,
      0.235,
      0.625,
      0.3125,
      0.7025,
      0.155
    ],
    "SoftwareVersions": "syngo_MR_E11",
    "SpacingBetweenSlices": 2.4,
    "StationName": "mrc_Trio",
    "TaskName": "partlycloudy",
    "TotalReadoutTime": 0.046279,
    "TxRefAmp": 212.649,
    "dataset": "ds004146",
    "modality": "bold",
    "session_id": "02",
    "subject_id": "0237",
    "task_id": "partlycloudy"
  },
  "dummy_trs": 1,
  "dvars_nstd": 32.50098100280425,
  "dvars_std": 1.1711057457407412,
  "dvars_vstd": 0.9964985778835982,
  "efc": 0.49555347309146197,
  "fber": 7579.3994140625,
  "fd_mean": 0.106229514163955,
  "fd_num": 38,
  "fd_perc": 10.026385224274406,
  "fwhm_avg": 1.8184485388524585,
  "fwhm_x": 1.7131249319265314,
  "fwhm_y": 1.9318124232366713,
  "fwhm_z": 1.8104082613941723,
  "gcor": 0.00970158,
  "gsr_x": -0.022253168746829033,
  "gsr_y": 0.036591049283742905,
  "provenance": {
    "md5sum": "4bece04682147d985f9f48776b4e927f",
    "settings": {
      "fd_thres": 0.2,
      "testing": false
    },
    "software": "mriqc",
    "version": "23.0.1",
    "webapi_port": null,
    "webapi_url": "https://mriqc.nimh.nih.gov/api/v1"
  },
  "size_t": 379,
  "size_x": 90,
  "size_y": 90,
  "size_z": 60,
  "snr": 7.273468924367465,
  "spacing_tr": 0.800000011920929,
  "spacing_x": 2.4000000953674316,
  "spacing_y": 2.4000000953674316,
  "spacing_z": 2.4000000953674316,
  "summary_bg_k": 39.258637904446026,
  "summary_bg_mad": 5.562692202684771,
  "summary_bg_mean": 23.10308074951172,
  "summary_bg_median": 7.9630608558654785,
  "summary_bg_n": 318294.0,
  "summary_bg_p05": 3.5329816341400146,
  "summary_bg_p95": 91.90066604614252,
  "summary_bg_stdv": 46.5315055847168,
  "summary_fg_k": 1.766047386358312,
  "summary_fg_mad": 92.67639326702572,
  "summary_fg_mean": 707.10205078125,
  "summary_fg_median": 706.3720703125,
  "summary_fg_n": 95121.0,
  "summary_fg_p05": 560.7229614257812,
  "summary_fg_p95": 861.2269287109375,
  "summary_fg_stdv": 97.1157455444336,
  "tsnr": 43.724917778978124
}