{
  "aor": 0.0006941798941798943,
  "aqi": 0.012696391005291005,
  "bids_meta": {
    "AcquisitionMatrixPE": 90,
    "AcquisitionNumber": 1,
    "AcquisitionTime": "11:56:29.857500",
    "BandwidthPerPixelPhaseEncode": 21.368,
    "BaseResolution": 90,
    "BodyPartExamined": "BRAIN",
    "CoilString": "HC1-7;NC1_2",
    "ConsistencyInfo": "N4_VE11C_LATEST_20160120",
    "ConversionSoftware": "dcm2niix",
    "ConversionSoftwareVersion": "v1.0.20190410  GCC6.3.0",
    "DerivedVendorReportedEchoSpacing": 0.000519988,
    "DeviceSerialNumber": "167001",
    "DwellTime": 2.2e-06,
    "EchoTime": 0.03,
    "EchoTrainLength": 90,
    "EffectiveEchoSpacing": 0.000519988,
    "FlipAngle": 52,
    "ImageOrientationPatientDICOM": [
      0.991243,
      0.116359,
      -0.0624416,
      -0.127157,
      0.968613,
      -0.213589
    ],
    "ImageType": [
      "ORIGINAL",
      "PRIMARY",
      "M",
      "ND",
      "NORM",
      "MOSAIC"
    ],
    "ImagingFrequency": 123.229,
    "InPlanePhaseEncodingDirectionDICOM": "COL",
    "InstitutionAddress": "Cooper_60_St._Lucia_QLD_AU_4072",
    "InstitutionName": "St_Lucia_Campus",
    "InstitutionalDepartmentName": "Gehrmann_Labs_MRI",
    "MRAcquisitionType": "2D",
    "MagneticFieldStrength": 3,
    "Manufacturer": "Siemens",
    "ManufacturersModelName": "Prisma_fit",
    "Modality": "MR",
    "MultibandAccelerationFactor": 6,
    "PartialFourier": 1,
    "PatientPosition": "HFS",
    "PercentPhaseFOV": 100,
    "PhaseEncodingDirection": "j-",
    "PhaseEncodingSteps": 90,
    "PhaseResolution": 1,
    "PixelBandwidth": 2525,
    "ProcedureStepDescription": "Research_16092_QTAB",
    "ProtocolName": "PARTLY_CLOUDY_mb6_2.4",
    "PulseSequenceDetails": "%SiemensSeq%_ep2d_bold",
    "ReceiveCoilActiveElements": "HC1-7;NC1,2",
    "ReceiveCoilName": "HeadNeck_64",
    "ReconMatrixPE": 90,
    "RefLinesPE": 12,
    "RepetitionTime": 0.8,
    "SAR": 0.0493954,
    "ScanOptions": "FS",
    "ScanningSequence": "EP",
    "SequenceName": "_epfid2d1_90",
    "SequenceVariant": "SK",
    "SeriesDescription": "PARTLY_CLOUDY_mb6_2.4",
    "SeriesNumber": 19,
    "ShimSetting": [
      3035,
      -4187,
      -774,
      414,
      13,
      -66,
      -36,
      24
    ],
    "SliceThickness": 2.4,
    "SliceTiming": [
      0.545,
      0,
      0.39,
      0.0775,
      0.4675,
      0.2325,
      0.6225,
      0.3125,
      0.7025,
      0.155,
      0.545,
      0,
      0.39,
      0.0775,
      0.4675,
      0.2325,
      0.6225,
      0.3125,
      0.7025,
      0.155,
      0.545,
      0,
      0.39,
      0.0775,
      0.4675,
      0.2325,
      0.6225,
      0.3125,
      0.7025,
      0.155,
      0.545,
      0,
      0.39,
      0.0775,
      0.4675,
      0.2325,
      0.6225,
      0.3125,
      0.7025,
      0.155,
      0.545,
      0,
      0.39,
      0.0775,
      0.4675,
      0.2325,
      0.6225,
      0.3125,
      0.7025,
      0.155,
      0.545,
      0,
      0.39,
      0.0775,
      0.4675,
      0.2325,
      0.6225,
      0.3125,
      0.7025,
      0.155
    ],
    "SoftwareVersions": "syngo_MR_E11",
    "SpacingBetweenSlices": 2.4,
    "StationName": "mrc_Trio",
    "TaskName": "partlycloudy",
    "TotalReadoutTime": 0.046279,
    "TxRefAmp": 220.96,
    "dataset": "ds004146",
    "modality": "bold",
    "session_id": "02",
    "subject_id": "0241",
    "task_id": "partlycloudy"
  },
  "dummy_trs": 2,
  "dvars_nstd": 35.26791475912468,
  "dvars_std": 1.2127150769496025,
  "dvars_vstd": 1.0134891346153851,
  "efc": 0.48346942668472026,
  "fber": 4922.22314453125,
  "fd_mean": 0.11664943952107792,
  "fd_num": 32,
  "fd_perc": 8.465608465608465,
  "fwhm_avg": 1.8075415948414166,
  "fwhm_x": 1.7718457629265085,
  "fwhm_y": 1.8572624261990216,
  "fwhm_z": 1.7935165953987202,
  "gcor": 0.00454059,
  "gsr_x": 0.000771900056861341,
  "gsr_y": 0.028229711577296257,
  "provenance": {
    "md5sum": "99727a7d940be3a98b403be7b5c522ae",
    "settings": {
      "fd_thres": 0.2,
      "testing": false
    },
    "software": "mriqc",
    "version": "23.0.1",
    "webapi_port": null,
    "webapi_url": "https://mriqc.nimh.nih.gov/api/v1"
  },
  "size_t": 378,
  "size_x": 90,
  "size_y": 90,
  "size_z": 60,
  "snr": 6.709089943337714,
  "spacing_tr": 0.800000011920929,
  "spacing_x": 2.4000000953674316,
  "spacing_y": 2.4000000953674316,
  "spacing_z": 2.4000000953674316,
  "summary_bg_k": 26.28982180430558,
  "summary_bg_mad": 7.295344698652853,
  "summary_bg_mean": 25.500595092773438,
  "summary_bg_median": 8.695767402648926,
  "summary_bg_n": 332400.0,
  "summary_bg_p05": 3.082010507583618,
  "summary_bg_p95": 103.45528907775872,
  "summary_bg_stdv": 47.698570251464844,
  "summary_fg_k": 1.284221394028937,
  "summary_fg_mad": 91.70755289517328,
  "summary_fg_mean": 622.1398315429688,
  "summary_fg_median": 617.8690185546875,
  "summary_fg_n": 83150.0,
  "summary_fg_p05": 486.29191436767576,
  "summary_fg_p95": 772.5962707519532,
  "summary_fg_stdv": 92.09375762939453,
  "tsnr": 46.94666939601302
}