{
  "bids_meta": {
    "AcquisitionMatrixPE": 256,
    "AcquisitionNumber": 1,
    "AcquisitionTime": "16:47:8.212500",
    "BaseResolution": 256,
    "BodyPartExamined": "BRAIN",
    "CoilString": "HC1-7;NC1_2",
    "ConsistencyInfo": "N4_VE11C_LATEST_20160120",
    "ConversionSoftware": "dcm2niix",
    "ConversionSoftwareVersion": "v1.0.20190410  GCC6.3.0",
    "DeviceSerialNumber": "167001",
    "DwellTime": 2.6e-06,
    "EchoTime": 0.408,
    "EchoTrainLength": 259,
    "FlipAngle": 120,
    "ImageOrientationPatientDICOM": [
      0.0584921,
      0.998264,
      -0.0069468,
      -0.0994835,
      -0.00109523,
      -0.995039
    ],
    "ImageType": [
      "ORIGINAL",
      "PRIMARY",
      "M",
      "ND",
      "NORM"
    ],
    "ImagingFrequency": 123.229,
    "InPlanePhaseEncodingDirectionDICOM": "ROW",
    "InstitutionAddress": "Cooper_60_St._Lucia_QLD_AU_4072",
    "InstitutionName": "St_Lucia_Campus",
    "InstitutionalDepartmentName": "Gehrmann_Labs_MRI",
    "MRAcquisitionType": "3D",
    "MagneticFieldStrength": 3,
    "Manufacturer": "Siemens",
    "ManufacturersModelName": "Prisma_fit",
    "Modality": "MR",
    "PartialFourier": 1,
    "PatientPosition": "HFS",
    "PercentPhaseFOV": 100,
    "PhaseEncodingSteps": 233,
    "PhaseResolution": 1,
    "PixelBandwidth": 750,
    "ProcedureStepDescription": "Research_16092_QTAB",
    "ProtocolName": "t2_spc_sag_p2_iso",
    "PulseSequenceDetails": "%SiemensSeq%_tse_vfl",
    "ReceiveCoilActiveElements": "HC1-7;NC1,2",
    "ReceiveCoilName": "HeadNeck_64",
    "ReconMatrixPE": 256,
    "RefLinesPE": 24,
    "RepetitionTime": 3.2,
    "SAR": 0.184746,
    "ScanOptions": "PFP",
    "ScanningSequence": "SE",
    "SequenceName": "_spcR_282ns",
    "SequenceVariant": "SK_SP",
    "SeriesDescription": "t2_spc_sag_p2_iso",
    "SeriesNumber": 33,
    "ShimSetting": [
      3003,
      -4212,
      -871,
      -110,
      123,
      -128,
      -38,
      -6
    ],
    "SliceThickness": 1,
    "SoftwareVersions": "syngo_MR_E11",
    "StationName": "mrc_Trio",
    "TxRefAmp": 213.547,
    "dataset": "ds004146",
    "modality": "T2w",
    "session_id": "02",
    "subject_id": "0234"
  },
  "cjv": 7.221804459351393,
  "cnr": 0.20142512931516832,
  "efc": 0.6333328856003895,
  "fber": 11687.329836002067,
  "fwhm_avg": 4.011799940219523,
  "fwhm_x": 4.202087437384018,
  "fwhm_y": 4.171624937837945,
  "fwhm_z": 3.661687445436605,
  "icvs_csf": 0.47058063778844206,
  "icvs_gm": 0.40047441674502915,
  "icvs_wm": 0.1289449454665288,
  "inu_med": 1.0321933031082153,
  "inu_range": 0.3692816913127899,
  "provenance": {
    "md5sum": "7c08e2f5c93726eab84eb93c9a62f10b",
    "settings": {
      "testing": false
    },
    "software": "mriqc",
    "version": "23.0.1",
    "warnings": {
      "large_rot_frame": true,
      "small_air_mask": false
    },
    "webapi_port": null,
    "webapi_url": "https://mriqc.nimh.nih.gov/api/v1"
  },
  "qi_1": 0.0,
  "qi_2": 0.011775893738525983,
  "rpve_csf": 9.188890395714385,
  "rpve_gm": 10.86994498707535,
  "rpve_wm": 32.49620443282572,
  "size_x": 192,
  "size_y": 300,
  "size_z": 320,
  "snr_csf": 18.652832266634757,
  "snr_gm": 14.584273841220273,
  "snr_total": 11.422946852659033,
  "snr_wm": 1.0317344501220738,
  "snrd_csf": 78.60908611210823,
  "snrd_gm": 53.34490279103709,
  "snrd_total": 66.08887758011252,
  "snrd_wm": 66.31264383719225,
  "spacing_x": 0.800000011920929,
  "spacing_y": 0.800000011920929,
  "spacing_z": 0.800000011920929,
  "summary_bg_k": 5.437673486981771,
  "summary_bg_mad": 0.0,
  "summary_bg_mean": 5.590637390561891,
  "summary_bg_median": 0.0,
  "summary_bg_n": 1984369.0,
  "summary_bg_p05": 0.0,
  "summary_bg_p95": 28.240421153604984,
  "summary_bg_stdv": 9.982542262674224,
  "summary_csf_k": 0.5463155001882796,
  "summary_csf_mad": 61.58415200679061,
  "summary_csf_mean": 1201.8940709169485,
  "summary_csf_median": 1197.7941148504615,
  "summary_csf_n": 255893.0,
  "summary_csf_p05": 1104.80085401237,
  "summary_csf_p95": 1312.7570891529322,
  "summary_csf_stdv": 64.21500806453246,
  "summary_gm_k": -0.25873249521857833,
  "summary_gm_mad": 58.28735586081681,
  "summary_gm_mean": 815.2970604303996,
  "summary_gm_median": 812.8349250778556,
  "summary_gm_n": 352015.0,
  "summary_gm_p05": 727.6689305752516,
  "summary_gm_p95": 909.119195625186,
  "summary_gm_stdv": 55.73357846818658,
  "summary_wm_k": -1.7333319279915103,
  "summary_wm_mad": 1368.6978879624835,
  "summary_wm_mean": 1195.6297274855183,
  "summary_wm_median": 1010.4289269447327,
  "summary_wm_n": 92564.0,
  "summary_wm_p05": 51.188542909920216,
  "summary_wm_p95": 2548.7469295274464,
  "summary_wm_stdv": 979.3445094411676,
  "tpm_overlap_csf": 0.10555163530587626,
  "tpm_overlap_gm": 0.25757586257553866,
  "tpm_overlap_wm": 0.037144113376696784,
  "wm2max": 0.406200275329412
}