{
  "bids_meta": {
    "AcquisitionMatrixPE": 256,
    "AcquisitionNumber": 1,
    "AcquisitionTime": "11:29:20.185000",
    "BaseResolution": 256,
    "BodyPartExamined": "BRAIN",
    "ConsistencyInfo": "N4_VE11C_LATEST_20160120",
    "ConversionSoftware": "dcm2niix",
    "ConversionSoftwareVersion": "v1.0.20171215 GCC6.3.0",
    "DeviceSerialNumber": "167001",
    "DwellTime": 2.6e-06,
    "EchoTime": 0.408,
    "EchoTrainLength": 259,
    "FlipAngle": 120,
    "ImageOrientationPatientDICOM": [
      0.0620734,
      0.989951,
      0.12706,
      -0.000263004,
      0.127322,
      -0.991861
    ],
    "ImageType": [
      "ORIGINAL",
      "PRIMARY",
      "M",
      "ND",
      "NORM"
    ],
    "InPlanePhaseEncodingDirectionDICOM": "ROW",
    "InstitutionAddress": "Cooper_60_St._Lucia_QLD_AU_4072",
    "InstitutionName": "St_Lucia_Campus",
    "InstitutionalDepartmentName": "Gehrmann_Labs_MRI",
    "MRAcquisitionType": "3D",
    "MagneticFieldStrength": 3,
    "Manufacturer": "Siemens",
    "ManufacturersModelName": "Prisma_fit",
    "Modality": "MR",
    "ParallelReductionFactorInPlane": 2,
    "PartialFourier": 1,
    "PatientPosition": "HFS",
    "PercentPhaseFOV": 100,
    "PhaseEncodingSteps": 233,
    "PhaseResolution": 1,
    "PixelBandwidth": 750,
    "ProcedureStepDescription": "Research_16092_QTAB",
    "ProtocolName": "t2_spc_sag_p2_iso",
    "PulseSequenceDetails": "%SiemensSeq%_tse_vfl",
    "ReceiveCoilActiveElements": "HC1-7;NC1,2",
    "ReceiveCoilName": "HeadNeck_64",
    "ReconMatrixPE": 256,
    "RepetitionTime": 3.2,
    "SAR": 0.155902,
    "ScanOptions": "PFP",
    "ScanningSequence": "SE",
    "SequenceName": "_spcR_282ns",
    "SequenceVariant": "SK_SP",
    "SeriesDescription": "t2_spc_sag_p2_iso",
    "SeriesNumber": 19,
    "ShimSetting": [
      3045,
      -4172,
      -1048,
      3,
      -5,
      36,
      -4,
      -10
    ],
    "SliceThickness": 1,
    "SoftwareVersions": "syngo_MR_E11",
    "StationName": "mrc_Trio",
    "TxRefAmp": 215.168,
    "dataset": "ds004146",
    "modality": "T2w",
    "session_id": "01",
    "subject_id": "0072"
  },
  "cjv": 3.1766446573921407,
  "cnr": 0.4831139836563569,
  "efc": 0.6265438797309064,
  "fber": 6863.485207100593,
  "fwhm_avg": 4.198587544434585,
  "fwhm_x": 4.308325256796197,
  "fwhm_y": 4.461012433525735,
  "fwhm_z": 3.826424942981825,
  "icvs_csf": 0.44715255357392547,
  "icvs_gm": 0.42882399443188945,
  "icvs_wm": 0.12402345199418505,
  "inu_med": 1.0486022233963013,
  "inu_range": 0.3981392860412596,
  "provenance": {
    "md5sum": "152a891fdfb60f16ad301392c469065b",
    "settings": {
      "testing": false
    },
    "software": "mriqc",
    "version": "23.0.1",
    "warnings": {
      "large_rot_frame": true,
      "small_air_mask": false
    },
    "webapi_port": null,
    "webapi_url": "https://mriqc.nimh.nih.gov/api/v1"
  },
  "qi_1": 0.0,
  "qi_2": 0.026866616482017318,
  "rpve_csf": 9.276075553531632,
  "rpve_gm": 10.01388541710448,
  "rpve_wm": 32.944244219977556,
  "size_x": 192,
  "size_y": 300,
  "size_z": 320,
  "snr_csf": 16.95285295658117,
  "snr_gm": 14.21370625956481,
  "snr_total": 10.770459663024857,
  "snr_wm": 1.144819772928585,
  "snrd_csf": 77.40736411308929,
  "snrd_gm": 50.94521932022809,
  "snrd_total": 72.18823405323906,
  "snrd_wm": 88.21211872639978,
  "spacing_x": 0.7999999523162842,
  "spacing_y": 0.800000011920929,
  "spacing_z": 0.800000011920929,
  "summary_bg_k": 3.5913756813473574,
  "summary_bg_mad": 0.0,
  "summary_bg_mean": 4.606150173465624,
  "summary_bg_median": 0.0,
  "summary_bg_n": 1656299.0,
  "summary_bg_p05": 0.0,
  "summary_bg_p95": 20.186995901167393,
  "summary_bg_stdv": 7.470387371347012,
  "summary_csf_k": 0.6762356264667422,
  "summary_csf_mad": 49.27305431175326,
  "summary_csf_mean": 885.8175386971315,
  "summary_csf_median": 882.660458676517,
  "summary_csf_n": 190866.0,
  "summary_csf_p05": 806.8423519656062,
  "summary_csf_p95": 975.94562920928,
  "summary_csf_stdv": 52.06546347581902,
  "summary_gm_k": -0.10642147763845333,
  "summary_gm_mad": 42.405071038120134,
  "summary_gm_mean": 581.3178811933151,
  "summary_gm_median": 580.9179936274886,
  "summary_gm_n": 355008.0,
  "summary_gm_p05": 514.9596407040954,
  "summary_gm_p95": 647.3013359382749,
  "summary_gm_stdv": 40.87021110768187,
  "summary_wm_k": -1.6454599646344692,
  "summary_wm_mad": 1307.5001918455139,
  "summary_wm_mean": 1015.4005083064263,
  "summary_wm_median": 1005.864882081747,
  "summary_wm_n": 87069.0,
  "summary_wm_p05": 37.6115607842803,
  "summary_wm_p95": 2300.1105628728865,
  "summary_wm_stdv": 878.6178659725311,
  "tpm_overlap_csf": 0.11066193937551272,
  "tpm_overlap_gm": 0.2876573565881575,
  "tpm_overlap_wm": 0.034947419152121684,
  "wm2max": 0.4485294117647059
}