{
  "bids_meta": {
    "AcquisitionMatrixPE": 256,
    "AcquisitionNumber": 1,
    "AcquisitionTime": "15:41:51.342500",
    "BaseResolution": 256,
    "BodyPartExamined": "BRAIN",
    "ConsistencyInfo": "N4_VE11C_LATEST_20160120",
    "ConversionSoftware": "dcm2niix",
    "ConversionSoftwareVersion": "v1.0.20171215 GCC6.3.0",
    "DeviceSerialNumber": "167001",
    "DwellTime": 2.6e-06,
    "EchoTime": 0.408,
    "EchoTrainLength": 259,
    "FlipAngle": 120,
    "ImageOrientationPatientDICOM": [
      0,
      1,
      0,
      0,
      0,
      -1
    ],
    "ImageType": [
      "ORIGINAL",
      "PRIMARY",
      "M",
      "ND",
      "NORM"
    ],
    "InPlanePhaseEncodingDirectionDICOM": "ROW",
    "InstitutionAddress": "Cooper_60_St._Lucia_QLD_AU_4072",
    "InstitutionName": "St_Lucia_Campus",
    "InstitutionalDepartmentName": "Gehrmann_Labs_MRI",
    "MRAcquisitionType": "3D",
    "MagneticFieldStrength": 3,
    "Manufacturer": "Siemens",
    "ManufacturersModelName": "Prisma_fit",
    "Modality": "MR",
    "ParallelReductionFactorInPlane": 2,
    "PartialFourier": 1,
    "PatientPosition": "HFS",
    "PercentPhaseFOV": 100,
    "PhaseEncodingSteps": 233,
    "PhaseResolution": 1,
    "PixelBandwidth": 750,
    "ProcedureStepDescription": "Research_16092_QTAB",
    "ProtocolName": "t2_spc_sag_p2_iso",
    "PulseSequenceDetails": "%SiemensSeq%_tse_vfl",
    "ReceiveCoilActiveElements": "HC1-7;NC1",
    "ReceiveCoilName": "HeadNeck_64",
    "ReconMatrixPE": 256,
    "RepetitionTime": 3.2,
    "SAR": 0.2087,
    "ScanOptions": "PFP",
    "ScanningSequence": "SE",
    "SequenceName": "_spcR_282ns",
    "SequenceVariant": "SK_SP",
    "SeriesDescription": "t2_spc_sag_p2_iso",
    "SeriesNumber": 19,
    "ShimSetting": [
      3045,
      -4172,
      -1048,
      3,
      -5,
      36,
      -4,
      -10
    ],
    "SliceThickness": 1,
    "SoftwareVersions": "syngo_MR_E11",
    "StationName": "mrc_Trio",
    "TxRefAmp": 204.884,
    "dataset": "ds004146",
    "modality": "T2w",
    "session_id": "01",
    "subject_id": "0033"
  },
  "cjv": 1.4088380483418144,
  "cnr": 0.9733292403201358,
  "efc": 0.6194750876975772,
  "fber": 7246.618357193004,
  "fwhm_avg": 4.115762542775155,
  "fwhm_x": 4.19181274985151,
  "fwhm_y": 4.438012433868461,
  "fwhm_z": 3.7174624446054927,
  "icvs_csf": 0.49398730236581345,
  "icvs_gm": 0.10689563608745604,
  "icvs_wm": 0.39911706154673054,
  "inu_med": 1.0299850702285767,
  "inu_range": 0.3053828746080398,
  "provenance": {
    "md5sum": "3d96e4aa4fc77ec13ab02e357264c25e",
    "settings": {
      "testing": false
    },
    "software": "mriqc",
    "version": "23.0.1",
    "warnings": {
      "large_rot_frame": true,
      "small_air_mask": false
    },
    "webapi_port": null,
    "webapi_url": "https://mriqc.nimh.nih.gov/api/v1"
  },
  "qi_1": 0.0,
  "qi_2": 0.004961721028789205,
  "rpve_csf": 9.83055525316843,
  "rpve_gm": 40.61297287730631,
  "rpve_wm": 11.915003112407037,
  "size_x": 192,
  "size_y": 300,
  "size_z": 320,
  "snr_csf": 19.94297349494897,
  "snr_gm": 1.6672949386923541,
  "snr_total": 11.895360906977785,
  "snr_wm": 14.075814287292037,
  "snrd_csf": 71.13857755839484,
  "snrd_gm": 116.71928102444743,
  "snrd_total": 78.78473510773883,
  "snrd_wm": 48.4963467403742,
  "spacing_x": 0.7999999523162842,
  "spacing_y": 0.800000011920929,
  "spacing_z": 0.800000011920929,
  "summary_bg_k": 13.142529044989605,
  "summary_bg_mad": 0.0,
  "summary_bg_mean": 6.68559041361582,
  "summary_bg_median": 0.0,
  "summary_bg_n": 1920988.0,
  "summary_bg_p05": 0.0,
  "summary_bg_p95": 32.34310645610094,
  "summary_bg_stdv": 13.508984348316226,
  "summary_csf_k": 0.18254548559142725,
  "summary_csf_mad": 72.92892735519136,
  "summary_csf_mean": 1469.2080572453738,
  "summary_csf_median": 1466.8852635845542,
  "summary_csf_n": 295380.0,
  "summary_csf_p05": 1353.2021379098296,
  "summary_csf_p95": 1593.1069692969322,
  "summary_csf_stdv": 73.5538650194901,
  "summary_gm_k": -1.6924633128861946,
  "summary_gm_mad": 1908.3069324608407,
  "summary_gm_mean": 1930.0585905512387,
  "summary_gm_median": 2406.7643631249666,
  "summary_gm_n": 56172.0,
  "summary_gm_p05": 75.0739442203194,
  "summary_gm_p95": 3814.843686332926,
  "summary_gm_stdv": 1443.5016169061307,
  "summary_wm_k": -0.13730260645120085,
  "summary_wm_mad": 73.59625087347416,
  "summary_wm_mean": 1000.8566134344052,
  "summary_wm_median": 999.9999833106995,
  "summary_wm_n": 377870.0,
  "summary_wm_p05": 886.3168576359749,
  "summary_wm_p95": 1117.6054340228438,
  "summary_wm_stdv": 71.04375204824021,
  "tpm_overlap_csf": 0.10806496549775844,
  "tpm_overlap_gm": 0.05979018313103795,
  "tpm_overlap_wm": 0.4704667826002518,
  "wm2max": 0.28672037493113184
}