{
  "bids_meta": {
    "AcquisitionMatrixPE": 256,
    "AcquisitionNumber": 1,
    "AcquisitionTime": "12:45:24.815000",
    "BaseResolution": 256,
    "BodyPartExamined": "BRAIN",
    "CoilString": "HC1-7;NC1_2",
    "ConsistencyInfo": "N4_VE11C_LATEST_20160120",
    "ConversionSoftware": "dcm2niix",
    "ConversionSoftwareVersion": "v1.0.20181125  (JP2:OpenJPEG) GCC6.3.0",
    "DeviceSerialNumber": "167001",
    "DwellTime": 2.6e-06,
    "EchoTime": 0.408,
    "EchoTrainLength": 259,
    "FlipAngle": 120,
    "ImageOrientationPatientDICOM": [
      -0.0216848,
      0.997793,
      0.0627565,
      0.031598,
      0.0634239,
      -0.997486
    ],
    "ImageType": [
      "ORIGINAL",
      "PRIMARY",
      "M",
      "ND",
      "NORM"
    ],
    "ImagingFrequency": 123.229,
    "InPlanePhaseEncodingDirectionDICOM": "ROW",
    "InstitutionAddress": "Cooper_60_St._Lucia_QLD_AU_4072",
    "InstitutionName": "St_Lucia_Campus",
    "InstitutionalDepartmentName": "Gehrmann_Labs_MRI",
    "MRAcquisitionType": "3D",
    "MagneticFieldStrength": 3,
    "Manufacturer": "Siemens",
    "ManufacturersModelName": "Prisma_fit",
    "Modality": "MR",
    "PartialFourier": 1,
    "PatientPosition": "HFS",
    "PercentPhaseFOV": 100,
    "PhaseEncodingSteps": 233,
    "PhaseResolution": 1,
    "PixelBandwidth": 750,
    "ProcedureStepDescription": "Research_16092_QTAB",
    "ProtocolName": "t2_spc_sag_p2_iso",
    "PulseSequenceDetails": "%SiemensSeq%_tse_vfl",
    "ReceiveCoilActiveElements": "HC1-7;NC1,2",
    "ReceiveCoilName": "HeadNeck_64",
    "ReconMatrixPE": 256,
    "RepetitionTime": 3.2,
    "SAR": 0.13871,
    "ScanOptions": "PFP",
    "ScanningSequence": "SE",
    "SequenceName": "_spcR_282ns",
    "SequenceVariant": "SK_SP",
    "SeriesDescription": "t2_spc_sag_p2_iso",
    "SeriesNumber": 19,
    "ShimSetting": [
      3044,
      -4172,
      -1039,
      -11,
      -3,
      35,
      -21,
      -13
    ],
    "SliceThickness": 1,
    "SoftwareVersions": "syngo_MR_E11",
    "StationName": "mrc_Trio",
    "TxRefAmp": 220.828,
    "dataset": "ds004146",
    "modality": "T2w",
    "session_id": "01",
    "subject_id": "0272"
  },
  "cjv": 2.3092296479784316,
  "cnr": 0.3534599244639322,
  "efc": 0.6817528701770551,
  "fber": 9942.805021049615,
  "fwhm_avg": 4.29974588074455,
  "fwhm_x": 4.488875267557816,
  "fwhm_y": 4.421399934116007,
  "fwhm_z": 3.9889624405598276,
  "icvs_csf": 0.453505991848932,
  "icvs_gm": 0.4239492975429947,
  "icvs_wm": 0.12254471060807327,
  "inu_med": 0.9869638979434967,
  "inu_range": 0.3184729486703872,
  "provenance": {
    "md5sum": "fe96e3d33ca6e02388be40fa14f04fa2",
    "settings": {
      "testing": false
    },
    "software": "mriqc",
    "version": "23.0.1",
    "warnings": {
      "large_rot_frame": true,
      "small_air_mask": false
    },
    "webapi_port": null,
    "webapi_url": "https://mriqc.nimh.nih.gov/api/v1"
  },
  "qi_1": 0.00029517513270225045,
  "qi_2": 0.011158618970526337,
  "rpve_csf": 9.662963573711508,
  "rpve_gm": 10.348053820800342,
  "rpve_wm": 35.06352343093036,
  "size_x": 192,
  "size_y": 300,
  "size_z": 320,
  "snr_csf": 17.488014141807778,
  "snr_gm": 14.32618562747179,
  "snr_total": 10.801367841291478,
  "snr_wm": 0.5899037545948628,
  "snrd_csf": 52.9898043568679,
  "snrd_gm": 36.072241651883935,
  "snrd_total": 37.19974376581311,
  "snrd_wm": 22.537185288687503,
  "spacing_x": 0.7999999523162842,
  "spacing_y": 0.800000011920929,
  "spacing_z": 0.800000011920929,
  "summary_bg_k": 9.512232800398424,
  "summary_bg_mad": 0.0,
  "summary_bg_mean": 16.445442324654238,
  "summary_bg_median": 0.0,
  "summary_bg_n": 2119147.0,
  "summary_bg_p05": 0.0,
  "summary_bg_p95": 77.1553693562746,
  "summary_bg_stdv": 29.4926819537104,
  "summary_csf_k": 0.061855727571382246,
  "summary_csf_mad": 137.00023821461036,
  "summary_csf_mean": 2390.3971480312025,
  "summary_csf_median": 2385.4749128371477,
  "summary_csf_n": 234962.0,
  "summary_csf_p05": 2176.053196012974,
  "summary_csf_p95": 2621.923657283187,
  "summary_csf_stdv": 136.40598739164608,
  "summary_gm_k": -0.13948102829553033,
  "summary_gm_mad": 117.41278585549533,
  "summary_gm_mean": 1626.607184215768,
  "summary_gm_median": 1623.8864920288324,
  "summary_gm_n": 307695.0,
  "summary_gm_p05": 1446.3989447131753,
  "summary_gm_p95": 1815.4915090799332,
  "summary_gm_stdv": 113.35074774685874,
  "summary_wm_k": -1.766031626829924,
  "summary_wm_mad": 1289.6378633241345,
  "summary_wm_mean": 1992.8869063544298,
  "summary_wm_median": 1014.5704586878419,
  "summary_wm_n": 64609.0,
  "summary_wm_p05": 144.79843290150166,
  "summary_wm_p95": 4403.367151118815,
  "summary_wm_stdv": 1719.878199004848,
  "tpm_overlap_csf": 0.10913570325995002,
  "tpm_overlap_gm": 0.27065042926032834,
  "tpm_overlap_wm": 0.0452839367881377,
  "wm2max": 0.24038564733660073
}