{
  "bids_meta": {
    "AcquisitionMatrixPE": 256,
    "AcquisitionNumber": 1,
    "AcquisitionTime": "12:38:37.855000",
    "BaseResolution": 256,
    "BodyPartExamined": "BRAIN",
    "CoilString": "HC1-7;NC1_2",
    "ConsistencyInfo": "N4_VE11C_LATEST_20160120",
    "ConversionSoftware": "dcm2niix",
    "ConversionSoftwareVersion": "v1.0.20190410  GCC6.3.0",
    "DeviceSerialNumber": "167001",
    "DwellTime": 2.6e-06,
    "EchoTime": 0.408,
    "EchoTrainLength": 259,
    "FlipAngle": 120,
    "ImageOrientationPatientDICOM": [
      0.0860324,
      0.996292,
      -7.21265e-09,
      0.0878577,
      -0.00758675,
      -0.996104
    ],
    "ImageType": [
      "ORIGINAL",
      "PRIMARY",
      "M",
      "ND",
      "NORM"
    ],
    "ImagingFrequency": 123.229,
    "InPlanePhaseEncodingDirectionDICOM": "ROW",
    "InstitutionAddress": "Cooper_60_St._Lucia_QLD_AU_4072",
    "InstitutionName": "Centre_for_Advanced_Imaging",
    "InstitutionalDepartmentName": "Gehrmann_Labs_MRI",
    "MRAcquisitionType": "3D",
    "MagneticFieldStrength": 3,
    "Manufacturer": "Siemens",
    "ManufacturersModelName": "Prisma_fit",
    "Modality": "MR",
    "PartialFourier": 1,
    "PatientPosition": "HFS",
    "PercentPhaseFOV": 100,
    "PhaseEncodingSteps": 233,
    "PhaseResolution": 1,
    "PixelBandwidth": 750,
    "ProcedureStepDescription": "Research_16092_QTAB",
    "ProtocolName": "t2_spc_sag_p2_iso",
    "PulseSequenceDetails": "%SiemensSeq%_tse_vfl",
    "ReceiveCoilActiveElements": "HC1-7;NC1,2",
    "ReceiveCoilName": "HeadNeck_64",
    "ReconMatrixPE": 256,
    "RefLinesPE": 24,
    "RepetitionTime": 3.2,
    "SAR": 0.133918,
    "ScanOptions": "PFP",
    "ScanningSequence": "SE",
    "SequenceName": "_spcR_282ns",
    "SequenceVariant": "SK_SP",
    "SeriesDescription": "t2_spc_sag_p2_iso",
    "SeriesNumber": 33,
    "ShimSetting": [
      3046,
      -4168,
      -1041,
      -17,
      -5,
      41,
      -30,
      -10
    ],
    "SliceThickness": 1,
    "SoftwareVersions": "syngo_MR_E11",
    "StationName": "mrc_Trio",
    "TxRefAmp": 229.477,
    "dataset": "ds004146",
    "modality": "T2w",
    "session_id": "02",
    "subject_id": "0022"
  },
  "cjv": 1.3273982479469417,
  "cnr": 0.9567233923489624,
  "efc": 0.6837456077979513,
  "fber": 5693.893878116343,
  "fwhm_avg": 4.047399939689041,
  "fwhm_x": 4.136587438360044,
  "fwhm_y": 4.22474993704632,
  "fwhm_z": 3.780862443660759,
  "icvs_csf": 0.35418419018612235,
  "icvs_gm": 0.1539362735358388,
  "icvs_wm": 0.4918795362780389,
  "inu_med": 1.0199297666549683,
  "inu_range": 0.32877207994461055,
  "provenance": {
    "md5sum": "64884dcb5832ffd4ea777dab4f38f205",
    "settings": {
      "testing": false
    },
    "software": "mriqc",
    "version": "23.0.1",
    "warnings": {
      "large_rot_frame": true,
      "small_air_mask": false
    },
    "webapi_port": null,
    "webapi_url": "https://mriqc.nimh.nih.gov/api/v1"
  },
  "qi_1": 0.0,
  "qi_2": 0.005055116908999625,
  "rpve_csf": 11.270413730903003,
  "rpve_gm": 29.367658431226253,
  "rpve_wm": 9.5872899359092,
  "size_x": 192,
  "size_y": 300,
  "size_z": 320,
  "snr_csf": 15.082932175956866,
  "snr_gm": 1.7406114177117913,
  "snr_total": 9.950037311270094,
  "snr_wm": 13.026568340141628,
  "snrd_csf": 67.54295112807878,
  "snrd_gm": 101.07423337171768,
  "snrd_total": 71.34429285932498,
  "snrd_wm": 45.41569407817846,
  "spacing_x": 0.800000011920929,
  "spacing_y": 0.800000011920929,
  "spacing_z": 0.800000011920929,
  "summary_bg_k": 17.459753967099076,
  "summary_bg_mad": 0.0,
  "summary_bg_mean": 8.773762838098405,
  "summary_bg_median": 0.0,
  "summary_bg_n": 1489041.0,
  "summary_bg_p05": 0.0,
  "summary_bg_p95": 36.988967433571815,
  "summary_bg_stdv": 14.425330266974472,
  "summary_csf_k": 0.5379102467699153,
  "summary_csf_mad": 94.95965991217693,
  "summary_csf_mean": 1494.3133945902425,
  "summary_csf_median": 1487.2160625308752,
  "summary_csf_n": 93774.0,
  "summary_csf_p05": 1347.3069155365229,
  "summary_csf_p95": 1666.3205364197493,
  "summary_csf_stdv": 98.6020566406486,
  "summary_gm_k": -1.6192879818365682,
  "summary_gm_mad": 1545.5718912453558,
  "summary_gm_mean": 1772.71570123254,
  "summary_gm_median": 2225.5353203825653,
  "summary_gm_n": 102698.0,
  "summary_gm_p05": 93.05645491182804,
  "summary_gm_p95": 3474.6267934441566,
  "summary_gm_stdv": 1278.5877780479648,
  "summary_wm_k": -0.26454492475523006,
  "summary_wm_mad": 81.20157342034177,
  "summary_wm_mean": 1001.275285650808,
  "summary_wm_median": 999.9999792128801,
  "summary_wm_n": 398970.0,
  "summary_wm_p05": 877.6768149808049,
  "summary_wm_p95": 1126.7358623668551,
  "summary_wm_stdv": 76.76609064442133,
  "tpm_overlap_csf": 0.10325710645137962,
  "tpm_overlap_gm": 0.09792662662285628,
  "tpm_overlap_wm": 0.4192784031593266,
  "wm2max": 0.297404226575316
}