{
  "aor": 0.00539578947368421,
  "aqi": 0.018769296315789476,
  "bids_meta": {
    "AcquisitionMatrixPE": 90,
    "AcquisitionNumber": 1,
    "AcquisitionTime": "10:27:48.500000",
    "BandwidthPerPixelPhaseEncode": 21.368,
    "BaseResolution": 90,
    "BodyPartExamined": "BRAIN",
    "CoilString": "HC1-7;NC1_2",
    "ConsistencyInfo": "N4_VE11C_LATEST_20160120",
    "ConversionSoftware": "dcm2niix",
    "ConversionSoftwareVersion": "v1.0.20190410  GCC6.3.0",
    "DerivedVendorReportedEchoSpacing": 0.000519988,
    "DeviceSerialNumber": "167001",
    "DwellTime": 2.2e-06,
    "EchoTime": 0.03,
    "EchoTrainLength": 90,
    "EffectiveEchoSpacing": 0.000519988,
    "FlipAngle": 52,
    "ImageOrientationPatientDICOM": [
      0.995263,
      0.0842236,
      -0.0485564,
      -0.096885,
      0.900583,
      -0.42375
    ],
    "ImageType": [
      "ORIGINAL",
      "PRIMARY",
      "M",
      "ND",
      "NORM",
      "MOSAIC"
    ],
    "ImagingFrequency": 123.229,
    "InPlanePhaseEncodingDirectionDICOM": "COL",
    "InstitutionAddress": "Cooper_60_St._Lucia_QLD_AU_4072",
    "InstitutionName": "St_Lucia_Campus",
    "InstitutionalDepartmentName": "Gehrmann_Labs_MRI",
    "MRAcquisitionType": "2D",
    "MagneticFieldStrength": 3,
    "Manufacturer": "Siemens",
    "ManufacturersModelName": "Prisma_fit",
    "Modality": "MR",
    "MultibandAccelerationFactor": 6,
    "PartialFourier": 1,
    "PatientPosition": "HFS",
    "PercentPhaseFOV": 100,
    "PhaseEncodingDirection": "j-",
    "PhaseEncodingSteps": 90,
    "PhaseResolution": 1,
    "PixelBandwidth": 2525,
    "ProcedureStepDescription": "Research_16092_QTAB",
    "ProtocolName": "PARTLY_CLOUDY_mb6_2.4",
    "PulseSequenceDetails": "%SiemensSeq%_ep2d_bold",
    "ReceiveCoilActiveElements": "HC1-7;NC1,2",
    "ReceiveCoilName": "HeadNeck_64",
    "ReconMatrixPE": 90,
    "RefLinesPE": 12,
    "RepetitionTime": 0.8,
    "SAR": 0.0492962,
    "ScanOptions": "FS",
    "ScanningSequence": "EP",
    "SequenceName": "_epfid2d1_90",
    "SequenceVariant": "SK",
    "SeriesDescription": "PARTLY_CLOUDY_mb6_2.4",
    "SeriesNumber": 19,
    "ShimSetting": [
      3044,
      -4162,
      -758,
      365,
      -25,
      13,
      -179,
      8
    ],
    "SliceThickness": 2.4,
    "SliceTiming": [
      0.5475,
      0,
      0.39,
      0.0775,
      0.4675,
      0.235,
      0.625,
      0.3125,
      0.7025,
      0.1575,
      0.5475,
      0,
      0.39,
      0.0775,
      0.4675,
      0.235,
      0.625,
      0.3125,
      0.7025,
      0.1575,
      0.5475,
      0,
      0.39,
      0.0775,
      0.4675,
      0.235,
      0.625,
      0.3125,
      0.7025,
      0.1575,
      0.5475,
      0,
      0.39,
      0.0775,
      0.4675,
      0.235,
      0.625,
      0.3125,
      0.7025,
      0.1575,
      0.5475,
      0,
      0.39,
      0.0775,
      0.4675,
      0.235,
      0.625,
      0.3125,
      0.7025,
      0.1575,
      0.5475,
      0,
      0.39,
      0.0775,
      0.4675,
      0.235,
      0.625,
      0.3125,
      0.7025,
      0.1575
    ],
    "SoftwareVersions": "syngo_MR_E11",
    "SpacingBetweenSlices": 2.4,
    "StationName": "mrc_Trio",
    "TaskName": "partlycloudy",
    "TotalReadoutTime": 0.046279,
    "TxRefAmp": 217.523,
    "dataset": "ds004146",
    "modality": "bold",
    "session_id": "02",
    "subject_id": "0364",
    "task_id": "partlycloudy"
  },
  "dummy_trs": 0,
  "dvars_nstd": 40.949239318284945,
  "dvars_std": 1.313598721741425,
  "dvars_vstd": 1.0475784983113454,
  "efc": 0.4674696780934048,
  "fber": 7428.91162109375,
  "fd_mean": 0.17596358269954207,
  "fd_num": 56,
  "fd_perc": 14.736842105263158,
  "fwhm_avg": 1.826651377310608,
  "fwhm_x": 1.764779096540646,
  "fwhm_y": 1.8728457589131293,
  "fwhm_z": 1.8423292764780488,
  "gcor": 0.0169002,
  "gsr_x": -0.02122478000819683,
  "gsr_y": 0.029348652809858322,
  "provenance": {
    "md5sum": "cb1530b17c436b9a17dc259373aa71d3",
    "settings": {
      "fd_thres": 0.2,
      "testing": false
    },
    "software": "mriqc",
    "version": "23.0.1",
    "webapi_port": null,
    "webapi_url": "https://mriqc.nimh.nih.gov/api/v1"
  },
  "size_t": 380,
  "size_x": 90,
  "size_y": 90,
  "size_z": 60,
  "snr": 7.228177515386961,
  "spacing_tr": 0.800000011920929,
  "spacing_x": 2.4000000953674316,
  "spacing_y": 2.4000000953674316,
  "spacing_z": 2.3999998569488525,
  "summary_bg_k": 24.494203000869856,
  "summary_bg_mad": 6.277650221323699,
  "summary_bg_mean": 27.237852096557617,
  "summary_bg_median": 7.850000381469727,
  "summary_bg_n": 340329.0,
  "summary_bg_p05": 2.936842203140259,
  "summary_bg_p95": 119.07527160644526,
  "summary_bg_stdv": 57.71996307373047,
  "summary_fg_k": 2.202291752392818,
  "summary_fg_mad": 87.73301342732641,
  "summary_fg_mean": 684.3745727539062,
  "summary_fg_median": 681.4210815429688,
  "summary_fg_n": 76860.0,
  "summary_fg_p05": 546.2288116455078,
  "summary_fg_p95": 837.3422943115235,
  "summary_fg_stdv": 94.27226257324219,
  "tsnr": 42.712873037089594
}