{
  "aor": 0.00797243113772455,
  "aqi": 0.03751605497005988,
  "bids_meta": {
    "AcquisitionMatrixPE": 90,
    "AcquisitionNumber": 1,
    "AcquisitionTime": "10:26:0.162500",
    "BandwidthPerPixelPhaseEncode": 21.368,
    "BaseResolution": 90,
    "BodyPartExamined": "BRAIN",
    "CoilString": "HC1-7;NC1_2",
    "ConsistencyInfo": "N4_VE11C_LATEST_20160120",
    "ConversionSoftware": "dcm2niix",
    "ConversionSoftwareVersion": "v1.0.20190410  GCC6.3.0",
    "DelayTime": 0.001,
    "DerivedVendorReportedEchoSpacing": 0.000519988,
    "DeviceSerialNumber": "167001",
    "DwellTime": 2.2e-06,
    "EchoTime": 0.03,
    "EchoTrainLength": 90,
    "EffectiveEchoSpacing": 0.000519988,
    "FlipAngle": 52,
    "ImageOrientationPatientDICOM": [
      0.999039,
      0.023262,
      0.0371391,
      -0.0153453,
      0.979525,
      -0.200735
    ],
    "ImageType": [
      "ORIGINAL",
      "PRIMARY",
      "M",
      "ND",
      "NORM",
      "MOSAIC"
    ],
    "ImagingFrequency": 123.229,
    "InPlanePhaseEncodingDirectionDICOM": "COL",
    "InstitutionAddress": "Cooper_60_St._Lucia_QLD_AU_4072",
    "InstitutionName": "St_Lucia_Campus",
    "InstitutionalDepartmentName": "Gehrmann_Labs_MRI",
    "MRAcquisitionType": "2D",
    "MagneticFieldStrength": 3,
    "Manufacturer": "Siemens",
    "ManufacturersModelName": "Prisma_fit",
    "Modality": "MR",
    "MultibandAccelerationFactor": 6,
    "PartialFourier": 1,
    "PatientPosition": "HFS",
    "PercentPhaseFOV": 100,
    "PhaseEncodingDirection": "j-",
    "PhaseEncodingSteps": 90,
    "PhaseResolution": 1,
    "PixelBandwidth": 2525,
    "ProcedureStepDescription": "Research_16092_QTAB",
    "ProtocolName": "EMOT_TASK_mb6_2.4",
    "PulseSequenceDetails": "%SiemensSeq%_ep2d_bold",
    "ReceiveCoilActiveElements": "HC1-7;NC1,2",
    "ReceiveCoilName": "HeadNeck_64",
    "ReconMatrixPE": 90,
    "RefLinesPE": 12,
    "RepetitionTime": 0.8,
    "SAR": 0.0558102,
    "ScanOptions": "FS",
    "ScanningSequence": "EP",
    "SequenceName": "_epfid2d1_90",
    "SequenceVariant": "SK",
    "SeriesDescription": "EMOT_TASK_mb6_2.4",
    "SeriesNumber": 20,
    "ShimSetting": [
      3053,
      -4132,
      -775,
      451,
      -24,
      3,
      -14,
      -37
    ],
    "SliceThickness": 2.4,
    "SliceTiming": [
      0.545,
      0,
      0.39,
      0.0775,
      0.4675,
      0.2325,
      0.6225,
      0.3125,
      0.7,
      0.155,
      0.545,
      0,
      0.39,
      0.0775,
      0.4675,
      0.2325,
      0.6225,
      0.3125,
      0.7,
      0.155,
      0.545,
      0,
      0.39,
      0.0775,
      0.4675,
      0.2325,
      0.6225,
      0.3125,
      0.7,
      0.155,
      0.545,
      0,
      0.39,
      0.0775,
      0.4675,
      0.2325,
      0.6225,
      0.3125,
      0.7,
      0.155,
      0.545,
      0,
      0.39,
      0.0775,
      0.4675,
      0.2325,
      0.6225,
      0.3125,
      0.7,
      0.155,
      0.545,
      0,
      0.39,
      0.0775,
      0.4675,
      0.2325,
      0.6225,
      0.3125,
      0.7,
      0.155
    ],
    "SoftwareVersions": "syngo_MR_E11",
    "SpacingBetweenSlices": 2.4,
    "StationName": "mrc_Trio",
    "TaskName": "emotionalconflict",
    "TotalReadoutTime": 0.046279,
    "TxRefAmp": 216.009,
    "dataset": "ds004146",
    "modality": "bold",
    "session_id": "02",
    "subject_id": "0159",
    "task_id": "emotionalconflict"
  },
  "dummy_trs": 2,
  "dvars_nstd": 43.765062862577935,
  "dvars_std": 1.0366075734052766,
  "dvars_vstd": 0.971175300755395,
  "efc": 0.494434601698285,
  "fber": 6277.6728515625,
  "fd_mean": 0.5223960290055446,
  "fd_num": 459,
  "fd_perc": 54.97005988023952,
  "fwhm_avg": 1.8486860376509278,
  "fwhm_x": 1.733816597770985,
  "fwhm_y": 2.0111707534165877,
  "fwhm_z": 1.8010707617652113,
  "gcor": 0.0385309,
  "gsr_x": -0.018261626362800598,
  "gsr_y": 0.03399151191115379,
  "provenance": {
    "md5sum": "9e8de05b6e7f54915072054e006fd449",
    "settings": {
      "fd_thres": 0.2,
      "testing": false
    },
    "software": "mriqc",
    "version": "23.0.1",
    "webapi_port": null,
    "webapi_url": "https://mriqc.nimh.nih.gov/api/v1"
  },
  "size_t": 835,
  "size_x": 90,
  "size_y": 90,
  "size_z": 60,
  "snr": 6.796546831577117,
  "spacing_tr": 0.800000011920929,
  "spacing_x": 2.4000000953674316,
  "spacing_y": 2.4000000953674316,
  "spacing_z": 2.4000000953674316,
  "summary_bg_k": 20.460568113901143,
  "summary_bg_mad": 6.544756965091328,
  "summary_bg_mean": 30.97642707824707,
  "summary_bg_median": 8.502994537353516,
  "summary_bg_n": 328081.0,
  "summary_bg_p05": 3.41676664352417,
  "summary_bg_p95": 145.40838623046875,
  "summary_bg_stdv": 61.762752532958984,
  "summary_fg_k": 1.880229696149514,
  "summary_fg_mad": 97.33685343899077,
  "summary_fg_mean": 681.3275756835938,
  "summary_fg_median": 679.5862426757812,
  "summary_fg_n": 87234.0,
  "summary_fg_p05": 533.7815765380859,
  "summary_fg_p95": 840.0335693359375,
  "summary_fg_stdv": 99.9893569946289,
  "tsnr": 27.842265962972306
}