{
  "aor": 0.00038333333333333324,
  "aqi": 0.013469901693121691,
  "bids_meta": {
    "AcquisitionMatrixPE": 90,
    "AcquisitionNumber": 1,
    "AcquisitionTime": "16:27:57.127500",
    "BandwidthPerPixelPhaseEncode": 21.368,
    "BaseResolution": 90,
    "BodyPartExamined": "BRAIN",
    "CoilString": "HC1-7;NC1_2",
    "ConsistencyInfo": "N4_VE11C_LATEST_20160120",
    "ConversionSoftware": "dcm2niix",
    "ConversionSoftwareVersion": "v1.0.20190410  GCC6.3.0",
    "DerivedVendorReportedEchoSpacing": 0.000519988,
    "DeviceSerialNumber": "167001",
    "DwellTime": 2.2e-06,
    "EchoTime": 0.03,
    "EchoTrainLength": 90,
    "EffectiveEchoSpacing": 0.000519988,
    "FlipAngle": 52,
    "ImageOrientationPatientDICOM": [
      0.99916,
      -0.0362061,
      -0.0191977,
      0.0338439,
      0.993171,
      -0.111651
    ],
    "ImageType": [
      "ORIGINAL",
      "PRIMARY",
      "M",
      "ND",
      "NORM",
      "MOSAIC"
    ],
    "ImagingFrequency": 123.229,
    "InPlanePhaseEncodingDirectionDICOM": "COL",
    "InstitutionAddress": "Cooper_60_St._Lucia_QLD_AU_4072",
    "InstitutionName": "St_Lucia_Campus",
    "InstitutionalDepartmentName": "Gehrmann_Labs_MRI",
    "MRAcquisitionType": "2D",
    "MagneticFieldStrength": 3,
    "Manufacturer": "Siemens",
    "ManufacturersModelName": "Prisma_fit",
    "Modality": "MR",
    "MultibandAccelerationFactor": 6,
    "PartialFourier": 1,
    "PatientPosition": "HFS",
    "PercentPhaseFOV": 100,
    "PhaseEncodingDirection": "j-",
    "PhaseEncodingSteps": 90,
    "PhaseResolution": 1,
    "PixelBandwidth": 2525,
    "ProcedureStepDescription": "Research_16092_QTAB",
    "ProtocolName": "PARTLY_CLOUDY_mb6_2.4",
    "PulseSequenceDetails": "%SiemensSeq%_ep2d_bold",
    "ReceiveCoilActiveElements": "HC1-7;NC1,2",
    "ReceiveCoilName": "HeadNeck_64",
    "ReconMatrixPE": 90,
    "RefLinesPE": 12,
    "RepetitionTime": 0.8,
    "SAR": 0.0467011,
    "ScanOptions": "FS",
    "ScanningSequence": "EP",
    "SequenceName": "_epfid2d1_90",
    "SequenceVariant": "SK",
    "SeriesDescription": "PARTLY_CLOUDY_mb6_2.4",
    "SeriesNumber": 7,
    "ShimSetting": [
      3047,
      -4148,
      -807,
      415,
      -53,
      88,
      29,
      -21
    ],
    "SliceThickness": 2.4,
    "SliceTiming": [
      0.545,
      0,
      0.39,
      0.0775,
      0.4675,
      0.235,
      0.625,
      0.3125,
      0.7025,
      0.1575,
      0.545,
      0,
      0.39,
      0.0775,
      0.4675,
      0.235,
      0.625,
      0.3125,
      0.7025,
      0.1575,
      0.545,
      0,
      0.39,
      0.0775,
      0.4675,
      0.235,
      0.625,
      0.3125,
      0.7025,
      0.1575,
      0.545,
      0,
      0.39,
      0.0775,
      0.4675,
      0.235,
      0.625,
      0.3125,
      0.7025,
      0.1575,
      0.545,
      0,
      0.39,
      0.0775,
      0.4675,
      0.235,
      0.625,
      0.3125,
      0.7025,
      0.1575,
      0.545,
      0,
      0.39,
      0.0775,
      0.4675,
      0.235,
      0.625,
      0.3125,
      0.7025,
      0.1575
    ],
    "SoftwareVersions": "syngo_MR_E11",
    "SpacingBetweenSlices": 2.4,
    "StationName": "mrc_Trio",
    "TaskName": "partlycloudy",
    "TotalReadoutTime": 0.046279,
    "TxRefAmp": 217.221,
    "dataset": "ds004146",
    "modality": "bold",
    "session_id": "02",
    "subject_id": "0010",
    "task_id": "partlycloudy"
  },
  "dummy_trs": 2,
  "dvars_nstd": 47.17900418339522,
  "dvars_std": 1.3945713086472153,
  "dvars_vstd": 0.9976784083023876,
  "efc": 0.4958130114573698,
  "fber": 7009.53125,
  "fd_mean": 0.09556516623973484,
  "fd_num": 10,
  "fd_perc": 2.6455026455026456,
  "fwhm_avg": 1.8594721483334375,
  "fwhm_x": 1.7406082641677751,
  "fwhm_y": 1.9949499207278125,
  "fwhm_z": 1.8428582601047254,
  "gcor": 0.00732397,
  "gsr_x": -0.0193034540861845,
  "gsr_y": 0.04836668819189072,
  "provenance": {
    "md5sum": "ca2f6872df8f25622375fae339f24f44",
    "settings": {
      "fd_thres": 0.2,
      "testing": false
    },
    "software": "mriqc",
    "version": "23.0.1",
    "webapi_port": null,
    "webapi_url": "https://mriqc.nimh.nih.gov/api/v1"
  },
  "size_t": 378,
  "size_x": 90,
  "size_y": 90,
  "size_z": 60,
  "snr": 6.709067296429722,
  "spacing_tr": 0.800000011920929,
  "spacing_x": 2.4000000953674316,
  "spacing_y": 2.4000000953674316,
  "spacing_z": 2.4000000953674316,
  "summary_bg_k": 18.294102485594795,
  "summary_bg_mad": 5.875497536734087,
  "summary_bg_mean": 27.529558181762695,
  "summary_bg_median": 7.539682388305664,
  "summary_bg_n": 325866.0,
  "summary_bg_p05": 3.047618865966797,
  "summary_bg_p95": 127.76983642578125,
  "summary_bg_stdv": 53.079193115234375,
  "summary_fg_k": 1.5601711607570499,
  "summary_fg_mad": 94.08244021960994,
  "summary_fg_mean": 644.8812866210938,
  "summary_fg_median": 642.51318359375,
  "summary_fg_n": 89419.0,
  "summary_fg_p05": 502.2195739746094,
  "summary_fg_p95": 797.8531311035155,
  "summary_fg_stdv": 95.76734924316406,
  "tsnr": 48.83268037228845
}