{
  "aor": 0.013662177914110427,
  "aqi": 0.01159207674846626,
  "bids_meta": {
    "AcquisitionMatrixPE": 104,
    "AcquisitionNumber": 1,
    "AcquisitionTime": "10:56:41.830000",
    "BandwidthPerPixelPhaseEncode": 17.17,
    "BaseResolution": 104,
    "BodyPartExamined": "BRAIN",
    "ConsistencyInfo": "N4_VE11C_LATEST_20160120",
    "ConversionSoftware": "dcm2niix",
    "ConversionSoftwareVersion": "v1.0.20171215 GCC6.3.0",
    "DerivedVendorReportedEchoSpacing": 0.000560011,
    "DeviceSerialNumber": "167001",
    "DwellTime": 2.1e-06,
    "EchoTime": 0.03,
    "EchoTrainLength": 91,
    "EffectiveEchoSpacing": 0.000560011,
    "FlipAngle": 52,
    "ImageOrientationPatientDICOM": [
      0.997344,
      -0.0113546,
      -0.0719415,
      -0.00818148,
      0.964054,
      -0.26558
    ],
    "ImageType": [
      "ORIGINAL",
      "PRIMARY",
      "M",
      "ND",
      "MOSAIC"
    ],
    "InPlanePhaseEncodingDirectionDICOM": "COL",
    "InstitutionAddress": "Cooper_60_St._Lucia_QLD_AU_4072",
    "InstitutionName": "St_Lucia_Campus",
    "InstitutionalDepartmentName": "Gehrmann_Labs_MRI",
    "MRAcquisitionType": "2D",
    "MagneticFieldStrength": 3,
    "Manufacturer": "Siemens",
    "ManufacturersModelName": "Prisma_fit",
    "Modality": "MR",
    "MultibandAccelerationFactor": 6,
    "PartialFourier": 0.875,
    "PatientPosition": "HFS",
    "PercentPhaseFOV": 100,
    "PhaseEncodingDirection": "j-",
    "PhaseEncodingSteps": 91,
    "PhaseResolution": 1,
    "PixelBandwidth": 2290,
    "ProcedureStepDescription": "Research_16092_QTAB",
    "ProtocolName": "ep2d_REST_SMS6_A-P",
    "PulseSequenceDetails": "%SiemensSeq%_ep2d_bold",
    "ReceiveCoilActiveElements": "HC1-7;NC1,2",
    "ReceiveCoilName": "HeadNeck_64",
    "ReconMatrixPE": 104,
    "RepetitionTime": 0.93,
    "SAR": 0.0651005,
    "ScanOptions": "PFP_FS",
    "ScanningSequence": "EP",
    "SequenceName": "_epfid2d1_104",
    "SequenceVariant": "SK",
    "SeriesDescription": "ep2d_REST_SMS6_A-P",
    "SeriesNumber": 9,
    "ShimSetting": [
      3033,
      -4137,
      -768,
      343,
      -26,
      25,
      -12,
      -30
    ],
    "SliceThickness": 2,
    "SliceTiming": [
      0.6825,
      0,
      0.455,
      0.075,
      0.53,
      0.1525,
      0.6075,
      0.3025,
      0.7575,
      0.38,
      0.835,
      0.2275,
      0.6825,
      0,
      0.455,
      0.075,
      0.53,
      0.1525,
      0.6075,
      0.3025,
      0.7575,
      0.38,
      0.835,
      0.2275,
      0.6825,
      0,
      0.455,
      0.075,
      0.53,
      0.1525,
      0.6075,
      0.3025,
      0.7575,
      0.38,
      0.835,
      0.2275,
      0.6825,
      0,
      0.455,
      0.075,
      0.53,
      0.1525,
      0.6075,
      0.3025,
      0.7575,
      0.38,
      0.835,
      0.2275,
      0.6825,
      0,
      0.455,
      0.075,
      0.53,
      0.1525,
      0.6075,
      0.3025,
      0.7575,
      0.38,
      0.835,
      0.2275,
      0.6825,
      0,
      0.455,
      0.075,
      0.53,
      0.1525,
      0.6075,
      0.3025,
      0.7575,
      0.38,
      0.835,
      0.2275
    ],
    "SoftwareVersions": "syngo_MR_E11",
    "SpacingBetweenSlices": 2,
    "StationName": "mrc_Trio",
    "TaskName": "rest",
    "TotalReadoutTime": 0.0576811,
    "TxRefAmp": 212.357,
    "dataset": "ds004146",
    "modality": "bold",
    "session_id": "01",
    "subject_id": "0094",
    "task_id": "rest"
  },
  "dummy_trs": 1,
  "dvars_nstd": 54.815950458400025,
  "dvars_std": 1.3108112396923075,
  "dvars_vstd": 1.1444933337538459,
  "efc": 0.5075488253222384,
  "fber": 966.1983032226562,
  "fd_mean": 0.4562406140323199,
  "fd_num": 181,
  "fd_perc": 55.52147239263804,
  "fwhm_avg": 3.2012416666666668,
  "fwhm_x": 3.022325,
  "fwhm_y": 3.32335,
  "fwhm_z": 3.25805,
  "gcor": 0.0550409,
  "gsr_x": -0.014078398235142231,
  "gsr_y": 0.053075797855854034,
  "provenance": {
    "md5sum": "5e55b9713aae3c5a51e15da2288e8038",
    "settings": {
      "fd_thres": 0.2,
      "testing": false
    },
    "software": "mriqc",
    "version": "23.0.1",
    "webapi_port": null,
    "webapi_url": "https://mriqc.nimh.nih.gov/api/v1"
  },
  "size_t": 326,
  "size_x": 104,
  "size_y": 104,
  "size_z": 72,
  "snr": 2.760944875503071,
  "spacing_tr": 0.9300000071525574,
  "spacing_x": 2.0,
  "spacing_y": 2.0,
  "spacing_z": 2.0,
  "summary_bg_k": 57.059671916951224,
  "summary_bg_mad": 6.407933373780285,
  "summary_bg_mean": 36.336238861083984,
  "summary_bg_median": 19.208587646484375,
  "summary_bg_n": 524326.0,
  "summary_bg_p05": 14.358895301818848,
  "summary_bg_p95": 111.08818435668945,
  "summary_bg_stdv": 54.74090576171875,
  "summary_fg_k": 0.8626393905545875,
  "summary_fg_mad": 211.63467987731994,
  "summary_fg_mean": 642.155517578125,
  "summary_fg_median": 609.1043090820312,
  "summary_fg_n": 153891.0,
  "summary_fg_p05": 351.5183868408203,
  "summary_fg_p95": 1052.8941650390625,
  "summary_fg_stdv": 220.6137237548828,
  "tsnr": 29.219348902697675
}