{
  "bids_meta": {
    "AcquisitionMatrixPE": 256,
    "AcquisitionNumber": 1,
    "AcquisitionTime": "10:37:53.717500",
    "BaseResolution": 256,
    "BodyPartExamined": "BRAIN",
    "CoilString": "HC1-7;NC1_2",
    "ConsistencyInfo": "N4_VE11C_LATEST_20160120",
    "ConversionSoftware": "dcm2niix",
    "ConversionSoftwareVersion": "v1.0.20181125  (JP2:OpenJPEG) GCC6.3.0",
    "DeviceSerialNumber": "167001",
    "DwellTime": 2.6e-06,
    "EchoTime": 0.408,
    "EchoTrainLength": 259,
    "FlipAngle": 120,
    "ImageOrientationPatientDICOM": [
      -0.0541002,
      0.997079,
      0.0539107,
      -0.115079,
      0.0474041,
      -0.992225
    ],
    "ImageType": [
      "ORIGINAL",
      "PRIMARY",
      "M",
      "ND",
      "NORM"
    ],
    "ImagingFrequency": 123.229,
    "InPlanePhaseEncodingDirectionDICOM": "ROW",
    "InstitutionAddress": "Cooper_60_St._Lucia_QLD_AU_4072",
    "InstitutionName": "St_Lucia_Campus",
    "InstitutionalDepartmentName": "Gehrmann_Labs_MRI",
    "MRAcquisitionType": "3D",
    "MagneticFieldStrength": 3,
    "Manufacturer": "Siemens",
    "ManufacturersModelName": "Prisma_fit",
    "Modality": "MR",
    "PartialFourier": 1,
    "PatientPosition": "HFS",
    "PercentPhaseFOV": 100,
    "PhaseEncodingSteps": 233,
    "PhaseResolution": 1,
    "PixelBandwidth": 750,
    "ProcedureStepDescription": "Research_16092_QTAB",
    "ProtocolName": "t2_spc_sag_p2_iso",
    "PulseSequenceDetails": "%SiemensSeq%_tse_vfl",
    "ReceiveCoilActiveElements": "HC1-7;NC1,2",
    "ReceiveCoilName": "HeadNeck_64",
    "ReconMatrixPE": 256,
    "RepetitionTime": 3.2,
    "SAR": 0.145199,
    "ScanOptions": "PFP",
    "ScanningSequence": "SE",
    "SequenceName": "_spcR_282ns",
    "SequenceVariant": "SK_SP",
    "SeriesDescription": "t2_spc_sag_p2_iso",
    "SeriesNumber": 19,
    "ShimSetting": [
      3044,
      -4172,
      -1039,
      -11,
      -3,
      35,
      -21,
      -13
    ],
    "SliceThickness": 1,
    "SoftwareVersions": "syngo_MR_E11",
    "StationName": "mrc_Trio",
    "TxRefAmp": 229.433,
    "dataset": "ds004146",
    "modality": "T2w",
    "session_id": "01",
    "subject_id": "0027"
  },
  "cjv": 2.0580688200254516,
  "cnr": 0.8052890960184709,
  "efc": 0.6883945061240467,
  "fber": 3870.5845508639586,
  "fwhm_avg": 4.971787564552521,
  "fwhm_x": 5.5823003327310285,
  "fwhm_y": 4.902387426948735,
  "fwhm_z": 4.430674933977799,
  "icvs_csf": 0.38946876514071765,
  "icvs_gm": 0.4836427395259245,
  "icvs_wm": 0.12688849533335786,
  "inu_med": 1.045623779296875,
  "inu_range": 0.5793208122253417,
  "provenance": {
    "md5sum": "16ee1dafeabc66a78002e9a3ddaaa8b1",
    "settings": {
      "testing": false
    },
    "software": "mriqc",
    "version": "23.0.1",
    "warnings": {
      "large_rot_frame": true,
      "small_air_mask": false
    },
    "webapi_port": null,
    "webapi_url": "https://mriqc.nimh.nih.gov/api/v1"
  },
  "qi_1": 0.0011480912513443435,
  "qi_2": 0.0037723628720279616,
  "rpve_csf": 9.529570907127932,
  "rpve_gm": 8.162274296380726,
  "rpve_wm": 30.367974633635615,
  "size_x": 192,
  "size_y": 300,
  "size_z": 320,
  "snr_csf": 13.502226895528361,
  "snr_gm": 12.161387792293823,
  "snr_total": 9.11341011983553,
  "snr_wm": 1.676615671684407,
  "snrd_csf": 20.16166232785751,
  "snrd_gm": 13.165832637090023,
  "snrd_total": 19.58095053596666,
  "snrd_wm": 25.41535664295245,
  "spacing_x": 0.7999999523162842,
  "spacing_y": 0.800000011920929,
  "spacing_z": 0.800000011920929,
  "summary_bg_k": 8.240026114112464,
  "summary_bg_mad": 0.0,
  "summary_bg_mean": 13.874816469384225,
  "summary_bg_median": 0.0,
  "summary_bg_n": 2038345.0,
  "summary_bg_p05": 0.0,
  "summary_bg_p95": 71.63373025134206,
  "summary_bg_stdv": 26.203647280262583,
  "summary_csf_k": 0.07335885626539884,
  "summary_csf_mad": 59.830425013477374,
  "summary_csf_mean": 808.6836234213333,
  "summary_csf_median": 806.410830207169,
  "summary_csf_n": 150135.0,
  "summary_csf_p05": 715.151066322811,
  "summary_csf_p95": 910.3860120475292,
  "summary_csf_stdv": 59.724084836014576,
  "summary_gm_k": -0.009216127052215306,
  "summary_gm_mad": 43.77628250096423,
  "summary_gm_mean": 527.1526281131585,
  "summary_gm_median": 526.5969568677247,
  "summary_gm_n": 236095.0,
  "summary_gm_p05": 457.4908000975847,
  "summary_gm_p95": 599.006192618981,
  "summary_gm_stdv": 43.30063728233645,
  "summary_wm_k": -1.7692660940548395,
  "summary_wm_mad": 964.5686526550007,
  "summary_wm_mean": 817.4523535310575,
  "summary_wm_median": 1016.5440982580185,
  "summary_wm_n": 67923.0,
  "summary_wm_p05": 84.38648736104369,
  "summary_wm_p95": 1658.139904035255,
  "summary_wm_stdv": 606.30270391472,
  "tpm_overlap_csf": 0.11098153849492043,
  "tpm_overlap_gm": 0.31836434183937,
  "tpm_overlap_wm": 0.08820434928480053,
  "wm2max": 0.6702141698049924
}