{
  "aor": 0.0049355963302752295,
  "aqi": 0.011453604373088686,
  "bids_meta": {
    "AcquisitionMatrixPE": 104,
    "AcquisitionNumber": 1,
    "AcquisitionTime": "10:26:28.197500",
    "BandwidthPerPixelPhaseEncode": 17.17,
    "BaseResolution": 104,
    "BodyPartExamined": "BRAIN",
    "ConsistencyInfo": "N4_VE11C_LATEST_20160120",
    "ConversionSoftware": "dcm2niix",
    "ConversionSoftwareVersion": "v1.0.20171215 GCC6.3.0",
    "DerivedVendorReportedEchoSpacing": 0.000560011,
    "DeviceSerialNumber": "167001",
    "DwellTime": 2.1e-06,
    "EchoTime": 0.03,
    "EchoTrainLength": 91,
    "EffectiveEchoSpacing": 0.000560011,
    "FlipAngle": 52,
    "ImageOrientationPatientDICOM": [
      0.99875,
      0.0126984,
      -0.0483464,
      -0.0259788,
      0.958173,
      -0.285007
    ],
    "ImageType": [
      "ORIGINAL",
      "PRIMARY",
      "M",
      "ND",
      "MOSAIC"
    ],
    "InPlanePhaseEncodingDirectionDICOM": "COL",
    "InstitutionAddress": "Cooper_60_St._Lucia_QLD_AU_4072",
    "InstitutionName": "St_Lucia_Campus",
    "InstitutionalDepartmentName": "Gehrmann_Labs_MRI",
    "MRAcquisitionType": "2D",
    "MagneticFieldStrength": 3,
    "Manufacturer": "Siemens",
    "ManufacturersModelName": "Prisma_fit",
    "Modality": "MR",
    "MultibandAccelerationFactor": 6,
    "PartialFourier": 0.875,
    "PatientPosition": "HFS",
    "PercentPhaseFOV": 100,
    "PhaseEncodingDirection": "j",
    "PhaseEncodingSteps": 91,
    "PhaseResolution": 1,
    "PixelBandwidth": 2290,
    "ProcedureStepDescription": "Research_16092_QTAB",
    "ProtocolName": "ep2d_REST_SMS6_P-A",
    "PulseSequenceDetails": "%SiemensSeq%_ep2d_bold",
    "ReceiveCoilActiveElements": "HC1-7;NC1,2",
    "ReceiveCoilName": "HeadNeck_64",
    "ReconMatrixPE": 104,
    "RepetitionTime": 0.93,
    "SAR": 0.0658068,
    "ScanOptions": "PFP_FS",
    "ScanningSequence": "EP",
    "SequenceName": "_epfid2d1_104",
    "SequenceVariant": "SK",
    "SeriesDescription": "ep2d_REST_SMS6_P-A",
    "SeriesNumber": 21,
    "ShimSetting": [
      3042,
      -4195,
      -823,
      482,
      -61,
      20,
      -90,
      85
    ],
    "SliceThickness": 2,
    "SliceTiming": [
      0.6825,
      0,
      0.455,
      0.075,
      0.53,
      0.1525,
      0.6075,
      0.3025,
      0.7575,
      0.38,
      0.835,
      0.2275,
      0.6825,
      0,
      0.455,
      0.075,
      0.53,
      0.1525,
      0.6075,
      0.3025,
      0.7575,
      0.38,
      0.835,
      0.2275,
      0.6825,
      0,
      0.455,
      0.075,
      0.53,
      0.1525,
      0.6075,
      0.3025,
      0.7575,
      0.38,
      0.835,
      0.2275,
      0.6825,
      0,
      0.455,
      0.075,
      0.53,
      0.1525,
      0.6075,
      0.3025,
      0.7575,
      0.38,
      0.835,
      0.2275,
      0.6825,
      0,
      0.455,
      0.075,
      0.53,
      0.1525,
      0.6075,
      0.3025,
      0.7575,
      0.38,
      0.835,
      0.2275,
      0.6825,
      0,
      0.455,
      0.075,
      0.53,
      0.1525,
      0.6075,
      0.3025,
      0.7575,
      0.38,
      0.835,
      0.2275
    ],
    "SoftwareVersions": "syngo_MR_E11",
    "SpacingBetweenSlices": 2,
    "StationName": "mrc_Trio",
    "TaskName": "rest",
    "TotalReadoutTime": 0.0576811,
    "TxRefAmp": 220.292,
    "dataset": "ds004146",
    "modality": "bold",
    "session_id": "01",
    "subject_id": "0373",
    "task_id": "rest"
  },
  "dummy_trs": 0,
  "dvars_nstd": 53.28989658500007,
  "dvars_std": 1.0630902422392638,
  "dvars_vstd": 1.004735752515338,
  "efc": 0.5274871174096137,
  "fber": 705.891845703125,
  "fd_mean": 0.4424205813610874,
  "fd_num": 238,
  "fd_perc": 72.78287461773701,
  "fwhm_avg": 3.1632083333333334,
  "fwhm_x": 2.91514,
  "fwhm_y": 3.196655,
  "fwhm_z": 3.37783,
  "gcor": 0.0297668,
  "gsr_x": 0.010526218451559544,
  "gsr_y": 0.04923339933156967,
  "provenance": {
    "md5sum": "abddb73ab2885a2643bd1d68f8e9c46a",
    "settings": {
      "fd_thres": 0.2,
      "testing": false
    },
    "software": "mriqc",
    "version": "23.0.1",
    "webapi_port": null,
    "webapi_url": "https://mriqc.nimh.nih.gov/api/v1"
  },
  "size_t": 327,
  "size_x": 104,
  "size_y": 104,
  "size_z": 72,
  "snr": 2.5969626864075077,
  "spacing_tr": 0.9300000071525574,
  "spacing_x": 2.0,
  "spacing_y": 2.0,
  "spacing_z": 2.0,
  "summary_bg_k": 58.09304329965316,
  "summary_bg_mad": 7.861872612994404,
  "summary_bg_mean": 38.8527717590332,
  "summary_bg_median": 19.706422805786133,
  "summary_bg_n": 516458.0,
  "summary_bg_p05": 13.785933494567871,
  "summary_bg_p95": 131.6151428222655,
  "summary_bg_stdv": 58.07243728637695,
  "summary_fg_k": 1.206082670311611,
  "summary_fg_mad": 189.62347995762426,
  "summary_fg_mean": 563.9766235351562,
  "summary_fg_median": 529.267578125,
  "summary_fg_n": 159320.0,
  "summary_fg_p05": 303.75521697998045,
  "summary_fg_p95": 947.7375183105468,
  "summary_fg_stdv": 203.80189514160156,
  "tsnr": 27.05875637056306
}