{
  "aor": 0.00038601226993865035,
  "aqi": 0.00586723926380368,
  "bids_meta": {
    "AcquisitionMatrixPE": 104,
    "AcquisitionNumber": 1,
    "AcquisitionTime": "11:43:12.792500",
    "BandwidthPerPixelPhaseEncode": 17.17,
    "BaseResolution": 104,
    "BodyPartExamined": "BRAIN",
    "ConsistencyInfo": "N4_VE11C_LATEST_20160120",
    "ConversionSoftware": "dcm2niix",
    "ConversionSoftwareVersion": "v1.0.20171215 GCC6.3.0",
    "DerivedVendorReportedEchoSpacing": 0.000560011,
    "DeviceSerialNumber": "167001",
    "DwellTime": 2.1e-06,
    "EchoTime": 0.03,
    "EchoTrainLength": 91,
    "EffectiveEchoSpacing": 0.000560011,
    "FlipAngle": 52,
    "ImageOrientationPatientDICOM": [
      0.997167,
      0.0368697,
      -0.0655608,
      -0.053481,
      0.960438,
      -0.273311
    ],
    "ImageType": [
      "ORIGINAL",
      "PRIMARY",
      "M",
      "ND",
      "MOSAIC"
    ],
    "InPlanePhaseEncodingDirectionDICOM": "COL",
    "InstitutionAddress": "Cooper_60_St._Lucia_QLD_AU_4072",
    "InstitutionName": "St_Lucia_Campus",
    "InstitutionalDepartmentName": "Gehrmann_Labs_MRI",
    "MRAcquisitionType": "2D",
    "MagneticFieldStrength": 3,
    "Manufacturer": "Siemens",
    "ManufacturersModelName": "Prisma_fit",
    "Modality": "MR",
    "MultibandAccelerationFactor": 6,
    "PartialFourier": 0.875,
    "PatientPosition": "HFS",
    "PercentPhaseFOV": 100,
    "PhaseEncodingDirection": "j-",
    "PhaseEncodingSteps": 91,
    "PhaseResolution": 1,
    "PixelBandwidth": 2290,
    "ProcedureStepDescription": "Research_16092_QTAB",
    "ProtocolName": "ep2d_REST_SMS6_A-P",
    "PulseSequenceDetails": "%SiemensSeq%_ep2d_bold",
    "ReceiveCoilActiveElements": "HC1-7;NC1,2",
    "ReceiveCoilName": "HeadNeck_64",
    "ReconMatrixPE": 104,
    "RepetitionTime": 0.93,
    "SAR": 0.0701847,
    "ScanOptions": "PFP_FS",
    "ScanningSequence": "EP",
    "SequenceName": "_epfid2d1_104",
    "SequenceVariant": "SK",
    "SeriesDescription": "ep2d_REST_SMS6_A-P",
    "SeriesNumber": 9,
    "ShimSetting": [
      3023,
      -4161,
      -741,
      604,
      9,
      -81,
      -24,
      25
    ],
    "SliceThickness": 2,
    "SliceTiming": [
      0.6825,
      0,
      0.455,
      0.075,
      0.53,
      0.1525,
      0.6075,
      0.3025,
      0.7575,
      0.38,
      0.835,
      0.2275,
      0.6825,
      0,
      0.455,
      0.075,
      0.53,
      0.1525,
      0.6075,
      0.3025,
      0.7575,
      0.38,
      0.835,
      0.2275,
      0.6825,
      0,
      0.455,
      0.075,
      0.53,
      0.1525,
      0.6075,
      0.3025,
      0.7575,
      0.38,
      0.835,
      0.2275,
      0.6825,
      0,
      0.455,
      0.075,
      0.53,
      0.1525,
      0.6075,
      0.3025,
      0.7575,
      0.38,
      0.835,
      0.2275,
      0.6825,
      0,
      0.455,
      0.075,
      0.53,
      0.1525,
      0.6075,
      0.3025,
      0.7575,
      0.38,
      0.835,
      0.2275,
      0.6825,
      0,
      0.455,
      0.075,
      0.53,
      0.1525,
      0.6075,
      0.3025,
      0.7575,
      0.38,
      0.835,
      0.2275
    ],
    "SoftwareVersions": "syngo_MR_E11",
    "SpacingBetweenSlices": 2,
    "StationName": "mrc_Trio",
    "TaskName": "rest",
    "TotalReadoutTime": 0.0576811,
    "TxRefAmp": 206.59,
    "dataset": "ds004146",
    "modality": "bold",
    "session_id": "01",
    "subject_id": "0156",
    "task_id": "rest"
  },
  "dummy_trs": 1,
  "dvars_nstd": 38.540363194338454,
  "dvars_std": 1.0947704221538455,
  "dvars_vstd": 0.9975477514769229,
  "efc": 0.4951129823695877,
  "fber": 1131.89208984375,
  "fd_mean": 0.17792824886913447,
  "fd_num": 143,
  "fd_perc": 43.86503067484663,
  "fwhm_avg": 3.04217,
  "fwhm_x": 2.83493,
  "fwhm_y": 3.170005,
  "fwhm_z": 3.121575,
  "gcor": 0.00432036,
  "gsr_x": -0.01728912629187107,
  "gsr_y": 0.050428520888090134,
  "provenance": {
    "md5sum": "f2d88ad8c58a322a9e5ae818a13d862d",
    "settings": {
      "fd_thres": 0.2,
      "testing": false
    },
    "software": "mriqc",
    "version": "23.0.1",
    "webapi_port": null,
    "webapi_url": "https://mriqc.nimh.nih.gov/api/v1"
  },
  "size_t": 326,
  "size_x": 104,
  "size_y": 104,
  "size_z": 72,
  "snr": 2.9757903627573334,
  "spacing_tr": 0.9300000071525574,
  "spacing_x": 2.0,
  "spacing_y": 2.0,
  "spacing_z": 2.0,
  "summary_bg_k": 58.47053412489654,
  "summary_bg_mad": 3.68376689033634,
  "summary_bg_mean": 30.438579559326172,
  "summary_bg_median": 16.696319580078125,
  "summary_bg_n": 536407.0,
  "summary_bg_p05": 13.769938468933105,
  "summary_bg_p95": 88.49907989501939,
  "summary_bg_stdv": 44.8529167175293,
  "summary_fg_k": 0.7660979821441121,
  "summary_fg_mad": 183.98365985155692,
  "summary_fg_mean": 594.4984130859375,
  "summary_fg_median": 566.8496704101562,
  "summary_fg_n": 147029.0,
  "summary_fg_p05": 342.81104125976566,
  "summary_fg_p95": 952.1238891601565,
  "summary_fg_stdv": 190.4864501953125,
  "tsnr": 39.34153658361174
}