{
  "aor": 0.00044963076923076927,
  "aqi": 0.0060151063076923075,
  "bids_meta": {
    "AcquisitionMatrixPE": 104,
    "AcquisitionNumber": 1,
    "AcquisitionTime": "11:07:22.217500",
    "BandwidthPerPixelPhaseEncode": 17.17,
    "BaseResolution": 104,
    "BodyPartExamined": "BRAIN",
    "ConsistencyInfo": "N4_VE11C_LATEST_20160120",
    "ConversionSoftware": "dcm2niix",
    "ConversionSoftwareVersion": "v1.0.20171215 GCC6.3.0",
    "DerivedVendorReportedEchoSpacing": 0.000560011,
    "DeviceSerialNumber": "167001",
    "DwellTime": 2.1e-06,
    "EchoTime": 0.03,
    "EchoTrainLength": 91,
    "EffectiveEchoSpacing": 0.000560011,
    "FlipAngle": 52,
    "ImageOrientationPatientDICOM": [
      0.999484,
      -0.0305999,
      0.00972785,
      0.0321086,
      0.951003,
      -0.30751
    ],
    "ImageType": [
      "ORIGINAL",
      "PRIMARY",
      "M",
      "ND",
      "MOSAIC"
    ],
    "InPlanePhaseEncodingDirectionDICOM": "COL",
    "InstitutionAddress": "Cooper_60_St._Lucia_QLD_AU_4072",
    "InstitutionName": "St_Lucia_Campus",
    "InstitutionalDepartmentName": "Gehrmann_Labs_MRI",
    "MRAcquisitionType": "2D",
    "MagneticFieldStrength": 3,
    "Manufacturer": "Siemens",
    "ManufacturersModelName": "Prisma_fit",
    "Modality": "MR",
    "MultibandAccelerationFactor": 6,
    "PartialFourier": 0.875,
    "PatientPosition": "HFS",
    "PercentPhaseFOV": 100,
    "PhaseEncodingDirection": "j-",
    "PhaseEncodingSteps": 91,
    "PhaseResolution": 1,
    "PixelBandwidth": 2290,
    "ProcedureStepDescription": "Research_16092_QTAB",
    "ProtocolName": "ep2d_REST_SMS6_A-P",
    "PulseSequenceDetails": "%SiemensSeq%_ep2d_bold",
    "ReceiveCoilActiveElements": "HC1-7;NC1,2",
    "ReceiveCoilName": "HeadNeck_64",
    "ReconMatrixPE": 104,
    "RepetitionTime": 0.93,
    "SAR": 0.0666987,
    "ScanOptions": "PFP_FS",
    "ScanningSequence": "EP",
    "SequenceName": "_epfid2d1_104",
    "SequenceVariant": "SK",
    "SeriesDescription": "ep2d_REST_SMS6_A-P",
    "SeriesNumber": 9,
    "ShimSetting": [
      3060,
      -4187,
      -801,
      467,
      -16,
      30,
      -78,
      -33
    ],
    "SliceThickness": 2,
    "SliceTiming": [
      0.6825,
      0,
      0.455,
      0.075,
      0.53,
      0.1525,
      0.6075,
      0.3025,
      0.7575,
      0.38,
      0.8325,
      0.2275,
      0.6825,
      0,
      0.455,
      0.075,
      0.53,
      0.1525,
      0.6075,
      0.3025,
      0.7575,
      0.38,
      0.8325,
      0.2275,
      0.6825,
      0,
      0.455,
      0.075,
      0.53,
      0.1525,
      0.6075,
      0.3025,
      0.7575,
      0.38,
      0.8325,
      0.2275,
      0.6825,
      0,
      0.455,
      0.075,
      0.53,
      0.1525,
      0.6075,
      0.3025,
      0.7575,
      0.38,
      0.8325,
      0.2275,
      0.6825,
      0,
      0.455,
      0.075,
      0.53,
      0.1525,
      0.6075,
      0.3025,
      0.7575,
      0.38,
      0.8325,
      0.2275,
      0.6825,
      0,
      0.455,
      0.075,
      0.53,
      0.1525,
      0.6075,
      0.3025,
      0.7575,
      0.38,
      0.8325,
      0.2275
    ],
    "SoftwareVersions": "syngo_MR_E11",
    "SpacingBetweenSlices": 2,
    "StationName": "mrc_Trio",
    "TaskName": "rest",
    "TotalReadoutTime": 0.0576811,
    "TxRefAmp": 212.535,
    "dataset": "ds004146",
    "modality": "bold",
    "session_id": "01",
    "subject_id": "0216",
    "task_id": "rest"
  },
  "dummy_trs": 2,
  "dvars_nstd": 38.69386226728392,
  "dvars_std": 1.0582827409567905,
  "dvars_vstd": 0.9997016985493821,
  "efc": 0.519202959214852,
  "fber": 848.7347412109375,
  "fd_mean": 0.1748543810473289,
  "fd_num": 122,
  "fd_perc": 37.53846153846154,
  "fwhm_avg": 2.95083,
  "fwhm_x": 2.696235,
  "fwhm_y": 3.084865,
  "fwhm_z": 3.07139,
  "gcor": 0.00804719,
  "gsr_x": -0.003066699020564556,
  "gsr_y": 0.05496944114565849,
  "provenance": {
    "md5sum": "63c5551a86b5ba63b86d1bfccad560ba",
    "settings": {
      "fd_thres": 0.2,
      "testing": false
    },
    "software": "mriqc",
    "version": "23.0.1",
    "webapi_port": null,
    "webapi_url": "https://mriqc.nimh.nih.gov/api/v1"
  },
  "size_t": 325,
  "size_x": 104,
  "size_y": 104,
  "size_z": 72,
  "snr": 2.9057974284123915,
  "spacing_tr": 0.9300000071525574,
  "spacing_x": 2.0,
  "spacing_y": 2.0,
  "spacing_z": 2.0,
  "summary_bg_k": 88.53762124909397,
  "summary_bg_mad": 5.670384807297787,
  "summary_bg_mean": 33.92580032348633,
  "summary_bg_median": 18.153846740722656,
  "summary_bg_n": 520251.0,
  "summary_bg_p05": 13.947691917419434,
  "summary_bg_p95": 104.80923080444336,
  "summary_bg_stdv": 52.74699020385742,
  "summary_fg_k": 0.63937571209018,
  "summary_fg_mad": 177.7891534082774,
  "summary_fg_mean": 563.705322265625,
  "summary_fg_median": 537.4369506835938,
  "summary_fg_n": 158087.0,
  "summary_fg_p05": 317.9649230957031,
  "summary_fg_p95": 899.8258483886717,
  "summary_fg_stdv": 184.9527587890625,
  "tsnr": 37.58416387496982
}