{
  "bids_meta": {
    "AcquisitionMatrixPE": 256,
    "AcquisitionNumber": 1,
    "AcquisitionTime": "12:18:33.180000",
    "BaseResolution": 256,
    "BodyPartExamined": "BRAIN",
    "CoilString": "HC1-7;NC1_2",
    "ConsistencyInfo": "N4_VE11C_LATEST_20160120",
    "ConversionSoftware": "dcm2niix",
    "ConversionSoftwareVersion": "v1.0.20190410  GCC6.3.0",
    "DeviceSerialNumber": "167001",
    "DwellTime": 2.6e-06,
    "EchoTime": 0.408,
    "EchoTrainLength": 259,
    "FlipAngle": 120,
    "ImageOrientationPatientDICOM": [
      -0.00616679,
      0.999638,
      -0.0261759,
      -0.00876169,
      -0.0262294,
      -0.999618
    ],
    "ImageType": [
      "ORIGINAL",
      "PRIMARY",
      "M",
      "ND",
      "NORM"
    ],
    "ImagingFrequency": 123.229,
    "InPlanePhaseEncodingDirectionDICOM": "ROW",
    "InstitutionAddress": "Cooper_60_St._Lucia_QLD_AU_4072",
    "InstitutionName": "Centre_for_Advanced_Imaging",
    "InstitutionalDepartmentName": "Gehrmann_Labs_MRI",
    "MRAcquisitionType": "3D",
    "MagneticFieldStrength": 3,
    "Manufacturer": "Siemens",
    "ManufacturersModelName": "Prisma_fit",
    "Modality": "MR",
    "PartialFourier": 1,
    "PatientPosition": "HFS",
    "PercentPhaseFOV": 100,
    "PhaseEncodingSteps": 233,
    "PhaseResolution": 1,
    "PixelBandwidth": 750,
    "ProcedureStepDescription": "Research_16092_QTAB",
    "ProtocolName": "t2_spc_sag_p2_iso",
    "PulseSequenceDetails": "%SiemensSeq%_tse_vfl",
    "ReceiveCoilActiveElements": "HC1-7;NC1,2",
    "ReceiveCoilName": "HeadNeck_64",
    "ReconMatrixPE": 256,
    "RefLinesPE": 24,
    "RepetitionTime": 3.2,
    "SAR": 0.143806,
    "ScanOptions": "PFP",
    "ScanningSequence": "SE",
    "SequenceName": "_spcR_282ns",
    "SequenceVariant": "SK_SP",
    "SeriesDescription": "t2_spc_sag_p2_iso",
    "SeriesNumber": 32,
    "ShimSetting": [
      3046,
      -4168,
      -1041,
      -17,
      -5,
      41,
      -30,
      -10
    ],
    "SliceThickness": 1,
    "SoftwareVersions": "syngo_MR_E11",
    "StationName": "mrc_Trio",
    "TxRefAmp": 214.603,
    "dataset": "ds004146",
    "modality": "T2w",
    "session_id": "02",
    "subject_id": "0021"
  },
  "cjv": 1.7362324086845973,
  "cnr": 0.8935091620647555,
  "efc": 0.5917431424824788,
  "fber": -1.0,
  "fwhm_avg": 3.867408275704458,
  "fwhm_x": 4.012637440207042,
  "fwhm_y": 4.129499938465655,
  "fwhm_z": 3.460087448440679,
  "icvs_csf": 0.43503303458086484,
  "icvs_gm": 0.4203146039704518,
  "icvs_wm": 0.1446523614486834,
  "inu_med": 1.0244070291519165,
  "inu_range": 0.286549836397171,
  "provenance": {
    "md5sum": "6dc0173f0234275e099a4d075ad7f40c",
    "settings": {
      "testing": false
    },
    "software": "mriqc",
    "version": "23.0.1",
    "warnings": {
      "large_rot_frame": true,
      "small_air_mask": false
    },
    "webapi_port": null,
    "webapi_url": "https://mriqc.nimh.nih.gov/api/v1"
  },
  "qi_1": 0.0,
  "qi_2": 0.023788441651105753,
  "rpve_csf": 12.145096080319371,
  "rpve_gm": 13.136231067175396,
  "rpve_wm": 37.14950334174418,
  "size_x": 192,
  "size_y": 300,
  "size_z": 320,
  "snr_csf": 16.254293790459755,
  "snr_gm": 13.888910454260326,
  "snr_total": 10.543750156568281,
  "snr_wm": 1.4880462249847648,
  "snrd_csf": 109.04503860326714,
  "snrd_gm": 72.72171191360505,
  "snrd_total": 121.34379643704699,
  "snrd_wm": 182.26463879426873,
  "spacing_x": 0.800000011920929,
  "spacing_y": 0.800000011920929,
  "spacing_z": 0.800000011920929,
  "summary_bg_k": 4.836561341917087,
  "summary_bg_mad": 0.0,
  "summary_bg_mean": 1.9612836345885418,
  "summary_bg_median": 0.0,
  "summary_bg_n": 1843709.0,
  "summary_bg_p05": 0.0,
  "summary_bg_p95": 7.264521986246109,
  "summary_bg_stdv": 3.602682792372494,
  "summary_csf_k": 0.9451435024869035,
  "summary_csf_mad": 35.00378834287141,
  "summary_csf_mean": 601.9143500735729,
  "summary_csf_median": 599.6532694101334,
  "summary_csf_n": 114656.0,
  "summary_csf_p05": 546.8478993661702,
  "summary_csf_p95": 664.8413473851979,
  "summary_csf_stdv": 36.89183068328497,
  "summary_gm_k": -0.11138856412648002,
  "summary_gm_mad": 30.10815360960268,
  "summary_gm_mean": 399.19714771051537,
  "summary_gm_median": 399.90643191710114,
  "summary_gm_n": 273182.0,
  "summary_gm_p05": 351.09104553982615,
  "summary_gm_p95": 444.01638928055763,
  "summary_gm_stdv": 28.793165690859606,
  "summary_wm_k": -1.7303861556747917,
  "summary_wm_mad": 1015.7830117190954,
  "summary_wm_mean": 820.6607888028561,
  "summary_wm_median": 1002.2976556364447,
  "summary_wm_n": 65566.0,
  "summary_wm_p05": 21.243223384022713,
  "summary_wm_p95": 1707.878112114966,
  "summary_wm_stdv": 673.5610731395069,
  "tpm_overlap_csf": 0.11099878491995989,
  "tpm_overlap_gm": 0.2710358727242345,
  "tpm_overlap_wm": 0.040704697540848614,
  "wm2max": 0.6059842283889
}