{
  "bids_meta": {
    "AcquisitionMatrixPE": 256,
    "AcquisitionNumber": 1,
    "AcquisitionTime": "15:02:49.127500",
    "BaseResolution": 256,
    "BodyPartExamined": "BRAIN",
    "ConsistencyInfo": "N4_VE11C_LATEST_20160120",
    "ConversionSoftware": "dcm2niix",
    "ConversionSoftwareVersion": "v1.0.20171215 GCC6.3.0",
    "DeviceSerialNumber": "167001",
    "DwellTime": 2.6e-06,
    "EchoTime": 0.408,
    "EchoTrainLength": 259,
    "FlipAngle": 120,
    "ImageOrientationPatientDICOM": [
      0.0724887,
      0.980195,
      0.18429,
      0.0208381,
      0.183247,
      -0.982846
    ],
    "ImageType": [
      "ORIGINAL",
      "PRIMARY",
      "M",
      "ND",
      "NORM"
    ],
    "InPlanePhaseEncodingDirectionDICOM": "ROW",
    "InstitutionAddress": "Cooper_60_St._Lucia_QLD_AU_4072",
    "InstitutionName": "St_Lucia_Campus",
    "InstitutionalDepartmentName": "Gehrmann_Labs_MRI",
    "MRAcquisitionType": "3D",
    "MagneticFieldStrength": 3,
    "Manufacturer": "Siemens",
    "ManufacturersModelName": "Prisma_fit",
    "Modality": "MR",
    "ParallelReductionFactorInPlane": 2,
    "PartialFourier": 1,
    "PatientPosition": "HFS",
    "PercentPhaseFOV": 100,
    "PhaseEncodingSteps": 233,
    "PhaseResolution": 1,
    "PixelBandwidth": 750,
    "ProcedureStepDescription": "Research_16092_QTAB",
    "ProtocolName": "t2_spc_sag_p2_iso",
    "PulseSequenceDetails": "%SiemensSeq%_tse_vfl",
    "ReceiveCoilActiveElements": "HC1-7;NC1,2",
    "ReceiveCoilName": "HeadNeck_64",
    "ReconMatrixPE": 256,
    "RepetitionTime": 3.2,
    "SAR": 0.194454,
    "ScanOptions": "PFP",
    "ScanningSequence": "SE",
    "SequenceName": "_spcR_282ns",
    "SequenceVariant": "SK_SP",
    "SeriesDescription": "t2_spc_sag_p2_iso",
    "SeriesNumber": 19,
    "ShimSetting": [
      3045,
      -4172,
      -1048,
      3,
      -5,
      36,
      -4,
      -10
    ],
    "SliceThickness": 1,
    "SoftwareVersions": "syngo_MR_E11",
    "StationName": "mrc_Trio",
    "TxRefAmp": 207.164,
    "dataset": "ds004146",
    "modality": "T2w",
    "session_id": "01",
    "subject_id": "0091"
  },
  "cjv": 1.6902392091686156,
  "cnr": 0.9268742717120659,
  "efc": 0.5987861712169321,
  "fber": 3878.8224696025577,
  "fwhm_avg": 4.265616710151179,
  "fwhm_x": 4.310287756913171,
  "fwhm_y": 4.589237431615033,
  "fwhm_z": 3.8973249419253326,
  "icvs_csf": 0.4634636258578682,
  "icvs_gm": 0.11815024168662952,
  "icvs_wm": 0.41838613245550227,
  "inu_med": 1.0282546281814575,
  "inu_range": 0.3253010272979736,
  "provenance": {
    "md5sum": "eee2d9b531887e83d5e739a1cc7418ca",
    "settings": {
      "testing": false
    },
    "software": "mriqc",
    "version": "23.0.1",
    "warnings": {
      "large_rot_frame": true,
      "small_air_mask": false
    },
    "webapi_port": null,
    "webapi_url": "https://mriqc.nimh.nih.gov/api/v1"
  },
  "qi_1": 0.0,
  "qi_2": 0.009439504348708612,
  "rpve_csf": 10.06684817909226,
  "rpve_gm": 36.53547067527817,
  "rpve_wm": 11.368197017323034,
  "size_x": 192,
  "size_y": 300,
  "size_z": 320,
  "snr_csf": 16.427013563328792,
  "snr_gm": 1.4931927077261526,
  "snr_total": 10.068423406938338,
  "snr_wm": 12.285063949760074,
  "snrd_csf": 43.71543587877028,
  "snrd_gm": 75.07592450210228,
  "snrd_total": 49.07074120757941,
  "snrd_wm": 28.42086324186568,
  "spacing_x": 0.7999999523162842,
  "spacing_y": 0.800000011920929,
  "spacing_z": 0.800000011920929,
  "summary_bg_k": 2.922376361602141,
  "summary_bg_mad": 0.0,
  "summary_bg_mean": 16.817094364724582,
  "summary_bg_median": 0.0,
  "summary_bg_n": 1981544.0,
  "summary_bg_p05": 0.0,
  "summary_bg_p95": 64.21583798527718,
  "summary_bg_stdv": 23.049429599444284,
  "summary_csf_k": 0.6360385956560677,
  "summary_csf_mad": 89.12455334330247,
  "summary_csf_mean": 1543.4752096544182,
  "summary_csf_median": 1538.0245422124863,
  "summary_csf_n": 174243.0,
  "summary_csf_p05": 1400.8361610621214,
  "summary_csf_p95": 1704.244162157178,
  "summary_csf_stdv": 93.62749490829187,
  "summary_gm_k": -1.5955318534394196,
  "summary_gm_mad": 2689.7603060838933,
  "summary_gm_mean": 2326.1544715367395,
  "summary_gm_median": 2641.3693948686123,
  "summary_gm_n": 74128.0,
  "summary_gm_p05": 72.89365392923355,
  "summary_gm_p95": 4707.8413723736985,
  "summary_gm_stdv": 1768.9287959071478,
  "summary_wm_k": -0.11041128870228967,
  "summary_wm_mad": 84.6800218117467,
  "summary_wm_mean": 1000.7816522032265,
  "summary_wm_median": 999.9210644513369,
  "summary_wm_n": 303830.0,
  "summary_wm_p05": 870.3415500991047,
  "summary_wm_p95": 1134.111654639244,
  "summary_wm_stdv": 81.3930984007862,
  "tpm_overlap_csf": 0.10703841042455207,
  "tpm_overlap_gm": 0.08143059987079866,
  "tpm_overlap_wm": 0.42789402718945246,
  "wm2max": 0.22272008434370058
}