{
  "aor": 0.001188756613756614,
  "aqi": 0.016239087037037036,
  "bids_meta": {
    "AcquisitionMatrixPE": 90,
    "AcquisitionNumber": 1,
    "AcquisitionTime": "11:36:26.597500",
    "BandwidthPerPixelPhaseEncode": 21.368,
    "BaseResolution": 90,
    "BodyPartExamined": "BRAIN",
    "CoilString": "HC1-7;NC1_2",
    "ConsistencyInfo": "N4_VE11C_LATEST_20160120",
    "ConversionSoftware": "dcm2niix",
    "ConversionSoftwareVersion": "v1.0.20190410  GCC6.3.0",
    "DerivedVendorReportedEchoSpacing": 0.000519988,
    "DeviceSerialNumber": "167001",
    "DwellTime": 2.2e-06,
    "EchoTime": 0.03,
    "EchoTrainLength": 90,
    "EffectiveEchoSpacing": 0.000519988,
    "FlipAngle": 52,
    "ImageOrientationPatientDICOM": [
      0.998518,
      0.00871728,
      -0.053725,
      -0.020916,
      0.972752,
      -0.230902
    ],
    "ImageType": [
      "ORIGINAL",
      "PRIMARY",
      "M",
      "ND",
      "NORM",
      "MOSAIC"
    ],
    "ImagingFrequency": 123.229,
    "InPlanePhaseEncodingDirectionDICOM": "COL",
    "InstitutionAddress": "Cooper_60_St._Lucia_QLD_AU_4072",
    "InstitutionName": "St_Lucia_Campus",
    "InstitutionalDepartmentName": "Gehrmann_Labs_MRI",
    "MRAcquisitionType": "2D",
    "MagneticFieldStrength": 3,
    "Manufacturer": "Siemens",
    "ManufacturersModelName": "Prisma_fit",
    "Modality": "MR",
    "MultibandAccelerationFactor": 6,
    "PartialFourier": 1,
    "PatientPosition": "HFS",
    "PercentPhaseFOV": 100,
    "PhaseEncodingDirection": "j-",
    "PhaseEncodingSteps": 90,
    "PhaseResolution": 1,
    "PixelBandwidth": 2525,
    "ProcedureStepDescription": "Research_16092_QTAB",
    "ProtocolName": "PARTLY_CLOUDY_mb6_2.4",
    "PulseSequenceDetails": "%SiemensSeq%_ep2d_bold",
    "ReceiveCoilActiveElements": "HC1-7;NC1,2",
    "ReceiveCoilName": "HeadNeck_64",
    "ReconMatrixPE": 90,
    "RefLinesPE": 12,
    "RepetitionTime": 0.8,
    "SAR": 0.0790052,
    "ScanOptions": "FS",
    "ScanningSequence": "EP",
    "SequenceName": "_epfid2d1_90",
    "SequenceVariant": "SK",
    "SeriesDescription": "PARTLY_CLOUDY_mb6_2.4",
    "SeriesNumber": 19,
    "ShimSetting": [
      3032,
      -4188,
      -795,
      319,
      34,
      -128,
      -155,
      40
    ],
    "SliceThickness": 2.4,
    "SliceTiming": [
      0.5475,
      0,
      0.39,
      0.08,
      0.47,
      0.235,
      0.625,
      0.3125,
      0.7025,
      0.1575,
      0.5475,
      0,
      0.39,
      0.08,
      0.47,
      0.235,
      0.625,
      0.3125,
      0.7025,
      0.1575,
      0.5475,
      0,
      0.39,
      0.08,
      0.47,
      0.235,
      0.625,
      0.3125,
      0.7025,
      0.1575,
      0.5475,
      0,
      0.39,
      0.08,
      0.47,
      0.235,
      0.625,
      0.3125,
      0.7025,
      0.1575,
      0.5475,
      0,
      0.39,
      0.08,
      0.47,
      0.235,
      0.625,
      0.3125,
      0.7025,
      0.1575,
      0.5475,
      0,
      0.39,
      0.08,
      0.47,
      0.235,
      0.625,
      0.3125,
      0.7025,
      0.1575
    ],
    "SoftwareVersions": "syngo_MR_E11",
    "SpacingBetweenSlices": 2.4,
    "StationName": "mrc_Trio",
    "TaskName": "partlycloudy",
    "TotalReadoutTime": 0.046279,
    "TxRefAmp": 218.278,
    "dataset": "ds004146",
    "modality": "bold",
    "session_id": "02",
    "subject_id": "0213",
    "task_id": "partlycloudy"
  },
  "dummy_trs": 2,
  "dvars_nstd": 30.32123939546421,
  "dvars_std": 1.1435488861007965,
  "dvars_vstd": 1.0189082303183028,
  "efc": 0.4518815962918722,
  "fber": 6779.6259765625,
  "fd_mean": 0.13371248314666978,
  "fd_num": 43,
  "fd_perc": 11.375661375661375,
  "fwhm_avg": 1.7046749322623043,
  "fwhm_x": 1.6421124347483145,
  "fwhm_y": 1.7985665951980514,
  "fwhm_z": 1.6733457668405465,
  "gcor": 0.00831819,
  "gsr_x": -0.018961336463689804,
  "gsr_y": 0.027756525203585625,
  "provenance": {
    "md5sum": "189f0a3b4f795a72d3577c33e07a8525",
    "settings": {
      "fd_thres": 0.2,
      "testing": false
    },
    "software": "mriqc",
    "version": "23.0.1",
    "webapi_port": null,
    "webapi_url": "https://mriqc.nimh.nih.gov/api/v1"
  },
  "size_t": 378,
  "size_x": 90,
  "size_y": 90,
  "size_z": 60,
  "snr": 7.217003618474931,
  "spacing_tr": 0.800000011920929,
  "spacing_x": 2.4000000953674316,
  "spacing_y": 2.4000000953674316,
  "spacing_z": 2.4000000953674316,
  "summary_bg_k": 31.020456586570596,
  "summary_bg_mad": 5.330308144379623,
  "summary_bg_mean": 22.158479690551758,
  "summary_bg_median": 7.5211639404296875,
  "summary_bg_n": 346461.0,
  "summary_bg_p05": 3.007936477661133,
  "summary_bg_p95": 95.12698364257812,
  "summary_bg_stdv": 46.009071350097656,
  "summary_fg_k": 3.02154696160673,
  "summary_fg_mad": 80.4841075058958,
  "summary_fg_mean": 619.4241943359375,
  "summary_fg_median": 619.5740356445312,
  "summary_fg_n": 72855.0,
  "summary_fg_p05": 493.0116271972656,
  "summary_fg_p95": 751.8467956542969,
  "summary_fg_stdv": 85.84861755371094,
  "tsnr": 46.00804314389825
}