{
  "bids_meta": {
    "AcquisitionMatrixPE": 256,
    "AcquisitionNumber": 1,
    "AcquisitionTime": "13:16:23.607500",
    "BaseResolution": 256,
    "BodyPartExamined": "BRAIN",
    "ConsistencyInfo": "N4_VE11C_LATEST_20160120",
    "ConversionSoftware": "dcm2niix",
    "ConversionSoftwareVersion": "v1.0.20181125  (JP2:OpenJPEG) GCC6.3.0",
    "DeviceSerialNumber": "167001",
    "DwellTime": 2.6e-06,
    "EchoTime": 0.408,
    "EchoTrainLength": 259,
    "FlipAngle": 120,
    "ImageOrientationPatientDICOM": [
      0,
      1,
      0,
      0,
      0,
      -1
    ],
    "ImageType": [
      "ORIGINAL",
      "PRIMARY",
      "M",
      "ND",
      "NORM"
    ],
    "ImagingFrequency": 123.229,
    "InPlanePhaseEncodingDirectionDICOM": "ROW",
    "InstitutionAddress": "Cooper_60_St._Lucia_QLD_AU_4072",
    "InstitutionName": "St_Lucia_Campus",
    "InstitutionalDepartmentName": "Gehrmann_Labs_MRI",
    "MRAcquisitionType": "3D",
    "MagneticFieldStrength": 3,
    "Manufacturer": "Siemens",
    "ManufacturersModelName": "Prisma_fit",
    "Modality": "MR",
    "PartialFourier": 1,
    "PatientPosition": "HFS",
    "PercentPhaseFOV": 100,
    "PhaseEncodingSteps": 233,
    "PhaseResolution": 1,
    "PixelBandwidth": 750,
    "ProcedureStepDescription": "Research_16092_QTAB",
    "ProtocolName": "t2_spc_sag_p2_iso",
    "PulseSequenceDetails": "%SiemensSeq%_tse_vfl",
    "ReceiveCoilActiveElements": "HC1-7;NC1",
    "ReceiveCoilName": "HeadNeck_64",
    "ReconMatrixPE": 256,
    "RepetitionTime": 3.2,
    "SAR": 0.203104,
    "ScanOptions": "PFP",
    "ScanningSequence": "SE",
    "SequenceName": "_spcR_282ns",
    "SequenceVariant": "SK_SP",
    "SeriesDescription": "t2_spc_sag_p2_iso",
    "SeriesNumber": 19,
    "ShimSetting": [
      3044,
      -4172,
      -1039,
      -11,
      -3,
      35,
      -21,
      -13
    ],
    "SliceThickness": 1,
    "SoftwareVersions": "syngo_MR_E11",
    "StationName": "mrc_Trio",
    "TxRefAmp": 210.242,
    "dataset": "ds004146",
    "modality": "T2w",
    "session_id": "01",
    "subject_id": "0409"
  },
  "cjv": 0.5887759663446186,
  "cnr": 1.523682333426755,
  "efc": 0.5955795285635027,
  "fber": 4973.7953247401765,
  "fwhm_avg": 4.36849588212477,
  "fwhm_x": 4.585700273329036,
  "fwhm_y": 4.605774931368605,
  "fwhm_z": 3.9140124416766695,
  "icvs_csf": 0.17279359475636902,
  "icvs_gm": 0.3251792117156038,
  "icvs_wm": 0.5020271935280272,
  "inu_med": 1.0331817269325256,
  "inu_range": 0.3090224683284758,
  "provenance": {
    "md5sum": "ccec6e48e36bf8987a5a48bc3437cf27",
    "settings": {
      "testing": false
    },
    "software": "mriqc",
    "version": "23.0.1",
    "warnings": {
      "large_rot_frame": true,
      "small_air_mask": false
    },
    "webapi_port": null,
    "webapi_url": "https://mriqc.nimh.nih.gov/api/v1"
  },
  "qi_1": 3.2667766481471544e-06,
  "qi_2": 0.018861966984118534,
  "rpve_csf": 25.389963527644937,
  "rpve_gm": 13.29101244354614,
  "rpve_wm": 9.372175234994513,
  "size_x": 192,
  "size_y": 300,
  "size_z": 320,
  "snr_csf": 1.7332784725945811,
  "snr_gm": 4.746591582910648,
  "snr_total": 5.991989389396424,
  "snr_wm": 11.496098112684043,
  "snrd_csf": 141.05575208473516,
  "snrd_gm": 46.575408150005465,
  "snrd_total": 83.80357995329214,
  "snrd_wm": 63.77957962513581,
  "spacing_x": 0.7999999523162842,
  "spacing_y": 0.800000011920929,
  "spacing_z": 0.800000011920929,
  "summary_bg_k": 4.303715926487184,
  "summary_bg_mad": 0.0,
  "summary_bg_mean": 6.177889172407476,
  "summary_bg_median": 0.0,
  "summary_bg_n": 1734900.0,
  "summary_bg_p05": 0.0,
  "summary_bg_p95": 27.35762047767639,
  "summary_bg_stdv": 10.27255826509226,
  "summary_csf_k": -1.0418209911694944,
  "summary_csf_mad": 1320.994018548427,
  "summary_csf_mean": 2036.2631372753751,
  "summary_csf_median": 2211.7583940029144,
  "summary_csf_n": 145480.0,
  "summary_csf_p05": 56.95120032131672,
  "summary_csf_p95": 3890.437769755721,
  "summary_csf_stdv": 1276.050460079755,
  "summary_gm_k": 7.151242210675992,
  "summary_gm_mad": 60.548199838991266,
  "summary_gm_mean": 763.1101461806044,
  "summary_gm_median": 730.3037870302796,
  "summary_gm_n": 100884.0,
  "summary_gm_p05": 634.0917707830667,
  "summary_gm_p95": 1242.86458992213,
  "summary_gm_stdv": 153.85780612098222,
  "summary_wm_k": -0.5993032274671819,
  "summary_wm_mad": 98.28113597053654,
  "summary_wm_mean": 1000.382520333176,
  "summary_wm_median": 1000.0657081827521,
  "summary_wm_n": 504946.0,
  "summary_wm_p05": 862.4884436652064,
  "summary_wm_p95": 1141.1942022815347,
  "summary_wm_stdv": 86.9916651815017,
  "tpm_overlap_csf": 0.12087886115167086,
  "tpm_overlap_gm": 0.25909715421290325,
  "tpm_overlap_wm": 0.27217373070485595,
  "wm2max": 0.2593679111732701
}