{
  "bids_meta": {
    "AcquisitionMatrixPE": 256,
    "AcquisitionNumber": 1,
    "AcquisitionTime": "10:52:28.122500",
    "BaseResolution": 256,
    "BodyPartExamined": "BRAIN",
    "CoilString": "HC1-7;NC1_2",
    "ConsistencyInfo": "N4_VE11C_LATEST_20160120",
    "ConversionSoftware": "dcm2niix",
    "ConversionSoftwareVersion": "v1.0.20190410  GCC6.3.0",
    "DeviceSerialNumber": "167001",
    "DwellTime": 2.6e-06,
    "EchoTime": 0.408,
    "EchoTrainLength": 259,
    "FlipAngle": 120,
    "ImageOrientationPatientDICOM": [
      -0.0152913,
      0.999859,
      0.00697586,
      -0.0395402,
      0.00636654,
      -0.999198
    ],
    "ImageType": [
      "ORIGINAL",
      "PRIMARY",
      "M",
      "ND",
      "NORM"
    ],
    "ImagingFrequency": 123.229,
    "InPlanePhaseEncodingDirectionDICOM": "ROW",
    "InstitutionAddress": "Cooper_60_St._Lucia_QLD_AU_4072",
    "InstitutionName": "Centre_for_Advanced_Imaging",
    "InstitutionalDepartmentName": "Gehrmann_Labs_MRI",
    "MRAcquisitionType": "3D",
    "MagneticFieldStrength": 3,
    "Manufacturer": "Siemens",
    "ManufacturersModelName": "Prisma_fit",
    "Modality": "MR",
    "PartialFourier": 1,
    "PatientPosition": "HFS",
    "PercentPhaseFOV": 100,
    "PhaseEncodingSteps": 233,
    "PhaseResolution": 1,
    "PixelBandwidth": 750,
    "ProcedureStepDescription": "Research_16092_QTAB",
    "ProtocolName": "t2_spc_sag_p2_iso",
    "PulseSequenceDetails": "%SiemensSeq%_tse_vfl",
    "ReceiveCoilActiveElements": "HC1-7;NC1,2",
    "ReceiveCoilName": "HeadNeck_64",
    "ReconMatrixPE": 256,
    "RefLinesPE": 24,
    "RepetitionTime": 3.2,
    "SAR": 0.14593,
    "ScanOptions": "PFP",
    "ScanningSequence": "SE",
    "SequenceName": "_spcR_282ns",
    "SequenceVariant": "SK_SP",
    "SeriesDescription": "t2_spc_sag_p2_iso",
    "SeriesNumber": 32,
    "ShimSetting": [
      3046,
      -4168,
      -1041,
      -17,
      -5,
      41,
      -30,
      -10
    ],
    "SliceThickness": 1,
    "SoftwareVersions": "syngo_MR_E11",
    "StationName": "mrc_Trio",
    "TxRefAmp": 217.206,
    "dataset": "ds004146",
    "modality": "T2w",
    "session_id": "02",
    "subject_id": "0227"
  },
  "cjv": 1.2680048446066754,
  "cnr": 1.0764137115043195,
  "efc": 0.57791692621455,
  "fber": 3587.5108506944443,
  "fwhm_avg": 4.042649939759822,
  "fwhm_x": 4.203162437367999,
  "fwhm_y": 4.281499936200679,
  "fwhm_z": 3.6432874457107864,
  "icvs_csf": 0.34739288584124495,
  "icvs_gm": 0.14149833185942048,
  "icvs_wm": 0.5111087822993345,
  "inu_med": 1.0336660146713257,
  "inu_range": 0.36671355664730076,
  "provenance": {
    "md5sum": "f39e1f5d91ea584fe5d61fe9ace3b94a",
    "settings": {
      "testing": false
    },
    "software": "mriqc",
    "version": "23.0.1",
    "warnings": {
      "large_rot_frame": true,
      "small_air_mask": false
    },
    "webapi_port": null,
    "webapi_url": "https://mriqc.nimh.nih.gov/api/v1"
  },
  "qi_1": 0.0,
  "qi_2": 0.028040045470380887,
  "rpve_csf": 12.483907917643604,
  "rpve_gm": 34.32519634658774,
  "rpve_wm": 10.410021937685503,
  "size_x": 192,
  "size_y": 300,
  "size_z": 320,
  "snr_csf": 12.657309169281023,
  "snr_gm": 1.5853340743524695,
  "snr_total": 8.536821300164052,
  "snr_wm": 11.36782065685866,
  "snrd_csf": 97.23802919421375,
  "snrd_gm": 187.84000110187415,
  "snrd_total": 115.08324908562952,
  "snrd_wm": 60.171716960800666,
  "spacing_x": 0.800000011920929,
  "spacing_y": 0.800000011920929,
  "spacing_z": 0.800000011920929,
  "summary_bg_k": 6.3403132042853745,
  "summary_bg_mad": 0.0,
  "summary_bg_mean": 6.61803057771173,
  "summary_bg_median": 0.0,
  "summary_bg_n": 1951357.0,
  "summary_bg_p05": 0.0,
  "summary_bg_p95": 20.331454262137413,
  "summary_bg_stdv": 10.887779890276299,
  "summary_csf_k": 0.9270125118281567,
  "summary_csf_mad": 120.32053039817478,
  "summary_csf_mean": 1626.6961295499507,
  "summary_csf_median": 1616.008908726275,
  "summary_csf_n": 55504.0,
  "summary_csf_p05": 1441.5684482082725,
  "summary_csf_p95": 1850.3203764695672,
  "summary_csf_stdv": 127.67281966952827,
  "summary_gm_k": -1.669145268107049,
  "summary_gm_mad": 2598.2901906511115,
  "summary_gm_mean": 2576.0619439772754,
  "summary_gm_median": 3121.7324920222163,
  "summary_gm_n": 71255.0,
  "summary_gm_p05": 64.66769275814295,
  "summary_gm_p95": 5015.462231867015,
  "summary_gm_stdv": 1969.1184571699573,
  "summary_wm_k": -0.20675023640092194,
  "summary_wm_mad": 92.07686905207692,
  "summary_wm_mean": 1003.7526697469993,
  "summary_wm_median": 1000.0000150948763,
  "summary_wm_n": 393656.0,
  "summary_wm_p05": 866.1370368227363,
  "summary_wm_p95": 1151.9733643904328,
  "summary_wm_stdv": 87.96749835653148,
  "tpm_overlap_csf": 0.11838525912732956,
  "tpm_overlap_gm": 0.091626867698623,
  "tpm_overlap_wm": 0.43581492684238127,
  "wm2max": 0.20597913110802202
}