{
  "aor": 0.00164348623853211,
  "aqi": 0.0049691712844036695,
  "bids_meta": {
    "AcquisitionMatrixPE": 104,
    "AcquisitionNumber": 1,
    "AcquisitionTime": "11:54:12.507500",
    "BandwidthPerPixelPhaseEncode": 17.17,
    "BaseResolution": 104,
    "BodyPartExamined": "BRAIN",
    "CoilString": "HC1-7;NC1_2",
    "ConsistencyInfo": "N4_VE11C_LATEST_20160120",
    "ConversionSoftware": "dcm2niix",
    "ConversionSoftwareVersion": "v1.0.20190410  GCC6.3.0",
    "DerivedVendorReportedEchoSpacing": 0.000560011,
    "DeviceSerialNumber": "167001",
    "DwellTime": 2.1e-06,
    "EchoTime": 0.03,
    "EchoTrainLength": 91,
    "EffectiveEchoSpacing": 0.000560011,
    "FlipAngle": 52,
    "ImageOrientationPatientDICOM": [
      0.998966,
      0.0173133,
      0.0420403,
      -0.00418449,
      0.955745,
      -0.294168
    ],
    "ImageType": [
      "ORIGINAL",
      "PRIMARY",
      "M",
      "ND",
      "MOSAIC"
    ],
    "ImagingFrequency": 123.229,
    "InPlanePhaseEncodingDirectionDICOM": "COL",
    "InstitutionAddress": "Cooper_60_St._Lucia_QLD_AU_4072",
    "InstitutionName": "St_Lucia_Campus",
    "InstitutionalDepartmentName": "Gehrmann_Labs_MRI",
    "MRAcquisitionType": "2D",
    "MagneticFieldStrength": 3,
    "Manufacturer": "Siemens",
    "ManufacturersModelName": "Prisma_fit",
    "Modality": "MR",
    "MultibandAccelerationFactor": 6,
    "PartialFourier": 0.875,
    "PatientPosition": "HFS",
    "PercentPhaseFOV": 100,
    "PhaseEncodingDirection": "j-",
    "PhaseEncodingSteps": 91,
    "PhaseResolution": 1,
    "PixelBandwidth": 2290,
    "ProcedureStepDescription": "Research_16092_QTAB",
    "ProtocolName": "ep2d_REST_SMS6_A-P",
    "PulseSequenceDetails": "%SiemensSeq%_ep2d_bold",
    "ReceiveCoilActiveElements": "HC1-7;NC1,2",
    "ReceiveCoilName": "HeadNeck_64",
    "ReconMatrixPE": 104,
    "RefLinesPE": 12,
    "RepetitionTime": 0.93,
    "SAR": 0.0478576,
    "ScanOptions": "PFP_FS",
    "ScanningSequence": "EP",
    "SequenceName": "_epfid2d1_104",
    "SequenceVariant": "SK",
    "SeriesDescription": "ep2d_REST_SMS6_A-P",
    "SeriesNumber": 9,
    "ShimSetting": [
      3073,
      -4189,
      -740,
      518,
      0,
      -184,
      -183,
      -13
    ],
    "SliceThickness": 2,
    "SliceTiming": [
      0.6825,
      0,
      0.455,
      0.0775,
      0.5325,
      0.1525,
      0.6075,
      0.305,
      0.76,
      0.38,
      0.835,
      0.2275,
      0.6825,
      0,
      0.455,
      0.0775,
      0.5325,
      0.1525,
      0.6075,
      0.305,
      0.76,
      0.38,
      0.835,
      0.2275,
      0.6825,
      0,
      0.455,
      0.0775,
      0.5325,
      0.1525,
      0.6075,
      0.305,
      0.76,
      0.38,
      0.835,
      0.2275,
      0.6825,
      0,
      0.455,
      0.0775,
      0.5325,
      0.1525,
      0.6075,
      0.305,
      0.76,
      0.38,
      0.835,
      0.2275,
      0.6825,
      0,
      0.455,
      0.0775,
      0.5325,
      0.1525,
      0.6075,
      0.305,
      0.76,
      0.38,
      0.835,
      0.2275,
      0.6825,
      0,
      0.455,
      0.0775,
      0.5325,
      0.1525,
      0.6075,
      0.305,
      0.76,
      0.38,
      0.835,
      0.2275
    ],
    "SoftwareVersions": "syngo_MR_E11",
    "SpacingBetweenSlices": 2,
    "StationName": "mrc_Trio",
    "TaskName": "rest",
    "TotalReadoutTime": 0.0576811,
    "TxRefAmp": 209.233,
    "dataset": "ds004146",
    "modality": "bold",
    "session_id": "02",
    "subject_id": "0106",
    "task_id": "rest"
  },
  "dummy_trs": 0,
  "dvars_nstd": 38.3513042826074,
  "dvars_std": 1.1262876230368095,
  "dvars_vstd": 1.02705990386503,
  "efc": 0.49502508343797375,
  "fber": 975.9239501953125,
  "fd_mean": 0.1211783871671155,
  "fd_num": 43,
  "fd_perc": 13.149847094801224,
  "fwhm_avg": 3.130672106950765,
  "fwhm_x": 2.935215,
  "fwhm_y": 3.291055,
  "fwhm_z": 3.165746320852294,
  "gcor": 0.0213559,
  "gsr_x": -0.013897865079343319,
  "gsr_y": 0.05173392966389656,
  "provenance": {
    "md5sum": "7921e5a7a9cae9bdb0a64f9db61b91e6",
    "settings": {
      "fd_thres": 0.2,
      "testing": false
    },
    "software": "mriqc",
    "version": "23.0.1",
    "webapi_port": null,
    "webapi_url": "https://mriqc.nimh.nih.gov/api/v1"
  },
  "size_t": 327,
  "size_x": 104,
  "size_y": 104,
  "size_z": 72,
  "snr": 2.880222628170589,
  "spacing_tr": 0.9300000071525574,
  "spacing_x": 2.0,
  "spacing_y": 2.0,
  "spacing_z": 1.9999991655349731,
  "summary_bg_k": 56.23634592534637,
  "summary_bg_mad": 5.1551029970130875,
  "summary_bg_mean": 33.311439514160156,
  "summary_bg_median": 18.38226318359375,
  "summary_bg_n": 540183.0,
  "summary_bg_p05": 14.275229454040527,
  "summary_bg_p95": 108.14067840576172,
  "summary_bg_stdv": 44.614524841308594,
  "summary_fg_k": 0.3408404010224704,
  "summary_fg_mad": 201.71547922530573,
  "summary_fg_mean": 609.1813354492188,
  "summary_fg_median": 581.0015258789062,
  "summary_fg_n": 141920.0,
  "summary_fg_p05": 336.7215576171875,
  "summary_fg_p95": 976.0183715820312,
  "summary_fg_stdv": 201.7203369140625,
  "tsnr": 38.941436579218134
}