{
  "aor": 0.0004277469135802469,
  "aqi": 0.005770667160493828,
  "bids_meta": {
    "AcquisitionMatrixPE": 104,
    "AcquisitionNumber": 1,
    "AcquisitionTime": "11:11:11.565000",
    "BandwidthPerPixelPhaseEncode": 17.17,
    "BaseResolution": 104,
    "BodyPartExamined": "BRAIN",
    "ConsistencyInfo": "N4_VE11C_LATEST_20160120",
    "ConversionSoftware": "dcm2niix",
    "ConversionSoftwareVersion": "v1.0.20171215 GCC6.3.0",
    "DerivedVendorReportedEchoSpacing": 0.000560011,
    "DeviceSerialNumber": "167001",
    "DwellTime": 2.1e-06,
    "EchoTime": 0.03,
    "EchoTrainLength": 91,
    "EffectiveEchoSpacing": 0.000560011,
    "FlipAngle": 52,
    "ImageOrientationPatientDICOM": [
      0.997254,
      0.0529564,
      -0.051778,
      -0.0702595,
      0.897593,
      -0.43519
    ],
    "ImageType": [
      "ORIGINAL",
      "PRIMARY",
      "M",
      "ND",
      "MOSAIC"
    ],
    "InPlanePhaseEncodingDirectionDICOM": "COL",
    "InstitutionAddress": "Cooper_60_St._Lucia_QLD_AU_4072",
    "InstitutionName": "St_Lucia_Campus",
    "InstitutionalDepartmentName": "Gehrmann_Labs_MRI",
    "MRAcquisitionType": "2D",
    "MagneticFieldStrength": 3,
    "Manufacturer": "Siemens",
    "ManufacturersModelName": "Prisma_fit",
    "Modality": "MR",
    "MultibandAccelerationFactor": 6,
    "PartialFourier": 0.875,
    "PatientPosition": "HFS",
    "PercentPhaseFOV": 100,
    "PhaseEncodingDirection": "j-",
    "PhaseEncodingSteps": 91,
    "PhaseResolution": 1,
    "PixelBandwidth": 2290,
    "ProcedureStepDescription": "Research_16092_QTAB",
    "ProtocolName": "ep2d_REST_SMS6_A-P",
    "PulseSequenceDetails": "%SiemensSeq%_ep2d_bold",
    "ReceiveCoilActiveElements": "HC1-7;NC1,2",
    "ReceiveCoilName": "HeadNeck_64",
    "ReconMatrixPE": 104,
    "RepetitionTime": 0.93,
    "SAR": 0.0600906,
    "ScanOptions": "PFP_FS",
    "ScanningSequence": "EP",
    "SequenceName": "_epfid2d1_104",
    "SequenceVariant": "SK",
    "SeriesDescription": "ep2d_REST_SMS6_A-P",
    "SeriesNumber": 9,
    "ShimSetting": [
      3044,
      -4123,
      -778,
      383,
      -56,
      -154,
      -195,
      -20
    ],
    "SliceThickness": 2,
    "SliceTiming": [
      0.6825,
      0,
      0.455,
      0.075,
      0.53,
      0.15,
      0.605,
      0.3025,
      0.7575,
      0.3775,
      0.8325,
      0.2275,
      0.6825,
      0,
      0.455,
      0.075,
      0.53,
      0.15,
      0.605,
      0.3025,
      0.7575,
      0.3775,
      0.8325,
      0.2275,
      0.6825,
      0,
      0.455,
      0.075,
      0.53,
      0.15,
      0.605,
      0.3025,
      0.7575,
      0.3775,
      0.8325,
      0.2275,
      0.6825,
      0,
      0.455,
      0.075,
      0.53,
      0.15,
      0.605,
      0.3025,
      0.7575,
      0.3775,
      0.8325,
      0.2275,
      0.6825,
      0,
      0.455,
      0.075,
      0.53,
      0.15,
      0.605,
      0.3025,
      0.7575,
      0.3775,
      0.8325,
      0.2275,
      0.6825,
      0,
      0.455,
      0.075,
      0.53,
      0.15,
      0.605,
      0.3025,
      0.7575,
      0.3775,
      0.8325,
      0.2275
    ],
    "SoftwareVersions": "syngo_MR_E11",
    "SpacingBetweenSlices": 2,
    "StationName": "mrc_Trio",
    "TaskName": "rest",
    "TotalReadoutTime": 0.0576811,
    "TxRefAmp": 209.661,
    "dataset": "ds004146",
    "modality": "bold",
    "session_id": "01",
    "subject_id": "0402",
    "task_id": "rest"
  },
  "dummy_trs": 3,
  "dvars_nstd": 43.23357013405571,
  "dvars_std": 1.1506034539938081,
  "dvars_vstd": 0.9982191084829716,
  "efc": 0.5245943248212519,
  "fber": 795.2364501953125,
  "fd_mean": 0.14938168399366275,
  "fd_num": 87,
  "fd_perc": 26.85185185185185,
  "fwhm_avg": 3.3123899999999993,
  "fwhm_x": 3.04297,
  "fwhm_y": 3.489845,
  "fwhm_z": 3.404355,
  "gcor": 0.0046649,
  "gsr_x": -0.016741540282964706,
  "gsr_y": 0.06679233908653259,
  "provenance": {
    "md5sum": "4f53e21c970fe198bf2d26636aec6ee9",
    "settings": {
      "fd_thres": 0.2,
      "testing": false
    },
    "software": "mriqc",
    "version": "23.0.1",
    "webapi_port": null,
    "webapi_url": "https://mriqc.nimh.nih.gov/api/v1"
  },
  "size_t": 324,
  "size_x": 104,
  "size_y": 104,
  "size_z": 72,
  "snr": 2.5334264017803783,
  "spacing_tr": 0.9300000071525574,
  "spacing_x": 2.0,
  "spacing_y": 2.0,
  "spacing_z": 2.0,
  "summary_bg_k": 33.35597103326733,
  "summary_bg_mad": 6.616797585547145,
  "summary_bg_mean": 42.46744918823242,
  "summary_bg_median": 19.50617218017578,
  "summary_bg_n": 517862.0,
  "summary_bg_p05": 14.648148536682129,
  "summary_bg_p95": 159.12037658691406,
  "summary_bg_stdv": 64.9471435546875,
  "summary_fg_k": 0.769990658296146,
  "summary_fg_mad": 211.15643569245654,
  "summary_fg_mean": 598.6809692382812,
  "summary_fg_median": 564.4506225585938,
  "summary_fg_n": 158358.0,
  "summary_fg_p05": 303.66126251220703,
  "summary_fg_p95": 1009.5663391113279,
  "summary_fg_stdv": 222.80056762695312,
  "tsnr": 37.137593971565366
}