{
  "aor": 0.0012766257668711653,
  "aqi": 0.006990582147239264,
  "bids_meta": {
    "AcquisitionMatrixPE": 104,
    "AcquisitionNumber": 1,
    "AcquisitionTime": "11:02:15.592500",
    "BandwidthPerPixelPhaseEncode": 17.17,
    "BaseResolution": 104,
    "BodyPartExamined": "BRAIN",
    "ConsistencyInfo": "N4_VE11C_LATEST_20160120",
    "ConversionSoftware": "dcm2niix",
    "ConversionSoftwareVersion": "v1.0.20171215 GCC6.3.0",
    "DerivedVendorReportedEchoSpacing": 0.000560011,
    "DeviceSerialNumber": "167001",
    "DwellTime": 2.1e-06,
    "EchoTime": 0.03,
    "EchoTrainLength": 91,
    "EffectiveEchoSpacing": 0.000560011,
    "FlipAngle": 52,
    "ImageOrientationPatientDICOM": [
      0.994551,
      0.0706159,
      -0.0766922,
      -0.0955892,
      0.911287,
      -0.400523
    ],
    "ImageType": [
      "ORIGINAL",
      "PRIMARY",
      "M",
      "ND",
      "MOSAIC"
    ],
    "InPlanePhaseEncodingDirectionDICOM": "COL",
    "InstitutionAddress": "Cooper_60_St._Lucia_QLD_AU_4072",
    "InstitutionName": "St_Lucia_Campus",
    "InstitutionalDepartmentName": "Gehrmann_Labs_MRI",
    "MRAcquisitionType": "2D",
    "MagneticFieldStrength": 3,
    "Manufacturer": "Siemens",
    "ManufacturersModelName": "Prisma_fit",
    "Modality": "MR",
    "MultibandAccelerationFactor": 6,
    "PartialFourier": 0.875,
    "PatientPosition": "HFS",
    "PercentPhaseFOV": 100,
    "PhaseEncodingDirection": "j",
    "PhaseEncodingSteps": 91,
    "PhaseResolution": 1,
    "PixelBandwidth": 2290,
    "ProcedureStepDescription": "Research_16092_QTAB",
    "ProtocolName": "ep2d_REST_SMS6_P-A",
    "PulseSequenceDetails": "%SiemensSeq%_ep2d_bold",
    "ReceiveCoilActiveElements": "HC1-7;NC1,2",
    "ReceiveCoilName": "HeadNeck_64",
    "ReconMatrixPE": 104,
    "RepetitionTime": 0.93,
    "SAR": 0.0574692,
    "ScanOptions": "PFP_FS",
    "ScanningSequence": "EP",
    "SequenceName": "_epfid2d1_104",
    "SequenceVariant": "SK",
    "SeriesDescription": "ep2d_REST_SMS6_P-A",
    "SeriesNumber": 10,
    "ShimSetting": [
      3044,
      -4203,
      -782,
      449,
      0,
      -200,
      -39,
      10
    ],
    "SliceThickness": 2,
    "SliceTiming": [
      0.6825,
      0,
      0.455,
      0.075,
      0.53,
      0.15,
      0.605,
      0.3025,
      0.7575,
      0.3775,
      0.8325,
      0.2275,
      0.6825,
      0,
      0.455,
      0.075,
      0.53,
      0.15,
      0.605,
      0.3025,
      0.7575,
      0.3775,
      0.8325,
      0.2275,
      0.6825,
      0,
      0.455,
      0.075,
      0.53,
      0.15,
      0.605,
      0.3025,
      0.7575,
      0.3775,
      0.8325,
      0.2275,
      0.6825,
      0,
      0.455,
      0.075,
      0.53,
      0.15,
      0.605,
      0.3025,
      0.7575,
      0.3775,
      0.8325,
      0.2275,
      0.6825,
      0,
      0.455,
      0.075,
      0.53,
      0.15,
      0.605,
      0.3025,
      0.7575,
      0.3775,
      0.8325,
      0.2275,
      0.6825,
      0,
      0.455,
      0.075,
      0.53,
      0.15,
      0.605,
      0.3025,
      0.7575,
      0.3775,
      0.8325,
      0.2275
    ],
    "SoftwareVersions": "syngo_MR_E11",
    "SpacingBetweenSlices": 2,
    "StationName": "mrc_Trio",
    "TaskName": "rest",
    "TotalReadoutTime": 0.0576811,
    "TxRefAmp": 218.562,
    "dataset": "ds004146",
    "modality": "bold",
    "session_id": "01",
    "subject_id": "0417",
    "task_id": "rest"
  },
  "dummy_trs": 1,
  "dvars_nstd": 39.98280884366154,
  "dvars_std": 1.0777248415692313,
  "dvars_vstd": 1.019685750523077,
  "efc": 0.5105207473432365,
  "fber": 749.3862915039062,
  "fd_mean": 0.17515386666957383,
  "fd_num": 112,
  "fd_perc": 34.355828220858896,
  "fwhm_avg": 3.070038333333333,
  "fwhm_x": 2.871425,
  "fwhm_y": 3.053125,
  "fwhm_z": 3.285565,
  "gcor": 0.0125998,
  "gsr_x": -0.010923296213150024,
  "gsr_y": 0.049020711332559586,
  "provenance": {
    "md5sum": "6cec4d9246a5e91bb560f9f57e354a1e",
    "settings": {
      "fd_thres": 0.2,
      "testing": false
    },
    "software": "mriqc",
    "version": "23.0.1",
    "webapi_port": null,
    "webapi_url": "https://mriqc.nimh.nih.gov/api/v1"
  },
  "size_t": 326,
  "size_x": 104,
  "size_y": 104,
  "size_z": 72,
  "snr": 2.7233544340097438,
  "spacing_tr": 0.9300000071525574,
  "spacing_x": 2.0,
  "spacing_y": 2.0,
  "spacing_z": 2.0,
  "summary_bg_k": 53.72911722007927,
  "summary_bg_mad": 6.903649363848156,
  "summary_bg_mean": 38.286808013916016,
  "summary_bg_median": 19.282207489013672,
  "summary_bg_n": 539684.0,
  "summary_bg_p05": 14.230060577392578,
  "summary_bg_p95": 130.77301025390625,
  "summary_bg_stdv": 55.738277435302734,
  "summary_fg_k": 0.8987665068777204,
  "summary_fg_mad": 188.05172162121198,
  "summary_fg_mean": 564.1944580078125,
  "summary_fg_median": 530.4248046875,
  "summary_fg_n": 141800.0,
  "summary_fg_p05": 313.09768524169925,
  "summary_fg_p95": 927.0231109619136,
  "summary_fg_stdv": 194.7682342529297,
  "tsnr": 34.394230956211686
}