{
  "bids_meta": {
    "AcquisitionMatrixPE": 256,
    "AcquisitionNumber": 1,
    "AcquisitionTime": "11:33:28.135000",
    "BaseResolution": 256,
    "BodyPartExamined": "BRAIN",
    "ConsistencyInfo": "N4_VE11C_LATEST_20160120",
    "ConversionSoftware": "dcm2niix",
    "ConversionSoftwareVersion": "v1.0.20171215 GCC6.3.0",
    "DeviceSerialNumber": "167001",
    "DwellTime": 2.6e-06,
    "EchoTime": 0.408,
    "EchoTrainLength": 259,
    "FlipAngle": 120,
    "ImageOrientationPatientDICOM": [
      0.0096936,
      0.99706,
      -0.0760054,
      0.0207608,
      -0.0761933,
      -0.996877
    ],
    "ImageType": [
      "ORIGINAL",
      "PRIMARY",
      "M",
      "ND",
      "NORM"
    ],
    "InPlanePhaseEncodingDirectionDICOM": "ROW",
    "InstitutionAddress": "Cooper_60_St._Lucia_QLD_AU_4072",
    "InstitutionName": "St_Lucia_Campus",
    "InstitutionalDepartmentName": "Gehrmann_Labs_MRI",
    "MRAcquisitionType": "3D",
    "MagneticFieldStrength": 3,
    "Manufacturer": "Siemens",
    "ManufacturersModelName": "Prisma_fit",
    "Modality": "MR",
    "ParallelReductionFactorInPlane": 2,
    "PartialFourier": 1,
    "PatientPosition": "HFS",
    "PercentPhaseFOV": 100,
    "PhaseEncodingSteps": 233,
    "PhaseResolution": 1,
    "PixelBandwidth": 750,
    "ProcedureStepDescription": "Research_16092_QTAB",
    "ProtocolName": "t2_spc_sag_p2_iso",
    "PulseSequenceDetails": "%SiemensSeq%_tse_vfl",
    "ReceiveCoilActiveElements": "HC1-7;NC1,2",
    "ReceiveCoilName": "HeadNeck_64",
    "ReconMatrixPE": 256,
    "RepetitionTime": 3.2,
    "SAR": 0.203036,
    "ScanOptions": "PFP",
    "ScanningSequence": "SE",
    "SequenceName": "_spcR_282ns",
    "SequenceVariant": "SK_SP",
    "SeriesDescription": "t2_spc_sag_p2_iso",
    "SeriesNumber": 19,
    "ShimSetting": [
      3044,
      -4172,
      -1039,
      -11,
      -3,
      35,
      -21,
      -13
    ],
    "SliceThickness": 1,
    "SoftwareVersions": "syngo_MR_E11",
    "StationName": "mrc_Trio",
    "TxRefAmp": 206.436,
    "dataset": "ds004146",
    "modality": "T2w",
    "session_id": "01",
    "subject_id": "0161"
  },
  "cjv": 5.972948683080358,
  "cnr": 0.2427200533409075,
  "efc": 0.6116004685812158,
  "fber": -1.0,
  "fwhm_avg": 3.8470375437452202,
  "fwhm_x": 4.069637742569312,
  "fwhm_y": 3.9857499406076977,
  "fwhm_z": 3.485724948058651,
  "icvs_csf": 0.4929381723817392,
  "icvs_gm": 0.3600918049958447,
  "icvs_wm": 0.1469700226224161,
  "inu_med": 1.0602192282676697,
  "inu_range": 0.4018197864294052,
  "provenance": {
    "md5sum": "aae771465c591165031efe2e9e0949ef",
    "settings": {
      "testing": false
    },
    "software": "mriqc",
    "version": "23.0.1",
    "warnings": {
      "large_rot_frame": true,
      "small_air_mask": false
    },
    "webapi_port": null,
    "webapi_url": "https://mriqc.nimh.nih.gov/api/v1"
  },
  "qi_1": 0.12678963846389085,
  "qi_2": 0.009689484267777831,
  "rpve_csf": 9.007451144805861,
  "rpve_gm": 11.482855277955917,
  "rpve_wm": 29.81913853651078,
  "size_x": 192,
  "size_y": 300,
  "size_z": 320,
  "snr_csf": 17.68211387287589,
  "snr_gm": 14.360994094063155,
  "snr_total": 11.02601722212018,
  "snr_wm": 1.0349436994214871,
  "snrd_csf": 127.86493572603884,
  "snrd_gm": 87.7676330085784,
  "snrd_total": 110.11468825468874,
  "snrd_wm": 114.71149602944897,
  "spacing_x": 0.7999999523162842,
  "spacing_y": 0.800000011920929,
  "spacing_z": 0.800000011920929,
  "summary_bg_k": 26.736446239503675,
  "summary_bg_mad": 0.0,
  "summary_bg_mean": 1.6542008642153114,
  "summary_bg_median": 0.0,
  "summary_bg_n": 1393886.0,
  "summary_bg_p05": 0.0,
  "summary_bg_p95": 15.664040520787239,
  "summary_bg_stdv": 5.781965815158419,
  "summary_csf_k": 0.5826724207091019,
  "summary_csf_mad": 60.69465375859646,
  "summary_csf_mean": 1129.2687906560984,
  "summary_csf_median": 1128.4836063534021,
  "summary_csf_n": 139825.0,
  "summary_csf_p05": 1026.2349001318216,
  "summary_csf_p95": 1233.9996584504843,
  "summary_csf_stdv": 63.820399479187046,
  "summary_gm_k": 0.016750503649162862,
  "summary_gm_mad": 55.77924165842844,
  "summary_gm_mean": 772.5744587117573,
  "summary_gm_median": 774.6012185141444,
  "summary_gm_n": 227212.0,
  "summary_gm_p05": 683.0674847960472,
  "summary_gm_p95": 857.1497510746121,
  "summary_gm_stdv": 53.93773640324418,
  "summary_wm_k": -1.6812935291225308,
  "summary_wm_mad": 1364.5611417205578,
  "summary_wm_mean": 1178.5292556022205,
  "summary_wm_median": 1012.3967293649912,
  "summary_wm_n": 78105.0,
  "summary_wm_p05": 41.226217076182365,
  "summary_wm_p95": 2532.8080833256245,
  "summary_wm_stdv": 978.208040603512,
  "tpm_overlap_csf": 0.10187885361541112,
  "tpm_overlap_gm": 0.2608697116044891,
  "tpm_overlap_wm": 0.05896755165578581,
  "wm2max": 0.4127568711187729
}