{
  "aor": 0.0014199210526315792,
  "aqi": 0.02356153684210526,
  "bids_meta": {
    "AcquisitionMatrixPE": 90,
    "AcquisitionNumber": 1,
    "AcquisitionTime": "10:16:52.057500",
    "BandwidthPerPixelPhaseEncode": 21.368,
    "BaseResolution": 90,
    "BodyPartExamined": "BRAIN",
    "CoilString": "HC1-7;NC1_2",
    "ConsistencyInfo": "N4_VE11C_LATEST_20160120",
    "ConversionSoftware": "dcm2niix",
    "ConversionSoftwareVersion": "v1.0.20190410  GCC6.3.0",
    "DerivedVendorReportedEchoSpacing": 0.000519988,
    "DeviceSerialNumber": "167001",
    "DwellTime": 2.2e-06,
    "EchoTime": 0.03,
    "EchoTrainLength": 90,
    "EffectiveEchoSpacing": 0.000519988,
    "FlipAngle": 52,
    "ImageOrientationPatientDICOM": [
      0.997778,
      0.0645219,
      -0.0165973,
      -0.0666222,
      0.965661,
      -0.251118
    ],
    "ImageType": [
      "ORIGINAL",
      "PRIMARY",
      "M",
      "ND",
      "NORM",
      "MOSAIC"
    ],
    "ImagingFrequency": 123.229,
    "InPlanePhaseEncodingDirectionDICOM": "COL",
    "InstitutionAddress": "Cooper_60_St._Lucia_QLD_AU_4072",
    "InstitutionName": "St_Lucia_Campus",
    "InstitutionalDepartmentName": "Gehrmann_Labs_MRI",
    "MRAcquisitionType": "2D",
    "MagneticFieldStrength": 3,
    "Manufacturer": "Siemens",
    "ManufacturersModelName": "Prisma_fit",
    "Modality": "MR",
    "MultibandAccelerationFactor": 6,
    "PartialFourier": 1,
    "PatientPosition": "HFS",
    "PercentPhaseFOV": 100,
    "PhaseEncodingDirection": "j-",
    "PhaseEncodingSteps": 90,
    "PhaseResolution": 1,
    "PixelBandwidth": 2525,
    "ProcedureStepDescription": "Research_16092_QTAB",
    "ProtocolName": "PARTLY_CLOUDY_mb6_2.4",
    "PulseSequenceDetails": "%SiemensSeq%_ep2d_bold",
    "ReceiveCoilActiveElements": "HC1-7;NC1,2",
    "ReceiveCoilName": "HeadNeck_64",
    "ReconMatrixPE": 90,
    "RefLinesPE": 12,
    "RepetitionTime": 0.8,
    "SAR": 0.0593112,
    "ScanOptions": "FS",
    "ScanningSequence": "EP",
    "SequenceName": "_epfid2d1_90",
    "SequenceVariant": "SK",
    "SeriesDescription": "PARTLY_CLOUDY_mb6_2.4",
    "SeriesNumber": 19,
    "ShimSetting": [
      3050,
      -4169,
      -790,
      342,
      -42,
      70,
      -37,
      11
    ],
    "SliceThickness": 2.4,
    "SliceTiming": [
      0.545,
      0,
      0.39,
      0.0775,
      0.4675,
      0.2325,
      0.6225,
      0.31,
      0.7,
      0.155,
      0.545,
      0,
      0.39,
      0.0775,
      0.4675,
      0.2325,
      0.6225,
      0.31,
      0.7,
      0.155,
      0.545,
      0,
      0.39,
      0.0775,
      0.4675,
      0.2325,
      0.6225,
      0.31,
      0.7,
      0.155,
      0.545,
      0,
      0.39,
      0.0775,
      0.4675,
      0.2325,
      0.6225,
      0.31,
      0.7,
      0.155,
      0.545,
      0,
      0.39,
      0.0775,
      0.4675,
      0.2325,
      0.6225,
      0.31,
      0.7,
      0.155,
      0.545,
      0,
      0.39,
      0.0775,
      0.4675,
      0.2325,
      0.6225,
      0.31,
      0.7,
      0.155
    ],
    "SoftwareVersions": "syngo_MR_E11",
    "SpacingBetweenSlices": 2.4,
    "StationName": "mrc_Trio",
    "TaskName": "partlycloudy",
    "TotalReadoutTime": 0.046279,
    "TxRefAmp": 217.642,
    "dataset": "ds004146",
    "modality": "bold",
    "session_id": "02",
    "subject_id": "0162",
    "task_id": "partlycloudy"
  },
  "dummy_trs": 0,
  "dvars_nstd": 40.08539037775728,
  "dvars_std": 1.205288026253298,
  "dvars_vstd": 0.9823553821635891,
  "efc": 0.4790634794210975,
  "fber": 5181.71435546875,
  "fd_mean": 0.29581522666685967,
  "fd_num": 224,
  "fd_perc": 58.94736842105263,
  "fwhm_avg": 1.8427930427689283,
  "fwhm_x": 1.7563707635414298,
  "fwhm_y": 1.9467999226411214,
  "fwhm_z": 1.825208442124234,
  "gcor": 0.0170819,
  "gsr_x": -0.022272687405347824,
  "gsr_y": 0.02990797348320484,
  "provenance": {
    "md5sum": "d7b5cbf636d33e4017fc6502adf411ed",
    "settings": {
      "fd_thres": 0.2,
      "testing": false
    },
    "software": "mriqc",
    "version": "23.0.1",
    "webapi_port": null,
    "webapi_url": "https://mriqc.nimh.nih.gov/api/v1"
  },
  "size_t": 380,
  "size_x": 90,
  "size_y": 90,
  "size_z": 60,
  "snr": 7.01590202416468,
  "spacing_tr": 0.800000011920929,
  "spacing_x": 2.4000000953674316,
  "spacing_y": 2.4000000953674316,
  "spacing_z": 2.3999998569488525,
  "summary_bg_k": 22.456448717493544,
  "summary_bg_mad": 6.480533199460538,
  "summary_bg_mean": 27.15262222290039,
  "summary_bg_median": 8.668421745300293,
  "summary_bg_n": 336603.0,
  "summary_bg_p05": 3.213158130645752,
  "summary_bg_p95": 120.40237045288077,
  "summary_bg_stdv": 54.28279113769531,
  "summary_fg_k": 2.247929454854164,
  "summary_fg_mad": 84.7092614051484,
  "summary_fg_mean": 630.4485473632812,
  "summary_fg_median": 627.830322265625,
  "summary_fg_n": 80048.0,
  "summary_fg_p05": 499.8029159545899,
  "summary_fg_p95": 772.1201751708984,
  "summary_fg_stdv": 89.48619842529297,
  "tsnr": 36.786260855267756
}