{
  "aor": 0.0018935526315789477,
  "aqi": 0.014974381842105262,
  "bids_meta": {
    "AcquisitionMatrixPE": 90,
    "AcquisitionNumber": 1,
    "AcquisitionTime": "15:57:58.025000",
    "BandwidthPerPixelPhaseEncode": 21.368,
    "BaseResolution": 90,
    "BodyPartExamined": "BRAIN",
    "CoilString": "HC1-7;NC1_2",
    "ConsistencyInfo": "N4_VE11C_LATEST_20160120",
    "ConversionSoftware": "dcm2niix",
    "ConversionSoftwareVersion": "v1.0.20190410  GCC6.3.0",
    "DerivedVendorReportedEchoSpacing": 0.000519988,
    "DeviceSerialNumber": "167001",
    "DwellTime": 2.2e-06,
    "EchoTime": 0.03,
    "EchoTrainLength": 90,
    "EffectiveEchoSpacing": 0.000519988,
    "FlipAngle": 52,
    "ImageOrientationPatientDICOM": [
      0.999614,
      0.0132471,
      -0.0244158,
      -0.0157032,
      0.994524,
      -0.103318
    ],
    "ImageType": [
      "ORIGINAL",
      "PRIMARY",
      "M",
      "ND",
      "NORM",
      "MOSAIC"
    ],
    "ImagingFrequency": 123.229,
    "InPlanePhaseEncodingDirectionDICOM": "COL",
    "InstitutionAddress": "Cooper_60_St._Lucia_QLD_AU_4072",
    "InstitutionName": "St_Lucia_Campus",
    "InstitutionalDepartmentName": "Gehrmann_Labs_MRI",
    "MRAcquisitionType": "2D",
    "MagneticFieldStrength": 3,
    "Manufacturer": "Siemens",
    "ManufacturersModelName": "Prisma_fit",
    "Modality": "MR",
    "MultibandAccelerationFactor": 6,
    "PartialFourier": 1,
    "PatientPosition": "HFS",
    "PercentPhaseFOV": 100,
    "PhaseEncodingDirection": "j-",
    "PhaseEncodingSteps": 90,
    "PhaseResolution": 1,
    "PixelBandwidth": 2525,
    "ProcedureStepDescription": "Research_16092_QTAB",
    "ProtocolName": "PARTLY_CLOUDY_mb6_2.4",
    "PulseSequenceDetails": "%SiemensSeq%_ep2d_bold",
    "ReceiveCoilActiveElements": "HC1-7;NC1,2",
    "ReceiveCoilName": "HeadNeck_64",
    "ReconMatrixPE": 90,
    "RefLinesPE": 12,
    "RepetitionTime": 0.8,
    "SAR": 0.0782395,
    "ScanOptions": "FS",
    "ScanningSequence": "EP",
    "SequenceName": "_epfid2d1_90",
    "SequenceVariant": "SK",
    "SeriesDescription": "PARTLY_CLOUDY_mb6_2.4",
    "SeriesNumber": 19,
    "ShimSetting": [
      3030,
      -4155,
      -809,
      373,
      29,
      -65,
      -34,
      -14
    ],
    "SliceThickness": 2.4,
    "SliceTiming": [
      0.545,
      0,
      0.39,
      0.0775,
      0.4675,
      0.2325,
      0.6225,
      0.31,
      0.7,
      0.155,
      0.545,
      0,
      0.39,
      0.0775,
      0.4675,
      0.2325,
      0.6225,
      0.31,
      0.7,
      0.155,
      0.545,
      0,
      0.39,
      0.0775,
      0.4675,
      0.2325,
      0.6225,
      0.31,
      0.7,
      0.155,
      0.545,
      0,
      0.39,
      0.0775,
      0.4675,
      0.2325,
      0.6225,
      0.31,
      0.7,
      0.155,
      0.545,
      0,
      0.39,
      0.0775,
      0.4675,
      0.2325,
      0.6225,
      0.31,
      0.7,
      0.155,
      0.545,
      0,
      0.39,
      0.0775,
      0.4675,
      0.2325,
      0.6225,
      0.31,
      0.7,
      0.155
    ],
    "SoftwareVersions": "syngo_MR_E11",
    "SpacingBetweenSlices": 2.4,
    "StationName": "mrc_Trio",
    "TaskName": "partlycloudy",
    "TotalReadoutTime": 0.046279,
    "TxRefAmp": 209.429,
    "dataset": "ds004146",
    "modality": "bold",
    "session_id": "02",
    "subject_id": "0188",
    "task_id": "partlycloudy"
  },
  "dummy_trs": 0,
  "dvars_nstd": 28.108382091820577,
  "dvars_std": 1.1298977943271782,
  "dvars_vstd": 1.0122799189445904,
  "efc": 0.43813183992751087,
  "fber": 8931.064453125,
  "fd_mean": 0.14538402688725383,
  "fd_num": 88,
  "fd_perc": 23.157894736842106,
  "fwhm_avg": 1.844898597704099,
  "fwhm_x": 1.7129499319334853,
  "fwhm_y": 2.012745753354003,
  "fwhm_z": 1.8090001078248088,
  "gcor": 0.0178585,
  "gsr_x": -0.021512337028980255,
  "gsr_y": 0.03281031548976898,
  "provenance": {
    "md5sum": "f3114c64e0b3f468d36a10ec7b40f657",
    "settings": {
      "fd_thres": 0.2,
      "testing": false
    },
    "software": "mriqc",
    "version": "23.0.1",
    "webapi_port": null,
    "webapi_url": "https://mriqc.nimh.nih.gov/api/v1"
  },
  "size_t": 380,
  "size_x": 90,
  "size_y": 90,
  "size_z": 60,
  "snr": 7.132983389143571,
  "spacing_tr": 0.800000011920929,
  "spacing_x": 2.4000000953674316,
  "spacing_y": 2.4000000953674316,
  "spacing_z": 2.3999998569488525,
  "summary_bg_k": 42.47825409631153,
  "summary_bg_mad": 4.66629541839047,
  "summary_bg_mean": 19.338775634765625,
  "summary_bg_median": 6.8578948974609375,
  "summary_bg_n": 348699.0,
  "summary_bg_p05": 2.8263158798217773,
  "summary_bg_p95": 80.07684326171862,
  "summary_bg_stdv": 40.88603973388672,
  "summary_fg_k": 1.5027448557698166,
  "summary_fg_mad": 89.27999989134389,
  "summary_fg_mean": 645.3543701171875,
  "summary_fg_median": 645.631591796875,
  "summary_fg_n": 70634.0,
  "summary_fg_p05": 508.1184387207031,
  "summary_fg_p95": 787.5498992919918,
  "summary_fg_stdv": 90.51290130615234,
  "tsnr": 47.320547142997384
}