{
  "bids_meta": {
    "AcquisitionMatrixPE": 256,
    "AcquisitionNumber": 1,
    "AcquisitionTime": "11:35:54.247500",
    "BaseResolution": 256,
    "BodyPartExamined": "BRAIN",
    "ConsistencyInfo": "N4_VE11C_LATEST_20160120",
    "ConversionSoftware": "dcm2niix",
    "ConversionSoftwareVersion": "v1.0.20171215 GCC6.3.0",
    "DeviceSerialNumber": "167001",
    "DwellTime": 2.6e-06,
    "EchoTime": 0.408,
    "EchoTrainLength": 259,
    "FlipAngle": 120,
    "ImageOrientationPatientDICOM": [
      0.0248112,
      0.999692,
      -1.57766e-08,
      0.0352363,
      -0.000874539,
      -0.999379
    ],
    "ImageType": [
      "ORIGINAL",
      "PRIMARY",
      "M",
      "ND",
      "NORM"
    ],
    "InPlanePhaseEncodingDirectionDICOM": "ROW",
    "InstitutionAddress": "Cooper_60_St._Lucia_QLD_AU_4072",
    "InstitutionName": "St_Lucia_Campus",
    "InstitutionalDepartmentName": "Gehrmann_Labs_MRI",
    "MRAcquisitionType": "3D",
    "MagneticFieldStrength": 3,
    "Manufacturer": "Siemens",
    "ManufacturersModelName": "Prisma_fit",
    "Modality": "MR",
    "ParallelReductionFactorInPlane": 2,
    "PartialFourier": 1,
    "PatientPosition": "HFS",
    "PercentPhaseFOV": 100,
    "PhaseEncodingSteps": 233,
    "PhaseResolution": 1,
    "PixelBandwidth": 750,
    "ProcedureStepDescription": "Research_16092_QTAB",
    "ProtocolName": "t2_spc_sag_p2_iso",
    "PulseSequenceDetails": "%SiemensSeq%_tse_vfl",
    "ReceiveCoilActiveElements": "HC1-7;NC1",
    "ReceiveCoilName": "HeadNeck_64",
    "ReconMatrixPE": 256,
    "RepetitionTime": 3.2,
    "SAR": 0.14412,
    "ScanOptions": "PFP",
    "ScanningSequence": "SE",
    "SequenceName": "_spcR_282ns",
    "SequenceVariant": "SK_SP",
    "SeriesDescription": "t2_spc_sag_p2_iso",
    "SeriesNumber": 19,
    "ShimSetting": [
      3045,
      -4172,
      -1048,
      3,
      -5,
      36,
      -4,
      -10
    ],
    "SliceThickness": 1,
    "SoftwareVersions": "syngo_MR_E11",
    "StationName": "mrc_Trio",
    "TxRefAmp": 210.977,
    "dataset": "ds004146",
    "modality": "T2w",
    "session_id": "01",
    "subject_id": "0053"
  },
  "cjv": 1.1892967291906857,
  "cnr": 1.1494812154094782,
  "efc": 0.6244536480927024,
  "fber": -1.0,
  "fwhm_avg": 4.153516715533541,
  "fwhm_x": 4.459750265821831,
  "fwhm_y": 4.255637436586061,
  "fwhm_z": 3.7451624441927307,
  "icvs_csf": 0.5115409550105303,
  "icvs_gm": 0.1450123710908034,
  "icvs_wm": 0.3434466738986663,
  "inu_med": 1.0436000227928162,
  "inu_range": 0.3424489468336105,
  "provenance": {
    "md5sum": "35e43a2c8533329471630d1511379131",
    "settings": {
      "testing": false
    },
    "software": "mriqc",
    "version": "23.0.1",
    "warnings": {
      "large_rot_frame": true,
      "small_air_mask": false
    },
    "webapi_port": null,
    "webapi_url": "https://mriqc.nimh.nih.gov/api/v1"
  },
  "qi_1": 0.04356178156982763,
  "qi_2": 0.06966580600462824,
  "rpve_csf": 8.605981726243137,
  "rpve_gm": 26.746339746837663,
  "rpve_wm": 11.93741323674679,
  "size_x": 192,
  "size_y": 300,
  "size_z": 320,
  "snr_csf": 16.775208975605416,
  "snr_gm": 1.6969377695265186,
  "snr_total": 10.275488825390706,
  "snr_wm": 12.354319731040185,
  "snrd_csf": 232.99894578828957,
  "snrd_gm": 483.52279966464334,
  "snrd_total": 290.7313859799661,
  "snrd_wm": 155.67241248696536,
  "spacing_x": 0.7999999523162842,
  "spacing_y": 0.800000011920929,
  "spacing_z": 0.800000011920929,
  "summary_bg_k": 31.836434845605012,
  "summary_bg_mad": 0.0,
  "summary_bg_mean": 1.0004139988706695,
  "summary_bg_median": 0.0,
  "summary_bg_n": 1052678.0,
  "summary_bg_p05": 0.0,
  "summary_bg_p95": 14.688601531088352,
  "summary_bg_stdv": 4.207723172511003,
  "summary_csf_k": 0.4922675703677113,
  "summary_csf_mad": 85.86499268313199,
  "summary_csf_mean": 1498.0855042652938,
  "summary_csf_median": 1496.4747239872813,
  "summary_csf_n": 140534.0,
  "summary_csf_p05": 1355.2123446911573,
  "summary_csf_p95": 1645.5430458113551,
  "summary_csf_stdv": 89.2071986649815,
  "summary_gm_k": -1.3810836218844347,
  "summary_gm_mad": 2420.646141554034,
  "summary_gm_mean": 2741.8858047029444,
  "summary_gm_median": 3105.5061031356454,
  "summary_gm_n": 83207.0,
  "summary_gm_p05": 67.81937164068222,
  "summary_gm_p95": 5081.83645542711,
  "summary_gm_stdv": 1830.0538166575677,
  "summary_wm_k": -0.05560702377079041,
  "summary_wm_mad": 83.62503635226767,
  "summary_wm_mean": 995.7854554325087,
  "summary_wm_median": 999.8321225047112,
  "summary_wm_n": 234759.0,
  "summary_wm_p05": 856.6308478064836,
  "summary_wm_p95": 1118.8517623394728,
  "summary_wm_stdv": 80.92958696091777,
  "tpm_overlap_csf": 0.1005146442728751,
  "tpm_overlap_gm": 0.11763887181734956,
  "tpm_overlap_wm": 0.4153506737209616,
  "wm2max": 0.2026436214551826
}