{
  "aor": 0.0010083473053892217,
  "aqi": 0.022002951137724554,
  "bids_meta": {
    "AcquisitionMatrixPE": 90,
    "AcquisitionNumber": 1,
    "AcquisitionTime": "14:36:24.872500",
    "BandwidthPerPixelPhaseEncode": 21.368,
    "BaseResolution": 90,
    "BodyPartExamined": "BRAIN",
    "CoilString": "HC1-7;NC1_2",
    "ConsistencyInfo": "N4_VE11C_LATEST_20160120",
    "ConversionSoftware": "dcm2niix",
    "ConversionSoftwareVersion": "v1.0.20190410  GCC6.3.0",
    "DelayTime": 0.001,
    "DerivedVendorReportedEchoSpacing": 0.000519988,
    "DeviceSerialNumber": "167001",
    "DwellTime": 2.2e-06,
    "EchoTime": 0.03,
    "EchoTrainLength": 90,
    "EffectiveEchoSpacing": 0.000519988,
    "FlipAngle": 52,
    "ImageOrientationPatientDICOM": [
      0.999415,
      0.0339407,
      0.00410661,
      -0.0314079,
      0.958939,
      -0.281869
    ],
    "ImageType": [
      "ORIGINAL",
      "PRIMARY",
      "M",
      "ND",
      "NORM",
      "MOSAIC"
    ],
    "ImagingFrequency": 123.229,
    "InPlanePhaseEncodingDirectionDICOM": "COL",
    "InstitutionAddress": "Cooper_60_St._Lucia_QLD_AU_4072",
    "InstitutionName": "St_Lucia_Campus",
    "InstitutionalDepartmentName": "Gehrmann_Labs_MRI",
    "MRAcquisitionType": "2D",
    "MagneticFieldStrength": 3,
    "Manufacturer": "Siemens",
    "ManufacturersModelName": "Prisma_fit",
    "Modality": "MR",
    "MultibandAccelerationFactor": 6,
    "PartialFourier": 1,
    "PatientPosition": "HFS",
    "PercentPhaseFOV": 100,
    "PhaseEncodingDirection": "j-",
    "PhaseEncodingSteps": 90,
    "PhaseResolution": 1,
    "PixelBandwidth": 2525,
    "ProcedureStepDescription": "Research_16092_QTAB",
    "ProtocolName": "EMOT_TASK_mb6_2.4",
    "PulseSequenceDetails": "%SiemensSeq%_ep2d_bold",
    "ReceiveCoilActiveElements": "HC1-7;NC1,2",
    "ReceiveCoilName": "HeadNeck_64",
    "ReconMatrixPE": 90,
    "RefLinesPE": 12,
    "RepetitionTime": 0.8,
    "SAR": 0.0488975,
    "ScanOptions": "FS",
    "ScanningSequence": "EP",
    "SequenceName": "_epfid2d1_90",
    "SequenceVariant": "SK",
    "SeriesDescription": "EMOT_TASK_mb6_2.4",
    "SeriesNumber": 20,
    "ShimSetting": [
      3032,
      -4139,
      -770,
      310,
      -43,
      52,
      -222,
      4
    ],
    "SliceThickness": 2.4,
    "SliceTiming": [
      0.545,
      0,
      0.39,
      0.0775,
      0.4675,
      0.2325,
      0.6225,
      0.3125,
      0.7,
      0.155,
      0.545,
      0,
      0.39,
      0.0775,
      0.4675,
      0.2325,
      0.6225,
      0.3125,
      0.7,
      0.155,
      0.545,
      0,
      0.39,
      0.0775,
      0.4675,
      0.2325,
      0.6225,
      0.3125,
      0.7,
      0.155,
      0.545,
      0,
      0.39,
      0.0775,
      0.4675,
      0.2325,
      0.6225,
      0.3125,
      0.7,
      0.155,
      0.545,
      0,
      0.39,
      0.0775,
      0.4675,
      0.2325,
      0.6225,
      0.3125,
      0.7,
      0.155,
      0.545,
      0,
      0.39,
      0.0775,
      0.4675,
      0.2325,
      0.6225,
      0.3125,
      0.7,
      0.155
    ],
    "SoftwareVersions": "syngo_MR_E11",
    "SpacingBetweenSlices": 2.4,
    "StationName": "mrc_Trio",
    "TaskName": "emotionalconflict",
    "TotalReadoutTime": 0.046279,
    "TxRefAmp": 211.627,
    "dataset": "ds004146",
    "modality": "bold",
    "session_id": "02",
    "subject_id": "0242",
    "task_id": "emotionalconflict"
  },
  "dummy_trs": 2,
  "dvars_nstd": 30.367810173860903,
  "dvars_std": 1.0825028142805753,
  "dvars_vstd": 0.9627314442925653,
  "efc": 0.48860162135022495,
  "fber": 6319.83935546875,
  "fd_mean": 0.14202070179464568,
  "fd_num": 106,
  "fd_perc": 12.694610778443113,
  "fwhm_avg": 1.8176985388822606,
  "fwhm_x": 1.7491915971600374,
  "fwhm_y": 1.86647492583295,
  "fwhm_z": 1.8374290936537945,
  "gcor": 0.0150175,
  "gsr_x": -0.008962231688201427,
  "gsr_y": 0.027674352750182152,
  "provenance": {
    "md5sum": "9d38671ee771899678c0c0f8affc4a15",
    "settings": {
      "fd_thres": 0.2,
      "testing": false
    },
    "software": "mriqc",
    "version": "23.0.1",
    "webapi_port": null,
    "webapi_url": "https://mriqc.nimh.nih.gov/api/v1"
  },
  "size_t": 835,
  "size_x": 90,
  "size_y": 90,
  "size_z": 60,
  "snr": 6.927908206762309,
  "spacing_tr": 0.800000011920929,
  "spacing_x": 2.4000000953674316,
  "spacing_y": 2.4000000953674316,
  "spacing_z": 2.4000000953674316,
  "summary_bg_k": 28.301346992621944,
  "summary_bg_mad": 6.887441602817263,
  "summary_bg_mean": 25.447879791259766,
  "summary_bg_median": 8.378443717956543,
  "summary_bg_n": 326834.0,
  "summary_bg_p05": 2.8754491806030273,
  "summary_bg_p95": 112.60245399475089,
  "summary_bg_stdv": 52.73905944824219,
  "summary_fg_k": 2.1314505695499824,
  "summary_fg_mad": 91.6674201996223,
  "summary_fg_mean": 674.2713623046875,
  "summary_fg_median": 672.79345703125,
  "summary_fg_n": 89022.0,
  "summary_fg_p05": 530.1021667480469,
  "summary_fg_p95": 828.4810272216797,
  "summary_fg_stdv": 97.11296081542969,
  "tsnr": 41.43761009036098
}