{
  "aor": 0.005139388379204893,
  "aqi": 0.010090391223241589,
  "bids_meta": {
    "AcquisitionMatrixPE": 104,
    "AcquisitionNumber": 1,
    "AcquisitionTime": "14:20:19.147500",
    "BandwidthPerPixelPhaseEncode": 17.17,
    "BaseResolution": 104,
    "BodyPartExamined": "BRAIN",
    "CoilString": "HC1-7;NC1_2",
    "ConsistencyInfo": "N4_VE11C_LATEST_20160120",
    "ConversionSoftware": "dcm2niix",
    "ConversionSoftwareVersion": "v1.0.20181125  (JP2:OpenJPEG) GCC6.3.0",
    "DerivedVendorReportedEchoSpacing": 0.000560011,
    "DeviceSerialNumber": "167001",
    "DwellTime": 2.1e-06,
    "EchoTime": 0.03,
    "EchoTrainLength": 91,
    "EffectiveEchoSpacing": 0.000560011,
    "FlipAngle": 52,
    "ImageOrientationPatientDICOM": [
      0.997366,
      -0.0688205,
      -0.0229011,
      0.0592545,
      0.955212,
      -0.28993
    ],
    "ImageType": [
      "ORIGINAL",
      "PRIMARY",
      "M",
      "ND",
      "MOSAIC"
    ],
    "ImagingFrequency": 123.229,
    "InPlanePhaseEncodingDirectionDICOM": "COL",
    "InstitutionAddress": "Cooper_60_St._Lucia_QLD_AU_4072",
    "InstitutionName": "St_Lucia_Campus",
    "InstitutionalDepartmentName": "Gehrmann_Labs_MRI",
    "MRAcquisitionType": "2D",
    "MagneticFieldStrength": 3,
    "Manufacturer": "Siemens",
    "ManufacturersModelName": "Prisma_fit",
    "Modality": "MR",
    "MultibandAccelerationFactor": 6,
    "PartialFourier": 0.875,
    "PatientPosition": "HFS",
    "PercentPhaseFOV": 100,
    "PhaseEncodingDirection": "j",
    "PhaseEncodingSteps": 91,
    "PhaseResolution": 1,
    "PixelBandwidth": 2290,
    "ProcedureStepDescription": "Research_16092_QTAB",
    "ProtocolName": "ep2d_REST_SMS6_P-A",
    "PulseSequenceDetails": "%SiemensSeq%_ep2d_bold",
    "ReceiveCoilActiveElements": "HC1-7;NC1,2",
    "ReceiveCoilName": "HeadNeck_64",
    "ReconMatrixPE": 104,
    "RepetitionTime": 0.93,
    "SAR": 0.0754003,
    "ScanOptions": "PFP_FS",
    "ScanningSequence": "EP",
    "SequenceName": "_epfid2d1_104",
    "SequenceVariant": "SK",
    "SeriesDescription": "ep2d_REST_SMS6_P-A",
    "SeriesNumber": 10,
    "ShimSetting": [
      3049,
      -4145,
      -816,
      381,
      -29,
      -38,
      -143,
      -52
    ],
    "SliceThickness": 2,
    "SliceTiming": [
      0.6825,
      0,
      0.455,
      0.0775,
      0.5325,
      0.1525,
      0.6075,
      0.305,
      0.76,
      0.38,
      0.835,
      0.2275,
      0.6825,
      0,
      0.455,
      0.0775,
      0.5325,
      0.1525,
      0.6075,
      0.305,
      0.76,
      0.38,
      0.835,
      0.2275,
      0.6825,
      0,
      0.455,
      0.0775,
      0.5325,
      0.1525,
      0.6075,
      0.305,
      0.76,
      0.38,
      0.835,
      0.2275,
      0.6825,
      0,
      0.455,
      0.0775,
      0.5325,
      0.1525,
      0.6075,
      0.305,
      0.76,
      0.38,
      0.835,
      0.2275,
      0.6825,
      0,
      0.455,
      0.0775,
      0.5325,
      0.1525,
      0.6075,
      0.305,
      0.76,
      0.38,
      0.835,
      0.2275,
      0.6825,
      0,
      0.455,
      0.0775,
      0.5325,
      0.1525,
      0.6075,
      0.305,
      0.76,
      0.38,
      0.835,
      0.2275
    ],
    "SoftwareVersions": "syngo_MR_E11",
    "SpacingBetweenSlices": 2,
    "StationName": "mrc_Trio",
    "TaskName": "rest",
    "TotalReadoutTime": 0.0576811,
    "TxRefAmp": 209.118,
    "dataset": "ds004146",
    "modality": "bold",
    "session_id": "01",
    "subject_id": "0099",
    "task_id": "rest"
  },
  "dummy_trs": 0,
  "dvars_nstd": 43.272545644999994,
  "dvars_std": 1.1468271914723935,
  "dvars_vstd": 1.0556354500920249,
  "efc": 0.5154770234352395,
  "fber": 967.3633422851562,
  "fd_mean": 0.2644103918300759,
  "fd_num": 169,
  "fd_perc": 51.681957186544345,
  "fwhm_avg": 3.102771666666667,
  "fwhm_x": 2.920885,
  "fwhm_y": 3.175775,
  "fwhm_z": 3.211655,
  "gcor": 0.0132384,
  "gsr_x": -0.01816158927977085,
  "gsr_y": 0.059999726712703705,
  "provenance": {
    "md5sum": "aa99688cd4f51b57354d5715286286ac",
    "settings": {
      "fd_thres": 0.2,
      "testing": false
    },
    "software": "mriqc",
    "version": "23.0.1",
    "webapi_port": null,
    "webapi_url": "https://mriqc.nimh.nih.gov/api/v1"
  },
  "size_t": 327,
  "size_x": 104,
  "size_y": 104,
  "size_z": 72,
  "snr": 2.762140730346819,
  "spacing_tr": 0.9300000071525574,
  "spacing_x": 2.0,
  "spacing_y": 2.0,
  "spacing_z": 2.0,
  "summary_bg_k": 50.027111358261095,
  "summary_bg_mad": 4.787852919162339,
  "summary_bg_mean": 34.98366165161133,
  "summary_bg_median": 18.0611629486084,
  "summary_bg_n": 519202.0,
  "summary_bg_p05": 14.327218055725098,
  "summary_bg_p95": 117.31192779541016,
  "summary_bg_stdv": 52.07463073730469,
  "summary_fg_k": 1.7097447756863726,
  "summary_fg_mad": 192.72009974325758,
  "summary_fg_mean": 595.4254150390625,
  "summary_fg_median": 566.238525390625,
  "summary_fg_n": 158787.0,
  "summary_fg_p05": 328.4523101806641,
  "summary_fg_p95": 969.4831970214839,
  "summary_fg_stdv": 204.99923706054688,
  "tsnr": 32.21397159341723
}