{
  "aor": 0.0008930061349693253,
  "aqi": 0.007716175889570553,
  "bids_meta": {
    "AcquisitionMatrixPE": 104,
    "AcquisitionNumber": 1,
    "AcquisitionTime": "10:12:24.350000",
    "BandwidthPerPixelPhaseEncode": 17.17,
    "BaseResolution": 104,
    "BodyPartExamined": "BRAIN",
    "CoilString": "HC1-7;NC1_2",
    "ConsistencyInfo": "N4_VE11C_LATEST_20160120",
    "ConversionSoftware": "dcm2niix",
    "ConversionSoftwareVersion": "v1.0.20181125  (JP2:OpenJPEG) GCC6.3.0",
    "DerivedVendorReportedEchoSpacing": 0.000560011,
    "DeviceSerialNumber": "167001",
    "DwellTime": 2.1e-06,
    "EchoTime": 0.03,
    "EchoTrainLength": 91,
    "EffectiveEchoSpacing": 0.000560011,
    "FlipAngle": 52,
    "ImageOrientationPatientDICOM": [
      0.998896,
      0.0353988,
      -0.0308951,
      -0.0443115,
      0.928396,
      -0.368941
    ],
    "ImageType": [
      "ORIGINAL",
      "PRIMARY",
      "M",
      "ND",
      "MOSAIC"
    ],
    "ImagingFrequency": 123.229,
    "InPlanePhaseEncodingDirectionDICOM": "COL",
    "InstitutionAddress": "Cooper_60_St._Lucia_QLD_AU_4072",
    "InstitutionName": "St_Lucia_Campus",
    "InstitutionalDepartmentName": "Gehrmann_Labs_MRI",
    "MRAcquisitionType": "2D",
    "MagneticFieldStrength": 3,
    "Manufacturer": "Siemens",
    "ManufacturersModelName": "Prisma_fit",
    "Modality": "MR",
    "MultibandAccelerationFactor": 6,
    "PartialFourier": 0.875,
    "PatientPosition": "HFS",
    "PercentPhaseFOV": 100,
    "PhaseEncodingDirection": "j",
    "PhaseEncodingSteps": 91,
    "PhaseResolution": 1,
    "PixelBandwidth": 2290,
    "ProcedureStepDescription": "Research_16092_QTAB",
    "ProtocolName": "ep2d_REST_SMS6_P-A",
    "PulseSequenceDetails": "%SiemensSeq%_ep2d_bold",
    "ReceiveCoilActiveElements": "HC1-7;NC1,2",
    "ReceiveCoilName": "HeadNeck_64",
    "ReconMatrixPE": 104,
    "RepetitionTime": 0.93,
    "SAR": 0.0772949,
    "ScanOptions": "PFP_FS",
    "ScanningSequence": "EP",
    "SequenceName": "_epfid2d1_104",
    "SequenceVariant": "SK",
    "SeriesDescription": "ep2d_REST_SMS6_P-A",
    "SeriesNumber": 10,
    "ShimSetting": [
      3026,
      -4173,
      -736,
      394,
      -12,
      -40,
      -170,
      -19
    ],
    "SliceThickness": 2,
    "SliceTiming": [
      0.6825,
      0,
      0.455,
      0.075,
      0.53,
      0.1525,
      0.6075,
      0.3025,
      0.7575,
      0.38,
      0.835,
      0.2275,
      0.6825,
      0,
      0.455,
      0.075,
      0.53,
      0.1525,
      0.6075,
      0.3025,
      0.7575,
      0.38,
      0.835,
      0.2275,
      0.6825,
      0,
      0.455,
      0.075,
      0.53,
      0.1525,
      0.6075,
      0.3025,
      0.7575,
      0.38,
      0.835,
      0.2275,
      0.6825,
      0,
      0.455,
      0.075,
      0.53,
      0.1525,
      0.6075,
      0.3025,
      0.7575,
      0.38,
      0.835,
      0.2275,
      0.6825,
      0,
      0.455,
      0.075,
      0.53,
      0.1525,
      0.6075,
      0.3025,
      0.7575,
      0.38,
      0.835,
      0.2275,
      0.6825,
      0,
      0.455,
      0.075,
      0.53,
      0.1525,
      0.6075,
      0.3025,
      0.7575,
      0.38,
      0.835,
      0.2275
    ],
    "SoftwareVersions": "syngo_MR_E11",
    "SpacingBetweenSlices": 2,
    "StationName": "mrc_Trio",
    "TaskName": "rest",
    "TotalReadoutTime": 0.0576811,
    "TxRefAmp": 203.443,
    "dataset": "ds004146",
    "modality": "bold",
    "session_id": "01",
    "subject_id": "0273",
    "task_id": "rest"
  },
  "dummy_trs": 1,
  "dvars_nstd": 38.999573575384616,
  "dvars_std": 1.1196313860307696,
  "dvars_vstd": 0.9980669937846152,
  "efc": 0.4697701500331622,
  "fber": 1278.0166015625,
  "fd_mean": 0.1502825076614089,
  "fd_num": 60,
  "fd_perc": 18.404907975460123,
  "fwhm_avg": 3.174086730685337,
  "fwhm_x": 3.04287,
  "fwhm_y": 3.2221651920560115,
  "fwhm_z": 3.257225,
  "gcor": 0.0303561,
  "gsr_x": -0.011558456346392632,
  "gsr_y": 0.03213869035243988,
  "provenance": {
    "md5sum": "2212a8cabd2595f4a24cccf45d8f170e",
    "settings": {
      "fd_thres": 0.2,
      "testing": false
    },
    "software": "mriqc",
    "version": "23.0.1",
    "webapi_port": null,
    "webapi_url": "https://mriqc.nimh.nih.gov/api/v1"
  },
  "size_t": 326,
  "size_x": 104,
  "size_y": 104,
  "size_z": 72,
  "snr": 2.928824769848021,
  "spacing_tr": 0.9300000071525574,
  "spacing_x": 2.0,
  "spacing_y": 1.9999998807907104,
  "spacing_z": 2.0,
  "summary_bg_k": 85.01373587045926,
  "summary_bg_mad": 4.388685018969151,
  "summary_bg_mean": 31.63461685180664,
  "summary_bg_median": 17.515336990356445,
  "summary_bg_n": 557771.0,
  "summary_bg_p05": 13.877300262451172,
  "summary_bg_p95": 97.8772964477539,
  "summary_bg_stdv": 46.1728515625,
  "summary_fg_k": 0.6854278446619819,
  "summary_fg_mad": 214.3906694504893,
  "summary_fg_mean": 651.93017578125,
  "summary_fg_median": 625.4324951171875,
  "summary_fg_n": 128969.0,
  "summary_fg_p05": 366.9693298339844,
  "summary_fg_p95": 1045.298779296875,
  "summary_fg_stdv": 213.5430145263672,
  "tsnr": 36.35080111026764
}