{
  "aor": 0.0008767889908256882,
  "aqi": 0.0076708026299694195,
  "bids_meta": {
    "AcquisitionMatrixPE": 104,
    "AcquisitionNumber": 1,
    "AcquisitionTime": "10:49:32.047500",
    "BandwidthPerPixelPhaseEncode": 17.17,
    "BaseResolution": 104,
    "BodyPartExamined": "BRAIN",
    "ConsistencyInfo": "N4_VE11C_LATEST_20160120",
    "ConversionSoftware": "dcm2niix",
    "ConversionSoftwareVersion": "v1.0.20171215 GCC6.3.0",
    "DerivedVendorReportedEchoSpacing": 0.000560011,
    "DeviceSerialNumber": "167001",
    "DwellTime": 2.1e-06,
    "EchoTime": 0.03,
    "EchoTrainLength": 91,
    "EffectiveEchoSpacing": 0.000560011,
    "FlipAngle": 52,
    "ImageOrientationPatientDICOM": [
      0.988241,
      0.126319,
      -0.0861624,
      -0.144169,
      0.957507,
      -0.249789
    ],
    "ImageType": [
      "ORIGINAL",
      "PRIMARY",
      "M",
      "ND",
      "MOSAIC"
    ],
    "InPlanePhaseEncodingDirectionDICOM": "COL",
    "InstitutionAddress": "Cooper_60_St._Lucia_QLD_AU_4072",
    "InstitutionName": "St_Lucia_Campus",
    "InstitutionalDepartmentName": "Gehrmann_Labs_MRI",
    "MRAcquisitionType": "2D",
    "MagneticFieldStrength": 3,
    "Manufacturer": "Siemens",
    "ManufacturersModelName": "Prisma_fit",
    "Modality": "MR",
    "MultibandAccelerationFactor": 6,
    "PartialFourier": 0.875,
    "PatientPosition": "HFS",
    "PercentPhaseFOV": 100,
    "PhaseEncodingDirection": "j-",
    "PhaseEncodingSteps": 91,
    "PhaseResolution": 1,
    "PixelBandwidth": 2290,
    "ProcedureStepDescription": "Research_16092_QTAB",
    "ProtocolName": "ep2d_REST_SMS6_A-P",
    "PulseSequenceDetails": "%SiemensSeq%_ep2d_bold",
    "ReceiveCoilActiveElements": "HC1-7;NC1,2",
    "ReceiveCoilName": "HeadNeck_64",
    "ReconMatrixPE": 104,
    "RepetitionTime": 0.93,
    "SAR": 0.0731567,
    "ScanOptions": "PFP_FS",
    "ScanningSequence": "EP",
    "SequenceName": "_epfid2d1_104",
    "SequenceVariant": "SK",
    "SeriesDescription": "ep2d_REST_SMS6_A-P",
    "SeriesNumber": 13,
    "ShimSetting": [
      3020,
      -4172,
      -782,
      419,
      3,
      -56,
      -41,
      37
    ],
    "SliceThickness": 2,
    "SliceTiming": [
      0.6825,
      0,
      0.455,
      0.075,
      0.53,
      0.1525,
      0.6075,
      0.3025,
      0.7575,
      0.38,
      0.835,
      0.2275,
      0.6825,
      0,
      0.455,
      0.075,
      0.53,
      0.1525,
      0.6075,
      0.3025,
      0.7575,
      0.38,
      0.835,
      0.2275,
      0.6825,
      0,
      0.455,
      0.075,
      0.53,
      0.1525,
      0.6075,
      0.3025,
      0.7575,
      0.38,
      0.835,
      0.2275,
      0.6825,
      0,
      0.455,
      0.075,
      0.53,
      0.1525,
      0.6075,
      0.3025,
      0.7575,
      0.38,
      0.835,
      0.2275,
      0.6825,
      0,
      0.455,
      0.075,
      0.53,
      0.1525,
      0.6075,
      0.3025,
      0.7575,
      0.38,
      0.835,
      0.2275,
      0.6825,
      0,
      0.455,
      0.075,
      0.53,
      0.1525,
      0.6075,
      0.3025,
      0.7575,
      0.38,
      0.835,
      0.2275
    ],
    "SoftwareVersions": "syngo_MR_E11",
    "SpacingBetweenSlices": 2,
    "StationName": "mrc_Trio",
    "TaskName": "rest",
    "TotalReadoutTime": 0.0576811,
    "TxRefAmp": 208.399,
    "dataset": "ds004146",
    "modality": "bold",
    "session_id": "01",
    "subject_id": "0138",
    "task_id": "rest"
  },
  "dummy_trs": 0,
  "dvars_nstd": 40.249539147208594,
  "dvars_std": 1.0920898946012265,
  "dvars_vstd": 1.0116988064417176,
  "efc": 0.5266015611663335,
  "fber": 900.71435546875,
  "fd_mean": 0.1716748590423513,
  "fd_num": 113,
  "fd_perc": 34.5565749235474,
  "fwhm_avg": 2.9073317799326843,
  "fwhm_x": 2.6400051573565695,
  "fwhm_y": 3.02113,
  "fwhm_z": 3.0608601824414836,
  "gcor": 0.0110292,
  "gsr_x": -0.03186192363500595,
  "gsr_y": 0.07836702466011047,
  "provenance": {
    "md5sum": "0036fbd10169c2fd0384d8db73e493cb",
    "settings": {
      "fd_thres": 0.2,
      "testing": false
    },
    "software": "mriqc",
    "version": "23.0.1",
    "webapi_port": null,
    "webapi_url": "https://mriqc.nimh.nih.gov/api/v1"
  },
  "size_t": 327,
  "size_x": 104,
  "size_y": 104,
  "size_z": 72,
  "snr": 3.054508508578608,
  "spacing_tr": 0.9300000071525574,
  "spacing_x": 1.9999998807907104,
  "spacing_y": 2.0,
  "spacing_z": 1.9999998807907104,
  "summary_bg_k": 48.21821866161266,
  "summary_bg_mad": 4.574756845861372,
  "summary_bg_mean": 35.984886169433594,
  "summary_bg_median": 17.798166275024414,
  "summary_bg_n": 518317.0,
  "summary_bg_p05": 14.256880760192871,
  "summary_bg_p95": 117.73150024414048,
  "summary_bg_stdv": 56.10821533203125,
  "summary_fg_k": 0.6192311499872551,
  "summary_fg_mad": 171.11133529208294,
  "summary_fg_mean": 564.1784057617188,
  "summary_fg_median": 541.6422119140625,
  "summary_fg_n": 160593.0,
  "summary_fg_p05": 324.70460815429686,
  "summary_fg_p95": 887.5474243164062,
  "summary_fg_stdv": 177.32493591308594,
  "tsnr": 35.40760694630444
}