{
  "aor": 0.0008459633027522938,
  "aqi": 0.006574418287461773,
  "bids_meta": {
    "AcquisitionMatrixPE": 104,
    "AcquisitionNumber": 1,
    "AcquisitionTime": "10:55:12.265000",
    "BandwidthPerPixelPhaseEncode": 17.17,
    "BaseResolution": 104,
    "BodyPartExamined": "BRAIN",
    "ConsistencyInfo": "N4_VE11C_LATEST_20160120",
    "ConversionSoftware": "dcm2niix",
    "ConversionSoftwareVersion": "v1.0.20171215 GCC6.3.0",
    "DerivedVendorReportedEchoSpacing": 0.000560011,
    "DeviceSerialNumber": "167001",
    "DwellTime": 2.1e-06,
    "EchoTime": 0.03,
    "EchoTrainLength": 91,
    "EffectiveEchoSpacing": 0.000560011,
    "FlipAngle": 52,
    "ImageOrientationPatientDICOM": [
      0.988241,
      0.126319,
      -0.0861624,
      -0.144169,
      0.957507,
      -0.249789
    ],
    "ImageType": [
      "ORIGINAL",
      "PRIMARY",
      "M",
      "ND",
      "MOSAIC"
    ],
    "InPlanePhaseEncodingDirectionDICOM": "COL",
    "InstitutionAddress": "Cooper_60_St._Lucia_QLD_AU_4072",
    "InstitutionName": "St_Lucia_Campus",
    "InstitutionalDepartmentName": "Gehrmann_Labs_MRI",
    "MRAcquisitionType": "2D",
    "MagneticFieldStrength": 3,
    "Manufacturer": "Siemens",
    "ManufacturersModelName": "Prisma_fit",
    "Modality": "MR",
    "MultibandAccelerationFactor": 6,
    "PartialFourier": 0.875,
    "PatientPosition": "HFS",
    "PercentPhaseFOV": 100,
    "PhaseEncodingDirection": "j",
    "PhaseEncodingSteps": 91,
    "PhaseResolution": 1,
    "PixelBandwidth": 2290,
    "ProcedureStepDescription": "Research_16092_QTAB",
    "ProtocolName": "ep2d_REST_SMS6_P-A",
    "PulseSequenceDetails": "%SiemensSeq%_ep2d_bold",
    "ReceiveCoilActiveElements": "HC1-7;NC1,2",
    "ReceiveCoilName": "HeadNeck_64",
    "ReconMatrixPE": 104,
    "RepetitionTime": 0.93,
    "SAR": 0.0731567,
    "ScanOptions": "PFP_FS",
    "ScanningSequence": "EP",
    "SequenceName": "_epfid2d1_104",
    "SequenceVariant": "SK",
    "SeriesDescription": "ep2d_REST_SMS6_P-A",
    "SeriesNumber": 14,
    "ShimSetting": [
      3020,
      -4172,
      -782,
      419,
      3,
      -56,
      -41,
      37
    ],
    "SliceThickness": 2,
    "SliceTiming": [
      0.6825,
      0,
      0.455,
      0.075,
      0.53,
      0.15,
      0.605,
      0.3025,
      0.7575,
      0.3775,
      0.8325,
      0.2275,
      0.6825,
      0,
      0.455,
      0.075,
      0.53,
      0.15,
      0.605,
      0.3025,
      0.7575,
      0.3775,
      0.8325,
      0.2275,
      0.6825,
      0,
      0.455,
      0.075,
      0.53,
      0.15,
      0.605,
      0.3025,
      0.7575,
      0.3775,
      0.8325,
      0.2275,
      0.6825,
      0,
      0.455,
      0.075,
      0.53,
      0.15,
      0.605,
      0.3025,
      0.7575,
      0.3775,
      0.8325,
      0.2275,
      0.6825,
      0,
      0.455,
      0.075,
      0.53,
      0.15,
      0.605,
      0.3025,
      0.7575,
      0.3775,
      0.8325,
      0.2275,
      0.6825,
      0,
      0.455,
      0.075,
      0.53,
      0.15,
      0.605,
      0.3025,
      0.7575,
      0.3775,
      0.8325,
      0.2275
    ],
    "SoftwareVersions": "syngo_MR_E11",
    "SpacingBetweenSlices": 2,
    "StationName": "mrc_Trio",
    "TaskName": "rest",
    "TotalReadoutTime": 0.0576811,
    "TxRefAmp": 208.399,
    "dataset": "ds004146",
    "modality": "bold",
    "session_id": "01",
    "subject_id": "0138",
    "task_id": "rest"
  },
  "dummy_trs": 0,
  "dvars_nstd": 40.55168336730062,
  "dvars_std": 1.0952551944478528,
  "dvars_vstd": 1.0085009170552146,
  "efc": 0.5265296920630835,
  "fber": 860.054443359375,
  "fd_mean": 0.1489202818376694,
  "fd_num": 75,
  "fd_perc": 22.93577981651376,
  "fwhm_avg": 2.8804151129395827,
  "fwhm_x": 2.658325158448527,
  "fwhm_y": 2.95681,
  "fwhm_z": 3.0261101803702224,
  "gcor": 0.00847073,
  "gsr_x": -0.028947260230779648,
  "gsr_y": 0.06185899302363396,
  "provenance": {
    "md5sum": "8d8c45eee9bc55802dfb2cbe5c9ee1c7",
    "settings": {
      "fd_thres": 0.2,
      "testing": false
    },
    "software": "mriqc",
    "version": "23.0.1",
    "webapi_port": null,
    "webapi_url": "https://mriqc.nimh.nih.gov/api/v1"
  },
  "size_t": 327,
  "size_x": 104,
  "size_y": 104,
  "size_z": 72,
  "snr": 2.9338143191392243,
  "spacing_tr": 0.9300000071525574,
  "spacing_x": 1.9999998807907104,
  "spacing_y": 2.0,
  "spacing_z": 1.9999998807907104,
  "summary_bg_k": 88.78525137437272,
  "summary_bg_mad": 5.15056997059199,
  "summary_bg_mean": 36.745792388916016,
  "summary_bg_median": 18.189603805541992,
  "summary_bg_n": 520076.0,
  "summary_bg_p05": 14.238533020019531,
  "summary_bg_p95": 129.22706604003906,
  "summary_bg_stdv": 55.07012939453125,
  "summary_fg_k": 0.6796328992183684,
  "summary_fg_mad": 182.2286349048524,
  "summary_fg_mean": 559.88818359375,
  "summary_fg_median": 535.9541625976562,
  "summary_fg_n": 160317.0,
  "summary_fg_p05": 317.3027648925781,
  "summary_fg_p95": 891.5664062499997,
  "summary_fg_stdv": 182.68112182617188,
  "tsnr": 35.937072270317
}