{
  "bids_meta": {
    "AcquisitionMatrixPE": 256,
    "AcquisitionNumber": 1,
    "AcquisitionTime": "16:13:39.242500",
    "BaseResolution": 256,
    "BodyPartExamined": "BRAIN",
    "CoilString": "HC1-7;NC1_2",
    "ConsistencyInfo": "N4_VE11C_LATEST_20160120",
    "ConversionSoftware": "dcm2niix",
    "ConversionSoftwareVersion": "v1.0.20181125  (JP2:OpenJPEG) GCC6.3.0",
    "DeviceSerialNumber": "167001",
    "DwellTime": 2.6e-06,
    "EchoTime": 0.408,
    "EchoTrainLength": 259,
    "FlipAngle": 120,
    "ImageOrientationPatientDICOM": [
      -0.0179678,
      0.962858,
      0.269411,
      0.121733,
      0.269557,
      -0.955259
    ],
    "ImageType": [
      "ORIGINAL",
      "PRIMARY",
      "M",
      "ND",
      "NORM"
    ],
    "ImagingFrequency": 123.229,
    "InPlanePhaseEncodingDirectionDICOM": "ROW",
    "InstitutionAddress": "Cooper_60_St._Lucia_QLD_AU_4072",
    "InstitutionName": "St_Lucia_Campus",
    "InstitutionalDepartmentName": "Gehrmann_Labs_MRI",
    "MRAcquisitionType": "3D",
    "MagneticFieldStrength": 3,
    "Manufacturer": "Siemens",
    "ManufacturersModelName": "Prisma_fit",
    "Modality": "MR",
    "PartialFourier": 1,
    "PatientPosition": "HFS",
    "PercentPhaseFOV": 100,
    "PhaseEncodingSteps": 233,
    "PhaseResolution": 1,
    "PixelBandwidth": 750,
    "ProcedureStepDescription": "Research_16092_QTAB",
    "ProtocolName": "t2_spc_sag_p2_iso",
    "PulseSequenceDetails": "%SiemensSeq%_tse_vfl",
    "ReceiveCoilActiveElements": "HC1-7;NC1,2",
    "ReceiveCoilName": "HeadNeck_64",
    "ReconMatrixPE": 256,
    "RepetitionTime": 3.2,
    "SAR": 0.168798,
    "ScanOptions": "PFP",
    "ScanningSequence": "SE",
    "SequenceName": "_spcR_282ns",
    "SequenceVariant": "SK_SP",
    "SeriesDescription": "t2_spc_sag_p2_iso",
    "SeriesNumber": 19,
    "ShimSetting": [
      3044,
      -4172,
      -1039,
      -11,
      -3,
      35,
      -21,
      -13
    ],
    "SliceThickness": 1,
    "SoftwareVersions": "syngo_MR_E11",
    "StationName": "mrc_Trio",
    "TxRefAmp": 211.282,
    "dataset": "ds004146",
    "modality": "T2w",
    "session_id": "01",
    "subject_id": "0405"
  },
  "cjv": 13.479103161641403,
  "cnr": 0.09834078053922829,
  "efc": 0.6033468045838147,
  "fber": -1.0,
  "fwhm_avg": 3.843175043180342,
  "fwhm_x": 4.044575241075471,
  "fwhm_y": 4.099487438912877,
  "fwhm_z": 3.385462449552678,
  "icvs_csf": 0.5338491499383647,
  "icvs_gm": 0.33800273624034766,
  "icvs_wm": 0.12814811382128757,
  "inu_med": 0.9885857105255127,
  "inu_range": 0.22936065196990962,
  "provenance": {
    "md5sum": "93709fdeec6b6bb5a98954134b1b02fb",
    "settings": {
      "testing": false
    },
    "software": "mriqc",
    "version": "23.0.1",
    "warnings": {
      "large_rot_frame": true,
      "small_air_mask": false
    },
    "webapi_port": null,
    "webapi_url": "https://mriqc.nimh.nih.gov/api/v1"
  },
  "qi_1": 0.15996249727058467,
  "qi_2": 0.02237330385580941,
  "rpve_csf": 10.066140120842709,
  "rpve_gm": 14.657263134523228,
  "rpve_wm": 37.096093189602044,
  "size_x": 192,
  "size_y": 300,
  "size_z": 320,
  "snr_csf": 20.71972391294579,
  "snr_gm": 14.138454000787076,
  "snr_total": 11.924877250886896,
  "snr_wm": 0.9164538389278248,
  "snrd_csf": 97.33464492922008,
  "snrd_gm": 67.35996777457518,
  "snrd_total": 80.05564363344706,
  "snrd_wm": 75.47231819654591,
  "spacing_x": 0.7999999523162842,
  "spacing_y": 0.800000011920929,
  "spacing_z": 0.800000011920929,
  "summary_bg_k": 14.166560549269867,
  "summary_bg_mad": 0.0,
  "summary_bg_mean": 3.1391421468166527,
  "summary_bg_median": 0.0,
  "summary_bg_n": 1533507.0,
  "summary_bg_p05": 0.0,
  "summary_bg_p95": 25.95262537524104,
  "summary_bg_stdv": 8.845572882228666,
  "summary_csf_k": 0.08674918801731879,
  "summary_csf_mad": 63.38255774283996,
  "summary_csf_mean": 1318.1866415474894,
  "summary_csf_median": 1314.2006697952747,
  "summary_csf_n": 341078.0,
  "summary_csf_p05": 1221.238091070205,
  "summary_csf_p95": 1427.440167464316,
  "summary_csf_stdv": 63.42742542206199,
  "summary_gm_k": -0.20046364681514062,
  "summary_gm_mad": 66.43632123152068,
  "summary_gm_mean": 910.9448596706858,
  "summary_gm_median": 909.4861837849021,
  "summary_gm_n": 298151.0,
  "summary_gm_p05": 807.6896426305175,
  "summary_gm_p95": 1019.201250847429,
  "summary_gm_stdv": 64.32702320369006,
  "summary_wm_k": -1.792451755448628,
  "summary_wm_mad": 1409.956533429321,
  "summary_wm_mean": 1301.7554683403741,
  "summary_wm_median": 1019.0181635431945,
  "summary_wm_n": 65595.0,
  "summary_wm_p05": 49.708203099668026,
  "summary_wm_p95": 2746.263791691512,
  "summary_wm_stdv": 1111.9058622821406,
  "tpm_overlap_csf": 0.10230801252160576,
  "tpm_overlap_gm": 0.20823728257929416,
  "tpm_overlap_wm": 0.03214268651735469,
  "wm2max": 0.38066821694822517
}