{
  "aor": 0.0007850764525993884,
  "aqi": 0.00763739636085627,
  "bids_meta": {
    "AcquisitionMatrixPE": 104,
    "AcquisitionNumber": 1,
    "AcquisitionTime": "11:04:52.657500",
    "BandwidthPerPixelPhaseEncode": 17.17,
    "BaseResolution": 104,
    "BodyPartExamined": "BRAIN",
    "ConsistencyInfo": "N4_VE11C_LATEST_20160120",
    "ConversionSoftware": "dcm2niix",
    "ConversionSoftwareVersion": "v1.0.20171215 GCC6.3.0",
    "DerivedVendorReportedEchoSpacing": 0.000560011,
    "DeviceSerialNumber": "167001",
    "DwellTime": 2.1e-06,
    "EchoTime": 0.03,
    "EchoTrainLength": 91,
    "EffectiveEchoSpacing": 0.000560011,
    "FlipAngle": 52,
    "ImageOrientationPatientDICOM": [
      0.999078,
      0.0425768,
      0.00557994,
      -0.0389046,
      0.952495,
      -0.302059
    ],
    "ImageType": [
      "ORIGINAL",
      "PRIMARY",
      "M",
      "ND",
      "MOSAIC"
    ],
    "InPlanePhaseEncodingDirectionDICOM": "COL",
    "InstitutionAddress": "Cooper_60_St._Lucia_QLD_AU_4072",
    "InstitutionName": "St_Lucia_Campus",
    "InstitutionalDepartmentName": "Gehrmann_Labs_MRI",
    "MRAcquisitionType": "2D",
    "MagneticFieldStrength": 3,
    "Manufacturer": "Siemens",
    "ManufacturersModelName": "Prisma_fit",
    "Modality": "MR",
    "MultibandAccelerationFactor": 6,
    "PartialFourier": 0.875,
    "PatientPosition": "HFS",
    "PercentPhaseFOV": 100,
    "PhaseEncodingDirection": "j-",
    "PhaseEncodingSteps": 91,
    "PhaseResolution": 1,
    "PixelBandwidth": 2290,
    "ProcedureStepDescription": "Research_16092_QTAB",
    "ProtocolName": "ep2d_REST_SMS6_A-P",
    "PulseSequenceDetails": "%SiemensSeq%_ep2d_bold",
    "ReceiveCoilActiveElements": "HC1-7;NC1,2",
    "ReceiveCoilName": "HeadNeck_64",
    "ReconMatrixPE": 104,
    "RepetitionTime": 0.93,
    "SAR": 0.0771996,
    "ScanOptions": "PFP_FS",
    "ScanningSequence": "EP",
    "SequenceName": "_epfid2d1_104",
    "SequenceVariant": "SK",
    "SeriesDescription": "ep2d_REST_SMS6_A-P",
    "SeriesNumber": 9,
    "ShimSetting": [
      3038,
      -4179,
      -837,
      386,
      -50,
      -106,
      -75,
      42
    ],
    "SliceThickness": 2,
    "SliceTiming": [
      0.6825,
      0,
      0.455,
      0.075,
      0.53,
      0.1525,
      0.6075,
      0.3025,
      0.7575,
      0.38,
      0.835,
      0.2275,
      0.6825,
      0,
      0.455,
      0.075,
      0.53,
      0.1525,
      0.6075,
      0.3025,
      0.7575,
      0.38,
      0.835,
      0.2275,
      0.6825,
      0,
      0.455,
      0.075,
      0.53,
      0.1525,
      0.6075,
      0.3025,
      0.7575,
      0.38,
      0.835,
      0.2275,
      0.6825,
      0,
      0.455,
      0.075,
      0.53,
      0.1525,
      0.6075,
      0.3025,
      0.7575,
      0.38,
      0.835,
      0.2275,
      0.6825,
      0,
      0.455,
      0.075,
      0.53,
      0.1525,
      0.6075,
      0.3025,
      0.7575,
      0.38,
      0.835,
      0.2275,
      0.6825,
      0,
      0.455,
      0.075,
      0.53,
      0.1525,
      0.6075,
      0.3025,
      0.7575,
      0.38,
      0.835,
      0.2275
    ],
    "SoftwareVersions": "syngo_MR_E11",
    "SpacingBetweenSlices": 2,
    "StationName": "mrc_Trio",
    "TaskName": "rest",
    "TotalReadoutTime": 0.0576811,
    "TxRefAmp": 208.614,
    "dataset": "ds004146",
    "modality": "bold",
    "session_id": "01",
    "subject_id": "0080",
    "task_id": "rest"
  },
  "dummy_trs": 0,
  "dvars_nstd": 45.010625207484644,
  "dvars_std": 1.163359594079755,
  "dvars_vstd": 1.0081885435889568,
  "efc": 0.5111452988239195,
  "fber": 986.5569458007812,
  "fd_mean": 0.15819647296549064,
  "fd_num": 82,
  "fd_perc": 25.07645259938838,
  "fwhm_avg": 3.0144216666666668,
  "fwhm_x": 2.766355,
  "fwhm_y": 3.122505,
  "fwhm_z": 3.154405,
  "gcor": 0.00662215,
  "gsr_x": -0.017969761043787003,
  "gsr_y": 0.05337192863225937,
  "provenance": {
    "md5sum": "e622603f9b6a9a7f565069399d08b37f",
    "settings": {
      "fd_thres": 0.2,
      "testing": false
    },
    "software": "mriqc",
    "version": "23.0.1",
    "webapi_port": null,
    "webapi_url": "https://mriqc.nimh.nih.gov/api/v1"
  },
  "size_t": 327,
  "size_x": 104,
  "size_y": 104,
  "size_z": 72,
  "snr": 3.0215073758010784,
  "spacing_tr": 0.9300000071525574,
  "spacing_x": 2.0,
  "spacing_y": 2.0,
  "spacing_z": 2.0,
  "summary_bg_k": 52.59965185166862,
  "summary_bg_mad": 3.9400044802188834,
  "summary_bg_mean": 31.15437889099121,
  "summary_bg_median": 16.782875061035156,
  "summary_bg_n": 526297.0,
  "summary_bg_p05": 13.779816627502441,
  "summary_bg_p95": 92.35474395751953,
  "summary_bg_stdv": 46.140350341796875,
  "summary_fg_k": 0.9951955031215043,
  "summary_fg_mad": 163.75499409941693,
  "summary_fg_mean": 558.1021728515625,
  "summary_fg_median": 531.365478515625,
  "summary_fg_n": 154988.0,
  "summary_fg_p05": 328.2579650878906,
  "summary_fg_p95": 889.1527801513671,
  "summary_fg_stdv": 175.86048889160156,
  "tsnr": 36.238905504345894
}