{
  "aor": 0.0010417894736842106,
  "aqi": 0.01609300107894737,
  "bids_meta": {
    "AcquisitionMatrixPE": 90,
    "AcquisitionNumber": 1,
    "AcquisitionTime": "11:47:24.040000",
    "BandwidthPerPixelPhaseEncode": 21.368,
    "BaseResolution": 90,
    "BodyPartExamined": "BRAIN",
    "CoilString": "HC1-7;NC1_2",
    "ConsistencyInfo": "N4_VE11C_LATEST_20160120",
    "ConversionSoftware": "dcm2niix",
    "ConversionSoftwareVersion": "v1.0.20190410  GCC6.3.0",
    "DerivedVendorReportedEchoSpacing": 0.000519988,
    "DeviceSerialNumber": "167001",
    "DwellTime": 2.2e-06,
    "EchoTime": 0.03,
    "EchoTrainLength": 90,
    "EffectiveEchoSpacing": 0.000519988,
    "FlipAngle": 52,
    "ImageOrientationPatientDICOM": [
      0.998713,
      0.0336384,
      -0.0379461,
      -0.0411601,
      0.974824,
      -0.219144
    ],
    "ImageType": [
      "ORIGINAL",
      "PRIMARY",
      "M",
      "ND",
      "NORM",
      "MOSAIC"
    ],
    "ImagingFrequency": 123.229,
    "InPlanePhaseEncodingDirectionDICOM": "COL",
    "InstitutionAddress": "Cooper_60_St._Lucia_QLD_AU_4072",
    "InstitutionName": "St_Lucia_Campus",
    "InstitutionalDepartmentName": "Gehrmann_Labs_MRI",
    "MRAcquisitionType": "2D",
    "MagneticFieldStrength": 3,
    "Manufacturer": "Siemens",
    "ManufacturersModelName": "Prisma_fit",
    "Modality": "MR",
    "MultibandAccelerationFactor": 6,
    "PartialFourier": 1,
    "PatientPosition": "HFS",
    "PercentPhaseFOV": 100,
    "PhaseEncodingDirection": "j-",
    "PhaseEncodingSteps": 90,
    "PhaseResolution": 1,
    "PixelBandwidth": 2525,
    "ProcedureStepDescription": "Research_16092_QTAB",
    "ProtocolName": "PARTLY_CLOUDY_mb6_2.4",
    "PulseSequenceDetails": "%SiemensSeq%_ep2d_bold",
    "ReceiveCoilActiveElements": "HC1-7;NC1,2",
    "ReceiveCoilName": "HeadNeck_64",
    "ReconMatrixPE": 90,
    "RefLinesPE": 12,
    "RepetitionTime": 0.8,
    "SAR": 0.0540034,
    "ScanOptions": "FS",
    "ScanningSequence": "EP",
    "SequenceName": "_epfid2d1_90",
    "SequenceVariant": "SK",
    "SeriesDescription": "PARTLY_CLOUDY_mb6_2.4",
    "SeriesNumber": 19,
    "ShimSetting": [
      3034,
      -4282,
      -736,
      934,
      -59,
      -372,
      424,
      91
    ],
    "SliceThickness": 2.4,
    "SliceTiming": [
      0.545,
      0,
      0.39,
      0.0775,
      0.4675,
      0.235,
      0.625,
      0.3125,
      0.7025,
      0.155,
      0.545,
      0,
      0.39,
      0.0775,
      0.4675,
      0.235,
      0.625,
      0.3125,
      0.7025,
      0.155,
      0.545,
      0,
      0.39,
      0.0775,
      0.4675,
      0.235,
      0.625,
      0.3125,
      0.7025,
      0.155,
      0.545,
      0,
      0.39,
      0.0775,
      0.4675,
      0.235,
      0.625,
      0.3125,
      0.7025,
      0.155,
      0.545,
      0,
      0.39,
      0.0775,
      0.4675,
      0.235,
      0.625,
      0.3125,
      0.7025,
      0.155,
      0.545,
      0,
      0.39,
      0.0775,
      0.4675,
      0.235,
      0.625,
      0.3125,
      0.7025,
      0.155
    ],
    "SoftwareVersions": "syngo_MR_E11",
    "SpacingBetweenSlices": 2.4,
    "StationName": "mrc_Trio",
    "TaskName": "partlycloudy",
    "TotalReadoutTime": 0.046279,
    "TxRefAmp": 211.173,
    "dataset": "ds004146",
    "modality": "bold",
    "session_id": "02",
    "subject_id": "0359",
    "task_id": "partlycloudy"
  },
  "dummy_trs": 0,
  "dvars_nstd": 31.044847458443265,
  "dvars_std": 1.1077193839313983,
  "dvars_vstd": 0.9956826759894459,
  "efc": 0.44287994241733514,
  "fber": 6885.39404296875,
  "fd_mean": 0.13171829573206473,
  "fd_num": 55,
  "fd_perc": 14.473684210526315,
  "fwhm_avg": 1.9732249215910864,
  "fwhm_x": 1.8977040912586813,
  "fwhm_y": 2.1234499156216815,
  "fwhm_z": 1.8985207578928964,
  "gcor": 0.0351928,
  "gsr_x": -0.019389981403946877,
  "gsr_y": 0.025274908170104027,
  "provenance": {
    "md5sum": "8cd7871f1e8781eefc6dce02d4924020",
    "settings": {
      "fd_thres": 0.2,
      "testing": false
    },
    "software": "mriqc",
    "version": "23.0.1",
    "webapi_port": null,
    "webapi_url": "https://mriqc.nimh.nih.gov/api/v1"
  },
  "size_t": 380,
  "size_x": 90,
  "size_y": 90,
  "size_z": 60,
  "snr": 6.335273770611068,
  "spacing_tr": 0.800000011920929,
  "spacing_x": 2.4000000953674316,
  "spacing_y": 2.4000000953674316,
  "spacing_z": 2.4000000953674316,
  "summary_bg_k": 54.73095761264731,
  "summary_bg_mad": 5.380285962503934,
  "summary_bg_mean": 21.394481658935547,
  "summary_bg_median": 7.731579303741455,
  "summary_bg_n": 348879.0,
  "summary_bg_p05": 3.28947377204895,
  "summary_bg_p95": 86.81105804443347,
  "summary_bg_stdv": 42.55609893798828,
  "summary_fg_k": 1.187350451922378,
  "summary_fg_mad": 98.52282662476557,
  "summary_fg_mean": 645.2734985351562,
  "summary_fg_median": 645.6842651367188,
  "summary_fg_n": 69019.0,
  "summary_fg_p05": 482.48003234863285,
  "summary_fg_p95": 803.6939819335936,
  "summary_fg_stdv": 101.91818237304688,
  "tsnr": 40.45200267806649
}