{
  "bids_meta": {
    "AcquisitionMatrixPE": 256,
    "AcquisitionNumber": 1,
    "AcquisitionTime": "16:08:37.135000",
    "BaseResolution": 256,
    "BodyPartExamined": "BRAIN",
    "CoilString": "HC1-7;NC1_2",
    "ConsistencyInfo": "N4_VE11C_LATEST_20160120",
    "ConversionSoftware": "dcm2niix",
    "ConversionSoftwareVersion": "v1.0.20190410  GCC6.3.0",
    "DeviceSerialNumber": "167001",
    "DwellTime": 2.6e-06,
    "EchoTime": 0.408,
    "EchoTrainLength": 259,
    "FlipAngle": 120,
    "ImageOrientationPatientDICOM": [
      -0.0499503,
      0.99839,
      0.0268748,
      -0.00242746,
      0.026787,
      -0.999638
    ],
    "ImageType": [
      "ORIGINAL",
      "PRIMARY",
      "M",
      "ND",
      "NORM"
    ],
    "ImagingFrequency": 123.229,
    "InPlanePhaseEncodingDirectionDICOM": "ROW",
    "InstitutionAddress": "Cooper_60_St._Lucia_QLD_AU_4072",
    "InstitutionName": "St_Lucia_Campus",
    "InstitutionalDepartmentName": "Gehrmann_Labs_MRI",
    "MRAcquisitionType": "3D",
    "MagneticFieldStrength": 3,
    "Manufacturer": "Siemens",
    "ManufacturersModelName": "Prisma_fit",
    "Modality": "MR",
    "PartialFourier": 1,
    "PatientPosition": "HFS",
    "PercentPhaseFOV": 100,
    "PhaseEncodingSteps": 233,
    "PhaseResolution": 1,
    "PixelBandwidth": 750,
    "ProcedureStepDescription": "Research_16092_QTAB",
    "ProtocolName": "t2_spc_sag_p2_iso",
    "PulseSequenceDetails": "%SiemensSeq%_tse_vfl",
    "ReceiveCoilActiveElements": "HC1-7;NC1,2",
    "ReceiveCoilName": "HeadNeck_64",
    "ReconMatrixPE": 256,
    "RefLinesPE": 24,
    "RepetitionTime": 3.2,
    "SAR": 0.13388,
    "ScanOptions": "PFP",
    "ScanningSequence": "SE",
    "SequenceName": "_spcR_282ns",
    "SequenceVariant": "SK_SP",
    "SeriesDescription": "t2_spc_sag_p2_iso",
    "SeriesNumber": 32,
    "ShimSetting": [
      3046,
      -4168,
      -1041,
      -17,
      -5,
      41,
      -30,
      -10
    ],
    "SliceThickness": 1,
    "SoftwareVersions": "syngo_MR_E11",
    "StationName": "mrc_Trio",
    "TxRefAmp": 222.376,
    "dataset": "ds004146",
    "modality": "T2w",
    "session_id": "02",
    "subject_id": "0079"
  },
  "cjv": 0.49552073866550483,
  "cnr": 0.7191919206839181,
  "efc": 0.6671917500005792,
  "fber": 2804.9035564353276,
  "fwhm_avg": 4.207533270636202,
  "fwhm_x": 4.30288743588198,
  "fwhm_y": 4.492012433063799,
  "fwhm_z": 3.827699942962826,
  "icvs_csf": 0.46390901607809304,
  "icvs_gm": 0.42085701636987666,
  "icvs_wm": 0.1152339675520303,
  "inu_med": 0.9882124066352844,
  "inu_range": 0.30496411919593813,
  "provenance": {
    "md5sum": "c2f9869cfde6ec6883837e777989d8ca",
    "settings": {
      "testing": false
    },
    "software": "mriqc",
    "version": "23.0.1",
    "warnings": {
      "large_rot_frame": true,
      "small_air_mask": false
    },
    "webapi_port": null,
    "webapi_url": "https://mriqc.nimh.nih.gov/api/v1"
  },
  "qi_1": 3.0299095355581527e-06,
  "qi_2": 0.00951261144002058,
  "rpve_csf": 9.930352461738721,
  "rpve_gm": 10.749810936970297,
  "rpve_wm": 38.51507003318134,
  "size_x": 192,
  "size_y": 300,
  "size_z": 320,
  "snr_csf": 17.147551793963764,
  "snr_gm": 13.663813305559191,
  "snr_total": 10.371730434120883,
  "snr_wm": 0.3038262028396908,
  "snrd_csf": 45.45165306815763,
  "snrd_gm": 30.32559970251713,
  "snrd_total": 28.254797751088176,
  "snrd_wm": 8.987140482589776,
  "spacing_x": 0.800000011920929,
  "spacing_y": 0.800000011920929,
  "spacing_z": 0.800000011920929,
  "summary_bg_k": 6.4809892675787,
  "summary_bg_mad": 0.0,
  "summary_bg_mean": 43.67950020714237,
  "summary_bg_median": 0.0,
  "summary_bg_n": 1852881.0,
  "summary_bg_p05": 0.0,
  "summary_bg_p95": 198.9265294969082,
  "summary_bg_stdv": 73.26389792198303,
  "summary_csf_k": 0.09591694176258603,
  "summary_csf_mad": 295.17758925860943,
  "summary_csf_mean": 5092.824506101637,
  "summary_csf_median": 5082.857967853546,
  "summary_csf_n": 286871.0,
  "summary_csf_p05": 4628.144796296954,
  "summary_csf_p95": 5597.11491510272,
  "summary_csf_stdv": 296.41835579699733,
  "summary_gm_k": -0.29316302506498726,
  "summary_gm_mad": 262.6011240582069,
  "summary_gm_mean": 3396.8880503638634,
  "summary_gm_median": 3391.311551347375,
  "summary_gm_n": 324091.0,
  "summary_gm_p05": 3004.3608738183975,
  "summary_gm_p95": 3811.137102216482,
  "summary_gm_stdv": 248.19618385210077,
  "summary_wm_k": -0.8287182635680304,
  "summary_wm_mad": 919.849960124344,
  "summary_wm_mean": 2867.398672836096,
  "summary_wm_median": 1005.0318421125412,
  "summary_wm_n": 72491.0,
  "summary_wm_p05": 225.25997395813465,
  "summary_wm_p95": 8975.259744219482,
  "summary_wm_stdv": 3307.8941203247637,
  "tpm_overlap_csf": 0.10719561573244672,
  "tpm_overlap_gm": 0.2628386599142266,
  "tpm_overlap_wm": 0.03430608466868878,
  "wm2max": 0.11412246344040858
}