{
  "bids_meta": {
    "AcquisitionMatrixPE": 256,
    "AcquisitionNumber": 1,
    "AcquisitionTime": "11:51:0.217500",
    "BaseResolution": 256,
    "BodyPartExamined": "BRAIN",
    "CoilString": "HC1-7;NC1_2",
    "ConsistencyInfo": "N4_VE11C_LATEST_20160120",
    "ConversionSoftware": "dcm2niix",
    "ConversionSoftwareVersion": "v1.0.20190410  GCC6.3.0",
    "DeviceSerialNumber": "167001",
    "DwellTime": 2.6e-06,
    "EchoTime": 0.408,
    "EchoTrainLength": 259,
    "FlipAngle": 120,
    "ImageOrientationPatientDICOM": [
      -0.0237793,
      0.999045,
      0.0366434,
      -0.00531587,
      0.0365268,
      -0.999319
    ],
    "ImageType": [
      "ORIGINAL",
      "PRIMARY",
      "M",
      "ND",
      "NORM"
    ],
    "ImagingFrequency": 123.229,
    "InPlanePhaseEncodingDirectionDICOM": "ROW",
    "InstitutionAddress": "Cooper_60_St._Lucia_QLD_AU_4072",
    "InstitutionName": "Centre_for_Advanced_Imaging",
    "InstitutionalDepartmentName": "Gehrmann_Labs_MRI",
    "MRAcquisitionType": "3D",
    "MagneticFieldStrength": 3,
    "Manufacturer": "Siemens",
    "ManufacturersModelName": "Prisma_fit",
    "Modality": "MR",
    "PartialFourier": 1,
    "PatientPosition": "HFS",
    "PercentPhaseFOV": 100,
    "PhaseEncodingSteps": 233,
    "PhaseResolution": 1,
    "PixelBandwidth": 750,
    "ProcedureStepDescription": "Research_16092_QTAB",
    "ProtocolName": "t2_spc_sag_p2_iso",
    "PulseSequenceDetails": "%SiemensSeq%_tse_vfl",
    "ReceiveCoilActiveElements": "HC1-7;NC1,2",
    "ReceiveCoilName": "HeadNeck_64",
    "ReconMatrixPE": 256,
    "RefLinesPE": 24,
    "RepetitionTime": 3.2,
    "SAR": 0.152307,
    "ScanOptions": "PFP",
    "ScanningSequence": "SE",
    "SequenceName": "_spcR_282ns",
    "SequenceVariant": "SK_SP",
    "SeriesDescription": "t2_spc_sag_p2_iso",
    "SeriesNumber": 29,
    "ShimSetting": [
      3046,
      -4168,
      -1041,
      -17,
      -5,
      41,
      -30,
      -10
    ],
    "SliceThickness": 1,
    "SoftwareVersions": "syngo_MR_E11",
    "StationName": "mrc_Trio",
    "TxRefAmp": 212.538,
    "dataset": "ds004146",
    "modality": "T2w",
    "session_id": "02",
    "subject_id": "0157"
  },
  "cjv": 4.176768437446251,
  "cnr": 0.17164502183610642,
  "efc": 0.631188317550515,
  "fber": 5380.298118822404,
  "fwhm_avg": 4.2553166032575085,
  "fwhm_x": 4.4033749343846,
  "fwhm_y": 4.548324932224677,
  "fwhm_z": 3.814249943163247,
  "icvs_csf": 0.44030492580009006,
  "icvs_gm": 0.44738892316402545,
  "icvs_wm": 0.11230615103588448,
  "inu_med": 1.011316955089569,
  "inu_range": 0.2893538653850555,
  "provenance": {
    "md5sum": "9d8b45e8b137c1e23a3fb3c977b1103f",
    "settings": {
      "testing": false
    },
    "software": "mriqc",
    "version": "23.0.1",
    "warnings": {
      "large_rot_frame": true,
      "small_air_mask": false
    },
    "webapi_port": null,
    "webapi_url": "https://mriqc.nimh.nih.gov/api/v1"
  },
  "qi_1": 0.0,
  "qi_2": 0.013625159407599596,
  "rpve_csf": 10.540764844925649,
  "rpve_gm": 10.481378506983747,
  "rpve_wm": 41.99152162579914,
  "size_x": 192,
  "size_y": 300,
  "size_z": 320,
  "snr_csf": 15.741396008767396,
  "snr_gm": 13.501084424344182,
  "snr_total": 9.909223648977227,
  "snr_wm": 0.4851905138201049,
  "snrd_csf": 53.4765046441557,
  "snrd_gm": 35.109725176908455,
  "snrd_total": 38.170855088116326,
  "snrd_wm": 25.926335443284827,
  "spacing_x": 0.800000011920929,
  "spacing_y": 0.800000011920929,
  "spacing_z": 0.800000011920929,
  "summary_bg_k": 5.094675332852395,
  "summary_bg_mad": 0.0,
  "summary_bg_mean": 16.594644677752328,
  "summary_bg_median": 0.0,
  "summary_bg_n": 1956907.0,
  "summary_bg_p05": 0.0,
  "summary_bg_p95": 70.96804420650005,
  "summary_bg_stdv": 25.784067500795757,
  "summary_csf_k": 0.5499199588768096,
  "summary_csf_mad": 127.96331201793777,
  "summary_csf_mean": 2110.4670228953128,
  "summary_csf_median": 2104.6637088879943,
  "summary_csf_n": 180458.0,
  "summary_csf_p05": 1902.8659810647368,
  "summary_csf_p95": 2337.9923316836357,
  "summary_csf_stdv": 133.70211106165027,
  "summary_gm_k": 0.14834484118185776,
  "summary_gm_mad": 103.8219238182614,
  "summary_gm_mean": 1382.259129928403,
  "summary_gm_median": 1381.8061763867736,
  "summary_gm_n": 334849.0,
  "summary_gm_p05": 1216.339569337666,
  "summary_gm_p95": 1547.2727834358811,
  "summary_gm_stdv": 102.34763887309292,
  "summary_wm_k": -1.750238695237433,
  "summary_wm_mad": 1405.7823394424265,
  "summary_wm_mean": 2293.6024463627905,
  "summary_wm_median": 1020.3774101361632,
  "summary_wm_n": 66039.0,
  "summary_wm_p05": 101.84008465707302,
  "summary_wm_p95": 5207.887331032753,
  "summary_wm_stdv": 2103.0289246719567,
  "tpm_overlap_csf": 0.11094292974169065,
  "tpm_overlap_gm": 0.28880504660142386,
  "tpm_overlap_wm": 0.03234079218587105,
  "wm2max": 0.2058991111448758
}