{
  "aor": 0.0013267791411042946,
  "aqi": 0.008656746319018405,
  "bids_meta": {
    "AcquisitionMatrixPE": 104,
    "AcquisitionNumber": 1,
    "AcquisitionTime": "09:57:47.402500",
    "BandwidthPerPixelPhaseEncode": 17.17,
    "BaseResolution": 104,
    "BodyPartExamined": "BRAIN",
    "CoilString": "HC1-7;NC1_2",
    "ConsistencyInfo": "N4_VE11C_LATEST_20160120",
    "ConversionSoftware": "dcm2niix",
    "ConversionSoftwareVersion": "v1.0.20190410  GCC6.3.0",
    "DerivedVendorReportedEchoSpacing": 0.000560011,
    "DeviceSerialNumber": "167001",
    "DwellTime": 2.1e-06,
    "EchoTime": 0.03,
    "EchoTrainLength": 91,
    "EffectiveEchoSpacing": 0.000560011,
    "FlipAngle": 52,
    "ImageOrientationPatientDICOM": [
      0.995661,
      -0.0104161,
      -0.0924745,
      -0.0163364,
      0.958721,
      -0.28388
    ],
    "ImageType": [
      "ORIGINAL",
      "PRIMARY",
      "M",
      "ND",
      "MOSAIC"
    ],
    "ImagingFrequency": 123.229,
    "InPlanePhaseEncodingDirectionDICOM": "COL",
    "InstitutionAddress": "Cooper_60_St._Lucia_QLD_AU_4072",
    "InstitutionName": "St_Lucia_Campus",
    "InstitutionalDepartmentName": "Gehrmann_Labs_MRI",
    "MRAcquisitionType": "2D",
    "MagneticFieldStrength": 3,
    "Manufacturer": "Siemens",
    "ManufacturersModelName": "Prisma_fit",
    "Modality": "MR",
    "MultibandAccelerationFactor": 6,
    "PartialFourier": 0.875,
    "PatientPosition": "HFS",
    "PercentPhaseFOV": 100,
    "PhaseEncodingDirection": "j",
    "PhaseEncodingSteps": 91,
    "PhaseResolution": 1,
    "PixelBandwidth": 2290,
    "ProcedureStepDescription": "Research_16092_QTAB",
    "ProtocolName": "ep2d_REST_SMS6_P-A",
    "PulseSequenceDetails": "%SiemensSeq%_ep2d_bold",
    "ReceiveCoilActiveElements": "HC1-7;NC1,2",
    "ReceiveCoilName": "HeadNeck_64",
    "ReconMatrixPE": 104,
    "RefLinesPE": 12,
    "RepetitionTime": 0.93,
    "SAR": 0.0677835,
    "ScanOptions": "PFP_FS",
    "ScanningSequence": "EP",
    "SequenceName": "_epfid2d1_104",
    "SequenceVariant": "SK",
    "SeriesDescription": "ep2d_REST_SMS6_P-A",
    "SeriesNumber": 10,
    "ShimSetting": [
      3017,
      -4133,
      -783,
      409,
      -31,
      111,
      -83,
      -29
    ],
    "SliceThickness": 2,
    "SliceTiming": [
      0.6825,
      0,
      0.455,
      0.075,
      0.53,
      0.1525,
      0.6075,
      0.3025,
      0.7575,
      0.38,
      0.835,
      0.2275,
      0.6825,
      0,
      0.455,
      0.075,
      0.53,
      0.1525,
      0.6075,
      0.3025,
      0.7575,
      0.38,
      0.835,
      0.2275,
      0.6825,
      0,
      0.455,
      0.075,
      0.53,
      0.1525,
      0.6075,
      0.3025,
      0.7575,
      0.38,
      0.835,
      0.2275,
      0.6825,
      0,
      0.455,
      0.075,
      0.53,
      0.1525,
      0.6075,
      0.3025,
      0.7575,
      0.38,
      0.835,
      0.2275,
      0.6825,
      0,
      0.455,
      0.075,
      0.53,
      0.1525,
      0.6075,
      0.3025,
      0.7575,
      0.38,
      0.835,
      0.2275,
      0.6825,
      0,
      0.455,
      0.075,
      0.53,
      0.1525,
      0.6075,
      0.3025,
      0.7575,
      0.38,
      0.835,
      0.2275
    ],
    "SoftwareVersions": "syngo_MR_E11",
    "SpacingBetweenSlices": 2,
    "StationName": "mrc_Trio",
    "TaskName": "rest",
    "TotalReadoutTime": 0.0576811,
    "TxRefAmp": 206.341,
    "dataset": "ds004146",
    "modality": "bold",
    "session_id": "02",
    "subject_id": "0124",
    "task_id": "rest"
  },
  "dummy_trs": 1,
  "dvars_nstd": 42.05246004541539,
  "dvars_std": 1.074735972769231,
  "dvars_vstd": 1.0039275849846152,
  "efc": 0.5187595080851508,
  "fber": 956.2552490234375,
  "fd_mean": 0.25834663773019007,
  "fd_num": 156,
  "fd_perc": 47.852760736196316,
  "fwhm_avg": 3.0733999999999995,
  "fwhm_x": 2.9109,
  "fwhm_y": 3.14571,
  "fwhm_z": 3.16359,
  "gcor": 0.0238155,
  "gsr_x": -0.004107508808374405,
  "gsr_y": 0.06088213995099068,
  "provenance": {
    "md5sum": "6bbbde9891d125d41c7a99b200f40a08",
    "settings": {
      "fd_thres": 0.2,
      "testing": false
    },
    "software": "mriqc",
    "version": "23.0.1",
    "webapi_port": null,
    "webapi_url": "https://mriqc.nimh.nih.gov/api/v1"
  },
  "size_t": 326,
  "size_x": 104,
  "size_y": 104,
  "size_z": 72,
  "snr": 2.67094781367139,
  "spacing_tr": 0.9300000071525574,
  "spacing_x": 2.0,
  "spacing_y": 2.0,
  "spacing_z": 2.0,
  "summary_bg_k": 50.324511968298424,
  "summary_bg_mad": 5.994079090107389,
  "summary_bg_mean": 37.906471252441406,
  "summary_bg_median": 19.027606964111328,
  "summary_bg_n": 515207.0,
  "summary_bg_p05": 14.319018363952637,
  "summary_bg_p95": 132.4693145751953,
  "summary_bg_stdv": 56.813934326171875,
  "summary_fg_k": 0.8148595956098759,
  "summary_fg_mad": 221.28290565486424,
  "summary_fg_mean": 621.2955932617188,
  "summary_fg_median": 590.9094848632812,
  "summary_fg_n": 162888.0,
  "summary_fg_p05": 323.8128662109375,
  "summary_fg_p95": 1020.823892211914,
  "summary_fg_stdv": 221.23519897460938,
  "tsnr": 31.849701172322966
}