{
  "aor": 0.0007717066666666668,
  "aqi": 0.018340420266666664,
  "bids_meta": {
    "AcquisitionMatrixPE": 90,
    "AcquisitionNumber": 1,
    "AcquisitionTime": "10:23:19.815000",
    "BandwidthPerPixelPhaseEncode": 21.368,
    "BaseResolution": 90,
    "BodyPartExamined": "BRAIN",
    "CoilString": "HC1-7;NC1_2",
    "ConsistencyInfo": "N4_VE11C_LATEST_20160120",
    "ConversionSoftware": "dcm2niix",
    "ConversionSoftwareVersion": "v1.0.20190410  GCC6.3.0",
    "DerivedVendorReportedEchoSpacing": 0.000519988,
    "DeviceSerialNumber": "167001",
    "DwellTime": 2.2e-06,
    "EchoTime": 0.03,
    "EchoTrainLength": 90,
    "EffectiveEchoSpacing": 0.000519988,
    "FlipAngle": 52,
    "ImageOrientationPatientDICOM": [
      0.995663,
      -0.0105835,
      -0.0924249,
      -0.0161626,
      0.958719,
      -0.283896
    ],
    "ImageType": [
      "ORIGINAL",
      "PRIMARY",
      "M",
      "ND",
      "NORM",
      "MOSAIC"
    ],
    "ImagingFrequency": 123.229,
    "InPlanePhaseEncodingDirectionDICOM": "COL",
    "InstitutionAddress": "Cooper_60_St._Lucia_QLD_AU_4072",
    "InstitutionName": "St_Lucia_Campus",
    "InstitutionalDepartmentName": "Gehrmann_Labs_MRI",
    "MRAcquisitionType": "2D",
    "MagneticFieldStrength": 3,
    "Manufacturer": "Siemens",
    "ManufacturersModelName": "Prisma_fit",
    "Modality": "MR",
    "MultibandAccelerationFactor": 6,
    "PartialFourier": 1,
    "PatientPosition": "HFS",
    "PercentPhaseFOV": 100,
    "PhaseEncodingDirection": "j-",
    "PhaseEncodingSteps": 90,
    "PhaseResolution": 1,
    "PixelBandwidth": 2525,
    "ProcedureStepDescription": "Research_16092_QTAB",
    "ProtocolName": "PARTLY_CLOUDY_mb6_2.4",
    "PulseSequenceDetails": "%SiemensSeq%_ep2d_bold",
    "ReceiveCoilActiveElements": "HC1-7;NC1,2",
    "ReceiveCoilName": "HeadNeck_64",
    "ReconMatrixPE": 90,
    "RefLinesPE": 12,
    "RepetitionTime": 0.8,
    "SAR": 0.0658649,
    "ScanOptions": "FS",
    "ScanningSequence": "EP",
    "SequenceName": "_epfid2d1_90",
    "SequenceVariant": "SK",
    "SeriesDescription": "PARTLY_CLOUDY_mb6_2.4",
    "SeriesNumber": 19,
    "ShimSetting": [
      3017,
      -4133,
      -783,
      408,
      -30,
      111,
      -83,
      -29
    ],
    "SliceThickness": 2.4,
    "SliceTiming": [
      0.5475,
      0,
      0.39,
      0.08,
      0.47,
      0.235,
      0.625,
      0.3125,
      0.7025,
      0.1575,
      0.5475,
      0,
      0.39,
      0.08,
      0.47,
      0.235,
      0.625,
      0.3125,
      0.7025,
      0.1575,
      0.5475,
      0,
      0.39,
      0.08,
      0.47,
      0.235,
      0.625,
      0.3125,
      0.7025,
      0.1575,
      0.5475,
      0,
      0.39,
      0.08,
      0.47,
      0.235,
      0.625,
      0.3125,
      0.7025,
      0.1575,
      0.5475,
      0,
      0.39,
      0.08,
      0.47,
      0.235,
      0.625,
      0.3125,
      0.7025,
      0.1575,
      0.5475,
      0,
      0.39,
      0.08,
      0.47,
      0.235,
      0.625,
      0.3125,
      0.7025,
      0.1575
    ],
    "SoftwareVersions": "syngo_MR_E11",
    "SpacingBetweenSlices": 2.4,
    "StationName": "mrc_Trio",
    "TaskName": "partlycloudy",
    "TotalReadoutTime": 0.046279,
    "TxRefAmp": 206.341,
    "dataset": "ds004146",
    "modality": "bold",
    "session_id": "02",
    "subject_id": "0124",
    "task_id": "partlycloudy"
  },
  "dummy_trs": 5,
  "dvars_nstd": 36.455749853342276,
  "dvars_std": 1.1848369481818184,
  "dvars_vstd": 0.9962863050802131,
  "efc": 0.47202053249495923,
  "fber": 8548.3359375,
  "fd_mean": 0.23785482569151362,
  "fd_num": 211,
  "fd_perc": 56.266666666666666,
  "fwhm_avg": 1.7655485409545155,
  "fwhm_x": 1.6677957670610841,
  "fwhm_y": 1.8506290931292735,
  "fwhm_z": 1.7782207626731887,
  "gcor": 0.0053519,
  "gsr_x": -0.012041285634040833,
  "gsr_y": 0.03380831331014633,
  "provenance": {
    "md5sum": "ee42d8544bc77e4a8e572d0172ec2d04",
    "settings": {
      "fd_thres": 0.2,
      "testing": false
    },
    "software": "mriqc",
    "version": "23.0.1",
    "webapi_port": null,
    "webapi_url": "https://mriqc.nimh.nih.gov/api/v1"
  },
  "size_t": 375,
  "size_x": 90,
  "size_y": 90,
  "size_z": 60,
  "snr": 7.323255477995126,
  "spacing_tr": 0.800000011920929,
  "spacing_x": 2.4000000953674316,
  "spacing_y": 2.4000000953674316,
  "spacing_z": 2.4000000953674316,
  "summary_bg_k": 34.5867207193981,
  "summary_bg_mad": 5.301785496614121,
  "summary_bg_mean": 22.947906494140625,
  "summary_bg_median": 7.447999954223633,
  "summary_bg_n": 332214.0,
  "summary_bg_p05": 3.002666711807251,
  "summary_bg_p95": 97.81426620483393,
  "summary_bg_stdv": 50.029052734375,
  "summary_fg_k": 1.8797046851515447,
  "summary_fg_mad": 92.51640542997018,
  "summary_fg_mean": 694.0230712890625,
  "summary_fg_median": 693.9066772460938,
  "summary_fg_n": 83808.0,
  "summary_fg_p05": 551.6240234375,
  "summary_fg_p95": 843.6903869628906,
  "summary_fg_stdv": 94.75328826904297,
  "tsnr": 45.39461567054968
}