{
  "aor": 0.0017720489296636085,
  "aqi": 0.014393090305810397,
  "bids_meta": {
    "AcquisitionMatrixPE": 104,
    "AcquisitionNumber": 1,
    "AcquisitionTime": "14:23:0.835000",
    "BandwidthPerPixelPhaseEncode": 17.17,
    "BaseResolution": 104,
    "BodyPartExamined": "BRAIN",
    "ConsistencyInfo": "N4_VE11C_LATEST_20160120",
    "ConversionSoftware": "dcm2niix",
    "ConversionSoftwareVersion": "v1.0.20171215 GCC6.3.0",
    "DerivedVendorReportedEchoSpacing": 0.000560011,
    "DeviceSerialNumber": "167001",
    "DwellTime": 2.1e-06,
    "EchoTime": 0.03,
    "EchoTrainLength": 91,
    "EffectiveEchoSpacing": 0.000560011,
    "FlipAngle": 52,
    "ImageOrientationPatientDICOM": [
      0.997265,
      -0.0682862,
      -0.0282732,
      0.0627426,
      0.98439,
      -0.164438
    ],
    "ImageType": [
      "ORIGINAL",
      "PRIMARY",
      "M",
      "ND",
      "MOSAIC"
    ],
    "InPlanePhaseEncodingDirectionDICOM": "COL",
    "InstitutionAddress": "Cooper_60_St._Lucia_QLD_AU_4072",
    "InstitutionName": "St_Lucia_Campus",
    "InstitutionalDepartmentName": "Gehrmann_Labs_MRI",
    "MRAcquisitionType": "2D",
    "MagneticFieldStrength": 3,
    "Manufacturer": "Siemens",
    "ManufacturersModelName": "Prisma_fit",
    "Modality": "MR",
    "MultibandAccelerationFactor": 6,
    "PartialFourier": 0.875,
    "PatientPosition": "HFS",
    "PercentPhaseFOV": 100,
    "PhaseEncodingDirection": "j-",
    "PhaseEncodingSteps": 91,
    "PhaseResolution": 1,
    "PixelBandwidth": 2290,
    "ProcedureStepDescription": "Research_16092_QTAB",
    "ProtocolName": "ep2d_REST_SMS6_A-P",
    "PulseSequenceDetails": "%SiemensSeq%_ep2d_bold",
    "ReceiveCoilActiveElements": "HC1-7;NC1,2",
    "ReceiveCoilName": "HeadNeck_64",
    "ReconMatrixPE": 104,
    "RepetitionTime": 0.93,
    "SAR": 0.075694,
    "ScanOptions": "PFP_FS",
    "ScanningSequence": "EP",
    "SequenceName": "_epfid2d1_104",
    "SequenceVariant": "SK",
    "SeriesDescription": "ep2d_REST_SMS6_A-P",
    "SeriesNumber": 9,
    "ShimSetting": [
      3040,
      -4142,
      -771,
      452,
      0,
      194,
      -96,
      25
    ],
    "SliceThickness": 2,
    "SliceTiming": [
      0.6825,
      0,
      0.455,
      0.075,
      0.53,
      0.15,
      0.605,
      0.3025,
      0.7575,
      0.3775,
      0.8325,
      0.2275,
      0.6825,
      0,
      0.455,
      0.075,
      0.53,
      0.15,
      0.605,
      0.3025,
      0.7575,
      0.3775,
      0.8325,
      0.2275,
      0.6825,
      0,
      0.455,
      0.075,
      0.53,
      0.15,
      0.605,
      0.3025,
      0.7575,
      0.3775,
      0.8325,
      0.2275,
      0.6825,
      0,
      0.455,
      0.075,
      0.53,
      0.15,
      0.605,
      0.3025,
      0.7575,
      0.3775,
      0.8325,
      0.2275,
      0.6825,
      0,
      0.455,
      0.075,
      0.53,
      0.15,
      0.605,
      0.3025,
      0.7575,
      0.3775,
      0.8325,
      0.2275,
      0.6825,
      0,
      0.455,
      0.075,
      0.53,
      0.15,
      0.605,
      0.3025,
      0.7575,
      0.3775,
      0.8325,
      0.2275
    ],
    "SoftwareVersions": "syngo_MR_E11",
    "SpacingBetweenSlices": 2,
    "StationName": "mrc_Trio",
    "TaskName": "rest",
    "TotalReadoutTime": 0.0576811,
    "TxRefAmp": 207.164,
    "dataset": "ds004146",
    "modality": "bold",
    "session_id": "01",
    "subject_id": "0091",
    "task_id": "rest"
  },
  "dummy_trs": 0,
  "dvars_nstd": 77.33242941739262,
  "dvars_std": 1.2073787666871156,
  "dvars_vstd": 1.009412596104294,
  "efc": 0.5101466364380103,
  "fber": 1018.98828125,
  "fd_mean": 0.7123065634656565,
  "fd_num": 314,
  "fd_perc": 96.02446483180428,
  "fwhm_avg": 3.192251666666667,
  "fwhm_x": 2.900845,
  "fwhm_y": 3.3568,
  "fwhm_z": 3.31911,
  "gcor": 0.01545,
  "gsr_x": -0.016773827373981476,
  "gsr_y": 0.060818079859018326,
  "provenance": {
    "md5sum": "f7f622a4dbe8f70de9430b9a288c6320",
    "settings": {
      "fd_thres": 0.2,
      "testing": false
    },
    "software": "mriqc",
    "version": "23.0.1",
    "webapi_port": null,
    "webapi_url": "https://mriqc.nimh.nih.gov/api/v1"
  },
  "size_t": 327,
  "size_x": 104,
  "size_y": 104,
  "size_z": 72,
  "snr": 2.676005507271017,
  "spacing_tr": 0.9300000071525574,
  "spacing_x": 2.0,
  "spacing_y": 2.0,
  "spacing_z": 2.0,
  "summary_bg_k": 42.091330755116175,
  "summary_bg_mad": 5.13243220922897,
  "summary_bg_mean": 33.862648010253906,
  "summary_bg_median": 17.645259857177734,
  "summary_bg_n": 518905.0,
  "summary_bg_p05": 13.354740142822266,
  "summary_bg_p95": 107.24771118164062,
  "summary_bg_stdv": 52.57659149169922,
  "summary_fg_k": 1.0694051771039286,
  "summary_fg_mad": 196.01631973906353,
  "summary_fg_mean": 605.8765869140625,
  "summary_fg_median": 571.0825805664062,
  "summary_fg_n": 159637.0,
  "summary_fg_p05": 330.1253967285156,
  "summary_fg_p95": 1006.6881103515623,
  "summary_fg_stdv": 213.40792846679688,
  "tsnr": 26.445025912835263
}