{
  "aor": 0.0001746256038647343,
  "aqi": 0.01491676847826087,
  "bids_meta": {
    "AcquisitionMatrixPE": 90,
    "AcquisitionNumber": 1,
    "AcquisitionTime": "16:02:41.112500",
    "BandwidthPerPixelPhaseEncode": 21.368,
    "BaseResolution": 90,
    "BodyPartExamined": "BRAIN",
    "CoilString": "HC1-7;NC1_2",
    "ConsistencyInfo": "N4_VE11C_LATEST_20160120",
    "ConversionSoftware": "dcm2niix",
    "ConversionSoftwareVersion": "v1.0.20190410  GCC6.3.0",
    "DerivedVendorReportedEchoSpacing": 0.000519988,
    "DeviceSerialNumber": "167001",
    "DwellTime": 2.2e-06,
    "EchoTime": 0.03,
    "EchoTrainLength": 90,
    "EffectiveEchoSpacing": 0.000519988,
    "FlipAngle": 52,
    "ImageOrientationPatientDICOM": [
      0.99969,
      0.0174972,
      -0.0177305,
      -0.0218133,
      0.958607,
      -0.283896
    ],
    "ImageType": [
      "ORIGINAL",
      "PRIMARY",
      "M",
      "ND",
      "NORM",
      "MOSAIC"
    ],
    "ImagingFrequency": 123.23,
    "InPlanePhaseEncodingDirectionDICOM": "COL",
    "InstitutionAddress": "Cooper_60_St._Lucia_QLD_AU_4072",
    "InstitutionName": "St_Lucia_Campus",
    "InstitutionalDepartmentName": "Gehrmann_Labs_MRI",
    "MRAcquisitionType": "2D",
    "MagneticFieldStrength": 3,
    "Manufacturer": "Siemens",
    "ManufacturersModelName": "Prisma_fit",
    "Modality": "MR",
    "MultibandAccelerationFactor": 6,
    "PartialFourier": 1,
    "PatientPosition": "HFS",
    "PercentPhaseFOV": 100,
    "PhaseEncodingDirection": "j-",
    "PhaseEncodingSteps": 90,
    "PhaseResolution": 1,
    "PixelBandwidth": 2525,
    "ProcedureStepDescription": "Research_16092_QTAB",
    "ProtocolName": "EMOT_TASK_mb6_2.4",
    "PulseSequenceDetails": "%SiemensSeq%_ep2d_bold",
    "ReceiveCoilActiveElements": "HC1-7;NC1,2",
    "ReceiveCoilName": "HeadNeck_64",
    "ReconMatrixPE": 90,
    "RefLinesPE": 12,
    "RepetitionTime": 0.8,
    "SAR": 0.0586884,
    "ScanOptions": "FS",
    "ScanningSequence": "EP",
    "SequenceName": "_epfid2d1_90",
    "SequenceVariant": "SK",
    "SeriesDescription": "EMOT_TASK_mb6_2.4",
    "SeriesNumber": 24,
    "ShimSetting": [
      3049,
      -4156,
      -757,
      506,
      -10,
      92,
      -77,
      -6
    ],
    "SliceThickness": 2.4,
    "SliceTiming": [
      0.5475,
      0,
      0.39,
      0.0775,
      0.4675,
      0.235,
      0.625,
      0.3125,
      0.7025,
      0.1575,
      0.5475,
      0,
      0.39,
      0.0775,
      0.4675,
      0.235,
      0.625,
      0.3125,
      0.7025,
      0.1575,
      0.5475,
      0,
      0.39,
      0.0775,
      0.4675,
      0.235,
      0.625,
      0.3125,
      0.7025,
      0.1575,
      0.5475,
      0,
      0.39,
      0.0775,
      0.4675,
      0.235,
      0.625,
      0.3125,
      0.7025,
      0.1575,
      0.5475,
      0,
      0.39,
      0.0775,
      0.4675,
      0.235,
      0.625,
      0.3125,
      0.7025,
      0.1575,
      0.5475,
      0,
      0.39,
      0.0775,
      0.4675,
      0.235,
      0.625,
      0.3125,
      0.7025,
      0.1575
    ],
    "SoftwareVersions": "syngo_MR_E11",
    "SpacingBetweenSlices": 2.4,
    "StationName": "mrc_Trio",
    "TaskName": "emotionalconflict",
    "TotalReadoutTime": 0.046279,
    "TxRefAmp": 219.04,
    "dataset": "ds004146",
    "modality": "bold",
    "session_id": "02",
    "subject_id": "0073",
    "task_id": "emotionalconflict"
  },
  "dummy_trs": 2,
  "dvars_nstd": 32.36115871245464,
  "dvars_std": 1.1465729701571932,
  "dvars_vstd": 0.9733036564570747,
  "efc": 0.4823176583222455,
  "fber": 6479.97998046875,
  "fd_mean": 0.11169907459037628,
  "fd_num": 69,
  "fd_perc": 8.333333333333334,
  "fwhm_avg": 1.7996208202533186,
  "fwhm_x": 1.7223457648934617,
  "fwhm_y": 1.9119749240249424,
  "fwhm_z": 1.764541771841552,
  "gcor": 0.00620405,
  "gsr_x": -0.019391903653740883,
  "gsr_y": 0.028181791305541992,
  "provenance": {
    "md5sum": "3cd704e5b6e118b518bfa31b660f0fc2",
    "settings": {
      "fd_thres": 0.2,
      "testing": false
    },
    "software": "mriqc",
    "version": "23.0.1",
    "webapi_port": null,
    "webapi_url": "https://mriqc.nimh.nih.gov/api/v1"
  },
  "size_t": 828,
  "size_x": 90,
  "size_y": 90,
  "size_z": 60,
  "snr": 6.786249775585672,
  "spacing_tr": 0.800000011920929,
  "spacing_x": 2.4000000953674316,
  "spacing_y": 2.4000000953674316,
  "spacing_z": 2.3999998569488525,
  "summary_bg_k": 23.424047450382016,
  "summary_bg_mad": 5.704795369995933,
  "summary_bg_mean": 24.655309677124023,
  "summary_bg_median": 7.551932334899902,
  "summary_bg_n": 331213.0,
  "summary_bg_p05": 3.007246255874634,
  "summary_bg_p95": 104.12946624755826,
  "summary_bg_stdv": 50.4406852722168,
  "summary_fg_k": 2.3694400344993456,
  "summary_fg_mad": 85.8933795283329,
  "summary_fg_mean": 619.0091552734375,
  "summary_fg_median": 616.2566528320312,
  "summary_fg_n": 84562.0,
  "summary_fg_p05": 487.27040405273436,
  "summary_fg_p95": 764.8898956298829,
  "summary_fg_stdv": 90.80906677246094,
  "tsnr": 45.94005663506687
}