{
  "aor": 0.0003132615384615385,
  "aqi": 0.004161461969230769,
  "bids_meta": {
    "AcquisitionMatrixPE": 104,
    "AcquisitionNumber": 1,
    "AcquisitionTime": "15:22:0.145000",
    "BandwidthPerPixelPhaseEncode": 17.17,
    "BaseResolution": 104,
    "BodyPartExamined": "BRAIN",
    "CoilString": "HC1-7;NC1_2",
    "ConsistencyInfo": "N4_VE11C_LATEST_20160120",
    "ConversionSoftware": "dcm2niix",
    "ConversionSoftwareVersion": "v1.0.20190410  GCC6.3.0",
    "DerivedVendorReportedEchoSpacing": 0.000560011,
    "DeviceSerialNumber": "167001",
    "DwellTime": 2.1e-06,
    "EchoTime": 0.03,
    "EchoTrainLength": 91,
    "EffectiveEchoSpacing": 0.000560011,
    "FlipAngle": 52,
    "ImageOrientationPatientDICOM": [
      0.99969,
      0.0174972,
      -0.0177305,
      -0.0218133,
      0.958607,
      -0.283896
    ],
    "ImageType": [
      "ORIGINAL",
      "PRIMARY",
      "M",
      "ND",
      "MOSAIC"
    ],
    "ImagingFrequency": 123.23,
    "InPlanePhaseEncodingDirectionDICOM": "COL",
    "InstitutionAddress": "Cooper_60_St._Lucia_QLD_AU_4072",
    "InstitutionName": "St_Lucia_Campus",
    "InstitutionalDepartmentName": "Gehrmann_Labs_MRI",
    "MRAcquisitionType": "2D",
    "MagneticFieldStrength": 3,
    "Manufacturer": "Siemens",
    "ManufacturersModelName": "Prisma_fit",
    "Modality": "MR",
    "MultibandAccelerationFactor": 6,
    "PartialFourier": 0.875,
    "PatientPosition": "HFS",
    "PercentPhaseFOV": 100,
    "PhaseEncodingDirection": "j-",
    "PhaseEncodingSteps": 91,
    "PhaseResolution": 1,
    "PixelBandwidth": 2290,
    "ProcedureStepDescription": "Research_16092_QTAB",
    "ProtocolName": "ep2d_REST_SMS6_A-P",
    "PulseSequenceDetails": "%SiemensSeq%_ep2d_bold",
    "ReceiveCoilActiveElements": "HC1-7;NC1,2",
    "ReceiveCoilName": "HeadNeck_64",
    "ReconMatrixPE": 104,
    "RefLinesPE": 12,
    "RepetitionTime": 0.93,
    "SAR": 0.0601473,
    "ScanOptions": "PFP_FS",
    "ScanningSequence": "EP",
    "SequenceName": "_epfid2d1_104",
    "SequenceVariant": "SK",
    "SeriesDescription": "ep2d_REST_SMS6_A-P",
    "SeriesNumber": 13,
    "ShimSetting": [
      3049,
      -4156,
      -757,
      506,
      -10,
      92,
      -77,
      -6
    ],
    "SliceThickness": 2,
    "SliceTiming": [
      0.6825,
      0,
      0.455,
      0.075,
      0.53,
      0.15,
      0.605,
      0.3025,
      0.7575,
      0.3775,
      0.8325,
      0.2275,
      0.6825,
      0,
      0.455,
      0.075,
      0.53,
      0.15,
      0.605,
      0.3025,
      0.7575,
      0.3775,
      0.8325,
      0.2275,
      0.6825,
      0,
      0.455,
      0.075,
      0.53,
      0.15,
      0.605,
      0.3025,
      0.7575,
      0.3775,
      0.8325,
      0.2275,
      0.6825,
      0,
      0.455,
      0.075,
      0.53,
      0.15,
      0.605,
      0.3025,
      0.7575,
      0.3775,
      0.8325,
      0.2275,
      0.6825,
      0,
      0.455,
      0.075,
      0.53,
      0.15,
      0.605,
      0.3025,
      0.7575,
      0.3775,
      0.8325,
      0.2275,
      0.6825,
      0,
      0.455,
      0.075,
      0.53,
      0.15,
      0.605,
      0.3025,
      0.7575,
      0.3775,
      0.8325,
      0.2275
    ],
    "SoftwareVersions": "syngo_MR_E11",
    "SpacingBetweenSlices": 2,
    "StationName": "mrc_Trio",
    "TaskName": "rest",
    "TotalReadoutTime": 0.0576811,
    "TxRefAmp": 219.04,
    "dataset": "ds004146",
    "modality": "bold",
    "session_id": "02",
    "subject_id": "0073",
    "task_id": "rest"
  },
  "dummy_trs": 2,
  "dvars_nstd": 36.734855369382686,
  "dvars_std": 1.0579923388888886,
  "dvars_vstd": 1.0022272760493827,
  "efc": 0.5250361036278922,
  "fber": 772.3646240234375,
  "fd_mean": 0.11338956655335648,
  "fd_num": 36,
  "fd_perc": 11.076923076923077,
  "fwhm_avg": 2.950903333333333,
  "fwhm_x": 2.780025,
  "fwhm_y": 3.068985,
  "fwhm_z": 3.0037,
  "gcor": 0.00705636,
  "gsr_x": -0.011233634315431118,
  "gsr_y": 0.05710214748978615,
  "provenance": {
    "md5sum": "05b7d8030bca84ae5179e65d378afb64",
    "settings": {
      "fd_thres": 0.2,
      "testing": false
    },
    "software": "mriqc",
    "version": "23.0.1",
    "webapi_port": null,
    "webapi_url": "https://mriqc.nimh.nih.gov/api/v1"
  },
  "size_t": 325,
  "size_x": 104,
  "size_y": 104,
  "size_z": 72,
  "snr": 2.849522488597081,
  "spacing_tr": 0.9300000071525574,
  "spacing_x": 2.0,
  "spacing_y": 2.0,
  "spacing_z": 2.0,
  "summary_bg_k": 41.87014527595614,
  "summary_bg_mad": 6.395718521861426,
  "summary_bg_mean": 36.32095718383789,
  "summary_bg_median": 19.40615463256836,
  "summary_bg_n": 515523.0,
  "summary_bg_p05": 14.658461570739746,
  "summary_bg_p95": 110.44307708740234,
  "summary_bg_stdv": 51.25318145751953,
  "summary_fg_k": 0.4827037630521258,
  "summary_fg_mad": 187.04512393883272,
  "summary_fg_mean": 577.953369140625,
  "summary_fg_median": 550.8046264648438,
  "summary_fg_n": 161642.0,
  "summary_fg_p05": 316.788151550293,
  "summary_fg_p95": 931.1964385986327,
  "summary_fg_stdv": 193.29656982421875,
  "tsnr": 40.27627962373663
}