{
  "aor": 0.0024274617737003058,
  "aqi": 0.009311387461773702,
  "bids_meta": {
    "AcquisitionMatrixPE": 104,
    "AcquisitionNumber": 1,
    "AcquisitionTime": "11:06:12.535000",
    "BandwidthPerPixelPhaseEncode": 17.17,
    "BaseResolution": 104,
    "BodyPartExamined": "BRAIN",
    "CoilString": "HC1-7;NC1_2",
    "ConsistencyInfo": "N4_VE11C_LATEST_20160120",
    "ConversionSoftware": "dcm2niix",
    "ConversionSoftwareVersion": "v1.0.20190410  GCC6.3.0",
    "DerivedVendorReportedEchoSpacing": 0.000560011,
    "DeviceSerialNumber": "167001",
    "DwellTime": 2.1e-06,
    "EchoTime": 0.03,
    "EchoTrainLength": 91,
    "EffectiveEchoSpacing": 0.000560011,
    "FlipAngle": 52,
    "ImageOrientationPatientDICOM": [
      0.993438,
      0.100135,
      -0.0552567,
      -0.109852,
      0.969882,
      -0.217397
    ],
    "ImageType": [
      "ORIGINAL",
      "PRIMARY",
      "M",
      "ND",
      "MOSAIC"
    ],
    "ImagingFrequency": 123.229,
    "InPlanePhaseEncodingDirectionDICOM": "COL",
    "InstitutionAddress": "Cooper_60_St._Lucia_QLD_AU_4072",
    "InstitutionName": "St_Lucia_Campus",
    "InstitutionalDepartmentName": "Gehrmann_Labs_MRI",
    "MRAcquisitionType": "2D",
    "MagneticFieldStrength": 3,
    "Manufacturer": "Siemens",
    "ManufacturersModelName": "Prisma_fit",
    "Modality": "MR",
    "MultibandAccelerationFactor": 6,
    "PartialFourier": 0.875,
    "PatientPosition": "HFS",
    "PercentPhaseFOV": 100,
    "PhaseEncodingDirection": "j",
    "PhaseEncodingSteps": 91,
    "PhaseResolution": 1,
    "PixelBandwidth": 2290,
    "ProcedureStepDescription": "Research_16092_QTAB",
    "ProtocolName": "ep2d_REST_SMS6_P-A",
    "PulseSequenceDetails": "%SiemensSeq%_ep2d_bold",
    "ReceiveCoilActiveElements": "HC1-7;NC1,2",
    "ReceiveCoilName": "HeadNeck_64",
    "ReconMatrixPE": 104,
    "RefLinesPE": 12,
    "RepetitionTime": 0.93,
    "SAR": 0.0596375,
    "ScanOptions": "PFP_FS",
    "ScanningSequence": "EP",
    "SequenceName": "_epfid2d1_104",
    "SequenceVariant": "SK",
    "SeriesDescription": "ep2d_REST_SMS6_P-A",
    "SeriesNumber": 10,
    "ShimSetting": [
      3023,
      -4170,
      -760,
      277,
      -48,
      -50,
      44,
      19
    ],
    "SliceThickness": 2,
    "SliceTiming": [
      0.6825,
      0,
      0.455,
      0.075,
      0.53,
      0.1525,
      0.6075,
      0.3025,
      0.7575,
      0.38,
      0.835,
      0.2275,
      0.6825,
      0,
      0.455,
      0.075,
      0.53,
      0.1525,
      0.6075,
      0.3025,
      0.7575,
      0.38,
      0.835,
      0.2275,
      0.6825,
      0,
      0.455,
      0.075,
      0.53,
      0.1525,
      0.6075,
      0.3025,
      0.7575,
      0.38,
      0.835,
      0.2275,
      0.6825,
      0,
      0.455,
      0.075,
      0.53,
      0.1525,
      0.6075,
      0.3025,
      0.7575,
      0.38,
      0.835,
      0.2275,
      0.6825,
      0,
      0.455,
      0.075,
      0.53,
      0.1525,
      0.6075,
      0.3025,
      0.7575,
      0.38,
      0.835,
      0.2275,
      0.6825,
      0,
      0.455,
      0.075,
      0.53,
      0.1525,
      0.6075,
      0.3025,
      0.7575,
      0.38,
      0.835,
      0.2275
    ],
    "SoftwareVersions": "syngo_MR_E11",
    "SpacingBetweenSlices": 2,
    "StationName": "mrc_Trio",
    "TaskName": "rest",
    "TotalReadoutTime": 0.0576811,
    "TxRefAmp": 229.159,
    "dataset": "ds004146",
    "modality": "bold",
    "session_id": "02",
    "subject_id": "0088",
    "task_id": "rest"
  },
  "dummy_trs": 0,
  "dvars_nstd": 43.33418144046008,
  "dvars_std": 1.1055812784355823,
  "dvars_vstd": 1.02858349791411,
  "efc": 0.5732415908363747,
  "fber": 506.8621826171875,
  "fd_mean": 0.24303573104126475,
  "fd_num": 162,
  "fd_perc": 49.54128440366973,
  "fwhm_avg": 3.1956716666666662,
  "fwhm_x": 2.918535,
  "fwhm_y": 3.295535,
  "fwhm_z": 3.372945,
  "gcor": 0.0165188,
  "gsr_x": -0.0029744692146778107,
  "gsr_y": 0.07672339677810669,
  "provenance": {
    "md5sum": "2bb32bbeb9b5f9045bb85444e6cf3d3f",
    "settings": {
      "fd_thres": 0.2,
      "testing": false
    },
    "software": "mriqc",
    "version": "23.0.1",
    "webapi_port": null,
    "webapi_url": "https://mriqc.nimh.nih.gov/api/v1"
  },
  "size_t": 327,
  "size_x": 104,
  "size_y": 104,
  "size_z": 72,
  "snr": 2.4281840119077747,
  "spacing_tr": 0.9300000071525574,
  "spacing_x": 2.0,
  "spacing_y": 2.0,
  "spacing_z": 2.0,
  "summary_bg_k": 17.3421625119493,
  "summary_bg_mad": 12.409427058570218,
  "summary_bg_mean": 55.12320327758789,
  "summary_bg_median": 24.492355346679688,
  "summary_bg_n": 478950.0,
  "summary_bg_p05": 14.984709739685059,
  "summary_bg_p95": 220.8243186950683,
  "summary_bg_stdv": 77.63936614990234,
  "summary_fg_k": 0.1993655031932824,
  "summary_fg_mad": 232.5599668775441,
  "summary_fg_mean": 594.9488525390625,
  "summary_fg_median": 559.7951049804688,
  "summary_fg_n": 190663.0,
  "summary_fg_p05": 288.3856506347656,
  "summary_fg_p95": 1019.1211486816405,
  "summary_fg_stdv": 230.5400390625,
  "tsnr": 30.09525128477253
}