{
  "bids_meta": {
    "AcquisitionMatrixPE": 256,
    "AcquisitionNumber": 1,
    "AcquisitionTime": "14:55:7.195000",
    "BaseResolution": 256,
    "BodyPartExamined": "BRAIN",
    "CoilString": "HC1-7;NC1_2",
    "ConsistencyInfo": "N4_VE11C_LATEST_20160120",
    "ConversionSoftware": "dcm2niix",
    "ConversionSoftwareVersion": "v1.0.20190410  GCC6.3.0",
    "DeviceSerialNumber": "167001",
    "DwellTime": 2.6e-06,
    "EchoTime": 0.408,
    "EchoTrainLength": 259,
    "FlipAngle": 120,
    "ImageOrientationPatientDICOM": [
      -0.0120143,
      0.996081,
      -0.0876309,
      -0.0316109,
      -0.0879717,
      -0.995621
    ],
    "ImageType": [
      "ORIGINAL",
      "PRIMARY",
      "M",
      "ND",
      "NORM"
    ],
    "ImagingFrequency": 123.229,
    "InPlanePhaseEncodingDirectionDICOM": "ROW",
    "InstitutionAddress": "Cooper_60_St._Lucia_QLD_AU_4072",
    "InstitutionName": "St_Lucia_Campus",
    "InstitutionalDepartmentName": "Gehrmann_Labs_MRI",
    "MRAcquisitionType": "3D",
    "MagneticFieldStrength": 3,
    "Manufacturer": "Siemens",
    "ManufacturersModelName": "Prisma_fit",
    "Modality": "MR",
    "PartialFourier": 1,
    "PatientPosition": "HFS",
    "PercentPhaseFOV": 100,
    "PhaseEncodingSteps": 233,
    "PhaseResolution": 1,
    "PixelBandwidth": 750,
    "ProcedureStepDescription": "Research_16092_QTAB",
    "ProtocolName": "t2_spc_sag_p2_iso",
    "PulseSequenceDetails": "%SiemensSeq%_tse_vfl",
    "ReceiveCoilActiveElements": "HC1-7;NC1,2",
    "ReceiveCoilName": "HeadNeck_64",
    "ReconMatrixPE": 256,
    "RefLinesPE": 24,
    "RepetitionTime": 3.2,
    "SAR": 0.175906,
    "ScanOptions": "PFP",
    "ScanningSequence": "SE",
    "SequenceName": "_spcR_282ns",
    "SequenceVariant": "SK_SP",
    "SeriesDescription": "t2_spc_sag_p2_iso",
    "SeriesNumber": 32,
    "ShimSetting": [
      3046,
      -4168,
      -1041,
      -17,
      -5,
      41,
      -30,
      -10
    ],
    "SliceThickness": 1,
    "SoftwareVersions": "syngo_MR_E11",
    "StationName": "mrc_Trio",
    "TxRefAmp": 222.828,
    "dataset": "ds004146",
    "modality": "T2w",
    "session_id": "02",
    "subject_id": "0015"
  },
  "cjv": 0.9406512971282781,
  "cnr": 1.2115481592503128,
  "efc": 0.6293466048647616,
  "fber": 4358.779390581717,
  "fwhm_avg": 4.660433263887466,
  "fwhm_x": 4.854749927658589,
  "fwhm_y": 4.846049927788229,
  "fwhm_z": 4.2804999362155804,
  "icvs_csf": 0.3482822234850156,
  "icvs_gm": 0.13939809826807115,
  "icvs_wm": 0.5123196782469133,
  "inu_med": 1.010709285736084,
  "inu_range": 0.3479546695947646,
  "provenance": {
    "md5sum": "b63433b68749806838bdb8e38bbc4823",
    "settings": {
      "testing": false
    },
    "software": "mriqc",
    "version": "23.0.1",
    "warnings": {
      "large_rot_frame": true,
      "small_air_mask": false
    },
    "webapi_port": null,
    "webapi_url": "https://mriqc.nimh.nih.gov/api/v1"
  },
  "qi_1": 5.3986241220808866e-05,
  "qi_2": 0.013382328188347892,
  "rpve_csf": 11.023704629383294,
  "rpve_gm": 30.182621991865837,
  "rpve_wm": 8.994358854363057,
  "size_x": 192,
  "size_y": 300,
  "size_z": 320,
  "snr_csf": 14.45750524916651,
  "snr_gm": 1.778444798183938,
  "snr_total": 9.40402627135408,
  "snr_wm": 11.976128766711792,
  "snrd_csf": 79.06626769262434,
  "snrd_gm": 165.77739741753197,
  "snrd_total": 99.18622394670479,
  "snrd_wm": 52.71500672995801,
  "spacing_x": 0.800000011920929,
  "spacing_y": 0.800000011920929,
  "spacing_z": 0.800000011920929,
  "summary_bg_k": 4.8105988592275315,
  "summary_bg_mad": 0.0,
  "summary_bg_mean": 7.214098785891554,
  "summary_bg_median": 0.0,
  "summary_bg_n": 1858825.0,
  "summary_bg_p05": 0.0,
  "summary_bg_p95": 35.21237912774086,
  "summary_bg_stdv": 12.428872837029873,
  "summary_csf_k": 1.0310722577088862,
  "summary_csf_mad": 96.1010899340937,
  "summary_csf_mean": 1509.8798647653318,
  "summary_csf_median": 1499.9999799281359,
  "summary_csf_n": 65927.0,
  "summary_csf_p05": 1360.6505423486233,
  "summary_csf_p95": 1694.8523379713297,
  "summary_csf_stdv": 103.75155172449082,
  "summary_gm_k": -1.4711844014972644,
  "summary_gm_mad": 1929.5132356560298,
  "summary_gm_mean": 2663.4685741698895,
  "summary_gm_median": 3145.033907070756,
  "summary_gm_n": 120216.0,
  "summary_gm_p05": 78.55676509439945,
  "summary_gm_p95": 4679.693605467677,
  "summary_gm_stdv": 1768.410708891568,
  "summary_wm_k": -0.1474440772933625,
  "summary_wm_mad": 88.14143814905304,
  "summary_wm_mean": 1004.0092052895928,
  "summary_wm_median": 1000.0789381414652,
  "summary_wm_n": 411767.0,
  "summary_wm_p05": 875.9671444445848,
  "summary_wm_p95": 1145.507642969489,
  "summary_wm_stdv": 83.50592610073538,
  "tpm_overlap_csf": 0.1095674112986863,
  "tpm_overlap_gm": 0.08947138500517804,
  "tpm_overlap_wm": 0.4020205929345912,
  "wm2max": 0.216511409281258
}