{
  "bids_meta": {
    "AcquisitionMatrixPE": 256,
    "AcquisitionNumber": 1,
    "AcquisitionTime": "11:18:59.117500",
    "BaseResolution": 256,
    "BodyPartExamined": "BRAIN",
    "CoilString": "HC1-7;NC1_2",
    "ConsistencyInfo": "N4_VE11C_LATEST_20160120",
    "ConversionSoftware": "dcm2niix",
    "ConversionSoftwareVersion": "v1.0.20190410  GCC6.3.0",
    "DeviceSerialNumber": "167001",
    "DwellTime": 2.6e-06,
    "EchoTime": 0.408,
    "EchoTrainLength": 259,
    "FlipAngle": 120,
    "ImageOrientationPatientDICOM": [
      -0.0823705,
      0.996588,
      0.00523432,
      -0.0249949,
      0.00318468,
      -0.999682
    ],
    "ImageType": [
      "ORIGINAL",
      "PRIMARY",
      "M",
      "ND",
      "NORM"
    ],
    "ImagingFrequency": 123.229,
    "InPlanePhaseEncodingDirectionDICOM": "ROW",
    "InstitutionAddress": "Cooper_60_St._Lucia_QLD_AU_4072",
    "InstitutionName": "St_Lucia_Campus",
    "InstitutionalDepartmentName": "Gehrmann_Labs_MRI",
    "MRAcquisitionType": "3D",
    "MagneticFieldStrength": 3,
    "Manufacturer": "Siemens",
    "ManufacturersModelName": "Prisma_fit",
    "Modality": "MR",
    "PartialFourier": 1,
    "PatientPosition": "HFS",
    "PercentPhaseFOV": 100,
    "PhaseEncodingSteps": 233,
    "PhaseResolution": 1,
    "PixelBandwidth": 750,
    "ProcedureStepDescription": "Research_16092_QTAB",
    "ProtocolName": "t2_spc_sag_p2_iso",
    "PulseSequenceDetails": "%SiemensSeq%_tse_vfl",
    "ReceiveCoilActiveElements": "HC1-7;NC1,2",
    "ReceiveCoilName": "HeadNeck_64",
    "ReconMatrixPE": 256,
    "RefLinesPE": 24,
    "RepetitionTime": 3.2,
    "SAR": 0.174083,
    "ScanOptions": "PFP",
    "ScanningSequence": "SE",
    "SequenceName": "_spcR_282ns",
    "SequenceVariant": "SK_SP",
    "SeriesDescription": "t2_spc_sag_p2_iso",
    "SeriesNumber": 32,
    "ShimSetting": [
      3046,
      -4168,
      -1041,
      -17,
      -5,
      41,
      -30,
      -10
    ],
    "SliceThickness": 1,
    "SoftwareVersions": "syngo_MR_E11",
    "StationName": "mrc_Trio",
    "TxRefAmp": 210.855,
    "dataset": "ds004146",
    "modality": "T2w",
    "session_id": "02",
    "subject_id": "0189"
  },
  "cjv": 0.3373945820713436,
  "cnr": 4.266582693414615,
  "efc": 0.5631104909902489,
  "fber": -1.0,
  "fwhm_avg": 5.601904083191791,
  "fwhm_x": 5.4876499182276435,
  "fwhm_y": 6.085762409315074,
  "fwhm_z": 5.232299922032655,
  "icvs_csf": 0.12435526358527078,
  "icvs_gm": 0.5075790152012003,
  "icvs_wm": 0.36806572121352893,
  "inu_med": 0.9573743939399719,
  "inu_range": 0.30952364206314087,
  "provenance": {
    "md5sum": "8985f12a8d0929e80bec693e2d38c9dd",
    "settings": {
      "testing": false
    },
    "software": "mriqc",
    "version": "23.0.1",
    "warnings": {
      "large_rot_frame": true,
      "small_air_mask": false
    },
    "webapi_port": null,
    "webapi_url": "https://mriqc.nimh.nih.gov/api/v1"
  },
  "qi_1": 0.16504345987734273,
  "qi_2": 0.007339739037085768,
  "rpve_csf": 31.028046837203167,
  "rpve_gm": 9.432571417581224,
  "rpve_wm": 12.5937683218992,
  "size_x": 192,
  "size_y": 300,
  "size_z": 320,
  "snr_csf": 3.001710784243382,
  "snr_gm": 18.254743866640393,
  "snr_total": 11.607091385617375,
  "snr_wm": 13.564819505968355,
  "snrd_csf": 382.7877841997734,
  "snrd_gm": 121.21443264957226,
  "snrd_total": 195.55421028709122,
  "snrd_wm": 82.66041401192798,
  "spacing_x": 0.800000011920929,
  "spacing_y": 0.800000011920929,
  "spacing_z": 0.800000011920929,
  "summary_bg_k": 8.824426016533648,
  "summary_bg_mad": 0.0,
  "summary_bg_mean": 3.1858231852700447,
  "summary_bg_median": 0.0,
  "summary_bg_n": 1704270.0,
  "summary_bg_p05": 0.0,
  "summary_bg_p95": 18.41499423980713,
  "summary_bg_stdv": 7.924984646614357,
  "summary_csf_k": 1.1565632281340053,
  "summary_csf_mad": 360.77789950254265,
  "summary_csf_mean": 3835.229067213367,
  "summary_csf_median": 4630.466743558645,
  "summary_csf_n": 136044.0,
  "summary_csf_p05": 107.03715401887894,
  "summary_csf_p95": 4955.676363931596,
  "summary_csf_stdv": 1542.603554467907,
  "summary_gm_k": 0.08352323141196827,
  "summary_gm_mad": 80.56560526053401,
  "summary_gm_mean": 1470.4089402911072,
  "summary_gm_median": 1466.2939163446426,
  "summary_gm_n": 282738.0,
  "summary_gm_p05": 1346.2676146030426,
  "summary_gm_p95": 1607.85918456316,
  "summary_gm_stdv": 80.32385083178391,
  "summary_wm_k": -0.20407605739230794,
  "summary_wm_mad": 76.78718806979793,
  "summary_wm_mean": 999.7752212176666,
  "summary_wm_median": 999.9177452623844,
  "summary_wm_n": 358823.0,
  "summary_wm_p05": 877.1045314460995,
  "summary_wm_p95": 1117.8065923154354,
  "summary_wm_stdv": 73.7139444790549,
  "tpm_overlap_csf": 0.1275779612729321,
  "tpm_overlap_gm": 0.44015654704258134,
  "tpm_overlap_wm": 0.41294589499688594,
  "wm2max": 0.2030415331196581
}