{
  "aor": 0.0003911620795107033,
  "aqi": 0.005413601009174312,
  "bids_meta": {
    "AcquisitionMatrixPE": 104,
    "AcquisitionNumber": 1,
    "AcquisitionTime": "10:32:47.872500",
    "BandwidthPerPixelPhaseEncode": 17.17,
    "BaseResolution": 104,
    "BodyPartExamined": "BRAIN",
    "ConsistencyInfo": "N4_VE11C_LATEST_20160120",
    "ConversionSoftware": "dcm2niix",
    "ConversionSoftwareVersion": "v1.0.20171215 GCC6.3.0",
    "DerivedVendorReportedEchoSpacing": 0.000560011,
    "DeviceSerialNumber": "167001",
    "DwellTime": 2.1e-06,
    "EchoTime": 0.03,
    "EchoTrainLength": 91,
    "EffectiveEchoSpacing": 0.000560011,
    "FlipAngle": 52,
    "ImageOrientationPatientDICOM": [
      0.999476,
      0.00974629,
      -0.0308753,
      -0.0225067,
      0.894673,
      -0.446155
    ],
    "ImageType": [
      "ORIGINAL",
      "PRIMARY",
      "M",
      "ND",
      "MOSAIC"
    ],
    "InPlanePhaseEncodingDirectionDICOM": "COL",
    "InstitutionAddress": "Cooper_60_St._Lucia_QLD_AU_4072",
    "InstitutionName": "St_Lucia_Campus",
    "InstitutionalDepartmentName": "Gehrmann_Labs_MRI",
    "MRAcquisitionType": "2D",
    "MagneticFieldStrength": 3,
    "Manufacturer": "Siemens",
    "ManufacturersModelName": "Prisma_fit",
    "Modality": "MR",
    "MultibandAccelerationFactor": 6,
    "PartialFourier": 0.875,
    "PatientPosition": "HFS",
    "PercentPhaseFOV": 100,
    "PhaseEncodingDirection": "j",
    "PhaseEncodingSteps": 91,
    "PhaseResolution": 1,
    "PixelBandwidth": 2290,
    "ProcedureStepDescription": "Research_16092_QTAB",
    "ProtocolName": "ep2d_REST_SMS6_P-A",
    "PulseSequenceDetails": "%SiemensSeq%_ep2d_bold",
    "ReceiveCoilActiveElements": "HC1-7;NC1,2",
    "ReceiveCoilName": "HeadNeck_64",
    "ReconMatrixPE": 104,
    "RepetitionTime": 0.93,
    "SAR": 0.0727003,
    "ScanOptions": "PFP_FS",
    "ScanningSequence": "EP",
    "SequenceName": "_epfid2d1_104",
    "SequenceVariant": "SK",
    "SeriesDescription": "ep2d_REST_SMS6_P-A",
    "SeriesNumber": 10,
    "ShimSetting": [
      3042,
      -4136,
      -752,
      434,
      11,
      81,
      -160,
      -17
    ],
    "SliceThickness": 2,
    "SliceTiming": [
      0.6825,
      0,
      0.455,
      0.075,
      0.53,
      0.15,
      0.605,
      0.3025,
      0.7575,
      0.3775,
      0.8325,
      0.2275,
      0.6825,
      0,
      0.455,
      0.075,
      0.53,
      0.15,
      0.605,
      0.3025,
      0.7575,
      0.3775,
      0.8325,
      0.2275,
      0.6825,
      0,
      0.455,
      0.075,
      0.53,
      0.15,
      0.605,
      0.3025,
      0.7575,
      0.3775,
      0.8325,
      0.2275,
      0.6825,
      0,
      0.455,
      0.075,
      0.53,
      0.15,
      0.605,
      0.3025,
      0.7575,
      0.3775,
      0.8325,
      0.2275,
      0.6825,
      0,
      0.455,
      0.075,
      0.53,
      0.15,
      0.605,
      0.3025,
      0.7575,
      0.3775,
      0.8325,
      0.2275,
      0.6825,
      0,
      0.455,
      0.075,
      0.53,
      0.15,
      0.605,
      0.3025,
      0.7575,
      0.3775,
      0.8325,
      0.2275
    ],
    "SoftwareVersions": "syngo_MR_E11",
    "SpacingBetweenSlices": 2,
    "StationName": "mrc_Trio",
    "TaskName": "rest",
    "TotalReadoutTime": 0.0576811,
    "TxRefAmp": 205.017,
    "dataset": "ds004146",
    "modality": "bold",
    "session_id": "01",
    "subject_id": "0132",
    "task_id": "rest"
  },
  "dummy_trs": 0,
  "dvars_nstd": 34.33048259993865,
  "dvars_std": 1.036050213650307,
  "dvars_vstd": 0.9851187858895704,
  "efc": 0.5047219059471277,
  "fber": 1060.3818359375,
  "fd_mean": 0.11950534580454193,
  "fd_num": 19,
  "fd_perc": 5.81039755351682,
  "fwhm_avg": 3.1503433333333333,
  "fwhm_x": 2.965675,
  "fwhm_y": 3.205,
  "fwhm_z": 3.280355,
  "gcor": 0.00860648,
  "gsr_x": -0.012360798195004463,
  "gsr_y": 0.03807513415813446,
  "provenance": {
    "md5sum": "19c8154f5b1dd4ba9fa8eb55b2a7f05b",
    "settings": {
      "fd_thres": 0.2,
      "testing": false
    },
    "software": "mriqc",
    "version": "23.0.1",
    "webapi_port": null,
    "webapi_url": "https://mriqc.nimh.nih.gov/api/v1"
  },
  "size_t": 327,
  "size_x": 104,
  "size_y": 104,
  "size_z": 72,
  "snr": 2.7268162150178803,
  "spacing_tr": 0.9300000071525574,
  "spacing_x": 2.0,
  "spacing_y": 2.0,
  "spacing_z": 2.0,
  "summary_bg_k": 31.712030602120358,
  "summary_bg_mad": 5.277521574856213,
  "summary_bg_mean": 34.63480758666992,
  "summary_bg_median": 18.00305938720703,
  "summary_bg_n": 527866.0,
  "summary_bg_p05": 13.948012351989746,
  "summary_bg_p95": 119.36392211914062,
  "summary_bg_stdv": 47.64881134033203,
  "summary_fg_k": 0.4489890132263663,
  "summary_fg_mad": 218.16015663396522,
  "summary_fg_mean": 616.5635375976562,
  "summary_fg_median": 587.6024780273438,
  "summary_fg_n": 153127.0,
  "summary_fg_p05": 326.6816711425781,
  "summary_fg_p95": 1014.7743347167966,
  "summary_fg_stdv": 215.48960876464844,
  "tsnr": 37.6620638219174
}