{
  "bids_meta": {
    "AcquisitionMatrixPE": 256,
    "AcquisitionNumber": 1,
    "AcquisitionTime": "16:39:15.402500",
    "BaseResolution": 256,
    "BodyPartExamined": "BRAIN",
    "ConsistencyInfo": "N4_VE11C_LATEST_20160120",
    "ConversionSoftware": "dcm2niix",
    "ConversionSoftwareVersion": "v1.0.20171215 GCC6.3.0",
    "DeviceSerialNumber": "167001",
    "DwellTime": 2.6e-06,
    "EchoTime": 0.408,
    "EchoTrainLength": 259,
    "FlipAngle": 120,
    "ImageOrientationPatientDICOM": [
      0.00350253,
      0.999994,
      -1.53754e-08,
      0.00986124,
      -3.45548e-05,
      -0.999951
    ],
    "ImageType": [
      "ORIGINAL",
      "PRIMARY",
      "M",
      "ND",
      "NORM"
    ],
    "InPlanePhaseEncodingDirectionDICOM": "ROW",
    "InstitutionAddress": "Cooper_60_St._Lucia_QLD_AU_4072",
    "InstitutionName": "St_Lucia_Campus",
    "InstitutionalDepartmentName": "Gehrmann_Labs_MRI",
    "MRAcquisitionType": "3D",
    "MagneticFieldStrength": 3,
    "Manufacturer": "Siemens",
    "ManufacturersModelName": "Prisma_fit",
    "Modality": "MR",
    "ParallelReductionFactorInPlane": 2,
    "PartialFourier": 1,
    "PatientPosition": "HFS",
    "PercentPhaseFOV": 100,
    "PhaseEncodingSteps": 233,
    "PhaseResolution": 1,
    "PixelBandwidth": 750,
    "ProcedureStepDescription": "Research_16092_QTAB",
    "ProtocolName": "t2_spc_sag_p2_iso",
    "PulseSequenceDetails": "%SiemensSeq%_tse_vfl",
    "ReceiveCoilActiveElements": "HC1-7;NC1",
    "ReceiveCoilName": "HeadNeck_64",
    "ReconMatrixPE": 256,
    "RepetitionTime": 3.2,
    "SAR": 0.189361,
    "ScanOptions": "PFP",
    "ScanningSequence": "SE",
    "SequenceName": "_spcR_282ns",
    "SequenceVariant": "SK_SP",
    "SeriesDescription": "t2_spc_sag_p2_iso",
    "SeriesNumber": 19,
    "ShimSetting": [
      3043,
      -4177,
      -1039,
      1,
      -3,
      36,
      -3,
      -11
    ],
    "SliceThickness": 1,
    "SoftwareVersions": "syngo_MR_E11",
    "StationName": "mrc_Trio",
    "TxRefAmp": 209.355,
    "dataset": "ds004146",
    "modality": "T2w",
    "session_id": "01",
    "subject_id": "0148"
  },
  "cjv": 2.5499706328280003,
  "cnr": 0.6195555457889205,
  "efc": 0.6294497983646754,
  "fber": -1.0,
  "fwhm_avg": 4.379850051319668,
  "fwhm_x": 4.694312779802846,
  "fwhm_y": 4.381487434710749,
  "fwhm_z": 4.063749939445407,
  "icvs_csf": 0.3381487295207541,
  "icvs_gm": 0.49717337652765153,
  "icvs_wm": 0.1646778939515944,
  "inu_med": 1.0462839007377625,
  "inu_range": 0.3975592136383055,
  "provenance": {
    "md5sum": "5cc89d978c38b551382a936792177d60",
    "settings": {
      "testing": false
    },
    "software": "mriqc",
    "version": "23.0.1",
    "warnings": {
      "large_rot_frame": true,
      "small_air_mask": false
    },
    "webapi_port": null,
    "webapi_url": "https://mriqc.nimh.nih.gov/api/v1"
  },
  "qi_1": 0.0,
  "qi_2": 0.02705558344825702,
  "rpve_csf": 11.892477600319307,
  "rpve_gm": 9.324733292684424,
  "rpve_wm": 26.68527410323531,
  "size_x": 192,
  "size_y": 300,
  "size_z": 320,
  "snr_csf": 2.9531841255301283,
  "snr_gm": 13.301878573269082,
  "snr_total": 5.877444153673544,
  "snr_wm": 1.3772697622214214,
  "snrd_csf": 60.06466888453899,
  "snrd_gm": 71.5900801322815,
  "snrd_total": 87.31859823341019,
  "snrd_wm": 130.30104568341005,
  "spacing_x": 0.7999999523162842,
  "spacing_y": 0.800000011920929,
  "spacing_z": 0.800000011920929,
  "summary_bg_k": 5.8815476066831796,
  "summary_bg_mad": 0.0,
  "summary_bg_mean": 2.808888494396645,
  "summary_bg_median": 0.0,
  "summary_bg_n": 1547701.0,
  "summary_bg_p05": 0.0,
  "summary_bg_p95": 12.983706269413233,
  "summary_bg_stdv": 5.033901698907776,
  "summary_csf_k": -1.7698316833170655,
  "summary_csf_mad": 88.21418188524342,
  "summary_csf_mean": 572.5663519377936,
  "summary_csf_median": 461.5216598287225,
  "summary_csf_n": 39416.0,
  "summary_csf_p05": 403.84054458141327,
  "summary_csf_p95": 788.23280645255,
  "summary_csf_stdv": 156.27735545014383,
  "summary_gm_k": -0.2104900350964085,
  "summary_gm_mad": 43.621805100954724,
  "summary_gm_mean": 551.2051002732961,
  "summary_gm_median": 550.0799925066531,
  "summary_gm_n": 400979.0,
  "summary_gm_p05": 486.36163568869233,
  "summary_gm_p95": 620.6357072480023,
  "summary_gm_stdv": 41.35350533799369,
  "summary_wm_k": -1.3699504865648133,
  "summary_wm_mad": 1106.721322246101,
  "summary_wm_mean": 891.5121718426539,
  "summary_wm_median": 1001.2001397497952,
  "summary_wm_n": 115927.0,
  "summary_wm_p05": 43.897292625159025,
  "summary_wm_p95": 2114.5293125506487,
  "summary_wm_stdv": 726.9424254913456,
  "tpm_overlap_csf": 0.09093215739012145,
  "tpm_overlap_gm": 0.35645072978654896,
  "tpm_overlap_wm": 0.07127207246039584,
  "wm2max": 0.4981091790761214
}