{
  "aor": 0.0013611963190184049,
  "aqi": 0.011378981809815948,
  "bids_meta": {
    "AcquisitionMatrixPE": 104,
    "AcquisitionNumber": 1,
    "AcquisitionTime": "10:51:23.682500",
    "BandwidthPerPixelPhaseEncode": 17.17,
    "BaseResolution": 104,
    "BodyPartExamined": "BRAIN",
    "ConsistencyInfo": "N4_VE11C_LATEST_20160120",
    "ConversionSoftware": "dcm2niix",
    "ConversionSoftwareVersion": "v1.0.20171215 GCC6.3.0",
    "DerivedVendorReportedEchoSpacing": 0.000560011,
    "DeviceSerialNumber": "167001",
    "DwellTime": 2.1e-06,
    "EchoTime": 0.03,
    "EchoTrainLength": 91,
    "EffectiveEchoSpacing": 0.000560011,
    "FlipAngle": 52,
    "ImageOrientationPatientDICOM": [
      0.998788,
      0.0441283,
      -0.0217781,
      -0.04815,
      0.967713,
      -0.247411
    ],
    "ImageType": [
      "ORIGINAL",
      "PRIMARY",
      "M",
      "ND",
      "MOSAIC"
    ],
    "InPlanePhaseEncodingDirectionDICOM": "COL",
    "InstitutionAddress": "Cooper_60_St._Lucia_QLD_AU_4072",
    "InstitutionName": "St_Lucia_Campus",
    "InstitutionalDepartmentName": "Gehrmann_Labs_MRI",
    "MRAcquisitionType": "2D",
    "MagneticFieldStrength": 3,
    "Manufacturer": "Siemens",
    "ManufacturersModelName": "Prisma_fit",
    "Modality": "MR",
    "MultibandAccelerationFactor": 6,
    "PartialFourier": 0.875,
    "PatientPosition": "HFS",
    "PercentPhaseFOV": 100,
    "PhaseEncodingDirection": "j",
    "PhaseEncodingSteps": 91,
    "PhaseResolution": 1,
    "PixelBandwidth": 2290,
    "ProcedureStepDescription": "Research_16092_QTAB",
    "ProtocolName": "ep2d_REST_SMS6_P-A",
    "PulseSequenceDetails": "%SiemensSeq%_ep2d_bold",
    "ReceiveCoilActiveElements": "HC1-7;NC1,2",
    "ReceiveCoilName": "HeadNeck_64",
    "ReconMatrixPE": 104,
    "RepetitionTime": 0.93,
    "SAR": 0.0785866,
    "ScanOptions": "PFP_FS",
    "ScanningSequence": "EP",
    "SequenceName": "_epfid2d1_104",
    "SequenceVariant": "SK",
    "SeriesDescription": "ep2d_REST_SMS6_P-A",
    "SeriesNumber": 10,
    "ShimSetting": [
      3041,
      -4125,
      -751,
      441,
      38,
      53,
      9,
      73
    ],
    "SliceThickness": 2,
    "SliceTiming": [
      0.6825,
      0,
      0.455,
      0.0775,
      0.5325,
      0.1525,
      0.6075,
      0.305,
      0.76,
      0.38,
      0.835,
      0.2275,
      0.6825,
      0,
      0.455,
      0.0775,
      0.5325,
      0.1525,
      0.6075,
      0.305,
      0.76,
      0.38,
      0.835,
      0.2275,
      0.6825,
      0,
      0.455,
      0.0775,
      0.5325,
      0.1525,
      0.6075,
      0.305,
      0.76,
      0.38,
      0.835,
      0.2275,
      0.6825,
      0,
      0.455,
      0.0775,
      0.5325,
      0.1525,
      0.6075,
      0.305,
      0.76,
      0.38,
      0.835,
      0.2275,
      0.6825,
      0,
      0.455,
      0.0775,
      0.5325,
      0.1525,
      0.6075,
      0.305,
      0.76,
      0.38,
      0.835,
      0.2275,
      0.6825,
      0,
      0.455,
      0.0775,
      0.5325,
      0.1525,
      0.6075,
      0.305,
      0.76,
      0.38,
      0.835,
      0.2275
    ],
    "SoftwareVersions": "syngo_MR_E11",
    "SpacingBetweenSlices": 2,
    "StationName": "mrc_Trio",
    "TaskName": "rest",
    "TotalReadoutTime": 0.0576811,
    "TxRefAmp": 215.863,
    "dataset": "ds004146",
    "modality": "bold",
    "session_id": "01",
    "subject_id": "0214",
    "task_id": "rest"
  },
  "dummy_trs": 1,
  "dvars_nstd": 49.1559344247385,
  "dvars_std": 1.1643180890769236,
  "dvars_vstd": 1.0167058100000006,
  "efc": 0.5269425519172811,
  "fber": 895.454833984375,
  "fd_mean": 0.20851772512066988,
  "fd_num": 128,
  "fd_perc": 39.263803680981596,
  "fwhm_avg": 3.061783333333333,
  "fwhm_x": 2.91775,
  "fwhm_y": 3.057805,
  "fwhm_z": 3.209795,
  "gcor": 0.00935019,
  "gsr_x": -0.024535860866308212,
  "gsr_y": 0.07381074875593185,
  "provenance": {
    "md5sum": "978181ff890311b4c0a0a9f5a1f2a8ab",
    "settings": {
      "fd_thres": 0.2,
      "testing": false
    },
    "software": "mriqc",
    "version": "23.0.1",
    "webapi_port": null,
    "webapi_url": "https://mriqc.nimh.nih.gov/api/v1"
  },
  "size_t": 326,
  "size_x": 104,
  "size_y": 104,
  "size_z": 72,
  "snr": 2.6543933951334204,
  "spacing_tr": 0.9300000071525574,
  "spacing_x": 2.0,
  "spacing_y": 2.0,
  "spacing_z": 2.0,
  "summary_bg_k": 69.22073494160841,
  "summary_bg_mad": 4.67065311877407,
  "summary_bg_mean": 34.373321533203125,
  "summary_bg_median": 17.622699737548828,
  "summary_bg_n": 508271.0,
  "summary_bg_p05": 13.993865013122559,
  "summary_bg_p95": 114.26226806640625,
  "summary_bg_stdv": 49.628990173339844,
  "summary_fg_k": 3.0427812955891325,
  "summary_fg_mad": 179.44264761223513,
  "summary_fg_mean": 567.0027465820312,
  "summary_fg_median": 532.2407836914062,
  "summary_fg_n": 169058.0,
  "summary_fg_p05": 321.95919342041014,
  "summary_fg_p95": 936.0007385253904,
  "summary_fg_stdv": 200.51255798339844,
  "tsnr": 31.56202813074924
}