{
  "aor": 0.00039266871165644177,
  "aqi": 0.004948246472392638,
  "bids_meta": {
    "AcquisitionMatrixPE": 104,
    "AcquisitionNumber": 1,
    "AcquisitionTime": "09:46:31.010000",
    "BandwidthPerPixelPhaseEncode": 17.17,
    "BaseResolution": 104,
    "BodyPartExamined": "BRAIN",
    "ConsistencyInfo": "N4_VE11C_LATEST_20160120",
    "ConversionSoftware": "dcm2niix",
    "ConversionSoftwareVersion": "v1.0.20171215 GCC6.3.0",
    "DerivedVendorReportedEchoSpacing": 0.000560011,
    "DeviceSerialNumber": "167001",
    "DwellTime": 2.1e-06,
    "EchoTime": 0.03,
    "EchoTrainLength": 91,
    "EffectiveEchoSpacing": 0.000560011,
    "FlipAngle": 52,
    "ImageOrientationPatientDICOM": [
      0.99878,
      -0.0489688,
      -0.00639888,
      0.0418612,
      0.908223,
      -0.416388
    ],
    "ImageType": [
      "ORIGINAL",
      "PRIMARY",
      "M",
      "ND",
      "MOSAIC"
    ],
    "InPlanePhaseEncodingDirectionDICOM": "COL",
    "InstitutionAddress": "Cooper_60_St._Lucia_QLD_AU_4072",
    "InstitutionName": "St_Lucia_Campus",
    "InstitutionalDepartmentName": "Gehrmann_Labs_MRI",
    "MRAcquisitionType": "2D",
    "MagneticFieldStrength": 3,
    "Manufacturer": "Siemens",
    "ManufacturersModelName": "Prisma_fit",
    "Modality": "MR",
    "MultibandAccelerationFactor": 6,
    "PartialFourier": 0.875,
    "PatientPosition": "HFS",
    "PercentPhaseFOV": 100,
    "PhaseEncodingDirection": "j-",
    "PhaseEncodingSteps": 91,
    "PhaseResolution": 1,
    "PixelBandwidth": 2290,
    "ProcedureStepDescription": "Research_16092_QTAB",
    "ProtocolName": "ep2d_REST_SMS6_A-P",
    "PulseSequenceDetails": "%SiemensSeq%_ep2d_bold",
    "ReceiveCoilActiveElements": "HC1-7;NC1,2",
    "ReceiveCoilName": "HeadNeck_64",
    "ReconMatrixPE": 104,
    "RepetitionTime": 0.93,
    "SAR": 0.0535504,
    "ScanOptions": "PFP_FS",
    "ScanningSequence": "EP",
    "SequenceName": "_epfid2d1_104",
    "SequenceVariant": "SK",
    "SeriesDescription": "ep2d_REST_SMS6_A-P",
    "SeriesNumber": 9,
    "ShimSetting": [
      3046,
      -4159,
      -774,
      371,
      -18,
      27,
      -211,
      -2
    ],
    "SliceThickness": 2,
    "SliceTiming": [
      0.6825,
      0,
      0.455,
      0.075,
      0.53,
      0.15,
      0.605,
      0.3025,
      0.7575,
      0.3775,
      0.8325,
      0.2275,
      0.6825,
      0,
      0.455,
      0.075,
      0.53,
      0.15,
      0.605,
      0.3025,
      0.7575,
      0.3775,
      0.8325,
      0.2275,
      0.6825,
      0,
      0.455,
      0.075,
      0.53,
      0.15,
      0.605,
      0.3025,
      0.7575,
      0.3775,
      0.8325,
      0.2275,
      0.6825,
      0,
      0.455,
      0.075,
      0.53,
      0.15,
      0.605,
      0.3025,
      0.7575,
      0.3775,
      0.8325,
      0.2275,
      0.6825,
      0,
      0.455,
      0.075,
      0.53,
      0.15,
      0.605,
      0.3025,
      0.7575,
      0.3775,
      0.8325,
      0.2275,
      0.6825,
      0,
      0.455,
      0.075,
      0.53,
      0.15,
      0.605,
      0.3025,
      0.7575,
      0.3775,
      0.8325,
      0.2275
    ],
    "SoftwareVersions": "syngo_MR_E11",
    "SpacingBetweenSlices": 2,
    "StationName": "mrc_Trio",
    "TaskName": "rest",
    "TotalReadoutTime": 0.0576811,
    "TxRefAmp": 210.877,
    "dataset": "ds004146",
    "modality": "bold",
    "session_id": "01",
    "subject_id": "0242",
    "task_id": "rest"
  },
  "dummy_trs": 1,
  "dvars_nstd": 40.62787684519999,
  "dvars_std": 1.116053336646154,
  "dvars_vstd": 1.0054688277846155,
  "efc": 0.5335807771248432,
  "fber": 837.5271606445312,
  "fd_mean": 0.17557484309422897,
  "fd_num": 129,
  "fd_perc": 39.57055214723926,
  "fwhm_avg": 3.0371816666666667,
  "fwhm_x": 2.76173,
  "fwhm_y": 3.15222,
  "fwhm_z": 3.197595,
  "gcor": 0.0121277,
  "gsr_x": -0.0032430095598101616,
  "gsr_y": 0.048075754195451736,
  "provenance": {
    "md5sum": "6a4028deb8827054bce19e2d857918d9",
    "settings": {
      "fd_thres": 0.2,
      "testing": false
    },
    "software": "mriqc",
    "version": "23.0.1",
    "webapi_port": null,
    "webapi_url": "https://mriqc.nimh.nih.gov/api/v1"
  },
  "size_t": 326,
  "size_x": 104,
  "size_y": 104,
  "size_z": 72,
  "snr": 2.731708875301,
  "spacing_tr": 0.9300000071525574,
  "spacing_x": 2.0,
  "spacing_y": 2.0,
  "spacing_z": 2.0,
  "summary_bg_k": 44.16151601031343,
  "summary_bg_mad": 6.821789071372837,
  "summary_bg_mean": 37.053009033203125,
  "summary_bg_median": 19.352760314941406,
  "summary_bg_n": 500463.0,
  "summary_bg_p05": 14.257668495178223,
  "summary_bg_p95": 121.25429382324208,
  "summary_bg_stdv": 55.80250549316406,
  "summary_fg_k": 0.5602831757810898,
  "summary_fg_mad": 201.26098889068388,
  "summary_fg_mean": 600.8565063476562,
  "summary_fg_median": 570.0797119140625,
  "summary_fg_n": 174773.0,
  "summary_fg_p05": 321.7245361328125,
  "summary_fg_p95": 986.503662109375,
  "summary_fg_stdv": 208.68917846679688,
  "tsnr": 39.7826430114219
}