{
  "bids_meta": {
    "AcquisitionMatrixPE": 256,
    "AcquisitionNumber": 1,
    "AcquisitionTime": "16:06:8.272500",
    "BaseResolution": 256,
    "BodyPartExamined": "BRAIN",
    "CoilString": "HC1-7;NC1_2",
    "ConsistencyInfo": "N4_VE11C_LATEST_20160120",
    "ConversionSoftware": "dcm2niix",
    "ConversionSoftwareVersion": "v1.0.20181125  (JP2:OpenJPEG) GCC6.3.0",
    "DeviceSerialNumber": "167001",
    "DwellTime": 2.6e-06,
    "EchoTime": 0.408,
    "EchoTrainLength": 259,
    "FlipAngle": 120,
    "ImageOrientationPatientDICOM": [
      0.0884758,
      0.989555,
      -0.113812,
      0.028535,
      -0.116731,
      -0.992754
    ],
    "ImageType": [
      "ORIGINAL",
      "PRIMARY",
      "M",
      "ND",
      "NORM"
    ],
    "ImagingFrequency": 123.229,
    "InPlanePhaseEncodingDirectionDICOM": "ROW",
    "InstitutionAddress": "Cooper_60_St._Lucia_QLD_AU_4072",
    "InstitutionName": "St_Lucia_Campus",
    "InstitutionalDepartmentName": "Gehrmann_Labs_MRI",
    "MRAcquisitionType": "3D",
    "MagneticFieldStrength": 3,
    "Manufacturer": "Siemens",
    "ManufacturersModelName": "Prisma_fit",
    "Modality": "MR",
    "PartialFourier": 1,
    "PatientPosition": "HFS",
    "PercentPhaseFOV": 100,
    "PhaseEncodingSteps": 233,
    "PhaseResolution": 1,
    "PixelBandwidth": 750,
    "ProcedureStepDescription": "Research_16092_QTAB",
    "ProtocolName": "t2_spc_sag_p2_iso",
    "PulseSequenceDetails": "%SiemensSeq%_tse_vfl",
    "ReceiveCoilActiveElements": "HC1-7;NC1,2",
    "ReceiveCoilName": "HeadNeck_64",
    "ReconMatrixPE": 256,
    "RepetitionTime": 3.2,
    "SAR": 0.129695,
    "ScanOptions": "PFP",
    "ScanningSequence": "SE",
    "SequenceName": "_spcR_282ns",
    "SequenceVariant": "SK_SP",
    "SeriesDescription": "t2_spc_sag_p2_iso",
    "SeriesNumber": 19,
    "ShimSetting": [
      3044,
      -4172,
      -1039,
      -11,
      -3,
      35,
      -21,
      -13
    ],
    "SliceThickness": 1,
    "SoftwareVersions": "syngo_MR_E11",
    "StationName": "mrc_Trio",
    "TxRefAmp": 213.475,
    "dataset": "ds004146",
    "modality": "T2w",
    "session_id": "01",
    "subject_id": "0384"
  },
  "cjv": 2.5320132021009365,
  "cnr": 0.676426543989707,
  "efc": 0.6543163373859205,
  "fber": 6622.008219452705,
  "fwhm_avg": 4.124816714673806,
  "fwhm_x": 4.407912762732074,
  "fwhm_y": 4.242174936786668,
  "fwhm_z": 3.7243624445026753,
  "icvs_csf": 0.37493370310081203,
  "icvs_gm": 0.4875904660000061,
  "icvs_wm": 0.13747583089918186,
  "inu_med": 1.0347756743431091,
  "inu_range": 0.3885443717241286,
  "provenance": {
    "md5sum": "a9e72a75c5b56fc9628482db7ac5cda2",
    "settings": {
      "testing": false
    },
    "software": "mriqc",
    "version": "23.0.1",
    "warnings": {
      "large_rot_frame": true,
      "small_air_mask": false
    },
    "webapi_port": null,
    "webapi_url": "https://mriqc.nimh.nih.gov/api/v1"
  },
  "qi_1": 0.0,
  "qi_2": 0.0169184999824644,
  "rpve_csf": 11.881368662660378,
  "rpve_gm": 10.274812483807931,
  "rpve_wm": 36.152438628233476,
  "size_x": 192,
  "size_y": 300,
  "size_z": 320,
  "snr_csf": 14.511133110209347,
  "snr_gm": 11.989723761330195,
  "snr_total": 9.285588793969714,
  "snr_wm": 1.3559095103695997,
  "snrd_csf": 89.50053058913817,
  "snrd_gm": 57.154766052785156,
  "snrd_total": 86.96410739565984,
  "snrd_wm": 114.23702554505624,
  "spacing_x": 0.7999999523162842,
  "spacing_y": 0.800000011920929,
  "spacing_z": 0.800000011920929,
  "summary_bg_k": 10.048275319631362,
  "summary_bg_mad": 0.0,
  "summary_bg_mean": 2.8874433288002597,
  "summary_bg_median": 0.0,
  "summary_bg_n": 1321515.0,
  "summary_bg_p05": 0.0,
  "summary_bg_p95": 14.462666429579258,
  "summary_bg_stdv": 5.783599908150396,
  "summary_csf_k": 0.8688548880420086,
  "summary_csf_mad": 50.47680199200165,
  "summary_csf_mean": 793.5744231391319,
  "summary_csf_median": 790.1183028370142,
  "summary_csf_n": 109534.0,
  "summary_csf_p05": 711.6116278879344,
  "summary_csf_p95": 887.6202023550868,
  "summary_csf_stdv": 54.44886282151598,
  "summary_gm_k": -0.15915858473876554,
  "summary_gm_mad": 44.37239199500145,
  "summary_gm_mean": 505.00266434930995,
  "summary_gm_median": 504.5671400539577,
  "summary_gm_n": 370797.0,
  "summary_gm_p05": 437.78975677862763,
  "summary_gm_p95": 573.4966234534983,
  "summary_gm_stdv": 42.08324309346831,
  "summary_wm_k": -1.6851777756275308,
  "summary_wm_mad": 1231.5775412855403,
  "summary_wm_mean": 870.6948092044703,
  "summary_wm_median": 1008.4941860195249,
  "summary_wm_n": 77100.0,
  "summary_wm_p05": 31.451109532266855,
  "summary_wm_p95": 1924.5051561707633,
  "summary_wm_stdv": 743.7720866443377,
  "tpm_overlap_csf": 0.11047383603489304,
  "tpm_overlap_gm": 0.32108461583720826,
  "tpm_overlap_wm": 0.039844773017862926,
  "wm2max": 0.5401686434395849
}