{
  "aor": 0.0030736842105263157,
  "aqi": 0.017733428421052633,
  "bids_meta": {
    "AcquisitionMatrixPE": 90,
    "AcquisitionNumber": 1,
    "AcquisitionTime": "11:36:11.587500",
    "BandwidthPerPixelPhaseEncode": 21.368,
    "BaseResolution": 90,
    "BodyPartExamined": "BRAIN",
    "CoilString": "HC1-7;NC1_2",
    "ConsistencyInfo": "N4_VE11C_LATEST_20160120",
    "ConversionSoftware": "dcm2niix",
    "ConversionSoftwareVersion": "v1.0.20190410  GCC6.3.0",
    "DerivedVendorReportedEchoSpacing": 0.000519988,
    "DeviceSerialNumber": "167001",
    "DwellTime": 2.2e-06,
    "EchoTime": 0.03,
    "EchoTrainLength": 90,
    "EffectiveEchoSpacing": 0.000519988,
    "FlipAngle": 52,
    "ImageOrientationPatientDICOM": [
      0.999475,
      -0.032227,
      -0.00348574,
      0.0294892,
      0.948635,
      -0.314994
    ],
    "ImageType": [
      "ORIGINAL",
      "PRIMARY",
      "M",
      "ND",
      "NORM",
      "MOSAIC"
    ],
    "ImagingFrequency": 123.229,
    "InPlanePhaseEncodingDirectionDICOM": "COL",
    "InstitutionAddress": "Cooper_60_St._Lucia_QLD_AU_4072",
    "InstitutionName": "St_Lucia_Campus",
    "InstitutionalDepartmentName": "Gehrmann_Labs_MRI",
    "MRAcquisitionType": "2D",
    "MagneticFieldStrength": 3,
    "Manufacturer": "Siemens",
    "ManufacturersModelName": "Prisma_fit",
    "Modality": "MR",
    "MultibandAccelerationFactor": 6,
    "PartialFourier": 1,
    "PatientPosition": "HFS",
    "PercentPhaseFOV": 100,
    "PhaseEncodingDirection": "j-",
    "PhaseEncodingSteps": 90,
    "PhaseResolution": 1,
    "PixelBandwidth": 2525,
    "ProcedureStepDescription": "Research_16092_QTAB",
    "ProtocolName": "PARTLY_CLOUDY_mb6_2.4",
    "PulseSequenceDetails": "%SiemensSeq%_ep2d_bold",
    "ReceiveCoilActiveElements": "HC1-7;NC1,2",
    "ReceiveCoilName": "HeadNeck_64",
    "ReconMatrixPE": 90,
    "RefLinesPE": 12,
    "RepetitionTime": 0.8,
    "SAR": 0.0600967,
    "ScanOptions": "FS",
    "ScanningSequence": "EP",
    "SequenceName": "_epfid2d1_90",
    "SequenceVariant": "SK",
    "SeriesDescription": "PARTLY_CLOUDY_mb6_2.4",
    "SeriesNumber": 19,
    "ShimSetting": [
      3040,
      -4169,
      -752,
      503,
      -98,
      -111,
      107,
      26
    ],
    "SliceThickness": 2.4,
    "SliceTiming": [
      0.545,
      0,
      0.39,
      0.0775,
      0.4675,
      0.2325,
      0.6225,
      0.31,
      0.7,
      0.155,
      0.545,
      0,
      0.39,
      0.0775,
      0.4675,
      0.2325,
      0.6225,
      0.31,
      0.7,
      0.155,
      0.545,
      0,
      0.39,
      0.0775,
      0.4675,
      0.2325,
      0.6225,
      0.31,
      0.7,
      0.155,
      0.545,
      0,
      0.39,
      0.0775,
      0.4675,
      0.2325,
      0.6225,
      0.31,
      0.7,
      0.155,
      0.545,
      0,
      0.39,
      0.0775,
      0.4675,
      0.2325,
      0.6225,
      0.31,
      0.7,
      0.155,
      0.545,
      0,
      0.39,
      0.0775,
      0.4675,
      0.2325,
      0.6225,
      0.31,
      0.7,
      0.155
    ],
    "SoftwareVersions": "syngo_MR_E11",
    "SpacingBetweenSlices": 2.4,
    "StationName": "mrc_Trio",
    "TaskName": "partlycloudy",
    "TotalReadoutTime": 0.046279,
    "TxRefAmp": 236.114,
    "dataset": "ds004146",
    "modality": "bold",
    "session_id": "02",
    "subject_id": "0368",
    "task_id": "partlycloudy"
  },
  "dummy_trs": 0,
  "dvars_nstd": 33.74139779218998,
  "dvars_std": 1.1388556946437993,
  "dvars_vstd": 1.0335503051978894,
  "efc": 0.47901410722164717,
  "fber": 7205.162109375,
  "fd_mean": 0.21659545534063435,
  "fd_num": 191,
  "fd_perc": 50.26315789473684,
  "fwhm_avg": 1.8033193727869705,
  "fwhm_x": 1.7123540986238281,
  "fwhm_y": 1.926620756776303,
  "fwhm_z": 1.770983262960781,
  "gcor": 0.0156602,
  "gsr_x": -0.020781701430678368,
  "gsr_y": 0.038503509014844894,
  "provenance": {
    "md5sum": "09075cd111c72e37fea2e27fc7c4e0fe",
    "settings": {
      "fd_thres": 0.2,
      "testing": false
    },
    "software": "mriqc",
    "version": "23.0.1",
    "webapi_port": null,
    "webapi_url": "https://mriqc.nimh.nih.gov/api/v1"
  },
  "size_t": 380,
  "size_x": 90,
  "size_y": 90,
  "size_z": 60,
  "snr": 7.422157793677874,
  "spacing_tr": 0.800000011920929,
  "spacing_x": 2.4000000953674316,
  "spacing_y": 2.4000000953674316,
  "spacing_z": 2.4000000953674316,
  "summary_bg_k": 27.53228835845489,
  "summary_bg_mad": 5.212517679054544,
  "summary_bg_mean": 22.46204376220703,
  "summary_bg_median": 7.0868425369262695,
  "summary_bg_n": 332039.0,
  "summary_bg_p05": 2.942105293273926,
  "summary_bg_p95": 95.80553054809565,
  "summary_bg_stdv": 43.961517333984375,
  "summary_fg_k": 1.7027151856433793,
  "summary_fg_mad": 76.38134249217356,
  "summary_fg_mean": 612.9483642578125,
  "summary_fg_median": 608.6342163085938,
  "summary_fg_n": 83829.0,
  "summary_fg_p05": 494.4005493164062,
  "summary_fg_p95": 750.0879394531249,
  "summary_fg_stdv": 82.00183868408203,
  "tsnr": 43.41171215195209
}