{
  "aor": 0.0007977894736842105,
  "aqi": 0.016062392368421052,
  "bids_meta": {
    "AcquisitionMatrixPE": 90,
    "AcquisitionNumber": 1,
    "AcquisitionTime": "15:42:4.435000",
    "BandwidthPerPixelPhaseEncode": 21.368,
    "BaseResolution": 90,
    "BodyPartExamined": "BRAIN",
    "CoilString": "HC1-7;NC1_2",
    "ConsistencyInfo": "N4_VE11C_LATEST_20160120",
    "ConversionSoftware": "dcm2niix",
    "ConversionSoftwareVersion": "v1.0.20190410  GCC6.3.0",
    "DerivedVendorReportedEchoSpacing": 0.000519988,
    "DeviceSerialNumber": "167001",
    "DwellTime": 2.2e-06,
    "EchoTime": 0.03,
    "EchoTrainLength": 90,
    "EffectiveEchoSpacing": 0.000519988,
    "FlipAngle": 52,
    "ImageOrientationPatientDICOM": [
      0.992049,
      -0.111603,
      -0.0581746,
      0.071459,
      0.879987,
      -0.469592
    ],
    "ImageType": [
      "ORIGINAL",
      "PRIMARY",
      "M",
      "ND",
      "NORM",
      "MOSAIC"
    ],
    "ImagingFrequency": 123.229,
    "InPlanePhaseEncodingDirectionDICOM": "COL",
    "InstitutionAddress": "Cooper_60_St._Lucia_QLD_AU_4072",
    "InstitutionName": "Centre_for_Advanced_Imaging",
    "InstitutionalDepartmentName": "Gehrmann_Labs_MRI",
    "MRAcquisitionType": "2D",
    "MagneticFieldStrength": 3,
    "Manufacturer": "Siemens",
    "ManufacturersModelName": "Prisma_fit",
    "Modality": "MR",
    "MultibandAccelerationFactor": 6,
    "PartialFourier": 1,
    "PatientPosition": "HFS",
    "PercentPhaseFOV": 100,
    "PhaseEncodingDirection": "j-",
    "PhaseEncodingSteps": 90,
    "PhaseResolution": 1,
    "PixelBandwidth": 2525,
    "ProcedureStepDescription": "Research_16092_QTAB",
    "ProtocolName": "PARTLY_CLOUDY_mb6_2.4",
    "PulseSequenceDetails": "%SiemensSeq%_ep2d_bold",
    "ReceiveCoilActiveElements": "HC1-7;NC1,2",
    "ReceiveCoilName": "HeadNeck_64",
    "ReconMatrixPE": 90,
    "RefLinesPE": 12,
    "RepetitionTime": 0.8,
    "SAR": 0.0628392,
    "ScanOptions": "FS",
    "ScanningSequence": "EP",
    "SequenceName": "_epfid2d1_90",
    "SequenceVariant": "SK",
    "SeriesDescription": "PARTLY_CLOUDY_mb6_2.4",
    "SeriesNumber": 19,
    "ShimSetting": [
      3041,
      -4161,
      -766,
      613,
      -58,
      84,
      -174,
      -79
    ],
    "SliceThickness": 2.4,
    "SliceTiming": [
      0.545,
      0,
      0.39,
      0.0775,
      0.4675,
      0.235,
      0.625,
      0.3125,
      0.7025,
      0.155,
      0.545,
      0,
      0.39,
      0.0775,
      0.4675,
      0.235,
      0.625,
      0.3125,
      0.7025,
      0.155,
      0.545,
      0,
      0.39,
      0.0775,
      0.4675,
      0.235,
      0.625,
      0.3125,
      0.7025,
      0.155,
      0.545,
      0,
      0.39,
      0.0775,
      0.4675,
      0.235,
      0.625,
      0.3125,
      0.7025,
      0.155,
      0.545,
      0,
      0.39,
      0.0775,
      0.4675,
      0.235,
      0.625,
      0.3125,
      0.7025,
      0.155,
      0.545,
      0,
      0.39,
      0.0775,
      0.4675,
      0.235,
      0.625,
      0.3125,
      0.7025,
      0.155
    ],
    "SoftwareVersions": "syngo_MR_E11",
    "SpacingBetweenSlices": 2.4,
    "StationName": "mrc_Trio",
    "TaskName": "partlycloudy",
    "TotalReadoutTime": 0.046279,
    "TxRefAmp": 206.522,
    "dataset": "ds004146",
    "modality": "bold",
    "session_id": "02",
    "subject_id": "0362",
    "task_id": "partlycloudy"
  },
  "dummy_trs": 0,
  "dvars_nstd": 37.07257000036938,
  "dvars_std": 1.261957589076517,
  "dvars_vstd": 1.0021135506596301,
  "efc": 0.4623674918828206,
  "fber": 7527.4560546875,
  "fd_mean": 0.1902293680113353,
  "fd_num": 178,
  "fd_perc": 46.8421052631579,
  "fwhm_avg": 1.7952193731088357,
  "fwhm_x": 1.6967415992442132,
  "fwhm_y": 1.868683259078532,
  "fwhm_z": 1.8202332610037621,
  "gcor": 0.0166338,
  "gsr_x": -0.016742749139666557,
  "gsr_y": 0.022862423211336136,
  "provenance": {
    "md5sum": "bbe23ff0ce5b0a656f12df999ad2967b",
    "settings": {
      "fd_thres": 0.2,
      "testing": false
    },
    "software": "mriqc",
    "version": "23.0.1",
    "webapi_port": null,
    "webapi_url": "https://mriqc.nimh.nih.gov/api/v1"
  },
  "size_t": 380,
  "size_x": 90,
  "size_y": 90,
  "size_z": 60,
  "snr": 7.096076688261091,
  "spacing_tr": 0.800000011920929,
  "spacing_x": 2.4000000953674316,
  "spacing_y": 2.4000000953674316,
  "spacing_z": 2.4000000953674316,
  "summary_bg_k": 35.40787034970597,
  "summary_bg_mad": 4.89648931514656,
  "summary_bg_mean": 21.390445709228516,
  "summary_bg_median": 7.318421363830566,
  "summary_bg_n": 338449.0,
  "summary_bg_p05": 3.255263328552246,
  "summary_bg_p95": 93.84474182128906,
  "summary_bg_stdv": 45.055294036865234,
  "summary_fg_k": 1.6927818341559036,
  "summary_fg_mad": 86.33814209571297,
  "summary_fg_mean": 643.0626831054688,
  "summary_fg_median": 641.0789794921875,
  "summary_fg_n": 78911.0,
  "summary_fg_p05": 508.06581115722656,
  "summary_fg_p95": 789.3684692382812,
  "summary_fg_stdv": 90.3421630859375,
  "tsnr": 48.078028071904555
}