{
  "aor": 0.002211441717791411,
  "aqi": 0.008933319386503068,
  "bids_meta": {
    "AcquisitionMatrixPE": 104,
    "AcquisitionNumber": 1,
    "AcquisitionTime": "10:58:50.915000",
    "BandwidthPerPixelPhaseEncode": 17.17,
    "BaseResolution": 104,
    "BodyPartExamined": "BRAIN",
    "ConsistencyInfo": "N4_VE11C_LATEST_20160120",
    "ConversionSoftware": "dcm2niix",
    "ConversionSoftwareVersion": "v1.0.20171215 GCC6.3.0",
    "DerivedVendorReportedEchoSpacing": 0.000560011,
    "DeviceSerialNumber": "167001",
    "DwellTime": 2.1e-06,
    "EchoTime": 0.03,
    "EchoTrainLength": 91,
    "EffectiveEchoSpacing": 0.000560011,
    "FlipAngle": 52,
    "ImageOrientationPatientDICOM": [
      0.999837,
      -0.010799,
      -0.0144763,
      0.00383909,
      0.910308,
      -0.413914
    ],
    "ImageType": [
      "ORIGINAL",
      "PRIMARY",
      "M",
      "ND",
      "MOSAIC"
    ],
    "InPlanePhaseEncodingDirectionDICOM": "COL",
    "InstitutionAddress": "Cooper_60_St._Lucia_QLD_AU_4072",
    "InstitutionName": "St_Lucia_Campus",
    "InstitutionalDepartmentName": "Gehrmann_Labs_MRI",
    "MRAcquisitionType": "2D",
    "MagneticFieldStrength": 3,
    "Manufacturer": "Siemens",
    "ManufacturersModelName": "Prisma_fit",
    "Modality": "MR",
    "MultibandAccelerationFactor": 6,
    "PartialFourier": 0.875,
    "PatientPosition": "HFS",
    "PercentPhaseFOV": 100,
    "PhaseEncodingDirection": "j",
    "PhaseEncodingSteps": 91,
    "PhaseResolution": 1,
    "PixelBandwidth": 2290,
    "ProcedureStepDescription": "Research_16092_QTAB",
    "ProtocolName": "ep2d_REST_SMS6_P-A",
    "PulseSequenceDetails": "%SiemensSeq%_ep2d_bold",
    "ReceiveCoilActiveElements": "HC1-7;NC1,2",
    "ReceiveCoilName": "HeadNeck_64",
    "ReconMatrixPE": 104,
    "RepetitionTime": 0.93,
    "SAR": 0.0790345,
    "ScanOptions": "PFP_FS",
    "ScanningSequence": "EP",
    "SequenceName": "_epfid2d1_104",
    "SequenceVariant": "SK",
    "SeriesDescription": "ep2d_REST_SMS6_P-A",
    "SeriesNumber": 10,
    "ShimSetting": [
      3041,
      -4129,
      -785,
      382,
      -34,
      66,
      -155,
      20
    ],
    "SliceThickness": 2,
    "SliceTiming": [
      0.6825,
      0,
      0.455,
      0.075,
      0.53,
      0.1525,
      0.6075,
      0.3025,
      0.7575,
      0.38,
      0.835,
      0.2275,
      0.6825,
      0,
      0.455,
      0.075,
      0.53,
      0.1525,
      0.6075,
      0.3025,
      0.7575,
      0.38,
      0.835,
      0.2275,
      0.6825,
      0,
      0.455,
      0.075,
      0.53,
      0.1525,
      0.6075,
      0.3025,
      0.7575,
      0.38,
      0.835,
      0.2275,
      0.6825,
      0,
      0.455,
      0.075,
      0.53,
      0.1525,
      0.6075,
      0.3025,
      0.7575,
      0.38,
      0.835,
      0.2275,
      0.6825,
      0,
      0.455,
      0.075,
      0.53,
      0.1525,
      0.6075,
      0.3025,
      0.7575,
      0.38,
      0.835,
      0.2275,
      0.6825,
      0,
      0.455,
      0.075,
      0.53,
      0.1525,
      0.6075,
      0.3025,
      0.7575,
      0.38,
      0.835,
      0.2275
    ],
    "SoftwareVersions": "syngo_MR_E11",
    "SpacingBetweenSlices": 2,
    "StationName": "mrc_Trio",
    "TaskName": "rest",
    "TotalReadoutTime": 0.0576811,
    "TxRefAmp": 206.436,
    "dataset": "ds004146",
    "modality": "bold",
    "session_id": "01",
    "subject_id": "0161",
    "task_id": "rest"
  },
  "dummy_trs": 1,
  "dvars_nstd": 44.42906929596922,
  "dvars_std": 1.0857590866461535,
  "dvars_vstd": 0.9985378323999998,
  "efc": 0.5244091456335362,
  "fber": 924.6751708984375,
  "fd_mean": 0.29504410883938886,
  "fd_num": 201,
  "fd_perc": 61.65644171779141,
  "fwhm_avg": 3.0821533333333337,
  "fwhm_x": 2.892615,
  "fwhm_y": 3.18102,
  "fwhm_z": 3.172825,
  "gcor": 0.0154072,
  "gsr_x": -0.007353690452873707,
  "gsr_y": 0.04743080586194992,
  "provenance": {
    "md5sum": "070ef656e57803ef730934327e1e66bf",
    "settings": {
      "fd_thres": 0.2,
      "testing": false
    },
    "software": "mriqc",
    "version": "23.0.1",
    "webapi_port": null,
    "webapi_url": "https://mriqc.nimh.nih.gov/api/v1"
  },
  "size_t": 326,
  "size_x": 104,
  "size_y": 104,
  "size_z": 72,
  "snr": 2.810305228751492,
  "spacing_tr": 0.9300000071525574,
  "spacing_x": 2.0,
  "spacing_y": 2.0,
  "spacing_z": 2.0,
  "summary_bg_k": 49.7445243241624,
  "summary_bg_mad": 6.303333011457643,
  "summary_bg_mean": 37.25892639160156,
  "summary_bg_median": 19.11656379699707,
  "summary_bg_n": 512776.0,
  "summary_bg_p05": 14.260735511779785,
  "summary_bg_p95": 125.55904769897461,
  "summary_bg_stdv": 55.57359313964844,
  "summary_fg_k": 0.44467103394682095,
  "summary_fg_mad": 209.26291448748646,
  "summary_fg_mean": 614.7019653320312,
  "summary_fg_median": 585.6165771484375,
  "summary_fg_n": 165224.0,
  "summary_fg_p05": 335.6266830444336,
  "summary_fg_p95": 996.9840515136721,
  "summary_fg_stdv": 208.38121032714844,
  "tsnr": 32.29044971615076
}