{
  "aor": 0.00039468253968253975,
  "aqi": 0.011281820423280423,
  "bids_meta": {
    "AcquisitionMatrixPE": 90,
    "AcquisitionNumber": 1,
    "AcquisitionTime": "15:48:2.835000",
    "BandwidthPerPixelPhaseEncode": 21.368,
    "BaseResolution": 90,
    "BodyPartExamined": "BRAIN",
    "CoilString": "HC1-7;NC1_2",
    "ConsistencyInfo": "N4_VE11C_LATEST_20160120",
    "ConversionSoftware": "dcm2niix",
    "ConversionSoftwareVersion": "v1.0.20190410  GCC6.3.0",
    "DerivedVendorReportedEchoSpacing": 0.000519988,
    "DeviceSerialNumber": "167001",
    "DwellTime": 2.2e-06,
    "EchoTime": 0.03,
    "EchoTrainLength": 90,
    "EffectiveEchoSpacing": 0.000519988,
    "FlipAngle": 52,
    "ImageOrientationPatientDICOM": [
      0.998881,
      0.044501,
      -0.0160431,
      -0.047106,
      0.966773,
      -0.251258
    ],
    "ImageType": [
      "ORIGINAL",
      "PRIMARY",
      "M",
      "ND",
      "NORM",
      "MOSAIC"
    ],
    "ImagingFrequency": 123.229,
    "InPlanePhaseEncodingDirectionDICOM": "COL",
    "InstitutionAddress": "Cooper_60_St._Lucia_QLD_AU_4072",
    "InstitutionName": "St_Lucia_Campus",
    "InstitutionalDepartmentName": "Gehrmann_Labs_MRI",
    "MRAcquisitionType": "2D",
    "MagneticFieldStrength": 3,
    "Manufacturer": "Siemens",
    "ManufacturersModelName": "Prisma_fit",
    "Modality": "MR",
    "MultibandAccelerationFactor": 6,
    "PartialFourier": 1,
    "PatientPosition": "HFS",
    "PercentPhaseFOV": 100,
    "PhaseEncodingDirection": "j-",
    "PhaseEncodingSteps": 90,
    "PhaseResolution": 1,
    "PixelBandwidth": 2525,
    "ProcedureStepDescription": "Research_16092_QTAB",
    "ProtocolName": "PARTLY_CLOUDY_mb6_2.4",
    "PulseSequenceDetails": "%SiemensSeq%_ep2d_bold",
    "ReceiveCoilActiveElements": "HC1-7;NC1,2",
    "ReceiveCoilName": "HeadNeck_64",
    "ReconMatrixPE": 90,
    "RefLinesPE": 12,
    "RepetitionTime": 0.8,
    "SAR": 0.0628772,
    "ScanOptions": "FS",
    "ScanningSequence": "EP",
    "SequenceName": "_epfid2d1_90",
    "SequenceVariant": "SK",
    "SeriesDescription": "PARTLY_CLOUDY_mb6_2.4",
    "SeriesNumber": 19,
    "ShimSetting": [
      3047,
      -4154,
      -769,
      486,
      -17,
      57,
      35,
      2
    ],
    "SliceThickness": 2.4,
    "SliceTiming": [
      0.545,
      0,
      0.39,
      0.0775,
      0.4675,
      0.2325,
      0.6225,
      0.3125,
      0.7025,
      0.155,
      0.545,
      0,
      0.39,
      0.0775,
      0.4675,
      0.2325,
      0.6225,
      0.3125,
      0.7025,
      0.155,
      0.545,
      0,
      0.39,
      0.0775,
      0.4675,
      0.2325,
      0.6225,
      0.3125,
      0.7025,
      0.155,
      0.545,
      0,
      0.39,
      0.0775,
      0.4675,
      0.2325,
      0.6225,
      0.3125,
      0.7025,
      0.155,
      0.545,
      0,
      0.39,
      0.0775,
      0.4675,
      0.2325,
      0.6225,
      0.3125,
      0.7025,
      0.155,
      0.545,
      0,
      0.39,
      0.0775,
      0.4675,
      0.2325,
      0.6225,
      0.3125,
      0.7025,
      0.155
    ],
    "SoftwareVersions": "syngo_MR_E11",
    "SpacingBetweenSlices": 2.4,
    "StationName": "mrc_Trio",
    "TaskName": "partlycloudy",
    "TotalReadoutTime": 0.046279,
    "TxRefAmp": 231.576,
    "dataset": "ds004146",
    "modality": "bold",
    "session_id": "02",
    "subject_id": "0392",
    "task_id": "partlycloudy"
  },
  "dummy_trs": 2,
  "dvars_nstd": 39.5695483057825,
  "dvars_std": 1.3171522423872681,
  "dvars_vstd": 1.000917129442971,
  "efc": 0.5228839007470941,
  "fber": 5501.89599609375,
  "fd_mean": 0.10923617198795599,
  "fd_num": 10,
  "fd_perc": 2.6455026455026456,
  "fwhm_avg": 1.9042402021100706,
  "fwhm_x": 1.8146957612238026,
  "fwhm_y": 2.0589457515181797,
  "fwhm_z": 1.839079093588229,
  "gcor": 0.00536564,
  "gsr_x": -0.017015649005770683,
  "gsr_y": 0.048857834190130234,
  "provenance": {
    "md5sum": "af46203ba9f827f3ee0337a5056ae6fd",
    "settings": {
      "fd_thres": 0.2,
      "testing": false
    },
    "software": "mriqc",
    "version": "23.0.1",
    "webapi_port": null,
    "webapi_url": "https://mriqc.nimh.nih.gov/api/v1"
  },
  "size_t": 378,
  "size_x": 90,
  "size_y": 90,
  "size_z": 60,
  "snr": 6.194969381297414,
  "spacing_tr": 0.800000011920929,
  "spacing_x": 2.4000000953674316,
  "spacing_y": 2.4000000953674316,
  "spacing_z": 2.4000000953674316,
  "summary_bg_k": 18.229440603365674,
  "summary_bg_mad": 6.887432058859577,
  "summary_bg_mean": 34.33570861816406,
  "summary_bg_median": 8.597883224487305,
  "summary_bg_n": 315245.0,
  "summary_bg_p05": 3.179893970489502,
  "summary_bg_p95": 165.8820129394529,
  "summary_bg_stdv": 69.0631332397461,
  "summary_fg_k": 1.4906344159022211,
  "summary_fg_mad": 101.88184727606733,
  "summary_fg_mean": 657.3198852539062,
  "summary_fg_median": 654.388916015625,
  "summary_fg_n": 97610.0,
  "summary_fg_p05": 502.0396728515625,
  "summary_fg_p95": 829.6084594726562,
  "summary_fg_stdv": 105.63176727294922,
  "tsnr": 48.94950711121783
}