{
  "aor": 0.0011618711656441719,
  "aqi": 0.005389842975460122,
  "bids_meta": {
    "AcquisitionMatrixPE": 104,
    "AcquisitionNumber": 1,
    "AcquisitionTime": "10:23:42.150000",
    "BandwidthPerPixelPhaseEncode": 17.17,
    "BaseResolution": 104,
    "BodyPartExamined": "BRAIN",
    "ConsistencyInfo": "N4_VE11C_LATEST_20160120",
    "ConversionSoftware": "dcm2niix",
    "ConversionSoftwareVersion": "v1.0.20171215 GCC6.3.0",
    "DerivedVendorReportedEchoSpacing": 0.000560011,
    "DeviceSerialNumber": "167001",
    "DwellTime": 2.1e-06,
    "EchoTime": 0.03,
    "EchoTrainLength": 91,
    "EffectiveEchoSpacing": 0.000560011,
    "FlipAngle": 52,
    "ImageOrientationPatientDICOM": [
      0.998567,
      0.00229032,
      0.0534755,
      0.0123747,
      0.962137,
      -0.272284
    ],
    "ImageType": [
      "ORIGINAL",
      "PRIMARY",
      "M",
      "ND",
      "MOSAIC"
    ],
    "InPlanePhaseEncodingDirectionDICOM": "COL",
    "InstitutionAddress": "Cooper_60_St._Lucia_QLD_AU_4072",
    "InstitutionName": "St_Lucia_Campus",
    "InstitutionalDepartmentName": "Gehrmann_Labs_MRI",
    "MRAcquisitionType": "2D",
    "MagneticFieldStrength": 3,
    "Manufacturer": "Siemens",
    "ManufacturersModelName": "Prisma_fit",
    "Modality": "MR",
    "MultibandAccelerationFactor": 6,
    "PartialFourier": 0.875,
    "PatientPosition": "HFS",
    "PercentPhaseFOV": 100,
    "PhaseEncodingDirection": "j-",
    "PhaseEncodingSteps": 91,
    "PhaseResolution": 1,
    "PixelBandwidth": 2290,
    "ProcedureStepDescription": "Research_16092_QTAB",
    "ProtocolName": "ep2d_REST_SMS6_A-P",
    "PulseSequenceDetails": "%SiemensSeq%_ep2d_bold",
    "ReceiveCoilActiveElements": "HC1-7;NC1,2",
    "ReceiveCoilName": "HeadNeck_64",
    "ReconMatrixPE": 104,
    "RepetitionTime": 0.93,
    "SAR": 0.051712,
    "ScanOptions": "PFP_FS",
    "ScanningSequence": "EP",
    "SequenceName": "_epfid2d1_104",
    "SequenceVariant": "SK",
    "SeriesDescription": "ep2d_REST_SMS6_A-P",
    "SeriesNumber": 9,
    "ShimSetting": [
      3094,
      -4157,
      -712,
      526,
      82,
      -69,
      11,
      -98
    ],
    "SliceThickness": 2,
    "SliceTiming": [
      0.68,
      0,
      0.4525,
      0.075,
      0.53,
      0.15,
      0.605,
      0.3025,
      0.7575,
      0.3775,
      0.8325,
      0.225,
      0.68,
      0,
      0.4525,
      0.075,
      0.53,
      0.15,
      0.605,
      0.3025,
      0.7575,
      0.3775,
      0.8325,
      0.225,
      0.68,
      0,
      0.4525,
      0.075,
      0.53,
      0.15,
      0.605,
      0.3025,
      0.7575,
      0.3775,
      0.8325,
      0.225,
      0.68,
      0,
      0.4525,
      0.075,
      0.53,
      0.15,
      0.605,
      0.3025,
      0.7575,
      0.3775,
      0.8325,
      0.225,
      0.68,
      0,
      0.4525,
      0.075,
      0.53,
      0.15,
      0.605,
      0.3025,
      0.7575,
      0.3775,
      0.8325,
      0.225,
      0.68,
      0,
      0.4525,
      0.075,
      0.53,
      0.15,
      0.605,
      0.3025,
      0.7575,
      0.3775,
      0.8325,
      0.225
    ],
    "SoftwareVersions": "syngo_MR_E11",
    "SpacingBetweenSlices": 2,
    "StationName": "mrc_Trio",
    "TaskName": "rest",
    "TotalReadoutTime": 0.0576811,
    "TxRefAmp": 210.507,
    "dataset": "ds004146",
    "modality": "bold",
    "session_id": "01",
    "subject_id": "0275",
    "task_id": "rest"
  },
  "dummy_trs": 1,
  "dvars_nstd": 35.615344285107696,
  "dvars_std": 1.0886164076923084,
  "dvars_vstd": 1.0214043728923075,
  "efc": 0.4891715040528971,
  "fber": 1106.31689453125,
  "fd_mean": 0.17918075399072855,
  "fd_num": 132,
  "fd_perc": 40.49079754601227,
  "fwhm_avg": 3.114316666666667,
  "fwhm_x": 2.95913,
  "fwhm_y": 3.228465,
  "fwhm_z": 3.155355,
  "gcor": 0.0054328,
  "gsr_x": -0.012671106494963169,
  "gsr_y": 0.05562131106853485,
  "provenance": {
    "md5sum": "c08f88b8cf2d0db72af833b4a2013825",
    "settings": {
      "fd_thres": 0.2,
      "testing": false
    },
    "software": "mriqc",
    "version": "23.0.1",
    "webapi_port": null,
    "webapi_url": "https://mriqc.nimh.nih.gov/api/v1"
  },
  "size_t": 326,
  "size_x": 104,
  "size_y": 104,
  "size_z": 72,
  "snr": 2.858242841518399,
  "spacing_tr": 0.9300000071525574,
  "spacing_x": 2.0,
  "spacing_y": 2.0,
  "spacing_z": 2.0,
  "summary_bg_k": 42.17473786775458,
  "summary_bg_mad": 4.8116350477970435,
  "summary_bg_mean": 35.35352325439453,
  "summary_bg_median": 17.81901741027832,
  "summary_bg_n": 546671.0,
  "summary_bg_p05": 14.11656379699707,
  "summary_bg_p95": 120.70092010498047,
  "summary_bg_stdv": 51.645076751708984,
  "summary_fg_k": 0.2834756872189699,
  "summary_fg_mad": 212.40783376861094,
  "summary_fg_mean": 630.1397094726562,
  "summary_fg_median": 604.2239379882812,
  "summary_fg_n": 135183.0,
  "summary_fg_p05": 337.88865051269534,
  "summary_fg_p95": 1005.8696228027343,
  "summary_fg_stdv": 211.39620971679688,
  "tsnr": 37.82989430311136
}