{
  "aor": 0.002599551451187335,
  "aqi": 0.03132252480211082,
  "bids_meta": {
    "AcquisitionMatrixPE": 90,
    "AcquisitionNumber": 1,
    "AcquisitionTime": "12:37:21.087500",
    "BandwidthPerPixelPhaseEncode": 21.368,
    "BaseResolution": 90,
    "BodyPartExamined": "BRAIN",
    "CoilString": "HC1-7;NC1_2",
    "ConsistencyInfo": "N4_VE11C_LATEST_20160120",
    "ConversionSoftware": "dcm2niix",
    "ConversionSoftwareVersion": "v1.0.20190410  GCC6.3.0",
    "DerivedVendorReportedEchoSpacing": 0.000519988,
    "DeviceSerialNumber": "167001",
    "DwellTime": 2.2e-06,
    "EchoTime": 0.03,
    "EchoTrainLength": 90,
    "EffectiveEchoSpacing": 0.000519988,
    "FlipAngle": 52,
    "ImageOrientationPatientDICOM": [
      0.999308,
      -0.0029601,
      -0.0370723,
      -0.00924411,
      0.945773,
      -0.324698
    ],
    "ImageType": [
      "ORIGINAL",
      "PRIMARY",
      "M",
      "ND",
      "NORM",
      "MOSAIC"
    ],
    "ImagingFrequency": 123.229,
    "InPlanePhaseEncodingDirectionDICOM": "COL",
    "InstitutionAddress": "Cooper_60_St._Lucia_QLD_AU_4072",
    "InstitutionName": "St_Lucia_Campus",
    "InstitutionalDepartmentName": "Gehrmann_Labs_MRI",
    "MRAcquisitionType": "2D",
    "MagneticFieldStrength": 3,
    "Manufacturer": "Siemens",
    "ManufacturersModelName": "Prisma_fit",
    "Modality": "MR",
    "MultibandAccelerationFactor": 6,
    "PartialFourier": 1,
    "PatientPosition": "HFS",
    "PercentPhaseFOV": 100,
    "PhaseEncodingDirection": "j-",
    "PhaseEncodingSteps": 90,
    "PhaseResolution": 1,
    "PixelBandwidth": 2525,
    "ProcedureStepDescription": "Research_16092_QTAB",
    "ProtocolName": "PARTLY_CLOUDY_mb6_2.4",
    "PulseSequenceDetails": "%SiemensSeq%_ep2d_bold",
    "ReceiveCoilActiveElements": "HC1-7;NC1,2",
    "ReceiveCoilName": "HeadNeck_64",
    "ReconMatrixPE": 90,
    "RefLinesPE": 12,
    "RepetitionTime": 0.8,
    "SAR": 0.059635,
    "ScanOptions": "FS",
    "ScanningSequence": "EP",
    "SequenceName": "_epfid2d1_90",
    "SequenceVariant": "SK",
    "SeriesDescription": "PARTLY_CLOUDY_mb6_2.4",
    "SeriesNumber": 34,
    "ShimSetting": [
      3040,
      -4179,
      -765,
      370,
      6,
      -207,
      -59,
      6
    ],
    "SliceThickness": 2.4,
    "SliceTiming": [
      0.545,
      0,
      0.39,
      0.0775,
      0.4675,
      0.2325,
      0.6225,
      0.31,
      0.7,
      0.155,
      0.545,
      0,
      0.39,
      0.0775,
      0.4675,
      0.2325,
      0.6225,
      0.31,
      0.7,
      0.155,
      0.545,
      0,
      0.39,
      0.0775,
      0.4675,
      0.2325,
      0.6225,
      0.31,
      0.7,
      0.155,
      0.545,
      0,
      0.39,
      0.0775,
      0.4675,
      0.2325,
      0.6225,
      0.31,
      0.7,
      0.155,
      0.545,
      0,
      0.39,
      0.0775,
      0.4675,
      0.2325,
      0.6225,
      0.31,
      0.7,
      0.155,
      0.545,
      0,
      0.39,
      0.0775,
      0.4675,
      0.2325,
      0.6225,
      0.31,
      0.7,
      0.155
    ],
    "SoftwareVersions": "syngo_MR_E11",
    "SpacingBetweenSlices": 2.4,
    "StationName": "mrc_Trio",
    "TaskName": "partlycloudy",
    "TotalReadoutTime": 0.046279,
    "TxRefAmp": 239.385,
    "dataset": "ds004146",
    "modality": "bold",
    "session_id": "02",
    "subject_id": "0257",
    "task_id": "partlycloudy"
  },
  "dummy_trs": 1,
  "dvars_nstd": 36.69283340126982,
  "dvars_std": 1.087364178888889,
  "dvars_vstd": 1.0007894699735456,
  "efc": 0.49763673384963325,
  "fber": 5591.77978515625,
  "fd_mean": 0.3742709822568738,
  "fd_num": 281,
  "fd_perc": 74.14248021108179,
  "fwhm_avg": 1.8655208813669681,
  "fwhm_x": 1.778654095989303,
  "fwhm_y": 1.9733124215876094,
  "fwhm_z": 1.8445961265239919,
  "gcor": 0.0169376,
  "gsr_x": -0.013716081157326698,
  "gsr_y": 0.029498441144824028,
  "provenance": {
    "md5sum": "b6659710e1a2b4e7b6c113532ff81722",
    "settings": {
      "fd_thres": 0.2,
      "testing": false
    },
    "software": "mriqc",
    "version": "23.0.1",
    "webapi_port": null,
    "webapi_url": "https://mriqc.nimh.nih.gov/api/v1"
  },
  "size_t": 379,
  "size_x": 90,
  "size_y": 90,
  "size_z": 60,
  "snr": 7.302926413235899,
  "spacing_tr": 0.800000011920929,
  "spacing_x": 2.4000000953674316,
  "spacing_y": 2.4000000953674316,
  "spacing_z": 2.3999996185302734,
  "summary_bg_k": 30.970603636426873,
  "summary_bg_mad": 7.452129300724922,
  "summary_bg_mean": 26.428062438964844,
  "summary_bg_median": 9.606860160827637,
  "summary_bg_n": 320661.0,
  "summary_bg_p05": 3.749340534210205,
  "summary_bg_p95": 97.58575439453125,
  "summary_bg_stdv": 49.10066604614258,
  "summary_fg_k": 2.7550098399819687,
  "summary_fg_mad": 90.23725743336426,
  "summary_fg_mean": 726.3780517578125,
  "summary_fg_median": 726.2454223632812,
  "summary_fg_n": 93070.0,
  "summary_fg_p05": 576.885775756836,
  "summary_fg_p95": 880.2072875976562,
  "summary_fg_stdv": 99.44527435302734,
  "tsnr": 34.046518905088305
}