{
  "bids_meta": {
    "AcquisitionMatrixPE": 256,
    "AcquisitionNumber": 1,
    "AcquisitionTime": "10:41:8.885000",
    "BaseResolution": 256,
    "BodyPartExamined": "BRAIN",
    "CoilString": "HC1-7;NC1_2",
    "ConsistencyInfo": "N4_VE11C_LATEST_20160120",
    "ConversionSoftware": "dcm2niix",
    "ConversionSoftwareVersion": "v1.0.20181125  (JP2:OpenJPEG) GCC6.3.0",
    "DeviceSerialNumber": "167001",
    "DwellTime": 2.6e-06,
    "EchoTime": 0.408,
    "EchoTrainLength": 259,
    "FlipAngle": 120,
    "ImageOrientationPatientDICOM": [
      0.0788434,
      0.996629,
      -0.0226813,
      -0.0247907,
      -0.0207849,
      -0.999477
    ],
    "ImageType": [
      "ORIGINAL",
      "PRIMARY",
      "M",
      "ND",
      "NORM"
    ],
    "ImagingFrequency": 123.229,
    "InPlanePhaseEncodingDirectionDICOM": "ROW",
    "InstitutionAddress": "Cooper_60_St._Lucia_QLD_AU_4072",
    "InstitutionName": "St_Lucia_Campus",
    "InstitutionalDepartmentName": "Gehrmann_Labs_MRI",
    "MRAcquisitionType": "3D",
    "MagneticFieldStrength": 3,
    "Manufacturer": "Siemens",
    "ManufacturersModelName": "Prisma_fit",
    "Modality": "MR",
    "PartialFourier": 1,
    "PatientPosition": "HFS",
    "PercentPhaseFOV": 100,
    "PhaseEncodingSteps": 233,
    "PhaseResolution": 1,
    "PixelBandwidth": 750,
    "ProcedureStepDescription": "Research_16092_QTAB",
    "ProtocolName": "t2_spc_sag_p2_iso",
    "PulseSequenceDetails": "%SiemensSeq%_tse_vfl",
    "ReceiveCoilActiveElements": "HC1-7;NC1,2",
    "ReceiveCoilName": "HeadNeck_64",
    "ReconMatrixPE": 256,
    "RepetitionTime": 3.2,
    "SAR": 0.198736,
    "ScanOptions": "PFP",
    "ScanningSequence": "SE",
    "SequenceName": "_spcR_282ns",
    "SequenceVariant": "SK_SP",
    "SeriesDescription": "t2_spc_sag_p2_iso",
    "SeriesNumber": 19,
    "ShimSetting": [
      3044,
      -4172,
      -1039,
      -11,
      -3,
      35,
      -21,
      -13
    ],
    "SliceThickness": 1,
    "SoftwareVersions": "syngo_MR_E11",
    "StationName": "mrc_Trio",
    "TxRefAmp": 213.137,
    "dataset": "ds004146",
    "modality": "T2w",
    "session_id": "01",
    "subject_id": "0290"
  },
  "cjv": 1.0110212694917196,
  "cnr": 1.0027505753720176,
  "efc": 0.6149686727275763,
  "fber": -1.0,
  "fwhm_avg": 3.925016710293919,
  "fwhm_x": 4.1116752450749425,
  "fwhm_y": 4.118912438623422,
  "fwhm_z": 3.544462447183394,
  "icvs_csf": 0.5153931690926062,
  "icvs_gm": 0.3685608695595782,
  "icvs_wm": 0.11604596134781561,
  "inu_med": 1.022163450717926,
  "inu_range": 0.3029671162366866,
  "provenance": {
    "md5sum": "79877b63e64c329de4edbe6104f54105",
    "settings": {
      "testing": false
    },
    "software": "mriqc",
    "version": "23.0.1",
    "warnings": {
      "large_rot_frame": true,
      "small_air_mask": false
    },
    "webapi_port": null,
    "webapi_url": "https://mriqc.nimh.nih.gov/api/v1"
  },
  "qi_1": 0.0858976338180307,
  "qi_2": 0.033368494068066995,
  "rpve_csf": 9.8569074397326,
  "rpve_gm": 13.142543902384453,
  "rpve_wm": 38.32109186009864,
  "size_x": 192,
  "size_y": 300,
  "size_z": 320,
  "snr_csf": 21.362219605372587,
  "snr_gm": 14.915253942187196,
  "snr_total": 12.708712195743194,
  "snr_wm": 1.8486630396698016,
  "snrd_csf": 201.83194957776666,
  "snrd_gm": 141.6385833161586,
  "snrd_total": 217.86557666495275,
  "snrd_wm": 310.126197100933,
  "spacing_x": 0.7999999523162842,
  "spacing_y": 0.800000011920929,
  "spacing_z": 0.800000011920929,
  "summary_bg_k": 26.931886532077982,
  "summary_bg_mad": 0.0,
  "summary_bg_mean": 0.5900960642410857,
  "summary_bg_median": 0.0,
  "summary_bg_n": 1267050.0,
  "summary_bg_p05": 0.0,
  "summary_bg_p95": 4.923755206167698,
  "summary_bg_stdv": 2.1174510370712034,
  "summary_csf_k": 0.14747344019002995,
  "summary_csf_mad": 30.25311112722189,
  "summary_csf_mean": 653.619015880046,
  "summary_csf_median": 652.3363240808249,
  "summary_csf_n": 343117.0,
  "summary_csf_p05": 605.8668533042073,
  "summary_csf_p95": 705.6402610391378,
  "summary_csf_stdv": 30.53687236286731,
  "summary_gm_k": -0.3225240466320791,
  "summary_gm_mad": 32.541161548608414,
  "summary_gm_mean": 457.5233388040662,
  "summary_gm_median": 457.78675270080566,
  "summary_gm_n": 365592.0,
  "summary_gm_p05": 407.37337850034237,
  "summary_gm_p95": 507.39174918085337,
  "summary_gm_stdv": 30.692479550473703,
  "summary_wm_k": -1.7310258045628357,
  "summary_wm_mad": 518.0255108801073,
  "summary_wm_mean": 753.7996606913731,
  "summary_wm_median": 1002.3516288734972,
  "summary_wm_n": 59484.0,
  "summary_wm_p05": 24.426480118557812,
  "summary_wm_p95": 1369.6858139187098,
  "summary_wm_stdv": 542.198974037225,
  "tpm_overlap_csf": 0.10327595186862809,
  "tpm_overlap_gm": 0.2263076350265334,
  "tpm_overlap_wm": 0.03271067797579593,
  "wm2max": 0.7497251571170922
}