{
  "aor": 0.0004258776595744681,
  "aqi": 0.010619035026595745,
  "bids_meta": {
    "AcquisitionMatrixPE": 90,
    "AcquisitionNumber": 1,
    "AcquisitionTime": "14:25:18.835000",
    "BandwidthPerPixelPhaseEncode": 21.368,
    "BaseResolution": 90,
    "BodyPartExamined": "BRAIN",
    "CoilString": "HC1-7;NC1_2",
    "ConsistencyInfo": "N4_VE11C_LATEST_20160120",
    "ConversionSoftware": "dcm2niix",
    "ConversionSoftwareVersion": "v1.0.20190410  GCC6.3.0",
    "DerivedVendorReportedEchoSpacing": 0.000519988,
    "DeviceSerialNumber": "167001",
    "DwellTime": 2.2e-06,
    "EchoTime": 0.03,
    "EchoTrainLength": 90,
    "EffectiveEchoSpacing": 0.000519988,
    "FlipAngle": 52,
    "ImageOrientationPatientDICOM": [
      0.99781,
      0.0205727,
      -0.0628603,
      -0.0287428,
      0.990837,
      -0.13197
    ],
    "ImageType": [
      "ORIGINAL",
      "PRIMARY",
      "M",
      "ND",
      "NORM",
      "MOSAIC"
    ],
    "ImagingFrequency": 123.229,
    "InPlanePhaseEncodingDirectionDICOM": "COL",
    "InstitutionAddress": "Cooper_60_St._Lucia_QLD_AU_4072",
    "InstitutionName": "Centre_for_Advanced_Imaging",
    "InstitutionalDepartmentName": "Gehrmann_Labs_MRI",
    "MRAcquisitionType": "2D",
    "MagneticFieldStrength": 3,
    "Manufacturer": "Siemens",
    "ManufacturersModelName": "Prisma_fit",
    "Modality": "MR",
    "MultibandAccelerationFactor": 6,
    "PartialFourier": 1,
    "PatientPosition": "HFS",
    "PercentPhaseFOV": 100,
    "PhaseEncodingDirection": "j-",
    "PhaseEncodingSteps": 90,
    "PhaseResolution": 1,
    "PixelBandwidth": 2525,
    "ProcedureStepDescription": "Research_16092_QTAB",
    "ProtocolName": "PARTLY_CLOUDY_mb6_2.4",
    "PulseSequenceDetails": "%SiemensSeq%_ep2d_bold",
    "ReceiveCoilActiveElements": "HC1-7;NC1,2",
    "ReceiveCoilName": "HeadNeck_64",
    "ReconMatrixPE": 90,
    "RefLinesPE": 12,
    "RepetitionTime": 0.8,
    "SAR": 0.0553978,
    "ScanOptions": "FS",
    "ScanningSequence": "EP",
    "SequenceName": "_epfid2d1_90",
    "SequenceVariant": "SK",
    "SeriesDescription": "PARTLY_CLOUDY_mb6_2.4",
    "SeriesNumber": 20,
    "ShimSetting": [
      3041,
      -4176,
      -770,
      364,
      35,
      0,
      -80,
      9
    ],
    "SliceThickness": 2.4,
    "SliceTiming": [
      0.545,
      0,
      0.39,
      0.0775,
      0.4675,
      0.2325,
      0.6225,
      0.31,
      0.7,
      0.155,
      0.545,
      0,
      0.39,
      0.0775,
      0.4675,
      0.2325,
      0.6225,
      0.31,
      0.7,
      0.155,
      0.545,
      0,
      0.39,
      0.0775,
      0.4675,
      0.2325,
      0.6225,
      0.31,
      0.7,
      0.155,
      0.545,
      0,
      0.39,
      0.0775,
      0.4675,
      0.2325,
      0.6225,
      0.31,
      0.7,
      0.155,
      0.545,
      0,
      0.39,
      0.0775,
      0.4675,
      0.2325,
      0.6225,
      0.31,
      0.7,
      0.155,
      0.545,
      0,
      0.39,
      0.0775,
      0.4675,
      0.2325,
      0.6225,
      0.31,
      0.7,
      0.155
    ],
    "SoftwareVersions": "syngo_MR_E11",
    "SpacingBetweenSlices": 2.4,
    "StationName": "mrc_Trio",
    "TaskName": "partlycloudy",
    "TotalReadoutTime": 0.046279,
    "TxRefAmp": 216.874,
    "dataset": "ds004146",
    "modality": "bold",
    "session_id": "02",
    "subject_id": "0269",
    "task_id": "partlycloudy"
  },
  "dummy_trs": 4,
  "dvars_nstd": 30.59142736821331,
  "dvars_std": 1.1645370641066675,
  "dvars_vstd": 0.99863772704,
  "efc": 0.4843140496850675,
  "fber": 5945.06298828125,
  "fd_mean": 0.10438466619323697,
  "fd_num": 8,
  "fd_perc": 2.127659574468085,
  "fwhm_avg": 1.845538815553765,
  "fwhm_x": 1.73762909761949,
  "fwhm_y": 2.0133624199961653,
  "fwhm_z": 1.7856249290456403,
  "gcor": 0.00543351,
  "gsr_x": -0.015347952023148537,
  "gsr_y": 0.03136845678091049,
  "provenance": {
    "md5sum": "9cbf3cf3da8812907433c791d8c6819f",
    "settings": {
      "fd_thres": 0.2,
      "testing": false
    },
    "software": "mriqc",
    "version": "23.0.1",
    "webapi_port": null,
    "webapi_url": "https://mriqc.nimh.nih.gov/api/v1"
  },
  "size_t": 376,
  "size_x": 90,
  "size_y": 90,
  "size_z": 60,
  "snr": 6.665878197165633,
  "spacing_tr": 0.800000011920929,
  "spacing_x": 2.4000000953674316,
  "spacing_y": 2.4000000953674316,
  "spacing_z": 2.4000000953674316,
  "summary_bg_k": 36.35473280712685,
  "summary_bg_mad": 6.963498462059459,
  "summary_bg_mean": 26.44220542907715,
  "summary_bg_median": 8.723403930664062,
  "summary_bg_n": 329351.0,
  "summary_bg_p05": 3.125,
  "summary_bg_p95": 106.11568832397461,
  "summary_bg_stdv": 51.55176544189453,
  "summary_fg_k": 1.7496582590873642,
  "summary_fg_mad": 99.56704588138456,
  "summary_fg_mean": 683.1519775390625,
  "summary_fg_median": 681.875,
  "summary_fg_n": 85134.0,
  "summary_fg_p05": 530.2853729248047,
  "summary_fg_p95": 845.198922729492,
  "summary_fg_stdv": 102.2927474975586,
  "tsnr": 52.82547215372324
}