{
  "aor": 0.00031095490716180374,
  "aqi": 0.013018737931034483,
  "bids_meta": {
    "AcquisitionMatrixPE": 90,
    "AcquisitionNumber": 1,
    "AcquisitionTime": "10:14:14.495000",
    "BandwidthPerPixelPhaseEncode": 21.368,
    "BaseResolution": 90,
    "BodyPartExamined": "BRAIN",
    "CoilString": "HC1-7;NC1_2",
    "ConsistencyInfo": "N4_VE11C_LATEST_20160120",
    "ConversionSoftware": "dcm2niix",
    "ConversionSoftwareVersion": "v1.0.20190410  GCC6.3.0",
    "DerivedVendorReportedEchoSpacing": 0.000519988,
    "DeviceSerialNumber": "167001",
    "DwellTime": 2.2e-06,
    "EchoTime": 0.03,
    "EchoTrainLength": 90,
    "EffectiveEchoSpacing": 0.000519988,
    "FlipAngle": 52,
    "ImageOrientationPatientDICOM": [
      0.994089,
      -0.0903502,
      0.0601983,
      0.101502,
      0.970205,
      -0.220001
    ],
    "ImageType": [
      "ORIGINAL",
      "PRIMARY",
      "M",
      "ND",
      "NORM",
      "MOSAIC"
    ],
    "ImagingFrequency": 123.229,
    "InPlanePhaseEncodingDirectionDICOM": "COL",
    "InstitutionAddress": "Cooper_60_St._Lucia_QLD_AU_4072",
    "InstitutionName": "St_Lucia_Campus",
    "InstitutionalDepartmentName": "Gehrmann_Labs_MRI",
    "MRAcquisitionType": "2D",
    "MagneticFieldStrength": 3,
    "Manufacturer": "Siemens",
    "ManufacturersModelName": "Prisma_fit",
    "Modality": "MR",
    "MultibandAccelerationFactor": 6,
    "PartialFourier": 1,
    "PatientPosition": "HFS",
    "PercentPhaseFOV": 100,
    "PhaseEncodingDirection": "j-",
    "PhaseEncodingSteps": 90,
    "PhaseResolution": 1,
    "PixelBandwidth": 2525,
    "ProcedureStepDescription": "Research_16092_QTAB",
    "ProtocolName": "PARTLY_CLOUDY_mb6_2.4",
    "PulseSequenceDetails": "%SiemensSeq%_ep2d_bold",
    "ReceiveCoilActiveElements": "HC1-7;NC1,2",
    "ReceiveCoilName": "HeadNeck_64",
    "ReconMatrixPE": 90,
    "RefLinesPE": 12,
    "RepetitionTime": 0.8,
    "SAR": 0.0555973,
    "ScanOptions": "FS",
    "ScanningSequence": "EP",
    "SequenceName": "_epfid2d1_90",
    "SequenceVariant": "SK",
    "SeriesDescription": "PARTLY_CLOUDY_mb6_2.4",
    "SeriesNumber": 19,
    "ShimSetting": [
      3045,
      -4191,
      -789,
      446,
      -32,
      -224,
      -50,
      -46
    ],
    "SliceThickness": 2.4,
    "SliceTiming": [
      0.545,
      0,
      0.39,
      0.0775,
      0.4675,
      0.235,
      0.625,
      0.3125,
      0.7025,
      0.155,
      0.545,
      0,
      0.39,
      0.0775,
      0.4675,
      0.235,
      0.625,
      0.3125,
      0.7025,
      0.155,
      0.545,
      0,
      0.39,
      0.0775,
      0.4675,
      0.235,
      0.625,
      0.3125,
      0.7025,
      0.155,
      0.545,
      0,
      0.39,
      0.0775,
      0.4675,
      0.235,
      0.625,
      0.3125,
      0.7025,
      0.155,
      0.545,
      0,
      0.39,
      0.0775,
      0.4675,
      0.235,
      0.625,
      0.3125,
      0.7025,
      0.155,
      0.545,
      0,
      0.39,
      0.0775,
      0.4675,
      0.235,
      0.625,
      0.3125,
      0.7025,
      0.155
    ],
    "SoftwareVersions": "syngo_MR_E11",
    "SpacingBetweenSlices": 2.4,
    "StationName": "mrc_Trio",
    "TaskName": "partlycloudy",
    "TotalReadoutTime": 0.046279,
    "TxRefAmp": 216.57,
    "dataset": "ds004146",
    "modality": "bold",
    "session_id": "02",
    "subject_id": "0232",
    "task_id": "partlycloudy"
  },
  "dummy_trs": 3,
  "dvars_nstd": 34.75911777555847,
  "dvars_std": 1.2001259880585107,
  "dvars_vstd": 0.9984406754255326,
  "efc": 0.44767174705986895,
  "fber": 6382.421875,
  "fd_mean": 0.15240506772204687,
  "fd_num": 113,
  "fd_perc": 29.97347480106101,
  "fwhm_avg": 1.8726790922530852,
  "fwhm_x": 1.7657999298334148,
  "fwhm_y": 1.9944207540821728,
  "fwhm_z": 1.8578165928436678,
  "gcor": 0.0124169,
  "gsr_x": -0.015378249809145927,
  "gsr_y": 0.02633444219827652,
  "provenance": {
    "md5sum": "08d379645d16573db0f2c2eddafc7f1e",
    "settings": {
      "fd_thres": 0.2,
      "testing": false
    },
    "software": "mriqc",
    "version": "23.0.1",
    "webapi_port": null,
    "webapi_url": "https://mriqc.nimh.nih.gov/api/v1"
  },
  "size_t": 377,
  "size_x": 90,
  "size_y": 90,
  "size_z": 60,
  "snr": 7.415641127684276,
  "spacing_tr": 0.800000011920929,
  "spacing_x": 2.4000000953674316,
  "spacing_y": 2.4000000953674316,
  "spacing_z": 2.4000000953674316,
  "summary_bg_k": 23.07949199738366,
  "summary_bg_mad": 6.229288866847523,
  "summary_bg_mean": 27.246421813964844,
  "summary_bg_median": 7.885941505432129,
  "summary_bg_n": 356158.0,
  "summary_bg_p05": 3.002652406692505,
  "summary_bg_p95": 125.96060981750479,
  "summary_bg_stdv": 53.96660614013672,
  "summary_fg_k": 2.0262608320446374,
  "summary_fg_mad": 79.89139238558259,
  "summary_fg_mean": 633.1995239257812,
  "summary_fg_median": 632.0424194335938,
  "summary_fg_n": 64167.0,
  "summary_fg_p05": 504.31989135742185,
  "summary_fg_p95": 768.7466674804687,
  "summary_fg_stdv": 85.2303237915039,
  "tsnr": 50.99904096405953
}