{
  "aor": 0.002240052770448549,
  "aqi": 0.02157728073878628,
  "bids_meta": {
    "AcquisitionMatrixPE": 90,
    "AcquisitionNumber": 1,
    "AcquisitionTime": "11:39:27.742500",
    "BandwidthPerPixelPhaseEncode": 21.368,
    "BaseResolution": 90,
    "BodyPartExamined": "BRAIN",
    "CoilString": "HC1-7;NC1_2",
    "ConsistencyInfo": "N4_VE11C_LATEST_20160120",
    "ConversionSoftware": "dcm2niix",
    "ConversionSoftwareVersion": "v1.0.20190410  GCC6.3.0",
    "DerivedVendorReportedEchoSpacing": 0.000519988,
    "DeviceSerialNumber": "167001",
    "DwellTime": 2.2e-06,
    "EchoTime": 0.03,
    "EchoTrainLength": 90,
    "EffectiveEchoSpacing": 0.000519988,
    "FlipAngle": 52,
    "ImageOrientationPatientDICOM": [
      0.999939,
      0.0105957,
      0.00315019,
      -0.00994804,
      0.986825,
      -0.161487
    ],
    "ImageType": [
      "ORIGINAL",
      "PRIMARY",
      "M",
      "ND",
      "NORM",
      "MOSAIC"
    ],
    "ImagingFrequency": 123.229,
    "InPlanePhaseEncodingDirectionDICOM": "COL",
    "InstitutionAddress": "Cooper_60_St._Lucia_QLD_AU_4072",
    "InstitutionName": "Centre_for_Advanced_Imaging",
    "InstitutionalDepartmentName": "Gehrmann_Labs_MRI",
    "MRAcquisitionType": "2D",
    "MagneticFieldStrength": 3,
    "Manufacturer": "Siemens",
    "ManufacturersModelName": "Prisma_fit",
    "Modality": "MR",
    "MultibandAccelerationFactor": 6,
    "PartialFourier": 1,
    "PatientPosition": "HFS",
    "PercentPhaseFOV": 100,
    "PhaseEncodingDirection": "j-",
    "PhaseEncodingSteps": 90,
    "PhaseResolution": 1,
    "PixelBandwidth": 2525,
    "ProcedureStepDescription": "Research_16092_QTAB",
    "ProtocolName": "PARTLY_CLOUDY_mb6_2.4",
    "PulseSequenceDetails": "%SiemensSeq%_ep2d_bold",
    "ReceiveCoilActiveElements": "HC1-7;NC1,2",
    "ReceiveCoilName": "HeadNeck_64",
    "ReconMatrixPE": 90,
    "RefLinesPE": 12,
    "RepetitionTime": 0.8,
    "SAR": 0.0568062,
    "ScanOptions": "FS",
    "ScanningSequence": "EP",
    "SequenceName": "_epfid2d1_90",
    "SequenceVariant": "SK",
    "SeriesDescription": "PARTLY_CLOUDY_mb6_2.4",
    "SeriesNumber": 19,
    "ShimSetting": [
      3058,
      -4164,
      -774,
      388,
      13,
      -63,
      0,
      18
    ],
    "SliceThickness": 2.4,
    "SliceTiming": [
      0.545,
      0,
      0.39,
      0.0775,
      0.4675,
      0.2325,
      0.6225,
      0.3125,
      0.7025,
      0.155,
      0.545,
      0,
      0.39,
      0.0775,
      0.4675,
      0.2325,
      0.6225,
      0.3125,
      0.7025,
      0.155,
      0.545,
      0,
      0.39,
      0.0775,
      0.4675,
      0.2325,
      0.6225,
      0.3125,
      0.7025,
      0.155,
      0.545,
      0,
      0.39,
      0.0775,
      0.4675,
      0.2325,
      0.6225,
      0.3125,
      0.7025,
      0.155,
      0.545,
      0,
      0.39,
      0.0775,
      0.4675,
      0.2325,
      0.6225,
      0.3125,
      0.7025,
      0.155,
      0.545,
      0,
      0.39,
      0.0775,
      0.4675,
      0.2325,
      0.6225,
      0.3125,
      0.7025,
      0.155
    ],
    "SoftwareVersions": "syngo_MR_E11",
    "SpacingBetweenSlices": 2.4,
    "StationName": "mrc_Trio",
    "TaskName": "partlycloudy",
    "TotalReadoutTime": 0.046279,
    "TxRefAmp": 215.614,
    "dataset": "ds004146",
    "modality": "bold",
    "session_id": "02",
    "subject_id": "0136",
    "task_id": "partlycloudy"
  },
  "dummy_trs": 1,
  "dvars_nstd": 34.143046883650825,
  "dvars_std": 1.1903497202116402,
  "dvars_vstd": 1.014336042063492,
  "efc": 0.46173549563525235,
  "fber": 8117.78369140625,
  "fd_mean": 0.1892486887364819,
  "fd_num": 115,
  "fd_perc": 30.34300791556728,
  "fwhm_avg": 1.7604513189348385,
  "fwhm_x": 1.6537249342868752,
  "fwhm_y": 1.8659290925213061,
  "fwhm_z": 1.7616999299963345,
  "gcor": 0.0330184,
  "gsr_x": -0.01934330351650715,
  "gsr_y": 0.03133198246359825,
  "provenance": {
    "md5sum": "0ae671378260343402fafdbef2a2eac7",
    "settings": {
      "fd_thres": 0.2,
      "testing": false
    },
    "software": "mriqc",
    "version": "23.0.1",
    "webapi_port": null,
    "webapi_url": "https://mriqc.nimh.nih.gov/api/v1"
  },
  "size_t": 379,
  "size_x": 90,
  "size_y": 90,
  "size_z": 60,
  "snr": 7.346574814643335,
  "spacing_tr": 0.800000011920929,
  "spacing_x": 2.4000000953674316,
  "spacing_y": 2.4000000953674316,
  "spacing_z": 2.4000000953674316,
  "summary_bg_k": 33.81369239957301,
  "summary_bg_mad": 5.116737701033654,
  "summary_bg_mean": 22.23089027404785,
  "summary_bg_median": 7.021108627319336,
  "summary_bg_n": 339774.0,
  "summary_bg_p05": 2.912928819656372,
  "summary_bg_p95": 95.42308883666986,
  "summary_bg_stdv": 47.173927307128906,
  "summary_fg_k": 1.8473041891591944,
  "summary_fg_mad": 84.33621284278331,
  "summary_fg_mean": 635.4397583007812,
  "summary_fg_median": 634.4129638671875,
  "summary_fg_n": 77992.0,
  "summary_fg_p05": 506.08406829833984,
  "summary_fg_p95": 773.9419555664062,
  "summary_fg_stdv": 86.35437774658203,
  "tsnr": 41.41161711217137
}