{
  "bids_meta": {
    "AcquisitionMatrixPE": 256,
    "AcquisitionNumber": 1,
    "AcquisitionTime": "17:02:30.047500",
    "BaseResolution": 256,
    "BodyPartExamined": "BRAIN",
    "CoilString": "HC1-7;NC1_2",
    "ConsistencyInfo": "N4_VE11C_LATEST_20160120",
    "ConversionSoftware": "dcm2niix",
    "ConversionSoftwareVersion": "v1.0.20190410  GCC6.3.0",
    "DeviceSerialNumber": "167001",
    "DwellTime": 2.6e-06,
    "EchoTime": 0.408,
    "EchoTrainLength": 259,
    "FlipAngle": 120,
    "ImageOrientationPatientDICOM": [
      0.0800178,
      0.996755,
      0.00869538,
      0.0848432,
      0.00188116,
      -0.996393
    ],
    "ImageType": [
      "ORIGINAL",
      "PRIMARY",
      "M",
      "ND",
      "NORM"
    ],
    "ImagingFrequency": 123.229,
    "InPlanePhaseEncodingDirectionDICOM": "ROW",
    "InstitutionAddress": "Cooper_60_St._Lucia_QLD_AU_4072",
    "InstitutionName": "St_Lucia_Campus",
    "InstitutionalDepartmentName": "Gehrmann_Labs_MRI",
    "MRAcquisitionType": "3D",
    "MagneticFieldStrength": 3,
    "Manufacturer": "Siemens",
    "ManufacturersModelName": "Prisma_fit",
    "Modality": "MR",
    "PartialFourier": 1,
    "PatientPosition": "HFS",
    "PercentPhaseFOV": 100,
    "PhaseEncodingSteps": 233,
    "PhaseResolution": 1,
    "PixelBandwidth": 750,
    "ProcedureStepDescription": "Research_16092_QTAB",
    "ProtocolName": "t2_spc_sag_p2_iso",
    "PulseSequenceDetails": "%SiemensSeq%_tse_vfl",
    "ReceiveCoilActiveElements": "HC1-7;NC1,2",
    "ReceiveCoilName": "HeadNeck_64",
    "ReconMatrixPE": 256,
    "RefLinesPE": 24,
    "RepetitionTime": 3.2,
    "SAR": 0.116444,
    "ScanOptions": "PFP",
    "ScanningSequence": "SE",
    "SequenceName": "_spcR_282ns",
    "SequenceVariant": "SK_SP",
    "SeriesDescription": "t2_spc_sag_p2_iso",
    "SeriesNumber": 32,
    "ShimSetting": [
      3037,
      -4195,
      -836,
      184,
      -26,
      -288,
      -32,
      -41
    ],
    "SliceThickness": 1,
    "SoftwareVersions": "syngo_MR_E11",
    "StationName": "mrc_Trio",
    "TxRefAmp": 214.719,
    "dataset": "ds004146",
    "modality": "T2w",
    "session_id": "02",
    "subject_id": "0044"
  },
  "cjv": 1.2268204820172461,
  "cnr": 1.0608558831936739,
  "efc": 0.6441099892553209,
  "fber": -1.0,
  "fwhm_avg": 4.239124936832116,
  "fwhm_x": 4.343924935270475,
  "fwhm_y": 4.643274930809812,
  "fwhm_z": 3.7301749444160617,
  "icvs_csf": 0.45119294795781284,
  "icvs_gm": 0.43422176717060607,
  "icvs_wm": 0.1145852848715811,
  "inu_med": 1.041458547115326,
  "inu_range": 0.35806473195552835,
  "provenance": {
    "md5sum": "02d69122c99ca964c715ff446a21a2b7",
    "settings": {
      "testing": false
    },
    "software": "mriqc",
    "version": "23.0.1",
    "warnings": {
      "large_rot_frame": true,
      "small_air_mask": false
    },
    "webapi_port": null,
    "webapi_url": "https://mriqc.nimh.nih.gov/api/v1"
  },
  "qi_1": 0.0810593101250556,
  "qi_2": 0.003904132960517763,
  "rpve_csf": 9.733249304472652,
  "rpve_gm": 10.4777147075294,
  "rpve_wm": 35.477897619475854,
  "size_x": 192,
  "size_y": 300,
  "size_z": 320,
  "snr_csf": 15.874999912927816,
  "snr_gm": 13.919917936691942,
  "snr_total": 10.456339270723547,
  "snr_wm": 1.5740999625508816,
  "snrd_csf": 124.98002690660826,
  "snrd_gm": 82.75144559740782,
  "snrd_total": 153.9611028773269,
  "snrd_wm": 254.15183612796463,
  "spacing_x": 0.800000011920929,
  "spacing_y": 0.800000011920929,
  "spacing_z": 0.800000011920929,
  "summary_bg_k": 22.161985786242195,
  "summary_bg_mad": 0.0,
  "summary_bg_mean": 0.9443688587816779,
  "summary_bg_median": 0.0,
  "summary_bg_n": 1075862.0,
  "summary_bg_p05": 0.0,
  "summary_bg_p95": 5.544683754444122,
  "summary_bg_stdv": 2.578506991952185,
  "summary_csf_k": 0.4532204195580216,
  "summary_csf_mad": 30.464429848282474,
  "summary_csf_mean": 493.81868435510495,
  "summary_csf_median": 491.9004244506359,
  "summary_csf_n": 155958.0,
  "summary_csf_p05": 446.96810117289425,
  "summary_csf_p95": 546.9123848378658,
  "summary_csf_stdv": 30.985754338116294,
  "summary_gm_k": -0.18702412334288399,
  "summary_gm_mad": 24.540790711116436,
  "summary_gm_mean": 325.5146731852668,
  "summary_gm_median": 325.6958109289408,
  "summary_gm_n": 332895.0,
  "summary_gm_p05": 287.1820026934147,
  "summary_gm_p95": 363.0137069821358,
  "summary_gm_stdv": 23.397790362187823,
  "summary_wm_k": -1.6836651699662564,
  "summary_wm_mad": 803.076220167224,
  "summary_wm_mean": 829.8468105312505,
  "summary_wm_median": 1000.2990010529757,
  "summary_wm_n": 66184.0,
  "summary_wm_p05": 15.546858370304108,
  "summary_wm_p95": 1593.6617022454739,
  "summary_wm_stdv": 635.468818923395,
  "tpm_overlap_csf": 0.11125928041547255,
  "tpm_overlap_gm": 0.2908650426116574,
  "tpm_overlap_wm": 0.036373795657421625,
  "wm2max": 0.6525586013688429
}