{
  "bids_meta": {
    "AcquisitionMatrixPE": 256,
    "AcquisitionNumber": 1,
    "AcquisitionTime": "14:59:44.355000",
    "BaseResolution": 256,
    "BodyPartExamined": "BRAIN",
    "CoilString": "HC1-7;NC1_2",
    "ConsistencyInfo": "N4_VE11C_LATEST_20160120",
    "ConversionSoftware": "dcm2niix",
    "ConversionSoftwareVersion": "v1.0.20190410  GCC6.3.0",
    "DeviceSerialNumber": "167001",
    "DwellTime": 2.6e-06,
    "EchoTime": 0.408,
    "EchoTrainLength": 259,
    "FlipAngle": 120,
    "ImageOrientationPatientDICOM": [
      0.135649,
      0.990651,
      0.0144828,
      -0.0178678,
      0.0170617,
      -0.999695
    ],
    "ImageType": [
      "ORIGINAL",
      "PRIMARY",
      "M",
      "ND",
      "NORM"
    ],
    "ImagingFrequency": 123.229,
    "InPlanePhaseEncodingDirectionDICOM": "ROW",
    "InstitutionAddress": "Cooper_60_St._Lucia_QLD_AU_4072",
    "InstitutionName": "St_Lucia_Campus",
    "InstitutionalDepartmentName": "Gehrmann_Labs_MRI",
    "MRAcquisitionType": "3D",
    "MagneticFieldStrength": 3,
    "Manufacturer": "Siemens",
    "ManufacturersModelName": "Prisma_fit",
    "Modality": "MR",
    "PartialFourier": 1,
    "PatientPosition": "HFS",
    "PercentPhaseFOV": 100,
    "PhaseEncodingSteps": 233,
    "PhaseResolution": 1,
    "PixelBandwidth": 750,
    "ProcedureStepDescription": "Research_16092_QTAB",
    "ProtocolName": "t2_spc_sag_p2_iso",
    "PulseSequenceDetails": "%SiemensSeq%_tse_vfl",
    "ReceiveCoilActiveElements": "HC1-7;NC1,2",
    "ReceiveCoilName": "HeadNeck_64",
    "ReconMatrixPE": 256,
    "RefLinesPE": 24,
    "RepetitionTime": 3.2,
    "SAR": 0.156268,
    "ScanOptions": "PFP",
    "ScanningSequence": "SE",
    "SequenceName": "_spcR_282ns",
    "SequenceVariant": "SK_SP",
    "SeriesDescription": "t2_spc_sag_p2_iso",
    "SeriesNumber": 38,
    "ShimSetting": [
      3046,
      -4168,
      -1041,
      -17,
      -5,
      41,
      -30,
      -10
    ],
    "SliceThickness": 1,
    "SoftwareVersions": "syngo_MR_E11",
    "StationName": "mrc_Trio",
    "TxRefAmp": 229.112,
    "dataset": "ds004146",
    "modality": "T2w",
    "session_id": "02",
    "subject_id": "0004"
  },
  "cjv": 0.7370704751479974,
  "cnr": 0.5779882837905672,
  "efc": 0.6709709830642779,
  "fber": 9752.408946938775,
  "fwhm_avg": 4.118041605303065,
  "fwhm_x": 4.305174935847894,
  "fwhm_y": 4.351787435153314,
  "fwhm_z": 3.6971624449079865,
  "icvs_csf": 0.4609605736700379,
  "icvs_gm": 0.4110807194768379,
  "icvs_wm": 0.12795870685312424,
  "inu_med": 1.042853832244873,
  "inu_range": 0.4010954618453979,
  "provenance": {
    "md5sum": "31551f74cc4967ea5fd00a46affe8083",
    "settings": {
      "testing": false
    },
    "software": "mriqc",
    "version": "23.0.1",
    "warnings": {
      "large_rot_frame": true,
      "small_air_mask": false
    },
    "webapi_port": null,
    "webapi_url": "https://mriqc.nimh.nih.gov/api/v1"
  },
  "qi_1": 2.5356925900179924e-06,
  "qi_2": 0.0034779435002587665,
  "rpve_csf": 10.380971832009232,
  "rpve_gm": 11.454448113913333,
  "rpve_wm": 35.42986290789728,
  "size_x": 192,
  "size_y": 300,
  "size_z": 320,
  "snr_csf": 16.94984930309674,
  "snr_gm": 13.835669807970485,
  "snr_total": 10.367926041711554,
  "snr_wm": 0.3182590140674315,
  "snrd_csf": 56.250704899449225,
  "snrd_gm": 37.94266106401307,
  "snrd_total": 35.882553219369704,
  "snrd_wm": 13.454293694646823,
  "spacing_x": 0.800000011920929,
  "spacing_y": 0.800000011920929,
  "spacing_z": 0.800000011920929,
  "summary_bg_k": 7.222609301700256,
  "summary_bg_mad": 0.0,
  "summary_bg_mean": 25.82883215749101,
  "summary_bg_median": 0.0,
  "summary_bg_n": 2326433.0,
  "summary_bg_p05": 0.0,
  "summary_bg_p95": 129.72344467043877,
  "summary_bg_stdv": 49.05339494719846,
  "summary_csf_k": 0.2013032736637812,
  "summary_csf_mad": 244.78143054983065,
  "summary_csf_mean": 4222.377536789942,
  "summary_csf_median": 4211.776423186064,
  "summary_csf_n": 240171.0,
  "summary_csf_p05": 3834.5652287602425,
  "summary_csf_p95": 4645.295233160257,
  "summary_csf_stdv": 248.48407673575218,
  "summary_gm_k": -0.11772689207401665,
  "summary_gm_mad": 213.50653952384624,
  "summary_gm_mean": 2840.0075560940427,
  "summary_gm_median": 2840.9600481987,
  "summary_gm_n": 285608.0,
  "summary_gm_p05": 2506.10413980484,
  "summary_gm_p95": 3171.6634775698185,
  "summary_gm_stdv": 205.3355648186606,
  "summary_wm_k": -1.0868908846355654,
  "summary_wm_mad": 1137.9627671738103,
  "summary_wm_mean": 2885.9978933611947,
  "summary_wm_median": 1007.3914109170437,
  "summary_wm_n": 67670.0,
  "summary_wm_p05": 162.44497936964035,
  "summary_wm_p95": 8262.436660289764,
  "summary_wm_stdv": 3165.295947482185,
  "tpm_overlap_csf": 0.1023546962294765,
  "tpm_overlap_gm": 0.263642836277818,
  "tpm_overlap_wm": 0.04615426340570868,
  "wm2max": 0.1213436837261414
}