{
  "aor": 0.0004116207951070336,
  "aqi": 0.005403973944954128,
  "bids_meta": {
    "AcquisitionMatrixPE": 104,
    "AcquisitionNumber": 1,
    "AcquisitionTime": "12:21:27.757500",
    "BandwidthPerPixelPhaseEncode": 17.17,
    "BaseResolution": 104,
    "BodyPartExamined": "BRAIN",
    "ConsistencyInfo": "N4_VE11C_LATEST_20160120",
    "ConversionSoftware": "dcm2niix",
    "ConversionSoftwareVersion": "v1.0.20171215 GCC6.3.0",
    "DerivedVendorReportedEchoSpacing": 0.000560011,
    "DeviceSerialNumber": "167001",
    "DwellTime": 2.1e-06,
    "EchoTime": 0.03,
    "EchoTrainLength": 91,
    "EffectiveEchoSpacing": 0.000560011,
    "FlipAngle": 52,
    "ImageOrientationPatientDICOM": [
      0.999965,
      -0.00699006,
      0.00463915,
      0.00820293,
      0.930598,
      -0.365951
    ],
    "ImageType": [
      "ORIGINAL",
      "PRIMARY",
      "M",
      "ND",
      "MOSAIC"
    ],
    "InPlanePhaseEncodingDirectionDICOM": "COL",
    "InstitutionAddress": "Cooper_60_St._Lucia_QLD_AU_4072",
    "InstitutionName": "St_Lucia_Campus",
    "InstitutionalDepartmentName": "Gehrmann_Labs_MRI",
    "MRAcquisitionType": "2D",
    "MagneticFieldStrength": 3,
    "Manufacturer": "Siemens",
    "ManufacturersModelName": "Prisma_fit",
    "Modality": "MR",
    "MultibandAccelerationFactor": 6,
    "PartialFourier": 0.875,
    "PatientPosition": "HFS",
    "PercentPhaseFOV": 100,
    "PhaseEncodingDirection": "j",
    "PhaseEncodingSteps": 91,
    "PhaseResolution": 1,
    "PixelBandwidth": 2290,
    "ProcedureStepDescription": "Research_16092_QTAB",
    "ProtocolName": "ep2d_REST_SMS6_P-A",
    "PulseSequenceDetails": "%SiemensSeq%_ep2d_bold",
    "ReceiveCoilActiveElements": "HC1-7;NC1,2",
    "ReceiveCoilName": "HeadNeck_64",
    "ReconMatrixPE": 104,
    "RepetitionTime": 0.93,
    "SAR": 0.0528155,
    "ScanOptions": "PFP_FS",
    "ScanningSequence": "EP",
    "SequenceName": "_epfid2d1_104",
    "SequenceVariant": "SK",
    "SeriesDescription": "ep2d_REST_SMS6_P-A",
    "SeriesNumber": 10,
    "ShimSetting": [
      3046,
      -4149,
      -774,
      490,
      -21,
      70,
      103,
      -4
    ],
    "SliceThickness": 2,
    "SliceTiming": [
      0.6825,
      0,
      0.455,
      0.075,
      0.53,
      0.15,
      0.605,
      0.3025,
      0.7575,
      0.3775,
      0.8325,
      0.2275,
      0.6825,
      0,
      0.455,
      0.075,
      0.53,
      0.15,
      0.605,
      0.3025,
      0.7575,
      0.3775,
      0.8325,
      0.2275,
      0.6825,
      0,
      0.455,
      0.075,
      0.53,
      0.15,
      0.605,
      0.3025,
      0.7575,
      0.3775,
      0.8325,
      0.2275,
      0.6825,
      0,
      0.455,
      0.075,
      0.53,
      0.15,
      0.605,
      0.3025,
      0.7575,
      0.3775,
      0.8325,
      0.2275,
      0.6825,
      0,
      0.455,
      0.075,
      0.53,
      0.15,
      0.605,
      0.3025,
      0.7575,
      0.3775,
      0.8325,
      0.2275,
      0.6825,
      0,
      0.455,
      0.075,
      0.53,
      0.15,
      0.605,
      0.3025,
      0.7575,
      0.3775,
      0.8325,
      0.2275
    ],
    "SoftwareVersions": "syngo_MR_E11",
    "SpacingBetweenSlices": 2,
    "StationName": "mrc_Trio",
    "TaskName": "rest",
    "TotalReadoutTime": 0.0576811,
    "TxRefAmp": 216.245,
    "dataset": "ds004146",
    "modality": "bold",
    "session_id": "01",
    "subject_id": "0036",
    "task_id": "rest"
  },
  "dummy_trs": 0,
  "dvars_nstd": 38.2755441141411,
  "dvars_std": 1.0560788962883434,
  "dvars_vstd": 0.9921183585582823,
  "efc": 0.5427480850492123,
  "fber": 680.6002197265625,
  "fd_mean": 0.13037918468498835,
  "fd_num": 53,
  "fd_perc": 16.207951070336392,
  "fwhm_avg": 3.209533333333333,
  "fwhm_x": 2.95994,
  "fwhm_y": 3.25432,
  "fwhm_z": 3.41434,
  "gcor": 0.00618643,
  "gsr_x": -0.02424396015703678,
  "gsr_y": 0.07954805344343185,
  "provenance": {
    "md5sum": "7e4725e7574e22d174b2288dcbd506d0",
    "settings": {
      "fd_thres": 0.2,
      "testing": false
    },
    "software": "mriqc",
    "version": "23.0.1",
    "webapi_port": null,
    "webapi_url": "https://mriqc.nimh.nih.gov/api/v1"
  },
  "size_t": 327,
  "size_x": 104,
  "size_y": 104,
  "size_z": 72,
  "snr": 2.3855680771864356,
  "spacing_tr": 0.9300000071525574,
  "spacing_x": 2.0,
  "spacing_y": 2.0,
  "spacing_z": 2.0,
  "summary_bg_k": 94.66667546146674,
  "summary_bg_mad": 8.238191571526663,
  "summary_bg_mean": 51.205841064453125,
  "summary_bg_median": 20.920490264892578,
  "summary_bg_n": 504128.0,
  "summary_bg_p05": 14.813456535339355,
  "summary_bg_p95": 206.524932861328,
  "summary_bg_stdv": 89.98628997802734,
  "summary_fg_k": 2.072282631630343,
  "summary_fg_mad": 219.47041901328967,
  "summary_fg_mean": 592.864990234375,
  "summary_fg_median": 554.6788940429688,
  "summary_fg_n": 170345.0,
  "summary_fg_p05": 300.3492431640625,
  "summary_fg_p95": 1014.2281494140624,
  "summary_fg_stdv": 232.51370239257812,
  "tsnr": 37.052593467757106
}