{
  "aor": 0.0004324274406332454,
  "aqi": 0.012236435145118733,
  "bids_meta": {
    "AcquisitionMatrixPE": 90,
    "AcquisitionNumber": 1,
    "AcquisitionTime": "14:23:13.460000",
    "BandwidthPerPixelPhaseEncode": 21.368,
    "BaseResolution": 90,
    "BodyPartExamined": "BRAIN",
    "CoilString": "HC1-7;NC1_2",
    "ConsistencyInfo": "N4_VE11C_LATEST_20160120",
    "ConversionSoftware": "dcm2niix",
    "ConversionSoftwareVersion": "v1.0.20190410  GCC6.3.0",
    "DerivedVendorReportedEchoSpacing": 0.000519988,
    "DeviceSerialNumber": "167001",
    "DwellTime": 2.2e-06,
    "EchoTime": 0.03,
    "EchoTrainLength": 90,
    "EffectiveEchoSpacing": 0.000519988,
    "FlipAngle": 52,
    "ImageOrientationPatientDICOM": [
      0.998943,
      -0.0402886,
      -0.0221249,
      0.0361059,
      0.985682,
      -0.164703
    ],
    "ImageType": [
      "ORIGINAL",
      "PRIMARY",
      "M",
      "ND",
      "NORM",
      "MOSAIC"
    ],
    "ImagingFrequency": 123.229,
    "InPlanePhaseEncodingDirectionDICOM": "COL",
    "InstitutionAddress": "Cooper_60_St._Lucia_QLD_AU_4072",
    "InstitutionName": "St_Lucia_Campus",
    "InstitutionalDepartmentName": "Gehrmann_Labs_MRI",
    "MRAcquisitionType": "2D",
    "MagneticFieldStrength": 3,
    "Manufacturer": "Siemens",
    "ManufacturersModelName": "Prisma_fit",
    "Modality": "MR",
    "MultibandAccelerationFactor": 6,
    "PartialFourier": 1,
    "PatientPosition": "HFS",
    "PercentPhaseFOV": 100,
    "PhaseEncodingDirection": "j-",
    "PhaseEncodingSteps": 90,
    "PhaseResolution": 1,
    "PixelBandwidth": 2525,
    "ProcedureStepDescription": "Research_16092_QTAB",
    "ProtocolName": "PARTLY_CLOUDY_mb6_2.4",
    "PulseSequenceDetails": "%SiemensSeq%_ep2d_bold",
    "ReceiveCoilActiveElements": "HC1-7;NC1,2",
    "ReceiveCoilName": "HeadNeck_64",
    "ReconMatrixPE": 90,
    "RefLinesPE": 12,
    "RepetitionTime": 0.8,
    "SAR": 0.0558562,
    "ScanOptions": "FS",
    "ScanningSequence": "EP",
    "SequenceName": "_epfid2d1_90",
    "SequenceVariant": "SK",
    "SeriesDescription": "PARTLY_CLOUDY_mb6_2.4",
    "SeriesNumber": 19,
    "ShimSetting": [
      3034,
      -4159,
      -781,
      442,
      -15,
      -10,
      28,
      -26
    ],
    "SliceThickness": 2.4,
    "SliceTiming": [
      0.545,
      0,
      0.39,
      0.0775,
      0.4675,
      0.235,
      0.625,
      0.3125,
      0.7025,
      0.155,
      0.545,
      0,
      0.39,
      0.0775,
      0.4675,
      0.235,
      0.625,
      0.3125,
      0.7025,
      0.155,
      0.545,
      0,
      0.39,
      0.0775,
      0.4675,
      0.235,
      0.625,
      0.3125,
      0.7025,
      0.155,
      0.545,
      0,
      0.39,
      0.0775,
      0.4675,
      0.235,
      0.625,
      0.3125,
      0.7025,
      0.155,
      0.545,
      0,
      0.39,
      0.0775,
      0.4675,
      0.235,
      0.625,
      0.3125,
      0.7025,
      0.155,
      0.545,
      0,
      0.39,
      0.0775,
      0.4675,
      0.235,
      0.625,
      0.3125,
      0.7025,
      0.155
    ],
    "SoftwareVersions": "syngo_MR_E11",
    "SpacingBetweenSlices": 2.4,
    "StationName": "mrc_Trio",
    "TaskName": "partlycloudy",
    "TotalReadoutTime": 0.046279,
    "TxRefAmp": 215.781,
    "dataset": "ds004146",
    "modality": "bold",
    "session_id": "02",
    "subject_id": "0170",
    "task_id": "partlycloudy"
  },
  "dummy_trs": 1,
  "dvars_nstd": 35.25404898314812,
  "dvars_std": 1.266959533095238,
  "dvars_vstd": 1.002806524047619,
  "efc": 0.500217140026755,
  "fber": 5796.43603515625,
  "fd_mean": 0.14459393958514216,
  "fd_num": 89,
  "fd_perc": 23.482849604221634,
  "fwhm_avg": 1.834201316004277,
  "fwhm_x": 1.7275249313543268,
  "fwhm_y": 1.9535207557073926,
  "fwhm_z": 1.8215582609511112,
  "gcor": 0.0107862,
  "gsr_x": -0.02252383716404438,
  "gsr_y": 0.032641902565956116,
  "provenance": {
    "md5sum": "536ef26940c69ded9e126f771f8d5bd9",
    "settings": {
      "fd_thres": 0.2,
      "testing": false
    },
    "software": "mriqc",
    "version": "23.0.1",
    "webapi_port": null,
    "webapi_url": "https://mriqc.nimh.nih.gov/api/v1"
  },
  "size_t": 379,
  "size_x": 90,
  "size_y": 90,
  "size_z": 60,
  "snr": 6.97432051242205,
  "spacing_tr": 0.800000011920929,
  "spacing_x": 2.4000000953674316,
  "spacing_y": 2.4000000953674316,
  "spacing_z": 2.4000000953674316,
  "summary_bg_k": 23.532084827855517,
  "summary_bg_mad": 7.287830776114388,
  "summary_bg_mean": 28.60593605041504,
  "summary_bg_median": 8.89709758758545,
  "summary_bg_n": 321819.0,
  "summary_bg_p05": 3.176781177520752,
  "summary_bg_p95": 122.0137268066405,
  "summary_bg_stdv": 55.86436462402344,
  "summary_fg_k": 2.054140136682113,
  "summary_fg_mad": 93.2865731229451,
  "summary_fg_mean": 694.4894409179688,
  "summary_fg_median": 691.6227416992188,
  "summary_fg_n": 91987.0,
  "summary_fg_p05": 549.8635986328125,
  "summary_fg_p95": 860.1786560058594,
  "summary_fg_stdv": 99.16650390625,
  "tsnr": 54.144427014980465
}