{
  "aor": 0.002036168674698795,
  "aqi": 0.02669617891566265,
  "bids_meta": {
    "AcquisitionMatrixPE": 90,
    "AcquisitionNumber": 1,
    "AcquisitionTime": "12:00:30.755000",
    "BandwidthPerPixelPhaseEncode": 21.368,
    "BaseResolution": 90,
    "BodyPartExamined": "BRAIN",
    "CoilString": "HC1-7;NC1_2",
    "ConsistencyInfo": "N4_VE11C_LATEST_20160120",
    "ConversionSoftware": "dcm2niix",
    "ConversionSoftwareVersion": "v1.0.20190410  GCC6.3.0",
    "DelayTime": 0.001,
    "DerivedVendorReportedEchoSpacing": 0.000519988,
    "DeviceSerialNumber": "167001",
    "DwellTime": 2.2e-06,
    "EchoTime": 0.03,
    "EchoTrainLength": 90,
    "EffectiveEchoSpacing": 0.000519988,
    "FlipAngle": 52,
    "ImageOrientationPatientDICOM": [
      0.995527,
      0.0312198,
      -0.089169,
      -0.0565301,
      0.953064,
      -0.297443
    ],
    "ImageType": [
      "ORIGINAL",
      "PRIMARY",
      "M",
      "ND",
      "NORM",
      "MOSAIC"
    ],
    "ImagingFrequency": 123.229,
    "InPlanePhaseEncodingDirectionDICOM": "COL",
    "InstitutionAddress": "Cooper_60_St._Lucia_QLD_AU_4072",
    "InstitutionName": "St_Lucia_Campus",
    "InstitutionalDepartmentName": "Gehrmann_Labs_MRI",
    "MRAcquisitionType": "2D",
    "MagneticFieldStrength": 3,
    "Manufacturer": "Siemens",
    "ManufacturersModelName": "Prisma_fit",
    "Modality": "MR",
    "MultibandAccelerationFactor": 6,
    "PartialFourier": 1,
    "PatientPosition": "HFS",
    "PercentPhaseFOV": 100,
    "PhaseEncodingDirection": "j-",
    "PhaseEncodingSteps": 90,
    "PhaseResolution": 1,
    "PixelBandwidth": 2525,
    "ProcedureStepDescription": "Research_16092_QTAB",
    "ProtocolName": "EMOT_TASK_mb6_2.4",
    "PulseSequenceDetails": "%SiemensSeq%_ep2d_bold",
    "ReceiveCoilActiveElements": "HC1-7;NC1,2",
    "ReceiveCoilName": "HeadNeck_64",
    "ReconMatrixPE": 90,
    "RefLinesPE": 12,
    "RepetitionTime": 0.8,
    "SAR": 0.0546716,
    "ScanOptions": "FS",
    "ScanningSequence": "EP",
    "SequenceName": "_epfid2d1_90",
    "SequenceVariant": "SK",
    "SeriesDescription": "EMOT_TASK_mb6_2.4",
    "SeriesNumber": 20,
    "ShimSetting": [
      3033,
      -4166,
      -741,
      542,
      -23,
      -65,
      -93,
      0
    ],
    "SliceThickness": 2.4,
    "SliceTiming": [
      0.545,
      0,
      0.3875,
      0.0775,
      0.4675,
      0.2325,
      0.6225,
      0.31,
      0.7,
      0.155,
      0.545,
      0,
      0.3875,
      0.0775,
      0.4675,
      0.2325,
      0.6225,
      0.31,
      0.7,
      0.155,
      0.545,
      0,
      0.3875,
      0.0775,
      0.4675,
      0.2325,
      0.6225,
      0.31,
      0.7,
      0.155,
      0.545,
      0,
      0.3875,
      0.0775,
      0.4675,
      0.2325,
      0.6225,
      0.31,
      0.7,
      0.155,
      0.545,
      0,
      0.3875,
      0.0775,
      0.4675,
      0.2325,
      0.6225,
      0.31,
      0.7,
      0.155,
      0.545,
      0,
      0.3875,
      0.0775,
      0.4675,
      0.2325,
      0.6225,
      0.31,
      0.7,
      0.155
    ],
    "SoftwareVersions": "syngo_MR_E11",
    "SpacingBetweenSlices": 2.4,
    "StationName": "mrc_Trio",
    "TaskName": "emotionalconflict",
    "TotalReadoutTime": 0.046279,
    "TxRefAmp": 229,
    "dataset": "ds004146",
    "modality": "bold",
    "session_id": "02",
    "subject_id": "0342",
    "task_id": "emotionalconflict"
  },
  "dummy_trs": 7,
  "dvars_nstd": 37.301927709264184,
  "dvars_std": 1.1099158777080813,
  "dvars_vstd": 0.9900267767189386,
  "efc": 0.49164418982772673,
  "fber": 6604.4111328125,
  "fd_mean": 0.32804346252513095,
  "fd_num": 549,
  "fd_perc": 66.144578313253,
  "fwhm_avg": 1.9980443650492947,
  "fwhm_x": 1.8479457599025662,
  "fwhm_y": 2.178033246786068,
  "fwhm_z": 1.9681540884592497,
  "gcor": 0.0238119,
  "gsr_x": -0.01830003783106804,
  "gsr_y": 0.046746980398893356,
  "provenance": {
    "md5sum": "310b54aa0b82c0ad48692062daa149b8",
    "settings": {
      "fd_thres": 0.2,
      "testing": false
    },
    "software": "mriqc",
    "version": "23.0.1",
    "webapi_port": null,
    "webapi_url": "https://mriqc.nimh.nih.gov/api/v1"
  },
  "size_t": 830,
  "size_x": 90,
  "size_y": 90,
  "size_z": 60,
  "snr": 6.670798930703781,
  "spacing_tr": 0.800000011920929,
  "spacing_x": 2.4000000953674316,
  "spacing_y": 2.4000000953674316,
  "spacing_z": 2.4000000953674316,
  "summary_bg_k": 28.645753901889606,
  "summary_bg_mad": 6.167982370949526,
  "summary_bg_mean": 29.026168823242188,
  "summary_bg_median": 8.119277000427246,
  "summary_bg_n": 328298.0,
  "summary_bg_p05": 3.3313252925872803,
  "summary_bg_p95": 129.24717483520504,
  "summary_bg_stdv": 59.46088790893555,
  "summary_fg_k": 0.9418074047249223,
  "summary_fg_mad": 101.64933101627423,
  "summary_fg_mean": 671.47216796875,
  "summary_fg_median": 670.3916015625,
  "summary_fg_n": 87228.0,
  "summary_fg_p05": 516.5893524169921,
  "summary_fg_p95": 832.4358764648437,
  "summary_fg_stdv": 100.4958724975586,
  "tsnr": 32.16936214128509
}