{
  "aor": 0.0003593899204244032,
  "aqi": 0.013261139522546418,
  "bids_meta": {
    "AcquisitionMatrixPE": 90,
    "AcquisitionNumber": 1,
    "AcquisitionTime": "11:53:1.130000",
    "BandwidthPerPixelPhaseEncode": 21.368,
    "BaseResolution": 90,
    "BodyPartExamined": "BRAIN",
    "CoilString": "HC1-7;NC1_2",
    "ConsistencyInfo": "N4_VE11C_LATEST_20160120",
    "ConversionSoftware": "dcm2niix",
    "ConversionSoftwareVersion": "v1.0.20190410  GCC6.3.0",
    "DerivedVendorReportedEchoSpacing": 0.000519988,
    "DeviceSerialNumber": "167001",
    "DwellTime": 2.2e-06,
    "EchoTime": 0.03,
    "EchoTrainLength": 90,
    "EffectiveEchoSpacing": 0.000519988,
    "FlipAngle": 52,
    "ImageOrientationPatientDICOM": [
      0.995527,
      0.0312198,
      -0.089169,
      -0.0565301,
      0.953064,
      -0.297443
    ],
    "ImageType": [
      "ORIGINAL",
      "PRIMARY",
      "M",
      "ND",
      "NORM",
      "MOSAIC"
    ],
    "ImagingFrequency": 123.229,
    "InPlanePhaseEncodingDirectionDICOM": "COL",
    "InstitutionAddress": "Cooper_60_St._Lucia_QLD_AU_4072",
    "InstitutionName": "St_Lucia_Campus",
    "InstitutionalDepartmentName": "Gehrmann_Labs_MRI",
    "MRAcquisitionType": "2D",
    "MagneticFieldStrength": 3,
    "Manufacturer": "Siemens",
    "ManufacturersModelName": "Prisma_fit",
    "Modality": "MR",
    "MultibandAccelerationFactor": 6,
    "PartialFourier": 1,
    "PatientPosition": "HFS",
    "PercentPhaseFOV": 100,
    "PhaseEncodingDirection": "j-",
    "PhaseEncodingSteps": 90,
    "PhaseResolution": 1,
    "PixelBandwidth": 2525,
    "ProcedureStepDescription": "Research_16092_QTAB",
    "ProtocolName": "PARTLY_CLOUDY_mb6_2.4",
    "PulseSequenceDetails": "%SiemensSeq%_ep2d_bold",
    "ReceiveCoilActiveElements": "HC1-7;NC1,2",
    "ReceiveCoilName": "HeadNeck_64",
    "ReconMatrixPE": 90,
    "RefLinesPE": 12,
    "RepetitionTime": 0.8,
    "SAR": 0.054443,
    "ScanOptions": "FS",
    "ScanningSequence": "EP",
    "SequenceName": "_epfid2d1_90",
    "SequenceVariant": "SK",
    "SeriesDescription": "PARTLY_CLOUDY_mb6_2.4",
    "SeriesNumber": 19,
    "ShimSetting": [
      3033,
      -4166,
      -741,
      542,
      -23,
      -65,
      -93,
      0
    ],
    "SliceThickness": 2.4,
    "SliceTiming": [
      0.5475,
      0,
      0.39,
      0.08,
      0.47,
      0.235,
      0.625,
      0.3125,
      0.7025,
      0.1575,
      0.5475,
      0,
      0.39,
      0.08,
      0.47,
      0.235,
      0.625,
      0.3125,
      0.7025,
      0.1575,
      0.5475,
      0,
      0.39,
      0.08,
      0.47,
      0.235,
      0.625,
      0.3125,
      0.7025,
      0.1575,
      0.5475,
      0,
      0.39,
      0.08,
      0.47,
      0.235,
      0.625,
      0.3125,
      0.7025,
      0.1575,
      0.5475,
      0,
      0.39,
      0.08,
      0.47,
      0.235,
      0.625,
      0.3125,
      0.7025,
      0.1575,
      0.5475,
      0,
      0.39,
      0.08,
      0.47,
      0.235,
      0.625,
      0.3125,
      0.7025,
      0.1575
    ],
    "SoftwareVersions": "syngo_MR_E11",
    "SpacingBetweenSlices": 2.4,
    "StationName": "mrc_Trio",
    "TaskName": "partlycloudy",
    "TotalReadoutTime": 0.046279,
    "TxRefAmp": 229,
    "dataset": "ds004146",
    "modality": "bold",
    "session_id": "02",
    "subject_id": "0342",
    "task_id": "partlycloudy"
  },
  "dummy_trs": 3,
  "dvars_nstd": 36.29070706042555,
  "dvars_std": 1.158501547287234,
  "dvars_vstd": 0.996370922712767,
  "efc": 0.4918689055480851,
  "fber": 6698.08740234375,
  "fd_mean": 0.28417902483744245,
  "fd_num": 257,
  "fd_perc": 68.16976127320955,
  "fwhm_avg": 1.923515201344151,
  "fwhm_x": 1.7851290957320094,
  "fwhm_y": 2.078745750731399,
  "fwhm_z": 1.9066707575690447,
  "gcor": 0.00374957,
  "gsr_x": -0.019337311387062073,
  "gsr_y": 0.044622812420129776,
  "provenance": {
    "md5sum": "7708dc5e8ca303635506212d602f80cd",
    "settings": {
      "fd_thres": 0.2,
      "testing": false
    },
    "software": "mriqc",
    "version": "23.0.1",
    "webapi_port": null,
    "webapi_url": "https://mriqc.nimh.nih.gov/api/v1"
  },
  "size_t": 377,
  "size_x": 90,
  "size_y": 90,
  "size_z": 60,
  "snr": 6.6822474961665685,
  "spacing_tr": 0.800000011920929,
  "spacing_x": 2.4000000953674316,
  "spacing_y": 2.4000000953674316,
  "spacing_z": 2.4000000953674316,
  "summary_bg_k": 26.30556539958034,
  "summary_bg_mad": 5.985466198515338,
  "summary_bg_mean": 29.3499813079834,
  "summary_bg_median": 8.063660621643066,
  "summary_bg_n": 328384.0,
  "summary_bg_p05": 3.456233263015747,
  "summary_bg_p95": 133.80331268310542,
  "summary_bg_stdv": 60.0318717956543,
  "summary_fg_k": 1.0112055956066328,
  "summary_fg_mad": 101.5071246328281,
  "summary_fg_mean": 673.2171630859375,
  "summary_fg_median": 671.862060546875,
  "summary_fg_n": 87046.0,
  "summary_fg_p05": 518.8408508300781,
  "summary_fg_p95": 834.6200256347656,
  "summary_fg_stdv": 100.54374694824219,
  "tsnr": 46.144176648929715
}