{
  "aor": 0.0007839384615384616,
  "aqi": 0.005705897753846154,
  "bids_meta": {
    "AcquisitionMatrixPE": 104,
    "AcquisitionNumber": 1,
    "AcquisitionTime": "12:37:18.782500",
    "BandwidthPerPixelPhaseEncode": 17.17,
    "BaseResolution": 104,
    "BodyPartExamined": "BRAIN",
    "CoilString": "HC1-7;NC1_2",
    "ConsistencyInfo": "N4_VE11C_LATEST_20160120",
    "ConversionSoftware": "dcm2niix",
    "ConversionSoftwareVersion": "v1.0.20190410  GCC6.3.0",
    "DerivedVendorReportedEchoSpacing": 0.000560011,
    "DeviceSerialNumber": "167001",
    "DwellTime": 2.1e-06,
    "EchoTime": 0.03,
    "EchoTrainLength": 91,
    "EffectiveEchoSpacing": 0.000560011,
    "FlipAngle": 52,
    "ImageOrientationPatientDICOM": [
      0.999896,
      0.0123386,
      -0.00741633,
      -0.0139621,
      0.956692,
      -0.290768
    ],
    "ImageType": [
      "ORIGINAL",
      "PRIMARY",
      "M",
      "ND",
      "MOSAIC"
    ],
    "ImagingFrequency": 123.229,
    "InPlanePhaseEncodingDirectionDICOM": "COL",
    "InstitutionAddress": "Cooper_60_St._Lucia_QLD_AU_4072",
    "InstitutionName": "St_Lucia_Campus",
    "InstitutionalDepartmentName": "Gehrmann_Labs_MRI",
    "MRAcquisitionType": "2D",
    "MagneticFieldStrength": 3,
    "Manufacturer": "Siemens",
    "ManufacturersModelName": "Prisma_fit",
    "Modality": "MR",
    "MultibandAccelerationFactor": 6,
    "PartialFourier": 0.875,
    "PatientPosition": "HFS",
    "PercentPhaseFOV": 100,
    "PhaseEncodingDirection": "j-",
    "PhaseEncodingSteps": 91,
    "PhaseResolution": 1,
    "PixelBandwidth": 2290,
    "ProcedureStepDescription": "Research_16092_QTAB",
    "ProtocolName": "ep2d_REST_SMS6_A-P",
    "PulseSequenceDetails": "%SiemensSeq%_ep2d_bold",
    "ReceiveCoilActiveElements": "HC1-7;NC1,2",
    "ReceiveCoilName": "HeadNeck_64",
    "ReconMatrixPE": 104,
    "RefLinesPE": 12,
    "RepetitionTime": 0.93,
    "SAR": 0.0572431,
    "ScanOptions": "PFP_FS",
    "ScanningSequence": "EP",
    "SequenceName": "_epfid2d1_104",
    "SequenceVariant": "SK",
    "SeriesDescription": "ep2d_REST_SMS6_A-P",
    "SeriesNumber": 9,
    "ShimSetting": [
      3048,
      -4192,
      -800,
      523,
      -35,
      -98,
      -224,
      -8
    ],
    "SliceThickness": 2,
    "SliceTiming": [
      0.6825,
      0,
      0.455,
      0.075,
      0.53,
      0.1525,
      0.6075,
      0.3025,
      0.7575,
      0.38,
      0.835,
      0.2275,
      0.6825,
      0,
      0.455,
      0.075,
      0.53,
      0.1525,
      0.6075,
      0.3025,
      0.7575,
      0.38,
      0.835,
      0.2275,
      0.6825,
      0,
      0.455,
      0.075,
      0.53,
      0.1525,
      0.6075,
      0.3025,
      0.7575,
      0.38,
      0.835,
      0.2275,
      0.6825,
      0,
      0.455,
      0.075,
      0.53,
      0.1525,
      0.6075,
      0.3025,
      0.7575,
      0.38,
      0.835,
      0.2275,
      0.6825,
      0,
      0.455,
      0.075,
      0.53,
      0.1525,
      0.6075,
      0.3025,
      0.7575,
      0.38,
      0.835,
      0.2275,
      0.6825,
      0,
      0.455,
      0.075,
      0.53,
      0.1525,
      0.6075,
      0.3025,
      0.7575,
      0.38,
      0.835,
      0.2275
    ],
    "SoftwareVersions": "syngo_MR_E11",
    "SpacingBetweenSlices": 2,
    "StationName": "mrc_Trio",
    "TaskName": "rest",
    "TotalReadoutTime": 0.0576811,
    "TxRefAmp": 231.467,
    "dataset": "ds004146",
    "modality": "bold",
    "session_id": "02",
    "subject_id": "0321",
    "task_id": "rest"
  },
  "dummy_trs": 2,
  "dvars_nstd": 40.895319762006174,
  "dvars_std": 1.1148330043827168,
  "dvars_vstd": 1.012257850339506,
  "efc": 0.5279597322219618,
  "fber": 709.4303588867188,
  "fd_mean": 0.1350060643131433,
  "fd_num": 42,
  "fd_perc": 12.923076923076923,
  "fwhm_avg": 2.87631,
  "fwhm_x": 2.63196,
  "fwhm_y": 2.976525,
  "fwhm_z": 3.020445,
  "gcor": 0.00984552,
  "gsr_x": -0.0067230332642793655,
  "gsr_y": 0.05867968499660492,
  "provenance": {
    "md5sum": "aef6d274d4388fd3bd8d0377389956eb",
    "settings": {
      "fd_thres": 0.2,
      "testing": false
    },
    "software": "mriqc",
    "version": "23.0.1",
    "webapi_port": null,
    "webapi_url": "https://mriqc.nimh.nih.gov/api/v1"
  },
  "size_t": 325,
  "size_x": 104,
  "size_y": 104,
  "size_z": 72,
  "snr": 2.7492384796460043,
  "spacing_tr": 0.9300000071525574,
  "spacing_x": 2.0,
  "spacing_y": 2.0,
  "spacing_z": 2.0,
  "summary_bg_k": 71.81901055062144,
  "summary_bg_mad": 8.065356860465483,
  "summary_bg_mean": 39.98609161376953,
  "summary_bg_median": 20.535385131835938,
  "summary_bg_n": 516104.0,
  "summary_bg_p05": 14.618923091888432,
  "summary_bg_p95": 121.78107872009271,
  "summary_bg_stdv": 62.6766357421875,
  "summary_fg_k": 0.7176465927700781,
  "summary_fg_mad": 194.14786450177695,
  "summary_fg_mean": 588.2426147460938,
  "summary_fg_median": 556.8031005859375,
  "summary_fg_n": 161635.0,
  "summary_fg_p05": 322.4953918457031,
  "summary_fg_p95": 963.0479919433593,
  "summary_fg_stdv": 202.52931213378906,
  "tsnr": 37.9981434547808
}