{
  "aor": 0.0009925065963060687,
  "aqi": 0.016546930343007915,
  "bids_meta": {
    "AcquisitionMatrixPE": 90,
    "AcquisitionNumber": 1,
    "AcquisitionTime": "13:09:24.987500",
    "BandwidthPerPixelPhaseEncode": 21.368,
    "BaseResolution": 90,
    "BodyPartExamined": "BRAIN",
    "CoilString": "HC1-7;NC1_2",
    "ConsistencyInfo": "N4_VE11C_LATEST_20160120",
    "ConversionSoftware": "dcm2niix",
    "ConversionSoftwareVersion": "v1.0.20190410  GCC6.3.0",
    "DerivedVendorReportedEchoSpacing": 0.000519988,
    "DeviceSerialNumber": "167001",
    "DwellTime": 2.2e-06,
    "EchoTime": 0.03,
    "EchoTrainLength": 90,
    "EffectiveEchoSpacing": 0.000519988,
    "FlipAngle": 52,
    "ImageOrientationPatientDICOM": [
      0.999896,
      0.0123386,
      -0.00741633,
      -0.0139621,
      0.956692,
      -0.290768
    ],
    "ImageType": [
      "ORIGINAL",
      "PRIMARY",
      "M",
      "ND",
      "NORM",
      "MOSAIC"
    ],
    "ImagingFrequency": 123.229,
    "InPlanePhaseEncodingDirectionDICOM": "COL",
    "InstitutionAddress": "Cooper_60_St._Lucia_QLD_AU_4072",
    "InstitutionName": "St_Lucia_Campus",
    "InstitutionalDepartmentName": "Gehrmann_Labs_MRI",
    "MRAcquisitionType": "2D",
    "MagneticFieldStrength": 3,
    "Manufacturer": "Siemens",
    "ManufacturersModelName": "Prisma_fit",
    "Modality": "MR",
    "MultibandAccelerationFactor": 6,
    "PartialFourier": 1,
    "PatientPosition": "HFS",
    "PercentPhaseFOV": 100,
    "PhaseEncodingDirection": "j-",
    "PhaseEncodingSteps": 90,
    "PhaseResolution": 1,
    "PixelBandwidth": 2525,
    "ProcedureStepDescription": "Research_16092_QTAB",
    "ProtocolName": "PARTLY_CLOUDY_mb6_2.4",
    "PulseSequenceDetails": "%SiemensSeq%_ep2d_bold",
    "ReceiveCoilActiveElements": "HC1-7;NC1,2",
    "ReceiveCoilName": "HeadNeck_64",
    "ReconMatrixPE": 90,
    "RefLinesPE": 12,
    "RepetitionTime": 0.8,
    "SAR": 0.0556228,
    "ScanOptions": "FS",
    "ScanningSequence": "EP",
    "SequenceName": "_epfid2d1_90",
    "SequenceVariant": "SK",
    "SeriesDescription": "PARTLY_CLOUDY_mb6_2.4",
    "SeriesNumber": 19,
    "ShimSetting": [
      3048,
      -4192,
      -800,
      522,
      -35,
      -98,
      -223,
      -8
    ],
    "SliceThickness": 2.4,
    "SliceTiming": [
      0.545,
      0,
      0.39,
      0.0775,
      0.4675,
      0.235,
      0.625,
      0.3125,
      0.7025,
      0.155,
      0.545,
      0,
      0.39,
      0.0775,
      0.4675,
      0.235,
      0.625,
      0.3125,
      0.7025,
      0.155,
      0.545,
      0,
      0.39,
      0.0775,
      0.4675,
      0.235,
      0.625,
      0.3125,
      0.7025,
      0.155,
      0.545,
      0,
      0.39,
      0.0775,
      0.4675,
      0.235,
      0.625,
      0.3125,
      0.7025,
      0.155,
      0.545,
      0,
      0.39,
      0.0775,
      0.4675,
      0.235,
      0.625,
      0.3125,
      0.7025,
      0.155,
      0.545,
      0,
      0.39,
      0.0775,
      0.4675,
      0.235,
      0.625,
      0.3125,
      0.7025,
      0.155
    ],
    "SoftwareVersions": "syngo_MR_E11",
    "SpacingBetweenSlices": 2.4,
    "StationName": "mrc_Trio",
    "TaskName": "partlycloudy",
    "TotalReadoutTime": 0.046279,
    "TxRefAmp": 231.467,
    "dataset": "ds004146",
    "modality": "bold",
    "session_id": "02",
    "subject_id": "0321",
    "task_id": "partlycloudy"
  },
  "dummy_trs": 1,
  "dvars_nstd": 37.484570780502665,
  "dvars_std": 1.244910235555556,
  "dvars_vstd": 1.0119989748941791,
  "efc": 0.483937526486876,
  "fber": 6026.18896484375,
  "fd_mean": 0.1255327057395915,
  "fd_num": 30,
  "fd_perc": 7.915567282321899,
  "fwhm_avg": 1.7145777662772035,
  "fwhm_x": 1.6255707687389545,
  "fwhm_y": 1.8079749281575312,
  "fwhm_z": 1.7101876019351245,
  "gcor": 0.017262,
  "gsr_x": -0.009021579287946224,
  "gsr_y": 0.03318316861987114,
  "provenance": {
    "md5sum": "eafe769531f4edab0a1150becbc557ed",
    "settings": {
      "fd_thres": 0.2,
      "testing": false
    },
    "software": "mriqc",
    "version": "23.0.1",
    "webapi_port": null,
    "webapi_url": "https://mriqc.nimh.nih.gov/api/v1"
  },
  "size_t": 379,
  "size_x": 90,
  "size_y": 90,
  "size_z": 60,
  "snr": 7.3930445883618106,
  "spacing_tr": 0.800000011920929,
  "spacing_x": 2.4000000953674316,
  "spacing_y": 2.4000000953674316,
  "spacing_z": 2.3999998569488525,
  "summary_bg_k": 25.091711183481983,
  "summary_bg_mad": 6.84969984540667,
  "summary_bg_mean": 28.374738693237305,
  "summary_bg_median": 9.118734359741211,
  "summary_bg_n": 331537.0,
  "summary_bg_p05": 3.8891823291778564,
  "summary_bg_p95": 118.37995147705078,
  "summary_bg_stdv": 55.4019889831543,
  "summary_fg_k": 2.0243205154514827,
  "summary_fg_mad": 91.58887413482354,
  "summary_fg_mean": 717.7098999023438,
  "summary_fg_median": 715.5462036132812,
  "summary_fg_n": 85023.0,
  "summary_fg_p05": 573.7636291503907,
  "summary_fg_p95": 873.4836730957029,
  "summary_fg_stdv": 96.78583526611328,
  "tsnr": 47.740095331915654
}