{
  "bids_meta": {
    "AcquisitionMatrixPE": 256,
    "AcquisitionNumber": 1,
    "AcquisitionTime": "12:13:6.155000",
    "BaseResolution": 256,
    "BodyPartExamined": "BRAIN",
    "CoilString": "HC1-7;NC1_2",
    "ConsistencyInfo": "N4_VE11C_LATEST_20160120",
    "ConversionSoftware": "dcm2niix",
    "ConversionSoftwareVersion": "v1.0.20190410  GCC6.3.0",
    "DeviceSerialNumber": "167001",
    "DwellTime": 2.6e-06,
    "EchoTime": 0.408,
    "EchoTrainLength": 259,
    "FlipAngle": 120,
    "ImageOrientationPatientDICOM": [
      0.0212212,
      0.999651,
      0.0157061,
      -0.0121926,
      0.0159672,
      -0.999798
    ],
    "ImageType": [
      "ORIGINAL",
      "PRIMARY",
      "M",
      "ND",
      "NORM"
    ],
    "ImagingFrequency": 123.229,
    "InPlanePhaseEncodingDirectionDICOM": "ROW",
    "InstitutionAddress": "Cooper_60_St._Lucia_QLD_AU_4072",
    "InstitutionName": "St_Lucia_Campus",
    "InstitutionalDepartmentName": "Gehrmann_Labs_MRI",
    "MRAcquisitionType": "3D",
    "MagneticFieldStrength": 3,
    "Manufacturer": "Siemens",
    "ManufacturersModelName": "Prisma_fit",
    "Modality": "MR",
    "PartialFourier": 1,
    "PatientPosition": "HFS",
    "PercentPhaseFOV": 100,
    "PhaseEncodingSteps": 233,
    "PhaseResolution": 1,
    "PixelBandwidth": 750,
    "ProcedureStepDescription": "Research_16092_QTAB",
    "ProtocolName": "t2_spc_sag_p2_iso",
    "PulseSequenceDetails": "%SiemensSeq%_tse_vfl",
    "ReceiveCoilActiveElements": "HC1-7;NC1,2",
    "ReceiveCoilName": "HeadNeck_64",
    "ReconMatrixPE": 256,
    "RefLinesPE": 24,
    "RepetitionTime": 3.2,
    "SAR": 0.165475,
    "ScanOptions": "PFP",
    "ScanningSequence": "SE",
    "SequenceName": "_spcR_282ns",
    "SequenceVariant": "SK_SP",
    "SeriesDescription": "t2_spc_sag_p2_iso",
    "SeriesNumber": 32,
    "ShimSetting": [
      3044,
      -4172,
      -1039,
      -11,
      -3,
      35,
      -21,
      -13
    ],
    "SliceThickness": 1,
    "SoftwareVersions": "syngo_MR_E11",
    "StationName": "mrc_Trio",
    "TxRefAmp": 219.435,
    "dataset": "ds004146",
    "modality": "T2w",
    "session_id": "02",
    "subject_id": "0243"
  },
  "cjv": 3.2835829372993945,
  "cnr": 0.2687590432532519,
  "efc": 0.657648981333751,
  "fber": 8199.880488909008,
  "fwhm_avg": 3.828837544338969,
  "fwhm_x": 4.082625243343427,
  "fwhm_y": 3.9243624415224425,
  "fwhm_z": 3.4795249481510377,
  "icvs_csf": 0.36275762670082695,
  "icvs_gm": 0.49198240862344883,
  "icvs_wm": 0.14525996467572422,
  "inu_med": 1.0011135935783386,
  "inu_range": 0.31500810384750366,
  "provenance": {
    "md5sum": "7e0529fb82438d999e1b4116ec94ef73",
    "settings": {
      "testing": false
    },
    "software": "mriqc",
    "version": "23.0.1",
    "warnings": {
      "large_rot_frame": true,
      "small_air_mask": false
    },
    "webapi_port": null,
    "webapi_url": "https://mriqc.nimh.nih.gov/api/v1"
  },
  "qi_1": 0.0,
  "qi_2": 0.005024997466220147,
  "rpve_csf": 11.092386007113406,
  "rpve_gm": 9.474030764787202,
  "rpve_wm": 31.81273305701493,
  "size_x": 192,
  "size_y": 300,
  "size_z": 320,
  "snr_csf": 14.284049331603049,
  "snr_gm": 14.114102284500591,
  "snr_total": 9.667688923115461,
  "snr_wm": 0.6049151532427448,
  "snrd_csf": 110.51215675981248,
  "snrd_gm": 72.6817139792064,
  "snrd_total": 77.829081957479,
  "snrd_wm": 50.293375133418145,
  "spacing_x": 0.7999999523162842,
  "spacing_y": 0.800000011920929,
  "spacing_z": 0.800000011920929,
  "summary_bg_k": 41.548461662207245,
  "summary_bg_mad": 0.0,
  "summary_bg_mean": 6.629241524605863,
  "summary_bg_median": 0.0,
  "summary_bg_n": 1517353.0,
  "summary_bg_p05": 0.0,
  "summary_bg_p95": 30.670332670211792,
  "summary_bg_stdv": 13.097422997068632,
  "summary_csf_k": 0.8188425985372252,
  "summary_csf_mad": 146.6354052069404,
  "summary_csf_mean": 2222.2229015089183,
  "summary_csf_median": 2209.34825694561,
  "summary_csf_n": 108255.0,
  "summary_csf_p05": 1995.5078819394112,
  "summary_csf_p95": 2493.745887160301,
  "summary_csf_stdv": 154.67169016725862,
  "summary_gm_k": -0.10128300981784921,
  "summary_gm_mad": 108.74215249097303,
  "summary_gm_mean": 1453.8806197526767,
  "summary_gm_median": 1453.0457354187965,
  "summary_gm_n": 400992.0,
  "summary_gm_p05": 1289.4706278443336,
  "summary_gm_p95": 1620.1835584044456,
  "summary_gm_stdv": 102.9497940651498,
  "summary_wm_k": -1.7203188199926132,
  "summary_wm_mad": 1360.9419126958949,
  "summary_wm_mean": 1862.1824222398832,
  "summary_wm_median": 1005.4602493047714,
  "summary_wm_n": 89853.0,
  "summary_wm_p05": 77.57425556182864,
  "summary_wm_p95": 4201.866555953025,
  "summary_wm_stdv": 1662.1416224580955,
  "tpm_overlap_csf": 0.11517560982792438,
  "tpm_overlap_gm": 0.3199856163885351,
  "tpm_overlap_wm": 0.03983568797654917,
  "wm2max": 0.24234165055963205
}