{
  "aor": 0.0007776455026455026,
  "aqi": 0.010662113253968255,
  "bids_meta": {
    "AcquisitionMatrixPE": 90,
    "AcquisitionNumber": 1,
    "AcquisitionTime": "10:33:55.405000",
    "BandwidthPerPixelPhaseEncode": 21.368,
    "BaseResolution": 90,
    "BodyPartExamined": "BRAIN",
    "CoilString": "HC1-7;NC1_2",
    "ConsistencyInfo": "N4_VE11C_LATEST_20160120",
    "ConversionSoftware": "dcm2niix",
    "ConversionSoftwareVersion": "v1.0.20190410  GCC6.3.0",
    "DerivedVendorReportedEchoSpacing": 0.000519988,
    "DeviceSerialNumber": "167001",
    "DwellTime": 2.2e-06,
    "EchoTime": 0.03,
    "EchoTrainLength": 90,
    "EffectiveEchoSpacing": 0.000519988,
    "FlipAngle": 52,
    "ImageOrientationPatientDICOM": [
      0.999186,
      -0.0193564,
      0.0353912,
      0.0214533,
      0.997976,
      -0.0598633
    ],
    "ImageType": [
      "ORIGINAL",
      "PRIMARY",
      "M",
      "ND",
      "NORM",
      "MOSAIC"
    ],
    "ImagingFrequency": 123.229,
    "InPlanePhaseEncodingDirectionDICOM": "COL",
    "InstitutionAddress": "Cooper_60_St._Lucia_QLD_AU_4072",
    "InstitutionName": "St_Lucia_Campus",
    "InstitutionalDepartmentName": "Gehrmann_Labs_MRI",
    "MRAcquisitionType": "2D",
    "MagneticFieldStrength": 3,
    "Manufacturer": "Siemens",
    "ManufacturersModelName": "Prisma_fit",
    "Modality": "MR",
    "MultibandAccelerationFactor": 6,
    "PartialFourier": 1,
    "PatientPosition": "HFS",
    "PercentPhaseFOV": 100,
    "PhaseEncodingDirection": "j-",
    "PhaseEncodingSteps": 90,
    "PhaseResolution": 1,
    "PixelBandwidth": 2525,
    "ProcedureStepDescription": "Research_16092_QTAB",
    "ProtocolName": "PARTLY_CLOUDY_mb6_2.4",
    "PulseSequenceDetails": "%SiemensSeq%_ep2d_bold",
    "ReceiveCoilActiveElements": "HC1-7;NC1,2",
    "ReceiveCoilName": "HeadNeck_64",
    "ReconMatrixPE": 90,
    "RefLinesPE": 12,
    "RepetitionTime": 0.8,
    "SAR": 0.0615329,
    "ScanOptions": "FS",
    "ScanningSequence": "EP",
    "SequenceName": "_epfid2d1_90",
    "SequenceVariant": "SK",
    "SeriesDescription": "PARTLY_CLOUDY_mb6_2.4",
    "SeriesNumber": 19,
    "ShimSetting": [
      3042,
      -4162,
      -793,
      492,
      26,
      14,
      153,
      33
    ],
    "SliceThickness": 2.4,
    "SliceTiming": [
      0.5475,
      0,
      0.39,
      0.0775,
      0.4675,
      0.235,
      0.625,
      0.3125,
      0.7025,
      0.1575,
      0.5475,
      0,
      0.39,
      0.0775,
      0.4675,
      0.235,
      0.625,
      0.3125,
      0.7025,
      0.1575,
      0.5475,
      0,
      0.39,
      0.0775,
      0.4675,
      0.235,
      0.625,
      0.3125,
      0.7025,
      0.1575,
      0.5475,
      0,
      0.39,
      0.0775,
      0.4675,
      0.235,
      0.625,
      0.3125,
      0.7025,
      0.1575,
      0.5475,
      0,
      0.39,
      0.0775,
      0.4675,
      0.235,
      0.625,
      0.3125,
      0.7025,
      0.1575,
      0.5475,
      0,
      0.39,
      0.0775,
      0.4675,
      0.235,
      0.625,
      0.3125,
      0.7025,
      0.1575
    ],
    "SoftwareVersions": "syngo_MR_E11",
    "SpacingBetweenSlices": 2.4,
    "StationName": "mrc_Trio",
    "TaskName": "partlycloudy",
    "TotalReadoutTime": 0.046279,
    "TxRefAmp": 218.87,
    "dataset": "ds004146",
    "modality": "bold",
    "session_id": "02",
    "subject_id": "0214",
    "task_id": "partlycloudy"
  },
  "dummy_trs": 2,
  "dvars_nstd": 32.00527768424406,
  "dvars_std": 1.20215047867374,
  "dvars_vstd": 1.0055862348275864,
  "efc": 0.49617642935884915,
  "fber": 6956.8125,
  "fd_mean": 0.13352173633342354,
  "fd_num": 69,
  "fd_perc": 18.253968253968253,
  "fwhm_avg": 2.0246541508575877,
  "fwhm_x": 1.896087424656255,
  "fwhm_y": 2.225708244891634,
  "fwhm_z": 1.9521667830248743,
  "gcor": 0.0117382,
  "gsr_x": -0.025973953306674957,
  "gsr_y": 0.043688904494047165,
  "provenance": {
    "md5sum": "87ea1eaf2aae304c0f025a5076aebc91",
    "settings": {
      "fd_thres": 0.2,
      "testing": false
    },
    "software": "mriqc",
    "version": "23.0.1",
    "webapi_port": null,
    "webapi_url": "https://mriqc.nimh.nih.gov/api/v1"
  },
  "size_t": 378,
  "size_x": 90,
  "size_y": 90,
  "size_z": 60,
  "snr": 6.27792553208992,
  "spacing_tr": 0.800000011920929,
  "spacing_x": 2.4000000953674316,
  "spacing_y": 2.4000000953674316,
  "spacing_z": 2.3999998569488525,
  "summary_bg_k": 24.14336386390365,
  "summary_bg_mad": 6.303021242173223,
  "summary_bg_mean": 30.153566360473633,
  "summary_bg_median": 8.47089958190918,
  "summary_bg_n": 324337.0,
  "summary_bg_p05": 3.5,
  "summary_bg_p95": 135.53492126464846,
  "summary_bg_stdv": 59.758602142333984,
  "summary_fg_k": 1.0929257597820872,
  "summary_fg_mad": 109.07917340840197,
  "summary_fg_mean": 726.6057739257812,
  "summary_fg_median": 721.374267578125,
  "summary_fg_n": 89696.0,
  "summary_fg_p05": 556.6183624267578,
  "summary_fg_p95": 924.9106903076172,
  "summary_fg_stdv": 114.90583038330078,
  "tsnr": 50.19997911620885
}