{
  "aor": 0.0011417894736842104,
  "aqi": 0.010633962684210525,
  "bids_meta": {
    "AcquisitionMatrixPE": 90,
    "AcquisitionNumber": 1,
    "AcquisitionTime": "14:31:44.867500",
    "BandwidthPerPixelPhaseEncode": 21.368,
    "BaseResolution": 90,
    "BodyPartExamined": "BRAIN",
    "CoilString": "HC1-7;NC1_2",
    "ConsistencyInfo": "N4_VE11C_LATEST_20160120",
    "ConversionSoftware": "dcm2niix",
    "ConversionSoftwareVersion": "v1.0.20190410  GCC6.3.0",
    "DerivedVendorReportedEchoSpacing": 0.000519988,
    "DeviceSerialNumber": "167001",
    "DwellTime": 2.2e-06,
    "EchoTime": 0.03,
    "EchoTrainLength": 90,
    "EffectiveEchoSpacing": 0.000519988,
    "FlipAngle": 52,
    "ImageOrientationPatientDICOM": [
      0.985914,
      0.153748,
      0.0658351,
      -0.156154,
      0.987179,
      0.0330662
    ],
    "ImageType": [
      "ORIGINAL",
      "PRIMARY",
      "M",
      "ND",
      "NORM",
      "MOSAIC"
    ],
    "ImagingFrequency": 123.229,
    "InPlanePhaseEncodingDirectionDICOM": "COL",
    "InstitutionAddress": "Cooper_60_St._Lucia_QLD_AU_4072",
    "InstitutionName": "St_Lucia_Campus",
    "InstitutionalDepartmentName": "Gehrmann_Labs_MRI",
    "MRAcquisitionType": "2D",
    "MagneticFieldStrength": 3,
    "Manufacturer": "Siemens",
    "ManufacturersModelName": "Prisma_fit",
    "Modality": "MR",
    "MultibandAccelerationFactor": 6,
    "PartialFourier": 1,
    "PatientPosition": "HFS",
    "PercentPhaseFOV": 100,
    "PhaseEncodingDirection": "j-",
    "PhaseEncodingSteps": 90,
    "PhaseResolution": 1,
    "PixelBandwidth": 2525,
    "ProcedureStepDescription": "Research_16092_QTAB",
    "ProtocolName": "PARTLY_CLOUDY_mb6_2.4",
    "PulseSequenceDetails": "%SiemensSeq%_ep2d_bold",
    "ReceiveCoilActiveElements": "HC1-7;NC1,2",
    "ReceiveCoilName": "HeadNeck_64",
    "ReconMatrixPE": 90,
    "RefLinesPE": 12,
    "RepetitionTime": 0.8,
    "SAR": 0.0666768,
    "ScanOptions": "FS",
    "ScanningSequence": "EP",
    "SequenceName": "_epfid2d1_90",
    "SequenceVariant": "SK",
    "SeriesDescription": "PARTLY_CLOUDY_mb6_2.4",
    "SeriesNumber": 31,
    "ShimSetting": [
      3057,
      -4160,
      -833,
      554,
      -35,
      5,
      -42,
      42
    ],
    "SliceThickness": 2.4,
    "SliceTiming": [
      0.545,
      0,
      0.39,
      0.0775,
      0.4675,
      0.235,
      0.625,
      0.3125,
      0.7025,
      0.155,
      0.545,
      0,
      0.39,
      0.0775,
      0.4675,
      0.235,
      0.625,
      0.3125,
      0.7025,
      0.155,
      0.545,
      0,
      0.39,
      0.0775,
      0.4675,
      0.235,
      0.625,
      0.3125,
      0.7025,
      0.155,
      0.545,
      0,
      0.39,
      0.0775,
      0.4675,
      0.235,
      0.625,
      0.3125,
      0.7025,
      0.155,
      0.545,
      0,
      0.39,
      0.0775,
      0.4675,
      0.235,
      0.625,
      0.3125,
      0.7025,
      0.155,
      0.545,
      0,
      0.39,
      0.0775,
      0.4675,
      0.235,
      0.625,
      0.3125,
      0.7025,
      0.155
    ],
    "SoftwareVersions": "syngo_MR_E11",
    "SpacingBetweenSlices": 2.4,
    "StationName": "mrc_Trio",
    "TaskName": "partlycloudy",
    "TotalReadoutTime": 0.046279,
    "TxRefAmp": 208.434,
    "dataset": "ds004146",
    "modality": "bold",
    "session_id": "02",
    "subject_id": "0369",
    "task_id": "partlycloudy"
  },
  "dummy_trs": 0,
  "dvars_nstd": 28.87112433295513,
  "dvars_std": 1.1364420363060694,
  "dvars_vstd": 1.0136157518205806,
  "efc": 0.44813316048615115,
  "fber": 7990.32080078125,
  "fd_mean": 0.10473438621858228,
  "fd_num": 19,
  "fd_perc": 5.0,
  "fwhm_avg": 1.9407554784368617,
  "fwhm_x": 1.8362957603654957,
  "fwhm_y": 2.0590540848472085,
  "fwhm_z": 1.9269165900978809,
  "gcor": 0.0265085,
  "gsr_x": -0.015117652714252472,
  "gsr_y": 0.026269717141985893,
  "provenance": {
    "md5sum": "7f41060532a3adf076302830ae713f15",
    "settings": {
      "fd_thres": 0.2,
      "testing": false
    },
    "software": "mriqc",
    "version": "23.0.1",
    "webapi_port": null,
    "webapi_url": "https://mriqc.nimh.nih.gov/api/v1"
  },
  "size_t": 380,
  "size_x": 90,
  "size_y": 90,
  "size_z": 60,
  "snr": 6.648460931286816,
  "spacing_tr": 0.800000011920929,
  "spacing_x": 2.4000000953674316,
  "spacing_y": 2.4000000953674316,
  "spacing_z": 2.4000000953674316,
  "summary_bg_k": 27.819760002471707,
  "summary_bg_mad": 5.13448628101102,
  "summary_bg_mean": 21.495759963989258,
  "summary_bg_median": 7.015789985656738,
  "summary_bg_n": 347047.0,
  "summary_bg_p05": 2.760526418685913,
  "summary_bg_p95": 93.76500320434573,
  "summary_bg_stdv": 43.497962951660156,
  "summary_fg_k": 0.9570925533768464,
  "summary_fg_mad": 97.59040882328354,
  "summary_fg_mean": 628.094970703125,
  "summary_fg_median": 628.502685546875,
  "summary_fg_n": 72141.0,
  "summary_fg_p05": 485.12896728515625,
  "summary_fg_p95": 778.62109375,
  "summary_fg_stdv": 94.53290557861328,
  "tsnr": 50.06658736965619
}