{
  "aor": 0.0007427272727272726,
  "aqi": 0.016040572428229666,
  "bids_meta": {
    "AcquisitionMatrixPE": 90,
    "AcquisitionNumber": 1,
    "AcquisitionTime": "16:34:56.510000",
    "BandwidthPerPixelPhaseEncode": 21.368,
    "BaseResolution": 90,
    "BodyPartExamined": "BRAIN",
    "CoilString": "HC1-7;NC1_2",
    "ConsistencyInfo": "N4_VE11C_LATEST_20160120",
    "ConversionSoftware": "dcm2niix",
    "ConversionSoftwareVersion": "v1.0.20190410  GCC6.3.0",
    "DelayTime": 0.001,
    "DerivedVendorReportedEchoSpacing": 0.000519988,
    "DeviceSerialNumber": "167001",
    "DwellTime": 2.2e-06,
    "EchoTime": 0.03,
    "EchoTrainLength": 90,
    "EffectiveEchoSpacing": 0.000519988,
    "FlipAngle": 52,
    "ImageOrientationPatientDICOM": [
      0.996769,
      -0.068321,
      0.0422293,
      0.0791477,
      0.924965,
      -0.371718
    ],
    "ImageType": [
      "ORIGINAL",
      "PRIMARY",
      "M",
      "ND",
      "NORM",
      "MOSAIC"
    ],
    "ImagingFrequency": 123.229,
    "InPlanePhaseEncodingDirectionDICOM": "COL",
    "InstitutionAddress": "Cooper_60_St._Lucia_QLD_AU_4072",
    "InstitutionName": "St_Lucia_Campus",
    "InstitutionalDepartmentName": "Gehrmann_Labs_MRI",
    "MRAcquisitionType": "2D",
    "MagneticFieldStrength": 3,
    "Manufacturer": "Siemens",
    "ManufacturersModelName": "Prisma_fit",
    "Modality": "MR",
    "MultibandAccelerationFactor": 6,
    "PartialFourier": 1,
    "PatientPosition": "HFS",
    "PercentPhaseFOV": 100,
    "PhaseEncodingDirection": "j-",
    "PhaseEncodingSteps": 90,
    "PhaseResolution": 1,
    "PixelBandwidth": 2525,
    "ProcedureStepDescription": "Research_16092_QTAB",
    "ProtocolName": "EMOT_TASK_mb6_2.4",
    "PulseSequenceDetails": "%SiemensSeq%_ep2d_bold",
    "ReceiveCoilActiveElements": "HC1-7;NC1,2",
    "ReceiveCoilName": "HeadNeck_64",
    "ReconMatrixPE": 90,
    "RefLinesPE": 12,
    "RepetitionTime": 0.8,
    "SAR": 0.0558982,
    "ScanOptions": "FS",
    "ScanningSequence": "EP",
    "SequenceName": "_epfid2d1_90",
    "SequenceVariant": "SK",
    "SeriesDescription": "EMOT_TASK_mb6_2.4",
    "SeriesNumber": 20,
    "ShimSetting": [
      3049,
      -4159,
      -755,
      328,
      -32,
      -181,
      -100,
      -13
    ],
    "SliceThickness": 2.4,
    "SliceTiming": [
      0.545,
      0,
      0.39,
      0.0775,
      0.4675,
      0.2325,
      0.6225,
      0.31,
      0.7,
      0.155,
      0.545,
      0,
      0.39,
      0.0775,
      0.4675,
      0.2325,
      0.6225,
      0.31,
      0.7,
      0.155,
      0.545,
      0,
      0.39,
      0.0775,
      0.4675,
      0.2325,
      0.6225,
      0.31,
      0.7,
      0.155,
      0.545,
      0,
      0.39,
      0.0775,
      0.4675,
      0.2325,
      0.6225,
      0.31,
      0.7,
      0.155,
      0.545,
      0,
      0.39,
      0.0775,
      0.4675,
      0.2325,
      0.6225,
      0.31,
      0.7,
      0.155,
      0.545,
      0,
      0.39,
      0.0775,
      0.4675,
      0.2325,
      0.6225,
      0.31,
      0.7,
      0.155
    ],
    "SoftwareVersions": "syngo_MR_E11",
    "SpacingBetweenSlices": 2.4,
    "StationName": "mrc_Trio",
    "TaskName": "emotionalconflict",
    "TotalReadoutTime": 0.046279,
    "TxRefAmp": 213.245,
    "dataset": "ds004146",
    "modality": "bold",
    "session_id": "02",
    "subject_id": "0182",
    "task_id": "emotionalconflict"
  },
  "dummy_trs": 1,
  "dvars_nstd": 33.002268310479046,
  "dvars_std": 1.2002371559640708,
  "dvars_vstd": 1.0131740778562872,
  "efc": 0.5001865966617646,
  "fber": 5088.65283203125,
  "fd_mean": 0.15831045926494067,
  "fd_num": 248,
  "fd_perc": 29.66507177033493,
  "fwhm_avg": 1.82796804333153,
  "fwhm_x": 1.7305790978996316,
  "fwhm_y": 1.928916590018408,
  "fwhm_z": 1.8244084420765505,
  "gcor": 0.0158286,
  "gsr_x": -0.022070646286010742,
  "gsr_y": 0.03736758604645729,
  "provenance": {
    "md5sum": "02d7f07faa6d4d6517742aa54fbc93c7",
    "settings": {
      "fd_thres": 0.2,
      "testing": false
    },
    "software": "mriqc",
    "version": "23.0.1",
    "webapi_port": null,
    "webapi_url": "https://mriqc.nimh.nih.gov/api/v1"
  },
  "size_t": 836,
  "size_x": 90,
  "size_y": 90,
  "size_z": 60,
  "snr": 6.788507040926768,
  "spacing_tr": 0.800000011920929,
  "spacing_x": 2.4000000953674316,
  "spacing_y": 2.4000000953674316,
  "spacing_z": 2.3999998569488525,
  "summary_bg_k": 22.01831321795279,
  "summary_bg_mad": 8.00888915111446,
  "summary_bg_mean": 30.48775291442871,
  "summary_bg_median": 9.501195907592773,
  "summary_bg_n": 324599.0,
  "summary_bg_p05": 3.2428228855133057,
  "summary_bg_p95": 137.25895996093737,
  "summary_bg_stdv": 59.85521697998047,
  "summary_fg_k": 1.226345111430823,
  "summary_fg_mad": 101.90582735345404,
  "summary_fg_mean": 692.6124267578125,
  "summary_fg_median": 691.9246215820312,
  "summary_fg_n": 89967.0,
  "summary_fg_p05": 534.9809631347656,
  "summary_fg_p95": 854.2468444824219,
  "summary_fg_stdv": 101.92532348632812,
  "tsnr": 44.14926020940766
}