{
  "aor": 0.0009329287598944591,
  "aqi": 0.013298110554089708,
  "bids_meta": {
    "AcquisitionMatrixPE": 90,
    "AcquisitionNumber": 1,
    "AcquisitionTime": "16:27:12.510000",
    "BandwidthPerPixelPhaseEncode": 21.368,
    "BaseResolution": 90,
    "BodyPartExamined": "BRAIN",
    "CoilString": "HC1-7;NC1_2",
    "ConsistencyInfo": "N4_VE11C_LATEST_20160120",
    "ConversionSoftware": "dcm2niix",
    "ConversionSoftwareVersion": "v1.0.20190410  GCC6.3.0",
    "DerivedVendorReportedEchoSpacing": 0.000519988,
    "DeviceSerialNumber": "167001",
    "DwellTime": 2.2e-06,
    "EchoTime": 0.03,
    "EchoTrainLength": 90,
    "EffectiveEchoSpacing": 0.000519988,
    "FlipAngle": 52,
    "ImageOrientationPatientDICOM": [
      0.996769,
      -0.068321,
      0.0422293,
      0.0791477,
      0.924965,
      -0.371718
    ],
    "ImageType": [
      "ORIGINAL",
      "PRIMARY",
      "M",
      "ND",
      "NORM",
      "MOSAIC"
    ],
    "ImagingFrequency": 123.229,
    "InPlanePhaseEncodingDirectionDICOM": "COL",
    "InstitutionAddress": "Cooper_60_St._Lucia_QLD_AU_4072",
    "InstitutionName": "St_Lucia_Campus",
    "InstitutionalDepartmentName": "Gehrmann_Labs_MRI",
    "MRAcquisitionType": "2D",
    "MagneticFieldStrength": 3,
    "Manufacturer": "Siemens",
    "ManufacturersModelName": "Prisma_fit",
    "Modality": "MR",
    "MultibandAccelerationFactor": 6,
    "PartialFourier": 1,
    "PatientPosition": "HFS",
    "PercentPhaseFOV": 100,
    "PhaseEncodingDirection": "j-",
    "PhaseEncodingSteps": 90,
    "PhaseResolution": 1,
    "PixelBandwidth": 2525,
    "ProcedureStepDescription": "Research_16092_QTAB",
    "ProtocolName": "PARTLY_CLOUDY_mb6_2.4",
    "PulseSequenceDetails": "%SiemensSeq%_ep2d_bold",
    "ReceiveCoilActiveElements": "HC1-7;NC1,2",
    "ReceiveCoilName": "HeadNeck_64",
    "ReconMatrixPE": 90,
    "RefLinesPE": 12,
    "RepetitionTime": 0.8,
    "SAR": 0.0556645,
    "ScanOptions": "FS",
    "ScanningSequence": "EP",
    "SequenceName": "_epfid2d1_90",
    "SequenceVariant": "SK",
    "SeriesDescription": "PARTLY_CLOUDY_mb6_2.4",
    "SeriesNumber": 19,
    "ShimSetting": [
      3049,
      -4159,
      -755,
      328,
      -32,
      -181,
      -100,
      -13
    ],
    "SliceThickness": 2.4,
    "SliceTiming": [
      0.5475,
      0,
      0.39,
      0.0775,
      0.4675,
      0.235,
      0.625,
      0.3125,
      0.7025,
      0.1575,
      0.5475,
      0,
      0.39,
      0.0775,
      0.4675,
      0.235,
      0.625,
      0.3125,
      0.7025,
      0.1575,
      0.5475,
      0,
      0.39,
      0.0775,
      0.4675,
      0.235,
      0.625,
      0.3125,
      0.7025,
      0.1575,
      0.5475,
      0,
      0.39,
      0.0775,
      0.4675,
      0.235,
      0.625,
      0.3125,
      0.7025,
      0.1575,
      0.5475,
      0,
      0.39,
      0.0775,
      0.4675,
      0.235,
      0.625,
      0.3125,
      0.7025,
      0.1575,
      0.5475,
      0,
      0.39,
      0.0775,
      0.4675,
      0.235,
      0.625,
      0.3125,
      0.7025,
      0.1575
    ],
    "SoftwareVersions": "syngo_MR_E11",
    "SpacingBetweenSlices": 2.4,
    "StationName": "mrc_Trio",
    "TaskName": "partlycloudy",
    "TotalReadoutTime": 0.046279,
    "TxRefAmp": 213.245,
    "dataset": "ds004146",
    "modality": "bold",
    "session_id": "02",
    "subject_id": "0182",
    "task_id": "partlycloudy"
  },
  "dummy_trs": 1,
  "dvars_nstd": 37.665926832486775,
  "dvars_std": 1.2756961781746035,
  "dvars_vstd": 1.0134751870634926,
  "efc": 0.4995093470222841,
  "fber": 5034.3779296875,
  "fd_mean": 0.18097811817006768,
  "fd_num": 154,
  "fd_perc": 40.63324538258575,
  "fwhm_avg": 1.8051360992213408,
  "fwhm_x": 1.7074040988205232,
  "fwhm_y": 1.9008999244650238,
  "fwhm_z": 1.8071042743784749,
  "gcor": 0.0132001,
  "gsr_x": -0.022741341963410378,
  "gsr_y": 0.03582744672894478,
  "provenance": {
    "md5sum": "663610e647d1e60a8b58bf8a896920aa",
    "settings": {
      "fd_thres": 0.2,
      "testing": false
    },
    "software": "mriqc",
    "version": "23.0.1",
    "webapi_port": null,
    "webapi_url": "https://mriqc.nimh.nih.gov/api/v1"
  },
  "size_t": 379,
  "size_x": 90,
  "size_y": 90,
  "size_z": 60,
  "snr": 6.7454306651344105,
  "spacing_tr": 0.800000011920929,
  "spacing_x": 2.4000000953674316,
  "spacing_y": 2.4000000953674316,
  "spacing_z": 2.3999998569488525,
  "summary_bg_k": 21.11842602354757,
  "summary_bg_mad": 8.023264472269576,
  "summary_bg_mean": 30.569719314575195,
  "summary_bg_median": 9.540897369384766,
  "summary_bg_n": 325208.0,
  "summary_bg_p05": 3.250659704208374,
  "summary_bg_p95": 139.16358947753906,
  "summary_bg_stdv": 60.12248611450195,
  "summary_fg_k": 1.0360423103622463,
  "summary_fg_mad": 102.31520799533145,
  "summary_fg_mean": 691.27978515625,
  "summary_fg_median": 690.6253662109375,
  "summary_fg_n": 89669.0,
  "summary_fg_p05": 532.3557006835938,
  "summary_fg_p95": 853.7362060546875,
  "summary_fg_stdv": 102.38360595703125,
  "tsnr": 49.67365305125713
}