{
  "bids_meta": {
    "AcquisitionMatrixPE": 256,
    "AcquisitionNumber": 1,
    "AcquisitionTime": "12:25:18.167500",
    "BaseResolution": 256,
    "BodyPartExamined": "BRAIN",
    "CoilString": "HC1-7;NC1_2",
    "ConsistencyInfo": "N4_VE11C_LATEST_20160120",
    "ConversionSoftware": "dcm2niix",
    "ConversionSoftwareVersion": "v1.0.20190410  GCC6.3.0",
    "DeviceSerialNumber": "167001",
    "DwellTime": 2.6e-06,
    "EchoTime": 0.408,
    "EchoTrainLength": 259,
    "FlipAngle": 120,
    "ImageOrientationPatientDICOM": [
      -0.013136,
      0.999911,
      0.00226832,
      0.0236603,
      0.0025787,
      -0.999717
    ],
    "ImageType": [
      "ORIGINAL",
      "PRIMARY",
      "M",
      "ND",
      "NORM"
    ],
    "ImagingFrequency": 123.229,
    "InPlanePhaseEncodingDirectionDICOM": "ROW",
    "InstitutionAddress": "Cooper_60_St._Lucia_QLD_AU_4072",
    "InstitutionName": "St_Lucia_Campus",
    "InstitutionalDepartmentName": "Gehrmann_Labs_MRI",
    "MRAcquisitionType": "3D",
    "MagneticFieldStrength": 3,
    "Manufacturer": "Siemens",
    "ManufacturersModelName": "Prisma_fit",
    "Modality": "MR",
    "PartialFourier": 1,
    "PatientPosition": "HFS",
    "PercentPhaseFOV": 100,
    "PhaseEncodingSteps": 233,
    "PhaseResolution": 1,
    "PixelBandwidth": 750,
    "ProcedureStepDescription": "Research_16092_QTAB",
    "ProtocolName": "t2_spc_sag_p2_iso",
    "PulseSequenceDetails": "%SiemensSeq%_tse_vfl",
    "ReceiveCoilActiveElements": "HC1-7;NC1,2",
    "ReceiveCoilName": "HeadNeck_64",
    "ReconMatrixPE": 256,
    "RefLinesPE": 24,
    "RepetitionTime": 3.2,
    "SAR": 0.205142,
    "ScanOptions": "PFP",
    "ScanningSequence": "SE",
    "SequenceName": "_spcR_282ns",
    "SequenceVariant": "SK_SP",
    "SeriesDescription": "t2_spc_sag_p2_iso",
    "SeriesNumber": 32,
    "ShimSetting": [
      3037,
      -4198,
      -842,
      -77,
      -22,
      -145,
      65,
      -72
    ],
    "SliceThickness": 1,
    "SoftwareVersions": "syngo_MR_E11",
    "StationName": "mrc_Trio",
    "TxRefAmp": 213.794,
    "dataset": "ds004146",
    "modality": "T2w",
    "session_id": "02",
    "subject_id": "0263"
  },
  "cjv": 1.1469055154405412,
  "cnr": 1.1472995537472381,
  "efc": 0.5964240062284455,
  "fber": -1.0,
  "fwhm_avg": 4.288304102765957,
  "fwhm_x": 4.481637433218398,
  "fwhm_y": 4.535174932420627,
  "fwhm_z": 3.8480999426588425,
  "icvs_csf": 0.4868552116407382,
  "icvs_gm": 0.13968210836215797,
  "icvs_wm": 0.3734626799971038,
  "inu_med": 1.0330500602722168,
  "inu_range": 0.3026557356119156,
  "provenance": {
    "md5sum": "531103ba516a8d499a3c2ae8830bafd0",
    "settings": {
      "testing": false
    },
    "software": "mriqc",
    "version": "23.0.1",
    "warnings": {
      "large_rot_frame": true,
      "small_air_mask": false
    },
    "webapi_port": null,
    "webapi_url": "https://mriqc.nimh.nih.gov/api/v1"
  },
  "qi_1": 0.0,
  "qi_2": 0.017985963401850304,
  "rpve_csf": 10.335347209662041,
  "rpve_gm": 31.72183654722755,
  "rpve_wm": 13.276093456974388,
  "size_x": 192,
  "size_y": 300,
  "size_z": 320,
  "snr_csf": 17.59763503758429,
  "snr_gm": 1.6834083566226066,
  "snr_total": 10.95116687678542,
  "snr_wm": 13.57245723614936,
  "snrd_csf": 83.50676291821036,
  "snrd_gm": 179.66730518831574,
  "snrd_total": 106.76511034963607,
  "snrd_wm": 57.121262942382124,
  "spacing_x": 0.800000011920929,
  "spacing_y": 0.800000011920929,
  "spacing_z": 0.800000011920929,
  "summary_bg_k": 4.998965072348656,
  "summary_bg_mad": 0.0,
  "summary_bg_mean": 6.680056174654481,
  "summary_bg_median": 0.0,
  "summary_bg_n": 2001143.0,
  "summary_bg_p05": 0.0,
  "summary_bg_p95": 32.095021560788155,
  "summary_bg_stdv": 11.468255075526905,
  "summary_csf_k": 0.34772317204914005,
  "summary_csf_mad": 80.55584477430767,
  "summary_csf_mean": 1467.7223532343694,
  "summary_csf_median": 1461.7976617962122,
  "summary_csf_n": 176322.0,
  "summary_csf_p05": 1342.6838547438383,
  "summary_csf_p95": 1612.5010569989681,
  "summary_csf_stdv": 83.06761183636068,
  "summary_gm_k": -1.4326305970363098,
  "summary_gm_mad": 2383.76609501523,
  "summary_gm_mean": 2802.81402778025,
  "summary_gm_median": 3145.1015157029033,
  "summary_gm_n": 81168.0,
  "summary_gm_p05": 63.43189300596714,
  "summary_gm_p95": 5054.502581864595,
  "summary_gm_stdv": 1868.28236253349,
  "summary_wm_k": -0.21977168340027076,
  "summary_wm_mad": 76.55927573124124,
  "summary_wm_mean": 999.9679065611311,
  "summary_wm_median": 999.9157635867596,
  "summary_wm_n": 250447.0,
  "summary_wm_p05": 880.0438064187765,
  "summary_wm_p95": 1120.6301097720861,
  "summary_wm_stdv": 73.67227245036743,
  "tpm_overlap_csf": 0.10478585154594394,
  "tpm_overlap_gm": 0.08982242407182232,
  "tpm_overlap_wm": 0.4281776851617047,
  "wm2max": 0.203556666579004
}