{
  "bids_meta": {
    "AcquisitionMatrixPE": 256,
    "AcquisitionNumber": 1,
    "AcquisitionTime": "10:34:53.950000",
    "BaseResolution": 256,
    "BodyPartExamined": "BRAIN",
    "ConsistencyInfo": "N4_VE11C_LATEST_20160120",
    "ConversionSoftware": "dcm2niix",
    "ConversionSoftwareVersion": "v1.0.20171215 GCC6.3.0",
    "DeviceSerialNumber": "167001",
    "DwellTime": 2.6e-06,
    "EchoTime": 0.408,
    "EchoTrainLength": 259,
    "FlipAngle": 120,
    "ImageOrientationPatientDICOM": [
      -0.0137661,
      0.999905,
      5.47335e-08,
      -0.0252673,
      -0.000347812,
      -0.999681
    ],
    "ImageType": [
      "ORIGINAL",
      "PRIMARY",
      "M",
      "ND",
      "NORM"
    ],
    "InPlanePhaseEncodingDirectionDICOM": "ROW",
    "InstitutionAddress": "Cooper_60_St._Lucia_QLD_AU_4072",
    "InstitutionName": "St_Lucia_Campus",
    "InstitutionalDepartmentName": "Gehrmann_Labs_MRI",
    "MRAcquisitionType": "3D",
    "MagneticFieldStrength": 3,
    "Manufacturer": "Siemens",
    "ManufacturersModelName": "Prisma_fit",
    "Modality": "MR",
    "ParallelReductionFactorInPlane": 2,
    "PartialFourier": 1,
    "PatientPosition": "HFS",
    "PercentPhaseFOV": 100,
    "PhaseEncodingSteps": 233,
    "PhaseResolution": 1,
    "PixelBandwidth": 750,
    "ProcedureStepDescription": "Research_16092_QTAB",
    "ProtocolName": "t2_spc_sag_p2_iso",
    "PulseSequenceDetails": "%SiemensSeq%_tse_vfl",
    "ReceiveCoilActiveElements": "HC1-7;NC1",
    "ReceiveCoilName": "HeadNeck_64",
    "ReconMatrixPE": 256,
    "RepetitionTime": 3.2,
    "SAR": 0.154249,
    "ScanOptions": "PFP",
    "ScanningSequence": "SE",
    "SequenceName": "_spcR_282ns",
    "SequenceVariant": "SK_SP",
    "SeriesDescription": "t2_spc_sag_p2_iso",
    "SeriesNumber": 19,
    "ShimSetting": [
      3044,
      -4172,
      -1039,
      -11,
      -3,
      35,
      -21,
      -13
    ],
    "SliceThickness": 1,
    "SoftwareVersions": "syngo_MR_E11",
    "StationName": "mrc_Trio",
    "TxRefAmp": 213.23,
    "dataset": "ds004146",
    "modality": "T2w",
    "session_id": "01",
    "subject_id": "0063"
  },
  "cjv": 1.1031740960987273,
  "cnr": 1.1276527772393776,
  "efc": 0.6448846008501797,
  "fber": -1.0,
  "fwhm_avg": 4.287491711509668,
  "fwhm_x": 4.378112760955855,
  "fwhm_y": 4.6377624308919545,
  "fwhm_z": 3.8465999426811943,
  "icvs_csf": 0.509437332184608,
  "icvs_gm": 0.10867668335772125,
  "icvs_wm": 0.3818859844576708,
  "inu_med": 1.0355294346809387,
  "inu_range": 0.2865326851606369,
  "provenance": {
    "md5sum": "08e03a534360c1ed667b4f12e8999e52",
    "settings": {
      "testing": false
    },
    "software": "mriqc",
    "version": "23.0.1",
    "warnings": {
      "large_rot_frame": true,
      "small_air_mask": false
    },
    "webapi_port": null,
    "webapi_url": "https://mriqc.nimh.nih.gov/api/v1"
  },
  "qi_1": 0.09957112486090243,
  "qi_2": 0.029135038137405866,
  "rpve_csf": 8.142974143921332,
  "rpve_gm": 31.79459219489186,
  "rpve_wm": 10.689498337519689,
  "size_x": 192,
  "size_y": 300,
  "size_z": 320,
  "snr_csf": 17.9473853032625,
  "snr_gm": 1.658879407085857,
  "snr_total": 10.747522609060823,
  "snr_wm": 12.636303116834114,
  "snrd_csf": 153.21310437661649,
  "snrd_gm": 316.2777385089641,
  "snrd_total": 190.19470361542025,
  "snrd_wm": 101.09326796068015,
  "spacing_x": 0.7999999523162842,
  "spacing_y": 0.800000011920929,
  "spacing_z": 0.800000011920929,
  "summary_bg_k": 14.826198112898524,
  "summary_bg_mad": 0.0,
  "summary_bg_mean": 2.1768484079738486,
  "summary_bg_median": 0.0,
  "summary_bg_n": 1049498.0,
  "summary_bg_p05": 0.0,
  "summary_bg_p95": 16.075388684868813,
  "summary_bg_stdv": 6.480001689283716,
  "summary_csf_k": 0.19315056331431313,
  "summary_csf_mad": 83.82784505543752,
  "summary_csf_mean": 1518.5404423564028,
  "summary_csf_median": 1515.4419372528791,
  "summary_csf_n": 351311.0,
  "summary_csf_p05": 1385.9677475988865,
  "summary_csf_p95": 1660.3580027371645,
  "summary_csf_stdv": 84.4379142034529,
  "summary_gm_k": -1.6266790703998288,
  "summary_gm_mad": 2266.5217770241197,
  "summary_gm_mean": 2590.2761988212346,
  "summary_gm_median": 3128.3260704502463,
  "summary_gm_n": 76316.0,
  "summary_gm_p05": 51.71048675477505,
  "summary_gm_p95": 4823.962820276618,
  "summary_gm_stdv": 1885.7944472321183,
  "summary_wm_k": -0.20224956756399814,
  "summary_wm_mad": 81.47972614632162,
  "summary_wm_mean": 1001.7887696237474,
  "summary_wm_median": 999.920851841569,
  "summary_wm_n": 463670.0,
  "summary_wm_p05": 875.1188194900751,
  "summary_wm_p95": 1134.4631443321705,
  "summary_wm_stdv": 79.13072077553305,
  "tpm_overlap_csf": 0.10349242050803023,
  "tpm_overlap_gm": 0.06736785038448832,
  "tpm_overlap_wm": 0.463987492209676,
  "wm2max": 0.21322548326359855
}