{
  "aor": 0.007622865707434053,
  "aqi": 0.04214912146282974,
  "bids_meta": {
    "AcquisitionMatrixPE": 90,
    "AcquisitionNumber": 1,
    "AcquisitionTime": "16:00:21.670000",
    "BandwidthPerPixelPhaseEncode": 21.368,
    "BaseResolution": 90,
    "BodyPartExamined": "BRAIN",
    "CoilString": "HC1-7;NC1_2",
    "ConsistencyInfo": "N4_VE11C_LATEST_20160120",
    "ConversionSoftware": "dcm2niix",
    "ConversionSoftwareVersion": "v1.0.20190410  GCC6.3.0",
    "DelayTime": 0.001,
    "DerivedVendorReportedEchoSpacing": 0.000519988,
    "DeviceSerialNumber": "167001",
    "DwellTime": 2.2e-06,
    "EchoTime": 0.03,
    "EchoTrainLength": 90,
    "EffectiveEchoSpacing": 0.000519988,
    "FlipAngle": 52,
    "ImageOrientationPatientDICOM": [
      0.997435,
      -0.0701488,
      0.0142454,
      0.071497,
      0.98596,
      -0.150899
    ],
    "ImageType": [
      "ORIGINAL",
      "PRIMARY",
      "M",
      "ND",
      "NORM",
      "MOSAIC"
    ],
    "ImagingFrequency": 123.229,
    "InPlanePhaseEncodingDirectionDICOM": "COL",
    "InstitutionAddress": "Cooper_60_St._Lucia_QLD_AU_4072",
    "InstitutionName": "St_Lucia_Campus",
    "InstitutionalDepartmentName": "Gehrmann_Labs_MRI",
    "MRAcquisitionType": "2D",
    "MagneticFieldStrength": 3,
    "Manufacturer": "Siemens",
    "ManufacturersModelName": "Prisma_fit",
    "Modality": "MR",
    "MultibandAccelerationFactor": 6,
    "PartialFourier": 1,
    "PatientPosition": "HFS",
    "PercentPhaseFOV": 100,
    "PhaseEncodingDirection": "j-",
    "PhaseEncodingSteps": 90,
    "PhaseResolution": 1,
    "PixelBandwidth": 2525,
    "ProcedureStepDescription": "Research_16092_QTAB",
    "ProtocolName": "EMOT_TASK_mb6_2.4",
    "PulseSequenceDetails": "%SiemensSeq%_ep2d_bold",
    "ReceiveCoilActiveElements": "HC1-7;NC1,2",
    "ReceiveCoilName": "HeadNeck_64",
    "ReconMatrixPE": 90,
    "RefLinesPE": 12,
    "RepetitionTime": 0.8,
    "SAR": 0.0553646,
    "ScanOptions": "FS",
    "ScanningSequence": "EP",
    "SequenceName": "_epfid2d1_90",
    "SequenceVariant": "SK",
    "SeriesDescription": "EMOT_TASK_mb6_2.4",
    "SeriesNumber": 20,
    "ShimSetting": [
      3058,
      -4146,
      -800,
      388,
      6,
      -79,
      -34,
      -26
    ],
    "SliceThickness": 2.4,
    "SliceTiming": [
      0.5475,
      0,
      0.39,
      0.08,
      0.4675,
      0.235,
      0.625,
      0.3125,
      0.7025,
      0.1575,
      0.5475,
      0,
      0.39,
      0.08,
      0.4675,
      0.235,
      0.625,
      0.3125,
      0.7025,
      0.1575,
      0.5475,
      0,
      0.39,
      0.08,
      0.4675,
      0.235,
      0.625,
      0.3125,
      0.7025,
      0.1575,
      0.5475,
      0,
      0.39,
      0.08,
      0.4675,
      0.235,
      0.625,
      0.3125,
      0.7025,
      0.1575,
      0.5475,
      0,
      0.39,
      0.08,
      0.4675,
      0.235,
      0.625,
      0.3125,
      0.7025,
      0.1575,
      0.5475,
      0,
      0.39,
      0.08,
      0.4675,
      0.235,
      0.625,
      0.3125,
      0.7025,
      0.1575
    ],
    "SoftwareVersions": "syngo_MR_E11",
    "SpacingBetweenSlices": 2.4,
    "StationName": "mrc_Trio",
    "TaskName": "emotionalconflict",
    "TotalReadoutTime": 0.046279,
    "TxRefAmp": 230.806,
    "dataset": "ds004146",
    "modality": "bold",
    "session_id": "02",
    "subject_id": "0268",
    "task_id": "emotionalconflict"
  },
  "dummy_trs": 3,
  "dvars_nstd": 44.29590497236495,
  "dvars_std": 1.0739662532292917,
  "dvars_vstd": 0.9917827326770713,
  "efc": 0.5047562798977789,
  "fber": 6555.8310546875,
  "fd_mean": 0.5512796892322755,
  "fd_num": 538,
  "fd_perc": 64.5083932853717,
  "fwhm_avg": 1.975547143721032,
  "fwhm_x": 1.8057415949129425,
  "fwhm_y": 2.1922290795553097,
  "fwhm_z": 1.928670756694843,
  "gcor": 0.0449454,
  "gsr_x": -0.020850270986557007,
  "gsr_y": 0.05901223421096802,
  "provenance": {
    "md5sum": "00e6c6cb9ad00f63716dfc7bb4e2cc56",
    "settings": {
      "fd_thres": 0.2,
      "testing": false
    },
    "software": "mriqc",
    "version": "23.0.1",
    "webapi_port": null,
    "webapi_url": "https://mriqc.nimh.nih.gov/api/v1"
  },
  "size_t": 834,
  "size_x": 90,
  "size_y": 90,
  "size_z": 60,
  "snr": 6.680431102096211,
  "spacing_tr": 0.800000011920929,
  "spacing_x": 2.4000000953674316,
  "spacing_y": 2.4000000953674316,
  "spacing_z": 2.4000000953674316,
  "summary_bg_k": 25.589413940513566,
  "summary_bg_mad": 6.773038535511007,
  "summary_bg_mean": 28.173372268676758,
  "summary_bg_median": 8.878896713256836,
  "summary_bg_n": 318471.0,
  "summary_bg_p05": 3.59592342376709,
  "summary_bg_p95": 114.68345642089844,
  "summary_bg_stdv": 52.158878326416016,
  "summary_fg_k": 1.8737729860080066,
  "summary_fg_mad": 102.09513422852203,
  "summary_fg_mean": 735.96533203125,
  "summary_fg_median": 733.3369750976562,
  "summary_fg_n": 95151.0,
  "summary_fg_p05": 575.2308349609375,
  "summary_fg_p95": 916.6282958984375,
  "summary_fg_stdv": 109.77332305908203,
  "tsnr": 25.84512384084519
}