{
  "bids_meta": {
    "AcquisitionMatrixPE": 256,
    "AcquisitionNumber": 1,
    "AcquisitionTime": "12:23:45.270000",
    "BaseResolution": 256,
    "BodyPartExamined": "BRAIN",
    "ConsistencyInfo": "N4_VE11C_LATEST_20160120",
    "ConversionSoftware": "dcm2niix",
    "ConversionSoftwareVersion": "v1.0.20171215 GCC6.3.0",
    "DeviceSerialNumber": "167001",
    "DwellTime": 2.6e-06,
    "EchoTime": 0.408,
    "EchoTrainLength": 259,
    "FlipAngle": 120,
    "ImageOrientationPatientDICOM": [
      -0.058398,
      0.998293,
      1.21998e-08,
      -0.0519378,
      -0.00303824,
      -0.998646
    ],
    "ImageType": [
      "ORIGINAL",
      "PRIMARY",
      "M",
      "ND",
      "NORM"
    ],
    "InPlanePhaseEncodingDirectionDICOM": "ROW",
    "InstitutionAddress": "Cooper_60_St._Lucia_QLD_AU_4072",
    "InstitutionName": "St_Lucia_Campus",
    "InstitutionalDepartmentName": "Gehrmann_Labs_MRI",
    "MRAcquisitionType": "3D",
    "MagneticFieldStrength": 3,
    "Manufacturer": "Siemens",
    "ManufacturersModelName": "Prisma_fit",
    "Modality": "MR",
    "ParallelReductionFactorInPlane": 2,
    "PartialFourier": 1,
    "PatientPosition": "HFS",
    "PercentPhaseFOV": 100,
    "PhaseEncodingSteps": 233,
    "PhaseResolution": 1,
    "PixelBandwidth": 750,
    "ProcedureStepDescription": "Research_16092_QTAB",
    "ProtocolName": "t2_spc_sag_p2_iso",
    "PulseSequenceDetails": "%SiemensSeq%_tse_vfl",
    "ReceiveCoilActiveElements": "HC1-7;NC1,2",
    "ReceiveCoilName": "HeadNeck_64",
    "ReconMatrixPE": 256,
    "RepetitionTime": 3.2,
    "SAR": 0.182085,
    "ScanOptions": "PFP",
    "ScanningSequence": "SE",
    "SequenceName": "_spcR_282ns",
    "SequenceVariant": "SK_SP",
    "SeriesDescription": "t2_spc_sag_p2_iso",
    "SeriesNumber": 19,
    "ShimSetting": [
      3045,
      -4172,
      -1048,
      3,
      -5,
      36,
      -4,
      -10
    ],
    "SliceThickness": 1,
    "SoftwareVersions": "syngo_MR_E11",
    "StationName": "mrc_Trio",
    "TxRefAmp": 218.313,
    "dataset": "ds004146",
    "modality": "T2w",
    "session_id": "01",
    "subject_id": "0294"
  },
  "cjv": 1.0683685799243623,
  "cnr": 1.1173510186041813,
  "efc": 0.6502654241133976,
  "fber": 1116.150575379262,
  "fwhm_avg": 4.489283377985104,
  "fwhm_x": 4.491487767713533,
  "fwhm_y": 4.623462431105041,
  "fwhm_z": 4.352899935136737,
  "icvs_csf": 0.34327911010407247,
  "icvs_gm": 0.5285193236335839,
  "icvs_wm": 0.12820156626234355,
  "inu_med": 1.0242425799369812,
  "inu_range": 0.5189622789621352,
  "provenance": {
    "md5sum": "946a8b3d0b0a850a3544957958cfb8f2",
    "settings": {
      "testing": false
    },
    "software": "mriqc",
    "version": "23.0.1",
    "warnings": {
      "large_rot_frame": true,
      "small_air_mask": false
    },
    "webapi_port": null,
    "webapi_url": "https://mriqc.nimh.nih.gov/api/v1"
  },
  "qi_1": 0.0016981596434138204,
  "qi_2": 0.0064343600708375685,
  "rpve_csf": 11.107779144780302,
  "rpve_gm": 8.448744538601517,
  "rpve_wm": 33.327023378926086,
  "size_x": 192,
  "size_y": 300,
  "size_z": 320,
  "snr_csf": 11.431189428035076,
  "snr_gm": 10.058920235851602,
  "snr_total": 7.761814652235018,
  "snr_wm": 1.7953342928183784,
  "snrd_csf": 24.754335913594385,
  "snrd_gm": 15.315724008528012,
  "snrd_total": 26.935121940284777,
  "snrd_wm": 40.73530589873194,
  "spacing_x": 0.7999999523162842,
  "spacing_y": 0.800000011920929,
  "spacing_z": 0.800000011920929,
  "summary_bg_k": 8.868569601635444,
  "summary_bg_mad": 0.0,
  "summary_bg_mean": 9.771489244738927,
  "summary_bg_median": 0.0,
  "summary_bg_n": 2151923.0,
  "summary_bg_p05": 0.0,
  "summary_bg_p95": 42.64228221215308,
  "summary_bg_stdv": 16.10200678819902,
  "summary_csf_k": 0.17391257602699595,
  "summary_csf_mad": 52.74796674692069,
  "summary_csf_mean": 612.0868703417898,
  "summary_csf_median": 608.4144995119423,
  "summary_csf_n": 72711.0,
  "summary_csf_p05": 531.3906310405582,
  "summary_csf_p95": 704.8652460519224,
  "summary_csf_stdv": 53.223710405814835,
  "summary_gm_k": 0.08231239329354434,
  "summary_gm_mad": 37.50215730285474,
  "summary_gm_mean": 377.4110403454657,
  "summary_gm_median": 376.43136902712286,
  "summary_gm_n": 334249.0,
  "summary_gm_p05": 317.8373980782926,
  "summary_gm_p95": 440.23812397383153,
  "summary_gm_stdv": 37.42258583429509,
  "summary_wm_k": -1.6754904165011657,
  "summary_wm_mad": 629.9771176651849,
  "summary_wm_mean": 774.7078113435582,
  "summary_wm_median": 1001.1963494941592,
  "summary_wm_n": 80263.0,
  "summary_wm_p05": 45.83546847533436,
  "summary_wm_p95": 1465.7551017597314,
  "summary_wm_stdv": 557.6622228553848,
  "tpm_overlap_csf": 0.11071652641066144,
  "tpm_overlap_gm": 0.35462176772524967,
  "tpm_overlap_wm": 0.0647897192227712,
  "wm2max": 0.7093584128842156
}