{
  "bids_meta": {
    "AcquisitionMatrixPE": 256,
    "AcquisitionNumber": 1,
    "AcquisitionTime": "12:36:47.927500",
    "BaseResolution": 256,
    "BodyPartExamined": "BRAIN",
    "ConsistencyInfo": "N4_VE11C_LATEST_20160120",
    "ConversionSoftware": "dcm2niix",
    "ConversionSoftwareVersion": "v1.0.20171215 GCC6.3.0",
    "DeviceSerialNumber": "167001",
    "DwellTime": 2.6e-06,
    "EchoTime": 0.408,
    "EchoTrainLength": 259,
    "FlipAngle": 120,
    "ImageOrientationPatientDICOM": [
      0.0366498,
      0.999328,
      -3.6316e-08,
      0.0603688,
      -0.00221403,
      -0.998174
    ],
    "ImageType": [
      "ORIGINAL",
      "PRIMARY",
      "M",
      "ND",
      "NORM"
    ],
    "InPlanePhaseEncodingDirectionDICOM": "ROW",
    "InstitutionAddress": "Cooper_60_St._Lucia_QLD_AU_4072",
    "InstitutionName": "St_Lucia_Campus",
    "InstitutionalDepartmentName": "Gehrmann_Labs_MRI",
    "MRAcquisitionType": "3D",
    "MagneticFieldStrength": 3,
    "Manufacturer": "Siemens",
    "ManufacturersModelName": "Prisma_fit",
    "Modality": "MR",
    "ParallelReductionFactorInPlane": 2,
    "PartialFourier": 1,
    "PatientPosition": "HFS",
    "PercentPhaseFOV": 100,
    "PhaseEncodingSteps": 233,
    "PhaseResolution": 1,
    "PixelBandwidth": 750,
    "ProcedureStepDescription": "Research_16092_QTAB",
    "ProtocolName": "t2_spc_sag_p2_iso",
    "PulseSequenceDetails": "%SiemensSeq%_tse_vfl",
    "ReceiveCoilActiveElements": "HC1-7;NC1",
    "ReceiveCoilName": "HeadNeck_64",
    "ReconMatrixPE": 256,
    "RepetitionTime": 3.2,
    "SAR": 0.218338,
    "ScanOptions": "PFP",
    "ScanningSequence": "SE",
    "SequenceName": "_spcR_282ns",
    "SequenceVariant": "SK_SP",
    "SeriesDescription": "t2_spc_sag_p2_iso",
    "SeriesNumber": 19,
    "ShimSetting": [
      3045,
      -4172,
      -1048,
      3,
      -5,
      36,
      -4,
      -10
    ],
    "SliceThickness": 1,
    "SoftwareVersions": "syngo_MR_E11",
    "StationName": "mrc_Trio",
    "TxRefAmp": 207.044,
    "dataset": "ds004146",
    "modality": "T2w",
    "session_id": "01",
    "subject_id": "0374"
  },
  "cjv": 1.1655523932808638,
  "cnr": 1.0820239525997963,
  "efc": 0.5976126295558267,
  "fber": 4353.521479424277,
  "fwhm_avg": 4.462862548449455,
  "fwhm_x": 4.628550275883095,
  "fwhm_y": 4.771537428898552,
  "fwhm_z": 3.988499940566719,
  "icvs_csf": 0.5131229649042418,
  "icvs_gm": 0.10731643752522996,
  "icvs_wm": 0.3795605975705283,
  "inu_med": 1.036346435546875,
  "inu_range": 0.32533698081970197,
  "provenance": {
    "md5sum": "b3744bddc8c4d093cc0a34ab146573bd",
    "settings": {
      "testing": false
    },
    "software": "mriqc",
    "version": "23.0.1",
    "warnings": {
      "large_rot_frame": true,
      "small_air_mask": false
    },
    "webapi_port": null,
    "webapi_url": "https://mriqc.nimh.nih.gov/api/v1"
  },
  "qi_1": 0.005903697055059176,
  "qi_2": 0.004407179695977596,
  "rpve_csf": 10.290046184003545,
  "rpve_gm": 41.414893641021244,
  "rpve_wm": 13.199848323474118,
  "size_x": 192,
  "size_y": 300,
  "size_z": 320,
  "snr_csf": 19.102788737619033,
  "snr_gm": 1.6747412124815229,
  "snr_total": 11.254894267334222,
  "snr_wm": 12.98715285190211,
  "snrd_csf": 46.62082829224332,
  "snrd_gm": 89.68125638315679,
  "snrd_total": 55.99258897767877,
  "snrd_wm": 31.675682257636204,
  "spacing_x": 0.7999999523162842,
  "spacing_y": 0.800000011920929,
  "spacing_z": 0.800000011920929,
  "summary_bg_k": 14.831065432889073,
  "summary_bg_mad": 0.0,
  "summary_bg_mean": 9.723222184446398,
  "summary_bg_median": 0.0,
  "summary_bg_n": 1840409.0,
  "summary_bg_p05": 0.0,
  "summary_bg_p95": 50.53520844876766,
  "summary_bg_stdv": 20.68112396272067,
  "summary_csf_k": 0.09109316239793053,
  "summary_csf_mad": 76.86687587471991,
  "summary_csf_mean": 1474.7899376822354,
  "summary_csf_median": 1471.7105157896876,
  "summary_csf_n": 334284.0,
  "summary_csf_p05": 1354.4018402695656,
  "summary_csf_p95": 1606.2040748745203,
  "summary_csf_stdv": 77.04154271476142,
  "summary_gm_k": -1.674800370066195,
  "summary_gm_mad": 2052.3024022168897,
  "summary_gm_mean": 2282.70052206112,
  "summary_gm_median": 2831.0275240279734,
  "summary_gm_n": 60856.0,
  "summary_gm_p05": 77.69606255739927,
  "summary_gm_p95": 4322.7992068603635,
  "summary_gm_stdv": 1690.4129681534525,
  "summary_wm_k": -0.31223595881674715,
  "summary_wm_mad": 81.94095335521406,
  "summary_wm_mean": 1001.6204621464343,
  "summary_wm_median": 999.927208095789,
  "summary_wm_n": 345936.0,
  "summary_wm_p05": 878.4679462909698,
  "summary_wm_p95": 1128.449748314917,
  "summary_wm_stdv": 76.99345455069859,
  "tpm_overlap_csf": 0.10686041654240741,
  "tpm_overlap_gm": 0.06339737815924716,
  "tpm_overlap_wm": 0.4610440650540496,
  "wm2max": 0.24024633472129886
}