{
  "aor": 0.0004529521276595745,
  "aqi": 0.014183995744680851,
  "bids_meta": {
    "AcquisitionMatrixPE": 90,
    "AcquisitionNumber": 1,
    "AcquisitionTime": "11:44:30.160000",
    "BandwidthPerPixelPhaseEncode": 21.368,
    "BaseResolution": 90,
    "BodyPartExamined": "BRAIN",
    "CoilString": "HC1-7;NC1_2",
    "ConsistencyInfo": "N4_VE11C_LATEST_20160120",
    "ConversionSoftware": "dcm2niix",
    "ConversionSoftwareVersion": "v1.0.20190410  GCC6.3.0",
    "DerivedVendorReportedEchoSpacing": 0.000519988,
    "DeviceSerialNumber": "167001",
    "DwellTime": 2.2e-06,
    "EchoTime": 0.03,
    "EchoTrainLength": 90,
    "EffectiveEchoSpacing": 0.000519988,
    "FlipAngle": 52,
    "ImageOrientationPatientDICOM": [
      0.997036,
      -0.012585,
      -0.0758974,
      -0.00870093,
      0.961754,
      -0.273775
    ],
    "ImageType": [
      "ORIGINAL",
      "PRIMARY",
      "M",
      "ND",
      "NORM",
      "MOSAIC"
    ],
    "ImagingFrequency": 123.229,
    "InPlanePhaseEncodingDirectionDICOM": "COL",
    "InstitutionAddress": "Cooper_60_St._Lucia_QLD_AU_4072",
    "InstitutionName": "St_Lucia_Campus",
    "InstitutionalDepartmentName": "Gehrmann_Labs_MRI",
    "MRAcquisitionType": "2D",
    "MagneticFieldStrength": 3,
    "Manufacturer": "Siemens",
    "ManufacturersModelName": "Prisma_fit",
    "Modality": "MR",
    "MultibandAccelerationFactor": 6,
    "PartialFourier": 1,
    "PatientPosition": "HFS",
    "PercentPhaseFOV": 100,
    "PhaseEncodingDirection": "j-",
    "PhaseEncodingSteps": 90,
    "PhaseResolution": 1,
    "PixelBandwidth": 2525,
    "ProcedureStepDescription": "Research_16092_QTAB",
    "ProtocolName": "PARTLY_CLOUDY_mb6_2.4",
    "PulseSequenceDetails": "%SiemensSeq%_ep2d_bold",
    "ReceiveCoilActiveElements": "HC1-7;NC1,2",
    "ReceiveCoilName": "HeadNeck_64",
    "ReconMatrixPE": 90,
    "RefLinesPE": 12,
    "RepetitionTime": 0.8,
    "SAR": 0.0596849,
    "ScanOptions": "FS",
    "ScanningSequence": "EP",
    "SequenceName": "_epfid2d1_90",
    "SequenceVariant": "SK",
    "SeriesDescription": "PARTLY_CLOUDY_mb6_2.4",
    "SeriesNumber": 19,
    "ShimSetting": [
      3041,
      -4178,
      -731,
      547,
      -62,
      -22,
      -218,
      -5
    ],
    "SliceThickness": 2.4,
    "SliceTiming": [
      0.5475,
      0,
      0.39,
      0.08,
      0.47,
      0.235,
      0.625,
      0.3125,
      0.7025,
      0.1575,
      0.5475,
      0,
      0.39,
      0.08,
      0.47,
      0.235,
      0.625,
      0.3125,
      0.7025,
      0.1575,
      0.5475,
      0,
      0.39,
      0.08,
      0.47,
      0.235,
      0.625,
      0.3125,
      0.7025,
      0.1575,
      0.5475,
      0,
      0.39,
      0.08,
      0.47,
      0.235,
      0.625,
      0.3125,
      0.7025,
      0.1575,
      0.5475,
      0,
      0.39,
      0.08,
      0.47,
      0.235,
      0.625,
      0.3125,
      0.7025,
      0.1575,
      0.5475,
      0,
      0.39,
      0.08,
      0.47,
      0.235,
      0.625,
      0.3125,
      0.7025,
      0.1575
    ],
    "SoftwareVersions": "syngo_MR_E11",
    "SpacingBetweenSlices": 2.4,
    "StationName": "mrc_Trio",
    "TaskName": "partlycloudy",
    "TotalReadoutTime": 0.046279,
    "TxRefAmp": 209.649,
    "dataset": "ds004146",
    "modality": "bold",
    "session_id": "02",
    "subject_id": "0185",
    "task_id": "partlycloudy"
  },
  "dummy_trs": 4,
  "dvars_nstd": 32.27936949151999,
  "dvars_std": 1.2017127705066661,
  "dvars_vstd": 0.9979506253600002,
  "efc": 0.46299360411962015,
  "fber": 8274.21875,
  "fd_mean": 0.12096729890794336,
  "fd_num": 26,
  "fd_perc": 6.914893617021277,
  "fwhm_avg": 1.8193263165953564,
  "fwhm_x": 1.747299930568539,
  "fwhm_y": 1.9176457571329373,
  "fwhm_z": 1.7930332620845928,
  "gcor": 0.013117,
  "gsr_x": -0.016353145241737366,
  "gsr_y": 0.028232909739017487,
  "provenance": {
    "md5sum": "4b820c839fc8bd6aee26dd6637b778d0",
    "settings": {
      "fd_thres": 0.2,
      "testing": false
    },
    "software": "mriqc",
    "version": "23.0.1",
    "webapi_port": null,
    "webapi_url": "https://mriqc.nimh.nih.gov/api/v1"
  },
  "size_t": 376,
  "size_x": 90,
  "size_y": 90,
  "size_z": 60,
  "snr": 7.312514878572599,
  "spacing_tr": 0.800000011920929,
  "spacing_x": 2.4000000953674316,
  "spacing_y": 2.4000000953674316,
  "spacing_z": 2.4000000953674316,
  "summary_bg_k": 30.76057399363276,
  "summary_bg_mad": 5.106302973963254,
  "summary_bg_mean": 23.01295280456543,
  "summary_bg_median": 7.369680404663086,
  "summary_bg_n": 338125.0,
  "summary_bg_p05": 3.257978677749634,
  "summary_bg_p95": 98.70159301757809,
  "summary_bg_stdv": 49.59698486328125,
  "summary_fg_k": 2.3269976059838866,
  "summary_fg_mad": 89.76050634765889,
  "summary_fg_mean": 678.9144287109375,
  "summary_fg_median": 676.8111572265625,
  "summary_fg_n": 78749.0,
  "summary_fg_p05": 542.9808349609375,
  "summary_fg_p95": 825.9106079101562,
  "summary_fg_stdv": 92.55459594726562,
  "tsnr": 52.349157372373156
}