{
  "aor": 0.0021923241590214066,
  "aqi": 0.007312665810397553,
  "bids_meta": {
    "AcquisitionMatrixPE": 104,
    "AcquisitionNumber": 1,
    "AcquisitionTime": "14:57:47.150000",
    "BandwidthPerPixelPhaseEncode": 17.17,
    "BaseResolution": 104,
    "BodyPartExamined": "BRAIN",
    "ConsistencyInfo": "N4_VE11C_LATEST_20160120",
    "ConversionSoftware": "dcm2niix",
    "ConversionSoftwareVersion": "v1.0.20171215 GCC6.3.0",
    "DerivedVendorReportedEchoSpacing": 0.000560011,
    "DeviceSerialNumber": "167001",
    "DwellTime": 2.1e-06,
    "EchoTime": 0.03,
    "EchoTrainLength": 91,
    "EffectiveEchoSpacing": 0.000560011,
    "FlipAngle": 52,
    "ImageOrientationPatientDICOM": [
      0.998734,
      0.0398616,
      -0.0306772,
      -0.0436056,
      0.99015,
      -0.133044
    ],
    "ImageType": [
      "ORIGINAL",
      "PRIMARY",
      "M",
      "ND",
      "MOSAIC"
    ],
    "InPlanePhaseEncodingDirectionDICOM": "COL",
    "InstitutionAddress": "Cooper_60_St._Lucia_QLD_AU_4072",
    "InstitutionName": "St_Lucia_Campus",
    "InstitutionalDepartmentName": "Gehrmann_Labs_MRI",
    "MRAcquisitionType": "2D",
    "MagneticFieldStrength": 3,
    "Manufacturer": "Siemens",
    "ManufacturersModelName": "Prisma_fit",
    "Modality": "MR",
    "MultibandAccelerationFactor": 6,
    "PartialFourier": 0.875,
    "PatientPosition": "HFS",
    "PercentPhaseFOV": 100,
    "PhaseEncodingDirection": "j",
    "PhaseEncodingSteps": 91,
    "PhaseResolution": 1,
    "PixelBandwidth": 2290,
    "ProcedureStepDescription": "Research_16092_QTAB",
    "ProtocolName": "ep2d_REST_SMS6_P-A",
    "PulseSequenceDetails": "%SiemensSeq%_ep2d_bold",
    "ReceiveCoilActiveElements": "HC1-7;NC1,2",
    "ReceiveCoilName": "HeadNeck_64",
    "ReconMatrixPE": 104,
    "RepetitionTime": 0.93,
    "SAR": 0.06121,
    "ScanOptions": "PFP_FS",
    "ScanningSequence": "EP",
    "SequenceName": "_epfid2d1_104",
    "SequenceVariant": "SK",
    "SeriesDescription": "ep2d_REST_SMS6_P-A",
    "SeriesNumber": 10,
    "ShimSetting": [
      3053,
      -4191,
      -781,
      478,
      17,
      72,
      -50,
      9
    ],
    "SliceThickness": 2,
    "SliceTiming": [
      0.6825,
      0,
      0.455,
      0.075,
      0.53,
      0.15,
      0.605,
      0.3025,
      0.7575,
      0.3775,
      0.8325,
      0.2275,
      0.6825,
      0,
      0.455,
      0.075,
      0.53,
      0.15,
      0.605,
      0.3025,
      0.7575,
      0.3775,
      0.8325,
      0.2275,
      0.6825,
      0,
      0.455,
      0.075,
      0.53,
      0.15,
      0.605,
      0.3025,
      0.7575,
      0.3775,
      0.8325,
      0.2275,
      0.6825,
      0,
      0.455,
      0.075,
      0.53,
      0.15,
      0.605,
      0.3025,
      0.7575,
      0.3775,
      0.8325,
      0.2275,
      0.6825,
      0,
      0.455,
      0.075,
      0.53,
      0.15,
      0.605,
      0.3025,
      0.7575,
      0.3775,
      0.8325,
      0.2275,
      0.6825,
      0,
      0.455,
      0.075,
      0.53,
      0.15,
      0.605,
      0.3025,
      0.7575,
      0.3775,
      0.8325,
      0.2275
    ],
    "SoftwareVersions": "syngo_MR_E11",
    "SpacingBetweenSlices": 2,
    "StationName": "mrc_Trio",
    "TaskName": "rest",
    "TotalReadoutTime": 0.0576811,
    "TxRefAmp": 212.168,
    "dataset": "ds004146",
    "modality": "bold",
    "session_id": "01",
    "subject_id": "0269",
    "task_id": "rest"
  },
  "dummy_trs": 0,
  "dvars_nstd": 38.03379291699386,
  "dvars_std": 1.052177470766871,
  "dvars_vstd": 1.013510534202454,
  "efc": 0.519847293053694,
  "fber": 809.8993530273438,
  "fd_mean": 0.15117980694973074,
  "fd_num": 50,
  "fd_perc": 15.290519877675841,
  "fwhm_avg": 3.071248333333333,
  "fwhm_x": 2.92371,
  "fwhm_y": 3.157755,
  "fwhm_z": 3.13228,
  "gcor": 0.0119461,
  "gsr_x": -0.0029464189428836107,
  "gsr_y": 0.050381239503622055,
  "provenance": {
    "md5sum": "55d58015c5860944fd2e0671d39048cf",
    "settings": {
      "fd_thres": 0.2,
      "testing": false
    },
    "software": "mriqc",
    "version": "23.0.1",
    "webapi_port": null,
    "webapi_url": "https://mriqc.nimh.nih.gov/api/v1"
  },
  "size_t": 327,
  "size_x": 104,
  "size_y": 104,
  "size_z": 72,
  "snr": 2.72564555821277,
  "spacing_tr": 0.9300000071525574,
  "spacing_x": 2.0,
  "spacing_y": 2.0,
  "spacing_z": 2.0,
  "summary_bg_k": 51.93197549007885,
  "summary_bg_mad": 7.054828481439114,
  "summary_bg_mean": 37.14759826660156,
  "summary_bg_median": 19.449541091918945,
  "summary_bg_n": 520061.0,
  "summary_bg_p05": 14.05198860168457,
  "summary_bg_p95": 115.50765228271484,
  "summary_bg_stdv": 54.653438568115234,
  "summary_fg_k": 0.18520807783996673,
  "summary_fg_mad": 205.7869796475672,
  "summary_fg_mean": 585.1705322265625,
  "summary_fg_median": 553.1987915039062,
  "summary_fg_n": 157993.0,
  "summary_fg_p05": 314.7461853027344,
  "summary_fg_p95": 959.0740234374997,
  "summary_fg_stdv": 202.9600067138672,
  "tsnr": 33.27512009232305
}