{
  "aor": 0.0009226993865030673,
  "aqi": 0.00722971800613497,
  "bids_meta": {
    "AcquisitionMatrixPE": 104,
    "AcquisitionNumber": 1,
    "AcquisitionTime": "12:58:5.130000",
    "BandwidthPerPixelPhaseEncode": 17.17,
    "BaseResolution": 104,
    "BodyPartExamined": "BRAIN",
    "ConsistencyInfo": "N4_VE11C_LATEST_20160120",
    "ConversionSoftware": "dcm2niix",
    "ConversionSoftwareVersion": "v1.0.20171215 GCC6.3.0",
    "DerivedVendorReportedEchoSpacing": 0.000560011,
    "DeviceSerialNumber": "167001",
    "DwellTime": 2.1e-06,
    "EchoTime": 0.03,
    "EchoTrainLength": 91,
    "EffectiveEchoSpacing": 0.000560011,
    "FlipAngle": 52,
    "ImageOrientationPatientDICOM": [
      0.998996,
      0.0293307,
      -0.0338669,
      -0.0401238,
      0.922032,
      -0.385028
    ],
    "ImageType": [
      "ORIGINAL",
      "PRIMARY",
      "M",
      "ND",
      "MOSAIC"
    ],
    "InPlanePhaseEncodingDirectionDICOM": "COL",
    "InstitutionAddress": "Cooper_60_St._Lucia_QLD_AU_4072",
    "InstitutionName": "St_Lucia_Campus",
    "InstitutionalDepartmentName": "Gehrmann_Labs_MRI",
    "MRAcquisitionType": "2D",
    "MagneticFieldStrength": 3,
    "Manufacturer": "Siemens",
    "ManufacturersModelName": "Prisma_fit",
    "Modality": "MR",
    "MultibandAccelerationFactor": 6,
    "PartialFourier": 0.875,
    "PatientPosition": "HFS",
    "PercentPhaseFOV": 100,
    "PhaseEncodingDirection": "j",
    "PhaseEncodingSteps": 91,
    "PhaseResolution": 1,
    "PixelBandwidth": 2290,
    "ProcedureStepDescription": "Research_16092_QTAB",
    "ProtocolName": "ep2d_REST_SMS6_P-A",
    "PulseSequenceDetails": "%SiemensSeq%_ep2d_bold",
    "ReceiveCoilActiveElements": "HC1-7;NC1,2",
    "ReceiveCoilName": "HeadNeck_64",
    "ReconMatrixPE": 104,
    "RepetitionTime": 0.93,
    "SAR": 0.0562385,
    "ScanOptions": "PFP_FS",
    "ScanningSequence": "EP",
    "SequenceName": "_epfid2d1_104",
    "SequenceVariant": "SK",
    "SeriesDescription": "ep2d_REST_SMS6_P-A",
    "SeriesNumber": 10,
    "ShimSetting": [
      3044,
      -4144,
      -797,
      422,
      29,
      77,
      -105,
      -1
    ],
    "SliceThickness": 2,
    "SliceTiming": [
      0.6825,
      0,
      0.455,
      0.0775,
      0.5325,
      0.1525,
      0.6075,
      0.305,
      0.76,
      0.38,
      0.835,
      0.2275,
      0.6825,
      0,
      0.455,
      0.0775,
      0.5325,
      0.1525,
      0.6075,
      0.305,
      0.76,
      0.38,
      0.835,
      0.2275,
      0.6825,
      0,
      0.455,
      0.0775,
      0.5325,
      0.1525,
      0.6075,
      0.305,
      0.76,
      0.38,
      0.835,
      0.2275,
      0.6825,
      0,
      0.455,
      0.0775,
      0.5325,
      0.1525,
      0.6075,
      0.305,
      0.76,
      0.38,
      0.835,
      0.2275,
      0.6825,
      0,
      0.455,
      0.0775,
      0.5325,
      0.1525,
      0.6075,
      0.305,
      0.76,
      0.38,
      0.835,
      0.2275,
      0.6825,
      0,
      0.455,
      0.0775,
      0.5325,
      0.1525,
      0.6075,
      0.305,
      0.76,
      0.38,
      0.835,
      0.2275
    ],
    "SoftwareVersions": "syngo_MR_E11",
    "SpacingBetweenSlices": 2,
    "StationName": "mrc_Trio",
    "TaskName": "rest",
    "TotalReadoutTime": 0.0576811,
    "TxRefAmp": 213.49,
    "dataset": "ds004146",
    "modality": "bold",
    "session_id": "01",
    "subject_id": "0067",
    "task_id": "rest"
  },
  "dummy_trs": 1,
  "dvars_nstd": 37.225940997723086,
  "dvars_std": 1.0313202112923072,
  "dvars_vstd": 1.0078336307999998,
  "efc": 0.5251915073074509,
  "fber": 784.3629150390625,
  "fd_mean": 0.15991454631705987,
  "fd_num": 96,
  "fd_perc": 29.447852760736197,
  "fwhm_avg": 3.112930723626194,
  "fwhm_x": 2.8331,
  "fwhm_y": 3.194665,
  "fwhm_z": 3.3110271708785817,
  "gcor": 0.0165002,
  "gsr_x": -0.015347405336797237,
  "gsr_y": 0.06131367385387421,
  "provenance": {
    "md5sum": "07384b8e932d1b5c222e9528e15d46ab",
    "settings": {
      "fd_thres": 0.2,
      "testing": false
    },
    "software": "mriqc",
    "version": "23.0.1",
    "webapi_port": null,
    "webapi_url": "https://mriqc.nimh.nih.gov/api/v1"
  },
  "size_t": 326,
  "size_x": 104,
  "size_y": 104,
  "size_z": 72,
  "snr": 2.56466520141546,
  "spacing_tr": 0.9300000071525574,
  "spacing_x": 2.0,
  "spacing_y": 2.0,
  "spacing_z": 1.999998688697815,
  "summary_bg_k": 44.64995641085669,
  "summary_bg_mad": 5.880382982629751,
  "summary_bg_mean": 39.28053283691406,
  "summary_bg_median": 18.527606964111328,
  "summary_bg_n": 518711.0,
  "summary_bg_p05": 14.147238731384277,
  "summary_bg_p95": 141.41870880126953,
  "summary_bg_stdv": 62.397064208984375,
  "summary_fg_k": 1.4096961530160712,
  "summary_fg_mad": 189.01359419699358,
  "summary_fg_mean": 558.094970703125,
  "summary_fg_median": 525.5153198242188,
  "summary_fg_n": 158226.0,
  "summary_fg_p05": 298.61731719970703,
  "summary_fg_p95": 935.8190155029297,
  "summary_fg_stdv": 204.90536499023438,
  "tsnr": 34.26617974124383
}