{
  "bids_meta": {
    "AccelFactPE": 2,
    "AcquisitionNumber": 1,
    "AcquisitionTime": "12:22:3.137500",
    "BodyPartExamined": "BRAIN",
    "ConversionSoftware": "dcm2niix",
    "ConversionSoftwareVersion": "v1.0.20170724 (OpenJPEG build) GCC6.1.0",
    "DeviceSerialNumber": "167001",
    "EchoTime": 0.408,
    "EchoTrainLength": 259,
    "FlipAngle": 120,
    "ImageType": [
      "ORIGINAL",
      "PRIMARY",
      "M",
      "ND",
      "NORM"
    ],
    "InstitutionAddress": "Cooper_60_St._Lucia_QLD_AU_4072",
    "InstitutionName": "St_Lucia_Campus",
    "MagneticFieldStrength": 3,
    "Manufacturer": "Siemens",
    "ManufacturersModelName": "Prisma_fit",
    "PhaseEncodingDirection": "i-",
    "PhaseEncodingLines": 256,
    "ProcedureStepDescription": "Research_16092_QTAB",
    "ProtocolName": "t2_spc_sag_p2_iso",
    "RepetitionTime": 3.2,
    "ScanningSequence": "SE",
    "SequenceName": "_spcR_282ns",
    "SequenceVariant": "SK_SP",
    "SeriesDescription": "t2_spc_sag_p2_iso",
    "SoftwareVersions": "syngo_MR_E11",
    "dataset": "ds004146",
    "modality": "T2w",
    "session_id": "01",
    "subject_id": "0024"
  },
  "cjv": 13.023798143564152,
  "cnr": 0.0863459660680364,
  "efc": 0.6750067674427469,
  "fber": -1.0,
  "fwhm_avg": 3.8785000435862123,
  "fwhm_x": 4.08211274331288,
  "fwhm_y": 4.150612438151055,
  "fwhm_z": 3.402774949294702,
  "icvs_csf": 0.4958129107574775,
  "icvs_gm": 0.37990670612856403,
  "icvs_wm": 0.12428038311395843,
  "inu_med": 1.0187839269638062,
  "inu_range": 0.3214204788208007,
  "provenance": {
    "md5sum": "65f93b1963afbb8ce163fb25d634de28",
    "settings": {
      "testing": false
    },
    "software": "mriqc",
    "version": "23.0.1",
    "warnings": {
      "large_rot_frame": true,
      "small_air_mask": false
    },
    "webapi_port": null,
    "webapi_url": "https://mriqc.nimh.nih.gov/api/v1"
  },
  "qi_1": 0.07135616498730803,
  "qi_2": 0.02603140703138898,
  "rpve_csf": 9.195089438674243,
  "rpve_gm": 11.813712449306726,
  "rpve_wm": 34.126720492690346,
  "size_x": 192,
  "size_y": 300,
  "size_z": 320,
  "snr_csf": 18.52477828632934,
  "snr_gm": 14.512127819032854,
  "snr_total": 11.269686252094168,
  "snr_wm": 0.7721526509203076,
  "snrd_csf": 173.44886556607352,
  "snrd_gm": 115.19293299509714,
  "snrd_total": 130.74353517727315,
  "snrd_wm": 103.58880697064882,
  "spacing_x": 0.7999999523162842,
  "spacing_y": 0.800000011920929,
  "spacing_z": 0.800000011920929,
  "summary_bg_k": 86.84750739474097,
  "summary_bg_mad": 0.0,
  "summary_bg_mean": 1.9628514803386923,
  "summary_bg_median": 0.0,
  "summary_bg_n": 987146.0,
  "summary_bg_p05": 0.0,
  "summary_bg_p95": 12.386938624083996,
  "summary_bg_stdv": 6.487860392036067,
  "summary_csf_k": 0.2107032364152963,
  "summary_csf_mad": 91.46085198350009,
  "summary_csf_mean": 1721.6760493120073,
  "summary_csf_median": 1717.675929699093,
  "summary_csf_n": 321871.0,
  "summary_csf_p05": 1576.8204939588904,
  "summary_csf_p95": 1879.3806680738926,
  "summary_csf_stdv": 92.7230131923896,
  "summary_gm_k": -0.14142818763021436,
  "summary_gm_mad": 81.55107776262383,
  "summary_gm_mean": 1138.8284036557945,
  "summary_gm_median": 1140.7634615041316,
  "summary_gm_n": 418832.0,
  "summary_gm_p05": 1008.676997166127,
  "summary_gm_p95": 1264.2649188749492,
  "summary_gm_stdv": 78.607500835835,
  "summary_wm_k": -1.7576125982079225,
  "summary_wm_mad": 1415.097575669164,
  "summary_wm_mean": 1543.7717264122816,
  "summary_wm_median": 1025.8470111005008,
  "summary_wm_n": 65458.0,
  "summary_wm_p05": 65.42081916388126,
  "summary_wm_p95": 3369.7378775775433,
  "summary_wm_stdv": 1328.5445228092283,
  "tpm_overlap_csf": 0.10730640572025942,
  "tpm_overlap_gm": 0.23361207111117868,
  "tpm_overlap_wm": 0.03257507285863735,
  "wm2max": 0.30882977348668056
}