{
  "bids_meta": {
    "AcquisitionMatrixPE": 256,
    "AcquisitionNumber": 1,
    "AcquisitionTime": "12:19:13.570000",
    "BaseResolution": 256,
    "BodyPartExamined": "BRAIN",
    "ConsistencyInfo": "N4_VE11C_LATEST_20160120",
    "ConversionSoftware": "dcm2niix",
    "ConversionSoftwareVersion": "v1.0.20171215 GCC6.3.0",
    "DeviceSerialNumber": "167001",
    "DwellTime": 2.6e-06,
    "EchoTime": 0.408,
    "EchoTrainLength": 259,
    "FlipAngle": 120,
    "ImageOrientationPatientDICOM": [
      0,
      1,
      0,
      0,
      0,
      -1
    ],
    "ImageType": [
      "ORIGINAL",
      "PRIMARY",
      "M",
      "ND",
      "NORM"
    ],
    "InPlanePhaseEncodingDirectionDICOM": "ROW",
    "InstitutionAddress": "Cooper_60_St._Lucia_QLD_AU_4072",
    "InstitutionName": "St_Lucia_Campus",
    "InstitutionalDepartmentName": "Gehrmann_Labs_MRI",
    "MRAcquisitionType": "3D",
    "MagneticFieldStrength": 3,
    "Manufacturer": "Siemens",
    "ManufacturersModelName": "Prisma_fit",
    "Modality": "MR",
    "ParallelReductionFactorInPlane": 2,
    "PartialFourier": 1,
    "PatientPosition": "HFS",
    "PercentPhaseFOV": 100,
    "PhaseEncodingSteps": 233,
    "PhaseResolution": 1,
    "PixelBandwidth": 750,
    "ProcedureStepDescription": "Research_16092_QTAB",
    "ProtocolName": "t2_spc_sag_p2_iso",
    "PulseSequenceDetails": "%SiemensSeq%_tse_vfl",
    "ReceiveCoilActiveElements": "HC1-7;NC1",
    "ReceiveCoilName": "HeadNeck_64",
    "ReconMatrixPE": 256,
    "RepetitionTime": 3.2,
    "SAR": 0.171021,
    "ScanOptions": "PFP",
    "ScanningSequence": "SE",
    "SequenceName": "_spcR_282ns",
    "SequenceVariant": "SK_SP",
    "SeriesDescription": "t2_spc_sag_p2_iso",
    "SeriesNumber": 19,
    "ShimSetting": [
      3045,
      -4172,
      -1048,
      3,
      -5,
      36,
      -4,
      -10
    ],
    "SliceThickness": 1,
    "SoftwareVersions": "syngo_MR_E11",
    "StationName": "mrc_Trio",
    "TxRefAmp": 215.152,
    "dataset": "ds004146",
    "modality": "T2w",
    "session_id": "01",
    "subject_id": "0233"
  },
  "cjv": 0.46253110786764323,
  "cnr": 1.5764276720516,
  "efc": 0.6307429923517693,
  "fber": 5095.459661492068,
  "fwhm_avg": 4.042954209573696,
  "fwhm_x": 4.1534377475641815,
  "fwhm_y": 4.248399936693907,
  "fwhm_z": 3.7270249444630004,
  "icvs_csf": 0.3634428780945519,
  "icvs_gm": 0.1265008368889018,
  "icvs_wm": 0.5100562850165463,
  "inu_med": 1.00480318069458,
  "inu_range": 0.23906700611114495,
  "provenance": {
    "md5sum": "799cfcd30cff9c45984566e6e12249c0",
    "settings": {
      "testing": false
    },
    "software": "mriqc",
    "version": "23.0.1",
    "warnings": {
      "large_rot_frame": true,
      "small_air_mask": false
    },
    "webapi_port": null,
    "webapi_url": "https://mriqc.nimh.nih.gov/api/v1"
  },
  "qi_1": 0.00013407148953424873,
  "qi_2": 0.014925860578888447,
  "rpve_csf": 14.721651955623937,
  "rpve_gm": 47.51340193385172,
  "rpve_wm": 11.852267021408403,
  "size_x": 192,
  "size_y": 300,
  "size_z": 320,
  "snr_csf": 13.363878236359263,
  "snr_gm": 2.4008524384083896,
  "snr_total": 8.928921762160918,
  "snr_wm": 11.022034611715103,
  "snrd_csf": 49.975065250513765,
  "snrd_gm": 91.85889344298718,
  "snrd_total": 57.73413109023306,
  "snrd_wm": 31.368434577198258,
  "spacing_x": 0.7999999523162842,
  "spacing_y": 0.800000011920929,
  "spacing_z": 0.800000011920929,
  "summary_bg_k": 10.944560826541867,
  "summary_bg_mad": 0.0,
  "summary_bg_mean": 11.242667283096138,
  "summary_bg_median": 0.0,
  "summary_bg_n": 2124058.0,
  "summary_bg_p05": 0.0,
  "summary_bg_p95": 54.49065726995468,
  "summary_bg_stdv": 20.88395299191178,
  "summary_csf_k": 0.38216829946400344,
  "summary_csf_mad": 115.46245177908416,
  "summary_csf_mean": 1601.4146292605342,
  "summary_csf_median": 1593.0681205615401,
  "summary_csf_n": 59832.0,
  "summary_csf_p05": 1422.1217665597796,
  "summary_csf_p95": 1810.7293632626534,
  "summary_csf_stdv": 119.206025338366,
  "summary_gm_k": -0.7224955410651233,
  "summary_gm_mad": 800.01537796158,
  "summary_gm_mean": 2451.3650663121903,
  "summary_gm_median": 2928.209778226912,
  "summary_gm_n": 49629.0,
  "summary_gm_p05": 181.2778790637851,
  "summary_gm_p95": 3712.839076548815,
  "summary_gm_stdv": 1219.6419197775986,
  "summary_wm_k": 0.06729395655238113,
  "summary_wm_mad": 91.86950497592764,
  "summary_wm_mean": 1002.0252241342126,
  "summary_wm_median": 999.9397272691131,
  "summary_wm_n": 255232.0,
  "summary_wm_p05": 857.504524692893,
  "summary_wm_p95": 1153.16456220299,
  "summary_wm_stdv": 90.72170462252483,
  "tpm_overlap_csf": 0.11334463196813076,
  "tpm_overlap_gm": 0.0925019279582169,
  "tpm_overlap_wm": 0.41727468074357693,
  "wm2max": 0.28860975061665706
}