{
  "aor": 0.000515476923076923,
  "aqi": 0.006140287323076923,
  "bids_meta": {
    "AcquisitionMatrixPE": 104,
    "AcquisitionNumber": 1,
    "AcquisitionTime": "11:18:14.112500",
    "BandwidthPerPixelPhaseEncode": 17.17,
    "BaseResolution": 104,
    "BodyPartExamined": "BRAIN",
    "ConsistencyInfo": "N4_VE11C_LATEST_20160120",
    "ConversionSoftware": "dcm2niix",
    "ConversionSoftwareVersion": "v1.0.20171215 GCC6.3.0",
    "DerivedVendorReportedEchoSpacing": 0.000560011,
    "DeviceSerialNumber": "167001",
    "DwellTime": 2.1e-06,
    "EchoTime": 0.03,
    "EchoTrainLength": 91,
    "EffectiveEchoSpacing": 0.000560011,
    "FlipAngle": 52,
    "ImageOrientationPatientDICOM": [
      0.999573,
      -0.00408132,
      -0.0289235,
      -0.00540829,
      0.947211,
      -0.320565
    ],
    "ImageType": [
      "ORIGINAL",
      "PRIMARY",
      "M",
      "ND",
      "MOSAIC"
    ],
    "InPlanePhaseEncodingDirectionDICOM": "COL",
    "InstitutionAddress": "Cooper_60_St._Lucia_QLD_AU_4072",
    "InstitutionName": "St_Lucia_Campus",
    "InstitutionalDepartmentName": "Gehrmann_Labs_MRI",
    "MRAcquisitionType": "2D",
    "MagneticFieldStrength": 3,
    "Manufacturer": "Siemens",
    "ManufacturersModelName": "Prisma_fit",
    "Modality": "MR",
    "MultibandAccelerationFactor": 6,
    "PartialFourier": 0.875,
    "PatientPosition": "HFS",
    "PercentPhaseFOV": 100,
    "PhaseEncodingDirection": "j",
    "PhaseEncodingSteps": 91,
    "PhaseResolution": 1,
    "PixelBandwidth": 2290,
    "ProcedureStepDescription": "Research_16092_QTAB",
    "ProtocolName": "ep2d_REST_SMS6_P-A",
    "PulseSequenceDetails": "%SiemensSeq%_ep2d_bold",
    "ReceiveCoilActiveElements": "HC1-7;NC1,2",
    "ReceiveCoilName": "HeadNeck_64",
    "ReconMatrixPE": 104,
    "RepetitionTime": 0.93,
    "SAR": 0.0670739,
    "ScanOptions": "PFP_FS",
    "ScanningSequence": "EP",
    "SequenceName": "_epfid2d1_104",
    "SequenceVariant": "SK",
    "SeriesDescription": "ep2d_REST_SMS6_P-A",
    "SeriesNumber": 10,
    "ShimSetting": [
      3057,
      -4172,
      -811,
      478,
      81,
      -96,
      -143,
      -73
    ],
    "SliceThickness": 2,
    "SliceTiming": [
      0.6825,
      0,
      0.455,
      0.0775,
      0.5325,
      0.1525,
      0.6075,
      0.305,
      0.76,
      0.38,
      0.835,
      0.2275,
      0.6825,
      0,
      0.455,
      0.0775,
      0.5325,
      0.1525,
      0.6075,
      0.305,
      0.76,
      0.38,
      0.835,
      0.2275,
      0.6825,
      0,
      0.455,
      0.0775,
      0.5325,
      0.1525,
      0.6075,
      0.305,
      0.76,
      0.38,
      0.835,
      0.2275,
      0.6825,
      0,
      0.455,
      0.0775,
      0.5325,
      0.1525,
      0.6075,
      0.305,
      0.76,
      0.38,
      0.835,
      0.2275,
      0.6825,
      0,
      0.455,
      0.0775,
      0.5325,
      0.1525,
      0.6075,
      0.305,
      0.76,
      0.38,
      0.835,
      0.2275,
      0.6825,
      0,
      0.455,
      0.0775,
      0.5325,
      0.1525,
      0.6075,
      0.305,
      0.76,
      0.38,
      0.835,
      0.2275
    ],
    "SoftwareVersions": "syngo_MR_E11",
    "SpacingBetweenSlices": 2,
    "StationName": "mrc_Trio",
    "TaskName": "rest",
    "TotalReadoutTime": 0.0576811,
    "TxRefAmp": 213.286,
    "dataset": "ds004146",
    "modality": "bold",
    "session_id": "01",
    "subject_id": "0394",
    "task_id": "rest"
  },
  "dummy_trs": 2,
  "dvars_nstd": 38.80322000716048,
  "dvars_std": 1.0486564272222223,
  "dvars_vstd": 1.0007919001543206,
  "efc": 0.5233253579249922,
  "fber": 823.4293212890625,
  "fd_mean": 0.15991773004655407,
  "fd_num": 106,
  "fd_perc": 32.61538461538461,
  "fwhm_avg": 2.996226666666667,
  "fwhm_x": 2.778085,
  "fwhm_y": 3.05638,
  "fwhm_z": 3.154215,
  "gcor": 0.00255974,
  "gsr_x": -0.016726363450288773,
  "gsr_y": 0.047557368874549866,
  "provenance": {
    "md5sum": "ad39b2b0ec5274c1f5553ad4cac262bd",
    "settings": {
      "fd_thres": 0.2,
      "testing": false
    },
    "software": "mriqc",
    "version": "23.0.1",
    "webapi_port": null,
    "webapi_url": "https://mriqc.nimh.nih.gov/api/v1"
  },
  "size_t": 325,
  "size_x": 104,
  "size_y": 104,
  "size_z": 72,
  "snr": 2.9953426767771427,
  "spacing_tr": 0.9300000071525574,
  "spacing_x": 2.0,
  "spacing_y": 2.0,
  "spacing_z": 2.0,
  "summary_bg_k": 80.86204921578152,
  "summary_bg_mad": 4.913116303355824,
  "summary_bg_mean": 31.9119930267334,
  "summary_bg_median": 17.996923446655273,
  "summary_bg_n": 515093.0,
  "summary_bg_p05": 14.227692604064941,
  "summary_bg_p95": 93.75446319580045,
  "summary_bg_stdv": 45.41194534301758,
  "summary_fg_k": 0.4825062443887882,
  "summary_fg_mad": 171.72187711143457,
  "summary_fg_mean": 555.0385131835938,
  "summary_fg_median": 526.5907592773438,
  "summary_fg_n": 159937.0,
  "summary_fg_p05": 326.50645751953124,
  "summary_fg_p95": 874.6369262695309,
  "summary_fg_stdv": 175.80262756347656,
  "tsnr": 37.39548671117518
}