{
  "aor": 0.0023697839506172844,
  "aqi": 0.008624265925925927,
  "bids_meta": {
    "AcquisitionMatrixPE": 104,
    "AcquisitionNumber": 1,
    "AcquisitionTime": "10:57:9.067500",
    "BandwidthPerPixelPhaseEncode": 17.17,
    "BaseResolution": 104,
    "BodyPartExamined": "BRAIN",
    "ConsistencyInfo": "N4_VE11C_LATEST_20160120",
    "ConversionSoftware": "dcm2niix",
    "ConversionSoftwareVersion": "v1.0.20171215 GCC6.3.0",
    "DerivedVendorReportedEchoSpacing": 0.000560011,
    "DeviceSerialNumber": "167001",
    "DwellTime": 2.1e-06,
    "EchoTime": 0.03,
    "EchoTrainLength": 91,
    "EffectiveEchoSpacing": 0.000560011,
    "FlipAngle": 52,
    "ImageOrientationPatientDICOM": [
      0.997414,
      -0.00264359,
      -0.0718262,
      -0.0158427,
      0.966659,
      -0.255578
    ],
    "ImageType": [
      "ORIGINAL",
      "PRIMARY",
      "M",
      "ND",
      "MOSAIC"
    ],
    "InPlanePhaseEncodingDirectionDICOM": "COL",
    "InstitutionAddress": "Cooper_60_St._Lucia_QLD_AU_4072",
    "InstitutionName": "St_Lucia_Campus",
    "InstitutionalDepartmentName": "Gehrmann_Labs_MRI",
    "MRAcquisitionType": "2D",
    "MagneticFieldStrength": 3,
    "Manufacturer": "Siemens",
    "ManufacturersModelName": "Prisma_fit",
    "Modality": "MR",
    "MultibandAccelerationFactor": 6,
    "PartialFourier": 0.875,
    "PatientPosition": "HFS",
    "PercentPhaseFOV": 100,
    "PhaseEncodingDirection": "j-",
    "PhaseEncodingSteps": 91,
    "PhaseResolution": 1,
    "PixelBandwidth": 2290,
    "ProcedureStepDescription": "Research_16092_QTAB",
    "ProtocolName": "ep2d_REST_SMS6_A-P",
    "PulseSequenceDetails": "%SiemensSeq%_ep2d_bold",
    "ReceiveCoilActiveElements": "HC1-7;NC1,2",
    "ReceiveCoilName": "HeadNeck_64",
    "ReconMatrixPE": 104,
    "RepetitionTime": 0.93,
    "SAR": 0.0591812,
    "ScanOptions": "PFP_FS",
    "ScanningSequence": "EP",
    "SequenceName": "_epfid2d1_104",
    "SequenceVariant": "SK",
    "SeriesDescription": "ep2d_REST_SMS6_A-P",
    "SeriesNumber": 9,
    "ShimSetting": [
      3024,
      -4160,
      -750,
      513,
      -68,
      26,
      41,
      -13
    ],
    "SliceThickness": 2,
    "SliceTiming": [
      0.68,
      0,
      0.4525,
      0.075,
      0.53,
      0.15,
      0.605,
      0.3025,
      0.7575,
      0.3775,
      0.8325,
      0.225,
      0.68,
      0,
      0.4525,
      0.075,
      0.53,
      0.15,
      0.605,
      0.3025,
      0.7575,
      0.3775,
      0.8325,
      0.225,
      0.68,
      0,
      0.4525,
      0.075,
      0.53,
      0.15,
      0.605,
      0.3025,
      0.7575,
      0.3775,
      0.8325,
      0.225,
      0.68,
      0,
      0.4525,
      0.075,
      0.53,
      0.15,
      0.605,
      0.3025,
      0.7575,
      0.3775,
      0.8325,
      0.225,
      0.68,
      0,
      0.4525,
      0.075,
      0.53,
      0.15,
      0.605,
      0.3025,
      0.7575,
      0.3775,
      0.8325,
      0.225,
      0.68,
      0,
      0.4525,
      0.075,
      0.53,
      0.15,
      0.605,
      0.3025,
      0.7575,
      0.3775,
      0.8325,
      0.225
    ],
    "SoftwareVersions": "syngo_MR_E11",
    "SpacingBetweenSlices": 2,
    "StationName": "mrc_Trio",
    "TaskName": "rest",
    "TotalReadoutTime": 0.0576811,
    "TxRefAmp": 211.753,
    "dataset": "ds004146",
    "modality": "bold",
    "session_id": "01",
    "subject_id": "0289",
    "task_id": "rest"
  },
  "dummy_trs": 3,
  "dvars_nstd": 41.05984051226007,
  "dvars_std": 1.0962611562848301,
  "dvars_vstd": 1.01823654371517,
  "efc": 0.4946143445788778,
  "fber": 945.9891967773438,
  "fd_mean": 0.20580422542886465,
  "fd_num": 125,
  "fd_perc": 38.58024691358025,
  "fwhm_avg": 2.957133333333333,
  "fwhm_x": 2.81219,
  "fwhm_y": 3.0882,
  "fwhm_z": 2.97101,
  "gcor": 0.0453077,
  "gsr_x": -0.014404171146452427,
  "gsr_y": 0.05000453069806099,
  "provenance": {
    "md5sum": "49bbd96226ffdba3f55795522f3a95f2",
    "settings": {
      "fd_thres": 0.2,
      "testing": false
    },
    "software": "mriqc",
    "version": "23.0.1",
    "webapi_port": null,
    "webapi_url": "https://mriqc.nimh.nih.gov/api/v1"
  },
  "size_t": 324,
  "size_x": 104,
  "size_y": 104,
  "size_z": 72,
  "snr": 2.9293311683778667,
  "spacing_tr": 0.9300000071525574,
  "spacing_x": 2.0,
  "spacing_y": 2.0,
  "spacing_z": 2.0,
  "summary_bg_k": 51.78760156204752,
  "summary_bg_mad": 5.2257155586150965,
  "summary_bg_mean": 33.683982849121094,
  "summary_bg_median": 18.404321670532227,
  "summary_bg_n": 542355.0,
  "summary_bg_p05": 14.469136238098145,
  "summary_bg_p95": 91.22006378173825,
  "summary_bg_stdv": 48.96892547607422,
  "summary_fg_k": 0.7411300502529974,
  "summary_fg_mad": 191.36554208891124,
  "summary_fg_mean": 601.0829467773438,
  "summary_fg_median": 571.9012451171875,
  "summary_fg_n": 140621.0,
  "summary_fg_p05": 341.6604919433594,
  "summary_fg_p95": 956.8673095703125,
  "summary_fg_stdv": 195.2320098876953,
  "tsnr": 32.425050363177434
}