{
  "bids_meta": {
    "AcquisitionMatrixPE": 256,
    "AcquisitionNumber": 1,
    "AcquisitionTime": "12:20:10.677500",
    "BaseResolution": 256,
    "BodyPartExamined": "BRAIN",
    "ConsistencyInfo": "N4_VE11C_LATEST_20160120",
    "ConversionSoftware": "dcm2niix",
    "ConversionSoftwareVersion": "v1.0.20171215 GCC6.3.0",
    "DeviceSerialNumber": "167001",
    "DwellTime": 2.6e-06,
    "EchoTime": 0.408,
    "EchoTrainLength": 259,
    "FlipAngle": 120,
    "ImageOrientationPatientDICOM": [
      -0.0734426,
      0.997299,
      3.53184e-08,
      -0.0929167,
      -0.00684249,
      -0.99565
    ],
    "ImageType": [
      "ORIGINAL",
      "PRIMARY",
      "M",
      "ND",
      "NORM"
    ],
    "InPlanePhaseEncodingDirectionDICOM": "ROW",
    "InstitutionAddress": "Cooper_60_St._Lucia_QLD_AU_4072",
    "InstitutionName": "St_Lucia_Campus",
    "InstitutionalDepartmentName": "Gehrmann_Labs_MRI",
    "MRAcquisitionType": "3D",
    "MagneticFieldStrength": 3,
    "Manufacturer": "Siemens",
    "ManufacturersModelName": "Prisma_fit",
    "Modality": "MR",
    "ParallelReductionFactorInPlane": 2,
    "PartialFourier": 1,
    "PatientPosition": "HFS",
    "PercentPhaseFOV": 100,
    "PhaseEncodingSteps": 233,
    "PhaseResolution": 1,
    "PixelBandwidth": 750,
    "ProcedureStepDescription": "Research_16092_QTAB",
    "ProtocolName": "t2_spc_sag_p2_iso",
    "PulseSequenceDetails": "%SiemensSeq%_tse_vfl",
    "ReceiveCoilActiveElements": "HC1-7;NC1",
    "ReceiveCoilName": "HeadNeck_64",
    "ReconMatrixPE": 256,
    "RepetitionTime": 3.2,
    "SAR": 0.178393,
    "ScanOptions": "PFP",
    "ScanningSequence": "SE",
    "SequenceName": "_spcR_282ns",
    "SequenceVariant": "SK_SP",
    "SeriesDescription": "t2_spc_sag_p2_iso",
    "SeriesNumber": 19,
    "ShimSetting": [
      3043,
      -4177,
      -1039,
      1,
      -3,
      36,
      -3,
      -11
    ],
    "SliceThickness": 1,
    "SoftwareVersions": "syngo_MR_E11",
    "StationName": "mrc_Trio",
    "TxRefAmp": 207.387,
    "dataset": "ds004146",
    "modality": "T2w",
    "session_id": "01",
    "subject_id": "0157"
  },
  "cjv": 3.3833514535771125,
  "cnr": 0.477079944502555,
  "efc": 0.6123587469406092,
  "fber": -1.0,
  "fwhm_avg": 4.002741708353105,
  "fwhm_x": 4.080162743196651,
  "fwhm_y": 4.309462435784005,
  "fwhm_z": 3.618599946078659,
  "icvs_csf": 0.5200127230214261,
  "icvs_gm": 0.3746332539524585,
  "icvs_wm": 0.10535402302611543,
  "inu_med": 1.0029404163360596,
  "inu_range": 0.25822684168815613,
  "provenance": {
    "md5sum": "87f6b333701e8bd92618bbe87de1a8f2",
    "settings": {
      "testing": false
    },
    "software": "mriqc",
    "version": "23.0.1",
    "warnings": {
      "large_rot_frame": true,
      "small_air_mask": false
    },
    "webapi_port": null,
    "webapi_url": "https://mriqc.nimh.nih.gov/api/v1"
  },
  "qi_1": 0.13652816944593552,
  "qi_2": 0.011213465175037617,
  "rpve_csf": 10.117333262117059,
  "rpve_gm": 13.472653289391472,
  "rpve_wm": 42.708338469625325,
  "size_x": 192,
  "size_y": 300,
  "size_z": 320,
  "snr_csf": 19.831581588516407,
  "snr_gm": 14.83530540649794,
  "snr_total": 11.948674820119935,
  "snr_wm": 1.1791374653454596,
  "snrd_csf": 121.28260267978524,
  "snrd_gm": 82.87450805219473,
  "snrd_total": 114.48495267865955,
  "snrd_wm": 139.29774730399868,
  "spacing_x": 0.7999999523162842,
  "spacing_y": 0.800000011920929,
  "spacing_z": 0.800000011920929,
  "summary_bg_k": 12.515772263516665,
  "summary_bg_mad": 0.0,
  "summary_bg_mean": 1.7685337642719374,
  "summary_bg_median": 0.0,
  "summary_bg_n": 1336005.0,
  "summary_bg_p05": 0.0,
  "summary_bg_p95": 13.916781283915043,
  "summary_bg_stdv": 4.766269807779935,
  "summary_csf_k": 0.09140059614607976,
  "summary_csf_mad": 44.50470705494483,
  "summary_csf_mean": 883.6090330667596,
  "summary_csf_median": 882.3591657578945,
  "summary_csf_n": 322028.0,
  "summary_csf_p05": 813.0218858420849,
  "summary_csf_p95": 958.4610583484173,
  "summary_csf_stdv": 44.49255808543117,
  "summary_gm_k": -0.24007432873726087,
  "summary_gm_mad": 42.4152841885155,
  "summary_gm_mean": 602.6853194917067,
  "summary_gm_median": 602.9313369914889,
  "summary_gm_n": 369677.0,
  "summary_gm_p05": 536.3774133324623,
  "summary_gm_p95": 669.062472358346,
  "summary_gm_stdv": 40.641598200120534,
  "summary_wm_k": -1.83958925913281,
  "summary_wm_mad": 1346.4240951270633,
  "summary_wm_mean": 1006.8768791991588,
  "summary_wm_median": 1013.4235363304615,
  "summary_wm_n": 48359.0,
  "summary_wm_p05": 30.017968744039536,
  "summary_wm_p95": 2063.4534922912717,
  "summary_wm_stdv": 859.452852557677,
  "tpm_overlap_csf": 0.10627654612871221,
  "tpm_overlap_gm": 0.2277527938618326,
  "tpm_overlap_wm": 0.028829218771350022,
  "wm2max": 0.5093497662558436
}