{
  "bids_meta": {
    "AcquisitionMatrixPE": 256,
    "AcquisitionNumber": 1,
    "AcquisitionTime": "12:54:31.122500",
    "BaseResolution": 256,
    "BodyPartExamined": "BRAIN",
    "ConsistencyInfo": "N4_VE11C_LATEST_20160120",
    "ConversionSoftware": "dcm2niix",
    "ConversionSoftwareVersion": "v1.0.20171215 GCC6.3.0",
    "DeviceSerialNumber": "167001",
    "DwellTime": 2.6e-06,
    "EchoTime": 0.408,
    "EchoTrainLength": 259,
    "FlipAngle": 120,
    "ImageOrientationPatientDICOM": [
      -0.0482286,
      0.994836,
      -0.0893018,
      -0.0463153,
      -0.091537,
      -0.994724
    ],
    "ImageType": [
      "ORIGINAL",
      "PRIMARY",
      "M",
      "ND",
      "NORM"
    ],
    "InPlanePhaseEncodingDirectionDICOM": "ROW",
    "InstitutionAddress": "Cooper_60_St._Lucia_QLD_AU_4072",
    "InstitutionName": "St_Lucia_Campus",
    "InstitutionalDepartmentName": "Gehrmann_Labs_MRI",
    "MRAcquisitionType": "3D",
    "MagneticFieldStrength": 3,
    "Manufacturer": "Siemens",
    "ManufacturersModelName": "Prisma_fit",
    "Modality": "MR",
    "ParallelReductionFactorInPlane": 2,
    "PartialFourier": 1,
    "PatientPosition": "HFS",
    "PercentPhaseFOV": 100,
    "PhaseEncodingSteps": 233,
    "PhaseResolution": 1,
    "PixelBandwidth": 750,
    "ProcedureStepDescription": "Research_16092_QTAB",
    "ProtocolName": "t2_spc_sag_p2_iso",
    "PulseSequenceDetails": "%SiemensSeq%_tse_vfl",
    "ReceiveCoilActiveElements": "HC1-7;NC1,2",
    "ReceiveCoilName": "HeadNeck_64",
    "ReconMatrixPE": 256,
    "RepetitionTime": 3.2,
    "SAR": 0.172851,
    "ScanOptions": "PFP",
    "ScanningSequence": "SE",
    "SequenceName": "_spcR_282ns",
    "SequenceVariant": "SK_SP",
    "SeriesDescription": "t2_spc_sag_p2_iso",
    "SeriesNumber": 19,
    "ShimSetting": [
      3043,
      -4177,
      -1039,
      1,
      -3,
      36,
      -3,
      -11
    ],
    "SliceThickness": 1,
    "SoftwareVersions": "syngo_MR_E11",
    "StationName": "mrc_Trio",
    "TxRefAmp": 205.045,
    "dataset": "ds004146",
    "modality": "T2w",
    "session_id": "01",
    "subject_id": "0362"
  },
  "cjv": 0.9831372691951393,
  "cnr": 1.058343840177666,
  "efc": 0.6058513398823067,
  "fber": -1.0,
  "fwhm_avg": 3.848179208652059,
  "fwhm_x": 3.9994627383865557,
  "fwhm_y": 4.0871624390965335,
  "fwhm_z": 3.457912448473089,
  "icvs_csf": 0.5064646764665655,
  "icvs_gm": 0.10872678639319702,
  "icvs_wm": 0.38480853714023755,
  "inu_med": 1.0457881689071655,
  "inu_range": 0.3119180053472519,
  "provenance": {
    "md5sum": "d31239bd6fe31dafba692d2406df395a",
    "settings": {
      "testing": false
    },
    "software": "mriqc",
    "version": "23.0.1",
    "warnings": {
      "large_rot_frame": true,
      "small_air_mask": false
    },
    "webapi_port": null,
    "webapi_url": "https://mriqc.nimh.nih.gov/api/v1"
  },
  "qi_1": 0.07389058017347899,
  "qi_2": 0.04947137373173595,
  "rpve_csf": 10.52394327704696,
  "rpve_gm": 43.48707004770274,
  "rpve_wm": 13.543998316579682,
  "size_x": 192,
  "size_y": 300,
  "size_z": 320,
  "snr_csf": 18.65842103908776,
  "snr_gm": 1.8166083579810368,
  "snr_total": 11.655711863371431,
  "snr_wm": 14.492106193045501,
  "snrd_csf": 205.83576909506135,
  "snrd_gm": 332.7632672372939,
  "snrd_total": 225.74454497905063,
  "snrd_wm": 138.63459860479662,
  "spacing_x": 0.7999999523162842,
  "spacing_y": 0.800000011920929,
  "spacing_z": 0.800000011920929,
  "summary_bg_k": 32.7770584942091,
  "summary_bg_mad": 0.0,
  "summary_bg_mean": 1.2653445420116884,
  "summary_bg_median": 0.0,
  "summary_bg_n": 1326880.0,
  "summary_bg_p05": 0.0,
  "summary_bg_p95": 11.37550787627697,
  "summary_bg_stdv": 4.725634213685305,
  "summary_csf_k": 0.13015393489017857,
  "summary_csf_mad": 79.42204600264529,
  "summary_csf_mean": 1487.670218116753,
  "summary_csf_median": 1484.7359310761094,
  "summary_csf_n": 274463.0,
  "summary_csf_p05": 1362.7974512390792,
  "summary_csf_p95": 1622.05456186831,
  "summary_csf_stdv": 79.5744303958864,
  "summary_gm_k": -1.7502585132665993,
  "summary_gm_mad": 1303.9671561474397,
  "summary_gm_mean": 1789.1904638369272,
  "summary_gm_median": 2400.290200199932,
  "summary_gm_n": 40335.0,
  "summary_gm_p05": 59.31514821201563,
  "summary_gm_p95": 3307.7771448604763,
  "summary_gm_stdv": 1321.286690681651,
  "summary_wm_k": -0.2648801979791986,
  "summary_wm_mad": 72.71032380523864,
  "summary_wm_mean": 1000.6543027918219,
  "summary_wm_median": 1000.0000036135316,
  "summary_wm_n": 356652.0,
  "summary_wm_p05": 889.320955041796,
  "summary_wm_p95": 1114.5356975851587,
  "summary_wm_stdv": 69.00298606462164,
  "tpm_overlap_csf": 0.10833855347648863,
  "tpm_overlap_gm": 0.06463477672523966,
  "tpm_overlap_wm": 0.48182084422872073,
  "wm2max": 0.3142497583395648
}