{
  "aor": 0.0004949235474006117,
  "aqi": 0.0056133408562691126,
  "bids_meta": {
    "AcquisitionMatrixPE": 104,
    "AcquisitionNumber": 1,
    "AcquisitionTime": "12:11:22.315000",
    "BandwidthPerPixelPhaseEncode": 17.17,
    "BaseResolution": 104,
    "BodyPartExamined": "BRAIN",
    "CoilString": "HC1-7;NC1_2",
    "ConsistencyInfo": "N4_VE11C_LATEST_20160120",
    "ConversionSoftware": "dcm2niix",
    "ConversionSoftwareVersion": "v1.0.20181125  (JP2:OpenJPEG) GCC6.3.0",
    "DerivedVendorReportedEchoSpacing": 0.000560011,
    "DeviceSerialNumber": "167001",
    "DwellTime": 2.1e-06,
    "EchoTime": 0.03,
    "EchoTrainLength": 91,
    "EffectiveEchoSpacing": 0.000560011,
    "FlipAngle": 52,
    "ImageOrientationPatientDICOM": [
      0.999608,
      0.019066,
      -0.0204816,
      -0.0261756,
      0.895859,
      -0.443568
    ],
    "ImageType": [
      "ORIGINAL",
      "PRIMARY",
      "M",
      "ND",
      "MOSAIC"
    ],
    "ImagingFrequency": 123.23,
    "InPlanePhaseEncodingDirectionDICOM": "COL",
    "InstitutionAddress": "Cooper_60_St._Lucia_QLD_AU_4072",
    "InstitutionName": "St_Lucia_Campus",
    "InstitutionalDepartmentName": "Gehrmann_Labs_MRI",
    "MRAcquisitionType": "2D",
    "MagneticFieldStrength": 3,
    "Manufacturer": "Siemens",
    "ManufacturersModelName": "Prisma_fit",
    "Modality": "MR",
    "MultibandAccelerationFactor": 6,
    "PartialFourier": 0.875,
    "PatientPosition": "HFS",
    "PercentPhaseFOV": 100,
    "PhaseEncodingDirection": "j-",
    "PhaseEncodingSteps": 91,
    "PhaseResolution": 1,
    "PixelBandwidth": 2290,
    "ProcedureStepDescription": "Research_16092_QTAB",
    "ProtocolName": "ep2d_REST_SMS6_A-P",
    "PulseSequenceDetails": "%SiemensSeq%_ep2d_bold",
    "ReceiveCoilActiveElements": "HC1-7;NC1,2",
    "ReceiveCoilName": "HeadNeck_64",
    "ReconMatrixPE": 104,
    "RepetitionTime": 0.93,
    "SAR": 0.0731934,
    "ScanOptions": "PFP_FS",
    "ScanningSequence": "EP",
    "SequenceName": "_epfid2d1_104",
    "SequenceVariant": "SK",
    "SeriesDescription": "ep2d_REST_SMS6_A-P",
    "SeriesNumber": 9,
    "ShimSetting": [
      3035,
      -4102,
      -753,
      536,
      86,
      63,
      -153,
      -5
    ],
    "SliceThickness": 2,
    "SliceTiming": [
      0.6825,
      0,
      0.455,
      0.0775,
      0.5325,
      0.1525,
      0.6075,
      0.305,
      0.76,
      0.38,
      0.835,
      0.2275,
      0.6825,
      0,
      0.455,
      0.0775,
      0.5325,
      0.1525,
      0.6075,
      0.305,
      0.76,
      0.38,
      0.835,
      0.2275,
      0.6825,
      0,
      0.455,
      0.0775,
      0.5325,
      0.1525,
      0.6075,
      0.305,
      0.76,
      0.38,
      0.835,
      0.2275,
      0.6825,
      0,
      0.455,
      0.0775,
      0.5325,
      0.1525,
      0.6075,
      0.305,
      0.76,
      0.38,
      0.835,
      0.2275,
      0.6825,
      0,
      0.455,
      0.0775,
      0.5325,
      0.1525,
      0.6075,
      0.305,
      0.76,
      0.38,
      0.835,
      0.2275,
      0.6825,
      0,
      0.455,
      0.0775,
      0.5325,
      0.1525,
      0.6075,
      0.305,
      0.76,
      0.38,
      0.835,
      0.2275
    ],
    "SoftwareVersions": "syngo_MR_E11",
    "SpacingBetweenSlices": 2,
    "StationName": "mrc_Trio",
    "TaskName": "rest",
    "TotalReadoutTime": 0.0576811,
    "TxRefAmp": 208.79,
    "dataset": "ds004146",
    "modality": "bold",
    "session_id": "01",
    "subject_id": "0229",
    "task_id": "rest"
  },
  "dummy_trs": 0,
  "dvars_nstd": 41.64528045751536,
  "dvars_std": 1.091768928834357,
  "dvars_vstd": 0.9998493347852755,
  "efc": 0.5179503076655276,
  "fber": 989.91064453125,
  "fd_mean": 0.3688719965879185,
  "fd_num": 258,
  "fd_perc": 78.89908256880734,
  "fwhm_avg": 3.3613750000000002,
  "fwhm_x": 3.143165,
  "fwhm_y": 3.558955,
  "fwhm_z": 3.382005,
  "gcor": 0.00723978,
  "gsr_x": -0.019051896408200264,
  "gsr_y": 0.06075296178460121,
  "provenance": {
    "md5sum": "9b753bbfceadfe59deaa154c24121934",
    "settings": {
      "fd_thres": 0.2,
      "testing": false
    },
    "software": "mriqc",
    "version": "23.0.1",
    "webapi_port": null,
    "webapi_url": "https://mriqc.nimh.nih.gov/api/v1"
  },
  "size_t": 327,
  "size_x": 104,
  "size_y": 104,
  "size_z": 72,
  "snr": 2.6240311224356203,
  "spacing_tr": 0.9300000071525574,
  "spacing_x": 2.0,
  "spacing_y": 2.0,
  "spacing_z": 2.0,
  "summary_bg_k": 62.40609953625143,
  "summary_bg_mad": 6.420077529716282,
  "summary_bg_mean": 36.37431335449219,
  "summary_bg_median": 19.376148223876953,
  "summary_bg_n": 507323.0,
  "summary_bg_p05": 14.24770736694336,
  "summary_bg_p95": 109.90183944702137,
  "summary_bg_stdv": 53.910404205322266,
  "summary_fg_k": 0.8918898322108748,
  "summary_fg_mad": 221.00292694001706,
  "summary_fg_mean": 660.6712036132812,
  "summary_fg_median": 621.9097900390625,
  "summary_fg_n": 168850.0,
  "summary_fg_p05": 352.935791015625,
  "summary_fg_p95": 1112.1407470703125,
  "summary_fg_stdv": 237.00479125976562,
  "tsnr": 38.00224416004494
}