{
  "bids_meta": {
    "AcquisitionMatrixPE": 256,
    "AcquisitionNumber": 1,
    "AcquisitionTime": "11:37:44.077500",
    "BaseResolution": 256,
    "BodyPartExamined": "BRAIN",
    "CoilString": "HC1-7;NC1_2",
    "ConsistencyInfo": "N4_VE11C_LATEST_20160120",
    "ConversionSoftware": "dcm2niix",
    "ConversionSoftwareVersion": "v1.0.20181125  (JP2:OpenJPEG) GCC6.3.0",
    "DeviceSerialNumber": "167001",
    "DwellTime": 2.6e-06,
    "EchoTime": 0.408,
    "EchoTrainLength": 259,
    "FlipAngle": 120,
    "ImageOrientationPatientDICOM": [
      0.00868032,
      0.999286,
      0.0367787,
      0.046619,
      0.0363357,
      -0.998252
    ],
    "ImageType": [
      "ORIGINAL",
      "PRIMARY",
      "M",
      "ND",
      "NORM"
    ],
    "ImagingFrequency": 123.229,
    "InPlanePhaseEncodingDirectionDICOM": "ROW",
    "InstitutionAddress": "Cooper_60_St._Lucia_QLD_AU_4072",
    "InstitutionName": "St_Lucia_Campus",
    "InstitutionalDepartmentName": "Gehrmann_Labs_MRI",
    "MRAcquisitionType": "3D",
    "MagneticFieldStrength": 3,
    "Manufacturer": "Siemens",
    "ManufacturersModelName": "Prisma_fit",
    "Modality": "MR",
    "PartialFourier": 1,
    "PatientPosition": "HFS",
    "PercentPhaseFOV": 100,
    "PhaseEncodingSteps": 233,
    "PhaseResolution": 1,
    "PixelBandwidth": 750,
    "ProcedureStepDescription": "Research_16092_QTAB",
    "ProtocolName": "t2_spc_sag_p2_iso",
    "PulseSequenceDetails": "%SiemensSeq%_tse_vfl",
    "ReceiveCoilActiveElements": "HC1-7;NC1,2",
    "ReceiveCoilName": "HeadNeck_64",
    "ReconMatrixPE": 256,
    "RepetitionTime": 3.2,
    "SAR": 0.170556,
    "ScanOptions": "PFP",
    "ScanningSequence": "SE",
    "SequenceName": "_spcR_282ns",
    "SequenceVariant": "SK_SP",
    "SeriesDescription": "t2_spc_sag_p2_iso",
    "SeriesNumber": 19,
    "ShimSetting": [
      3044,
      -4172,
      -1039,
      -11,
      -3,
      35,
      -21,
      -13
    ],
    "SliceThickness": 1,
    "SoftwareVersions": "syngo_MR_E11",
    "StationName": "mrc_Trio",
    "TxRefAmp": 204.348,
    "dataset": "ds004146",
    "modality": "T2w",
    "session_id": "01",
    "subject_id": "0319"
  },
  "cjv": 0.9307728142127824,
  "cnr": 0.5714464198723986,
  "efc": 0.6184464534212328,
  "fber": 9744.786716647444,
  "fwhm_avg": 4.110679211373074,
  "fwhm_x": 4.266525254304722,
  "fwhm_y": 4.240212436815911,
  "fwhm_z": 3.8252999429985888,
  "icvs_csf": 0.5067289603149802,
  "icvs_gm": 0.3798629676940156,
  "icvs_wm": 0.11340807199100424,
  "inu_med": 1.0360130667686462,
  "inu_range": 0.33367109298706055,
  "provenance": {
    "md5sum": "28b76928711743ebc1c65f8ba29b78e7",
    "settings": {
      "testing": false
    },
    "software": "mriqc",
    "version": "23.0.1",
    "warnings": {
      "large_rot_frame": true,
      "small_air_mask": false
    },
    "webapi_port": null,
    "webapi_url": "https://mriqc.nimh.nih.gov/api/v1"
  },
  "qi_1": 0.00018816440926993692,
  "qi_2": 0.009987378136253455,
  "rpve_csf": 9.899095248008424,
  "rpve_gm": 12.46232974608182,
  "rpve_wm": 40.84873732768093,
  "size_x": 192,
  "size_y": 300,
  "size_z": 320,
  "snr_csf": 19.834426676089528,
  "snr_gm": 14.39445519382502,
  "snr_total": 11.53559515393331,
  "snr_wm": 0.37790359188538336,
  "snrd_csf": 78.5378461714007,
  "snrd_gm": 54.42795757663771,
  "snrd_total": 51.53298886653757,
  "snrd_wm": 21.6331628515743,
  "spacing_x": 0.7999999523162842,
  "spacing_y": 0.800000011920929,
  "spacing_z": 0.800000011920929,
  "summary_bg_k": 4.525827014421995,
  "summary_bg_mad": 30.53025929642401,
  "summary_bg_mean": 48.08845603998861,
  "summary_bg_median": 20.592346966266632,
  "summary_bg_n": 1549016.0,
  "summary_bg_p05": 0.0,
  "summary_bg_p95": 195.11884316802025,
  "summary_bg_stdv": 69.98518762420785,
  "summary_csf_k": 0.1775082059361579,
  "summary_csf_mad": 182.05080543423207,
  "summary_csf_mean": 3667.1831917282266,
  "summary_csf_median": 3659.9718901216984,
  "summary_csf_n": 326185.0,
  "summary_csf_p05": 3378.161808490753,
  "summary_csf_p95": 3981.797223758696,
  "summary_csf_stdv": 184.52594267619665,
  "summary_gm_k": -0.20272487104097214,
  "summary_gm_mad": 183.74693095070006,
  "summary_gm_mean": 2543.238065478088,
  "summary_gm_median": 2536.417847931385,
  "summary_gm_n": 305916.0,
  "summary_gm_p05": 2267.446204841137,
  "summary_gm_p95": 2841.489654839039,
  "summary_gm_stdv": 176.20769026426626,
  "summary_wm_k": -1.5395146617730382,
  "summary_wm_mad": 1238.7370021937963,
  "summary_wm_mean": 2662.429269508556,
  "summary_wm_median": 1008.1352085769176,
  "summary_wm_n": 58775.0,
  "summary_wm_p05": 123.04562878608704,
  "summary_wm_p95": 6742.468272417784,
  "summary_wm_stdv": 2667.6820595596264,
  "tpm_overlap_csf": 0.10713222911880088,
  "tpm_overlap_gm": 0.23881042462640728,
  "tpm_overlap_wm": 0.031811431771396045,
  "wm2max": 0.15188831009652215
}