{
  "bids_meta": {
    "AcquisitionMatrixPE": 256,
    "AcquisitionNumber": 1,
    "AcquisitionTime": "11:45:0.445000",
    "BaseResolution": 256,
    "BodyPartExamined": "BRAIN",
    "ConsistencyInfo": "N4_VE11C_LATEST_20160120",
    "ConversionSoftware": "dcm2niix",
    "ConversionSoftwareVersion": "v1.0.20181125  (JP2:OpenJPEG) GCC6.3.0",
    "DeviceSerialNumber": "167001",
    "DwellTime": 2.6e-06,
    "EchoTime": 0.408,
    "EchoTrainLength": 259,
    "FlipAngle": 120,
    "ImageOrientationPatientDICOM": [
      0,
      1,
      0,
      0,
      0,
      -1
    ],
    "ImageType": [
      "ORIGINAL",
      "PRIMARY",
      "M",
      "ND",
      "NORM"
    ],
    "ImagingFrequency": 123.229,
    "InPlanePhaseEncodingDirectionDICOM": "ROW",
    "InstitutionAddress": "Cooper_60_St._Lucia_QLD_AU_4072",
    "InstitutionName": "St_Lucia_Campus",
    "InstitutionalDepartmentName": "Gehrmann_Labs_MRI",
    "MRAcquisitionType": "3D",
    "MagneticFieldStrength": 3,
    "Manufacturer": "Siemens",
    "ManufacturersModelName": "Prisma_fit",
    "Modality": "MR",
    "PartialFourier": 1,
    "PatientPosition": "HFS",
    "PercentPhaseFOV": 100,
    "PhaseEncodingSteps": 233,
    "PhaseResolution": 1,
    "PixelBandwidth": 750,
    "ProcedureStepDescription": "Research_16092_QTAB",
    "ProtocolName": "t2_spc_sag_p2_iso",
    "PulseSequenceDetails": "%SiemensSeq%_tse_vfl",
    "ReceiveCoilActiveElements": "HC1-7;NC1",
    "ReceiveCoilName": "HeadNeck_64",
    "ReconMatrixPE": 256,
    "RepetitionTime": 3.2,
    "SAR": 0.156996,
    "ScanOptions": "PFP",
    "ScanningSequence": "SE",
    "SequenceName": "_spcR_282ns",
    "SequenceVariant": "SK_SP",
    "SeriesDescription": "t2_spc_sag_p2_iso",
    "SeriesNumber": 19,
    "ShimSetting": [
      3044,
      -4172,
      -1039,
      -11,
      -3,
      35,
      -21,
      -13
    ],
    "SliceThickness": 1,
    "SoftwareVersions": "syngo_MR_E11",
    "StationName": "mrc_Trio",
    "TxRefAmp": 209.093,
    "dataset": "ds004146",
    "modality": "T2w",
    "session_id": "01",
    "subject_id": "0084"
  },
  "cjv": 1.0771537030330611,
  "cnr": 1.1583426431344872,
  "efc": 0.6123628852732972,
  "fber": -1.0,
  "fwhm_avg": 4.02417504337592,
  "fwhm_x": 4.161050248017922,
  "fwhm_y": 4.257249936562032,
  "fwhm_z": 3.654224945547805,
  "icvs_csf": 0.47318010039374825,
  "icvs_gm": 0.13614969087603662,
  "icvs_wm": 0.39067020873021513,
  "inu_med": 1.0422350764274597,
  "inu_range": 0.2835992902517319,
  "provenance": {
    "md5sum": "ea58180f3c5443183999f9b19f6d7e6a",
    "settings": {
      "testing": false
    },
    "software": "mriqc",
    "version": "23.0.1",
    "warnings": {
      "large_rot_frame": true,
      "small_air_mask": false
    },
    "webapi_port": null,
    "webapi_url": "https://mriqc.nimh.nih.gov/api/v1"
  },
  "qi_1": 0.10702852619006052,
  "qi_2": 0.02370496798925028,
  "rpve_csf": 9.933023323235767,
  "rpve_gm": 31.62572802891937,
  "rpve_wm": 12.118346039653868,
  "size_x": 192,
  "size_y": 300,
  "size_z": 320,
  "snr_csf": 18.68094185057409,
  "snr_gm": 1.7922740415618494,
  "snr_total": 11.760329510528097,
  "snr_wm": 14.807772639448352,
  "snrd_csf": 116.4144668055478,
  "snrd_gm": 229.69764549448885,
  "snrd_total": 142.40675261223117,
  "snrd_wm": 81.10814553665686,
  "spacing_x": 0.7999999523162842,
  "spacing_y": 0.800000011920929,
  "spacing_z": 0.800000011920929,
  "summary_bg_k": 10.518400351243042,
  "summary_bg_mad": 0.0,
  "summary_bg_mean": 3.15509182358864,
  "summary_bg_median": 0.0,
  "summary_bg_n": 1372040.0,
  "summary_bg_p05": 0.0,
  "summary_bg_p95": 26.426515266299248,
  "summary_bg_stdv": 8.077319483723922,
  "summary_csf_k": 0.373914740764806,
  "summary_csf_mad": 75.40510335491099,
  "summary_csf_mean": 1440.3921105702539,
  "summary_csf_median": 1435.2993375360966,
  "summary_csf_n": 154434.0,
  "summary_csf_p05": 1323.8355440944433,
  "summary_csf_p95": 1573.189646244049,
  "summary_csf_stdv": 76.83203031423592,
  "summary_gm_k": -1.4219172668558075,
  "summary_gm_mad": 1902.9665270467233,
  "summary_gm_mean": 2366.3254343109775,
  "summary_gm_median": 2831.9923413172364,
  "summary_gm_n": 72353.0,
  "summary_gm_p05": 77.138850428164,
  "summary_gm_p95": 4441.6771527782075,
  "summary_gm_stdv": 1580.1003110656359,
  "summary_wm_k": -0.23614577213934407,
  "summary_wm_mad": 70.3708003733059,
  "summary_wm_mean": 1000.7484797328791,
  "summary_wm_median": 1000.0000064596534,
  "summary_wm_n": 272055.0,
  "summary_wm_p05": 890.6030913069844,
  "summary_wm_p95": 1111.6114340648055,
  "summary_wm_stdv": 67.53197749202741,
  "tpm_overlap_csf": 0.10542010599275983,
  "tpm_overlap_gm": 0.08520514869192866,
  "tpm_overlap_wm": 0.4124274820517856,
  "wm2max": 0.2357722162275053
}