{
  "aor": 0.0012416710875331565,
  "aqi": 0.013315328116710875,
  "bids_meta": {
    "AcquisitionMatrixPE": 90,
    "AcquisitionNumber": 1,
    "AcquisitionTime": "10:13:38.960000",
    "BandwidthPerPixelPhaseEncode": 21.368,
    "BaseResolution": 90,
    "BodyPartExamined": "BRAIN",
    "CoilString": "HC1-7;NC1_2",
    "ConsistencyInfo": "N4_VE11C_LATEST_20160120",
    "ConversionSoftware": "dcm2niix",
    "ConversionSoftwareVersion": "v1.0.20190410  GCC6.3.0",
    "DerivedVendorReportedEchoSpacing": 0.000519988,
    "DeviceSerialNumber": "167001",
    "DwellTime": 2.2e-06,
    "EchoTime": 0.03,
    "EchoTrainLength": 90,
    "EffectiveEchoSpacing": 0.000519988,
    "FlipAngle": 52,
    "ImageOrientationPatientDICOM": [
      0.999872,
      0.0127304,
      -0.00970189,
      -0.0148345,
      0.964675,
      -0.263025
    ],
    "ImageType": [
      "ORIGINAL",
      "PRIMARY",
      "M",
      "ND",
      "NORM",
      "MOSAIC"
    ],
    "ImagingFrequency": 123.229,
    "InPlanePhaseEncodingDirectionDICOM": "COL",
    "InstitutionAddress": "Cooper_60_St._Lucia_QLD_AU_4072",
    "InstitutionName": "St_Lucia_Campus",
    "InstitutionalDepartmentName": "Gehrmann_Labs_MRI",
    "MRAcquisitionType": "2D",
    "MagneticFieldStrength": 3,
    "Manufacturer": "Siemens",
    "ManufacturersModelName": "Prisma_fit",
    "Modality": "MR",
    "MultibandAccelerationFactor": 6,
    "PartialFourier": 1,
    "PatientPosition": "HFS",
    "PercentPhaseFOV": 100,
    "PhaseEncodingDirection": "j-",
    "PhaseEncodingSteps": 90,
    "PhaseResolution": 1,
    "PixelBandwidth": 2525,
    "ProcedureStepDescription": "Research_16092_QTAB",
    "ProtocolName": "PARTLY_CLOUDY_mb6_2.4",
    "PulseSequenceDetails": "%SiemensSeq%_ep2d_bold",
    "ReceiveCoilActiveElements": "HC1-7;NC1,2",
    "ReceiveCoilName": "HeadNeck_64",
    "ReconMatrixPE": 90,
    "RefLinesPE": 12,
    "RepetitionTime": 0.8,
    "SAR": 0.0559277,
    "ScanOptions": "FS",
    "ScanningSequence": "EP",
    "SequenceName": "_epfid2d1_90",
    "SequenceVariant": "SK",
    "SeriesDescription": "PARTLY_CLOUDY_mb6_2.4",
    "SeriesNumber": 19,
    "ShimSetting": [
      3056,
      -4176,
      -774,
      424,
      -6,
      -46,
      -15,
      -13
    ],
    "SliceThickness": 2.4,
    "SliceTiming": [
      0.5475,
      0,
      0.39,
      0.08,
      0.47,
      0.235,
      0.625,
      0.3125,
      0.7025,
      0.1575,
      0.5475,
      0,
      0.39,
      0.08,
      0.47,
      0.235,
      0.625,
      0.3125,
      0.7025,
      0.1575,
      0.5475,
      0,
      0.39,
      0.08,
      0.47,
      0.235,
      0.625,
      0.3125,
      0.7025,
      0.1575,
      0.5475,
      0,
      0.39,
      0.08,
      0.47,
      0.235,
      0.625,
      0.3125,
      0.7025,
      0.1575,
      0.5475,
      0,
      0.39,
      0.08,
      0.47,
      0.235,
      0.625,
      0.3125,
      0.7025,
      0.1575,
      0.5475,
      0,
      0.39,
      0.08,
      0.47,
      0.235,
      0.625,
      0.3125,
      0.7025,
      0.1575
    ],
    "SoftwareVersions": "syngo_MR_E11",
    "SpacingBetweenSlices": 2.4,
    "StationName": "mrc_Trio",
    "TaskName": "partlycloudy",
    "TotalReadoutTime": 0.046279,
    "TxRefAmp": 237.464,
    "dataset": "ds004146",
    "modality": "bold",
    "session_id": "02",
    "subject_id": "0115",
    "task_id": "partlycloudy"
  },
  "dummy_trs": 3,
  "dvars_nstd": 43.23284042622341,
  "dvars_std": 1.3412182378723403,
  "dvars_vstd": 1.016481131196809,
  "efc": 0.5050545992437534,
  "fber": 4967.79931640625,
  "fd_mean": 0.20951949178309032,
  "fd_num": 194,
  "fd_perc": 51.45888594164456,
  "fwhm_avg": 1.7775082627015009,
  "fwhm_x": 1.684004099750356,
  "fwhm_y": 1.8804290919451279,
  "fwhm_z": 1.7680915964090191,
  "gcor": 0.00986097,
  "gsr_x": -0.0233936607837677,
  "gsr_y": 0.026212507858872414,
  "provenance": {
    "md5sum": "cde6aa8b3a55e4c209748d5a6ed6be57",
    "settings": {
      "fd_thres": 0.2,
      "testing": false
    },
    "software": "mriqc",
    "version": "23.0.1",
    "webapi_port": null,
    "webapi_url": "https://mriqc.nimh.nih.gov/api/v1"
  },
  "size_t": 377,
  "size_x": 90,
  "size_y": 90,
  "size_z": 60,
  "snr": 6.354136354004395,
  "spacing_tr": 0.800000011920929,
  "spacing_x": 2.4000000953674316,
  "spacing_y": 2.4000000953674316,
  "spacing_z": 2.4000000953674316,
  "summary_bg_k": 19.19424433470483,
  "summary_bg_mad": 7.468067710061112,
  "summary_bg_mean": 32.31660461425781,
  "summary_bg_median": 9.188328742980957,
  "summary_bg_n": 324153.0,
  "summary_bg_p05": 3.424403190612793,
  "summary_bg_p95": 149.3103485107422,
  "summary_bg_stdv": 63.4124755859375,
  "summary_fg_k": 1.9839010518313094,
  "summary_fg_mad": 99.78264035071986,
  "summary_fg_mean": 665.914306640625,
  "summary_fg_median": 663.736083984375,
  "summary_fg_n": 89538.0,
  "summary_fg_p05": 515.4342010498046,
  "summary_fg_p95": 831.963232421875,
  "summary_fg_stdv": 104.45674133300781,
  "tsnr": 47.76523782243021
}