{
  "bids_meta": {
    "AcquisitionMatrixPE": 256,
    "AcquisitionNumber": 1,
    "AcquisitionTime": "12:12:9.662500",
    "BaseResolution": 256,
    "BodyPartExamined": "BRAIN",
    "ConsistencyInfo": "N4_VE11C_LATEST_20160120",
    "ConversionSoftware": "dcm2niix",
    "ConversionSoftwareVersion": "v1.0.20171215 GCC6.3.0",
    "DeviceSerialNumber": "167001",
    "DwellTime": 2.6e-06,
    "EchoTime": 0.408,
    "EchoTrainLength": 259,
    "FlipAngle": 120,
    "ImageOrientationPatientDICOM": [
      0.0768157,
      0.997045,
      -4.05765e-08,
      0.0451723,
      -0.00348026,
      -0.998973
    ],
    "ImageType": [
      "ORIGINAL",
      "PRIMARY",
      "M",
      "ND",
      "NORM"
    ],
    "InPlanePhaseEncodingDirectionDICOM": "ROW",
    "InstitutionAddress": "Cooper_60_St._Lucia_QLD_AU_4072",
    "InstitutionName": "St_Lucia_Campus",
    "InstitutionalDepartmentName": "Gehrmann_Labs_MRI",
    "MRAcquisitionType": "3D",
    "MagneticFieldStrength": 3,
    "Manufacturer": "Siemens",
    "ManufacturersModelName": "Prisma_fit",
    "Modality": "MR",
    "ParallelReductionFactorInPlane": 2,
    "PartialFourier": 1,
    "PatientPosition": "HFS",
    "PercentPhaseFOV": 100,
    "PhaseEncodingSteps": 233,
    "PhaseResolution": 1,
    "PixelBandwidth": 750,
    "ProcedureStepDescription": "Research_16092_QTAB",
    "ProtocolName": "t2_spc_sag_p2_iso",
    "PulseSequenceDetails": "%SiemensSeq%_tse_vfl",
    "ReceiveCoilActiveElements": "HC1-7;NC1,2",
    "ReceiveCoilName": "HeadNeck_64",
    "ReconMatrixPE": 256,
    "RepetitionTime": 3.2,
    "SAR": 0.149274,
    "ScanOptions": "PFP",
    "ScanningSequence": "SE",
    "SequenceName": "_spcR_282ns",
    "SequenceVariant": "SK_SP",
    "SeriesDescription": "t2_spc_sag_p2_iso",
    "SeriesNumber": 19,
    "ShimSetting": [
      3049,
      -4116,
      -1083,
      143,
      -7,
      49,
      -24,
      -19
    ],
    "SliceThickness": 1,
    "SoftwareVersions": "syngo_MR_E11",
    "StationName": "mrc_Trio",
    "TxRefAmp": 211.707,
    "dataset": "ds004146",
    "modality": "T2w",
    "session_id": "01",
    "subject_id": "0169"
  },
  "cjv": 7.763977180928717,
  "cnr": 0.18920503710830433,
  "efc": 0.6430259809776633,
  "fber": -1.0,
  "fwhm_avg": 3.8466208773464636,
  "fwhm_x": 4.080175243197396,
  "fwhm_y": 4.091762439027988,
  "fwhm_z": 3.3679249498140074,
  "icvs_csf": 0.5117115523534194,
  "icvs_gm": 0.3616967704389562,
  "icvs_wm": 0.12659167720762451,
  "inu_med": 1.0137818455696106,
  "inu_range": 0.31197647750377666,
  "provenance": {
    "md5sum": "eadc28700e1bd6c436d86be90790fddc",
    "settings": {
      "testing": false
    },
    "software": "mriqc",
    "version": "23.0.1",
    "warnings": {
      "large_rot_frame": true,
      "small_air_mask": false
    },
    "webapi_port": null,
    "webapi_url": "https://mriqc.nimh.nih.gov/api/v1"
  },
  "qi_1": 0.1527634216402355,
  "qi_2": 0.008798626720971207,
  "rpve_csf": 9.288462690917063,
  "rpve_gm": 12.43503467658788,
  "rpve_wm": 34.237067855743575,
  "size_x": 192,
  "size_y": 300,
  "size_z": 320,
  "snr_csf": 20.375187863829815,
  "snr_gm": 14.54366987208061,
  "snr_total": 11.988102129718833,
  "snr_wm": 1.0454486532460734,
  "snrd_csf": 113.45566764751054,
  "snrd_gm": 78.8385506424837,
  "snrd_total": 96.19700169893183,
  "snrd_wm": 96.29678680680122,
  "spacing_x": 0.7999999523162842,
  "spacing_y": 0.800000011920929,
  "spacing_z": 0.800000011920929,
  "summary_bg_k": 13.872443202811944,
  "summary_bg_mad": 0.0,
  "summary_bg_mean": 2.4805906427074413,
  "summary_bg_median": 0.0,
  "summary_bg_n": 1105622.0,
  "summary_bg_p05": 0.0,
  "summary_bg_p95": 17.68904000520706,
  "summary_bg_stdv": 6.899222314619025,
  "summary_csf_k": 0.22138475592670614,
  "summary_csf_mad": 57.70976497513466,
  "summary_csf_mean": 1197.969196704141,
  "summary_csf_median": 1194.7983258962631,
  "summary_csf_n": 295444.0,
  "summary_csf_p05": 1107.9293769598007,
  "summary_csf_p95": 1298.7871130555868,
  "summary_csf_stdv": 58.63976871481977,
  "summary_gm_k": -0.2912323853895393,
  "summary_gm_mad": 59.72214148157918,
  "summary_gm_mean": 833.5616916995198,
  "summary_gm_median": 830.2464766800404,
  "summary_gm_n": 309389.0,
  "summary_gm_p05": 745.2602721005678,
  "summary_gm_p95": 931.7395329475403,
  "summary_gm_stdv": 57.086357310750195,
  "summary_wm_k": -1.7657820912864395,
  "summary_wm_mad": 1367.7019552993388,
  "summary_wm_mean": 1190.6461642764507,
  "summary_wm_median": 1014.0986523777246,
  "summary_wm_n": 68783.0,
  "summary_wm_p05": 54.249308332800865,
  "summary_wm_p95": 2489.776165485382,
  "summary_wm_stdv": 970.0058223593502,
  "tpm_overlap_csf": 0.10547172793131683,
  "tpm_overlap_gm": 0.22694331735731824,
  "tpm_overlap_wm": 0.03324685043603231,
  "wm2max": 0.4229624353987472
}