{
  "aor": 0.0005642507645259939,
  "aqi": 0.0069481110397553525,
  "bids_meta": {
    "AcquisitionMatrixPE": 104,
    "AcquisitionNumber": 1,
    "AcquisitionTime": "09:35:8.917500",
    "BandwidthPerPixelPhaseEncode": 17.17,
    "BaseResolution": 104,
    "BodyPartExamined": "BRAIN",
    "ConsistencyInfo": "N4_VE11C_LATEST_20160120",
    "ConversionSoftware": "dcm2niix",
    "ConversionSoftwareVersion": "v1.0.20171215 GCC6.3.0",
    "DerivedVendorReportedEchoSpacing": 0.000560011,
    "DeviceSerialNumber": "167001",
    "DwellTime": 2.1e-06,
    "EchoTime": 0.03,
    "EchoTrainLength": 91,
    "EffectiveEchoSpacing": 0.000560011,
    "FlipAngle": 52,
    "ImageOrientationPatientDICOM": [
      0.99727,
      -0.0384088,
      -0.0630638,
      0.0153182,
      0.9431,
      -0.332155
    ],
    "ImageType": [
      "ORIGINAL",
      "PRIMARY",
      "M",
      "ND",
      "MOSAIC"
    ],
    "InPlanePhaseEncodingDirectionDICOM": "COL",
    "InstitutionAddress": "Cooper_60_St._Lucia_QLD_AU_4072",
    "InstitutionName": "St_Lucia_Campus",
    "InstitutionalDepartmentName": "Gehrmann_Labs_MRI",
    "MRAcquisitionType": "2D",
    "MagneticFieldStrength": 3,
    "Manufacturer": "Siemens",
    "ManufacturersModelName": "Prisma_fit",
    "Modality": "MR",
    "MultibandAccelerationFactor": 6,
    "PartialFourier": 0.875,
    "PatientPosition": "HFS",
    "PercentPhaseFOV": 100,
    "PhaseEncodingDirection": "j",
    "PhaseEncodingSteps": 91,
    "PhaseResolution": 1,
    "PixelBandwidth": 2290,
    "ProcedureStepDescription": "Research_16092_QTAB",
    "ProtocolName": "ep2d_REST_SMS6_P-A",
    "PulseSequenceDetails": "%SiemensSeq%_ep2d_bold",
    "ReceiveCoilActiveElements": "HC1-7;NC1,2",
    "ReceiveCoilName": "HeadNeck_64",
    "ReconMatrixPE": 104,
    "RepetitionTime": 0.93,
    "SAR": 0.0666315,
    "ScanOptions": "PFP_FS",
    "ScanningSequence": "EP",
    "SequenceName": "_epfid2d1_104",
    "SequenceVariant": "SK",
    "SeriesDescription": "ep2d_REST_SMS6_P-A",
    "SeriesNumber": 10,
    "ShimSetting": [
      3038,
      -4169,
      -829,
      494,
      -24,
      -59,
      -78,
      -13
    ],
    "SliceThickness": 2,
    "SliceTiming": [
      0.6825,
      0,
      0.455,
      0.0775,
      0.5325,
      0.1525,
      0.6075,
      0.305,
      0.76,
      0.38,
      0.835,
      0.2275,
      0.6825,
      0,
      0.455,
      0.0775,
      0.5325,
      0.1525,
      0.6075,
      0.305,
      0.76,
      0.38,
      0.835,
      0.2275,
      0.6825,
      0,
      0.455,
      0.0775,
      0.5325,
      0.1525,
      0.6075,
      0.305,
      0.76,
      0.38,
      0.835,
      0.2275,
      0.6825,
      0,
      0.455,
      0.0775,
      0.5325,
      0.1525,
      0.6075,
      0.305,
      0.76,
      0.38,
      0.835,
      0.2275,
      0.6825,
      0,
      0.455,
      0.0775,
      0.5325,
      0.1525,
      0.6075,
      0.305,
      0.76,
      0.38,
      0.835,
      0.2275,
      0.6825,
      0,
      0.455,
      0.0775,
      0.5325,
      0.1525,
      0.6075,
      0.305,
      0.76,
      0.38,
      0.835,
      0.2275
    ],
    "SoftwareVersions": "syngo_MR_E11",
    "SpacingBetweenSlices": 2,
    "StationName": "mrc_Trio",
    "TaskName": "rest",
    "TotalReadoutTime": 0.0576811,
    "TxRefAmp": 213.113,
    "dataset": "ds004146",
    "modality": "bold",
    "session_id": "01",
    "subject_id": "0078",
    "task_id": "rest"
  },
  "dummy_trs": 0,
  "dvars_nstd": 39.965516318374206,
  "dvars_std": 1.0632351362883439,
  "dvars_vstd": 1.0014219403680982,
  "efc": 0.5144626167395376,
  "fber": 887.7766723632812,
  "fd_mean": 0.12311232116971207,
  "fd_num": 36,
  "fd_perc": 11.009174311926605,
  "fwhm_avg": 2.9830233333333336,
  "fwhm_x": 2.76507,
  "fwhm_y": 3.00109,
  "fwhm_z": 3.18291,
  "gcor": 0.00958873,
  "gsr_x": -0.020210804417729378,
  "gsr_y": 0.049993399530649185,
  "provenance": {
    "md5sum": "b1236439e35f2fb74f7d36f42f63fa83",
    "settings": {
      "fd_thres": 0.2,
      "testing": false
    },
    "software": "mriqc",
    "version": "23.0.1",
    "webapi_port": null,
    "webapi_url": "https://mriqc.nimh.nih.gov/api/v1"
  },
  "size_t": 327,
  "size_x": 104,
  "size_y": 104,
  "size_z": 72,
  "snr": 2.854676654332473,
  "spacing_tr": 0.9300000071525574,
  "spacing_x": 2.0,
  "spacing_y": 2.0,
  "spacing_z": 2.0,
  "summary_bg_k": 41.69289689754817,
  "summary_bg_mad": 4.3933976131867185,
  "summary_bg_mean": 34.22883224487305,
  "summary_bg_median": 17.076452255249023,
  "summary_bg_n": 529402.0,
  "summary_bg_p05": 13.672782897949219,
  "summary_bg_p95": 114.87126083373995,
  "summary_bg_stdv": 53.41624069213867,
  "summary_fg_k": 0.6558889060863149,
  "summary_fg_mad": 172.88187942094527,
  "summary_fg_mean": 543.3678588867188,
  "summary_fg_median": 512.1345825195312,
  "summary_fg_n": 151712.0,
  "summary_fg_p05": 316.9266052246094,
  "summary_fg_p95": 879.5859649658199,
  "summary_fg_stdv": 179.4013671875,
  "tsnr": 35.57101494685048
}