{
  "aor": 0.0011857055214723928,
  "aqi": 0.008734126901840491,
  "bids_meta": {
    "AcquisitionMatrixPE": 104,
    "AcquisitionNumber": 1,
    "AcquisitionTime": "11:19:42.312500",
    "BandwidthPerPixelPhaseEncode": 17.17,
    "BaseResolution": 104,
    "BodyPartExamined": "BRAIN",
    "ConsistencyInfo": "N4_VE11C_LATEST_20160120",
    "ConversionSoftware": "dcm2niix",
    "ConversionSoftwareVersion": "v1.0.20171215 GCC6.3.0",
    "DerivedVendorReportedEchoSpacing": 0.000560011,
    "DeviceSerialNumber": "167001",
    "DwellTime": 2.1e-06,
    "EchoTime": 0.03,
    "EchoTrainLength": 91,
    "EffectiveEchoSpacing": 0.000560011,
    "FlipAngle": 52,
    "ImageOrientationPatientDICOM": [
      0.999945,
      -0.000236953,
      -0.0104702,
      -0.00209435,
      0.975025,
      -0.222086
    ],
    "ImageType": [
      "ORIGINAL",
      "PRIMARY",
      "M",
      "ND",
      "MOSAIC"
    ],
    "InPlanePhaseEncodingDirectionDICOM": "COL",
    "InstitutionAddress": "Cooper_60_St._Lucia_QLD_AU_4072",
    "InstitutionName": "St_Lucia_Campus",
    "InstitutionalDepartmentName": "Gehrmann_Labs_MRI",
    "MRAcquisitionType": "2D",
    "MagneticFieldStrength": 3,
    "Manufacturer": "Siemens",
    "ManufacturersModelName": "Prisma_fit",
    "Modality": "MR",
    "MultibandAccelerationFactor": 6,
    "PartialFourier": 0.875,
    "PatientPosition": "HFS",
    "PercentPhaseFOV": 100,
    "PhaseEncodingDirection": "j",
    "PhaseEncodingSteps": 91,
    "PhaseResolution": 1,
    "PixelBandwidth": 2290,
    "ProcedureStepDescription": "Research_16092_QTAB",
    "ProtocolName": "ep2d_REST_SMS6_P-A",
    "PulseSequenceDetails": "%SiemensSeq%_ep2d_bold",
    "ReceiveCoilActiveElements": "HC1-7;NC1,2",
    "ReceiveCoilName": "HeadNeck_64",
    "ReconMatrixPE": 104,
    "RepetitionTime": 0.93,
    "SAR": 0.0562065,
    "ScanOptions": "PFP_FS",
    "ScanningSequence": "EP",
    "SequenceName": "_epfid2d1_104",
    "SequenceVariant": "SK",
    "SeriesDescription": "ep2d_REST_SMS6_P-A",
    "SeriesNumber": 10,
    "ShimSetting": [
      3044,
      -4146,
      -831,
      531,
      -41,
      -45,
      37,
      31
    ],
    "SliceThickness": 2,
    "SliceTiming": [
      0.6825,
      0,
      0.455,
      0.075,
      0.53,
      0.15,
      0.605,
      0.3025,
      0.7575,
      0.3775,
      0.8325,
      0.2275,
      0.6825,
      0,
      0.455,
      0.075,
      0.53,
      0.15,
      0.605,
      0.3025,
      0.7575,
      0.3775,
      0.8325,
      0.2275,
      0.6825,
      0,
      0.455,
      0.075,
      0.53,
      0.15,
      0.605,
      0.3025,
      0.7575,
      0.3775,
      0.8325,
      0.2275,
      0.6825,
      0,
      0.455,
      0.075,
      0.53,
      0.15,
      0.605,
      0.3025,
      0.7575,
      0.3775,
      0.8325,
      0.2275,
      0.6825,
      0,
      0.455,
      0.075,
      0.53,
      0.15,
      0.605,
      0.3025,
      0.7575,
      0.3775,
      0.8325,
      0.2275,
      0.6825,
      0,
      0.455,
      0.075,
      0.53,
      0.15,
      0.605,
      0.3025,
      0.7575,
      0.3775,
      0.8325,
      0.2275
    ],
    "SoftwareVersions": "syngo_MR_E11",
    "SpacingBetweenSlices": 2,
    "StationName": "mrc_Trio",
    "TaskName": "rest",
    "TotalReadoutTime": 0.0576811,
    "TxRefAmp": 213.908,
    "dataset": "ds004146",
    "modality": "bold",
    "session_id": "01",
    "subject_id": "0017",
    "task_id": "rest"
  },
  "dummy_trs": 1,
  "dvars_nstd": 42.45756100021538,
  "dvars_std": 1.0607758980000002,
  "dvars_vstd": 0.9916192774769238,
  "efc": 0.5293535930990112,
  "fber": 771.7474365234375,
  "fd_mean": 0.2712361987738808,
  "fd_num": 215,
  "fd_perc": 65.95092024539878,
  "fwhm_avg": 3.512583333333333,
  "fwhm_x": 3.29192,
  "fwhm_y": 3.415385,
  "fwhm_z": 3.830445,
  "gcor": 0.00806038,
  "gsr_x": -0.02676381729543209,
  "gsr_y": 0.05919836461544037,
  "provenance": {
    "md5sum": "a51c391250ac1a73e82f280f52268dbb",
    "settings": {
      "fd_thres": 0.2,
      "testing": false
    },
    "software": "mriqc",
    "version": "23.0.1",
    "webapi_port": null,
    "webapi_url": "https://mriqc.nimh.nih.gov/api/v1"
  },
  "size_t": 326,
  "size_x": 104,
  "size_y": 104,
  "size_z": 72,
  "snr": 2.055616206370478,
  "spacing_tr": 0.9300000071525574,
  "spacing_x": 2.0,
  "spacing_y": 2.0,
  "spacing_z": 2.0,
  "summary_bg_k": 27.71355177756139,
  "summary_bg_mad": 7.1219486614877505,
  "summary_bg_mean": 42.15590286254883,
  "summary_bg_median": 19.435583114624023,
  "summary_bg_n": 500387.0,
  "summary_bg_p05": 14.220858573913574,
  "summary_bg_p95": 154.46624755859375,
  "summary_bg_stdv": 63.01251220703125,
  "summary_fg_k": 5.659668818881245,
  "summary_fg_mad": 200.16034858406258,
  "summary_fg_mean": 601.3666381835938,
  "summary_fg_median": 542.1380004882812,
  "summary_fg_n": 176793.0,
  "summary_fg_p05": 316.62022705078124,
  "summary_fg_p95": 1100.3478271484366,
  "summary_fg_stdv": 263.7342834472656,
  "tsnr": 31.98271486896556
}