{
  "aor": 0.0012015076923076924,
  "aqi": 0.009045333230769231,
  "bids_meta": {
    "AcquisitionMatrixPE": 104,
    "AcquisitionNumber": 1,
    "AcquisitionTime": "15:46:30.622500",
    "BandwidthPerPixelPhaseEncode": 17.17,
    "BaseResolution": 104,
    "BodyPartExamined": "BRAIN",
    "CoilString": "HC1-7;NC1_2",
    "ConsistencyInfo": "N4_VE11C_LATEST_20160120",
    "ConversionSoftware": "dcm2niix",
    "ConversionSoftwareVersion": "v1.0.20181125  (JP2:OpenJPEG) GCC6.3.0",
    "DerivedVendorReportedEchoSpacing": 0.000560011,
    "DeviceSerialNumber": "167001",
    "DwellTime": 2.1e-06,
    "EchoTime": 0.03,
    "EchoTrainLength": 91,
    "EffectiveEchoSpacing": 0.000560011,
    "FlipAngle": 52,
    "ImageOrientationPatientDICOM": [
      0.99829,
      0.0309187,
      -0.0496012,
      -0.0397464,
      0.981317,
      -0.18825
    ],
    "ImageType": [
      "ORIGINAL",
      "PRIMARY",
      "M",
      "ND",
      "MOSAIC"
    ],
    "ImagingFrequency": 123.229,
    "InPlanePhaseEncodingDirectionDICOM": "COL",
    "InstitutionAddress": "Cooper_60_St._Lucia_QLD_AU_4072",
    "InstitutionName": "St_Lucia_Campus",
    "InstitutionalDepartmentName": "Gehrmann_Labs_MRI",
    "MRAcquisitionType": "2D",
    "MagneticFieldStrength": 3,
    "Manufacturer": "Siemens",
    "ManufacturersModelName": "Prisma_fit",
    "Modality": "MR",
    "MultibandAccelerationFactor": 6,
    "PartialFourier": 0.875,
    "PatientPosition": "HFS",
    "PercentPhaseFOV": 100,
    "PhaseEncodingDirection": "j",
    "PhaseEncodingSteps": 91,
    "PhaseResolution": 1,
    "PixelBandwidth": 2290,
    "ProcedureStepDescription": "Research_16092_QTAB",
    "ProtocolName": "ep2d_REST_SMS6_P-A",
    "PulseSequenceDetails": "%SiemensSeq%_ep2d_bold",
    "ReceiveCoilActiveElements": "HC1-7;NC1,2",
    "ReceiveCoilName": "HeadNeck_64",
    "ReconMatrixPE": 104,
    "RepetitionTime": 0.93,
    "SAR": 0.0819483,
    "ScanOptions": "PFP_FS",
    "ScanningSequence": "EP",
    "SequenceName": "_epfid2d1_104",
    "SequenceVariant": "SK",
    "SeriesDescription": "ep2d_REST_SMS6_P-A",
    "SeriesNumber": 10,
    "ShimSetting": [
      3040,
      -4216,
      -772,
      437,
      24,
      -161,
      45,
      36
    ],
    "SliceThickness": 2,
    "SliceTiming": [
      0.6825,
      0,
      0.455,
      0.075,
      0.53,
      0.15,
      0.605,
      0.3025,
      0.7575,
      0.3775,
      0.8325,
      0.2275,
      0.6825,
      0,
      0.455,
      0.075,
      0.53,
      0.15,
      0.605,
      0.3025,
      0.7575,
      0.3775,
      0.8325,
      0.2275,
      0.6825,
      0,
      0.455,
      0.075,
      0.53,
      0.15,
      0.605,
      0.3025,
      0.7575,
      0.3775,
      0.8325,
      0.2275,
      0.6825,
      0,
      0.455,
      0.075,
      0.53,
      0.15,
      0.605,
      0.3025,
      0.7575,
      0.3775,
      0.8325,
      0.2275,
      0.6825,
      0,
      0.455,
      0.075,
      0.53,
      0.15,
      0.605,
      0.3025,
      0.7575,
      0.3775,
      0.8325,
      0.2275,
      0.6825,
      0,
      0.455,
      0.075,
      0.53,
      0.15,
      0.605,
      0.3025,
      0.7575,
      0.3775,
      0.8325,
      0.2275
    ],
    "SoftwareVersions": "syngo_MR_E11",
    "SpacingBetweenSlices": 2,
    "StationName": "mrc_Trio",
    "TaskName": "rest",
    "TotalReadoutTime": 0.0576811,
    "TxRefAmp": 208.259,
    "dataset": "ds004146",
    "modality": "bold",
    "session_id": "01",
    "subject_id": "0030",
    "task_id": "rest"
  },
  "dummy_trs": 2,
  "dvars_nstd": 43.607200834506195,
  "dvars_std": 1.1202393629320988,
  "dvars_vstd": 0.994873044753086,
  "efc": 0.5292283728112828,
  "fber": 910.7922973632812,
  "fd_mean": 0.20918542883955638,
  "fd_num": 139,
  "fd_perc": 42.76923076923077,
  "fwhm_avg": 3.2692799999999997,
  "fwhm_x": 3.05007,
  "fwhm_y": 3.31562,
  "fwhm_z": 3.44215,
  "gcor": 0.0167951,
  "gsr_x": -0.01402375753968954,
  "gsr_y": 0.04600071161985397,
  "provenance": {
    "md5sum": "8ef9bab0ba6d5c7cadf4a6e160f2e703",
    "settings": {
      "fd_thres": 0.2,
      "testing": false
    },
    "software": "mriqc",
    "version": "23.0.1",
    "webapi_port": null,
    "webapi_url": "https://mriqc.nimh.nih.gov/api/v1"
  },
  "size_t": 325,
  "size_x": 104,
  "size_y": 104,
  "size_z": 72,
  "snr": 2.640201797823258,
  "spacing_tr": 0.9300000071525574,
  "spacing_x": 2.0,
  "spacing_y": 2.0,
  "spacing_z": 2.0,
  "summary_bg_k": 83.28848238659543,
  "summary_bg_mad": 7.016129500420572,
  "summary_bg_mean": 38.00056838989258,
  "summary_bg_median": 20.14769172668457,
  "summary_bg_n": 500122.0,
  "summary_bg_p05": 14.855384826660156,
  "summary_bg_p95": 123.12923431396484,
  "summary_bg_stdv": 55.97905731201172,
  "summary_fg_k": 0.5496835988419546,
  "summary_fg_mad": 231.15821824071784,
  "summary_fg_mean": 647.3535766601562,
  "summary_fg_median": 610.821533203125,
  "summary_fg_n": 176900.0,
  "summary_fg_p05": 341.51339263916014,
  "summary_fg_p95": 1070.0863342285156,
  "summary_fg_stdv": 231.35345458984375,
  "tsnr": 33.842822476057336
}