{
  "aor": 0.00044817460317460317,
  "aqi": 0.012407851587301587,
  "bids_meta": {
    "AcquisitionMatrixPE": 90,
    "AcquisitionNumber": 1,
    "AcquisitionTime": "10:24:31.732500",
    "BandwidthPerPixelPhaseEncode": 21.368,
    "BaseResolution": 90,
    "BodyPartExamined": "BRAIN",
    "CoilString": "HC1-7;NC1_2",
    "ConsistencyInfo": "N4_VE11C_LATEST_20160120",
    "ConversionSoftware": "dcm2niix",
    "ConversionSoftwareVersion": "v1.0.20190410  GCC6.3.0",
    "DerivedVendorReportedEchoSpacing": 0.000519988,
    "DeviceSerialNumber": "167001",
    "DwellTime": 2.2e-06,
    "EchoTime": 0.03,
    "EchoTrainLength": 90,
    "EffectiveEchoSpacing": 0.000519988,
    "FlipAngle": 52,
    "ImageOrientationPatientDICOM": [
      0.998735,
      -0.00212403,
      -0.0502423,
      -0.014469,
      0.94472,
      -0.327558
    ],
    "ImageType": [
      "ORIGINAL",
      "PRIMARY",
      "M",
      "ND",
      "NORM",
      "MOSAIC"
    ],
    "ImagingFrequency": 123.229,
    "InPlanePhaseEncodingDirectionDICOM": "COL",
    "InstitutionAddress": "Cooper_60_St._Lucia_QLD_AU_4072",
    "InstitutionName": "St_Lucia_Campus",
    "InstitutionalDepartmentName": "Gehrmann_Labs_MRI",
    "MRAcquisitionType": "2D",
    "MagneticFieldStrength": 3,
    "Manufacturer": "Siemens",
    "ManufacturersModelName": "Prisma_fit",
    "Modality": "MR",
    "MultibandAccelerationFactor": 6,
    "PartialFourier": 1,
    "PatientPosition": "HFS",
    "PercentPhaseFOV": 100,
    "PhaseEncodingDirection": "j-",
    "PhaseEncodingSteps": 90,
    "PhaseResolution": 1,
    "PixelBandwidth": 2525,
    "ProcedureStepDescription": "Research_16092_QTAB",
    "ProtocolName": "PARTLY_CLOUDY_mb6_2.4",
    "PulseSequenceDetails": "%SiemensSeq%_ep2d_bold",
    "ReceiveCoilActiveElements": "HC1-7;NC1,2",
    "ReceiveCoilName": "HeadNeck_64",
    "ReconMatrixPE": 90,
    "RefLinesPE": 12,
    "RepetitionTime": 0.8,
    "SAR": 0.0514543,
    "ScanOptions": "FS",
    "ScanningSequence": "EP",
    "SequenceName": "_epfid2d1_90",
    "SequenceVariant": "SK",
    "SeriesDescription": "PARTLY_CLOUDY_mb6_2.4",
    "SeriesNumber": 19,
    "ShimSetting": [
      3032,
      -4187,
      -748,
      427,
      -45,
      -252,
      -103,
      31
    ],
    "SliceThickness": 2.4,
    "SliceTiming": [
      0.545,
      0,
      0.39,
      0.0775,
      0.4675,
      0.2325,
      0.6225,
      0.31,
      0.7,
      0.155,
      0.545,
      0,
      0.39,
      0.0775,
      0.4675,
      0.2325,
      0.6225,
      0.31,
      0.7,
      0.155,
      0.545,
      0,
      0.39,
      0.0775,
      0.4675,
      0.2325,
      0.6225,
      0.31,
      0.7,
      0.155,
      0.545,
      0,
      0.39,
      0.0775,
      0.4675,
      0.2325,
      0.6225,
      0.31,
      0.7,
      0.155,
      0.545,
      0,
      0.39,
      0.0775,
      0.4675,
      0.2325,
      0.6225,
      0.31,
      0.7,
      0.155,
      0.545,
      0,
      0.39,
      0.0775,
      0.4675,
      0.2325,
      0.6225,
      0.31,
      0.7,
      0.155
    ],
    "SoftwareVersions": "syngo_MR_E11",
    "SpacingBetweenSlices": 2.4,
    "StationName": "mrc_Trio",
    "TaskName": "partlycloudy",
    "TotalReadoutTime": 0.046279,
    "TxRefAmp": 216.818,
    "dataset": "ds004146",
    "modality": "bold",
    "session_id": "02",
    "subject_id": "0274",
    "task_id": "partlycloudy"
  },
  "dummy_trs": 2,
  "dvars_nstd": 33.89996581241382,
  "dvars_std": 1.2544400219628653,
  "dvars_vstd": 1.0083815990185687,
  "efc": 0.4776176709932073,
  "fber": 6708.4794921875,
  "fd_mean": 0.09942745609023136,
  "fd_num": 20,
  "fd_perc": 5.291005291005291,
  "fwhm_avg": 1.7608388762581442,
  "fwhm_x": 1.6989332658237908,
  "fwhm_y": 1.852012426407638,
  "fwhm_z": 1.731570936543004,
  "gcor": 0.0186093,
  "gsr_x": -0.01918855495750904,
  "gsr_y": 0.02546682581305504,
  "provenance": {
    "md5sum": "b8f9cc7172b5c7e8f05804b4258aa7cf",
    "settings": {
      "fd_thres": 0.2,
      "testing": false
    },
    "software": "mriqc",
    "version": "23.0.1",
    "webapi_port": null,
    "webapi_url": "https://mriqc.nimh.nih.gov/api/v1"
  },
  "size_t": 378,
  "size_x": 90,
  "size_y": 90,
  "size_z": 60,
  "snr": 6.95217365368299,
  "spacing_tr": 0.800000011920929,
  "spacing_x": 2.4000000953674316,
  "spacing_y": 2.4000000953674316,
  "spacing_z": 2.3999998569488525,
  "summary_bg_k": 23.73926186064565,
  "summary_bg_mad": 5.95786507288644,
  "summary_bg_mean": 27.6082763671875,
  "summary_bg_median": 8.198412895202637,
  "summary_bg_n": 335313.0,
  "summary_bg_p05": 3.367724657058716,
  "summary_bg_p95": 124.2804183959961,
  "summary_bg_stdv": 56.90070724487305,
  "summary_fg_k": 1.6471754775167176,
  "summary_fg_mad": 96.29661578012656,
  "summary_fg_mean": 681.8026123046875,
  "summary_fg_median": 681.6851806640625,
  "summary_fg_n": 80806.0,
  "summary_fg_p05": 535.5767211914062,
  "summary_fg_p95": 837.8961639404297,
  "summary_fg_stdv": 98.05292510986328,
  "tsnr": 50.00292230397463
}