{
  "bids_meta": {
    "AcquisitionMatrixPE": 256,
    "AcquisitionNumber": 1,
    "AcquisitionTime": "12:53:37.120000",
    "BaseResolution": 256,
    "BodyPartExamined": "BRAIN",
    "ConsistencyInfo": "N4_VE11C_LATEST_20160120",
    "ConversionSoftware": "dcm2niix",
    "ConversionSoftwareVersion": "v1.0.20171215 GCC6.3.0",
    "DeviceSerialNumber": "167001",
    "DwellTime": 2.6e-06,
    "EchoTime": 0.408,
    "EchoTrainLength": 259,
    "FlipAngle": 120,
    "ImageOrientationPatientDICOM": [
      -0.0380753,
      0.996923,
      -0.0685174,
      -0.0217501,
      -0.0693776,
      -0.997353
    ],
    "ImageType": [
      "ORIGINAL",
      "PRIMARY",
      "M",
      "ND",
      "NORM"
    ],
    "InPlanePhaseEncodingDirectionDICOM": "ROW",
    "InstitutionAddress": "Cooper_60_St._Lucia_QLD_AU_4072",
    "InstitutionName": "St_Lucia_Campus",
    "InstitutionalDepartmentName": "Gehrmann_Labs_MRI",
    "MRAcquisitionType": "3D",
    "MagneticFieldStrength": 3,
    "Manufacturer": "Siemens",
    "ManufacturersModelName": "Prisma_fit",
    "Modality": "MR",
    "ParallelReductionFactorInPlane": 2,
    "PartialFourier": 1,
    "PatientPosition": "HFS",
    "PercentPhaseFOV": 100,
    "PhaseEncodingSteps": 233,
    "PhaseResolution": 1,
    "PixelBandwidth": 750,
    "ProcedureStepDescription": "Research_16092_QTAB",
    "ProtocolName": "t2_spc_sag_p2_iso",
    "PulseSequenceDetails": "%SiemensSeq%_tse_vfl",
    "ReceiveCoilActiveElements": "HC1-7;NC1,2",
    "ReceiveCoilName": "HeadNeck_64",
    "ReconMatrixPE": 256,
    "RepetitionTime": 3.2,
    "SAR": 0.155497,
    "ScanOptions": "PFP",
    "ScanningSequence": "SE",
    "SequenceName": "_spcR_282ns",
    "SequenceVariant": "SK_SP",
    "SeriesDescription": "t2_spc_sag_p2_iso",
    "SeriesNumber": 19,
    "ShimSetting": [
      3045,
      -4172,
      -1048,
      3,
      -5,
      36,
      -4,
      -10
    ],
    "SliceThickness": 1,
    "SoftwareVersions": "syngo_MR_E11",
    "StationName": "mrc_Trio",
    "TxRefAmp": 208.441,
    "dataset": "ds004146",
    "modality": "T2w",
    "session_id": "01",
    "subject_id": "0045"
  },
  "cjv": 0.5145390390496545,
  "cnr": 0.7009672485037025,
  "efc": 0.6568692907320353,
  "fber": -1.0,
  "fwhm_avg": 4.033050042824577,
  "fwhm_x": 4.144175247012093,
  "fwhm_y": 4.335424935397135,
  "fwhm_z": 3.619549946064503,
  "icvs_csf": 0.49807444739611223,
  "icvs_gm": 0.39173735948748295,
  "icvs_wm": 0.11018819311640488,
  "inu_med": 1.012271523475647,
  "inu_range": 0.3764263540506363,
  "provenance": {
    "md5sum": "94e698f280d65558a5dc3b02a244a0e2",
    "settings": {
      "testing": false
    },
    "software": "mriqc",
    "version": "23.0.1",
    "warnings": {
      "large_rot_frame": true,
      "small_air_mask": false
    },
    "webapi_port": null,
    "webapi_url": "https://mriqc.nimh.nih.gov/api/v1"
  },
  "qi_1": 0.0,
  "qi_2": 0.012124789109348423,
  "rpve_csf": 10.276483666741061,
  "rpve_gm": 12.711486666675976,
  "rpve_wm": 42.745344158760524,
  "size_x": 192,
  "size_y": 300,
  "size_z": 320,
  "snr_csf": 19.063454342016158,
  "snr_gm": 14.839684887513013,
  "snr_total": 11.383897501130507,
  "snr_wm": 0.2485532738623512,
  "snrd_csf": 83.60980291219518,
  "snrd_gm": 57.36687325874059,
  "snrd_total": 51.990064544726614,
  "snrd_wm": 14.993517463244078,
  "spacing_x": 0.7999999523162842,
  "spacing_y": 0.800000011920929,
  "spacing_z": 0.800000011920929,
  "summary_bg_k": 5.7142321808917185,
  "summary_bg_mad": 0.0,
  "summary_bg_mean": 26.733906414881552,
  "summary_bg_median": 0.0,
  "summary_bg_n": 1456106.0,
  "summary_bg_p05": 0.0,
  "summary_bg_p95": 118.54830993711948,
  "summary_bg_stdv": 44.0335562756079,
  "summary_csf_k": 0.19988362276014282,
  "summary_csf_mad": 289.90459942880966,
  "summary_csf_mean": 5633.261013400225,
  "summary_csf_median": 5619.649529054761,
  "summary_csf_n": 334538.0,
  "summary_csf_p05": 5175.524277448654,
  "summary_csf_p95": 6140.189604029059,
  "summary_csf_stdv": 294.78608803562065,
  "summary_gm_k": -0.2727181318387597,
  "summary_gm_mad": 274.5717410848765,
  "summary_gm_mean": 3862.011921750276,
  "summary_gm_median": 3855.7885686010122,
  "summary_gm_n": 374563.0,
  "summary_gm_p05": 3450.349518299103,
  "summary_gm_p95": 4299.530788511038,
  "summary_gm_stdv": 259.82919790922296,
  "summary_wm_k": -1.3371435543377204,
  "summary_wm_mad": 1190.8519980454728,
  "summary_wm_mean": 3626.815651915777,
  "summary_wm_median": 1007.7563923895359,
  "summary_wm_n": 49486.0,
  "summary_wm_p05": 158.00057463347912,
  "summary_wm_p95": 10194.388591200113,
  "summary_wm_stdv": 4054.44754133016,
  "tpm_overlap_csf": 0.10600944622120176,
  "tpm_overlap_gm": 0.23563988111543796,
  "tpm_overlap_wm": 0.030837340245273622,
  "wm2max": 0.09708307964797698
}