{
  "aor": 0.001685644171779141,
  "aqi": 0.005822195674846625,
  "bids_meta": {
    "AcquisitionMatrixPE": 104,
    "AcquisitionNumber": 1,
    "AcquisitionTime": "11:11:13.175000",
    "BandwidthPerPixelPhaseEncode": 17.17,
    "BaseResolution": 104,
    "BodyPartExamined": "BRAIN",
    "ConsistencyInfo": "N4_VE11C_LATEST_20160120",
    "ConversionSoftware": "dcm2niix",
    "ConversionSoftwareVersion": "v1.0.20171215 GCC6.3.0",
    "DerivedVendorReportedEchoSpacing": 0.000560011,
    "DeviceSerialNumber": "167001",
    "DwellTime": 2.1e-06,
    "EchoTime": 0.03,
    "EchoTrainLength": 91,
    "EffectiveEchoSpacing": 0.000560011,
    "FlipAngle": 52,
    "ImageOrientationPatientDICOM": [
      0.994669,
      0.00808748,
      -0.102803,
      -0.041515,
      0.943967,
      -0.327417
    ],
    "ImageType": [
      "ORIGINAL",
      "PRIMARY",
      "M",
      "ND",
      "MOSAIC"
    ],
    "InPlanePhaseEncodingDirectionDICOM": "COL",
    "InstitutionAddress": "Cooper_60_St._Lucia_QLD_AU_4072",
    "InstitutionName": "St_Lucia_Campus",
    "InstitutionalDepartmentName": "Gehrmann_Labs_MRI",
    "MRAcquisitionType": "2D",
    "MagneticFieldStrength": 3,
    "Manufacturer": "Siemens",
    "ManufacturersModelName": "Prisma_fit",
    "Modality": "MR",
    "MultibandAccelerationFactor": 6,
    "PartialFourier": 0.875,
    "PatientPosition": "HFS",
    "PercentPhaseFOV": 100,
    "PhaseEncodingDirection": "j",
    "PhaseEncodingSteps": 91,
    "PhaseResolution": 1,
    "PixelBandwidth": 2290,
    "ProcedureStepDescription": "Research_16092_QTAB",
    "ProtocolName": "ep2d_REST_SMS6_P-A",
    "PulseSequenceDetails": "%SiemensSeq%_ep2d_bold",
    "ReceiveCoilActiveElements": "HC1-7;NC1,2",
    "ReceiveCoilName": "HeadNeck_64",
    "ReconMatrixPE": 104,
    "RepetitionTime": 0.93,
    "SAR": 0.0699169,
    "ScanOptions": "PFP_FS",
    "ScanningSequence": "EP",
    "SequenceName": "_epfid2d1_104",
    "SequenceVariant": "SK",
    "SeriesDescription": "ep2d_REST_SMS6_P-A",
    "SeriesNumber": 10,
    "ShimSetting": [
      3002,
      -4136,
      -730,
      444,
      -139,
      132,
      -151,
      27
    ],
    "SliceThickness": 2,
    "SliceTiming": [
      0.6825,
      0,
      0.455,
      0.0775,
      0.5325,
      0.1525,
      0.6075,
      0.305,
      0.76,
      0.38,
      0.835,
      0.2275,
      0.6825,
      0,
      0.455,
      0.0775,
      0.5325,
      0.1525,
      0.6075,
      0.305,
      0.76,
      0.38,
      0.835,
      0.2275,
      0.6825,
      0,
      0.455,
      0.0775,
      0.5325,
      0.1525,
      0.6075,
      0.305,
      0.76,
      0.38,
      0.835,
      0.2275,
      0.6825,
      0,
      0.455,
      0.0775,
      0.5325,
      0.1525,
      0.6075,
      0.305,
      0.76,
      0.38,
      0.835,
      0.2275,
      0.6825,
      0,
      0.455,
      0.0775,
      0.5325,
      0.1525,
      0.6075,
      0.305,
      0.76,
      0.38,
      0.835,
      0.2275,
      0.6825,
      0,
      0.455,
      0.0775,
      0.5325,
      0.1525,
      0.6075,
      0.305,
      0.76,
      0.38,
      0.835,
      0.2275
    ],
    "SoftwareVersions": "syngo_MR_E11",
    "SpacingBetweenSlices": 2,
    "StationName": "mrc_Trio",
    "TaskName": "rest",
    "TotalReadoutTime": 0.0576811,
    "TxRefAmp": 205.874,
    "dataset": "ds004146",
    "modality": "bold",
    "session_id": "01",
    "subject_id": "0102",
    "task_id": "rest"
  },
  "dummy_trs": 1,
  "dvars_nstd": 41.844557078153876,
  "dvars_std": 1.1388938697846165,
  "dvars_vstd": 1.028739864830769,
  "efc": 0.509252637002691,
  "fber": 950.0708618164062,
  "fd_mean": 0.1947787274645418,
  "fd_num": 107,
  "fd_perc": 32.82208588957055,
  "fwhm_avg": 3.1273650639817157,
  "fwhm_x": 2.933435,
  "fwhm_y": 3.220305191945147,
  "fwhm_z": 3.228355,
  "gcor": 0.012644,
  "gsr_x": -0.008472166955471039,
  "gsr_y": 0.044113483279943466,
  "provenance": {
    "md5sum": "86ca9471dd610305b5d0ff481e910ae7",
    "settings": {
      "fd_thres": 0.2,
      "testing": false
    },
    "software": "mriqc",
    "version": "23.0.1",
    "webapi_port": null,
    "webapi_url": "https://mriqc.nimh.nih.gov/api/v1"
  },
  "size_t": 326,
  "size_x": 104,
  "size_y": 104,
  "size_z": 72,
  "snr": 2.5682547665286823,
  "spacing_tr": 0.9300000071525574,
  "spacing_x": 2.0,
  "spacing_y": 1.9999998807907104,
  "spacing_z": 2.0,
  "summary_bg_k": 71.13713755630866,
  "summary_bg_mad": 5.634797863444821,
  "summary_bg_mean": 36.94148635864258,
  "summary_bg_median": 18.69325065612793,
  "summary_bg_n": 521525.0,
  "summary_bg_p05": 14.530674934387207,
  "summary_bg_p95": 130.68221130371083,
  "summary_bg_stdv": 56.20468521118164,
  "summary_fg_k": 0.30084715142744134,
  "summary_fg_mad": 235.99296380531243,
  "summary_fg_mean": 615.2865600585938,
  "summary_fg_median": 582.6840209960938,
  "summary_fg_n": 157075.0,
  "summary_fg_p05": 314.5625823974609,
  "summary_fg_p95": 1028.34228515625,
  "summary_fg_stdv": 226.87864685058594,
  "tsnr": 36.74721351522021
}