{
  "bids_meta": {
    "AcquisitionMatrixPE": 256,
    "AcquisitionNumber": 1,
    "AcquisitionTime": "13:21:16.755000",
    "BaseResolution": 256,
    "BodyPartExamined": "BRAIN",
    "ConsistencyInfo": "N4_VE11C_LATEST_20160120",
    "ConversionSoftware": "dcm2niix",
    "ConversionSoftwareVersion": "v1.0.20171215 GCC6.3.0",
    "DeviceSerialNumber": "167001",
    "DwellTime": 2.6e-06,
    "EchoTime": 0.408,
    "EchoTrainLength": 259,
    "FlipAngle": 120,
    "ImageOrientationPatientDICOM": [
      0.0178888,
      0.99984,
      -7.95846e-09,
      0.0131507,
      -0.000235297,
      -0.999914
    ],
    "ImageType": [
      "ORIGINAL",
      "PRIMARY",
      "M",
      "ND",
      "NORM"
    ],
    "InPlanePhaseEncodingDirectionDICOM": "ROW",
    "InstitutionAddress": "Cooper_60_St._Lucia_QLD_AU_4072",
    "InstitutionName": "St_Lucia_Campus",
    "InstitutionalDepartmentName": "Gehrmann_Labs_MRI",
    "MRAcquisitionType": "3D",
    "MagneticFieldStrength": 3,
    "Manufacturer": "Siemens",
    "ManufacturersModelName": "Prisma_fit",
    "Modality": "MR",
    "ParallelReductionFactorInPlane": 2,
    "PartialFourier": 1,
    "PatientPosition": "HFS",
    "PercentPhaseFOV": 100,
    "PhaseEncodingSteps": 233,
    "PhaseResolution": 1,
    "PixelBandwidth": 750,
    "ProcedureStepDescription": "Research_16092_QTAB",
    "ProtocolName": "t2_spc_sag_p2_iso",
    "PulseSequenceDetails": "%SiemensSeq%_tse_vfl",
    "ReceiveCoilActiveElements": "HC1-7;NC1",
    "ReceiveCoilName": "HeadNeck_64",
    "ReconMatrixPE": 256,
    "RepetitionTime": 3.2,
    "SAR": 0.145351,
    "ScanOptions": "PFP",
    "ScanningSequence": "SE",
    "SequenceName": "_spcR_282ns",
    "SequenceVariant": "SK_SP",
    "SeriesDescription": "t2_spc_sag_p2_iso",
    "SeriesNumber": 23,
    "ShimSetting": [
      3045,
      -4172,
      -1048,
      3,
      -5,
      36,
      -4,
      -10
    ],
    "SliceThickness": 1,
    "SoftwareVersions": "syngo_MR_E11",
    "StationName": "mrc_Trio",
    "TxRefAmp": 220.905,
    "dataset": "ds004146",
    "modality": "T2w",
    "session_id": "01",
    "subject_id": "0217"
  },
  "cjv": 1.6725540806975585,
  "cnr": 0.8294217563971541,
  "efc": 0.6606263978978781,
  "fber": -1.0,
  "fwhm_avg": 3.9725250453954,
  "fwhm_x": 4.211375251017526,
  "fwhm_y": 4.155287438081392,
  "fwhm_z": 3.5509124470872817,
  "icvs_csf": 0.497013900780279,
  "icvs_gm": 0.11702647993993047,
  "icvs_wm": 0.3859596192797905,
  "inu_med": 1.0185363292694092,
  "inu_range": 0.3262774229049682,
  "provenance": {
    "md5sum": "7aa4e54c33a2eab11dcae6259c3bd401",
    "settings": {
      "testing": false
    },
    "software": "mriqc",
    "version": "23.0.1",
    "warnings": {
      "large_rot_frame": true,
      "small_air_mask": false
    },
    "webapi_port": null,
    "webapi_url": "https://mriqc.nimh.nih.gov/api/v1"
  },
  "qi_1": 0.0,
  "qi_2": 0.02024077205987762,
  "rpve_csf": 9.831198574024446,
  "rpve_gm": 38.108100028648416,
  "rpve_wm": 12.52766636625687,
  "size_x": 192,
  "size_y": 300,
  "size_z": 320,
  "snr_csf": 18.4382528210442,
  "snr_gm": 1.6021424553713015,
  "snr_total": 10.980024122337163,
  "snr_wm": 12.89967709059599,
  "snrd_csf": 89.41076259513568,
  "snrd_gm": 122.00384846725412,
  "snrd_total": 90.04769988932428,
  "snrd_wm": 58.728488605583024,
  "spacing_x": 0.7999999523162842,
  "spacing_y": 0.800000011920929,
  "spacing_z": 0.800000011920929,
  "summary_bg_k": 6.954929685993175,
  "summary_bg_mad": 0.0,
  "summary_bg_mean": 5.801341609170823,
  "summary_bg_median": 0.0,
  "summary_bg_n": 1713478.0,
  "summary_bg_p05": 0.0,
  "summary_bg_p95": 27.968873918056488,
  "summary_bg_stdv": 11.155342642839296,
  "summary_csf_k": 0.12304271119363719,
  "summary_csf_mad": 82.18100881688262,
  "summary_csf_mean": 1525.043500335981,
  "summary_csf_median": 1522.4427961967885,
  "summary_csf_n": 315164.0,
  "summary_csf_p05": 1393.9889760650694,
  "summary_csf_p95": 1663.471331819892,
  "summary_csf_stdv": 82.56966620714151,
  "summary_gm_k": -1.8064642846496797,
  "summary_gm_mad": 1721.9554817917917,
  "summary_gm_mean": 1630.3726663672662,
  "summary_gm_median": 2077.421943578869,
  "summary_gm_n": 54281.0,
  "summary_gm_p05": 57.34746930375695,
  "summary_gm_p95": 3263.054086726159,
  "summary_gm_stdv": 1296.6405082861475,
  "summary_wm_k": -0.18985868701180442,
  "summary_wm_mad": 80.09095264147868,
  "summary_wm_mean": 1002.3385542935538,
  "summary_wm_median": 1000.000020287931,
  "summary_wm_n": 415401.0,
  "summary_wm_p05": 879.6098069511354,
  "summary_wm_p95": 1134.092726290226,
  "summary_wm_stdv": 77.52122860191332,
  "tpm_overlap_csf": 0.10652362875398023,
  "tpm_overlap_gm": 0.07558423166002838,
  "tpm_overlap_wm": 0.4785193892854196,
  "wm2max": 0.3197965852797162
}