{
  "bids_meta": {
    "AcquisitionMatrixPE": 256,
    "AcquisitionNumber": 1,
    "AcquisitionTime": "16:34:11.100000",
    "BaseResolution": 256,
    "BodyPartExamined": "BRAIN",
    "CoilString": "HC1-7;NC1_2",
    "ConsistencyInfo": "N4_VE11C_LATEST_20160120",
    "ConversionSoftware": "dcm2niix",
    "ConversionSoftwareVersion": "v1.0.20190410  GCC6.3.0",
    "DeviceSerialNumber": "167001",
    "DwellTime": 2.6e-06,
    "EchoTime": 0.408,
    "EchoTrainLength": 259,
    "FlipAngle": 120,
    "ImageOrientationPatientDICOM": [
      -0.0420122,
      0.998568,
      -0.0331158,
      0.0500965,
      -0.030998,
      -0.998263
    ],
    "ImageType": [
      "ORIGINAL",
      "PRIMARY",
      "M",
      "ND",
      "NORM"
    ],
    "ImagingFrequency": 123.229,
    "InPlanePhaseEncodingDirectionDICOM": "ROW",
    "InstitutionAddress": "Cooper_60_St._Lucia_QLD_AU_4072",
    "InstitutionName": "St_Lucia_Campus",
    "InstitutionalDepartmentName": "Gehrmann_Labs_MRI",
    "MRAcquisitionType": "3D",
    "MagneticFieldStrength": 3,
    "Manufacturer": "Siemens",
    "ManufacturersModelName": "Prisma_fit",
    "Modality": "MR",
    "PartialFourier": 1,
    "PatientPosition": "HFS",
    "PercentPhaseFOV": 100,
    "PhaseEncodingSteps": 233,
    "PhaseResolution": 1,
    "PixelBandwidth": 750,
    "ProcedureStepDescription": "Research_16092_QTAB",
    "ProtocolName": "t2_spc_sag_p2_iso",
    "PulseSequenceDetails": "%SiemensSeq%_tse_vfl",
    "ReceiveCoilActiveElements": "HC1-7;NC1,2",
    "ReceiveCoilName": "HeadNeck_64",
    "ReconMatrixPE": 256,
    "RefLinesPE": 24,
    "RepetitionTime": 3.2,
    "SAR": 0.153625,
    "ScanOptions": "PFP",
    "ScanningSequence": "SE",
    "SequenceName": "_spcR_282ns",
    "SequenceVariant": "SK_SP",
    "SeriesDescription": "t2_spc_sag_p2_iso",
    "SeriesNumber": 32,
    "ShimSetting": [
      3044,
      -4172,
      -1039,
      -11,
      -3,
      35,
      -21,
      -13
    ],
    "SliceThickness": 1,
    "SoftwareVersions": "syngo_MR_E11",
    "StationName": "mrc_Trio",
    "TxRefAmp": 212.013,
    "dataset": "ds004146",
    "modality": "T2w",
    "session_id": "02",
    "subject_id": "0223"
  },
  "cjv": 0.5881316260689741,
  "cnr": 1.293645732055773,
  "efc": 0.6045287418772898,
  "fber": -1.0,
  "fwhm_avg": 4.079291712029532,
  "fwhm_x": 4.274125254757717,
  "fwhm_y": 4.122112438575738,
  "fwhm_z": 3.8416374427551414,
  "icvs_csf": 0.36341025181107967,
  "icvs_gm": 0.15081129147018557,
  "icvs_wm": 0.48577845671873476,
  "inu_med": 1.0161163210868835,
  "inu_range": 0.2854148507118226,
  "provenance": {
    "md5sum": "2cdfa0a273c4c2a8735e54ddc83e4293",
    "settings": {
      "testing": false
    },
    "software": "mriqc",
    "version": "23.0.1",
    "warnings": {
      "large_rot_frame": true,
      "small_air_mask": false
    },
    "webapi_port": null,
    "webapi_url": "https://mriqc.nimh.nih.gov/api/v1"
  },
  "qi_1": 6.206174434285035e-06,
  "qi_2": 0.009320946261037162,
  "rpve_csf": 12.725210435700905,
  "rpve_gm": 35.05860562455128,
  "rpve_wm": 10.947434953340583,
  "size_x": 192,
  "size_y": 300,
  "size_z": 320,
  "snr_csf": 15.129498691701569,
  "snr_gm": 2.0028122836253877,
  "snr_total": 9.964807031482122,
  "snr_wm": 12.762110119119411,
  "snrd_csf": 78.42254577140754,
  "snrd_gm": 145.37144814670273,
  "snrd_total": 91.7068446470996,
  "snrd_wm": 51.32654002318851,
  "spacing_x": 0.7999999523162842,
  "spacing_y": 0.800000011920929,
  "spacing_z": 0.800000011920929,
  "summary_bg_k": 25.683739664668455,
  "summary_bg_mad": 0.0,
  "summary_bg_mean": 7.040248840916387,
  "summary_bg_median": 0.0,
  "summary_bg_n": 1817175.0,
  "summary_bg_p05": 0.0,
  "summary_bg_p95": 28.601349487900734,
  "summary_bg_stdv": 12.764087116076968,
  "summary_csf_k": 1.0230104841034526,
  "summary_csf_mad": 93.54202501534812,
  "summary_csf_mean": 1534.6502150404967,
  "summary_csf_median": 1527.9141963273287,
  "summary_csf_n": 76579.0,
  "summary_csf_p05": 1383.9257092028856,
  "summary_csf_p95": 1709.28078572303,
  "summary_csf_stdv": 100.98842343451805,
  "summary_gm_k": -1.5074157538980644,
  "summary_gm_mad": 995.8247217012552,
  "summary_gm_mean": 2128.7649696338813,
  "summary_gm_median": 2832.2862663939595,
  "summary_gm_n": 96914.0,
  "summary_gm_p05": 75.39760780334473,
  "summary_gm_p95": 3753.4755200318987,
  "summary_gm_stdv": 1414.1473352961427,
  "summary_wm_k": -0.05320995089360325,
  "summary_wm_mad": 81.80075424060006,
  "summary_wm_mean": 1001.6937706961205,
  "summary_wm_median": 1000.000043079257,
  "summary_wm_n": 357587.0,
  "summary_wm_p05": 876.7589879631996,
  "summary_wm_p95": 1129.5896814912558,
  "summary_wm_stdv": 78.35684189238894,
  "tpm_overlap_csf": 0.11203975664489432,
  "tpm_overlap_gm": 0.08857054764291492,
  "tpm_overlap_wm": 0.41275990115576894,
  "wm2max": 0.27404803328968846
}