{
  "aor": 0.008974564643799475,
  "aqi": 0.023460768601583113,
  "bids_meta": {
    "AcquisitionMatrixPE": 90,
    "AcquisitionNumber": 1,
    "AcquisitionTime": "14:39:5.967500",
    "BandwidthPerPixelPhaseEncode": 21.368,
    "BaseResolution": 90,
    "BodyPartExamined": "BRAIN",
    "CoilString": "HC1-7;NC1_2",
    "ConsistencyInfo": "N4_VE11C_LATEST_20160120",
    "ConversionSoftware": "dcm2niix",
    "ConversionSoftwareVersion": "v1.0.20190410  GCC6.3.0",
    "DerivedVendorReportedEchoSpacing": 0.000519988,
    "DeviceSerialNumber": "167001",
    "DwellTime": 2.2e-06,
    "EchoTime": 0.03,
    "EchoTrainLength": 90,
    "EffectiveEchoSpacing": 0.000519988,
    "FlipAngle": 52,
    "ImageOrientationPatientDICOM": [
      0.997204,
      0.0151598,
      -0.0731711,
      -0.0391803,
      0.939885,
      -0.339236
    ],
    "ImageType": [
      "ORIGINAL",
      "PRIMARY",
      "M",
      "ND",
      "NORM",
      "MOSAIC"
    ],
    "ImagingFrequency": 123.229,
    "InPlanePhaseEncodingDirectionDICOM": "COL",
    "InstitutionAddress": "Cooper_60_St._Lucia_QLD_AU_4072",
    "InstitutionName": "St_Lucia_Campus",
    "InstitutionalDepartmentName": "Gehrmann_Labs_MRI",
    "MRAcquisitionType": "2D",
    "MagneticFieldStrength": 3,
    "Manufacturer": "Siemens",
    "ManufacturersModelName": "Prisma_fit",
    "Modality": "MR",
    "MultibandAccelerationFactor": 6,
    "PartialFourier": 1,
    "PatientPosition": "HFS",
    "PercentPhaseFOV": 100,
    "PhaseEncodingDirection": "j-",
    "PhaseEncodingSteps": 90,
    "PhaseResolution": 1,
    "PixelBandwidth": 2525,
    "ProcedureStepDescription": "Research_16092_QTAB",
    "ProtocolName": "PARTLY_CLOUDY_mb6_2.4",
    "PulseSequenceDetails": "%SiemensSeq%_ep2d_bold",
    "ReceiveCoilActiveElements": "HC1-7;NC1,2",
    "ReceiveCoilName": "HeadNeck_64",
    "ReconMatrixPE": 90,
    "RefLinesPE": 12,
    "RepetitionTime": 0.8,
    "SAR": 0.0610785,
    "ScanOptions": "FS",
    "ScanningSequence": "EP",
    "SequenceName": "_epfid2d1_90",
    "SequenceVariant": "SK",
    "SeriesDescription": "PARTLY_CLOUDY_mb6_2.4",
    "SeriesNumber": 21,
    "ShimSetting": [
      3025,
      -4149,
      -772,
      435,
      -13,
      -192,
      82,
      2
    ],
    "SliceThickness": 2.4,
    "SliceTiming": [
      0.545,
      0,
      0.39,
      0.0775,
      0.4675,
      0.235,
      0.625,
      0.3125,
      0.7025,
      0.155,
      0.545,
      0,
      0.39,
      0.0775,
      0.4675,
      0.235,
      0.625,
      0.3125,
      0.7025,
      0.155,
      0.545,
      0,
      0.39,
      0.0775,
      0.4675,
      0.235,
      0.625,
      0.3125,
      0.7025,
      0.155,
      0.545,
      0,
      0.39,
      0.0775,
      0.4675,
      0.235,
      0.625,
      0.3125,
      0.7025,
      0.155,
      0.545,
      0,
      0.39,
      0.0775,
      0.4675,
      0.235,
      0.625,
      0.3125,
      0.7025,
      0.155,
      0.545,
      0,
      0.39,
      0.0775,
      0.4675,
      0.235,
      0.625,
      0.3125,
      0.7025,
      0.155
    ],
    "SoftwareVersions": "syngo_MR_E11",
    "SpacingBetweenSlices": 2.4,
    "StationName": "mrc_Trio",
    "TaskName": "partlycloudy",
    "TotalReadoutTime": 0.046279,
    "TxRefAmp": 238.411,
    "dataset": "ds004146",
    "modality": "bold",
    "session_id": "02",
    "subject_id": "0336",
    "task_id": "partlycloudy"
  },
  "dummy_trs": 1,
  "dvars_nstd": 46.16215718976193,
  "dvars_std": 1.3304409971428564,
  "dvars_vstd": 1.0900907322222222,
  "efc": 0.4977220520057798,
  "fber": 4896.11669921875,
  "fd_mean": 0.3628012572856793,
  "fd_num": 271,
  "fd_perc": 71.50395778364116,
  "fwhm_avg": 1.9003512520549612,
  "fwhm_x": 1.835637427058322,
  "fwhm_y": 2.013591586653726,
  "fwhm_z": 1.851824742452836,
  "gcor": 0.0130063,
  "gsr_x": -0.016343509778380394,
  "gsr_y": 0.03271746262907982,
  "provenance": {
    "md5sum": "7b3924e6033ec87c65864c6318db194a",
    "settings": {
      "fd_thres": 0.2,
      "testing": false
    },
    "software": "mriqc",
    "version": "23.0.1",
    "webapi_port": null,
    "webapi_url": "https://mriqc.nimh.nih.gov/api/v1"
  },
  "size_t": 379,
  "size_x": 90,
  "size_y": 90,
  "size_z": 60,
  "snr": 6.584417380854318,
  "spacing_tr": 0.800000011920929,
  "spacing_x": 2.4000000953674316,
  "spacing_y": 2.4000000953674316,
  "spacing_z": 2.4000003337860107,
  "summary_bg_k": 25.39061946977424,
  "summary_bg_mad": 8.066295703117888,
  "summary_bg_mean": 29.114843368530273,
  "summary_bg_median": 9.89709758758545,
  "summary_bg_n": 324452.0,
  "summary_bg_p05": 3.591029167175293,
  "summary_bg_p95": 116.32045516967777,
  "summary_bg_stdv": 54.457942962646484,
  "summary_fg_k": 1.232809578949004,
  "summary_fg_mad": 106.49113486779771,
  "summary_fg_mean": 702.7429809570312,
  "summary_fg_median": 701.1544189453125,
  "summary_fg_n": 90152.0,
  "summary_fg_p05": 542.7918273925782,
  "summary_fg_p95": 874.0493774414062,
  "summary_fg_stdv": 106.48634338378906,
  "tsnr": 35.53005116432905
}