{
  "aor": 0.0006028381962864722,
  "aqi": 0.015011590981432362,
  "bids_meta": {
    "AcquisitionMatrixPE": 90,
    "AcquisitionNumber": 1,
    "AcquisitionTime": "10:25:32.545000",
    "BandwidthPerPixelPhaseEncode": 21.368,
    "BaseResolution": 90,
    "BodyPartExamined": "BRAIN",
    "CoilString": "HC1-7;NC1_2",
    "ConsistencyInfo": "N4_VE11C_LATEST_20160120",
    "ConversionSoftware": "dcm2niix",
    "ConversionSoftwareVersion": "v1.0.20190410  GCC6.3.0",
    "DerivedVendorReportedEchoSpacing": 0.000519988,
    "DeviceSerialNumber": "167001",
    "DwellTime": 2.2e-06,
    "EchoTime": 0.03,
    "EchoTrainLength": 90,
    "EffectiveEchoSpacing": 0.000519988,
    "FlipAngle": 52,
    "ImageOrientationPatientDICOM": [
      0.995394,
      0.0951325,
      0.0118585,
      -0.0909383,
      0.976108,
      -0.197342
    ],
    "ImageType": [
      "ORIGINAL",
      "PRIMARY",
      "M",
      "ND",
      "NORM",
      "MOSAIC"
    ],
    "ImagingFrequency": 123.229,
    "InPlanePhaseEncodingDirectionDICOM": "COL",
    "InstitutionAddress": "Cooper_60_St._Lucia_QLD_AU_4072",
    "InstitutionName": "St_Lucia_Campus",
    "InstitutionalDepartmentName": "Gehrmann_Labs_MRI",
    "MRAcquisitionType": "2D",
    "MagneticFieldStrength": 3,
    "Manufacturer": "Siemens",
    "ManufacturersModelName": "Prisma_fit",
    "Modality": "MR",
    "MultibandAccelerationFactor": 6,
    "PartialFourier": 1,
    "PatientPosition": "HFS",
    "PercentPhaseFOV": 100,
    "PhaseEncodingDirection": "j-",
    "PhaseEncodingSteps": 90,
    "PhaseResolution": 1,
    "PixelBandwidth": 2525,
    "ProcedureStepDescription": "Research_16092_QTAB",
    "ProtocolName": "PARTLY_CLOUDY_mb6_2.4",
    "PulseSequenceDetails": "%SiemensSeq%_ep2d_bold",
    "ReceiveCoilActiveElements": "HC1-7;NC1,2",
    "ReceiveCoilName": "HeadNeck_64",
    "ReconMatrixPE": 90,
    "RefLinesPE": 12,
    "RepetitionTime": 0.8,
    "SAR": 0.0616075,
    "ScanOptions": "FS",
    "ScanningSequence": "EP",
    "SequenceName": "_epfid2d1_90",
    "SequenceVariant": "SK",
    "SeriesDescription": "PARTLY_CLOUDY_mb6_2.4",
    "SeriesNumber": 20,
    "ShimSetting": [
      3056,
      -4156,
      -776,
      438,
      -23,
      85,
      115,
      23
    ],
    "SliceThickness": 2.4,
    "SliceTiming": [
      0.5475,
      0,
      0.39,
      0.0775,
      0.4675,
      0.235,
      0.625,
      0.3125,
      0.7025,
      0.1575,
      0.5475,
      0,
      0.39,
      0.0775,
      0.4675,
      0.235,
      0.625,
      0.3125,
      0.7025,
      0.1575,
      0.5475,
      0,
      0.39,
      0.0775,
      0.4675,
      0.235,
      0.625,
      0.3125,
      0.7025,
      0.1575,
      0.5475,
      0,
      0.39,
      0.0775,
      0.4675,
      0.235,
      0.625,
      0.3125,
      0.7025,
      0.1575,
      0.5475,
      0,
      0.39,
      0.0775,
      0.4675,
      0.235,
      0.625,
      0.3125,
      0.7025,
      0.1575,
      0.5475,
      0,
      0.39,
      0.0775,
      0.4675,
      0.235,
      0.625,
      0.3125,
      0.7025,
      0.1575
    ],
    "SoftwareVersions": "syngo_MR_E11",
    "SpacingBetweenSlices": 2.4,
    "StationName": "mrc_Trio",
    "TaskName": "partlycloudy",
    "TotalReadoutTime": 0.046279,
    "TxRefAmp": 213.178,
    "dataset": "ds004146",
    "modality": "bold",
    "session_id": "02",
    "subject_id": "0089",
    "task_id": "partlycloudy"
  },
  "dummy_trs": 3,
  "dvars_nstd": 43.130180211648934,
  "dvars_std": 1.375287626117022,
  "dvars_vstd": 1.004064911675532,
  "efc": 0.500041368577791,
  "fber": 6967.98291015625,
  "fd_mean": 0.14888593567442518,
  "fd_num": 74,
  "fd_perc": 19.628647214854112,
  "fwhm_avg": 1.8814013141287174,
  "fwhm_x": 1.759433263419737,
  "fwhm_y": 1.9888999209682179,
  "fwhm_z": 1.895870757998198,
  "gcor": 0.00987987,
  "gsr_x": -0.023926107212901115,
  "gsr_y": 0.04044520482420921,
  "provenance": {
    "md5sum": "3c478ea959eed5dd50a46ecf039ef99d",
    "settings": {
      "fd_thres": 0.2,
      "testing": false
    },
    "software": "mriqc",
    "version": "23.0.1",
    "webapi_port": null,
    "webapi_url": "https://mriqc.nimh.nih.gov/api/v1"
  },
  "size_t": 377,
  "size_x": 90,
  "size_y": 90,
  "size_z": 60,
  "snr": 6.8009519938423155,
  "spacing_tr": 0.800000011920929,
  "spacing_x": 2.4000000953674316,
  "spacing_y": 2.4000000953674316,
  "spacing_z": 2.4000000953674316,
  "summary_bg_k": 27.18474167753079,
  "summary_bg_mad": 5.777036060083249,
  "summary_bg_mean": 26.35279655456543,
  "summary_bg_median": 7.925729274749756,
  "summary_bg_n": 320338.0,
  "summary_bg_p05": 3.3580901622772217,
  "summary_bg_p95": 116.97652473449698,
  "summary_bg_stdv": 52.99043273925781,
  "summary_fg_k": 1.1881201339428458,
  "summary_fg_mad": 100.45516840784471,
  "summary_fg_mean": 676.0052490234375,
  "summary_fg_median": 674.923095703125,
  "summary_fg_n": 94073.0,
  "summary_fg_p05": 526.0732177734375,
  "summary_fg_p95": 834.8148437499999,
  "summary_fg_stdv": 99.23897552490234,
  "tsnr": 48.816559532890096
}