{
  "aor": 0.001365820105820106,
  "aqi": 0.017547017724867726,
  "bids_meta": {
    "AcquisitionMatrixPE": 90,
    "AcquisitionNumber": 1,
    "AcquisitionTime": "15:52:47.527500",
    "BandwidthPerPixelPhaseEncode": 21.368,
    "BaseResolution": 90,
    "BodyPartExamined": "BRAIN",
    "CoilString": "HC1-7;NC1_2",
    "ConsistencyInfo": "N4_VE11C_LATEST_20160120",
    "ConversionSoftware": "dcm2niix",
    "ConversionSoftwareVersion": "v1.0.20190410  GCC6.3.0",
    "DerivedVendorReportedEchoSpacing": 0.000519988,
    "DeviceSerialNumber": "167001",
    "DwellTime": 2.2e-06,
    "EchoTime": 0.03,
    "EchoTrainLength": 90,
    "EffectiveEchoSpacing": 0.000519988,
    "FlipAngle": 52,
    "ImageOrientationPatientDICOM": [
      0.99755,
      -0.0650852,
      0.0256637,
      0.0688808,
      0.977913,
      -0.197334
    ],
    "ImageType": [
      "ORIGINAL",
      "PRIMARY",
      "M",
      "ND",
      "NORM",
      "MOSAIC"
    ],
    "ImagingFrequency": 123.229,
    "InPlanePhaseEncodingDirectionDICOM": "COL",
    "InstitutionAddress": "Cooper_60_St._Lucia_QLD_AU_4072",
    "InstitutionName": "St_Lucia_Campus",
    "InstitutionalDepartmentName": "Gehrmann_Labs_MRI",
    "MRAcquisitionType": "2D",
    "MagneticFieldStrength": 3,
    "Manufacturer": "Siemens",
    "ManufacturersModelName": "Prisma_fit",
    "Modality": "MR",
    "MultibandAccelerationFactor": 6,
    "PartialFourier": 1,
    "PatientPosition": "HFS",
    "PercentPhaseFOV": 100,
    "PhaseEncodingDirection": "j-",
    "PhaseEncodingSteps": 90,
    "PhaseResolution": 1,
    "PixelBandwidth": 2525,
    "ProcedureStepDescription": "Research_16092_QTAB",
    "ProtocolName": "PARTLY_CLOUDY_mb6_2.4",
    "PulseSequenceDetails": "%SiemensSeq%_ep2d_bold",
    "ReceiveCoilActiveElements": "HC1-7;NC1,2",
    "ReceiveCoilName": "HeadNeck_64",
    "ReconMatrixPE": 90,
    "RefLinesPE": 12,
    "RepetitionTime": 0.8,
    "SAR": 0.0719916,
    "ScanOptions": "FS",
    "ScanningSequence": "EP",
    "SequenceName": "_epfid2d1_90",
    "SequenceVariant": "SK",
    "SeriesDescription": "PARTLY_CLOUDY_mb6_2.4",
    "SeriesNumber": 19,
    "ShimSetting": [
      3066,
      -4165,
      -734,
      556,
      -47,
      182,
      -94,
      14
    ],
    "SliceThickness": 2.4,
    "SliceTiming": [
      0.5475,
      0,
      0.39,
      0.08,
      0.47,
      0.235,
      0.625,
      0.3125,
      0.7025,
      0.1575,
      0.5475,
      0,
      0.39,
      0.08,
      0.47,
      0.235,
      0.625,
      0.3125,
      0.7025,
      0.1575,
      0.5475,
      0,
      0.39,
      0.08,
      0.47,
      0.235,
      0.625,
      0.3125,
      0.7025,
      0.1575,
      0.5475,
      0,
      0.39,
      0.08,
      0.47,
      0.235,
      0.625,
      0.3125,
      0.7025,
      0.1575,
      0.5475,
      0,
      0.39,
      0.08,
      0.47,
      0.235,
      0.625,
      0.3125,
      0.7025,
      0.1575,
      0.5475,
      0,
      0.39,
      0.08,
      0.47,
      0.235,
      0.625,
      0.3125,
      0.7025,
      0.1575
    ],
    "SoftwareVersions": "syngo_MR_E11",
    "SpacingBetweenSlices": 2.4,
    "StationName": "mrc_Trio",
    "TaskName": "partlycloudy",
    "TotalReadoutTime": 0.046279,
    "TxRefAmp": 208.747,
    "dataset": "ds004146",
    "modality": "bold",
    "session_id": "02",
    "subject_id": "0041",
    "task_id": "partlycloudy"
  },
  "dummy_trs": 2,
  "dvars_nstd": 37.10827835047743,
  "dvars_std": 1.2721109048541124,
  "dvars_vstd": 1.0102499332095491,
  "efc": 0.48564201742456226,
  "fber": 6629.646484375,
  "fd_mean": 0.1788984178050898,
  "fd_num": 154,
  "fd_perc": 40.74074074074074,
  "fwhm_avg": 1.8118304835598806,
  "fwhm_x": 1.7158915984832608,
  "fwhm_y": 1.901816591095265,
  "fwhm_z": 1.8177832611011164,
  "gcor": 0.00506787,
  "gsr_x": -0.020965619012713432,
  "gsr_y": 0.025288725271821022,
  "provenance": {
    "md5sum": "99efbc20f69f1fe5361d485b68592fb8",
    "settings": {
      "fd_thres": 0.2,
      "testing": false
    },
    "software": "mriqc",
    "version": "23.0.1",
    "webapi_port": null,
    "webapi_url": "https://mriqc.nimh.nih.gov/api/v1"
  },
  "size_t": 378,
  "size_x": 90,
  "size_y": 90,
  "size_z": 60,
  "snr": 7.007499094081325,
  "spacing_tr": 0.800000011920929,
  "spacing_x": 2.4000000953674316,
  "spacing_y": 2.4000000953674316,
  "spacing_z": 2.4000000953674316,
  "summary_bg_k": 36.4341698368819,
  "summary_bg_mad": 6.153975729345034,
  "summary_bg_mean": 23.373926162719727,
  "summary_bg_median": 8.050264358520508,
  "summary_bg_n": 325381.0,
  "summary_bg_p05": 2.989417791366577,
  "summary_bg_p95": 89.61640167236328,
  "summary_bg_stdv": 50.845970153808594,
  "summary_fg_k": 1.6397468624377636,
  "summary_fg_mad": 91.5840781193462,
  "summary_fg_mean": 663.2186279296875,
  "summary_fg_median": 660.9735107421875,
  "summary_fg_n": 89553.0,
  "summary_fg_p05": 523.2930908203125,
  "summary_fg_p95": 817.9110839843747,
  "summary_fg_stdv": 94.32321166992188,
  "tsnr": 45.68598552956246
}