{
  "aor": 0.0006206084656084657,
  "aqi": 0.01594403227513228,
  "bids_meta": {
    "AcquisitionMatrixPE": 90,
    "AcquisitionNumber": 1,
    "AcquisitionTime": "12:05:43.142500",
    "BandwidthPerPixelPhaseEncode": 21.368,
    "BaseResolution": 90,
    "BodyPartExamined": "BRAIN",
    "CoilString": "HC1-7;NC1_2",
    "ConsistencyInfo": "N4_VE11C_LATEST_20160120",
    "ConversionSoftware": "dcm2niix",
    "ConversionSoftwareVersion": "v1.0.20190410  GCC6.3.0",
    "DerivedVendorReportedEchoSpacing": 0.000519988,
    "DeviceSerialNumber": "167001",
    "DwellTime": 2.2e-06,
    "EchoTime": 0.03,
    "EchoTrainLength": 90,
    "EffectiveEchoSpacing": 0.000519988,
    "FlipAngle": 52,
    "ImageOrientationPatientDICOM": [
      0.995247,
      -0.0474582,
      -0.0850352,
      0.0312769,
      0.982727,
      -0.182398
    ],
    "ImageType": [
      "ORIGINAL",
      "PRIMARY",
      "M",
      "ND",
      "NORM",
      "MOSAIC"
    ],
    "ImagingFrequency": 123.229,
    "InPlanePhaseEncodingDirectionDICOM": "COL",
    "InstitutionAddress": "Cooper_60_St._Lucia_QLD_AU_4072",
    "InstitutionName": "St_Lucia_Campus",
    "InstitutionalDepartmentName": "Gehrmann_Labs_MRI",
    "MRAcquisitionType": "2D",
    "MagneticFieldStrength": 3,
    "Manufacturer": "Siemens",
    "ManufacturersModelName": "Prisma_fit",
    "Modality": "MR",
    "MultibandAccelerationFactor": 6,
    "PartialFourier": 1,
    "PatientPosition": "HFS",
    "PercentPhaseFOV": 100,
    "PhaseEncodingDirection": "j-",
    "PhaseEncodingSteps": 90,
    "PhaseResolution": 1,
    "PixelBandwidth": 2525,
    "ProcedureStepDescription": "Research_16092_QTAB",
    "ProtocolName": "PARTLY_CLOUDY_mb6_2.4",
    "PulseSequenceDetails": "%SiemensSeq%_ep2d_bold",
    "ReceiveCoilActiveElements": "HC1-7;NC1,2",
    "ReceiveCoilName": "HeadNeck_64",
    "ReconMatrixPE": 90,
    "RefLinesPE": 12,
    "RepetitionTime": 0.8,
    "SAR": 0.0562992,
    "ScanOptions": "FS",
    "ScanningSequence": "EP",
    "SequenceName": "_epfid2d1_90",
    "SequenceVariant": "SK",
    "SeriesDescription": "PARTLY_CLOUDY_mb6_2.4",
    "SeriesNumber": 27,
    "ShimSetting": [
      3007,
      -4152,
      -760,
      400,
      69,
      47,
      -101,
      -53
    ],
    "SliceThickness": 2.4,
    "SliceTiming": [
      0.545,
      0,
      0.39,
      0.0775,
      0.4675,
      0.2325,
      0.6225,
      0.3125,
      0.7025,
      0.155,
      0.545,
      0,
      0.39,
      0.0775,
      0.4675,
      0.2325,
      0.6225,
      0.3125,
      0.7025,
      0.155,
      0.545,
      0,
      0.39,
      0.0775,
      0.4675,
      0.2325,
      0.6225,
      0.3125,
      0.7025,
      0.155,
      0.545,
      0,
      0.39,
      0.0775,
      0.4675,
      0.2325,
      0.6225,
      0.3125,
      0.7025,
      0.155,
      0.545,
      0,
      0.39,
      0.0775,
      0.4675,
      0.2325,
      0.6225,
      0.3125,
      0.7025,
      0.155,
      0.545,
      0,
      0.39,
      0.0775,
      0.4675,
      0.2325,
      0.6225,
      0.3125,
      0.7025,
      0.155
    ],
    "SoftwareVersions": "syngo_MR_E11",
    "SpacingBetweenSlices": 2.4,
    "StationName": "mrc_Trio",
    "TaskName": "partlycloudy",
    "TotalReadoutTime": 0.046279,
    "TxRefAmp": 214.049,
    "dataset": "ds004146",
    "modality": "bold",
    "session_id": "02",
    "subject_id": "0122",
    "task_id": "partlycloudy"
  },
  "dummy_trs": 2,
  "dvars_nstd": 32.13392742387267,
  "dvars_std": 1.141660727984084,
  "dvars_vstd": 0.9858439382228121,
  "efc": 0.47414182535909927,
  "fber": 7557.55419921875,
  "fd_mean": 0.20292940788909403,
  "fd_num": 178,
  "fd_perc": 47.08994708994709,
  "fwhm_avg": 1.9798568657720008,
  "fwhm_x": 1.8631374259655702,
  "fwhm_y": 2.1157707492601574,
  "fwhm_z": 1.960662422090275,
  "gcor": 0.0053515,
  "gsr_x": -0.020666662603616714,
  "gsr_y": 0.03986675292253494,
  "provenance": {
    "md5sum": "cf9b3335e8c1cec515a83f9372095a59",
    "settings": {
      "fd_thres": 0.2,
      "testing": false
    },
    "software": "mriqc",
    "version": "23.0.1",
    "webapi_port": null,
    "webapi_url": "https://mriqc.nimh.nih.gov/api/v1"
  },
  "size_t": 378,
  "size_x": 90,
  "size_y": 90,
  "size_z": 60,
  "snr": 6.7293988807504705,
  "spacing_tr": 0.800000011920929,
  "spacing_x": 2.4000000953674316,
  "spacing_y": 2.4000000953674316,
  "spacing_z": 2.4000000953674316,
  "summary_bg_k": 32.15257768041728,
  "summary_bg_mad": 6.075531113281682,
  "summary_bg_mean": 24.87563705444336,
  "summary_bg_median": 7.962962627410889,
  "summary_bg_n": 333227.0,
  "summary_bg_p05": 3.034391403198242,
  "summary_bg_p95": 105.93756179809577,
  "summary_bg_stdv": 52.97747802734375,
  "summary_fg_k": 0.9952824879106554,
  "summary_fg_mad": 105.33144927629024,
  "summary_fg_mean": 699.2006225585938,
  "summary_fg_median": 696.9761962890625,
  "summary_fg_n": 83112.0,
  "summary_fg_p05": 545.9893798828125,
  "summary_fg_p95": 869.7387481689452,
  "summary_fg_stdv": 103.57121276855469,
  "tsnr": 42.89494574069977
}