{
  "aor": 0.0014738786279683378,
  "aqi": 0.014033008073878627,
  "bids_meta": {
    "AcquisitionMatrixPE": 90,
    "AcquisitionNumber": 1,
    "AcquisitionTime": "15:56:54.812500",
    "BandwidthPerPixelPhaseEncode": 21.368,
    "BaseResolution": 90,
    "BodyPartExamined": "BRAIN",
    "CoilString": "HC1-7;NC1_2",
    "ConsistencyInfo": "N4_VE11C_LATEST_20160120",
    "ConversionSoftware": "dcm2niix",
    "ConversionSoftwareVersion": "v1.0.20190410  GCC6.3.0",
    "DerivedVendorReportedEchoSpacing": 0.000519988,
    "DeviceSerialNumber": "167001",
    "DwellTime": 2.2e-06,
    "EchoTime": 0.03,
    "EchoTrainLength": 90,
    "EffectiveEchoSpacing": 0.000519988,
    "FlipAngle": 52,
    "ImageOrientationPatientDICOM": [
      0.990309,
      -0.128707,
      0.0521784,
      0.138474,
      0.943815,
      -0.300064
    ],
    "ImageType": [
      "ORIGINAL",
      "PRIMARY",
      "M",
      "ND",
      "NORM",
      "MOSAIC"
    ],
    "ImagingFrequency": 123.229,
    "InPlanePhaseEncodingDirectionDICOM": "COL",
    "InstitutionAddress": "Cooper_60_St._Lucia_QLD_AU_4072",
    "InstitutionName": "Centre_for_Advanced_Imaging",
    "InstitutionalDepartmentName": "Gehrmann_Labs_MRI",
    "MRAcquisitionType": "2D",
    "MagneticFieldStrength": 3,
    "Manufacturer": "Siemens",
    "ManufacturersModelName": "Prisma_fit",
    "Modality": "MR",
    "MultibandAccelerationFactor": 6,
    "PartialFourier": 1,
    "PatientPosition": "HFS",
    "PercentPhaseFOV": 100,
    "PhaseEncodingDirection": "j-",
    "PhaseEncodingSteps": 90,
    "PhaseResolution": 1,
    "PixelBandwidth": 2525,
    "ProcedureStepDescription": "Research_16092_QTAB",
    "ProtocolName": "PARTLY_CLOUDY_mb6_2.4",
    "PulseSequenceDetails": "%SiemensSeq%_ep2d_bold",
    "ReceiveCoilActiveElements": "HC1-7;NC1,2",
    "ReceiveCoilName": "HeadNeck_64",
    "ReconMatrixPE": 90,
    "RefLinesPE": 12,
    "RepetitionTime": 0.8,
    "SAR": 0.0665562,
    "ScanOptions": "FS",
    "ScanningSequence": "EP",
    "SequenceName": "_epfid2d1_90",
    "SequenceVariant": "SK",
    "SeriesDescription": "PARTLY_CLOUDY_mb6_2.4",
    "SeriesNumber": 19,
    "ShimSetting": [
      3071,
      -4164,
      -772,
      224,
      8,
      -120,
      -131,
      -24
    ],
    "SliceThickness": 2.4,
    "SliceTiming": [
      0.5475,
      0,
      0.39,
      0.0775,
      0.4675,
      0.235,
      0.625,
      0.3125,
      0.7025,
      0.1575,
      0.5475,
      0,
      0.39,
      0.0775,
      0.4675,
      0.235,
      0.625,
      0.3125,
      0.7025,
      0.1575,
      0.5475,
      0,
      0.39,
      0.0775,
      0.4675,
      0.235,
      0.625,
      0.3125,
      0.7025,
      0.1575,
      0.5475,
      0,
      0.39,
      0.0775,
      0.4675,
      0.235,
      0.625,
      0.3125,
      0.7025,
      0.1575,
      0.5475,
      0,
      0.39,
      0.0775,
      0.4675,
      0.235,
      0.625,
      0.3125,
      0.7025,
      0.1575,
      0.5475,
      0,
      0.39,
      0.0775,
      0.4675,
      0.235,
      0.625,
      0.3125,
      0.7025,
      0.1575
    ],
    "SoftwareVersions": "syngo_MR_E11",
    "SpacingBetweenSlices": 2.4,
    "StationName": "mrc_Trio",
    "TaskName": "partlycloudy",
    "TotalReadoutTime": 0.046279,
    "TxRefAmp": 242.486,
    "dataset": "ds004146",
    "modality": "bold",
    "session_id": "02",
    "subject_id": "0057",
    "task_id": "partlycloudy"
  },
  "dummy_trs": 1,
  "dvars_nstd": 32.40659590119046,
  "dvars_std": 1.1624610053968258,
  "dvars_vstd": 1.000451770396826,
  "efc": 0.530765479680797,
  "fber": 3086.19921875,
  "fd_mean": 0.12658306418384135,
  "fd_num": 37,
  "fd_perc": 9.762532981530343,
  "fwhm_avg": 1.8296749872998823,
  "fwhm_x": 1.7586499301175305,
  "fwhm_y": 1.9182957571071084,
  "fwhm_z": 1.812079274675008,
  "gcor": 0.0115184,
  "gsr_x": -0.0014295662986114621,
  "gsr_y": 0.035603366792201996,
  "provenance": {
    "md5sum": "00190c3357519339f61e08b5317c1ca9",
    "settings": {
      "fd_thres": 0.2,
      "testing": false
    },
    "software": "mriqc",
    "version": "23.0.1",
    "webapi_port": null,
    "webapi_url": "https://mriqc.nimh.nih.gov/api/v1"
  },
  "size_t": 379,
  "size_x": 90,
  "size_y": 90,
  "size_z": 60,
  "snr": 6.727407973640682,
  "spacing_tr": 0.800000011920929,
  "spacing_x": 2.4000000953674316,
  "spacing_y": 2.4000000953674316,
  "spacing_z": 2.3999998569488525,
  "summary_bg_k": 11.029415444743144,
  "summary_bg_mad": 11.559603373865604,
  "summary_bg_mean": 43.864707946777344,
  "summary_bg_median": 12.21372127532959,
  "summary_bg_n": 320320.0,
  "summary_bg_p05": 3.2269129753112793,
  "summary_bg_p95": 212.5121505737304,
  "summary_bg_stdv": 77.72029876708984,
  "summary_fg_k": 1.2619144059080485,
  "summary_fg_mad": 102.3171535487798,
  "summary_fg_mean": 692.2315673828125,
  "summary_fg_median": 690.1715087890625,
  "summary_fg_n": 92736.0,
  "summary_fg_p05": 539.4512023925781,
  "summary_fg_p95": 856.7289123535156,
  "summary_fg_stdv": 102.59044647216797,
  "tsnr": 45.487493665888906
}