{
  "aor": 0.0017905810397553519,
  "aqi": 0.007420801284403669,
  "bids_meta": {
    "AcquisitionMatrixPE": 104,
    "AcquisitionNumber": 1,
    "AcquisitionTime": "15:15:26.780000",
    "BandwidthPerPixelPhaseEncode": 17.17,
    "BaseResolution": 104,
    "BodyPartExamined": "BRAIN",
    "CoilString": "HC1-7;NC1_2",
    "ConsistencyInfo": "N4_VE11C_LATEST_20160120",
    "ConversionSoftware": "dcm2niix",
    "ConversionSoftwareVersion": "v1.0.20190410  GCC6.3.0",
    "DerivedVendorReportedEchoSpacing": 0.000560011,
    "DeviceSerialNumber": "167001",
    "DwellTime": 2.1e-06,
    "EchoTime": 0.03,
    "EchoTrainLength": 91,
    "EffectiveEchoSpacing": 0.000560011,
    "FlipAngle": 52,
    "ImageOrientationPatientDICOM": [
      0.999791,
      -0.0196214,
      0.00581105,
      0.0204189,
      0.975333,
      -0.219793
    ],
    "ImageType": [
      "ORIGINAL",
      "PRIMARY",
      "M",
      "ND",
      "MOSAIC"
    ],
    "ImagingFrequency": 123.229,
    "InPlanePhaseEncodingDirectionDICOM": "COL",
    "InstitutionAddress": "Cooper_60_St._Lucia_QLD_AU_4072",
    "InstitutionName": "Centre_for_Advanced_Imaging",
    "InstitutionalDepartmentName": "Gehrmann_Labs_MRI",
    "MRAcquisitionType": "2D",
    "MagneticFieldStrength": 3,
    "Manufacturer": "Siemens",
    "ManufacturersModelName": "Prisma_fit",
    "Modality": "MR",
    "MultibandAccelerationFactor": 6,
    "PartialFourier": 0.875,
    "PatientPosition": "HFS",
    "PercentPhaseFOV": 100,
    "PhaseEncodingDirection": "j",
    "PhaseEncodingSteps": 91,
    "PhaseResolution": 1,
    "PixelBandwidth": 2290,
    "ProcedureStepDescription": "Research_16092_QTAB",
    "ProtocolName": "ep2d_REST_SMS6_P-A",
    "PulseSequenceDetails": "%SiemensSeq%_ep2d_bold",
    "ReceiveCoilActiveElements": "HC1-7;NC1,2",
    "ReceiveCoilName": "HeadNeck_64",
    "ReconMatrixPE": 104,
    "RefLinesPE": 12,
    "RepetitionTime": 0.93,
    "SAR": 0.0669396,
    "ScanOptions": "PFP_FS",
    "ScanningSequence": "EP",
    "SequenceName": "_epfid2d1_104",
    "SequenceVariant": "SK",
    "SeriesDescription": "ep2d_REST_SMS6_P-A",
    "SeriesNumber": 10,
    "ShimSetting": [
      3053,
      -4167,
      -792,
      408,
      -47,
      -24,
      -80,
      -31
    ],
    "SliceThickness": 2,
    "SliceTiming": [
      0.6825,
      0,
      0.455,
      0.0775,
      0.5325,
      0.1525,
      0.6075,
      0.305,
      0.76,
      0.38,
      0.835,
      0.2275,
      0.6825,
      0,
      0.455,
      0.0775,
      0.5325,
      0.1525,
      0.6075,
      0.305,
      0.76,
      0.38,
      0.835,
      0.2275,
      0.6825,
      0,
      0.455,
      0.0775,
      0.5325,
      0.1525,
      0.6075,
      0.305,
      0.76,
      0.38,
      0.835,
      0.2275,
      0.6825,
      0,
      0.455,
      0.0775,
      0.5325,
      0.1525,
      0.6075,
      0.305,
      0.76,
      0.38,
      0.835,
      0.2275,
      0.6825,
      0,
      0.455,
      0.0775,
      0.5325,
      0.1525,
      0.6075,
      0.305,
      0.76,
      0.38,
      0.835,
      0.2275,
      0.6825,
      0,
      0.455,
      0.0775,
      0.5325,
      0.1525,
      0.6075,
      0.305,
      0.76,
      0.38,
      0.835,
      0.2275
    ],
    "SoftwareVersions": "syngo_MR_E11",
    "SpacingBetweenSlices": 2,
    "StationName": "mrc_Trio",
    "TaskName": "rest",
    "TotalReadoutTime": 0.0576811,
    "TxRefAmp": 213.672,
    "dataset": "ds004146",
    "modality": "bold",
    "session_id": "02",
    "subject_id": "0353",
    "task_id": "rest"
  },
  "dummy_trs": 0,
  "dvars_nstd": 43.855087924049066,
  "dvars_std": 1.0926829780061353,
  "dvars_vstd": 1.0108541357055216,
  "efc": 0.5087398864368821,
  "fber": 789.9737548828125,
  "fd_mean": 0.21909609675008015,
  "fd_num": 150,
  "fd_perc": 45.87155963302752,
  "fwhm_avg": 3.032208333333333,
  "fwhm_x": 2.913715,
  "fwhm_y": 3.098145,
  "fwhm_z": 3.084765,
  "gcor": 0.00793915,
  "gsr_x": -0.021835384890437126,
  "gsr_y": 0.05813072621822357,
  "provenance": {
    "md5sum": "73ad61c86b92684f067c4e5351c26833",
    "settings": {
      "fd_thres": 0.2,
      "testing": false
    },
    "software": "mriqc",
    "version": "23.0.1",
    "webapi_port": null,
    "webapi_url": "https://mriqc.nimh.nih.gov/api/v1"
  },
  "size_t": 327,
  "size_x": 104,
  "size_y": 104,
  "size_z": 72,
  "snr": 2.6056134871899665,
  "spacing_tr": 0.9300000071525574,
  "spacing_x": 2.0,
  "spacing_y": 2.0,
  "spacing_z": 2.0,
  "summary_bg_k": 59.883677957973724,
  "summary_bg_mad": 6.066426531128827,
  "summary_bg_mean": 38.28123092651367,
  "summary_bg_median": 19.28134536743164,
  "summary_bg_n": 533531.0,
  "summary_bg_p05": 14.587156295776367,
  "summary_bg_p95": 134.3027572631836,
  "summary_bg_stdv": 58.85527801513672,
  "summary_fg_k": 0.7778773847214935,
  "summary_fg_mad": 205.57387367682864,
  "summary_fg_mean": 578.9404907226562,
  "summary_fg_median": 549.7247924804688,
  "summary_fg_n": 145211.0,
  "summary_fg_p05": 304.17584228515625,
  "summary_fg_p95": 972.8410034179688,
  "summary_fg_stdv": 210.97637939453125,
  "tsnr": 32.924509365693666
}