{
  "aor": 0.0006324846625766871,
  "aqi": 0.005264694386503068,
  "bids_meta": {
    "AcquisitionMatrixPE": 104,
    "AcquisitionNumber": 1,
    "AcquisitionTime": "11:54:8.785000",
    "BandwidthPerPixelPhaseEncode": 17.17,
    "BaseResolution": 104,
    "BodyPartExamined": "BRAIN",
    "CoilString": "HC1-7;NC1_2",
    "ConsistencyInfo": "N4_VE11C_LATEST_20160120",
    "ConversionSoftware": "dcm2niix",
    "ConversionSoftwareVersion": "v1.0.20190410  GCC6.3.0",
    "DerivedVendorReportedEchoSpacing": 0.000560011,
    "DeviceSerialNumber": "167001",
    "DwellTime": 2.1e-06,
    "EchoTime": 0.03,
    "EchoTrainLength": 91,
    "EffectiveEchoSpacing": 0.000560011,
    "FlipAngle": 52,
    "ImageOrientationPatientDICOM": [
      0.999122,
      0.0162145,
      -0.0386423,
      -0.0273844,
      0.950616,
      -0.30916
    ],
    "ImageType": [
      "ORIGINAL",
      "PRIMARY",
      "M",
      "ND",
      "MOSAIC"
    ],
    "ImagingFrequency": 123.229,
    "InPlanePhaseEncodingDirectionDICOM": "COL",
    "InstitutionAddress": "Cooper_60_St._Lucia_QLD_AU_4072",
    "InstitutionName": "St_Lucia_Campus",
    "InstitutionalDepartmentName": "Gehrmann_Labs_MRI",
    "MRAcquisitionType": "2D",
    "MagneticFieldStrength": 3,
    "Manufacturer": "Siemens",
    "ManufacturersModelName": "Prisma_fit",
    "Modality": "MR",
    "MultibandAccelerationFactor": 6,
    "PartialFourier": 0.875,
    "PatientPosition": "HFS",
    "PercentPhaseFOV": 100,
    "PhaseEncodingDirection": "j",
    "PhaseEncodingSteps": 91,
    "PhaseResolution": 1,
    "PixelBandwidth": 2290,
    "ProcedureStepDescription": "Research_16092_QTAB",
    "ProtocolName": "ep2d_REST_SMS6_P-A",
    "PulseSequenceDetails": "%SiemensSeq%_ep2d_bold",
    "ReceiveCoilActiveElements": "HC1-7;NC1,2",
    "ReceiveCoilName": "HeadNeck_64",
    "ReconMatrixPE": 104,
    "RefLinesPE": 12,
    "RepetitionTime": 0.93,
    "SAR": 0.0529968,
    "ScanOptions": "PFP_FS",
    "ScanningSequence": "EP",
    "SequenceName": "_epfid2d1_104",
    "SequenceVariant": "SK",
    "SeriesDescription": "ep2d_REST_SMS6_P-A",
    "SeriesNumber": 10,
    "ShimSetting": [
      3065,
      -4163,
      -782,
      429,
      108,
      -80,
      -110,
      -67
    ],
    "SliceThickness": 2,
    "SliceTiming": [
      0.6825,
      0,
      0.455,
      0.075,
      0.53,
      0.15,
      0.605,
      0.3025,
      0.7575,
      0.3775,
      0.8325,
      0.2275,
      0.6825,
      0,
      0.455,
      0.075,
      0.53,
      0.15,
      0.605,
      0.3025,
      0.7575,
      0.3775,
      0.8325,
      0.2275,
      0.6825,
      0,
      0.455,
      0.075,
      0.53,
      0.15,
      0.605,
      0.3025,
      0.7575,
      0.3775,
      0.8325,
      0.2275,
      0.6825,
      0,
      0.455,
      0.075,
      0.53,
      0.15,
      0.605,
      0.3025,
      0.7575,
      0.3775,
      0.8325,
      0.2275,
      0.6825,
      0,
      0.455,
      0.075,
      0.53,
      0.15,
      0.605,
      0.3025,
      0.7575,
      0.3775,
      0.8325,
      0.2275,
      0.6825,
      0,
      0.455,
      0.075,
      0.53,
      0.15,
      0.605,
      0.3025,
      0.7575,
      0.3775,
      0.8325,
      0.2275
    ],
    "SoftwareVersions": "syngo_MR_E11",
    "SpacingBetweenSlices": 2,
    "StationName": "mrc_Trio",
    "TaskName": "rest",
    "TotalReadoutTime": 0.0576811,
    "TxRefAmp": 217.256,
    "dataset": "ds004146",
    "modality": "bold",
    "session_id": "02",
    "subject_id": "0253",
    "task_id": "rest"
  },
  "dummy_trs": 1,
  "dvars_nstd": 37.51137385443076,
  "dvars_std": 1.0686330252615392,
  "dvars_vstd": 1.0082278431999998,
  "efc": 0.5545361271517973,
  "fber": 580.3707275390625,
  "fd_mean": 0.09283648652915877,
  "fd_num": 3,
  "fd_perc": 0.9202453987730062,
  "fwhm_avg": 2.9465000000000003,
  "fwhm_x": 2.702515,
  "fwhm_y": 3.03646,
  "fwhm_z": 3.100525,
  "gcor": 0.00847811,
  "gsr_x": -0.023408932611346245,
  "gsr_y": 0.07857900112867355,
  "provenance": {
    "md5sum": "f73e8ac611cef2bbb9956382ccb538ca",
    "settings": {
      "fd_thres": 0.2,
      "testing": false
    },
    "software": "mriqc",
    "version": "23.0.1",
    "webapi_port": null,
    "webapi_url": "https://mriqc.nimh.nih.gov/api/v1"
  },
  "size_t": 326,
  "size_x": 104,
  "size_y": 104,
  "size_z": 72,
  "snr": 2.618299536683305,
  "spacing_tr": 0.9300000071525574,
  "spacing_x": 2.0,
  "spacing_y": 2.0,
  "spacing_z": 2.0,
  "summary_bg_k": 42.660708486596114,
  "summary_bg_mad": 9.918882520091332,
  "summary_bg_mean": 50.9810791015625,
  "summary_bg_median": 22.622699737548828,
  "summary_bg_n": 503693.0,
  "summary_bg_p05": 15.12576675415039,
  "summary_bg_p95": 205.33128356933594,
  "summary_bg_stdv": 77.91704559326172,
  "summary_fg_k": 1.5646746893987364,
  "summary_fg_mad": 209.58352359760397,
  "summary_fg_mean": 578.0505981445312,
  "summary_fg_median": 551.8251342773438,
  "summary_fg_n": 171674.0,
  "summary_fg_p05": 297.5940139770508,
  "summary_fg_p95": 942.5021362304688,
  "summary_fg_stdv": 210.75645446777344,
  "tsnr": 38.277442866005
}