{
  "aor": 0.00026974789915966386,
  "aqi": 0.011043438871548619,
  "bids_meta": {
    "AcquisitionMatrixPE": 90,
    "AcquisitionNumber": 1,
    "AcquisitionTime": "11:39:15.677500",
    "BandwidthPerPixelPhaseEncode": 21.368,
    "BaseResolution": 90,
    "BodyPartExamined": "BRAIN",
    "CoilString": "HC1-7;NC1_2",
    "ConsistencyInfo": "N4_VE11C_LATEST_20160120",
    "ConversionSoftware": "dcm2niix",
    "ConversionSoftwareVersion": "v1.0.20190410  GCC6.3.0",
    "DelayTime": 0.001,
    "DerivedVendorReportedEchoSpacing": 0.000519988,
    "DeviceSerialNumber": "167001",
    "DwellTime": 2.2e-06,
    "EchoTime": 0.03,
    "EchoTrainLength": 90,
    "EffectiveEchoSpacing": 0.000519988,
    "FlipAngle": 52,
    "ImageOrientationPatientDICOM": [
      0.999851,
      0.012385,
      0.012029,
      -0.00959817,
      0.977866,
      -0.20901
    ],
    "ImageType": [
      "ORIGINAL",
      "PRIMARY",
      "M",
      "ND",
      "NORM",
      "MOSAIC"
    ],
    "ImagingFrequency": 123.229,
    "InPlanePhaseEncodingDirectionDICOM": "COL",
    "InstitutionAddress": "Cooper_60_St._Lucia_QLD_AU_4072",
    "InstitutionName": "St_Lucia_Campus",
    "InstitutionalDepartmentName": "Gehrmann_Labs_MRI",
    "MRAcquisitionType": "2D",
    "MagneticFieldStrength": 3,
    "Manufacturer": "Siemens",
    "ManufacturersModelName": "Prisma_fit",
    "Modality": "MR",
    "MultibandAccelerationFactor": 6,
    "PartialFourier": 1,
    "PatientPosition": "HFS",
    "PercentPhaseFOV": 100,
    "PhaseEncodingDirection": "j-",
    "PhaseEncodingSteps": 90,
    "PhaseResolution": 1,
    "PixelBandwidth": 2525,
    "ProcedureStepDescription": "Research_16092_QTAB",
    "ProtocolName": "EMOT_TASK_mb6_2.4",
    "PulseSequenceDetails": "%SiemensSeq%_ep2d_bold",
    "ReceiveCoilActiveElements": "HC1-7;NC1,2",
    "ReceiveCoilName": "HeadNeck_64",
    "ReconMatrixPE": 90,
    "RefLinesPE": 12,
    "RepetitionTime": 0.8,
    "SAR": 0.0512673,
    "ScanOptions": "FS",
    "ScanningSequence": "EP",
    "SequenceName": "_epfid2d1_90",
    "SequenceVariant": "SK",
    "SeriesDescription": "EMOT_TASK_mb6_2.4",
    "SeriesNumber": 20,
    "ShimSetting": [
      3024,
      -4153,
      -738,
      646,
      -71,
      47,
      4,
      -12
    ],
    "SliceThickness": 2.4,
    "SliceTiming": [
      0.5475,
      0,
      0.39,
      0.08,
      0.4675,
      0.235,
      0.625,
      0.3125,
      0.7025,
      0.1575,
      0.5475,
      0,
      0.39,
      0.08,
      0.4675,
      0.235,
      0.625,
      0.3125,
      0.7025,
      0.1575,
      0.5475,
      0,
      0.39,
      0.08,
      0.4675,
      0.235,
      0.625,
      0.3125,
      0.7025,
      0.1575,
      0.5475,
      0,
      0.39,
      0.08,
      0.4675,
      0.235,
      0.625,
      0.3125,
      0.7025,
      0.1575,
      0.5475,
      0,
      0.39,
      0.08,
      0.4675,
      0.235,
      0.625,
      0.3125,
      0.7025,
      0.1575,
      0.5475,
      0,
      0.39,
      0.08,
      0.4675,
      0.235,
      0.625,
      0.3125,
      0.7025,
      0.1575
    ],
    "SoftwareVersions": "syngo_MR_E11",
    "SpacingBetweenSlices": 2.4,
    "StationName": "mrc_Trio",
    "TaskName": "emotionalconflict",
    "TotalReadoutTime": 0.046279,
    "TxRefAmp": 212.316,
    "dataset": "ds004146",
    "modality": "bold",
    "session_id": "02",
    "subject_id": "0239",
    "task_id": "emotionalconflict"
  },
  "dummy_trs": 4,
  "dvars_nstd": 33.67561282328126,
  "dvars_std": 1.2586390028365375,
  "dvars_vstd": 1.0016118623557686,
  "efc": 0.4817581958801535,
  "fber": 7881.5546875,
  "fd_mean": 0.0947592164513715,
  "fd_num": 5,
  "fd_perc": 0.6002400960384153,
  "fwhm_avg": 1.8873235361156118,
  "fwhm_x": 1.8025332617070968,
  "fwhm_y": 2.0239165862434474,
  "fwhm_z": 1.8355207603962913,
  "gcor": 0.00598951,
  "gsr_x": -0.02225039154291153,
  "gsr_y": 0.0350344143807888,
  "provenance": {
    "md5sum": "4296828138a1048a430bad0d444e2252",
    "settings": {
      "fd_thres": 0.2,
      "testing": false
    },
    "software": "mriqc",
    "version": "23.0.1",
    "webapi_port": null,
    "webapi_url": "https://mriqc.nimh.nih.gov/api/v1"
  },
  "size_t": 833,
  "size_x": 90,
  "size_y": 90,
  "size_z": 60,
  "snr": 6.913039345655934,
  "spacing_tr": 0.800000011920929,
  "spacing_x": 2.4000000953674316,
  "spacing_y": 2.4000000953674316,
  "spacing_z": 2.4000000953674316,
  "summary_bg_k": 38.319890557990156,
  "summary_bg_mad": 5.396457668583568,
  "summary_bg_mean": 24.19091033935547,
  "summary_bg_median": 7.338535308837891,
  "summary_bg_n": 329152.0,
  "summary_bg_p05": 2.9543817043304443,
  "summary_bg_p95": 106.89423179626468,
  "summary_bg_stdv": 50.39190673828125,
  "summary_fg_k": 2.134943338483021,
  "summary_fg_mad": 90.4164745777582,
  "summary_fg_mean": 665.2782592773438,
  "summary_fg_median": 661.846923828125,
  "summary_fg_n": 86212.0,
  "summary_fg_p05": 526.6886260986328,
  "summary_fg_p95": 822.2831756591797,
  "summary_fg_stdv": 95.73836517333984,
  "tsnr": 55.80373630160466
}