{
  "bids_meta": {
    "AcquisitionMatrixPE": 256,
    "AcquisitionNumber": 1,
    "AcquisitionTime": "11:46:34.595000",
    "BaseResolution": 256,
    "BodyPartExamined": "BRAIN",
    "ConsistencyInfo": "N4_VE11C_LATEST_20160120",
    "ConversionSoftware": "dcm2niix",
    "ConversionSoftwareVersion": "v1.0.20171215 GCC6.3.0",
    "DeviceSerialNumber": "167001",
    "DwellTime": 2.6e-06,
    "EchoTime": 0.408,
    "EchoTrainLength": 259,
    "FlipAngle": 120,
    "ImageOrientationPatientDICOM": [
      0.0139608,
      0.999903,
      -7.08861e-08,
      -6.56502e-05,
      8.45728e-07,
      -1
    ],
    "ImageType": [
      "ORIGINAL",
      "PRIMARY",
      "M",
      "ND",
      "NORM"
    ],
    "InPlanePhaseEncodingDirectionDICOM": "ROW",
    "InstitutionAddress": "Cooper_60_St._Lucia_QLD_AU_4072",
    "InstitutionName": "St_Lucia_Campus",
    "InstitutionalDepartmentName": "Gehrmann_Labs_MRI",
    "MRAcquisitionType": "3D",
    "MagneticFieldStrength": 3,
    "Manufacturer": "Siemens",
    "ManufacturersModelName": "Prisma_fit",
    "Modality": "MR",
    "ParallelReductionFactorInPlane": 2,
    "PartialFourier": 1,
    "PatientPosition": "HFS",
    "PercentPhaseFOV": 100,
    "PhaseEncodingSteps": 233,
    "PhaseResolution": 1,
    "PixelBandwidth": 750,
    "ProcedureStepDescription": "Research_16092_QTAB",
    "ProtocolName": "t2_spc_sag_p2_iso",
    "PulseSequenceDetails": "%SiemensSeq%_tse_vfl",
    "ReceiveCoilActiveElements": "HC1-7;NC1",
    "ReceiveCoilName": "HeadNeck_64",
    "ReconMatrixPE": 256,
    "RepetitionTime": 3.2,
    "SAR": 0.140441,
    "ScanOptions": "PFP",
    "ScanningSequence": "SE",
    "SequenceName": "_spcR_282ns",
    "SequenceVariant": "SK_SP",
    "SeriesDescription": "t2_spc_sag_p2_iso",
    "SeriesNumber": 19,
    "ShimSetting": [
      3045,
      -4172,
      -1048,
      3,
      -5,
      36,
      -4,
      -10
    ],
    "SliceThickness": 1,
    "SoftwareVersions": "syngo_MR_E11",
    "StationName": "mrc_Trio",
    "TxRefAmp": 216.245,
    "dataset": "ds004146",
    "modality": "T2w",
    "session_id": "01",
    "subject_id": "0010"
  },
  "cjv": 6.416955003812727,
  "cnr": 0.1803279769114294,
  "efc": 0.6453755266668428,
  "fber": -1.0,
  "fwhm_avg": 3.9532292115120278,
  "fwhm_x": 4.1776502490073595,
  "fwhm_y": 4.149224938171731,
  "fwhm_z": 3.532812447356992,
  "icvs_csf": 0.33927150398313866,
  "icvs_gm": 0.5208550056141932,
  "icvs_wm": 0.13987349040266817,
  "inu_med": 1.036905825138092,
  "inu_range": 0.33409319818019867,
  "provenance": {
    "md5sum": "65ceff9d40c10b9f1f594b84f89f871c",
    "settings": {
      "testing": false
    },
    "software": "mriqc",
    "version": "23.0.1",
    "warnings": {
      "large_rot_frame": true,
      "small_air_mask": false
    },
    "webapi_port": null,
    "webapi_url": "https://mriqc.nimh.nih.gov/api/v1"
  },
  "qi_1": 0.030770874452448027,
  "qi_2": 0.007150377637159398,
  "rpve_csf": 10.683895669669937,
  "rpve_gm": 8.661641568313433,
  "rpve_wm": 30.53308212862702,
  "size_x": 192,
  "size_y": 300,
  "size_z": 320,
  "snr_csf": 12.436917556118235,
  "snr_gm": 11.729963318070187,
  "snr_total": 8.31570892006329,
  "snr_wm": 0.7802458860014481,
  "snrd_csf": 131.337732689137,
  "snrd_gm": 81.95842415956652,
  "snrd_total": 106.64409686423811,
  "snrd_wm": 106.63613374401079,
  "spacing_x": 0.7999999523162842,
  "spacing_y": 0.800000011920929,
  "spacing_z": 0.800000011920929,
  "summary_bg_k": 225.01256735549572,
  "summary_bg_mad": 0.0,
  "summary_bg_mean": 1.844165881980587,
  "summary_bg_median": 0.0,
  "summary_bg_n": 1177776.0,
  "summary_bg_p05": 0.0,
  "summary_bg_p95": 11.743607375770807,
  "summary_bg_stdv": 6.345892033171388,
  "summary_csf_k": 1.23168956956546,
  "summary_csf_mad": 90.57201899555092,
  "summary_csf_mean": 1285.1899161426397,
  "summary_csf_median": 1272.185565520078,
  "summary_csf_n": 77121.0,
  "summary_csf_p05": 1142.4273815602064,
  "summary_csf_p95": 1474.1409022137523,
  "summary_csf_stdv": 102.29040369278567,
  "summary_gm_k": 0.17420109344032042,
  "summary_gm_mad": 69.47285547954189,
  "summary_gm_mean": 800.1295123953954,
  "summary_gm_median": 793.8794286586344,
  "summary_gm_n": 511027.0,
  "summary_gm_p05": 701.7817786969244,
  "summary_gm_p95": 917.9104346372187,
  "summary_gm_stdv": 67.67955111046821,
  "summary_wm_k": -1.6380198821754546,
  "summary_wm_mad": 1464.4191783428375,
  "summary_wm_mean": 1444.7010147021178,
  "summary_wm_median": 1032.9167965240777,
  "summary_wm_n": 73479.0,
  "summary_wm_p05": 41.472867624089126,
  "summary_wm_p95": 3430.2325090952218,
  "summary_wm_stdv": 1323.825971246692,
  "tpm_overlap_csf": 0.12160467597817079,
  "tpm_overlap_gm": 0.33300414891117097,
  "tpm_overlap_wm": 0.04630853910305518,
  "wm2max": 0.31529781282294894
}