{
  "bids_meta": {
    "AcquisitionMatrixPE": 256,
    "AcquisitionNumber": 1,
    "AcquisitionTime": "13:24:25.090000",
    "BaseResolution": 256,
    "BodyPartExamined": "BRAIN",
    "CoilString": "HC1-7;NC1_2",
    "ConsistencyInfo": "N4_VE11C_LATEST_20160120",
    "ConversionSoftware": "dcm2niix",
    "ConversionSoftwareVersion": "v1.0.20181125  (JP2:OpenJPEG) GCC6.3.0",
    "DeviceSerialNumber": "167001",
    "DwellTime": 2.6e-06,
    "EchoTime": 0.408,
    "EchoTrainLength": 259,
    "FlipAngle": 120,
    "ImageOrientationPatientDICOM": [
      0.042619,
      0.998857,
      0.0216352,
      -0.0209578,
      0.0225439,
      -0.999526
    ],
    "ImageType": [
      "ORIGINAL",
      "PRIMARY",
      "M",
      "ND",
      "NORM"
    ],
    "ImagingFrequency": 123.229,
    "InPlanePhaseEncodingDirectionDICOM": "ROW",
    "InstitutionAddress": "Cooper_60_St._Lucia_QLD_AU_4072",
    "InstitutionName": "St_Lucia_Campus",
    "InstitutionalDepartmentName": "Gehrmann_Labs_MRI",
    "MRAcquisitionType": "3D",
    "MagneticFieldStrength": 3,
    "Manufacturer": "Siemens",
    "ManufacturersModelName": "Prisma_fit",
    "Modality": "MR",
    "PartialFourier": 1,
    "PatientPosition": "HFS",
    "PercentPhaseFOV": 100,
    "PhaseEncodingSteps": 233,
    "PhaseResolution": 1,
    "PixelBandwidth": 750,
    "ProcedureStepDescription": "Research_16092_QTAB",
    "ProtocolName": "t2_spc_sag_p2_iso",
    "PulseSequenceDetails": "%SiemensSeq%_tse_vfl",
    "ReceiveCoilActiveElements": "HC1-7;NC1,2",
    "ReceiveCoilName": "HeadNeck_64",
    "ReconMatrixPE": 256,
    "RepetitionTime": 3.2,
    "SAR": 0.129027,
    "ScanOptions": "PFP",
    "ScanningSequence": "SE",
    "SequenceName": "_spcR_282ns",
    "SequenceVariant": "SK_SP",
    "SeriesDescription": "t2_spc_sag_p2_iso",
    "SeriesNumber": 19,
    "ShimSetting": [
      3044,
      -4172,
      -1039,
      -11,
      -3,
      35,
      -21,
      -13
    ],
    "SliceThickness": 1,
    "SoftwareVersions": "syngo_MR_E11",
    "StationName": "mrc_Trio",
    "TxRefAmp": 208.428,
    "dataset": "ds004146",
    "modality": "T2w",
    "session_id": "01",
    "subject_id": "0016"
  },
  "cjv": 1.2931451650260932,
  "cnr": 0.5289880971933684,
  "efc": 0.6571292574073436,
  "fber": 3052.8532963988923,
  "fwhm_avg": 4.192537546393901,
  "fwhm_x": 4.383587761282191,
  "fwhm_y": 4.397187434476801,
  "fwhm_z": 3.7968374434227132,
  "icvs_csf": 0.4498182726247359,
  "icvs_gm": 0.4261904671350395,
  "icvs_wm": 0.12399126024022465,
  "inu_med": 1.0044370889663696,
  "inu_range": 0.3341250956058499,
  "provenance": {
    "md5sum": "a6aef56f920a5789559e747ce0feaf30",
    "settings": {
      "testing": false
    },
    "software": "mriqc",
    "version": "23.0.1",
    "warnings": {
      "large_rot_frame": true,
      "small_air_mask": false
    },
    "webapi_port": null,
    "webapi_url": "https://mriqc.nimh.nih.gov/api/v1"
  },
  "qi_1": 8.725170003049217e-06,
  "qi_2": 0.007213806353112039,
  "rpve_csf": 11.175259229620966,
  "rpve_gm": 11.485675354511606,
  "rpve_wm": 39.625843555302254,
  "size_x": 192,
  "size_y": 300,
  "size_z": 320,
  "snr_csf": 16.763571238424852,
  "snr_gm": 14.558598195611479,
  "snr_total": 10.618451084011857,
  "snr_wm": 0.53318381799924,
  "snrd_csf": 66.21929190465684,
  "snrd_gm": 45.041499358501326,
  "snrd_total": 44.61115575355702,
  "snrd_wm": 22.57267599751287,
  "spacing_x": 0.7999999523162842,
  "spacing_y": 0.800000011920929,
  "spacing_z": 0.800000011920929,
  "summary_bg_k": 4.024659659444547,
  "summary_bg_mad": 29.295637498511415,
  "summary_bg_mean": 49.47330305538183,
  "summary_bg_median": 19.75960721820593,
  "summary_bg_n": 1750176.0,
  "summary_bg_p05": 0.0,
  "summary_bg_p95": 197.4139559864998,
  "summary_bg_stdv": 67.73818323839076,
  "summary_csf_k": 0.11961900089338684,
  "summary_csf_mad": 175.90882792884966,
  "summary_csf_mean": 2968.4179374312434,
  "summary_csf_median": 2961.118281699717,
  "summary_csf_n": 198038.0,
  "summary_csf_p05": 2693.680648520589,
  "summary_csf_p95": 3269.167826488614,
  "summary_csf_stdv": 176.6396171459172,
  "summary_gm_k": -0.14135999986284498,
  "summary_gm_mad": 143.10311404802812,
  "summary_gm_mean": 2018.01428847036,
  "summary_gm_median": 2014.1140647903085,
  "summary_gm_n": 196632.0,
  "summary_gm_p05": 1798.7616635411978,
  "summary_gm_p95": 2249.5402236949635,
  "summary_gm_stdv": 138.34497773687923,
  "summary_wm_k": -1.6332143864759898,
  "summary_wm_mad": 1156.1651591578423,
  "summary_wm_mean": 2092.3915201515915,
  "summary_wm_median": 1009.3790138885379,
  "summary_wm_n": 47077.0,
  "summary_wm_p05": 153.43289475888014,
  "summary_wm_p95": 4886.013622285425,
  "summary_wm_stdv": 1893.0962629511394,
  "tpm_overlap_csf": 0.10868604192049112,
  "tpm_overlap_gm": 0.274503634316527,
  "tpm_overlap_wm": 0.07288146223060928,
  "wm2max": 0.21685544926345443
}