{
  "bids_meta": {
    "AcquisitionMatrixPE": 256,
    "AcquisitionNumber": 1,
    "AcquisitionTime": "12:23:17.107500",
    "BaseResolution": 256,
    "BodyPartExamined": "BRAIN",
    "CoilString": "HC1-7;NC1_2",
    "ConsistencyInfo": "N4_VE11C_LATEST_20160120",
    "ConversionSoftware": "dcm2niix",
    "ConversionSoftwareVersion": "v1.0.20190410  GCC6.3.0",
    "DeviceSerialNumber": "167001",
    "DwellTime": 2.6e-06,
    "EchoTime": 0.408,
    "EchoTrainLength": 259,
    "FlipAngle": 120,
    "ImageOrientationPatientDICOM": [
      -0.0219041,
      0.998898,
      0.041504,
      0.096302,
      0.043429,
      -0.994404
    ],
    "ImageType": [
      "ORIGINAL",
      "PRIMARY",
      "M",
      "ND",
      "NORM"
    ],
    "ImagingFrequency": 123.229,
    "InPlanePhaseEncodingDirectionDICOM": "ROW",
    "InstitutionAddress": "Cooper_60_St._Lucia_QLD_AU_4072",
    "InstitutionName": "St_Lucia_Campus",
    "InstitutionalDepartmentName": "Gehrmann_Labs_MRI",
    "MRAcquisitionType": "3D",
    "MagneticFieldStrength": 3,
    "Manufacturer": "Siemens",
    "ManufacturersModelName": "Prisma_fit",
    "Modality": "MR",
    "PartialFourier": 1,
    "PatientPosition": "HFS",
    "PercentPhaseFOV": 100,
    "PhaseEncodingSteps": 233,
    "PhaseResolution": 1,
    "PixelBandwidth": 750,
    "ProcedureStepDescription": "Research_16092_QTAB",
    "ProtocolName": "t2_spc_sag_p2_iso",
    "PulseSequenceDetails": "%SiemensSeq%_tse_vfl",
    "ReceiveCoilActiveElements": "HC1-7;NC1,2",
    "ReceiveCoilName": "HeadNeck_64",
    "ReconMatrixPE": 256,
    "RefLinesPE": 24,
    "RepetitionTime": 3.2,
    "SAR": 0.157256,
    "ScanOptions": "PFP",
    "ScanningSequence": "SE",
    "SequenceName": "_spcR_282ns",
    "SequenceVariant": "SK_SP",
    "SeriesDescription": "t2_spc_sag_p2_iso",
    "SeriesNumber": 32,
    "ShimSetting": [
      3044,
      -4172,
      -1039,
      -11,
      -3,
      35,
      -21,
      -13
    ],
    "SliceThickness": 1,
    "SoftwareVersions": "syngo_MR_E11",
    "StationName": "mrc_Trio",
    "TxRefAmp": 217.821,
    "dataset": "ds004146",
    "modality": "T2w",
    "session_id": "02",
    "subject_id": "0413"
  },
  "cjv": 1.2796748921479435,
  "cnr": 0.9696642730121835,
  "efc": 0.6198172616482298,
  "fber": 6822.410374849528,
  "fwhm_avg": 4.03347921289442,
  "fwhm_x": 4.281462755195067,
  "fwhm_y": 4.193287437515147,
  "fwhm_z": 3.625687445973047,
  "icvs_csf": 0.38453974370080224,
  "icvs_gm": 0.47764706648848665,
  "icvs_wm": 0.1378131898107111,
  "inu_med": 1.018118143081665,
  "inu_range": 0.3041622459888458,
  "provenance": {
    "md5sum": "bff1180a904fdd23033a815f11d94a6e",
    "settings": {
      "testing": false
    },
    "software": "mriqc",
    "version": "23.0.1",
    "warnings": {
      "large_rot_frame": true,
      "small_air_mask": false
    },
    "webapi_port": null,
    "webapi_url": "https://mriqc.nimh.nih.gov/api/v1"
  },
  "qi_1": 2.75507958736158e-05,
  "qi_2": 0.007709607720650941,
  "rpve_csf": 11.556945324752169,
  "rpve_gm": 10.327980147820595,
  "rpve_wm": 36.26585798419238,
  "size_x": 192,
  "size_y": 300,
  "size_z": 320,
  "snr_csf": 14.829658070916441,
  "snr_gm": 11.663981668924322,
  "snr_total": 9.396785737761551,
  "snr_wm": 1.6967174734438912,
  "snrd_csf": 61.05848546986682,
  "snrd_gm": 39.22187167770612,
  "snrd_total": 64.01885323300417,
  "snrd_wm": 91.77620255143954,
  "spacing_x": 0.7999999523162842,
  "spacing_y": 0.800000011920929,
  "spacing_z": 0.800000011920929,
  "summary_bg_k": 5.3111840634201215,
  "summary_bg_mad": 0.0,
  "summary_bg_mean": 3.9429769685442415,
  "summary_bg_median": 0.0,
  "summary_bg_n": 2373391.0,
  "summary_bg_p05": 0.0,
  "summary_bg_p95": 19.222196374088526,
  "summary_bg_stdv": 7.155634927495358,
  "summary_csf_k": 0.7402014287156446,
  "summary_csf_mad": 42.06791051821754,
  "summary_csf_mean": 669.2747012741703,
  "summary_csf_median": 666.9026957564056,
  "summary_csf_n": 98478.0,
  "summary_csf_p05": 600.4733550401404,
  "summary_csf_p95": 746.8072419390082,
  "summary_csf_stdv": 44.970646424179485,
  "summary_gm_k": 0.028964367695802462,
  "summary_gm_mad": 37.44121795660211,
  "summary_gm_mean": 429.0071202815354,
  "summary_gm_median": 428.3953614830971,
  "summary_gm_n": 370426.0,
  "summary_gm_p05": 370.28296425938606,
  "summary_gm_p95": 489.4710713811219,
  "summary_gm_stdv": 36.728005529807135,
  "summary_wm_k": -1.7653095528585279,
  "summary_wm_mad": 697.1142657963404,
  "summary_wm_mean": 767.7603179462394,
  "summary_wm_median": 1002.4126281030476,
  "summary_wm_n": 78199.0,
  "summary_wm_p05": 31.337687131017447,
  "summary_wm_p95": 1496.8688830185679,
  "summary_wm_stdv": 590.7914749519674,
  "tpm_overlap_csf": 0.11393886424644027,
  "tpm_overlap_gm": 0.3122370722332065,
  "tpm_overlap_wm": 0.04107519527249881,
  "wm2max": 0.6929337974041041
}