{
  "aor": 0.0008729192546583851,
  "aqi": 0.006030412422360248,
  "bids_meta": {
    "AcquisitionMatrixPE": 104,
    "AcquisitionNumber": 1,
    "AcquisitionTime": "10:03:46.425000",
    "BandwidthPerPixelPhaseEncode": 17.17,
    "BaseResolution": 104,
    "BodyPartExamined": "BRAIN",
    "CoilString": "HC1-7;NC1_2",
    "ConsistencyInfo": "N4_VE11C_LATEST_20160120",
    "ConversionSoftware": "dcm2niix",
    "ConversionSoftwareVersion": "v1.0.20181125  (JP2:OpenJPEG) GCC6.3.0",
    "DerivedVendorReportedEchoSpacing": 0.000560011,
    "DeviceSerialNumber": "167001",
    "DwellTime": 2.1e-06,
    "EchoTime": 0.03,
    "EchoTrainLength": 91,
    "EffectiveEchoSpacing": 0.000560011,
    "FlipAngle": 52,
    "ImageOrientationPatientDICOM": [
      0.98825,
      0.115688,
      -0.0998869,
      -0.11085,
      0.992438,
      0.052714
    ],
    "ImageType": [
      "ORIGINAL",
      "PRIMARY",
      "M",
      "ND",
      "MOSAIC"
    ],
    "ImagingFrequency": 123.229,
    "InPlanePhaseEncodingDirectionDICOM": "COL",
    "InstitutionAddress": "Cooper_60_St._Lucia_QLD_AU_4072",
    "InstitutionName": "St_Lucia_Campus",
    "InstitutionalDepartmentName": "Gehrmann_Labs_MRI",
    "MRAcquisitionType": "2D",
    "MagneticFieldStrength": 3,
    "Manufacturer": "Siemens",
    "ManufacturersModelName": "Prisma_fit",
    "Modality": "MR",
    "MultibandAccelerationFactor": 6,
    "PartialFourier": 0.875,
    "PatientPosition": "HFS",
    "PercentPhaseFOV": 100,
    "PhaseEncodingDirection": "j",
    "PhaseEncodingSteps": 91,
    "PhaseResolution": 1,
    "PixelBandwidth": 2290,
    "ProcedureStepDescription": "Research_16092_QTAB",
    "ProtocolName": "ep2d_REST_SMS6_P-A",
    "PulseSequenceDetails": "%SiemensSeq%_ep2d_bold",
    "ReceiveCoilActiveElements": "HC1-7;NC1,2",
    "ReceiveCoilName": "HeadNeck_64",
    "ReconMatrixPE": 104,
    "RepetitionTime": 0.93,
    "SAR": 0.0684148,
    "ScanOptions": "PFP_FS",
    "ScanningSequence": "EP",
    "SequenceName": "_epfid2d1_104",
    "SequenceVariant": "SK",
    "SeriesDescription": "ep2d_REST_SMS6_P-A",
    "SeriesNumber": 10,
    "ShimSetting": [
      3006,
      -4184,
      -797,
      406,
      -14,
      -174,
      -121,
      53
    ],
    "SliceThickness": 2,
    "SliceTiming": [
      0.6825,
      0,
      0.455,
      0.0775,
      0.5325,
      0.1525,
      0.6075,
      0.305,
      0.76,
      0.38,
      0.835,
      0.2275,
      0.6825,
      0,
      0.455,
      0.0775,
      0.5325,
      0.1525,
      0.6075,
      0.305,
      0.76,
      0.38,
      0.835,
      0.2275,
      0.6825,
      0,
      0.455,
      0.0775,
      0.5325,
      0.1525,
      0.6075,
      0.305,
      0.76,
      0.38,
      0.835,
      0.2275,
      0.6825,
      0,
      0.455,
      0.0775,
      0.5325,
      0.1525,
      0.6075,
      0.305,
      0.76,
      0.38,
      0.835,
      0.2275,
      0.6825,
      0,
      0.455,
      0.0775,
      0.5325,
      0.1525,
      0.6075,
      0.305,
      0.76,
      0.38,
      0.835,
      0.2275,
      0.6825,
      0,
      0.455,
      0.0775,
      0.5325,
      0.1525,
      0.6075,
      0.305,
      0.76,
      0.38,
      0.835,
      0.2275
    ],
    "SoftwareVersions": "syngo_MR_E11",
    "SpacingBetweenSlices": 2,
    "StationName": "mrc_Trio",
    "TaskName": "rest",
    "TotalReadoutTime": 0.0576811,
    "TxRefAmp": 206.222,
    "dataset": "ds004146",
    "modality": "bold",
    "session_id": "01",
    "subject_id": "0328",
    "task_id": "rest"
  },
  "dummy_trs": 5,
  "dvars_nstd": 44.9615054621807,
  "dvars_std": 1.1603347245482862,
  "dvars_vstd": 1.0135851759813075,
  "efc": 0.4893738551432621,
  "fber": 981.5361938476562,
  "fd_mean": 0.16641945287521784,
  "fd_num": 112,
  "fd_perc": 34.78260869565217,
  "fwhm_avg": 3.0537383959192077,
  "fwhm_x": 2.882875,
  "fwhm_y": 3.12829,
  "fwhm_z": 3.150050187757622,
  "gcor": 0.00527275,
  "gsr_x": -0.011149875819683075,
  "gsr_y": 0.041882436722517014,
  "provenance": {
    "md5sum": "c5ab3f1689647d4a782d15540526faca",
    "settings": {
      "fd_thres": 0.2,
      "testing": false
    },
    "software": "mriqc",
    "version": "23.0.1",
    "webapi_port": null,
    "webapi_url": "https://mriqc.nimh.nih.gov/api/v1"
  },
  "size_t": 322,
  "size_x": 104,
  "size_y": 104,
  "size_z": 72,
  "snr": 2.842679939792663,
  "spacing_tr": 0.9300000071525574,
  "spacing_x": 2.0,
  "spacing_y": 2.0,
  "spacing_z": 1.9999998807907104,
  "summary_bg_k": 42.57680634344979,
  "summary_bg_mad": 4.894429941165796,
  "summary_bg_mean": 33.01838302612305,
  "summary_bg_median": 17.633541107177734,
  "summary_bg_n": 550090.0,
  "summary_bg_p05": 13.698758125305176,
  "summary_bg_p95": 109.33571395874016,
  "summary_bg_stdv": 46.06180191040039,
  "summary_fg_k": 1.1115804672024163,
  "summary_fg_mad": 187.36955628770343,
  "summary_fg_mean": 578.9548950195312,
  "summary_fg_median": 552.3602294921875,
  "summary_fg_n": 134927.0,
  "summary_fg_p05": 326.366455078125,
  "summary_fg_p95": 937.0168090820313,
  "summary_fg_stdv": 194.3089599609375,
  "tsnr": 37.57309631817043
}