{
  "aor": 0.0024688595438175274,
  "aqi": 0.021663808643457384,
  "bids_meta": {
    "AcquisitionMatrixPE": 90,
    "AcquisitionNumber": 1,
    "AcquisitionTime": "10:43:6.642500",
    "BandwidthPerPixelPhaseEncode": 21.368,
    "BaseResolution": 90,
    "BodyPartExamined": "BRAIN",
    "CoilString": "HC1-7;NC1_2",
    "ConsistencyInfo": "N4_VE11C_LATEST_20160120",
    "ConversionSoftware": "dcm2niix",
    "ConversionSoftwareVersion": "v1.0.20190410  GCC6.3.0",
    "DelayTime": 0.001,
    "DerivedVendorReportedEchoSpacing": 0.000519988,
    "DeviceSerialNumber": "167001",
    "DwellTime": 2.2e-06,
    "EchoTime": 0.03,
    "EchoTrainLength": 90,
    "EffectiveEchoSpacing": 0.000519988,
    "FlipAngle": 52,
    "ImageOrientationPatientDICOM": [
      0.999186,
      -0.0193564,
      0.0353912,
      0.0214533,
      0.997976,
      -0.0598633
    ],
    "ImageType": [
      "ORIGINAL",
      "PRIMARY",
      "M",
      "ND",
      "NORM",
      "MOSAIC"
    ],
    "ImagingFrequency": 123.229,
    "InPlanePhaseEncodingDirectionDICOM": "COL",
    "InstitutionAddress": "Cooper_60_St._Lucia_QLD_AU_4072",
    "InstitutionName": "St_Lucia_Campus",
    "InstitutionalDepartmentName": "Gehrmann_Labs_MRI",
    "MRAcquisitionType": "2D",
    "MagneticFieldStrength": 3,
    "Manufacturer": "Siemens",
    "ManufacturersModelName": "Prisma_fit",
    "Modality": "MR",
    "MultibandAccelerationFactor": 6,
    "PartialFourier": 1,
    "PatientPosition": "HFS",
    "PercentPhaseFOV": 100,
    "PhaseEncodingDirection": "j-",
    "PhaseEncodingSteps": 90,
    "PhaseResolution": 1,
    "PixelBandwidth": 2525,
    "ProcedureStepDescription": "Research_16092_QTAB",
    "ProtocolName": "EMOT_TASK_mb6_2.4",
    "PulseSequenceDetails": "%SiemensSeq%_ep2d_bold",
    "ReceiveCoilActiveElements": "HC1-7;NC1,2",
    "ReceiveCoilName": "HeadNeck_64",
    "ReconMatrixPE": 90,
    "RefLinesPE": 12,
    "RepetitionTime": 0.8,
    "SAR": 0.0617912,
    "ScanOptions": "FS",
    "ScanningSequence": "EP",
    "SequenceName": "_epfid2d1_90",
    "SequenceVariant": "SK",
    "SeriesDescription": "EMOT_TASK_mb6_2.4",
    "SeriesNumber": 20,
    "ShimSetting": [
      3042,
      -4162,
      -793,
      492,
      26,
      14,
      153,
      33
    ],
    "SliceThickness": 2.4,
    "SliceTiming": [
      0.545,
      0,
      0.39,
      0.0775,
      0.4675,
      0.235,
      0.6225,
      0.3125,
      0.7025,
      0.1575,
      0.545,
      0,
      0.39,
      0.0775,
      0.4675,
      0.235,
      0.6225,
      0.3125,
      0.7025,
      0.1575,
      0.545,
      0,
      0.39,
      0.0775,
      0.4675,
      0.235,
      0.6225,
      0.3125,
      0.7025,
      0.1575,
      0.545,
      0,
      0.39,
      0.0775,
      0.4675,
      0.235,
      0.6225,
      0.3125,
      0.7025,
      0.1575,
      0.545,
      0,
      0.39,
      0.0775,
      0.4675,
      0.235,
      0.6225,
      0.3125,
      0.7025,
      0.1575,
      0.545,
      0,
      0.39,
      0.0775,
      0.4675,
      0.235,
      0.6225,
      0.3125,
      0.7025,
      0.1575
    ],
    "SoftwareVersions": "syngo_MR_E11",
    "SpacingBetweenSlices": 2.4,
    "StationName": "mrc_Trio",
    "TaskName": "emotionalconflict",
    "TotalReadoutTime": 0.046279,
    "TxRefAmp": 218.87,
    "dataset": "ds004146",
    "modality": "bold",
    "session_id": "02",
    "subject_id": "0214",
    "task_id": "emotionalconflict"
  },
  "dummy_trs": 4,
  "dvars_nstd": 32.86039039949521,
  "dvars_std": 1.0839756107091345,
  "dvars_vstd": 0.9564387224399034,
  "efc": 0.49832987031818926,
  "fber": 6582.5634765625,
  "fd_mean": 0.22361771468205932,
  "fd_num": 259,
  "fd_perc": 31.092436974789916,
  "fwhm_avg": 2.1239152611927072,
  "fwhm_x": 1.972566588283913,
  "fwhm_y": 2.3513332398997453,
  "fwhm_z": 2.047845955394464,
  "gcor": 0.0219521,
  "gsr_x": -0.026592127978801727,
  "gsr_y": 0.045009080320596695,
  "provenance": {
    "md5sum": "35b74a7253ebd20436022510bfa0a6bd",
    "settings": {
      "fd_thres": 0.2,
      "testing": false
    },
    "software": "mriqc",
    "version": "23.0.1",
    "webapi_port": null,
    "webapi_url": "https://mriqc.nimh.nih.gov/api/v1"
  },
  "size_t": 833,
  "size_x": 90,
  "size_y": 90,
  "size_z": 60,
  "snr": 6.14629455399555,
  "spacing_tr": 0.800000011920929,
  "spacing_x": 2.4000000953674316,
  "spacing_y": 2.4000000953674316,
  "spacing_z": 2.3999998569488525,
  "summary_bg_k": 22.433478114934218,
  "summary_bg_mad": 6.7829494053484005,
  "summary_bg_mean": 30.65142250061035,
  "summary_bg_median": 8.669867515563965,
  "summary_bg_n": 323910.0,
  "summary_bg_p05": 3.304921865463257,
  "summary_bg_p95": 136.91163558959948,
  "summary_bg_stdv": 59.23119354248047,
  "summary_fg_k": 0.7865924533019877,
  "summary_fg_mad": 114.11589456819334,
  "summary_fg_mean": 721.25,
  "summary_fg_median": 715.9195556640625,
  "summary_fg_n": 90046.0,
  "summary_fg_p05": 548.6029357910156,
  "summary_fg_p95": 924.0876007080078,
  "summary_fg_stdv": 116.47921752929688,
  "tsnr": 35.02200218103826
}