{
  "aor": 0.0017084403669724768,
  "aqi": 0.007729104159021408,
  "bids_meta": {
    "AcquisitionMatrixPE": 104,
    "AcquisitionNumber": 1,
    "AcquisitionTime": "11:11:1.407500",
    "BandwidthPerPixelPhaseEncode": 17.17,
    "BaseResolution": 104,
    "BodyPartExamined": "BRAIN",
    "CoilString": "HC1-7;NC1_2",
    "ConsistencyInfo": "N4_VE11C_LATEST_20160120",
    "ConversionSoftware": "dcm2niix",
    "ConversionSoftwareVersion": "v1.0.20190410  GCC6.3.0",
    "DerivedVendorReportedEchoSpacing": 0.000560011,
    "DeviceSerialNumber": "167001",
    "DwellTime": 2.1e-06,
    "EchoTime": 0.03,
    "EchoTrainLength": 91,
    "EffectiveEchoSpacing": 0.000560011,
    "FlipAngle": 52,
    "ImageOrientationPatientDICOM": [
      0.999898,
      0.0141127,
      -0.00214422,
      -0.0139621,
      0.935652,
      -0.352647
    ],
    "ImageType": [
      "ORIGINAL",
      "PRIMARY",
      "M",
      "ND",
      "MOSAIC"
    ],
    "ImagingFrequency": 123.229,
    "InPlanePhaseEncodingDirectionDICOM": "COL",
    "InstitutionAddress": "Cooper_60_St._Lucia_QLD_AU_4072",
    "InstitutionName": "St_Lucia_Campus",
    "InstitutionalDepartmentName": "Gehrmann_Labs_MRI",
    "MRAcquisitionType": "2D",
    "MagneticFieldStrength": 3,
    "Manufacturer": "Siemens",
    "ManufacturersModelName": "Prisma_fit",
    "Modality": "MR",
    "MultibandAccelerationFactor": 6,
    "PartialFourier": 0.875,
    "PatientPosition": "HFS",
    "PercentPhaseFOV": 100,
    "PhaseEncodingDirection": "j",
    "PhaseEncodingSteps": 91,
    "PhaseResolution": 1,
    "PixelBandwidth": 2290,
    "ProcedureStepDescription": "Research_16092_QTAB",
    "ProtocolName": "ep2d_REST_SMS6_P-A",
    "PulseSequenceDetails": "%SiemensSeq%_ep2d_bold",
    "ReceiveCoilActiveElements": "HC1-7;NC1,2",
    "ReceiveCoilName": "HeadNeck_64",
    "ReconMatrixPE": 104,
    "RefLinesPE": 12,
    "RepetitionTime": 0.93,
    "SAR": 0.0551611,
    "ScanOptions": "PFP_FS",
    "ScanningSequence": "EP",
    "SequenceName": "_epfid2d1_104",
    "SequenceVariant": "SK",
    "SeriesDescription": "ep2d_REST_SMS6_P-A",
    "SeriesNumber": 10,
    "ShimSetting": [
      3034,
      -4167,
      -714,
      340,
      -57,
      -89,
      -153,
      0
    ],
    "SliceThickness": 2,
    "SliceTiming": [
      0.6825,
      0,
      0.455,
      0.075,
      0.53,
      0.15,
      0.605,
      0.3025,
      0.7575,
      0.3775,
      0.8325,
      0.2275,
      0.6825,
      0,
      0.455,
      0.075,
      0.53,
      0.15,
      0.605,
      0.3025,
      0.7575,
      0.3775,
      0.8325,
      0.2275,
      0.6825,
      0,
      0.455,
      0.075,
      0.53,
      0.15,
      0.605,
      0.3025,
      0.7575,
      0.3775,
      0.8325,
      0.2275,
      0.6825,
      0,
      0.455,
      0.075,
      0.53,
      0.15,
      0.605,
      0.3025,
      0.7575,
      0.3775,
      0.8325,
      0.2275,
      0.6825,
      0,
      0.455,
      0.075,
      0.53,
      0.15,
      0.605,
      0.3025,
      0.7575,
      0.3775,
      0.8325,
      0.2275,
      0.6825,
      0,
      0.455,
      0.075,
      0.53,
      0.15,
      0.605,
      0.3025,
      0.7575,
      0.3775,
      0.8325,
      0.2275
    ],
    "SoftwareVersions": "syngo_MR_E11",
    "SpacingBetweenSlices": 2,
    "StationName": "mrc_Trio",
    "TaskName": "rest",
    "TotalReadoutTime": 0.0576811,
    "TxRefAmp": 231.803,
    "dataset": "ds004146",
    "modality": "bold",
    "session_id": "02",
    "subject_id": "0363",
    "task_id": "rest"
  },
  "dummy_trs": 0,
  "dvars_nstd": 43.204069360000005,
  "dvars_std": 1.1233698173619626,
  "dvars_vstd": 1.020565589631902,
  "efc": 0.5546139105683113,
  "fber": 537.5408325195312,
  "fd_mean": 0.19131192519946563,
  "fd_num": 104,
  "fd_perc": 31.804281345565748,
  "fwhm_avg": 3.214976666666667,
  "fwhm_x": 2.94357,
  "fwhm_y": 3.338845,
  "fwhm_z": 3.362515,
  "gcor": 0.0123354,
  "gsr_x": -0.01508338376879692,
  "gsr_y": 0.06452696025371552,
  "provenance": {
    "md5sum": "1727a387d99c6c76eb02b50bd2825233",
    "settings": {
      "fd_thres": 0.2,
      "testing": false
    },
    "software": "mriqc",
    "version": "23.0.1",
    "webapi_port": null,
    "webapi_url": "https://mriqc.nimh.nih.gov/api/v1"
  },
  "size_t": 327,
  "size_x": 104,
  "size_y": 104,
  "size_z": 72,
  "snr": 2.3445011426644506,
  "spacing_tr": 0.9300000071525574,
  "spacing_x": 2.0,
  "spacing_y": 2.0,
  "spacing_z": 2.0,
  "summary_bg_k": 32.2264166794832,
  "summary_bg_mad": 12.409429886409532,
  "summary_bg_mean": 58.49376678466797,
  "summary_bg_median": 25.018348693847656,
  "summary_bg_n": 496723.0,
  "summary_bg_p05": 15.587156295776367,
  "summary_bg_p95": 239.834257507324,
  "summary_bg_stdv": 92.18704986572266,
  "summary_fg_k": 1.2630144315539873,
  "summary_fg_mad": 245.96464915500323,
  "summary_fg_mean": 631.1115112304688,
  "summary_fg_median": 590.5458984375,
  "summary_fg_n": 176780.0,
  "summary_fg_p05": 306.3729537963867,
  "summary_fg_p95": 1090.5107421875,
  "summary_fg_stdv": 251.8848114013672,
  "tsnr": 34.568416291382164
}