{
  "bids_meta": {
    "AcquisitionMatrixPE": 256,
    "AcquisitionNumber": 1,
    "AcquisitionTime": "12:28:30.110000",
    "BaseResolution": 256,
    "BodyPartExamined": "BRAIN",
    "CoilString": "HC1-7;NC1_2",
    "ConsistencyInfo": "N4_VE11C_LATEST_20160120",
    "ConversionSoftware": "dcm2niix",
    "ConversionSoftwareVersion": "v1.0.20190410  GCC6.3.0",
    "DeviceSerialNumber": "167001",
    "DwellTime": 2.6e-06,
    "EchoTime": 0.408,
    "EchoTrainLength": 259,
    "FlipAngle": 120,
    "ImageOrientationPatientDICOM": [
      -0.0376948,
      0.999234,
      0.0104704,
      -0.0166394,
      0.00984874,
      -0.999813
    ],
    "ImageType": [
      "ORIGINAL",
      "PRIMARY",
      "M",
      "ND",
      "NORM"
    ],
    "ImagingFrequency": 123.229,
    "InPlanePhaseEncodingDirectionDICOM": "ROW",
    "InstitutionAddress": "Cooper_60_St._Lucia_QLD_AU_4072",
    "InstitutionName": "St_Lucia_Campus",
    "InstitutionalDepartmentName": "Gehrmann_Labs_MRI",
    "MRAcquisitionType": "3D",
    "MagneticFieldStrength": 3,
    "Manufacturer": "Siemens",
    "ManufacturersModelName": "Prisma_fit",
    "Modality": "MR",
    "PartialFourier": 1,
    "PatientPosition": "HFS",
    "PercentPhaseFOV": 100,
    "PhaseEncodingSteps": 233,
    "PhaseResolution": 1,
    "PixelBandwidth": 750,
    "ProcedureStepDescription": "Research_16092_QTAB",
    "ProtocolName": "t2_spc_sag_p2_iso",
    "PulseSequenceDetails": "%SiemensSeq%_tse_vfl",
    "ReceiveCoilActiveElements": "HC1-7;NC1,2",
    "ReceiveCoilName": "HeadNeck_64",
    "ReconMatrixPE": 256,
    "RefLinesPE": 24,
    "RepetitionTime": 3.2,
    "SAR": 0.160935,
    "ScanOptions": "PFP",
    "ScanningSequence": "SE",
    "SequenceName": "_spcR_282ns",
    "SequenceVariant": "SK_SP",
    "SeriesDescription": "t2_spc_sag_p2_iso",
    "SeriesNumber": 32,
    "ShimSetting": [
      3046,
      -4168,
      -1041,
      -17,
      -5,
      41,
      -30,
      -10
    ],
    "SliceThickness": 1,
    "SoftwareVersions": "syngo_MR_E11",
    "StationName": "mrc_Trio",
    "TxRefAmp": 210.704,
    "dataset": "ds004146",
    "modality": "T2w",
    "session_id": "02",
    "subject_id": "0190"
  },
  "cjv": 9.090565001225777,
  "cnr": 0.1469929094064207,
  "efc": 0.6267421479500102,
  "fber": 1692.0385635192845,
  "fwhm_avg": 4.4158124341992675,
  "fwhm_x": 4.266862436418795,
  "fwhm_y": 4.795699928538502,
  "fwhm_z": 4.184874937640504,
  "icvs_csf": 0.24113460833687958,
  "icvs_gm": 0.5783111572522903,
  "icvs_wm": 0.1805542344108301,
  "inu_med": 0.9711659252643585,
  "inu_range": 0.4608427673578259,
  "provenance": {
    "md5sum": "5c081a375b34849f6ab45ad88f21f759",
    "settings": {
      "testing": false
    },
    "software": "mriqc",
    "version": "23.0.1",
    "warnings": {
      "large_rot_frame": true,
      "small_air_mask": false
    },
    "webapi_port": null,
    "webapi_url": "https://mriqc.nimh.nih.gov/api/v1"
  },
  "qi_1": 0.0,
  "qi_2": 0.006768852693947443,
  "rpve_csf": 16.796792411377766,
  "rpve_gm": 8.526737110696304,
  "rpve_wm": 24.43908684333489,
  "size_x": 192,
  "size_y": 300,
  "size_z": 320,
  "snr_csf": 20.697771128059305,
  "snr_gm": 17.00627629126241,
  "snr_total": 12.903535826475652,
  "snr_wm": 1.0065600601052431,
  "snrd_csf": 63.918117333146746,
  "snrd_gm": 49.05354482526721,
  "snrd_total": 51.91819045159418,
  "snrd_wm": 42.782909196368585,
  "spacing_x": 0.800000011920929,
  "spacing_y": 0.800000011920929,
  "spacing_z": 0.800000011920929,
  "summary_bg_k": 1.3486859792815578,
  "summary_bg_mad": 15.460375991048878,
  "summary_bg_mean": 38.29783340454488,
  "summary_bg_median": 10.427865140140057,
  "summary_bg_n": 2234988.0,
  "summary_bg_p05": 0.0,
  "summary_bg_p95": 148.892713598907,
  "summary_bg_stdv": 52.3893189509076,
  "summary_csf_k": 0.8980827300414744,
  "summary_csf_mad": 69.17322866098158,
  "summary_csf_mean": 1512.2661198290148,
  "summary_csf_median": 1508.3853173330426,
  "summary_csf_n": 27715.0,
  "summary_csf_p05": 1400.9353048838675,
  "summary_csf_p95": 1637.5134638596326,
  "summary_csf_stdv": 72.8753881429736,
  "summary_gm_k": -0.0027973074279263876,
  "summary_gm_mad": 69.97015525845832,
  "summary_gm_mean": 1159.4695108209935,
  "summary_gm_median": 1157.6005343198776,
  "summary_gm_n": 366298.0,
  "summary_gm_p05": 1052.3005971573293,
  "summary_gm_p95": 1272.7370659187436,
  "summary_gm_stdv": 68.068925516553,
  "summary_wm_k": -1.65806459009367,
  "summary_wm_mad": 1275.2419412822894,
  "summary_wm_mean": 1339.431974482804,
  "summary_wm_median": 1009.621602717787,
  "summary_wm_n": 105482.0,
  "summary_wm_p05": 114.59901277720928,
  "summary_wm_p95": 2759.3501833805813,
  "summary_wm_stdv": 1003.0368350278565,
  "tpm_overlap_csf": 0.10213857911870702,
  "tpm_overlap_gm": 0.3882587890364314,
  "tpm_overlap_wm": 0.09668131987621528,
  "wm2max": 0.3706195737963694
}