{
  "aor": 0.0009276578947368423,
  "aqi": 0.013823873947368424,
  "bids_meta": {
    "AcquisitionMatrixPE": 90,
    "AcquisitionNumber": 1,
    "AcquisitionTime": "11:42:43.880000",
    "BandwidthPerPixelPhaseEncode": 21.368,
    "BaseResolution": 90,
    "BodyPartExamined": "BRAIN",
    "CoilString": "HC1-7;NC1_2",
    "ConsistencyInfo": "N4_VE11C_LATEST_20160120",
    "ConversionSoftware": "dcm2niix",
    "ConversionSoftwareVersion": "v1.0.20190410  GCC6.3.0",
    "DerivedVendorReportedEchoSpacing": 0.000519988,
    "DeviceSerialNumber": "167001",
    "DwellTime": 2.2e-06,
    "EchoTime": 0.03,
    "EchoTrainLength": 90,
    "EffectiveEchoSpacing": 0.000519988,
    "FlipAngle": 52,
    "ImageOrientationPatientDICOM": [
      0.995129,
      -0.0849024,
      0.0500968,
      0.0912643,
      0.985567,
      -0.142581
    ],
    "ImageType": [
      "ORIGINAL",
      "PRIMARY",
      "M",
      "ND",
      "NORM",
      "MOSAIC"
    ],
    "ImagingFrequency": 123.229,
    "InPlanePhaseEncodingDirectionDICOM": "COL",
    "InstitutionAddress": "Cooper_60_St._Lucia_QLD_AU_4072",
    "InstitutionName": "St_Lucia_Campus",
    "InstitutionalDepartmentName": "Gehrmann_Labs_MRI",
    "MRAcquisitionType": "2D",
    "MagneticFieldStrength": 3,
    "Manufacturer": "Siemens",
    "ManufacturersModelName": "Prisma_fit",
    "Modality": "MR",
    "MultibandAccelerationFactor": 6,
    "PartialFourier": 1,
    "PatientPosition": "HFS",
    "PercentPhaseFOV": 100,
    "PhaseEncodingDirection": "j-",
    "PhaseEncodingSteps": 90,
    "PhaseResolution": 1,
    "PixelBandwidth": 2525,
    "ProcedureStepDescription": "Research_16092_QTAB",
    "ProtocolName": "PARTLY_CLOUDY_mb6_2.4",
    "PulseSequenceDetails": "%SiemensSeq%_ep2d_bold",
    "ReceiveCoilActiveElements": "HC1-7;NC1,2",
    "ReceiveCoilName": "HeadNeck_64",
    "ReconMatrixPE": 90,
    "RefLinesPE": 12,
    "RepetitionTime": 0.8,
    "SAR": 0.0562266,
    "ScanOptions": "FS",
    "ScanningSequence": "EP",
    "SequenceName": "_epfid2d1_90",
    "SequenceVariant": "SK",
    "SeriesDescription": "PARTLY_CLOUDY_mb6_2.4",
    "SeriesNumber": 19,
    "ShimSetting": [
      3069,
      -4194,
      -825,
      464,
      12,
      15,
      -111,
      -30
    ],
    "SliceThickness": 2.4,
    "SliceTiming": [
      0.545,
      0,
      0.39,
      0.0775,
      0.4675,
      0.235,
      0.625,
      0.3125,
      0.7025,
      0.155,
      0.545,
      0,
      0.39,
      0.0775,
      0.4675,
      0.235,
      0.625,
      0.3125,
      0.7025,
      0.155,
      0.545,
      0,
      0.39,
      0.0775,
      0.4675,
      0.235,
      0.625,
      0.3125,
      0.7025,
      0.155,
      0.545,
      0,
      0.39,
      0.0775,
      0.4675,
      0.235,
      0.625,
      0.3125,
      0.7025,
      0.155,
      0.545,
      0,
      0.39,
      0.0775,
      0.4675,
      0.235,
      0.625,
      0.3125,
      0.7025,
      0.155,
      0.545,
      0,
      0.39,
      0.0775,
      0.4675,
      0.235,
      0.625,
      0.3125,
      0.7025,
      0.155
    ],
    "SoftwareVersions": "syngo_MR_E11",
    "SpacingBetweenSlices": 2.4,
    "StationName": "mrc_Trio",
    "TaskName": "partlycloudy",
    "TotalReadoutTime": 0.046279,
    "TxRefAmp": 216.206,
    "dataset": "ds004146",
    "modality": "bold",
    "session_id": "02",
    "subject_id": "0318",
    "task_id": "partlycloudy"
  },
  "dummy_trs": 0,
  "dvars_nstd": 34.18861664430077,
  "dvars_std": 1.187919590211081,
  "dvars_vstd": 1.0146016958047501,
  "efc": 0.46080421720358383,
  "fber": 6965.26416015625,
  "fd_mean": 0.15686372513420033,
  "fd_num": 128,
  "fd_perc": 33.68421052631579,
  "fwhm_avg": 1.8567665928853911,
  "fwhm_x": 1.7593124300912049,
  "fwhm_y": 1.9777957547427911,
  "fwhm_z": 1.8331915938221774,
  "gcor": 0.0116448,
  "gsr_x": -0.014311728067696095,
  "gsr_y": 0.03159179165959358,
  "provenance": {
    "md5sum": "f4655a7a53b79e96ac96584a39c01cc4",
    "settings": {
      "fd_thres": 0.2,
      "testing": false
    },
    "software": "mriqc",
    "version": "23.0.1",
    "webapi_port": null,
    "webapi_url": "https://mriqc.nimh.nih.gov/api/v1"
  },
  "size_t": 380,
  "size_x": 90,
  "size_y": 90,
  "size_z": 60,
  "snr": 7.324118572357385,
  "spacing_tr": 0.800000011920929,
  "spacing_x": 2.4000000953674316,
  "spacing_y": 2.4000000953674316,
  "spacing_z": 2.4000000953674316,
  "summary_bg_k": 27.68065149780065,
  "summary_bg_mad": 5.516840909080103,
  "summary_bg_mean": 23.407365798950195,
  "summary_bg_median": 7.565789699554443,
  "summary_bg_n": 342556.0,
  "summary_bg_p05": 3.0500001907348633,
  "summary_bg_p95": 103.88947868347168,
  "summary_bg_stdv": 47.140052795410156,
  "summary_fg_k": 1.7376773459598622,
  "summary_fg_mad": 83.55247152109894,
  "summary_fg_mean": 636.94482421875,
  "summary_fg_median": 636.053955078125,
  "summary_fg_n": 75296.0,
  "summary_fg_p05": 506.1552963256836,
  "summary_fg_p95": 775.7987365722656,
  "summary_fg_stdv": 86.84317779541016,
  "tsnr": 49.8792917925166
}