{
  "bids_meta": {
    "AcquisitionMatrixPE": 256,
    "AcquisitionNumber": 1,
    "AcquisitionTime": "16:43:26.487500",
    "BaseResolution": 256,
    "BodyPartExamined": "BRAIN",
    "ConsistencyInfo": "N4_VE11C_LATEST_20160120",
    "ConversionSoftware": "dcm2niix",
    "ConversionSoftwareVersion": "v1.0.20171215 GCC6.3.0",
    "DeviceSerialNumber": "167001",
    "DwellTime": 2.6e-06,
    "EchoTime": 0.408,
    "EchoTrainLength": 259,
    "FlipAngle": 120,
    "ImageOrientationPatientDICOM": [
      0.040652,
      0.999173,
      9.54074e-10,
      -0.0235127,
      0.000956628,
      -0.999723
    ],
    "ImageType": [
      "ORIGINAL",
      "PRIMARY",
      "M",
      "ND",
      "NORM"
    ],
    "InPlanePhaseEncodingDirectionDICOM": "ROW",
    "InstitutionAddress": "Cooper_60_St._Lucia_QLD_AU_4072",
    "InstitutionName": "St_Lucia_Campus",
    "InstitutionalDepartmentName": "Gehrmann_Labs_MRI",
    "MRAcquisitionType": "3D",
    "MagneticFieldStrength": 3,
    "Manufacturer": "Siemens",
    "ManufacturersModelName": "Prisma_fit",
    "Modality": "MR",
    "ParallelReductionFactorInPlane": 2,
    "PartialFourier": 1,
    "PatientPosition": "HFS",
    "PercentPhaseFOV": 100,
    "PhaseEncodingSteps": 233,
    "PhaseResolution": 1,
    "PixelBandwidth": 750,
    "ProcedureStepDescription": "Research_16092_QTAB",
    "ProtocolName": "t2_spc_sag_p2_iso",
    "PulseSequenceDetails": "%SiemensSeq%_tse_vfl",
    "ReceiveCoilActiveElements": "HC1-7;NC1",
    "ReceiveCoilName": "HeadNeck_64",
    "ReconMatrixPE": 256,
    "RepetitionTime": 3.2,
    "SAR": 0.180581,
    "ScanOptions": "PFP",
    "ScanningSequence": "SE",
    "SequenceName": "_spcR_282ns",
    "SequenceVariant": "SK_SP",
    "SeriesDescription": "t2_spc_sag_p2_iso",
    "SeriesNumber": 25,
    "ShimSetting": [
      3044,
      -4172,
      -1039,
      -11,
      -3,
      35,
      -21,
      -13
    ],
    "SliceThickness": 1,
    "SoftwareVersions": "syngo_MR_E11",
    "StationName": "mrc_Trio",
    "TxRefAmp": 210.071,
    "dataset": "ds004146",
    "modality": "T2w",
    "session_id": "01",
    "subject_id": "0390"
  },
  "cjv": 1.1393281235075252,
  "cnr": 0.919565653356344,
  "efc": 0.5987421037466072,
  "fber": -1.0,
  "fwhm_avg": 3.738608376348893,
  "fwhm_x": 3.975200236940398,
  "fwhm_y": 3.925574941504375,
  "fwhm_z": 3.315049950601906,
  "icvs_csf": 0.5067586448999233,
  "icvs_gm": 0.3734516572728007,
  "icvs_wm": 0.11978969782727594,
  "inu_med": 0.97101691365242,
  "inu_range": 0.22710250318050385,
  "provenance": {
    "md5sum": "23f4f7de71a87c11e8b1ff526c3a92eb",
    "settings": {
      "testing": false
    },
    "software": "mriqc",
    "version": "23.0.1",
    "warnings": {
      "large_rot_frame": true,
      "small_air_mask": false
    },
    "webapi_port": null,
    "webapi_url": "https://mriqc.nimh.nih.gov/api/v1"
  },
  "qi_1": 0.11689491827073233,
  "qi_2": 0.048830553173529814,
  "rpve_csf": 11.372458193697689,
  "rpve_gm": 14.878516756604977,
  "rpve_wm": 43.50419131040331,
  "size_x": 192,
  "size_y": 300,
  "size_z": 320,
  "snr_csf": 19.770451610304963,
  "snr_gm": 14.214061837159496,
  "snr_total": 11.915415494312109,
  "snr_wm": 1.761733035471868,
  "snrd_csf": 189.20178689542757,
  "snrd_gm": 128.07087412429033,
  "snrd_total": 195.2320723657683,
  "snrd_wm": 268.4235560775869,
  "spacing_x": 0.7999999523162842,
  "spacing_y": 0.800000011920929,
  "spacing_z": 0.800000011920929,
  "summary_bg_k": 35.7795438663942,
  "summary_bg_mad": 0.0,
  "summary_bg_mean": 0.692420857655377,
  "summary_bg_median": 0.0,
  "summary_bg_n": 1718948.0,
  "summary_bg_p05": 0.0,
  "summary_bg_p95": 4.954543940722942,
  "summary_bg_stdv": 2.4569687403306815,
  "summary_csf_k": 0.183726773960601,
  "summary_csf_mad": 35.533108298657964,
  "summary_csf_mean": 710.3652691248441,
  "summary_csf_median": 709.5665513575077,
  "summary_csf_n": 259309.0,
  "summary_csf_p05": 653.1463859081268,
  "summary_csf_p95": 770.1115524321795,
  "summary_csf_stdv": 35.89018587714306,
  "summary_gm_k": -0.29431867117599264,
  "summary_gm_mad": 35.287082820823535,
  "summary_gm_mean": 481.8155689677428,
  "summary_gm_median": 480.30629082769156,
  "summary_gm_n": 307880.0,
  "summary_gm_p05": 428.4850800409913,
  "summary_gm_p95": 539.3104050308466,
  "summary_gm_stdv": 33.790869654829926,
  "summary_wm_k": -1.8072936070065775,
  "summary_wm_mad": 564.4175926490092,
  "summary_wm_mean": 761.5549743454382,
  "summary_wm_median": 1006.6732461377978,
  "summary_wm_n": 47000.0,
  "summary_wm_p05": 29.608733884990215,
  "summary_wm_p95": 1392.2505532950163,
  "summary_wm_stdv": 571.4047001005192,
  "tpm_overlap_csf": 0.10695233088097683,
  "tpm_overlap_gm": 0.2213365601447484,
  "tpm_overlap_wm": 0.03249691548030492,
  "wm2max": 0.73907443827558
}