{
  "bids_meta": {
    "AcquisitionMatrixPE": 256,
    "AcquisitionNumber": 1,
    "AcquisitionTime": "11:00:36.257500",
    "BaseResolution": 256,
    "BodyPartExamined": "BRAIN",
    "CoilString": "HC1-7;NC1_2",
    "ConsistencyInfo": "N4_VE11C_LATEST_20160120",
    "ConversionSoftware": "dcm2niix",
    "ConversionSoftwareVersion": "v1.0.20190410  GCC6.3.0",
    "DeviceSerialNumber": "167001",
    "DwellTime": 2.6e-06,
    "EchoTime": 0.408,
    "EchoTrainLength": 259,
    "FlipAngle": 120,
    "ImageOrientationPatientDICOM": [
      -0.0539639,
      0.998323,
      0.0209423,
      -0.00436876,
      0.0207367,
      -0.999775
    ],
    "ImageType": [
      "ORIGINAL",
      "PRIMARY",
      "M",
      "ND",
      "NORM"
    ],
    "ImagingFrequency": 123.229,
    "InPlanePhaseEncodingDirectionDICOM": "ROW",
    "InstitutionAddress": "Cooper_60_St._Lucia_QLD_AU_4072",
    "InstitutionName": "St_Lucia_Campus",
    "InstitutionalDepartmentName": "Gehrmann_Labs_MRI",
    "MRAcquisitionType": "3D",
    "MagneticFieldStrength": 3,
    "Manufacturer": "Siemens",
    "ManufacturersModelName": "Prisma_fit",
    "Modality": "MR",
    "PartialFourier": 1,
    "PatientPosition": "HFS",
    "PercentPhaseFOV": 100,
    "PhaseEncodingSteps": 233,
    "PhaseResolution": 1,
    "PixelBandwidth": 750,
    "ProcedureStepDescription": "Research_16092_QTAB",
    "ProtocolName": "t2_spc_sag_p2_iso",
    "PulseSequenceDetails": "%SiemensSeq%_tse_vfl",
    "ReceiveCoilActiveElements": "HC1-7;NC1,2",
    "ReceiveCoilName": "HeadNeck_64",
    "ReconMatrixPE": 256,
    "RefLinesPE": 24,
    "RepetitionTime": 3.2,
    "SAR": 0.150117,
    "ScanOptions": "PFP",
    "ScanningSequence": "SE",
    "SequenceName": "_spcR_282ns",
    "SequenceVariant": "SK_SP",
    "SeriesDescription": "t2_spc_sag_p2_iso",
    "SeriesNumber": 32,
    "ShimSetting": [
      3044,
      -4172,
      -1039,
      -11,
      -3,
      35,
      -21,
      -13
    ],
    "SliceThickness": 1,
    "SoftwareVersions": "syngo_MR_E11",
    "StationName": "mrc_Trio",
    "TxRefAmp": 213.887,
    "dataset": "ds004146",
    "modality": "T2w",
    "session_id": "02",
    "subject_id": "0277"
  },
  "cjv": 3.5671762828603817,
  "cnr": 0.4260405877487414,
  "efc": 0.6100654176666019,
  "fber": 6389.2782372585125,
  "fwhm_avg": 3.9242667089546774,
  "fwhm_x": 4.057300241833939,
  "fwhm_y": 4.1474374381983665,
  "fwhm_z": 3.568062446831726,
  "icvs_csf": 0.3942836355279965,
  "icvs_gm": 0.4733013014254472,
  "icvs_wm": 0.1324150630465563,
  "inu_med": 1.0256500244140625,
  "inu_range": 0.34687137603759766,
  "provenance": {
    "md5sum": "2e70e5a2e0fed7d618ea9fd6b9b7238c",
    "settings": {
      "testing": false
    },
    "software": "mriqc",
    "version": "23.0.1",
    "warnings": {
      "large_rot_frame": true,
      "small_air_mask": false
    },
    "webapi_port": null,
    "webapi_url": "https://mriqc.nimh.nih.gov/api/v1"
  },
  "qi_1": 0.004841904002282855,
  "qi_2": 0.003166025399553564,
  "rpve_csf": 11.792127397982085,
  "rpve_gm": 10.956649307714692,
  "rpve_wm": 37.7273470696046,
  "size_x": 192,
  "size_y": 300,
  "size_z": 320,
  "snr_csf": 14.173379086744664,
  "snr_gm": 13.504297781401023,
  "snr_total": 9.588715904557608,
  "snr_wm": 1.088470845527137,
  "snrd_csf": 45.08782869845527,
  "snrd_gm": 28.21109776239671,
  "snrd_total": 39.89766789459,
  "snrd_wm": 46.39407722291801,
  "spacing_x": 0.7999999523162842,
  "spacing_y": 0.800000011920929,
  "spacing_z": 0.800000011920929,
  "summary_bg_k": 7.683703710301705,
  "summary_bg_mad": 0.0,
  "summary_bg_mean": 8.435927190161456,
  "summary_bg_median": 0.0,
  "summary_bg_n": 1796557.0,
  "summary_bg_p05": 0.0,
  "summary_bg_p95": 39.9396176636219,
  "summary_bg_stdv": 14.601672595894097,
  "summary_csf_k": 0.59641036700005,
  "summary_csf_mad": 68.42287835546,
  "summary_csf_mean": 1009.3644412664923,
  "summary_csf_median": 1004.9170107394457,
  "summary_csf_n": 117847.0,
  "summary_csf_p05": 902.1781670302153,
  "summary_csf_p95": 1131.9258575364945,
  "summary_csf_stdv": 70.90142307835417,
  "summary_gm_k": -0.08725391221084067,
  "summary_gm_mad": 48.08785469467843,
  "summary_gm_mean": 629.538300012622,
  "summary_gm_median": 628.7686245143414,
  "summary_gm_n": 356397.0,
  "summary_gm_p05": 554.1945435851812,
  "summary_gm_p95": 705.3267469257116,
  "summary_gm_stdv": 46.560565575013555,
  "summary_wm_k": -1.7906390840168236,
  "summary_wm_mad": 1397.5532770640918,
  "summary_wm_mean": 1078.0363773668996,
  "summary_wm_median": 1034.0306629240513,
  "summary_wm_n": 56436.0,
  "summary_wm_p05": 37.00668677687645,
  "summary_wm_p95": 2343.7891777046025,
  "summary_wm_stdv": 949.9762956826879,
  "tpm_overlap_csf": 0.11334520706493571,
  "tpm_overlap_gm": 0.3041522627149261,
  "tpm_overlap_wm": 0.03768264952588208,
  "wm2max": 0.46136674172007003
}