{
  "aor": 0.00044357142857142853,
  "aqi": 0.024267997883597882,
  "bids_meta": {
    "AcquisitionMatrixPE": 90,
    "AcquisitionNumber": 1,
    "AcquisitionTime": "10:22:48.545000",
    "BandwidthPerPixelPhaseEncode": 21.368,
    "BaseResolution": 90,
    "BodyPartExamined": "BRAIN",
    "CoilString": "HC1-7;NC1_2",
    "ConsistencyInfo": "N4_VE11C_LATEST_20160120",
    "ConversionSoftware": "dcm2niix",
    "ConversionSoftwareVersion": "v1.0.20190410  GCC6.3.0",
    "DerivedVendorReportedEchoSpacing": 0.000519988,
    "DeviceSerialNumber": "167001",
    "DwellTime": 2.2e-06,
    "EchoTime": 0.03,
    "EchoTrainLength": 90,
    "EffectiveEchoSpacing": 0.000519988,
    "FlipAngle": 52,
    "ImageOrientationPatientDICOM": [
      0.995822,
      0.0778536,
      0.0477157,
      -0.0616049,
      0.958528,
      -0.278259
    ],
    "ImageType": [
      "ORIGINAL",
      "PRIMARY",
      "M",
      "ND",
      "NORM",
      "MOSAIC"
    ],
    "ImagingFrequency": 123.229,
    "InPlanePhaseEncodingDirectionDICOM": "COL",
    "InstitutionAddress": "Cooper_60_St._Lucia_QLD_AU_4072",
    "InstitutionName": "Centre_for_Advanced_Imaging",
    "InstitutionalDepartmentName": "Gehrmann_Labs_MRI",
    "MRAcquisitionType": "2D",
    "MagneticFieldStrength": 3,
    "Manufacturer": "Siemens",
    "ManufacturersModelName": "Prisma_fit",
    "Modality": "MR",
    "MultibandAccelerationFactor": 6,
    "PartialFourier": 1,
    "PatientPosition": "HFS",
    "PercentPhaseFOV": 100,
    "PhaseEncodingDirection": "j-",
    "PhaseEncodingSteps": 90,
    "PhaseResolution": 1,
    "PixelBandwidth": 2525,
    "ProcedureStepDescription": "Research_16092_QTAB",
    "ProtocolName": "PARTLY_CLOUDY_mb6_2.4",
    "PulseSequenceDetails": "%SiemensSeq%_ep2d_bold",
    "ReceiveCoilActiveElements": "HC1-7;NC1,2",
    "ReceiveCoilName": "HeadNeck_64",
    "ReconMatrixPE": 90,
    "RefLinesPE": 12,
    "RepetitionTime": 0.8,
    "SAR": 0.0687899,
    "ScanOptions": "FS",
    "ScanningSequence": "EP",
    "SequenceName": "_epfid2d1_90",
    "SequenceVariant": "SK",
    "SeriesDescription": "PARTLY_CLOUDY_mb6_2.4",
    "SeriesNumber": 23,
    "ShimSetting": [
      3012,
      -4228,
      -787,
      443,
      39,
      139,
      -21,
      6
    ],
    "SliceThickness": 2.4,
    "SliceTiming": [
      0.545,
      0,
      0.39,
      0.0775,
      0.4675,
      0.2325,
      0.6225,
      0.3125,
      0.7025,
      0.155,
      0.545,
      0,
      0.39,
      0.0775,
      0.4675,
      0.2325,
      0.6225,
      0.3125,
      0.7025,
      0.155,
      0.545,
      0,
      0.39,
      0.0775,
      0.4675,
      0.2325,
      0.6225,
      0.3125,
      0.7025,
      0.155,
      0.545,
      0,
      0.39,
      0.0775,
      0.4675,
      0.2325,
      0.6225,
      0.3125,
      0.7025,
      0.155,
      0.545,
      0,
      0.39,
      0.0775,
      0.4675,
      0.2325,
      0.6225,
      0.3125,
      0.7025,
      0.155,
      0.545,
      0,
      0.39,
      0.0775,
      0.4675,
      0.2325,
      0.6225,
      0.3125,
      0.7025,
      0.155
    ],
    "SoftwareVersions": "syngo_MR_E11",
    "SpacingBetweenSlices": 2.4,
    "StationName": "mrc_Trio",
    "TaskName": "partlycloudy",
    "TotalReadoutTime": 0.046279,
    "TxRefAmp": 212.74,
    "dataset": "ds004146",
    "modality": "bold",
    "session_id": "02",
    "subject_id": "0031",
    "task_id": "partlycloudy"
  },
  "dummy_trs": 2,
  "dvars_nstd": 36.311400416233425,
  "dvars_std": 1.17634270188329,
  "dvars_vstd": 0.9729899713262603,
  "efc": 0.494406786374651,
  "fber": 6276.8505859375,
  "fd_mean": 0.1974530573176101,
  "fd_num": 147,
  "fd_perc": 38.888888888888886,
  "fwhm_avg": 1.9262652012348758,
  "fwhm_x": 1.8095040947634342,
  "fwhm_y": 2.0532790850766864,
  "fwhm_z": 1.9160124238645067,
  "gcor": 0.00976967,
  "gsr_x": -0.023197466507554054,
  "gsr_y": 0.0338936448097229,
  "provenance": {
    "md5sum": "880f4d1aad75f3c7d1936928a650747b",
    "settings": {
      "fd_thres": 0.2,
      "testing": false
    },
    "software": "mriqc",
    "version": "23.0.1",
    "webapi_port": null,
    "webapi_url": "https://mriqc.nimh.nih.gov/api/v1"
  },
  "size_t": 378,
  "size_x": 90,
  "size_y": 90,
  "size_z": 60,
  "snr": 7.126585074520117,
  "spacing_tr": 0.800000011920929,
  "spacing_x": 2.4000000953674316,
  "spacing_y": 2.4000000953674316,
  "spacing_z": 2.4000000953674316,
  "summary_bg_k": 26.90048381531776,
  "summary_bg_mad": 5.9107978083765484,
  "summary_bg_mean": 25.608444213867188,
  "summary_bg_median": 8.023809432983398,
  "summary_bg_n": 324593.0,
  "summary_bg_p05": 3.216931104660034,
  "summary_bg_p95": 112.93756408691397,
  "summary_bg_stdv": 52.202884674072266,
  "summary_fg_k": 2.265685081271715,
  "summary_fg_mad": 86.9323050697552,
  "summary_fg_mean": 643.0177612304688,
  "summary_fg_median": 641.0872802734375,
  "summary_fg_n": 89975.0,
  "summary_fg_p05": 512.256591796875,
  "summary_fg_p95": 785.8036682128907,
  "summary_fg_stdv": 89.95664978027344,
  "tsnr": 38.338101361878216
}