{
  "aor": 0.006863027522935778,
  "aqi": 0.008842613180428135,
  "bids_meta": {
    "AcquisitionMatrixPE": 104,
    "AcquisitionNumber": 1,
    "AcquisitionTime": "11:18:11.012500",
    "BandwidthPerPixelPhaseEncode": 17.17,
    "BaseResolution": 104,
    "BodyPartExamined": "BRAIN",
    "ConsistencyInfo": "N4_VE11C_LATEST_20160120",
    "ConversionSoftware": "dcm2niix",
    "ConversionSoftwareVersion": "v1.0.20171215 GCC6.3.0",
    "DerivedVendorReportedEchoSpacing": 0.000560011,
    "DeviceSerialNumber": "167001",
    "DwellTime": 2.1e-06,
    "EchoTime": 0.03,
    "EchoTrainLength": 91,
    "EffectiveEchoSpacing": 0.000560011,
    "FlipAngle": 52,
    "ImageOrientationPatientDICOM": [
      0.999997,
      -0.00182896,
      0.00176161,
      0.00209439,
      0.986311,
      -0.164884
    ],
    "ImageType": [
      "ORIGINAL",
      "PRIMARY",
      "M",
      "ND",
      "MOSAIC"
    ],
    "InPlanePhaseEncodingDirectionDICOM": "COL",
    "InstitutionAddress": "Cooper_60_St._Lucia_QLD_AU_4072",
    "InstitutionName": "St_Lucia_Campus",
    "InstitutionalDepartmentName": "Gehrmann_Labs_MRI",
    "MRAcquisitionType": "2D",
    "MagneticFieldStrength": 3,
    "Manufacturer": "Siemens",
    "ManufacturersModelName": "Prisma_fit",
    "Modality": "MR",
    "MultibandAccelerationFactor": 6,
    "PartialFourier": 0.875,
    "PatientPosition": "HFS",
    "PercentPhaseFOV": 100,
    "PhaseEncodingDirection": "j",
    "PhaseEncodingSteps": 91,
    "PhaseResolution": 1,
    "PixelBandwidth": 2290,
    "ProcedureStepDescription": "Research_16092_QTAB",
    "ProtocolName": "ep2d_REST_SMS6_P-A",
    "PulseSequenceDetails": "%SiemensSeq%_ep2d_bold",
    "ReceiveCoilActiveElements": "HC1-7;NC1,2",
    "ReceiveCoilName": "HeadNeck_64",
    "ReconMatrixPE": 104,
    "RepetitionTime": 0.93,
    "SAR": 0.0813663,
    "ScanOptions": "PFP_FS",
    "ScanningSequence": "EP",
    "SequenceName": "_epfid2d1_104",
    "SequenceVariant": "SK",
    "SeriesDescription": "ep2d_REST_SMS6_P-A",
    "SeriesNumber": 10,
    "ShimSetting": [
      3039,
      -4200,
      -706,
      504,
      -38,
      74,
      110,
      18
    ],
    "SliceThickness": 2,
    "SliceTiming": [
      0.6825,
      0,
      0.455,
      0.075,
      0.53,
      0.1525,
      0.6075,
      0.3025,
      0.7575,
      0.38,
      0.835,
      0.2275,
      0.6825,
      0,
      0.455,
      0.075,
      0.53,
      0.1525,
      0.6075,
      0.3025,
      0.7575,
      0.38,
      0.835,
      0.2275,
      0.6825,
      0,
      0.455,
      0.075,
      0.53,
      0.1525,
      0.6075,
      0.3025,
      0.7575,
      0.38,
      0.835,
      0.2275,
      0.6825,
      0,
      0.455,
      0.075,
      0.53,
      0.1525,
      0.6075,
      0.3025,
      0.7575,
      0.38,
      0.835,
      0.2275,
      0.6825,
      0,
      0.455,
      0.075,
      0.53,
      0.1525,
      0.6075,
      0.3025,
      0.7575,
      0.38,
      0.835,
      0.2275,
      0.6825,
      0,
      0.455,
      0.075,
      0.53,
      0.1525,
      0.6075,
      0.3025,
      0.7575,
      0.38,
      0.835,
      0.2275
    ],
    "SoftwareVersions": "syngo_MR_E11",
    "SpacingBetweenSlices": 2,
    "StationName": "mrc_Trio",
    "TaskName": "rest",
    "TotalReadoutTime": 0.0576811,
    "TxRefAmp": 207.805,
    "dataset": "ds004146",
    "modality": "bold",
    "session_id": "01",
    "subject_id": "0050",
    "task_id": "rest"
  },
  "dummy_trs": 0,
  "dvars_nstd": 49.01025580776073,
  "dvars_std": 1.1598505417484672,
  "dvars_vstd": 1.0306008814723933,
  "efc": 0.5004541782841615,
  "fber": 1169.2822265625,
  "fd_mean": 0.29992644967191995,
  "fd_num": 183,
  "fd_perc": 55.96330275229358,
  "fwhm_avg": 3.2605283333333333,
  "fwhm_x": 3.095355,
  "fwhm_y": 3.3054,
  "fwhm_z": 3.38083,
  "gcor": 0.0860327,
  "gsr_x": -0.02016882598400116,
  "gsr_y": 0.04591386020183563,
  "provenance": {
    "md5sum": "553ddda68673b4345a6df51a3bf97c31",
    "settings": {
      "fd_thres": 0.2,
      "testing": false
    },
    "software": "mriqc",
    "version": "23.0.1",
    "webapi_port": null,
    "webapi_url": "https://mriqc.nimh.nih.gov/api/v1"
  },
  "size_t": 327,
  "size_x": 104,
  "size_y": 104,
  "size_z": 72,
  "snr": 2.564775271019429,
  "spacing_tr": 0.9300000071525574,
  "spacing_x": 2.0,
  "spacing_y": 2.0,
  "spacing_z": 2.0,
  "summary_bg_k": 41.28701276651184,
  "summary_bg_mad": 4.969210737917336,
  "summary_bg_mean": 34.79233169555664,
  "summary_bg_median": 18.504587173461914,
  "summary_bg_n": 521747.0,
  "summary_bg_p05": 14.727828979492188,
  "summary_bg_p95": 116.52813720703111,
  "summary_bg_stdv": 48.2348747253418,
  "summary_fg_k": 0.7353478261945758,
  "summary_fg_mad": 244.02633497529192,
  "summary_fg_mean": 669.2621459960938,
  "summary_fg_median": 632.6666870117188,
  "summary_fg_n": 158839.0,
  "summary_fg_p05": 343.34466247558595,
  "summary_fg_p95": 1128.58837890625,
  "summary_fg_stdv": 246.6745147705078,
  "tsnr": 29.53927495458629
}