{
  "aor": 0.000569021164021164,
  "aqi": 0.015832880158730158,
  "bids_meta": {
    "AcquisitionMatrixPE": 90,
    "AcquisitionNumber": 1,
    "AcquisitionTime": "12:22:36.112500",
    "BandwidthPerPixelPhaseEncode": 21.368,
    "BaseResolution": 90,
    "BodyPartExamined": "BRAIN",
    "CoilString": "HC1-7;NC1_2",
    "ConsistencyInfo": "N4_VE11C_LATEST_20160120",
    "ConversionSoftware": "dcm2niix",
    "ConversionSoftwareVersion": "v1.0.20190410  GCC6.3.0",
    "DerivedVendorReportedEchoSpacing": 0.000519988,
    "DeviceSerialNumber": "167001",
    "DwellTime": 2.2e-06,
    "EchoTime": 0.03,
    "EchoTrainLength": 90,
    "EffectiveEchoSpacing": 0.000519988,
    "FlipAngle": 52,
    "ImageOrientationPatientDICOM": [
      0.997035,
      -0.0145049,
      0.0755701,
      0.026979,
      0.985627,
      -0.166767
    ],
    "ImageType": [
      "ORIGINAL",
      "PRIMARY",
      "M",
      "ND",
      "NORM",
      "MOSAIC"
    ],
    "ImagingFrequency": 123.229,
    "InPlanePhaseEncodingDirectionDICOM": "COL",
    "InstitutionAddress": "Cooper_60_St._Lucia_QLD_AU_4072",
    "InstitutionName": "St_Lucia_Campus",
    "InstitutionalDepartmentName": "Gehrmann_Labs_MRI",
    "MRAcquisitionType": "2D",
    "MagneticFieldStrength": 3,
    "Manufacturer": "Siemens",
    "ManufacturersModelName": "Prisma_fit",
    "Modality": "MR",
    "MultibandAccelerationFactor": 6,
    "PartialFourier": 1,
    "PatientPosition": "HFS",
    "PercentPhaseFOV": 100,
    "PhaseEncodingDirection": "j-",
    "PhaseEncodingSteps": 90,
    "PhaseResolution": 1,
    "PixelBandwidth": 2525,
    "ProcedureStepDescription": "Research_16092_QTAB",
    "ProtocolName": "PARTLY_CLOUDY_mb6_2.4",
    "PulseSequenceDetails": "%SiemensSeq%_ep2d_bold",
    "ReceiveCoilActiveElements": "HC1-7;NC1,2",
    "ReceiveCoilName": "HeadNeck_64",
    "ReconMatrixPE": 90,
    "RefLinesPE": 12,
    "RepetitionTime": 0.8,
    "SAR": 0.0576379,
    "ScanOptions": "FS",
    "ScanningSequence": "EP",
    "SequenceName": "_epfid2d1_90",
    "SequenceVariant": "SK",
    "SeriesDescription": "PARTLY_CLOUDY_mb6_2.4",
    "SeriesNumber": 19,
    "ShimSetting": [
      3055,
      -4176,
      -772,
      483,
      -17,
      75,
      -72,
      1
    ],
    "SliceThickness": 2.4,
    "SliceTiming": [
      0.545,
      0,
      0.39,
      0.0775,
      0.4675,
      0.2325,
      0.6225,
      0.31,
      0.7,
      0.155,
      0.545,
      0,
      0.39,
      0.0775,
      0.4675,
      0.2325,
      0.6225,
      0.31,
      0.7,
      0.155,
      0.545,
      0,
      0.39,
      0.0775,
      0.4675,
      0.2325,
      0.6225,
      0.31,
      0.7,
      0.155,
      0.545,
      0,
      0.39,
      0.0775,
      0.4675,
      0.2325,
      0.6225,
      0.31,
      0.7,
      0.155,
      0.545,
      0,
      0.39,
      0.0775,
      0.4675,
      0.2325,
      0.6225,
      0.31,
      0.7,
      0.155,
      0.545,
      0,
      0.39,
      0.0775,
      0.4675,
      0.2325,
      0.6225,
      0.31,
      0.7,
      0.155
    ],
    "SoftwareVersions": "syngo_MR_E11",
    "SpacingBetweenSlices": 2.4,
    "StationName": "mrc_Trio",
    "TaskName": "partlycloudy",
    "TotalReadoutTime": 0.046279,
    "TxRefAmp": 217.347,
    "dataset": "ds004146",
    "modality": "bold",
    "session_id": "02",
    "subject_id": "0211",
    "task_id": "partlycloudy"
  },
  "dummy_trs": 2,
  "dvars_nstd": 33.48973626342174,
  "dvars_std": 1.169937605517241,
  "dvars_vstd": 0.9928346235809027,
  "efc": 0.5100188856383214,
  "fber": 5470.23291015625,
  "fd_mean": 0.1887354268669747,
  "fd_num": 184,
  "fd_perc": 48.67724867724868,
  "fwhm_avg": 1.7846847085600415,
  "fwhm_x": 1.7079832654641762,
  "fwhm_y": 1.917033257157276,
  "fwhm_z": 1.729037603058672,
  "gcor": 0.00484861,
  "gsr_x": -0.013192564249038696,
  "gsr_y": 0.03683290258049965,
  "provenance": {
    "md5sum": "deda04b5ddcdbe27637cbee89d914c4d",
    "settings": {
      "fd_thres": 0.2,
      "testing": false
    },
    "software": "mriqc",
    "version": "23.0.1",
    "webapi_port": null,
    "webapi_url": "https://mriqc.nimh.nih.gov/api/v1"
  },
  "size_t": 378,
  "size_x": 90,
  "size_y": 90,
  "size_z": 60,
  "snr": 7.103752465599184,
  "spacing_tr": 0.800000011920929,
  "spacing_x": 2.4000000953674316,
  "spacing_y": 2.4000000953674316,
  "spacing_z": 2.3999998569488525,
  "summary_bg_k": 25.373915736577935,
  "summary_bg_mad": 7.742478409298106,
  "summary_bg_mean": 29.731441497802734,
  "summary_bg_median": 9.224867820739746,
  "summary_bg_n": 316889.0,
  "summary_bg_p05": 3.3783068656921387,
  "summary_bg_p95": 121.67724456787079,
  "summary_bg_stdv": 58.20663833618164,
  "summary_fg_k": 2.42793713629633,
  "summary_fg_mad": 92.74109423054082,
  "summary_fg_mean": 699.6865844726562,
  "summary_fg_median": 697.984130859375,
  "summary_fg_n": 95585.0,
  "summary_fg_p05": 554.1978759765625,
  "summary_fg_p95": 854.3936523437501,
  "summary_fg_stdv": 98.25518035888672,
  "tsnr": 46.33799402229488
}