{
  "aor": 0.0032975388291517325,
  "aqi": 0.028979155555555556,
  "bids_meta": {
    "AcquisitionMatrixPE": 90,
    "AcquisitionNumber": 1,
    "AcquisitionTime": "12:29:55.450000",
    "BandwidthPerPixelPhaseEncode": 21.368,
    "BaseResolution": 90,
    "BodyPartExamined": "BRAIN",
    "CoilString": "HC1-7;NC1_2",
    "ConsistencyInfo": "N4_VE11C_LATEST_20160120",
    "ConversionSoftware": "dcm2niix",
    "ConversionSoftwareVersion": "v1.0.20190410  GCC6.3.0",
    "DelayTime": 0.001,
    "DerivedVendorReportedEchoSpacing": 0.000519988,
    "DeviceSerialNumber": "167001",
    "DwellTime": 2.2e-06,
    "EchoTime": 0.03,
    "EchoTrainLength": 90,
    "EffectiveEchoSpacing": 0.000519988,
    "FlipAngle": 52,
    "ImageOrientationPatientDICOM": [
      0.997035,
      -0.0145049,
      0.0755701,
      0.026979,
      0.985627,
      -0.166767
    ],
    "ImageType": [
      "ORIGINAL",
      "PRIMARY",
      "M",
      "ND",
      "NORM",
      "MOSAIC"
    ],
    "ImagingFrequency": 123.229,
    "InPlanePhaseEncodingDirectionDICOM": "COL",
    "InstitutionAddress": "Cooper_60_St._Lucia_QLD_AU_4072",
    "InstitutionName": "St_Lucia_Campus",
    "InstitutionalDepartmentName": "Gehrmann_Labs_MRI",
    "MRAcquisitionType": "2D",
    "MagneticFieldStrength": 3,
    "Manufacturer": "Siemens",
    "ManufacturersModelName": "Prisma_fit",
    "Modality": "MR",
    "MultibandAccelerationFactor": 6,
    "PartialFourier": 1,
    "PatientPosition": "HFS",
    "PercentPhaseFOV": 100,
    "PhaseEncodingDirection": "j-",
    "PhaseEncodingSteps": 90,
    "PhaseResolution": 1,
    "PixelBandwidth": 2525,
    "ProcedureStepDescription": "Research_16092_QTAB",
    "ProtocolName": "EMOT_TASK_mb6_2.4",
    "PulseSequenceDetails": "%SiemensSeq%_ep2d_bold",
    "ReceiveCoilActiveElements": "HC1-7;NC1,2",
    "ReceiveCoilName": "HeadNeck_64",
    "ReconMatrixPE": 90,
    "RefLinesPE": 12,
    "RepetitionTime": 0.8,
    "SAR": 0.0578799,
    "ScanOptions": "FS",
    "ScanningSequence": "EP",
    "SequenceName": "_epfid2d1_90",
    "SequenceVariant": "SK",
    "SeriesDescription": "EMOT_TASK_mb6_2.4",
    "SeriesNumber": 20,
    "ShimSetting": [
      3055,
      -4176,
      -772,
      483,
      -17,
      75,
      -72,
      1
    ],
    "SliceThickness": 2.4,
    "SliceTiming": [
      0.545,
      0,
      0.39,
      0.0775,
      0.4675,
      0.2325,
      0.6225,
      0.3125,
      0.7,
      0.155,
      0.545,
      0,
      0.39,
      0.0775,
      0.4675,
      0.2325,
      0.6225,
      0.3125,
      0.7,
      0.155,
      0.545,
      0,
      0.39,
      0.0775,
      0.4675,
      0.2325,
      0.6225,
      0.3125,
      0.7,
      0.155,
      0.545,
      0,
      0.39,
      0.0775,
      0.4675,
      0.2325,
      0.6225,
      0.3125,
      0.7,
      0.155,
      0.545,
      0,
      0.39,
      0.0775,
      0.4675,
      0.2325,
      0.6225,
      0.3125,
      0.7,
      0.155,
      0.545,
      0,
      0.39,
      0.0775,
      0.4675,
      0.2325,
      0.6225,
      0.3125,
      0.7,
      0.155
    ],
    "SoftwareVersions": "syngo_MR_E11",
    "SpacingBetweenSlices": 2.4,
    "StationName": "mrc_Trio",
    "TaskName": "emotionalconflict",
    "TotalReadoutTime": 0.046279,
    "TxRefAmp": 217.347,
    "dataset": "ds004146",
    "modality": "bold",
    "session_id": "02",
    "subject_id": "0211",
    "task_id": "emotionalconflict"
  },
  "dummy_trs": 0,
  "dvars_nstd": 36.78383320245214,
  "dvars_std": 1.12161371541866,
  "dvars_vstd": 1.0008196048803826,
  "efc": 0.5125666623011802,
  "fber": 5171.33251953125,
  "fd_mean": 0.2895951088671128,
  "fd_num": 455,
  "fd_perc": 54.360812425328554,
  "fwhm_avg": 1.8333833198362797,
  "fwhm_x": 1.7488957638384595,
  "fwhm_y": 1.9587915888312821,
  "fwhm_z": 1.7924626068390972,
  "gcor": 0.0283393,
  "gsr_x": -0.01354166492819786,
  "gsr_y": 0.0358649380505085,
  "provenance": {
    "md5sum": "87278f13da931ccbfa9dd79d9b701d89",
    "settings": {
      "fd_thres": 0.2,
      "testing": false
    },
    "software": "mriqc",
    "version": "23.0.1",
    "webapi_port": null,
    "webapi_url": "https://mriqc.nimh.nih.gov/api/v1"
  },
  "size_t": 837,
  "size_x": 90,
  "size_y": 90,
  "size_z": 60,
  "snr": 7.168254915773909,
  "spacing_tr": 0.800000011920929,
  "spacing_x": 2.4000000953674316,
  "spacing_y": 2.4000000953674316,
  "spacing_z": 2.3999998569488525,
  "summary_bg_k": 23.784198308912035,
  "summary_bg_mad": 7.999321156793946,
  "summary_bg_mean": 30.128877639770508,
  "summary_bg_median": 9.41696548461914,
  "summary_bg_n": 316123.0,
  "summary_bg_p05": 3.38960554599762,
  "summary_bg_p95": 122.04754409790031,
  "summary_bg_stdv": 58.140098571777344,
  "summary_fg_k": 2.3659026691461857,
  "summary_fg_mad": 91.01615749414228,
  "summary_fg_mean": 695.1146850585938,
  "summary_fg_median": 693.40380859375,
  "summary_fg_n": 96013.0,
  "summary_fg_p05": 551.5192260742188,
  "summary_fg_p95": 847.6260009765624,
  "summary_fg_stdv": 96.7320785522461,
  "tsnr": 33.47500485833734
}