{
  "bids_meta": {
    "AcquisitionMatrixPE": 256,
    "AcquisitionNumber": 1,
    "AcquisitionTime": "11:52:18.637500",
    "BaseResolution": 256,
    "BodyPartExamined": "BRAIN",
    "ConsistencyInfo": "N4_VE11C_LATEST_20160120",
    "ConversionSoftware": "dcm2niix",
    "ConversionSoftwareVersion": "v1.0.20171215 GCC6.3.0",
    "DeviceSerialNumber": "167001",
    "DwellTime": 2.6e-06,
    "EchoTime": 0.408,
    "EchoTrainLength": 259,
    "FlipAngle": 120,
    "ImageOrientationPatientDICOM": [
      0,
      1,
      0,
      0,
      0,
      -1
    ],
    "ImageType": [
      "ORIGINAL",
      "PRIMARY",
      "M",
      "ND",
      "NORM"
    ],
    "InPlanePhaseEncodingDirectionDICOM": "ROW",
    "InstitutionAddress": "Cooper_60_St._Lucia_QLD_AU_4072",
    "InstitutionName": "St_Lucia_Campus",
    "InstitutionalDepartmentName": "Gehrmann_Labs_MRI",
    "MRAcquisitionType": "3D",
    "MagneticFieldStrength": 3,
    "Manufacturer": "Siemens",
    "ManufacturersModelName": "Prisma_fit",
    "Modality": "MR",
    "ParallelReductionFactorInPlane": 2,
    "PartialFourier": 1,
    "PatientPosition": "HFS",
    "PercentPhaseFOV": 100,
    "PhaseEncodingSteps": 233,
    "PhaseResolution": 1,
    "PixelBandwidth": 750,
    "ProcedureStepDescription": "Research_16092_QTAB",
    "ProtocolName": "t2_spc_sag_p2_iso",
    "PulseSequenceDetails": "%SiemensSeq%_tse_vfl",
    "ReceiveCoilActiveElements": "HC1-7;NC1",
    "ReceiveCoilName": "HeadNeck_64",
    "ReconMatrixPE": 256,
    "RepetitionTime": 3.2,
    "SAR": 0.169821,
    "ScanOptions": "PFP",
    "ScanningSequence": "SE",
    "SequenceName": "_spcR_282ns",
    "SequenceVariant": "SK_SP",
    "SeriesDescription": "t2_spc_sag_p2_iso",
    "SeriesNumber": 19,
    "ShimSetting": [
      3044,
      -4172,
      -1039,
      -11,
      -3,
      35,
      -21,
      -13
    ],
    "SliceThickness": 1,
    "SoftwareVersions": "syngo_MR_E11",
    "StationName": "mrc_Trio",
    "TxRefAmp": 216.474,
    "dataset": "ds004146",
    "modality": "T2w",
    "session_id": "01",
    "subject_id": "0008"
  },
  "cjv": 1.2349701907934447,
  "cnr": 1.0282344389813298,
  "efc": 0.6291907587520893,
  "fber": -1.0,
  "fwhm_avg": 4.010929209959948,
  "fwhm_x": 4.14977524734588,
  "fwhm_y": 4.03213743991647,
  "fwhm_z": 3.850874942617492,
  "icvs_csf": 0.3623405694140798,
  "icvs_gm": 0.14925482199758217,
  "icvs_wm": 0.488404608588338,
  "inu_med": 1.020085334777832,
  "inu_range": 0.25746958255767827,
  "provenance": {
    "md5sum": "64bd1099dd277b8d17b667bb461303d3",
    "settings": {
      "testing": false
    },
    "software": "mriqc",
    "version": "23.0.1",
    "warnings": {
      "large_rot_frame": true,
      "small_air_mask": false
    },
    "webapi_port": null,
    "webapi_url": "https://mriqc.nimh.nih.gov/api/v1"
  },
  "qi_1": 2.806283830753824e-06,
  "qi_2": 0.018041580707907796,
  "rpve_csf": 12.451426576751768,
  "rpve_gm": 33.884721765750726,
  "rpve_wm": 10.825564377905083,
  "size_x": 192,
  "size_y": 300,
  "size_z": 320,
  "snr_csf": 14.071863418552306,
  "snr_gm": 1.7187400865154032,
  "snr_total": 9.534501110907955,
  "snr_wm": 12.812899827656155,
  "snrd_csf": 77.27491702965978,
  "snrd_gm": 126.31328326304057,
  "snrd_total": 84.7409871656951,
  "snrd_wm": 50.634761204384965,
  "spacing_x": 0.7999999523162842,
  "spacing_y": 0.800000011920929,
  "spacing_z": 0.800000011920929,
  "summary_bg_k": 8.032611736667022,
  "summary_bg_mad": 0.0,
  "summary_bg_mean": 6.863702908860817,
  "summary_bg_median": 0.0,
  "summary_bg_n": 2092272.0,
  "summary_bg_p05": 0.0,
  "summary_bg_p95": 36.00318431854248,
  "summary_bg_stdv": 12.938471825608277,
  "summary_csf_k": 0.907122375241074,
  "summary_csf_mad": 101.25184709439282,
  "summary_csf_mean": 1535.757619530453,
  "summary_csf_median": 1526.1239290237427,
  "summary_csf_n": 76749.0,
  "summary_csf_p05": 1378.530764579773,
  "summary_csf_p95": 1728.0202388763428,
  "summary_csf_stdv": 108.45144962637694,
  "summary_gm_k": -1.7114832522638614,
  "summary_gm_mad": 1765.2718875704454,
  "summary_gm_mean": 1941.9294450585044,
  "summary_gm_median": 2494.5963263511658,
  "summary_gm_n": 86496.0,
  "summary_gm_p05": 89.0465497970581,
  "summary_gm_p95": 3795.252799987793,
  "summary_gm_stdv": 1451.4014804113033,
  "summary_wm_k": -0.04966075194623931,
  "summary_wm_mad": 80.50996385466767,
  "summary_wm_mean": 1001.5807699125127,
  "summary_wm_median": 1000.0000476837158,
  "summary_wm_n": 356575.0,
  "summary_wm_p05": 877.2046566009521,
  "summary_wm_p95": 1130.2215099334717,
  "summary_wm_stdv": 78.04623925137243,
  "tpm_overlap_csf": 0.11319764827765004,
  "tpm_overlap_gm": 0.09609412628398392,
  "tpm_overlap_wm": 0.4380419584455619,
  "wm2max": 0.273031734825033
}