{
  "aor": 0.011055137614678901,
  "aqi": 0.020764747400611624,
  "bids_meta": {
    "AcquisitionMatrixPE": 104,
    "AcquisitionNumber": 1,
    "AcquisitionTime": "10:33:19.760000",
    "BandwidthPerPixelPhaseEncode": 17.17,
    "BaseResolution": 104,
    "BodyPartExamined": "BRAIN",
    "ConsistencyInfo": "N4_VE11C_LATEST_20160120",
    "ConversionSoftware": "dcm2niix",
    "ConversionSoftwareVersion": "v1.0.20171215 GCC6.3.0",
    "DerivedVendorReportedEchoSpacing": 0.000560011,
    "DeviceSerialNumber": "167001",
    "DwellTime": 2.1e-06,
    "EchoTime": 0.03,
    "EchoTrainLength": 91,
    "EffectiveEchoSpacing": 0.000560011,
    "FlipAngle": 52,
    "ImageOrientationPatientDICOM": [
      0.994616,
      -0.0387153,
      0.0961218,
      0.046557,
      0.995649,
      -0.080725
    ],
    "ImageType": [
      "ORIGINAL",
      "PRIMARY",
      "M",
      "ND",
      "MOSAIC"
    ],
    "InPlanePhaseEncodingDirectionDICOM": "COL",
    "InstitutionAddress": "Cooper_60_St._Lucia_QLD_AU_4072",
    "InstitutionName": "St_Lucia_Campus",
    "InstitutionalDepartmentName": "Gehrmann_Labs_MRI",
    "MRAcquisitionType": "2D",
    "MagneticFieldStrength": 3,
    "Manufacturer": "Siemens",
    "ManufacturersModelName": "Prisma_fit",
    "Modality": "MR",
    "MultibandAccelerationFactor": 6,
    "PartialFourier": 0.875,
    "PatientPosition": "HFS",
    "PercentPhaseFOV": 100,
    "PhaseEncodingDirection": "j-",
    "PhaseEncodingSteps": 91,
    "PhaseResolution": 1,
    "PixelBandwidth": 2290,
    "ProcedureStepDescription": "Research_16092_QTAB",
    "ProtocolName": "ep2d_REST_SMS6_A-P",
    "PulseSequenceDetails": "%SiemensSeq%_ep2d_bold",
    "ReceiveCoilActiveElements": "HC1-7;NC1,2",
    "ReceiveCoilName": "HeadNeck_64",
    "ReconMatrixPE": 104,
    "RepetitionTime": 0.93,
    "SAR": 0.0721818,
    "ScanOptions": "PFP_FS",
    "ScanningSequence": "EP",
    "SequenceName": "_epfid2d1_104",
    "SequenceVariant": "SK",
    "SeriesDescription": "ep2d_REST_SMS6_A-P",
    "SeriesNumber": 9,
    "ShimSetting": [
      3073,
      -4209,
      -751,
      393,
      -25,
      -73,
      163,
      49
    ],
    "SliceThickness": 2,
    "SliceTiming": [
      0.6825,
      0,
      0.455,
      0.0775,
      0.5325,
      0.1525,
      0.6075,
      0.305,
      0.76,
      0.38,
      0.835,
      0.2275,
      0.6825,
      0,
      0.455,
      0.0775,
      0.5325,
      0.1525,
      0.6075,
      0.305,
      0.76,
      0.38,
      0.835,
      0.2275,
      0.6825,
      0,
      0.455,
      0.0775,
      0.5325,
      0.1525,
      0.6075,
      0.305,
      0.76,
      0.38,
      0.835,
      0.2275,
      0.6825,
      0,
      0.455,
      0.0775,
      0.5325,
      0.1525,
      0.6075,
      0.305,
      0.76,
      0.38,
      0.835,
      0.2275,
      0.6825,
      0,
      0.455,
      0.0775,
      0.5325,
      0.1525,
      0.6075,
      0.305,
      0.76,
      0.38,
      0.835,
      0.2275,
      0.6825,
      0,
      0.455,
      0.0775,
      0.5325,
      0.1525,
      0.6075,
      0.305,
      0.76,
      0.38,
      0.835,
      0.2275
    ],
    "SoftwareVersions": "syngo_MR_E11",
    "SpacingBetweenSlices": 2,
    "StationName": "mrc_Trio",
    "TaskName": "rest",
    "TotalReadoutTime": 0.0576811,
    "TxRefAmp": 212.375,
    "dataset": "ds004146",
    "modality": "bold",
    "session_id": "01",
    "subject_id": "0023",
    "task_id": "rest"
  },
  "dummy_trs": 0,
  "dvars_nstd": 60.12351518177916,
  "dvars_std": 1.1211077890490802,
  "dvars_vstd": 1.0119543704601224,
  "efc": 0.510625124775255,
  "fber": 995.7991943359375,
  "fd_mean": 0.5413206090155864,
  "fd_num": 146,
  "fd_perc": 44.64831804281346,
  "fwhm_avg": 3.1118466666666666,
  "fwhm_x": 2.90695,
  "fwhm_y": 3.259965,
  "fwhm_z": 3.168625,
  "gcor": 0.0291571,
  "gsr_x": -0.02227168343961239,
  "gsr_y": 0.053300026804208755,
  "provenance": {
    "md5sum": "6e29ebc43ff0eeb90daec5905cb4fdd9",
    "settings": {
      "fd_thres": 0.2,
      "testing": false
    },
    "software": "mriqc",
    "version": "23.0.1",
    "webapi_port": null,
    "webapi_url": "https://mriqc.nimh.nih.gov/api/v1"
  },
  "size_t": 327,
  "size_x": 104,
  "size_y": 104,
  "size_z": 72,
  "snr": 2.869693135691691,
  "spacing_tr": 0.9300000071525574,
  "spacing_x": 2.0,
  "spacing_y": 2.0,
  "spacing_z": 2.0,
  "summary_bg_k": 38.953510380808304,
  "summary_bg_mad": 4.769719399558291,
  "summary_bg_mean": 32.99025344848633,
  "summary_bg_median": 17.80428123474121,
  "summary_bg_n": 523421.0,
  "summary_bg_p05": 13.996942520141602,
  "summary_bg_p95": 103.54129028320312,
  "summary_bg_stdv": 47.07534408569336,
  "summary_fg_k": 1.1962056191645463,
  "summary_fg_mad": 184.18726428219887,
  "summary_fg_mean": 595.2689819335938,
  "summary_fg_median": 566.0489501953125,
  "summary_fg_n": 156885.0,
  "summary_fg_p05": 337.0611877441406,
  "summary_fg_p95": 969.3602783203123,
  "summary_fg_stdv": 197.25006103515625,
  "tsnr": 23.158420182357077
}