{
  "bids_meta": {
    "AcquisitionMatrixPE": 256,
    "AcquisitionNumber": 1,
    "AcquisitionTime": "15:05:44.250000",
    "BaseResolution": 256,
    "BodyPartExamined": "BRAIN",
    "CoilString": "HC1-7;NC1_2",
    "ConsistencyInfo": "N4_VE11C_LATEST_20160120",
    "ConversionSoftware": "dcm2niix",
    "ConversionSoftwareVersion": "v1.0.20190410  GCC6.3.0",
    "DeviceSerialNumber": "167001",
    "DwellTime": 2.6e-06,
    "EchoTime": 0.408,
    "EchoTrainLength": 259,
    "FlipAngle": 120,
    "ImageOrientationPatientDICOM": [
      0.0926328,
      0.995148,
      0.0331483,
      0.0234211,
      0.0311045,
      -0.999242
    ],
    "ImageType": [
      "ORIGINAL",
      "PRIMARY",
      "M",
      "ND",
      "NORM"
    ],
    "ImagingFrequency": 123.229,
    "InPlanePhaseEncodingDirectionDICOM": "ROW",
    "InstitutionAddress": "Cooper_60_St._Lucia_QLD_AU_4072",
    "InstitutionName": "St_Lucia_Campus",
    "InstitutionalDepartmentName": "Gehrmann_Labs_MRI",
    "MRAcquisitionType": "3D",
    "MagneticFieldStrength": 3,
    "Manufacturer": "Siemens",
    "ManufacturersModelName": "Prisma_fit",
    "Modality": "MR",
    "PartialFourier": 1,
    "PatientPosition": "HFS",
    "PercentPhaseFOV": 100,
    "PhaseEncodingSteps": 233,
    "PhaseResolution": 1,
    "PixelBandwidth": 750,
    "ProcedureStepDescription": "Research_16092_QTAB",
    "ProtocolName": "t2_spc_sag_p2_iso",
    "PulseSequenceDetails": "%SiemensSeq%_tse_vfl",
    "ReceiveCoilActiveElements": "HC1-7;NC1,2",
    "ReceiveCoilName": "HeadNeck_64",
    "ReconMatrixPE": 256,
    "RefLinesPE": 24,
    "RepetitionTime": 3.2,
    "SAR": 0.179883,
    "ScanOptions": "PFP",
    "ScanningSequence": "SE",
    "SequenceName": "_spcR_282ns",
    "SequenceVariant": "SK_SP",
    "SeriesDescription": "t2_spc_sag_p2_iso",
    "SeriesNumber": 32,
    "ShimSetting": [
      3051,
      -4216,
      -831,
      30,
      10,
      -202,
      -26,
      53
    ],
    "SliceThickness": 1,
    "SoftwareVersions": "syngo_MR_E11",
    "StationName": "mrc_Trio",
    "TxRefAmp": 213.146,
    "dataset": "ds004146",
    "modality": "T2w",
    "session_id": "02",
    "subject_id": "0086"
  },
  "cjv": 2.686436287606162,
  "cnr": 0.602551844360838,
  "efc": 0.6392590731090418,
  "fber": -1.0,
  "fwhm_avg": 4.197354104121216,
  "fwhm_x": 4.423862434079313,
  "fwhm_y": 4.4377374338725595,
  "fwhm_z": 3.730462444411778,
  "icvs_csf": 0.45659177383049926,
  "icvs_gm": 0.43956385944635656,
  "icvs_wm": 0.1038443667231442,
  "inu_med": 1.0672672986984253,
  "inu_range": 0.3845167130231857,
  "provenance": {
    "md5sum": "81e7cb392106d5d4f5e56902fff6add0",
    "settings": {
      "testing": false
    },
    "software": "mriqc",
    "version": "23.0.1",
    "warnings": {
      "large_rot_frame": true,
      "small_air_mask": false
    },
    "webapi_port": null,
    "webapi_url": "https://mriqc.nimh.nih.gov/api/v1"
  },
  "qi_1": 0.19247648902821315,
  "qi_2": 0.015276000355320854,
  "rpve_csf": 8.538563057693755,
  "rpve_gm": 9.223287852141851,
  "rpve_wm": 35.76573724440563,
  "size_x": 192,
  "size_y": 300,
  "size_z": 320,
  "snr_csf": 16.01784917599041,
  "snr_gm": 13.63186120466011,
  "snr_total": 10.275668532655649,
  "snr_wm": 1.1772952173164273,
  "snrd_csf": 166.86111083677648,
  "snrd_gm": 105.29334603429218,
  "snrd_total": 162.6787325561668,
  "snrd_wm": 215.88174079743172,
  "spacing_x": 0.800000011920929,
  "spacing_y": 0.800000011920929,
  "spacing_z": 0.800000011920929,
  "summary_bg_k": 13.75237297998028,
  "summary_bg_mad": 0.0,
  "summary_bg_mean": 1.0612405149139204,
  "summary_bg_median": 0.0,
  "summary_bg_n": 833516.0,
  "summary_bg_p05": 0.0,
  "summary_bg_p95": 7.104992084205151,
  "summary_bg_stdv": 3.056261976523264,
  "summary_csf_k": 0.7853568171837204,
  "summary_csf_mad": 45.464868202490045,
  "summary_csf_mean": 781.5880797082357,
  "summary_csf_median": 778.4199876710773,
  "summary_csf_n": 234488.0,
  "summary_csf_p05": 707.9958951473236,
  "summary_csf_p95": 865.8518850803375,
  "summary_csf_stdv": 48.59693204047969,
  "summary_gm_k": 0.20091818399482664,
  "summary_gm_mad": 36.73212040849435,
  "summary_gm_mean": 492.694563968003,
  "summary_gm_median": 491.20160300284624,
  "summary_gm_n": 434600.0,
  "summary_gm_p05": 436.4232184365392,
  "summary_gm_p95": 552.0910170301795,
  "summary_gm_stdv": 36.033306861678476,
  "summary_wm_k": -1.6949058774611772,
  "summary_wm_mad": 1349.2095341723336,
  "summary_wm_mean": 969.175081610152,
  "summary_wm_median": 1007.105017863214,
  "summary_wm_n": 69707.0,
  "summary_wm_p05": 26.80017739534378,
  "summary_wm_p95": 2164.003884382546,
  "summary_wm_stdv": 855.4335218389027,
  "tpm_overlap_csf": 0.11118654905977335,
  "tpm_overlap_gm": 0.27982779526056706,
  "tpm_overlap_wm": 0.032160386716555626,
  "wm2max": 0.48362973797306935
}