{
  "aor": 0.00033400000000000004,
  "aqi": 0.005997489784615385,
  "bids_meta": {
    "AcquisitionMatrixPE": 104,
    "AcquisitionNumber": 1,
    "AcquisitionTime": "12:02:55.562500",
    "BandwidthPerPixelPhaseEncode": 17.17,
    "BaseResolution": 104,
    "BodyPartExamined": "BRAIN",
    "ConsistencyInfo": "N4_VE11C_LATEST_20160120",
    "ConversionSoftware": "dcm2niix",
    "ConversionSoftwareVersion": "v1.0.20171215 GCC6.3.0",
    "DerivedVendorReportedEchoSpacing": 0.000560011,
    "DeviceSerialNumber": "167001",
    "DwellTime": 2.1e-06,
    "EchoTime": 0.03,
    "EchoTrainLength": 91,
    "EffectiveEchoSpacing": 0.000560011,
    "FlipAngle": 52,
    "ImageOrientationPatientDICOM": [
      0.999699,
      -0.0111509,
      0.0218658,
      0.0191952,
      0.910376,
      -0.413336
    ],
    "ImageType": [
      "ORIGINAL",
      "PRIMARY",
      "M",
      "ND",
      "MOSAIC"
    ],
    "InPlanePhaseEncodingDirectionDICOM": "COL",
    "InstitutionAddress": "Cooper_60_St._Lucia_QLD_AU_4072",
    "InstitutionName": "St_Lucia_Campus",
    "InstitutionalDepartmentName": "Gehrmann_Labs_MRI",
    "MRAcquisitionType": "2D",
    "MagneticFieldStrength": 3,
    "Manufacturer": "Siemens",
    "ManufacturersModelName": "Prisma_fit",
    "Modality": "MR",
    "MultibandAccelerationFactor": 6,
    "PartialFourier": 0.875,
    "PatientPosition": "HFS",
    "PercentPhaseFOV": 100,
    "PhaseEncodingDirection": "j",
    "PhaseEncodingSteps": 91,
    "PhaseResolution": 1,
    "PixelBandwidth": 2290,
    "ProcedureStepDescription": "Research_16092_QTAB",
    "ProtocolName": "ep2d_REST_SMS6_P-A",
    "PulseSequenceDetails": "%SiemensSeq%_ep2d_bold",
    "ReceiveCoilActiveElements": "HC1-7;NC1,2",
    "ReceiveCoilName": "HeadNeck_64",
    "ReconMatrixPE": 104,
    "RepetitionTime": 0.93,
    "SAR": 0.064612,
    "ScanOptions": "PFP_FS",
    "ScanningSequence": "EP",
    "SequenceName": "_epfid2d1_104",
    "SequenceVariant": "SK",
    "SeriesDescription": "ep2d_REST_SMS6_P-A",
    "SeriesNumber": 10,
    "ShimSetting": [
      3059,
      -4154,
      -708,
      472,
      4,
      -87,
      -174,
      -50
    ],
    "SliceThickness": 2,
    "SliceTiming": [
      0.6825,
      0,
      0.455,
      0.0775,
      0.5325,
      0.1525,
      0.6075,
      0.305,
      0.76,
      0.38,
      0.835,
      0.2275,
      0.6825,
      0,
      0.455,
      0.0775,
      0.5325,
      0.1525,
      0.6075,
      0.305,
      0.76,
      0.38,
      0.835,
      0.2275,
      0.6825,
      0,
      0.455,
      0.0775,
      0.5325,
      0.1525,
      0.6075,
      0.305,
      0.76,
      0.38,
      0.835,
      0.2275,
      0.6825,
      0,
      0.455,
      0.0775,
      0.5325,
      0.1525,
      0.6075,
      0.305,
      0.76,
      0.38,
      0.835,
      0.2275,
      0.6825,
      0,
      0.455,
      0.0775,
      0.5325,
      0.1525,
      0.6075,
      0.305,
      0.76,
      0.38,
      0.835,
      0.2275,
      0.6825,
      0,
      0.455,
      0.0775,
      0.5325,
      0.1525,
      0.6075,
      0.305,
      0.76,
      0.38,
      0.835,
      0.2275
    ],
    "SoftwareVersions": "syngo_MR_E11",
    "SpacingBetweenSlices": 2,
    "StationName": "mrc_Trio",
    "TaskName": "rest",
    "TotalReadoutTime": 0.0576811,
    "TxRefAmp": 218.009,
    "dataset": "ds004146",
    "modality": "bold",
    "session_id": "01",
    "subject_id": "0345",
    "task_id": "rest"
  },
  "dummy_trs": 2,
  "dvars_nstd": 38.601636144691355,
  "dvars_std": 1.0825782887345672,
  "dvars_vstd": 0.9887659362962962,
  "efc": 0.5401178063930393,
  "fber": 790.6665649414062,
  "fd_mean": 0.16367525879130554,
  "fd_num": 109,
  "fd_perc": 33.53846153846154,
  "fwhm_avg": 3.2477866666666664,
  "fwhm_x": 3.091355,
  "fwhm_y": 3.25704,
  "fwhm_z": 3.394965,
  "gcor": 0.00592118,
  "gsr_x": -0.021603625267744064,
  "gsr_y": 0.05957154184579849,
  "provenance": {
    "md5sum": "c6406f4cc5491e3ce9fef31281103cd8",
    "settings": {
      "fd_thres": 0.2,
      "testing": false
    },
    "software": "mriqc",
    "version": "23.0.1",
    "webapi_port": null,
    "webapi_url": "https://mriqc.nimh.nih.gov/api/v1"
  },
  "size_t": 325,
  "size_x": 104,
  "size_y": 104,
  "size_z": 72,
  "snr": 2.384505961416243,
  "spacing_tr": 0.9300000071525574,
  "spacing_x": 2.0,
  "spacing_y": 2.0,
  "spacing_z": 2.0,
  "summary_bg_k": 22.106938214510023,
  "summary_bg_mad": 8.311695598827718,
  "summary_bg_mean": 53.614601135253906,
  "summary_bg_median": 20.82769203186035,
  "summary_bg_n": 506677.0,
  "summary_bg_p05": 14.686153411865234,
  "summary_bg_p95": 237.91814880371066,
  "summary_bg_stdv": 91.5787124633789,
  "summary_fg_k": 1.039463583538767,
  "summary_fg_mad": 241.14415590055359,
  "summary_fg_mean": 637.6074829101562,
  "summary_fg_median": 595.0123291015625,
  "summary_fg_n": 169357.0,
  "summary_fg_p05": 321.1039978027344,
  "summary_fg_p95": 1112.4449462890623,
  "summary_fg_stdv": 249.53201293945312,
  "tsnr": 37.27952866384294
}