{
  "aor": 0.001094854881266491,
  "aqi": 0.017910281530343006,
  "bids_meta": {
    "AcquisitionMatrixPE": 90,
    "AcquisitionNumber": 1,
    "AcquisitionTime": "16:02:59.822500",
    "BandwidthPerPixelPhaseEncode": 21.368,
    "BaseResolution": 90,
    "BodyPartExamined": "BRAIN",
    "CoilString": "HC1-7;NC1_2",
    "ConsistencyInfo": "N4_VE11C_LATEST_20160120",
    "ConversionSoftware": "dcm2niix",
    "ConversionSoftwareVersion": "v1.0.20190410  GCC6.3.0",
    "DerivedVendorReportedEchoSpacing": 0.000519988,
    "DeviceSerialNumber": "167001",
    "DwellTime": 2.2e-06,
    "EchoTime": 0.03,
    "EchoTrainLength": 90,
    "EffectiveEchoSpacing": 0.000519988,
    "FlipAngle": 52,
    "ImageOrientationPatientDICOM": [
      0.998944,
      -0.0388084,
      0.0245821,
      0.0450124,
      0.933799,
      -0.354955
    ],
    "ImageType": [
      "ORIGINAL",
      "PRIMARY",
      "M",
      "ND",
      "NORM",
      "MOSAIC"
    ],
    "ImagingFrequency": 123.229,
    "InPlanePhaseEncodingDirectionDICOM": "COL",
    "InstitutionAddress": "Cooper_60_St._Lucia_QLD_AU_4072",
    "InstitutionName": "St_Lucia_Campus",
    "InstitutionalDepartmentName": "Gehrmann_Labs_MRI",
    "MRAcquisitionType": "2D",
    "MagneticFieldStrength": 3,
    "Manufacturer": "Siemens",
    "ManufacturersModelName": "Prisma_fit",
    "Modality": "MR",
    "MultibandAccelerationFactor": 6,
    "PartialFourier": 1,
    "PatientPosition": "HFS",
    "PercentPhaseFOV": 100,
    "PhaseEncodingDirection": "j-",
    "PhaseEncodingSteps": 90,
    "PhaseResolution": 1,
    "PixelBandwidth": 2525,
    "ProcedureStepDescription": "Research_16092_QTAB",
    "ProtocolName": "PARTLY_CLOUDY_mb6_2.4",
    "PulseSequenceDetails": "%SiemensSeq%_ep2d_bold",
    "ReceiveCoilActiveElements": "HC1-7;NC1,2",
    "ReceiveCoilName": "HeadNeck_64",
    "ReconMatrixPE": 90,
    "RefLinesPE": 12,
    "RepetitionTime": 0.8,
    "SAR": 0.0578128,
    "ScanOptions": "FS",
    "ScanningSequence": "EP",
    "SequenceName": "_epfid2d1_90",
    "SequenceVariant": "SK",
    "SeriesDescription": "PARTLY_CLOUDY_mb6_2.4",
    "SeriesNumber": 19,
    "ShimSetting": [
      3054,
      -4160,
      -768,
      422,
      -16,
      -27,
      0,
      -36
    ],
    "SliceThickness": 2.4,
    "SliceTiming": [
      0.545,
      0,
      0.39,
      0.0775,
      0.4675,
      0.2325,
      0.6225,
      0.3125,
      0.7025,
      0.155,
      0.545,
      0,
      0.39,
      0.0775,
      0.4675,
      0.2325,
      0.6225,
      0.3125,
      0.7025,
      0.155,
      0.545,
      0,
      0.39,
      0.0775,
      0.4675,
      0.2325,
      0.6225,
      0.3125,
      0.7025,
      0.155,
      0.545,
      0,
      0.39,
      0.0775,
      0.4675,
      0.2325,
      0.6225,
      0.3125,
      0.7025,
      0.155,
      0.545,
      0,
      0.39,
      0.0775,
      0.4675,
      0.2325,
      0.6225,
      0.3125,
      0.7025,
      0.155,
      0.545,
      0,
      0.39,
      0.0775,
      0.4675,
      0.2325,
      0.6225,
      0.3125,
      0.7025,
      0.155
    ],
    "SoftwareVersions": "syngo_MR_E11",
    "SpacingBetweenSlices": 2.4,
    "StationName": "mrc_Trio",
    "TaskName": "partlycloudy",
    "TotalReadoutTime": 0.046279,
    "TxRefAmp": 229.202,
    "dataset": "ds004146",
    "modality": "bold",
    "session_id": "02",
    "subject_id": "0168",
    "task_id": "partlycloudy"
  },
  "dummy_trs": 1,
  "dvars_nstd": 34.122139067910084,
  "dvars_std": 1.1302806627513227,
  "dvars_vstd": 0.997827491137566,
  "efc": 0.529124536059413,
  "fber": 4160.298828125,
  "fd_mean": 0.24706962393309953,
  "fd_num": 203,
  "fd_perc": 53.562005277044854,
  "fwhm_avg": 1.8647624259009987,
  "fwhm_x": 1.8010832617647148,
  "fwhm_y": 1.947416589283284,
  "fwhm_z": 1.8457874266549976,
  "gcor": 0.00756094,
  "gsr_x": -0.02718012034893036,
  "gsr_y": 0.04251636564731598,
  "provenance": {
    "md5sum": "a414bacc61c165330ae1a6e5a73b63fa",
    "settings": {
      "fd_thres": 0.2,
      "testing": false
    },
    "software": "mriqc",
    "version": "23.0.1",
    "webapi_port": null,
    "webapi_url": "https://mriqc.nimh.nih.gov/api/v1"
  },
  "size_t": 379,
  "size_x": 90,
  "size_y": 90,
  "size_z": 60,
  "snr": 7.059654783339295,
  "spacing_tr": 0.800000011920929,
  "spacing_x": 2.4000000953674316,
  "spacing_y": 2.4000000953674316,
  "spacing_z": 2.4000000953674316,
  "summary_bg_k": 22.594813866011943,
  "summary_bg_mad": 9.087295571125743,
  "summary_bg_mean": 37.051368713378906,
  "summary_bg_median": 10.30079174041748,
  "summary_bg_n": 315543.0,
  "summary_bg_p05": 3.343008041381836,
  "summary_bg_p95": 168.77388000488216,
  "summary_bg_stdv": 70.01361083984375,
  "summary_fg_k": 1.7074600171674383,
  "summary_fg_mad": 94.52665984184164,
  "summary_fg_mean": 682.218017578125,
  "summary_fg_median": 681.728271484375,
  "summary_fg_n": 97953.0,
  "summary_fg_p05": 536.8876220703125,
  "summary_fg_p95": 834.5514770507812,
  "summary_fg_stdv": 96.5663070678711,
  "tsnr": 43.12694491981529
}