{
  "bids_meta": {
    "AcquisitionMatrixPE": 256,
    "AcquisitionNumber": 1,
    "AcquisitionTime": "14:46:41.145000",
    "BaseResolution": 256,
    "BodyPartExamined": "BRAIN",
    "CoilString": "HC1-7;NC1_2",
    "ConsistencyInfo": "N4_VE11C_LATEST_20160120",
    "ConversionSoftware": "dcm2niix",
    "ConversionSoftwareVersion": "v1.0.20190410  GCC6.3.0",
    "DeviceSerialNumber": "167001",
    "DwellTime": 2.6e-06,
    "EchoTime": 0.408,
    "EchoTrainLength": 259,
    "FlipAngle": 120,
    "ImageOrientationPatientDICOM": [
      -0.0222222,
      0.99925,
      0.0317143,
      0.0527513,
      0.0328499,
      -0.998067
    ],
    "ImageType": [
      "ORIGINAL",
      "PRIMARY",
      "M",
      "ND",
      "NORM"
    ],
    "ImagingFrequency": 123.229,
    "InPlanePhaseEncodingDirectionDICOM": "ROW",
    "InstitutionAddress": "Cooper_60_St._Lucia_QLD_AU_4072",
    "InstitutionName": "Centre_for_Advanced_Imaging",
    "InstitutionalDepartmentName": "Gehrmann_Labs_MRI",
    "MRAcquisitionType": "3D",
    "MagneticFieldStrength": 3,
    "Manufacturer": "Siemens",
    "ManufacturersModelName": "Prisma_fit",
    "Modality": "MR",
    "PartialFourier": 1,
    "PatientPosition": "HFS",
    "PercentPhaseFOV": 100,
    "PhaseEncodingSteps": 233,
    "PhaseResolution": 1,
    "PixelBandwidth": 750,
    "ProcedureStepDescription": "Research_16092_QTAB",
    "ProtocolName": "t2_spc_sag_p2_iso",
    "PulseSequenceDetails": "%SiemensSeq%_tse_vfl",
    "ReceiveCoilActiveElements": "HC1-7;NC1,2",
    "ReceiveCoilName": "HeadNeck_64",
    "ReconMatrixPE": 256,
    "RefLinesPE": 24,
    "RepetitionTime": 3.2,
    "SAR": 0.191868,
    "ScanOptions": "PFP",
    "ScanningSequence": "SE",
    "SequenceName": "_spcR_282ns",
    "SequenceVariant": "SK_SP",
    "SeriesDescription": "t2_spc_sag_p2_iso",
    "SeriesNumber": 32,
    "ShimSetting": [
      3046,
      -4168,
      -1041,
      -17,
      -5,
      41,
      -30,
      -10
    ],
    "SliceThickness": 1,
    "SoftwareVersions": "syngo_MR_E11",
    "StationName": "mrc_Trio",
    "TxRefAmp": 213.006,
    "dataset": "ds004146",
    "modality": "T2w",
    "session_id": "02",
    "subject_id": "0101"
  },
  "cjv": 1.0981317924857321,
  "cnr": 1.1593723986509554,
  "efc": 0.6279678487086919,
  "fber": -1.0,
  "fwhm_avg": 4.282116602858157,
  "fwhm_x": 4.524899932573737,
  "fwhm_y": 4.4698999333933,
  "fwhm_z": 3.8515499426074338,
  "icvs_csf": 0.46241859827082976,
  "icvs_gm": 0.11846777717862461,
  "icvs_wm": 0.4191136245505456,
  "inu_med": 1.0380557775497437,
  "inu_range": 0.36232740879058833,
  "provenance": {
    "md5sum": "15f630c129bb5a40ea0605a1a364ffc9",
    "settings": {
      "testing": false
    },
    "software": "mriqc",
    "version": "23.0.1",
    "warnings": {
      "large_rot_frame": true,
      "small_air_mask": false
    },
    "webapi_port": null,
    "webapi_url": "https://mriqc.nimh.nih.gov/api/v1"
  },
  "qi_1": 0.10186585926306399,
  "qi_2": 0.04261259747839062,
  "rpve_csf": 9.07699828696391,
  "rpve_gm": 31.939870187332986,
  "rpve_wm": 10.4390274209489,
  "size_x": 192,
  "size_y": 300,
  "size_z": 320,
  "snr_csf": 16.531843298297392,
  "snr_gm": 1.696570661560211,
  "snr_total": 10.816983206230828,
  "snr_wm": 14.22253565883488,
  "snrd_csf": 202.940468213799,
  "snrd_gm": 416.8909785458787,
  "snrd_total": 250.54442249551548,
  "snrd_wm": 131.80182072686878,
  "spacing_x": 0.800000011920929,
  "spacing_y": 0.800000011920929,
  "spacing_z": 0.800000011920929,
  "summary_bg_k": 14.676032519290573,
  "summary_bg_mad": 0.0,
  "summary_bg_mean": 1.5156348763747673,
  "summary_bg_median": 0.0,
  "summary_bg_n": 990215.0,
  "summary_bg_p05": 0.0,
  "summary_bg_p95": 15.208236537873745,
  "summary_bg_stdv": 4.970229785412729,
  "summary_csf_k": 0.6385224557022009,
  "summary_csf_mad": 89.49728353072722,
  "summary_csf_mean": 1543.5988987139829,
  "summary_csf_median": 1539.6194743290544,
  "summary_csf_n": 210819.0,
  "summary_csf_p05": 1399.3137433975935,
  "summary_csf_p95": 1701.138745456934,
  "summary_csf_stdv": 93.13031795816515,
  "summary_gm_k": -1.5950581238545591,
  "summary_gm_mad": 2298.4266839561114,
  "summary_gm_mean": 2544.716617663785,
  "summary_gm_median": 3162.7672631815076,
  "summary_gm_n": 73068.0,
  "summary_gm_p05": 48.1984111815691,
  "summary_gm_p95": 4864.139981508255,
  "summary_gm_stdv": 1864.1991707965155,
  "summary_wm_k": -0.31869645696489,
  "summary_wm_mad": 76.66240178407253,
  "summary_wm_mean": 998.6101455511654,
  "summary_wm_median": 999.9220546260476,
  "summary_wm_n": 448130.0,
  "summary_wm_p05": 882.5456649363041,
  "summary_wm_p95": 1108.0955114364624,
  "summary_wm_stdv": 70.30539159475339,
  "tpm_overlap_csf": 0.11009289405542255,
  "tpm_overlap_gm": 0.07520694808869223,
  "tpm_overlap_wm": 0.4533262843044627,
  "wm2max": 0.21112172135487625
}