{
  "bids_meta": {
    "AcquisitionMatrixPE": 256,
    "AcquisitionNumber": 1,
    "AcquisitionTime": "11:01:35.925000",
    "BaseResolution": 256,
    "BodyPartExamined": "BRAIN",
    "ConsistencyInfo": "N4_VE11C_LATEST_20160120",
    "ConversionSoftware": "dcm2niix",
    "ConversionSoftwareVersion": "v1.0.20171215 GCC6.3.0",
    "DeviceSerialNumber": "167001",
    "DwellTime": 2.6e-06,
    "EchoTime": 0.408,
    "EchoTrainLength": 259,
    "FlipAngle": 120,
    "ImageOrientationPatientDICOM": [
      -0.075299,
      0.997161,
      1.09534e-08,
      0.0101581,
      0.000767082,
      -0.999948
    ],
    "ImageType": [
      "ORIGINAL",
      "PRIMARY",
      "M",
      "ND",
      "NORM"
    ],
    "InPlanePhaseEncodingDirectionDICOM": "ROW",
    "InstitutionAddress": "Cooper_60_St._Lucia_QLD_AU_4072",
    "InstitutionName": "St_Lucia_Campus",
    "InstitutionalDepartmentName": "Gehrmann_Labs_MRI",
    "MRAcquisitionType": "3D",
    "MagneticFieldStrength": 3,
    "Manufacturer": "Siemens",
    "ManufacturersModelName": "Prisma_fit",
    "Modality": "MR",
    "ParallelReductionFactorInPlane": 2,
    "PartialFourier": 1,
    "PatientPosition": "HFS",
    "PercentPhaseFOV": 100,
    "PhaseEncodingSteps": 233,
    "PhaseResolution": 1,
    "PixelBandwidth": 750,
    "ProcedureStepDescription": "Research_16092_QTAB",
    "ProtocolName": "t2_spc_sag_p2_iso",
    "PulseSequenceDetails": "%SiemensSeq%_tse_vfl",
    "ReceiveCoilActiveElements": "HC1-7;NC1",
    "ReceiveCoilName": "HeadNeck_64",
    "ReconMatrixPE": 256,
    "RepetitionTime": 3.2,
    "SAR": 0.189486,
    "ScanOptions": "PFP",
    "ScanningSequence": "SE",
    "SequenceName": "_spcR_282ns",
    "SequenceVariant": "SK_SP",
    "SeriesDescription": "t2_spc_sag_p2_iso",
    "SeriesNumber": 19,
    "ShimSetting": [
      3044,
      -4172,
      -1039,
      -11,
      -3,
      35,
      -21,
      -13
    ],
    "SliceThickness": 1,
    "SoftwareVersions": "syngo_MR_E11",
    "StationName": "mrc_Trio",
    "TxRefAmp": 208.162,
    "dataset": "ds004146",
    "modality": "T2w",
    "session_id": "01",
    "subject_id": "0049"
  },
  "cjv": 0.9334059450929585,
  "cnr": 1.1696235849501573,
  "efc": 0.6020504191377007,
  "fber": -1.0,
  "fwhm_avg": 4.6719625457964895,
  "fwhm_x": 4.6471877769939764,
  "fwhm_y": 5.14219992337525,
  "fwhm_z": 4.226499937020243,
  "icvs_csf": 0.5166714947659008,
  "icvs_gm": 0.38936485637476276,
  "icvs_wm": 0.0939636488593365,
  "inu_med": 1.0386039018630981,
  "inu_range": 0.3332912415266037,
  "provenance": {
    "md5sum": "39cf5fd4d52e96238f338e04d175fa8a",
    "settings": {
      "testing": false
    },
    "software": "mriqc",
    "version": "23.0.1",
    "warnings": {
      "large_rot_frame": true,
      "small_air_mask": false
    },
    "webapi_port": null,
    "webapi_url": "https://mriqc.nimh.nih.gov/api/v1"
  },
  "qi_1": 0.0,
  "qi_2": 0.021719540956790795,
  "rpve_csf": 10.082556538032508,
  "rpve_gm": 12.635740781511421,
  "rpve_wm": 44.21391272946133,
  "size_x": 192,
  "size_y": 300,
  "size_z": 320,
  "snr_csf": 19.253675399739734,
  "snr_gm": 12.95888775926333,
  "snr_total": 11.287290800044936,
  "snr_wm": 1.6493092411317412,
  "snrd_csf": 108.54529825184723,
  "snrd_gm": 73.54505029239861,
  "snrd_total": 145.12783053380525,
  "snrd_wm": 253.2931430571699,
  "spacing_x": 0.7999999523162842,
  "spacing_y": 0.800000011920929,
  "spacing_z": 0.800000011920929,
  "summary_bg_k": 1.929232789772282,
  "summary_bg_mad": 0.0,
  "summary_bg_mean": 1.6235346332843903,
  "summary_bg_median": 0.0,
  "summary_bg_n": 1394584.0,
  "summary_bg_p05": 0.0,
  "summary_bg_p95": 5.884283797815442,
  "summary_bg_stdv": 2.586808666252843,
  "summary_csf_k": 0.12561005331144814,
  "summary_csf_mad": 22.17508092377307,
  "summary_csf_mean": 429.12983077443005,
  "summary_csf_median": 428.5915394090116,
  "summary_csf_n": 320331.0,
  "summary_csf_p05": 393.8015905804932,
  "summary_csf_p95": 466.4056819025427,
  "summary_csf_stdv": 22.260210662530508,
  "summary_gm_k": -0.3402338998341521,
  "summary_gm_mad": 23.87818275020705,
  "summary_gm_mean": 290.92672801299835,
  "summary_gm_median": 290.3929219264537,
  "summary_gm_n": 332176.0,
  "summary_gm_p05": 255.4857562892139,
  "summary_gm_p95": 328.2070644199848,
  "summary_gm_stdv": 22.408750674727205,
  "summary_wm_k": -1.7564950772506005,
  "summary_wm_mad": 638.5936705524805,
  "summary_wm_mean": 781.2166358314779,
  "summary_wm_median": 1000.1289770537987,
  "summary_wm_n": 62860.0,
  "summary_wm_p05": 17.230870882049203,
  "summary_wm_p95": 1457.5910164508969,
  "summary_wm_stdv": 606.3878118612116,
  "tpm_overlap_csf": 0.10487658449623499,
  "tpm_overlap_gm": 0.24047116850786754,
  "tpm_overlap_wm": 0.03222417426461522,
  "wm2max": 0.7077692555264891
}