{
  "bids_meta": {
    "AcquisitionMatrixPE": 256,
    "AcquisitionNumber": 1,
    "AcquisitionTime": "12:15:29.250000",
    "BaseResolution": 256,
    "BodyPartExamined": "BRAIN",
    "CoilString": "HC1-7;NC1_2",
    "ConsistencyInfo": "N4_VE11C_LATEST_20160120",
    "ConversionSoftware": "dcm2niix",
    "ConversionSoftwareVersion": "v1.0.20190410  GCC6.3.0",
    "DeviceSerialNumber": "167001",
    "DwellTime": 2.6e-06,
    "EchoTime": 0.408,
    "EchoTrainLength": 259,
    "FlipAngle": 120,
    "ImageOrientationPatientDICOM": [
      0.0943053,
      0.994737,
      0.040068,
      0.0599066,
      0.0345043,
      -0.997607
    ],
    "ImageType": [
      "ORIGINAL",
      "PRIMARY",
      "M",
      "ND",
      "NORM"
    ],
    "ImagingFrequency": 123.229,
    "InPlanePhaseEncodingDirectionDICOM": "ROW",
    "InstitutionAddress": "Cooper_60_St._Lucia_QLD_AU_4072",
    "InstitutionName": "St_Lucia_Campus",
    "InstitutionalDepartmentName": "Gehrmann_Labs_MRI",
    "MRAcquisitionType": "3D",
    "MagneticFieldStrength": 3,
    "Manufacturer": "Siemens",
    "ManufacturersModelName": "Prisma_fit",
    "Modality": "MR",
    "PartialFourier": 1,
    "PatientPosition": "HFS",
    "PercentPhaseFOV": 100,
    "PhaseEncodingSteps": 233,
    "PhaseResolution": 1,
    "PixelBandwidth": 750,
    "ProcedureStepDescription": "Research_16092_QTAB",
    "ProtocolName": "t2_spc_sag_p2_iso",
    "PulseSequenceDetails": "%SiemensSeq%_tse_vfl",
    "ReceiveCoilActiveElements": "HC1-7;NC1,2",
    "ReceiveCoilName": "HeadNeck_64",
    "ReconMatrixPE": 256,
    "RefLinesPE": 24,
    "RepetitionTime": 3.2,
    "SAR": 0.148651,
    "ScanOptions": "PFP",
    "ScanningSequence": "SE",
    "SequenceName": "_spcR_282ns",
    "SequenceVariant": "SK_SP",
    "SeriesDescription": "t2_spc_sag_p2_iso",
    "SeriesNumber": 29,
    "ShimSetting": [
      3046,
      -4168,
      -1041,
      -17,
      -5,
      41,
      -30,
      -10
    ],
    "SliceThickness": 1,
    "SoftwareVersions": "syngo_MR_E11",
    "StationName": "mrc_Trio",
    "TxRefAmp": 216.206,
    "dataset": "ds004146",
    "modality": "T2w",
    "session_id": "02",
    "subject_id": "0318"
  },
  "cjv": 11.882508141947222,
  "cnr": 0.0980069494440713,
  "efc": 0.6120391851803536,
  "fber": -1.0,
  "fwhm_avg": 3.8754749422509236,
  "fwhm_x": 4.030474939941243,
  "fwhm_y": 4.102424938869105,
  "fwhm_z": 3.4935249479424217,
  "icvs_csf": 0.4790148964932823,
  "icvs_gm": 0.38580381322610774,
  "icvs_wm": 0.13518129028060993,
  "inu_med": 1.023759126663208,
  "inu_range": 0.25492651760578156,
  "provenance": {
    "md5sum": "8ce5b1f410d94809057907b0f2206224",
    "settings": {
      "testing": false
    },
    "software": "mriqc",
    "version": "23.0.1",
    "warnings": {
      "large_rot_frame": true,
      "small_air_mask": false
    },
    "webapi_port": null,
    "webapi_url": "https://mriqc.nimh.nih.gov/api/v1"
  },
  "qi_1": 0.11458684621313188,
  "qi_2": 0.011511808984998626,
  "rpve_csf": 10.763566840175402,
  "rpve_gm": 13.32704020781518,
  "rpve_wm": 35.37836165673083,
  "size_x": 192,
  "size_y": 300,
  "size_z": 320,
  "snr_csf": 18.674855660147443,
  "snr_gm": 15.634626688701811,
  "snr_total": 11.700456828757106,
  "snr_wm": 0.7918881374220651,
  "snrd_csf": 99.206362421416,
  "snrd_gm": 67.96684173562767,
  "snrd_total": 81.58364454801038,
  "snrd_wm": 77.57772948698748,
  "spacing_x": 0.800000011920929,
  "spacing_y": 0.800000011920929,
  "spacing_z": 0.800000011920929,
  "summary_bg_k": 33.09113442530029,
  "summary_bg_mad": 0.0,
  "summary_bg_mean": 2.4103066541891676,
  "summary_bg_median": 0.0,
  "summary_bg_n": 1603010.0,
  "summary_bg_p05": 0.0,
  "summary_bg_p95": 12.578958917409182,
  "summary_bg_stdv": 8.626548482400818,
  "summary_csf_k": 0.3870474001628872,
  "summary_csf_mad": 68.3011046243968,
  "summary_csf_mean": 1309.969346874426,
  "summary_csf_median": 1306.3058245442808,
  "summary_csf_n": 228034.0,
  "summary_csf_p05": 1203.0603435598314,
  "summary_csf_p95": 1429.4816040731966,
  "summary_csf_stdv": 69.94982901261153,
  "summary_gm_k": -0.24276598688412898,
  "summary_gm_mad": 60.06621966968228,
  "summary_gm_mean": 896.054394873977,
  "summary_gm_median": 894.9575316347182,
  "summary_gm_n": 326850.0,
  "summary_gm_p05": 804.4543726705015,
  "summary_gm_p95": 990.5249467864633,
  "summary_gm_stdv": 57.241927190739844,
  "summary_wm_k": -1.7872071445953195,
  "summary_wm_mad": 1443.6883603941649,
  "summary_wm_mean": 1445.3887810660585,
  "summary_wm_median": 1021.5094819553196,
  "summary_wm_n": 62749.0,
  "summary_wm_p05": 43.23676788061857,
  "summary_wm_p95": 3157.863231945783,
  "summary_wm_stdv": 1289.9566163483826,
  "tpm_overlap_csf": 0.10555388674731696,
  "tpm_overlap_gm": 0.24156023721045528,
  "tpm_overlap_wm": 0.03226260735587798,
  "wm2max": 0.33368316197659115
}