{
  "aor": 0.0028912844036697244,
  "aqi": 0.008298996941896024,
  "bids_meta": {
    "AcquisitionMatrixPE": 104,
    "AcquisitionNumber": 1,
    "AcquisitionTime": "10:19:32.492500",
    "BandwidthPerPixelPhaseEncode": 17.17,
    "BaseResolution": 104,
    "BodyPartExamined": "BRAIN",
    "CoilString": "HC1-7;NC1_2",
    "ConsistencyInfo": "N4_VE11C_LATEST_20160120",
    "ConversionSoftware": "dcm2niix",
    "ConversionSoftwareVersion": "v1.0.20190410  GCC6.3.0",
    "DerivedVendorReportedEchoSpacing": 0.000560011,
    "DeviceSerialNumber": "167001",
    "DwellTime": 2.1e-06,
    "EchoTime": 0.03,
    "EchoTrainLength": 91,
    "EffectiveEchoSpacing": 0.000560011,
    "FlipAngle": 52,
    "ImageOrientationPatientDICOM": [
      0.994903,
      0.0660793,
      -0.0761639,
      -0.0716646,
      0.994747,
      -0.0730952
    ],
    "ImageType": [
      "ORIGINAL",
      "PRIMARY",
      "M",
      "ND",
      "MOSAIC"
    ],
    "ImagingFrequency": 123.229,
    "InPlanePhaseEncodingDirectionDICOM": "COL",
    "InstitutionAddress": "Cooper_60_St._Lucia_QLD_AU_4072",
    "InstitutionName": "St_Lucia_Campus",
    "InstitutionalDepartmentName": "Gehrmann_Labs_MRI",
    "MRAcquisitionType": "2D",
    "MagneticFieldStrength": 3,
    "Manufacturer": "Siemens",
    "ManufacturersModelName": "Prisma_fit",
    "Modality": "MR",
    "MultibandAccelerationFactor": 6,
    "PartialFourier": 0.875,
    "PatientPosition": "HFS",
    "PercentPhaseFOV": 100,
    "PhaseEncodingDirection": "j-",
    "PhaseEncodingSteps": 91,
    "PhaseResolution": 1,
    "PixelBandwidth": 2290,
    "ProcedureStepDescription": "Research_16092_QTAB",
    "ProtocolName": "ep2d_REST_SMS6_A-P",
    "PulseSequenceDetails": "%SiemensSeq%_ep2d_bold",
    "ReceiveCoilActiveElements": "HC1-7;NC1,2",
    "ReceiveCoilName": "HeadNeck_64",
    "ReconMatrixPE": 104,
    "RefLinesPE": 12,
    "RepetitionTime": 0.93,
    "SAR": 0.0683083,
    "ScanOptions": "PFP_FS",
    "ScanningSequence": "EP",
    "SequenceName": "_epfid2d1_104",
    "SequenceVariant": "SK",
    "SeriesDescription": "ep2d_REST_SMS6_A-P",
    "SeriesNumber": 9,
    "ShimSetting": [
      3017,
      -4187,
      -778,
      347,
      -8,
      147,
      -22,
      -44
    ],
    "SliceThickness": 2,
    "SliceTiming": [
      0.6825,
      0,
      0.455,
      0.075,
      0.53,
      0.1525,
      0.6075,
      0.3025,
      0.7575,
      0.38,
      0.835,
      0.2275,
      0.6825,
      0,
      0.455,
      0.075,
      0.53,
      0.1525,
      0.6075,
      0.3025,
      0.7575,
      0.38,
      0.835,
      0.2275,
      0.6825,
      0,
      0.455,
      0.075,
      0.53,
      0.1525,
      0.6075,
      0.3025,
      0.7575,
      0.38,
      0.835,
      0.2275,
      0.6825,
      0,
      0.455,
      0.075,
      0.53,
      0.1525,
      0.6075,
      0.3025,
      0.7575,
      0.38,
      0.835,
      0.2275,
      0.6825,
      0,
      0.455,
      0.075,
      0.53,
      0.1525,
      0.6075,
      0.3025,
      0.7575,
      0.38,
      0.835,
      0.2275,
      0.6825,
      0,
      0.455,
      0.075,
      0.53,
      0.1525,
      0.6075,
      0.3025,
      0.7575,
      0.38,
      0.835,
      0.2275
    ],
    "SoftwareVersions": "syngo_MR_E11",
    "SpacingBetweenSlices": 2,
    "StationName": "mrc_Trio",
    "TaskName": "rest",
    "TotalReadoutTime": 0.0576811,
    "TxRefAmp": 213.026,
    "dataset": "ds004146",
    "modality": "bold",
    "session_id": "02",
    "subject_id": "0246",
    "task_id": "rest"
  },
  "dummy_trs": 0,
  "dvars_nstd": 41.990806509263834,
  "dvars_std": 1.0972348715030684,
  "dvars_vstd": 1.0226842030981593,
  "efc": 0.4982094312760693,
  "fber": 926.84765625,
  "fd_mean": 0.2788828577673834,
  "fd_num": 172,
  "fd_perc": 52.599388379204896,
  "fwhm_avg": 3.0171783333333333,
  "fwhm_x": 2.798445,
  "fwhm_y": 3.19191,
  "fwhm_z": 3.06118,
  "gcor": 0.0217889,
  "gsr_x": 0.0024623728822916746,
  "gsr_y": 0.04993276298046112,
  "provenance": {
    "md5sum": "5ba126899b4d339f6db3cb28c73e06fd",
    "settings": {
      "fd_thres": 0.2,
      "testing": false
    },
    "software": "mriqc",
    "version": "23.0.1",
    "webapi_port": null,
    "webapi_url": "https://mriqc.nimh.nih.gov/api/v1"
  },
  "size_t": 327,
  "size_x": 104,
  "size_y": 104,
  "size_z": 72,
  "snr": 3.0666968746661447,
  "spacing_tr": 0.9300000071525574,
  "spacing_x": 2.0,
  "spacing_y": 2.0,
  "spacing_z": 2.0,
  "summary_bg_k": 49.2108740149485,
  "summary_bg_mad": 6.125368599880012,
  "summary_bg_mean": 35.33237075805664,
  "summary_bg_median": 18.831804275512695,
  "summary_bg_n": 545639.0,
  "summary_bg_p05": 14.128440856933594,
  "summary_bg_p95": 116.5113159179686,
  "summary_bg_stdv": 49.638607025146484,
  "summary_fg_k": 0.40002250830373987,
  "summary_fg_mad": 187.7532375258909,
  "summary_fg_mean": 601.4962158203125,
  "summary_fg_median": 580.5489501953125,
  "summary_fg_n": 137030.0,
  "summary_fg_p05": 336.4020080566406,
  "summary_fg_p95": 937.3957519531248,
  "summary_fg_stdv": 189.306884765625,
  "tsnr": 33.42735757061746
}