{
  "bids_meta": {
    "AcquisitionMatrixPE": 256,
    "AcquisitionNumber": 1,
    "AcquisitionTime": "13:04:33.775000",
    "BaseResolution": 256,
    "BodyPartExamined": "BRAIN",
    "ConsistencyInfo": "N4_VE11C_LATEST_20160120",
    "ConversionSoftware": "dcm2niix",
    "ConversionSoftwareVersion": "v1.0.20171215 GCC6.3.0",
    "DeviceSerialNumber": "167001",
    "DwellTime": 2.6e-06,
    "EchoTime": 0.408,
    "EchoTrainLength": 259,
    "FlipAngle": 120,
    "ImageOrientationPatientDICOM": [
      0.0038578,
      0.999993,
      -2.54809e-08,
      0.0170124,
      -6.56563e-05,
      -0.999855
    ],
    "ImageType": [
      "ORIGINAL",
      "PRIMARY",
      "M",
      "ND",
      "NORM"
    ],
    "InPlanePhaseEncodingDirectionDICOM": "ROW",
    "InstitutionAddress": "Cooper_60_St._Lucia_QLD_AU_4072",
    "InstitutionName": "St_Lucia_Campus",
    "InstitutionalDepartmentName": "Gehrmann_Labs_MRI",
    "MRAcquisitionType": "3D",
    "MagneticFieldStrength": 3,
    "Manufacturer": "Siemens",
    "ManufacturersModelName": "Prisma_fit",
    "Modality": "MR",
    "ParallelReductionFactorInPlane": 2,
    "PartialFourier": 1,
    "PatientPosition": "HFS",
    "PercentPhaseFOV": 100,
    "PhaseEncodingSteps": 233,
    "PhaseResolution": 1,
    "PixelBandwidth": 750,
    "ProcedureStepDescription": "Research_16092_QTAB",
    "ProtocolName": "t2_spc_sag_p2_iso",
    "PulseSequenceDetails": "%SiemensSeq%_tse_vfl",
    "ReceiveCoilActiveElements": "HC1-7;NC1",
    "ReceiveCoilName": "HeadNeck_64",
    "ReconMatrixPE": 256,
    "RepetitionTime": 3.2,
    "SAR": 0.196285,
    "ScanOptions": "PFP",
    "ScanningSequence": "SE",
    "SequenceName": "_spcR_282ns",
    "SequenceVariant": "SK_SP",
    "SeriesDescription": "t2_spc_sag_p2_iso",
    "SeriesNumber": 19,
    "ShimSetting": [
      3043,
      -4177,
      -1039,
      1,
      -3,
      36,
      -3,
      -11
    ],
    "SliceThickness": 1,
    "SoftwareVersions": "syngo_MR_E11",
    "StationName": "mrc_Trio",
    "TxRefAmp": 206.768,
    "dataset": "ds004146",
    "modality": "T2w",
    "session_id": "01",
    "subject_id": "0172"
  },
  "cjv": 4.434309463975192,
  "cnr": 0.20626220864972933,
  "efc": 0.6184380526030039,
  "fber": 10868.0625,
  "fwhm_avg": 4.130775052281599,
  "fwhm_x": 4.583600273203866,
  "fwhm_y": 4.170912437848561,
  "fwhm_z": 3.6378124457923704,
  "icvs_csf": 0.47318832075385847,
  "icvs_gm": 0.4032417579370064,
  "icvs_wm": 0.12356992130913515,
  "inu_med": 1.0561217069625854,
  "inu_range": 0.3366822749376296,
  "provenance": {
    "md5sum": "f53f3b09f0b6d68ae84d611c574d4401",
    "settings": {
      "testing": false
    },
    "software": "mriqc",
    "version": "23.0.1",
    "warnings": {
      "large_rot_frame": true,
      "small_air_mask": false
    },
    "webapi_port": null,
    "webapi_url": "https://mriqc.nimh.nih.gov/api/v1"
  },
  "qi_1": 0.001024812605304417,
  "qi_2": 0.009586214290999059,
  "rpve_csf": 11.346290066296367,
  "rpve_gm": 13.291625456600226,
  "rpve_wm": 41.00680557758068,
  "size_x": 192,
  "size_y": 300,
  "size_z": 320,
  "snr_csf": 18.522987673672375,
  "snr_gm": 15.696830933611405,
  "snr_total": 11.614827666742642,
  "snr_wm": 0.6246643929441473,
  "snrd_csf": 64.01788529698148,
  "snrd_gm": 44.61473931222873,
  "snrd_total": 47.38678896462064,
  "snrd_wm": 33.527742284651715,
  "spacing_x": 0.7999999523162842,
  "spacing_y": 0.800000011920929,
  "spacing_z": 0.800000011920929,
  "summary_bg_k": 9.949192191362439,
  "summary_bg_mad": 0.0,
  "summary_bg_mean": 10.095916082175506,
  "summary_bg_median": 0.0,
  "summary_bg_n": 1379787.0,
  "summary_bg_p05": 0.0,
  "summary_bg_p95": 52.11561852693558,
  "summary_bg_stdv": 19.650695361435844,
  "summary_csf_k": 0.49541510594279625,
  "summary_csf_mad": 99.81622041235933,
  "summary_csf_mean": 1926.2704949854067,
  "summary_csf_median": 1920.2046499848366,
  "summary_csf_n": 180550.0,
  "summary_csf_p05": 1769.0477315187454,
  "summary_csf_p95": 2105.240324616432,
  "summary_csf_stdv": 103.66574583717541,
  "summary_gm_k": -0.27451401789659347,
  "summary_gm_mad": 90.197955062132,
  "summary_gm_mean": 1339.028829277632,
  "summary_gm_median": 1338.210868537426,
  "summary_gm_n": 265423.0,
  "summary_gm_p05": 1201.7587718963623,
  "summary_gm_p95": 1478.4112530946732,
  "summary_gm_stdv": 85.25340900291715,
  "summary_wm_k": -1.7052182054960132,
  "summary_wm_mad": 1384.4424275502238,
  "summary_wm_mean": 1835.2215279641716,
  "summary_wm_median": 1005.6584396660328,
  "summary_wm_n": 59604.0,
  "summary_wm_p05": 74.17285126447678,
  "summary_wm_p95": 4191.757230266928,
  "summary_wm_stdv": 1609.9044780272518,
  "tpm_overlap_csf": 0.10716405602707134,
  "tpm_overlap_gm": 0.26407944880278567,
  "tpm_overlap_wm": 0.043791059272124414,
  "wm2max": 0.263305401426792
}