{
  "bids_meta": {
    "AcquisitionMatrixPE": 256,
    "AcquisitionNumber": 1,
    "AcquisitionTime": "12:49:59.475000",
    "BaseResolution": 256,
    "BodyPartExamined": "BRAIN",
    "ConsistencyInfo": "N4_VE11C_LATEST_20160120",
    "ConversionSoftware": "dcm2niix",
    "ConversionSoftwareVersion": "v1.0.20171215 GCC6.3.0",
    "DeviceSerialNumber": "167001",
    "DwellTime": 2.6e-06,
    "EchoTime": 0.408,
    "EchoTrainLength": 259,
    "FlipAngle": 120,
    "ImageOrientationPatientDICOM": [
      0.0605972,
      0.998162,
      2.3294e-08,
      -0.0221835,
      0.00134676,
      -0.999753
    ],
    "ImageType": [
      "ORIGINAL",
      "PRIMARY",
      "M",
      "ND",
      "NORM"
    ],
    "InPlanePhaseEncodingDirectionDICOM": "ROW",
    "InstitutionAddress": "Cooper_60_St._Lucia_QLD_AU_4072",
    "InstitutionName": "Centre_for_Advanced_Imaging",
    "InstitutionalDepartmentName": "Gehrmann_Labs_MRI",
    "MRAcquisitionType": "3D",
    "MagneticFieldStrength": 3,
    "Manufacturer": "Siemens",
    "ManufacturersModelName": "Prisma_fit",
    "Modality": "MR",
    "ParallelReductionFactorInPlane": 2,
    "PartialFourier": 1,
    "PatientPosition": "HFS",
    "PercentPhaseFOV": 100,
    "PhaseEncodingSteps": 233,
    "PhaseResolution": 1,
    "PixelBandwidth": 750,
    "ProcedureStepDescription": "Research_16092_QTAB",
    "ProtocolName": "t2_spc_sag_p2_iso",
    "PulseSequenceDetails": "%SiemensSeq%_tse_vfl",
    "ReceiveCoilActiveElements": "HC1-7;NC1",
    "ReceiveCoilName": "HeadNeck_64",
    "ReconMatrixPE": 256,
    "RepetitionTime": 3.2,
    "SAR": 0.152638,
    "ScanOptions": "PFP",
    "ScanningSequence": "SE",
    "SequenceName": "_spcR_282ns",
    "SequenceVariant": "SK_SP",
    "SeriesDescription": "t2_spc_sag_p2_iso",
    "SeriesNumber": 19,
    "ShimSetting": [
      3045,
      -4172,
      -1048,
      3,
      -5,
      36,
      -4,
      -10
    ],
    "SliceThickness": 1,
    "SoftwareVersions": "syngo_MR_E11",
    "StationName": "mrc_Trio",
    "TxRefAmp": 215.912,
    "dataset": "ds004146",
    "modality": "T2w",
    "session_id": "01",
    "subject_id": "0060"
  },
  "cjv": 0.6093489044308665,
  "cnr": 1.4197970909583852,
  "efc": 0.6787908304912945,
  "fber": -1.0,
  "fwhm_avg": 5.638512564226931,
  "fwhm_x": 5.969225355793557,
  "fwhm_y": 5.8238999132171285,
  "fwhm_z": 5.122412423670107,
  "icvs_csf": 0.44117717824260855,
  "icvs_gm": 0.09956704315907598,
  "icvs_wm": 0.45925577859831546,
  "inu_med": 1.0261579751968384,
  "inu_range": 0.41515618264675147,
  "provenance": {
    "md5sum": "c2ff91fbe0a408355b231cd7789fc158",
    "settings": {
      "testing": false
    },
    "software": "mriqc",
    "version": "23.0.1",
    "warnings": {
      "large_rot_frame": true,
      "small_air_mask": false
    },
    "webapi_port": null,
    "webapi_url": "https://mriqc.nimh.nih.gov/api/v1"
  },
  "qi_1": 0.0,
  "qi_2": 0.009367705162292687,
  "rpve_csf": 9.196325672801235,
  "rpve_gm": 36.81836780995328,
  "rpve_wm": 9.152107403042857,
  "size_x": 192,
  "size_y": 300,
  "size_z": 320,
  "snr_csf": 16.269902421991073,
  "snr_gm": 2.018737889441054,
  "snr_total": 10.470939078942182,
  "snr_wm": 13.12417692539442,
  "snrd_csf": 42.8646771405727,
  "snrd_gm": 95.72988503339626,
  "snrd_total": 55.640320660245216,
  "snrd_wm": 28.326399806766695,
  "spacing_x": 0.7999999523162842,
  "spacing_y": 0.800000011920929,
  "spacing_z": 0.800000011920929,
  "summary_bg_k": 5.114890755473178,
  "summary_bg_mad": 0.0,
  "summary_bg_mean": 13.66678167432742,
  "summary_bg_median": 0.0,
  "summary_bg_n": 1712749.0,
  "summary_bg_p05": 0.0,
  "summary_bg_p95": 66.04386641085148,
  "summary_bg_stdv": 23.12812079392633,
  "summary_csf_k": 0.35743483534258536,
  "summary_csf_mad": 90.69045202108272,
  "summary_csf_mean": 1516.3716604229198,
  "summary_csf_median": 1513.241258919239,
  "summary_csf_n": 224330.0,
  "summary_csf_p05": 1369.8618933409452,
  "summary_csf_p95": 1673.4362214803696,
  "summary_csf_stdv": 93.0084180510092,
  "summary_gm_k": -1.3394350052028938,
  "summary_gm_mad": 1370.7145211845186,
  "summary_gm_mean": 2741.9703764112683,
  "summary_gm_median": 3379.5288197100163,
  "summary_gm_n": 95811.0,
  "summary_gm_p05": 137.61169704794884,
  "summary_gm_p95": 4573.558057643473,
  "summary_gm_stdv": 1674.071310052728,
  "summary_wm_k": -0.0939171157445462,
  "summary_wm_mad": 79.24876152705502,
  "summary_wm_mean": 999.77019698473,
  "summary_wm_median": 999.9999944865704,
  "summary_wm_n": 346732.0,
  "summary_wm_p05": 875.9545037001371,
  "summary_wm_p95": 1122.7457289844751,
  "summary_wm_stdv": 76.19514413240523,
  "tpm_overlap_csf": 0.1068546645406718,
  "tpm_overlap_gm": 0.06851855584092886,
  "tpm_overlap_wm": 0.39617229857055586,
  "wm2max": 0.2272979061265187
}