{
  "bids_meta": {
    "AcquisitionMatrixPE": 256,
    "AcquisitionNumber": 1,
    "AcquisitionTime": "11:00:35.722500",
    "BaseResolution": 256,
    "BodyPartExamined": "BRAIN",
    "ConsistencyInfo": "N4_VE11C_LATEST_20160120",
    "ConversionSoftware": "dcm2niix",
    "ConversionSoftwareVersion": "v1.0.20171215 GCC6.3.0",
    "DeviceSerialNumber": "167001",
    "DwellTime": 2.6e-06,
    "EchoTime": 0.408,
    "EchoTrainLength": 259,
    "FlipAngle": 120,
    "ImageOrientationPatientDICOM": [
      0,
      1,
      0,
      0,
      0,
      -1
    ],
    "ImageType": [
      "ORIGINAL",
      "PRIMARY",
      "M",
      "ND",
      "NORM"
    ],
    "InPlanePhaseEncodingDirectionDICOM": "ROW",
    "InstitutionAddress": "Cooper_60_St._Lucia_QLD_AU_4072",
    "InstitutionName": "St_Lucia_Campus",
    "InstitutionalDepartmentName": "Gehrmann_Labs_MRI",
    "MRAcquisitionType": "3D",
    "MagneticFieldStrength": 3,
    "Manufacturer": "Siemens",
    "ManufacturersModelName": "Prisma_fit",
    "Modality": "MR",
    "ParallelReductionFactorInPlane": 2,
    "PartialFourier": 1,
    "PatientPosition": "HFS",
    "PercentPhaseFOV": 100,
    "PhaseEncodingSteps": 233,
    "PhaseResolution": 1,
    "PixelBandwidth": 750,
    "ProcedureStepDescription": "Research_16092_QTAB",
    "ProtocolName": "t2_spc_sag_p2_iso",
    "PulseSequenceDetails": "%SiemensSeq%_tse_vfl",
    "ReceiveCoilActiveElements": "HC1-7;NC1",
    "ReceiveCoilName": "HeadNeck_64",
    "ReconMatrixPE": 256,
    "RepetitionTime": 3.2,
    "SAR": 0.149174,
    "ScanOptions": "PFP",
    "ScanningSequence": "SE",
    "SequenceName": "_spcR_282ns",
    "SequenceVariant": "SK_SP",
    "SeriesDescription": "t2_spc_sag_p2_iso",
    "SeriesNumber": 19,
    "ShimSetting": [
      3045,
      -4172,
      -1048,
      3,
      -5,
      36,
      -4,
      -10
    ],
    "SliceThickness": 1,
    "SoftwareVersions": "syngo_MR_E11",
    "StationName": "mrc_Trio",
    "TxRefAmp": 213.841,
    "dataset": "ds004146",
    "modality": "T2w",
    "session_id": "01",
    "subject_id": "0344"
  },
  "cjv": 1.314979145450278,
  "cnr": 1.0178227936385897,
  "efc": 0.6215223621338347,
  "fber": 5680.398891966759,
  "fwhm_avg": 3.9878417121843177,
  "fwhm_x": 4.225487751858696,
  "fwhm_y": 4.033812439891511,
  "fwhm_z": 3.7042249448027467,
  "icvs_csf": 0.37628326548371316,
  "icvs_gm": 0.48916021004766735,
  "icvs_wm": 0.1345565244686195,
  "inu_med": 1.0008755922317505,
  "inu_range": 0.3209297299385072,
  "provenance": {
    "md5sum": "c3055c3a6dc3030a56448f2d65bef302",
    "settings": {
      "testing": false
    },
    "software": "mriqc",
    "version": "23.0.1",
    "warnings": {
      "large_rot_frame": true,
      "small_air_mask": false
    },
    "webapi_port": null,
    "webapi_url": "https://mriqc.nimh.nih.gov/api/v1"
  },
  "qi_1": 0.0,
  "qi_2": 0.022363976642450267,
  "rpve_csf": 12.066702139915996,
  "rpve_gm": 10.764241903470834,
  "rpve_wm": 37.27724260047435,
  "size_x": 192,
  "size_y": 300,
  "size_z": 320,
  "snr_csf": 13.573334552753233,
  "snr_gm": 12.553132532158331,
  "snr_total": 9.25907230910819,
  "snr_wm": 1.6507498424130063,
  "snrd_csf": 87.46984591283297,
  "snrd_gm": 54.0895730428465,
  "snrd_total": 94.30796662328824,
  "snrd_wm": 141.36448091418524,
  "spacing_x": 0.7999999523162842,
  "spacing_y": 0.800000011920929,
  "spacing_z": 0.800000011920929,
  "summary_bg_k": 7.638085806615262,
  "summary_bg_mad": 0.0,
  "summary_bg_mean": 2.874375636560946,
  "summary_bg_median": 0.0,
  "summary_bg_n": 1572238.0,
  "summary_bg_p05": 0.0,
  "summary_bg_p95": 11.451366007328033,
  "summary_bg_stdv": 4.651040832996025,
  "summary_csf_k": 0.9791432170409626,
  "summary_csf_mad": 42.16292900108678,
  "summary_csf_mean": 624.5115054057541,
  "summary_csf_median": 620.9788144826889,
  "summary_csf_n": 89984.0,
  "summary_csf_p05": 557.127951413393,
  "summary_csf_p95": 704.8288641571999,
  "summary_csf_stdv": 45.74965433614975,
  "summary_gm_k": -0.04506909140980575,
  "summary_gm_mad": 31.903819368188753,
  "summary_gm_mean": 384.0592853792197,
  "summary_gm_median": 384.000664383173,
  "summary_gm_n": 384148.0,
  "summary_gm_p05": 334.6675283610821,
  "summary_gm_p95": 433.116712898016,
  "summary_gm_stdv": 30.589987287308098,
  "summary_wm_k": -1.730685202159949,
  "summary_wm_mad": 782.850528595083,
  "summary_wm_mean": 771.4109935650487,
  "summary_wm_median": 1003.5955460071564,
  "summary_wm_n": 61286.0,
  "summary_wm_p05": 25.860549300909042,
  "summary_wm_p95": 1558.0845274105668,
  "summary_wm_stdv": 607.958475829669,
  "tpm_overlap_csf": 0.11449139637949361,
  "tpm_overlap_gm": 0.3066225041317427,
  "tpm_overlap_wm": 0.03965807470462074,
  "wm2max": 0.6726442657489985
}