{
  "aor": 0.0008605504587155963,
  "aqi": 0.005053927339449541,
  "bids_meta": {
    "AcquisitionMatrixPE": 104,
    "AcquisitionNumber": 1,
    "AcquisitionTime": "12:28:26.805000",
    "BandwidthPerPixelPhaseEncode": 17.17,
    "BaseResolution": 104,
    "BodyPartExamined": "BRAIN",
    "ConsistencyInfo": "N4_VE11C_LATEST_20160120",
    "ConversionSoftware": "dcm2niix",
    "ConversionSoftwareVersion": "v1.0.20171215 GCC6.3.0",
    "DerivedVendorReportedEchoSpacing": 0.000560011,
    "DeviceSerialNumber": "167001",
    "DwellTime": 2.1e-06,
    "EchoTime": 0.03,
    "EchoTrainLength": 91,
    "EffectiveEchoSpacing": 0.000560011,
    "FlipAngle": 52,
    "ImageOrientationPatientDICOM": [
      0.997911,
      0.0569978,
      -0.0304094,
      -0.063133,
      0.960242,
      -0.271936
    ],
    "ImageType": [
      "ORIGINAL",
      "PRIMARY",
      "M",
      "ND",
      "MOSAIC"
    ],
    "InPlanePhaseEncodingDirectionDICOM": "COL",
    "InstitutionAddress": "Cooper_60_St._Lucia_QLD_AU_4072",
    "InstitutionName": "St_Lucia_Campus",
    "InstitutionalDepartmentName": "Gehrmann_Labs_MRI",
    "MRAcquisitionType": "2D",
    "MagneticFieldStrength": 3,
    "Manufacturer": "Siemens",
    "ManufacturersModelName": "Prisma_fit",
    "Modality": "MR",
    "MultibandAccelerationFactor": 6,
    "PartialFourier": 0.875,
    "PatientPosition": "HFS",
    "PercentPhaseFOV": 100,
    "PhaseEncodingDirection": "j",
    "PhaseEncodingSteps": 91,
    "PhaseResolution": 1,
    "PixelBandwidth": 2290,
    "ProcedureStepDescription": "Research_16092_QTAB",
    "ProtocolName": "ep2d_REST_SMS6_P-A",
    "PulseSequenceDetails": "%SiemensSeq%_ep2d_bold",
    "ReceiveCoilActiveElements": "HC1-7;NC1,2",
    "ReceiveCoilName": "HeadNeck_64",
    "ReconMatrixPE": 104,
    "RepetitionTime": 0.93,
    "SAR": 0.0621682,
    "ScanOptions": "PFP_FS",
    "ScanningSequence": "EP",
    "SequenceName": "_epfid2d1_104",
    "SequenceVariant": "SK",
    "SeriesDescription": "ep2d_REST_SMS6_P-A",
    "SeriesNumber": 10,
    "ShimSetting": [
      3054,
      -4184,
      -754,
      532,
      -16,
      -14,
      -140,
      -13
    ],
    "SliceThickness": 2,
    "SliceTiming": [
      0.6825,
      0,
      0.455,
      0.075,
      0.53,
      0.1525,
      0.6075,
      0.3025,
      0.7575,
      0.38,
      0.835,
      0.2275,
      0.6825,
      0,
      0.455,
      0.075,
      0.53,
      0.1525,
      0.6075,
      0.3025,
      0.7575,
      0.38,
      0.835,
      0.2275,
      0.6825,
      0,
      0.455,
      0.075,
      0.53,
      0.1525,
      0.6075,
      0.3025,
      0.7575,
      0.38,
      0.835,
      0.2275,
      0.6825,
      0,
      0.455,
      0.075,
      0.53,
      0.1525,
      0.6075,
      0.3025,
      0.7575,
      0.38,
      0.835,
      0.2275,
      0.6825,
      0,
      0.455,
      0.075,
      0.53,
      0.1525,
      0.6075,
      0.3025,
      0.7575,
      0.38,
      0.835,
      0.2275,
      0.6825,
      0,
      0.455,
      0.075,
      0.53,
      0.1525,
      0.6075,
      0.3025,
      0.7575,
      0.38,
      0.835,
      0.2275
    ],
    "SoftwareVersions": "syngo_MR_E11",
    "SpacingBetweenSlices": 2,
    "StationName": "mrc_Trio",
    "TaskName": "rest",
    "TotalReadoutTime": 0.0576811,
    "TxRefAmp": 206.983,
    "dataset": "ds004146",
    "modality": "bold",
    "session_id": "01",
    "subject_id": "0322",
    "task_id": "rest"
  },
  "dummy_trs": 0,
  "dvars_nstd": 41.55543437312885,
  "dvars_std": 1.1433718985889576,
  "dvars_vstd": 1.0060425919018388,
  "efc": 0.5071192422374322,
  "fber": 940.787841796875,
  "fd_mean": 0.15233686684665096,
  "fd_num": 77,
  "fd_perc": 23.547400611620795,
  "fwhm_avg": 3.00595,
  "fwhm_x": 2.82366,
  "fwhm_y": 3.09899,
  "fwhm_z": 3.0952,
  "gcor": 0.00768755,
  "gsr_x": -0.014825974591076374,
  "gsr_y": 0.0476338155567646,
  "provenance": {
    "md5sum": "4f18efa62582b9e887e1adf04aaed3ee",
    "settings": {
      "fd_thres": 0.2,
      "testing": false
    },
    "software": "mriqc",
    "version": "23.0.1",
    "webapi_port": null,
    "webapi_url": "https://mriqc.nimh.nih.gov/api/v1"
  },
  "size_t": 327,
  "size_x": 104,
  "size_y": 104,
  "size_z": 72,
  "snr": 2.9284778712437003,
  "spacing_tr": 0.9300000071525574,
  "spacing_x": 2.0,
  "spacing_y": 2.0,
  "spacing_z": 2.0,
  "summary_bg_k": 35.718178458447284,
  "summary_bg_mad": 6.14803938766413,
  "summary_bg_mean": 37.777862548828125,
  "summary_bg_median": 19.155963897705078,
  "summary_bg_n": 535740.0,
  "summary_bg_p05": 14.538227081298828,
  "summary_bg_p95": 137.40092544555657,
  "summary_bg_stdv": 54.00166320800781,
  "summary_fg_k": -0.20990939485489646,
  "summary_fg_mad": 222.0185737082026,
  "summary_fg_mean": 614.8466796875,
  "summary_fg_median": 591.3685302734375,
  "summary_fg_n": 146086.0,
  "summary_fg_p05": 334.8807373046875,
  "summary_fg_p95": 967.7500152587891,
  "summary_fg_stdv": 201.9364776611328,
  "tsnr": 39.39304016344249
}