{
  "bids_meta": {
    "AcquisitionMatrixPE": 256,
    "AcquisitionNumber": 1,
    "AcquisitionTime": "12:17:6.055000",
    "BaseResolution": 256,
    "BodyPartExamined": "BRAIN",
    "CoilString": "HC1-7;NC1_2",
    "ConsistencyInfo": "N4_VE11C_LATEST_20160120",
    "ConversionSoftware": "dcm2niix",
    "ConversionSoftwareVersion": "v1.0.20190410  GCC6.3.0",
    "DeviceSerialNumber": "167001",
    "DwellTime": 2.6e-06,
    "EchoTime": 0.408,
    "EchoTrainLength": 259,
    "FlipAngle": 120,
    "ImageOrientationPatientDICOM": [
      0.0150816,
      0.999886,
      -2.37038e-08,
      -0.0784839,
      0.00118378,
      -0.996915
    ],
    "ImageType": [
      "ORIGINAL",
      "PRIMARY",
      "M",
      "ND",
      "NORM"
    ],
    "ImagingFrequency": 123.229,
    "InPlanePhaseEncodingDirectionDICOM": "ROW",
    "InstitutionAddress": "Cooper_60_St._Lucia_QLD_AU_4072",
    "InstitutionName": "St_Lucia_Campus",
    "InstitutionalDepartmentName": "Gehrmann_Labs_MRI",
    "MRAcquisitionType": "3D",
    "MagneticFieldStrength": 3,
    "Manufacturer": "Siemens",
    "ManufacturersModelName": "Prisma_fit",
    "Modality": "MR",
    "PartialFourier": 1,
    "PatientPosition": "HFS",
    "PercentPhaseFOV": 100,
    "PhaseEncodingSteps": 233,
    "PhaseResolution": 1,
    "PixelBandwidth": 750,
    "ProcedureStepDescription": "Research_16092_QTAB",
    "ProtocolName": "t2_spc_sag_p2_iso",
    "PulseSequenceDetails": "%SiemensSeq%_tse_vfl",
    "ReceiveCoilActiveElements": "HC1-7;NC1,2",
    "ReceiveCoilName": "HeadNeck_64",
    "ReconMatrixPE": 256,
    "RefLinesPE": 24,
    "RepetitionTime": 3.2,
    "SAR": 0.157794,
    "ScanOptions": "PFP",
    "ScanningSequence": "SE",
    "SequenceName": "_spcR_282ns",
    "SequenceVariant": "SK_SP",
    "SeriesDescription": "t2_spc_sag_p2_iso",
    "SeriesNumber": 32,
    "ShimSetting": [
      3046,
      -4168,
      -1041,
      -17,
      -5,
      41,
      -30,
      -10
    ],
    "SliceThickness": 1,
    "SoftwareVersions": "syngo_MR_E11",
    "StationName": "mrc_Trio",
    "TxRefAmp": 209.649,
    "dataset": "ds004146",
    "modality": "T2w",
    "session_id": "02",
    "subject_id": "0185"
  },
  "cjv": 12.991924199710548,
  "cnr": 0.07399443060956848,
  "efc": 0.6279584935714628,
  "fber": 8314.48242512783,
  "fwhm_avg": 4.217829103816116,
  "fwhm_x": 4.4131124342395,
  "fwhm_y": 4.512049932765217,
  "fwhm_z": 3.7283249444436293,
  "icvs_csf": 0.4831928124679632,
  "icvs_gm": 0.40291987177435346,
  "icvs_wm": 0.11388731575768335,
  "inu_med": 1.0316860675811768,
  "inu_range": 0.33570972383022313,
  "provenance": {
    "md5sum": "a7946d39954b1a0d2e9ff6d7866e2ac1",
    "settings": {
      "testing": false
    },
    "software": "mriqc",
    "version": "23.0.1",
    "warnings": {
      "large_rot_frame": true,
      "small_air_mask": false
    },
    "webapi_port": null,
    "webapi_url": "https://mriqc.nimh.nih.gov/api/v1"
  },
  "qi_1": 0.0018051460506959326,
  "qi_2": 0.005730275344777618,
  "rpve_csf": 10.233649652019327,
  "rpve_gm": 12.076988074612844,
  "rpve_wm": 39.41889349051416,
  "size_x": 192,
  "size_y": 300,
  "size_z": 320,
  "snr_csf": 18.877499372996304,
  "snr_gm": 15.537261764492763,
  "snr_total": 11.690787270453308,
  "snr_wm": 0.6576006738708596,
  "snrd_csf": 57.72742852316703,
  "snrd_gm": 40.54487692221772,
  "snrd_total": 44.904038485600296,
  "snrd_wm": 36.43981001141614,
  "spacing_x": 0.800000011920929,
  "spacing_y": 0.800000011920929,
  "spacing_z": 0.800000011920929,
  "summary_bg_k": 6.231752384829134,
  "summary_bg_mad": 0.0,
  "summary_bg_mean": 9.833433632769701,
  "summary_bg_median": 0.0,
  "summary_bg_n": 1740973.0,
  "summary_bg_p05": 0.0,
  "summary_bg_p95": 51.62843433022499,
  "summary_bg_stdv": 18.277370873535876,
  "summary_csf_k": 0.3495837174744434,
  "summary_csf_mad": 82.98923442743586,
  "summary_csf_mean": 1615.5719777589031,
  "summary_csf_median": 1610.5128957778215,
  "summary_csf_n": 213361.0,
  "summary_csf_p05": 1485.1868777275085,
  "summary_csf_p95": 1762.2550168856978,
  "summary_csf_stdv": 85.31368958364502,
  "summary_gm_k": -0.23989399940014255,
  "summary_gm_mad": 76.3461296405324,
  "summary_gm_mean": 1131.674303253685,
  "summary_gm_median": 1131.144220545888,
  "summary_gm_n": 275406.0,
  "summary_gm_p05": 1013.5089666768909,
  "summary_gm_p95": 1250.5851320922375,
  "summary_gm_stdv": 72.80189933692267,
  "summary_wm_k": -1.716401024538979,
  "summary_wm_mad": 1411.560616399272,
  "summary_wm_mean": 1754.1298075497434,
  "summary_wm_median": 1016.6187104545534,
  "summary_wm_n": 54792.0,
  "summary_wm_p05": 68.41436310857534,
  "summary_wm_p95": 3969.266926376894,
  "summary_wm_stdv": 1545.9373351241256,
  "tpm_overlap_csf": 0.10858443384366241,
  "tpm_overlap_gm": 0.25392487545556514,
  "tpm_overlap_wm": 0.040906037033213646,
  "wm2max": 0.2759644186257602
}