{
  "aor": 0.0012250769230769231,
  "aqi": 0.008434827815384616,
  "bids_meta": {
    "AcquisitionMatrixPE": 104,
    "AcquisitionNumber": 1,
    "AcquisitionTime": "11:25:30.490000",
    "BandwidthPerPixelPhaseEncode": 17.17,
    "BaseResolution": 104,
    "BodyPartExamined": "BRAIN",
    "CoilString": "HC1-7;NC1_2",
    "ConsistencyInfo": "N4_VE11C_LATEST_20160120",
    "ConversionSoftware": "dcm2niix",
    "ConversionSoftwareVersion": "v1.0.20181125  (JP2:OpenJPEG) GCC6.3.0",
    "DerivedVendorReportedEchoSpacing": 0.000560011,
    "DeviceSerialNumber": "167001",
    "DwellTime": 2.1e-06,
    "EchoTime": 0.03,
    "EchoTrainLength": 91,
    "EffectiveEchoSpacing": 0.000560011,
    "FlipAngle": 52,
    "ImageOrientationPatientDICOM": [
      0.997186,
      0.0688662,
      -0.0296211,
      -0.0723539,
      0.987521,
      -0.139885
    ],
    "ImageType": [
      "ORIGINAL",
      "PRIMARY",
      "M",
      "ND",
      "MOSAIC"
    ],
    "ImagingFrequency": 123.229,
    "InPlanePhaseEncodingDirectionDICOM": "COL",
    "InstitutionAddress": "Cooper_60_St._Lucia_QLD_AU_4072",
    "InstitutionName": "St_Lucia_Campus",
    "InstitutionalDepartmentName": "Gehrmann_Labs_MRI",
    "MRAcquisitionType": "2D",
    "MagneticFieldStrength": 3,
    "Manufacturer": "Siemens",
    "ManufacturersModelName": "Prisma_fit",
    "Modality": "MR",
    "MultibandAccelerationFactor": 6,
    "PartialFourier": 0.875,
    "PatientPosition": "HFS",
    "PercentPhaseFOV": 100,
    "PhaseEncodingDirection": "j-",
    "PhaseEncodingSteps": 91,
    "PhaseResolution": 1,
    "PixelBandwidth": 2290,
    "ProcedureStepDescription": "Research_16092_QTAB",
    "ProtocolName": "ep2d_REST_SMS6_A-P",
    "PulseSequenceDetails": "%SiemensSeq%_ep2d_bold",
    "ReceiveCoilActiveElements": "HC1-7;NC1,2",
    "ReceiveCoilName": "HeadNeck_64",
    "ReconMatrixPE": 104,
    "RepetitionTime": 0.93,
    "SAR": 0.0878032,
    "ScanOptions": "PFP_FS",
    "ScanningSequence": "EP",
    "SequenceName": "_epfid2d1_104",
    "SequenceVariant": "SK",
    "SeriesDescription": "ep2d_REST_SMS6_A-P",
    "SeriesNumber": 9,
    "ShimSetting": [
      3053,
      -4167,
      -808,
      241,
      37,
      17,
      -57,
      -68
    ],
    "SliceThickness": 2,
    "SliceTiming": [
      0.6825,
      0,
      0.455,
      0.075,
      0.53,
      0.1525,
      0.6075,
      0.3025,
      0.7575,
      0.38,
      0.835,
      0.2275,
      0.6825,
      0,
      0.455,
      0.075,
      0.53,
      0.1525,
      0.6075,
      0.3025,
      0.7575,
      0.38,
      0.835,
      0.2275,
      0.6825,
      0,
      0.455,
      0.075,
      0.53,
      0.1525,
      0.6075,
      0.3025,
      0.7575,
      0.38,
      0.835,
      0.2275,
      0.6825,
      0,
      0.455,
      0.075,
      0.53,
      0.1525,
      0.6075,
      0.3025,
      0.7575,
      0.38,
      0.835,
      0.2275,
      0.6825,
      0,
      0.455,
      0.075,
      0.53,
      0.1525,
      0.6075,
      0.3025,
      0.7575,
      0.38,
      0.835,
      0.2275,
      0.6825,
      0,
      0.455,
      0.075,
      0.53,
      0.1525,
      0.6075,
      0.3025,
      0.7575,
      0.38,
      0.835,
      0.2275
    ],
    "SoftwareVersions": "syngo_MR_E11",
    "SpacingBetweenSlices": 2,
    "StationName": "mrc_Trio",
    "TaskName": "rest",
    "TotalReadoutTime": 0.0576811,
    "TxRefAmp": 209.464,
    "dataset": "ds004146",
    "modality": "bold",
    "session_id": "01",
    "subject_id": "0324",
    "task_id": "rest"
  },
  "dummy_trs": 2,
  "dvars_nstd": 46.02407756858025,
  "dvars_std": 1.1403341306790118,
  "dvars_vstd": 0.9976592129629631,
  "efc": 0.5172594342995527,
  "fber": 849.0794067382812,
  "fd_mean": 0.18245163550649418,
  "fd_num": 124,
  "fd_perc": 38.15384615384615,
  "fwhm_avg": 3.2546916666666665,
  "fwhm_x": 2.979225,
  "fwhm_y": 3.389915,
  "fwhm_z": 3.394935,
  "gcor": 0.00406148,
  "gsr_x": -0.020595962181687355,
  "gsr_y": 0.05918291583657265,
  "provenance": {
    "md5sum": "a85b8fc04d8c261b6578a8e012fa2b8c",
    "settings": {
      "fd_thres": 0.2,
      "testing": false
    },
    "software": "mriqc",
    "version": "23.0.1",
    "webapi_port": null,
    "webapi_url": "https://mriqc.nimh.nih.gov/api/v1"
  },
  "size_t": 325,
  "size_x": 104,
  "size_y": 104,
  "size_z": 72,
  "snr": 2.6128681974498877,
  "spacing_tr": 0.9300000071525574,
  "spacing_x": 2.0,
  "spacing_y": 2.0,
  "spacing_z": 2.0,
  "summary_bg_k": 49.06856342500686,
  "summary_bg_mad": 6.783474676501063,
  "summary_bg_mean": 36.13347625732422,
  "summary_bg_median": 19.132307052612305,
  "summary_bg_n": 516880.0,
  "summary_bg_p05": 13.852307319641113,
  "summary_bg_p95": 116.48323173522945,
  "summary_bg_stdv": 51.50227737426758,
  "summary_fg_k": 1.4735525217909995,
  "summary_fg_mad": 191.65257909068734,
  "summary_fg_mean": 605.8551635742188,
  "summary_fg_median": 564.4769287109375,
  "summary_fg_n": 161110.0,
  "summary_fg_p05": 337.8626205444336,
  "summary_fg_p95": 1019.5924713134765,
  "summary_fg_stdv": 216.03660583496094,
  "tsnr": 33.73605863424018
}