{
  "aor": 0.002466963190184049,
  "aqi": 0.018462138220858897,
  "bids_meta": {
    "AcquisitionMatrixPE": 104,
    "AcquisitionNumber": 1,
    "AcquisitionTime": "10:07:16.412500",
    "BandwidthPerPixelPhaseEncode": 17.17,
    "BaseResolution": 104,
    "BodyPartExamined": "BRAIN",
    "CoilString": "HC1-7;NC1_2",
    "ConsistencyInfo": "N4_VE11C_LATEST_20160120",
    "ConversionSoftware": "dcm2niix",
    "ConversionSoftwareVersion": "v1.0.20181125  (JP2:OpenJPEG) GCC6.3.0",
    "DerivedVendorReportedEchoSpacing": 0.000560011,
    "DeviceSerialNumber": "167001",
    "DwellTime": 2.1e-06,
    "EchoTime": 0.03,
    "EchoTrainLength": 91,
    "EffectiveEchoSpacing": 0.000560011,
    "FlipAngle": 52,
    "ImageOrientationPatientDICOM": [
      0.997666,
      -0.010347,
      -0.0674973,
      -0.00313427,
      0.980473,
      -0.196629
    ],
    "ImageType": [
      "ORIGINAL",
      "PRIMARY",
      "M",
      "ND",
      "MOSAIC"
    ],
    "ImagingFrequency": 123.229,
    "InPlanePhaseEncodingDirectionDICOM": "COL",
    "InstitutionAddress": "Cooper_60_St._Lucia_QLD_AU_4072",
    "InstitutionName": "St_Lucia_Campus",
    "InstitutionalDepartmentName": "Gehrmann_Labs_MRI",
    "MRAcquisitionType": "2D",
    "MagneticFieldStrength": 3,
    "Manufacturer": "Siemens",
    "ManufacturersModelName": "Prisma_fit",
    "Modality": "MR",
    "MultibandAccelerationFactor": 6,
    "PartialFourier": 0.875,
    "PatientPosition": "HFS",
    "PercentPhaseFOV": 100,
    "PhaseEncodingDirection": "j",
    "PhaseEncodingSteps": 91,
    "PhaseResolution": 1,
    "PixelBandwidth": 2290,
    "ProcedureStepDescription": "Research_16092_QTAB",
    "ProtocolName": "ep2d_REST_SMS6_P-A",
    "PulseSequenceDetails": "%SiemensSeq%_ep2d_bold",
    "ReceiveCoilActiveElements": "HC1-7;NC1,2",
    "ReceiveCoilName": "HeadNeck_64",
    "ReconMatrixPE": 104,
    "RepetitionTime": 0.93,
    "SAR": 0.0791867,
    "ScanOptions": "PFP_FS",
    "ScanningSequence": "EP",
    "SequenceName": "_epfid2d1_104",
    "SequenceVariant": "SK",
    "SeriesDescription": "ep2d_REST_SMS6_P-A",
    "SeriesNumber": 10,
    "ShimSetting": [
      3016,
      -4155,
      -788,
      477,
      -74,
      28,
      -33,
      -1
    ],
    "SliceThickness": 2,
    "SliceTiming": [
      0.6825,
      0,
      0.455,
      0.075,
      0.53,
      0.1525,
      0.6075,
      0.3025,
      0.7575,
      0.38,
      0.835,
      0.2275,
      0.6825,
      0,
      0.455,
      0.075,
      0.53,
      0.1525,
      0.6075,
      0.3025,
      0.7575,
      0.38,
      0.835,
      0.2275,
      0.6825,
      0,
      0.455,
      0.075,
      0.53,
      0.1525,
      0.6075,
      0.3025,
      0.7575,
      0.38,
      0.835,
      0.2275,
      0.6825,
      0,
      0.455,
      0.075,
      0.53,
      0.1525,
      0.6075,
      0.3025,
      0.7575,
      0.38,
      0.835,
      0.2275,
      0.6825,
      0,
      0.455,
      0.075,
      0.53,
      0.1525,
      0.6075,
      0.3025,
      0.7575,
      0.38,
      0.835,
      0.2275,
      0.6825,
      0,
      0.455,
      0.075,
      0.53,
      0.1525,
      0.6075,
      0.3025,
      0.7575,
      0.38,
      0.835,
      0.2275
    ],
    "SoftwareVersions": "syngo_MR_E11",
    "SpacingBetweenSlices": 2,
    "StationName": "mrc_Trio",
    "TaskName": "rest",
    "TotalReadoutTime": 0.0576811,
    "TxRefAmp": 211.748,
    "dataset": "ds004146",
    "modality": "bold",
    "session_id": "01",
    "subject_id": "0230",
    "task_id": "rest"
  },
  "dummy_trs": 1,
  "dvars_nstd": 66.00096549406155,
  "dvars_std": 1.1304445720923078,
  "dvars_vstd": 1.0053136539692304,
  "efc": 0.5343688899585525,
  "fber": 843.7386474609375,
  "fd_mean": 0.6268349809775892,
  "fd_num": 302,
  "fd_perc": 92.63803680981596,
  "fwhm_avg": 3.325815,
  "fwhm_x": 3.07738,
  "fwhm_y": 3.371975,
  "fwhm_z": 3.52809,
  "gcor": 0.0198859,
  "gsr_x": -0.01892566680908203,
  "gsr_y": 0.05901242420077324,
  "provenance": {
    "md5sum": "3d1a55d7981c50e1bcec40faf4fda6d4",
    "settings": {
      "fd_thres": 0.2,
      "testing": false
    },
    "software": "mriqc",
    "version": "23.0.1",
    "webapi_port": null,
    "webapi_url": "https://mriqc.nimh.nih.gov/api/v1"
  },
  "size_t": 326,
  "size_x": 104,
  "size_y": 104,
  "size_z": 72,
  "snr": 2.5001602959204643,
  "spacing_tr": 0.9300000071525574,
  "spacing_x": 2.0,
  "spacing_y": 2.0,
  "spacing_z": 2.0,
  "summary_bg_k": 61.96310064566606,
  "summary_bg_mad": 6.8217876574531795,
  "summary_bg_mean": 36.043601989746094,
  "summary_bg_median": 19.257667541503906,
  "summary_bg_n": 496472.0,
  "summary_bg_p05": 13.889570236206055,
  "summary_bg_p95": 116.76073455810547,
  "summary_bg_stdv": 48.720367431640625,
  "summary_fg_k": 2.346698161444852,
  "summary_fg_mad": 199.67377924025735,
  "summary_fg_mean": 601.4100952148438,
  "summary_fg_median": 560.7177734375,
  "summary_fg_n": 181044.0,
  "summary_fg_p05": 323.3562927246094,
  "summary_fg_p95": 1014.6746948242189,
  "summary_fg_stdv": 224.27210998535156,
  "tsnr": 23.902394814707804
}