{
  "aor": 0.0006444708994708995,
  "aqi": 0.016598355026455024,
  "bids_meta": {
    "AcquisitionMatrixPE": 90,
    "AcquisitionNumber": 1,
    "AcquisitionTime": "15:55:45.412500",
    "BandwidthPerPixelPhaseEncode": 21.368,
    "BaseResolution": 90,
    "BodyPartExamined": "BRAIN",
    "CoilString": "HC1-7;NC1_2",
    "ConsistencyInfo": "N4_VE11C_LATEST_20160120",
    "ConversionSoftware": "dcm2niix",
    "ConversionSoftwareVersion": "v1.0.20190410  GCC6.3.0",
    "DerivedVendorReportedEchoSpacing": 0.000519988,
    "DeviceSerialNumber": "167001",
    "DwellTime": 2.2e-06,
    "EchoTime": 0.03,
    "EchoTrainLength": 90,
    "EffectiveEchoSpacing": 0.000519988,
    "FlipAngle": 52,
    "ImageOrientationPatientDICOM": [
      0.999556,
      -0.0178223,
      0.0238641,
      0.0230322,
      0.970524,
      -0.239901
    ],
    "ImageType": [
      "ORIGINAL",
      "PRIMARY",
      "M",
      "ND",
      "NORM",
      "MOSAIC"
    ],
    "ImagingFrequency": 123.229,
    "InPlanePhaseEncodingDirectionDICOM": "COL",
    "InstitutionAddress": "Cooper_60_St._Lucia_QLD_AU_4072",
    "InstitutionName": "St_Lucia_Campus",
    "InstitutionalDepartmentName": "Gehrmann_Labs_MRI",
    "MRAcquisitionType": "2D",
    "MagneticFieldStrength": 3,
    "Manufacturer": "Siemens",
    "ManufacturersModelName": "Prisma_fit",
    "Modality": "MR",
    "MultibandAccelerationFactor": 6,
    "PartialFourier": 1,
    "PatientPosition": "HFS",
    "PercentPhaseFOV": 100,
    "PhaseEncodingDirection": "j-",
    "PhaseEncodingSteps": 90,
    "PhaseResolution": 1,
    "PixelBandwidth": 2525,
    "ProcedureStepDescription": "Research_16092_QTAB",
    "ProtocolName": "PARTLY_CLOUDY_mb6_2.4",
    "PulseSequenceDetails": "%SiemensSeq%_ep2d_bold",
    "ReceiveCoilActiveElements": "HC1-7;NC1,2",
    "ReceiveCoilName": "HeadNeck_64",
    "ReconMatrixPE": 90,
    "RefLinesPE": 12,
    "RepetitionTime": 0.8,
    "SAR": 0.0575265,
    "ScanOptions": "FS",
    "ScanningSequence": "EP",
    "SequenceName": "_epfid2d1_90",
    "SequenceVariant": "SK",
    "SeriesDescription": "PARTLY_CLOUDY_mb6_2.4",
    "SeriesNumber": 19,
    "ShimSetting": [
      3065,
      -4189,
      -774,
      498,
      85,
      -110,
      -121,
      0
    ],
    "SliceThickness": 2.4,
    "SliceTiming": [
      0.545,
      0,
      0.39,
      0.0775,
      0.4675,
      0.2325,
      0.6225,
      0.31,
      0.7,
      0.155,
      0.545,
      0,
      0.39,
      0.0775,
      0.4675,
      0.2325,
      0.6225,
      0.31,
      0.7,
      0.155,
      0.545,
      0,
      0.39,
      0.0775,
      0.4675,
      0.2325,
      0.6225,
      0.31,
      0.7,
      0.155,
      0.545,
      0,
      0.39,
      0.0775,
      0.4675,
      0.2325,
      0.6225,
      0.31,
      0.7,
      0.155,
      0.545,
      0,
      0.39,
      0.0775,
      0.4675,
      0.2325,
      0.6225,
      0.31,
      0.7,
      0.155,
      0.545,
      0,
      0.39,
      0.0775,
      0.4675,
      0.2325,
      0.6225,
      0.31,
      0.7,
      0.155
    ],
    "SoftwareVersions": "syngo_MR_E11",
    "SpacingBetweenSlices": 2.4,
    "StationName": "mrc_Trio",
    "TaskName": "partlycloudy",
    "TotalReadoutTime": 0.046279,
    "TxRefAmp": 211.19,
    "dataset": "ds004146",
    "modality": "bold",
    "session_id": "02",
    "subject_id": "0390",
    "task_id": "partlycloudy"
  },
  "dummy_trs": 2,
  "dvars_nstd": 34.990175803687016,
  "dvars_std": 1.2290880392572952,
  "dvars_vstd": 0.9993610981962862,
  "efc": 0.4472698691243649,
  "fber": 8574.15234375,
  "fd_mean": 0.13678414870625405,
  "fd_num": 52,
  "fd_perc": 13.756613756613756,
  "fwhm_avg": 1.7479957638742223,
  "fwhm_x": 1.679762433252238,
  "fwhm_y": 1.8644999259114294,
  "fwhm_z": 1.6997249324589996,
  "gcor": 0.00742547,
  "gsr_x": -0.012265405617654324,
  "gsr_y": 0.02817656844854355,
  "provenance": {
    "md5sum": "7667bff7b209f3728c1ed23be611d2b7",
    "settings": {
      "fd_thres": 0.2,
      "testing": false
    },
    "software": "mriqc",
    "version": "23.0.1",
    "webapi_port": null,
    "webapi_url": "https://mriqc.nimh.nih.gov/api/v1"
  },
  "size_t": 378,
  "size_x": 90,
  "size_y": 90,
  "size_z": 60,
  "snr": 7.627575077668384,
  "spacing_tr": 0.800000011920929,
  "spacing_x": 2.4000000953674316,
  "spacing_y": 2.4000000953674316,
  "spacing_z": 2.4000000953674316,
  "summary_bg_k": 30.79923414519569,
  "summary_bg_mad": 4.800806897582018,
  "summary_bg_mean": 21.458866119384766,
  "summary_bg_median": 6.851851463317871,
  "summary_bg_n": 347061.0,
  "summary_bg_p05": 2.9708993434906006,
  "summary_bg_p95": 92.29629516601562,
  "summary_bg_stdv": 44.52869415283203,
  "summary_fg_k": 2.9523317387199715,
  "summary_fg_mad": 78.35635071482943,
  "summary_fg_mean": 635.8556518554688,
  "summary_fg_median": 636.2380981445312,
  "summary_fg_n": 71352.0,
  "summary_fg_p05": 511.6031494140625,
  "summary_fg_p95": 764.4010437011718,
  "summary_fg_stdv": 83.41230773925781,
  "tsnr": 47.87637250777334
}