{
  "aor": 0.0008816564417177914,
  "aqi": 0.008485876656441717,
  "bids_meta": {
    "AcquisitionMatrixPE": 104,
    "AcquisitionNumber": 1,
    "AcquisitionTime": "09:47:29.942500",
    "BandwidthPerPixelPhaseEncode": 17.17,
    "BaseResolution": 104,
    "BodyPartExamined": "BRAIN",
    "CoilString": "HC1-7;NC1_2",
    "ConsistencyInfo": "N4_VE11C_LATEST_20160120",
    "ConversionSoftware": "dcm2niix",
    "ConversionSoftwareVersion": "v1.0.20181125  (JP2:OpenJPEG) GCC6.3.0",
    "DerivedVendorReportedEchoSpacing": 0.000560011,
    "DeviceSerialNumber": "167001",
    "DwellTime": 2.1e-06,
    "EchoTime": 0.03,
    "EchoTrainLength": 91,
    "EffectiveEchoSpacing": 0.000560011,
    "FlipAngle": 52,
    "ImageOrientationPatientDICOM": [
      0.99845,
      0.052038,
      -0.0197219,
      -0.0556473,
      0.937046,
      -0.344745
    ],
    "ImageType": [
      "ORIGINAL",
      "PRIMARY",
      "M",
      "ND",
      "MOSAIC"
    ],
    "ImagingFrequency": 123.229,
    "InPlanePhaseEncodingDirectionDICOM": "COL",
    "InstitutionAddress": "Cooper_60_St._Lucia_QLD_AU_4072",
    "InstitutionName": "Centre_for_Advanced_Imaging",
    "InstitutionalDepartmentName": "Gehrmann_Labs_MRI",
    "MRAcquisitionType": "2D",
    "MagneticFieldStrength": 3,
    "Manufacturer": "Siemens",
    "ManufacturersModelName": "Prisma_fit",
    "Modality": "MR",
    "MultibandAccelerationFactor": 6,
    "PartialFourier": 0.875,
    "PatientPosition": "HFS",
    "PercentPhaseFOV": 100,
    "PhaseEncodingDirection": "j-",
    "PhaseEncodingSteps": 91,
    "PhaseResolution": 1,
    "PixelBandwidth": 2290,
    "ProcedureStepDescription": "Research_16092_QTAB",
    "ProtocolName": "ep2d_REST_SMS6_A-P",
    "PulseSequenceDetails": "%SiemensSeq%_ep2d_bold",
    "ReceiveCoilActiveElements": "HC1-7;NC1,2",
    "ReceiveCoilName": "HeadNeck_64",
    "ReconMatrixPE": 104,
    "RepetitionTime": 0.93,
    "SAR": 0.0599608,
    "ScanOptions": "PFP_FS",
    "ScanningSequence": "EP",
    "SequenceName": "_epfid2d1_104",
    "SequenceVariant": "SK",
    "SeriesDescription": "ep2d_REST_SMS6_A-P",
    "SeriesNumber": 9,
    "ShimSetting": [
      3055,
      -4160,
      -776,
      315,
      100,
      -128,
      -92,
      -30
    ],
    "SliceThickness": 2,
    "SliceTiming": [
      0.6825,
      0,
      0.455,
      0.075,
      0.53,
      0.1525,
      0.6075,
      0.3025,
      0.7575,
      0.38,
      0.835,
      0.2275,
      0.6825,
      0,
      0.455,
      0.075,
      0.53,
      0.1525,
      0.6075,
      0.3025,
      0.7575,
      0.38,
      0.835,
      0.2275,
      0.6825,
      0,
      0.455,
      0.075,
      0.53,
      0.1525,
      0.6075,
      0.3025,
      0.7575,
      0.38,
      0.835,
      0.2275,
      0.6825,
      0,
      0.455,
      0.075,
      0.53,
      0.1525,
      0.6075,
      0.3025,
      0.7575,
      0.38,
      0.835,
      0.2275,
      0.6825,
      0,
      0.455,
      0.075,
      0.53,
      0.1525,
      0.6075,
      0.3025,
      0.7575,
      0.38,
      0.835,
      0.2275,
      0.6825,
      0,
      0.455,
      0.075,
      0.53,
      0.1525,
      0.6075,
      0.3025,
      0.7575,
      0.38,
      0.835,
      0.2275
    ],
    "SoftwareVersions": "syngo_MR_E11",
    "SpacingBetweenSlices": 2,
    "StationName": "mrc_Trio",
    "TaskName": "rest",
    "TotalReadoutTime": 0.0576811,
    "TxRefAmp": 211.608,
    "dataset": "ds004146",
    "modality": "bold",
    "session_id": "01",
    "subject_id": "0182",
    "task_id": "rest"
  },
  "dummy_trs": 1,
  "dvars_nstd": 48.72164767916924,
  "dvars_std": 1.1381027860615391,
  "dvars_vstd": 1.005801794246153,
  "efc": 0.5299874851158146,
  "fber": 759.4872436523438,
  "fd_mean": 0.2732838040653754,
  "fd_num": 194,
  "fd_perc": 59.50920245398773,
  "fwhm_avg": 3.311481666666667,
  "fwhm_x": 3.02215,
  "fwhm_y": 3.444215,
  "fwhm_z": 3.46808,
  "gcor": 0.00868475,
  "gsr_x": -0.011525103822350502,
  "gsr_y": 0.07123467326164246,
  "provenance": {
    "md5sum": "be5c2e5d808857976d1405dbddb8eb48",
    "settings": {
      "fd_thres": 0.2,
      "testing": false
    },
    "software": "mriqc",
    "version": "23.0.1",
    "webapi_port": null,
    "webapi_url": "https://mriqc.nimh.nih.gov/api/v1"
  },
  "size_t": 326,
  "size_x": 104,
  "size_y": 104,
  "size_z": 72,
  "snr": 2.5177893254760404,
  "spacing_tr": 0.9300000071525574,
  "spacing_x": 2.0,
  "spacing_y": 2.0,
  "spacing_z": 2.0,
  "summary_bg_k": 45.9811929665904,
  "summary_bg_mad": 7.472132729075664,
  "summary_bg_mean": 39.10184860229492,
  "summary_bg_median": 20.15337371826172,
  "summary_bg_n": 504224.0,
  "summary_bg_p05": 14.481595039367676,
  "summary_bg_p95": 124.39785194396958,
  "summary_bg_stdv": 59.671043395996094,
  "summary_fg_k": 0.9977843711426146,
  "summary_fg_mad": 204.5899665771087,
  "summary_fg_mean": 605.0787353515625,
  "summary_fg_median": 564.9754638671875,
  "summary_fg_n": 171239.0,
  "summary_fg_p05": 321.3107208251953,
  "summary_fg_p95": 1044.2886352539062,
  "summary_fg_stdv": 224.39280700683594,
  "tsnr": 31.779811386484653
}