{
  "bids_meta": {
    "AcquisitionMatrixPE": 256,
    "AcquisitionNumber": 1,
    "AcquisitionTime": "13:00:37.992500",
    "BaseResolution": 256,
    "BodyPartExamined": "BRAIN",
    "ConsistencyInfo": "N4_VE11C_LATEST_20160120",
    "ConversionSoftware": "dcm2niix",
    "ConversionSoftwareVersion": "v1.0.20171215 GCC6.3.0",
    "DeviceSerialNumber": "167001",
    "DwellTime": 2.6e-06,
    "EchoTime": 0.408,
    "EchoTrainLength": 259,
    "FlipAngle": 120,
    "ImageOrientationPatientDICOM": [
      0.00670053,
      0.999978,
      2.44922e-09,
      0.0271021,
      -0.0001816,
      -0.999633
    ],
    "ImageType": [
      "ORIGINAL",
      "PRIMARY",
      "M",
      "ND",
      "NORM"
    ],
    "InPlanePhaseEncodingDirectionDICOM": "ROW",
    "InstitutionAddress": "Cooper_60_St._Lucia_QLD_AU_4072",
    "InstitutionName": "St_Lucia_Campus",
    "InstitutionalDepartmentName": "Gehrmann_Labs_MRI",
    "MRAcquisitionType": "3D",
    "MagneticFieldStrength": 3,
    "Manufacturer": "Siemens",
    "ManufacturersModelName": "Prisma_fit",
    "Modality": "MR",
    "ParallelReductionFactorInPlane": 2,
    "PartialFourier": 1,
    "PatientPosition": "HFS",
    "PercentPhaseFOV": 100,
    "PhaseEncodingSteps": 233,
    "PhaseResolution": 1,
    "PixelBandwidth": 750,
    "ProcedureStepDescription": "Research_16092_QTAB",
    "ProtocolName": "t2_spc_sag_p2_iso",
    "PulseSequenceDetails": "%SiemensSeq%_tse_vfl",
    "ReceiveCoilActiveElements": "HC1-7;NC1",
    "ReceiveCoilName": "HeadNeck_64",
    "ReconMatrixPE": 256,
    "RepetitionTime": 3.2,
    "SAR": 0.164028,
    "ScanOptions": "PFP",
    "ScanningSequence": "SE",
    "SequenceName": "_spcR_282ns",
    "SequenceVariant": "SK_SP",
    "SeriesDescription": "t2_spc_sag_p2_iso",
    "SeriesNumber": 17,
    "ShimSetting": [
      3045,
      -4172,
      -1048,
      3,
      -5,
      36,
      -4,
      -10
    ],
    "SliceThickness": 1,
    "SoftwareVersions": "syngo_MR_E11",
    "StationName": "mrc_Trio",
    "TxRefAmp": 210.299,
    "dataset": "ds004146",
    "modality": "T2w",
    "session_id": "01",
    "subject_id": "0367"
  },
  "cjv": 0.29034200172154095,
  "cnr": 4.694894967202648,
  "efc": 0.6014848889544844,
  "fber": 6451.71696149844,
  "fwhm_avg": 4.435145882277445,
  "fwhm_x": 4.6318377760790455,
  "fwhm_y": 4.6476624307444325,
  "fwhm_z": 4.025937440008857,
  "icvs_csf": 0.1284312880689162,
  "icvs_gm": 0.4637500940405803,
  "icvs_wm": 0.4078186178905035,
  "inu_med": 1.0430395007133484,
  "inu_range": 0.39238612949848184,
  "provenance": {
    "md5sum": "3208a820c141546143d8b0b59cb5b646",
    "settings": {
      "testing": false
    },
    "software": "mriqc",
    "version": "23.0.1",
    "warnings": {
      "large_rot_frame": true,
      "small_air_mask": false
    },
    "webapi_port": null,
    "webapi_url": "https://mriqc.nimh.nih.gov/api/v1"
  },
  "qi_1": 0.0,
  "qi_2": 0.018777520265099334,
  "rpve_csf": 28.50202542471718,
  "rpve_gm": 8.518492364061027,
  "rpve_wm": 10.069720295455113,
  "size_x": 192,
  "size_y": 300,
  "size_z": 320,
  "snr_csf": 1.8084267644162988,
  "snr_gm": 17.273841022703227,
  "snr_total": 10.576983458599466,
  "snr_wm": 12.648682588678875,
  "snrd_csf": 179.12954544345527,
  "snrd_gm": 95.68530671307435,
  "snrd_total": 111.95618377678547,
  "snrd_wm": 61.05369917382678,
  "spacing_x": 0.7999999523162842,
  "spacing_y": 0.800000011920929,
  "spacing_z": 0.800000011920929,
  "summary_bg_k": 69.2133840612236,
  "summary_bg_mad": 0.0,
  "summary_bg_mean": 6.493679269394235,
  "summary_bg_median": 0.0,
  "summary_bg_n": 1602763.0,
  "summary_bg_p05": 0.0,
  "summary_bg_p95": 19.698527678847313,
  "summary_bg_stdv": 10.73049520354489,
  "summary_csf_k": -0.8335806463443651,
  "summary_csf_mad": 1574.2173464718378,
  "summary_csf_mean": 2938.5652768006175,
  "summary_csf_median": 2933.967229105532,
  "summary_csf_n": 89458.0,
  "summary_csf_p05": 119.64714420586824,
  "summary_csf_p95": 5158.0166498199105,
  "summary_csf_stdv": 1622.3774654390788,
  "summary_gm_k": 0.7565389533732971,
  "summary_gm_mad": 84.56775581772487,
  "summary_gm_mean": 1572.169542105046,
  "summary_gm_median": 1567.2319912835956,
  "summary_gm_n": 230534.0,
  "summary_gm_p05": 1432.254253797233,
  "summary_gm_p95": 1728.6742724776268,
  "summary_gm_stdv": 90.72843672035167,
  "summary_wm_k": -0.08317373172123599,
  "summary_wm_mad": 80.12350438586245,
  "summary_wm_mean": 1001.2688365815873,
  "summary_wm_median": 1000.0000399053097,
  "summary_wm_n": 430080.0,
  "summary_wm_p05": 871.5313811302185,
  "summary_wm_p95": 1131.4663007184863,
  "summary_wm_stdv": 79.05952816186766,
  "tpm_overlap_csf": 0.13107290873804975,
  "tpm_overlap_gm": 0.41134493903380354,
  "tpm_overlap_wm": 0.4075663471279648,
  "wm2max": 0.19793185285641635
}