{
  "bids_meta": {
    "AcquisitionMatrixPE": 256,
    "AcquisitionNumber": 1,
    "AcquisitionTime": "14:44:29.580000",
    "BaseResolution": 256,
    "BodyPartExamined": "BRAIN",
    "CoilString": "HC1-7;NC1_2",
    "ConsistencyInfo": "N4_VE11C_LATEST_20160120",
    "ConversionSoftware": "dcm2niix",
    "ConversionSoftwareVersion": "v1.0.20190410  GCC6.3.0",
    "DeviceSerialNumber": "167001",
    "DwellTime": 2.6e-06,
    "EchoTime": 0.408,
    "EchoTrainLength": 259,
    "FlipAngle": 120,
    "ImageOrientationPatientDICOM": [
      -0.0987156,
      0.992771,
      0.0682727,
      0.0808912,
      0.0763862,
      -0.993792
    ],
    "ImageType": [
      "ORIGINAL",
      "PRIMARY",
      "M",
      "ND",
      "NORM"
    ],
    "ImagingFrequency": 123.229,
    "InPlanePhaseEncodingDirectionDICOM": "ROW",
    "InstitutionAddress": "Cooper_60_St._Lucia_QLD_AU_4072",
    "InstitutionName": "St_Lucia_Campus",
    "InstitutionalDepartmentName": "Gehrmann_Labs_MRI",
    "MRAcquisitionType": "3D",
    "MagneticFieldStrength": 3,
    "Manufacturer": "Siemens",
    "ManufacturersModelName": "Prisma_fit",
    "Modality": "MR",
    "PartialFourier": 1,
    "PatientPosition": "HFS",
    "PercentPhaseFOV": 100,
    "PhaseEncodingSteps": 233,
    "PhaseResolution": 1,
    "PixelBandwidth": 750,
    "ProcedureStepDescription": "Research_16092_QTAB",
    "ProtocolName": "t2_spc_sag_p2_iso",
    "PulseSequenceDetails": "%SiemensSeq%_tse_vfl",
    "ReceiveCoilActiveElements": "HC1-7;NC1,2",
    "ReceiveCoilName": "HeadNeck_64",
    "ReconMatrixPE": 256,
    "RefLinesPE": 24,
    "RepetitionTime": 3.2,
    "SAR": 0.165037,
    "ScanOptions": "PFP",
    "ScanningSequence": "SE",
    "SequenceName": "_spcR_282ns",
    "SequenceVariant": "SK_SP",
    "SeriesDescription": "t2_spc_sag_p2_iso",
    "SeriesNumber": 28,
    "ShimSetting": [
      3046,
      -4168,
      -1041,
      -17,
      -5,
      41,
      -30,
      -10
    ],
    "SliceThickness": 1,
    "SoftwareVersions": "syngo_MR_E11",
    "StationName": "mrc_Trio",
    "TxRefAmp": 213.911,
    "dataset": "ds004146",
    "modality": "T2w",
    "session_id": "02",
    "subject_id": "0183"
  },
  "cjv": 1.6811853432982904,
  "cnr": 0.8185104088856958,
  "efc": 0.6388999911374481,
  "fber": 7604.300976149352,
  "fwhm_avg": 4.434658267251776,
  "fwhm_x": 4.479312433253043,
  "fwhm_y": 4.5869124316496785,
  "fwhm_z": 4.237749936852605,
  "icvs_csf": 0.4449762734886414,
  "icvs_gm": 0.4401548906280103,
  "icvs_wm": 0.11486883588334833,
  "inu_med": 1.0016729831695557,
  "inu_range": 0.30318135023117065,
  "provenance": {
    "md5sum": "f989bdaa41fc4a510974e99cd75e3795",
    "settings": {
      "testing": false
    },
    "software": "mriqc",
    "version": "23.0.1",
    "warnings": {
      "large_rot_frame": true,
      "small_air_mask": false
    },
    "webapi_port": null,
    "webapi_url": "https://mriqc.nimh.nih.gov/api/v1"
  },
  "qi_1": 0.0015927184603879323,
  "qi_2": 0.004512325832441224,
  "rpve_csf": 11.488612493230008,
  "rpve_gm": 11.476685171001575,
  "rpve_wm": 41.98123221361053,
  "size_x": 192,
  "size_y": 300,
  "size_z": 320,
  "snr_csf": 17.84021324976439,
  "snr_gm": 15.58230749605983,
  "snr_total": 11.715245921562135,
  "snr_wm": 1.7232170188621831,
  "snrd_csf": 36.830373411353115,
  "snrd_gm": 25.602877154658245,
  "snrd_total": 37.09505671126423,
  "snrd_wm": 48.85191956778134,
  "spacing_x": 0.800000011920929,
  "spacing_y": 0.800000011920929,
  "spacing_z": 0.800000011920929,
  "summary_bg_k": 4.594431950499686,
  "summary_bg_mad": 0.0,
  "summary_bg_mean": 8.576396525564434,
  "summary_bg_median": 0.0,
  "summary_bg_n": 2076544.0,
  "summary_bg_p05": 0.0,
  "summary_bg_p95": 37.18704783171415,
  "summary_bg_stdv": 13.47142556822424,
  "summary_csf_k": 0.027998379270037344,
  "summary_csf_mad": 42.748243676960264,
  "summary_csf_mean": 758.7039553628558,
  "summary_csf_median": 757.3348604366183,
  "summary_csf_n": 190586.0,
  "summary_csf_p05": 691.8461655825377,
  "summary_csf_p95": 830.3166568279266,
  "summary_csf_stdv": 42.450886823644296,
  "summary_gm_k": -0.10477920936659446,
  "summary_gm_mad": 34.60393386317591,
  "summary_gm_mean": 527.2068480095454,
  "summary_gm_median": 526.4663265869021,
  "summary_gm_n": 202129.0,
  "summary_gm_p05": 473.3311234563589,
  "summary_gm_p95": 583.9303147271276,
  "summary_gm_stdv": 33.78607593359399,
  "summary_wm_k": -1.7928103641268462,
  "summary_wm_mad": 769.1118380597966,
  "summary_wm_mean": 804.9931288069406,
  "summary_wm_median": 1004.531267568469,
  "summary_wm_n": 47546.0,
  "summary_wm_p05": 62.254763362929225,
  "summary_wm_p95": 1523.3019763603806,
  "summary_wm_stdv": 582.9333698160908,
  "tpm_overlap_csf": 0.11157799166607407,
  "tpm_overlap_gm": 0.2795317267112711,
  "tpm_overlap_wm": 0.0730439055990619,
  "wm2max": 0.6931111516356411
}