{
  "bids_meta": {
    "AcquisitionMatrixPE": 256,
    "AcquisitionNumber": 1,
    "AcquisitionTime": "12:05:35.332500",
    "BaseResolution": 256,
    "BodyPartExamined": "BRAIN",
    "CoilString": "HC1-7;NC1_2",
    "ConsistencyInfo": "N4_VE11C_LATEST_20160120",
    "ConversionSoftware": "dcm2niix",
    "ConversionSoftwareVersion": "v1.0.20190410  GCC6.3.0",
    "DeviceSerialNumber": "167001",
    "DwellTime": 2.6e-06,
    "EchoTime": 0.408,
    "EchoTrainLength": 259,
    "FlipAngle": 120,
    "ImageOrientationPatientDICOM": [
      -0.0119489,
      0.999263,
      -0.036465,
      -0.0149122,
      -0.0366416,
      -0.999217
    ],
    "ImageType": [
      "ORIGINAL",
      "PRIMARY",
      "M",
      "ND",
      "NORM"
    ],
    "ImagingFrequency": 123.229,
    "InPlanePhaseEncodingDirectionDICOM": "ROW",
    "InstitutionAddress": "Cooper_60_St._Lucia_QLD_AU_4072",
    "InstitutionName": "St_Lucia_Campus",
    "InstitutionalDepartmentName": "Gehrmann_Labs_MRI",
    "MRAcquisitionType": "3D",
    "MagneticFieldStrength": 3,
    "Manufacturer": "Siemens",
    "ManufacturersModelName": "Prisma_fit",
    "Modality": "MR",
    "PartialFourier": 1,
    "PatientPosition": "HFS",
    "PercentPhaseFOV": 100,
    "PhaseEncodingSteps": 233,
    "PhaseResolution": 1,
    "PixelBandwidth": 750,
    "ProcedureStepDescription": "Research_16092_QTAB",
    "ProtocolName": "t2_spc_sag_p2_iso",
    "PulseSequenceDetails": "%SiemensSeq%_tse_vfl",
    "ReceiveCoilActiveElements": "HC1-7;NC1,2",
    "ReceiveCoilName": "HeadNeck_64",
    "ReconMatrixPE": 256,
    "RefLinesPE": 24,
    "RepetitionTime": 3.2,
    "SAR": 0.136844,
    "ScanOptions": "PFP",
    "ScanningSequence": "SE",
    "SequenceName": "_spcR_282ns",
    "SequenceVariant": "SK_SP",
    "SeriesDescription": "t2_spc_sag_p2_iso",
    "SeriesNumber": 32,
    "ShimSetting": [
      3046,
      -4168,
      -1041,
      -17,
      -5,
      41,
      -30,
      -10
    ],
    "SliceThickness": 1,
    "SoftwareVersions": "syngo_MR_E11",
    "StationName": "mrc_Trio",
    "TxRefAmp": 227.228,
    "dataset": "ds004146",
    "modality": "T2w",
    "session_id": "02",
    "subject_id": "0384"
  },
  "cjv": 1.2983485852134256,
  "cnr": 1.0098056680971088,
  "efc": 0.650885642635899,
  "fber": 5299.84,
  "fwhm_avg": 4.011279106893951,
  "fwhm_x": 4.295524935991691,
  "fwhm_y": 4.106937438801864,
  "fwhm_z": 3.6313749458882967,
  "icvs_csf": 0.3705802276537056,
  "icvs_gm": 0.48215824333647667,
  "icvs_wm": 0.1472615290098177,
  "inu_med": 1.0433211922645569,
  "inu_range": 0.3488778561353685,
  "provenance": {
    "md5sum": "e1db4529945918d77bea38c2f714d586",
    "settings": {
      "testing": false
    },
    "software": "mriqc",
    "version": "23.0.1",
    "warnings": {
      "large_rot_frame": true,
      "small_air_mask": false
    },
    "webapi_port": null,
    "webapi_url": "https://mriqc.nimh.nih.gov/api/v1"
  },
  "qi_1": 0.11883518421460844,
  "qi_2": 0.014919714816040437,
  "rpve_csf": 11.92581627385079,
  "rpve_gm": 10.510918981694775,
  "rpve_wm": 33.4477277737594,
  "size_x": 192,
  "size_y": 300,
  "size_z": 320,
  "snr_csf": 15.341323066760411,
  "snr_gm": 12.817770884509478,
  "snr_total": 9.94560559723866,
  "snr_wm": 1.6777228404460929,
  "snrd_csf": 96.46447816279263,
  "snrd_gm": 61.835082256182204,
  "snrd_total": 104.64791128675665,
  "snrd_wm": 155.64417344129515,
  "spacing_x": 0.800000011920929,
  "spacing_y": 0.800000011920929,
  "spacing_z": 0.800000011920929,
  "summary_bg_k": 20.903612176567115,
  "summary_bg_mad": 0.0,
  "summary_bg_mean": 1.7179144906033237,
  "summary_bg_median": 0.0,
  "summary_bg_n": 1096814.0,
  "summary_bg_p05": 0.0,
  "summary_bg_p95": 10.807159423828125,
  "summary_bg_stdv": 4.214760813986399,
  "summary_csf_k": 1.3198447048233364,
  "summary_csf_mad": 36.92735912942057,
  "summary_csf_mean": 623.4610945112134,
  "summary_csf_median": 620.5955011844635,
  "summary_csf_n": 106301.0,
  "summary_csf_p05": 563.6327650547028,
  "summary_csf_p95": 693.9378383159637,
  "summary_csf_stdv": 40.45235078022337,
  "summary_gm_k": -0.050413981114053374,
  "summary_gm_mad": 32.50442119979506,
  "summary_gm_mean": 398.14226765062625,
  "summary_gm_median": 397.81041264533997,
  "summary_gm_n": 387776.0,
  "summary_gm_p05": 348.72789692878723,
  "summary_gm_p95": 448.35639786720276,
  "summary_gm_stdv": 31.035809837056494,
  "summary_wm_k": -1.6538521833287803,
  "summary_wm_mad": 751.0649314458423,
  "summary_wm_mean": 775.6878881457188,
  "summary_wm_median": 1001.3227217197418,
  "summary_wm_n": 79757.0,
  "summary_wm_p05": 21.81132435798645,
  "summary_wm_p95": 1568.9237406253815,
  "summary_wm_stdv": 596.830668466914,
  "tpm_overlap_csf": 0.11247841107005432,
  "tpm_overlap_gm": 0.31351617220834577,
  "tpm_overlap_wm": 0.03855151626656191,
  "wm2max": 0.6620457378909957
}