{
  "aor": 0.012134617737003058,
  "aqi": 0.03997794923547401,
  "bids_meta": {
    "AcquisitionMatrixPE": 104,
    "AcquisitionNumber": 1,
    "AcquisitionTime": "17:16:53.920000",
    "BandwidthPerPixelPhaseEncode": 17.17,
    "BaseResolution": 104,
    "BodyPartExamined": "BRAIN",
    "ConsistencyInfo": "N4_VE11C_LATEST_20160120",
    "ConversionSoftware": "dcm2niix",
    "ConversionSoftwareVersion": "v1.0.20171215 GCC6.3.0",
    "DerivedVendorReportedEchoSpacing": 0.000560011,
    "DeviceSerialNumber": "167001",
    "DwellTime": 2.1e-06,
    "EchoTime": 0.03,
    "EchoTrainLength": 91,
    "EffectiveEchoSpacing": 0.000560011,
    "FlipAngle": 52,
    "ImageOrientationPatientDICOM": [
      0.998675,
      -0.00899972,
      -0.050666,
      0.00261451,
      0.99219,
      -0.124706
    ],
    "ImageType": [
      "ORIGINAL",
      "PRIMARY",
      "M",
      "ND",
      "MOSAIC"
    ],
    "InPlanePhaseEncodingDirectionDICOM": "COL",
    "InstitutionAddress": "Cooper_60_St._Lucia_QLD_AU_4072",
    "InstitutionName": "St_Lucia_Campus",
    "InstitutionalDepartmentName": "Gehrmann_Labs_MRI",
    "MRAcquisitionType": "2D",
    "MagneticFieldStrength": 3,
    "Manufacturer": "Siemens",
    "ManufacturersModelName": "Prisma_fit",
    "Modality": "MR",
    "MultibandAccelerationFactor": 6,
    "PartialFourier": 0.875,
    "PatientPosition": "HFS",
    "PercentPhaseFOV": 100,
    "PhaseEncodingDirection": "j-",
    "PhaseEncodingSteps": 91,
    "PhaseResolution": 1,
    "PixelBandwidth": 2290,
    "ProcedureStepDescription": "Research_16092_QTAB",
    "ProtocolName": "ep2d_REST_SMS6_A-P",
    "PulseSequenceDetails": "%SiemensSeq%_ep2d_bold",
    "ReceiveCoilActiveElements": "HC1-7;NC1,2",
    "ReceiveCoilName": "HeadNeck_64",
    "ReconMatrixPE": 104,
    "RepetitionTime": 0.93,
    "SAR": 0.162239,
    "ScanOptions": "PFP_FS",
    "ScanningSequence": "EP",
    "SequenceName": "_epfid2d1_104",
    "SequenceVariant": "SK",
    "SeriesDescription": "ep2d_REST_SMS6_A-P",
    "SeriesNumber": 9,
    "ShimSetting": [
      3026,
      -4221,
      -827,
      684,
      -11,
      -69,
      -92,
      -18
    ],
    "SliceThickness": 2,
    "SliceTiming": [
      0.6825,
      0,
      0.455,
      0.075,
      0.53,
      0.1525,
      0.6075,
      0.3025,
      0.7575,
      0.38,
      0.835,
      0.2275,
      0.6825,
      0,
      0.455,
      0.075,
      0.53,
      0.1525,
      0.6075,
      0.3025,
      0.7575,
      0.38,
      0.835,
      0.2275,
      0.6825,
      0,
      0.455,
      0.075,
      0.53,
      0.1525,
      0.6075,
      0.3025,
      0.7575,
      0.38,
      0.835,
      0.2275,
      0.6825,
      0,
      0.455,
      0.075,
      0.53,
      0.1525,
      0.6075,
      0.3025,
      0.7575,
      0.38,
      0.835,
      0.2275,
      0.6825,
      0,
      0.455,
      0.075,
      0.53,
      0.1525,
      0.6075,
      0.3025,
      0.7575,
      0.38,
      0.835,
      0.2275,
      0.6825,
      0,
      0.455,
      0.075,
      0.53,
      0.1525,
      0.6075,
      0.3025,
      0.7575,
      0.38,
      0.835,
      0.2275
    ],
    "SoftwareVersions": "syngo_MR_E11",
    "SpacingBetweenSlices": 2,
    "StationName": "mrc_Trio",
    "TaskName": "rest",
    "TotalReadoutTime": 0.0576811,
    "TxRefAmp": 249.719,
    "dataset": "ds004146",
    "modality": "bold",
    "session_id": "01",
    "subject_id": "0209",
    "task_id": "rest"
  },
  "dummy_trs": 0,
  "dvars_nstd": 110.34765124202451,
  "dvars_std": 1.1999622785582813,
  "dvars_vstd": 1.077470072331288,
  "efc": 0.4862698603888228,
  "fber": 833.4486083984375,
  "fd_mean": 1.7065852765100078,
  "fd_num": 310,
  "fd_perc": 94.80122324159021,
  "fwhm_avg": 3.4926583333333334,
  "fwhm_x": 3.123895,
  "fwhm_y": 3.629935,
  "fwhm_z": 3.724145,
  "gcor": 0.104269,
  "gsr_x": -0.016189612448215485,
  "gsr_y": 0.045245226472616196,
  "provenance": {
    "md5sum": "1d67e7a9dd6e2cbba76e58fbfa0181d6",
    "settings": {
      "fd_thres": 0.2,
      "testing": false
    },
    "software": "mriqc",
    "version": "23.0.1",
    "webapi_port": null,
    "webapi_url": "https://mriqc.nimh.nih.gov/api/v1"
  },
  "size_t": 327,
  "size_x": 104,
  "size_y": 104,
  "size_z": 72,
  "snr": 2.6989501701857974,
  "spacing_tr": 0.9300000071525574,
  "spacing_x": 2.0,
  "spacing_y": 2.0,
  "spacing_z": 2.0,
  "summary_bg_k": 41.71745954828074,
  "summary_bg_mad": 3.273512446110767,
  "summary_bg_mean": 20.24217987060547,
  "summary_bg_median": 11.93578052520752,
  "summary_bg_n": 548800.0,
  "summary_bg_p05": 9.235474586486816,
  "summary_bg_p95": 58.14082756042477,
  "summary_bg_stdv": 25.671104431152344,
  "summary_fg_k": 0.8495907086497425,
  "summary_fg_mad": 116.6086914806862,
  "summary_fg_mean": 374.0248718261719,
  "summary_fg_median": 345.8960266113281,
  "summary_fg_n": 135013.0,
  "summary_fg_p05": 218.53517150878906,
  "summary_fg_p95": 624.4037109374998,
  "summary_fg_stdv": 128.15899658203125,
  "tsnr": 14.253765068366192
}