{
  "aor": 0.01767529051987768,
  "aqi": 0.0526340385321101,
  "bids_meta": {
    "AcquisitionMatrixPE": 104,
    "AcquisitionNumber": 1,
    "AcquisitionTime": "17:22:54.360000",
    "BandwidthPerPixelPhaseEncode": 17.17,
    "BaseResolution": 104,
    "BodyPartExamined": "BRAIN",
    "ConsistencyInfo": "N4_VE11C_LATEST_20160120",
    "ConversionSoftware": "dcm2niix",
    "ConversionSoftwareVersion": "v1.0.20171215 GCC6.3.0",
    "DerivedVendorReportedEchoSpacing": 0.000560011,
    "DeviceSerialNumber": "167001",
    "DwellTime": 2.1e-06,
    "EchoTime": 0.03,
    "EchoTrainLength": 91,
    "EffectiveEchoSpacing": 0.000560011,
    "FlipAngle": 52,
    "ImageOrientationPatientDICOM": [
      0.998675,
      -0.00899972,
      -0.050666,
      0.00261451,
      0.99219,
      -0.124706
    ],
    "ImageType": [
      "ORIGINAL",
      "PRIMARY",
      "M",
      "ND",
      "MOSAIC"
    ],
    "InPlanePhaseEncodingDirectionDICOM": "COL",
    "InstitutionAddress": "Cooper_60_St._Lucia_QLD_AU_4072",
    "InstitutionName": "St_Lucia_Campus",
    "InstitutionalDepartmentName": "Gehrmann_Labs_MRI",
    "MRAcquisitionType": "2D",
    "MagneticFieldStrength": 3,
    "Manufacturer": "Siemens",
    "ManufacturersModelName": "Prisma_fit",
    "Modality": "MR",
    "MultibandAccelerationFactor": 6,
    "PartialFourier": 0.875,
    "PatientPosition": "HFS",
    "PercentPhaseFOV": 100,
    "PhaseEncodingDirection": "j",
    "PhaseEncodingSteps": 91,
    "PhaseResolution": 1,
    "PixelBandwidth": 2290,
    "ProcedureStepDescription": "Research_16092_QTAB",
    "ProtocolName": "ep2d_REST_SMS6_P-A",
    "PulseSequenceDetails": "%SiemensSeq%_ep2d_bold",
    "ReceiveCoilActiveElements": "HC1-7;NC1,2",
    "ReceiveCoilName": "HeadNeck_64",
    "ReconMatrixPE": 104,
    "RepetitionTime": 0.93,
    "SAR": 0.162239,
    "ScanOptions": "PFP_FS",
    "ScanningSequence": "EP",
    "SequenceName": "_epfid2d1_104",
    "SequenceVariant": "SK",
    "SeriesDescription": "ep2d_REST_SMS6_P-A",
    "SeriesNumber": 10,
    "ShimSetting": [
      3026,
      -4221,
      -827,
      684,
      -11,
      -69,
      -92,
      -18
    ],
    "SliceThickness": 2,
    "SliceTiming": [
      0.6825,
      0,
      0.455,
      0.075,
      0.53,
      0.1525,
      0.6075,
      0.3025,
      0.7575,
      0.38,
      0.835,
      0.2275,
      0.6825,
      0,
      0.455,
      0.075,
      0.53,
      0.1525,
      0.6075,
      0.3025,
      0.7575,
      0.38,
      0.835,
      0.2275,
      0.6825,
      0,
      0.455,
      0.075,
      0.53,
      0.1525,
      0.6075,
      0.3025,
      0.7575,
      0.38,
      0.835,
      0.2275,
      0.6825,
      0,
      0.455,
      0.075,
      0.53,
      0.1525,
      0.6075,
      0.3025,
      0.7575,
      0.38,
      0.835,
      0.2275,
      0.6825,
      0,
      0.455,
      0.075,
      0.53,
      0.1525,
      0.6075,
      0.3025,
      0.7575,
      0.38,
      0.835,
      0.2275,
      0.6825,
      0,
      0.455,
      0.075,
      0.53,
      0.1525,
      0.6075,
      0.3025,
      0.7575,
      0.38,
      0.835,
      0.2275
    ],
    "SoftwareVersions": "syngo_MR_E11",
    "SpacingBetweenSlices": 2,
    "StationName": "mrc_Trio",
    "TaskName": "rest",
    "TotalReadoutTime": 0.0576811,
    "TxRefAmp": 249.719,
    "dataset": "ds004146",
    "modality": "bold",
    "session_id": "01",
    "subject_id": "0209",
    "task_id": "rest"
  },
  "dummy_trs": 0,
  "dvars_nstd": 134.6926962495705,
  "dvars_std": 1.2710671281288337,
  "dvars_vstd": 1.1312132339877308,
  "efc": 0.48562002012039013,
  "fber": 813.3601684570312,
  "fd_mean": 2.6868575441570712,
  "fd_num": 299,
  "fd_perc": 91.43730886850153,
  "fwhm_avg": 3.5780999999999996,
  "fwhm_x": 3.319385,
  "fwhm_y": 3.564165,
  "fwhm_z": 3.85075,
  "gcor": 0.0551102,
  "gsr_x": -0.012602225877344608,
  "gsr_y": 0.028645746409893036,
  "provenance": {
    "md5sum": "04f29392a3902eb6cac974d8af0cf9ad",
    "settings": {
      "fd_thres": 0.2,
      "testing": false
    },
    "software": "mriqc",
    "version": "23.0.1",
    "webapi_port": null,
    "webapi_url": "https://mriqc.nimh.nih.gov/api/v1"
  },
  "size_t": 327,
  "size_x": 104,
  "size_y": 104,
  "size_z": 72,
  "snr": 2.663790605925407,
  "spacing_tr": 0.9300000071525574,
  "spacing_x": 2.0,
  "spacing_y": 2.0,
  "spacing_z": 2.0,
  "summary_bg_k": 39.69953658111019,
  "summary_bg_mad": 3.7178409401560635,
  "summary_bg_mean": 19.7375431060791,
  "summary_bg_median": 12.19266128540039,
  "summary_bg_n": 549497.0,
  "summary_bg_p05": 9.082569122314453,
  "summary_bg_p95": 54.186546325683594,
  "summary_bg_stdv": 23.17768669128418,
  "summary_fg_k": 1.1191969096178669,
  "summary_fg_mad": 120.58044835464763,
  "summary_fg_mean": 376.6582336425781,
  "summary_fg_median": 350.20794677734375,
  "summary_fg_n": 134392.0,
  "summary_fg_p05": 213.71560668945312,
  "summary_fg_p95": 630.0928314208984,
  "summary_fg_stdv": 131.4692840576172,
  "tsnr": 12.201625737710856
}