{
  "aor": 0.0014820334928229663,
  "aqi": 0.012953940227272727,
  "bids_meta": {
    "AcquisitionMatrixPE": 90,
    "AcquisitionNumber": 1,
    "AcquisitionTime": "10:28:25.115000",
    "BandwidthPerPixelPhaseEncode": 21.368,
    "BaseResolution": 90,
    "BodyPartExamined": "BRAIN",
    "CoilString": "HC1-7;NC1_2",
    "ConsistencyInfo": "N4_VE11C_LATEST_20160120",
    "ConversionSoftware": "dcm2niix",
    "ConversionSoftwareVersion": "v1.0.20190410  GCC6.3.0",
    "DelayTime": 0.001,
    "DerivedVendorReportedEchoSpacing": 0.000519988,
    "DeviceSerialNumber": "167001",
    "DwellTime": 2.2e-06,
    "EchoTime": 0.03,
    "EchoTrainLength": 90,
    "EffectiveEchoSpacing": 0.000519988,
    "FlipAngle": 52,
    "ImageOrientationPatientDICOM": [
      0.97959,
      -0.166652,
      0.112386,
      0.185095,
      0.965897,
      -0.181062
    ],
    "ImageType": [
      "ORIGINAL",
      "PRIMARY",
      "M",
      "ND",
      "NORM",
      "MOSAIC"
    ],
    "ImagingFrequency": 123.229,
    "InPlanePhaseEncodingDirectionDICOM": "COL",
    "InstitutionAddress": "Cooper_60_St._Lucia_QLD_AU_4072",
    "InstitutionName": "St_Lucia_Campus",
    "InstitutionalDepartmentName": "Gehrmann_Labs_MRI",
    "MRAcquisitionType": "2D",
    "MagneticFieldStrength": 3,
    "Manufacturer": "Siemens",
    "ManufacturersModelName": "Prisma_fit",
    "Modality": "MR",
    "MultibandAccelerationFactor": 6,
    "PartialFourier": 1,
    "PatientPosition": "HFS",
    "PercentPhaseFOV": 100,
    "PhaseEncodingDirection": "j-",
    "PhaseEncodingSteps": 90,
    "PhaseResolution": 1,
    "PixelBandwidth": 2525,
    "ProcedureStepDescription": "Research_16092_QTAB",
    "ProtocolName": "EMOT_TASK_mb6_2.4",
    "PulseSequenceDetails": "%SiemensSeq%_ep2d_bold",
    "ReceiveCoilActiveElements": "HC1-7;NC1,2",
    "ReceiveCoilName": "HeadNeck_64",
    "ReconMatrixPE": 90,
    "RefLinesPE": 12,
    "RepetitionTime": 0.8,
    "SAR": 0.0572277,
    "ScanOptions": "FS",
    "ScanningSequence": "EP",
    "SequenceName": "_epfid2d1_90",
    "SequenceVariant": "SK",
    "SeriesDescription": "EMOT_TASK_mb6_2.4",
    "SeriesNumber": 20,
    "ShimSetting": [
      3074,
      -4170,
      -753,
      545,
      0,
      6,
      1,
      -20
    ],
    "SliceThickness": 2.4,
    "SliceTiming": [
      0.5475,
      0,
      0.39,
      0.08,
      0.4675,
      0.235,
      0.625,
      0.3125,
      0.7025,
      0.1575,
      0.5475,
      0,
      0.39,
      0.08,
      0.4675,
      0.235,
      0.625,
      0.3125,
      0.7025,
      0.1575,
      0.5475,
      0,
      0.39,
      0.08,
      0.4675,
      0.235,
      0.625,
      0.3125,
      0.7025,
      0.1575,
      0.5475,
      0,
      0.39,
      0.08,
      0.4675,
      0.235,
      0.625,
      0.3125,
      0.7025,
      0.1575,
      0.5475,
      0,
      0.39,
      0.08,
      0.4675,
      0.235,
      0.625,
      0.3125,
      0.7025,
      0.1575,
      0.5475,
      0,
      0.39,
      0.08,
      0.4675,
      0.235,
      0.625,
      0.3125,
      0.7025,
      0.1575
    ],
    "SoftwareVersions": "syngo_MR_E11",
    "SpacingBetweenSlices": 2.4,
    "StationName": "mrc_Trio",
    "TaskName": "emotionalconflict",
    "TotalReadoutTime": 0.046279,
    "TxRefAmp": 208.673,
    "dataset": "ds004146",
    "modality": "bold",
    "session_id": "02",
    "subject_id": "0412",
    "task_id": "emotionalconflict"
  },
  "dummy_trs": 1,
  "dvars_nstd": 29.252153880958108,
  "dvars_std": 1.1730271358203594,
  "dvars_vstd": 1.0213438102754473,
  "efc": 0.4596426064958231,
  "fber": 7543.5830078125,
  "fd_mean": 0.11554610654506285,
  "fd_num": 53,
  "fd_perc": 6.339712918660287,
  "fwhm_avg": 1.770284538194698,
  "fwhm_x": 1.669299767837954,
  "fwhm_y": 1.8777499253849217,
  "fwhm_z": 1.7638039213612189,
  "gcor": 0.0159236,
  "gsr_x": -0.021431049332022667,
  "gsr_y": 0.03259632736444473,
  "provenance": {
    "md5sum": "e0b083c5fe0cb25db24ff840f05db05e",
    "settings": {
      "fd_thres": 0.2,
      "testing": false
    },
    "software": "mriqc",
    "version": "23.0.1",
    "webapi_port": null,
    "webapi_url": "https://mriqc.nimh.nih.gov/api/v1"
  },
  "size_t": 836,
  "size_x": 90,
  "size_y": 90,
  "size_z": 60,
  "snr": 7.2576773462973945,
  "spacing_tr": 0.800000011920929,
  "spacing_x": 2.4000003337860107,
  "spacing_y": 2.4000000953674316,
  "spacing_z": 2.4000003337860107,
  "summary_bg_k": 26.947186086015684,
  "summary_bg_mad": 5.6253755028490025,
  "summary_bg_mean": 26.311206817626953,
  "summary_bg_median": 7.699760437011719,
  "summary_bg_n": 344021.0,
  "summary_bg_p05": 3.15669846534729,
  "summary_bg_p95": 113.64832305908203,
  "summary_bg_stdv": 57.6300163269043,
  "summary_fg_k": 1.7677708225129845,
  "summary_fg_mad": 87.0426134257341,
  "summary_fg_mean": 677.692138671875,
  "summary_fg_median": 674.1124267578125,
  "summary_fg_n": 74321.0,
  "summary_fg_p05": 539.9246215820312,
  "summary_fg_p95": 830.0071411132812,
  "summary_fg_stdv": 92.88204193115234,
  "tsnr": 52.215677976608276
}