{
  "aor": 0.000713888888888889,
  "aqi": 0.004633889660493827,
  "bids_meta": {
    "AcquisitionMatrixPE": 104,
    "AcquisitionNumber": 1,
    "AcquisitionTime": "12:38:17.262500",
    "BandwidthPerPixelPhaseEncode": 17.17,
    "BaseResolution": 104,
    "BodyPartExamined": "BRAIN",
    "ConsistencyInfo": "N4_VE11C_LATEST_20160120",
    "ConversionSoftware": "dcm2niix",
    "ConversionSoftwareVersion": "v1.0.20171215 GCC6.3.0",
    "DerivedVendorReportedEchoSpacing": 0.000560011,
    "DeviceSerialNumber": "167001",
    "DwellTime": 2.1e-06,
    "EchoTime": 0.03,
    "EchoTrainLength": 91,
    "EffectiveEchoSpacing": 0.000560011,
    "FlipAngle": 52,
    "ImageOrientationPatientDICOM": [
      0.996992,
      0.0594678,
      0.0497133,
      -0.0454474,
      0.968059,
      -0.246568
    ],
    "ImageType": [
      "ORIGINAL",
      "PRIMARY",
      "M",
      "ND",
      "MOSAIC"
    ],
    "InPlanePhaseEncodingDirectionDICOM": "COL",
    "InstitutionAddress": "Cooper_60_St._Lucia_QLD_AU_4072",
    "InstitutionName": "St_Lucia_Campus",
    "InstitutionalDepartmentName": "Gehrmann_Labs_MRI",
    "MRAcquisitionType": "2D",
    "MagneticFieldStrength": 3,
    "Manufacturer": "Siemens",
    "ManufacturersModelName": "Prisma_fit",
    "Modality": "MR",
    "MultibandAccelerationFactor": 6,
    "PartialFourier": 0.875,
    "PatientPosition": "HFS",
    "PercentPhaseFOV": 100,
    "PhaseEncodingDirection": "j-",
    "PhaseEncodingSteps": 91,
    "PhaseResolution": 1,
    "PixelBandwidth": 2290,
    "ProcedureStepDescription": "Research_16092_QTAB",
    "ProtocolName": "ep2d_REST_SMS6_A-P",
    "PulseSequenceDetails": "%SiemensSeq%_ep2d_bold",
    "ReceiveCoilActiveElements": "HC1-7;NC1,2",
    "ReceiveCoilName": "HeadNeck_64",
    "ReconMatrixPE": 104,
    "RepetitionTime": 0.93,
    "SAR": 0.0646854,
    "ScanOptions": "PFP_FS",
    "ScanningSequence": "EP",
    "SequenceName": "_epfid2d1_104",
    "SequenceVariant": "SK",
    "SeriesDescription": "ep2d_REST_SMS6_A-P",
    "SeriesNumber": 9,
    "ShimSetting": [
      3072,
      -4170,
      -773,
      524,
      -14,
      69,
      -49,
      -21
    ],
    "SliceThickness": 2,
    "SliceTiming": [
      0.6825,
      0,
      0.455,
      0.075,
      0.53,
      0.15,
      0.605,
      0.3025,
      0.7575,
      0.3775,
      0.8325,
      0.2275,
      0.6825,
      0,
      0.455,
      0.075,
      0.53,
      0.15,
      0.605,
      0.3025,
      0.7575,
      0.3775,
      0.8325,
      0.2275,
      0.6825,
      0,
      0.455,
      0.075,
      0.53,
      0.15,
      0.605,
      0.3025,
      0.7575,
      0.3775,
      0.8325,
      0.2275,
      0.6825,
      0,
      0.455,
      0.075,
      0.53,
      0.15,
      0.605,
      0.3025,
      0.7575,
      0.3775,
      0.8325,
      0.2275,
      0.6825,
      0,
      0.455,
      0.075,
      0.53,
      0.15,
      0.605,
      0.3025,
      0.7575,
      0.3775,
      0.8325,
      0.2275,
      0.6825,
      0,
      0.455,
      0.075,
      0.53,
      0.15,
      0.605,
      0.3025,
      0.7575,
      0.3775,
      0.8325,
      0.2275
    ],
    "SoftwareVersions": "syngo_MR_E11",
    "SpacingBetweenSlices": 2,
    "StationName": "mrc_Trio",
    "TaskName": "rest",
    "TotalReadoutTime": 0.0576811,
    "TxRefAmp": 208.139,
    "dataset": "ds004146",
    "modality": "bold",
    "session_id": "01",
    "subject_id": "0259",
    "task_id": "rest"
  },
  "dummy_trs": 3,
  "dvars_nstd": 35.94355675891642,
  "dvars_std": 1.0794792299071205,
  "dvars_vstd": 1.0078184640557268,
  "efc": 0.5223250232160221,
  "fber": 953.0067749023438,
  "fd_mean": 0.17339077866408634,
  "fd_num": 129,
  "fd_perc": 39.81481481481482,
  "fwhm_avg": 3.2574516666666664,
  "fwhm_x": 3.030555,
  "fwhm_y": 3.3749,
  "fwhm_z": 3.3669,
  "gcor": 0.0066907,
  "gsr_x": -0.013571029528975487,
  "gsr_y": 0.05943307653069496,
  "provenance": {
    "md5sum": "5faad9297c13eb9397de2a8f5083c00a",
    "settings": {
      "fd_thres": 0.2,
      "testing": false
    },
    "software": "mriqc",
    "version": "23.0.1",
    "webapi_port": null,
    "webapi_url": "https://mriqc.nimh.nih.gov/api/v1"
  },
  "size_t": 324,
  "size_x": 104,
  "size_y": 104,
  "size_z": 72,
  "snr": 2.786891614772927,
  "spacing_tr": 0.9300000071525574,
  "spacing_x": 2.0,
  "spacing_y": 2.0,
  "spacing_z": 2.0,
  "summary_bg_k": 52.40178975550803,
  "summary_bg_mad": 5.902953382118205,
  "summary_bg_mean": 35.6408576965332,
  "summary_bg_median": 19.030864715576172,
  "summary_bg_n": 509501.0,
  "summary_bg_p05": 14.5,
  "summary_bg_p95": 109.96296691894531,
  "summary_bg_stdv": 51.6776237487793,
  "summary_fg_k": 0.6551186076724749,
  "summary_fg_mad": 205.96275813935475,
  "summary_fg_mean": 625.3277587890625,
  "summary_fg_median": 593.5833129882812,
  "summary_fg_n": 168222.0,
  "summary_fg_p05": 344.26328430175784,
  "summary_fg_p95": 1024.438232421875,
  "summary_fg_stdv": 212.99053955078125,
  "tsnr": 41.09493992407806
}