{
  "aor": 0.0013190519877675842,
  "aqi": 0.008594089633027522,
  "bids_meta": {
    "AcquisitionMatrixPE": 104,
    "AcquisitionNumber": 1,
    "AcquisitionTime": "12:03:38.292500",
    "BandwidthPerPixelPhaseEncode": 17.17,
    "BaseResolution": 104,
    "BodyPartExamined": "BRAIN",
    "ConsistencyInfo": "N4_VE11C_LATEST_20160120",
    "ConversionSoftware": "dcm2niix",
    "ConversionSoftwareVersion": "v1.0.20171215 GCC6.3.0",
    "DerivedVendorReportedEchoSpacing": 0.000560011,
    "DeviceSerialNumber": "167001",
    "DwellTime": 2.1e-06,
    "EchoTime": 0.03,
    "EchoTrainLength": 91,
    "EffectiveEchoSpacing": 0.000560011,
    "FlipAngle": 52,
    "ImageOrientationPatientDICOM": [
      0.998955,
      -0.00132886,
      -0.0456755,
      -0.00348709,
      0.994445,
      -0.105197
    ],
    "ImageType": [
      "ORIGINAL",
      "PRIMARY",
      "M",
      "ND",
      "MOSAIC"
    ],
    "InPlanePhaseEncodingDirectionDICOM": "COL",
    "InstitutionAddress": "Cooper_60_St._Lucia_QLD_AU_4072",
    "InstitutionName": "St_Lucia_Campus",
    "InstitutionalDepartmentName": "Gehrmann_Labs_MRI",
    "MRAcquisitionType": "2D",
    "MagneticFieldStrength": 3,
    "Manufacturer": "Siemens",
    "ManufacturersModelName": "Prisma_fit",
    "Modality": "MR",
    "MultibandAccelerationFactor": 6,
    "PartialFourier": 0.875,
    "PatientPosition": "HFS",
    "PercentPhaseFOV": 100,
    "PhaseEncodingDirection": "j",
    "PhaseEncodingSteps": 91,
    "PhaseResolution": 1,
    "PixelBandwidth": 2290,
    "ProcedureStepDescription": "Research_16092_QTAB",
    "ProtocolName": "ep2d_REST_SMS6_P-A",
    "PulseSequenceDetails": "%SiemensSeq%_ep2d_bold",
    "ReceiveCoilActiveElements": "HC1-7;NC1,2",
    "ReceiveCoilName": "HeadNeck_64",
    "ReconMatrixPE": 104,
    "RepetitionTime": 0.93,
    "SAR": 0.0673913,
    "ScanOptions": "PFP_FS",
    "ScanningSequence": "EP",
    "SequenceName": "_epfid2d1_104",
    "SequenceVariant": "SK",
    "SeriesDescription": "ep2d_REST_SMS6_P-A",
    "SeriesNumber": 10,
    "ShimSetting": [
      3053,
      -4141,
      -784,
      343,
      90,
      -28,
      71,
      -3
    ],
    "SliceThickness": 2,
    "SliceTiming": [
      0.6825,
      0,
      0.455,
      0.075,
      0.53,
      0.15,
      0.605,
      0.3025,
      0.7575,
      0.3775,
      0.8325,
      0.2275,
      0.6825,
      0,
      0.455,
      0.075,
      0.53,
      0.15,
      0.605,
      0.3025,
      0.7575,
      0.3775,
      0.8325,
      0.2275,
      0.6825,
      0,
      0.455,
      0.075,
      0.53,
      0.15,
      0.605,
      0.3025,
      0.7575,
      0.3775,
      0.8325,
      0.2275,
      0.6825,
      0,
      0.455,
      0.075,
      0.53,
      0.15,
      0.605,
      0.3025,
      0.7575,
      0.3775,
      0.8325,
      0.2275,
      0.6825,
      0,
      0.455,
      0.075,
      0.53,
      0.15,
      0.605,
      0.3025,
      0.7575,
      0.3775,
      0.8325,
      0.2275,
      0.6825,
      0,
      0.455,
      0.075,
      0.53,
      0.15,
      0.605,
      0.3025,
      0.7575,
      0.3775,
      0.8325,
      0.2275
    ],
    "SoftwareVersions": "syngo_MR_E11",
    "SpacingBetweenSlices": 2,
    "StationName": "mrc_Trio",
    "TaskName": "rest",
    "TotalReadoutTime": 0.0576811,
    "TxRefAmp": 205.375,
    "dataset": "ds004146",
    "modality": "bold",
    "session_id": "01",
    "subject_id": "0341",
    "task_id": "rest"
  },
  "dummy_trs": 0,
  "dvars_nstd": 44.25593095315954,
  "dvars_std": 1.0803887026380365,
  "dvars_vstd": 1.0017295660122691,
  "efc": 0.5068095769526003,
  "fber": 983.92333984375,
  "fd_mean": 0.31798113359867414,
  "fd_num": 208,
  "fd_perc": 63.608562691131496,
  "fwhm_avg": 3.1877449999999996,
  "fwhm_x": 2.98155,
  "fwhm_y": 3.182505,
  "fwhm_z": 3.39918,
  "gcor": 0.0228509,
  "gsr_x": -0.017496628686785698,
  "gsr_y": 0.05401909723877907,
  "provenance": {
    "md5sum": "2ff809e60541cca7537d2eea8bacb4e6",
    "settings": {
      "fd_thres": 0.2,
      "testing": false
    },
    "software": "mriqc",
    "version": "23.0.1",
    "webapi_port": null,
    "webapi_url": "https://mriqc.nimh.nih.gov/api/v1"
  },
  "size_t": 327,
  "size_x": 104,
  "size_y": 104,
  "size_z": 72,
  "snr": 2.611385823110919,
  "spacing_tr": 0.9300000071525574,
  "spacing_x": 2.0,
  "spacing_y": 2.0,
  "spacing_z": 2.0,
  "summary_bg_k": 94.35695883731363,
  "summary_bg_mad": 5.073491554397442,
  "summary_bg_mean": 34.3214111328125,
  "summary_bg_median": 18.278287887573242,
  "summary_bg_n": 523035.0,
  "summary_bg_p05": 14.223241806030273,
  "summary_bg_p95": 109.06605987548821,
  "summary_bg_stdv": 51.28941345214844,
  "summary_fg_k": 1.8432408678826784,
  "summary_fg_mad": 210.9557269692726,
  "summary_fg_mean": 605.1773681640625,
  "summary_fg_median": 572.6575317382812,
  "summary_fg_n": 158093.0,
  "summary_fg_p05": 320.056884765625,
  "summary_fg_p95": 1000.6079711914062,
  "summary_fg_stdv": 219.29188537597656,
  "tsnr": 32.99370529362932
}