{
  "bids_meta": {
    "AcquisitionMatrixPE": 256,
    "AcquisitionNumber": 1,
    "AcquisitionTime": "11:00:42.047500",
    "BaseResolution": 256,
    "BodyPartExamined": "BRAIN",
    "ConsistencyInfo": "N4_VE11C_LATEST_20160120",
    "ConversionSoftware": "dcm2niix",
    "ConversionSoftwareVersion": "v1.0.20171215 GCC6.3.0",
    "DeviceSerialNumber": "167001",
    "DwellTime": 2.6e-06,
    "EchoTime": 0.408,
    "EchoTrainLength": 259,
    "FlipAngle": 120,
    "ImageOrientationPatientDICOM": [
      0.0160148,
      0.999872,
      4.24285e-08,
      -0.00692362,
      0.000110937,
      -0.999976
    ],
    "ImageType": [
      "ORIGINAL",
      "PRIMARY",
      "M",
      "ND",
      "NORM"
    ],
    "InPlanePhaseEncodingDirectionDICOM": "ROW",
    "InstitutionAddress": "Cooper_60_St._Lucia_QLD_AU_4072",
    "InstitutionName": "St_Lucia_Campus",
    "InstitutionalDepartmentName": "Gehrmann_Labs_MRI",
    "MRAcquisitionType": "3D",
    "MagneticFieldStrength": 3,
    "Manufacturer": "Siemens",
    "ManufacturersModelName": "Prisma_fit",
    "Modality": "MR",
    "ParallelReductionFactorInPlane": 2,
    "PartialFourier": 1,
    "PatientPosition": "HFS",
    "PercentPhaseFOV": 100,
    "PhaseEncodingSteps": 233,
    "PhaseResolution": 1,
    "PixelBandwidth": 750,
    "ProcedureStepDescription": "Research_16092_QTAB",
    "ProtocolName": "t2_spc_sag_p2_iso",
    "PulseSequenceDetails": "%SiemensSeq%_tse_vfl",
    "ReceiveCoilActiveElements": "HC1-7;NC1,2",
    "ReceiveCoilName": "HeadNeck_64",
    "ReconMatrixPE": 256,
    "RepetitionTime": 3.2,
    "SAR": 0.151841,
    "ScanOptions": "PFP",
    "ScanningSequence": "SE",
    "SequenceName": "_spcR_282ns",
    "SequenceVariant": "SK_SP",
    "SeriesDescription": "t2_spc_sag_p2_iso",
    "SeriesNumber": 23,
    "ShimSetting": [
      3045,
      -4172,
      -1048,
      3,
      -5,
      36,
      -4,
      -10
    ],
    "SliceThickness": 1,
    "SoftwareVersions": "syngo_MR_E11",
    "StationName": "mrc_Trio",
    "TxRefAmp": 214.306,
    "dataset": "ds004146",
    "modality": "T2w",
    "session_id": "01",
    "subject_id": "0337"
  },
  "cjv": 1.808227976908405,
  "cnr": 0.35232170022159676,
  "efc": 0.667113442714982,
  "fber": 7522.610564403388,
  "fwhm_avg": 4.163258378638954,
  "fwhm_x": 4.322200257623211,
  "fwhm_y": 4.43402493392788,
  "fwhm_z": 3.7335499443657705,
  "icvs_csf": 0.4878438615274754,
  "icvs_gm": 0.3987315570511175,
  "icvs_wm": 0.11342458142140711,
  "inu_med": 1.0400646328926086,
  "inu_range": 0.3791250944137574,
  "provenance": {
    "md5sum": "cab9d913106ab3af83d41c2308f12102",
    "settings": {
      "testing": false
    },
    "software": "mriqc",
    "version": "23.0.1",
    "warnings": {
      "large_rot_frame": true,
      "small_air_mask": false
    },
    "webapi_port": null,
    "webapi_url": "https://mriqc.nimh.nih.gov/api/v1"
  },
  "qi_1": 0.0028396002037297495,
  "qi_2": 0.009439622479185662,
  "rpve_csf": 8.733049452601799,
  "rpve_gm": 10.42064648929046,
  "rpve_wm": 34.93008816542819,
  "size_x": 192,
  "size_y": 300,
  "size_z": 320,
  "snr_csf": 17.647912096710513,
  "snr_gm": 12.840139645974523,
  "snr_total": 10.310327555835629,
  "snr_wm": 0.4429309248218499,
  "snrd_csf": 48.92140388739261,
  "snrd_gm": 31.858203651460197,
  "snrd_total": 32.83585267511996,
  "snrd_wm": 17.727950486507076,
  "spacing_x": 0.7999999523162842,
  "spacing_y": 0.800000011920929,
  "spacing_z": 0.800000011920929,
  "summary_bg_k": 4.563078239184861,
  "summary_bg_mad": 0.0,
  "summary_bg_mean": 24.034565945001805,
  "summary_bg_median": 0.0,
  "summary_bg_n": 1683005.0,
  "summary_bg_p05": 0.0,
  "summary_bg_p95": 104.22350700944662,
  "summary_bg_stdv": 37.32200837853164,
  "summary_csf_k": 0.20997835902372808,
  "summary_csf_mad": 155.16921528944658,
  "summary_csf_mean": 2792.072435946013,
  "summary_csf_median": 2786.9693178012967,
  "summary_csf_n": 357305.0,
  "summary_csf_p05": 2542.398763656616,
  "summary_csf_p95": 3058.714377962053,
  "summary_csf_stdv": 157.9204045520826,
  "summary_gm_k": -0.21562682007717315,
  "summary_gm_mad": 148.37348323297448,
  "summary_gm_mean": 1817.3138404610074,
  "summary_gm_median": 1814.9077712744474,
  "summary_gm_n": 424634.0,
  "summary_gm_p05": 1591.509322218597,
  "summary_gm_p95": 2050.856694996357,
  "summary_gm_stdv": 141.3462535679046,
  "summary_wm_k": -1.6285152259116242,
  "summary_wm_mad": 1307.2076020056716,
  "summary_wm_mean": 2408.302832352578,
  "summary_wm_median": 1009.9312396496534,
  "summary_wm_n": 77283.0,
  "summary_wm_p05": 120.04801854491234,
  "summary_wm_p95": 5851.467827565968,
  "summary_wm_stdv": 2280.0952677985924,
  "tpm_overlap_csf": 0.10492995705701204,
  "tpm_overlap_gm": 0.2453296949722021,
  "tpm_overlap_wm": 0.03212679029743279,
  "wm2max": 0.1797242165495768
}