{
  "bids_meta": {
    "AcquisitionMatrixPE": 256,
    "AcquisitionNumber": 1,
    "AcquisitionTime": "09:57:39.305000",
    "BaseResolution": 256,
    "BodyPartExamined": "BRAIN",
    "ConsistencyInfo": "N4_VE11C_LATEST_20160120",
    "ConversionSoftware": "dcm2niix",
    "ConversionSoftwareVersion": "v1.0.20171215 GCC6.3.0",
    "DeviceSerialNumber": "167001",
    "DwellTime": 2.6e-06,
    "EchoTime": 0.408,
    "EchoTrainLength": 259,
    "FlipAngle": 120,
    "ImageOrientationPatientDICOM": [
      0,
      1,
      0,
      0,
      0,
      -1
    ],
    "ImageType": [
      "ORIGINAL",
      "PRIMARY",
      "M",
      "ND",
      "NORM"
    ],
    "InPlanePhaseEncodingDirectionDICOM": "ROW",
    "InstitutionAddress": "Cooper_60_St._Lucia_QLD_AU_4072",
    "InstitutionName": "St_Lucia_Campus",
    "InstitutionalDepartmentName": "Gehrmann_Labs_MRI",
    "MRAcquisitionType": "3D",
    "MagneticFieldStrength": 3,
    "Manufacturer": "Siemens",
    "ManufacturersModelName": "Prisma_fit",
    "Modality": "MR",
    "ParallelReductionFactorInPlane": 2,
    "PartialFourier": 1,
    "PatientPosition": "HFS",
    "PercentPhaseFOV": 100,
    "PhaseEncodingSteps": 233,
    "PhaseResolution": 1,
    "PixelBandwidth": 750,
    "ProcedureStepDescription": "Research_16092_QTAB",
    "ProtocolName": "t2_spc_sag_p2_iso",
    "PulseSequenceDetails": "%SiemensSeq%_tse_vfl",
    "ReceiveCoilActiveElements": "HC1-7;NC1",
    "ReceiveCoilName": "HeadNeck_64",
    "ReconMatrixPE": 256,
    "RepetitionTime": 3.2,
    "SAR": 0.187605,
    "ScanOptions": "PFP",
    "ScanningSequence": "SE",
    "SequenceName": "_spcR_282ns",
    "SequenceVariant": "SK_SP",
    "SeriesDescription": "t2_spc_sag_p2_iso",
    "SeriesNumber": 23,
    "ShimSetting": [
      3044,
      -4172,
      -1039,
      -11,
      -3,
      35,
      -21,
      -13
    ],
    "SliceThickness": 1,
    "SoftwareVersions": "syngo_MR_E11",
    "StationName": "mrc_Trio",
    "TxRefAmp": 211.969,
    "dataset": "ds004146",
    "modality": "T2w",
    "session_id": "01",
    "subject_id": "0125"
  },
  "cjv": 0.6409699604579976,
  "cnr": 1.2426531414332018,
  "efc": 0.6175203494648354,
  "fber": -1.0,
  "fwhm_avg": 4.0311833808532045,
  "fwhm_x": 4.332112758214042,
  "fwhm_y": 4.116212438663655,
  "fwhm_z": 3.6452249456819157,
  "icvs_csf": 0.42561958222915663,
  "icvs_gm": 0.13469917203468967,
  "icvs_wm": 0.4396812457361537,
  "inu_med": 0.9992538690567017,
  "inu_range": 0.2515156626701355,
  "provenance": {
    "md5sum": "9f3e9a38ebf455b96306372df5d8b87b",
    "settings": {
      "testing": false
    },
    "software": "mriqc",
    "version": "23.0.1",
    "warnings": {
      "large_rot_frame": true,
      "small_air_mask": false
    },
    "webapi_port": null,
    "webapi_url": "https://mriqc.nimh.nih.gov/api/v1"
  },
  "qi_1": 0.0002133817343756125,
  "qi_2": 0.016066031729651143,
  "rpve_csf": 11.013234214133734,
  "rpve_gm": 37.268874274378746,
  "rpve_wm": 11.165126929132695,
  "size_x": 192,
  "size_y": 300,
  "size_z": 320,
  "snr_csf": 15.264042141848204,
  "snr_gm": 2.060619908512976,
  "snr_total": 9.653112215208196,
  "snr_wm": 11.634674595263409,
  "snrd_csf": 79.49510166044584,
  "snrd_gm": 131.68010319025893,
  "snrd_total": 87.74923968278448,
  "snrd_wm": 52.07251419764863,
  "spacing_x": 0.7999999523162842,
  "spacing_y": 0.800000011920929,
  "spacing_z": 0.800000011920929,
  "summary_bg_k": 11.304188908953467,
  "summary_bg_mad": 0.0,
  "summary_bg_mean": 6.013201647824637,
  "summary_bg_median": 0.0,
  "summary_bg_n": 2276111.0,
  "summary_bg_p05": 0.0,
  "summary_bg_p95": 32.167669583112,
  "summary_bg_stdv": 12.580498128395512,
  "summary_csf_k": 0.3955827499307114,
  "summary_csf_mad": 96.07615734984664,
  "summary_csf_mean": 1530.711352662631,
  "summary_csf_median": 1526.53398232162,
  "summary_csf_n": 119354.0,
  "summary_csf_p05": 1375.1532795466483,
  "summary_csf_p95": 1701.7923200502992,
  "summary_csf_stdv": 100.0080825994625,
  "summary_gm_k": -1.5164732867080684,
  "summary_gm_mad": 891.6473287742749,
  "summary_gm_mean": 1939.9317625611625,
  "summary_gm_median": 2528.6357035450637,
  "summary_gm_n": 72274.0,
  "summary_gm_p05": 113.879972182028,
  "summary_gm_p95": 3274.2163144877163,
  "summary_gm_stdv": 1227.1152965377478,
  "summary_wm_k": 0.017480776090172956,
  "summary_wm_mad": 88.19964354909345,
  "summary_wm_mean": 1000.0015030577971,
  "summary_wm_median": 999.9416417777538,
  "summary_wm_n": 306657.0,
  "summary_wm_p05": 860.6457077935338,
  "summary_wm_p95": 1139.879761543125,
  "summary_wm_stdv": 85.94481978829764,
  "tpm_overlap_csf": 0.1059479498439901,
  "tpm_overlap_gm": 0.09683862185618385,
  "tpm_overlap_wm": 0.41309773487029544,
  "wm2max": 0.31756744229164735
}