{
  "bids_meta": {
    "AcquisitionMatrixPE": 256,
    "AcquisitionNumber": 1,
    "AcquisitionTime": "11:58:47.170000",
    "BaseResolution": 256,
    "BodyPartExamined": "BRAIN",
    "CoilString": "HC1-7;NC1_2",
    "ConsistencyInfo": "N4_VE11C_LATEST_20160120",
    "ConversionSoftware": "dcm2niix",
    "ConversionSoftwareVersion": "v1.0.20181125  (JP2:OpenJPEG) GCC6.3.0",
    "DeviceSerialNumber": "167001",
    "DwellTime": 2.6e-06,
    "EchoTime": 0.408,
    "EchoTrainLength": 259,
    "FlipAngle": 120,
    "ImageOrientationPatientDICOM": [
      -0.0340791,
      0.998049,
      -0.0523188,
      -0.0237944,
      -0.0531447,
      -0.998303
    ],
    "ImageType": [
      "ORIGINAL",
      "PRIMARY",
      "M",
      "ND",
      "NORM"
    ],
    "ImagingFrequency": 123.229,
    "InPlanePhaseEncodingDirectionDICOM": "ROW",
    "InstitutionAddress": "Cooper_60_St._Lucia_QLD_AU_4072",
    "InstitutionName": "St_Lucia_Campus",
    "InstitutionalDepartmentName": "Gehrmann_Labs_MRI",
    "MRAcquisitionType": "3D",
    "MagneticFieldStrength": 3,
    "Manufacturer": "Siemens",
    "ManufacturersModelName": "Prisma_fit",
    "Modality": "MR",
    "PartialFourier": 1,
    "PatientPosition": "HFS",
    "PercentPhaseFOV": 100,
    "PhaseEncodingSteps": 233,
    "PhaseResolution": 1,
    "PixelBandwidth": 750,
    "ProcedureStepDescription": "Research_16092_QTAB",
    "ProtocolName": "t2_spc_sag_p2_iso",
    "PulseSequenceDetails": "%SiemensSeq%_tse_vfl",
    "ReceiveCoilActiveElements": "HC1-7;NC1,2",
    "ReceiveCoilName": "HeadNeck_64",
    "ReconMatrixPE": 256,
    "RepetitionTime": 3.2,
    "SAR": 0.155098,
    "ScanOptions": "PFP",
    "ScanningSequence": "SE",
    "SequenceName": "_spcR_282ns",
    "SequenceVariant": "SK_SP",
    "SeriesDescription": "t2_spc_sag_p2_iso",
    "SeriesNumber": 23,
    "ShimSetting": [
      3044,
      -4172,
      -1039,
      -11,
      -3,
      35,
      -21,
      -13
    ],
    "SliceThickness": 1,
    "SoftwareVersions": "syngo_MR_E11",
    "StationName": "mrc_Trio",
    "TxRefAmp": 217.323,
    "dataset": "ds004146",
    "modality": "T2w",
    "session_id": "01",
    "subject_id": "0352"
  },
  "cjv": 1.9813866073620399,
  "cnr": 0.3908735466609271,
  "efc": 0.6683126202287637,
  "fber": 8468.46660853992,
  "fwhm_avg": 4.053420880048417,
  "fwhm_x": 4.313050257077829,
  "fwhm_y": 4.127774938491361,
  "fwhm_z": 3.719437444576063,
  "icvs_csf": 0.32750650036279855,
  "icvs_gm": 0.5270614465007787,
  "icvs_wm": 0.14543205313642274,
  "inu_med": 1.0048133730888367,
  "inu_range": 0.27408423125743864,
  "provenance": {
    "md5sum": "7c17c22124c4611bee238d1eb2b48e80",
    "settings": {
      "testing": false
    },
    "software": "mriqc",
    "version": "23.0.1",
    "warnings": {
      "large_rot_frame": true,
      "small_air_mask": false
    },
    "webapi_port": null,
    "webapi_url": "https://mriqc.nimh.nih.gov/api/v1"
  },
  "qi_1": 0.008045345459362871,
  "qi_2": 0.002927825654470992,
  "rpve_csf": 12.160514819052175,
  "rpve_gm": 8.697847873496343,
  "rpve_wm": 32.04532951919903,
  "size_x": 192,
  "size_y": 300,
  "size_z": 320,
  "snr_csf": 16.185207938457047,
  "snr_gm": 14.554510123075636,
  "snr_total": 10.434084424039478,
  "snr_wm": 0.5625352105857487,
  "snrd_csf": 43.490527037816946,
  "snrd_gm": 30.52957398405715,
  "snrd_total": 30.67199097936734,
  "snrd_wm": 17.99587191622793,
  "spacing_x": 0.7999999523162842,
  "spacing_y": 0.800000011920929,
  "spacing_z": 0.800000011920929,
  "summary_bg_k": 10.836960557468872,
  "summary_bg_mad": 0.0,
  "summary_bg_mean": 17.68592134312634,
  "summary_bg_median": 0.0,
  "summary_bg_n": 2373801.0,
  "summary_bg_p05": 0.0,
  "summary_bg_p95": 96.97636812925339,
  "summary_bg_stdv": 36.75323068386893,
  "summary_csf_k": 0.6825348227772423,
  "summary_csf_mad": 143.2750994794102,
  "summary_csf_mean": 2449.4393927728447,
  "summary_csf_median": 2439.823787510395,
  "summary_csf_n": 63125.0,
  "summary_csf_p05": 2221.5634375810623,
  "summary_csf_p95": 2713.983179330826,
  "summary_csf_stdv": 150.7428555366164,
  "summary_gm_k": 0.1921888337812443,
  "summary_gm_mad": 118.0355771346587,
  "summary_gm_mean": 1715.870959179247,
  "summary_gm_median": 1712.7127653360367,
  "summary_gm_n": 291916.0,
  "summary_gm_p05": 1529.685750901699,
  "summary_gm_p95": 1911.8319281935692,
  "summary_gm_stdv": 117.67553955985397,
  "summary_wm_k": -1.6945547266613943,
  "summary_wm_mad": 1275.1609423430416,
  "summary_wm_mean": 2022.3328998975967,
  "summary_wm_median": 1009.570574760437,
  "summary_wm_n": 92504.0,
  "summary_wm_p05": 132.22240795195108,
  "summary_wm_p95": 4556.195391714573,
  "summary_wm_stdv": 1794.670091481377,
  "tpm_overlap_csf": 0.10886248223725077,
  "tpm_overlap_gm": 0.34848291492452466,
  "tpm_overlap_wm": 0.05868251369023819,
  "wm2max": 0.22310398832911169
}