{
  "bids_meta": {
    "AcquisitionMatrixPE": 256,
    "AcquisitionNumber": 1,
    "AcquisitionTime": "14:16:5.680000",
    "BaseResolution": 256,
    "BodyPartExamined": "BRAIN",
    "ConsistencyInfo": "N4_VE11C_LATEST_20160120",
    "ConversionSoftware": "dcm2niix",
    "ConversionSoftwareVersion": "v1.0.20171215 GCC6.3.0",
    "DeviceSerialNumber": "167001",
    "DwellTime": 2.6e-06,
    "EchoTime": 0.408,
    "EchoTrainLength": 259,
    "FlipAngle": 120,
    "ImageOrientationPatientDICOM": [
      -0.00842099,
      0.999965,
      2.53191e-09,
      0.00227844,
      1.919e-05,
      -0.999997
    ],
    "ImageType": [
      "ORIGINAL",
      "PRIMARY",
      "M",
      "ND",
      "NORM"
    ],
    "InPlanePhaseEncodingDirectionDICOM": "ROW",
    "InstitutionAddress": "Cooper_60_St._Lucia_QLD_AU_4072",
    "InstitutionName": "St_Lucia_Campus",
    "InstitutionalDepartmentName": "Gehrmann_Labs_MRI",
    "MRAcquisitionType": "3D",
    "MagneticFieldStrength": 3,
    "Manufacturer": "Siemens",
    "ManufacturersModelName": "Prisma_fit",
    "Modality": "MR",
    "ParallelReductionFactorInPlane": 2,
    "PartialFourier": 1,
    "PatientPosition": "HFS",
    "PercentPhaseFOV": 100,
    "PhaseEncodingSteps": 233,
    "PhaseResolution": 1,
    "PixelBandwidth": 750,
    "ProcedureStepDescription": "Research_16092_QTAB",
    "ProtocolName": "t2_spc_sag_p2_iso",
    "PulseSequenceDetails": "%SiemensSeq%_tse_vfl",
    "ReceiveCoilActiveElements": "HC1-7;NC1",
    "ReceiveCoilName": "HeadNeck_64",
    "ReconMatrixPE": 256,
    "RepetitionTime": 3.2,
    "SAR": 0.205438,
    "ScanOptions": "PFP",
    "ScanningSequence": "SE",
    "SequenceName": "_spcR_282ns",
    "SequenceVariant": "SK_SP",
    "SeriesDescription": "t2_spc_sag_p2_iso",
    "SeriesNumber": 13,
    "ShimSetting": [
      3045,
      -4172,
      -1048,
      3,
      -5,
      36,
      -4,
      -10
    ],
    "SliceThickness": 1,
    "SoftwareVersions": "syngo_MR_E11",
    "StationName": "mrc_Trio",
    "TxRefAmp": 206.561,
    "dataset": "ds004146",
    "modality": "T2w",
    "session_id": "01",
    "subject_id": "0369"
  },
  "cjv": 1.8933412621218064,
  "cnr": 0.7342199529690678,
  "efc": 0.5967258678947502,
  "fber": -1.0,
  "fwhm_avg": 3.9683208806726515,
  "fwhm_x": 4.287125255532578,
  "fwhm_y": 4.035662439863944,
  "fwhm_z": 3.582174946621434,
  "icvs_csf": 0.4006759831379767,
  "icvs_gm": 0.41898385571120383,
  "icvs_wm": 0.18034016115081944,
  "inu_med": 0.9971676468849182,
  "inu_range": 0.2799862027168274,
  "provenance": {
    "md5sum": "4b044925627f413c5bdfab1c88c7d40a",
    "settings": {
      "testing": false
    },
    "software": "mriqc",
    "version": "23.0.1",
    "warnings": {
      "large_rot_frame": true,
      "small_air_mask": false
    },
    "webapi_port": null,
    "webapi_url": "https://mriqc.nimh.nih.gov/api/v1"
  },
  "qi_1": 0.0,
  "qi_2": 0.007176239890227095,
  "rpve_csf": 11.745376154781212,
  "rpve_gm": 10.694245518525644,
  "rpve_wm": 31.195336953267468,
  "size_x": 192,
  "size_y": 300,
  "size_z": 320,
  "snr_csf": 17.608630130959046,
  "snr_gm": 17.14272096750881,
  "snr_total": 12.13989090146758,
  "snr_wm": 1.6683216059348873,
  "snrd_csf": 72.25497661761565,
  "snrd_gm": 46.744446143704586,
  "snrd_total": 67.52940259842067,
  "snrd_wm": 83.58878503394179,
  "spacing_x": 0.7999999523162842,
  "spacing_y": 0.800000011920929,
  "spacing_z": 0.800000011920929,
  "summary_bg_k": 10.12861212662598,
  "summary_bg_mad": 0.0,
  "summary_bg_mean": 4.306086760649082,
  "summary_bg_median": 0.0,
  "summary_bg_n": 1743125.0,
  "summary_bg_p05": 0.0,
  "summary_bg_p95": 22.010507902130485,
  "summary_bg_stdv": 7.908700371996982,
  "summary_csf_k": 1.0531952011360248,
  "summary_csf_mad": 44.94484714339299,
  "summary_csf_mean": 874.3362433431842,
  "summary_csf_median": 872.2503595501184,
  "summary_csf_n": 56215.0,
  "summary_csf_p05": 796.5089500011876,
  "summary_csf_p95": 958.6261500231922,
  "summary_csf_stdv": 49.53494933249974,
  "summary_gm_k": 0.7883486394118835,
  "summary_gm_mad": 31.078883662984513,
  "summary_gm_mean": 565.0789637214913,
  "summary_gm_median": 564.2913729194552,
  "summary_gm_n": 138426.0,
  "summary_gm_p05": 513.202269718051,
  "summary_gm_p95": 620.2448252420872,
  "summary_gm_stdv": 32.91713933530713,
  "summary_wm_k": -1.7165060207159941,
  "summary_wm_mad": 811.0393294359612,
  "summary_wm_mean": 851.3196884702165,
  "summary_wm_median": 1009.0702566560358,
  "summary_wm_n": 75421.0,
  "summary_wm_p05": 43.32226952165365,
  "summary_wm_p95": 1590.1852900721133,
  "summary_wm_stdv": 604.8375585738627,
  "tpm_overlap_csf": 0.12311262633642583,
  "tpm_overlap_gm": 0.313341148276413,
  "tpm_overlap_wm": 0.09442300147279395,
  "wm2max": 0.6508294188001594
}