{
  "aor": 0.001853159509202454,
  "aqi": 0.010828987239263803,
  "bids_meta": {
    "AcquisitionMatrixPE": 104,
    "AcquisitionNumber": 1,
    "AcquisitionTime": "10:58:58.805000",
    "BandwidthPerPixelPhaseEncode": 17.17,
    "BaseResolution": 104,
    "BodyPartExamined": "BRAIN",
    "ConsistencyInfo": "N4_VE11C_LATEST_20160120",
    "ConversionSoftware": "dcm2niix",
    "ConversionSoftwareVersion": "v1.0.20171215 GCC6.3.0",
    "DerivedVendorReportedEchoSpacing": 0.000560011,
    "DeviceSerialNumber": "167001",
    "DwellTime": 2.1e-06,
    "EchoTime": 0.03,
    "EchoTrainLength": 91,
    "EffectiveEchoSpacing": 0.000560011,
    "FlipAngle": 52,
    "ImageOrientationPatientDICOM": [
      0.99479,
      0.0969684,
      -0.0314775,
      -0.101924,
      0.939071,
      -0.328263
    ],
    "ImageType": [
      "ORIGINAL",
      "PRIMARY",
      "M",
      "ND",
      "MOSAIC"
    ],
    "InPlanePhaseEncodingDirectionDICOM": "COL",
    "InstitutionAddress": "Cooper_60_St._Lucia_QLD_AU_4072",
    "InstitutionName": "St_Lucia_Campus",
    "InstitutionalDepartmentName": "Gehrmann_Labs_MRI",
    "MRAcquisitionType": "2D",
    "MagneticFieldStrength": 3,
    "Manufacturer": "Siemens",
    "ManufacturersModelName": "Prisma_fit",
    "Modality": "MR",
    "MultibandAccelerationFactor": 6,
    "PartialFourier": 0.875,
    "PatientPosition": "HFS",
    "PercentPhaseFOV": 100,
    "PhaseEncodingDirection": "j-",
    "PhaseEncodingSteps": 91,
    "PhaseResolution": 1,
    "PixelBandwidth": 2290,
    "ProcedureStepDescription": "Research_16092_QTAB",
    "ProtocolName": "ep2d_REST_SMS6_A-P",
    "PulseSequenceDetails": "%SiemensSeq%_ep2d_bold",
    "ReceiveCoilActiveElements": "HC1-7;NC1,2",
    "ReceiveCoilName": "HeadNeck_64",
    "ReconMatrixPE": 104,
    "RepetitionTime": 0.93,
    "SAR": 0.0583455,
    "ScanOptions": "PFP_FS",
    "ScanningSequence": "EP",
    "SequenceName": "_epfid2d1_104",
    "SequenceVariant": "SK",
    "SeriesDescription": "ep2d_REST_SMS6_A-P",
    "SeriesNumber": 9,
    "ShimSetting": [
      3041,
      -4162,
      -785,
      461,
      -15,
      -262,
      -101,
      184
    ],
    "SliceThickness": 2,
    "SliceTiming": [
      0.6825,
      0,
      0.455,
      0.0775,
      0.5325,
      0.1525,
      0.6075,
      0.305,
      0.76,
      0.38,
      0.835,
      0.2275,
      0.6825,
      0,
      0.455,
      0.0775,
      0.5325,
      0.1525,
      0.6075,
      0.305,
      0.76,
      0.38,
      0.835,
      0.2275,
      0.6825,
      0,
      0.455,
      0.0775,
      0.5325,
      0.1525,
      0.6075,
      0.305,
      0.76,
      0.38,
      0.835,
      0.2275,
      0.6825,
      0,
      0.455,
      0.0775,
      0.5325,
      0.1525,
      0.6075,
      0.305,
      0.76,
      0.38,
      0.835,
      0.2275,
      0.6825,
      0,
      0.455,
      0.0775,
      0.5325,
      0.1525,
      0.6075,
      0.305,
      0.76,
      0.38,
      0.835,
      0.2275,
      0.6825,
      0,
      0.455,
      0.0775,
      0.5325,
      0.1525,
      0.6075,
      0.305,
      0.76,
      0.38,
      0.835,
      0.2275
    ],
    "SoftwareVersions": "syngo_MR_E11",
    "SpacingBetweenSlices": 2,
    "StationName": "mrc_Trio",
    "TaskName": "rest",
    "TotalReadoutTime": 0.0576811,
    "TxRefAmp": 219.057,
    "dataset": "ds004146",
    "modality": "bold",
    "session_id": "01",
    "subject_id": "0192",
    "task_id": "rest"
  },
  "dummy_trs": 1,
  "dvars_nstd": 39.73896925686152,
  "dvars_std": 1.0129153885230777,
  "dvars_vstd": 0.995199627661538,
  "efc": 0.5550989250443302,
  "fber": 603.6488037109375,
  "fd_mean": 0.18824428301368612,
  "fd_num": 98,
  "fd_perc": 30.061349693251532,
  "fwhm_avg": 3.1529100660047966,
  "fwhm_x": 2.853475,
  "fwhm_y": 3.283125,
  "fwhm_z": 3.3221301980143902,
  "gcor": 0.00469713,
  "gsr_x": -0.015040519647300243,
  "gsr_y": 0.07575388252735138,
  "provenance": {
    "md5sum": "b413fe7952281ad7be98ba29a64d0b37",
    "settings": {
      "fd_thres": 0.2,
      "testing": false
    },
    "software": "mriqc",
    "version": "23.0.1",
    "webapi_port": null,
    "webapi_url": "https://mriqc.nimh.nih.gov/api/v1"
  },
  "size_t": 326,
  "size_x": 104,
  "size_y": 104,
  "size_z": 72,
  "snr": 2.744790641289234,
  "spacing_tr": 0.9300000071525574,
  "spacing_x": 2.0,
  "spacing_y": 2.0,
  "spacing_z": 1.9999998807907104,
  "summary_bg_k": 58.53992232821722,
  "summary_bg_mad": 9.232155881768515,
  "summary_bg_mean": 40.918739318847656,
  "summary_bg_median": 21.150306701660156,
  "summary_bg_n": 493641.0,
  "summary_bg_p05": 14.248465538024902,
  "summary_bg_p95": 125.68404388427734,
  "summary_bg_stdv": 58.89630889892578,
  "summary_fg_k": 0.659004728102079,
  "summary_fg_mad": 181.72794898718936,
  "summary_fg_mean": 563.5985717773438,
  "summary_fg_median": 530.4141235351562,
  "summary_fg_n": 180771.0,
  "summary_fg_p05": 315.08741760253906,
  "summary_fg_p95": 930.6242065429688,
  "summary_fg_stdv": 193.24339294433594,
  "tsnr": 29.2433036462171
}