{
  "aor": 0.022408409785932722,
  "aqi": 0.01680378363914373,
  "bids_meta": {
    "AcquisitionMatrixPE": 104,
    "AcquisitionNumber": 1,
    "AcquisitionTime": "14:07:8.670000",
    "BandwidthPerPixelPhaseEncode": 17.17,
    "BaseResolution": 104,
    "BodyPartExamined": "BRAIN",
    "ConsistencyInfo": "N4_VE11C_LATEST_20160120",
    "ConversionSoftware": "dcm2niix",
    "ConversionSoftwareVersion": "v1.0.20171215 GCC6.3.0",
    "DerivedVendorReportedEchoSpacing": 0.000560011,
    "DeviceSerialNumber": "167001",
    "DwellTime": 2.1e-06,
    "EchoTime": 0.03,
    "EchoTrainLength": 91,
    "EffectiveEchoSpacing": 0.000560011,
    "FlipAngle": 52,
    "ImageOrientationPatientDICOM": [
      0.999671,
      0.0209842,
      -0.0147309,
      -0.0237332,
      0.974744,
      -0.222062
    ],
    "ImageType": [
      "ORIGINAL",
      "PRIMARY",
      "M",
      "ND",
      "MOSAIC"
    ],
    "InPlanePhaseEncodingDirectionDICOM": "COL",
    "InstitutionAddress": "Cooper_60_St._Lucia_QLD_AU_4072",
    "InstitutionName": "St_Lucia_Campus",
    "InstitutionalDepartmentName": "Gehrmann_Labs_MRI",
    "MRAcquisitionType": "2D",
    "MagneticFieldStrength": 3,
    "Manufacturer": "Siemens",
    "ManufacturersModelName": "Prisma_fit",
    "Modality": "MR",
    "MultibandAccelerationFactor": 6,
    "PartialFourier": 0.875,
    "PatientPosition": "HFS",
    "PercentPhaseFOV": 100,
    "PhaseEncodingDirection": "j",
    "PhaseEncodingSteps": 91,
    "PhaseResolution": 1,
    "PixelBandwidth": 2290,
    "ProcedureStepDescription": "Research_16092_QTAB",
    "ProtocolName": "ep2d_REST_SMS6_P-A",
    "PulseSequenceDetails": "%SiemensSeq%_ep2d_bold",
    "ReceiveCoilActiveElements": "HC1-7;NC1,2",
    "ReceiveCoilName": "HeadNeck_64",
    "ReconMatrixPE": 104,
    "RepetitionTime": 0.93,
    "SAR": 0.0799696,
    "ScanOptions": "PFP_FS",
    "ScanningSequence": "EP",
    "SequenceName": "_epfid2d1_104",
    "SequenceVariant": "SK",
    "SeriesDescription": "ep2d_REST_SMS6_P-A",
    "SeriesNumber": 12,
    "ShimSetting": [
      3047,
      -4155,
      -800,
      596,
      -70,
      70,
      17,
      19
    ],
    "SliceThickness": 2,
    "SliceTiming": [
      0.6825,
      0,
      0.455,
      0.0775,
      0.5325,
      0.1525,
      0.6075,
      0.305,
      0.76,
      0.38,
      0.835,
      0.2275,
      0.6825,
      0,
      0.455,
      0.0775,
      0.5325,
      0.1525,
      0.6075,
      0.305,
      0.76,
      0.38,
      0.835,
      0.2275,
      0.6825,
      0,
      0.455,
      0.0775,
      0.5325,
      0.1525,
      0.6075,
      0.305,
      0.76,
      0.38,
      0.835,
      0.2275,
      0.6825,
      0,
      0.455,
      0.0775,
      0.5325,
      0.1525,
      0.6075,
      0.305,
      0.76,
      0.38,
      0.835,
      0.2275,
      0.6825,
      0,
      0.455,
      0.0775,
      0.5325,
      0.1525,
      0.6075,
      0.305,
      0.76,
      0.38,
      0.835,
      0.2275,
      0.6825,
      0,
      0.455,
      0.0775,
      0.5325,
      0.1525,
      0.6075,
      0.305,
      0.76,
      0.38,
      0.835,
      0.2275
    ],
    "SoftwareVersions": "syngo_MR_E11",
    "SpacingBetweenSlices": 2,
    "StationName": "mrc_Trio",
    "TaskName": "rest",
    "TotalReadoutTime": 0.0576811,
    "TxRefAmp": 206.561,
    "dataset": "ds004146",
    "modality": "bold",
    "session_id": "01",
    "subject_id": "0369",
    "task_id": "rest"
  },
  "dummy_trs": 0,
  "dvars_nstd": 53.484495045674805,
  "dvars_std": 1.2515064672392646,
  "dvars_vstd": 1.2007638740490802,
  "efc": 0.4859707592911316,
  "fber": 1123.701416015625,
  "fd_mean": 0.6287657029816338,
  "fd_num": 121,
  "fd_perc": 37.00305810397553,
  "fwhm_avg": 3.0053033333333334,
  "fwhm_x": 2.88122,
  "fwhm_y": 3.05888,
  "fwhm_z": 3.07581,
  "gcor": 0.0798517,
  "gsr_x": -0.003961160778999329,
  "gsr_y": 0.04265497252345085,
  "provenance": {
    "md5sum": "a161c472867d42bd7d6610d7c0c011f7",
    "settings": {
      "fd_thres": 0.2,
      "testing": false
    },
    "software": "mriqc",
    "version": "23.0.1",
    "webapi_port": null,
    "webapi_url": "https://mriqc.nimh.nih.gov/api/v1"
  },
  "size_t": 327,
  "size_x": 104,
  "size_y": 104,
  "size_z": 72,
  "snr": 2.9929398011368296,
  "spacing_tr": 0.9300000071525574,
  "spacing_x": 2.0,
  "spacing_y": 2.0,
  "spacing_z": 2.0,
  "summary_bg_k": 43.34888804205138,
  "summary_bg_mad": 3.7949179424309545,
  "summary_bg_mean": 30.485950469970703,
  "summary_bg_median": 16.47706413269043,
  "summary_bg_n": 548864.0,
  "summary_bg_p05": 13.226300239562988,
  "summary_bg_p95": 102.02049140930161,
  "summary_bg_stdv": 44.47257614135742,
  "summary_fg_k": 1.2233712518676487,
  "summary_fg_mad": 182.4009294986045,
  "summary_fg_mean": 575.2857666015625,
  "summary_fg_median": 554.68505859375,
  "summary_fg_n": 134739.0,
  "summary_fg_p05": 323.5712585449219,
  "summary_fg_p95": 907.9884094238278,
  "summary_fg_stdv": 185.3304901123047,
  "tsnr": 23.514282695483416
}