{
  "aor": 0.0008777230769230768,
  "aqi": 0.005326812553846154,
  "bids_meta": {
    "AcquisitionMatrixPE": 104,
    "AcquisitionNumber": 1,
    "AcquisitionTime": "13:54:27.147500",
    "BandwidthPerPixelPhaseEncode": 17.17,
    "BaseResolution": 104,
    "BodyPartExamined": "BRAIN",
    "CoilString": "HC1-7;NC1_2",
    "ConsistencyInfo": "N4_VE11C_LATEST_20160120",
    "ConversionSoftware": "dcm2niix",
    "ConversionSoftwareVersion": "v1.0.20190410  GCC6.3.0",
    "DerivedVendorReportedEchoSpacing": 0.000560011,
    "DeviceSerialNumber": "167001",
    "DwellTime": 2.1e-06,
    "EchoTime": 0.03,
    "EchoTrainLength": 91,
    "EffectiveEchoSpacing": 0.000560011,
    "FlipAngle": 52,
    "ImageOrientationPatientDICOM": [
      0.995453,
      0.0938537,
      -0.0162474,
      -0.0933969,
      0.928305,
      -0.359898
    ],
    "ImageType": [
      "ORIGINAL",
      "PRIMARY",
      "M",
      "ND",
      "MOSAIC"
    ],
    "ImagingFrequency": 123.23,
    "InPlanePhaseEncodingDirectionDICOM": "COL",
    "InstitutionAddress": "Cooper_60_St._Lucia_QLD_AU_4072",
    "InstitutionName": "St_Lucia_Campus",
    "InstitutionalDepartmentName": "Gehrmann_Labs_MRI",
    "MRAcquisitionType": "2D",
    "MagneticFieldStrength": 3,
    "Manufacturer": "Siemens",
    "ManufacturersModelName": "Prisma_fit",
    "Modality": "MR",
    "MultibandAccelerationFactor": 6,
    "PartialFourier": 0.875,
    "PatientPosition": "HFS",
    "PercentPhaseFOV": 100,
    "PhaseEncodingDirection": "j",
    "PhaseEncodingSteps": 91,
    "PhaseResolution": 1,
    "PixelBandwidth": 2290,
    "ProcedureStepDescription": "Research_16092_QTAB",
    "ProtocolName": "ep2d_REST_SMS6_P-A",
    "PulseSequenceDetails": "%SiemensSeq%_ep2d_bold",
    "ReceiveCoilActiveElements": "HC1-7;NC1,2",
    "ReceiveCoilName": "HeadNeck_64",
    "ReconMatrixPE": 104,
    "RefLinesPE": 12,
    "RepetitionTime": 0.93,
    "SAR": 0.0608055,
    "ScanOptions": "PFP_FS",
    "ScanningSequence": "EP",
    "SequenceName": "_epfid2d1_104",
    "SequenceVariant": "SK",
    "SeriesDescription": "ep2d_REST_SMS6_P-A",
    "SeriesNumber": 10,
    "ShimSetting": [
      3032,
      -4149,
      -785,
      308,
      -19,
      66,
      -38,
      38
    ],
    "SliceThickness": 2,
    "SliceTiming": [
      0.6825,
      0,
      0.455,
      0.075,
      0.53,
      0.15,
      0.605,
      0.3025,
      0.7575,
      0.3775,
      0.8325,
      0.2275,
      0.6825,
      0,
      0.455,
      0.075,
      0.53,
      0.15,
      0.605,
      0.3025,
      0.7575,
      0.3775,
      0.8325,
      0.2275,
      0.6825,
      0,
      0.455,
      0.075,
      0.53,
      0.15,
      0.605,
      0.3025,
      0.7575,
      0.3775,
      0.8325,
      0.2275,
      0.6825,
      0,
      0.455,
      0.075,
      0.53,
      0.15,
      0.605,
      0.3025,
      0.7575,
      0.3775,
      0.8325,
      0.2275,
      0.6825,
      0,
      0.455,
      0.075,
      0.53,
      0.15,
      0.605,
      0.3025,
      0.7575,
      0.3775,
      0.8325,
      0.2275,
      0.6825,
      0,
      0.455,
      0.075,
      0.53,
      0.15,
      0.605,
      0.3025,
      0.7575,
      0.3775,
      0.8325,
      0.2275
    ],
    "SoftwareVersions": "syngo_MR_E11",
    "SpacingBetweenSlices": 2,
    "StationName": "mrc_Trio",
    "TaskName": "rest",
    "TotalReadoutTime": 0.0576811,
    "TxRefAmp": 232.077,
    "dataset": "ds004146",
    "modality": "bold",
    "session_id": "02",
    "subject_id": "0024",
    "task_id": "rest"
  },
  "dummy_trs": 2,
  "dvars_nstd": 34.53325641293209,
  "dvars_std": 1.0213675486419747,
  "dvars_vstd": 1.0110678247530864,
  "efc": 0.5658421731175465,
  "fber": 472.20452880859375,
  "fd_mean": 0.11717130765390459,
  "fd_num": 18,
  "fd_perc": 5.538461538461538,
  "fwhm_avg": 3.101945,
  "fwhm_x": 2.689945,
  "fwhm_y": 3.277215,
  "fwhm_z": 3.338675,
  "gcor": 0.0165888,
  "gsr_x": -0.009310339577496052,
  "gsr_y": 0.07370363175868988,
  "provenance": {
    "md5sum": "bb39234ac02dbdcaa8d0ceb9e5f5c77a",
    "settings": {
      "fd_thres": 0.2,
      "testing": false
    },
    "software": "mriqc",
    "version": "23.0.1",
    "webapi_port": null,
    "webapi_url": "https://mriqc.nimh.nih.gov/api/v1"
  },
  "size_t": 325,
  "size_x": 104,
  "size_y": 104,
  "size_z": 72,
  "snr": 2.4188776997403556,
  "spacing_tr": 0.9300000071525574,
  "spacing_x": 2.0,
  "spacing_y": 2.0,
  "spacing_z": 2.0,
  "summary_bg_k": 31.99407919397423,
  "summary_bg_mad": 11.833447091320046,
  "summary_bg_mean": 55.46250915527344,
  "summary_bg_median": 24.35076904296875,
  "summary_bg_n": 492883.0,
  "summary_bg_p05": 15.239999771118164,
  "summary_bg_p95": 223.74461364746094,
  "summary_bg_stdv": 84.12765502929688,
  "summary_fg_k": 0.7745848622480151,
  "summary_fg_mad": 216.64923077688587,
  "summary_fg_mean": 571.0119018554688,
  "summary_fg_median": 542.2938232421875,
  "summary_fg_n": 177346.0,
  "summary_fg_p05": 277.0515365600586,
  "summary_fg_p95": 976.3507537841797,
  "summary_fg_stdv": 224.1916961669922,
  "tsnr": 36.858490420505404
}