{
  "aor": 0.001429287598944591,
  "aqi": 0.01407937414248021,
  "bids_meta": {
    "AcquisitionMatrixPE": 90,
    "AcquisitionNumber": 1,
    "AcquisitionTime": "14:21:24.790000",
    "BandwidthPerPixelPhaseEncode": 21.368,
    "BaseResolution": 90,
    "BodyPartExamined": "BRAIN",
    "CoilString": "HC1-7;NC1_2",
    "ConsistencyInfo": "N4_VE11C_LATEST_20160120",
    "ConversionSoftware": "dcm2niix",
    "ConversionSoftwareVersion": "v1.0.20190410  GCC6.3.0",
    "DerivedVendorReportedEchoSpacing": 0.000519988,
    "DeviceSerialNumber": "167001",
    "DwellTime": 2.2e-06,
    "EchoTime": 0.03,
    "EchoTrainLength": 90,
    "EffectiveEchoSpacing": 0.000519988,
    "FlipAngle": 52,
    "ImageOrientationPatientDICOM": [
      0.995453,
      0.0938537,
      -0.0162474,
      -0.0933969,
      0.928305,
      -0.359898
    ],
    "ImageType": [
      "ORIGINAL",
      "PRIMARY",
      "M",
      "ND",
      "NORM",
      "MOSAIC"
    ],
    "ImagingFrequency": 123.23,
    "InPlanePhaseEncodingDirectionDICOM": "COL",
    "InstitutionAddress": "Cooper_60_St._Lucia_QLD_AU_4072",
    "InstitutionName": "St_Lucia_Campus",
    "InstitutionalDepartmentName": "Gehrmann_Labs_MRI",
    "MRAcquisitionType": "2D",
    "MagneticFieldStrength": 3,
    "Manufacturer": "Siemens",
    "ManufacturersModelName": "Prisma_fit",
    "Modality": "MR",
    "MultibandAccelerationFactor": 6,
    "PartialFourier": 1,
    "PatientPosition": "HFS",
    "PercentPhaseFOV": 100,
    "PhaseEncodingDirection": "j-",
    "PhaseEncodingSteps": 90,
    "PhaseResolution": 1,
    "PixelBandwidth": 2525,
    "ProcedureStepDescription": "Research_16092_QTAB",
    "ProtocolName": "PARTLY_CLOUDY_mb6_2.4",
    "PulseSequenceDetails": "%SiemensSeq%_ep2d_bold",
    "ReceiveCoilActiveElements": "HC1-7;NC1,2",
    "ReceiveCoilName": "HeadNeck_64",
    "ReconMatrixPE": 90,
    "RefLinesPE": 12,
    "RepetitionTime": 0.8,
    "SAR": 0.0590844,
    "ScanOptions": "FS",
    "ScanningSequence": "EP",
    "SequenceName": "_epfid2d1_90",
    "SequenceVariant": "SK",
    "SeriesDescription": "PARTLY_CLOUDY_mb6_2.4",
    "SeriesNumber": 19,
    "ShimSetting": [
      3032,
      -4149,
      -785,
      308,
      -19,
      68,
      -38,
      37
    ],
    "SliceThickness": 2.4,
    "SliceTiming": [
      0.545,
      0,
      0.39,
      0.0775,
      0.4675,
      0.2325,
      0.6225,
      0.31,
      0.7,
      0.155,
      0.545,
      0,
      0.39,
      0.0775,
      0.4675,
      0.2325,
      0.6225,
      0.31,
      0.7,
      0.155,
      0.545,
      0,
      0.39,
      0.0775,
      0.4675,
      0.2325,
      0.6225,
      0.31,
      0.7,
      0.155,
      0.545,
      0,
      0.39,
      0.0775,
      0.4675,
      0.2325,
      0.6225,
      0.31,
      0.7,
      0.155,
      0.545,
      0,
      0.39,
      0.0775,
      0.4675,
      0.2325,
      0.6225,
      0.31,
      0.7,
      0.155,
      0.545,
      0,
      0.39,
      0.0775,
      0.4675,
      0.2325,
      0.6225,
      0.31,
      0.7,
      0.155
    ],
    "SoftwareVersions": "syngo_MR_E11",
    "SpacingBetweenSlices": 2.4,
    "StationName": "mrc_Trio",
    "TaskName": "partlycloudy",
    "TotalReadoutTime": 0.046279,
    "TxRefAmp": 232.077,
    "dataset": "ds004146",
    "modality": "bold",
    "session_id": "02",
    "subject_id": "0024",
    "task_id": "partlycloudy"
  },
  "dummy_trs": 1,
  "dvars_nstd": 37.1453792076455,
  "dvars_std": 1.2503878209523813,
  "dvars_vstd": 1.0216480461640216,
  "efc": 0.5215492466317259,
  "fber": 3568.184814453125,
  "fd_mean": 0.12461114023015085,
  "fd_num": 22,
  "fd_perc": 5.804749340369393,
  "fwhm_avg": 1.7998666546722568,
  "fwhm_x": 1.7313165978703262,
  "fwhm_y": 1.8706624256665536,
  "fwhm_z": 1.7976209404798908,
  "gcor": 0.0129533,
  "gsr_x": -0.012552402913570404,
  "gsr_y": 0.038381848484277725,
  "provenance": {
    "md5sum": "c42b6d7eca7e80549e607d948f056c58",
    "settings": {
      "fd_thres": 0.2,
      "testing": false
    },
    "software": "mriqc",
    "version": "23.0.1",
    "webapi_port": null,
    "webapi_url": "https://mriqc.nimh.nih.gov/api/v1"
  },
  "size_t": 379,
  "size_x": 90,
  "size_y": 90,
  "size_z": 60,
  "snr": 6.970838532732435,
  "spacing_tr": 0.800000011920929,
  "spacing_x": 2.4000000953674316,
  "spacing_y": 2.4000000953674316,
  "spacing_z": 2.3999998569488525,
  "summary_bg_k": 12.626859615627982,
  "summary_bg_mad": 9.478484015733322,
  "summary_bg_mean": 38.878746032714844,
  "summary_bg_median": 10.654354095458984,
  "summary_bg_n": 323234.0,
  "summary_bg_p05": 3.517150640487671,
  "summary_bg_p95": 188.87955551147454,
  "summary_bg_stdv": 70.1865463256836,
  "summary_fg_k": 2.4731280731672562,
  "summary_fg_mad": 88.65887064159888,
  "summary_fg_mean": 649.3439331054688,
  "summary_fg_median": 647.754638671875,
  "summary_fg_n": 90129.0,
  "summary_fg_p05": 512.3762939453125,
  "summary_fg_p95": 793.561535644531,
  "summary_fg_stdv": 92.9229736328125,
  "tsnr": 46.51539465994574
}