{
  "aor": 0.0017252760736196316,
  "aqi": 0.006925621288343559,
  "bids_meta": {
    "AcquisitionMatrixPE": 104,
    "AcquisitionNumber": 1,
    "AcquisitionTime": "16:08:4.910000",
    "BandwidthPerPixelPhaseEncode": 17.17,
    "BaseResolution": 104,
    "BodyPartExamined": "BRAIN",
    "ConsistencyInfo": "N4_VE11C_LATEST_20160120",
    "ConversionSoftware": "dcm2niix",
    "ConversionSoftwareVersion": "v1.0.20171215 GCC6.3.0",
    "DerivedVendorReportedEchoSpacing": 0.000560011,
    "DeviceSerialNumber": "167001",
    "DwellTime": 2.1e-06,
    "EchoTime": 0.03,
    "EchoTrainLength": 91,
    "EffectiveEchoSpacing": 0.000560011,
    "FlipAngle": 52,
    "ImageOrientationPatientDICOM": [
      0.997793,
      0.0172343,
      -0.0641183,
      -0.0329259,
      0.967049,
      -0.252452
    ],
    "ImageType": [
      "ORIGINAL",
      "PRIMARY",
      "M",
      "ND",
      "MOSAIC"
    ],
    "InPlanePhaseEncodingDirectionDICOM": "COL",
    "InstitutionAddress": "Cooper_60_St._Lucia_QLD_AU_4072",
    "InstitutionName": "St_Lucia_Campus",
    "InstitutionalDepartmentName": "Gehrmann_Labs_MRI",
    "MRAcquisitionType": "2D",
    "MagneticFieldStrength": 3,
    "Manufacturer": "Siemens",
    "ManufacturersModelName": "Prisma_fit",
    "Modality": "MR",
    "MultibandAccelerationFactor": 6,
    "PartialFourier": 0.875,
    "PatientPosition": "HFS",
    "PercentPhaseFOV": 100,
    "PhaseEncodingDirection": "j-",
    "PhaseEncodingSteps": 91,
    "PhaseResolution": 1,
    "PixelBandwidth": 2290,
    "ProcedureStepDescription": "Research_16092_QTAB",
    "ProtocolName": "ep2d_REST_SMS6_A-P",
    "PulseSequenceDetails": "%SiemensSeq%_ep2d_bold",
    "ReceiveCoilActiveElements": "HC1-7;NC1,2",
    "ReceiveCoilName": "HeadNeck_64",
    "ReconMatrixPE": 104,
    "RepetitionTime": 0.93,
    "SAR": 0.0616475,
    "ScanOptions": "PFP_FS",
    "ScanningSequence": "EP",
    "SequenceName": "_epfid2d1_104",
    "SequenceVariant": "SK",
    "SeriesDescription": "ep2d_REST_SMS6_A-P",
    "SeriesNumber": 9,
    "ShimSetting": [
      3028,
      -4151,
      -792,
      501,
      -57,
      -27,
      -36,
      -21
    ],
    "SliceThickness": 2,
    "SliceTiming": [
      0.6825,
      0,
      0.455,
      0.075,
      0.53,
      0.1525,
      0.6075,
      0.3025,
      0.7575,
      0.38,
      0.835,
      0.2275,
      0.6825,
      0,
      0.455,
      0.075,
      0.53,
      0.1525,
      0.6075,
      0.3025,
      0.7575,
      0.38,
      0.835,
      0.2275,
      0.6825,
      0,
      0.455,
      0.075,
      0.53,
      0.1525,
      0.6075,
      0.3025,
      0.7575,
      0.38,
      0.835,
      0.2275,
      0.6825,
      0,
      0.455,
      0.075,
      0.53,
      0.1525,
      0.6075,
      0.3025,
      0.7575,
      0.38,
      0.835,
      0.2275,
      0.6825,
      0,
      0.455,
      0.075,
      0.53,
      0.1525,
      0.6075,
      0.3025,
      0.7575,
      0.38,
      0.835,
      0.2275,
      0.6825,
      0,
      0.455,
      0.075,
      0.53,
      0.1525,
      0.6075,
      0.3025,
      0.7575,
      0.38,
      0.835,
      0.2275
    ],
    "SoftwareVersions": "syngo_MR_E11",
    "SpacingBetweenSlices": 2,
    "StationName": "mrc_Trio",
    "TaskName": "rest",
    "TotalReadoutTime": 0.0576811,
    "TxRefAmp": 209.197,
    "dataset": "ds004146",
    "modality": "bold",
    "session_id": "01",
    "subject_id": "0159",
    "task_id": "rest"
  },
  "dummy_trs": 1,
  "dvars_nstd": 38.12765468304615,
  "dvars_std": 1.0624228056615388,
  "dvars_vstd": 1.0046143634153852,
  "efc": 0.5271927477625338,
  "fber": 834.1446533203125,
  "fd_mean": 0.20550258171206695,
  "fd_num": 113,
  "fd_perc": 34.66257668711656,
  "fwhm_avg": 3.134306666666667,
  "fwhm_x": 2.940565,
  "fwhm_y": 3.28857,
  "fwhm_z": 3.173785,
  "gcor": 0.00982525,
  "gsr_x": -0.016271093860268593,
  "gsr_y": 0.06714849174022675,
  "provenance": {
    "md5sum": "96e8c36ec3443bfa0b2a1a5b99e7d717",
    "settings": {
      "fd_thres": 0.2,
      "testing": false
    },
    "software": "mriqc",
    "version": "23.0.1",
    "webapi_port": null,
    "webapi_url": "https://mriqc.nimh.nih.gov/api/v1"
  },
  "size_t": 326,
  "size_x": 104,
  "size_y": 104,
  "size_z": 72,
  "snr": 2.7301889767675713,
  "spacing_tr": 0.9300000071525574,
  "spacing_x": 2.0,
  "spacing_y": 2.0,
  "spacing_z": 2.0,
  "summary_bg_k": 37.85941253199229,
  "summary_bg_mad": 6.726284454205193,
  "summary_bg_mean": 39.12770080566406,
  "summary_bg_median": 19.613496780395508,
  "summary_bg_n": 511311.0,
  "summary_bg_p05": 14.57668685913086,
  "summary_bg_p95": 130.3512191772461,
  "summary_bg_stdv": 59.0272331237793,
  "summary_fg_k": 0.8982293251944182,
  "summary_fg_mad": 203.5622166566572,
  "summary_fg_mean": 606.688720703125,
  "summary_fg_median": 575.6564331054688,
  "summary_fg_n": 165765.0,
  "summary_fg_p05": 329.24171142578126,
  "summary_fg_p95": 998.2785034179688,
  "summary_fg_stdv": 210.84793090820312,
  "tsnr": 35.21874296036549
}