{
  "bids_meta": {
    "AcquisitionMatrixPE": 256,
    "AcquisitionNumber": 1,
    "AcquisitionTime": "16:08:7.145000",
    "BaseResolution": 256,
    "BodyPartExamined": "BRAIN",
    "CoilString": "HC1-7;NC1_2",
    "ConsistencyInfo": "N4_VE11C_LATEST_20160120",
    "ConversionSoftware": "dcm2niix",
    "ConversionSoftwareVersion": "v1.0.20190410  GCC6.3.0",
    "DeviceSerialNumber": "167001",
    "DwellTime": 2.6e-06,
    "EchoTime": 0.408,
    "EchoTrainLength": 259,
    "FlipAngle": 120,
    "ImageOrientationPatientDICOM": [
      0.010287,
      0.999933,
      0.00522289,
      0.0705677,
      0.00448419,
      -0.997497
    ],
    "ImageType": [
      "ORIGINAL",
      "PRIMARY",
      "M",
      "ND",
      "NORM"
    ],
    "ImagingFrequency": 123.229,
    "InPlanePhaseEncodingDirectionDICOM": "ROW",
    "InstitutionAddress": "Cooper_60_St._Lucia_QLD_AU_4072",
    "InstitutionName": "St_Lucia_Campus",
    "InstitutionalDepartmentName": "Gehrmann_Labs_MRI",
    "MRAcquisitionType": "3D",
    "MagneticFieldStrength": 3,
    "Manufacturer": "Siemens",
    "ManufacturersModelName": "Prisma_fit",
    "Modality": "MR",
    "PartialFourier": 1,
    "PatientPosition": "HFS",
    "PercentPhaseFOV": 100,
    "PhaseEncodingSteps": 233,
    "PhaseResolution": 1,
    "PixelBandwidth": 750,
    "ProcedureStepDescription": "Research_16092_QTAB",
    "ProtocolName": "t2_spc_sag_p2_iso",
    "PulseSequenceDetails": "%SiemensSeq%_tse_vfl",
    "ReceiveCoilActiveElements": "HC1-7;NC1,2",
    "ReceiveCoilName": "HeadNeck_64",
    "ReconMatrixPE": 256,
    "RefLinesPE": 24,
    "RepetitionTime": 3.2,
    "SAR": 0.147496,
    "ScanOptions": "PFP",
    "ScanningSequence": "SE",
    "SequenceName": "_spcR_282ns",
    "SequenceVariant": "SK_SP",
    "SeriesDescription": "t2_spc_sag_p2_iso",
    "SeriesNumber": 29,
    "ShimSetting": [
      3046,
      -4168,
      -1041,
      -17,
      -5,
      41,
      -30,
      -10
    ],
    "SliceThickness": 1,
    "SoftwareVersions": "syngo_MR_E11",
    "StationName": "mrc_Trio",
    "TxRefAmp": 219.025,
    "dataset": "ds004146",
    "modality": "T2w",
    "session_id": "02",
    "subject_id": "0280"
  },
  "cjv": 2.1119312386805147,
  "cnr": 0.7834271426234581,
  "efc": 0.6367619713292534,
  "fber": 4261.59575811135,
  "fwhm_avg": 4.559079098731094,
  "fwhm_x": 4.785837428685465,
  "fwhm_y": 4.749737429223397,
  "fwhm_z": 4.1416624382844205,
  "icvs_csf": 0.34052459809615504,
  "icvs_gm": 0.5194311541653656,
  "icvs_wm": 0.1400442477384794,
  "inu_med": 1.031632900238037,
  "inu_range": 0.3981011152267455,
  "provenance": {
    "md5sum": "510fb08921b2faa85642b78fb2b10285",
    "settings": {
      "testing": false
    },
    "software": "mriqc",
    "version": "23.0.1",
    "warnings": {
      "large_rot_frame": true,
      "small_air_mask": false
    },
    "webapi_port": null,
    "webapi_url": "https://mriqc.nimh.nih.gov/api/v1"
  },
  "qi_1": 1.640547167222464e-05,
  "qi_2": 0.014047521853945375,
  "rpve_csf": 11.655027813160059,
  "rpve_gm": 8.937741523788794,
  "rpve_wm": 31.889034812300938,
  "size_x": 192,
  "size_y": 300,
  "size_z": 320,
  "snr_csf": 15.137607111711988,
  "snr_gm": 12.386477187312948,
  "snr_total": 9.629621184774793,
  "snr_wm": 1.3647792552994393,
  "snrd_csf": 82.03978517380713,
  "snrd_gm": 53.39852718167801,
  "snrd_total": 86.99517074297042,
  "snrd_wm": 125.54719987342615,
  "spacing_x": 0.800000011920929,
  "spacing_y": 0.800000011920929,
  "spacing_z": 0.800000011920929,
  "summary_bg_k": 10.078205986307903,
  "summary_bg_mad": 0.0,
  "summary_bg_mean": 3.136310051192126,
  "summary_bg_median": 0.0,
  "summary_bg_n": 1568862.0,
  "summary_bg_p05": 0.0,
  "summary_bg_p95": 12.691591590642929,
  "summary_bg_stdv": 5.221664571218213,
  "summary_csf_k": 0.8265907050076589,
  "summary_csf_mad": 40.07235023324516,
  "summary_csf_mean": 656.1659954869356,
  "summary_csf_median": 653.8855720311403,
  "summary_csf_n": 52647.0,
  "summary_csf_p05": 589.9911307692528,
  "summary_csf_p95": 730.5723318010569,
  "summary_csf_stdv": 43.195688531403775,
  "summary_gm_k": 0.12849161875332715,
  "summary_gm_mad": 34.79574262489238,
  "summary_gm_mean": 426.42097846822645,
  "summary_gm_median": 425.60480159521103,
  "summary_gm_n": 335347.0,
  "summary_gm_p05": 371.9509302675724,
  "summary_gm_p95": 483.4220521748066,
  "summary_gm_stdv": 34.36038839654325,
  "summary_wm_k": -1.679152105139549,
  "summary_wm_mad": 1179.6702556862656,
  "summary_wm_mean": 892.6470314622948,
  "summary_wm_median": 1000.654772952199,
  "summary_wm_n": 96203.0,
  "summary_wm_p05": 31.057466194033623,
  "summary_wm_p95": 1894.505437836051,
  "summary_wm_stdv": 733.1951803245562,
  "tpm_overlap_csf": 0.11715424800649896,
  "tpm_overlap_gm": 0.3485025916563229,
  "tpm_overlap_wm": 0.07085887974608755,
  "wm2max": 0.5457625206401661
}