{
  "aor": 0.0005757712765957447,
  "aqi": 0.016488776329787232,
  "bids_meta": {
    "AcquisitionMatrixPE": 90,
    "AcquisitionNumber": 1,
    "AcquisitionTime": "15:49:22.920000",
    "BandwidthPerPixelPhaseEncode": 21.368,
    "BaseResolution": 90,
    "BodyPartExamined": "BRAIN",
    "CoilString": "HC1-7;NC1_2",
    "ConsistencyInfo": "N4_VE11C_LATEST_20160120",
    "ConversionSoftware": "dcm2niix",
    "ConversionSoftwareVersion": "v1.0.20190410  GCC6.3.0",
    "DerivedVendorReportedEchoSpacing": 0.000519988,
    "DeviceSerialNumber": "167001",
    "DwellTime": 2.2e-06,
    "EchoTime": 0.03,
    "EchoTrainLength": 90,
    "EffectiveEchoSpacing": 0.000519988,
    "FlipAngle": 52,
    "ImageOrientationPatientDICOM": [
      0.998898,
      0.0334124,
      0.0329485,
      -0.0296466,
      0.99362,
      -0.108815
    ],
    "ImageType": [
      "ORIGINAL",
      "PRIMARY",
      "M",
      "ND",
      "NORM",
      "MOSAIC"
    ],
    "ImagingFrequency": 123.229,
    "InPlanePhaseEncodingDirectionDICOM": "COL",
    "InstitutionAddress": "Cooper_60_St._Lucia_QLD_AU_4072",
    "InstitutionName": "St_Lucia_Campus",
    "InstitutionalDepartmentName": "Gehrmann_Labs_MRI",
    "MRAcquisitionType": "2D",
    "MagneticFieldStrength": 3,
    "Manufacturer": "Siemens",
    "ManufacturersModelName": "Prisma_fit",
    "Modality": "MR",
    "MultibandAccelerationFactor": 6,
    "PartialFourier": 1,
    "PatientPosition": "HFS",
    "PercentPhaseFOV": 100,
    "PhaseEncodingDirection": "j-",
    "PhaseEncodingSteps": 90,
    "PhaseResolution": 1,
    "PixelBandwidth": 2525,
    "ProcedureStepDescription": "Research_16092_QTAB",
    "ProtocolName": "PARTLY_CLOUDY_mb6_2.4",
    "PulseSequenceDetails": "%SiemensSeq%_ep2d_bold",
    "ReceiveCoilActiveElements": "HC1-7;NC1,2",
    "ReceiveCoilName": "HeadNeck_64",
    "ReconMatrixPE": 90,
    "RefLinesPE": 12,
    "RepetitionTime": 0.8,
    "SAR": 0.0635016,
    "ScanOptions": "FS",
    "ScanningSequence": "EP",
    "SequenceName": "_epfid2d1_90",
    "SequenceVariant": "SK",
    "SeriesDescription": "PARTLY_CLOUDY_mb6_2.4",
    "SeriesNumber": 19,
    "ShimSetting": [
      3042,
      -4184,
      -793,
      435,
      -28,
      41,
      -5,
      1
    ],
    "SliceThickness": 2.4,
    "SliceTiming": [
      0.5475,
      0,
      0.39,
      0.0775,
      0.4675,
      0.235,
      0.625,
      0.3125,
      0.7025,
      0.1575,
      0.5475,
      0,
      0.39,
      0.0775,
      0.4675,
      0.235,
      0.625,
      0.3125,
      0.7025,
      0.1575,
      0.5475,
      0,
      0.39,
      0.0775,
      0.4675,
      0.235,
      0.625,
      0.3125,
      0.7025,
      0.1575,
      0.5475,
      0,
      0.39,
      0.0775,
      0.4675,
      0.235,
      0.625,
      0.3125,
      0.7025,
      0.1575,
      0.5475,
      0,
      0.39,
      0.0775,
      0.4675,
      0.235,
      0.625,
      0.3125,
      0.7025,
      0.1575,
      0.5475,
      0,
      0.39,
      0.0775,
      0.4675,
      0.235,
      0.625,
      0.3125,
      0.7025,
      0.1575
    ],
    "SoftwareVersions": "syngo_MR_E11",
    "SpacingBetweenSlices": 2.4,
    "StationName": "mrc_Trio",
    "TaskName": "partlycloudy",
    "TotalReadoutTime": 0.046279,
    "TxRefAmp": 227.753,
    "dataset": "ds004146",
    "modality": "bold",
    "session_id": "02",
    "subject_id": "0171",
    "task_id": "partlycloudy"
  },
  "dummy_trs": 4,
  "dvars_nstd": 36.08141375717334,
  "dvars_std": 1.2638186384,
  "dvars_vstd": 0.9986221353600007,
  "efc": 0.5112255357739663,
  "fber": 4840.5595703125,
  "fd_mean": 0.11568733928188703,
  "fd_num": 23,
  "fd_perc": 6.117021276595745,
  "fwhm_avg": 1.9110554796170336,
  "fwhm_x": 1.8121707613241371,
  "fwhm_y": 2.054404085031983,
  "fwhm_z": 1.8665915924949807,
  "gcor": 0.0117031,
  "gsr_x": -0.01148721482604742,
  "gsr_y": 0.03254254534840584,
  "provenance": {
    "md5sum": "f477a34392a502a6a4ba8ae46e611621",
    "settings": {
      "fd_thres": 0.2,
      "testing": false
    },
    "software": "mriqc",
    "version": "23.0.1",
    "webapi_port": null,
    "webapi_url": "https://mriqc.nimh.nih.gov/api/v1"
  },
  "size_t": 376,
  "size_x": 90,
  "size_y": 90,
  "size_z": 60,
  "snr": 6.604468368923925,
  "spacing_tr": 0.800000011920929,
  "spacing_x": 2.4000000953674316,
  "spacing_y": 2.4000000953674316,
  "spacing_z": 2.4000000953674316,
  "summary_bg_k": 24.390402123186448,
  "summary_bg_mad": 8.611710969137594,
  "summary_bg_mean": 33.33359909057617,
  "summary_bg_median": 10.02393627166748,
  "summary_bg_n": 319215.0,
  "summary_bg_p05": 3.3882977962493896,
  "summary_bg_p95": 142.76143188476559,
  "summary_bg_stdv": 63.86111831665039,
  "summary_fg_k": 1.8328247363330208,
  "summary_fg_mad": 100.35553797311725,
  "summary_fg_mean": 710.0575561523438,
  "summary_fg_median": 707.0133056640625,
  "summary_fg_n": 94589.0,
  "summary_fg_p05": 554.2866943359376,
  "summary_fg_p95": 889.4127319335937,
  "summary_fg_stdv": 107.05018615722656,
  "tsnr": 45.12521323480178
}