{
  "aor": 0.0007855936675461742,
  "aqi": 0.01709615461741425,
  "bids_meta": {
    "AcquisitionMatrixPE": 90,
    "AcquisitionNumber": 1,
    "AcquisitionTime": "12:04:29.790000",
    "BandwidthPerPixelPhaseEncode": 21.368,
    "BaseResolution": 90,
    "BodyPartExamined": "BRAIN",
    "CoilString": "HC1-7;NC1_2",
    "ConsistencyInfo": "N4_VE11C_LATEST_20160120",
    "ConversionSoftware": "dcm2niix",
    "ConversionSoftwareVersion": "v1.0.20190410  GCC6.3.0",
    "DerivedVendorReportedEchoSpacing": 0.000519988,
    "DeviceSerialNumber": "167001",
    "DwellTime": 2.2e-06,
    "EchoTime": 0.03,
    "EchoTrainLength": 90,
    "EffectiveEchoSpacing": 0.000519988,
    "FlipAngle": 52,
    "ImageOrientationPatientDICOM": [
      0.994694,
      -0.0898031,
      0.0501988,
      0.10209,
      0.921971,
      -0.373559
    ],
    "ImageType": [
      "ORIGINAL",
      "PRIMARY",
      "M",
      "ND",
      "NORM",
      "MOSAIC"
    ],
    "ImagingFrequency": 123.229,
    "InPlanePhaseEncodingDirectionDICOM": "COL",
    "InstitutionAddress": "Cooper_60_St._Lucia_QLD_AU_4072",
    "InstitutionName": "St_Lucia_Campus",
    "InstitutionalDepartmentName": "Gehrmann_Labs_MRI",
    "MRAcquisitionType": "2D",
    "MagneticFieldStrength": 3,
    "Manufacturer": "Siemens",
    "ManufacturersModelName": "Prisma_fit",
    "Modality": "MR",
    "MultibandAccelerationFactor": 6,
    "PartialFourier": 1,
    "PatientPosition": "HFS",
    "PercentPhaseFOV": 100,
    "PhaseEncodingDirection": "j-",
    "PhaseEncodingSteps": 90,
    "PhaseResolution": 1,
    "PixelBandwidth": 2525,
    "ProcedureStepDescription": "Research_16092_QTAB",
    "ProtocolName": "PARTLY_CLOUDY_mb6_2.4",
    "PulseSequenceDetails": "%SiemensSeq%_ep2d_bold",
    "ReceiveCoilActiveElements": "HC1-7;NC1,2",
    "ReceiveCoilName": "HeadNeck_64",
    "ReconMatrixPE": 90,
    "RefLinesPE": 12,
    "RepetitionTime": 0.8,
    "SAR": 0.0571101,
    "ScanOptions": "FS",
    "ScanningSequence": "EP",
    "SequenceName": "_epfid2d1_90",
    "SequenceVariant": "SK",
    "SeriesDescription": "PARTLY_CLOUDY_mb6_2.4",
    "SeriesNumber": 19,
    "ShimSetting": [
      3059,
      -4122,
      -795,
      375,
      -12,
      19,
      -29,
      -1
    ],
    "SliceThickness": 2.4,
    "SliceTiming": [
      0.545,
      0,
      0.3875,
      0.0775,
      0.4675,
      0.2325,
      0.6225,
      0.31,
      0.7,
      0.155,
      0.545,
      0,
      0.3875,
      0.0775,
      0.4675,
      0.2325,
      0.6225,
      0.31,
      0.7,
      0.155,
      0.545,
      0,
      0.3875,
      0.0775,
      0.4675,
      0.2325,
      0.6225,
      0.31,
      0.7,
      0.155,
      0.545,
      0,
      0.3875,
      0.0775,
      0.4675,
      0.2325,
      0.6225,
      0.31,
      0.7,
      0.155,
      0.545,
      0,
      0.3875,
      0.0775,
      0.4675,
      0.2325,
      0.6225,
      0.31,
      0.7,
      0.155,
      0.545,
      0,
      0.3875,
      0.0775,
      0.4675,
      0.2325,
      0.6225,
      0.31,
      0.7,
      0.155
    ],
    "SoftwareVersions": "syngo_MR_E11",
    "SpacingBetweenSlices": 2.4,
    "StationName": "mrc_Trio",
    "TaskName": "partlycloudy",
    "TotalReadoutTime": 0.046279,
    "TxRefAmp": 212.946,
    "dataset": "ds004146",
    "modality": "bold",
    "session_id": "02",
    "subject_id": "0385",
    "task_id": "partlycloudy"
  },
  "dummy_trs": 1,
  "dvars_nstd": 42.54160832105821,
  "dvars_std": 1.329645979232805,
  "dvars_vstd": 1.0076302064285714,
  "efc": 0.4930173039771196,
  "fber": 6907.04052734375,
  "fd_mean": 0.23072477691558116,
  "fd_num": 229,
  "fd_perc": 60.422163588390504,
  "fwhm_avg": 1.9171443682639717,
  "fwhm_x": 1.8005624284520774,
  "fwhm_y": 2.0653499179303676,
  "fwhm_z": 1.88552075840947,
  "gcor": 0.00968361,
  "gsr_x": -0.023440875113010406,
  "gsr_y": 0.04743319749832153,
  "provenance": {
    "md5sum": "6afe1181f9a7e2f9fd564631485c803a",
    "settings": {
      "fd_thres": 0.2,
      "testing": false
    },
    "software": "mriqc",
    "version": "23.0.1",
    "webapi_port": null,
    "webapi_url": "https://mriqc.nimh.nih.gov/api/v1"
  },
  "size_t": 379,
  "size_x": 90,
  "size_y": 90,
  "size_z": 60,
  "snr": 6.507504016768772,
  "spacing_tr": 0.800000011920929,
  "spacing_x": 2.4000000953674316,
  "spacing_y": 2.4000000953674316,
  "spacing_z": 2.4000000953674316,
  "summary_bg_k": 38.48357066475932,
  "summary_bg_mad": 6.094707752112855,
  "summary_bg_mean": 24.803810119628906,
  "summary_bg_median": 8.343008041381836,
  "summary_bg_n": 320911.0,
  "summary_bg_p05": 3.5382587909698486,
  "summary_bg_p95": 100.13061141967773,
  "summary_bg_stdv": 49.45246505737305,
  "summary_fg_k": 1.4882430564190319,
  "summary_fg_mad": 105.08088009031354,
  "summary_fg_mean": 707.2133178710938,
  "summary_fg_median": 704.7863159179688,
  "summary_fg_n": 92702.0,
  "summary_fg_p05": 544.947265625,
  "summary_fg_p95": 882.8309112548828,
  "summary_fg_stdv": 108.30304718017578,
  "tsnr": 46.185722378548235
}