{
  "aor": 0.0005069393139841689,
  "aqi": 0.019629567546174145,
  "bids_meta": {
    "AcquisitionMatrixPE": 90,
    "AcquisitionNumber": 1,
    "AcquisitionTime": "14:14:58.732500",
    "BandwidthPerPixelPhaseEncode": 21.368,
    "BaseResolution": 90,
    "BodyPartExamined": "BRAIN",
    "CoilString": "HC1-7;NC1_2",
    "ConsistencyInfo": "N4_VE11C_LATEST_20160120",
    "ConversionSoftware": "dcm2niix",
    "ConversionSoftwareVersion": "v1.0.20190410  GCC6.3.0",
    "DerivedVendorReportedEchoSpacing": 0.000519988,
    "DeviceSerialNumber": "167001",
    "DwellTime": 2.2e-06,
    "EchoTime": 0.03,
    "EchoTrainLength": 90,
    "EffectiveEchoSpacing": 0.000519988,
    "FlipAngle": 52,
    "ImageOrientationPatientDICOM": [
      0.998651,
      -0.0294067,
      -0.0427847,
      0.0226626,
      0.988373,
      -0.150352
    ],
    "ImageType": [
      "ORIGINAL",
      "PRIMARY",
      "M",
      "ND",
      "NORM",
      "MOSAIC"
    ],
    "ImagingFrequency": 123.229,
    "InPlanePhaseEncodingDirectionDICOM": "COL",
    "InstitutionAddress": "Cooper_60_St._Lucia_QLD_AU_4072",
    "InstitutionName": "Centre_for_Advanced_Imaging",
    "InstitutionalDepartmentName": "Gehrmann_Labs_MRI",
    "MRAcquisitionType": "2D",
    "MagneticFieldStrength": 3,
    "Manufacturer": "Siemens",
    "ManufacturersModelName": "Prisma_fit",
    "Modality": "MR",
    "MultibandAccelerationFactor": 6,
    "PartialFourier": 1,
    "PatientPosition": "HFS",
    "PercentPhaseFOV": 100,
    "PhaseEncodingDirection": "j-",
    "PhaseEncodingSteps": 90,
    "PhaseResolution": 1,
    "PixelBandwidth": 2525,
    "ProcedureStepDescription": "Research_16092_QTAB",
    "ProtocolName": "PARTLY_CLOUDY_mb6_2.4",
    "PulseSequenceDetails": "%SiemensSeq%_ep2d_bold",
    "ReceiveCoilActiveElements": "HC1-7;NC1,2",
    "ReceiveCoilName": "HeadNeck_64",
    "ReconMatrixPE": 90,
    "RefLinesPE": 12,
    "RepetitionTime": 0.8,
    "SAR": 0.0564986,
    "ScanOptions": "FS",
    "ScanningSequence": "EP",
    "SequenceName": "_epfid2d1_90",
    "SequenceVariant": "SK",
    "SeriesDescription": "PARTLY_CLOUDY_mb6_2.4",
    "SeriesNumber": 19,
    "ShimSetting": [
      3039,
      -4178,
      -778,
      425,
      11,
      55,
      -64,
      22
    ],
    "SliceThickness": 2.4,
    "SliceTiming": [
      0.545,
      0,
      0.39,
      0.0775,
      0.4675,
      0.2325,
      0.6225,
      0.31,
      0.7,
      0.155,
      0.545,
      0,
      0.39,
      0.0775,
      0.4675,
      0.2325,
      0.6225,
      0.31,
      0.7,
      0.155,
      0.545,
      0,
      0.39,
      0.0775,
      0.4675,
      0.2325,
      0.6225,
      0.31,
      0.7,
      0.155,
      0.545,
      0,
      0.39,
      0.0775,
      0.4675,
      0.2325,
      0.6225,
      0.31,
      0.7,
      0.155,
      0.545,
      0,
      0.39,
      0.0775,
      0.4675,
      0.2325,
      0.6225,
      0.31,
      0.7,
      0.155,
      0.545,
      0,
      0.39,
      0.0775,
      0.4675,
      0.2325,
      0.6225,
      0.31,
      0.7,
      0.155
    ],
    "SoftwareVersions": "syngo_MR_E11",
    "SpacingBetweenSlices": 2.4,
    "StationName": "mrc_Trio",
    "TaskName": "partlycloudy",
    "TotalReadoutTime": 0.046279,
    "TxRefAmp": 215.363,
    "dataset": "ds004146",
    "modality": "bold",
    "session_id": "02",
    "subject_id": "0377",
    "task_id": "partlycloudy"
  },
  "dummy_trs": 1,
  "dvars_nstd": 30.231091337698427,
  "dvars_std": 1.1356137379365085,
  "dvars_vstd": 0.9780581790476186,
  "efc": 0.4889421985917203,
  "fber": 6352.1396484375,
  "fd_mean": 0.1657372311960229,
  "fd_num": 132,
  "fd_perc": 34.82849604221636,
  "fwhm_avg": 1.8476124265824785,
  "fwhm_x": 1.7384540975867075,
  "fwhm_y": 1.9727749216089676,
  "fwhm_z": 1.83160826055176,
  "gcor": 0.00805487,
  "gsr_x": -0.02285001240670681,
  "gsr_y": 0.029612213373184204,
  "provenance": {
    "md5sum": "dc37533e1570720de0926377ec266ab4",
    "settings": {
      "fd_thres": 0.2,
      "testing": false
    },
    "software": "mriqc",
    "version": "23.0.1",
    "webapi_port": null,
    "webapi_url": "https://mriqc.nimh.nih.gov/api/v1"
  },
  "size_t": 379,
  "size_x": 90,
  "size_y": 90,
  "size_z": 60,
  "snr": 7.326406045050622,
  "spacing_tr": 0.800000011920929,
  "spacing_x": 2.4000000953674316,
  "spacing_y": 2.4000000953674316,
  "spacing_z": 2.4000000953674316,
  "summary_bg_k": 29.832408284137166,
  "summary_bg_mad": 6.7049611318544216,
  "summary_bg_mean": 25.88364028930664,
  "summary_bg_median": 8.667546272277832,
  "summary_bg_n": 325542.0,
  "summary_bg_p05": 3.261213779449463,
  "summary_bg_p95": 107.356201171875,
  "summary_bg_stdv": 52.15481948852539,
  "summary_fg_k": 1.5399297721362313,
  "summary_fg_mad": 92.66064785772274,
  "summary_fg_mean": 699.3753051757812,
  "summary_fg_median": 696.5462036132812,
  "summary_fg_n": 88531.0,
  "summary_fg_p05": 557.2243041992188,
  "summary_fg_p95": 853.3113708496094,
  "summary_fg_stdv": 95.07284545898438,
  "tsnr": 44.352461581584066
}