{
  "aor": 0.0003482321899736148,
  "aqi": 0.014685721108179423,
  "bids_meta": {
    "AcquisitionMatrixPE": 90,
    "AcquisitionNumber": 1,
    "AcquisitionTime": "15:43:38.205000",
    "BandwidthPerPixelPhaseEncode": 21.368,
    "BaseResolution": 90,
    "BodyPartExamined": "BRAIN",
    "CoilString": "HC1-7;NC1_2",
    "ConsistencyInfo": "N4_VE11C_LATEST_20160120",
    "ConversionSoftware": "dcm2niix",
    "ConversionSoftwareVersion": "v1.0.20190410  GCC6.3.0",
    "DerivedVendorReportedEchoSpacing": 0.000519988,
    "DeviceSerialNumber": "167001",
    "DwellTime": 2.2e-06,
    "EchoTime": 0.03,
    "EchoTrainLength": 90,
    "EffectiveEchoSpacing": 0.000519988,
    "FlipAngle": 52,
    "ImageOrientationPatientDICOM": [
      0.999896,
      -0.0039404,
      -0.01384,
      -3.84551e-08,
      0.961778,
      -0.273831
    ],
    "ImageType": [
      "ORIGINAL",
      "PRIMARY",
      "M",
      "ND",
      "NORM",
      "MOSAIC"
    ],
    "ImagingFrequency": 123.229,
    "InPlanePhaseEncodingDirectionDICOM": "COL",
    "InstitutionAddress": "Cooper_60_St._Lucia_QLD_AU_4072",
    "InstitutionName": "St_Lucia_Campus",
    "InstitutionalDepartmentName": "Gehrmann_Labs_MRI",
    "MRAcquisitionType": "2D",
    "MagneticFieldStrength": 3,
    "Manufacturer": "Siemens",
    "ManufacturersModelName": "Prisma_fit",
    "Modality": "MR",
    "MultibandAccelerationFactor": 6,
    "PartialFourier": 1,
    "PatientPosition": "HFS",
    "PercentPhaseFOV": 100,
    "PhaseEncodingDirection": "j-",
    "PhaseEncodingSteps": 90,
    "PhaseResolution": 1,
    "PixelBandwidth": 2525,
    "ProcedureStepDescription": "Research_16092_QTAB",
    "ProtocolName": "PARTLY_CLOUDY_mb6_2.4",
    "PulseSequenceDetails": "%SiemensSeq%_ep2d_bold",
    "ReceiveCoilActiveElements": "HC1-7;NC1,2",
    "ReceiveCoilName": "HeadNeck_64",
    "ReconMatrixPE": 90,
    "RefLinesPE": 12,
    "RepetitionTime": 0.8,
    "SAR": 0.0612384,
    "ScanOptions": "FS",
    "ScanningSequence": "EP",
    "SequenceName": "_epfid2d1_90",
    "SequenceVariant": "SK",
    "SeriesDescription": "PARTLY_CLOUDY_mb6_2.4",
    "SeriesNumber": 19,
    "ShimSetting": [
      3050,
      -4177,
      -777,
      443,
      27,
      -78,
      5,
      -5
    ],
    "SliceThickness": 2.4,
    "SliceTiming": [
      0.545,
      0,
      0.39,
      0.0775,
      0.4675,
      0.235,
      0.6225,
      0.3125,
      0.7025,
      0.155,
      0.545,
      0,
      0.39,
      0.0775,
      0.4675,
      0.235,
      0.6225,
      0.3125,
      0.7025,
      0.155,
      0.545,
      0,
      0.39,
      0.0775,
      0.4675,
      0.235,
      0.6225,
      0.3125,
      0.7025,
      0.155,
      0.545,
      0,
      0.39,
      0.0775,
      0.4675,
      0.235,
      0.6225,
      0.3125,
      0.7025,
      0.155,
      0.545,
      0,
      0.39,
      0.0775,
      0.4675,
      0.235,
      0.6225,
      0.3125,
      0.7025,
      0.155,
      0.545,
      0,
      0.39,
      0.0775,
      0.4675,
      0.235,
      0.6225,
      0.3125,
      0.7025,
      0.155
    ],
    "SoftwareVersions": "syngo_MR_E11",
    "SpacingBetweenSlices": 2.4,
    "StationName": "mrc_Trio",
    "TaskName": "partlycloudy",
    "TotalReadoutTime": 0.046279,
    "TxRefAmp": 215.784,
    "dataset": "ds004146",
    "modality": "bold",
    "session_id": "02",
    "subject_id": "0078",
    "task_id": "partlycloudy"
  },
  "dummy_trs": 1,
  "dvars_nstd": 32.4833515758995,
  "dvars_std": 1.1917967557407405,
  "dvars_vstd": 0.9948607649735456,
  "efc": 0.4736563409796723,
  "fber": 7183.82470703125,
  "fd_mean": 0.10118284770404763,
  "fd_num": 13,
  "fd_perc": 3.430079155672823,
  "fwhm_avg": 1.8284235384560876,
  "fwhm_x": 1.7187290983705084,
  "fwhm_y": 1.9275999234040608,
  "fwhm_z": 1.838941593593693,
  "gcor": 0.0239991,
  "gsr_x": -0.021967165172100067,
  "gsr_y": 0.02450239285826683,
  "provenance": {
    "md5sum": "1d234b62908a1f1f0dd5c92ced4ee8a0",
    "settings": {
      "fd_thres": 0.2,
      "testing": false
    },
    "software": "mriqc",
    "version": "23.0.1",
    "webapi_port": null,
    "webapi_url": "https://mriqc.nimh.nih.gov/api/v1"
  },
  "size_t": 379,
  "size_x": 90,
  "size_y": 90,
  "size_z": 60,
  "snr": 7.0324173003584685,
  "spacing_tr": 0.800000011920929,
  "spacing_x": 2.4000000953674316,
  "spacing_y": 2.4000000953674316,
  "spacing_z": 2.4000000953674316,
  "summary_bg_k": 25.963089684780623,
  "summary_bg_mad": 5.33580334312747,
  "summary_bg_mean": 24.262277603149414,
  "summary_bg_median": 7.451187610626221,
  "summary_bg_n": 335086.0,
  "summary_bg_p05": 3.1108181476593018,
  "summary_bg_p95": 106.00264167785645,
  "summary_bg_stdv": 50.663002014160156,
  "summary_fg_k": 2.056937551573788,
  "summary_fg_mad": 88.59625096781922,
  "summary_fg_mean": 641.1943969726562,
  "summary_fg_median": 638.1055908203125,
  "summary_fg_n": 81565.0,
  "summary_fg_p05": 506.469140625,
  "summary_fg_p95": 786.9256225585938,
  "summary_fg_stdv": 90.73717498779297,
  "tsnr": 48.4713378129527
}