{
  "aor": 0.0016275661375661377,
  "aqi": 0.016004722222222222,
  "bids_meta": {
    "AcquisitionMatrixPE": 90,
    "AcquisitionNumber": 1,
    "AcquisitionTime": "11:43:37.607500",
    "BandwidthPerPixelPhaseEncode": 21.368,
    "BaseResolution": 90,
    "BodyPartExamined": "BRAIN",
    "CoilString": "HC1-7;NC1_2",
    "ConsistencyInfo": "N4_VE11C_LATEST_20160120",
    "ConversionSoftware": "dcm2niix",
    "ConversionSoftwareVersion": "v1.0.20190410  GCC6.3.0",
    "DerivedVendorReportedEchoSpacing": 0.000519988,
    "DeviceSerialNumber": "167001",
    "DwellTime": 2.2e-06,
    "EchoTime": 0.03,
    "EchoTrainLength": 90,
    "EffectiveEchoSpacing": 0.000519988,
    "FlipAngle": 52,
    "ImageOrientationPatientDICOM": [
      0.99428,
      -0.105342,
      0.0176337,
      0.102749,
      0.898294,
      -0.427213
    ],
    "ImageType": [
      "ORIGINAL",
      "PRIMARY",
      "M",
      "ND",
      "NORM",
      "MOSAIC"
    ],
    "ImagingFrequency": 123.229,
    "InPlanePhaseEncodingDirectionDICOM": "COL",
    "InstitutionAddress": "Cooper_60_St._Lucia_QLD_AU_4072",
    "InstitutionName": "St_Lucia_Campus",
    "InstitutionalDepartmentName": "Gehrmann_Labs_MRI",
    "MRAcquisitionType": "2D",
    "MagneticFieldStrength": 3,
    "Manufacturer": "Siemens",
    "ManufacturersModelName": "Prisma_fit",
    "Modality": "MR",
    "MultibandAccelerationFactor": 6,
    "PartialFourier": 1,
    "PatientPosition": "HFS",
    "PercentPhaseFOV": 100,
    "PhaseEncodingDirection": "j-",
    "PhaseEncodingSteps": 90,
    "PhaseResolution": 1,
    "PixelBandwidth": 2525,
    "ProcedureStepDescription": "Research_16092_QTAB",
    "ProtocolName": "PARTLY_CLOUDY_mb6_2.4",
    "PulseSequenceDetails": "%SiemensSeq%_ep2d_bold",
    "ReceiveCoilActiveElements": "HC1-7;NC1,2",
    "ReceiveCoilName": "HeadNeck_64",
    "ReconMatrixPE": 90,
    "RefLinesPE": 12,
    "RepetitionTime": 0.8,
    "SAR": 0.0727108,
    "ScanOptions": "FS",
    "ScanningSequence": "EP",
    "SequenceName": "_epfid2d1_90",
    "SequenceVariant": "SK",
    "SeriesDescription": "PARTLY_CLOUDY_mb6_2.4",
    "SeriesNumber": 19,
    "ShimSetting": [
      3051,
      -4111,
      -815,
      385,
      -25,
      66,
      -143,
      -11
    ],
    "SliceThickness": 2.4,
    "SliceTiming": [
      0.545,
      0,
      0.39,
      0.0775,
      0.4675,
      0.235,
      0.625,
      0.3125,
      0.7025,
      0.155,
      0.545,
      0,
      0.39,
      0.0775,
      0.4675,
      0.235,
      0.625,
      0.3125,
      0.7025,
      0.155,
      0.545,
      0,
      0.39,
      0.0775,
      0.4675,
      0.235,
      0.625,
      0.3125,
      0.7025,
      0.155,
      0.545,
      0,
      0.39,
      0.0775,
      0.4675,
      0.235,
      0.625,
      0.3125,
      0.7025,
      0.155,
      0.545,
      0,
      0.39,
      0.0775,
      0.4675,
      0.235,
      0.625,
      0.3125,
      0.7025,
      0.155,
      0.545,
      0,
      0.39,
      0.0775,
      0.4675,
      0.235,
      0.625,
      0.3125,
      0.7025,
      0.155
    ],
    "SoftwareVersions": "syngo_MR_E11",
    "SpacingBetweenSlices": 2.4,
    "StationName": "mrc_Trio",
    "TaskName": "partlycloudy",
    "TotalReadoutTime": 0.046279,
    "TxRefAmp": 206.321,
    "dataset": "ds004146",
    "modality": "bold",
    "session_id": "02",
    "subject_id": "0235",
    "task_id": "partlycloudy"
  },
  "dummy_trs": 2,
  "dvars_nstd": 29.87852261480106,
  "dvars_std": 1.1353257317771879,
  "dvars_vstd": 1.001368503607427,
  "efc": 0.46689202870893676,
  "fber": 7545.92041015625,
  "fd_mean": 0.16676237565075736,
  "fd_num": 109,
  "fd_perc": 28.835978835978835,
  "fwhm_avg": 1.7550054858179032,
  "fwhm_x": 1.7015165990544716,
  "fwhm_y": 1.836470760358542,
  "fwhm_z": 1.7270290980406962,
  "gcor": 0.00496824,
  "gsr_x": -0.016247084364295006,
  "gsr_y": 0.03391408547759056,
  "provenance": {
    "md5sum": "ba7cba9c4d5e905ef59e9ce50783c050",
    "settings": {
      "fd_thres": 0.2,
      "testing": false
    },
    "software": "mriqc",
    "version": "23.0.1",
    "webapi_port": null,
    "webapi_url": "https://mriqc.nimh.nih.gov/api/v1"
  },
  "size_t": 378,
  "size_x": 90,
  "size_y": 90,
  "size_z": 60,
  "snr": 7.272183627809258,
  "spacing_tr": 0.800000011920929,
  "spacing_x": 2.4000000953674316,
  "spacing_y": 2.4000000953674316,
  "spacing_z": 2.4000000953674316,
  "summary_bg_k": 36.13410752231732,
  "summary_bg_mad": 5.561719425960593,
  "summary_bg_mean": 23.36640739440918,
  "summary_bg_median": 7.552909851074219,
  "summary_bg_n": 336869.0,
  "summary_bg_p05": 3.1031744480133057,
  "summary_bg_p95": 100.65767059326166,
  "summary_bg_stdv": 50.23057174682617,
  "summary_fg_k": 1.8264257903455796,
  "summary_fg_mad": 87.09699843143001,
  "summary_fg_mean": 662.2638549804688,
  "summary_fg_median": 661.2169189453125,
  "summary_fg_n": 79818.0,
  "summary_fg_p05": 527.2134979248046,
  "summary_fg_p95": 808.3345031738281,
  "summary_fg_stdv": 90.92355346679688,
  "tsnr": 48.4257962317206
}