{
  "aor": 0.0007258575197889183,
  "aqi": 0.020618356464379945,
  "bids_meta": {
    "AcquisitionMatrixPE": 90,
    "AcquisitionNumber": 1,
    "AcquisitionTime": "09:52:29.490000",
    "BandwidthPerPixelPhaseEncode": 21.368,
    "BaseResolution": 90,
    "BodyPartExamined": "BRAIN",
    "CoilString": "HC1-7;NC1_2",
    "ConsistencyInfo": "N4_VE11C_LATEST_20160120",
    "ConversionSoftware": "dcm2niix",
    "ConversionSoftwareVersion": "v1.0.20190410  GCC6.3.0",
    "DerivedVendorReportedEchoSpacing": 0.000519988,
    "DeviceSerialNumber": "167001",
    "DwellTime": 2.2e-06,
    "EchoTime": 0.03,
    "EchoTrainLength": 90,
    "EffectiveEchoSpacing": 0.000519988,
    "FlipAngle": 52,
    "ImageOrientationPatientDICOM": [
      0.999473,
      0.0305289,
      -0.0110226,
      -0.0324575,
      0.93837,
      -0.344104
    ],
    "ImageType": [
      "ORIGINAL",
      "PRIMARY",
      "M",
      "ND",
      "NORM",
      "MOSAIC"
    ],
    "ImagingFrequency": 123.229,
    "InPlanePhaseEncodingDirectionDICOM": "COL",
    "InstitutionAddress": "Cooper_60_St._Lucia_QLD_AU_4072",
    "InstitutionName": "Centre_for_Advanced_Imaging",
    "InstitutionalDepartmentName": "Gehrmann_Labs_MRI",
    "MRAcquisitionType": "2D",
    "MagneticFieldStrength": 3,
    "Manufacturer": "Siemens",
    "ManufacturersModelName": "Prisma_fit",
    "Modality": "MR",
    "MultibandAccelerationFactor": 6,
    "PartialFourier": 1,
    "PatientPosition": "HFS",
    "PercentPhaseFOV": 100,
    "PhaseEncodingDirection": "j-",
    "PhaseEncodingSteps": 90,
    "PhaseResolution": 1,
    "PixelBandwidth": 2525,
    "ProcedureStepDescription": "Research_16092_QTAB",
    "ProtocolName": "PARTLY_CLOUDY_mb6_2.4",
    "PulseSequenceDetails": "%SiemensSeq%_ep2d_bold",
    "ReceiveCoilActiveElements": "HC1-7;NC1,2",
    "ReceiveCoilName": "HeadNeck_64",
    "ReconMatrixPE": 90,
    "RefLinesPE": 12,
    "RepetitionTime": 0.8,
    "SAR": 0.0578185,
    "ScanOptions": "FS",
    "ScanningSequence": "EP",
    "SequenceName": "_epfid2d1_90",
    "SequenceVariant": "SK",
    "SeriesDescription": "PARTLY_CLOUDY_mb6_2.4",
    "SeriesNumber": 19,
    "ShimSetting": [
      3056,
      -4155,
      -803,
      434,
      69,
      5,
      -9,
      22
    ],
    "SliceThickness": 2.4,
    "SliceTiming": [
      0.5475,
      0,
      0.39,
      0.0775,
      0.4675,
      0.235,
      0.625,
      0.3125,
      0.7025,
      0.1575,
      0.5475,
      0,
      0.39,
      0.0775,
      0.4675,
      0.235,
      0.625,
      0.3125,
      0.7025,
      0.1575,
      0.5475,
      0,
      0.39,
      0.0775,
      0.4675,
      0.235,
      0.625,
      0.3125,
      0.7025,
      0.1575,
      0.5475,
      0,
      0.39,
      0.0775,
      0.4675,
      0.235,
      0.625,
      0.3125,
      0.7025,
      0.1575,
      0.5475,
      0,
      0.39,
      0.0775,
      0.4675,
      0.235,
      0.625,
      0.3125,
      0.7025,
      0.1575,
      0.5475,
      0,
      0.39,
      0.0775,
      0.4675,
      0.235,
      0.625,
      0.3125,
      0.7025,
      0.1575
    ],
    "SoftwareVersions": "syngo_MR_E11",
    "SpacingBetweenSlices": 2.4,
    "StationName": "mrc_Trio",
    "TaskName": "partlycloudy",
    "TotalReadoutTime": 0.046279,
    "TxRefAmp": 209.576,
    "dataset": "ds004146",
    "modality": "bold",
    "session_id": "02",
    "subject_id": "0070",
    "task_id": "partlycloudy"
  },
  "dummy_trs": 1,
  "dvars_nstd": 36.0465276757672,
  "dvars_std": 1.2011515973015874,
  "dvars_vstd": 0.9801897893650791,
  "efc": 0.46826562427739254,
  "fber": 7731.05126953125,
  "fd_mean": 0.18238998377064294,
  "fd_num": 147,
  "fd_perc": 38.78627968337731,
  "fwhm_avg": 1.8257665941172208,
  "fwhm_x": 1.679804099917249,
  "fwhm_y": 1.9575332555479505,
  "fwhm_z": 1.8399624268864623,
  "gcor": 0.00939862,
  "gsr_x": -0.02548946626484394,
  "gsr_y": 0.03648241236805916,
  "provenance": {
    "md5sum": "b7e58f7115f4b6bdbd733dded56ead0d",
    "settings": {
      "fd_thres": 0.2,
      "testing": false
    },
    "software": "mriqc",
    "version": "23.0.1",
    "webapi_port": null,
    "webapi_url": "https://mriqc.nimh.nih.gov/api/v1"
  },
  "size_t": 379,
  "size_x": 90,
  "size_y": 90,
  "size_z": 60,
  "snr": 7.446481874956504,
  "spacing_tr": 0.800000011920929,
  "spacing_x": 2.4000000953674316,
  "spacing_y": 2.4000000953674316,
  "spacing_z": 2.4000000953674316,
  "summary_bg_k": 26.669579602177574,
  "summary_bg_mad": 4.792052260544329,
  "summary_bg_mean": 24.90870475769043,
  "summary_bg_median": 7.203166484832764,
  "summary_bg_n": 339642.0,
  "summary_bg_p05": 3.3720316886901855,
  "summary_bg_p95": 116.78628540039062,
  "summary_bg_stdv": 50.99627685546875,
  "summary_fg_k": 1.5020749811845917,
  "summary_fg_mad": 82.2785412212868,
  "summary_fg_mean": 641.5332641601562,
  "summary_fg_median": 640.9498901367188,
  "summary_fg_n": 77133.0,
  "summary_fg_p05": 509.669677734375,
  "summary_fg_p95": 780.1578247070312,
  "summary_fg_stdv": 86.0736312866211,
  "tsnr": 43.37011221982539
}