{
  "aor": 0.0014040366972477064,
  "aqi": 0.011095810489296637,
  "bids_meta": {
    "AcquisitionMatrixPE": 104,
    "AcquisitionNumber": 1,
    "AcquisitionTime": "09:42:13.772500",
    "BandwidthPerPixelPhaseEncode": 17.17,
    "BaseResolution": 104,
    "BodyPartExamined": "BRAIN",
    "ConsistencyInfo": "N4_VE11C_LATEST_20160120",
    "ConversionSoftware": "dcm2niix",
    "ConversionSoftwareVersion": "v1.0.20171215 GCC6.3.0",
    "DerivedVendorReportedEchoSpacing": 0.000560011,
    "DeviceSerialNumber": "167001",
    "DwellTime": 2.1e-06,
    "EchoTime": 0.03,
    "EchoTrainLength": 91,
    "EffectiveEchoSpacing": 0.000560011,
    "FlipAngle": 52,
    "ImageOrientationPatientDICOM": [
      0.995129,
      0.0365414,
      -0.091559,
      -0.0598188,
      0.962062,
      -0.266193
    ],
    "ImageType": [
      "ORIGINAL",
      "PRIMARY",
      "M",
      "ND",
      "MOSAIC"
    ],
    "InPlanePhaseEncodingDirectionDICOM": "COL",
    "InstitutionAddress": "Cooper_60_St._Lucia_QLD_AU_4072",
    "InstitutionName": "St_Lucia_Campus",
    "InstitutionalDepartmentName": "Gehrmann_Labs_MRI",
    "MRAcquisitionType": "2D",
    "MagneticFieldStrength": 3,
    "Manufacturer": "Siemens",
    "ManufacturersModelName": "Prisma_fit",
    "Modality": "MR",
    "MultibandAccelerationFactor": 6,
    "PartialFourier": 0.875,
    "PatientPosition": "HFS",
    "PercentPhaseFOV": 100,
    "PhaseEncodingDirection": "j-",
    "PhaseEncodingSteps": 91,
    "PhaseResolution": 1,
    "PixelBandwidth": 2290,
    "ProcedureStepDescription": "Research_16092_QTAB",
    "ProtocolName": "ep2d_REST_SMS6_A-P",
    "PulseSequenceDetails": "%SiemensSeq%_ep2d_bold",
    "ReceiveCoilActiveElements": "HC1-7;NC1,2",
    "ReceiveCoilName": "HeadNeck_64",
    "ReconMatrixPE": 104,
    "RepetitionTime": 0.93,
    "SAR": 0.0775528,
    "ScanOptions": "PFP_FS",
    "ScanningSequence": "EP",
    "SequenceName": "_epfid2d1_104",
    "SequenceVariant": "SK",
    "SeriesDescription": "ep2d_REST_SMS6_A-P",
    "SeriesNumber": 9,
    "ShimSetting": [
      3016,
      -4114,
      -754,
      626,
      81,
      126,
      32,
      -26
    ],
    "SliceThickness": 2,
    "SliceTiming": [
      0.6825,
      0,
      0.455,
      0.075,
      0.53,
      0.15,
      0.605,
      0.3025,
      0.7575,
      0.3775,
      0.8325,
      0.2275,
      0.6825,
      0,
      0.455,
      0.075,
      0.53,
      0.15,
      0.605,
      0.3025,
      0.7575,
      0.3775,
      0.8325,
      0.2275,
      0.6825,
      0,
      0.455,
      0.075,
      0.53,
      0.15,
      0.605,
      0.3025,
      0.7575,
      0.3775,
      0.8325,
      0.2275,
      0.6825,
      0,
      0.455,
      0.075,
      0.53,
      0.15,
      0.605,
      0.3025,
      0.7575,
      0.3775,
      0.8325,
      0.2275,
      0.6825,
      0,
      0.455,
      0.075,
      0.53,
      0.15,
      0.605,
      0.3025,
      0.7575,
      0.3775,
      0.8325,
      0.2275,
      0.6825,
      0,
      0.455,
      0.075,
      0.53,
      0.15,
      0.605,
      0.3025,
      0.7575,
      0.3775,
      0.8325,
      0.2275
    ],
    "SoftwareVersions": "syngo_MR_E11",
    "SpacingBetweenSlices": 2,
    "StationName": "mrc_Trio",
    "TaskName": "rest",
    "TotalReadoutTime": 0.0576811,
    "TxRefAmp": 215.53,
    "dataset": "ds004146",
    "modality": "bold",
    "session_id": "01",
    "subject_id": "0206",
    "task_id": "rest"
  },
  "dummy_trs": 0,
  "dvars_nstd": 43.39504521036809,
  "dvars_std": 1.0574459423312879,
  "dvars_vstd": 0.9708081089263806,
  "efc": 0.537721326658449,
  "fber": 884.2337036132812,
  "fd_mean": 0.2818850679134785,
  "fd_num": 172,
  "fd_perc": 52.599388379204896,
  "fwhm_avg": 3.579305,
  "fwhm_x": 3.412905,
  "fwhm_y": 3.62053,
  "fwhm_z": 3.70448,
  "gcor": 0.0368816,
  "gsr_x": -0.024869577959179878,
  "gsr_y": 0.06428393721580505,
  "provenance": {
    "md5sum": "384c1f88d7c5a034d1d5746bdeedea02",
    "settings": {
      "fd_thres": 0.2,
      "testing": false
    },
    "software": "mriqc",
    "version": "23.0.1",
    "webapi_port": null,
    "webapi_url": "https://mriqc.nimh.nih.gov/api/v1"
  },
  "size_t": 327,
  "size_x": 104,
  "size_y": 104,
  "size_z": 72,
  "snr": 2.170271993444265,
  "spacing_tr": 0.9300000071525574,
  "spacing_x": 2.0,
  "spacing_y": 2.0,
  "spacing_z": 2.0,
  "summary_bg_k": 46.58248850948615,
  "summary_bg_mad": 7.462884280597685,
  "summary_bg_mean": 38.969383239746094,
  "summary_bg_median": 19.795106887817383,
  "summary_bg_n": 475937.0,
  "summary_bg_p05": 14.186544418334961,
  "summary_bg_p95": 124.83058471679645,
  "summary_bg_stdv": 56.7763557434082,
  "summary_fg_k": 2.0985348302876297,
  "summary_fg_mad": 231.50359922323014,
  "summary_fg_mean": 657.542724609375,
  "summary_fg_median": 598.7171630859375,
  "summary_fg_n": 196512.0,
  "summary_fg_p05": 334.72784423828125,
  "summary_fg_p95": 1213.2138061523438,
  "summary_fg_stdv": 275.8712463378906,
  "tsnr": 27.83918062923476
}