{
  "aor": 0.0006735779816513761,
  "aqi": 0.005679577737003058,
  "bids_meta": {
    "AcquisitionMatrixPE": 104,
    "AcquisitionNumber": 1,
    "AcquisitionTime": "11:06:28.560000",
    "BandwidthPerPixelPhaseEncode": 17.17,
    "BaseResolution": 104,
    "BodyPartExamined": "BRAIN",
    "CoilString": "HC1-7;NC1_2",
    "ConsistencyInfo": "N4_VE11C_LATEST_20160120",
    "ConversionSoftware": "dcm2niix",
    "ConversionSoftwareVersion": "v1.0.20190410  GCC6.3.0",
    "DerivedVendorReportedEchoSpacing": 0.000560011,
    "DeviceSerialNumber": "167001",
    "DwellTime": 2.1e-06,
    "EchoTime": 0.03,
    "EchoTrainLength": 91,
    "EffectiveEchoSpacing": 0.000560011,
    "FlipAngle": 52,
    "ImageOrientationPatientDICOM": [
      0.996487,
      -0.083651,
      -0.0040558,
      0.0768505,
      0.932577,
      -0.352696
    ],
    "ImageType": [
      "ORIGINAL",
      "PRIMARY",
      "M",
      "ND",
      "MOSAIC"
    ],
    "ImagingFrequency": 123.23,
    "InPlanePhaseEncodingDirectionDICOM": "COL",
    "InstitutionAddress": "Cooper_60_St._Lucia_QLD_AU_4072",
    "InstitutionName": "St_Lucia_Campus",
    "InstitutionalDepartmentName": "Gehrmann_Labs_MRI",
    "MRAcquisitionType": "2D",
    "MagneticFieldStrength": 3,
    "Manufacturer": "Siemens",
    "ManufacturersModelName": "Prisma_fit",
    "Modality": "MR",
    "MultibandAccelerationFactor": 6,
    "PartialFourier": 0.875,
    "PatientPosition": "HFS",
    "PercentPhaseFOV": 100,
    "PhaseEncodingDirection": "j",
    "PhaseEncodingSteps": 91,
    "PhaseResolution": 1,
    "PixelBandwidth": 2290,
    "ProcedureStepDescription": "Research_16092_QTAB",
    "ProtocolName": "ep2d_REST_SMS6_P-A",
    "PulseSequenceDetails": "%SiemensSeq%_ep2d_bold",
    "ReceiveCoilActiveElements": "HC1-7;NC1,2",
    "ReceiveCoilName": "HeadNeck_64",
    "ReconMatrixPE": 104,
    "RefLinesPE": 12,
    "RepetitionTime": 0.93,
    "SAR": 0.0817242,
    "ScanOptions": "PFP_FS",
    "ScanningSequence": "EP",
    "SequenceName": "_epfid2d1_104",
    "SequenceVariant": "SK",
    "SeriesDescription": "ep2d_REST_SMS6_P-A",
    "SeriesNumber": 10,
    "ShimSetting": [
      3064,
      -4150,
      -755,
      541,
      25,
      16,
      -12,
      -12
    ],
    "SliceThickness": 2,
    "SliceTiming": [
      0.6825,
      0,
      0.455,
      0.0775,
      0.5325,
      0.1525,
      0.6075,
      0.305,
      0.76,
      0.38,
      0.835,
      0.2275,
      0.6825,
      0,
      0.455,
      0.0775,
      0.5325,
      0.1525,
      0.6075,
      0.305,
      0.76,
      0.38,
      0.835,
      0.2275,
      0.6825,
      0,
      0.455,
      0.0775,
      0.5325,
      0.1525,
      0.6075,
      0.305,
      0.76,
      0.38,
      0.835,
      0.2275,
      0.6825,
      0,
      0.455,
      0.0775,
      0.5325,
      0.1525,
      0.6075,
      0.305,
      0.76,
      0.38,
      0.835,
      0.2275,
      0.6825,
      0,
      0.455,
      0.0775,
      0.5325,
      0.1525,
      0.6075,
      0.305,
      0.76,
      0.38,
      0.835,
      0.2275,
      0.6825,
      0,
      0.455,
      0.0775,
      0.5325,
      0.1525,
      0.6075,
      0.305,
      0.76,
      0.38,
      0.835,
      0.2275
    ],
    "SoftwareVersions": "syngo_MR_E11",
    "SpacingBetweenSlices": 2,
    "StationName": "mrc_Trio",
    "TaskName": "rest",
    "TotalReadoutTime": 0.0576811,
    "TxRefAmp": 220.268,
    "dataset": "ds004146",
    "modality": "bold",
    "session_id": "02",
    "subject_id": "0154",
    "task_id": "rest"
  },
  "dummy_trs": 0,
  "dvars_nstd": 43.260116261411,
  "dvars_std": 1.211019082453988,
  "dvars_vstd": 1.0077836685889567,
  "efc": 0.5380183475494059,
  "fber": 872.249755859375,
  "fd_mean": 0.12990421632502808,
  "fd_num": 51,
  "fd_perc": 15.596330275229358,
  "fwhm_avg": 3.1715283333333333,
  "fwhm_x": 2.94564,
  "fwhm_y": 3.245085,
  "fwhm_z": 3.32386,
  "gcor": 0.0162077,
  "gsr_x": -0.02105383202433586,
  "gsr_y": 0.046410348266363144,
  "provenance": {
    "md5sum": "2dcab6bc635ec629a2d7cd7dfbc59c6a",
    "settings": {
      "fd_thres": 0.2,
      "testing": false
    },
    "software": "mriqc",
    "version": "23.0.1",
    "webapi_port": null,
    "webapi_url": "https://mriqc.nimh.nih.gov/api/v1"
  },
  "size_t": 327,
  "size_x": 104,
  "size_y": 104,
  "size_z": 72,
  "snr": 2.715058382484926,
  "spacing_tr": 0.9300000071525574,
  "spacing_x": 2.0,
  "spacing_y": 2.0,
  "spacing_z": 2.0,
  "summary_bg_k": 94.28226677726494,
  "summary_bg_mad": 7.104703083428446,
  "summary_bg_mean": 37.374839782714844,
  "summary_bg_median": 20.321102142333984,
  "summary_bg_n": 489806.0,
  "summary_bg_p05": 15.055046081542969,
  "summary_bg_p95": 114.41590881347656,
  "summary_bg_stdv": 53.63896560668945,
  "summary_fg_k": 0.16653939296335007,
  "summary_fg_mad": 237.10306040660132,
  "summary_fg_mean": 637.0079345703125,
  "summary_fg_median": 610.7156372070312,
  "summary_fg_n": 183225.0,
  "summary_fg_p05": 328.3559631347656,
  "summary_fg_p95": 1037.6807861328125,
  "summary_fg_stdv": 224.93585205078125,
  "tsnr": 40.58234150032513
}