{
  "bids_meta": {
    "AcquisitionMatrixPE": 256,
    "AcquisitionNumber": 1,
    "AcquisitionTime": "15:43:45.430000",
    "BaseResolution": 256,
    "BodyPartExamined": "BRAIN",
    "ConsistencyInfo": "N4_VE11C_LATEST_20160120",
    "ConversionSoftware": "dcm2niix",
    "ConversionSoftwareVersion": "v1.0.20171215 GCC6.3.0",
    "DeviceSerialNumber": "167001",
    "DwellTime": 2.6e-06,
    "EchoTime": 0.408,
    "EchoTrainLength": 259,
    "FlipAngle": 120,
    "ImageOrientationPatientDICOM": [
      0,
      1,
      0,
      0,
      0,
      -1
    ],
    "ImageType": [
      "ORIGINAL",
      "PRIMARY",
      "M",
      "ND",
      "NORM"
    ],
    "InPlanePhaseEncodingDirectionDICOM": "ROW",
    "InstitutionAddress": "Cooper_60_St._Lucia_QLD_AU_4072",
    "InstitutionName": "St_Lucia_Campus",
    "InstitutionalDepartmentName": "Gehrmann_Labs_MRI",
    "MRAcquisitionType": "3D",
    "MagneticFieldStrength": 3,
    "Manufacturer": "Siemens",
    "ManufacturersModelName": "Prisma_fit",
    "Modality": "MR",
    "ParallelReductionFactorInPlane": 2,
    "PartialFourier": 1,
    "PatientPosition": "HFS",
    "PercentPhaseFOV": 100,
    "PhaseEncodingSteps": 233,
    "PhaseResolution": 1,
    "PixelBandwidth": 750,
    "ProcedureStepDescription": "Research_16092_QTAB",
    "ProtocolName": "t2_spc_sag_p2_iso",
    "PulseSequenceDetails": "%SiemensSeq%_tse_vfl",
    "ReceiveCoilActiveElements": "HC1-7;NC1",
    "ReceiveCoilName": "HeadNeck_64",
    "ReconMatrixPE": 256,
    "RepetitionTime": 3.2,
    "SAR": 0.157245,
    "ScanOptions": "PFP",
    "ScanningSequence": "SE",
    "SequenceName": "_spcR_282ns",
    "SequenceVariant": "SK_SP",
    "SeriesDescription": "t2_spc_sag_p2_iso",
    "SeriesNumber": 29,
    "ShimSetting": [
      3043,
      -4177,
      -1039,
      1,
      -3,
      36,
      -3,
      -11
    ],
    "SliceThickness": 1,
    "SoftwareVersions": "syngo_MR_E11",
    "StationName": "mrc_Trio",
    "TxRefAmp": 212.168,
    "dataset": "ds004146",
    "modality": "T2w",
    "session_id": "01",
    "subject_id": "0269"
  },
  "cjv": 0.8356508058576751,
  "cnr": 0.5403767366264153,
  "efc": 0.6543267428688097,
  "fber": 7902.184264053255,
  "fwhm_avg": 4.125437548055319,
  "fwhm_x": 4.41022526286991,
  "fwhm_y": 4.331537435455062,
  "fwhm_z": 3.634549945840985,
  "icvs_csf": 0.4891917575275605,
  "icvs_gm": 0.3841312788164814,
  "icvs_wm": 0.12667696365595812,
  "inu_med": 0.9709274172782898,
  "inu_range": 0.24754726886749268,
  "provenance": {
    "md5sum": "59accfd9b117b8cb2a3dfc28b8b6d37e",
    "settings": {
      "testing": false
    },
    "software": "mriqc",
    "version": "23.0.1",
    "warnings": {
      "large_rot_frame": true,
      "small_air_mask": false
    },
    "webapi_port": null,
    "webapi_url": "https://mriqc.nimh.nih.gov/api/v1"
  },
  "qi_1": 2.160877812934187e-05,
  "qi_2": 0.013233839661464892,
  "rpve_csf": 9.544336848522754,
  "rpve_gm": 11.67044446799015,
  "rpve_wm": 34.913641904986505,
  "size_x": 192,
  "size_y": 300,
  "size_z": 320,
  "snr_csf": 17.5057387681391,
  "snr_gm": 12.571185457598034,
  "snr_total": 10.135813709740821,
  "snr_wm": 0.33051690348533036,
  "snrd_csf": 67.18706149058603,
  "snrd_gm": 44.01360162556426,
  "snrd_total": 42.626265001274014,
  "snrd_wm": 16.678131887671743,
  "spacing_x": 0.7999999523162842,
  "spacing_y": 0.800000011920929,
  "spacing_z": 0.800000011920929,
  "summary_bg_k": 6.592584394777457,
  "summary_bg_mad": 0.0,
  "summary_bg_mean": 21.221651308345685,
  "summary_bg_median": 0.0,
  "summary_bg_n": 1744158.0,
  "summary_bg_p05": 0.0,
  "summary_bg_p95": 112.93031220138073,
  "summary_bg_stdv": 39.605482204402705,
  "summary_csf_k": 0.18068848216745836,
  "summary_csf_mad": 229.0502199164216,
  "summary_csf_mean": 4072.602274438574,
  "summary_csf_median": 4061.7129016667604,
  "summary_csf_n": 337108.0,
  "summary_csf_p05": 3712.7064597457647,
  "summary_csf_p95": 4471.312683343887,
  "summary_csf_stdv": 232.0214491435853,
  "summary_gm_k": -0.3661178275796706,
  "summary_gm_mad": 227.59790873941532,
  "summary_gm_mean": 2662.969395405149,
  "summary_gm_median": 2660.789288967848,
  "summary_gm_n": 363814.0,
  "summary_gm_p05": 2325.3568746596575,
  "summary_gm_p95": 3012.3146226108074,
  "summary_gm_stdv": 211.65749571837142,
  "summary_wm_k": -1.47375446763333,
  "summary_wm_mad": 1153.342547568286,
  "summary_wm_mean": 2960.588653876331,
  "summary_wm_median": 1008.256380930543,
  "summary_wm_n": 69475.0,
  "summary_wm_p05": 168.76574537158012,
  "summary_wm_p95": 7679.023334364593,
  "summary_wm_stdv": 3050.522118594127,
  "tpm_overlap_csf": 0.10303893285471798,
  "tpm_overlap_gm": 0.22954074207334174,
  "tpm_overlap_wm": 0.035962157117130085,
  "wm2max": 0.13470562940527606
}