{
  "aor": 0.0005564723926380369,
  "aqi": 0.004746911840490797,
  "bids_meta": {
    "AcquisitionMatrixPE": 104,
    "AcquisitionNumber": 1,
    "AcquisitionTime": "15:11:26.560000",
    "BandwidthPerPixelPhaseEncode": 17.17,
    "BaseResolution": 104,
    "BodyPartExamined": "BRAIN",
    "CoilString": "HC1-7;NC1_2",
    "ConsistencyInfo": "N4_VE11C_LATEST_20160120",
    "ConversionSoftware": "dcm2niix",
    "ConversionSoftwareVersion": "v1.0.20190410  GCC6.3.0",
    "DerivedVendorReportedEchoSpacing": 0.000560011,
    "DeviceSerialNumber": "167001",
    "DwellTime": 2.1e-06,
    "EchoTime": 0.03,
    "EchoTrainLength": 91,
    "EffectiveEchoSpacing": 0.000560011,
    "FlipAngle": 52,
    "ImageOrientationPatientDICOM": [
      0.999425,
      -0.00897028,
      -0.0326912,
      0.00383751,
      0.988093,
      -0.153808
    ],
    "ImageType": [
      "ORIGINAL",
      "PRIMARY",
      "M",
      "ND",
      "MOSAIC"
    ],
    "ImagingFrequency": 123.229,
    "InPlanePhaseEncodingDirectionDICOM": "COL",
    "InstitutionAddress": "Cooper_60_St._Lucia_QLD_AU_4072",
    "InstitutionName": "St_Lucia_Campus",
    "InstitutionalDepartmentName": "Gehrmann_Labs_MRI",
    "MRAcquisitionType": "2D",
    "MagneticFieldStrength": 3,
    "Manufacturer": "Siemens",
    "ManufacturersModelName": "Prisma_fit",
    "Modality": "MR",
    "MultibandAccelerationFactor": 6,
    "PartialFourier": 0.875,
    "PatientPosition": "HFS",
    "PercentPhaseFOV": 100,
    "PhaseEncodingDirection": "j",
    "PhaseEncodingSteps": 91,
    "PhaseResolution": 1,
    "PixelBandwidth": 2290,
    "ProcedureStepDescription": "Research_16092_QTAB",
    "ProtocolName": "ep2d_REST_SMS6_P-A",
    "PulseSequenceDetails": "%SiemensSeq%_ep2d_bold",
    "ReceiveCoilActiveElements": "HC1-7;NC1,2",
    "ReceiveCoilName": "HeadNeck_64",
    "ReconMatrixPE": 104,
    "RefLinesPE": 12,
    "RepetitionTime": 0.93,
    "SAR": 0.0797145,
    "ScanOptions": "PFP_FS",
    "ScanningSequence": "EP",
    "SequenceName": "_epfid2d1_104",
    "SequenceVariant": "SK",
    "SeriesDescription": "ep2d_REST_SMS6_P-A",
    "SeriesNumber": 10,
    "ShimSetting": [
      3050,
      -4173,
      -791,
      346,
      -49,
      58,
      -108,
      -44
    ],
    "SliceThickness": 2,
    "SliceTiming": [
      0.6825,
      0,
      0.455,
      0.0775,
      0.5325,
      0.1525,
      0.6075,
      0.305,
      0.76,
      0.38,
      0.835,
      0.2275,
      0.6825,
      0,
      0.455,
      0.0775,
      0.5325,
      0.1525,
      0.6075,
      0.305,
      0.76,
      0.38,
      0.835,
      0.2275,
      0.6825,
      0,
      0.455,
      0.0775,
      0.5325,
      0.1525,
      0.6075,
      0.305,
      0.76,
      0.38,
      0.835,
      0.2275,
      0.6825,
      0,
      0.455,
      0.0775,
      0.5325,
      0.1525,
      0.6075,
      0.305,
      0.76,
      0.38,
      0.835,
      0.2275,
      0.6825,
      0,
      0.455,
      0.0775,
      0.5325,
      0.1525,
      0.6075,
      0.305,
      0.76,
      0.38,
      0.835,
      0.2275,
      0.6825,
      0,
      0.455,
      0.0775,
      0.5325,
      0.1525,
      0.6075,
      0.305,
      0.76,
      0.38,
      0.835,
      0.2275
    ],
    "SoftwareVersions": "syngo_MR_E11",
    "SpacingBetweenSlices": 2,
    "StationName": "mrc_Trio",
    "TaskName": "rest",
    "TotalReadoutTime": 0.0576811,
    "TxRefAmp": 214.114,
    "dataset": "ds004146",
    "modality": "bold",
    "session_id": "02",
    "subject_id": "0109",
    "task_id": "rest"
  },
  "dummy_trs": 1,
  "dvars_nstd": 42.2328499898154,
  "dvars_std": 1.1943642994769228,
  "dvars_vstd": 1.0031886474461535,
  "efc": 0.5434660826794672,
  "fber": 769.6779174804688,
  "fd_mean": 0.14399585702807866,
  "fd_num": 89,
  "fd_perc": 27.300613496932517,
  "fwhm_avg": 3.2302816666666665,
  "fwhm_x": 3.03516,
  "fwhm_y": 3.37752,
  "fwhm_z": 3.278165,
  "gcor": 0.00453069,
  "gsr_x": -0.003501852974295616,
  "gsr_y": 0.04640322923660278,
  "provenance": {
    "md5sum": "2875c0c4708d5f96afaad12863358c1e",
    "settings": {
      "fd_thres": 0.2,
      "testing": false
    },
    "software": "mriqc",
    "version": "23.0.1",
    "webapi_port": null,
    "webapi_url": "https://mriqc.nimh.nih.gov/api/v1"
  },
  "size_t": 326,
  "size_x": 104,
  "size_y": 104,
  "size_z": 72,
  "snr": 2.5105817060208544,
  "spacing_tr": 0.9300000071525574,
  "spacing_x": 2.0,
  "spacing_y": 2.0,
  "spacing_z": 2.0,
  "summary_bg_k": 65.42496175648363,
  "summary_bg_mad": 10.878480099144413,
  "summary_bg_mean": 43.56755065917969,
  "summary_bg_median": 23.49079704284668,
  "summary_bg_n": 481924.0,
  "summary_bg_p05": 15.12576675415039,
  "summary_bg_p95": 143.62744979858377,
  "summary_bg_stdv": 58.85668182373047,
  "summary_fg_k": 0.3251755775279679,
  "summary_fg_mad": 273.5628225196574,
  "summary_fg_mean": 704.0484008789062,
  "summary_fg_median": 662.766845703125,
  "summary_fg_n": 186507.0,
  "summary_fg_p05": 357.64508056640625,
  "summary_fg_p95": 1190.7328124999997,
  "summary_fg_stdv": 263.9886474609375,
  "tsnr": 39.64702941477299
}