{
  "aor": 0.001725137614678899,
  "aqi": 0.005459812354740062,
  "bids_meta": {
    "AcquisitionMatrixPE": 104,
    "AcquisitionNumber": 1,
    "AcquisitionTime": "11:11:36.297500",
    "BandwidthPerPixelPhaseEncode": 17.17,
    "BaseResolution": 104,
    "BodyPartExamined": "BRAIN",
    "ConsistencyInfo": "N4_VE11C_LATEST_20160120",
    "ConversionSoftware": "dcm2niix",
    "ConversionSoftwareVersion": "v1.0.20171215 GCC6.3.0",
    "DerivedVendorReportedEchoSpacing": 0.000560011,
    "DeviceSerialNumber": "167001",
    "DwellTime": 2.1e-06,
    "EchoTime": 0.03,
    "EchoTrainLength": 91,
    "EffectiveEchoSpacing": 0.000560011,
    "FlipAngle": 52,
    "ImageOrientationPatientDICOM": [
      0.999024,
      0.0428052,
      -0.0108703,
      -0.0441424,
      0.9755,
      -0.215526
    ],
    "ImageType": [
      "ORIGINAL",
      "PRIMARY",
      "M",
      "ND",
      "MOSAIC"
    ],
    "InPlanePhaseEncodingDirectionDICOM": "COL",
    "InstitutionAddress": "Cooper_60_St._Lucia_QLD_AU_4072",
    "InstitutionName": "St_Lucia_Campus",
    "InstitutionalDepartmentName": "Gehrmann_Labs_MRI",
    "MRAcquisitionType": "2D",
    "MagneticFieldStrength": 3,
    "Manufacturer": "Siemens",
    "ManufacturersModelName": "Prisma_fit",
    "Modality": "MR",
    "MultibandAccelerationFactor": 6,
    "PartialFourier": 0.875,
    "PatientPosition": "HFS",
    "PercentPhaseFOV": 100,
    "PhaseEncodingDirection": "j-",
    "PhaseEncodingSteps": 91,
    "PhaseResolution": 1,
    "PixelBandwidth": 2290,
    "ProcedureStepDescription": "Research_16092_QTAB",
    "ProtocolName": "ep2d_REST_SMS6_A-P",
    "PulseSequenceDetails": "%SiemensSeq%_ep2d_bold",
    "ReceiveCoilActiveElements": "HC1-7;NC1,2",
    "ReceiveCoilName": "HeadNeck_64",
    "ReconMatrixPE": 104,
    "RepetitionTime": 0.93,
    "SAR": 0.0689677,
    "ScanOptions": "PFP_FS",
    "ScanningSequence": "EP",
    "SequenceName": "_epfid2d1_104",
    "SequenceVariant": "SK",
    "SeriesDescription": "ep2d_REST_SMS6_A-P",
    "SeriesNumber": 9,
    "ShimSetting": [
      3029,
      -4132,
      -754,
      462,
      -50,
      42,
      29,
      -6
    ],
    "SliceThickness": 2,
    "SliceTiming": [
      0.6825,
      0,
      0.455,
      0.075,
      0.53,
      0.1525,
      0.6075,
      0.3025,
      0.7575,
      0.38,
      0.835,
      0.2275,
      0.6825,
      0,
      0.455,
      0.075,
      0.53,
      0.1525,
      0.6075,
      0.3025,
      0.7575,
      0.38,
      0.835,
      0.2275,
      0.6825,
      0,
      0.455,
      0.075,
      0.53,
      0.1525,
      0.6075,
      0.3025,
      0.7575,
      0.38,
      0.835,
      0.2275,
      0.6825,
      0,
      0.455,
      0.075,
      0.53,
      0.1525,
      0.6075,
      0.3025,
      0.7575,
      0.38,
      0.835,
      0.2275,
      0.6825,
      0,
      0.455,
      0.075,
      0.53,
      0.1525,
      0.6075,
      0.3025,
      0.7575,
      0.38,
      0.835,
      0.2275,
      0.6825,
      0,
      0.455,
      0.075,
      0.53,
      0.1525,
      0.6075,
      0.3025,
      0.7575,
      0.38,
      0.835,
      0.2275
    ],
    "SoftwareVersions": "syngo_MR_E11",
    "SpacingBetweenSlices": 2,
    "StationName": "mrc_Trio",
    "TaskName": "rest",
    "TotalReadoutTime": 0.0576811,
    "TxRefAmp": 209.742,
    "dataset": "ds004146",
    "modality": "bold",
    "session_id": "01",
    "subject_id": "0062",
    "task_id": "rest"
  },
  "dummy_trs": 0,
  "dvars_nstd": 34.854786539386495,
  "dvars_std": 1.0926726772699393,
  "dvars_vstd": 1.0227731402147238,
  "efc": 0.5307745782403404,
  "fber": 1034.0933837890625,
  "fd_mean": 0.13302007742583444,
  "fd_num": 38,
  "fd_perc": 11.62079510703364,
  "fwhm_avg": 3.2372483333333335,
  "fwhm_x": 3.05481,
  "fwhm_y": 3.376265,
  "fwhm_z": 3.28067,
  "gcor": 0.0164254,
  "gsr_x": -0.019098704680800438,
  "gsr_y": 0.07104871422052383,
  "provenance": {
    "md5sum": "40dd2841ede5e32ce625ec952f72a291",
    "settings": {
      "fd_thres": 0.2,
      "testing": false
    },
    "software": "mriqc",
    "version": "23.0.1",
    "webapi_port": null,
    "webapi_url": "https://mriqc.nimh.nih.gov/api/v1"
  },
  "size_t": 327,
  "size_x": 104,
  "size_y": 104,
  "size_z": 72,
  "snr": 2.709444794583588,
  "spacing_tr": 0.9300000071525574,
  "spacing_x": 2.0,
  "spacing_y": 2.0,
  "spacing_z": 2.0,
  "summary_bg_k": 44.80249035898206,
  "summary_bg_mad": 5.767185988791116,
  "summary_bg_mean": 37.974151611328125,
  "summary_bg_median": 18.657493591308594,
  "summary_bg_n": 499188.0,
  "summary_bg_p05": 14.415903091430664,
  "summary_bg_p95": 128.20688858032216,
  "summary_bg_stdv": 57.10321807861328,
  "summary_fg_k": 0.6397678498581922,
  "summary_fg_mad": 218.18286983933905,
  "summary_fg_mean": 643.4155883789062,
  "summary_fg_median": 610.9694213867188,
  "summary_fg_n": 176208.0,
  "summary_fg_p05": 343.9562789916992,
  "summary_fg_p95": 1066.0597839355466,
  "summary_fg_stdv": 225.4955291748047,
  "tsnr": 39.578544730786234
}