{
  "aor": 0.009062935779816515,
  "aqi": 0.016891538990825686,
  "bids_meta": {
    "AcquisitionMatrixPE": 104,
    "AcquisitionNumber": 1,
    "AcquisitionTime": "11:30:24.367500",
    "BandwidthPerPixelPhaseEncode": 17.17,
    "BaseResolution": 104,
    "BodyPartExamined": "BRAIN",
    "ConsistencyInfo": "N4_VE11C_LATEST_20160120",
    "ConversionSoftware": "dcm2niix",
    "ConversionSoftwareVersion": "v1.0.20171215 GCC6.3.0",
    "DerivedVendorReportedEchoSpacing": 0.000560011,
    "DeviceSerialNumber": "167001",
    "DwellTime": 2.1e-06,
    "EchoTime": 0.03,
    "EchoTrainLength": 91,
    "EffectiveEchoSpacing": 0.000560011,
    "FlipAngle": 52,
    "ImageOrientationPatientDICOM": [
      0.992638,
      -0.0775993,
      -0.0930006,
      0.039695,
      0.933832,
      -0.355503
    ],
    "ImageType": [
      "ORIGINAL",
      "PRIMARY",
      "M",
      "ND",
      "MOSAIC"
    ],
    "InPlanePhaseEncodingDirectionDICOM": "COL",
    "InstitutionAddress": "Cooper_60_St._Lucia_QLD_AU_4072",
    "InstitutionName": "St_Lucia_Campus",
    "InstitutionalDepartmentName": "Gehrmann_Labs_MRI",
    "MRAcquisitionType": "2D",
    "MagneticFieldStrength": 3,
    "Manufacturer": "Siemens",
    "ManufacturersModelName": "Prisma_fit",
    "Modality": "MR",
    "MultibandAccelerationFactor": 6,
    "PartialFourier": 0.875,
    "PatientPosition": "HFS",
    "PercentPhaseFOV": 100,
    "PhaseEncodingDirection": "j-",
    "PhaseEncodingSteps": 91,
    "PhaseResolution": 1,
    "PixelBandwidth": 2290,
    "ProcedureStepDescription": "Research_16092_QTAB",
    "ProtocolName": "ep2d_REST_SMS6_A-P",
    "PulseSequenceDetails": "%SiemensSeq%_ep2d_bold",
    "ReceiveCoilActiveElements": "HC1-7;NC1,2",
    "ReceiveCoilName": "HeadNeck_64",
    "ReconMatrixPE": 104,
    "RepetitionTime": 0.93,
    "SAR": 0.0913789,
    "ScanOptions": "PFP_FS",
    "ScanningSequence": "EP",
    "SequenceName": "_epfid2d1_104",
    "SequenceVariant": "SK",
    "SeriesDescription": "ep2d_REST_SMS6_A-P",
    "SeriesNumber": 9,
    "ShimSetting": [
      3020,
      -4185,
      -785,
      340,
      -3,
      -160,
      -222,
      -50
    ],
    "SliceThickness": 2,
    "SliceTiming": [
      0.6825,
      0,
      0.455,
      0.075,
      0.53,
      0.1525,
      0.6075,
      0.3025,
      0.7575,
      0.38,
      0.835,
      0.2275,
      0.6825,
      0,
      0.455,
      0.075,
      0.53,
      0.1525,
      0.6075,
      0.3025,
      0.7575,
      0.38,
      0.835,
      0.2275,
      0.6825,
      0,
      0.455,
      0.075,
      0.53,
      0.1525,
      0.6075,
      0.3025,
      0.7575,
      0.38,
      0.835,
      0.2275,
      0.6825,
      0,
      0.455,
      0.075,
      0.53,
      0.1525,
      0.6075,
      0.3025,
      0.7575,
      0.38,
      0.835,
      0.2275,
      0.6825,
      0,
      0.455,
      0.075,
      0.53,
      0.1525,
      0.6075,
      0.3025,
      0.7575,
      0.38,
      0.835,
      0.2275,
      0.6825,
      0,
      0.455,
      0.075,
      0.53,
      0.1525,
      0.6075,
      0.3025,
      0.7575,
      0.38,
      0.835,
      0.2275
    ],
    "SoftwareVersions": "syngo_MR_E11",
    "SpacingBetweenSlices": 2,
    "StationName": "mrc_Trio",
    "TaskName": "rest",
    "TotalReadoutTime": 0.0576811,
    "TxRefAmp": 207.357,
    "dataset": "ds004146",
    "modality": "bold",
    "session_id": "01",
    "subject_id": "0305",
    "task_id": "rest"
  },
  "dummy_trs": 0,
  "dvars_nstd": 65.36769900889573,
  "dvars_std": 1.185202493159509,
  "dvars_vstd": 1.0322006321472392,
  "efc": 0.5068493048223878,
  "fber": 892.6737060546875,
  "fd_mean": 0.699086221863819,
  "fd_num": 271,
  "fd_perc": 82.87461773700306,
  "fwhm_avg": 3.40549,
  "fwhm_x": 3.081865,
  "fwhm_y": 3.4867,
  "fwhm_z": 3.647905,
  "gcor": 0.0387831,
  "gsr_x": -0.005280033685266972,
  "gsr_y": 0.0474388487637043,
  "provenance": {
    "md5sum": "b6d95f2de6245c814a76e4c86ccb7c75",
    "settings": {
      "fd_thres": 0.2,
      "testing": false
    },
    "software": "mriqc",
    "version": "23.0.1",
    "webapi_port": null,
    "webapi_url": "https://mriqc.nimh.nih.gov/api/v1"
  },
  "size_t": 327,
  "size_x": 104,
  "size_y": 104,
  "size_z": 72,
  "snr": 2.5736705507621895,
  "spacing_tr": 0.9300000071525574,
  "spacing_x": 2.0,
  "spacing_y": 2.0,
  "spacing_z": 2.0,
  "summary_bg_k": 54.988746581103086,
  "summary_bg_mad": 6.683046791086925,
  "summary_bg_mean": 32.67293167114258,
  "summary_bg_median": 19.039756774902344,
  "summary_bg_n": 518824.0,
  "summary_bg_p05": 13.871560096740723,
  "summary_bg_p95": 90.46743659973137,
  "summary_bg_stdv": 44.738155364990234,
  "summary_fg_k": 1.2046765966744255,
  "summary_fg_mad": 201.18049727243678,
  "summary_fg_mean": 616.1056518554688,
  "summary_fg_median": 571.587158203125,
  "summary_fg_n": 161047.0,
  "summary_fg_p05": 341.50122985839846,
  "summary_fg_p95": 1046.9077148437498,
  "summary_fg_stdv": 222.08956909179688,
  "tsnr": 24.158603104006033
}