{
  "aor": 0.000720246913580247,
  "aqi": 0.004557706234567901,
  "bids_meta": {
    "AcquisitionMatrixPE": 104,
    "AcquisitionNumber": 1,
    "AcquisitionTime": "15:14:28.567500",
    "BandwidthPerPixelPhaseEncode": 17.17,
    "BaseResolution": 104,
    "BodyPartExamined": "BRAIN",
    "ConsistencyInfo": "N4_VE11C_LATEST_20160120",
    "ConversionSoftware": "dcm2niix",
    "ConversionSoftwareVersion": "v1.0.20171215 GCC6.3.0",
    "DerivedVendorReportedEchoSpacing": 0.000560011,
    "DeviceSerialNumber": "167001",
    "DwellTime": 2.1e-06,
    "EchoTime": 0.03,
    "EchoTrainLength": 91,
    "EffectiveEchoSpacing": 0.000560011,
    "FlipAngle": 52,
    "ImageOrientationPatientDICOM": [
      0.996985,
      0.0561204,
      -0.053583,
      -0.0733889,
      0.906238,
      -0.416348
    ],
    "ImageType": [
      "ORIGINAL",
      "PRIMARY",
      "M",
      "ND",
      "MOSAIC"
    ],
    "InPlanePhaseEncodingDirectionDICOM": "COL",
    "InstitutionAddress": "Cooper_60_St._Lucia_QLD_AU_4072",
    "InstitutionName": "St_Lucia_Campus",
    "InstitutionalDepartmentName": "Gehrmann_Labs_MRI",
    "MRAcquisitionType": "2D",
    "MagneticFieldStrength": 3,
    "Manufacturer": "Siemens",
    "ManufacturersModelName": "Prisma_fit",
    "Modality": "MR",
    "MultibandAccelerationFactor": 6,
    "PartialFourier": 0.875,
    "PatientPosition": "HFS",
    "PercentPhaseFOV": 100,
    "PhaseEncodingDirection": "j",
    "PhaseEncodingSteps": 91,
    "PhaseResolution": 1,
    "PixelBandwidth": 2290,
    "ProcedureStepDescription": "Research_16092_QTAB",
    "ProtocolName": "ep2d_REST_SMS6_P-A",
    "PulseSequenceDetails": "%SiemensSeq%_ep2d_bold",
    "ReceiveCoilActiveElements": "HC1-7;NC1,2",
    "ReceiveCoilName": "HeadNeck_64",
    "ReconMatrixPE": 104,
    "RepetitionTime": 0.93,
    "SAR": 0.0773183,
    "ScanOptions": "PFP_FS",
    "ScanningSequence": "EP",
    "SequenceName": "_epfid2d1_104",
    "SequenceVariant": "SK",
    "SeriesDescription": "ep2d_REST_SMS6_P-A",
    "SeriesNumber": 10,
    "ShimSetting": [
      3030,
      -4138,
      -779,
      356,
      -88,
      -111,
      -188,
      -6
    ],
    "SliceThickness": 2,
    "SliceTiming": [
      0.6825,
      0,
      0.455,
      0.0775,
      0.5325,
      0.1525,
      0.6075,
      0.305,
      0.76,
      0.38,
      0.835,
      0.2275,
      0.6825,
      0,
      0.455,
      0.0775,
      0.5325,
      0.1525,
      0.6075,
      0.305,
      0.76,
      0.38,
      0.835,
      0.2275,
      0.6825,
      0,
      0.455,
      0.0775,
      0.5325,
      0.1525,
      0.6075,
      0.305,
      0.76,
      0.38,
      0.835,
      0.2275,
      0.6825,
      0,
      0.455,
      0.0775,
      0.5325,
      0.1525,
      0.6075,
      0.305,
      0.76,
      0.38,
      0.835,
      0.2275,
      0.6825,
      0,
      0.455,
      0.0775,
      0.5325,
      0.1525,
      0.6075,
      0.305,
      0.76,
      0.38,
      0.835,
      0.2275,
      0.6825,
      0,
      0.455,
      0.0775,
      0.5325,
      0.1525,
      0.6075,
      0.305,
      0.76,
      0.38,
      0.835,
      0.2275
    ],
    "SoftwareVersions": "syngo_MR_E11",
    "SpacingBetweenSlices": 2,
    "StationName": "mrc_Trio",
    "TaskName": "rest",
    "TotalReadoutTime": 0.0576811,
    "TxRefAmp": 207.328,
    "dataset": "ds004146",
    "modality": "bold",
    "session_id": "01",
    "subject_id": "0101",
    "task_id": "rest"
  },
  "dummy_trs": 3,
  "dvars_nstd": 39.92555959569662,
  "dvars_std": 1.1288506359133121,
  "dvars_vstd": 1.0058698864396296,
  "efc": 0.5356349200923638,
  "fber": 915.7034912109375,
  "fd_mean": 0.10514419102430614,
  "fd_num": 4,
  "fd_perc": 1.2345679012345678,
  "fwhm_avg": 3.0799866666666667,
  "fwhm_x": 2.85939,
  "fwhm_y": 3.13365,
  "fwhm_z": 3.24692,
  "gcor": 0.00498445,
  "gsr_x": -0.0207096878439188,
  "gsr_y": 0.049405038356781006,
  "provenance": {
    "md5sum": "7ed253ca9f834c35541139ed85ffa63b",
    "settings": {
      "fd_thres": 0.2,
      "testing": false
    },
    "software": "mriqc",
    "version": "23.0.1",
    "webapi_port": null,
    "webapi_url": "https://mriqc.nimh.nih.gov/api/v1"
  },
  "size_t": 324,
  "size_x": 104,
  "size_y": 104,
  "size_z": 72,
  "snr": 2.5725405926261935,
  "spacing_tr": 0.9300000071525574,
  "spacing_x": 2.0,
  "spacing_y": 2.0,
  "spacing_z": 2.0,
  "summary_bg_k": 52.06680560451589,
  "summary_bg_mad": 6.456641492052398,
  "summary_bg_mean": 39.26498031616211,
  "summary_bg_median": 19.101852416992188,
  "summary_bg_n": 495292.0,
  "summary_bg_p05": 14.395061492919922,
  "summary_bg_p95": 139.62037658691406,
  "summary_bg_stdv": 60.3930549621582,
  "summary_fg_k": 0.39604323913216,
  "summary_fg_mad": 222.39490256417247,
  "summary_fg_mean": 617.5563354492188,
  "summary_fg_median": 580.6512451171875,
  "summary_fg_n": 181563.0,
  "summary_fg_p05": 318.7962951660156,
  "summary_fg_p95": 1043.3858276367187,
  "summary_fg_stdv": 225.71058654785156,
  "tsnr": 41.428327325731516
}