{
  "bids_meta": {
    "AcquisitionMatrixPE": 256,
    "AcquisitionNumber": 1,
    "AcquisitionTime": "16:14:55.192500",
    "BaseResolution": 256,
    "BodyPartExamined": "BRAIN",
    "CoilString": "HC1-7;NC1_2",
    "ConsistencyInfo": "N4_VE11C_LATEST_20160120",
    "ConversionSoftware": "dcm2niix",
    "ConversionSoftwareVersion": "v1.0.20190410  GCC6.3.0",
    "DeviceSerialNumber": "167001",
    "DwellTime": 2.6e-06,
    "EchoTime": 0.408,
    "EchoTrainLength": 259,
    "FlipAngle": 120,
    "ImageOrientationPatientDICOM": [
      -0.0346846,
      0.998882,
      0.0321084,
      -0.00377657,
      0.0319965,
      -0.999481
    ],
    "ImageType": [
      "ORIGINAL",
      "PRIMARY",
      "M",
      "ND",
      "NORM"
    ],
    "ImagingFrequency": 123.229,
    "InPlanePhaseEncodingDirectionDICOM": "ROW",
    "InstitutionAddress": "Cooper_60_St._Lucia_QLD_AU_4072",
    "InstitutionName": "St_Lucia_Campus",
    "InstitutionalDepartmentName": "Gehrmann_Labs_MRI",
    "MRAcquisitionType": "3D",
    "MagneticFieldStrength": 3,
    "Manufacturer": "Siemens",
    "ManufacturersModelName": "Prisma_fit",
    "Modality": "MR",
    "PartialFourier": 1,
    "PatientPosition": "HFS",
    "PercentPhaseFOV": 100,
    "PhaseEncodingSteps": 233,
    "PhaseResolution": 1,
    "PixelBandwidth": 750,
    "ProcedureStepDescription": "Research_16092_QTAB",
    "ProtocolName": "t2_spc_sag_p2_iso",
    "PulseSequenceDetails": "%SiemensSeq%_tse_vfl",
    "ReceiveCoilActiveElements": "HC1-7;NC1,2",
    "ReceiveCoilName": "HeadNeck_64",
    "ReconMatrixPE": 256,
    "RefLinesPE": 24,
    "RepetitionTime": 3.2,
    "SAR": 0.182026,
    "ScanOptions": "PFP",
    "ScanningSequence": "SE",
    "SequenceName": "_spcR_282ns",
    "SequenceVariant": "SK_SP",
    "SeriesDescription": "t2_spc_sag_p2_iso",
    "SeriesNumber": 29,
    "ShimSetting": [
      3046,
      -4168,
      -1041,
      -17,
      -5,
      41,
      -30,
      -10
    ],
    "SliceThickness": 1,
    "SoftwareVersions": "syngo_MR_E11",
    "StationName": "mrc_Trio",
    "TxRefAmp": 210.133,
    "dataset": "ds004146",
    "modality": "T2w",
    "session_id": "02",
    "subject_id": "0350"
  },
  "cjv": 1.982050523653536,
  "cnr": 0.8140679214033053,
  "efc": 0.6291094343468779,
  "fber": 5321.168732897085,
  "fwhm_avg": 4.418729100822472,
  "fwhm_x": 4.520987432632038,
  "fwhm_y": 4.6106749312955895,
  "fwhm_z": 4.124524938539789,
  "icvs_csf": 0.408348175656948,
  "icvs_gm": 0.47468864437748537,
  "icvs_wm": 0.11696317996556665,
  "inu_med": 1.042402982711792,
  "inu_range": 0.3831789612770081,
  "provenance": {
    "md5sum": "48c79d29c9d581afc719e70ee359a915",
    "settings": {
      "testing": false
    },
    "software": "mriqc",
    "version": "23.0.1",
    "warnings": {
      "large_rot_frame": true,
      "small_air_mask": false
    },
    "webapi_port": null,
    "webapi_url": "https://mriqc.nimh.nih.gov/api/v1"
  },
  "qi_1": 0.02143730069235291,
  "qi_2": 0.0056223291372182885,
  "rpve_csf": 10.259832573834304,
  "rpve_gm": 9.473206286538607,
  "rpve_wm": 36.02717993446642,
  "size_x": 192,
  "size_y": 300,
  "size_z": 320,
  "snr_csf": 14.80251628441932,
  "snr_gm": 12.727008546537869,
  "snr_total": 9.698086861983095,
  "snr_wm": 1.5647357549920946,
  "snrd_csf": 33.720045292643526,
  "snrd_gm": 21.794119037629063,
  "snrd_total": 33.680205806240636,
  "snrd_wm": 45.52645308844932,
  "spacing_x": 0.800000011920929,
  "spacing_y": 0.800000011920929,
  "spacing_z": 0.800000011920929,
  "summary_bg_k": 12.432995440487886,
  "summary_bg_mad": 0.0,
  "summary_bg_mean": 7.687785580791181,
  "summary_bg_median": 0.0,
  "summary_bg_n": 1806259.0,
  "summary_bg_p05": 0.0,
  "summary_bg_p95": 36.11508560180664,
  "summary_bg_stdv": 14.463891448731589,
  "summary_csf_k": 0.24562660525250335,
  "summary_csf_mad": 49.537909896594115,
  "summary_csf_mean": 746.5981659976336,
  "summary_csf_median": 744.4603517055511,
  "summary_csf_n": 156903.0,
  "summary_csf_p05": 668.4469981193542,
  "summary_csf_p95": 832.7134130001068,
  "summary_csf_stdv": 50.292664101089386,
  "summary_gm_k": 0.017490088781462187,
  "summary_gm_mad": 38.36713478194825,
  "summary_gm_mean": 481.7330918327,
  "summary_gm_median": 481.1635744571686,
  "summary_gm_n": 300753.0,
  "summary_gm_p05": 421.1095280647278,
  "summary_gm_p95": 544.3649742603302,
  "summary_gm_stdv": 37.80643132010245,
  "summary_wm_k": -1.661028431858231,
  "summary_wm_mad": 1000.1378783024078,
  "summary_wm_mean": 836.9350320363385,
  "summary_wm_median": 1005.1184387207031,
  "summary_wm_n": 60299.0,
  "summary_wm_p05": 58.07979743480683,
  "summary_wm_p95": 1791.9249999523163,
  "summary_wm_stdv": 642.3513369754866,
  "tpm_overlap_csf": 0.11371818074379197,
  "tpm_overlap_gm": 0.3064763070986944,
  "tpm_overlap_wm": 0.06835060044872901,
  "wm2max": 0.6386812589523398
}