{
  "aor": 0.0028776378896882495,
  "aqi": 0.02019934892086331,
  "bids_meta": {
    "AcquisitionMatrixPE": 90,
    "AcquisitionNumber": 1,
    "AcquisitionTime": "10:52:55.087500",
    "BandwidthPerPixelPhaseEncode": 21.368,
    "BaseResolution": 90,
    "BodyPartExamined": "BRAIN",
    "CoilString": "HC1-7;NC1_2",
    "ConsistencyInfo": "N4_VE11C_LATEST_20160120",
    "ConversionSoftware": "dcm2niix",
    "ConversionSoftwareVersion": "v1.0.20190410  GCC6.3.0",
    "DelayTime": 0.001,
    "DerivedVendorReportedEchoSpacing": 0.000519988,
    "DeviceSerialNumber": "167001",
    "DwellTime": 2.2e-06,
    "EchoTime": 0.03,
    "EchoTrainLength": 90,
    "EffectiveEchoSpacing": 0.000519988,
    "FlipAngle": 52,
    "ImageOrientationPatientDICOM": [
      0.995158,
      0.0950742,
      -0.0249265,
      -0.0977515,
      0.983824,
      -0.150117
    ],
    "ImageType": [
      "ORIGINAL",
      "PRIMARY",
      "M",
      "ND",
      "NORM",
      "MOSAIC"
    ],
    "ImagingFrequency": 123.229,
    "InPlanePhaseEncodingDirectionDICOM": "COL",
    "InstitutionAddress": "Cooper_60_St._Lucia_QLD_AU_4072",
    "InstitutionName": "St_Lucia_Campus",
    "InstitutionalDepartmentName": "Gehrmann_Labs_MRI",
    "MRAcquisitionType": "2D",
    "MagneticFieldStrength": 3,
    "Manufacturer": "Siemens",
    "ManufacturersModelName": "Prisma_fit",
    "Modality": "MR",
    "MultibandAccelerationFactor": 6,
    "PartialFourier": 1,
    "PatientPosition": "HFS",
    "PercentPhaseFOV": 100,
    "PhaseEncodingDirection": "j-",
    "PhaseEncodingSteps": 90,
    "PhaseResolution": 1,
    "PixelBandwidth": 2525,
    "ProcedureStepDescription": "Research_16092_QTAB",
    "ProtocolName": "EMOT_TASK_mb6_2.4",
    "PulseSequenceDetails": "%SiemensSeq%_ep2d_bold",
    "ReceiveCoilActiveElements": "HC1-7;NC1,2",
    "ReceiveCoilName": "HeadNeck_64",
    "ReconMatrixPE": 90,
    "RefLinesPE": 12,
    "RepetitionTime": 0.8,
    "SAR": 0.0661226,
    "ScanOptions": "FS",
    "ScanningSequence": "EP",
    "SequenceName": "_epfid2d1_90",
    "SequenceVariant": "SK",
    "SeriesDescription": "EMOT_TASK_mb6_2.4",
    "SeriesNumber": 20,
    "ShimSetting": [
      3047,
      -4172,
      -811,
      441,
      19,
      -23,
      -54,
      -6
    ],
    "SliceThickness": 2.4,
    "SliceTiming": [
      0.545,
      0,
      0.39,
      0.0775,
      0.4675,
      0.235,
      0.6225,
      0.3125,
      0.7025,
      0.155,
      0.545,
      0,
      0.39,
      0.0775,
      0.4675,
      0.235,
      0.6225,
      0.3125,
      0.7025,
      0.155,
      0.545,
      0,
      0.39,
      0.0775,
      0.4675,
      0.235,
      0.6225,
      0.3125,
      0.7025,
      0.155,
      0.545,
      0,
      0.39,
      0.0775,
      0.4675,
      0.235,
      0.6225,
      0.3125,
      0.7025,
      0.155,
      0.545,
      0,
      0.39,
      0.0775,
      0.4675,
      0.235,
      0.6225,
      0.3125,
      0.7025,
      0.155,
      0.545,
      0,
      0.39,
      0.0775,
      0.4675,
      0.235,
      0.6225,
      0.3125,
      0.7025,
      0.155
    ],
    "SoftwareVersions": "syngo_MR_E11",
    "SpacingBetweenSlices": 2.4,
    "StationName": "mrc_Trio",
    "TaskName": "emotionalconflict",
    "TotalReadoutTime": 0.046279,
    "TxRefAmp": 210.855,
    "dataset": "ds004146",
    "modality": "bold",
    "session_id": "02",
    "subject_id": "0189",
    "task_id": "emotionalconflict"
  },
  "dummy_trs": 3,
  "dvars_nstd": 30.811904508895598,
  "dvars_std": 1.1472267263385347,
  "dvars_vstd": 1.0138766123649472,
  "efc": 0.4701948309354372,
  "fber": 9131.7373046875,
  "fd_mean": 0.16608367799477483,
  "fd_num": 228,
  "fd_perc": 27.33812949640288,
  "fwhm_avg": 1.9277735345082732,
  "fwhm_x": 1.7741290961691103,
  "fwhm_y": 2.0520540851253632,
  "fwhm_z": 1.957137422230346,
  "gcor": 0.0125633,
  "gsr_x": -0.019052639603614807,
  "gsr_y": 0.03750971332192421,
  "provenance": {
    "md5sum": "2bacb170031b5f20d4657a1a8f09e21c",
    "settings": {
      "fd_thres": 0.2,
      "testing": false
    },
    "software": "mriqc",
    "version": "23.0.1",
    "webapi_port": null,
    "webapi_url": "https://mriqc.nimh.nih.gov/api/v1"
  },
  "size_t": 834,
  "size_x": 90,
  "size_y": 90,
  "size_z": 60,
  "snr": 6.895821943681773,
  "spacing_tr": 0.800000011920929,
  "spacing_x": 2.4000000953674316,
  "spacing_y": 2.4000000953674316,
  "spacing_z": 2.4000000953674316,
  "summary_bg_k": 58.16998871245215,
  "summary_bg_mad": 4.421141544700998,
  "summary_bg_mean": 18.291255950927734,
  "summary_bg_median": 7.068345546722412,
  "summary_bg_n": 328365.0,
  "summary_bg_p05": 3.3141486644744873,
  "summary_bg_p95": 64.10000305175777,
  "summary_bg_stdv": 39.42562484741211,
  "summary_fg_k": 1.610451988604927,
  "summary_fg_mad": 93.48574350154195,
  "summary_fg_mean": 689.5546264648438,
  "summary_fg_median": 685.2949829101562,
  "summary_fg_n": 87968.0,
  "summary_fg_p05": 545.8347930908203,
  "summary_fg_p95": 864.2989501953125,
  "summary_fg_stdv": 99.37772369384766,
  "tsnr": 42.988933679647744
}