{
  "aor": 0.0005206878306878306,
  "aqi": 0.012782911111111113,
  "bids_meta": {
    "AcquisitionMatrixPE": 90,
    "AcquisitionNumber": 1,
    "AcquisitionTime": "10:11:2.520000",
    "BandwidthPerPixelPhaseEncode": 21.368,
    "BaseResolution": 90,
    "BodyPartExamined": "BRAIN",
    "CoilString": "HC1-7;NC1_2",
    "ConsistencyInfo": "N4_VE11C_LATEST_20160120",
    "ConversionSoftware": "dcm2niix",
    "ConversionSoftwareVersion": "v1.0.20190410  GCC6.3.0",
    "DerivedVendorReportedEchoSpacing": 0.000519988,
    "DeviceSerialNumber": "167001",
    "DwellTime": 2.2e-06,
    "EchoTime": 0.03,
    "EchoTrainLength": 90,
    "EffectiveEchoSpacing": 0.000519988,
    "FlipAngle": 52,
    "ImageOrientationPatientDICOM": [
      0.996616,
      0.0609984,
      -0.0550946,
      -0.0761605,
      0.937396,
      -0.339836
    ],
    "ImageType": [
      "ORIGINAL",
      "PRIMARY",
      "M",
      "ND",
      "NORM",
      "MOSAIC"
    ],
    "ImagingFrequency": 123.229,
    "InPlanePhaseEncodingDirectionDICOM": "COL",
    "InstitutionAddress": "Cooper_60_St._Lucia_QLD_AU_4072",
    "InstitutionName": "St_Lucia_Campus",
    "InstitutionalDepartmentName": "Gehrmann_Labs_MRI",
    "MRAcquisitionType": "2D",
    "MagneticFieldStrength": 3,
    "Manufacturer": "Siemens",
    "ManufacturersModelName": "Prisma_fit",
    "Modality": "MR",
    "MultibandAccelerationFactor": 6,
    "PartialFourier": 1,
    "PatientPosition": "HFS",
    "PercentPhaseFOV": 100,
    "PhaseEncodingDirection": "j-",
    "PhaseEncodingSteps": 90,
    "PhaseResolution": 1,
    "PixelBandwidth": 2525,
    "ProcedureStepDescription": "Research_16092_QTAB",
    "ProtocolName": "PARTLY_CLOUDY_mb6_2.4",
    "PulseSequenceDetails": "%SiemensSeq%_ep2d_bold",
    "ReceiveCoilActiveElements": "HC1-7;NC1,2",
    "ReceiveCoilName": "HeadNeck_64",
    "ReconMatrixPE": 90,
    "RefLinesPE": 12,
    "RepetitionTime": 0.8,
    "SAR": 0.0615488,
    "ScanOptions": "FS",
    "ScanningSequence": "EP",
    "SequenceName": "_epfid2d1_90",
    "SequenceVariant": "SK",
    "SeriesDescription": "PARTLY_CLOUDY_mb6_2.4",
    "SeriesNumber": 19,
    "ShimSetting": [
      3004,
      -4146,
      -760,
      498,
      -58,
      -36,
      -15,
      9
    ],
    "SliceThickness": 2.4,
    "SliceTiming": [
      0.545,
      0,
      0.39,
      0.0775,
      0.4675,
      0.2325,
      0.6225,
      0.31,
      0.7,
      0.155,
      0.545,
      0,
      0.39,
      0.0775,
      0.4675,
      0.2325,
      0.6225,
      0.31,
      0.7,
      0.155,
      0.545,
      0,
      0.39,
      0.0775,
      0.4675,
      0.2325,
      0.6225,
      0.31,
      0.7,
      0.155,
      0.545,
      0,
      0.39,
      0.0775,
      0.4675,
      0.2325,
      0.6225,
      0.31,
      0.7,
      0.155,
      0.545,
      0,
      0.39,
      0.0775,
      0.4675,
      0.2325,
      0.6225,
      0.31,
      0.7,
      0.155,
      0.545,
      0,
      0.39,
      0.0775,
      0.4675,
      0.2325,
      0.6225,
      0.31,
      0.7,
      0.155
    ],
    "SoftwareVersions": "syngo_MR_E11",
    "SpacingBetweenSlices": 2.4,
    "StationName": "mrc_Trio",
    "TaskName": "partlycloudy",
    "TotalReadoutTime": 0.046279,
    "TxRefAmp": 209.68,
    "dataset": "ds004146",
    "modality": "bold",
    "session_id": "02",
    "subject_id": "0139",
    "task_id": "partlycloudy"
  },
  "dummy_trs": 2,
  "dvars_nstd": 31.7286989480106,
  "dvars_std": 1.1871455871618042,
  "dvars_vstd": 1.011191465066313,
  "efc": 0.4707808249169954,
  "fber": 7746.818359375,
  "fd_mean": 0.11634301884068597,
  "fd_num": 22,
  "fd_perc": 5.8201058201058204,
  "fwhm_avg": 1.797020761926144,
  "fwhm_x": 1.6951040993092814,
  "fwhm_y": 1.8834415918254221,
  "fwhm_z": 1.812516594643728,
  "gcor": 0.00925467,
  "gsr_x": -0.019587162882089615,
  "gsr_y": 0.028456969186663628,
  "provenance": {
    "md5sum": "2022a069e43939a48fe2d6a19bb9e6db",
    "settings": {
      "fd_thres": 0.2,
      "testing": false
    },
    "software": "mriqc",
    "version": "23.0.1",
    "webapi_port": null,
    "webapi_url": "https://mriqc.nimh.nih.gov/api/v1"
  },
  "size_t": 378,
  "size_x": 90,
  "size_y": 90,
  "size_z": 60,
  "snr": 7.263051886389332,
  "spacing_tr": 0.800000011920929,
  "spacing_x": 2.4000000953674316,
  "spacing_y": 2.4000000953674316,
  "spacing_z": 2.4000000953674316,
  "summary_bg_k": 45.84339232862002,
  "summary_bg_mad": 4.690984223005377,
  "summary_bg_mean": 20.68120765686035,
  "summary_bg_median": 7.103174209594727,
  "summary_bg_n": 332947.0,
  "summary_bg_p05": 3.2830686569213867,
  "summary_bg_p95": 84.21428680419922,
  "summary_bg_stdv": 43.917869567871094,
  "summary_fg_k": 1.796221020109468,
  "summary_fg_mad": 84.60243694720492,
  "summary_fg_mean": 633.982177734375,
  "summary_fg_median": 632.6798706054688,
  "summary_fg_n": 83607.0,
  "summary_fg_p05": 502.25555114746095,
  "summary_fg_p95": 772.2222290039062,
  "summary_fg_stdv": 87.10884857177734,
  "tsnr": 52.31889722053893
}