{
  "aor": 0.005313324538258575,
  "aqi": 0.021186865435356205,
  "bids_meta": {
    "AcquisitionMatrixPE": 90,
    "AcquisitionNumber": 1,
    "AcquisitionTime": "14:15:28.237500",
    "BandwidthPerPixelPhaseEncode": 21.368,
    "BaseResolution": 90,
    "BodyPartExamined": "BRAIN",
    "CoilString": "HC1-7;NC1_2",
    "ConsistencyInfo": "N4_VE11C_LATEST_20160120",
    "ConversionSoftware": "dcm2niix",
    "ConversionSoftwareVersion": "v1.0.20190410  GCC6.3.0",
    "DerivedVendorReportedEchoSpacing": 0.000519988,
    "DeviceSerialNumber": "167001",
    "DwellTime": 2.2e-06,
    "EchoTime": 0.03,
    "EchoTrainLength": 90,
    "EffectiveEchoSpacing": 0.000519988,
    "FlipAngle": 52,
    "ImageOrientationPatientDICOM": [
      0.990318,
      0.122682,
      -0.0649577,
      -0.136185,
      0.949313,
      -0.283298
    ],
    "ImageType": [
      "ORIGINAL",
      "PRIMARY",
      "M",
      "ND",
      "NORM",
      "MOSAIC"
    ],
    "ImagingFrequency": 123.229,
    "InPlanePhaseEncodingDirectionDICOM": "COL",
    "InstitutionAddress": "Cooper_60_St._Lucia_QLD_AU_4072",
    "InstitutionName": "St_Lucia_Campus",
    "InstitutionalDepartmentName": "Gehrmann_Labs_MRI",
    "MRAcquisitionType": "2D",
    "MagneticFieldStrength": 3,
    "Manufacturer": "Siemens",
    "ManufacturersModelName": "Prisma_fit",
    "Modality": "MR",
    "MultibandAccelerationFactor": 6,
    "PartialFourier": 1,
    "PatientPosition": "HFS",
    "PercentPhaseFOV": 100,
    "PhaseEncodingDirection": "j-",
    "PhaseEncodingSteps": 90,
    "PhaseResolution": 1,
    "PixelBandwidth": 2525,
    "ProcedureStepDescription": "Research_16092_QTAB",
    "ProtocolName": "PARTLY_CLOUDY_mb6_2.4",
    "PulseSequenceDetails": "%SiemensSeq%_ep2d_bold",
    "ReceiveCoilActiveElements": "HC1-7;NC1,2",
    "ReceiveCoilName": "HeadNeck_64",
    "ReconMatrixPE": 90,
    "RefLinesPE": 12,
    "RepetitionTime": 0.8,
    "SAR": 0.0719394,
    "ScanOptions": "FS",
    "ScanningSequence": "EP",
    "SequenceName": "_epfid2d1_90",
    "SequenceVariant": "SK",
    "SeriesDescription": "PARTLY_CLOUDY_mb6_2.4",
    "SeriesNumber": 19,
    "ShimSetting": [
      3052,
      -4164,
      -775,
      378,
      -15,
      -109,
      -88,
      31
    ],
    "SliceThickness": 2.4,
    "SliceTiming": [
      0.545,
      0,
      0.39,
      0.0775,
      0.4675,
      0.2325,
      0.6225,
      0.31,
      0.7,
      0.155,
      0.545,
      0,
      0.39,
      0.0775,
      0.4675,
      0.2325,
      0.6225,
      0.31,
      0.7,
      0.155,
      0.545,
      0,
      0.39,
      0.0775,
      0.4675,
      0.2325,
      0.6225,
      0.31,
      0.7,
      0.155,
      0.545,
      0,
      0.39,
      0.0775,
      0.4675,
      0.2325,
      0.6225,
      0.31,
      0.7,
      0.155,
      0.545,
      0,
      0.39,
      0.0775,
      0.4675,
      0.2325,
      0.6225,
      0.31,
      0.7,
      0.155,
      0.545,
      0,
      0.39,
      0.0775,
      0.4675,
      0.2325,
      0.6225,
      0.31,
      0.7,
      0.155
    ],
    "SoftwareVersions": "syngo_MR_E11",
    "SpacingBetweenSlices": 2.4,
    "StationName": "mrc_Trio",
    "TaskName": "partlycloudy",
    "TotalReadoutTime": 0.046279,
    "TxRefAmp": 214.501,
    "dataset": "ds004146",
    "modality": "bold",
    "session_id": "02",
    "subject_id": "0310",
    "task_id": "partlycloudy"
  },
  "dummy_trs": 1,
  "dvars_nstd": 38.02994802275132,
  "dvars_std": 1.2606954843915352,
  "dvars_vstd": 1.0571311871428573,
  "efc": 0.4751891792759327,
  "fber": 7104.16259765625,
  "fd_mean": 0.2375914259386929,
  "fd_num": 155,
  "fd_perc": 40.89709762532981,
  "fwhm_avg": 1.8007194901767873,
  "fwhm_x": 1.7178082650737658,
  "fwhm_y": 1.913383257302314,
  "fwhm_z": 1.7709669481542825,
  "gcor": 0.00625628,
  "gsr_x": -0.017454857006669044,
  "gsr_y": 0.03934752196073532,
  "provenance": {
    "md5sum": "1bb171e784417a9ae40253b400cb5705",
    "settings": {
      "fd_thres": 0.2,
      "testing": false
    },
    "software": "mriqc",
    "version": "23.0.1",
    "webapi_port": null,
    "webapi_url": "https://mriqc.nimh.nih.gov/api/v1"
  },
  "size_t": 379,
  "size_x": 90,
  "size_y": 90,
  "size_z": 60,
  "snr": 7.19639578912729,
  "spacing_tr": 0.800000011920929,
  "spacing_x": 2.4000000953674316,
  "spacing_y": 2.4000000953674316,
  "spacing_z": 2.3999996185302734,
  "summary_bg_k": 34.80914785945876,
  "summary_bg_mad": 5.824788368667071,
  "summary_bg_mean": 23.871051788330078,
  "summary_bg_median": 7.957784175872803,
  "summary_bg_n": 331935.0,
  "summary_bg_p05": 3.176781177520752,
  "summary_bg_p95": 99.96992187499994,
  "summary_bg_stdv": 49.19752883911133,
  "summary_fg_k": 2.349832411761242,
  "summary_fg_mad": 89.34144318396874,
  "summary_fg_mean": 674.0863647460938,
  "summary_fg_median": 672.8641357421875,
  "summary_fg_n": 84436.0,
  "summary_fg_p05": 534.2117614746094,
  "summary_fg_p95": 821.4485931396484,
  "summary_fg_stdv": 93.49960327148438,
  "tsnr": 40.24279842089163
}