{
  "bids_meta": {
    "AcquisitionMatrixPE": 256,
    "AcquisitionNumber": 1,
    "AcquisitionTime": "12:25:31.120000",
    "BaseResolution": 256,
    "BodyPartExamined": "BRAIN",
    "CoilString": "HC1-7;NC1_2",
    "ConsistencyInfo": "N4_VE11C_LATEST_20160120",
    "ConversionSoftware": "dcm2niix",
    "ConversionSoftwareVersion": "v1.0.20190410  GCC6.3.0",
    "DeviceSerialNumber": "167001",
    "DwellTime": 2.6e-06,
    "EchoTime": 0.408,
    "EchoTrainLength": 259,
    "FlipAngle": 120,
    "ImageOrientationPatientDICOM": [
      -0.0454793,
      0.998927,
      0.00871258,
      0.0560762,
      0.0112607,
      -0.998363
    ],
    "ImageType": [
      "ORIGINAL",
      "PRIMARY",
      "M",
      "ND",
      "NORM"
    ],
    "ImagingFrequency": 123.229,
    "InPlanePhaseEncodingDirectionDICOM": "ROW",
    "InstitutionAddress": "Cooper_60_St._Lucia_QLD_AU_4072",
    "InstitutionName": "St_Lucia_Campus",
    "InstitutionalDepartmentName": "Gehrmann_Labs_MRI",
    "MRAcquisitionType": "3D",
    "MagneticFieldStrength": 3,
    "Manufacturer": "Siemens",
    "ManufacturersModelName": "Prisma_fit",
    "Modality": "MR",
    "PartialFourier": 1,
    "PatientPosition": "HFS",
    "PercentPhaseFOV": 100,
    "PhaseEncodingSteps": 233,
    "PhaseResolution": 1,
    "PixelBandwidth": 750,
    "ProcedureStepDescription": "Research_16092_QTAB",
    "ProtocolName": "t2_spc_sag_p2_iso",
    "PulseSequenceDetails": "%SiemensSeq%_tse_vfl",
    "ReceiveCoilActiveElements": "HC1-7;NC1,2",
    "ReceiveCoilName": "HeadNeck_64",
    "ReconMatrixPE": 256,
    "RefLinesPE": 24,
    "RepetitionTime": 3.2,
    "SAR": 0.137017,
    "ScanOptions": "PFP",
    "ScanningSequence": "SE",
    "SequenceName": "_spcR_282ns",
    "SequenceVariant": "SK_SP",
    "SeriesDescription": "t2_spc_sag_p2_iso",
    "SeriesNumber": 29,
    "ShimSetting": [
      3046,
      -4168,
      -1041,
      -17,
      -5,
      41,
      -30,
      -10
    ],
    "SliceThickness": 1,
    "SoftwareVersions": "syngo_MR_E11",
    "StationName": "mrc_Trio",
    "TxRefAmp": 206.979,
    "dataset": "ds004146",
    "modality": "T2w",
    "session_id": "02",
    "subject_id": "0074"
  },
  "cjv": 1.021510893352192,
  "cnr": 1.1470235295540792,
  "efc": 0.6305818397009179,
  "fber": -1.0,
  "fwhm_avg": 4.237849936851115,
  "fwhm_x": 4.294299936009944,
  "fwhm_y": 4.598849931471796,
  "fwhm_z": 3.8203999430716045,
  "icvs_csf": 0.47361156592448994,
  "icvs_gm": 0.11133597422810304,
  "icvs_wm": 0.415052459847407,
  "inu_med": 1.038676142692566,
  "inu_range": 0.33429263234138484,
  "provenance": {
    "md5sum": "5c443e10064fd12b91d47ad66a097e63",
    "settings": {
      "testing": false
    },
    "software": "mriqc",
    "version": "23.0.1",
    "warnings": {
      "large_rot_frame": true,
      "small_air_mask": false
    },
    "webapi_port": null,
    "webapi_url": "https://mriqc.nimh.nih.gov/api/v1"
  },
  "qi_1": 0.03829135445524729,
  "qi_2": 0.006191568512671134,
  "rpve_csf": 9.806920922681458,
  "rpve_gm": 36.831689171012954,
  "rpve_wm": 11.44736228692099,
  "size_x": 192,
  "size_y": 300,
  "size_z": 320,
  "snr_csf": 16.573975543544044,
  "snr_gm": 1.6766798401381984,
  "snr_total": 10.849670181727092,
  "snr_wm": 14.298355161499034,
  "snrd_csf": 154.73653033527822,
  "snrd_gm": 318.6948662563433,
  "snrd_total": 191.31908175017318,
  "snrd_wm": 100.52584865889807,
  "spacing_x": 0.800000011920929,
  "spacing_y": 0.800000011920929,
  "spacing_z": 0.800000011920929,
  "summary_bg_k": 58.07668950970361,
  "summary_bg_mad": 0.0,
  "summary_bg_mean": 1.8503710006711107,
  "summary_bg_median": 0.0,
  "summary_bg_n": 1004107.0,
  "summary_bg_p05": 0.0,
  "summary_bg_p95": 15.707211658358574,
  "summary_bg_stdv": 6.516589797429252,
  "summary_csf_k": 0.4195905330204823,
  "summary_csf_mad": 90.39697989537413,
  "summary_csf_mean": 1542.7231577977811,
  "summary_csf_median": 1539.1519916653633,
  "summary_csf_n": 220702.0,
  "summary_csf_p05": 1397.09070789814,
  "summary_csf_p95": 1699.1643744707108,
  "summary_csf_stdv": 92.86537805437806,
  "summary_gm_k": -1.6806586652092,
  "summary_gm_mad": 2141.651291455253,
  "summary_gm_mean": 2520.024969149698,
  "summary_gm_median": 3170.032551907003,
  "summary_gm_n": 59604.0,
  "summary_gm_p05": 61.74559065699577,
  "summary_gm_p95": 4723.835580653697,
  "summary_gm_stdv": 1890.6447632161487,
  "summary_wm_k": -0.30042754378827574,
  "summary_wm_mad": 75.13962161354067,
  "summary_wm_mean": 1000.8889635287202,
  "summary_wm_median": 999.9226416796446,
  "summary_wm_n": 396877.0,
  "summary_wm_p05": 888.0377743989229,
  "summary_wm_p95": 1113.0455157905817,
  "summary_wm_stdv": 69.93261606989678,
  "tpm_overlap_csf": 0.11249622400801716,
  "tpm_overlap_gm": 0.0685947407521638,
  "tpm_overlap_wm": 0.4538334800540114,
  "wm2max": 0.2193648045356555
}