{
  "aor": 0.0004225661375661375,
  "aqi": 0.013898030158730158,
  "bids_meta": {
    "AcquisitionMatrixPE": 90,
    "AcquisitionNumber": 1,
    "AcquisitionTime": "11:37:11.635000",
    "BandwidthPerPixelPhaseEncode": 21.368,
    "BaseResolution": 90,
    "BodyPartExamined": "BRAIN",
    "CoilString": "HC1-7;NC1_2",
    "ConsistencyInfo": "N4_VE11C_LATEST_20160120",
    "ConversionSoftware": "dcm2niix",
    "ConversionSoftwareVersion": "v1.0.20190410  GCC6.3.0",
    "DerivedVendorReportedEchoSpacing": 0.000519988,
    "DeviceSerialNumber": "167001",
    "DwellTime": 2.2e-06,
    "EchoTime": 0.03,
    "EchoTrainLength": 90,
    "EffectiveEchoSpacing": 0.000519988,
    "FlipAngle": 52,
    "ImageOrientationPatientDICOM": [
      0.999658,
      -0.0214322,
      0.0149725,
      0.0223363,
      0.997758,
      -0.0630808
    ],
    "ImageType": [
      "ORIGINAL",
      "PRIMARY",
      "M",
      "ND",
      "NORM",
      "MOSAIC"
    ],
    "ImagingFrequency": 123.229,
    "InPlanePhaseEncodingDirectionDICOM": "COL",
    "InstitutionAddress": "Cooper_60_St._Lucia_QLD_AU_4072",
    "InstitutionName": "St_Lucia_Campus",
    "InstitutionalDepartmentName": "Gehrmann_Labs_MRI",
    "MRAcquisitionType": "2D",
    "MagneticFieldStrength": 3,
    "Manufacturer": "Siemens",
    "ManufacturersModelName": "Prisma_fit",
    "Modality": "MR",
    "MultibandAccelerationFactor": 6,
    "PartialFourier": 1,
    "PatientPosition": "HFS",
    "PercentPhaseFOV": 100,
    "PhaseEncodingDirection": "j-",
    "PhaseEncodingSteps": 90,
    "PhaseResolution": 1,
    "PixelBandwidth": 2525,
    "ProcedureStepDescription": "Research_16092_QTAB",
    "ProtocolName": "PARTLY_CLOUDY_mb6_2.4",
    "PulseSequenceDetails": "%SiemensSeq%_ep2d_bold",
    "ReceiveCoilActiveElements": "HC1-7;NC1,2",
    "ReceiveCoilName": "HeadNeck_64",
    "ReconMatrixPE": 90,
    "RefLinesPE": 12,
    "RepetitionTime": 0.8,
    "SAR": 0.0540879,
    "ScanOptions": "FS",
    "ScanningSequence": "EP",
    "SequenceName": "_epfid2d1_90",
    "SequenceVariant": "SK",
    "SeriesDescription": "PARTLY_CLOUDY_mb6_2.4",
    "SeriesNumber": 19,
    "ShimSetting": [
      3041,
      -4197,
      -768,
      441,
      -26,
      -260,
      -21,
      11
    ],
    "SliceThickness": 2.4,
    "SliceTiming": [
      0.545,
      0,
      0.39,
      0.0775,
      0.4675,
      0.2325,
      0.6225,
      0.3125,
      0.7,
      0.155,
      0.545,
      0,
      0.39,
      0.0775,
      0.4675,
      0.2325,
      0.6225,
      0.3125,
      0.7,
      0.155,
      0.545,
      0,
      0.39,
      0.0775,
      0.4675,
      0.2325,
      0.6225,
      0.3125,
      0.7,
      0.155,
      0.545,
      0,
      0.39,
      0.0775,
      0.4675,
      0.2325,
      0.6225,
      0.3125,
      0.7,
      0.155,
      0.545,
      0,
      0.39,
      0.0775,
      0.4675,
      0.2325,
      0.6225,
      0.3125,
      0.7,
      0.155,
      0.545,
      0,
      0.39,
      0.0775,
      0.4675,
      0.2325,
      0.6225,
      0.3125,
      0.7,
      0.155
    ],
    "SoftwareVersions": "syngo_MR_E11",
    "SpacingBetweenSlices": 2.4,
    "StationName": "mrc_Trio",
    "TaskName": "partlycloudy",
    "TotalReadoutTime": 0.046279,
    "TxRefAmp": 219.697,
    "dataset": "ds004146",
    "modality": "bold",
    "session_id": "02",
    "subject_id": "0128",
    "task_id": "partlycloudy"
  },
  "dummy_trs": 2,
  "dvars_nstd": 33.75592277766577,
  "dvars_std": 1.1540055985411137,
  "dvars_vstd": 1.0066115710610075,
  "efc": 0.4522503098030434,
  "fber": 6412.4755859375,
  "fd_mean": 0.2030427423235789,
  "fd_num": 192,
  "fd_perc": 50.79365079365079,
  "fwhm_avg": 1.903913813234151,
  "fwhm_x": 1.778816595982846,
  "fwhm_y": 2.0696207510939932,
  "fwhm_z": 1.8633040926256144,
  "gcor": 0.00815158,
  "gsr_x": -0.011041516438126564,
  "gsr_y": 0.02530813030898571,
  "provenance": {
    "md5sum": "e6078c50e231e83d987bde2c0f916b21",
    "settings": {
      "fd_thres": 0.2,
      "testing": false
    },
    "software": "mriqc",
    "version": "23.0.1",
    "webapi_port": null,
    "webapi_url": "https://mriqc.nimh.nih.gov/api/v1"
  },
  "size_t": 378,
  "size_x": 90,
  "size_y": 90,
  "size_z": 60,
  "snr": 7.055160601376331,
  "spacing_tr": 0.800000011920929,
  "spacing_x": 2.4000000953674316,
  "spacing_y": 2.4000000953674316,
  "spacing_z": 2.4000000953674316,
  "summary_bg_k": 20.448859395118976,
  "summary_bg_mad": 6.303020535213395,
  "summary_bg_mean": 27.33711051940918,
  "summary_bg_median": 8.02910041809082,
  "summary_bg_n": 353180.0,
  "summary_bg_p05": 3.134920597076416,
  "summary_bg_p95": 120.82565803527825,
  "summary_bg_stdv": 51.6074333190918,
  "summary_fg_k": 1.7430894691492433,
  "summary_fg_mad": 85.63394223826604,
  "summary_fg_mean": 646.7348022460938,
  "summary_fg_median": 644.626953125,
  "summary_fg_n": 66841.0,
  "summary_fg_p05": 510.6534118652344,
  "summary_fg_p95": 796.0211181640625,
  "summary_fg_stdv": 91.36888122558594,
  "tsnr": 46.8806726350449
}