{
  "aor": 0.001192914110429448,
  "aqi": 0.008094172822085889,
  "bids_meta": {
    "AcquisitionMatrixPE": 104,
    "AcquisitionNumber": 1,
    "AcquisitionTime": "10:45:42.957500",
    "BandwidthPerPixelPhaseEncode": 17.17,
    "BaseResolution": 104,
    "BodyPartExamined": "BRAIN",
    "ConsistencyInfo": "N4_VE11C_LATEST_20160120",
    "ConversionSoftware": "dcm2niix",
    "ConversionSoftwareVersion": "v1.0.20171215 GCC6.3.0",
    "DerivedVendorReportedEchoSpacing": 0.000560011,
    "DeviceSerialNumber": "167001",
    "DwellTime": 2.1e-06,
    "EchoTime": 0.03,
    "EchoTrainLength": 91,
    "EffectiveEchoSpacing": 0.000560011,
    "FlipAngle": 52,
    "ImageOrientationPatientDICOM": [
      0.999121,
      0.039211,
      0.0148028,
      -0.0331443,
      0.955364,
      -0.293567
    ],
    "ImageType": [
      "ORIGINAL",
      "PRIMARY",
      "M",
      "ND",
      "MOSAIC"
    ],
    "InPlanePhaseEncodingDirectionDICOM": "COL",
    "InstitutionAddress": "Cooper_60_St._Lucia_QLD_AU_4072",
    "InstitutionName": "St_Lucia_Campus",
    "InstitutionalDepartmentName": "Gehrmann_Labs_MRI",
    "MRAcquisitionType": "2D",
    "MagneticFieldStrength": 3,
    "Manufacturer": "Siemens",
    "ManufacturersModelName": "Prisma_fit",
    "Modality": "MR",
    "MultibandAccelerationFactor": 6,
    "PartialFourier": 0.875,
    "PatientPosition": "HFS",
    "PercentPhaseFOV": 100,
    "PhaseEncodingDirection": "j",
    "PhaseEncodingSteps": 91,
    "PhaseResolution": 1,
    "PixelBandwidth": 2290,
    "ProcedureStepDescription": "Research_16092_QTAB",
    "ProtocolName": "ep2d_REST_SMS6_P-A",
    "PulseSequenceDetails": "%SiemensSeq%_ep2d_bold",
    "ReceiveCoilActiveElements": "HC1-7;NC1,2",
    "ReceiveCoilName": "HeadNeck_64",
    "ReconMatrixPE": 104,
    "RepetitionTime": 0.93,
    "SAR": 0.0704415,
    "ScanOptions": "PFP_FS",
    "ScanningSequence": "EP",
    "SequenceName": "_epfid2d1_104",
    "SequenceVariant": "SK",
    "SeriesDescription": "ep2d_REST_SMS6_P-A",
    "SeriesNumber": 10,
    "ShimSetting": [
      3061,
      -4184,
      -777,
      491,
      -18,
      -63,
      -110,
      21
    ],
    "SliceThickness": 2,
    "SliceTiming": [
      0.6825,
      0,
      0.455,
      0.0775,
      0.5325,
      0.1525,
      0.6075,
      0.305,
      0.76,
      0.38,
      0.835,
      0.2275,
      0.6825,
      0,
      0.455,
      0.0775,
      0.5325,
      0.1525,
      0.6075,
      0.305,
      0.76,
      0.38,
      0.835,
      0.2275,
      0.6825,
      0,
      0.455,
      0.0775,
      0.5325,
      0.1525,
      0.6075,
      0.305,
      0.76,
      0.38,
      0.835,
      0.2275,
      0.6825,
      0,
      0.455,
      0.0775,
      0.5325,
      0.1525,
      0.6075,
      0.305,
      0.76,
      0.38,
      0.835,
      0.2275,
      0.6825,
      0,
      0.455,
      0.0775,
      0.5325,
      0.1525,
      0.6075,
      0.305,
      0.76,
      0.38,
      0.835,
      0.2275,
      0.6825,
      0,
      0.455,
      0.0775,
      0.5325,
      0.1525,
      0.6075,
      0.305,
      0.76,
      0.38,
      0.835,
      0.2275
    ],
    "SoftwareVersions": "syngo_MR_E11",
    "SpacingBetweenSlices": 2,
    "StationName": "mrc_Trio",
    "TaskName": "rest",
    "TotalReadoutTime": 0.0576811,
    "TxRefAmp": 211.478,
    "dataset": "ds004146",
    "modality": "bold",
    "session_id": "01",
    "subject_id": "0037",
    "task_id": "rest"
  },
  "dummy_trs": 1,
  "dvars_nstd": 38.95180776750766,
  "dvars_std": 1.051499645969231,
  "dvars_vstd": 1.0052076712000004,
  "efc": 0.5043386176592504,
  "fber": 958.4556884765625,
  "fd_mean": 0.15107160840006892,
  "fd_num": 67,
  "fd_perc": 20.552147239263803,
  "fwhm_avg": 2.913486666666666,
  "fwhm_x": 2.705825,
  "fwhm_y": 2.94504,
  "fwhm_z": 3.089595,
  "gcor": 0.0363269,
  "gsr_x": -0.012930117547512054,
  "gsr_y": 0.04287494719028473,
  "provenance": {
    "md5sum": "b89426384b8a81d2a820a26e7600547c",
    "settings": {
      "fd_thres": 0.2,
      "testing": false
    },
    "software": "mriqc",
    "version": "23.0.1",
    "webapi_port": null,
    "webapi_url": "https://mriqc.nimh.nih.gov/api/v1"
  },
  "size_t": 326,
  "size_x": 104,
  "size_y": 104,
  "size_z": 72,
  "snr": 3.087001744367989,
  "spacing_tr": 0.9300000071525574,
  "spacing_x": 2.0,
  "spacing_y": 2.0,
  "spacing_z": 2.0,
  "summary_bg_k": 50.592589038162686,
  "summary_bg_mad": 4.170387135249214,
  "summary_bg_mean": 32.7751579284668,
  "summary_bg_median": 17.098159790039062,
  "summary_bg_n": 539166.0,
  "summary_bg_p05": 13.776073455810547,
  "summary_bg_p95": 108.46932220458984,
  "summary_bg_stdv": 48.01221466064453,
  "summary_fg_k": 0.4710827280508294,
  "summary_fg_mad": 172.74360938982488,
  "summary_fg_mean": 555.6107788085938,
  "summary_fg_median": 529.527587890625,
  "summary_fg_n": 143798.0,
  "summary_fg_p05": 329.8246765136719,
  "summary_fg_p95": 866.4791442871092,
  "summary_fg_stdv": 171.53399658203125,
  "tsnr": 33.9496731038671
}