{
  "aor": 0.00744552795031056,
  "aqi": 0.01864673801242236,
  "bids_meta": {
    "AcquisitionMatrixPE": 104,
    "AcquisitionNumber": 1,
    "AcquisitionTime": "15:36:0.415000",
    "BandwidthPerPixelPhaseEncode": 17.17,
    "BaseResolution": 104,
    "BodyPartExamined": "BRAIN",
    "CoilString": "HC1-7;NC1_2",
    "ConsistencyInfo": "N4_VE11C_LATEST_20160120",
    "ConversionSoftware": "dcm2niix",
    "ConversionSoftwareVersion": "v1.0.20181125  (JP2:OpenJPEG) GCC6.3.0",
    "DerivedVendorReportedEchoSpacing": 0.000560011,
    "DeviceSerialNumber": "167001",
    "DwellTime": 2.1e-06,
    "EchoTime": 0.03,
    "EchoTrainLength": 91,
    "EffectiveEchoSpacing": 0.000560011,
    "FlipAngle": 52,
    "ImageOrientationPatientDICOM": [
      0.993673,
      0.105958,
      -0.037244,
      -0.110756,
      0.869415,
      -0.481508
    ],
    "ImageType": [
      "ORIGINAL",
      "PRIMARY",
      "M",
      "ND",
      "MOSAIC"
    ],
    "ImagingFrequency": 123.23,
    "InPlanePhaseEncodingDirectionDICOM": "COL",
    "InstitutionAddress": "Cooper_60_St._Lucia_QLD_AU_4072",
    "InstitutionName": "St_Lucia_Campus",
    "InstitutionalDepartmentName": "Gehrmann_Labs_MRI",
    "MRAcquisitionType": "2D",
    "MagneticFieldStrength": 3,
    "Manufacturer": "Siemens",
    "ManufacturersModelName": "Prisma_fit",
    "Modality": "MR",
    "MultibandAccelerationFactor": 6,
    "PartialFourier": 0.875,
    "PatientPosition": "HFS",
    "PercentPhaseFOV": 100,
    "PhaseEncodingDirection": "j-",
    "PhaseEncodingSteps": 91,
    "PhaseResolution": 1,
    "PixelBandwidth": 2290,
    "ProcedureStepDescription": "Research_16092_QTAB",
    "ProtocolName": "ep2d_REST_SMS6_A-P",
    "PulseSequenceDetails": "%SiemensSeq%_ep2d_bold",
    "ReceiveCoilActiveElements": "HC1-7;NC1,2",
    "ReceiveCoilName": "HeadNeck_64",
    "ReconMatrixPE": 104,
    "RepetitionTime": 0.93,
    "SAR": 0.0726078,
    "ScanOptions": "PFP_FS",
    "ScanningSequence": "EP",
    "SequenceName": "_epfid2d1_104",
    "SequenceVariant": "SK",
    "SeriesDescription": "ep2d_REST_SMS6_A-P",
    "SeriesNumber": 9,
    "ShimSetting": [
      3060,
      -4140,
      -796,
      358,
      11,
      -223,
      -210,
      2
    ],
    "SliceThickness": 2,
    "SliceTiming": [
      0.6825,
      0,
      0.455,
      0.075,
      0.53,
      0.15,
      0.605,
      0.3025,
      0.7575,
      0.3775,
      0.8325,
      0.2275,
      0.6825,
      0,
      0.455,
      0.075,
      0.53,
      0.15,
      0.605,
      0.3025,
      0.7575,
      0.3775,
      0.8325,
      0.2275,
      0.6825,
      0,
      0.455,
      0.075,
      0.53,
      0.15,
      0.605,
      0.3025,
      0.7575,
      0.3775,
      0.8325,
      0.2275,
      0.6825,
      0,
      0.455,
      0.075,
      0.53,
      0.15,
      0.605,
      0.3025,
      0.7575,
      0.3775,
      0.8325,
      0.2275,
      0.6825,
      0,
      0.455,
      0.075,
      0.53,
      0.15,
      0.605,
      0.3025,
      0.7575,
      0.3775,
      0.8325,
      0.2275,
      0.6825,
      0,
      0.455,
      0.075,
      0.53,
      0.15,
      0.605,
      0.3025,
      0.7575,
      0.3775,
      0.8325,
      0.2275
    ],
    "SoftwareVersions": "syngo_MR_E11",
    "SpacingBetweenSlices": 2,
    "StationName": "mrc_Trio",
    "TaskName": "rest",
    "TotalReadoutTime": 0.0576811,
    "TxRefAmp": 211.706,
    "dataset": "ds004146",
    "modality": "bold",
    "session_id": "01",
    "subject_id": "0291",
    "task_id": "rest"
  },
  "dummy_trs": 5,
  "dvars_nstd": 55.989560041183815,
  "dvars_std": 1.1277357351090345,
  "dvars_vstd": 1.0377618765732084,
  "efc": 0.5037564045038645,
  "fber": 895.703369140625,
  "fd_mean": 0.5579405454857372,
  "fd_num": 252,
  "fd_perc": 78.26086956521739,
  "fwhm_avg": 3.0926833333333335,
  "fwhm_x": 2.8148,
  "fwhm_y": 3.184425,
  "fwhm_z": 3.278825,
  "gcor": 0.0655796,
  "gsr_x": -0.009756946004927158,
  "gsr_y": 0.048949360847473145,
  "provenance": {
    "md5sum": "987b68576f226985af89f771e1fc9137",
    "settings": {
      "fd_thres": 0.2,
      "testing": false
    },
    "software": "mriqc",
    "version": "23.0.1",
    "webapi_port": null,
    "webapi_url": "https://mriqc.nimh.nih.gov/api/v1"
  },
  "size_t": 322,
  "size_x": 104,
  "size_y": 104,
  "size_z": 72,
  "snr": 2.9668429768034805,
  "spacing_tr": 0.9300000071525574,
  "spacing_x": 2.0,
  "spacing_y": 2.0,
  "spacing_z": 2.0,
  "summary_bg_k": 46.490107042166834,
  "summary_bg_mad": 5.695585097348699,
  "summary_bg_mean": 33.96862030029297,
  "summary_bg_median": 18.31056022644043,
  "summary_bg_n": 537720.0,
  "summary_bg_p05": 13.844720840454102,
  "summary_bg_p95": 105.1496917724608,
  "summary_bg_stdv": 48.53936004638672,
  "summary_fg_k": 1.0460659753904435,
  "summary_fg_mad": 171.64577429980352,
  "summary_fg_mean": 585.1962890625,
  "summary_fg_median": 555.099365234375,
  "summary_fg_n": 143091.0,
  "summary_fg_p05": 343.56988525390625,
  "summary_fg_p95": 937.6847839355469,
  "summary_fg_stdv": 187.10037231445312,
  "tsnr": 24.237371534574777
}