{
  "aor": 0.0016436243386243386,
  "aqi": 0.014201882301587301,
  "bids_meta": {
    "AcquisitionMatrixPE": 90,
    "AcquisitionNumber": 1,
    "AcquisitionTime": "10:29:37.522500",
    "BandwidthPerPixelPhaseEncode": 21.368,
    "BaseResolution": 90,
    "BodyPartExamined": "BRAIN",
    "CoilString": "HC1-7;NC1_2",
    "ConsistencyInfo": "N4_VE11C_LATEST_20160120",
    "ConversionSoftware": "dcm2niix",
    "ConversionSoftwareVersion": "v1.0.20190410  GCC6.3.0",
    "DerivedVendorReportedEchoSpacing": 0.000519988,
    "DeviceSerialNumber": "167001",
    "DwellTime": 2.2e-06,
    "EchoTime": 0.03,
    "EchoTrainLength": 90,
    "EffectiveEchoSpacing": 0.000519988,
    "FlipAngle": 52,
    "ImageOrientationPatientDICOM": [
      0.999788,
      -0.020457,
      0.00247726,
      0.0205934,
      0.996185,
      -0.0848041
    ],
    "ImageType": [
      "ORIGINAL",
      "PRIMARY",
      "M",
      "ND",
      "NORM",
      "MOSAIC"
    ],
    "ImagingFrequency": 123.229,
    "InPlanePhaseEncodingDirectionDICOM": "COL",
    "InstitutionAddress": "Cooper_60_St._Lucia_QLD_AU_4072",
    "InstitutionName": "CAI",
    "InstitutionalDepartmentName": "Gehrmann_Labs_MRI",
    "MRAcquisitionType": "2D",
    "MagneticFieldStrength": 3,
    "Manufacturer": "Siemens",
    "ManufacturersModelName": "Prisma_fit",
    "Modality": "MR",
    "MultibandAccelerationFactor": 6,
    "PartialFourier": 1,
    "PatientPosition": "HFS",
    "PercentPhaseFOV": 100,
    "PhaseEncodingDirection": "j-",
    "PhaseEncodingSteps": 90,
    "PhaseResolution": 1,
    "PixelBandwidth": 2525,
    "ProcedureStepDescription": "Research_16092_QTAB",
    "ProtocolName": "PARTLY_CLOUDY_mb6_2.4",
    "PulseSequenceDetails": "%SiemensSeq%_ep2d_bold",
    "ReceiveCoilActiveElements": "HC1-7;NC1,2",
    "ReceiveCoilName": "HeadNeck_64",
    "ReconMatrixPE": 90,
    "RefLinesPE": 12,
    "RepetitionTime": 0.8,
    "SAR": 0.0689334,
    "ScanOptions": "FS",
    "ScanningSequence": "EP",
    "SequenceName": "_epfid2d1_90",
    "SequenceVariant": "SK",
    "SeriesDescription": "PARTLY_CLOUDY_mb6_2.4",
    "SeriesNumber": 24,
    "ShimSetting": [
      3035,
      -4147,
      -812,
      263,
      28,
      -116,
      -191,
      -37
    ],
    "SliceThickness": 2.4,
    "SliceTiming": [
      0.5475,
      0,
      0.39,
      0.0775,
      0.4675,
      0.235,
      0.625,
      0.3125,
      0.7025,
      0.1575,
      0.5475,
      0,
      0.39,
      0.0775,
      0.4675,
      0.235,
      0.625,
      0.3125,
      0.7025,
      0.1575,
      0.5475,
      0,
      0.39,
      0.0775,
      0.4675,
      0.235,
      0.625,
      0.3125,
      0.7025,
      0.1575,
      0.5475,
      0,
      0.39,
      0.0775,
      0.4675,
      0.235,
      0.625,
      0.3125,
      0.7025,
      0.1575,
      0.5475,
      0,
      0.39,
      0.0775,
      0.4675,
      0.235,
      0.625,
      0.3125,
      0.7025,
      0.1575,
      0.5475,
      0,
      0.39,
      0.0775,
      0.4675,
      0.235,
      0.625,
      0.3125,
      0.7025,
      0.1575
    ],
    "SoftwareVersions": "syngo_MR_E11",
    "SpacingBetweenSlices": 2.4,
    "StationName": "mrc_Trio",
    "TaskName": "partlycloudy",
    "TotalReadoutTime": 0.046279,
    "TxRefAmp": 216.313,
    "dataset": "ds004146",
    "modality": "bold",
    "session_id": "02",
    "subject_id": "0339",
    "task_id": "partlycloudy"
  },
  "dummy_trs": 2,
  "dvars_nstd": 38.74483397936339,
  "dvars_std": 1.299054827029178,
  "dvars_vstd": 1.0153014902652522,
  "efc": 0.48801867635606505,
  "fber": 6838.94287109375,
  "fd_mean": 0.17215829785478984,
  "fd_num": 132,
  "fd_perc": 34.92063492063492,
  "fwhm_avg": 1.8605138149587122,
  "fwhm_x": 1.7521665970418214,
  "fwhm_y": 1.9871457543712554,
  "fwhm_z": 1.8422290934630596,
  "gcor": 0.00755119,
  "gsr_x": -0.010601792484521866,
  "gsr_y": 0.0301932655274868,
  "provenance": {
    "md5sum": "732c9278e40aefedf4264b9ad8f5efb5",
    "settings": {
      "fd_thres": 0.2,
      "testing": false
    },
    "software": "mriqc",
    "version": "23.0.1",
    "webapi_port": null,
    "webapi_url": "https://mriqc.nimh.nih.gov/api/v1"
  },
  "size_t": 378,
  "size_x": 90,
  "size_y": 90,
  "size_z": 60,
  "snr": 6.908037768305929,
  "spacing_tr": 0.800000011920929,
  "spacing_x": 2.4000000953674316,
  "spacing_y": 2.4000000953674316,
  "spacing_z": 2.4000000953674316,
  "summary_bg_k": 30.737567335238786,
  "summary_bg_mad": 5.820586199445766,
  "summary_bg_mean": 23.793441772460938,
  "summary_bg_median": 7.9708991050720215,
  "summary_bg_n": 325437.0,
  "summary_bg_p05": 3.269841194152832,
  "summary_bg_p95": 97.05237884521496,
  "summary_bg_stdv": 49.02915954589844,
  "summary_fg_k": 1.3675264568457184,
  "summary_fg_mad": 93.11753620008325,
  "summary_fg_mean": 666.2958984375,
  "summary_fg_median": 662.9074096679688,
  "summary_fg_n": 91401.0,
  "summary_fg_p05": 526.3624267578125,
  "summary_fg_p95": 829.193115234375,
  "summary_fg_stdv": 95.96122741699219,
  "tsnr": 48.449490563129075
}