{
  "aor": 0.0010854010695187165,
  "aqi": 0.02987809010695187,
  "bids_meta": {
    "AcquisitionMatrixPE": 90,
    "AcquisitionNumber": 1,
    "AcquisitionTime": "11:46:25.747500",
    "BandwidthPerPixelPhaseEncode": 21.368,
    "BaseResolution": 90,
    "BodyPartExamined": "BRAIN",
    "CoilString": "HC1-7;NC1_2",
    "ConsistencyInfo": "N4_VE11C_LATEST_20160120",
    "ConversionSoftware": "dcm2niix",
    "ConversionSoftwareVersion": "v1.0.20190410  GCC6.3.0",
    "DerivedVendorReportedEchoSpacing": 0.000519988,
    "DeviceSerialNumber": "167001",
    "DwellTime": 2.2e-06,
    "EchoTime": 0.03,
    "EchoTrainLength": 90,
    "EffectiveEchoSpacing": 0.000519988,
    "FlipAngle": 52,
    "ImageOrientationPatientDICOM": [
      0.986515,
      0.00387587,
      -0.163628,
      -0.0720989,
      0.90779,
      -0.413183
    ],
    "ImageType": [
      "ORIGINAL",
      "PRIMARY",
      "M",
      "ND",
      "NORM",
      "MOSAIC"
    ],
    "ImagingFrequency": 123.229,
    "InPlanePhaseEncodingDirectionDICOM": "COL",
    "InstitutionAddress": "Cooper_60_St._Lucia_QLD_AU_4072",
    "InstitutionName": "St_Lucia_Campus",
    "InstitutionalDepartmentName": "Gehrmann_Labs_MRI",
    "MRAcquisitionType": "2D",
    "MagneticFieldStrength": 3,
    "Manufacturer": "Siemens",
    "ManufacturersModelName": "Prisma_fit",
    "Modality": "MR",
    "MultibandAccelerationFactor": 6,
    "PartialFourier": 1,
    "PatientPosition": "HFS",
    "PercentPhaseFOV": 100,
    "PhaseEncodingDirection": "j-",
    "PhaseEncodingSteps": 90,
    "PhaseResolution": 1,
    "PixelBandwidth": 2525,
    "ProcedureStepDescription": "Research_16092_QTAB",
    "ProtocolName": "PARTLY_CLOUDY_mb6_2.4",
    "PulseSequenceDetails": "%SiemensSeq%_ep2d_bold",
    "ReceiveCoilActiveElements": "HC1-7;NC1,2",
    "ReceiveCoilName": "HeadNeck_64",
    "ReconMatrixPE": 90,
    "RefLinesPE": 12,
    "RepetitionTime": 0.8,
    "SAR": 0.0595051,
    "ScanOptions": "FS",
    "ScanningSequence": "EP",
    "SequenceName": "_epfid2d1_90",
    "SequenceVariant": "SK",
    "SeriesDescription": "PARTLY_CLOUDY_mb6_2.4",
    "SeriesNumber": 19,
    "ShimSetting": [
      3022,
      -4151,
      -769,
      358,
      50,
      8,
      -45,
      -25
    ],
    "SliceThickness": 2.4,
    "SliceTiming": [
      0.5475,
      0,
      0.39,
      0.08,
      0.47,
      0.235,
      0.625,
      0.3125,
      0.7025,
      0.1575,
      0.5475,
      0,
      0.39,
      0.08,
      0.47,
      0.235,
      0.625,
      0.3125,
      0.7025,
      0.1575,
      0.5475,
      0,
      0.39,
      0.08,
      0.47,
      0.235,
      0.625,
      0.3125,
      0.7025,
      0.1575,
      0.5475,
      0,
      0.39,
      0.08,
      0.47,
      0.235,
      0.625,
      0.3125,
      0.7025,
      0.1575,
      0.5475,
      0,
      0.39,
      0.08,
      0.47,
      0.235,
      0.625,
      0.3125,
      0.7025,
      0.1575,
      0.5475,
      0,
      0.39,
      0.08,
      0.47,
      0.235,
      0.625,
      0.3125,
      0.7025,
      0.1575
    ],
    "SoftwareVersions": "syngo_MR_E11",
    "SpacingBetweenSlices": 2.4,
    "StationName": "mrc_Trio",
    "TaskName": "partlycloudy",
    "TotalReadoutTime": 0.046279,
    "TxRefAmp": 240.77,
    "dataset": "ds004146",
    "modality": "bold",
    "session_id": "02",
    "subject_id": "0395",
    "task_id": "partlycloudy"
  },
  "dummy_trs": 6,
  "dvars_nstd": 34.751280122359255,
  "dvars_std": 1.0830836808310993,
  "dvars_vstd": 0.9710208813136737,
  "efc": 0.49502155851796903,
  "fber": 3392.361328125,
  "fd_mean": 0.2819622878702749,
  "fd_num": 241,
  "fd_perc": 64.43850267379679,
  "fwhm_avg": 1.785133321676297,
  "fwhm_x": 1.702462432350221,
  "fwhm_y": 1.8628082593119837,
  "fwhm_z": 1.790129273366686,
  "gcor": 0.011964,
  "gsr_x": -0.02002488635480404,
  "gsr_y": 0.03035738132894039,
  "provenance": {
    "md5sum": "bc8bf084e9e973f3d961f760584e0b22",
    "settings": {
      "fd_thres": 0.2,
      "testing": false
    },
    "software": "mriqc",
    "version": "23.0.1",
    "webapi_port": null,
    "webapi_url": "https://mriqc.nimh.nih.gov/api/v1"
  },
  "size_t": 374,
  "size_x": 90,
  "size_y": 90,
  "size_z": 60,
  "snr": 6.722059431296264,
  "spacing_tr": 0.800000011920929,
  "spacing_x": 2.4000000953674316,
  "spacing_y": 2.4000000953674316,
  "spacing_z": 2.3999998569488525,
  "summary_bg_k": 37.92133200682535,
  "summary_bg_mad": 13.785426804518533,
  "summary_bg_mean": 37.403175354003906,
  "summary_bg_median": 13.965240478515625,
  "summary_bg_n": 329794.0,
  "summary_bg_p05": 3.080214023590088,
  "summary_bg_p95": 146.70053100585938,
  "summary_bg_stdv": 70.61016845703125,
  "summary_fg_k": 1.5427452186227324,
  "summary_fg_mad": 120.00354651178094,
  "summary_fg_mean": 821.773681640625,
  "summary_fg_median": 819.6550903320312,
  "summary_fg_n": 85555.0,
  "summary_fg_p05": 639.0414611816407,
  "summary_fg_p95": 1018.3759643554688,
  "summary_fg_stdv": 121.93440246582031,
  "tsnr": 31.742002974729985
}