{
  "bids_meta": {
    "AcquisitionMatrixPE": 256,
    "AcquisitionNumber": 1,
    "AcquisitionTime": "15:40:16.107500",
    "BaseResolution": 256,
    "BodyPartExamined": "BRAIN",
    "CoilString": "HC1-7;NC1_2",
    "ConsistencyInfo": "N4_VE11C_LATEST_20160120",
    "ConversionSoftware": "dcm2niix",
    "ConversionSoftwareVersion": "v1.0.20190410  GCC6.3.0",
    "DeviceSerialNumber": "167001",
    "DwellTime": 2.6e-06,
    "EchoTime": 0.408,
    "EchoTrainLength": 259,
    "FlipAngle": 120,
    "ImageOrientationPatientDICOM": [
      0.012208,
      0.988104,
      0.153299,
      -0.0185844,
      0.153509,
      -0.987973
    ],
    "ImageType": [
      "ORIGINAL",
      "PRIMARY",
      "M",
      "ND",
      "NORM"
    ],
    "ImagingFrequency": 123.229,
    "InPlanePhaseEncodingDirectionDICOM": "ROW",
    "InstitutionAddress": "Cooper_60_St._Lucia_QLD_AU_4072",
    "InstitutionName": "St_Lucia_Campus",
    "InstitutionalDepartmentName": "Gehrmann_Labs_MRI",
    "MRAcquisitionType": "3D",
    "MagneticFieldStrength": 3,
    "Manufacturer": "Siemens",
    "ManufacturersModelName": "Prisma_fit",
    "Modality": "MR",
    "PartialFourier": 1,
    "PatientPosition": "HFS",
    "PercentPhaseFOV": 100,
    "PhaseEncodingSteps": 233,
    "PhaseResolution": 1,
    "PixelBandwidth": 750,
    "ProcedureStepDescription": "Research_16092_QTAB",
    "ProtocolName": "t2_spc_sag_p2_iso",
    "PulseSequenceDetails": "%SiemensSeq%_tse_vfl",
    "ReceiveCoilActiveElements": "HC1-7;NC1,2",
    "ReceiveCoilName": "HeadNeck_64",
    "ReconMatrixPE": 256,
    "RefLinesPE": 24,
    "RepetitionTime": 3.2,
    "SAR": 0.154155,
    "ScanOptions": "PFP",
    "ScanningSequence": "SE",
    "SequenceName": "_spcR_282ns",
    "SequenceVariant": "SK_SP",
    "SeriesDescription": "t2_spc_sag_p2_iso",
    "SeriesNumber": 32,
    "ShimSetting": [
      3044,
      -4172,
      -1039,
      -11,
      -3,
      35,
      -21,
      -13
    ],
    "SliceThickness": 1,
    "SoftwareVersions": "syngo_MR_E11",
    "StationName": "mrc_Trio",
    "TxRefAmp": 228.961,
    "dataset": "ds004146",
    "modality": "T2w",
    "session_id": "02",
    "subject_id": "0306"
  },
  "cjv": 0.8498113853783907,
  "cnr": 1.2199350392030108,
  "efc": 0.629357945428093,
  "fber": 1357.3407202216067,
  "fwhm_avg": 4.90521671244571,
  "fwhm_x": 4.7864377852939235,
  "fwhm_y": 5.504362417978608,
  "fwhm_z": 4.424849934064598,
  "icvs_csf": 0.48519560790577637,
  "icvs_gm": 0.4065007052745114,
  "icvs_wm": 0.10830368681971227,
  "inu_med": 1.0270650386810303,
  "inu_range": 0.44395432472229,
  "provenance": {
    "md5sum": "14714453ac205309f42c9ce82fbb46f1",
    "settings": {
      "testing": false
    },
    "software": "mriqc",
    "version": "23.0.1",
    "warnings": {
      "large_rot_frame": true,
      "small_air_mask": false
    },
    "webapi_port": null,
    "webapi_url": "https://mriqc.nimh.nih.gov/api/v1"
  },
  "qi_1": 0.0,
  "qi_2": 0.007883004276328683,
  "rpve_csf": 9.729440245079012,
  "rpve_gm": 11.39987838462621,
  "rpve_wm": 36.16569533603571,
  "size_x": 192,
  "size_y": 300,
  "size_z": 320,
  "snr_csf": 16.843768269691527,
  "snr_gm": 12.69663239124504,
  "snr_total": 10.409165225038114,
  "snr_wm": 1.6870950141777783,
  "snrd_csf": 39.50476975013048,
  "snrd_gm": 26.19669577059811,
  "snrd_total": 53.50594921755692,
  "snrd_wm": 94.81638213194218,
  "spacing_x": 0.7999999523162842,
  "spacing_y": 0.800000011920929,
  "spacing_z": 0.800000011920929,
  "summary_bg_k": 1.4887324365852193,
  "summary_bg_mad": 6.910345140555582,
  "summary_bg_mean": 8.26020178330731,
  "summary_bg_median": 4.660956967622042,
  "summary_bg_n": 1920616.0,
  "summary_bg_p05": 0.0,
  "summary_bg_p95": 32.744997173547745,
  "summary_bg_stdv": 11.306523658397687,
  "summary_csf_k": 0.3135826513459121,
  "summary_csf_mad": 24.273902727230777,
  "summary_csf_mean": 418.015879586409,
  "summary_csf_median": 416.69428484141827,
  "summary_csf_n": 221447.0,
  "summary_csf_p05": 380.16373886168003,
  "summary_csf_p95": 460.4410332329571,
  "summary_csf_stdv": 24.7387245730442,
  "summary_gm_k": -0.3672662231114061,
  "summary_gm_mad": 23.221565903795916,
  "summary_gm_mean": 276.32990156491695,
  "summary_gm_median": 276.32140317186713,
  "summary_gm_n": 308923.0,
  "summary_gm_p05": 240.87920247390866,
  "summary_gm_p95": 311.7162845097482,
  "summary_gm_stdv": 21.763326480853625,
  "summary_wm_k": -1.7403252990971863,
  "summary_wm_mad": 591.8693073938799,
  "summary_wm_mean": 766.2098472950881,
  "summary_wm_median": 1000.118334915489,
  "summary_wm_n": 68554.0,
  "summary_wm_p05": 14.905598424375057,
  "summary_wm_p95": 1442.223116118461,
  "summary_wm_stdv": 592.8006615518256,
  "tpm_overlap_csf": 0.10846151826346354,
  "tpm_overlap_gm": 0.2634413156461092,
  "tpm_overlap_wm": 0.03958345601368427,
  "wm2max": 0.7248611015844708
}