{
  "bids_meta": {
    "AcquisitionMatrixPE": 256,
    "AcquisitionNumber": 1,
    "AcquisitionTime": "14:54:20.125000",
    "BaseResolution": 256,
    "BodyPartExamined": "BRAIN",
    "CoilString": "HC1-7;NC1_2",
    "ConsistencyInfo": "N4_VE11C_LATEST_20160120",
    "ConversionSoftware": "dcm2niix",
    "ConversionSoftwareVersion": "v1.0.20190410  GCC6.3.0",
    "DeviceSerialNumber": "167001",
    "DwellTime": 2.6e-06,
    "EchoTime": 0.408,
    "EchoTrainLength": 259,
    "FlipAngle": 120,
    "ImageOrientationPatientDICOM": [
      -0.0707823,
      0.994222,
      0.0807041,
      0.0629513,
      0.0851981,
      -0.994373
    ],
    "ImageType": [
      "ORIGINAL",
      "PRIMARY",
      "M",
      "ND",
      "NORM"
    ],
    "ImagingFrequency": 123.229,
    "InPlanePhaseEncodingDirectionDICOM": "ROW",
    "InstitutionAddress": "Cooper_60_St._Lucia_QLD_AU_4072",
    "InstitutionName": "St_Lucia_Campus",
    "InstitutionalDepartmentName": "Gehrmann_Labs_MRI",
    "MRAcquisitionType": "3D",
    "MagneticFieldStrength": 3,
    "Manufacturer": "Siemens",
    "ManufacturersModelName": "Prisma_fit",
    "Modality": "MR",
    "PartialFourier": 1,
    "PatientPosition": "HFS",
    "PercentPhaseFOV": 100,
    "PhaseEncodingSteps": 233,
    "PhaseResolution": 1,
    "PixelBandwidth": 750,
    "ProcedureStepDescription": "Research_16092_QTAB",
    "ProtocolName": "t2_spc_sag_p2_iso",
    "PulseSequenceDetails": "%SiemensSeq%_tse_vfl",
    "ReceiveCoilActiveElements": "HC1-7;NC1,2",
    "ReceiveCoilName": "HeadNeck_64",
    "ReconMatrixPE": 256,
    "RefLinesPE": 24,
    "RepetitionTime": 3.2,
    "SAR": 0.155198,
    "ScanOptions": "PFP",
    "ScanningSequence": "SE",
    "SequenceName": "_spcR_282ns",
    "SequenceVariant": "SK_SP",
    "SeriesDescription": "t2_spc_sag_p2_iso",
    "SeriesNumber": 32,
    "ShimSetting": [
      3046,
      -4168,
      -1041,
      -17,
      -5,
      41,
      -30,
      -10
    ],
    "SliceThickness": 1,
    "SoftwareVersions": "syngo_MR_E11",
    "StationName": "mrc_Trio",
    "TxRefAmp": 210.183,
    "dataset": "ds004146",
    "modality": "T2w",
    "session_id": "02",
    "subject_id": "0105"
  },
  "cjv": 2.411521233302082,
  "cnr": 0.3070605392061925,
  "efc": 0.6029723315693162,
  "fber": -1.0,
  "fwhm_avg": 3.9212916082348683,
  "fwhm_x": 4.035137439871766,
  "fwhm_y": 4.23779993685186,
  "fwhm_z": 3.4909374479809783,
  "icvs_csf": 0.5145258895313393,
  "icvs_gm": 0.3593482669409874,
  "icvs_wm": 0.12612584352767328,
  "inu_med": 1.0131070613861084,
  "inu_range": 0.27357378005981436,
  "provenance": {
    "md5sum": "db35edbf0ca9c46e25d7825631ef0447",
    "settings": {
      "testing": false
    },
    "software": "mriqc",
    "version": "23.0.1",
    "warnings": {
      "large_rot_frame": true,
      "small_air_mask": false
    },
    "webapi_port": null,
    "webapi_url": "https://mriqc.nimh.nih.gov/api/v1"
  },
  "qi_1": 0.05329374554759622,
  "qi_2": 0.010751139833099064,
  "rpve_csf": 11.400483702144212,
  "rpve_gm": 15.563256889034562,
  "rpve_wm": 42.08010009074161,
  "size_x": 192,
  "size_y": 300,
  "size_z": 320,
  "snr_csf": 18.203992407292763,
  "snr_gm": 15.35864520786759,
  "snr_total": 11.357383375396457,
  "snr_wm": 0.5095125110290168,
  "snrd_csf": 125.81473425041364,
  "snrd_gm": 83.56522551391805,
  "snrd_total": 87.16459680714279,
  "snrd_wm": 52.11383065709668,
  "spacing_x": 0.800000011920929,
  "spacing_y": 0.800000011920929,
  "spacing_z": 0.800000011920929,
  "summary_bg_k": 29.21396180558471,
  "summary_bg_mad": 0.0,
  "summary_bg_mean": 4.197342461110811,
  "summary_bg_median": 0.0,
  "summary_bg_n": 1522556.0,
  "summary_bg_p05": 0.0,
  "summary_bg_p95": 32.85402658581734,
  "summary_bg_stdv": 12.743068144737713,
  "summary_csf_k": 0.2802775949909777,
  "summary_csf_mad": 130.81590143265052,
  "summary_csf_mean": 2455.206215662669,
  "summary_csf_median": 2447.224321782589,
  "summary_csf_n": 272559.0,
  "summary_csf_p05": 2249.5659504532814,
  "summary_csf_p95": 2689.9345561265945,
  "summary_csf_stdv": 134.43313849385208,
  "summary_gm_k": 0.058227412453372374,
  "summary_gm_mad": 104.01910224917114,
  "summary_gm_mean": 1627.959555217996,
  "summary_gm_median": 1625.4284806251526,
  "summary_gm_n": 286915.0,
  "summary_gm_p05": 1458.2201827168465,
  "summary_gm_p95": 1807.8618152439594,
  "summary_gm_stdv": 105.83131689207782,
  "summary_wm_k": -1.7589469822866755,
  "summary_wm_mad": 1371.2568961477027,
  "summary_wm_mean": 2154.961116686834,
  "summary_wm_median": 1013.6669178307056,
  "summary_wm_n": 45782.0,
  "summary_wm_p05": 87.52170225977898,
  "summary_wm_p95": 4899.252098129689,
  "summary_wm_stdv": 1989.4621334016913,
  "tpm_overlap_csf": 0.10736957387401974,
  "tpm_overlap_gm": 0.22187666500948744,
  "tpm_overlap_wm": 0.03368205328255603,
  "wm2max": 0.2164407520769567
}