{
  "aor": 0.006260703363914373,
  "aqi": 0.014282946911314987,
  "bids_meta": {
    "AcquisitionMatrixPE": 104,
    "AcquisitionNumber": 1,
    "AcquisitionTime": "07:26:45.035000",
    "BandwidthPerPixelPhaseEncode": 17.17,
    "BaseResolution": 104,
    "BodyPartExamined": "BRAIN",
    "ConsistencyInfo": "N4_VE11C_LATEST_20160120",
    "ConversionSoftware": "dcm2niix",
    "ConversionSoftwareVersion": "v1.0.20171215 GCC6.3.0",
    "DerivedVendorReportedEchoSpacing": 0.000560011,
    "DeviceSerialNumber": "167001",
    "DwellTime": 2.1e-06,
    "EchoTime": 0.03,
    "EchoTrainLength": 91,
    "EffectiveEchoSpacing": 0.000560011,
    "FlipAngle": 52,
    "ImageOrientationPatientDICOM": [
      0.999328,
      -0.0299128,
      -0.0211684,
      0.020933,
      0.940106,
      -0.340238
    ],
    "ImageType": [
      "ORIGINAL",
      "PRIMARY",
      "M",
      "ND",
      "MOSAIC"
    ],
    "InPlanePhaseEncodingDirectionDICOM": "COL",
    "InstitutionAddress": "Cooper_60_St._Lucia_QLD_AU_4072",
    "InstitutionName": "St_Lucia_Campus",
    "InstitutionalDepartmentName": "Gehrmann_Labs_MRI",
    "MRAcquisitionType": "2D",
    "MagneticFieldStrength": 3,
    "Manufacturer": "Siemens",
    "ManufacturersModelName": "Prisma_fit",
    "Modality": "MR",
    "MultibandAccelerationFactor": 6,
    "PartialFourier": 0.875,
    "PatientPosition": "HFS",
    "PercentPhaseFOV": 100,
    "PhaseEncodingDirection": "j",
    "PhaseEncodingSteps": 91,
    "PhaseResolution": 1,
    "PixelBandwidth": 2290,
    "ProcedureStepDescription": "Research_16092_QTAB",
    "ProtocolName": "ep2d_REST_SMS6_P-A",
    "PulseSequenceDetails": "%SiemensSeq%_ep2d_bold",
    "ReceiveCoilActiveElements": "HC1-7;NC1,2",
    "ReceiveCoilName": "HeadNeck_64",
    "ReconMatrixPE": 104,
    "RepetitionTime": 0.93,
    "SAR": 0.0408017,
    "ScanOptions": "PFP_FS",
    "ScanningSequence": "EP",
    "SequenceName": "_epfid2d1_104",
    "SequenceVariant": "SK",
    "SeriesDescription": "ep2d_REST_SMS6_P-A",
    "SeriesNumber": 10,
    "ShimSetting": [
      3056,
      -4165,
      -691,
      615,
      -31,
      -56,
      -32,
      -31
    ],
    "SliceThickness": 2,
    "SliceTiming": [
      0.6825,
      0,
      0.455,
      0.075,
      0.53,
      0.15,
      0.605,
      0.3025,
      0.7575,
      0.3775,
      0.8325,
      0.2275,
      0.6825,
      0,
      0.455,
      0.075,
      0.53,
      0.15,
      0.605,
      0.3025,
      0.7575,
      0.3775,
      0.8325,
      0.2275,
      0.6825,
      0,
      0.455,
      0.075,
      0.53,
      0.15,
      0.605,
      0.3025,
      0.7575,
      0.3775,
      0.8325,
      0.2275,
      0.6825,
      0,
      0.455,
      0.075,
      0.53,
      0.15,
      0.605,
      0.3025,
      0.7575,
      0.3775,
      0.8325,
      0.2275,
      0.6825,
      0,
      0.455,
      0.075,
      0.53,
      0.15,
      0.605,
      0.3025,
      0.7575,
      0.3775,
      0.8325,
      0.2275,
      0.6825,
      0,
      0.455,
      0.075,
      0.53,
      0.15,
      0.605,
      0.3025,
      0.7575,
      0.3775,
      0.8325,
      0.2275
    ],
    "SoftwareVersions": "syngo_MR_E11",
    "SpacingBetweenSlices": 2,
    "StationName": "mrc_Trio",
    "TaskName": "rest",
    "TotalReadoutTime": 0.0576811,
    "TxRefAmp": 214.915,
    "dataset": "ds004146",
    "modality": "bold",
    "session_id": "01",
    "subject_id": "0332",
    "task_id": "rest"
  },
  "dummy_trs": 0,
  "dvars_nstd": 52.50927897033742,
  "dvars_std": 1.1032426851533739,
  "dvars_vstd": 1.022375943558282,
  "efc": 0.5041354100131713,
  "fber": 929.0216064453125,
  "fd_mean": 0.4494972461368026,
  "fd_num": 231,
  "fd_perc": 70.64220183486239,
  "fwhm_avg": 3.0220749999999996,
  "fwhm_x": 2.808925,
  "fwhm_y": 3.098085,
  "fwhm_z": 3.159215,
  "gcor": 0.0262636,
  "gsr_x": -0.012470844201743603,
  "gsr_y": 0.04797827824950218,
  "provenance": {
    "md5sum": "43cda5b7923eecc8a578f68a51ca5bf2",
    "settings": {
      "fd_thres": 0.2,
      "testing": false
    },
    "software": "mriqc",
    "version": "23.0.1",
    "webapi_port": null,
    "webapi_url": "https://mriqc.nimh.nih.gov/api/v1"
  },
  "size_t": 327,
  "size_x": 104,
  "size_y": 104,
  "size_z": 72,
  "snr": 3.016519002513596,
  "spacing_tr": 0.9300000071525574,
  "spacing_x": 2.0,
  "spacing_y": 2.0,
  "spacing_z": 2.0,
  "summary_bg_k": 35.561010394625804,
  "summary_bg_mad": 5.8193271039909975,
  "summary_bg_mean": 35.93896484375,
  "summary_bg_median": 18.524465560913086,
  "summary_bg_n": 541906.0,
  "summary_bg_p05": 14.244648933410645,
  "summary_bg_p95": 125.00841331481934,
  "summary_bg_stdv": 49.154273986816406,
  "summary_fg_k": 0.037303816863685224,
  "summary_fg_mad": 199.79766122494573,
  "summary_fg_mean": 589.0328979492188,
  "summary_fg_median": 569.4312133789062,
  "summary_fg_n": 139989.0,
  "summary_fg_p05": 327.875244140625,
  "summary_fg_p95": 926.6110229492188,
  "summary_fg_stdv": 188.77029418945312,
  "tsnr": 25.38197562127607
}