{
  "bids_meta": {
    "AcquisitionMatrixPE": 256,
    "AcquisitionNumber": 1,
    "AcquisitionTime": "14:00:55.130000",
    "BaseResolution": 256,
    "BodyPartExamined": "BRAIN",
    "CoilString": "HC1-7;NC1_2",
    "ConsistencyInfo": "N4_VE11C_LATEST_20160120",
    "ConversionSoftware": "dcm2niix",
    "ConversionSoftwareVersion": "v1.0.20190410  GCC6.3.0",
    "DeviceSerialNumber": "167001",
    "DwellTime": 2.6e-06,
    "EchoTime": 0.408,
    "EchoTrainLength": 259,
    "FlipAngle": 120,
    "ImageOrientationPatientDICOM": [
      0.136726,
      0.989489,
      0.047097,
      -0.0134732,
      0.0493965,
      -0.998688
    ],
    "ImageType": [
      "ORIGINAL",
      "PRIMARY",
      "M",
      "ND",
      "NORM"
    ],
    "ImagingFrequency": 123.23,
    "InPlanePhaseEncodingDirectionDICOM": "ROW",
    "InstitutionAddress": "Cooper_60_St._Lucia_QLD_AU_4072",
    "InstitutionName": "St_Lucia_Campus",
    "InstitutionalDepartmentName": "Gehrmann_Labs_MRI",
    "MRAcquisitionType": "3D",
    "MagneticFieldStrength": 3,
    "Manufacturer": "Siemens",
    "ManufacturersModelName": "Prisma_fit",
    "Modality": "MR",
    "PartialFourier": 1,
    "PatientPosition": "HFS",
    "PercentPhaseFOV": 100,
    "PhaseEncodingSteps": 233,
    "PhaseResolution": 1,
    "PixelBandwidth": 750,
    "ProcedureStepDescription": "Research_16092_QTAB",
    "ProtocolName": "t2_spc_sag_p2_iso",
    "PulseSequenceDetails": "%SiemensSeq%_tse_vfl",
    "ReceiveCoilActiveElements": "HC1-7;NC1,2",
    "ReceiveCoilName": "HeadNeck_64",
    "ReconMatrixPE": 256,
    "RefLinesPE": 24,
    "RepetitionTime": 3.2,
    "SAR": 0.158622,
    "ScanOptions": "PFP",
    "ScanningSequence": "SE",
    "SequenceName": "_spcR_282ns",
    "SequenceVariant": "SK_SP",
    "SeriesDescription": "t2_spc_sag_p2_iso",
    "SeriesNumber": 32,
    "ShimSetting": [
      3044,
      -4172,
      -1039,
      -11,
      -3,
      35,
      -21,
      -13
    ],
    "SliceThickness": 1,
    "SoftwareVersions": "syngo_MR_E11",
    "StationName": "mrc_Trio",
    "TxRefAmp": 212.414,
    "dataset": "ds004146",
    "modality": "T2w",
    "session_id": "02",
    "subject_id": "0200"
  },
  "cjv": 2.3604720569273416,
  "cnr": 0.6609229095989705,
  "efc": 0.5988518967533994,
  "fber": -1.0,
  "fwhm_avg": 3.959375045059875,
  "fwhm_x": 4.189975249741987,
  "fwhm_y": 4.131224938439951,
  "fwhm_z": 3.5569249469976882,
  "icvs_csf": 0.4555797473137481,
  "icvs_gm": 0.37333660370916966,
  "icvs_wm": 0.17108364897708223,
  "inu_med": 1.0369478464126587,
  "inu_range": 0.2668875217437744,
  "provenance": {
    "md5sum": "045085b7d701604cfbbf553532e4db55",
    "settings": {
      "testing": false
    },
    "software": "mriqc",
    "version": "23.0.1",
    "warnings": {
      "large_rot_frame": true,
      "small_air_mask": false
    },
    "webapi_port": null,
    "webapi_url": "https://mriqc.nimh.nih.gov/api/v1"
  },
  "qi_1": 0.11387841447626007,
  "qi_2": 0.04271826937650439,
  "rpve_csf": 7.781832226642198,
  "rpve_gm": 9.890390448375127,
  "rpve_wm": 27.310019052839976,
  "size_x": 192,
  "size_y": 300,
  "size_z": 320,
  "snr_csf": 3.049695715721456,
  "snr_gm": 28.975388017193048,
  "snr_total": 11.109582300210706,
  "snr_wm": 1.303663167717614,
  "snrd_csf": 88.46399004052348,
  "snrd_gm": 90.22456163773485,
  "snrd_total": 120.57917181617825,
  "snrd_wm": 183.04896377027643,
  "spacing_x": 0.7999999523162842,
  "spacing_y": 0.800000011920929,
  "spacing_z": 0.800000011920929,
  "summary_bg_k": 12.905006345153197,
  "summary_bg_mad": 0.0,
  "summary_bg_mean": 1.2503988405191733,
  "summary_bg_median": 0.0,
  "summary_bg_n": 1368464.0,
  "summary_bg_p05": 0.0,
  "summary_bg_p95": 7.803463190793991,
  "summary_bg_stdv": 3.5847691128445853,
  "summary_csf_k": -1.7975939004869281,
  "summary_csf_mad": 93.98883564535168,
  "summary_csf_mean": 603.9234463503341,
  "summary_csf_median": 484.0564180165529,
  "summary_csf_n": 30670.0,
  "summary_csf_p05": 432.8850354999304,
  "summary_csf_p95": 815.4964320361614,
  "summary_csf_stdv": 158.7202697273908,
  "summary_gm_k": 1.0376437543764414,
  "summary_gm_mad": 16.33030423249847,
  "summary_gm_mean": 494.5410933650167,
  "summary_gm_median": 493.6898969113827,
  "summary_gm_n": 67569.0,
  "summary_gm_p05": 468.4149630367756,
  "summary_gm_p95": 523.4880771487951,
  "summary_gm_stdv": 17.038123644009183,
  "summary_wm_k": -1.5228736327498542,
  "summary_wm_mad": 1182.5904641847872,
  "summary_wm_mean": 933.1670044371942,
  "summary_wm_median": 1001.6055762767792,
  "summary_wm_n": 107747.0,
  "summary_wm_p05": 29.59100864827633,
  "summary_wm_p95": 2136.146255582571,
  "summary_wm_stdv": 768.2973279581388,
  "tpm_overlap_csf": 0.11368346999926494,
  "tpm_overlap_gm": 0.3429048374723761,
  "tpm_overlap_wm": 0.05679487539708959,
  "wm2max": 0.48046376811594205
}