{
  "aor": 0.0028240263157894734,
  "aqi": 0.020159259210526317,
  "bids_meta": {
    "AcquisitionMatrixPE": 90,
    "AcquisitionNumber": 1,
    "AcquisitionTime": "10:28:59.767500",
    "BandwidthPerPixelPhaseEncode": 21.368,
    "BaseResolution": 90,
    "BodyPartExamined": "BRAIN",
    "CoilString": "HC1-7;NC1_2",
    "ConsistencyInfo": "N4_VE11C_LATEST_20160120",
    "ConversionSoftware": "dcm2niix",
    "ConversionSoftwareVersion": "v1.0.20190410  GCC6.3.0",
    "DerivedVendorReportedEchoSpacing": 0.000519988,
    "DeviceSerialNumber": "167001",
    "DwellTime": 2.2e-06,
    "EchoTime": 0.03,
    "EchoTrainLength": 90,
    "EffectiveEchoSpacing": 0.000519988,
    "FlipAngle": 52,
    "ImageOrientationPatientDICOM": [
      0.999658,
      0.0168075,
      -0.020041,
      -0.023209,
      0.923317,
      -0.383337
    ],
    "ImageType": [
      "ORIGINAL",
      "PRIMARY",
      "M",
      "ND",
      "NORM",
      "MOSAIC"
    ],
    "ImagingFrequency": 123.229,
    "InPlanePhaseEncodingDirectionDICOM": "COL",
    "InstitutionAddress": "Cooper_60_St._Lucia_QLD_AU_4072",
    "InstitutionName": "St_Lucia_Campus",
    "InstitutionalDepartmentName": "Gehrmann_Labs_MRI",
    "MRAcquisitionType": "2D",
    "MagneticFieldStrength": 3,
    "Manufacturer": "Siemens",
    "ManufacturersModelName": "Prisma_fit",
    "Modality": "MR",
    "MultibandAccelerationFactor": 6,
    "PartialFourier": 1,
    "PatientPosition": "HFS",
    "PercentPhaseFOV": 100,
    "PhaseEncodingDirection": "j-",
    "PhaseEncodingSteps": 90,
    "PhaseResolution": 1,
    "PixelBandwidth": 2525,
    "ProcedureStepDescription": "Research_16092_QTAB",
    "ProtocolName": "PARTLY_CLOUDY_mb6_2.4",
    "PulseSequenceDetails": "%SiemensSeq%_ep2d_bold",
    "ReceiveCoilActiveElements": "HC1-7;NC1,2",
    "ReceiveCoilName": "HeadNeck_64",
    "ReconMatrixPE": 90,
    "RefLinesPE": 12,
    "RepetitionTime": 0.8,
    "SAR": 0.0690915,
    "ScanOptions": "FS",
    "ScanningSequence": "EP",
    "SequenceName": "_epfid2d1_90",
    "SequenceVariant": "SK",
    "SeriesDescription": "PARTLY_CLOUDY_mb6_2.4",
    "SeriesNumber": 23,
    "ShimSetting": [
      3045,
      -4147,
      -775,
      394,
      38,
      -79,
      -143,
      -12
    ],
    "SliceThickness": 2.4,
    "SliceTiming": [
      0.545,
      0,
      0.39,
      0.0775,
      0.4675,
      0.2325,
      0.6225,
      0.3125,
      0.7025,
      0.155,
      0.545,
      0,
      0.39,
      0.0775,
      0.4675,
      0.2325,
      0.6225,
      0.3125,
      0.7025,
      0.155,
      0.545,
      0,
      0.39,
      0.0775,
      0.4675,
      0.2325,
      0.6225,
      0.3125,
      0.7025,
      0.155,
      0.545,
      0,
      0.39,
      0.0775,
      0.4675,
      0.2325,
      0.6225,
      0.3125,
      0.7025,
      0.155,
      0.545,
      0,
      0.39,
      0.0775,
      0.4675,
      0.2325,
      0.6225,
      0.3125,
      0.7025,
      0.155,
      0.545,
      0,
      0.39,
      0.0775,
      0.4675,
      0.2325,
      0.6225,
      0.3125,
      0.7025,
      0.155
    ],
    "SoftwareVersions": "syngo_MR_E11",
    "SpacingBetweenSlices": 2.4,
    "StationName": "mrc_Trio",
    "TaskName": "partlycloudy",
    "TotalReadoutTime": 0.046279,
    "TxRefAmp": 211.81,
    "dataset": "ds004146",
    "modality": "bold",
    "session_id": "02",
    "subject_id": "0198",
    "task_id": "partlycloudy"
  },
  "dummy_trs": 0,
  "dvars_nstd": 37.70463253021108,
  "dvars_std": 1.2569340027440639,
  "dvars_vstd": 1.0268938859894456,
  "efc": 0.5024331119732646,
  "fber": 7208.3095703125,
  "fd_mean": 0.17093118225949777,
  "fd_num": 94,
  "fd_perc": 24.736842105263158,
  "fwhm_avg": 1.842883260103732,
  "fwhm_x": 1.7426582640863155,
  "fwhm_y": 1.9438915894233548,
  "fwhm_z": 1.8420999268015252,
  "gcor": 0.0179098,
  "gsr_x": -0.019975027069449425,
  "gsr_y": 0.042551640421152115,
  "provenance": {
    "md5sum": "b510b350a889ba2ab50971fae2dd0c02",
    "settings": {
      "fd_thres": 0.2,
      "testing": false
    },
    "software": "mriqc",
    "version": "23.0.1",
    "webapi_port": null,
    "webapi_url": "https://mriqc.nimh.nih.gov/api/v1"
  },
  "size_t": 380,
  "size_x": 90,
  "size_y": 90,
  "size_z": 60,
  "snr": 7.03058401072401,
  "spacing_tr": 0.800000011920929,
  "spacing_x": 2.4000000953674316,
  "spacing_y": 2.4000000953674316,
  "spacing_z": 2.4000000953674316,
  "summary_bg_k": 31.268589867575074,
  "summary_bg_mad": 5.879688748078048,
  "summary_bg_mean": 24.78924560546875,
  "summary_bg_median": 8.1578950881958,
  "summary_bg_n": 315398.0,
  "summary_bg_p05": 3.3421053886413574,
  "summary_bg_p95": 104.85790252685547,
  "summary_bg_stdv": 50.28306198120117,
  "summary_fg_k": 1.8605995268918765,
  "summary_fg_mad": 96.49402158699118,
  "summary_fg_mean": 705.69921875,
  "summary_fg_median": 703.946044921875,
  "summary_fg_n": 97288.0,
  "summary_fg_p05": 556.1956817626954,
  "summary_fg_p95": 864.3917358398436,
  "summary_fg_stdv": 100.12574005126953,
  "tsnr": 42.30187020072481
}