{
  "bids_meta": {
    "AcquisitionMatrixPE": 256,
    "AcquisitionNumber": 1,
    "AcquisitionTime": "15:59:31.882500",
    "BaseResolution": 256,
    "BodyPartExamined": "BRAIN",
    "ConsistencyInfo": "N4_VE11C_LATEST_20160120",
    "ConversionSoftware": "dcm2niix",
    "ConversionSoftwareVersion": "v1.0.20171215 GCC6.3.0",
    "DeviceSerialNumber": "167001",
    "DwellTime": 2.6e-06,
    "EchoTime": 0.408,
    "EchoTrainLength": 259,
    "FlipAngle": 120,
    "ImageOrientationPatientDICOM": [
      0,
      1,
      0,
      0,
      0,
      -1
    ],
    "ImageType": [
      "ORIGINAL",
      "PRIMARY",
      "M",
      "ND",
      "NORM"
    ],
    "InPlanePhaseEncodingDirectionDICOM": "ROW",
    "InstitutionAddress": "Cooper_60_St._Lucia_QLD_AU_4072",
    "InstitutionName": "St_Lucia_Campus",
    "InstitutionalDepartmentName": "Gehrmann_Labs_MRI",
    "MRAcquisitionType": "3D",
    "MagneticFieldStrength": 3,
    "Manufacturer": "Siemens",
    "ManufacturersModelName": "Prisma_fit",
    "Modality": "MR",
    "ParallelReductionFactorInPlane": 2,
    "PartialFourier": 1,
    "PatientPosition": "HFS",
    "PercentPhaseFOV": 100,
    "PhaseEncodingSteps": 233,
    "PhaseResolution": 1,
    "PixelBandwidth": 750,
    "ProcedureStepDescription": "Research_16092_QTAB",
    "ProtocolName": "t2_spc_sag_p2_iso",
    "PulseSequenceDetails": "%SiemensSeq%_tse_vfl",
    "ReceiveCoilActiveElements": "HC1-7;NC1",
    "ReceiveCoilName": "HeadNeck_64",
    "ReconMatrixPE": 256,
    "RepetitionTime": 3.2,
    "SAR": 0.177238,
    "ScanOptions": "PFP",
    "ScanningSequence": "SE",
    "SequenceName": "_spcR_282ns",
    "SequenceVariant": "SK_SP",
    "SeriesDescription": "t2_spc_sag_p2_iso",
    "SeriesNumber": 19,
    "ShimSetting": [
      3044,
      -4172,
      -1039,
      -11,
      -3,
      35,
      -21,
      -13
    ],
    "SliceThickness": 1,
    "SoftwareVersions": "syngo_MR_E11",
    "StationName": "mrc_Trio",
    "TxRefAmp": 228.047,
    "dataset": "ds004146",
    "modality": "T2w",
    "session_id": "01",
    "subject_id": "0414"
  },
  "cjv": 1.6518094072412117,
  "cnr": 0.8702950877093238,
  "efc": 0.6434621515731048,
  "fber": -1.0,
  "fwhm_avg": 3.887600046370929,
  "fwhm_x": 4.199700250321642,
  "fwhm_y": 4.007237440287509,
  "fwhm_z": 3.455862448503636,
  "icvs_csf": 0.41923667646605,
  "icvs_gm": 0.4440484306372447,
  "icvs_wm": 0.1367148928967053,
  "inu_med": 1.0196873545646667,
  "inu_range": 0.2483511269092561,
  "provenance": {
    "md5sum": "5a46bf2a91523e52057c53337a43d977",
    "settings": {
      "testing": false
    },
    "software": "mriqc",
    "version": "23.0.1",
    "warnings": {
      "large_rot_frame": true,
      "small_air_mask": false
    },
    "webapi_port": null,
    "webapi_url": "https://mriqc.nimh.nih.gov/api/v1"
  },
  "qi_1": 0.028283511548944477,
  "qi_2": 0.08164309603058788,
  "rpve_csf": 10.717110093865248,
  "rpve_gm": 10.779051135613402,
  "rpve_wm": 35.18335822225971,
  "size_x": 192,
  "size_y": 300,
  "size_z": 320,
  "snr_csf": 15.43915032895073,
  "snr_gm": 14.072318688788574,
  "snr_total": 10.354991415806031,
  "snr_wm": 1.5535052296787917,
  "snrd_csf": 284.5953578162143,
  "snrd_gm": 184.37718632893242,
  "snrd_total": 296.2801475887203,
  "snrd_wm": 419.8678986210142,
  "spacing_x": 0.7999999523162842,
  "spacing_y": 0.800000011920929,
  "spacing_z": 0.800000011920929,
  "summary_bg_k": 26.642376788903835,
  "summary_bg_mad": 0.0,
  "summary_bg_mean": 0.3742253792231871,
  "summary_bg_median": 0.0,
  "summary_bg_n": 2014835.0,
  "summary_bg_p05": 0.0,
  "summary_bg_p95": 5.352160796523094,
  "summary_bg_stdv": 1.5690458982847257,
  "summary_csf_k": 0.9987583185267672,
  "summary_csf_mad": 40.64641398035674,
  "summary_csf_mean": 683.8869132218681,
  "summary_csf_median": 681.6033712252975,
  "summary_csf_n": 102222.0,
  "summary_csf_p05": 615.5554294809699,
  "summary_csf_p95": 758.8965444304049,
  "summary_csf_stdv": 44.147509594634904,
  "summary_gm_k": 0.08194620335990432,
  "summary_gm_mad": 32.75349662383886,
  "summary_gm_mean": 440.80737118077224,
  "summary_gm_median": 441.5817346535623,
  "summary_gm_n": 378958.0,
  "summary_gm_p05": 389.312760066241,
  "summary_gm_p95": 489.6942439414561,
  "summary_gm_stdv": 31.379416696891983,
  "summary_wm_k": -1.7592232073067993,
  "summary_wm_mad": 898.8640001305058,
  "summary_wm_mean": 830.460867112699,
  "summary_wm_median": 1005.5799130573869,
  "summary_wm_n": 58747.0,
  "summary_wm_p05": 29.237601798027754,
  "summary_wm_p95": 1661.734898452833,
  "summary_wm_stdv": 647.291901724031,
  "tpm_overlap_csf": 0.11095866081289588,
  "tpm_overlap_gm": 0.2936559599145086,
  "tpm_overlap_wm": 0.04561552790886615,
  "wm2max": 0.6441506337193398
}