{
  "aor": 0.0030703947368421053,
  "aqi": 0.013617668631578948,
  "bids_meta": {
    "AcquisitionMatrixPE": 90,
    "AcquisitionNumber": 1,
    "AcquisitionTime": "15:40:57.600000",
    "BandwidthPerPixelPhaseEncode": 21.368,
    "BaseResolution": 90,
    "BodyPartExamined": "BRAIN",
    "CoilString": "HC1-7;NC1_2",
    "ConsistencyInfo": "N4_VE11C_LATEST_20160120",
    "ConversionSoftware": "dcm2niix",
    "ConversionSoftwareVersion": "v1.0.20190410  GCC6.3.0",
    "DerivedVendorReportedEchoSpacing": 0.000519988,
    "DeviceSerialNumber": "167001",
    "DwellTime": 2.2e-06,
    "EchoTime": 0.03,
    "EchoTrainLength": 90,
    "EffectiveEchoSpacing": 0.000519988,
    "FlipAngle": 52,
    "ImageOrientationPatientDICOM": [
      0.998895,
      0.0464577,
      -0.00706165,
      -0.0458837,
      0.931839,
      -0.359959
    ],
    "ImageType": [
      "ORIGINAL",
      "PRIMARY",
      "M",
      "ND",
      "NORM",
      "MOSAIC"
    ],
    "ImagingFrequency": 123.229,
    "InPlanePhaseEncodingDirectionDICOM": "COL",
    "InstitutionAddress": "Cooper_60_St._Lucia_QLD_AU_4072",
    "InstitutionName": "St_Lucia_Campus",
    "InstitutionalDepartmentName": "Gehrmann_Labs_MRI",
    "MRAcquisitionType": "2D",
    "MagneticFieldStrength": 3,
    "Manufacturer": "Siemens",
    "ManufacturersModelName": "Prisma_fit",
    "Modality": "MR",
    "MultibandAccelerationFactor": 6,
    "PartialFourier": 1,
    "PatientPosition": "HFS",
    "PercentPhaseFOV": 100,
    "PhaseEncodingDirection": "j-",
    "PhaseEncodingSteps": 90,
    "PhaseResolution": 1,
    "PixelBandwidth": 2525,
    "ProcedureStepDescription": "Research_16092_QTAB",
    "ProtocolName": "PARTLY_CLOUDY_mb6_2.4",
    "PulseSequenceDetails": "%SiemensSeq%_ep2d_bold",
    "ReceiveCoilActiveElements": "HC1-7;NC1,2",
    "ReceiveCoilName": "HeadNeck_64",
    "ReconMatrixPE": 90,
    "RefLinesPE": 12,
    "RepetitionTime": 0.8,
    "SAR": 0.0688506,
    "ScanOptions": "FS",
    "ScanningSequence": "EP",
    "SequenceName": "_epfid2d1_90",
    "SequenceVariant": "SK",
    "SeriesDescription": "PARTLY_CLOUDY_mb6_2.4",
    "SeriesNumber": 19,
    "ShimSetting": [
      3063,
      -4167,
      -771,
      364,
      61,
      -6,
      -170,
      0
    ],
    "SliceThickness": 2.4,
    "SliceTiming": [
      0.5475,
      0,
      0.39,
      0.0775,
      0.4675,
      0.235,
      0.625,
      0.3125,
      0.7025,
      0.1575,
      0.5475,
      0,
      0.39,
      0.0775,
      0.4675,
      0.235,
      0.625,
      0.3125,
      0.7025,
      0.1575,
      0.5475,
      0,
      0.39,
      0.0775,
      0.4675,
      0.235,
      0.625,
      0.3125,
      0.7025,
      0.1575,
      0.5475,
      0,
      0.39,
      0.0775,
      0.4675,
      0.235,
      0.625,
      0.3125,
      0.7025,
      0.1575,
      0.5475,
      0,
      0.39,
      0.0775,
      0.4675,
      0.235,
      0.625,
      0.3125,
      0.7025,
      0.1575,
      0.5475,
      0,
      0.39,
      0.0775,
      0.4675,
      0.235,
      0.625,
      0.3125,
      0.7025,
      0.1575
    ],
    "SoftwareVersions": "syngo_MR_E11",
    "SpacingBetweenSlices": 2.4,
    "StationName": "mrc_Trio",
    "TaskName": "partlycloudy",
    "TotalReadoutTime": 0.046279,
    "TxRefAmp": 210.133,
    "dataset": "ds004146",
    "modality": "bold",
    "session_id": "02",
    "subject_id": "0350",
    "task_id": "partlycloudy"
  },
  "dummy_trs": 0,
  "dvars_nstd": 32.52532767759892,
  "dvars_std": 1.1750035811345652,
  "dvars_vstd": 1.0289477373087073,
  "efc": 0.48715715019750944,
  "fber": 6744.82470703125,
  "fd_mean": 0.22525459107668053,
  "fd_num": 146,
  "fd_perc": 38.421052631578945,
  "fwhm_avg": 1.7996194338709157,
  "fwhm_x": 1.7300707645864977,
  "fwhm_y": 1.8285540940064553,
  "fwhm_z": 1.8402334430197937,
  "gcor": 0.0142652,
  "gsr_x": -0.01289480458945036,
  "gsr_y": 0.01950916461646557,
  "provenance": {
    "md5sum": "9c46ae4ed64ef2907e365ce9991e6c48",
    "settings": {
      "fd_thres": 0.2,
      "testing": false
    },
    "software": "mriqc",
    "version": "23.0.1",
    "webapi_port": null,
    "webapi_url": "https://mriqc.nimh.nih.gov/api/v1"
  },
  "size_t": 380,
  "size_x": 90,
  "size_y": 90,
  "size_z": 60,
  "snr": 6.713601487015956,
  "spacing_tr": 0.800000011920929,
  "spacing_x": 2.4000000953674316,
  "spacing_y": 2.4000000953674316,
  "spacing_z": 2.3999998569488525,
  "summary_bg_k": 42.48553640020361,
  "summary_bg_mad": 5.926507869688095,
  "summary_bg_mean": 22.628326416015625,
  "summary_bg_median": 7.8263163566589355,
  "summary_bg_n": 323776.0,
  "summary_bg_p05": 2.744736909866333,
  "summary_bg_p95": 91.39473724365234,
  "summary_bg_stdv": 50.14125442504883,
  "summary_fg_k": 1.2554006807574805,
  "summary_fg_mad": 101.06272402888027,
  "summary_fg_mean": 653.7399291992188,
  "summary_fg_median": 652.3421630859375,
  "summary_fg_n": 90729.0,
  "summary_fg_p05": 510.56475830078125,
  "summary_fg_p95": 808.4047851562499,
  "summary_fg_stdv": 97.16670989990234,
  "tsnr": 47.35123665933497
}