{
  "aor": 0.0007433641975308641,
  "aqi": 0.00507496061728395,
  "bids_meta": {
    "AcquisitionMatrixPE": 104,
    "AcquisitionNumber": 1,
    "AcquisitionTime": "14:07:59.297500",
    "BandwidthPerPixelPhaseEncode": 17.17,
    "BaseResolution": 104,
    "BodyPartExamined": "BRAIN",
    "CoilString": "HC1-7;NC1_2",
    "ConsistencyInfo": "N4_VE11C_LATEST_20160120",
    "ConversionSoftware": "dcm2niix",
    "ConversionSoftwareVersion": "v1.0.20190410  GCC6.3.0",
    "DerivedVendorReportedEchoSpacing": 0.000560011,
    "DeviceSerialNumber": "167001",
    "DwellTime": 2.1e-06,
    "EchoTime": 0.03,
    "EchoTrainLength": 91,
    "EffectiveEchoSpacing": 0.000560011,
    "FlipAngle": 52,
    "ImageOrientationPatientDICOM": [
      0.999124,
      0.00860163,
      0.0409427,
      -0.000523155,
      0.981128,
      -0.193358
    ],
    "ImageType": [
      "ORIGINAL",
      "PRIMARY",
      "M",
      "ND",
      "MOSAIC"
    ],
    "ImagingFrequency": 123.229,
    "InPlanePhaseEncodingDirectionDICOM": "COL",
    "InstitutionAddress": "Cooper_60_St._Lucia_QLD_AU_4072",
    "InstitutionName": "St_Lucia_Campus",
    "InstitutionalDepartmentName": "Gehrmann_Labs_MRI",
    "MRAcquisitionType": "2D",
    "MagneticFieldStrength": 3,
    "Manufacturer": "Siemens",
    "ManufacturersModelName": "Prisma_fit",
    "Modality": "MR",
    "MultibandAccelerationFactor": 6,
    "PartialFourier": 0.875,
    "PatientPosition": "HFS",
    "PercentPhaseFOV": 100,
    "PhaseEncodingDirection": "j",
    "PhaseEncodingSteps": 91,
    "PhaseResolution": 1,
    "PixelBandwidth": 2290,
    "ProcedureStepDescription": "Research_16092_QTAB",
    "ProtocolName": "ep2d_REST_SMS6_P-A",
    "PulseSequenceDetails": "%SiemensSeq%_ep2d_bold",
    "ReceiveCoilActiveElements": "HC1-7;NC1,2",
    "ReceiveCoilName": "HeadNeck_64",
    "ReconMatrixPE": 104,
    "RefLinesPE": 12,
    "RepetitionTime": 0.93,
    "SAR": 0.0586078,
    "ScanOptions": "PFP_FS",
    "ScanningSequence": "EP",
    "SequenceName": "_epfid2d1_104",
    "SequenceVariant": "SK",
    "SeriesDescription": "ep2d_REST_SMS6_P-A",
    "SeriesNumber": 14,
    "ShimSetting": [
      3076,
      -4187,
      -736,
      571,
      31,
      36,
      -108,
      -7
    ],
    "SliceThickness": 2,
    "SliceTiming": [
      0.6825,
      0,
      0.455,
      0.075,
      0.53,
      0.15,
      0.605,
      0.3025,
      0.7575,
      0.3775,
      0.8325,
      0.2275,
      0.6825,
      0,
      0.455,
      0.075,
      0.53,
      0.15,
      0.605,
      0.3025,
      0.7575,
      0.3775,
      0.8325,
      0.2275,
      0.6825,
      0,
      0.455,
      0.075,
      0.53,
      0.15,
      0.605,
      0.3025,
      0.7575,
      0.3775,
      0.8325,
      0.2275,
      0.6825,
      0,
      0.455,
      0.075,
      0.53,
      0.15,
      0.605,
      0.3025,
      0.7575,
      0.3775,
      0.8325,
      0.2275,
      0.6825,
      0,
      0.455,
      0.075,
      0.53,
      0.15,
      0.605,
      0.3025,
      0.7575,
      0.3775,
      0.8325,
      0.2275,
      0.6825,
      0,
      0.455,
      0.075,
      0.53,
      0.15,
      0.605,
      0.3025,
      0.7575,
      0.3775,
      0.8325,
      0.2275
    ],
    "SoftwareVersions": "syngo_MR_E11",
    "SpacingBetweenSlices": 2,
    "StationName": "mrc_Trio",
    "TaskName": "rest",
    "TotalReadoutTime": 0.0576811,
    "TxRefAmp": 212.774,
    "dataset": "ds004146",
    "modality": "bold",
    "session_id": "02",
    "subject_id": "0236",
    "task_id": "rest"
  },
  "dummy_trs": 3,
  "dvars_nstd": 38.03760322495358,
  "dvars_std": 1.088711431826625,
  "dvars_vstd": 1.005666578390093,
  "efc": 0.5311065955504736,
  "fber": 781.1174926757812,
  "fd_mean": 0.14573471179977593,
  "fd_num": 82,
  "fd_perc": 25.308641975308642,
  "fwhm_avg": 3.0069700000000004,
  "fwhm_x": 2.809585,
  "fwhm_y": 3.1448,
  "fwhm_z": 3.066525,
  "gcor": 0.00822869,
  "gsr_x": -0.005500537343323231,
  "gsr_y": 0.05395866185426712,
  "provenance": {
    "md5sum": "e954472a24ff91255423187aa79af329",
    "settings": {
      "fd_thres": 0.2,
      "testing": false
    },
    "software": "mriqc",
    "version": "23.0.1",
    "webapi_port": null,
    "webapi_url": "https://mriqc.nimh.nih.gov/api/v1"
  },
  "size_t": 324,
  "size_x": 104,
  "size_y": 104,
  "size_z": 72,
  "snr": 2.6463885829346916,
  "spacing_tr": 0.9300000071525574,
  "spacing_x": 2.0,
  "spacing_y": 2.0,
  "spacing_z": 2.0,
  "summary_bg_k": 42.23302576639917,
  "summary_bg_mad": 7.870606394717149,
  "summary_bg_mean": 40.36111068725586,
  "summary_bg_median": 20.901235580444336,
  "summary_bg_n": 506563.0,
  "summary_bg_p05": 14.947530746459961,
  "summary_bg_p95": 145.51511840820302,
  "summary_bg_stdv": 55.9185791015625,
  "summary_fg_k": 0.5339995721254476,
  "summary_fg_mad": 226.4812434871563,
  "summary_fg_mean": 616.4771118164062,
  "summary_fg_median": 589.1944580078125,
  "summary_fg_n": 169476.0,
  "summary_fg_p05": 316.7191467285156,
  "summary_fg_p95": 1014.8564910888672,
  "summary_fg_stdv": 222.64028930664062,
  "tsnr": 39.42497029993683
}