{
  "bids_meta": {
    "AcquisitionMatrixPE": 256,
    "AcquisitionNumber": 1,
    "AcquisitionTime": "11:41:41.157500",
    "BaseResolution": 256,
    "BodyPartExamined": "BRAIN",
    "ConsistencyInfo": "N4_VE11C_LATEST_20160120",
    "ConversionSoftware": "dcm2niix",
    "ConversionSoftwareVersion": "v1.0.20171215 GCC6.3.0",
    "DeviceSerialNumber": "167001",
    "DwellTime": 2.6e-06,
    "EchoTime": 0.408,
    "EchoTrainLength": 259,
    "FlipAngle": 120,
    "ImageOrientationPatientDICOM": [
      -0.0964162,
      0.995212,
      0.0160562,
      0.00301813,
      0.0164236,
      -0.999861
    ],
    "ImageType": [
      "ORIGINAL",
      "PRIMARY",
      "M",
      "ND",
      "NORM"
    ],
    "InPlanePhaseEncodingDirectionDICOM": "ROW",
    "InstitutionAddress": "Cooper_60_St._Lucia_QLD_AU_4072",
    "InstitutionName": "St_Lucia_Campus",
    "InstitutionalDepartmentName": "Gehrmann_Labs_MRI",
    "MRAcquisitionType": "3D",
    "MagneticFieldStrength": 3,
    "Manufacturer": "Siemens",
    "ManufacturersModelName": "Prisma_fit",
    "Modality": "MR",
    "ParallelReductionFactorInPlane": 2,
    "PartialFourier": 1,
    "PatientPosition": "HFS",
    "PercentPhaseFOV": 100,
    "PhaseEncodingSteps": 233,
    "PhaseResolution": 1,
    "PixelBandwidth": 750,
    "ProcedureStepDescription": "Research_16092_QTAB",
    "ProtocolName": "t2_spc_sag_p2_iso",
    "PulseSequenceDetails": "%SiemensSeq%_tse_vfl",
    "ReceiveCoilActiveElements": "HC1-7;NC1,2",
    "ReceiveCoilName": "HeadNeck_64",
    "ReconMatrixPE": 256,
    "RepetitionTime": 3.2,
    "SAR": 0.149887,
    "ScanOptions": "PFP",
    "ScanningSequence": "SE",
    "SequenceName": "_spcR_282ns",
    "SequenceVariant": "SK_SP",
    "SeriesDescription": "t2_spc_sag_p2_iso",
    "SeriesNumber": 19,
    "ShimSetting": [
      3044,
      -4172,
      -1039,
      -11,
      -3,
      35,
      -21,
      -13
    ],
    "SliceThickness": 1,
    "SoftwareVersions": "syngo_MR_E11",
    "StationName": "mrc_Trio",
    "TxRefAmp": 219.057,
    "dataset": "ds004146",
    "modality": "T2w",
    "session_id": "01",
    "subject_id": "0192"
  },
  "cjv": 0.9712695071386869,
  "cnr": 1.2306659192206058,
  "efc": 0.6438527050081048,
  "fber": 4656.785181160457,
  "fwhm_avg": 4.404550047980689,
  "fwhm_x": 4.57468777267264,
  "fwhm_y": 4.733537429464796,
  "fwhm_z": 3.9054249418046334,
  "icvs_csf": 0.5147266219122378,
  "icvs_gm": 0.10973572043410058,
  "icvs_wm": 0.3755376576536616,
  "inu_med": 1.0109503865242004,
  "inu_range": 0.29307033121585846,
  "provenance": {
    "md5sum": "13a5da0235511a4417ab3fbeb44de7c1",
    "settings": {
      "testing": false
    },
    "software": "mriqc",
    "version": "23.0.1",
    "warnings": {
      "large_rot_frame": true,
      "small_air_mask": false
    },
    "webapi_port": null,
    "webapi_url": "https://mriqc.nimh.nih.gov/api/v1"
  },
  "qi_1": 0.0,
  "qi_2": 0.006169608085497785,
  "rpve_csf": 8.492525444994364,
  "rpve_gm": 33.14470761930061,
  "rpve_wm": 11.16744796918733,
  "size_x": 192,
  "size_y": 300,
  "size_z": 320,
  "snr_csf": 18.240911005496205,
  "snr_gm": 1.7471430930271659,
  "snr_total": 10.653498776388883,
  "snr_wm": 11.972442230643278,
  "snrd_csf": 114.14190876548294,
  "snrd_gm": 256.0995967152571,
  "snrd_total": 148.59333493443714,
  "snrd_wm": 75.53849932257138,
  "spacing_x": 0.7999999523162842,
  "spacing_y": 0.800000011920929,
  "spacing_z": 0.800000011920929,
  "summary_bg_k": 7.710553809178856,
  "summary_bg_mad": 0.0,
  "summary_bg_mean": 4.133587683581396,
  "summary_bg_median": 0.0,
  "summary_bg_n": 2055269.0,
  "summary_bg_p05": 0.0,
  "summary_bg_p95": 20.342079922556877,
  "summary_bg_stdv": 8.672881169018552,
  "summary_csf_k": 0.1233933685360884,
  "summary_csf_mad": 83.21480762370587,
  "summary_csf_mean": 1514.3756290073893,
  "summary_csf_median": 1511.042908206582,
  "summary_csf_n": 329333.0,
  "summary_csf_p05": 1385.7523016631603,
  "summary_csf_p95": 1654.8489589244127,
  "summary_csf_stdv": 82.83800154793474,
  "summary_gm_k": -1.4943767474891654,
  "summary_gm_mad": 2233.1358359491837,
  "summary_gm_mean": 2840.7188331950783,
  "summary_gm_median": 3390.318977460265,
  "summary_gm_n": 80961.0,
  "summary_gm_p05": 68.16672496497631,
  "summary_gm_p95": 5094.9852749705315,
  "summary_gm_stdv": 1940.4810361269733,
  "summary_wm_k": -0.34182024131082267,
  "summary_wm_mad": 88.50805722107177,
  "summary_wm_mean": 1001.0011285004988,
  "summary_wm_median": 1000.0000432133675,
  "summary_wm_n": 388711.0,
  "summary_wm_p05": 866.7386624962091,
  "summary_wm_p95": 1139.8207068443298,
  "summary_wm_stdv": 83.52504339927621,
  "tpm_overlap_csf": 0.10594722285037023,
  "tpm_overlap_gm": 0.06502891696377827,
  "tpm_overlap_wm": 0.4545549106741993,
  "wm2max": 0.20064972760807884
}