{
  "bids_meta": {
    "AcquisitionMatrixPE": 256,
    "AcquisitionNumber": 1,
    "AcquisitionTime": "15:02:41.205000",
    "BaseResolution": 256,
    "BodyPartExamined": "BRAIN",
    "ConsistencyInfo": "N4_VE11C_LATEST_20160120",
    "ConversionSoftware": "dcm2niix",
    "ConversionSoftwareVersion": "v1.0.20171215 GCC6.3.0",
    "DeviceSerialNumber": "167001",
    "DwellTime": 2.6e-06,
    "EchoTime": 0.408,
    "EchoTrainLength": 259,
    "FlipAngle": 120,
    "ImageOrientationPatientDICOM": [
      -0.0128108,
      0.999918,
      -4.2141e-08,
      0.00554269,
      7.09699e-05,
      -0.999985
    ],
    "ImageType": [
      "ORIGINAL",
      "PRIMARY",
      "M",
      "ND",
      "NORM"
    ],
    "InPlanePhaseEncodingDirectionDICOM": "ROW",
    "InstitutionAddress": "Cooper_60_St._Lucia_QLD_AU_4072",
    "InstitutionName": "St_Lucia_Campus",
    "InstitutionalDepartmentName": "Gehrmann_Labs_MRI",
    "MRAcquisitionType": "3D",
    "MagneticFieldStrength": 3,
    "Manufacturer": "Siemens",
    "ManufacturersModelName": "Prisma_fit",
    "Modality": "MR",
    "ParallelReductionFactorInPlane": 2,
    "PartialFourier": 1,
    "PatientPosition": "HFS",
    "PercentPhaseFOV": 100,
    "PhaseEncodingSteps": 233,
    "PhaseResolution": 1,
    "PixelBandwidth": 750,
    "ProcedureStepDescription": "Research_16092_QTAB",
    "ProtocolName": "t2_spc_sag_p2_iso",
    "PulseSequenceDetails": "%SiemensSeq%_tse_vfl",
    "ReceiveCoilActiveElements": "HC1-7;NC1",
    "ReceiveCoilName": "HeadNeck_64",
    "ReconMatrixPE": 256,
    "RepetitionTime": 3.2,
    "SAR": 0.183285,
    "ScanOptions": "PFP",
    "ScanningSequence": "SE",
    "SequenceName": "_spcR_282ns",
    "SequenceVariant": "SK_SP",
    "SeriesDescription": "t2_spc_sag_p2_iso",
    "SeriesNumber": 19,
    "ShimSetting": [
      3043,
      -4177,
      -1039,
      1,
      -3,
      36,
      -3,
      -11
    ],
    "SliceThickness": 1,
    "SoftwareVersions": "syngo_MR_E11",
    "StationName": "mrc_Trio",
    "TxRefAmp": 213.866,
    "dataset": "ds004146",
    "modality": "T2w",
    "session_id": "01",
    "subject_id": "0107"
  },
  "cjv": 17.26021976461593,
  "cnr": 0.06007748546494346,
  "efc": 0.6656341123938854,
  "fber": 6055.517285235288,
  "fwhm_avg": 4.328141717985402,
  "fwhm_x": 4.663250277951376,
  "fwhm_y": 4.44677493373789,
  "fwhm_z": 3.874399942266942,
  "icvs_csf": 0.44727801701009046,
  "icvs_gm": 0.44083687609078764,
  "icvs_wm": 0.11188510689912187,
  "inu_med": 1.0213389992713928,
  "inu_range": 0.31405362486839294,
  "provenance": {
    "md5sum": "6ec59fab3565c02b5d4704d89139bcef",
    "settings": {
      "testing": false
    },
    "software": "mriqc",
    "version": "23.0.1",
    "warnings": {
      "large_rot_frame": true,
      "small_air_mask": false
    },
    "webapi_port": null,
    "webapi_url": "https://mriqc.nimh.nih.gov/api/v1"
  },
  "qi_1": 3.8141582441034665e-05,
  "qi_2": 0.014793397619831013,
  "rpve_csf": 8.72109540378229,
  "rpve_gm": 9.079089421288831,
  "rpve_wm": 35.06090269670178,
  "size_x": 192,
  "size_y": 300,
  "size_z": 320,
  "snr_csf": 16.0085945473365,
  "snr_gm": 11.942414413129761,
  "snr_total": 9.550296155526635,
  "snr_wm": 0.6998795061136438,
  "snrd_csf": 69.36083734440712,
  "snrd_gm": 44.13504275565772,
  "snrd_total": 53.927294996764,
  "snrd_wm": 48.28600489022715,
  "spacing_x": 0.7999999523162842,
  "spacing_y": 0.800000011920929,
  "spacing_z": 0.800000011920929,
  "summary_bg_k": 7.072060225367682,
  "summary_bg_mad": 0.0,
  "summary_bg_mean": 8.10673650351808,
  "summary_bg_median": 0.0,
  "summary_bg_n": 1830088.0,
  "summary_bg_p05": 0.0,
  "summary_bg_p95": 36.665127240121365,
  "summary_bg_stdv": 13.929952312982145,
  "summary_csf_k": 0.6391456556072863,
  "summary_csf_mad": 87.17156954831488,
  "summary_csf_mean": 1478.7137571888015,
  "summary_csf_median": 1474.796937853098,
  "summary_csf_n": 224313.0,
  "summary_csf_p05": 1335.5355176329613,
  "summary_csf_p95": 1635.3307382017374,
  "summary_csf_stdv": 92.12511730024812,
  "summary_gm_k": 0.008457194162407422,
  "summary_gm_mad": 80.70716102001288,
  "summary_gm_mean": 938.1622159974473,
  "summary_gm_median": 938.4290674701333,
  "summary_gm_n": 361831.0,
  "summary_gm_p05": 810.5965968221426,
  "summary_gm_p95": 1065.3366520255804,
  "summary_gm_stdv": 78.57940096764365,
  "summary_wm_k": -1.7276630549255378,
  "summary_wm_mad": 1442.6894760246114,
  "summary_wm_mean": 1617.8301810824705,
  "summary_wm_median": 1026.6896260157228,
  "summary_wm_n": 80834.0,
  "summary_wm_p05": 63.81714038550854,
  "summary_wm_p95": 3708.816353252157,
  "summary_wm_stdv": 1466.9429043465495,
  "tpm_overlap_csf": 0.10378743670757706,
  "tpm_overlap_gm": 0.28997346539712543,
  "tpm_overlap_wm": 0.03688413714839434,
  "wm2max": 0.28896822297837527
}