{
  "aor": 0.0005627554179566563,
  "aqi": 0.00611689040247678,
  "bids_meta": {
    "AcquisitionMatrixPE": 104,
    "AcquisitionNumber": 1,
    "AcquisitionTime": "09:54:52.042500",
    "BandwidthPerPixelPhaseEncode": 17.17,
    "BaseResolution": 104,
    "BodyPartExamined": "BRAIN",
    "CoilString": "HC1-7;NC1_2",
    "ConsistencyInfo": "N4_VE11C_LATEST_20160120",
    "ConversionSoftware": "dcm2niix",
    "ConversionSoftwareVersion": "v1.0.20181125  (JP2:OpenJPEG) GCC6.3.0",
    "DerivedVendorReportedEchoSpacing": 0.000560011,
    "DeviceSerialNumber": "167001",
    "DwellTime": 2.1e-06,
    "EchoTime": 0.03,
    "EchoTrainLength": 91,
    "EffectiveEchoSpacing": 0.000560011,
    "FlipAngle": 52,
    "ImageOrientationPatientDICOM": [
      0.99778,
      0.0460646,
      0.0480885,
      -0.0343202,
      0.974568,
      -0.221449
    ],
    "ImageType": [
      "ORIGINAL",
      "PRIMARY",
      "M",
      "ND",
      "MOSAIC"
    ],
    "ImagingFrequency": 123.229,
    "InPlanePhaseEncodingDirectionDICOM": "COL",
    "InstitutionAddress": "Cooper_60_St._Lucia_QLD_AU_4072",
    "InstitutionName": "St_Lucia_Campus",
    "InstitutionalDepartmentName": "Gehrmann_Labs_MRI",
    "MRAcquisitionType": "2D",
    "MagneticFieldStrength": 3,
    "Manufacturer": "Siemens",
    "ManufacturersModelName": "Prisma_fit",
    "Modality": "MR",
    "MultibandAccelerationFactor": 6,
    "PartialFourier": 0.875,
    "PatientPosition": "HFS",
    "PercentPhaseFOV": 100,
    "PhaseEncodingDirection": "j-",
    "PhaseEncodingSteps": 91,
    "PhaseResolution": 1,
    "PixelBandwidth": 2290,
    "ProcedureStepDescription": "Research_16092_QTAB",
    "ProtocolName": "ep2d_REST_SMS6_A-P",
    "PulseSequenceDetails": "%SiemensSeq%_ep2d_bold",
    "ReceiveCoilActiveElements": "HC1-7;NC1,2",
    "ReceiveCoilName": "HeadNeck_64",
    "ReconMatrixPE": 104,
    "RepetitionTime": 0.93,
    "SAR": 0.0722323,
    "ScanOptions": "PFP_FS",
    "ScanningSequence": "EP",
    "SequenceName": "_epfid2d1_104",
    "SequenceVariant": "SK",
    "SeriesDescription": "ep2d_REST_SMS6_A-P",
    "SeriesNumber": 9,
    "ShimSetting": [
      3056,
      -4169,
      -766,
      421,
      -58,
      -123,
      -25,
      -27
    ],
    "SliceThickness": 2,
    "SliceTiming": [
      0.6825,
      0,
      0.455,
      0.0775,
      0.5325,
      0.1525,
      0.6075,
      0.305,
      0.76,
      0.38,
      0.835,
      0.2275,
      0.6825,
      0,
      0.455,
      0.0775,
      0.5325,
      0.1525,
      0.6075,
      0.305,
      0.76,
      0.38,
      0.835,
      0.2275,
      0.6825,
      0,
      0.455,
      0.0775,
      0.5325,
      0.1525,
      0.6075,
      0.305,
      0.76,
      0.38,
      0.835,
      0.2275,
      0.6825,
      0,
      0.455,
      0.0775,
      0.5325,
      0.1525,
      0.6075,
      0.305,
      0.76,
      0.38,
      0.835,
      0.2275,
      0.6825,
      0,
      0.455,
      0.0775,
      0.5325,
      0.1525,
      0.6075,
      0.305,
      0.76,
      0.38,
      0.835,
      0.2275,
      0.6825,
      0,
      0.455,
      0.0775,
      0.5325,
      0.1525,
      0.6075,
      0.305,
      0.76,
      0.38,
      0.835,
      0.2275
    ],
    "SoftwareVersions": "syngo_MR_E11",
    "SpacingBetweenSlices": 2,
    "StationName": "mrc_Trio",
    "TaskName": "rest",
    "TotalReadoutTime": 0.0576811,
    "TxRefAmp": 211.359,
    "dataset": "ds004146",
    "modality": "bold",
    "session_id": "01",
    "subject_id": "0176",
    "task_id": "rest"
  },
  "dummy_trs": 4,
  "dvars_nstd": 46.031146315900635,
  "dvars_std": 1.1312368108695654,
  "dvars_vstd": 1.003117242111802,
  "efc": 0.5002806237811372,
  "fber": 935.1472778320312,
  "fd_mean": 0.28448361061827365,
  "fd_num": 225,
  "fd_perc": 69.6594427244582,
  "fwhm_avg": 3.1039766666666666,
  "fwhm_x": 2.860725,
  "fwhm_y": 3.27478,
  "fwhm_z": 3.176425,
  "gcor": 0.00669404,
  "gsr_x": -0.011248047463595867,
  "gsr_y": 0.049761563539505005,
  "provenance": {
    "md5sum": "79b5a91b20ff44805a1e8c1612f3b61b",
    "settings": {
      "fd_thres": 0.2,
      "testing": false
    },
    "software": "mriqc",
    "version": "23.0.1",
    "webapi_port": null,
    "webapi_url": "https://mriqc.nimh.nih.gov/api/v1"
  },
  "size_t": 323,
  "size_x": 104,
  "size_y": 104,
  "size_z": 72,
  "snr": 2.8322824887000553,
  "spacing_tr": 0.9300000071525574,
  "spacing_x": 2.0,
  "spacing_y": 2.0,
  "spacing_z": 2.0,
  "summary_bg_k": 56.77627518145788,
  "summary_bg_mad": 5.471398238256375,
  "summary_bg_mean": 33.60060119628906,
  "summary_bg_median": 18.551082611083984,
  "summary_bg_n": 535255.0,
  "summary_bg_p05": 14.386996269226074,
  "summary_bg_p95": 99.40247344970703,
  "summary_bg_stdv": 46.41227722167969,
  "summary_fg_k": 1.2072287480812331,
  "summary_fg_mad": 189.99340658538614,
  "summary_fg_mean": 603.5170288085938,
  "summary_fg_median": 575.3064575195312,
  "summary_fg_n": 145828.0,
  "summary_fg_p05": 335.1021728515625,
  "summary_fg_p95": 978.5684173583984,
  "summary_fg_stdv": 203.1239776611328,
  "tsnr": 37.58975452685263
}