{
  "bids_meta": {
    "AcquisitionMatrixPE": 256,
    "AcquisitionNumber": 1,
    "AcquisitionTime": "09:34:14.090000",
    "BaseResolution": 256,
    "BodyPartExamined": "BRAIN",
    "CoilString": "HC1-7;NC1_2",
    "ConsistencyInfo": "N4_VE11C_LATEST_20160120",
    "ConversionSoftware": "dcm2niix",
    "ConversionSoftwareVersion": "v1.0.20181125  (JP2:OpenJPEG) GCC6.3.0",
    "DeviceSerialNumber": "167001",
    "DwellTime": 2.6e-06,
    "EchoTime": 0.408,
    "EchoTrainLength": 259,
    "FlipAngle": 120,
    "ImageOrientationPatientDICOM": [
      -0.0604653,
      0.995745,
      0.0695418,
      -0.0383741,
      0.0672988,
      -0.996995
    ],
    "ImageType": [
      "ORIGINAL",
      "PRIMARY",
      "M",
      "ND",
      "NORM"
    ],
    "ImagingFrequency": 123.229,
    "InPlanePhaseEncodingDirectionDICOM": "ROW",
    "InstitutionAddress": "Cooper_60_St._Lucia_QLD_AU_4072",
    "InstitutionName": "St_Lucia_Campus",
    "InstitutionalDepartmentName": "Gehrmann_Labs_MRI",
    "MRAcquisitionType": "3D",
    "MagneticFieldStrength": 3,
    "Manufacturer": "Siemens",
    "ManufacturersModelName": "Prisma_fit",
    "Modality": "MR",
    "PartialFourier": 1,
    "PatientPosition": "HFS",
    "PercentPhaseFOV": 100,
    "PhaseEncodingSteps": 233,
    "PhaseResolution": 1,
    "PixelBandwidth": 750,
    "ProcedureStepDescription": "Research_16092_QTAB",
    "ProtocolName": "t2_spc_sag_p2_iso",
    "PulseSequenceDetails": "%SiemensSeq%_tse_vfl",
    "ReceiveCoilActiveElements": "HC1-7;NC1,2",
    "ReceiveCoilName": "HeadNeck_64",
    "ReconMatrixPE": 256,
    "RepetitionTime": 3.2,
    "SAR": 0.169024,
    "ScanOptions": "PFP",
    "ScanningSequence": "SE",
    "SequenceName": "_spcR_282ns",
    "SequenceVariant": "SK_SP",
    "SeriesDescription": "t2_spc_sag_p2_iso",
    "SeriesNumber": 19,
    "ShimSetting": [
      3044,
      -4172,
      -1039,
      -11,
      -3,
      35,
      -21,
      -13
    ],
    "SliceThickness": 1,
    "SoftwareVersions": "syngo_MR_E11",
    "StationName": "mrc_Trio",
    "TxRefAmp": 209.055,
    "dataset": "ds004146",
    "modality": "T2w",
    "session_id": "01",
    "subject_id": "0251"
  },
  "cjv": 2.9624849732120437,
  "cnr": 0.5505747139084067,
  "efc": 0.6411284987259912,
  "fber": 6035.256900165954,
  "fwhm_avg": 4.028095870757729,
  "fwhm_x": 3.923762733874484,
  "fwhm_y": 4.318324935651944,
  "fwhm_z": 3.8421999427467592,
  "icvs_csf": 0.39948045409402594,
  "icvs_gm": 0.4804830650287871,
  "icvs_wm": 0.12003648087718695,
  "inu_med": 1.028161644935608,
  "inu_range": 0.3558434247970581,
  "provenance": {
    "md5sum": "53bf377a4ab17c47ba39777c6451c5e2",
    "settings": {
      "testing": false
    },
    "software": "mriqc",
    "version": "23.0.1",
    "warnings": {
      "large_rot_frame": true,
      "small_air_mask": false
    },
    "webapi_port": null,
    "webapi_url": "https://mriqc.nimh.nih.gov/api/v1"
  },
  "qi_1": 0.0,
  "qi_2": 0.008503089206650218,
  "rpve_csf": 11.40283072244533,
  "rpve_gm": 10.165065243878143,
  "rpve_wm": 39.68981039067736,
  "size_x": 192,
  "size_y": 300,
  "size_z": 320,
  "snr_csf": 15.88951423120694,
  "snr_gm": 13.644037676122649,
  "snr_total": 10.292433140580789,
  "snr_wm": 1.3437475144127777,
  "snrd_csf": 38.22752480317406,
  "snrd_gm": 25.828922297578465,
  "snrd_total": 35.9571469374905,
  "snrd_wm": 43.81499371171897,
  "spacing_x": 0.7999999523162842,
  "spacing_y": 0.800000011920929,
  "spacing_z": 0.800000011920929,
  "summary_bg_k": 5.059799275975699,
  "summary_bg_mad": 0.0,
  "summary_bg_mean": 10.238480914242656,
  "summary_bg_median": 0.0,
  "summary_bg_n": 1809458.0,
  "summary_bg_p05": 0.0,
  "summary_bg_p95": 41.37599174678326,
  "summary_bg_stdv": 15.013480720555158,
  "summary_csf_k": 0.3768980401256834,
  "summary_csf_mad": 54.262048232419104,
  "summary_csf_mean": 878.6470599825175,
  "summary_csf_median": 876.04383854568,
  "summary_csf_n": 125043.0,
  "summary_csf_p05": 793.9104330018163,
  "summary_csf_p95": 972.4045369327068,
  "summary_csf_stdv": 55.13323584479408,
  "summary_gm_k": -0.028574951587927888,
  "summary_gm_mad": 44.122942506361454,
  "summary_gm_mean": 592.4023953988492,
  "summary_gm_median": 591.9103669822216,
  "summary_gm_n": 269397.0,
  "summary_gm_p05": 522.3203476406634,
  "summary_gm_p95": 664.1808907724917,
  "summary_gm_stdv": 43.382265752112566,
  "summary_wm_k": -1.7089177105873803,
  "summary_wm_mad": 1176.951468703175,
  "summary_wm_mean": 950.3976556400496,
  "summary_wm_median": 1004.0894741341472,
  "summary_wm_n": 70327.0,
  "summary_wm_p05": 61.96089129522443,
  "summary_wm_p95": 1973.6416794098914,
  "summary_wm_stdv": 747.225445717683,
  "tpm_overlap_csf": 0.10880394098645325,
  "tpm_overlap_gm": 0.31148624561616967,
  "tpm_overlap_wm": 0.056604638575622486,
  "wm2max": 0.5357267276627734
}