{
  "aor": 0.007037630769230768,
  "aqi": 0.016642391907692306,
  "bids_meta": {
    "AcquisitionMatrixPE": 104,
    "AcquisitionNumber": 1,
    "AcquisitionTime": "10:28:45.792500",
    "BandwidthPerPixelPhaseEncode": 17.17,
    "BaseResolution": 104,
    "BodyPartExamined": "BRAIN",
    "ConsistencyInfo": "N4_VE11C_LATEST_20160120",
    "ConversionSoftware": "dcm2niix",
    "ConversionSoftwareVersion": "v1.0.20171215 GCC6.3.0",
    "DerivedVendorReportedEchoSpacing": 0.000560011,
    "DeviceSerialNumber": "167001",
    "DwellTime": 2.1e-06,
    "EchoTime": 0.03,
    "EchoTrainLength": 91,
    "EffectiveEchoSpacing": 0.000560011,
    "FlipAngle": 52,
    "ImageOrientationPatientDICOM": [
      0.994661,
      -0.0896572,
      -0.0510949,
      0.0637989,
      0.923439,
      -0.378406
    ],
    "ImageType": [
      "ORIGINAL",
      "PRIMARY",
      "M",
      "ND",
      "MOSAIC"
    ],
    "InPlanePhaseEncodingDirectionDICOM": "COL",
    "InstitutionAddress": "Cooper_60_St._Lucia_QLD_AU_4072",
    "InstitutionName": "St_Lucia_Campus",
    "InstitutionalDepartmentName": "Gehrmann_Labs_MRI",
    "MRAcquisitionType": "2D",
    "MagneticFieldStrength": 3,
    "Manufacturer": "Siemens",
    "ManufacturersModelName": "Prisma_fit",
    "Modality": "MR",
    "MultibandAccelerationFactor": 6,
    "PartialFourier": 0.875,
    "PatientPosition": "HFS",
    "PercentPhaseFOV": 100,
    "PhaseEncodingDirection": "j",
    "PhaseEncodingSteps": 91,
    "PhaseResolution": 1,
    "PixelBandwidth": 2290,
    "ProcedureStepDescription": "Research_16092_QTAB",
    "ProtocolName": "ep2d_REST_SMS6_P-A",
    "PulseSequenceDetails": "%SiemensSeq%_ep2d_bold",
    "ReceiveCoilActiveElements": "HC1-7;NC1,2",
    "ReceiveCoilName": "HeadNeck_64",
    "ReconMatrixPE": 104,
    "RepetitionTime": 0.93,
    "SAR": 0.0721989,
    "ScanOptions": "PFP_FS",
    "ScanningSequence": "EP",
    "SequenceName": "_epfid2d1_104",
    "SequenceVariant": "SK",
    "SeriesDescription": "ep2d_REST_SMS6_P-A",
    "SeriesNumber": 10,
    "ShimSetting": [
      3022,
      -4113,
      -839,
      351,
      -105,
      62,
      -122,
      -48
    ],
    "SliceThickness": 2,
    "SliceTiming": [
      0.6825,
      0,
      0.455,
      0.0775,
      0.5325,
      0.1525,
      0.6075,
      0.305,
      0.76,
      0.38,
      0.835,
      0.2275,
      0.6825,
      0,
      0.455,
      0.0775,
      0.5325,
      0.1525,
      0.6075,
      0.305,
      0.76,
      0.38,
      0.835,
      0.2275,
      0.6825,
      0,
      0.455,
      0.0775,
      0.5325,
      0.1525,
      0.6075,
      0.305,
      0.76,
      0.38,
      0.835,
      0.2275,
      0.6825,
      0,
      0.455,
      0.0775,
      0.5325,
      0.1525,
      0.6075,
      0.305,
      0.76,
      0.38,
      0.835,
      0.2275,
      0.6825,
      0,
      0.455,
      0.0775,
      0.5325,
      0.1525,
      0.6075,
      0.305,
      0.76,
      0.38,
      0.835,
      0.2275,
      0.6825,
      0,
      0.455,
      0.0775,
      0.5325,
      0.1525,
      0.6075,
      0.305,
      0.76,
      0.38,
      0.835,
      0.2275
    ],
    "SoftwareVersions": "syngo_MR_E11",
    "SpacingBetweenSlices": 2,
    "StationName": "mrc_Trio",
    "TaskName": "rest",
    "TotalReadoutTime": 0.0576811,
    "TxRefAmp": 212.464,
    "dataset": "ds004146",
    "modality": "bold",
    "session_id": "01",
    "subject_id": "0003",
    "task_id": "rest"
  },
  "dummy_trs": 2,
  "dvars_nstd": 52.6790507869444,
  "dvars_std": 1.0368159718518506,
  "dvars_vstd": 1.002105121666667,
  "efc": 0.5373768281079102,
  "fber": 797.1332397460938,
  "fd_mean": 0.4620064047149721,
  "fd_num": 181,
  "fd_perc": 55.69230769230769,
  "fwhm_avg": 3.0963899999999995,
  "fwhm_x": 2.870535,
  "fwhm_y": 3.17288,
  "fwhm_z": 3.245755,
  "gcor": 0.0283722,
  "gsr_x": -0.011220271699130535,
  "gsr_y": 0.05559932440519333,
  "provenance": {
    "md5sum": "c438245e91adc26d7777a50b3aa2c916",
    "settings": {
      "fd_thres": 0.2,
      "testing": false
    },
    "software": "mriqc",
    "version": "23.0.1",
    "webapi_port": null,
    "webapi_url": "https://mriqc.nimh.nih.gov/api/v1"
  },
  "size_t": 325,
  "size_x": 104,
  "size_y": 104,
  "size_z": 72,
  "snr": 2.756789984793426,
  "spacing_tr": 0.9300000071525574,
  "spacing_x": 2.0,
  "spacing_y": 2.0,
  "spacing_z": 2.0,
  "summary_bg_k": 61.28335150426258,
  "summary_bg_mad": 6.833656099056016,
  "summary_bg_mean": 35.37588882446289,
  "summary_bg_median": 18.90461540222168,
  "summary_bg_n": 497191.0,
  "summary_bg_p05": 13.698461532592773,
  "summary_bg_p95": 113.37230682373047,
  "summary_bg_stdv": 48.96902847290039,
  "summary_fg_k": 1.7299016850044753,
  "summary_fg_mad": 187.15911979727773,
  "summary_fg_mean": 565.89306640625,
  "summary_fg_median": 540.6123046875,
  "summary_fg_n": 172685.0,
  "summary_fg_p05": 304.5667785644531,
  "summary_fg_p95": 912.7323242187498,
  "summary_fg_stdv": 196.10153198242188,
  "tsnr": 23.769496651075315
}