{
  "aor": 0.0019314723926380367,
  "aqi": 0.005372252116564418,
  "bids_meta": {
    "AcquisitionMatrixPE": 104,
    "AcquisitionNumber": 1,
    "AcquisitionTime": "14:02:42.900000",
    "BandwidthPerPixelPhaseEncode": 17.17,
    "BaseResolution": 104,
    "BodyPartExamined": "BRAIN",
    "CoilString": "HC1-7;NC1_2",
    "ConsistencyInfo": "N4_VE11C_LATEST_20160120",
    "ConversionSoftware": "dcm2niix",
    "ConversionSoftwareVersion": "v1.0.20190410  GCC6.3.0",
    "DerivedVendorReportedEchoSpacing": 0.000560011,
    "DeviceSerialNumber": "167001",
    "DwellTime": 2.1e-06,
    "EchoTime": 0.03,
    "EchoTrainLength": 91,
    "EffectiveEchoSpacing": 0.000560011,
    "FlipAngle": 52,
    "ImageOrientationPatientDICOM": [
      0.999193,
      -0.0185898,
      -0.0355991,
      -0.00523181,
      0.818612,
      -0.574323
    ],
    "ImageType": [
      "ORIGINAL",
      "PRIMARY",
      "M",
      "ND",
      "MOSAIC"
    ],
    "ImagingFrequency": 123.229,
    "InPlanePhaseEncodingDirectionDICOM": "COL",
    "InstitutionAddress": "Cooper_60_St._Lucia_QLD_AU_4072",
    "InstitutionName": "St_Lucia_Campus",
    "InstitutionalDepartmentName": "Gehrmann_Labs_MRI",
    "MRAcquisitionType": "2D",
    "MagneticFieldStrength": 3,
    "Manufacturer": "Siemens",
    "ManufacturersModelName": "Prisma_fit",
    "Modality": "MR",
    "MultibandAccelerationFactor": 6,
    "PartialFourier": 0.875,
    "PatientPosition": "HFS",
    "PercentPhaseFOV": 100,
    "PhaseEncodingDirection": "j-",
    "PhaseEncodingSteps": 91,
    "PhaseResolution": 1,
    "PixelBandwidth": 2290,
    "ProcedureStepDescription": "Research_16092_QTAB",
    "ProtocolName": "ep2d_REST_SMS6_A-P",
    "PulseSequenceDetails": "%SiemensSeq%_ep2d_bold",
    "ReceiveCoilActiveElements": "HC1-7;NC1,2",
    "ReceiveCoilName": "HeadNeck_64",
    "ReconMatrixPE": 104,
    "RefLinesPE": 12,
    "RepetitionTime": 0.93,
    "SAR": 0.0531694,
    "ScanOptions": "PFP_FS",
    "ScanningSequence": "EP",
    "SequenceName": "_epfid2d1_104",
    "SequenceVariant": "SK",
    "SeriesDescription": "ep2d_REST_SMS6_A-P",
    "SeriesNumber": 9,
    "ShimSetting": [
      3047,
      -4168,
      -737,
      558,
      -32,
      -85,
      -105,
      -10
    ],
    "SliceThickness": 2,
    "SliceTiming": [
      0.6825,
      0,
      0.455,
      0.075,
      0.53,
      0.1525,
      0.6075,
      0.3025,
      0.7575,
      0.38,
      0.835,
      0.2275,
      0.6825,
      0,
      0.455,
      0.075,
      0.53,
      0.1525,
      0.6075,
      0.3025,
      0.7575,
      0.38,
      0.835,
      0.2275,
      0.6825,
      0,
      0.455,
      0.075,
      0.53,
      0.1525,
      0.6075,
      0.3025,
      0.7575,
      0.38,
      0.835,
      0.2275,
      0.6825,
      0,
      0.455,
      0.075,
      0.53,
      0.1525,
      0.6075,
      0.3025,
      0.7575,
      0.38,
      0.835,
      0.2275,
      0.6825,
      0,
      0.455,
      0.075,
      0.53,
      0.1525,
      0.6075,
      0.3025,
      0.7575,
      0.38,
      0.835,
      0.2275,
      0.6825,
      0,
      0.455,
      0.075,
      0.53,
      0.1525,
      0.6075,
      0.3025,
      0.7575,
      0.38,
      0.835,
      0.2275
    ],
    "SoftwareVersions": "syngo_MR_E11",
    "SpacingBetweenSlices": 2,
    "StationName": "mrc_Trio",
    "TaskName": "rest",
    "TotalReadoutTime": 0.0576811,
    "TxRefAmp": 218.047,
    "dataset": "ds004146",
    "modality": "bold",
    "session_id": "02",
    "subject_id": "0279",
    "task_id": "rest"
  },
  "dummy_trs": 1,
  "dvars_nstd": 39.15690623363078,
  "dvars_std": 1.0902182271999996,
  "dvars_vstd": 1.0347714134153851,
  "efc": 0.5288647853048298,
  "fber": 780.0460205078125,
  "fd_mean": 0.204860081217512,
  "fd_num": 158,
  "fd_perc": 48.466257668711656,
  "fwhm_avg": 3.1837466666666665,
  "fwhm_x": 3.006735,
  "fwhm_y": 3.218465,
  "fwhm_z": 3.32604,
  "gcor": 0.0210373,
  "gsr_x": -0.008733975701034069,
  "gsr_y": 0.055908508598804474,
  "provenance": {
    "md5sum": "ab1014cf3fc016ed8e70e04f2405973c",
    "settings": {
      "fd_thres": 0.2,
      "testing": false
    },
    "software": "mriqc",
    "version": "23.0.1",
    "webapi_port": null,
    "webapi_url": "https://mriqc.nimh.nih.gov/api/v1"
  },
  "size_t": 326,
  "size_x": 104,
  "size_y": 104,
  "size_z": 72,
  "snr": 2.615995106019256,
  "spacing_tr": 0.9300000071525574,
  "spacing_x": 2.0,
  "spacing_y": 2.0,
  "spacing_z": 2.0,
  "summary_bg_k": 61.66816765669924,
  "summary_bg_mad": 6.453412099555272,
  "summary_bg_mean": 39.57489776611328,
  "summary_bg_median": 19.641103744506836,
  "summary_bg_n": 511555.0,
  "summary_bg_p05": 14.840490341186523,
  "summary_bg_p95": 129.95796661376949,
  "summary_bg_stdv": 58.73772430419922,
  "summary_fg_k": 1.155724128803083,
  "summary_fg_mad": 208.50570960992906,
  "summary_fg_mean": 590.3457641601562,
  "summary_fg_median": 557.4677734375,
  "summary_fg_n": 166386.0,
  "summary_fg_p05": 309.2354202270508,
  "summary_fg_p95": 977.1157836914062,
  "summary_fg_stdv": 213.09906005859375,
  "tsnr": 35.87715137610212
}