{
  "aor": 0.0007522910216718266,
  "aqi": 0.005954661393188855,
  "bids_meta": {
    "AcquisitionMatrixPE": 104,
    "AcquisitionNumber": 1,
    "AcquisitionTime": "14:30:39.862500",
    "BandwidthPerPixelPhaseEncode": 17.17,
    "BaseResolution": 104,
    "BodyPartExamined": "BRAIN",
    "CoilString": "HC1-7;NC1_2",
    "ConsistencyInfo": "N4_VE11C_LATEST_20160120",
    "ConversionSoftware": "dcm2niix",
    "ConversionSoftwareVersion": "v1.0.20190410  GCC6.3.0",
    "DerivedVendorReportedEchoSpacing": 0.000560011,
    "DeviceSerialNumber": "167001",
    "DwellTime": 2.1e-06,
    "EchoTime": 0.03,
    "EchoTrainLength": 91,
    "EffectiveEchoSpacing": 0.000560011,
    "FlipAngle": 52,
    "ImageOrientationPatientDICOM": [
      0.997865,
      -0.0387632,
      -0.0525672,
      0.0296159,
      0.985882,
      -0.164803
    ],
    "ImageType": [
      "ORIGINAL",
      "PRIMARY",
      "M",
      "ND",
      "MOSAIC"
    ],
    "ImagingFrequency": 123.229,
    "InPlanePhaseEncodingDirectionDICOM": "COL",
    "InstitutionAddress": "Cooper_60_St._Lucia_QLD_AU_4072",
    "InstitutionName": "St_Lucia_Campus",
    "InstitutionalDepartmentName": "Gehrmann_Labs_MRI",
    "MRAcquisitionType": "2D",
    "MagneticFieldStrength": 3,
    "Manufacturer": "Siemens",
    "ManufacturersModelName": "Prisma_fit",
    "Modality": "MR",
    "MultibandAccelerationFactor": 6,
    "PartialFourier": 0.875,
    "PatientPosition": "HFS",
    "PercentPhaseFOV": 100,
    "PhaseEncodingDirection": "j",
    "PhaseEncodingSteps": 91,
    "PhaseResolution": 1,
    "PixelBandwidth": 2290,
    "ProcedureStepDescription": "Research_16092_QTAB",
    "ProtocolName": "ep2d_REST_SMS6_P-A",
    "PulseSequenceDetails": "%SiemensSeq%_ep2d_bold",
    "ReceiveCoilActiveElements": "HC1-7;NC1,2",
    "ReceiveCoilName": "HeadNeck_64",
    "ReconMatrixPE": 104,
    "RefLinesPE": 12,
    "RepetitionTime": 0.93,
    "SAR": 0.0593924,
    "ScanOptions": "PFP_FS",
    "ScanningSequence": "EP",
    "SequenceName": "_epfid2d1_104",
    "SequenceVariant": "SK",
    "SeriesDescription": "ep2d_REST_SMS6_P-A",
    "SeriesNumber": 10,
    "ShimSetting": [
      2996,
      -4148,
      -786,
      397,
      -141,
      17,
      -98,
      5
    ],
    "SliceThickness": 2,
    "SliceTiming": [
      0.6825,
      0,
      0.455,
      0.075,
      0.53,
      0.1525,
      0.6075,
      0.3025,
      0.7575,
      0.38,
      0.835,
      0.2275,
      0.6825,
      0,
      0.455,
      0.075,
      0.53,
      0.1525,
      0.6075,
      0.3025,
      0.7575,
      0.38,
      0.835,
      0.2275,
      0.6825,
      0,
      0.455,
      0.075,
      0.53,
      0.1525,
      0.6075,
      0.3025,
      0.7575,
      0.38,
      0.835,
      0.2275,
      0.6825,
      0,
      0.455,
      0.075,
      0.53,
      0.1525,
      0.6075,
      0.3025,
      0.7575,
      0.38,
      0.835,
      0.2275,
      0.6825,
      0,
      0.455,
      0.075,
      0.53,
      0.1525,
      0.6075,
      0.3025,
      0.7575,
      0.38,
      0.835,
      0.2275,
      0.6825,
      0,
      0.455,
      0.075,
      0.53,
      0.1525,
      0.6075,
      0.3025,
      0.7575,
      0.38,
      0.835,
      0.2275
    ],
    "SoftwareVersions": "syngo_MR_E11",
    "SpacingBetweenSlices": 2,
    "StationName": "mrc_Trio",
    "TaskName": "rest",
    "TotalReadoutTime": 0.0576811,
    "TxRefAmp": 215.06,
    "dataset": "ds004146",
    "modality": "bold",
    "session_id": "02",
    "subject_id": "0093",
    "task_id": "rest"
  },
  "dummy_trs": 4,
  "dvars_nstd": 39.59339145385096,
  "dvars_std": 1.1145782470186334,
  "dvars_vstd": 1.0058236688819877,
  "efc": 0.5239127919913974,
  "fber": 824.7730102539062,
  "fd_mean": 0.12159326961813788,
  "fd_num": 17,
  "fd_perc": 5.2631578947368425,
  "fwhm_avg": 3.0257016666666665,
  "fwhm_x": 2.762355,
  "fwhm_y": 3.15082,
  "fwhm_z": 3.16393,
  "gcor": 0.00458594,
  "gsr_x": -0.018116068094968796,
  "gsr_y": 0.0677231103181839,
  "provenance": {
    "md5sum": "37f827a02ec8fafc6a1f48ba6be6515f",
    "settings": {
      "fd_thres": 0.2,
      "testing": false
    },
    "software": "mriqc",
    "version": "23.0.1",
    "webapi_port": null,
    "webapi_url": "https://mriqc.nimh.nih.gov/api/v1"
  },
  "size_t": 323,
  "size_x": 104,
  "size_y": 104,
  "size_z": 72,
  "snr": 2.6623422692664223,
  "spacing_tr": 0.9300000071525574,
  "spacing_x": 2.0,
  "spacing_y": 2.0,
  "spacing_z": 2.0,
  "summary_bg_k": 57.99658665142747,
  "summary_bg_mad": 6.59597196291572,
  "summary_bg_mean": 41.428245544433594,
  "summary_bg_median": 19.78018569946289,
  "summary_bg_n": 519072.0,
  "summary_bg_p05": 14.79566478729248,
  "summary_bg_p95": 154.31547088623017,
  "summary_bg_stdv": 60.79891586303711,
  "summary_fg_k": 0.7762339681722303,
  "summary_fg_mad": 212.60881396436906,
  "summary_fg_mean": 605.0562744140625,
  "summary_fg_median": 573.232177734375,
  "summary_fg_n": 158547.0,
  "summary_fg_p05": 324.07305603027345,
  "summary_fg_p95": 995.0170166015622,
  "summary_fg_stdv": 215.310546875,
  "tsnr": 37.982714699115604
}