{
  "aor": 0.0005829447852760736,
  "aqi": 0.006413777300613497,
  "bids_meta": {
    "AcquisitionMatrixPE": 104,
    "AcquisitionNumber": 1,
    "AcquisitionTime": "14:25:7.137500",
    "BandwidthPerPixelPhaseEncode": 17.17,
    "BaseResolution": 104,
    "BodyPartExamined": "BRAIN",
    "CoilString": "HC1-7;NC1_2",
    "ConsistencyInfo": "N4_VE11C_LATEST_20160120",
    "ConversionSoftware": "dcm2niix",
    "ConversionSoftwareVersion": "v1.0.20190410  GCC6.3.0",
    "DerivedVendorReportedEchoSpacing": 0.000560011,
    "DeviceSerialNumber": "167001",
    "DwellTime": 2.1e-06,
    "EchoTime": 0.03,
    "EchoTrainLength": 91,
    "EffectiveEchoSpacing": 0.000560011,
    "FlipAngle": 52,
    "ImageOrientationPatientDICOM": [
      0.997865,
      -0.0387632,
      -0.0525672,
      0.0296159,
      0.985882,
      -0.164803
    ],
    "ImageType": [
      "ORIGINAL",
      "PRIMARY",
      "M",
      "ND",
      "MOSAIC"
    ],
    "ImagingFrequency": 123.229,
    "InPlanePhaseEncodingDirectionDICOM": "COL",
    "InstitutionAddress": "Cooper_60_St._Lucia_QLD_AU_4072",
    "InstitutionName": "St_Lucia_Campus",
    "InstitutionalDepartmentName": "Gehrmann_Labs_MRI",
    "MRAcquisitionType": "2D",
    "MagneticFieldStrength": 3,
    "Manufacturer": "Siemens",
    "ManufacturersModelName": "Prisma_fit",
    "Modality": "MR",
    "MultibandAccelerationFactor": 6,
    "PartialFourier": 0.875,
    "PatientPosition": "HFS",
    "PercentPhaseFOV": 100,
    "PhaseEncodingDirection": "j-",
    "PhaseEncodingSteps": 91,
    "PhaseResolution": 1,
    "PixelBandwidth": 2290,
    "ProcedureStepDescription": "Research_16092_QTAB",
    "ProtocolName": "ep2d_REST_SMS6_A-P",
    "PulseSequenceDetails": "%SiemensSeq%_ep2d_bold",
    "ReceiveCoilActiveElements": "HC1-7;NC1,2",
    "ReceiveCoilName": "HeadNeck_64",
    "ReconMatrixPE": 104,
    "RefLinesPE": 12,
    "RepetitionTime": 0.93,
    "SAR": 0.0593924,
    "ScanOptions": "PFP_FS",
    "ScanningSequence": "EP",
    "SequenceName": "_epfid2d1_104",
    "SequenceVariant": "SK",
    "SeriesDescription": "ep2d_REST_SMS6_A-P",
    "SeriesNumber": 9,
    "ShimSetting": [
      2996,
      -4148,
      -786,
      397,
      -141,
      17,
      -98,
      5
    ],
    "SliceThickness": 2,
    "SliceTiming": [
      0.6825,
      0,
      0.455,
      0.0775,
      0.5325,
      0.1525,
      0.6075,
      0.305,
      0.76,
      0.38,
      0.835,
      0.2275,
      0.6825,
      0,
      0.455,
      0.0775,
      0.5325,
      0.1525,
      0.6075,
      0.305,
      0.76,
      0.38,
      0.835,
      0.2275,
      0.6825,
      0,
      0.455,
      0.0775,
      0.5325,
      0.1525,
      0.6075,
      0.305,
      0.76,
      0.38,
      0.835,
      0.2275,
      0.6825,
      0,
      0.455,
      0.0775,
      0.5325,
      0.1525,
      0.6075,
      0.305,
      0.76,
      0.38,
      0.835,
      0.2275,
      0.6825,
      0,
      0.455,
      0.0775,
      0.5325,
      0.1525,
      0.6075,
      0.305,
      0.76,
      0.38,
      0.835,
      0.2275,
      0.6825,
      0,
      0.455,
      0.0775,
      0.5325,
      0.1525,
      0.6075,
      0.305,
      0.76,
      0.38,
      0.835,
      0.2275
    ],
    "SoftwareVersions": "syngo_MR_E11",
    "SpacingBetweenSlices": 2,
    "StationName": "mrc_Trio",
    "TaskName": "rest",
    "TotalReadoutTime": 0.0576811,
    "TxRefAmp": 215.06,
    "dataset": "ds004146",
    "modality": "bold",
    "session_id": "02",
    "subject_id": "0093",
    "task_id": "rest"
  },
  "dummy_trs": 1,
  "dvars_nstd": 40.16291819627694,
  "dvars_std": 1.1099888041846153,
  "dvars_vstd": 1.0055326241230782,
  "efc": 0.5202692895021753,
  "fber": 833.8320922851562,
  "fd_mean": 0.15089796572317746,
  "fd_num": 87,
  "fd_perc": 26.687116564417177,
  "fwhm_avg": 3.0878666666666668,
  "fwhm_x": 2.83076,
  "fwhm_y": 3.166565,
  "fwhm_z": 3.266275,
  "gcor": 0.00878096,
  "gsr_x": -0.01839340291917324,
  "gsr_y": 0.07473228871822357,
  "provenance": {
    "md5sum": "a51cbdb779f3160bdcdb18a96ebcd708",
    "settings": {
      "fd_thres": 0.2,
      "testing": false
    },
    "software": "mriqc",
    "version": "23.0.1",
    "webapi_port": null,
    "webapi_url": "https://mriqc.nimh.nih.gov/api/v1"
  },
  "size_t": 326,
  "size_x": 104,
  "size_y": 104,
  "size_z": 72,
  "snr": 2.625914043416195,
  "spacing_tr": 0.9300000071525574,
  "spacing_x": 2.0,
  "spacing_y": 2.0,
  "spacing_z": 2.0,
  "summary_bg_k": 45.68077812623099,
  "summary_bg_mad": 6.639875582192547,
  "summary_bg_mean": 41.070064544677734,
  "summary_bg_median": 19.613496780395508,
  "summary_bg_n": 520448.0,
  "summary_bg_p05": 14.546011924743652,
  "summary_bg_p95": 147.1880386352537,
  "summary_bg_stdv": 61.301944732666016,
  "summary_fg_k": 1.6914076339893125,
  "summary_fg_mad": 205.08124144553318,
  "summary_fg_mean": 612.977294921875,
  "summary_fg_median": 575.4938354492188,
  "summary_fg_n": 157261.0,
  "summary_fg_p05": 333.9693298339844,
  "summary_fg_p95": 1016.4232788085938,
  "summary_fg_stdv": 219.1587371826172,
  "tsnr": 37.356093706330284
}