{
  "bids_meta": {
    "AcquisitionMatrixPE": 256,
    "AcquisitionNumber": 1,
    "AcquisitionTime": "10:16:49.547500",
    "BaseResolution": 256,
    "BodyPartExamined": "BRAIN",
    "ConsistencyInfo": "N4_VE11C_LATEST_20160120",
    "ConversionSoftware": "dcm2niix",
    "ConversionSoftwareVersion": "v1.0.20171215 GCC6.3.0",
    "DeviceSerialNumber": "167001",
    "DwellTime": 2.6e-06,
    "EchoTime": 0.408,
    "EchoTrainLength": 259,
    "FlipAngle": 120,
    "ImageOrientationPatientDICOM": [
      -0.0453084,
      0.998973,
      -4.28965e-08,
      -0.00161282,
      -7.31924e-05,
      -0.999999
    ],
    "ImageType": [
      "ORIGINAL",
      "PRIMARY",
      "M",
      "ND",
      "NORM"
    ],
    "InPlanePhaseEncodingDirectionDICOM": "ROW",
    "InstitutionAddress": "Cooper_60_St._Lucia_QLD_AU_4072",
    "InstitutionName": "St_Lucia_Campus",
    "InstitutionalDepartmentName": "Gehrmann_Labs_MRI",
    "MRAcquisitionType": "3D",
    "MagneticFieldStrength": 3,
    "Manufacturer": "Siemens",
    "ManufacturersModelName": "Prisma_fit",
    "Modality": "MR",
    "ParallelReductionFactorInPlane": 2,
    "PartialFourier": 1,
    "PatientPosition": "HFS",
    "PercentPhaseFOV": 100,
    "PhaseEncodingSteps": 233,
    "PhaseResolution": 1,
    "PixelBandwidth": 750,
    "ProcedureStepDescription": "Research_16092_QTAB",
    "ProtocolName": "t2_spc_sag_p2_iso",
    "PulseSequenceDetails": "%SiemensSeq%_tse_vfl",
    "ReceiveCoilActiveElements": "HC1-7;NC1",
    "ReceiveCoilName": "HeadNeck_64",
    "ReconMatrixPE": 256,
    "RepetitionTime": 3.2,
    "SAR": 0.153556,
    "ScanOptions": "PFP",
    "ScanningSequence": "SE",
    "SequenceName": "_spcR_282ns",
    "SequenceVariant": "SK_SP",
    "SeriesDescription": "t2_spc_sag_p2_iso",
    "SeriesNumber": 19,
    "ShimSetting": [
      3045,
      -4172,
      -1048,
      3,
      -5,
      36,
      -4,
      -10
    ],
    "SliceThickness": 1,
    "SoftwareVersions": "syngo_MR_E11",
    "StationName": "mrc_Trio",
    "TxRefAmp": 216.294,
    "dataset": "ds004146",
    "modality": "T2w",
    "session_id": "01",
    "subject_id": "0368"
  },
  "cjv": 0.8653756813310978,
  "cnr": 1.1307954822097308,
  "efc": 0.6560119064795891,
  "fber": -1.0,
  "fwhm_avg": 4.18828337572975,
  "fwhm_x": 4.220075251536086,
  "fwhm_y": 4.60726243134644,
  "fwhm_z": 3.7375124443067245,
  "icvs_csf": 0.4979237631896736,
  "icvs_gm": 0.4053024147249619,
  "icvs_wm": 0.09677382208536447,
  "inu_med": 1.025993525981903,
  "inu_range": 0.299290743470192,
  "provenance": {
    "md5sum": "f615f969805dbfb9a6f0d3fcfc282f59",
    "settings": {
      "testing": false
    },
    "software": "mriqc",
    "version": "23.0.1",
    "warnings": {
      "large_rot_frame": true,
      "small_air_mask": false
    },
    "webapi_port": null,
    "webapi_url": "https://mriqc.nimh.nih.gov/api/v1"
  },
  "qi_1": 0.060388254311358316,
  "qi_2": 0.013775302282331387,
  "rpve_csf": 10.257667528171899,
  "rpve_gm": 12.554068223749207,
  "rpve_wm": 44.8659443216105,
  "size_x": 192,
  "size_y": 300,
  "size_z": 320,
  "snr_csf": 20.423043811202167,
  "snr_gm": 15.69356983401585,
  "snr_total": 12.651581649678754,
  "snr_wm": 1.8381313038182436,
  "snrd_csf": 143.76938708502823,
  "snrd_gm": 98.90837651236485,
  "snrd_total": 166.70796998773218,
  "snrd_wm": 257.44614636580343,
  "spacing_x": 0.7999999523162842,
  "spacing_y": 0.800000011920929,
  "spacing_z": 0.800000011920929,
  "summary_bg_k": 17.30108712785107,
  "summary_bg_mad": 0.0,
  "summary_bg_mean": 0.9517996584736994,
  "summary_bg_median": 0.0,
  "summary_bg_n": 1604315.0,
  "summary_bg_p05": 0.0,
  "summary_bg_p95": 5.711100310087204,
  "summary_bg_stdv": 2.5476174051606457,
  "summary_csf_k": 0.1911395707890442,
  "summary_csf_mad": 26.95364423061678,
  "summary_csf_mean": 559.5792385202855,
  "summary_csf_median": 559.073488920927,
  "summary_csf_n": 328638.0,
  "summary_csf_p05": 515.6145184338093,
  "summary_csf_p95": 605.1263456046581,
  "summary_csf_stdv": 27.37459917810868,
  "summary_gm_k": -0.3315819897465082,
  "summary_gm_mad": 25.806680646335217,
  "summary_gm_mean": 384.83457986898327,
  "summary_gm_median": 384.62326550483704,
  "summary_gm_n": 452106.0,
  "summary_gm_p05": 344.98686414957047,
  "summary_gm_p95": 425.2608159184456,
  "summary_gm_stdv": 24.50830781040471,
  "summary_wm_k": -1.6635920110426181,
  "summary_wm_mad": 507.7000571599281,
  "summary_wm_mean": 768.3299292708706,
  "summary_wm_median": 1001.1263049542904,
  "summary_wm_n": 41828.0,
  "summary_wm_p05": 24.778439193964005,
  "summary_wm_p95": 1360.1212922349573,
  "summary_wm_stdv": 544.6370102203598,
  "tpm_overlap_csf": 0.10896593148901854,
  "tpm_overlap_gm": 0.24004425452520145,
  "tpm_overlap_wm": 0.022298291686567048,
  "wm2max": 0.7561914582796253
}