{
  "bids_meta": {
    "AcquisitionMatrixPE": 256,
    "AcquisitionNumber": 1,
    "AcquisitionTime": "11:02:35.102500",
    "BaseResolution": 256,
    "BodyPartExamined": "BRAIN",
    "CoilString": "HC1-7;NC1_2",
    "ConsistencyInfo": "N4_VE11C_LATEST_20160120",
    "ConversionSoftware": "dcm2niix",
    "ConversionSoftwareVersion": "v1.0.20190410  GCC6.3.0",
    "DeviceSerialNumber": "167001",
    "DwellTime": 2.6e-06,
    "EchoTime": 0.408,
    "EchoTrainLength": 259,
    "FlipAngle": 120,
    "ImageOrientationPatientDICOM": [
      0.011093,
      0.99547,
      -0.094431,
      0.0219502,
      -0.0946565,
      -0.995268
    ],
    "ImageType": [
      "ORIGINAL",
      "PRIMARY",
      "M",
      "ND",
      "NORM"
    ],
    "ImagingFrequency": 123.229,
    "InPlanePhaseEncodingDirectionDICOM": "ROW",
    "InstitutionAddress": "Cooper_60_St._Lucia_QLD_AU_4072",
    "InstitutionName": "St_Lucia_Campus",
    "InstitutionalDepartmentName": "Gehrmann_Labs_MRI",
    "MRAcquisitionType": "3D",
    "MagneticFieldStrength": 3,
    "Manufacturer": "Siemens",
    "ManufacturersModelName": "Prisma_fit",
    "Modality": "MR",
    "PartialFourier": 1,
    "PatientPosition": "HFS",
    "PercentPhaseFOV": 100,
    "PhaseEncodingSteps": 233,
    "PhaseResolution": 1,
    "PixelBandwidth": 750,
    "ProcedureStepDescription": "Research_16092_QTAB",
    "ProtocolName": "t2_spc_sag_p2_iso",
    "PulseSequenceDetails": "%SiemensSeq%_tse_vfl",
    "ReceiveCoilActiveElements": "HC1-7;NC1,2",
    "ReceiveCoilName": "HeadNeck_64",
    "ReconMatrixPE": 256,
    "RefLinesPE": 24,
    "RepetitionTime": 3.2,
    "SAR": 0.154224,
    "ScanOptions": "PFP",
    "ScanningSequence": "SE",
    "SequenceName": "_spcR_282ns",
    "SequenceVariant": "SK_SP",
    "SeriesDescription": "t2_spc_sag_p2_iso",
    "SeriesNumber": 32,
    "ShimSetting": [
      3044,
      -4172,
      -1039,
      -11,
      -3,
      35,
      -21,
      -13
    ],
    "SliceThickness": 1,
    "SoftwareVersions": "syngo_MR_E11",
    "StationName": "mrc_Trio",
    "TxRefAmp": 231.781,
    "dataset": "ds004146",
    "modality": "T2w",
    "session_id": "02",
    "subject_id": "0006"
  },
  "cjv": 0.37053833829136373,
  "cnr": 3.799793122551956,
  "efc": 0.6377631193025802,
  "fber": 4140.455166817515,
  "fwhm_avg": 4.625466713716965,
  "fwhm_x": 4.669775278340296,
  "fwhm_y": 4.9648999260172255,
  "fwhm_z": 4.241724936793373,
  "icvs_csf": 0.13826085698738583,
  "icvs_gm": 0.3780143203951837,
  "icvs_wm": 0.4837248226174305,
  "inu_med": 0.9928153157234192,
  "inu_range": 0.3670061916112901,
  "provenance": {
    "md5sum": "6f9f93087692f328fa09a8473ebecb3e",
    "settings": {
      "testing": false
    },
    "software": "mriqc",
    "version": "23.0.1",
    "warnings": {
      "large_rot_frame": true,
      "small_air_mask": false
    },
    "webapi_port": null,
    "webapi_url": "https://mriqc.nimh.nih.gov/api/v1"
  },
  "qi_1": 0.00011059352825201428,
  "qi_2": 0.027936817153833237,
  "rpve_csf": 27.922447399622662,
  "rpve_gm": 9.860696327066025,
  "rpve_wm": 9.076089173743053,
  "size_x": 192,
  "size_y": 300,
  "size_z": 320,
  "snr_csf": 2.4418482866616977,
  "snr_gm": 13.614298531117859,
  "snr_total": 9.245937043231384,
  "snr_wm": 11.681664311914595,
  "snrd_csf": 226.37290307161132,
  "snrd_gm": 88.40951655421246,
  "snrd_total": 124.05146758680297,
  "snrd_wm": 57.37198313458512,
  "spacing_x": 0.7999999523162842,
  "spacing_y": 0.800000011920929,
  "spacing_z": 0.800000011920929,
  "summary_bg_k": 10.840283274792796,
  "summary_bg_mad": 0.0,
  "summary_bg_mean": 6.664335633512628,
  "summary_bg_median": 0.0,
  "summary_bg_n": 1300795.0,
  "summary_bg_p05": 0.0,
  "summary_bg_p95": 30.955696508288383,
  "summary_bg_stdv": 11.419100084155982,
  "summary_csf_k": -0.4253400769409419,
  "summary_csf_mad": 1240.864390835532,
  "summary_csf_mean": 3351.3752392151796,
  "summary_csf_median": 3945.704797528684,
  "summary_csf_n": 107082.0,
  "summary_csf_p05": 135.7792190760374,
  "summary_csf_p95": 4945.295357264578,
  "summary_csf_stdv": 1615.8605738467702,
  "summary_gm_k": 0.5450409687623301,
  "summary_gm_mad": 108.66669567493162,
  "summary_gm_mean": 1548.5229317893695,
  "summary_gm_median": 1540.9876751229167,
  "summary_gm_n": 87042.0,
  "summary_gm_p05": 1378.920682027936,
  "summary_gm_p95": 1746.8676249161363,
  "summary_gm_stdv": 113.18826449983285,
  "summary_wm_k": -0.36217035535072206,
  "summary_wm_mad": 91.78996863714895,
  "summary_wm_mean": 1000.3192469053488,
  "summary_wm_median": 1000.0000266209245,
  "summary_wm_n": 441083.0,
  "summary_wm_p05": 860.7812857106328,
  "summary_wm_p95": 1138.5636205151677,
  "summary_wm_stdv": 85.60414563760519,
  "tpm_overlap_csf": 0.1453915008074481,
  "tpm_overlap_gm": 0.3951184192501378,
  "tpm_overlap_wm": 0.42029738705407027,
  "wm2max": 0.2054824487598021
}