{
  "bids_meta": {
    "AcquisitionMatrixPE": 256,
    "AcquisitionNumber": 1,
    "AcquisitionTime": "10:24:15.152500",
    "BaseResolution": 256,
    "BodyPartExamined": "BRAIN",
    "ConsistencyInfo": "N4_VE11C_LATEST_20160120",
    "ConversionSoftware": "dcm2niix",
    "ConversionSoftwareVersion": "v1.0.20171215 GCC6.3.0",
    "DeviceSerialNumber": "167001",
    "DwellTime": 2.6e-06,
    "EchoTime": 0.408,
    "EchoTrainLength": 259,
    "FlipAngle": 120,
    "ImageOrientationPatientDICOM": [
      0.00848602,
      0.999964,
      4.0525e-08,
      -0.00202728,
      1.72447e-05,
      -0.999998
    ],
    "ImageType": [
      "ORIGINAL",
      "PRIMARY",
      "M",
      "ND",
      "NORM"
    ],
    "InPlanePhaseEncodingDirectionDICOM": "ROW",
    "InstitutionAddress": "Cooper_60_St._Lucia_QLD_AU_4072",
    "InstitutionName": "St_Lucia_Campus",
    "InstitutionalDepartmentName": "Gehrmann_Labs_MRI",
    "MRAcquisitionType": "3D",
    "MagneticFieldStrength": 3,
    "Manufacturer": "Siemens",
    "ManufacturersModelName": "Prisma_fit",
    "Modality": "MR",
    "ParallelReductionFactorInPlane": 2,
    "PartialFourier": 1,
    "PatientPosition": "HFS",
    "PercentPhaseFOV": 100,
    "PhaseEncodingSteps": 233,
    "PhaseResolution": 1,
    "PixelBandwidth": 750,
    "ProcedureStepDescription": "Research_16092_QTAB",
    "ProtocolName": "t2_spc_sag_p2_iso",
    "PulseSequenceDetails": "%SiemensSeq%_tse_vfl",
    "ReceiveCoilActiveElements": "HC1-7;NC1",
    "ReceiveCoilName": "HeadNeck_64",
    "ReconMatrixPE": 256,
    "RepetitionTime": 3.2,
    "SAR": 0.245207,
    "ScanOptions": "PFP",
    "ScanningSequence": "SE",
    "SequenceName": "_spcR_282ns",
    "SequenceVariant": "SK_SP",
    "SeriesDescription": "t2_spc_sag_p2_iso",
    "SeriesNumber": 31,
    "ShimSetting": [
      3043,
      -4177,
      -1039,
      1,
      -3,
      36,
      -3,
      -11
    ],
    "SliceThickness": 1,
    "SoftwareVersions": "syngo_MR_E11",
    "StationName": "mrc_Trio",
    "TxRefAmp": 206.616,
    "dataset": "ds004146",
    "modality": "T2w",
    "session_id": "01",
    "subject_id": "0007"
  },
  "cjv": 0.4457628860790789,
  "cnr": 0.739663317844226,
  "efc": 0.6135041114492221,
  "fber": 9942.408739859384,
  "fwhm_avg": 3.934766708182611,
  "fwhm_x": 4.0325127403564895,
  "fwhm_y": 4.2284249369915585,
  "fwhm_z": 3.5433624471997853,
  "icvs_csf": 0.5096599935847423,
  "icvs_gm": 0.37597856067787994,
  "icvs_wm": 0.11436144573737769,
  "inu_med": 0.9903440773487091,
  "inu_range": 0.2842266976833342,
  "provenance": {
    "md5sum": "d6e8d138f84a7331269364823e43f04c",
    "settings": {
      "testing": false
    },
    "software": "mriqc",
    "version": "23.0.1",
    "warnings": {
      "large_rot_frame": true,
      "small_air_mask": false
    },
    "webapi_port": null,
    "webapi_url": "https://mriqc.nimh.nih.gov/api/v1"
  },
  "qi_1": 0.0017732854199487178,
  "qi_2": 0.010228658398598564,
  "rpve_csf": 9.707151814225375,
  "rpve_gm": 12.374313098432458,
  "rpve_wm": 38.915612082670904,
  "size_x": 192,
  "size_y": 300,
  "size_z": 320,
  "snr_csf": 19.839539017874973,
  "snr_gm": 15.6476058877257,
  "snr_total": 11.906743151984315,
  "snr_wm": 0.2330845503522739,
  "snrd_csf": 52.331551666402014,
  "snrd_gm": 37.152181710731504,
  "snrd_total": 32.79063574352881,
  "snrd_wm": 8.88817385345291,
  "spacing_x": 0.7999999523162842,
  "spacing_y": 0.800000011920929,
  "spacing_z": 0.800000011920929,
  "summary_bg_k": 5.246085229903768,
  "summary_bg_mad": 0.0,
  "summary_bg_mean": 45.54746184476049,
  "summary_bg_median": 0.0,
  "summary_bg_n": 2064734.0,
  "summary_bg_p05": 0.0,
  "summary_bg_p95": 215.8259204030037,
  "summary_bg_stdv": 74.05872875678273,
  "summary_csf_k": 0.16945648357848775,
  "summary_csf_mad": 296.52045121256856,
  "summary_csf_mean": 5930.888476316027,
  "summary_csf_median": 5915.727152824402,
  "summary_csf_n": 321436.0,
  "summary_csf_p05": 5474.579762816429,
  "summary_csf_p95": 6444.708372950554,
  "summary_csf_stdv": 298.1781958470784,
  "summary_gm_k": -0.3862161616234001,
  "summary_gm_mad": 290.94786113043324,
  "summary_gm_mean": 4199.53167717658,
  "summary_gm_median": 4199.802282452583,
  "summary_gm_n": 305961.0,
  "summary_gm_p05": 3767.9526177048683,
  "summary_gm_p95": 4635.410602092743,
  "summary_gm_stdv": 268.3985939628385,
  "summary_wm_k": -1.1796649416661371,
  "summary_wm_mad": 1133.2888461774135,
  "summary_wm_mean": 3705.046521140508,
  "summary_wm_median": 1004.7477999329567,
  "summary_wm_n": 62952.0,
  "summary_wm_p05": 153.5113787651062,
  "summary_wm_p95": 10949.357349574566,
  "summary_wm_stdv": 4310.623840634872,
  "tpm_overlap_csf": 0.10469902642310609,
  "tpm_overlap_gm": 0.23808619825046923,
  "tpm_overlap_wm": 0.039748564828613026,
  "wm2max": 0.09407471805298387
}