{
  "aor": 0.0008235514018691588,
  "aqi": 0.005055712990654205,
  "bids_meta": {
    "AcquisitionMatrixPE": 104,
    "AcquisitionNumber": 1,
    "AcquisitionTime": "11:14:27.565000",
    "BandwidthPerPixelPhaseEncode": 17.17,
    "BaseResolution": 104,
    "BodyPartExamined": "BRAIN",
    "CoilString": "HC1-7;NC1_2",
    "ConsistencyInfo": "N4_VE11C_LATEST_20160120",
    "ConversionSoftware": "dcm2niix",
    "ConversionSoftwareVersion": "v1.0.20190410  GCC6.3.0",
    "DerivedVendorReportedEchoSpacing": 0.000560011,
    "DeviceSerialNumber": "167001",
    "DwellTime": 2.1e-06,
    "EchoTime": 0.03,
    "EchoTrainLength": 91,
    "EffectiveEchoSpacing": 0.000560011,
    "FlipAngle": 52,
    "ImageOrientationPatientDICOM": [
      0.999938,
      -0.00683549,
      -0.00883938,
      0.0038395,
      0.953083,
      -0.302683
    ],
    "ImageType": [
      "ORIGINAL",
      "PRIMARY",
      "M",
      "ND",
      "MOSAIC"
    ],
    "ImagingFrequency": 123.229,
    "InPlanePhaseEncodingDirectionDICOM": "COL",
    "InstitutionAddress": "Cooper_60_St._Lucia_QLD_AU_4072",
    "InstitutionName": "St_Lucia_Campus",
    "InstitutionalDepartmentName": "Gehrmann_Labs_MRI",
    "MRAcquisitionType": "2D",
    "MagneticFieldStrength": 3,
    "Manufacturer": "Siemens",
    "ManufacturersModelName": "Prisma_fit",
    "Modality": "MR",
    "MultibandAccelerationFactor": 6,
    "PartialFourier": 0.875,
    "PatientPosition": "HFS",
    "PercentPhaseFOV": 100,
    "PhaseEncodingDirection": "j",
    "PhaseEncodingSteps": 91,
    "PhaseResolution": 1,
    "PixelBandwidth": 2290,
    "ProcedureStepDescription": "Research_16092_QTAB",
    "ProtocolName": "ep2d_REST_SMS6_P-A",
    "PulseSequenceDetails": "%SiemensSeq%_ep2d_bold",
    "ReceiveCoilActiveElements": "HC1-7;NC1,2",
    "ReceiveCoilName": "HeadNeck_64",
    "ReconMatrixPE": 104,
    "RefLinesPE": 12,
    "RepetitionTime": 0.93,
    "SAR": 0.0644133,
    "ScanOptions": "PFP_FS",
    "ScanningSequence": "EP",
    "SequenceName": "_epfid2d1_104",
    "SequenceVariant": "SK",
    "SeriesDescription": "ep2d_REST_SMS6_P-A",
    "SeriesNumber": 10,
    "ShimSetting": [
      3009,
      -4165,
      -759,
      387,
      -143,
      66,
      -64,
      -3
    ],
    "SliceThickness": 2,
    "SliceTiming": [
      0.6825,
      0,
      0.455,
      0.075,
      0.53,
      0.15,
      0.605,
      0.3025,
      0.7575,
      0.3775,
      0.8325,
      0.2275,
      0.6825,
      0,
      0.455,
      0.075,
      0.53,
      0.15,
      0.605,
      0.3025,
      0.7575,
      0.3775,
      0.8325,
      0.2275,
      0.6825,
      0,
      0.455,
      0.075,
      0.53,
      0.15,
      0.605,
      0.3025,
      0.7575,
      0.3775,
      0.8325,
      0.2275,
      0.6825,
      0,
      0.455,
      0.075,
      0.53,
      0.15,
      0.605,
      0.3025,
      0.7575,
      0.3775,
      0.8325,
      0.2275,
      0.6825,
      0,
      0.455,
      0.075,
      0.53,
      0.15,
      0.605,
      0.3025,
      0.7575,
      0.3775,
      0.8325,
      0.2275,
      0.6825,
      0,
      0.455,
      0.075,
      0.53,
      0.15,
      0.605,
      0.3025,
      0.7575,
      0.3775,
      0.8325,
      0.2275
    ],
    "SoftwareVersions": "syngo_MR_E11",
    "SpacingBetweenSlices": 2,
    "StationName": "mrc_Trio",
    "TaskName": "rest",
    "TotalReadoutTime": 0.0576811,
    "TxRefAmp": 219.435,
    "dataset": "ds004146",
    "modality": "bold",
    "session_id": "02",
    "subject_id": "0243",
    "task_id": "rest"
  },
  "dummy_trs": 6,
  "dvars_nstd": 41.107933258781266,
  "dvars_std": 1.1180623574374997,
  "dvars_vstd": 1.0119129689375,
  "efc": 0.5459510323828142,
  "fber": 607.5755004882812,
  "fd_mean": 0.086799707598951,
  "fd_num": 3,
  "fd_perc": 0.9345794392523364,
  "fwhm_avg": 3.070938333333333,
  "fwhm_x": 2.82495,
  "fwhm_y": 3.178865,
  "fwhm_z": 3.209,
  "gcor": 0.00798062,
  "gsr_x": -0.007229174021631479,
  "gsr_y": 0.06756879389286041,
  "provenance": {
    "md5sum": "5860b549a14cbbdf559dd585c129802b",
    "settings": {
      "fd_thres": 0.2,
      "testing": false
    },
    "software": "mriqc",
    "version": "23.0.1",
    "webapi_port": null,
    "webapi_url": "https://mriqc.nimh.nih.gov/api/v1"
  },
  "size_t": 321,
  "size_x": 104,
  "size_y": 104,
  "size_z": 72,
  "snr": 2.55779612453833,
  "spacing_tr": 0.9300000071525574,
  "spacing_x": 2.0,
  "spacing_y": 2.0,
  "spacing_z": 2.0,
  "summary_bg_k": 27.47658943673001,
  "summary_bg_mad": 9.436000678752189,
  "summary_bg_mean": 52.581459045410156,
  "summary_bg_median": 22.277257919311523,
  "summary_bg_n": 511181.0,
  "summary_bg_p05": 15.109033584594727,
  "summary_bg_p95": 216.11837768554688,
  "summary_bg_stdv": 84.98345184326172,
  "summary_fg_k": 0.4448126616419219,
  "summary_fg_mad": 217.88945323206949,
  "summary_fg_mean": 587.0638427734375,
  "summary_fg_median": 557.652587890625,
  "summary_fg_n": 163078.0,
  "summary_fg_p05": 292.3292663574219,
  "summary_fg_p95": 987.4828491210938,
  "summary_fg_stdv": 218.0200653076172,
  "tsnr": 39.14018586289603
}