{
  "bids_meta": {
    "AcquisitionMatrixPE": 256,
    "AcquisitionNumber": 1,
    "AcquisitionTime": "10:59:59.160000",
    "BaseResolution": 256,
    "BodyPartExamined": "BRAIN",
    "CoilString": "HC1-7;NC1_2",
    "ConsistencyInfo": "N4_VE11C_LATEST_20160120",
    "ConversionSoftware": "dcm2niix",
    "ConversionSoftwareVersion": "v1.0.20190410  GCC6.3.0",
    "DeviceSerialNumber": "167001",
    "DwellTime": 2.6e-06,
    "EchoTime": 0.408,
    "EchoTrainLength": 259,
    "FlipAngle": 120,
    "ImageOrientationPatientDICOM": [
      0.0208589,
      0.998223,
      -0.055813,
      0.0163469,
      -0.0561582,
      -0.998288
    ],
    "ImageType": [
      "ORIGINAL",
      "PRIMARY",
      "M",
      "ND",
      "NORM"
    ],
    "ImagingFrequency": 123.229,
    "InPlanePhaseEncodingDirectionDICOM": "ROW",
    "InstitutionAddress": "Cooper_60_St._Lucia_QLD_AU_4072",
    "InstitutionName": "St_Lucia_Campus",
    "InstitutionalDepartmentName": "Gehrmann_Labs_MRI",
    "MRAcquisitionType": "3D",
    "MagneticFieldStrength": 3,
    "Manufacturer": "Siemens",
    "ManufacturersModelName": "Prisma_fit",
    "Modality": "MR",
    "PartialFourier": 1,
    "PatientPosition": "HFS",
    "PercentPhaseFOV": 100,
    "PhaseEncodingSteps": 233,
    "PhaseResolution": 1,
    "PixelBandwidth": 750,
    "ProcedureStepDescription": "Research_16092_QTAB",
    "ProtocolName": "t2_spc_sag_p2_iso",
    "PulseSequenceDetails": "%SiemensSeq%_tse_vfl",
    "ReceiveCoilActiveElements": "HC1-7;NC1,2",
    "ReceiveCoilName": "HeadNeck_64",
    "ReconMatrixPE": 256,
    "RefLinesPE": 24,
    "RepetitionTime": 3.2,
    "SAR": 0.228642,
    "ScanOptions": "PFP",
    "ScanningSequence": "SE",
    "SequenceName": "_spcR_282ns",
    "SequenceVariant": "SK_SP",
    "SeriesDescription": "t2_spc_sag_p2_iso",
    "SeriesNumber": 32,
    "ShimSetting": [
      3024,
      -4167,
      -829,
      -98,
      -9,
      -144,
      29,
      -34
    ],
    "SliceThickness": 1,
    "SoftwareVersions": "syngo_MR_E11",
    "StationName": "mrc_Trio",
    "TxRefAmp": 209.487,
    "dataset": "ds004146",
    "modality": "T2w",
    "session_id": "02",
    "subject_id": "0231"
  },
  "cjv": 1.4021966333048497,
  "cnr": 0.9777839702698338,
  "efc": 0.5765088639517107,
  "fber": -1.0,
  "fwhm_avg": 3.901587441861816,
  "fwhm_x": 4.18318743766565,
  "fwhm_y": 4.109162438768708,
  "fwhm_z": 3.412412449151092,
  "icvs_csf": 0.5338737609868067,
  "icvs_gm": 0.12528560069330377,
  "icvs_wm": 0.3408406383198894,
  "inu_med": 1.044824242591858,
  "inu_range": 0.2666124105453489,
  "provenance": {
    "md5sum": "ced67eb8af08c2ca7042a936f2a35cee",
    "settings": {
      "testing": false
    },
    "software": "mriqc",
    "version": "23.0.1",
    "warnings": {
      "large_rot_frame": true,
      "small_air_mask": false
    },
    "webapi_port": null,
    "webapi_url": "https://mriqc.nimh.nih.gov/api/v1"
  },
  "qi_1": 0.1365472750614029,
  "qi_2": 0.01866701106604802,
  "rpve_csf": 10.801705893784577,
  "rpve_gm": 38.86169334174738,
  "rpve_wm": 15.716845572122313,
  "size_x": 192,
  "size_y": 300,
  "size_z": 320,
  "snr_csf": 20.36871309705239,
  "snr_gm": 1.6805200001148553,
  "snr_total": 12.023519925343388,
  "snr_wm": 14.021326678862925,
  "snrd_csf": 105.08709424607895,
  "snrd_gm": 178.41451198436863,
  "snrd_total": 119.32584768723187,
  "snrd_wm": 74.475936831248,
  "spacing_x": 0.800000011920929,
  "spacing_y": 0.800000011920929,
  "spacing_z": 0.800000011920929,
  "summary_bg_k": 29.859031055347074,
  "summary_bg_mad": 0.0,
  "summary_bg_mean": 2.7315902887361405,
  "summary_bg_median": 0.0,
  "summary_bg_n": 1690232.0,
  "summary_bg_p05": 0.0,
  "summary_bg_p95": 15.162268616259098,
  "summary_bg_stdv": 8.79605093750501,
  "summary_csf_k": 0.17484969752710144,
  "summary_csf_mad": 68.39541854447309,
  "summary_csf_mean": 1414.6581418345245,
  "summary_csf_median": 1410.9297451078892,
  "summary_csf_n": 241512.0,
  "summary_csf_p05": 1307.7617982253432,
  "summary_csf_p95": 1533.840901337564,
  "summary_csf_stdv": 69.26931600183384,
  "summary_gm_k": -1.6249786792675385,
  "summary_gm_mad": 1882.3567078575404,
  "summary_gm_mean": 2022.6500639586172,
  "summary_gm_median": 2395.4448804929852,
  "summary_gm_n": 57664.0,
  "summary_gm_p05": 68.45602979511023,
  "summary_gm_p95": 3843.076993696019,
  "summary_gm_stdv": 1425.406486995349,
  "summary_wm_k": -0.23788595520471612,
  "summary_wm_mad": 74.42186801062945,
  "summary_wm_mean": 1000.6218658565534,
  "summary_wm_median": 999.9354851692915,
  "summary_wm_n": 238304.0,
  "summary_wm_p05": 885.3571246493609,
  "summary_wm_p95": 1119.1044644638896,
  "summary_wm_stdv": 71.3151765196024,
  "tpm_overlap_csf": 0.10328402706812162,
  "tpm_overlap_gm": 0.0809316054048446,
  "tpm_overlap_wm": 0.44023117857051336,
  "wm2max": 0.2768290915544651
}