{
  "aor": 0.0006700306748466256,
  "aqi": 0.0051625242944785266,
  "bids_meta": {
    "AcquisitionMatrixPE": 104,
    "AcquisitionNumber": 1,
    "AcquisitionTime": "10:44:18.695000",
    "BandwidthPerPixelPhaseEncode": 17.17,
    "BaseResolution": 104,
    "BodyPartExamined": "BRAIN",
    "ConsistencyInfo": "N4_VE11C_LATEST_20160120",
    "ConversionSoftware": "dcm2niix",
    "ConversionSoftwareVersion": "v1.0.20171215 GCC6.3.0",
    "DerivedVendorReportedEchoSpacing": 0.000560011,
    "DeviceSerialNumber": "167001",
    "DwellTime": 2.1e-06,
    "EchoTime": 0.03,
    "EchoTrainLength": 91,
    "EffectiveEchoSpacing": 0.000560011,
    "FlipAngle": 52,
    "ImageOrientationPatientDICOM": [
      0.994524,
      0.10144,
      -0.025121,
      -0.104178,
      0.981329,
      -0.161677
    ],
    "ImageType": [
      "ORIGINAL",
      "PRIMARY",
      "M",
      "ND",
      "MOSAIC"
    ],
    "InPlanePhaseEncodingDirectionDICOM": "COL",
    "InstitutionAddress": "Cooper_60_St._Lucia_QLD_AU_4072",
    "InstitutionName": "St_Lucia_Campus",
    "InstitutionalDepartmentName": "Gehrmann_Labs_MRI",
    "MRAcquisitionType": "2D",
    "MagneticFieldStrength": 3,
    "Manufacturer": "Siemens",
    "ManufacturersModelName": "Prisma_fit",
    "Modality": "MR",
    "MultibandAccelerationFactor": 6,
    "PartialFourier": 0.875,
    "PatientPosition": "HFS",
    "PercentPhaseFOV": 100,
    "PhaseEncodingDirection": "j-",
    "PhaseEncodingSteps": 91,
    "PhaseResolution": 1,
    "PixelBandwidth": 2290,
    "ProcedureStepDescription": "Research_16092_QTAB",
    "ProtocolName": "ep2d_REST_SMS6_A-P",
    "PulseSequenceDetails": "%SiemensSeq%_ep2d_bold",
    "ReceiveCoilActiveElements": "HC1-7;NC1,2",
    "ReceiveCoilName": "HeadNeck_64",
    "ReconMatrixPE": 104,
    "RepetitionTime": 0.93,
    "SAR": 0.0737599,
    "ScanOptions": "PFP_FS",
    "ScanningSequence": "EP",
    "SequenceName": "_epfid2d1_104",
    "SequenceVariant": "SK",
    "SeriesDescription": "ep2d_REST_SMS6_A-P",
    "SeriesNumber": 16,
    "ShimSetting": [
      3050,
      -4193,
      -760,
      641,
      50,
      -9,
      -9,
      -14
    ],
    "SliceThickness": 2,
    "SliceTiming": [
      0.6825,
      0,
      0.455,
      0.075,
      0.53,
      0.1525,
      0.6075,
      0.3025,
      0.7575,
      0.38,
      0.835,
      0.2275,
      0.6825,
      0,
      0.455,
      0.075,
      0.53,
      0.1525,
      0.6075,
      0.3025,
      0.7575,
      0.38,
      0.835,
      0.2275,
      0.6825,
      0,
      0.455,
      0.075,
      0.53,
      0.1525,
      0.6075,
      0.3025,
      0.7575,
      0.38,
      0.835,
      0.2275,
      0.6825,
      0,
      0.455,
      0.075,
      0.53,
      0.1525,
      0.6075,
      0.3025,
      0.7575,
      0.38,
      0.835,
      0.2275,
      0.6825,
      0,
      0.455,
      0.075,
      0.53,
      0.1525,
      0.6075,
      0.3025,
      0.7575,
      0.38,
      0.835,
      0.2275,
      0.6825,
      0,
      0.455,
      0.075,
      0.53,
      0.1525,
      0.6075,
      0.3025,
      0.7575,
      0.38,
      0.835,
      0.2275
    ],
    "SoftwareVersions": "syngo_MR_E11",
    "SpacingBetweenSlices": 2,
    "StationName": "mrc_Trio",
    "TaskName": "rest",
    "TotalReadoutTime": 0.0576811,
    "TxRefAmp": 208.162,
    "dataset": "ds004146",
    "modality": "bold",
    "session_id": "01",
    "subject_id": "0049",
    "task_id": "rest"
  },
  "dummy_trs": 1,
  "dvars_nstd": 42.06998345006153,
  "dvars_std": 1.193674156338462,
  "dvars_vstd": 1.010622829046154,
  "efc": 0.5100107703864066,
  "fber": 1036.531494140625,
  "fd_mean": 0.14853856553456915,
  "fd_num": 68,
  "fd_perc": 20.858895705521473,
  "fwhm_avg": 2.9821166666666663,
  "fwhm_x": 2.78763,
  "fwhm_y": 3.156185,
  "fwhm_z": 3.002535,
  "gcor": 0.00807921,
  "gsr_x": -0.022094853222370148,
  "gsr_y": 0.06286808848381042,
  "provenance": {
    "md5sum": "dfa977337d70b6fdda88b062cf0b597e",
    "settings": {
      "fd_thres": 0.2,
      "testing": false
    },
    "software": "mriqc",
    "version": "23.0.1",
    "webapi_port": null,
    "webapi_url": "https://mriqc.nimh.nih.gov/api/v1"
  },
  "size_t": 326,
  "size_x": 104,
  "size_y": 104,
  "size_z": 72,
  "snr": 3.0067256450319677,
  "spacing_tr": 0.9300000071525574,
  "spacing_x": 2.0,
  "spacing_y": 2.0,
  "spacing_z": 2.0,
  "summary_bg_k": 37.49784378920592,
  "summary_bg_mad": 4.952618390739675,
  "summary_bg_mean": 35.55805587768555,
  "summary_bg_median": 18.306747436523438,
  "summary_bg_n": 528751.0,
  "summary_bg_p05": 14.567483901977539,
  "summary_bg_p95": 118.02300262451172,
  "summary_bg_stdv": 50.478763580322266,
  "summary_fg_k": 0.3568650189945415,
  "summary_fg_mad": 197.28156291650163,
  "summary_fg_mean": 623.4761962890625,
  "summary_fg_median": 596.8404541015625,
  "summary_fg_n": 151280.0,
  "summary_fg_p05": 354.77239685058595,
  "summary_fg_p95": 986.9824890136716,
  "summary_fg_stdv": 198.5011444091797,
  "tsnr": 41.30941039591562
}