{
  "aor": 0.0006939522546419098,
  "aqi": 0.019556889389920423,
  "bids_meta": {
    "AcquisitionMatrixPE": 90,
    "AcquisitionNumber": 1,
    "AcquisitionTime": "14:15:9.272500",
    "BandwidthPerPixelPhaseEncode": 21.368,
    "BaseResolution": 90,
    "BodyPartExamined": "BRAIN",
    "CoilString": "HC1-7;NC1_2",
    "ConsistencyInfo": "N4_VE11C_LATEST_20160120",
    "ConversionSoftware": "dcm2niix",
    "ConversionSoftwareVersion": "v1.0.20190410  GCC6.3.0",
    "DerivedVendorReportedEchoSpacing": 0.000519988,
    "DeviceSerialNumber": "167001",
    "DwellTime": 2.2e-06,
    "EchoTime": 0.03,
    "EchoTrainLength": 90,
    "EffectiveEchoSpacing": 0.000519988,
    "FlipAngle": 52,
    "ImageOrientationPatientDICOM": [
      0.997148,
      -0.0701383,
      0.0278648,
      0.0744509,
      0.853679,
      -0.51545
    ],
    "ImageType": [
      "ORIGINAL",
      "PRIMARY",
      "M",
      "ND",
      "NORM",
      "MOSAIC"
    ],
    "ImagingFrequency": 123.229,
    "InPlanePhaseEncodingDirectionDICOM": "COL",
    "InstitutionAddress": "Cooper_60_St._Lucia_QLD_AU_4072",
    "InstitutionName": "Centre_for_Advanced_Imaging",
    "InstitutionalDepartmentName": "Gehrmann_Labs_MRI",
    "MRAcquisitionType": "2D",
    "MagneticFieldStrength": 3,
    "Manufacturer": "Siemens",
    "ManufacturersModelName": "Prisma_fit",
    "Modality": "MR",
    "MultibandAccelerationFactor": 6,
    "PartialFourier": 1,
    "PatientPosition": "HFS",
    "PercentPhaseFOV": 100,
    "PhaseEncodingDirection": "j-",
    "PhaseEncodingSteps": 90,
    "PhaseResolution": 1,
    "PixelBandwidth": 2525,
    "ProcedureStepDescription": "Research_16092_QTAB",
    "ProtocolName": "PARTLY_CLOUDY_mb6_2.4",
    "PulseSequenceDetails": "%SiemensSeq%_ep2d_bold",
    "ReceiveCoilActiveElements": "HC1-7;NC1,2",
    "ReceiveCoilName": "HeadNeck_64",
    "ReconMatrixPE": 90,
    "RefLinesPE": 12,
    "RepetitionTime": 0.8,
    "SAR": 0.0622624,
    "ScanOptions": "FS",
    "ScanningSequence": "EP",
    "SequenceName": "_epfid2d1_90",
    "SequenceVariant": "SK",
    "SeriesDescription": "PARTLY_CLOUDY_mb6_2.4",
    "SeriesNumber": 19,
    "ShimSetting": [
      3060,
      -4153,
      -781,
      604,
      5,
      109,
      -199,
      -61
    ],
    "SliceThickness": 2.4,
    "SliceTiming": [
      0.545,
      0,
      0.39,
      0.0775,
      0.4675,
      0.2325,
      0.6225,
      0.31,
      0.7,
      0.155,
      0.545,
      0,
      0.39,
      0.0775,
      0.4675,
      0.2325,
      0.6225,
      0.31,
      0.7,
      0.155,
      0.545,
      0,
      0.39,
      0.0775,
      0.4675,
      0.2325,
      0.6225,
      0.31,
      0.7,
      0.155,
      0.545,
      0,
      0.39,
      0.0775,
      0.4675,
      0.2325,
      0.6225,
      0.31,
      0.7,
      0.155,
      0.545,
      0,
      0.39,
      0.0775,
      0.4675,
      0.2325,
      0.6225,
      0.31,
      0.7,
      0.155,
      0.545,
      0,
      0.39,
      0.0775,
      0.4675,
      0.2325,
      0.6225,
      0.31,
      0.7,
      0.155
    ],
    "SoftwareVersions": "syngo_MR_E11",
    "SpacingBetweenSlices": 2.4,
    "StationName": "mrc_Trio",
    "TaskName": "partlycloudy",
    "TotalReadoutTime": 0.046279,
    "TxRefAmp": 204.424,
    "dataset": "ds004146",
    "modality": "bold",
    "session_id": "02",
    "subject_id": "0034",
    "task_id": "partlycloudy"
  },
  "dummy_trs": 3,
  "dvars_nstd": 37.01613105103724,
  "dvars_std": 1.1516985485904254,
  "dvars_vstd": 0.9988157547606381,
  "efc": 0.5011242940142717,
  "fber": 1039.833740234375,
  "fd_mean": 0.23763797904960288,
  "fd_num": 219,
  "fd_perc": 58.09018567639257,
  "fwhm_avg": 1.7891679844604074,
  "fwhm_x": 1.6917374327763943,
  "fwhm_y": 1.8692999257206946,
  "fwhm_z": 1.8064665948841334,
  "gcor": 0.00709597,
  "gsr_x": -0.014491495676338673,
  "gsr_y": 0.03834402188658714,
  "provenance": {
    "md5sum": "98f11990d58fc3fb8ab55fc9b03f3654",
    "settings": {
      "fd_thres": 0.2,
      "testing": false
    },
    "software": "mriqc",
    "version": "23.0.1",
    "webapi_port": null,
    "webapi_url": "https://mriqc.nimh.nih.gov/api/v1"
  },
  "size_t": 377,
  "size_x": 90,
  "size_y": 90,
  "size_z": 60,
  "snr": 7.159236517209169,
  "spacing_tr": 0.800000011920929,
  "spacing_x": 2.4000000953674316,
  "spacing_y": 2.4000000953674316,
  "spacing_z": 2.4000000953674316,
  "summary_bg_k": 27.838511876291495,
  "summary_bg_mad": 20.197995713895065,
  "summary_bg_mean": 34.140899658203125,
  "summary_bg_median": 20.079574584960938,
  "summary_bg_n": 338337.0,
  "summary_bg_p05": 2.2811670303344727,
  "summary_bg_p95": 104.55490570068362,
  "summary_bg_stdv": 46.667484283447266,
  "summary_fg_k": 1.4299952382831318,
  "summary_fg_mad": 86.70865691405228,
  "summary_fg_mean": 650.1226806640625,
  "summary_fg_median": 647.677734375,
  "summary_fg_n": 78954.0,
  "summary_fg_p05": 514.116586303711,
  "summary_fg_p95": 797.168145751953,
  "summary_fg_stdv": 90.46685791015625,
  "tsnr": 41.34979574708268
}