{
  "aor": 0.002972055214723927,
  "aqi": 0.007147457361963189,
  "bids_meta": {
    "AcquisitionMatrixPE": 104,
    "AcquisitionNumber": 1,
    "AcquisitionTime": "13:42:57.140000",
    "BandwidthPerPixelPhaseEncode": 17.17,
    "BaseResolution": 104,
    "BodyPartExamined": "BRAIN",
    "CoilString": "HC1-7;NC1_2",
    "ConsistencyInfo": "N4_VE11C_LATEST_20160120",
    "ConversionSoftware": "dcm2niix",
    "ConversionSoftwareVersion": "v1.0.20190410  GCC6.3.0",
    "DerivedVendorReportedEchoSpacing": 0.000560011,
    "DeviceSerialNumber": "167001",
    "DwellTime": 2.1e-06,
    "EchoTime": 0.03,
    "EchoTrainLength": 91,
    "EffectiveEchoSpacing": 0.000560011,
    "FlipAngle": 52,
    "ImageOrientationPatientDICOM": [
      0.997148,
      -0.0701383,
      0.0278648,
      0.0744509,
      0.853679,
      -0.51545
    ],
    "ImageType": [
      "ORIGINAL",
      "PRIMARY",
      "M",
      "ND",
      "MOSAIC"
    ],
    "ImagingFrequency": 123.229,
    "InPlanePhaseEncodingDirectionDICOM": "COL",
    "InstitutionAddress": "Cooper_60_St._Lucia_QLD_AU_4072",
    "InstitutionName": "Centre_for_Advanced_Imaging",
    "InstitutionalDepartmentName": "Gehrmann_Labs_MRI",
    "MRAcquisitionType": "2D",
    "MagneticFieldStrength": 3,
    "Manufacturer": "Siemens",
    "ManufacturersModelName": "Prisma_fit",
    "Modality": "MR",
    "MultibandAccelerationFactor": 6,
    "PartialFourier": 0.875,
    "PatientPosition": "HFS",
    "PercentPhaseFOV": 100,
    "PhaseEncodingDirection": "j-",
    "PhaseEncodingSteps": 91,
    "PhaseResolution": 1,
    "PixelBandwidth": 2290,
    "ProcedureStepDescription": "Research_16092_QTAB",
    "ProtocolName": "ep2d_REST_SMS6_A-P",
    "PulseSequenceDetails": "%SiemensSeq%_ep2d_bold",
    "ReceiveCoilActiveElements": "HC1-7;NC1,2",
    "ReceiveCoilName": "HeadNeck_64",
    "ReconMatrixPE": 104,
    "RefLinesPE": 12,
    "RepetitionTime": 0.93,
    "SAR": 0.0640761,
    "ScanOptions": "PFP_FS",
    "ScanningSequence": "EP",
    "SequenceName": "_epfid2d1_104",
    "SequenceVariant": "SK",
    "SeriesDescription": "ep2d_REST_SMS6_A-P",
    "SeriesNumber": 9,
    "ShimSetting": [
      3060,
      -4153,
      -781,
      604,
      5,
      109,
      -199,
      -61
    ],
    "SliceThickness": 2,
    "SliceTiming": [
      0.6825,
      0,
      0.455,
      0.0775,
      0.5325,
      0.1525,
      0.6075,
      0.305,
      0.76,
      0.38,
      0.835,
      0.2275,
      0.6825,
      0,
      0.455,
      0.0775,
      0.5325,
      0.1525,
      0.6075,
      0.305,
      0.76,
      0.38,
      0.835,
      0.2275,
      0.6825,
      0,
      0.455,
      0.0775,
      0.5325,
      0.1525,
      0.6075,
      0.305,
      0.76,
      0.38,
      0.835,
      0.2275,
      0.6825,
      0,
      0.455,
      0.0775,
      0.5325,
      0.1525,
      0.6075,
      0.305,
      0.76,
      0.38,
      0.835,
      0.2275,
      0.6825,
      0,
      0.455,
      0.0775,
      0.5325,
      0.1525,
      0.6075,
      0.305,
      0.76,
      0.38,
      0.835,
      0.2275,
      0.6825,
      0,
      0.455,
      0.0775,
      0.5325,
      0.1525,
      0.6075,
      0.305,
      0.76,
      0.38,
      0.835,
      0.2275
    ],
    "SoftwareVersions": "syngo_MR_E11",
    "SpacingBetweenSlices": 2,
    "StationName": "mrc_Trio",
    "TaskName": "rest",
    "TotalReadoutTime": 0.0576811,
    "TxRefAmp": 204.424,
    "dataset": "ds004146",
    "modality": "bold",
    "session_id": "02",
    "subject_id": "0034",
    "task_id": "rest"
  },
  "dummy_trs": 1,
  "dvars_nstd": 42.98477226849234,
  "dvars_std": 1.1347038231692301,
  "dvars_vstd": 1.088418696984616,
  "efc": 0.5082443893504572,
  "fber": 824.9249877929688,
  "fd_mean": 0.28424611654942616,
  "fd_num": 221,
  "fd_perc": 67.79141104294479,
  "fwhm_avg": 3.0645683333333333,
  "fwhm_x": 2.802345,
  "fwhm_y": 3.214365,
  "fwhm_z": 3.176995,
  "gcor": 0.0215281,
  "gsr_x": -0.017164504155516624,
  "gsr_y": 0.049037959426641464,
  "provenance": {
    "md5sum": "672a8c9595443f75985d5c04cbb5b440",
    "settings": {
      "fd_thres": 0.2,
      "testing": false
    },
    "software": "mriqc",
    "version": "23.0.1",
    "webapi_port": null,
    "webapi_url": "https://mriqc.nimh.nih.gov/api/v1"
  },
  "size_t": 326,
  "size_x": 104,
  "size_y": 104,
  "size_z": 72,
  "snr": 2.9276687467843163,
  "spacing_tr": 0.9300000071525574,
  "spacing_x": 2.0,
  "spacing_y": 2.0,
  "spacing_z": 2.0,
  "summary_bg_k": 76.69691940736067,
  "summary_bg_mad": 5.880382982629751,
  "summary_bg_mean": 34.23504638671875,
  "summary_bg_median": 19.472393035888672,
  "summary_bg_n": 531837.0,
  "summary_bg_p05": 14.662576675415039,
  "summary_bg_p95": 98.8417190551755,
  "summary_bg_stdv": 48.29115676879883,
  "summary_fg_k": 0.4898058745085123,
  "summary_fg_mad": 191.878715744987,
  "summary_fg_mean": 596.9177856445312,
  "summary_fg_median": 570.3742065429688,
  "summary_fg_n": 148690.0,
  "summary_fg_p05": 337.153059387207,
  "summary_fg_p95": 957.3444549560545,
  "summary_fg_stdv": 194.82131958007812,
  "tsnr": 33.388189700315706
}