{
  "aor": 0.0017701842105263155,
  "aqi": 0.016864050789473683,
  "bids_meta": {
    "AcquisitionMatrixPE": 90,
    "AcquisitionNumber": 1,
    "AcquisitionTime": "15:57:53.987500",
    "BandwidthPerPixelPhaseEncode": 21.368,
    "BaseResolution": 90,
    "BodyPartExamined": "BRAIN",
    "CoilString": "HC1-7;NC1_2",
    "ConsistencyInfo": "N4_VE11C_LATEST_20160120",
    "ConversionSoftware": "dcm2niix",
    "ConversionSoftwareVersion": "v1.0.20190410  GCC6.3.0",
    "DerivedVendorReportedEchoSpacing": 0.000519988,
    "DeviceSerialNumber": "167001",
    "DwellTime": 2.2e-06,
    "EchoTime": 0.03,
    "EchoTrainLength": 90,
    "EffectiveEchoSpacing": 0.000519988,
    "FlipAngle": 52,
    "ImageOrientationPatientDICOM": [
      0.999779,
      -0.00357312,
      -0.0206991,
      -0.00453694,
      0.925432,
      -0.378887
    ],
    "ImageType": [
      "ORIGINAL",
      "PRIMARY",
      "M",
      "ND",
      "NORM",
      "MOSAIC"
    ],
    "ImagingFrequency": 123.229,
    "InPlanePhaseEncodingDirectionDICOM": "COL",
    "InstitutionAddress": "Cooper_60_St._Lucia_QLD_AU_4072",
    "InstitutionName": "St_Lucia_Campus",
    "InstitutionalDepartmentName": "Gehrmann_Labs_MRI",
    "MRAcquisitionType": "2D",
    "MagneticFieldStrength": 3,
    "Manufacturer": "Siemens",
    "ManufacturersModelName": "Prisma_fit",
    "Modality": "MR",
    "MultibandAccelerationFactor": 6,
    "PartialFourier": 1,
    "PatientPosition": "HFS",
    "PercentPhaseFOV": 100,
    "PhaseEncodingDirection": "j-",
    "PhaseEncodingSteps": 90,
    "PhaseResolution": 1,
    "PixelBandwidth": 2525,
    "ProcedureStepDescription": "Research_16092_QTAB",
    "ProtocolName": "PARTLY_CLOUDY_mb6_2.4",
    "PulseSequenceDetails": "%SiemensSeq%_ep2d_bold",
    "ReceiveCoilActiveElements": "HC1-7;NC1,2",
    "ReceiveCoilName": "HeadNeck_64",
    "ReconMatrixPE": 90,
    "RefLinesPE": 12,
    "RepetitionTime": 0.8,
    "SAR": 0.0650959,
    "ScanOptions": "FS",
    "ScanningSequence": "EP",
    "SequenceName": "_epfid2d1_90",
    "SequenceVariant": "SK",
    "SeriesDescription": "PARTLY_CLOUDY_mb6_2.4",
    "SeriesNumber": 19,
    "ShimSetting": [
      3041,
      -4154,
      -746,
      371,
      -31,
      -173,
      -157,
      12
    ],
    "SliceThickness": 2.4,
    "SliceTiming": [
      0.545,
      0,
      0.39,
      0.0775,
      0.4675,
      0.2325,
      0.6225,
      0.31,
      0.7,
      0.155,
      0.545,
      0,
      0.39,
      0.0775,
      0.4675,
      0.2325,
      0.6225,
      0.31,
      0.7,
      0.155,
      0.545,
      0,
      0.39,
      0.0775,
      0.4675,
      0.2325,
      0.6225,
      0.31,
      0.7,
      0.155,
      0.545,
      0,
      0.39,
      0.0775,
      0.4675,
      0.2325,
      0.6225,
      0.31,
      0.7,
      0.155,
      0.545,
      0,
      0.39,
      0.0775,
      0.4675,
      0.2325,
      0.6225,
      0.31,
      0.7,
      0.155,
      0.545,
      0,
      0.39,
      0.0775,
      0.4675,
      0.2325,
      0.6225,
      0.31,
      0.7,
      0.155
    ],
    "SoftwareVersions": "syngo_MR_E11",
    "SpacingBetweenSlices": 2.4,
    "StationName": "mrc_Trio",
    "TaskName": "partlycloudy",
    "TotalReadoutTime": 0.046279,
    "TxRefAmp": 209.296,
    "dataset": "ds004146",
    "modality": "bold",
    "session_id": "02",
    "subject_id": "0051",
    "task_id": "partlycloudy"
  },
  "dummy_trs": 0,
  "dvars_nstd": 44.12602127683376,
  "dvars_std": 1.3734438045646447,
  "dvars_vstd": 1.002587610976253,
  "efc": 0.5157827021143454,
  "fber": 4959.083984375,
  "fd_mean": 0.14523142717397874,
  "fd_num": 75,
  "fd_perc": 19.736842105263158,
  "fwhm_avg": 1.8707763768442567,
  "fwhm_x": 1.7963332619534629,
  "fwhm_y": 1.9347999231179585,
  "fwhm_z": 1.8811959454613494,
  "gcor": 0.0139938,
  "gsr_x": -0.020073341205716133,
  "gsr_y": 0.02480560727417469,
  "provenance": {
    "md5sum": "45694e23cea44f3d7cb3dcbe959fb724",
    "settings": {
      "fd_thres": 0.2,
      "testing": false
    },
    "software": "mriqc",
    "version": "23.0.1",
    "webapi_port": null,
    "webapi_url": "https://mriqc.nimh.nih.gov/api/v1"
  },
  "size_t": 380,
  "size_x": 90,
  "size_y": 90,
  "size_z": 60,
  "snr": 6.493022701210506,
  "spacing_tr": 0.800000011920929,
  "spacing_x": 2.4000000953674316,
  "spacing_y": 2.4000000953674316,
  "spacing_z": 2.3999998569488525,
  "summary_bg_k": 27.649224682763425,
  "summary_bg_mad": 7.514452758336386,
  "summary_bg_mean": 28.21159553527832,
  "summary_bg_median": 9.639473915100098,
  "summary_bg_n": 311685.0,
  "summary_bg_p05": 3.590000057220461,
  "summary_bg_p95": 126.19210968017563,
  "summary_bg_stdv": 55.209354400634766,
  "summary_fg_k": 1.0397910340002303,
  "summary_fg_mad": 108.03685445980233,
  "summary_fg_mean": 697.6420288085938,
  "summary_fg_median": 693.9368896484375,
  "summary_fg_n": 100270.0,
  "summary_fg_p05": 540.5155456542968,
  "summary_fg_p95": 872.902911376953,
  "summary_fg_stdv": 106.87371063232422,
  "tsnr": 45.34719518106431
}