{
  "bids_meta": {
    "AcquisitionMatrixPE": 256,
    "AcquisitionNumber": 1,
    "AcquisitionTime": "13:00:18.660000",
    "BaseResolution": 256,
    "BodyPartExamined": "BRAIN",
    "ConsistencyInfo": "N4_VE11C_LATEST_20160120",
    "ConversionSoftware": "dcm2niix",
    "ConversionSoftwareVersion": "v1.0.20171215 GCC6.3.0",
    "DeviceSerialNumber": "167001",
    "DwellTime": 2.6e-06,
    "EchoTime": 0.408,
    "EchoTrainLength": 259,
    "FlipAngle": 120,
    "ImageOrientationPatientDICOM": [
      -0.0518544,
      0.998655,
      -2.81267e-08,
      0.0858244,
      0.00445634,
      -0.9963
    ],
    "ImageType": [
      "ORIGINAL",
      "PRIMARY",
      "M",
      "ND",
      "NORM"
    ],
    "InPlanePhaseEncodingDirectionDICOM": "ROW",
    "InstitutionAddress": "Cooper_60_St._Lucia_QLD_AU_4072",
    "InstitutionName": "St_Lucia_Campus",
    "InstitutionalDepartmentName": "Gehrmann_Labs_MRI",
    "MRAcquisitionType": "3D",
    "MagneticFieldStrength": 3,
    "Manufacturer": "Siemens",
    "ManufacturersModelName": "Prisma_fit",
    "Modality": "MR",
    "ParallelReductionFactorInPlane": 2,
    "PartialFourier": 1,
    "PatientPosition": "HFS",
    "PercentPhaseFOV": 100,
    "PhaseEncodingSteps": 233,
    "PhaseResolution": 1,
    "PixelBandwidth": 750,
    "ProcedureStepDescription": "Research_16092_QTAB",
    "ProtocolName": "t2_spc_sag_p2_iso",
    "PulseSequenceDetails": "%SiemensSeq%_tse_vfl",
    "ReceiveCoilActiveElements": "HC1-7;NC1",
    "ReceiveCoilName": "HeadNeck_64",
    "ReconMatrixPE": 256,
    "RepetitionTime": 3.2,
    "SAR": 0.152891,
    "ScanOptions": "PFP",
    "ScanningSequence": "SE",
    "SequenceName": "_spcR_282ns",
    "SequenceVariant": "SK_SP",
    "SeriesDescription": "t2_spc_sag_p2_iso",
    "SeriesNumber": 19,
    "ShimSetting": [
      3043,
      -4177,
      -1039,
      1,
      -3,
      36,
      -3,
      -11
    ],
    "SliceThickness": 1,
    "SoftwareVersions": "syngo_MR_E11",
    "StationName": "mrc_Trio",
    "TxRefAmp": 211.534,
    "dataset": "ds004146",
    "modality": "T2w",
    "session_id": "01",
    "subject_id": "0304"
  },
  "cjv": 3.750597664612136,
  "cnr": 0.42048276415500907,
  "efc": 0.6617423696541348,
  "fber": -1.0,
  "fwhm_avg": 3.932725043999161,
  "fwhm_x": 4.131275246243193,
  "fwhm_y": 4.157362438050472,
  "fwhm_z": 3.509537447703817,
  "icvs_csf": 0.43455566190782074,
  "icvs_gm": 0.4420069868504823,
  "icvs_wm": 0.123437351241697,
  "inu_med": 1.0453236103057861,
  "inu_range": 0.3436834037303923,
  "provenance": {
    "md5sum": "aa722d9089f1df9f08f5ba27f81064a3",
    "settings": {
      "testing": false
    },
    "software": "mriqc",
    "version": "23.0.1",
    "warnings": {
      "large_rot_frame": true,
      "small_air_mask": false
    },
    "webapi_port": null,
    "webapi_url": "https://mriqc.nimh.nih.gov/api/v1"
  },
  "qi_1": 0.12379604730086781,
  "qi_2": 0.03118565184732975,
  "rpve_csf": 9.921681204992312,
  "rpve_gm": 10.224074542179933,
  "rpve_wm": 35.96421380050614,
  "size_x": 192,
  "size_y": 300,
  "size_z": 320,
  "snr_csf": 17.141303388917407,
  "snr_gm": 14.325874416049402,
  "snr_total": 10.87154015261058,
  "snr_wm": 1.1474426528649309,
  "snrd_csf": 167.4731352517752,
  "snrd_gm": 111.209229408194,
  "snrd_total": 151.44906410661184,
  "snrd_wm": 175.66482765986632,
  "spacing_x": 0.7999999523162842,
  "spacing_y": 0.800000011920929,
  "spacing_z": 0.800000011920929,
  "summary_bg_k": 9.482416047358328,
  "summary_bg_mad": 0.0,
  "summary_bg_mean": 1.5210146058517644,
  "summary_bg_median": 0.0,
  "summary_bg_n": 888151.0,
  "summary_bg_p05": 0.0,
  "summary_bg_p95": 8.737938217818737,
  "summary_bg_stdv": 3.775162274995016,
  "summary_csf_k": 1.1115945554043964,
  "summary_csf_mad": 51.48159278447518,
  "summary_csf_mean": 967.5391520904218,
  "summary_csf_median": 965.048289604485,
  "summary_csf_n": 199412.0,
  "summary_csf_p05": 881.0501096062362,
  "summary_csf_p95": 1062.3053410723805,
  "summary_csf_stdv": 56.29944514549874,
  "summary_gm_k": -0.008473381035212224,
  "summary_gm_mad": 46.524940525138405,
  "summary_gm_mean": 640.8770342414152,
  "summary_gm_median": 640.8327906876802,
  "summary_gm_n": 398727.0,
  "summary_gm_p05": 568.0039751939476,
  "summary_gm_p95": 712.2179468236864,
  "summary_gm_stdv": 44.732486721425275,
  "summary_wm_k": -1.7477960676363684,
  "summary_wm_mad": 1346.519646723921,
  "summary_wm_mean": 1039.3822605878267,
  "summary_wm_median": 1012.252151498571,
  "summary_wm_n": 73386.0,
  "summary_wm_p05": 32.29238037019968,
  "summary_wm_p95": 2254.150616223924,
  "summary_wm_stdv": 882.1750282522815,
  "tpm_overlap_csf": 0.10712960834450483,
  "tpm_overlap_gm": 0.2869703667751693,
  "tpm_overlap_wm": 0.028713809346726817,
  "wm2max": 0.4664653361344538
}