{
  "aor": 0.005369484412470023,
  "aqi": 0.039027751678657074,
  "bids_meta": {
    "AcquisitionMatrixPE": 90,
    "AcquisitionNumber": 1,
    "AcquisitionTime": "10:38:46.852500",
    "BandwidthPerPixelPhaseEncode": 21.368,
    "BaseResolution": 90,
    "BodyPartExamined": "BRAIN",
    "CoilString": "HC1-7;NC1_2",
    "ConsistencyInfo": "N4_VE11C_LATEST_20160120",
    "ConversionSoftware": "dcm2niix",
    "ConversionSoftwareVersion": "v1.0.20190410  GCC6.3.0",
    "DelayTime": 0.001,
    "DerivedVendorReportedEchoSpacing": 0.000519988,
    "DeviceSerialNumber": "167001",
    "DwellTime": 2.2e-06,
    "EchoTime": 0.03,
    "EchoTrainLength": 90,
    "EffectiveEchoSpacing": 0.000519988,
    "FlipAngle": 52,
    "ImageOrientationPatientDICOM": [
      0.998692,
      -0.0228966,
      -0.045708,
      0.0156887,
      0.988219,
      -0.152241
    ],
    "ImageType": [
      "ORIGINAL",
      "PRIMARY",
      "M",
      "ND",
      "NORM",
      "MOSAIC"
    ],
    "ImagingFrequency": 123.229,
    "InPlanePhaseEncodingDirectionDICOM": "COL",
    "InstitutionAddress": "Cooper_60_St._Lucia_QLD_AU_4072",
    "InstitutionName": "St_Lucia_Campus",
    "InstitutionalDepartmentName": "Gehrmann_Labs_MRI",
    "MRAcquisitionType": "2D",
    "MagneticFieldStrength": 3,
    "Manufacturer": "Siemens",
    "ManufacturersModelName": "Prisma_fit",
    "Modality": "MR",
    "MultibandAccelerationFactor": 6,
    "PartialFourier": 1,
    "PatientPosition": "HFS",
    "PercentPhaseFOV": 100,
    "PhaseEncodingDirection": "j-",
    "PhaseEncodingSteps": 90,
    "PhaseResolution": 1,
    "PixelBandwidth": 2525,
    "ProcedureStepDescription": "Research_16092_QTAB",
    "ProtocolName": "EMOT_TASK_mb6_2.4",
    "PulseSequenceDetails": "%SiemensSeq%_ep2d_bold",
    "ReceiveCoilActiveElements": "HC1-7;NC1,2",
    "ReceiveCoilName": "HeadNeck_64",
    "ReconMatrixPE": 90,
    "RefLinesPE": 12,
    "RepetitionTime": 0.8,
    "SAR": 0.0621424,
    "ScanOptions": "FS",
    "ScanningSequence": "EP",
    "SequenceName": "_epfid2d1_90",
    "SequenceVariant": "SK",
    "SeriesDescription": "EMOT_TASK_mb6_2.4",
    "SeriesNumber": 20,
    "ShimSetting": [
      3029,
      -4151,
      -804,
      507,
      -18,
      39,
      -7,
      -20
    ],
    "SliceThickness": 2.4,
    "SliceTiming": [
      0.545,
      0,
      0.39,
      0.0775,
      0.4675,
      0.2325,
      0.6225,
      0.31,
      0.7,
      0.155,
      0.545,
      0,
      0.39,
      0.0775,
      0.4675,
      0.2325,
      0.6225,
      0.31,
      0.7,
      0.155,
      0.545,
      0,
      0.39,
      0.0775,
      0.4675,
      0.2325,
      0.6225,
      0.31,
      0.7,
      0.155,
      0.545,
      0,
      0.39,
      0.0775,
      0.4675,
      0.2325,
      0.6225,
      0.31,
      0.7,
      0.155,
      0.545,
      0,
      0.39,
      0.0775,
      0.4675,
      0.2325,
      0.6225,
      0.31,
      0.7,
      0.155,
      0.545,
      0,
      0.39,
      0.0775,
      0.4675,
      0.2325,
      0.6225,
      0.31,
      0.7,
      0.155
    ],
    "SoftwareVersions": "syngo_MR_E11",
    "SpacingBetweenSlices": 2.4,
    "StationName": "mrc_Trio",
    "TaskName": "emotionalconflict",
    "TotalReadoutTime": 0.046279,
    "TxRefAmp": 216.262,
    "dataset": "ds004146",
    "modality": "bold",
    "session_id": "02",
    "subject_id": "0325",
    "task_id": "emotionalconflict"
  },
  "dummy_trs": 3,
  "dvars_nstd": 54.8099656784634,
  "dvars_std": 1.2627758579952002,
  "dvars_vstd": 0.9949948530732289,
  "efc": 0.47292527938716145,
  "fber": 7692.71435546875,
  "fd_mean": 0.5342123795217507,
  "fd_num": 509,
  "fd_perc": 61.03117505995204,
  "fwhm_avg": 1.9145444304768453,
  "fwhm_x": 1.7844749290913373,
  "fwhm_y": 2.083512417208655,
  "fwhm_z": 1.8756459451305436,
  "gcor": 0.029639,
  "gsr_x": -0.023835228756070137,
  "gsr_y": 0.03872083127498627,
  "provenance": {
    "md5sum": "348bf0865d37aaa8ec53f09a67334197",
    "settings": {
      "fd_thres": 0.2,
      "testing": false
    },
    "software": "mriqc",
    "version": "23.0.1",
    "webapi_port": null,
    "webapi_url": "https://mriqc.nimh.nih.gov/api/v1"
  },
  "size_t": 834,
  "size_x": 90,
  "size_y": 90,
  "size_z": 60,
  "snr": 6.694559072569335,
  "spacing_tr": 0.800000011920929,
  "spacing_x": 2.4000000953674316,
  "spacing_y": 2.4000000953674316,
  "spacing_z": 2.3999998569488525,
  "summary_bg_k": 34.56522786261571,
  "summary_bg_mad": 5.359767160438129,
  "summary_bg_mean": 24.193275451660156,
  "summary_bg_median": 7.894484519958496,
  "summary_bg_n": 332527.0,
  "summary_bg_p05": 3.417266368865967,
  "summary_bg_p95": 97.7636718750001,
  "summary_bg_stdv": 51.20054626464844,
  "summary_fg_k": 1.2652196871931647,
  "summary_fg_mad": 99.44809564846062,
  "summary_fg_mean": 696.4364624023438,
  "summary_fg_median": 695.324951171875,
  "summary_fg_n": 84007.0,
  "summary_fg_p05": 540.1522827148438,
  "summary_fg_p95": 868.766455078125,
  "summary_fg_stdv": 103.86357116699219,
  "tsnr": 27.623481500777416
}