{
  "aor": 0.0019468601583113455,
  "aqi": 0.02166165857519789,
  "bids_meta": {
    "AcquisitionMatrixPE": 90,
    "AcquisitionNumber": 1,
    "AcquisitionTime": "10:30:45.502500",
    "BandwidthPerPixelPhaseEncode": 21.368,
    "BaseResolution": 90,
    "BodyPartExamined": "BRAIN",
    "CoilString": "HC1-7;NC1_2",
    "ConsistencyInfo": "N4_VE11C_LATEST_20160120",
    "ConversionSoftware": "dcm2niix",
    "ConversionSoftwareVersion": "v1.0.20190410  GCC6.3.0",
    "DerivedVendorReportedEchoSpacing": 0.000519988,
    "DeviceSerialNumber": "167001",
    "DwellTime": 2.2e-06,
    "EchoTime": 0.03,
    "EchoTrainLength": 90,
    "EffectiveEchoSpacing": 0.000519988,
    "FlipAngle": 52,
    "ImageOrientationPatientDICOM": [
      0.998692,
      -0.0228966,
      -0.045708,
      0.0156887,
      0.988219,
      -0.152241
    ],
    "ImageType": [
      "ORIGINAL",
      "PRIMARY",
      "M",
      "ND",
      "NORM",
      "MOSAIC"
    ],
    "ImagingFrequency": 123.229,
    "InPlanePhaseEncodingDirectionDICOM": "COL",
    "InstitutionAddress": "Cooper_60_St._Lucia_QLD_AU_4072",
    "InstitutionName": "St_Lucia_Campus",
    "InstitutionalDepartmentName": "Gehrmann_Labs_MRI",
    "MRAcquisitionType": "2D",
    "MagneticFieldStrength": 3,
    "Manufacturer": "Siemens",
    "ManufacturersModelName": "Prisma_fit",
    "Modality": "MR",
    "MultibandAccelerationFactor": 6,
    "PartialFourier": 1,
    "PatientPosition": "HFS",
    "PercentPhaseFOV": 100,
    "PhaseEncodingDirection": "j-",
    "PhaseEncodingSteps": 90,
    "PhaseResolution": 1,
    "PixelBandwidth": 2525,
    "ProcedureStepDescription": "Research_16092_QTAB",
    "ProtocolName": "PARTLY_CLOUDY_mb6_2.4",
    "PulseSequenceDetails": "%SiemensSeq%_ep2d_bold",
    "ReceiveCoilActiveElements": "HC1-7;NC1,2",
    "ReceiveCoilName": "HeadNeck_64",
    "ReconMatrixPE": 90,
    "RefLinesPE": 12,
    "RepetitionTime": 0.8,
    "SAR": 0.0618825,
    "ScanOptions": "FS",
    "ScanningSequence": "EP",
    "SequenceName": "_epfid2d1_90",
    "SequenceVariant": "SK",
    "SeriesDescription": "PARTLY_CLOUDY_mb6_2.4",
    "SeriesNumber": 19,
    "ShimSetting": [
      3029,
      -4151,
      -804,
      507,
      -18,
      39,
      -7,
      -20
    ],
    "SliceThickness": 2.4,
    "SliceTiming": [
      0.545,
      0,
      0.39,
      0.0775,
      0.4675,
      0.235,
      0.625,
      0.3125,
      0.7025,
      0.155,
      0.545,
      0,
      0.39,
      0.0775,
      0.4675,
      0.235,
      0.625,
      0.3125,
      0.7025,
      0.155,
      0.545,
      0,
      0.39,
      0.0775,
      0.4675,
      0.235,
      0.625,
      0.3125,
      0.7025,
      0.155,
      0.545,
      0,
      0.39,
      0.0775,
      0.4675,
      0.235,
      0.625,
      0.3125,
      0.7025,
      0.155,
      0.545,
      0,
      0.39,
      0.0775,
      0.4675,
      0.235,
      0.625,
      0.3125,
      0.7025,
      0.155,
      0.545,
      0,
      0.39,
      0.0775,
      0.4675,
      0.235,
      0.625,
      0.3125,
      0.7025,
      0.155
    ],
    "SoftwareVersions": "syngo_MR_E11",
    "SpacingBetweenSlices": 2.4,
    "StationName": "mrc_Trio",
    "TaskName": "partlycloudy",
    "TotalReadoutTime": 0.046279,
    "TxRefAmp": 216.262,
    "dataset": "ds004146",
    "modality": "bold",
    "session_id": "02",
    "subject_id": "0325",
    "task_id": "partlycloudy"
  },
  "dummy_trs": 1,
  "dvars_nstd": 51.87822178417988,
  "dvars_std": 1.3946351759788354,
  "dvars_vstd": 1.0053560622486766,
  "efc": 0.47274250061628204,
  "fber": 7855.47900390625,
  "fd_mean": 0.2192387641895214,
  "fd_num": 206,
  "fd_perc": 54.35356200527705,
  "fwhm_avg": 1.8576944306485947,
  "fwhm_x": 1.745524930639071,
  "fwhm_y": 2.014945753266583,
  "fwhm_z": 1.8126126080401306,
  "gcor": 0.00757201,
  "gsr_x": -0.024335984140634537,
  "gsr_y": 0.03818352892994881,
  "provenance": {
    "md5sum": "f7d7a2c55696ca8eac983421d723f6d7",
    "settings": {
      "fd_thres": 0.2,
      "testing": false
    },
    "software": "mriqc",
    "version": "23.0.1",
    "webapi_port": null,
    "webapi_url": "https://mriqc.nimh.nih.gov/api/v1"
  },
  "size_t": 379,
  "size_x": 90,
  "size_y": 90,
  "size_z": 60,
  "snr": 6.631585556582311,
  "spacing_tr": 0.800000011920929,
  "spacing_x": 2.4000000953674316,
  "spacing_y": 2.4000000953674316,
  "spacing_z": 2.3999998569488525,
  "summary_bg_k": 35.33584962381716,
  "summary_bg_mad": 5.140209474303595,
  "summary_bg_mean": 24.28956413269043,
  "summary_bg_median": 7.804749488830566,
  "summary_bg_n": 332480.0,
  "summary_bg_p05": 3.5303430557250977,
  "summary_bg_p95": 99.36161270141598,
  "summary_bg_stdv": 52.075172424316406,
  "summary_fg_k": 1.3650145354695145,
  "summary_fg_mad": 100.7856410214911,
  "summary_fg_mean": 699.4871826171875,
  "summary_fg_median": 698.6385498046875,
  "summary_fg_n": 84003.0,
  "summary_fg_p05": 541.2150634765625,
  "summary_fg_p95": 873.9879150390624,
  "summary_fg_stdv": 105.34952545166016,
  "tsnr": 39.7805383852683
}