{
  "aor": 0.007327611044417767,
  "aqi": 0.033006938535414164,
  "bids_meta": {
    "AcquisitionMatrixPE": 90,
    "AcquisitionNumber": 1,
    "AcquisitionTime": "16:12:39.852500",
    "BandwidthPerPixelPhaseEncode": 21.368,
    "BaseResolution": 90,
    "BodyPartExamined": "BRAIN",
    "CoilString": "HC1-7;NC1_2",
    "ConsistencyInfo": "N4_VE11C_LATEST_20160120",
    "ConversionSoftware": "dcm2niix",
    "ConversionSoftwareVersion": "v1.0.20190410  GCC6.3.0",
    "DelayTime": 0.001,
    "DerivedVendorReportedEchoSpacing": 0.000519988,
    "DeviceSerialNumber": "167001",
    "DwellTime": 2.2e-06,
    "EchoTime": 0.03,
    "EchoTrainLength": 90,
    "EffectiveEchoSpacing": 0.000519988,
    "FlipAngle": 52,
    "ImageOrientationPatientDICOM": [
      0.982028,
      -0.164654,
      0.0922541,
      0.182008,
      0.955528,
      -0.232031
    ],
    "ImageType": [
      "ORIGINAL",
      "PRIMARY",
      "M",
      "ND",
      "NORM",
      "MOSAIC"
    ],
    "ImagingFrequency": 123.229,
    "InPlanePhaseEncodingDirectionDICOM": "COL",
    "InstitutionAddress": "Cooper_60_St._Lucia_QLD_AU_4072",
    "InstitutionName": "St_Lucia_Campus",
    "InstitutionalDepartmentName": "Gehrmann_Labs_MRI",
    "MRAcquisitionType": "2D",
    "MagneticFieldStrength": 3,
    "Manufacturer": "Siemens",
    "ManufacturersModelName": "Prisma_fit",
    "Modality": "MR",
    "MultibandAccelerationFactor": 6,
    "PartialFourier": 1,
    "PatientPosition": "HFS",
    "PercentPhaseFOV": 100,
    "PhaseEncodingDirection": "j-",
    "PhaseEncodingSteps": 90,
    "PhaseResolution": 1,
    "PixelBandwidth": 2525,
    "ProcedureStepDescription": "Research_16092_QTAB",
    "ProtocolName": "EMOT_TASK_mb6_2.4",
    "PulseSequenceDetails": "%SiemensSeq%_ep2d_bold",
    "ReceiveCoilActiveElements": "HC1-7;NC1,2",
    "ReceiveCoilName": "HeadNeck_64",
    "ReconMatrixPE": 90,
    "RefLinesPE": 12,
    "RepetitionTime": 0.8,
    "SAR": 0.0700705,
    "ScanOptions": "FS",
    "ScanningSequence": "EP",
    "SequenceName": "_epfid2d1_90",
    "SequenceVariant": "SK",
    "SeriesDescription": "EMOT_TASK_mb6_2.4",
    "SeriesNumber": 24,
    "ShimSetting": [
      3061,
      -4152,
      -771,
      662,
      -3,
      24,
      -41,
      -29
    ],
    "SliceThickness": 2.4,
    "SliceTiming": [
      0.545,
      0,
      0.3875,
      0.0775,
      0.4675,
      0.2325,
      0.6225,
      0.31,
      0.7,
      0.155,
      0.545,
      0,
      0.3875,
      0.0775,
      0.4675,
      0.2325,
      0.6225,
      0.31,
      0.7,
      0.155,
      0.545,
      0,
      0.3875,
      0.0775,
      0.4675,
      0.2325,
      0.6225,
      0.31,
      0.7,
      0.155,
      0.545,
      0,
      0.3875,
      0.0775,
      0.4675,
      0.2325,
      0.6225,
      0.31,
      0.7,
      0.155,
      0.545,
      0,
      0.3875,
      0.0775,
      0.4675,
      0.2325,
      0.6225,
      0.31,
      0.7,
      0.155,
      0.545,
      0,
      0.3875,
      0.0775,
      0.4675,
      0.2325,
      0.6225,
      0.31,
      0.7,
      0.155
    ],
    "SoftwareVersions": "syngo_MR_E11",
    "SpacingBetweenSlices": 2.4,
    "StationName": "mrc_Trio",
    "TaskName": "emotionalconflict",
    "TotalReadoutTime": 0.046279,
    "TxRefAmp": 208.698,
    "dataset": "ds004146",
    "modality": "bold",
    "session_id": "02",
    "subject_id": "0358",
    "task_id": "emotionalconflict"
  },
  "dummy_trs": 4,
  "dvars_nstd": 36.98266553186297,
  "dvars_std": 1.1433515079447112,
  "dvars_vstd": 1.0225690880889426,
  "efc": 0.4458833822232249,
  "fber": 8767.212890625,
  "fd_mean": 0.3825623805593412,
  "fd_num": 275,
  "fd_perc": 33.01320528211284,
  "fwhm_avg": 1.8832499251663715,
  "fwhm_x": 1.8059040949064855,
  "fwhm_y": 1.974099921556317,
  "fwhm_z": 1.8697457590363122,
  "gcor": 0.0198872,
  "gsr_x": -0.014052069745957851,
  "gsr_y": 0.031192597001791,
  "provenance": {
    "md5sum": "6064ffaada5e3c5348eef65d33b03214",
    "settings": {
      "fd_thres": 0.2,
      "testing": false
    },
    "software": "mriqc",
    "version": "23.0.1",
    "webapi_port": null,
    "webapi_url": "https://mriqc.nimh.nih.gov/api/v1"
  },
  "size_t": 833,
  "size_x": 90,
  "size_y": 90,
  "size_z": 60,
  "snr": 7.326096017959245,
  "spacing_tr": 0.800000011920929,
  "spacing_x": 2.4000000953674316,
  "spacing_y": 2.4000000953674316,
  "spacing_z": 2.4000000953674316,
  "summary_bg_k": 30.413185654052818,
  "summary_bg_mad": 5.280769348308884,
  "summary_bg_mean": 21.590160369873047,
  "summary_bg_median": 6.7527008056640625,
  "summary_bg_n": 348926.0,
  "summary_bg_p05": 2.6242496967315674,
  "summary_bg_p95": 90.14495658874512,
  "summary_bg_stdv": 45.025901794433594,
  "summary_fg_k": 1.3590305006229126,
  "summary_fg_mad": 87.0543772372823,
  "summary_fg_mean": 629.823974609375,
  "summary_fg_median": 630.4585571289062,
  "summary_fg_n": 71138.0,
  "summary_fg_p05": 498.6331268310547,
  "summary_fg_p95": 765.1113098144531,
  "summary_fg_stdv": 86.05594635009766,
  "tsnr": 31.864877928281203
}