{
  "aor": 0.0020096052631578946,
  "aqi": 0.018016380526315788,
  "bids_meta": {
    "AcquisitionMatrixPE": 90,
    "AcquisitionNumber": 1,
    "AcquisitionTime": "15:52:50.125000",
    "BandwidthPerPixelPhaseEncode": 21.368,
    "BaseResolution": 90,
    "BodyPartExamined": "BRAIN",
    "CoilString": "HC1-7;NC1_2",
    "ConsistencyInfo": "N4_VE11C_LATEST_20160120",
    "ConversionSoftware": "dcm2niix",
    "ConversionSoftwareVersion": "v1.0.20190410  GCC6.3.0",
    "DerivedVendorReportedEchoSpacing": 0.000519988,
    "DeviceSerialNumber": "167001",
    "DwellTime": 2.2e-06,
    "EchoTime": 0.03,
    "EchoTrainLength": 90,
    "EffectiveEchoSpacing": 0.000519988,
    "FlipAngle": 52,
    "ImageOrientationPatientDICOM": [
      0.998806,
      -0.0351736,
      -0.0338989,
      0.0212708,
      0.93785,
      -0.346389
    ],
    "ImageType": [
      "ORIGINAL",
      "PRIMARY",
      "M",
      "ND",
      "NORM",
      "MOSAIC"
    ],
    "ImagingFrequency": 123.229,
    "InPlanePhaseEncodingDirectionDICOM": "COL",
    "InstitutionAddress": "Cooper_60_St._Lucia_QLD_AU_4072",
    "InstitutionName": "St_Lucia_Campus",
    "InstitutionalDepartmentName": "Gehrmann_Labs_MRI",
    "MRAcquisitionType": "2D",
    "MagneticFieldStrength": 3,
    "Manufacturer": "Siemens",
    "ManufacturersModelName": "Prisma_fit",
    "Modality": "MR",
    "MultibandAccelerationFactor": 6,
    "PartialFourier": 1,
    "PatientPosition": "HFS",
    "PercentPhaseFOV": 100,
    "PhaseEncodingDirection": "j-",
    "PhaseEncodingSteps": 90,
    "PhaseResolution": 1,
    "PixelBandwidth": 2525,
    "ProcedureStepDescription": "Research_16092_QTAB",
    "ProtocolName": "PARTLY_CLOUDY_mb6_2.4",
    "PulseSequenceDetails": "%SiemensSeq%_ep2d_bold",
    "ReceiveCoilActiveElements": "HC1-7;NC1,2",
    "ReceiveCoilName": "HeadNeck_64",
    "ReconMatrixPE": 90,
    "RefLinesPE": 12,
    "RepetitionTime": 0.8,
    "SAR": 0.0731122,
    "ScanOptions": "FS",
    "ScanningSequence": "EP",
    "SequenceName": "_epfid2d1_90",
    "SequenceVariant": "SK",
    "SeriesDescription": "PARTLY_CLOUDY_mb6_2.4",
    "SeriesNumber": 19,
    "ShimSetting": [
      3044,
      -4169,
      -746,
      445,
      -13,
      27,
      -161,
      -27
    ],
    "SliceThickness": 2.4,
    "SliceTiming": [
      0.545,
      0,
      0.39,
      0.0775,
      0.4675,
      0.235,
      0.625,
      0.3125,
      0.7025,
      0.155,
      0.545,
      0,
      0.39,
      0.0775,
      0.4675,
      0.235,
      0.625,
      0.3125,
      0.7025,
      0.155,
      0.545,
      0,
      0.39,
      0.0775,
      0.4675,
      0.235,
      0.625,
      0.3125,
      0.7025,
      0.155,
      0.545,
      0,
      0.39,
      0.0775,
      0.4675,
      0.235,
      0.625,
      0.3125,
      0.7025,
      0.155,
      0.545,
      0,
      0.39,
      0.0775,
      0.4675,
      0.235,
      0.625,
      0.3125,
      0.7025,
      0.155,
      0.545,
      0,
      0.39,
      0.0775,
      0.4675,
      0.235,
      0.625,
      0.3125,
      0.7025,
      0.155
    ],
    "SoftwareVersions": "syngo_MR_E11",
    "SpacingBetweenSlices": 2.4,
    "StationName": "mrc_Trio",
    "TaskName": "partlycloudy",
    "TotalReadoutTime": 0.046279,
    "TxRefAmp": 206.414,
    "dataset": "ds004146",
    "modality": "bold",
    "session_id": "02",
    "subject_id": "0013",
    "task_id": "partlycloudy"
  },
  "dummy_trs": 0,
  "dvars_nstd": 32.20997632709762,
  "dvars_std": 1.1603840084432722,
  "dvars_vstd": 1.0112810917150392,
  "efc": 0.46449071042321227,
  "fber": 8560.7841796875,
  "fd_mean": 0.12322106652828858,
  "fd_num": 38,
  "fd_perc": 10.0,
  "fwhm_avg": 1.773761099670031,
  "fwhm_x": 1.6621499339520958,
  "fwhm_y": 1.8761290921159948,
  "fwhm_z": 1.783004272942003,
  "gcor": 0.0316031,
  "gsr_x": -0.01591399312019348,
  "gsr_y": 0.026686284691095352,
  "provenance": {
    "md5sum": "ff7001d912f38ff6051c3ca4e156cf1a",
    "settings": {
      "fd_thres": 0.2,
      "testing": false
    },
    "software": "mriqc",
    "version": "23.0.1",
    "webapi_port": null,
    "webapi_url": "https://mriqc.nimh.nih.gov/api/v1"
  },
  "size_t": 380,
  "size_x": 90,
  "size_y": 90,
  "size_z": 60,
  "snr": 7.328364290553924,
  "spacing_tr": 0.800000011920929,
  "spacing_x": 2.4000000953674316,
  "spacing_y": 2.4000000953674316,
  "spacing_z": 2.3999998569488525,
  "summary_bg_k": 35.45654957311057,
  "summary_bg_mad": 4.86137462045911,
  "summary_bg_mean": 20.698062896728516,
  "summary_bg_median": 7.1105265617370605,
  "summary_bg_n": 334912.0,
  "summary_bg_p05": 3.0631580352783203,
  "summary_bg_p95": 85.07486915588382,
  "summary_bg_stdv": 44.39128875732422,
  "summary_fg_k": 2.595105367489637,
  "summary_fg_mad": 87.52818737010062,
  "summary_fg_mean": 664.6985473632812,
  "summary_fg_median": 664.1237182617188,
  "summary_fg_n": 81645.0,
  "summary_fg_p05": 530.726318359375,
  "summary_fg_p95": 805.0031982421875,
  "summary_fg_stdv": 90.62317657470703,
  "tsnr": 46.175593711435795
}