{
  "aor": 0.0014736243386243384,
  "aqi": 0.01194799523809524,
  "bids_meta": {
    "AcquisitionMatrixPE": 90,
    "AcquisitionNumber": 1,
    "AcquisitionTime": "14:35:42.555000",
    "BandwidthPerPixelPhaseEncode": 21.368,
    "BaseResolution": 90,
    "BodyPartExamined": "BRAIN",
    "CoilString": "HC1-7;NC1_2",
    "ConsistencyInfo": "N4_VE11C_LATEST_20160120",
    "ConversionSoftware": "dcm2niix",
    "ConversionSoftwareVersion": "v1.0.20190410  GCC6.3.0",
    "DerivedVendorReportedEchoSpacing": 0.000519988,
    "DeviceSerialNumber": "167001",
    "DwellTime": 2.2e-06,
    "EchoTime": 0.03,
    "EchoTrainLength": 90,
    "EffectiveEchoSpacing": 0.000519988,
    "FlipAngle": 52,
    "ImageOrientationPatientDICOM": [
      0.997197,
      -0.0140545,
      -0.0734922,
      0.00870238,
      0.99732,
      -0.0726452
    ],
    "ImageType": [
      "ORIGINAL",
      "PRIMARY",
      "M",
      "ND",
      "NORM",
      "MOSAIC"
    ],
    "ImagingFrequency": 123.232,
    "InPlanePhaseEncodingDirectionDICOM": "COL",
    "InstitutionAddress": "Cooper_60_St._Lucia_QLD_AU_4072",
    "InstitutionName": "Centre_for_Advanced_Imaging",
    "InstitutionalDepartmentName": "Gehrmann_Labs_MRI",
    "MRAcquisitionType": "2D",
    "MagneticFieldStrength": 3,
    "Manufacturer": "Siemens",
    "ManufacturersModelName": "Prisma_fit",
    "Modality": "MR",
    "MultibandAccelerationFactor": 6,
    "PartialFourier": 1,
    "PatientPosition": "HFS",
    "PercentPhaseFOV": 100,
    "PhaseEncodingDirection": "j-",
    "PhaseEncodingSteps": 90,
    "PhaseResolution": 1,
    "PixelBandwidth": 2525,
    "ProcedureStepDescription": "Research_16092_QTAB",
    "ProtocolName": "PARTLY_CLOUDY_mb6_2.4",
    "PulseSequenceDetails": "%SiemensSeq%_ep2d_bold",
    "ReceiveCoilActiveElements": "HC1-7;NC1,2",
    "ReceiveCoilName": "HeadNeck_64",
    "ReconMatrixPE": 90,
    "RefLinesPE": 12,
    "RepetitionTime": 0.8,
    "SAR": 0.0553143,
    "ScanOptions": "FS",
    "ScanningSequence": "EP",
    "SequenceName": "_epfid2d1_90",
    "SequenceVariant": "SK",
    "SeriesDescription": "PARTLY_CLOUDY_mb6_2.4",
    "SeriesNumber": 23,
    "ShimSetting": [
      3034,
      -4157,
      -804,
      517,
      -90,
      58,
      45,
      -39
    ],
    "SliceThickness": 2.4,
    "SliceTiming": [
      0.5475,
      0,
      0.39,
      0.08,
      0.47,
      0.235,
      0.625,
      0.3125,
      0.7025,
      0.1575,
      0.5475,
      0,
      0.39,
      0.08,
      0.47,
      0.235,
      0.625,
      0.3125,
      0.7025,
      0.1575,
      0.5475,
      0,
      0.39,
      0.08,
      0.47,
      0.235,
      0.625,
      0.3125,
      0.7025,
      0.1575,
      0.5475,
      0,
      0.39,
      0.08,
      0.47,
      0.235,
      0.625,
      0.3125,
      0.7025,
      0.1575,
      0.5475,
      0,
      0.39,
      0.08,
      0.47,
      0.235,
      0.625,
      0.3125,
      0.7025,
      0.1575,
      0.5475,
      0,
      0.39,
      0.08,
      0.47,
      0.235,
      0.625,
      0.3125,
      0.7025,
      0.1575
    ],
    "SoftwareVersions": "syngo_MR_E11",
    "SpacingBetweenSlices": 2.4,
    "StationName": "mrc_Trio",
    "TaskName": "partlycloudy",
    "TotalReadoutTime": 0.046279,
    "TxRefAmp": 217.436,
    "dataset": "ds004146",
    "modality": "bold",
    "session_id": "02",
    "subject_id": "0311",
    "task_id": "partlycloudy"
  },
  "dummy_trs": 2,
  "dvars_nstd": 29.879922385941626,
  "dvars_std": 1.1458062912732103,
  "dvars_vstd": 1.025810163448276,
  "efc": 0.5014343278907767,
  "fber": 6782.76513671875,
  "fd_mean": 0.17098068464934524,
  "fd_num": 140,
  "fd_perc": 37.03703703703704,
  "fwhm_avg": 1.881118038856739,
  "fwhm_x": 1.7530542711568438,
  "fwhm_y": 2.0262749194830687,
  "fwhm_z": 1.864024925930304,
  "gcor": 0.0109692,
  "gsr_x": -0.017414161935448647,
  "gsr_y": 0.033475324511528015,
  "provenance": {
    "md5sum": "2c4d93d5d39fe91f3aa92fcc917163f0",
    "settings": {
      "fd_thres": 0.2,
      "testing": false
    },
    "software": "mriqc",
    "version": "23.0.1",
    "webapi_port": null,
    "webapi_url": "https://mriqc.nimh.nih.gov/api/v1"
  },
  "size_t": 378,
  "size_x": 90,
  "size_y": 90,
  "size_z": 60,
  "snr": 6.9303644699384686,
  "spacing_tr": 0.800000011920929,
  "spacing_x": 2.3999998569488525,
  "spacing_y": 2.4000000953674316,
  "spacing_z": 2.4000000953674316,
  "summary_bg_k": 23.878751392308992,
  "summary_bg_mad": 5.820586199445766,
  "summary_bg_mean": 28.208589553833008,
  "summary_bg_median": 8.066137313842773,
  "summary_bg_n": 321905.0,
  "summary_bg_p05": 3.452380895614624,
  "summary_bg_p95": 126.39417419433579,
  "summary_bg_stdv": 57.04335021972656,
  "summary_fg_k": 1.6659251717656103,
  "summary_fg_mad": 93.80010874245312,
  "summary_fg_mean": 678.4077758789062,
  "summary_fg_median": 677.161376953125,
  "summary_fg_n": 92345.0,
  "summary_fg_p05": 530.8042236328125,
  "summary_fg_p95": 835.4534301757812,
  "summary_fg_stdv": 97.70881652832031,
  "tsnr": 51.849992129951715
}