{
  "aor": 0.0005525526315789473,
  "aqi": 0.017687666315789476,
  "bids_meta": {
    "AcquisitionMatrixPE": 90,
    "AcquisitionNumber": 1,
    "AcquisitionTime": "10:19:28.130000",
    "BandwidthPerPixelPhaseEncode": 21.368,
    "BaseResolution": 90,
    "BodyPartExamined": "BRAIN",
    "CoilString": "HC1-7;NC1_2",
    "ConsistencyInfo": "N4_VE11C_LATEST_20160120",
    "ConversionSoftware": "dcm2niix",
    "ConversionSoftwareVersion": "v1.0.20190410  GCC6.3.0",
    "DerivedVendorReportedEchoSpacing": 0.000519988,
    "DeviceSerialNumber": "167001",
    "DwellTime": 2.2e-06,
    "EchoTime": 0.03,
    "EchoTrainLength": 90,
    "EffectiveEchoSpacing": 0.000519988,
    "FlipAngle": 52,
    "ImageOrientationPatientDICOM": [
      0.998346,
      0.0319682,
      -0.0477882,
      -0.0397486,
      0.984307,
      -0.171932
    ],
    "ImageType": [
      "ORIGINAL",
      "PRIMARY",
      "M",
      "ND",
      "NORM",
      "MOSAIC"
    ],
    "ImagingFrequency": 123.229,
    "InPlanePhaseEncodingDirectionDICOM": "COL",
    "InstitutionAddress": "Cooper_60_St._Lucia_QLD_AU_4072",
    "InstitutionName": "Centre_for_Advanced_Imaging",
    "InstitutionalDepartmentName": "Gehrmann_Labs_MRI",
    "MRAcquisitionType": "2D",
    "MagneticFieldStrength": 3,
    "Manufacturer": "Siemens",
    "ManufacturersModelName": "Prisma_fit",
    "Modality": "MR",
    "MultibandAccelerationFactor": 6,
    "PartialFourier": 1,
    "PatientPosition": "HFS",
    "PercentPhaseFOV": 100,
    "PhaseEncodingDirection": "j-",
    "PhaseEncodingSteps": 90,
    "PhaseResolution": 1,
    "PixelBandwidth": 2525,
    "ProcedureStepDescription": "Research_16092_QTAB",
    "ProtocolName": "PARTLY_CLOUDY_mb6_2.4",
    "PulseSequenceDetails": "%SiemensSeq%_ep2d_bold",
    "ReceiveCoilActiveElements": "HC1-7;NC1,2",
    "ReceiveCoilName": "HeadNeck_64",
    "ReconMatrixPE": 90,
    "RefLinesPE": 12,
    "RepetitionTime": 0.8,
    "SAR": 0.0551976,
    "ScanOptions": "FS",
    "ScanningSequence": "EP",
    "SequenceName": "_epfid2d1_90",
    "SequenceVariant": "SK",
    "SeriesDescription": "PARTLY_CLOUDY_mb6_2.4",
    "SeriesNumber": 19,
    "ShimSetting": [
      3036,
      -4157,
      -819,
      525,
      -35,
      -76,
      -108,
      31
    ],
    "SliceThickness": 2.4,
    "SliceTiming": [
      0.545,
      0,
      0.39,
      0.0775,
      0.4675,
      0.2325,
      0.6225,
      0.31,
      0.7,
      0.155,
      0.545,
      0,
      0.39,
      0.0775,
      0.4675,
      0.2325,
      0.6225,
      0.31,
      0.7,
      0.155,
      0.545,
      0,
      0.39,
      0.0775,
      0.4675,
      0.2325,
      0.6225,
      0.31,
      0.7,
      0.155,
      0.545,
      0,
      0.39,
      0.0775,
      0.4675,
      0.2325,
      0.6225,
      0.31,
      0.7,
      0.155,
      0.545,
      0,
      0.39,
      0.0775,
      0.4675,
      0.2325,
      0.6225,
      0.31,
      0.7,
      0.155,
      0.545,
      0,
      0.39,
      0.0775,
      0.4675,
      0.2325,
      0.6225,
      0.31,
      0.7,
      0.155
    ],
    "SoftwareVersions": "syngo_MR_E11",
    "SpacingBetweenSlices": 2.4,
    "StationName": "mrc_Trio",
    "TaskName": "partlycloudy",
    "TotalReadoutTime": 0.046279,
    "TxRefAmp": 217.206,
    "dataset": "ds004146",
    "modality": "bold",
    "session_id": "02",
    "subject_id": "0227",
    "task_id": "partlycloudy"
  },
  "dummy_trs": 0,
  "dvars_nstd": 34.622963862216366,
  "dvars_std": 1.1930756930343012,
  "dvars_vstd": 0.9916627559630604,
  "efc": 0.4622783758651779,
  "fber": 7866.06591796875,
  "fd_mean": 0.09661359667729993,
  "fd_num": 12,
  "fd_perc": 3.1578947368421053,
  "fwhm_avg": 1.8063902059982802,
  "fwhm_x": 1.6835207664362284,
  "fwhm_y": 1.9550749223123023,
  "fwhm_z": 1.7805749292463093,
  "gcor": 0.031977,
  "gsr_x": -0.025433888658881187,
  "gsr_y": 0.047404833137989044,
  "provenance": {
    "md5sum": "147053fc612b923929a92862f1cee567",
    "settings": {
      "fd_thres": 0.2,
      "testing": false
    },
    "software": "mriqc",
    "version": "23.0.1",
    "webapi_port": null,
    "webapi_url": "https://mriqc.nimh.nih.gov/api/v1"
  },
  "size_t": 380,
  "size_x": 90,
  "size_y": 90,
  "size_z": 60,
  "snr": 6.993803121172069,
  "spacing_tr": 0.800000011920929,
  "spacing_x": 2.4000000953674316,
  "spacing_y": 2.4000000953674316,
  "spacing_z": 2.4000000953674316,
  "summary_bg_k": 24.534164417598884,
  "summary_bg_mad": 4.7209179625888,
  "summary_bg_mean": 25.580074310302734,
  "summary_bg_median": 7.218421459197998,
  "summary_bg_n": 343361.0,
  "summary_bg_p05": 3.51578950881958,
  "summary_bg_p95": 116.56316375732422,
  "summary_bg_stdv": 52.82015609741211,
  "summary_fg_k": 2.2054553805899895,
  "summary_fg_mad": 85.28279246355223,
  "summary_fg_mean": 648.0008544921875,
  "summary_fg_median": 646.0763549804688,
  "summary_fg_n": 73936.0,
  "summary_fg_p05": 511.49805450439453,
  "summary_fg_p95": 795.0223846435547,
  "summary_fg_stdv": 92.37777709960938,
  "tsnr": 42.727917543263175
}