{
  "aor": 0.0005818348623853211,
  "aqi": 0.0047909462996941895,
  "bids_meta": {
    "AcquisitionMatrixPE": 104,
    "AcquisitionNumber": 1,
    "AcquisitionTime": "10:01:36.052500",
    "BandwidthPerPixelPhaseEncode": 17.17,
    "BaseResolution": 104,
    "BodyPartExamined": "BRAIN",
    "CoilString": "HC1-7;NC1_2",
    "ConsistencyInfo": "N4_VE11C_LATEST_20160120",
    "ConversionSoftware": "dcm2niix",
    "ConversionSoftwareVersion": "v1.0.20181125  (JP2:OpenJPEG) GCC6.3.0",
    "DerivedVendorReportedEchoSpacing": 0.000560011,
    "DeviceSerialNumber": "167001",
    "DwellTime": 2.1e-06,
    "EchoTime": 0.03,
    "EchoTrainLength": 91,
    "EffectiveEchoSpacing": 0.000560011,
    "FlipAngle": 52,
    "ImageOrientationPatientDICOM": [
      0.995134,
      -0.0127124,
      -0.0977024,
      -0.0295349,
      0.907548,
      -0.418908
    ],
    "ImageType": [
      "ORIGINAL",
      "PRIMARY",
      "M",
      "ND",
      "MOSAIC"
    ],
    "ImagingFrequency": 123.229,
    "InPlanePhaseEncodingDirectionDICOM": "COL",
    "InstitutionAddress": "Cooper_60_St._Lucia_QLD_AU_4072",
    "InstitutionName": "St_Lucia_Campus",
    "InstitutionalDepartmentName": "Gehrmann_Labs_MRI",
    "MRAcquisitionType": "2D",
    "MagneticFieldStrength": 3,
    "Manufacturer": "Siemens",
    "ManufacturersModelName": "Prisma_fit",
    "Modality": "MR",
    "MultibandAccelerationFactor": 6,
    "PartialFourier": 0.875,
    "PatientPosition": "HFS",
    "PercentPhaseFOV": 100,
    "PhaseEncodingDirection": "j-",
    "PhaseEncodingSteps": 91,
    "PhaseResolution": 1,
    "PixelBandwidth": 2290,
    "ProcedureStepDescription": "Research_16092_QTAB",
    "ProtocolName": "ep2d_REST_SMS6_A-P",
    "PulseSequenceDetails": "%SiemensSeq%_ep2d_bold",
    "ReceiveCoilActiveElements": "HC1-7;NC1,2",
    "ReceiveCoilName": "HeadNeck_64",
    "ReconMatrixPE": 104,
    "RepetitionTime": 0.93,
    "SAR": 0.0658482,
    "ScanOptions": "PFP_FS",
    "ScanningSequence": "EP",
    "SequenceName": "_epfid2d1_104",
    "SequenceVariant": "SK",
    "SeriesDescription": "ep2d_REST_SMS6_A-P",
    "SeriesNumber": 9,
    "ShimSetting": [
      3012,
      -4140,
      -779,
      413,
      -115,
      -147,
      -205,
      -22
    ],
    "SliceThickness": 2,
    "SliceTiming": [
      0.6825,
      0,
      0.455,
      0.075,
      0.53,
      0.15,
      0.605,
      0.3025,
      0.7575,
      0.3775,
      0.8325,
      0.2275,
      0.6825,
      0,
      0.455,
      0.075,
      0.53,
      0.15,
      0.605,
      0.3025,
      0.7575,
      0.3775,
      0.8325,
      0.2275,
      0.6825,
      0,
      0.455,
      0.075,
      0.53,
      0.15,
      0.605,
      0.3025,
      0.7575,
      0.3775,
      0.8325,
      0.2275,
      0.6825,
      0,
      0.455,
      0.075,
      0.53,
      0.15,
      0.605,
      0.3025,
      0.7575,
      0.3775,
      0.8325,
      0.2275,
      0.6825,
      0,
      0.455,
      0.075,
      0.53,
      0.15,
      0.605,
      0.3025,
      0.7575,
      0.3775,
      0.8325,
      0.2275,
      0.6825,
      0,
      0.455,
      0.075,
      0.53,
      0.15,
      0.605,
      0.3025,
      0.7575,
      0.3775,
      0.8325,
      0.2275
    ],
    "SoftwareVersions": "syngo_MR_E11",
    "SpacingBetweenSlices": 2,
    "StationName": "mrc_Trio",
    "TaskName": "rest",
    "TotalReadoutTime": 0.0576811,
    "TxRefAmp": 211.337,
    "dataset": "ds004146",
    "modality": "bold",
    "session_id": "01",
    "subject_id": "0150",
    "task_id": "rest"
  },
  "dummy_trs": 0,
  "dvars_nstd": 41.040628679110426,
  "dvars_std": 1.127168918159509,
  "dvars_vstd": 1.004899924263803,
  "efc": 0.521107857546282,
  "fber": 740.6104736328125,
  "fd_mean": 0.17399724905489877,
  "fd_num": 108,
  "fd_perc": 33.027522935779814,
  "fwhm_avg": 3.19346,
  "fwhm_x": 3.00706,
  "fwhm_y": 3.26506,
  "fwhm_z": 3.30826,
  "gcor": 0.00552237,
  "gsr_x": -0.006225638557225466,
  "gsr_y": 0.04341990500688553,
  "provenance": {
    "md5sum": "13ea25d18f3acbfcad6251424ba290b8",
    "settings": {
      "fd_thres": 0.2,
      "testing": false
    },
    "software": "mriqc",
    "version": "23.0.1",
    "webapi_port": null,
    "webapi_url": "https://mriqc.nimh.nih.gov/api/v1"
  },
  "size_t": 327,
  "size_x": 104,
  "size_y": 104,
  "size_z": 72,
  "snr": 2.5358366410650506,
  "spacing_tr": 0.9300000071525574,
  "spacing_x": 2.0,
  "spacing_y": 2.0,
  "spacing_z": 2.0,
  "summary_bg_k": 41.23649035985282,
  "summary_bg_mad": 8.632645463582627,
  "summary_bg_mean": 40.30805969238281,
  "summary_bg_median": 20.975536346435547,
  "summary_bg_n": 516805.0,
  "summary_bg_p05": 14.45259952545166,
  "summary_bg_p95": 132.27462463378902,
  "summary_bg_stdv": 57.856136322021484,
  "summary_fg_k": 0.965802010973158,
  "summary_fg_mad": 209.12172612619352,
  "summary_fg_mean": 617.7591552734375,
  "summary_fg_median": 579.2018432617188,
  "summary_fg_n": 161300.0,
  "summary_fg_p05": 329.13732757568357,
  "summary_fg_p95": 1067.3658813476559,
  "summary_fg_stdv": 228.40589904785156,
  "tsnr": 39.37157992925495
}