{
  "bids_meta": {
    "AcquisitionMatrixPE": 256,
    "AcquisitionNumber": 1,
    "AcquisitionTime": "10:26:3.107500",
    "BaseResolution": 256,
    "BodyPartExamined": "BRAIN",
    "CoilString": "HC1-7;NC1_2",
    "ConsistencyInfo": "N4_VE11C_LATEST_20160120",
    "ConversionSoftware": "dcm2niix",
    "ConversionSoftwareVersion": "v1.0.20181125  (JP2:OpenJPEG) GCC6.3.0",
    "DeviceSerialNumber": "167001",
    "DwellTime": 2.6e-06,
    "EchoTime": 0.408,
    "EchoTrainLength": 259,
    "FlipAngle": 120,
    "ImageOrientationPatientDICOM": [
      0.0534882,
      0.998315,
      -0.0224949,
      0.0386912,
      -0.0245822,
      -0.998949
    ],
    "ImageType": [
      "ORIGINAL",
      "PRIMARY",
      "M",
      "ND",
      "NORM"
    ],
    "ImagingFrequency": 123.229,
    "InPlanePhaseEncodingDirectionDICOM": "ROW",
    "InstitutionAddress": "Cooper_60_St._Lucia_QLD_AU_4072",
    "InstitutionName": "Centre_for_Advanced_Imaging",
    "InstitutionalDepartmentName": "Gehrmann_Labs_MRI",
    "MRAcquisitionType": "3D",
    "MagneticFieldStrength": 3,
    "Manufacturer": "Siemens",
    "ManufacturersModelName": "Prisma_fit",
    "Modality": "MR",
    "PartialFourier": 1,
    "PatientPosition": "HFS",
    "PercentPhaseFOV": 100,
    "PhaseEncodingSteps": 233,
    "PhaseResolution": 1,
    "PixelBandwidth": 750,
    "ProcedureStepDescription": "Research_16092_QTAB",
    "ProtocolName": "t2_spc_sag_p2_iso",
    "PulseSequenceDetails": "%SiemensSeq%_tse_vfl",
    "ReceiveCoilActiveElements": "HC1-7;NC1,2",
    "ReceiveCoilName": "HeadNeck_64",
    "ReconMatrixPE": 256,
    "RepetitionTime": 3.2,
    "SAR": 0.19811,
    "ScanOptions": "PFP",
    "ScanningSequence": "SE",
    "SequenceName": "_spcR_282ns",
    "SequenceVariant": "SK_SP",
    "SeriesDescription": "t2_spc_sag_p2_iso",
    "SeriesNumber": 19,
    "ShimSetting": [
      3044,
      -4172,
      -1039,
      -11,
      -3,
      35,
      -21,
      -13
    ],
    "SliceThickness": 1,
    "SoftwareVersions": "syngo_MR_E11",
    "StationName": "mrc_Trio",
    "TxRefAmp": 208.554,
    "dataset": "ds004146",
    "modality": "T2w",
    "session_id": "01",
    "subject_id": "0035"
  },
  "cjv": 1.6157516245246137,
  "cnr": 0.9613098023650415,
  "efc": 0.6323851777980256,
  "fber": -1.0,
  "fwhm_avg": 4.193600046944934,
  "fwhm_x": 4.406412762642668,
  "fwhm_y": 4.41859993415773,
  "fwhm_z": 3.755787444034406,
  "icvs_csf": 0.49354957160603224,
  "icvs_gm": 0.12349022168318473,
  "icvs_wm": 0.38296020671078307,
  "inu_med": 1.0334722995758057,
  "inu_range": 0.3200872242450714,
  "provenance": {
    "md5sum": "4da720227106f986da7ab30192b59609",
    "settings": {
      "testing": false
    },
    "software": "mriqc",
    "version": "23.0.1",
    "warnings": {
      "large_rot_frame": true,
      "small_air_mask": false
    },
    "webapi_port": null,
    "webapi_url": "https://mriqc.nimh.nih.gov/api/v1"
  },
  "qi_1": 0.0,
  "qi_2": 0.012786728073749198,
  "rpve_csf": 9.049791715141371,
  "rpve_gm": 31.906474920299036,
  "rpve_wm": 11.47041410391292,
  "size_x": 192,
  "size_y": 300,
  "size_z": 320,
  "snr_csf": 17.970348205634732,
  "snr_gm": 1.5417141593017243,
  "snr_total": 11.19911846951153,
  "snr_wm": 14.085293043598128,
  "snrd_csf": 104.34183109060076,
  "snrd_gm": 191.10559165444383,
  "snrd_total": 122.43019212431948,
  "snrd_wm": 71.84315362791378,
  "spacing_x": 0.7999999523162842,
  "spacing_y": 0.800000011920929,
  "spacing_z": 0.800000011920929,
  "summary_bg_k": 6.3157299198116,
  "summary_bg_mad": 0.0,
  "summary_bg_mean": 5.098604575467392,
  "summary_bg_median": 0.0,
  "summary_bg_n": 1836522.0,
  "summary_bg_p05": 0.0,
  "summary_bg_p95": 17.780778363347054,
  "summary_bg_stdv": 9.1182973095724,
  "summary_csf_k": 0.1864359050382487,
  "summary_csf_mad": 81.08762799906206,
  "summary_csf_mean": 1457.4787934636217,
  "summary_csf_median": 1452.2469484359026,
  "summary_csf_n": 231676.0,
  "summary_csf_p05": 1335.5090111643076,
  "summary_csf_p95": 1596.2937604933977,
  "summary_csf_stdv": 80.81333748210275,
  "summary_gm_k": -1.6038393394803958,
  "summary_gm_mad": 2605.1486081838584,
  "summary_gm_mean": 2301.021157227222,
  "summary_gm_median": 2659.8393895179033,
  "summary_gm_n": 82393.0,
  "summary_gm_p05": 71.64828412234783,
  "summary_gm_p95": 4597.794182360172,
  "summary_gm_stdv": 1725.2376079235603,
  "summary_wm_k": -0.40513218839181375,
  "summary_wm_mad": 76.8608380622111,
  "summary_wm_mean": 1000.9550482850389,
  "summary_wm_median": 999.9249536991119,
  "summary_wm_n": 323268.0,
  "summary_wm_p05": 886.0379429161549,
  "summary_wm_p95": 1115.9126471579075,
  "summary_wm_stdv": 70.9906001965774,
  "tpm_overlap_csf": 0.10640255100871225,
  "tpm_overlap_gm": 0.08199672794943032,
  "tpm_overlap_wm": 0.43693084460022785,
  "wm2max": 0.22417330857323509
}