{
  "aor": 0.002454846625766871,
  "aqi": 0.006614954815950921,
  "bids_meta": {
    "AcquisitionMatrixPE": 104,
    "AcquisitionNumber": 1,
    "AcquisitionTime": "14:04:17.107500",
    "BandwidthPerPixelPhaseEncode": 17.17,
    "BaseResolution": 104,
    "BodyPartExamined": "BRAIN",
    "CoilString": "HC1-7;NC1_2",
    "ConsistencyInfo": "N4_VE11C_LATEST_20160120",
    "ConversionSoftware": "dcm2niix",
    "ConversionSoftwareVersion": "v1.0.20190410  GCC6.3.0",
    "DerivedVendorReportedEchoSpacing": 0.000560011,
    "DeviceSerialNumber": "167001",
    "DwellTime": 2.1e-06,
    "EchoTime": 0.03,
    "EchoTrainLength": 91,
    "EffectiveEchoSpacing": 0.000560011,
    "FlipAngle": 52,
    "ImageOrientationPatientDICOM": [
      0.999207,
      0.0166083,
      -0.0361782,
      -0.0209304,
      0.992239,
      -0.122571
    ],
    "ImageType": [
      "ORIGINAL",
      "PRIMARY",
      "M",
      "ND",
      "MOSAIC"
    ],
    "ImagingFrequency": 123.229,
    "InPlanePhaseEncodingDirectionDICOM": "COL",
    "InstitutionAddress": "Cooper_60_St._Lucia_QLD_AU_4072",
    "InstitutionName": "St_Lucia_Campus",
    "InstitutionalDepartmentName": "Gehrmann_Labs_MRI",
    "MRAcquisitionType": "2D",
    "MagneticFieldStrength": 3,
    "Manufacturer": "Siemens",
    "ManufacturersModelName": "Prisma_fit",
    "Modality": "MR",
    "MultibandAccelerationFactor": 6,
    "PartialFourier": 0.875,
    "PatientPosition": "HFS",
    "PercentPhaseFOV": 100,
    "PhaseEncodingDirection": "j-",
    "PhaseEncodingSteps": 91,
    "PhaseResolution": 1,
    "PixelBandwidth": 2290,
    "ProcedureStepDescription": "Research_16092_QTAB",
    "ProtocolName": "ep2d_REST_SMS6_A-P",
    "PulseSequenceDetails": "%SiemensSeq%_ep2d_bold",
    "ReceiveCoilActiveElements": "HC1-7;NC1,2",
    "ReceiveCoilName": "HeadNeck_64",
    "ReconMatrixPE": 104,
    "RefLinesPE": 12,
    "RepetitionTime": 0.93,
    "SAR": 0.0676853,
    "ScanOptions": "PFP_FS",
    "ScanningSequence": "EP",
    "SequenceName": "_epfid2d1_104",
    "SequenceVariant": "SK",
    "SeriesDescription": "ep2d_REST_SMS6_A-P",
    "SeriesNumber": 9,
    "ShimSetting": [
      3053,
      -4157,
      -788,
      309,
      56,
      -85,
      -105,
      23
    ],
    "SliceThickness": 2,
    "SliceTiming": [
      0.6825,
      0,
      0.455,
      0.075,
      0.53,
      0.15,
      0.605,
      0.3025,
      0.7575,
      0.3775,
      0.8325,
      0.2275,
      0.6825,
      0,
      0.455,
      0.075,
      0.53,
      0.15,
      0.605,
      0.3025,
      0.7575,
      0.3775,
      0.8325,
      0.2275,
      0.6825,
      0,
      0.455,
      0.075,
      0.53,
      0.15,
      0.605,
      0.3025,
      0.7575,
      0.3775,
      0.8325,
      0.2275,
      0.6825,
      0,
      0.455,
      0.075,
      0.53,
      0.15,
      0.605,
      0.3025,
      0.7575,
      0.3775,
      0.8325,
      0.2275,
      0.6825,
      0,
      0.455,
      0.075,
      0.53,
      0.15,
      0.605,
      0.3025,
      0.7575,
      0.3775,
      0.8325,
      0.2275,
      0.6825,
      0,
      0.455,
      0.075,
      0.53,
      0.15,
      0.605,
      0.3025,
      0.7575,
      0.3775,
      0.8325,
      0.2275
    ],
    "SoftwareVersions": "syngo_MR_E11",
    "SpacingBetweenSlices": 2,
    "StationName": "mrc_Trio",
    "TaskName": "rest",
    "TotalReadoutTime": 0.0576811,
    "TxRefAmp": 206.402,
    "dataset": "ds004146",
    "modality": "bold",
    "session_id": "02",
    "subject_id": "0047",
    "task_id": "rest"
  },
  "dummy_trs": 1,
  "dvars_nstd": 38.630690043569224,
  "dvars_std": 1.0992002873538467,
  "dvars_vstd": 1.028019197446153,
  "efc": 0.48525459713740693,
  "fber": 1077.00634765625,
  "fd_mean": 0.2117305859207217,
  "fd_num": 97,
  "fd_perc": 29.754601226993866,
  "fwhm_avg": 3.298675,
  "fwhm_x": 3.09692,
  "fwhm_y": 3.44285,
  "fwhm_z": 3.356255,
  "gcor": 0.0215476,
  "gsr_x": -0.020411107689142227,
  "gsr_y": 0.0686466172337532,
  "provenance": {
    "md5sum": "fc7bed7ccad4f8cff9b5ebe6c9c63d33",
    "settings": {
      "fd_thres": 0.2,
      "testing": false
    },
    "software": "mriqc",
    "version": "23.0.1",
    "webapi_port": null,
    "webapi_url": "https://mriqc.nimh.nih.gov/api/v1"
  },
  "size_t": 326,
  "size_x": 104,
  "size_y": 104,
  "size_z": 72,
  "snr": 2.635101480886645,
  "spacing_tr": 0.9300000071525574,
  "spacing_x": 2.0,
  "spacing_y": 2.0,
  "spacing_z": 2.0,
  "summary_bg_k": 49.68727547326631,
  "summary_bg_mad": 4.5160240372194576,
  "summary_bg_mean": 36.07777786254883,
  "summary_bg_median": 17.957054138183594,
  "summary_bg_n": 547685.0,
  "summary_bg_p05": 14.355828285217285,
  "summary_bg_p95": 125.95276031494133,
  "summary_bg_stdv": 55.36080551147461,
  "summary_fg_k": 0.7045108068832375,
  "summary_fg_mad": 221.18513028272707,
  "summary_fg_mean": 631.4271850585938,
  "summary_fg_median": 596.29296875,
  "summary_fg_n": 136448.0,
  "summary_fg_p05": 339.3384811401367,
  "summary_fg_p95": 1049.6925842285154,
  "summary_fg_stdv": 226.28759765625,
  "tsnr": 35.5700995400548
}