{
  "aor": 0.0005560307692307693,
  "aqi": 0.007414342461538462,
  "bids_meta": {
    "AcquisitionMatrixPE": 104,
    "AcquisitionNumber": 1,
    "AcquisitionTime": "09:19:34.397500",
    "BandwidthPerPixelPhaseEncode": 17.17,
    "BaseResolution": 104,
    "BodyPartExamined": "BRAIN",
    "ConsistencyInfo": "N4_VE11C_LATEST_20160120",
    "ConversionSoftware": "dcm2niix",
    "ConversionSoftwareVersion": "v1.0.20171215 GCC6.3.0",
    "DerivedVendorReportedEchoSpacing": 0.000560011,
    "DeviceSerialNumber": "167001",
    "DwellTime": 2.1e-06,
    "EchoTime": 0.03,
    "EchoTrainLength": 91,
    "EffectiveEchoSpacing": 0.000560011,
    "FlipAngle": 52,
    "ImageOrientationPatientDICOM": [
      0.998556,
      0.0211031,
      -0.049395,
      -0.0378371,
      0.929064,
      -0.367979
    ],
    "ImageType": [
      "ORIGINAL",
      "PRIMARY",
      "M",
      "ND",
      "MOSAIC"
    ],
    "InPlanePhaseEncodingDirectionDICOM": "COL",
    "InstitutionAddress": "Cooper_60_St._Lucia_QLD_AU_4072",
    "InstitutionName": "St_Lucia_Campus",
    "InstitutionalDepartmentName": "Gehrmann_Labs_MRI",
    "MRAcquisitionType": "2D",
    "MagneticFieldStrength": 3,
    "Manufacturer": "Siemens",
    "ManufacturersModelName": "Prisma_fit",
    "Modality": "MR",
    "MultibandAccelerationFactor": 6,
    "PartialFourier": 0.875,
    "PatientPosition": "HFS",
    "PercentPhaseFOV": 100,
    "PhaseEncodingDirection": "j-",
    "PhaseEncodingSteps": 91,
    "PhaseResolution": 1,
    "PixelBandwidth": 2290,
    "ProcedureStepDescription": "Research_16092_QTAB",
    "ProtocolName": "ep2d_REST_SMS6_A-P",
    "PulseSequenceDetails": "%SiemensSeq%_ep2d_bold",
    "ReceiveCoilActiveElements": "HC1-7;NC1,2",
    "ReceiveCoilName": "HeadNeck_64",
    "ReconMatrixPE": 104,
    "RepetitionTime": 0.93,
    "SAR": 0.0671931,
    "ScanOptions": "PFP_FS",
    "ScanningSequence": "EP",
    "SequenceName": "_epfid2d1_104",
    "SequenceVariant": "SK",
    "SeriesDescription": "ep2d_REST_SMS6_A-P",
    "SeriesNumber": 9,
    "ShimSetting": [
      3024,
      -4154,
      -766,
      488,
      -59,
      86,
      -125,
      -2
    ],
    "SliceThickness": 2,
    "SliceTiming": [
      0.6825,
      0,
      0.455,
      0.075,
      0.53,
      0.15,
      0.605,
      0.3025,
      0.7575,
      0.3775,
      0.8325,
      0.2275,
      0.6825,
      0,
      0.455,
      0.075,
      0.53,
      0.15,
      0.605,
      0.3025,
      0.7575,
      0.3775,
      0.8325,
      0.2275,
      0.6825,
      0,
      0.455,
      0.075,
      0.53,
      0.15,
      0.605,
      0.3025,
      0.7575,
      0.3775,
      0.8325,
      0.2275,
      0.6825,
      0,
      0.455,
      0.075,
      0.53,
      0.15,
      0.605,
      0.3025,
      0.7575,
      0.3775,
      0.8325,
      0.2275,
      0.6825,
      0,
      0.455,
      0.075,
      0.53,
      0.15,
      0.605,
      0.3025,
      0.7575,
      0.3775,
      0.8325,
      0.2275,
      0.6825,
      0,
      0.455,
      0.075,
      0.53,
      0.15,
      0.605,
      0.3025,
      0.7575,
      0.3775,
      0.8325,
      0.2275
    ],
    "SoftwareVersions": "syngo_MR_E11",
    "SpacingBetweenSlices": 2,
    "StationName": "mrc_Trio",
    "TaskName": "rest",
    "TotalReadoutTime": 0.0576811,
    "TxRefAmp": 211.014,
    "dataset": "ds004146",
    "modality": "bold",
    "session_id": "01",
    "subject_id": "0039",
    "task_id": "rest"
  },
  "dummy_trs": 2,
  "dvars_nstd": 41.41761475413583,
  "dvars_std": 1.087909277561728,
  "dvars_vstd": 0.9855592344753084,
  "efc": 0.529194151371086,
  "fber": 899.468505859375,
  "fd_mean": 0.1360439369600272,
  "fd_num": 47,
  "fd_perc": 14.461538461538462,
  "fwhm_avg": 3.1117666666666666,
  "fwhm_x": 2.86871,
  "fwhm_y": 3.168885,
  "fwhm_z": 3.297705,
  "gcor": 0.00863296,
  "gsr_x": -0.021701421588659286,
  "gsr_y": 0.06827543675899506,
  "provenance": {
    "md5sum": "c38c3fbe987c28358b3de7080d7f9317",
    "settings": {
      "fd_thres": 0.2,
      "testing": false
    },
    "software": "mriqc",
    "version": "23.0.1",
    "webapi_port": null,
    "webapi_url": "https://mriqc.nimh.nih.gov/api/v1"
  },
  "size_t": 325,
  "size_x": 104,
  "size_y": 104,
  "size_z": 72,
  "snr": 2.695766248978872,
  "spacing_tr": 0.9300000071525574,
  "spacing_x": 2.0,
  "spacing_y": 2.0,
  "spacing_z": 2.0,
  "summary_bg_k": 46.22836849589093,
  "summary_bg_mad": 5.629325994371319,
  "summary_bg_mean": 37.39619064331055,
  "summary_bg_median": 18.353845596313477,
  "summary_bg_n": 506670.0,
  "summary_bg_p05": 14.15999984741211,
  "summary_bg_p95": 126.68307495117188,
  "summary_bg_stdv": 55.13827896118164,
  "summary_fg_k": 0.7715116970651144,
  "summary_fg_mad": 202.71273372659,
  "summary_fg_mean": 588.8621215820312,
  "summary_fg_median": 559.36767578125,
  "summary_fg_n": 169510.0,
  "summary_fg_p05": 314.9415283203125,
  "summary_fg_p95": 967.4526092529296,
  "summary_fg_stdv": 207.4979705810547,
  "tsnr": 34.646574943559244
}