{
  "aor": 0.0008564285714285714,
  "aqi": 0.019086769841269845,
  "bids_meta": {
    "AcquisitionMatrixPE": 90,
    "AcquisitionNumber": 1,
    "AcquisitionTime": "10:31:28.082500",
    "BandwidthPerPixelPhaseEncode": 21.368,
    "BaseResolution": 90,
    "BodyPartExamined": "BRAIN",
    "CoilString": "HC1-7;NC1_2",
    "ConsistencyInfo": "N4_VE11C_LATEST_20160120",
    "ConversionSoftware": "dcm2niix",
    "ConversionSoftwareVersion": "v1.0.20190410  GCC6.3.0",
    "DerivedVendorReportedEchoSpacing": 0.000519988,
    "DeviceSerialNumber": "167001",
    "DwellTime": 2.2e-06,
    "EchoTime": 0.03,
    "EchoTrainLength": 90,
    "EffectiveEchoSpacing": 0.000519988,
    "FlipAngle": 52,
    "ImageOrientationPatientDICOM": [
      0.994369,
      -0.101458,
      0.0306129,
      0.104512,
      0.890989,
      -0.441832
    ],
    "ImageType": [
      "ORIGINAL",
      "PRIMARY",
      "M",
      "ND",
      "NORM",
      "MOSAIC"
    ],
    "ImagingFrequency": 123.229,
    "InPlanePhaseEncodingDirectionDICOM": "COL",
    "InstitutionAddress": "Cooper_60_St._Lucia_QLD_AU_4072",
    "InstitutionName": "St_Lucia_Campus",
    "InstitutionalDepartmentName": "Gehrmann_Labs_MRI",
    "MRAcquisitionType": "2D",
    "MagneticFieldStrength": 3,
    "Manufacturer": "Siemens",
    "ManufacturersModelName": "Prisma_fit",
    "Modality": "MR",
    "MultibandAccelerationFactor": 6,
    "PartialFourier": 1,
    "PatientPosition": "HFS",
    "PercentPhaseFOV": 100,
    "PhaseEncodingDirection": "j-",
    "PhaseEncodingSteps": 90,
    "PhaseResolution": 1,
    "PixelBandwidth": 2525,
    "ProcedureStepDescription": "Research_16092_QTAB",
    "ProtocolName": "PARTLY_CLOUDY_mb6_2.4",
    "PulseSequenceDetails": "%SiemensSeq%_ep2d_bold",
    "ReceiveCoilActiveElements": "HC1-7;NC1,2",
    "ReceiveCoilName": "HeadNeck_64",
    "ReconMatrixPE": 90,
    "RefLinesPE": 12,
    "RepetitionTime": 0.8,
    "SAR": 0.0439663,
    "ScanOptions": "FS",
    "ScanningSequence": "EP",
    "SequenceName": "_epfid2d1_90",
    "SequenceVariant": "SK",
    "SeriesDescription": "PARTLY_CLOUDY_mb6_2.4",
    "SeriesNumber": 19,
    "ShimSetting": [
      3050,
      -4135,
      -719,
      451,
      15,
      -31,
      -146,
      -42
    ],
    "SliceThickness": 2.4,
    "SliceTiming": [
      0.545,
      0,
      0.39,
      0.0775,
      0.4675,
      0.2325,
      0.6225,
      0.31,
      0.7,
      0.155,
      0.545,
      0,
      0.39,
      0.0775,
      0.4675,
      0.2325,
      0.6225,
      0.31,
      0.7,
      0.155,
      0.545,
      0,
      0.39,
      0.0775,
      0.4675,
      0.2325,
      0.6225,
      0.31,
      0.7,
      0.155,
      0.545,
      0,
      0.39,
      0.0775,
      0.4675,
      0.2325,
      0.6225,
      0.31,
      0.7,
      0.155,
      0.545,
      0,
      0.39,
      0.0775,
      0.4675,
      0.2325,
      0.6225,
      0.31,
      0.7,
      0.155,
      0.545,
      0,
      0.39,
      0.0775,
      0.4675,
      0.2325,
      0.6225,
      0.31,
      0.7,
      0.155
    ],
    "SoftwareVersions": "syngo_MR_E11",
    "SpacingBetweenSlices": 2.4,
    "StationName": "mrc_Trio",
    "TaskName": "partlycloudy",
    "TotalReadoutTime": 0.046279,
    "TxRefAmp": 212.224,
    "dataset": "ds004146",
    "modality": "bold",
    "session_id": "02",
    "subject_id": "0415",
    "task_id": "partlycloudy"
  },
  "dummy_trs": 2,
  "dvars_nstd": 40.36485039074271,
  "dvars_std": 1.319298920397878,
  "dvars_vstd": 0.999085923925729,
  "efc": 0.45543676908934405,
  "fber": 7558.9912109375,
  "fd_mean": 0.1521564914501137,
  "fd_num": 98,
  "fd_perc": 25.925925925925927,
  "fwhm_avg": 1.8403582602040665,
  "fwhm_x": 1.720958264948596,
  "fwhm_y": 1.9407082562165159,
  "fwhm_z": 1.8594082594470875,
  "gcor": 0.0081536,
  "gsr_x": -0.01928076520562172,
  "gsr_y": 0.03211876004934311,
  "provenance": {
    "md5sum": "b061b6079f248277d484a20c905bc5cb",
    "settings": {
      "fd_thres": 0.2,
      "testing": false
    },
    "software": "mriqc",
    "version": "23.0.1",
    "webapi_port": null,
    "webapi_url": "https://mriqc.nimh.nih.gov/api/v1"
  },
  "size_t": 378,
  "size_x": 90,
  "size_y": 90,
  "size_z": 60,
  "snr": 7.387245229877407,
  "spacing_tr": 0.800000011920929,
  "spacing_x": 2.4000000953674316,
  "spacing_y": 2.4000000953674316,
  "spacing_z": 2.4000000953674316,
  "summary_bg_k": 30.57537524345033,
  "summary_bg_mad": 5.53426393405639,
  "summary_bg_mean": 24.894977569580078,
  "summary_bg_median": 7.5,
  "summary_bg_n": 346506.0,
  "summary_bg_p05": 3.0317459106445312,
  "summary_bg_p95": 110.1236743927002,
  "summary_bg_stdv": 50.109989166259766,
  "summary_fg_k": 1.9828103108679098,
  "summary_fg_mad": 84.18283083836639,
  "summary_fg_mean": 661.2900390625,
  "summary_fg_median": 658.6983642578125,
  "summary_fg_n": 72415.0,
  "summary_fg_p05": 528.8436340332031,
  "summary_fg_p95": 802.8049865722656,
  "summary_fg_stdv": 89.16636657714844,
  "tsnr": 45.203452502028085
}