{
  "aor": 0.0008077836411609498,
  "aqi": 0.015044008179419524,
  "bids_meta": {
    "AcquisitionMatrixPE": 90,
    "AcquisitionNumber": 1,
    "AcquisitionTime": "13:09:9.652500",
    "BandwidthPerPixelPhaseEncode": 21.368,
    "BaseResolution": 90,
    "BodyPartExamined": "BRAIN",
    "CoilString": "HC1-7;NC1_2",
    "ConsistencyInfo": "N4_VE11C_LATEST_20160120",
    "ConversionSoftware": "dcm2niix",
    "ConversionSoftwareVersion": "v1.0.20190410  GCC6.3.0",
    "DerivedVendorReportedEchoSpacing": 0.000519988,
    "DeviceSerialNumber": "167001",
    "DwellTime": 2.2e-06,
    "EchoTime": 0.03,
    "EchoTrainLength": 90,
    "EffectiveEchoSpacing": 0.000519988,
    "FlipAngle": 52,
    "ImageOrientationPatientDICOM": [
      0.995288,
      0.0944898,
      0.0217613,
      -0.0846264,
      0.956048,
      -0.280734
    ],
    "ImageType": [
      "ORIGINAL",
      "PRIMARY",
      "M",
      "ND",
      "NORM",
      "MOSAIC"
    ],
    "ImagingFrequency": 123.229,
    "InPlanePhaseEncodingDirectionDICOM": "COL",
    "InstitutionAddress": "Cooper_60_St._Lucia_QLD_AU_4072",
    "InstitutionName": "St_Lucia_Campus",
    "InstitutionalDepartmentName": "Gehrmann_Labs_MRI",
    "MRAcquisitionType": "2D",
    "MagneticFieldStrength": 3,
    "Manufacturer": "Siemens",
    "ManufacturersModelName": "Prisma_fit",
    "Modality": "MR",
    "MultibandAccelerationFactor": 6,
    "PartialFourier": 1,
    "PatientPosition": "HFS",
    "PercentPhaseFOV": 100,
    "PhaseEncodingDirection": "j-",
    "PhaseEncodingSteps": 90,
    "PhaseResolution": 1,
    "PixelBandwidth": 2525,
    "ProcedureStepDescription": "Research_16092_QTAB",
    "ProtocolName": "PARTLY_CLOUDY_mb6_2.4",
    "PulseSequenceDetails": "%SiemensSeq%_ep2d_bold",
    "ReceiveCoilActiveElements": "HC1-7;NC1,2",
    "ReceiveCoilName": "HeadNeck_64",
    "ReconMatrixPE": 90,
    "RefLinesPE": 12,
    "RepetitionTime": 0.8,
    "SAR": 0.0529949,
    "ScanOptions": "FS",
    "ScanningSequence": "EP",
    "SequenceName": "_epfid2d1_90",
    "SequenceVariant": "SK",
    "SeriesDescription": "PARTLY_CLOUDY_mb6_2.4",
    "SeriesNumber": 19,
    "ShimSetting": [
      3064,
      -4126,
      -828,
      285,
      -42,
      -215,
      -186,
      -46
    ],
    "SliceThickness": 2.4,
    "SliceTiming": [
      0.545,
      0,
      0.39,
      0.0775,
      0.4675,
      0.235,
      0.625,
      0.3125,
      0.7025,
      0.155,
      0.545,
      0,
      0.39,
      0.0775,
      0.4675,
      0.235,
      0.625,
      0.3125,
      0.7025,
      0.155,
      0.545,
      0,
      0.39,
      0.0775,
      0.4675,
      0.235,
      0.625,
      0.3125,
      0.7025,
      0.155,
      0.545,
      0,
      0.39,
      0.0775,
      0.4675,
      0.235,
      0.625,
      0.3125,
      0.7025,
      0.155,
      0.545,
      0,
      0.39,
      0.0775,
      0.4675,
      0.235,
      0.625,
      0.3125,
      0.7025,
      0.155,
      0.545,
      0,
      0.39,
      0.0775,
      0.4675,
      0.235,
      0.625,
      0.3125,
      0.7025,
      0.155
    ],
    "SoftwareVersions": "syngo_MR_E11",
    "SpacingBetweenSlices": 2.4,
    "StationName": "mrc_Trio",
    "TaskName": "partlycloudy",
    "TotalReadoutTime": 0.046279,
    "TxRefAmp": 216.201,
    "dataset": "ds004146",
    "modality": "bold",
    "session_id": "02",
    "subject_id": "0402",
    "task_id": "partlycloudy"
  },
  "dummy_trs": 1,
  "dvars_nstd": 35.75489286894179,
  "dvars_std": 1.2258865571428577,
  "dvars_vstd": 1.0143460911904767,
  "efc": 0.5002569908269614,
  "fber": 4423.28173828125,
  "fd_mean": 0.09697792007327717,
  "fd_num": 3,
  "fd_perc": 0.7915567282321899,
  "fwhm_avg": 1.7919138176846314,
  "fwhm_x": 1.6907832661476427,
  "fwhm_y": 1.9285665900323157,
  "fwhm_z": 1.7563915968739354,
  "gcor": 0.0511049,
  "gsr_x": -0.01625971496105194,
  "gsr_y": 0.03950921818614006,
  "provenance": {
    "md5sum": "636fdb3e79954aa12587689baf545b47",
    "settings": {
      "fd_thres": 0.2,
      "testing": false
    },
    "software": "mriqc",
    "version": "23.0.1",
    "webapi_port": null,
    "webapi_url": "https://mriqc.nimh.nih.gov/api/v1"
  },
  "size_t": 379,
  "size_x": 90,
  "size_y": 90,
  "size_z": 60,
  "snr": 7.164664592525892,
  "spacing_tr": 0.800000011920929,
  "spacing_x": 2.4000000953674316,
  "spacing_y": 2.4000000953674316,
  "spacing_z": 2.4000000953674316,
  "summary_bg_k": 12.214459750495491,
  "summary_bg_mad": 7.784639372597389,
  "summary_bg_mean": 35.84183883666992,
  "summary_bg_median": 9.213720321655273,
  "summary_bg_n": 335573.0,
  "summary_bg_p05": 3.160949945449829,
  "summary_bg_p95": 182.84644165039043,
  "summary_bg_stdv": 66.80625915527344,
  "summary_fg_k": 2.8674852957307557,
  "summary_fg_mad": 79.09819476923062,
  "summary_fg_mean": 621.8394165039062,
  "summary_fg_median": 619.1279907226562,
  "summary_fg_n": 80942.0,
  "summary_fg_p05": 497.68220672607424,
  "summary_fg_p95": 758.8939422607422,
  "summary_fg_stdv": 86.41355895996094,
  "tsnr": 46.55500390799716
}