{
  "bids_meta": {
    "AcquisitionMatrixPE": 256,
    "AcquisitionNumber": 1,
    "AcquisitionTime": "11:52:41.462500",
    "BaseResolution": 256,
    "BodyPartExamined": "BRAIN",
    "ConsistencyInfo": "N4_VE11C_LATEST_20160120",
    "ConversionSoftware": "dcm2niix",
    "ConversionSoftwareVersion": "v1.0.20171215 GCC6.3.0",
    "DeviceSerialNumber": "167001",
    "DwellTime": 2.6e-06,
    "EchoTime": 0.408,
    "EchoTrainLength": 259,
    "FlipAngle": 120,
    "ImageOrientationPatientDICOM": [
      -0.0255351,
      0.999674,
      9.119e-09,
      0.0112945,
      0.000288509,
      -0.999936
    ],
    "ImageType": [
      "ORIGINAL",
      "PRIMARY",
      "M",
      "ND",
      "NORM"
    ],
    "InPlanePhaseEncodingDirectionDICOM": "ROW",
    "InstitutionAddress": "Cooper_60_St._Lucia_QLD_AU_4072",
    "InstitutionName": "St_Lucia_Campus",
    "InstitutionalDepartmentName": "Gehrmann_Labs_MRI",
    "MRAcquisitionType": "3D",
    "MagneticFieldStrength": 3,
    "Manufacturer": "Siemens",
    "ManufacturersModelName": "Prisma_fit",
    "Modality": "MR",
    "ParallelReductionFactorInPlane": 2,
    "PartialFourier": 1,
    "PatientPosition": "HFS",
    "PercentPhaseFOV": 100,
    "PhaseEncodingSteps": 233,
    "PhaseResolution": 1,
    "PixelBandwidth": 750,
    "ProcedureStepDescription": "Research_16092_QTAB",
    "ProtocolName": "t2_spc_sag_p2_iso",
    "PulseSequenceDetails": "%SiemensSeq%_tse_vfl",
    "ReceiveCoilActiveElements": "HC1-7;NC1,2",
    "ReceiveCoilName": "HeadNeck_64",
    "ReconMatrixPE": 256,
    "RepetitionTime": 3.2,
    "SAR": 0.177174,
    "ScanOptions": "PFP",
    "ScanningSequence": "SE",
    "SequenceName": "_spcR_282ns",
    "SequenceVariant": "SK_SP",
    "SeriesDescription": "t2_spc_sag_p2_iso",
    "SeriesNumber": 19,
    "ShimSetting": [
      3045,
      -4172,
      -1048,
      3,
      -5,
      36,
      -4,
      -10
    ],
    "SliceThickness": 1,
    "SoftwareVersions": "syngo_MR_E11",
    "StationName": "mrc_Trio",
    "TxRefAmp": 209.742,
    "dataset": "ds004146",
    "modality": "T2w",
    "session_id": "01",
    "subject_id": "0062"
  },
  "cjv": 0.7365926770251537,
  "cnr": 0.5493036756110168,
  "efc": 0.6374480567542461,
  "fber": 1268.6878052283826,
  "fwhm_avg": 4.059562543911244,
  "fwhm_x": 4.203837750568256,
  "fwhm_y": 4.342787435287424,
  "fwhm_z": 3.632062445878052,
  "icvs_csf": 0.5023607267804161,
  "icvs_gm": 0.3736262390168773,
  "icvs_wm": 0.12401303420270653,
  "inu_med": 1.0588384866714478,
  "inu_range": 0.4249424099922181,
  "provenance": {
    "md5sum": "b9b16a74e461daf521a65bb129600445",
    "settings": {
      "testing": false
    },
    "software": "mriqc",
    "version": "23.0.1",
    "warnings": {
      "large_rot_frame": true,
      "small_air_mask": false
    },
    "webapi_port": null,
    "webapi_url": "https://mriqc.nimh.nih.gov/api/v1"
  },
  "qi_1": 0.0,
  "qi_2": 0.014526260585904963,
  "rpve_csf": 8.888221885615964,
  "rpve_gm": 11.364665913082447,
  "rpve_wm": 32.71209179170344,
  "size_x": 192,
  "size_y": 300,
  "size_z": 320,
  "snr_csf": 18.880322195881693,
  "snr_gm": 12.970858043400433,
  "snr_total": 10.71498087389129,
  "snr_wm": 0.2937623823917434,
  "snrd_csf": 51.79895890860261,
  "snrd_gm": 35.217629093980364,
  "snrd_total": 33.08972751880503,
  "snrd_wm": 12.252594553832125,
  "spacing_x": 0.7999999523162842,
  "spacing_y": 0.800000011920929,
  "spacing_z": 0.800000011920929,
  "summary_bg_k": -0.3030029209006049,
  "summary_bg_mad": 53.71841473161559,
  "summary_bg_mean": 68.21663907273158,
  "summary_bg_median": 36.23252013325691,
  "summary_bg_n": 1423929.0,
  "summary_bg_p05": 0.0,
  "summary_bg_p95": 207.54550367593765,
  "summary_bg_stdv": 76.10571285945942,
  "summary_csf_k": 0.18178363060889335,
  "summary_csf_mad": 220.61057700459605,
  "summary_csf_mean": 4257.596342115777,
  "summary_csf_median": 4247.295612514019,
  "summary_csf_n": 344336.0,
  "summary_csf_p05": 3907.483821749687,
  "summary_csf_p95": 4642.863271638751,
  "summary_csf_stdv": 224.9585256582723,
  "summary_gm_k": -0.4146473226634444,
  "summary_gm_mad": 238.08210024254868,
  "summary_gm_mean": 2898.18061302908,
  "summary_gm_median": 2887.696677416563,
  "summary_gm_n": 350458.0,
  "summary_gm_p05": 2551.0508350133896,
  "summary_gm_p95": 3276.228895738721,
  "summary_gm_stdv": 222.62926229410732,
  "summary_wm_k": -1.2716286985866456,
  "summary_wm_mad": 1148.9482296480498,
  "summary_wm_mean": 3192.1352683414602,
  "summary_wm_median": 1004.6609466075897,
  "summary_wm_n": 84078.0,
  "summary_wm_p05": 166.38817498087883,
  "summary_wm_p95": 9037.577751869707,
  "summary_wm_stdv": 3419.957871505882,
  "tpm_overlap_csf": 0.10544446090812645,
  "tpm_overlap_gm": 0.23492796627059226,
  "tpm_overlap_wm": 0.03546601386610002,
  "wm2max": 0.11424685366874927
}