{
  "aor": 0.0011463466666666667,
  "aqi": 0.012455222133333332,
  "bids_meta": {
    "AcquisitionMatrixPE": 90,
    "AcquisitionNumber": 1,
    "AcquisitionTime": "10:13:28.842500",
    "BandwidthPerPixelPhaseEncode": 21.368,
    "BaseResolution": 90,
    "BodyPartExamined": "BRAIN",
    "CoilString": "HC1-7;NC1_2",
    "ConsistencyInfo": "N4_VE11C_LATEST_20160120",
    "ConversionSoftware": "dcm2niix",
    "ConversionSoftwareVersion": "v1.0.20190410  GCC6.3.0",
    "DerivedVendorReportedEchoSpacing": 0.000519988,
    "DeviceSerialNumber": "167001",
    "DwellTime": 2.2e-06,
    "EchoTime": 0.03,
    "EchoTrainLength": 90,
    "EffectiveEchoSpacing": 0.000519988,
    "FlipAngle": 52,
    "ImageOrientationPatientDICOM": [
      0.996697,
      0.0747195,
      -0.0318203,
      -0.0789669,
      0.983154,
      -0.164839
    ],
    "ImageType": [
      "ORIGINAL",
      "PRIMARY",
      "M",
      "ND",
      "NORM",
      "MOSAIC"
    ],
    "ImagingFrequency": 123.229,
    "InPlanePhaseEncodingDirectionDICOM": "COL",
    "InstitutionAddress": "Cooper_60_St._Lucia_QLD_AU_4072",
    "InstitutionName": "St_Lucia_Campus",
    "InstitutionalDepartmentName": "Gehrmann_Labs_MRI",
    "MRAcquisitionType": "2D",
    "MagneticFieldStrength": 3,
    "Manufacturer": "Siemens",
    "ManufacturersModelName": "Prisma_fit",
    "Modality": "MR",
    "MultibandAccelerationFactor": 6,
    "PartialFourier": 1,
    "PatientPosition": "HFS",
    "PercentPhaseFOV": 100,
    "PhaseEncodingDirection": "j-",
    "PhaseEncodingSteps": 90,
    "PhaseResolution": 1,
    "PixelBandwidth": 2525,
    "ProcedureStepDescription": "Research_16092_QTAB",
    "ProtocolName": "PARTLY_CLOUDY_mb6_2.4",
    "PulseSequenceDetails": "%SiemensSeq%_ep2d_bold",
    "ReceiveCoilActiveElements": "HC1-7;NC1,2",
    "ReceiveCoilName": "HeadNeck_64",
    "ReconMatrixPE": 90,
    "RefLinesPE": 12,
    "RepetitionTime": 0.8,
    "SAR": 0.0658994,
    "ScanOptions": "FS",
    "ScanningSequence": "EP",
    "SequenceName": "_epfid2d1_90",
    "SequenceVariant": "SK",
    "SeriesDescription": "PARTLY_CLOUDY_mb6_2.4",
    "SeriesNumber": 19,
    "ShimSetting": [
      3048,
      -4162,
      -743,
      499,
      25,
      32,
      -32,
      -18
    ],
    "SliceThickness": 2.4,
    "SliceTiming": [
      0.5475,
      0,
      0.39,
      0.08,
      0.4675,
      0.235,
      0.625,
      0.3125,
      0.7025,
      0.1575,
      0.5475,
      0,
      0.39,
      0.08,
      0.4675,
      0.235,
      0.625,
      0.3125,
      0.7025,
      0.1575,
      0.5475,
      0,
      0.39,
      0.08,
      0.4675,
      0.235,
      0.625,
      0.3125,
      0.7025,
      0.1575,
      0.5475,
      0,
      0.39,
      0.08,
      0.4675,
      0.235,
      0.625,
      0.3125,
      0.7025,
      0.1575,
      0.5475,
      0,
      0.39,
      0.08,
      0.4675,
      0.235,
      0.625,
      0.3125,
      0.7025,
      0.1575,
      0.5475,
      0,
      0.39,
      0.08,
      0.4675,
      0.235,
      0.625,
      0.3125,
      0.7025,
      0.1575
    ],
    "SoftwareVersions": "syngo_MR_E11",
    "SpacingBetweenSlices": 2.4,
    "StationName": "mrc_Trio",
    "TaskName": "partlycloudy",
    "TotalReadoutTime": 0.046279,
    "TxRefAmp": 212.728,
    "dataset": "ds004146",
    "modality": "bold",
    "session_id": "02",
    "subject_id": "0409",
    "task_id": "partlycloudy"
  },
  "dummy_trs": 5,
  "dvars_nstd": 36.84113195502677,
  "dvars_std": 1.2602520968983961,
  "dvars_vstd": 1.017476121684491,
  "efc": 0.4927637031129875,
  "fber": 7706.9013671875,
  "fd_mean": 0.13994961753292207,
  "fd_num": 74,
  "fd_perc": 19.733333333333334,
  "fwhm_avg": 1.8526318708274678,
  "fwhm_x": 1.7657499298354018,
  "fwhm_y": 1.9700082550522384,
  "fwhm_z": 1.8221374275947637,
  "gcor": 0.00609203,
  "gsr_x": -0.020504234358668327,
  "gsr_y": 0.046566035598516464,
  "provenance": {
    "md5sum": "ccd068d52d6a8eee99efe3af9d0eeafe",
    "settings": {
      "fd_thres": 0.2,
      "testing": false
    },
    "software": "mriqc",
    "version": "23.0.1",
    "webapi_port": null,
    "webapi_url": "https://mriqc.nimh.nih.gov/api/v1"
  },
  "size_t": 375,
  "size_x": 90,
  "size_y": 90,
  "size_z": 60,
  "snr": 6.516639764987631,
  "spacing_tr": 0.800000011920929,
  "spacing_x": 2.4000000953674316,
  "spacing_y": 2.4000000953674316,
  "spacing_z": 2.4000000953674316,
  "summary_bg_k": 31.610735713084864,
  "summary_bg_mad": 5.693192391808743,
  "summary_bg_mean": 24.968719482421875,
  "summary_bg_median": 7.685333251953125,
  "summary_bg_n": 321924.0,
  "summary_bg_p05": 3.18666672706604,
  "summary_bg_p95": 107.82053489685046,
  "summary_bg_stdv": 50.92830276489258,
  "summary_fg_k": 1.5388073541190224,
  "summary_fg_mad": 101.08579919768636,
  "summary_fg_mean": 690.9653930664062,
  "summary_fg_median": 688.615966796875,
  "summary_fg_n": 91851.0,
  "summary_fg_p05": 534.138671875,
  "summary_fg_p95": 865.1399841308594,
  "summary_fg_stdv": 105.66983032226562,
  "tsnr": 49.90362552087754
}