{
  "bids_meta": {
    "AcquisitionMatrixPE": 256,
    "AcquisitionNumber": 1,
    "AcquisitionTime": "13:13:13.122500",
    "BaseResolution": 256,
    "BodyPartExamined": "BRAIN",
    "CoilString": "HC1-7;NC1_2",
    "ConsistencyInfo": "N4_VE11C_LATEST_20160120",
    "ConversionSoftware": "dcm2niix",
    "ConversionSoftwareVersion": "v1.0.20190410  GCC6.3.0",
    "DeviceSerialNumber": "167001",
    "DwellTime": 2.6e-06,
    "EchoTime": 0.408,
    "EchoTrainLength": 259,
    "FlipAngle": 120,
    "ImageOrientationPatientDICOM": [
      -0.025982,
      0.998381,
      -0.0505928,
      0.00382258,
      -0.0505103,
      -0.998716
    ],
    "ImageType": [
      "ORIGINAL",
      "PRIMARY",
      "M",
      "ND",
      "NORM"
    ],
    "ImagingFrequency": 123.229,
    "InPlanePhaseEncodingDirectionDICOM": "ROW",
    "InstitutionAddress": "Cooper_60_St._Lucia_QLD_AU_4072",
    "InstitutionName": "St_Lucia_Campus",
    "InstitutionalDepartmentName": "Gehrmann_Labs_MRI",
    "MRAcquisitionType": "3D",
    "MagneticFieldStrength": 3,
    "Manufacturer": "Siemens",
    "ManufacturersModelName": "Prisma_fit",
    "Modality": "MR",
    "PartialFourier": 1,
    "PatientPosition": "HFS",
    "PercentPhaseFOV": 100,
    "PhaseEncodingSteps": 233,
    "PhaseResolution": 1,
    "PixelBandwidth": 750,
    "ProcedureStepDescription": "Research_16092_QTAB",
    "ProtocolName": "t2_spc_sag_p2_iso",
    "PulseSequenceDetails": "%SiemensSeq%_tse_vfl",
    "ReceiveCoilActiveElements": "HC1-7;NC1,2",
    "ReceiveCoilName": "HeadNeck_64",
    "ReconMatrixPE": 256,
    "RefLinesPE": 24,
    "RepetitionTime": 3.2,
    "SAR": 0.177468,
    "ScanOptions": "PFP",
    "ScanningSequence": "SE",
    "SequenceName": "_spcR_282ns",
    "SequenceVariant": "SK_SP",
    "SeriesDescription": "t2_spc_sag_p2_iso",
    "SeriesNumber": 36,
    "ShimSetting": [
      3044,
      -4172,
      -1039,
      -11,
      -3,
      35,
      -21,
      -13
    ],
    "SliceThickness": 1,
    "SoftwareVersions": "syngo_MR_E11",
    "StationName": "mrc_Trio",
    "TxRefAmp": 253.599,
    "dataset": "ds004146",
    "modality": "T2w",
    "session_id": "02",
    "subject_id": "0111"
  },
  "cjv": 2.4134259913907887,
  "cnr": 0.23769664212973013,
  "efc": 0.6966657634252701,
  "fber": 4664.284403892354,
  "fwhm_avg": 4.08611671141933,
  "fwhm_x": 4.253650253537312,
  "fwhm_y": 4.383037434687653,
  "fwhm_z": 3.6216624460330245,
  "icvs_csf": 0.4330126475060115,
  "icvs_gm": 0.44352737852897195,
  "icvs_wm": 0.12345997396501657,
  "inu_med": 1.0165730714797974,
  "inu_range": 0.3675913870334625,
  "provenance": {
    "md5sum": "21dd100079a9a171216d86c761067571",
    "settings": {
      "testing": false
    },
    "software": "mriqc",
    "version": "23.0.1",
    "warnings": {
      "large_rot_frame": true,
      "small_air_mask": false
    },
    "webapi_port": null,
    "webapi_url": "https://mriqc.nimh.nih.gov/api/v1"
  },
  "qi_1": 0.0009505496498929724,
  "qi_2": 0.006587352805340756,
  "rpve_csf": 9.677371799366952,
  "rpve_gm": 9.943592621183953,
  "rpve_wm": 34.99694358696668,
  "size_x": 192,
  "size_y": 300,
  "size_z": 320,
  "snr_csf": 14.979812146341828,
  "snr_gm": 12.988733877851764,
  "snr_total": 9.452346900031868,
  "snr_wm": 0.38849467590201103,
  "snrd_csf": 63.43003041648171,
  "snrd_gm": 39.172499421922126,
  "snrd_total": 42.298111661615174,
  "snrd_wm": 24.291805146441686,
  "spacing_x": 0.7999999523162842,
  "spacing_y": 0.800000011920929,
  "spacing_z": 0.800000011920929,
  "summary_bg_k": 8.451867709544251,
  "summary_bg_mad": 0.0,
  "summary_bg_mean": 14.183003006517726,
  "summary_bg_median": 0.0,
  "summary_bg_n": 1507740.0,
  "summary_bg_p05": 0.0,
  "summary_bg_p95": 71.61489391326904,
  "summary_bg_stdv": 27.196478481506045,
  "summary_csf_k": 0.8949447887338091,
  "summary_csf_mad": 164.01089694382063,
  "summary_csf_mean": 2643.293068798097,
  "summary_csf_median": 2633.151596069336,
  "summary_csf_n": 197626.0,
  "summary_csf_p05": 2376.837859451771,
  "summary_csf_p95": 2945.57749915123,
  "summary_csf_stdv": 175.77956975565465,
  "summary_gm_k": 0.25908552948309316,
  "summary_gm_mad": 126.04052851952775,
  "summary_gm_mean": 1625.6726615381501,
  "summary_gm_median": 1626.1560761928558,
  "summary_gm_n": 406164.0,
  "summary_gm_p05": 1423.1681649684906,
  "summary_gm_p95": 1827.128336429596,
  "summary_gm_stdv": 125.19727400973883,
  "summary_wm_k": -1.5942023064191706,
  "summary_wm_mad": 1364.823798362083,
  "summary_wm_mean": 2710.3244828172233,
  "summary_wm_median": 1008.4183323383331,
  "summary_wm_n": 73961.0,
  "summary_wm_p05": 103.15390348434448,
  "summary_wm_p95": 6694.451200723648,
  "summary_wm_stdv": 2595.689407438349,
  "tpm_overlap_csf": 0.11300927181375504,
  "tpm_overlap_gm": 0.28203360293645335,
  "tpm_overlap_wm": 0.03643585070995119,
  "wm2max": 0.15791819076443173
}