{
  "aor": 0.003821498470948013,
  "aqi": 0.009462908348623853,
  "bids_meta": {
    "AcquisitionMatrixPE": 104,
    "AcquisitionNumber": 1,
    "AcquisitionTime": "12:43:50.127500",
    "BandwidthPerPixelPhaseEncode": 17.17,
    "BaseResolution": 104,
    "BodyPartExamined": "BRAIN",
    "ConsistencyInfo": "N4_VE11C_LATEST_20160120",
    "ConversionSoftware": "dcm2niix",
    "ConversionSoftwareVersion": "v1.0.20171215 GCC6.3.0",
    "DerivedVendorReportedEchoSpacing": 0.000560011,
    "DeviceSerialNumber": "167001",
    "DwellTime": 2.1e-06,
    "EchoTime": 0.03,
    "EchoTrainLength": 91,
    "EffectiveEchoSpacing": 0.000560011,
    "FlipAngle": 52,
    "ImageOrientationPatientDICOM": [
      0.999395,
      0.0324362,
      -0.0125237,
      -0.0347251,
      0.912814,
      -0.406897
    ],
    "ImageType": [
      "ORIGINAL",
      "PRIMARY",
      "M",
      "ND",
      "MOSAIC"
    ],
    "InPlanePhaseEncodingDirectionDICOM": "COL",
    "InstitutionAddress": "Cooper_60_St._Lucia_QLD_AU_4072",
    "InstitutionName": "St_Lucia_Campus",
    "InstitutionalDepartmentName": "Gehrmann_Labs_MRI",
    "MRAcquisitionType": "2D",
    "MagneticFieldStrength": 3,
    "Manufacturer": "Siemens",
    "ManufacturersModelName": "Prisma_fit",
    "Modality": "MR",
    "MultibandAccelerationFactor": 6,
    "PartialFourier": 0.875,
    "PatientPosition": "HFS",
    "PercentPhaseFOV": 100,
    "PhaseEncodingDirection": "j",
    "PhaseEncodingSteps": 91,
    "PhaseResolution": 1,
    "PixelBandwidth": 2290,
    "ProcedureStepDescription": "Research_16092_QTAB",
    "ProtocolName": "ep2d_REST_SMS6_P-A",
    "PulseSequenceDetails": "%SiemensSeq%_ep2d_bold",
    "ReceiveCoilActiveElements": "HC1-7;NC1,2",
    "ReceiveCoilName": "HeadNeck_64",
    "ReconMatrixPE": 104,
    "RepetitionTime": 0.93,
    "SAR": 0.0662443,
    "ScanOptions": "PFP_FS",
    "ScanningSequence": "EP",
    "SequenceName": "_epfid2d1_104",
    "SequenceVariant": "SK",
    "SeriesDescription": "ep2d_REST_SMS6_P-A",
    "SeriesNumber": 10,
    "ShimSetting": [
      3033,
      -4145,
      -770,
      447,
      -65,
      -132,
      -236,
      34
    ],
    "SliceThickness": 2,
    "SliceTiming": [
      0.6825,
      0,
      0.455,
      0.0775,
      0.53,
      0.1525,
      0.6075,
      0.3025,
      0.7575,
      0.38,
      0.835,
      0.2275,
      0.6825,
      0,
      0.455,
      0.0775,
      0.53,
      0.1525,
      0.6075,
      0.3025,
      0.7575,
      0.38,
      0.835,
      0.2275,
      0.6825,
      0,
      0.455,
      0.0775,
      0.53,
      0.1525,
      0.6075,
      0.3025,
      0.7575,
      0.38,
      0.835,
      0.2275,
      0.6825,
      0,
      0.455,
      0.0775,
      0.53,
      0.1525,
      0.6075,
      0.3025,
      0.7575,
      0.38,
      0.835,
      0.2275,
      0.6825,
      0,
      0.455,
      0.0775,
      0.53,
      0.1525,
      0.6075,
      0.3025,
      0.7575,
      0.38,
      0.835,
      0.2275,
      0.6825,
      0,
      0.455,
      0.0775,
      0.53,
      0.1525,
      0.6075,
      0.3025,
      0.7575,
      0.38,
      0.835,
      0.2275
    ],
    "SoftwareVersions": "syngo_MR_E11",
    "SpacingBetweenSlices": 2,
    "StationName": "mrc_Trio",
    "TaskName": "rest",
    "TotalReadoutTime": 0.0576811,
    "TxRefAmp": 204.439,
    "dataset": "ds004146",
    "modality": "bold",
    "session_id": "01",
    "subject_id": "0334",
    "task_id": "rest"
  },
  "dummy_trs": 0,
  "dvars_nstd": 41.89569649941721,
  "dvars_std": 1.0990022630368095,
  "dvars_vstd": 1.0206248017484667,
  "efc": 0.506223937574358,
  "fber": 982.4224243164062,
  "fd_mean": 0.2441491224024812,
  "fd_num": 104,
  "fd_perc": 31.804281345565748,
  "fwhm_avg": 3.0918333333333337,
  "fwhm_x": 2.926805,
  "fwhm_y": 3.15275,
  "fwhm_z": 3.195945,
  "gcor": 0.0281099,
  "gsr_x": -0.004447422455996275,
  "gsr_y": 0.03862828388810158,
  "provenance": {
    "md5sum": "81ae09e5c3ec3907227fd444aac53564",
    "settings": {
      "fd_thres": 0.2,
      "testing": false
    },
    "software": "mriqc",
    "version": "23.0.1",
    "webapi_port": null,
    "webapi_url": "https://mriqc.nimh.nih.gov/api/v1"
  },
  "size_t": 327,
  "size_x": 104,
  "size_y": 104,
  "size_z": 72,
  "snr": 2.8445512409781295,
  "spacing_tr": 0.9300000071525574,
  "spacing_x": 2.0,
  "spacing_y": 2.0,
  "spacing_z": 2.0,
  "summary_bg_k": 35.92918200962108,
  "summary_bg_mad": 6.710249191372482,
  "summary_bg_mean": 37.10979461669922,
  "summary_bg_median": 19.330276489257812,
  "summary_bg_n": 531638.0,
  "summary_bg_p05": 14.137615203857422,
  "summary_bg_p95": 133.18960571289062,
  "summary_bg_stdv": 51.337806701660156,
  "summary_fg_k": 0.061632224391581225,
  "summary_fg_mad": 218.83123683736105,
  "summary_fg_mean": 631.6201171875,
  "summary_fg_median": 604.2691040039062,
  "summary_fg_n": 149853.0,
  "summary_fg_p05": 339.6850280761719,
  "summary_fg_p95": 1024.4080078124998,
  "summary_fg_stdv": 212.42967224121094,
  "tsnr": 31.302165607572533
}