{
  "aor": 0.005439663608562691,
  "aqi": 0.013972617767584098,
  "bids_meta": {
    "AcquisitionMatrixPE": 104,
    "AcquisitionNumber": 1,
    "AcquisitionTime": "15:06:10.297500",
    "BandwidthPerPixelPhaseEncode": 17.17,
    "BaseResolution": 104,
    "BodyPartExamined": "BRAIN",
    "ConsistencyInfo": "N4_VE11C_LATEST_20160120",
    "ConversionSoftware": "dcm2niix",
    "ConversionSoftwareVersion": "v1.0.20171215 GCC6.3.0",
    "DerivedVendorReportedEchoSpacing": 0.000560011,
    "DeviceSerialNumber": "167001",
    "DwellTime": 2.1e-06,
    "EchoTime": 0.03,
    "EchoTrainLength": 91,
    "EffectiveEchoSpacing": 0.000560011,
    "FlipAngle": 52,
    "ImageOrientationPatientDICOM": [
      0.99903,
      -0.018219,
      -0.0400868,
      0.00784653,
      0.969474,
      -0.245067
    ],
    "ImageType": [
      "ORIGINAL",
      "PRIMARY",
      "M",
      "ND",
      "MOSAIC"
    ],
    "InPlanePhaseEncodingDirectionDICOM": "COL",
    "InstitutionAddress": "Cooper_60_St._Lucia_QLD_AU_4072",
    "InstitutionName": "St_Lucia_Campus",
    "InstitutionalDepartmentName": "Gehrmann_Labs_MRI",
    "MRAcquisitionType": "2D",
    "MagneticFieldStrength": 3,
    "Manufacturer": "Siemens",
    "ManufacturersModelName": "Prisma_fit",
    "Modality": "MR",
    "MultibandAccelerationFactor": 6,
    "PartialFourier": 0.875,
    "PatientPosition": "HFS",
    "PercentPhaseFOV": 100,
    "PhaseEncodingDirection": "j",
    "PhaseEncodingSteps": 91,
    "PhaseResolution": 1,
    "PixelBandwidth": 2290,
    "ProcedureStepDescription": "Research_16092_QTAB",
    "ProtocolName": "ep2d_REST_SMS6_P-A",
    "PulseSequenceDetails": "%SiemensSeq%_ep2d_bold",
    "ReceiveCoilActiveElements": "HC1-7;NC1,2",
    "ReceiveCoilName": "HeadNeck_64",
    "ReconMatrixPE": 104,
    "RepetitionTime": 0.93,
    "SAR": 0.0812395,
    "ScanOptions": "PFP_FS",
    "ScanningSequence": "EP",
    "SequenceName": "_epfid2d1_104",
    "SequenceVariant": "SK",
    "SeriesDescription": "ep2d_REST_SMS6_P-A",
    "SeriesNumber": 10,
    "ShimSetting": [
      3026,
      -4153,
      -716,
      454,
      11,
      72,
      34,
      -7
    ],
    "SliceThickness": 2,
    "SliceTiming": [
      0.6825,
      0,
      0.455,
      0.0775,
      0.5325,
      0.1525,
      0.6075,
      0.305,
      0.76,
      0.38,
      0.835,
      0.2275,
      0.6825,
      0,
      0.455,
      0.0775,
      0.5325,
      0.1525,
      0.6075,
      0.305,
      0.76,
      0.38,
      0.835,
      0.2275,
      0.6825,
      0,
      0.455,
      0.0775,
      0.5325,
      0.1525,
      0.6075,
      0.305,
      0.76,
      0.38,
      0.835,
      0.2275,
      0.6825,
      0,
      0.455,
      0.0775,
      0.5325,
      0.1525,
      0.6075,
      0.305,
      0.76,
      0.38,
      0.835,
      0.2275,
      0.6825,
      0,
      0.455,
      0.0775,
      0.5325,
      0.1525,
      0.6075,
      0.305,
      0.76,
      0.38,
      0.835,
      0.2275,
      0.6825,
      0,
      0.455,
      0.0775,
      0.5325,
      0.1525,
      0.6075,
      0.305,
      0.76,
      0.38,
      0.835,
      0.2275
    ],
    "SoftwareVersions": "syngo_MR_E11",
    "SpacingBetweenSlices": 2,
    "StationName": "mrc_Trio",
    "TaskName": "rest",
    "TotalReadoutTime": 0.0576811,
    "TxRefAmp": 204.884,
    "dataset": "ds004146",
    "modality": "bold",
    "session_id": "01",
    "subject_id": "0033",
    "task_id": "rest"
  },
  "dummy_trs": 0,
  "dvars_nstd": 43.28072157653376,
  "dvars_std": 1.092588126871166,
  "dvars_vstd": 1.0404595863803685,
  "efc": 0.5098655637986825,
  "fber": 1076.9306640625,
  "fd_mean": 0.3661526989397427,
  "fd_num": 184,
  "fd_perc": 56.269113149847094,
  "fwhm_avg": 3.15157,
  "fwhm_x": 2.95854,
  "fwhm_y": 3.20464,
  "fwhm_z": 3.29153,
  "gcor": 0.0216357,
  "gsr_x": -0.014119977131485939,
  "gsr_y": 0.04717833176255226,
  "provenance": {
    "md5sum": "5a791e8b0e24c5854b02e79d8001efb7",
    "settings": {
      "fd_thres": 0.2,
      "testing": false
    },
    "software": "mriqc",
    "version": "23.0.1",
    "webapi_port": null,
    "webapi_url": "https://mriqc.nimh.nih.gov/api/v1"
  },
  "size_t": 327,
  "size_x": 104,
  "size_y": 104,
  "size_z": 72,
  "snr": 2.8358515242023197,
  "spacing_tr": 0.9300000071525574,
  "spacing_x": 2.0,
  "spacing_y": 2.0,
  "spacing_z": 2.0,
  "summary_bg_k": 65.55357538416452,
  "summary_bg_mad": 4.59742763364549,
  "summary_bg_mean": 33.46004867553711,
  "summary_bg_median": 17.4678897857666,
  "summary_bg_n": 523127.0,
  "summary_bg_p05": 13.932722091674805,
  "summary_bg_p95": 111.90122756957993,
  "summary_bg_stdv": 48.52444839477539,
  "summary_fg_k": 1.0801047159324044,
  "summary_fg_mad": 200.21025429228436,
  "summary_fg_mean": 598.9851684570312,
  "summary_fg_median": 572.3088989257812,
  "summary_fg_n": 157635.0,
  "summary_fg_p05": 328.26025390625,
  "summary_fg_p95": 962.7125854492188,
  "summary_fg_stdv": 201.81137084960938,
  "tsnr": 28.88309025473427
}