{
  "aor": 0.0008886196319018405,
  "aqi": 0.0059383647239263804,
  "bids_meta": {
    "AcquisitionMatrixPE": 104,
    "AcquisitionNumber": 1,
    "AcquisitionTime": "10:01:37.025000",
    "BandwidthPerPixelPhaseEncode": 17.17,
    "BaseResolution": 104,
    "BodyPartExamined": "BRAIN",
    "ConsistencyInfo": "N4_VE11C_LATEST_20160120",
    "ConversionSoftware": "dcm2niix",
    "ConversionSoftwareVersion": "v1.0.20171215 GCC6.3.0",
    "DerivedVendorReportedEchoSpacing": 0.000560011,
    "DeviceSerialNumber": "167001",
    "DwellTime": 2.1e-06,
    "EchoTime": 0.03,
    "EchoTrainLength": 91,
    "EffectiveEchoSpacing": 0.000560011,
    "FlipAngle": 52,
    "ImageOrientationPatientDICOM": [
      0.996911,
      -0.0627151,
      -0.0472685,
      0.0440491,
      0.944833,
      -0.324578
    ],
    "ImageType": [
      "ORIGINAL",
      "PRIMARY",
      "M",
      "ND",
      "MOSAIC"
    ],
    "InPlanePhaseEncodingDirectionDICOM": "COL",
    "InstitutionAddress": "Cooper_60_St._Lucia_QLD_AU_4072",
    "InstitutionName": "St_Lucia_Campus",
    "InstitutionalDepartmentName": "Gehrmann_Labs_MRI",
    "MRAcquisitionType": "2D",
    "MagneticFieldStrength": 3,
    "Manufacturer": "Siemens",
    "ManufacturersModelName": "Prisma_fit",
    "Modality": "MR",
    "MultibandAccelerationFactor": 6,
    "PartialFourier": 0.875,
    "PatientPosition": "HFS",
    "PercentPhaseFOV": 100,
    "PhaseEncodingDirection": "j",
    "PhaseEncodingSteps": 91,
    "PhaseResolution": 1,
    "PixelBandwidth": 2290,
    "ProcedureStepDescription": "Research_16092_QTAB",
    "ProtocolName": "ep2d_REST_SMS6_P-A",
    "PulseSequenceDetails": "%SiemensSeq%_ep2d_bold",
    "ReceiveCoilActiveElements": "HC1-7;NC1,2",
    "ReceiveCoilName": "HeadNeck_64",
    "ReconMatrixPE": 104,
    "RepetitionTime": 0.93,
    "SAR": 0.0752288,
    "ScanOptions": "PFP_FS",
    "ScanningSequence": "EP",
    "SequenceName": "_epfid2d1_104",
    "SequenceVariant": "SK",
    "SeriesDescription": "ep2d_REST_SMS6_P-A",
    "SeriesNumber": 10,
    "ShimSetting": [
      3049,
      -4164,
      -826,
      434,
      82,
      -76,
      -85,
      -46
    ],
    "SliceThickness": 2,
    "SliceTiming": [
      0.6825,
      0,
      0.455,
      0.075,
      0.53,
      0.15,
      0.605,
      0.3025,
      0.7575,
      0.3775,
      0.8325,
      0.2275,
      0.6825,
      0,
      0.455,
      0.075,
      0.53,
      0.15,
      0.605,
      0.3025,
      0.7575,
      0.3775,
      0.8325,
      0.2275,
      0.6825,
      0,
      0.455,
      0.075,
      0.53,
      0.15,
      0.605,
      0.3025,
      0.7575,
      0.3775,
      0.8325,
      0.2275,
      0.6825,
      0,
      0.455,
      0.075,
      0.53,
      0.15,
      0.605,
      0.3025,
      0.7575,
      0.3775,
      0.8325,
      0.2275,
      0.6825,
      0,
      0.455,
      0.075,
      0.53,
      0.15,
      0.605,
      0.3025,
      0.7575,
      0.3775,
      0.8325,
      0.2275,
      0.6825,
      0,
      0.455,
      0.075,
      0.53,
      0.15,
      0.605,
      0.3025,
      0.7575,
      0.3775,
      0.8325,
      0.2275
    ],
    "SoftwareVersions": "syngo_MR_E11",
    "SpacingBetweenSlices": 2,
    "StationName": "mrc_Trio",
    "TaskName": "rest",
    "TotalReadoutTime": 0.0576811,
    "TxRefAmp": 225.525,
    "dataset": "ds004146",
    "modality": "bold",
    "session_id": "01",
    "subject_id": "0201",
    "task_id": "rest"
  },
  "dummy_trs": 1,
  "dvars_nstd": 41.02614962089235,
  "dvars_std": 1.0829852060000005,
  "dvars_vstd": 1.011366932030769,
  "efc": 0.5392213596556796,
  "fber": 774.5264892578125,
  "fd_mean": 0.1535073263678277,
  "fd_num": 64,
  "fd_perc": 19.631901840490798,
  "fwhm_avg": 3.232708333333333,
  "fwhm_x": 2.93851,
  "fwhm_y": 3.226475,
  "fwhm_z": 3.53314,
  "gcor": 0.00973019,
  "gsr_x": -0.017559213563799858,
  "gsr_y": 0.06318400055170059,
  "provenance": {
    "md5sum": "97619095f9874d5020e66b458c0de239",
    "settings": {
      "fd_thres": 0.2,
      "testing": false
    },
    "software": "mriqc",
    "version": "23.0.1",
    "webapi_port": null,
    "webapi_url": "https://mriqc.nimh.nih.gov/api/v1"
  },
  "size_t": 326,
  "size_x": 104,
  "size_y": 104,
  "size_z": 72,
  "snr": 2.3074272355168484,
  "spacing_tr": 0.9300000071525574,
  "spacing_x": 2.0,
  "spacing_y": 2.0,
  "spacing_z": 2.0,
  "summary_bg_k": 77.98649895145861,
  "summary_bg_mad": 6.9491280896231435,
  "summary_bg_mean": 37.32717514038086,
  "summary_bg_median": 19.432514190673828,
  "summary_bg_n": 486391.0,
  "summary_bg_p05": 14.018404960632324,
  "summary_bg_p95": 117.46012115478516,
  "summary_bg_stdv": 53.66943359375,
  "summary_fg_k": 1.097649794655097,
  "summary_fg_mad": 220.6349006202745,
  "summary_fg_mean": 590.1581420898438,
  "summary_fg_median": 540.9141235351562,
  "summary_fg_n": 188203.0,
  "summary_fg_p05": 303.868408203125,
  "summary_fg_p95": 1033.814697265625,
  "summary_fg_stdv": 234.42242431640625,
  "tsnr": 33.920869359280914
}