{
  "aor": 0.00043095238095238093,
  "aqi": 0.013235594708994707,
  "bids_meta": {
    "AcquisitionMatrixPE": 90,
    "AcquisitionNumber": 1,
    "AcquisitionTime": "15:45:15.075000",
    "BandwidthPerPixelPhaseEncode": 21.368,
    "BaseResolution": 90,
    "BodyPartExamined": "BRAIN",
    "CoilString": "HC1-7;NC1_2",
    "ConsistencyInfo": "N4_VE11C_LATEST_20160120",
    "ConversionSoftware": "dcm2niix",
    "ConversionSoftwareVersion": "v1.0.20190410  GCC6.3.0",
    "DerivedVendorReportedEchoSpacing": 0.000519988,
    "DeviceSerialNumber": "167001",
    "DwellTime": 2.2e-06,
    "EchoTime": 0.03,
    "EchoTrainLength": 90,
    "EffectiveEchoSpacing": 0.000519988,
    "FlipAngle": 52,
    "ImageOrientationPatientDICOM": [
      0.999725,
      -0.0163664,
      -0.0167657,
      0.0111675,
      0.961921,
      -0.273098
    ],
    "ImageType": [
      "ORIGINAL",
      "PRIMARY",
      "M",
      "ND",
      "NORM",
      "MOSAIC"
    ],
    "ImagingFrequency": 123.229,
    "InPlanePhaseEncodingDirectionDICOM": "COL",
    "InstitutionAddress": "Cooper_60_St._Lucia_QLD_AU_4072",
    "InstitutionName": "St_Lucia_Campus",
    "InstitutionalDepartmentName": "Gehrmann_Labs_MRI",
    "MRAcquisitionType": "2D",
    "MagneticFieldStrength": 3,
    "Manufacturer": "Siemens",
    "ManufacturersModelName": "Prisma_fit",
    "Modality": "MR",
    "MultibandAccelerationFactor": 6,
    "PartialFourier": 1,
    "PatientPosition": "HFS",
    "PercentPhaseFOV": 100,
    "PhaseEncodingDirection": "j-",
    "PhaseEncodingSteps": 90,
    "PhaseResolution": 1,
    "PixelBandwidth": 2525,
    "ProcedureStepDescription": "Research_16092_QTAB",
    "ProtocolName": "PARTLY_CLOUDY_mb6_2.4",
    "PulseSequenceDetails": "%SiemensSeq%_ep2d_bold",
    "ReceiveCoilActiveElements": "HC1-7;NC1,2",
    "ReceiveCoilName": "HeadNeck_64",
    "ReconMatrixPE": 90,
    "RefLinesPE": 12,
    "RepetitionTime": 0.8,
    "SAR": 0.0624931,
    "ScanOptions": "FS",
    "ScanningSequence": "EP",
    "SequenceName": "_epfid2d1_90",
    "SequenceVariant": "SK",
    "SeriesDescription": "PARTLY_CLOUDY_mb6_2.4",
    "SeriesNumber": 19,
    "ShimSetting": [
      3052,
      -4177,
      -794,
      507,
      -71,
      -9,
      -39,
      -36
    ],
    "SliceThickness": 2.4,
    "SliceTiming": [
      0.5475,
      0,
      0.39,
      0.0775,
      0.4675,
      0.235,
      0.625,
      0.3125,
      0.7025,
      0.1575,
      0.5475,
      0,
      0.39,
      0.0775,
      0.4675,
      0.235,
      0.625,
      0.3125,
      0.7025,
      0.1575,
      0.5475,
      0,
      0.39,
      0.0775,
      0.4675,
      0.235,
      0.625,
      0.3125,
      0.7025,
      0.1575,
      0.5475,
      0,
      0.39,
      0.0775,
      0.4675,
      0.235,
      0.625,
      0.3125,
      0.7025,
      0.1575,
      0.5475,
      0,
      0.39,
      0.0775,
      0.4675,
      0.235,
      0.625,
      0.3125,
      0.7025,
      0.1575,
      0.5475,
      0,
      0.39,
      0.0775,
      0.4675,
      0.235,
      0.625,
      0.3125,
      0.7025,
      0.1575
    ],
    "SoftwareVersions": "syngo_MR_E11",
    "SpacingBetweenSlices": 2.4,
    "StationName": "mrc_Trio",
    "TaskName": "partlycloudy",
    "TotalReadoutTime": 0.046279,
    "TxRefAmp": 213.165,
    "dataset": "ds004146",
    "modality": "bold",
    "session_id": "02",
    "subject_id": "0120",
    "task_id": "partlycloudy"
  },
  "dummy_trs": 2,
  "dvars_nstd": 30.803078568063658,
  "dvars_std": 1.1294321232095499,
  "dvars_vstd": 1.0097260464986737,
  "efc": 0.43526983034409855,
  "fber": 7555.84423828125,
  "fd_mean": 0.1277200708375534,
  "fd_num": 64,
  "fd_perc": 16.93121693121693,
  "fwhm_avg": 1.7690971519246173,
  "fwhm_x": 1.6391166015340248,
  "fwhm_y": 1.916245757188568,
  "fwhm_z": 1.7519290970512589,
  "gcor": 0.00574184,
  "gsr_x": -0.0214735958725214,
  "gsr_y": 0.027254581451416016,
  "provenance": {
    "md5sum": "0c39b939a0a0c41e334b0ba15a093d13",
    "settings": {
      "fd_thres": 0.2,
      "testing": false
    },
    "software": "mriqc",
    "version": "23.0.1",
    "webapi_port": null,
    "webapi_url": "https://mriqc.nimh.nih.gov/api/v1"
  },
  "size_t": 378,
  "size_x": 90,
  "size_y": 90,
  "size_z": 60,
  "snr": 7.536036427830703,
  "spacing_tr": 0.800000011920929,
  "spacing_x": 2.4000000953674316,
  "spacing_y": 2.4000000953674316,
  "spacing_z": 2.4000000953674316,
  "summary_bg_k": 26.34969502190502,
  "summary_bg_mad": 4.624306953289369,
  "summary_bg_mean": 21.19707679748535,
  "summary_bg_median": 6.920634746551514,
  "summary_bg_n": 355277.0,
  "summary_bg_p05": 2.8915343284606934,
  "summary_bg_p95": 94.19893951416019,
  "summary_bg_stdv": 44.24167251586914,
  "summary_fg_k": 2.947529800185521,
  "summary_fg_mad": 77.79345233224801,
  "summary_fg_mean": 604.6912841796875,
  "summary_fg_median": 605.4708862304688,
  "summary_fg_n": 65155.0,
  "summary_fg_p05": 484.7878082275391,
  "summary_fg_p95": 726.3063354492186,
  "summary_fg_stdv": 80.3427963256836,
  "tsnr": 51.20121438987553
}