{
  "aor": 0.0006013888888888889,
  "aqi": 0.005405002592592593,
  "bids_meta": {
    "AcquisitionMatrixPE": 104,
    "AcquisitionNumber": 1,
    "AcquisitionTime": "11:22:40.765000",
    "BandwidthPerPixelPhaseEncode": 17.17,
    "BaseResolution": 104,
    "BodyPartExamined": "BRAIN",
    "CoilString": "HC1-7;NC1_2",
    "ConsistencyInfo": "N4_VE11C_LATEST_20160120",
    "ConversionSoftware": "dcm2niix",
    "ConversionSoftwareVersion": "v1.0.20190410  GCC6.3.0",
    "DerivedVendorReportedEchoSpacing": 0.000560011,
    "DeviceSerialNumber": "167001",
    "DwellTime": 2.1e-06,
    "EchoTime": 0.03,
    "EchoTrainLength": 91,
    "EffectiveEchoSpacing": 0.000560011,
    "FlipAngle": 52,
    "ImageOrientationPatientDICOM": [
      0.998574,
      0.0516153,
      -0.0136496,
      -0.0533817,
      0.960824,
      -0.271971
    ],
    "ImageType": [
      "ORIGINAL",
      "PRIMARY",
      "M",
      "ND",
      "MOSAIC"
    ],
    "ImagingFrequency": 123.229,
    "InPlanePhaseEncodingDirectionDICOM": "COL",
    "InstitutionAddress": "Cooper_60_St._Lucia_QLD_AU_4072",
    "InstitutionName": "St_Lucia_Campus",
    "InstitutionalDepartmentName": "Gehrmann_Labs_MRI",
    "MRAcquisitionType": "2D",
    "MagneticFieldStrength": 3,
    "Manufacturer": "Siemens",
    "ManufacturersModelName": "Prisma_fit",
    "Modality": "MR",
    "MultibandAccelerationFactor": 6,
    "PartialFourier": 0.875,
    "PatientPosition": "HFS",
    "PercentPhaseFOV": 100,
    "PhaseEncodingDirection": "j-",
    "PhaseEncodingSteps": 91,
    "PhaseResolution": 1,
    "PixelBandwidth": 2290,
    "ProcedureStepDescription": "Research_16092_QTAB",
    "ProtocolName": "ep2d_REST_SMS6_A-P",
    "PulseSequenceDetails": "%SiemensSeq%_ep2d_bold",
    "ReceiveCoilActiveElements": "HC1-7;NC1,2",
    "ReceiveCoilName": "HeadNeck_64",
    "ReconMatrixPE": 104,
    "RefLinesPE": 12,
    "RepetitionTime": 0.93,
    "SAR": 0.0626463,
    "ScanOptions": "PFP_FS",
    "ScanningSequence": "EP",
    "SequenceName": "_epfid2d1_104",
    "SequenceVariant": "SK",
    "SeriesDescription": "ep2d_REST_SMS6_A-P",
    "SeriesNumber": 9,
    "ShimSetting": [
      3062,
      -4178,
      -755,
      431,
      -52,
      -79,
      -176,
      25
    ],
    "SliceThickness": 2,
    "SliceTiming": [
      0.6825,
      0,
      0.455,
      0.0775,
      0.5325,
      0.1525,
      0.6075,
      0.305,
      0.76,
      0.38,
      0.835,
      0.2275,
      0.6825,
      0,
      0.455,
      0.0775,
      0.5325,
      0.1525,
      0.6075,
      0.305,
      0.76,
      0.38,
      0.835,
      0.2275,
      0.6825,
      0,
      0.455,
      0.0775,
      0.5325,
      0.1525,
      0.6075,
      0.305,
      0.76,
      0.38,
      0.835,
      0.2275,
      0.6825,
      0,
      0.455,
      0.0775,
      0.5325,
      0.1525,
      0.6075,
      0.305,
      0.76,
      0.38,
      0.835,
      0.2275,
      0.6825,
      0,
      0.455,
      0.0775,
      0.5325,
      0.1525,
      0.6075,
      0.305,
      0.76,
      0.38,
      0.835,
      0.2275,
      0.6825,
      0,
      0.455,
      0.0775,
      0.5325,
      0.1525,
      0.6075,
      0.305,
      0.76,
      0.38,
      0.835,
      0.2275
    ],
    "SoftwareVersions": "syngo_MR_E11",
    "SpacingBetweenSlices": 2,
    "StationName": "mrc_Trio",
    "TaskName": "rest",
    "TotalReadoutTime": 0.0576811,
    "TxRefAmp": 210.704,
    "dataset": "ds004146",
    "modality": "bold",
    "session_id": "02",
    "subject_id": "0190",
    "task_id": "rest"
  },
  "dummy_trs": 3,
  "dvars_nstd": 34.97072809792569,
  "dvars_std": 1.043838856718266,
  "dvars_vstd": 0.9914380709907126,
  "efc": 0.5063279886994378,
  "fber": 1029.0947265625,
  "fd_mean": 0.17380037040790397,
  "fd_num": 131,
  "fd_perc": 40.4320987654321,
  "fwhm_avg": 3.365743333333333,
  "fwhm_x": 3.148505,
  "fwhm_y": 3.50821,
  "fwhm_z": 3.440515,
  "gcor": 0.00452909,
  "gsr_x": -0.01597943902015686,
  "gsr_y": 0.07917158305644989,
  "provenance": {
    "md5sum": "e7c6d5c6d3b049c49ff483781eca77db",
    "settings": {
      "fd_thres": 0.2,
      "testing": false
    },
    "software": "mriqc",
    "version": "23.0.1",
    "webapi_port": null,
    "webapi_url": "https://mriqc.nimh.nih.gov/api/v1"
  },
  "size_t": 324,
  "size_x": 104,
  "size_y": 104,
  "size_z": 72,
  "snr": 2.4645923993484082,
  "spacing_tr": 0.9300000071525574,
  "spacing_x": 2.0,
  "spacing_y": 2.0,
  "spacing_z": 2.0,
  "summary_bg_k": 44.2265197852167,
  "summary_bg_mad": 5.033525701366017,
  "summary_bg_mean": 38.04729080200195,
  "summary_bg_median": 18.734567642211914,
  "summary_bg_n": 518932.0,
  "summary_bg_p05": 14.716049194335938,
  "summary_bg_p95": 128.41327285766573,
  "summary_bg_stdv": 61.45428466796875,
  "summary_fg_k": 2.0436776889566985,
  "summary_fg_mad": 222.32169545999943,
  "summary_fg_mean": 649.1553955078125,
  "summary_fg_median": 611.0370483398438,
  "summary_fg_n": 159355.0,
  "summary_fg_p05": 338.4034027099609,
  "summary_fg_p95": 1112.397229003906,
  "summary_fg_stdv": 247.92543029785156,
  "tsnr": 38.225026704370975
}