{
  "aor": 0.0026290184049079755,
  "aqi": 0.012651362914110429,
  "bids_meta": {
    "AcquisitionMatrixPE": 104,
    "AcquisitionNumber": 1,
    "AcquisitionTime": "15:41:56.437500",
    "BandwidthPerPixelPhaseEncode": 17.17,
    "BaseResolution": 104,
    "BodyPartExamined": "BRAIN",
    "ConsistencyInfo": "N4_VE11C_LATEST_20160120",
    "ConversionSoftware": "dcm2niix",
    "ConversionSoftwareVersion": "v1.0.20171215 GCC6.3.0",
    "DerivedVendorReportedEchoSpacing": 0.000560011,
    "DeviceSerialNumber": "167001",
    "DwellTime": 2.1e-06,
    "EchoTime": 0.03,
    "EchoTrainLength": 91,
    "EffectiveEchoSpacing": 0.000560011,
    "FlipAngle": 52,
    "ImageOrientationPatientDICOM": [
      0.996168,
      0.0492896,
      -0.0722545,
      -0.0806747,
      0.836931,
      -0.54133
    ],
    "ImageType": [
      "ORIGINAL",
      "PRIMARY",
      "M",
      "ND",
      "MOSAIC"
    ],
    "InPlanePhaseEncodingDirectionDICOM": "COL",
    "InstitutionAddress": "Cooper_60_St._Lucia_QLD_AU_4072",
    "InstitutionName": "St_Lucia_Campus",
    "InstitutionalDepartmentName": "Gehrmann_Labs_MRI",
    "MRAcquisitionType": "2D",
    "MagneticFieldStrength": 3,
    "Manufacturer": "Siemens",
    "ManufacturersModelName": "Prisma_fit",
    "Modality": "MR",
    "MultibandAccelerationFactor": 6,
    "PartialFourier": 0.875,
    "PatientPosition": "HFS",
    "PercentPhaseFOV": 100,
    "PhaseEncodingDirection": "j-",
    "PhaseEncodingSteps": 91,
    "PhaseResolution": 1,
    "PixelBandwidth": 2290,
    "ProcedureStepDescription": "Research_16092_QTAB",
    "ProtocolName": "ep2d_REST_SMS6_A-P",
    "PulseSequenceDetails": "%SiemensSeq%_ep2d_bold",
    "ReceiveCoilActiveElements": "HC1-7;NC1,2",
    "ReceiveCoilName": "HeadNeck_64",
    "ReconMatrixPE": 104,
    "RepetitionTime": 0.93,
    "SAR": 0.0662264,
    "ScanOptions": "PFP_FS",
    "ScanningSequence": "EP",
    "SequenceName": "_epfid2d1_104",
    "SequenceVariant": "SK",
    "SeriesDescription": "ep2d_REST_SMS6_A-P",
    "SeriesNumber": 9,
    "ShimSetting": [
      3028,
      -4136,
      -835,
      483,
      -78,
      -249,
      -190,
      20
    ],
    "SliceThickness": 2,
    "SliceTiming": [
      0.6825,
      0,
      0.455,
      0.0775,
      0.5325,
      0.1525,
      0.6075,
      0.305,
      0.76,
      0.38,
      0.835,
      0.2275,
      0.6825,
      0,
      0.455,
      0.0775,
      0.5325,
      0.1525,
      0.6075,
      0.305,
      0.76,
      0.38,
      0.835,
      0.2275,
      0.6825,
      0,
      0.455,
      0.0775,
      0.5325,
      0.1525,
      0.6075,
      0.305,
      0.76,
      0.38,
      0.835,
      0.2275,
      0.6825,
      0,
      0.455,
      0.0775,
      0.5325,
      0.1525,
      0.6075,
      0.305,
      0.76,
      0.38,
      0.835,
      0.2275,
      0.6825,
      0,
      0.455,
      0.0775,
      0.5325,
      0.1525,
      0.6075,
      0.305,
      0.76,
      0.38,
      0.835,
      0.2275,
      0.6825,
      0,
      0.455,
      0.0775,
      0.5325,
      0.1525,
      0.6075,
      0.305,
      0.76,
      0.38,
      0.835,
      0.2275
    ],
    "SoftwareVersions": "syngo_MR_E11",
    "SpacingBetweenSlices": 2,
    "StationName": "mrc_Trio",
    "TaskName": "rest",
    "TotalReadoutTime": 0.0576811,
    "TxRefAmp": 211.108,
    "dataset": "ds004146",
    "modality": "bold",
    "session_id": "01",
    "subject_id": "0187",
    "task_id": "rest"
  },
  "dummy_trs": 1,
  "dvars_nstd": 39.980942206984636,
  "dvars_std": 1.022312897723077,
  "dvars_vstd": 0.9930243240615387,
  "efc": 0.49826323113258847,
  "fber": 954.1819458007812,
  "fd_mean": 0.26346680726381283,
  "fd_num": 159,
  "fd_perc": 48.77300613496933,
  "fwhm_avg": 3.0691303159379912,
  "fwhm_x": 2.82764,
  "fwhm_y": 3.199415,
  "fwhm_z": 3.180335947813972,
  "gcor": 0.00851178,
  "gsr_x": -0.01344574149698019,
  "gsr_y": 0.05391381308436394,
  "provenance": {
    "md5sum": "5acdc95f444f53a83d9a0838e90e4f77",
    "settings": {
      "fd_thres": 0.2,
      "testing": false
    },
    "software": "mriqc",
    "version": "23.0.1",
    "webapi_port": null,
    "webapi_url": "https://mriqc.nimh.nih.gov/api/v1"
  },
  "size_t": 326,
  "size_x": 104,
  "size_y": 104,
  "size_z": 72,
  "snr": 3.1002986773486114,
  "spacing_tr": 0.9300000071525574,
  "spacing_x": 2.0,
  "spacing_y": 2.0,
  "spacing_z": 1.9999994039535522,
  "summary_bg_k": 77.29016324856956,
  "summary_bg_mad": 4.379587859894497,
  "summary_bg_mean": 30.3414249420166,
  "summary_bg_median": 17.32822036743164,
  "summary_bg_n": 539552.0,
  "summary_bg_p05": 13.717791557312012,
  "summary_bg_p95": 87.74371261596666,
  "summary_bg_stdv": 42.271446228027344,
  "summary_fg_k": 0.740409416616147,
  "summary_fg_mad": 166.22876530900203,
  "summary_fg_mean": 568.7124633789062,
  "summary_fg_median": 543.5306396484375,
  "summary_fg_n": 142183.0,
  "summary_fg_p05": 339.2585815429687,
  "summary_fg_p95": 896.5171447753905,
  "summary_fg_stdv": 175.31495666503906,
  "tsnr": 28.990333887864836
}