{
  "aor": 0.0007311963190184049,
  "aqi": 0.006366576073619632,
  "bids_meta": {
    "AcquisitionMatrixPE": 104,
    "AcquisitionNumber": 1,
    "AcquisitionTime": "12:11:50.467500",
    "BandwidthPerPixelPhaseEncode": 17.17,
    "BaseResolution": 104,
    "BodyPartExamined": "BRAIN",
    "ConsistencyInfo": "N4_VE11C_LATEST_20160120",
    "ConversionSoftware": "dcm2niix",
    "ConversionSoftwareVersion": "v1.0.20171215 GCC6.3.0",
    "DerivedVendorReportedEchoSpacing": 0.000560011,
    "DeviceSerialNumber": "167001",
    "DwellTime": 2.1e-06,
    "EchoTime": 0.03,
    "EchoTrainLength": 91,
    "EffectiveEchoSpacing": 0.000560011,
    "FlipAngle": 52,
    "ImageOrientationPatientDICOM": [
      0.999738,
      -0.0224083,
      -0.00457969,
      0.0207669,
      0.973261,
      -0.22876
    ],
    "ImageType": [
      "ORIGINAL",
      "PRIMARY",
      "M",
      "ND",
      "MOSAIC"
    ],
    "InPlanePhaseEncodingDirectionDICOM": "COL",
    "InstitutionAddress": "Cooper_60_St._Lucia_QLD_AU_4072",
    "InstitutionName": "St_Lucia_Campus",
    "InstitutionalDepartmentName": "Gehrmann_Labs_MRI",
    "MRAcquisitionType": "2D",
    "MagneticFieldStrength": 3,
    "Manufacturer": "Siemens",
    "ManufacturersModelName": "Prisma_fit",
    "Modality": "MR",
    "MultibandAccelerationFactor": 6,
    "PartialFourier": 0.875,
    "PatientPosition": "HFS",
    "PercentPhaseFOV": 100,
    "PhaseEncodingDirection": "j",
    "PhaseEncodingSteps": 91,
    "PhaseResolution": 1,
    "PixelBandwidth": 2290,
    "ProcedureStepDescription": "Research_16092_QTAB",
    "ProtocolName": "ep2d_REST_SMS6_P-A",
    "PulseSequenceDetails": "%SiemensSeq%_ep2d_bold",
    "ReceiveCoilActiveElements": "HC1-7;NC1,2",
    "ReceiveCoilName": "HeadNeck_64",
    "ReconMatrixPE": 104,
    "RepetitionTime": 0.93,
    "SAR": 0.0554899,
    "ScanOptions": "PFP_FS",
    "ScanningSequence": "EP",
    "SequenceName": "_epfid2d1_104",
    "SequenceVariant": "SK",
    "SeriesDescription": "ep2d_REST_SMS6_P-A",
    "SeriesNumber": 10,
    "ShimSetting": [
      3065,
      -4159,
      -768,
      391,
      34,
      100,
      -16,
      -31
    ],
    "SliceThickness": 2,
    "SliceTiming": [
      0.6825,
      0,
      0.455,
      0.0775,
      0.5325,
      0.1525,
      0.6075,
      0.305,
      0.76,
      0.38,
      0.835,
      0.2275,
      0.6825,
      0,
      0.455,
      0.0775,
      0.5325,
      0.1525,
      0.6075,
      0.305,
      0.76,
      0.38,
      0.835,
      0.2275,
      0.6825,
      0,
      0.455,
      0.0775,
      0.5325,
      0.1525,
      0.6075,
      0.305,
      0.76,
      0.38,
      0.835,
      0.2275,
      0.6825,
      0,
      0.455,
      0.0775,
      0.5325,
      0.1525,
      0.6075,
      0.305,
      0.76,
      0.38,
      0.835,
      0.2275,
      0.6825,
      0,
      0.455,
      0.0775,
      0.5325,
      0.1525,
      0.6075,
      0.305,
      0.76,
      0.38,
      0.835,
      0.2275,
      0.6825,
      0,
      0.455,
      0.0775,
      0.5325,
      0.1525,
      0.6075,
      0.305,
      0.76,
      0.38,
      0.835,
      0.2275
    ],
    "SoftwareVersions": "syngo_MR_E11",
    "SpacingBetweenSlices": 2,
    "StationName": "mrc_Trio",
    "TaskName": "rest",
    "TotalReadoutTime": 0.0576811,
    "TxRefAmp": 227.533,
    "dataset": "ds004146",
    "modality": "bold",
    "session_id": "01",
    "subject_id": "0348",
    "task_id": "rest"
  },
  "dummy_trs": 1,
  "dvars_nstd": 37.294528732153864,
  "dvars_std": 1.0505799083384622,
  "dvars_vstd": 0.9999890426769233,
  "efc": 0.5481856638758064,
  "fber": 756.6650390625,
  "fd_mean": 0.1794090460873181,
  "fd_num": 120,
  "fd_perc": 36.809815950920246,
  "fwhm_avg": 3.1377572510711507,
  "fwhm_x": 2.90001,
  "fwhm_y": 3.245035,
  "fwhm_z": 3.2682267532134524,
  "gcor": 0.00492156,
  "gsr_x": -0.008526130579411983,
  "gsr_y": 0.08003316074609756,
  "provenance": {
    "md5sum": "f674624f19e62f2f46dfd963b64d955a",
    "settings": {
      "fd_thres": 0.2,
      "testing": false
    },
    "software": "mriqc",
    "version": "23.0.1",
    "webapi_port": null,
    "webapi_url": "https://mriqc.nimh.nih.gov/api/v1"
  },
  "size_t": 326,
  "size_x": 104,
  "size_y": 104,
  "size_z": 72,
  "snr": 2.6453030750012023,
  "spacing_tr": 0.9300000071525574,
  "spacing_x": 2.0,
  "spacing_y": 2.0,
  "spacing_z": 1.999998927116394,
  "summary_bg_k": 43.80040490684162,
  "summary_bg_mad": 7.783663061074067,
  "summary_bg_mean": 47.61389923095703,
  "summary_bg_median": 20.323619842529297,
  "summary_bg_n": 502088.0,
  "summary_bg_p05": 14.57668685913086,
  "summary_bg_p95": 188.08987884521463,
  "summary_bg_stdv": 74.44586944580078,
  "summary_fg_k": 0.4466699650933843,
  "summary_fg_mad": 224.48234567797175,
  "summary_fg_mean": 596.101806640625,
  "summary_fg_median": 571.6073608398438,
  "summary_fg_n": 171141.0,
  "summary_fg_p05": 302.60736083984375,
  "summary_fg_p95": 975.8404541015625,
  "summary_fg_stdv": 216.083251953125,
  "tsnr": 35.11212921491824
}