{
  "bids_meta": {
    "AcquisitionMatrixPE": 256,
    "AcquisitionNumber": 1,
    "AcquisitionTime": "12:39:56.272500",
    "BaseResolution": 256,
    "BodyPartExamined": "BRAIN",
    "ConsistencyInfo": "N4_VE11C_LATEST_20160120",
    "ConversionSoftware": "dcm2niix",
    "ConversionSoftwareVersion": "v1.0.20171215 GCC6.3.0",
    "DeviceSerialNumber": "167001",
    "DwellTime": 2.6e-06,
    "EchoTime": 0.408,
    "EchoTrainLength": 259,
    "FlipAngle": 120,
    "ImageOrientationPatientDICOM": [
      -0.00316655,
      0.999995,
      -3.93716e-08,
      -0.0347549,
      -0.000110093,
      -0.999396
    ],
    "ImageType": [
      "ORIGINAL",
      "PRIMARY",
      "M",
      "ND",
      "NORM"
    ],
    "InPlanePhaseEncodingDirectionDICOM": "ROW",
    "InstitutionAddress": "Cooper_60_St._Lucia_QLD_AU_4072",
    "InstitutionName": "St_Lucia_Campus",
    "InstitutionalDepartmentName": "Gehrmann_Labs_MRI",
    "MRAcquisitionType": "3D",
    "MagneticFieldStrength": 3,
    "Manufacturer": "Siemens",
    "ManufacturersModelName": "Prisma_fit",
    "Modality": "MR",
    "ParallelReductionFactorInPlane": 2,
    "PartialFourier": 1,
    "PatientPosition": "HFS",
    "PercentPhaseFOV": 100,
    "PhaseEncodingSteps": 233,
    "PhaseResolution": 1,
    "PixelBandwidth": 750,
    "ProcedureStepDescription": "Research_16092_QTAB",
    "ProtocolName": "t2_spc_sag_p2_iso",
    "PulseSequenceDetails": "%SiemensSeq%_tse_vfl",
    "ReceiveCoilActiveElements": "HC1-7;NC1",
    "ReceiveCoilName": "HeadNeck_64",
    "ReconMatrixPE": 256,
    "RepetitionTime": 3.2,
    "SAR": 0.173125,
    "ScanOptions": "PFP",
    "ScanningSequence": "SE",
    "SequenceName": "_spcR_282ns",
    "SequenceVariant": "SK_SP",
    "SeriesDescription": "t2_spc_sag_p2_iso",
    "SeriesNumber": 19,
    "ShimSetting": [
      3044,
      -4172,
      -1039,
      -11,
      -3,
      35,
      -21,
      -13
    ],
    "SliceThickness": 1,
    "SoftwareVersions": "syngo_MR_E11",
    "StationName": "mrc_Trio",
    "TxRefAmp": 205.375,
    "dataset": "ds004146",
    "modality": "T2w",
    "session_id": "01",
    "subject_id": "0341"
  },
  "cjv": 15.737596426717126,
  "cnr": 0.06072903569816502,
  "efc": 0.6118366130250406,
  "fber": 6862.223985460069,
  "fwhm_avg": 4.247175041927092,
  "fwhm_x": 4.2365127525158375,
  "fwhm_y": 4.453899933631719,
  "fwhm_z": 4.05111243963372,
  "icvs_csf": 0.4218838244841861,
  "icvs_gm": 0.4572057236784132,
  "icvs_wm": 0.12091045183740069,
  "inu_med": 1.0270116329193115,
  "inu_range": 0.3265148639678954,
  "provenance": {
    "md5sum": "9c0fdfc69ee0a05750c0374e6198982d",
    "settings": {
      "testing": false
    },
    "software": "mriqc",
    "version": "23.0.1",
    "warnings": {
      "large_rot_frame": true,
      "small_air_mask": false
    },
    "webapi_port": null,
    "webapi_url": "https://mriqc.nimh.nih.gov/api/v1"
  },
  "qi_1": 0.0001243660247566118,
  "qi_2": 0.024013923196860996,
  "rpve_csf": 10.448157899140124,
  "rpve_gm": 10.193866611167673,
  "rpve_wm": 37.633453314092684,
  "size_x": 192,
  "size_y": 300,
  "size_z": 320,
  "snr_csf": 15.501442136399433,
  "snr_gm": 13.391632824201944,
  "snr_total": 9.849768637903766,
  "snr_wm": 0.6562309531099209,
  "snrd_csf": 63.39777855283607,
  "snrd_gm": 40.76406510011588,
  "snrd_total": 47.15611109373442,
  "snrd_wm": 37.30648962825131,
  "spacing_x": 0.7999999523162842,
  "spacing_y": 0.800000011920929,
  "spacing_z": 0.800000011920929,
  "summary_bg_k": 6.707901097509097,
  "summary_bg_mad": 0.0,
  "summary_bg_mean": 9.9549516638595,
  "summary_bg_median": 0.0,
  "summary_bg_n": 1828384.0,
  "summary_bg_p05": 0.0,
  "summary_bg_p95": 51.96894686669111,
  "summary_bg_stdv": 18.03074658963008,
  "summary_csf_k": 0.7176599198548077,
  "summary_csf_mad": 104.94463960830615,
  "summary_csf_mean": 1751.0504238370586,
  "summary_csf_median": 1744.8416534811258,
  "summary_csf_n": 179080.0,
  "summary_csf_p05": 1578.9327140897512,
  "summary_csf_p95": 1946.702192723751,
  "summary_csf_stdv": 112.55964228612889,
  "summary_gm_k": -0.08207857723259959,
  "summary_gm_mad": 87.73040030496739,
  "summary_gm_mean": 1124.0318132211069,
  "summary_gm_median": 1121.9137385487556,
  "summary_gm_n": 355908.0,
  "summary_gm_p05": 990.5575040727854,
  "summary_gm_p95": 1260.4043371975422,
  "summary_gm_stdv": 83.77710001062923,
  "summary_wm_k": -1.7454261803455058,
  "summary_wm_mad": 1409.8565689671207,
  "summary_wm_mean": 1785.2388810162638,
  "summary_wm_median": 1026.7539105378091,
  "summary_wm_n": 76772.0,
  "summary_wm_p05": 91.97734203189611,
  "summary_wm_p95": 3980.9752084314823,
  "summary_wm_stdv": 1564.6126087415707,
  "tpm_overlap_csf": 0.10691495727433205,
  "tpm_overlap_gm": 0.291066587547826,
  "tpm_overlap_wm": 0.0376371055132682,
  "wm2max": 0.2685307137891926
}