{
  "bids_meta": {
    "AcquisitionMatrixPE": 256,
    "AcquisitionNumber": 1,
    "AcquisitionTime": "17:00:15.737500",
    "BaseResolution": 256,
    "BodyPartExamined": "BRAIN",
    "CoilString": "HC1-7;NC1_2",
    "ConsistencyInfo": "N4_VE11C_LATEST_20160120",
    "ConversionSoftware": "dcm2niix",
    "ConversionSoftwareVersion": "v1.0.20190410  GCC6.3.0",
    "DeviceSerialNumber": "167001",
    "DwellTime": 2.6e-06,
    "EchoTime": 0.408,
    "EchoTrainLength": 259,
    "FlipAngle": 120,
    "ImageOrientationPatientDICOM": [
      0.081692,
      0.996583,
      0.0122068,
      0.0418832,
      0.00880414,
      -0.999084
    ],
    "ImageType": [
      "ORIGINAL",
      "PRIMARY",
      "M",
      "ND",
      "NORM"
    ],
    "ImagingFrequency": 123.229,
    "InPlanePhaseEncodingDirectionDICOM": "ROW",
    "InstitutionAddress": "Cooper_60_St._Lucia_QLD_AU_4072",
    "InstitutionName": "St_Lucia_Campus",
    "InstitutionalDepartmentName": "Gehrmann_Labs_MRI",
    "MRAcquisitionType": "3D",
    "MagneticFieldStrength": 3,
    "Manufacturer": "Siemens",
    "ManufacturersModelName": "Prisma_fit",
    "Modality": "MR",
    "PartialFourier": 1,
    "PatientPosition": "HFS",
    "PercentPhaseFOV": 100,
    "PhaseEncodingSteps": 233,
    "PhaseResolution": 1,
    "PixelBandwidth": 750,
    "ProcedureStepDescription": "Research_16092_QTAB",
    "ProtocolName": "t2_spc_sag_p2_iso",
    "PulseSequenceDetails": "%SiemensSeq%_tse_vfl",
    "ReceiveCoilActiveElements": "HC1-7;NC1,2",
    "ReceiveCoilName": "HeadNeck_64",
    "ReconMatrixPE": 256,
    "RefLinesPE": 24,
    "RepetitionTime": 3.2,
    "SAR": 0.147165,
    "ScanOptions": "PFP",
    "ScanningSequence": "SE",
    "SequenceName": "_spcR_282ns",
    "SequenceVariant": "SK_SP",
    "SeriesDescription": "t2_spc_sag_p2_iso",
    "SeriesNumber": 29,
    "ShimSetting": [
      3051,
      -4198,
      -833,
      -58,
      9,
      -360,
      -11,
      -25
    ],
    "SliceThickness": 1,
    "SoftwareVersions": "syngo_MR_E11",
    "StationName": "mrc_Trio",
    "TxRefAmp": 213.245,
    "dataset": "ds004146",
    "modality": "T2w",
    "session_id": "02",
    "subject_id": "0182"
  },
  "cjv": 4.571794100189315,
  "cnr": 0.17554533432565728,
  "efc": 0.6687758279386974,
  "fber": -1.0,
  "fwhm_avg": 4.074729105948471,
  "fwhm_x": 4.251299936650694,
  "fwhm_y": 4.357349935070426,
  "fwhm_z": 3.6155374461242937,
  "icvs_csf": 0.513384502576734,
  "icvs_gm": 0.37359960883212096,
  "icvs_wm": 0.11301588859114511,
  "inu_med": 1.045633614063263,
  "inu_range": 0.3579211086034775,
  "provenance": {
    "md5sum": "1dc9d47178e940a768764bee647ea804",
    "settings": {
      "testing": false
    },
    "software": "mriqc",
    "version": "23.0.1",
    "warnings": {
      "large_rot_frame": true,
      "small_air_mask": false
    },
    "webapi_port": null,
    "webapi_url": "https://mriqc.nimh.nih.gov/api/v1"
  },
  "qi_1": 0.1276723327915047,
  "qi_2": 0.01889062312982169,
  "rpve_csf": 9.24985223923792,
  "rpve_gm": 12.346285390237185,
  "rpve_wm": 37.33010226080165,
  "size_x": 192,
  "size_y": 300,
  "size_z": 320,
  "snr_csf": 18.531742564891733,
  "snr_gm": 13.855789833630675,
  "snr_total": 10.97401708818918,
  "snr_wm": 0.5345188660451337,
  "snrd_csf": 140.0048789922103,
  "snrd_gm": 91.53525639573844,
  "snrd_total": 100.14105906821094,
  "snrd_wm": 68.88304181668406,
  "spacing_x": 0.800000011920929,
  "spacing_y": 0.800000011920929,
  "spacing_z": 0.800000011920929,
  "summary_bg_k": 17.85061293634644,
  "summary_bg_mad": 0.0,
  "summary_bg_mean": 3.693070429731832,
  "summary_bg_median": 0.0,
  "summary_bg_n": 1130476.0,
  "summary_bg_p05": 0.0,
  "summary_bg_p95": 20.153550803661346,
  "summary_bg_stdv": 9.62494544984705,
  "summary_csf_k": 0.3519556048240764,
  "summary_csf_mad": 108.00670465562128,
  "summary_csf_mean": 2061.825866600605,
  "summary_csf_median": 2056.8836092948914,
  "summary_csf_n": 327495.0,
  "summary_csf_p05": 1889.3735766410828,
  "summary_csf_p95": 2250.218105316162,
  "summary_csf_stdv": 110.99228589873557,
  "summary_gm_k": -0.06879731805693634,
  "summary_gm_mad": 98.9522503731141,
  "summary_gm_mean": 1343.5959950294744,
  "summary_gm_median": 1344.7914808988571,
  "summary_gm_n": 402057.0,
  "summary_gm_p05": 1183.0396056175232,
  "summary_gm_p95": 1499.6510162949562,
  "summary_gm_stdv": 97.05616386044359,
  "summary_wm_k": -1.7326886131114085,
  "summary_wm_mad": 1422.5194424553233,
  "summary_wm_mean": 2040.4163269911098,
  "summary_wm_median": 1011.9961582124233,
  "summary_wm_n": 63692.0,
  "summary_wm_p05": 63.60146552324295,
  "summary_wm_p95": 4593.351931869984,
  "summary_wm_stdv": 1893.2694017260849,
  "tpm_overlap_csf": 0.10667716007699456,
  "tpm_overlap_gm": 0.23473972356469167,
  "tpm_overlap_wm": 0.03063463155812283,
  "wm2max": 0.22561414428257445
}