{
  "aor": 0.0003286807387862797,
  "aqi": 0.016796540897097624,
  "bids_meta": {
    "AcquisitionMatrixPE": 90,
    "AcquisitionNumber": 1,
    "AcquisitionTime": "10:33:32.557500",
    "BandwidthPerPixelPhaseEncode": 21.368,
    "BaseResolution": 90,
    "BodyPartExamined": "BRAIN",
    "CoilString": "HC1-7;NC1_2",
    "ConsistencyInfo": "N4_VE11C_LATEST_20160120",
    "ConversionSoftware": "dcm2niix",
    "ConversionSoftwareVersion": "v1.0.20190410  GCC6.3.0",
    "DerivedVendorReportedEchoSpacing": 0.000519988,
    "DeviceSerialNumber": "167001",
    "DwellTime": 2.2e-06,
    "EchoTime": 0.03,
    "EchoTrainLength": 90,
    "EffectiveEchoSpacing": 0.000519988,
    "FlipAngle": 52,
    "ImageOrientationPatientDICOM": [
      0.996749,
      -0.0752446,
      0.0288203,
      0.0801965,
      0.96107,
      -0.264412
    ],
    "ImageType": [
      "ORIGINAL",
      "PRIMARY",
      "M",
      "ND",
      "NORM",
      "MOSAIC"
    ],
    "ImagingFrequency": 123.229,
    "InPlanePhaseEncodingDirectionDICOM": "COL",
    "InstitutionAddress": "Cooper_60_St._Lucia_QLD_AU_4072",
    "InstitutionName": "St_Lucia_Campus",
    "InstitutionalDepartmentName": "Gehrmann_Labs_MRI",
    "MRAcquisitionType": "2D",
    "MagneticFieldStrength": 3,
    "Manufacturer": "Siemens",
    "ManufacturersModelName": "Prisma_fit",
    "Modality": "MR",
    "MultibandAccelerationFactor": 6,
    "PartialFourier": 1,
    "PatientPosition": "HFS",
    "PercentPhaseFOV": 100,
    "PhaseEncodingDirection": "j-",
    "PhaseEncodingSteps": 90,
    "PhaseResolution": 1,
    "PixelBandwidth": 2525,
    "ProcedureStepDescription": "Research_16092_QTAB",
    "ProtocolName": "PARTLY_CLOUDY_mb6_2.4",
    "PulseSequenceDetails": "%SiemensSeq%_ep2d_bold",
    "ReceiveCoilActiveElements": "HC1-7;NC1,2",
    "ReceiveCoilName": "HeadNeck_64",
    "ReconMatrixPE": 90,
    "RefLinesPE": 12,
    "RepetitionTime": 0.8,
    "SAR": 0.06774,
    "ScanOptions": "FS",
    "ScanningSequence": "EP",
    "SequenceName": "_epfid2d1_90",
    "SequenceVariant": "SK",
    "SeriesDescription": "PARTLY_CLOUDY_mb6_2.4",
    "SeriesNumber": 19,
    "ShimSetting": [
      3049,
      -4180,
      -785,
      319,
      -25,
      -140,
      -129,
      -45
    ],
    "SliceThickness": 2.4,
    "SliceTiming": [
      0.545,
      0,
      0.39,
      0.0775,
      0.4675,
      0.2325,
      0.6225,
      0.31,
      0.7,
      0.155,
      0.545,
      0,
      0.39,
      0.0775,
      0.4675,
      0.2325,
      0.6225,
      0.31,
      0.7,
      0.155,
      0.545,
      0,
      0.39,
      0.0775,
      0.4675,
      0.2325,
      0.6225,
      0.31,
      0.7,
      0.155,
      0.545,
      0,
      0.39,
      0.0775,
      0.4675,
      0.2325,
      0.6225,
      0.31,
      0.7,
      0.155,
      0.545,
      0,
      0.39,
      0.0775,
      0.4675,
      0.2325,
      0.6225,
      0.31,
      0.7,
      0.155,
      0.545,
      0,
      0.39,
      0.0775,
      0.4675,
      0.2325,
      0.6225,
      0.31,
      0.7,
      0.155
    ],
    "SoftwareVersions": "syngo_MR_E11",
    "SpacingBetweenSlices": 2.4,
    "StationName": "mrc_Trio",
    "TaskName": "partlycloudy",
    "TotalReadoutTime": 0.046279,
    "TxRefAmp": 210.076,
    "dataset": "ds004146",
    "modality": "bold",
    "session_id": "02",
    "subject_id": "0076",
    "task_id": "partlycloudy"
  },
  "dummy_trs": 1,
  "dvars_nstd": 30.339666265714293,
  "dvars_std": 1.1263138294444441,
  "dvars_vstd": 0.9892129168518524,
  "efc": 0.4762701790361618,
  "fber": 6940.6796875,
  "fd_mean": 0.13551302775672014,
  "fd_num": 77,
  "fd_perc": 20.316622691292874,
  "fwhm_avg": 1.7950235986504606,
  "fwhm_x": 1.687741599601841,
  "fwhm_y": 1.919599923721952,
  "fwhm_z": 1.7777292726275884,
  "gcor": 0.00626687,
  "gsr_x": -0.021994642913341522,
  "gsr_y": 0.0366700179874897,
  "provenance": {
    "md5sum": "19cb6f9637e33dcd32c6851f7eadcdc1",
    "settings": {
      "fd_thres": 0.2,
      "testing": false
    },
    "software": "mriqc",
    "version": "23.0.1",
    "webapi_port": null,
    "webapi_url": "https://mriqc.nimh.nih.gov/api/v1"
  },
  "size_t": 379,
  "size_x": 90,
  "size_y": 90,
  "size_z": 60,
  "snr": 7.368070839034264,
  "spacing_tr": 0.800000011920929,
  "spacing_x": 2.4000000953674316,
  "spacing_y": 2.4000000953674316,
  "spacing_z": 2.3999998569488525,
  "summary_bg_k": 23.45644558985441,
  "summary_bg_mad": 5.8795544257106105,
  "summary_bg_mean": 27.279829025268555,
  "summary_bg_median": 8.17941951751709,
  "summary_bg_n": 335627.0,
  "summary_bg_p05": 3.5488128662109375,
  "summary_bg_p95": 126.40211791992193,
  "summary_bg_stdv": 54.698360443115234,
  "summary_fg_k": 2.3672250451244814,
  "summary_fg_mad": 87.26811664402732,
  "summary_fg_mean": 690.2843627929688,
  "summary_fg_median": 688.9776000976562,
  "summary_fg_n": 81380.0,
  "summary_fg_p05": 551.1419891357422,
  "summary_fg_p95": 839.7786468505859,
  "summary_fg_stdv": 93.50797271728516,
  "tsnr": 48.081751462304965
}