{
  "aor": 0.0003572340425531915,
  "aqi": 0.011415648829787236,
  "bids_meta": {
    "AcquisitionMatrixPE": 90,
    "AcquisitionNumber": 1,
    "AcquisitionTime": "10:28:5.572500",
    "BandwidthPerPixelPhaseEncode": 21.368,
    "BaseResolution": 90,
    "BodyPartExamined": "BRAIN",
    "CoilString": "HC1-7;NC1_2",
    "ConsistencyInfo": "N4_VE11C_LATEST_20160120",
    "ConversionSoftware": "dcm2niix",
    "ConversionSoftwareVersion": "v1.0.20190410  GCC6.3.0",
    "DerivedVendorReportedEchoSpacing": 0.000519988,
    "DeviceSerialNumber": "167001",
    "DwellTime": 2.2e-06,
    "EchoTime": 0.03,
    "EchoTrainLength": 90,
    "EffectiveEchoSpacing": 0.000519988,
    "FlipAngle": 52,
    "ImageOrientationPatientDICOM": [
      0.999841,
      -0.0122105,
      -0.0130268,
      0.00540976,
      0.902473,
      -0.430712
    ],
    "ImageType": [
      "ORIGINAL",
      "PRIMARY",
      "M",
      "ND",
      "NORM",
      "MOSAIC"
    ],
    "ImagingFrequency": 123.229,
    "InPlanePhaseEncodingDirectionDICOM": "COL",
    "InstitutionAddress": "Cooper_60_St._Lucia_QLD_AU_4072",
    "InstitutionName": "St_Lucia_Campus",
    "InstitutionalDepartmentName": "Gehrmann_Labs_MRI",
    "MRAcquisitionType": "2D",
    "MagneticFieldStrength": 3,
    "Manufacturer": "Siemens",
    "ManufacturersModelName": "Prisma_fit",
    "Modality": "MR",
    "MultibandAccelerationFactor": 6,
    "PartialFourier": 1,
    "PatientPosition": "HFS",
    "PercentPhaseFOV": 100,
    "PhaseEncodingDirection": "j-",
    "PhaseEncodingSteps": 90,
    "PhaseResolution": 1,
    "PixelBandwidth": 2525,
    "ProcedureStepDescription": "Research_16092_QTAB",
    "ProtocolName": "PARTLY_CLOUDY_mb6_2.4",
    "PulseSequenceDetails": "%SiemensSeq%_ep2d_bold",
    "ReceiveCoilActiveElements": "HC1-7;NC1,2",
    "ReceiveCoilName": "HeadNeck_64",
    "ReconMatrixPE": 90,
    "RefLinesPE": 12,
    "RepetitionTime": 0.8,
    "SAR": 0.0583345,
    "ScanOptions": "FS",
    "ScanningSequence": "EP",
    "SequenceName": "_epfid2d1_90",
    "SequenceVariant": "SK",
    "SeriesDescription": "PARTLY_CLOUDY_mb6_2.4",
    "SeriesNumber": 19,
    "ShimSetting": [
      3042,
      -4163,
      -806,
      324,
      21,
      -158,
      -51,
      -39
    ],
    "SliceThickness": 2.4,
    "SliceTiming": [
      0.5475,
      0,
      0.39,
      0.0775,
      0.4675,
      0.235,
      0.625,
      0.3125,
      0.7025,
      0.1575,
      0.5475,
      0,
      0.39,
      0.0775,
      0.4675,
      0.235,
      0.625,
      0.3125,
      0.7025,
      0.1575,
      0.5475,
      0,
      0.39,
      0.0775,
      0.4675,
      0.235,
      0.625,
      0.3125,
      0.7025,
      0.1575,
      0.5475,
      0,
      0.39,
      0.0775,
      0.4675,
      0.235,
      0.625,
      0.3125,
      0.7025,
      0.1575,
      0.5475,
      0,
      0.39,
      0.0775,
      0.4675,
      0.235,
      0.625,
      0.3125,
      0.7025,
      0.1575,
      0.5475,
      0,
      0.39,
      0.0775,
      0.4675,
      0.235,
      0.625,
      0.3125,
      0.7025,
      0.1575
    ],
    "SoftwareVersions": "syngo_MR_E11",
    "SpacingBetweenSlices": 2.4,
    "StationName": "mrc_Trio",
    "TaskName": "partlycloudy",
    "TotalReadoutTime": 0.046279,
    "TxRefAmp": 231.781,
    "dataset": "ds004146",
    "modality": "bold",
    "session_id": "02",
    "subject_id": "0006",
    "task_id": "partlycloudy"
  },
  "dummy_trs": 4,
  "dvars_nstd": 38.03972724402666,
  "dvars_std": 1.3028832846133331,
  "dvars_vstd": 0.999968225813333,
  "efc": 0.5147602750067687,
  "fber": 5768.4443359375,
  "fd_mean": 0.09160234184402379,
  "fd_num": 4,
  "fd_perc": 1.0638297872340425,
  "fwhm_avg": 1.8277958201117028,
  "fwhm_x": 1.745904097290671,
  "fwhm_y": 1.9434082561092274,
  "fwhm_z": 1.7940751069352097,
  "gcor": 0.012748,
  "gsr_x": -0.011163351126015186,
  "gsr_y": 0.04395256191492081,
  "provenance": {
    "md5sum": "9e691203b278b38f1935beefb1715aad",
    "settings": {
      "fd_thres": 0.2,
      "testing": false
    },
    "software": "mriqc",
    "version": "23.0.1",
    "webapi_port": null,
    "webapi_url": "https://mriqc.nimh.nih.gov/api/v1"
  },
  "size_t": 376,
  "size_x": 90,
  "size_y": 90,
  "size_z": 60,
  "snr": 6.4936940981004305,
  "spacing_tr": 0.800000011920929,
  "spacing_x": 2.4000000953674316,
  "spacing_y": 2.4000000953674316,
  "spacing_z": 2.3999998569488525,
  "summary_bg_k": 23.037894074065253,
  "summary_bg_mad": 5.894920904545448,
  "summary_bg_mean": 27.997236251831055,
  "summary_bg_median": 7.922872066497803,
  "summary_bg_n": 315423.0,
  "summary_bg_p05": 3.0159573554992676,
  "summary_bg_p95": 135.7656936645507,
  "summary_bg_stdv": 56.776798248291016,
  "summary_fg_k": 2.597902628924417,
  "summary_fg_mad": 83.64875379407806,
  "summary_fg_mean": 620.4596557617188,
  "summary_fg_median": 616.300537109375,
  "summary_fg_n": 96915.0,
  "summary_fg_p05": 487.5031768798828,
  "summary_fg_p95": 775.8207458496094,
  "summary_fg_stdv": 94.90705108642578,
  "tsnr": 51.52828727662563
}