{
  "aor": 0.0009135692307692308,
  "aqi": 0.008922177753846154,
  "bids_meta": {
    "AcquisitionMatrixPE": 104,
    "AcquisitionNumber": 1,
    "AcquisitionTime": "11:20:12.752500",
    "BandwidthPerPixelPhaseEncode": 17.17,
    "BaseResolution": 104,
    "BodyPartExamined": "BRAIN",
    "CoilString": "HC1-7;NC1_2",
    "ConsistencyInfo": "N4_VE11C_LATEST_20160120",
    "ConversionSoftware": "dcm2niix",
    "ConversionSoftwareVersion": "v1.0.20190410  GCC6.3.0",
    "DerivedVendorReportedEchoSpacing": 0.000560011,
    "DeviceSerialNumber": "167001",
    "DwellTime": 2.1e-06,
    "EchoTime": 0.03,
    "EchoTrainLength": 91,
    "EffectiveEchoSpacing": 0.000560011,
    "FlipAngle": 52,
    "ImageOrientationPatientDICOM": [
      0.999636,
      -0.0261935,
      0.00646323,
      0.0268748,
      0.945726,
      -0.323852
    ],
    "ImageType": [
      "ORIGINAL",
      "PRIMARY",
      "M",
      "ND",
      "MOSAIC"
    ],
    "ImagingFrequency": 123.229,
    "InPlanePhaseEncodingDirectionDICOM": "COL",
    "InstitutionAddress": "Cooper_60_St._Lucia_QLD_AU_4072",
    "InstitutionName": "St_Lucia_Campus",
    "InstitutionalDepartmentName": "Gehrmann_Labs_MRI",
    "MRAcquisitionType": "2D",
    "MagneticFieldStrength": 3,
    "Manufacturer": "Siemens",
    "ManufacturersModelName": "Prisma_fit",
    "Modality": "MR",
    "MultibandAccelerationFactor": 6,
    "PartialFourier": 0.875,
    "PatientPosition": "HFS",
    "PercentPhaseFOV": 100,
    "PhaseEncodingDirection": "j",
    "PhaseEncodingSteps": 91,
    "PhaseResolution": 1,
    "PixelBandwidth": 2290,
    "ProcedureStepDescription": "Research_16092_QTAB",
    "ProtocolName": "ep2d_REST_SMS6_P-A",
    "PulseSequenceDetails": "%SiemensSeq%_ep2d_bold",
    "ReceiveCoilActiveElements": "HC1-7;NC1,2",
    "ReceiveCoilName": "HeadNeck_64",
    "ReconMatrixPE": 104,
    "RefLinesPE": 12,
    "RepetitionTime": 0.93,
    "SAR": 0.065736,
    "ScanOptions": "PFP_FS",
    "ScanningSequence": "EP",
    "SequenceName": "_epfid2d1_104",
    "SequenceVariant": "SK",
    "SeriesDescription": "ep2d_REST_SMS6_P-A",
    "SeriesNumber": 10,
    "ShimSetting": [
      3058,
      -4153,
      -791,
      430,
      -2,
      -253,
      -213,
      -43
    ],
    "SliceThickness": 2,
    "SliceTiming": [
      0.6825,
      0,
      0.455,
      0.075,
      0.53,
      0.1525,
      0.6075,
      0.3025,
      0.7575,
      0.38,
      0.835,
      0.2275,
      0.6825,
      0,
      0.455,
      0.075,
      0.53,
      0.1525,
      0.6075,
      0.3025,
      0.7575,
      0.38,
      0.835,
      0.2275,
      0.6825,
      0,
      0.455,
      0.075,
      0.53,
      0.1525,
      0.6075,
      0.3025,
      0.7575,
      0.38,
      0.835,
      0.2275,
      0.6825,
      0,
      0.455,
      0.075,
      0.53,
      0.1525,
      0.6075,
      0.3025,
      0.7575,
      0.38,
      0.835,
      0.2275,
      0.6825,
      0,
      0.455,
      0.075,
      0.53,
      0.1525,
      0.6075,
      0.3025,
      0.7575,
      0.38,
      0.835,
      0.2275,
      0.6825,
      0,
      0.455,
      0.075,
      0.53,
      0.1525,
      0.6075,
      0.3025,
      0.7575,
      0.38,
      0.835,
      0.2275
    ],
    "SoftwareVersions": "syngo_MR_E11",
    "SpacingBetweenSlices": 2,
    "StationName": "mrc_Trio",
    "TaskName": "rest",
    "TotalReadoutTime": 0.0576811,
    "TxRefAmp": 206.296,
    "dataset": "ds004146",
    "modality": "bold",
    "session_id": "02",
    "subject_id": "0215",
    "task_id": "rest"
  },
  "dummy_trs": 2,
  "dvars_nstd": 38.401693179166614,
  "dvars_std": 1.033778997808642,
  "dvars_vstd": 0.9838930341049379,
  "efc": 0.4998505104475557,
  "fber": 958.9564819335938,
  "fd_mean": 0.16712524484130295,
  "fd_num": 101,
  "fd_perc": 31.076923076923077,
  "fwhm_avg": 2.8823866666666667,
  "fwhm_x": 2.701755,
  "fwhm_y": 2.989965,
  "fwhm_z": 2.95544,
  "gcor": 0.0173227,
  "gsr_x": -0.017076220363378525,
  "gsr_y": 0.04270723834633827,
  "provenance": {
    "md5sum": "22cfb0e90201438bae189906368cdbe0",
    "settings": {
      "fd_thres": 0.2,
      "testing": false
    },
    "software": "mriqc",
    "version": "23.0.1",
    "webapi_port": null,
    "webapi_url": "https://mriqc.nimh.nih.gov/api/v1"
  },
  "size_t": 325,
  "size_x": 104,
  "size_y": 104,
  "size_z": 72,
  "snr": 3.2388871788970546,
  "spacing_tr": 0.9300000071525574,
  "spacing_x": 2.0,
  "spacing_y": 2.0,
  "spacing_z": 2.0,
  "summary_bg_k": 42.60561805345307,
  "summary_bg_mad": 5.227884511369297,
  "summary_bg_mean": 37.03193664550781,
  "summary_bg_median": 18.615385055541992,
  "summary_bg_n": 550711.0,
  "summary_bg_p05": 14.741538047790527,
  "summary_bg_p95": 129.83846282958984,
  "summary_bg_stdv": 54.2181510925293,
  "summary_fg_k": 0.23341457648164043,
  "summary_fg_mad": 187.90272842341113,
  "summary_fg_mean": 597.3972778320312,
  "summary_fg_median": 578.0061645507812,
  "summary_fg_n": 134705.0,
  "summary_fg_p05": 352.1790771484375,
  "summary_fg_p95": 913.569836425781,
  "summary_fg_stdv": 178.4575958251953,
  "tsnr": 33.02890113461763
}