{
  "aor": 0.0017335582822085892,
  "aqi": 0.005258986656441718,
  "bids_meta": {
    "AcquisitionMatrixPE": 104,
    "AcquisitionNumber": 1,
    "AcquisitionTime": "11:00:47.205000",
    "BandwidthPerPixelPhaseEncode": 17.17,
    "BaseResolution": 104,
    "BodyPartExamined": "BRAIN",
    "ConsistencyInfo": "N4_VE11C_LATEST_20160120",
    "ConversionSoftware": "dcm2niix",
    "ConversionSoftwareVersion": "v1.0.20171215 GCC6.3.0",
    "DerivedVendorReportedEchoSpacing": 0.000560011,
    "DeviceSerialNumber": "167001",
    "DwellTime": 2.1e-06,
    "EchoTime": 0.03,
    "EchoTrainLength": 91,
    "EffectiveEchoSpacing": 0.000560011,
    "FlipAngle": 52,
    "ImageOrientationPatientDICOM": [
      0.998733,
      -0.0106285,
      -0.0491892,
      -0.00453218,
      0.954474,
      -0.298259
    ],
    "ImageType": [
      "ORIGINAL",
      "PRIMARY",
      "M",
      "ND",
      "MOSAIC"
    ],
    "InPlanePhaseEncodingDirectionDICOM": "COL",
    "InstitutionAddress": "Cooper_60_St._Lucia_QLD_AU_4072",
    "InstitutionName": "St_Lucia_Campus",
    "InstitutionalDepartmentName": "Gehrmann_Labs_MRI",
    "MRAcquisitionType": "2D",
    "MagneticFieldStrength": 3,
    "Manufacturer": "Siemens",
    "ManufacturersModelName": "Prisma_fit",
    "Modality": "MR",
    "MultibandAccelerationFactor": 6,
    "PartialFourier": 0.875,
    "PatientPosition": "HFS",
    "PercentPhaseFOV": 100,
    "PhaseEncodingDirection": "j-",
    "PhaseEncodingSteps": 91,
    "PhaseResolution": 1,
    "PixelBandwidth": 2290,
    "ProcedureStepDescription": "Research_16092_QTAB",
    "ProtocolName": "ep2d_REST_SMS6_A-P",
    "PulseSequenceDetails": "%SiemensSeq%_ep2d_bold",
    "ReceiveCoilActiveElements": "HC1-7;NC1,2",
    "ReceiveCoilName": "HeadNeck_64",
    "ReconMatrixPE": 104,
    "RepetitionTime": 0.93,
    "SAR": 0.0562421,
    "ScanOptions": "PFP_FS",
    "ScanningSequence": "EP",
    "SequenceName": "_epfid2d1_104",
    "SequenceVariant": "SK",
    "SeriesDescription": "ep2d_REST_SMS6_A-P",
    "SeriesNumber": 9,
    "ShimSetting": [
      3055,
      -4162,
      -772,
      503,
      27,
      -211,
      -25,
      -11
    ],
    "SliceThickness": 2,
    "SliceTiming": [
      0.6825,
      0,
      0.455,
      0.0775,
      0.5325,
      0.1525,
      0.6075,
      0.305,
      0.76,
      0.38,
      0.835,
      0.2275,
      0.6825,
      0,
      0.455,
      0.0775,
      0.5325,
      0.1525,
      0.6075,
      0.305,
      0.76,
      0.38,
      0.835,
      0.2275,
      0.6825,
      0,
      0.455,
      0.0775,
      0.5325,
      0.1525,
      0.6075,
      0.305,
      0.76,
      0.38,
      0.835,
      0.2275,
      0.6825,
      0,
      0.455,
      0.0775,
      0.5325,
      0.1525,
      0.6075,
      0.305,
      0.76,
      0.38,
      0.835,
      0.2275,
      0.6825,
      0,
      0.455,
      0.0775,
      0.5325,
      0.1525,
      0.6075,
      0.305,
      0.76,
      0.38,
      0.835,
      0.2275,
      0.6825,
      0,
      0.455,
      0.0775,
      0.5325,
      0.1525,
      0.6075,
      0.305,
      0.76,
      0.38,
      0.835,
      0.2275
    ],
    "SoftwareVersions": "syngo_MR_E11",
    "SpacingBetweenSlices": 2,
    "StationName": "mrc_Trio",
    "TaskName": "rest",
    "TotalReadoutTime": 0.0576811,
    "TxRefAmp": 207.06,
    "dataset": "ds004146",
    "modality": "bold",
    "session_id": "01",
    "subject_id": "0061",
    "task_id": "rest"
  },
  "dummy_trs": 1,
  "dvars_nstd": 37.81552300073844,
  "dvars_std": 1.1116849397230764,
  "dvars_vstd": 1.0168242732923078,
  "efc": 0.5074726734404179,
  "fber": 1006.2898559570312,
  "fd_mean": 0.18379421597573178,
  "fd_num": 122,
  "fd_perc": 37.423312883435585,
  "fwhm_avg": 3.4533584026904944,
  "fwhm_x": 3.27273,
  "fwhm_y": 3.596485,
  "fwhm_z": 3.490860208071483,
  "gcor": 0.00884756,
  "gsr_x": -0.01932186633348465,
  "gsr_y": 0.05554824322462082,
  "provenance": {
    "md5sum": "b2d545741cebabf334c3ebd57e41f893",
    "settings": {
      "fd_thres": 0.2,
      "testing": false
    },
    "software": "mriqc",
    "version": "23.0.1",
    "webapi_port": null,
    "webapi_url": "https://mriqc.nimh.nih.gov/api/v1"
  },
  "size_t": 326,
  "size_x": 104,
  "size_y": 104,
  "size_z": 72,
  "snr": 2.435296421656973,
  "spacing_tr": 0.9300000071525574,
  "spacing_x": 2.0,
  "spacing_y": 2.0,
  "spacing_z": 1.9999998807907104,
  "summary_bg_k": 44.293550657838914,
  "summary_bg_mad": 6.12142093619701,
  "summary_bg_mean": 37.25326156616211,
  "summary_bg_median": 19.220857620239258,
  "summary_bg_n": 516990.0,
  "summary_bg_p05": 14.601226806640625,
  "summary_bg_p95": 130.6748504638672,
  "summary_bg_stdv": 53.699119567871094,
  "summary_fg_k": 0.7159249321949179,
  "summary_fg_mad": 244.6816697693848,
  "summary_fg_mean": 665.2236938476562,
  "summary_fg_median": 621.7039794921875,
  "summary_fg_n": 161164.0,
  "summary_fg_p05": 333.6976974487305,
  "summary_fg_p95": 1141.467016601563,
  "summary_fg_stdv": 255.2880401611328,
  "tsnr": 39.34208536485676
}