{
  "aor": 0.0007491005291005292,
  "aqi": 0.015426253968253971,
  "bids_meta": {
    "AcquisitionMatrixPE": 90,
    "AcquisitionNumber": 1,
    "AcquisitionTime": "15:47:35.572500",
    "BandwidthPerPixelPhaseEncode": 21.368,
    "BaseResolution": 90,
    "BodyPartExamined": "BRAIN",
    "CoilString": "HC1-7;NC1_2",
    "ConsistencyInfo": "N4_VE11C_LATEST_20160120",
    "ConversionSoftware": "dcm2niix",
    "ConversionSoftwareVersion": "v1.0.20190410  GCC6.3.0",
    "DerivedVendorReportedEchoSpacing": 0.000519988,
    "DeviceSerialNumber": "167001",
    "DwellTime": 2.2e-06,
    "EchoTime": 0.03,
    "EchoTrainLength": 90,
    "EffectiveEchoSpacing": 0.000519988,
    "FlipAngle": 52,
    "ImageOrientationPatientDICOM": [
      0.997019,
      -0.0612005,
      -0.0469851,
      0.0438795,
      0.950649,
      -0.307151
    ],
    "ImageType": [
      "ORIGINAL",
      "PRIMARY",
      "M",
      "ND",
      "NORM",
      "MOSAIC"
    ],
    "ImagingFrequency": 123.229,
    "InPlanePhaseEncodingDirectionDICOM": "COL",
    "InstitutionAddress": "Cooper_60_St._Lucia_QLD_AU_4072",
    "InstitutionName": "St_Lucia_Campus",
    "InstitutionalDepartmentName": "Gehrmann_Labs_MRI",
    "MRAcquisitionType": "2D",
    "MagneticFieldStrength": 3,
    "Manufacturer": "Siemens",
    "ManufacturersModelName": "Prisma_fit",
    "Modality": "MR",
    "MultibandAccelerationFactor": 6,
    "PartialFourier": 1,
    "PatientPosition": "HFS",
    "PercentPhaseFOV": 100,
    "PhaseEncodingDirection": "j-",
    "PhaseEncodingSteps": 90,
    "PhaseResolution": 1,
    "PixelBandwidth": 2525,
    "ProcedureStepDescription": "Research_16092_QTAB",
    "ProtocolName": "PARTLY_CLOUDY_mb6_2.4",
    "PulseSequenceDetails": "%SiemensSeq%_ep2d_bold",
    "ReceiveCoilActiveElements": "HC1-7;NC1,2",
    "ReceiveCoilName": "HeadNeck_64",
    "ReconMatrixPE": 90,
    "RefLinesPE": 12,
    "RepetitionTime": 0.8,
    "SAR": 0.0614252,
    "ScanOptions": "FS",
    "ScanningSequence": "EP",
    "SequenceName": "_epfid2d1_90",
    "SequenceVariant": "SK",
    "SeriesDescription": "PARTLY_CLOUDY_mb6_2.4",
    "SeriesNumber": 19,
    "ShimSetting": [
      3024,
      -4129,
      -754,
      288,
      -51,
      50,
      -163,
      -32
    ],
    "SliceThickness": 2.4,
    "SliceTiming": [
      0.545,
      0,
      0.39,
      0.0775,
      0.4675,
      0.2325,
      0.6225,
      0.3125,
      0.7025,
      0.155,
      0.545,
      0,
      0.39,
      0.0775,
      0.4675,
      0.2325,
      0.6225,
      0.3125,
      0.7025,
      0.155,
      0.545,
      0,
      0.39,
      0.0775,
      0.4675,
      0.2325,
      0.6225,
      0.3125,
      0.7025,
      0.155,
      0.545,
      0,
      0.39,
      0.0775,
      0.4675,
      0.2325,
      0.6225,
      0.3125,
      0.7025,
      0.155,
      0.545,
      0,
      0.39,
      0.0775,
      0.4675,
      0.2325,
      0.6225,
      0.3125,
      0.7025,
      0.155,
      0.545,
      0,
      0.39,
      0.0775,
      0.4675,
      0.2325,
      0.6225,
      0.3125,
      0.7025,
      0.155
    ],
    "SoftwareVersions": "syngo_MR_E11",
    "SpacingBetweenSlices": 2.4,
    "StationName": "mrc_Trio",
    "TaskName": "partlycloudy",
    "TotalReadoutTime": 0.046279,
    "TxRefAmp": 212.957,
    "dataset": "ds004146",
    "modality": "bold",
    "session_id": "02",
    "subject_id": "0020",
    "task_id": "partlycloudy"
  },
  "dummy_trs": 2,
  "dvars_nstd": 41.66171380989389,
  "dvars_std": 1.3321414247480101,
  "dvars_vstd": 1.0132615980371344,
  "efc": 0.47771834106835953,
  "fber": 5511.30712890625,
  "fd_mean": 0.21473241501500862,
  "fd_num": 184,
  "fd_perc": 48.67724867724868,
  "fwhm_avg": 1.8289929828779041,
  "fwhm_x": 1.7891665955715736,
  "fwhm_y": 1.8768082587556736,
  "fwhm_z": 1.8210040943064651,
  "gcor": 0.0142581,
  "gsr_x": -0.005433970130980015,
  "gsr_y": 0.015537622384727001,
  "provenance": {
    "md5sum": "89aa7b93fe5848a7bc9acbe860bbdbd9",
    "settings": {
      "fd_thres": 0.2,
      "testing": false
    },
    "software": "mriqc",
    "version": "23.0.1",
    "webapi_port": null,
    "webapi_url": "https://mriqc.nimh.nih.gov/api/v1"
  },
  "size_t": 378,
  "size_x": 90,
  "size_y": 90,
  "size_z": 60,
  "snr": 6.664025592474193,
  "spacing_tr": 0.800000011920929,
  "spacing_x": 2.4000000953674316,
  "spacing_y": 2.4000000953674316,
  "spacing_z": 2.4000000953674316,
  "summary_bg_k": 25.25915969113151,
  "summary_bg_mad": 6.816831869054568,
  "summary_bg_mean": 27.9909725189209,
  "summary_bg_median": 8.854496955871582,
  "summary_bg_n": 336178.0,
  "summary_bg_p05": 3.2539682388305664,
  "summary_bg_p95": 135.8564765930171,
  "summary_bg_stdv": 56.50760269165039,
  "summary_fg_k": 1.9139932070814893,
  "summary_fg_mad": 94.53552794593182,
  "summary_fg_mean": 663.2733154296875,
  "summary_fg_median": 659.25927734375,
  "summary_fg_n": 80336.0,
  "summary_fg_p05": 520.3300170898438,
  "summary_fg_p95": 822.4040985107422,
  "summary_fg_stdv": 98.9274673461914,
  "tsnr": 47.02525743562728
}