{
  "aor": 0.0035518637992831537,
  "aqi": 0.0330747348864994,
  "bids_meta": {
    "AcquisitionMatrixPE": 90,
    "AcquisitionNumber": 1,
    "AcquisitionTime": "15:55:9.387500",
    "BandwidthPerPixelPhaseEncode": 21.368,
    "BaseResolution": 90,
    "BodyPartExamined": "BRAIN",
    "CoilString": "HC1-7;NC1_2",
    "ConsistencyInfo": "N4_VE11C_LATEST_20160120",
    "ConversionSoftware": "dcm2niix",
    "ConversionSoftwareVersion": "v1.0.20190410  GCC6.3.0",
    "DelayTime": 0.001,
    "DerivedVendorReportedEchoSpacing": 0.000519988,
    "DeviceSerialNumber": "167001",
    "DwellTime": 2.2e-06,
    "EchoTime": 0.03,
    "EchoTrainLength": 90,
    "EffectiveEchoSpacing": 0.000519988,
    "FlipAngle": 52,
    "ImageOrientationPatientDICOM": [
      0.997019,
      -0.0612005,
      -0.0469851,
      0.0438795,
      0.950649,
      -0.307151
    ],
    "ImageType": [
      "ORIGINAL",
      "PRIMARY",
      "M",
      "ND",
      "NORM",
      "MOSAIC"
    ],
    "ImagingFrequency": 123.229,
    "InPlanePhaseEncodingDirectionDICOM": "COL",
    "InstitutionAddress": "Cooper_60_St._Lucia_QLD_AU_4072",
    "InstitutionName": "St_Lucia_Campus",
    "InstitutionalDepartmentName": "Gehrmann_Labs_MRI",
    "MRAcquisitionType": "2D",
    "MagneticFieldStrength": 3,
    "Manufacturer": "Siemens",
    "ManufacturersModelName": "Prisma_fit",
    "Modality": "MR",
    "MultibandAccelerationFactor": 6,
    "PartialFourier": 1,
    "PatientPosition": "HFS",
    "PercentPhaseFOV": 100,
    "PhaseEncodingDirection": "j-",
    "PhaseEncodingSteps": 90,
    "PhaseResolution": 1,
    "PixelBandwidth": 2525,
    "ProcedureStepDescription": "Research_16092_QTAB",
    "ProtocolName": "EMOT_TASK_mb6_2.4",
    "PulseSequenceDetails": "%SiemensSeq%_ep2d_bold",
    "ReceiveCoilActiveElements": "HC1-7;NC1,2",
    "ReceiveCoilName": "HeadNeck_64",
    "ReconMatrixPE": 90,
    "RefLinesPE": 12,
    "RepetitionTime": 0.8,
    "SAR": 0.0616831,
    "ScanOptions": "FS",
    "ScanningSequence": "EP",
    "SequenceName": "_epfid2d1_90",
    "SequenceVariant": "SK",
    "SeriesDescription": "EMOT_TASK_mb6_2.4",
    "SeriesNumber": 20,
    "ShimSetting": [
      3024,
      -4129,
      -754,
      288,
      -51,
      50,
      -163,
      -32
    ],
    "SliceThickness": 2.4,
    "SliceTiming": [
      0.545,
      0,
      0.3875,
      0.0775,
      0.4675,
      0.2325,
      0.6225,
      0.31,
      0.7,
      0.155,
      0.545,
      0,
      0.3875,
      0.0775,
      0.4675,
      0.2325,
      0.6225,
      0.31,
      0.7,
      0.155,
      0.545,
      0,
      0.3875,
      0.0775,
      0.4675,
      0.2325,
      0.6225,
      0.31,
      0.7,
      0.155,
      0.545,
      0,
      0.3875,
      0.0775,
      0.4675,
      0.2325,
      0.6225,
      0.31,
      0.7,
      0.155,
      0.545,
      0,
      0.3875,
      0.0775,
      0.4675,
      0.2325,
      0.6225,
      0.31,
      0.7,
      0.155,
      0.545,
      0,
      0.3875,
      0.0775,
      0.4675,
      0.2325,
      0.6225,
      0.31,
      0.7,
      0.155
    ],
    "SoftwareVersions": "syngo_MR_E11",
    "SpacingBetweenSlices": 2.4,
    "StationName": "mrc_Trio",
    "TaskName": "emotionalconflict",
    "TotalReadoutTime": 0.046279,
    "TxRefAmp": 212.957,
    "dataset": "ds004146",
    "modality": "bold",
    "session_id": "02",
    "subject_id": "0020",
    "task_id": "emotionalconflict"
  },
  "dummy_trs": 0,
  "dvars_nstd": 44.37633962729666,
  "dvars_std": 1.197845705777512,
  "dvars_vstd": 0.9868303190909093,
  "efc": 0.4791433414945312,
  "fber": 5394.57373046875,
  "fd_mean": 0.41348135718318546,
  "fd_num": 499,
  "fd_perc": 59.61768219832736,
  "fwhm_avg": 1.8883179805205403,
  "fwhm_x": 1.8368999270081547,
  "fwhm_y": 1.9457915893478557,
  "fwhm_z": 1.8822624252056113,
  "gcor": 0.0240665,
  "gsr_x": -0.005308325868099928,
  "gsr_y": 0.016953792423009872,
  "provenance": {
    "md5sum": "ac4c18e0587ced862e2003fda5c1937d",
    "settings": {
      "fd_thres": 0.2,
      "testing": false
    },
    "software": "mriqc",
    "version": "23.0.1",
    "webapi_port": null,
    "webapi_url": "https://mriqc.nimh.nih.gov/api/v1"
  },
  "size_t": 837,
  "size_x": 90,
  "size_y": 90,
  "size_z": 60,
  "snr": 6.6634485451169585,
  "spacing_tr": 0.800000011920929,
  "spacing_x": 2.4000000953674316,
  "spacing_y": 2.4000000953674316,
  "spacing_z": 2.4000000953674316,
  "summary_bg_k": 25.99152654471332,
  "summary_bg_mad": 7.056088283853711,
  "summary_bg_mean": 28.141645431518555,
  "summary_bg_median": 9.005973815917969,
  "summary_bg_n": 335902.0,
  "summary_bg_p05": 3.203106164932251,
  "summary_bg_p95": 135.42030868530279,
  "summary_bg_stdv": 55.78742599487305,
  "summary_fg_k": 1.9596647399604032,
  "summary_fg_mad": 93.91231740645134,
  "summary_fg_mean": 661.467041015625,
  "summary_fg_median": 657.59375,
  "summary_fg_n": 80652.0,
  "summary_fg_p05": 519.2971740722656,
  "summary_fg_p95": 820.9960845947265,
  "summary_fg_stdv": 98.68608856201172,
  "tsnr": 30.689045822247863
}