{
  "aor": 0.0006623926380368098,
  "aqi": 0.005045142453987729,
  "bids_meta": {
    "AcquisitionMatrixPE": 104,
    "AcquisitionNumber": 1,
    "AcquisitionTime": "10:49:40.527500",
    "BandwidthPerPixelPhaseEncode": 17.17,
    "BaseResolution": 104,
    "BodyPartExamined": "BRAIN",
    "ConsistencyInfo": "N4_VE11C_LATEST_20160120",
    "ConversionSoftware": "dcm2niix",
    "ConversionSoftwareVersion": "v1.0.20171215 GCC6.3.0",
    "DerivedVendorReportedEchoSpacing": 0.000560011,
    "DeviceSerialNumber": "167001",
    "DwellTime": 2.1e-06,
    "EchoTime": 0.03,
    "EchoTrainLength": 91,
    "EffectiveEchoSpacing": 0.000560011,
    "FlipAngle": 52,
    "ImageOrientationPatientDICOM": [
      0.996022,
      0.0794487,
      -0.0403485,
      -0.0876663,
      0.954803,
      -0.284018
    ],
    "ImageType": [
      "ORIGINAL",
      "PRIMARY",
      "M",
      "ND",
      "MOSAIC"
    ],
    "InPlanePhaseEncodingDirectionDICOM": "COL",
    "InstitutionAddress": "Cooper_60_St._Lucia_QLD_AU_4072",
    "InstitutionName": "St_Lucia_Campus",
    "InstitutionalDepartmentName": "Gehrmann_Labs_MRI",
    "MRAcquisitionType": "2D",
    "MagneticFieldStrength": 3,
    "Manufacturer": "Siemens",
    "ManufacturersModelName": "Prisma_fit",
    "Modality": "MR",
    "MultibandAccelerationFactor": 6,
    "PartialFourier": 0.875,
    "PatientPosition": "HFS",
    "PercentPhaseFOV": 100,
    "PhaseEncodingDirection": "j",
    "PhaseEncodingSteps": 91,
    "PhaseResolution": 1,
    "PixelBandwidth": 2290,
    "ProcedureStepDescription": "Research_16092_QTAB",
    "ProtocolName": "ep2d_REST_SMS6_P-A",
    "PulseSequenceDetails": "%SiemensSeq%_ep2d_bold",
    "ReceiveCoilActiveElements": "HC1-7;NC1,2",
    "ReceiveCoilName": "HeadNeck_64",
    "ReconMatrixPE": 104,
    "RepetitionTime": 0.93,
    "SAR": 0.0614649,
    "ScanOptions": "PFP_FS",
    "ScanningSequence": "EP",
    "SequenceName": "_epfid2d1_104",
    "SequenceVariant": "SK",
    "SeriesDescription": "ep2d_REST_SMS6_P-A",
    "SeriesNumber": 10,
    "ShimSetting": [
      3038,
      -4147,
      -751,
      395,
      -30,
      18,
      -102,
      -4
    ],
    "SliceThickness": 2,
    "SliceTiming": [
      0.6825,
      0,
      0.455,
      0.075,
      0.53,
      0.15,
      0.605,
      0.3025,
      0.7575,
      0.3775,
      0.8325,
      0.2275,
      0.6825,
      0,
      0.455,
      0.075,
      0.53,
      0.15,
      0.605,
      0.3025,
      0.7575,
      0.3775,
      0.8325,
      0.2275,
      0.6825,
      0,
      0.455,
      0.075,
      0.53,
      0.15,
      0.605,
      0.3025,
      0.7575,
      0.3775,
      0.8325,
      0.2275,
      0.6825,
      0,
      0.455,
      0.075,
      0.53,
      0.15,
      0.605,
      0.3025,
      0.7575,
      0.3775,
      0.8325,
      0.2275,
      0.6825,
      0,
      0.455,
      0.075,
      0.53,
      0.15,
      0.605,
      0.3025,
      0.7575,
      0.3775,
      0.8325,
      0.2275,
      0.6825,
      0,
      0.455,
      0.075,
      0.53,
      0.15,
      0.605,
      0.3025,
      0.7575,
      0.3775,
      0.8325,
      0.2275
    ],
    "SoftwareVersions": "syngo_MR_E11",
    "SpacingBetweenSlices": 2,
    "StationName": "mrc_Trio",
    "TaskName": "rest",
    "TotalReadoutTime": 0.0576811,
    "TxRefAmp": 212.671,
    "dataset": "ds004146",
    "modality": "bold",
    "session_id": "01",
    "subject_id": "0202",
    "task_id": "rest"
  },
  "dummy_trs": 1,
  "dvars_nstd": 38.177509107938484,
  "dvars_std": 1.0718731923384621,
  "dvars_vstd": 1.0104925615999996,
  "efc": 0.5317129962076911,
  "fber": 756.7528686523438,
  "fd_mean": 0.1790736217018732,
  "fd_num": 130,
  "fd_perc": 39.877300613496935,
  "fwhm_avg": 3.059455,
  "fwhm_x": 2.780575,
  "fwhm_y": 3.19182,
  "fwhm_z": 3.20597,
  "gcor": 0.00786209,
  "gsr_x": -0.006913573481142521,
  "gsr_y": 0.045616816729307175,
  "provenance": {
    "md5sum": "c259723fc792e7947acb65b6c17dc4fa",
    "settings": {
      "fd_thres": 0.2,
      "testing": false
    },
    "software": "mriqc",
    "version": "23.0.1",
    "webapi_port": null,
    "webapi_url": "https://mriqc.nimh.nih.gov/api/v1"
  },
  "size_t": 326,
  "size_x": 104,
  "size_y": 104,
  "size_z": 72,
  "snr": 2.7631554410192827,
  "spacing_tr": 0.9300000071525574,
  "spacing_x": 2.0,
  "spacing_y": 2.0,
  "spacing_z": 2.0,
  "summary_bg_k": 31.67606260705567,
  "summary_bg_mad": 8.395347327508755,
  "summary_bg_mean": 42.645851135253906,
  "summary_bg_median": 21.23312759399414,
  "summary_bg_n": 513751.0,
  "summary_bg_p05": 14.94785213470459,
  "summary_bg_p95": 153.5,
  "summary_bg_stdv": 60.49479675292969,
  "summary_fg_k": -0.09257662354580498,
  "summary_fg_mad": 226.1559740978485,
  "summary_fg_mean": 617.3616333007812,
  "summary_fg_median": 589.5613403320312,
  "summary_fg_n": 163507.0,
  "summary_fg_p05": 324.06931457519534,
  "summary_fg_p95": 994.3622436523436,
  "summary_fg_stdv": 213.36459350585938,
  "tsnr": 37.78786580776796
}