{
  "aor": 0.0011265337423312883,
  "aqi": 0.007602757453987731,
  "bids_meta": {
    "AcquisitionMatrixPE": 104,
    "AcquisitionNumber": 1,
    "AcquisitionTime": "11:36:21.277500",
    "BandwidthPerPixelPhaseEncode": 17.17,
    "BaseResolution": 104,
    "BodyPartExamined": "BRAIN",
    "ConsistencyInfo": "N4_VE11C_LATEST_20160120",
    "ConversionSoftware": "dcm2niix",
    "ConversionSoftwareVersion": "v1.0.20171215 GCC6.3.0",
    "DerivedVendorReportedEchoSpacing": 0.000560011,
    "DeviceSerialNumber": "167001",
    "DwellTime": 2.1e-06,
    "EchoTime": 0.03,
    "EchoTrainLength": 91,
    "EffectiveEchoSpacing": 0.000560011,
    "FlipAngle": 52,
    "ImageOrientationPatientDICOM": [
      0.997561,
      0.0650875,
      -0.0252056,
      -0.0697562,
      0.94212,
      -0.327938
    ],
    "ImageType": [
      "ORIGINAL",
      "PRIMARY",
      "M",
      "ND",
      "MOSAIC"
    ],
    "InPlanePhaseEncodingDirectionDICOM": "COL",
    "InstitutionAddress": "Cooper_60_St._Lucia_QLD_AU_4072",
    "InstitutionName": "St_Lucia_Campus",
    "InstitutionalDepartmentName": "Gehrmann_Labs_MRI",
    "MRAcquisitionType": "2D",
    "MagneticFieldStrength": 3,
    "Manufacturer": "Siemens",
    "ManufacturersModelName": "Prisma_fit",
    "Modality": "MR",
    "MultibandAccelerationFactor": 6,
    "PartialFourier": 0.875,
    "PatientPosition": "HFS",
    "PercentPhaseFOV": 100,
    "PhaseEncodingDirection": "j",
    "PhaseEncodingSteps": 91,
    "PhaseResolution": 1,
    "PixelBandwidth": 2290,
    "ProcedureStepDescription": "Research_16092_QTAB",
    "ProtocolName": "ep2d_REST_SMS6_P-A",
    "PulseSequenceDetails": "%SiemensSeq%_ep2d_bold",
    "ReceiveCoilActiveElements": "HC1-7;NC1,2",
    "ReceiveCoilName": "HeadNeck_64",
    "ReconMatrixPE": 104,
    "RepetitionTime": 0.93,
    "SAR": 0.053604,
    "ScanOptions": "PFP_FS",
    "ScanningSequence": "EP",
    "SequenceName": "_epfid2d1_104",
    "SequenceVariant": "SK",
    "SeriesDescription": "ep2d_REST_SMS6_P-A",
    "SeriesNumber": 10,
    "ShimSetting": [
      3048,
      -4178,
      -852,
      508,
      -25,
      -85,
      -184,
      28
    ],
    "SliceThickness": 2,
    "SliceTiming": [
      0.6825,
      0,
      0.455,
      0.0775,
      0.5325,
      0.1525,
      0.6075,
      0.305,
      0.76,
      0.38,
      0.835,
      0.2275,
      0.6825,
      0,
      0.455,
      0.0775,
      0.5325,
      0.1525,
      0.6075,
      0.305,
      0.76,
      0.38,
      0.835,
      0.2275,
      0.6825,
      0,
      0.455,
      0.0775,
      0.5325,
      0.1525,
      0.6075,
      0.305,
      0.76,
      0.38,
      0.835,
      0.2275,
      0.6825,
      0,
      0.455,
      0.0775,
      0.5325,
      0.1525,
      0.6075,
      0.305,
      0.76,
      0.38,
      0.835,
      0.2275,
      0.6825,
      0,
      0.455,
      0.0775,
      0.5325,
      0.1525,
      0.6075,
      0.305,
      0.76,
      0.38,
      0.835,
      0.2275,
      0.6825,
      0,
      0.455,
      0.0775,
      0.5325,
      0.1525,
      0.6075,
      0.305,
      0.76,
      0.38,
      0.835,
      0.2275
    ],
    "SoftwareVersions": "syngo_MR_E11",
    "SpacingBetweenSlices": 2,
    "StationName": "mrc_Trio",
    "TaskName": "rest",
    "TotalReadoutTime": 0.0576811,
    "TxRefAmp": 222.574,
    "dataset": "ds004146",
    "modality": "bold",
    "session_id": "01",
    "subject_id": "0175",
    "task_id": "rest"
  },
  "dummy_trs": 1,
  "dvars_nstd": 38.854777550399994,
  "dvars_std": 1.0366935014461538,
  "dvars_vstd": 1.0030616768615384,
  "efc": 0.5408886249589971,
  "fber": 628.5186767578125,
  "fd_mean": 0.12561656880545913,
  "fd_num": 34,
  "fd_perc": 10.429447852760736,
  "fwhm_avg": 3.023621666666667,
  "fwhm_x": 2.73139,
  "fwhm_y": 3.04694,
  "fwhm_z": 3.292535,
  "gcor": 0.00701796,
  "gsr_x": -0.006962322164326906,
  "gsr_y": 0.06463652104139328,
  "provenance": {
    "md5sum": "9ab1bd2ab4f918bbbb65069802e5323a",
    "settings": {
      "fd_thres": 0.2,
      "testing": false
    },
    "software": "mriqc",
    "version": "23.0.1",
    "webapi_port": null,
    "webapi_url": "https://mriqc.nimh.nih.gov/api/v1"
  },
  "size_t": 326,
  "size_x": 104,
  "size_y": 104,
  "size_z": 72,
  "snr": 2.4840439138891814,
  "spacing_tr": 0.9300000071525574,
  "spacing_x": 2.0,
  "spacing_y": 2.0,
  "spacing_z": 2.0,
  "summary_bg_k": 54.25011865453237,
  "summary_bg_mad": 8.199790927555798,
  "summary_bg_mean": 42.473289489746094,
  "summary_bg_median": 20.312883377075195,
  "summary_bg_n": 506694.0,
  "summary_bg_p05": 14.205521583557129,
  "summary_bg_p95": 143.8895721435547,
  "summary_bg_stdv": 66.68830871582031,
  "summary_fg_k": 1.827304348663672,
  "summary_fg_mad": 186.95795861980346,
  "summary_fg_mean": 548.3796997070312,
  "summary_fg_median": 508.5459899902344,
  "summary_fg_n": 170999.0,
  "summary_fg_p05": 298.3493927001953,
  "summary_fg_p95": 929.804266357422,
  "summary_fg_stdv": 204.7244415283203,
  "tsnr": 33.380177748040296
}