{
  "bids_meta": {
    "AcquisitionMatrixPE": 256,
    "AcquisitionNumber": 1,
    "AcquisitionTime": "11:36:15.837500",
    "BaseResolution": 256,
    "BodyPartExamined": "BRAIN",
    "ConsistencyInfo": "N4_VE11C_LATEST_20160120",
    "ConversionSoftware": "dcm2niix",
    "ConversionSoftwareVersion": "v1.0.20171215 GCC6.3.0",
    "DeviceSerialNumber": "167001",
    "DwellTime": 2.6e-06,
    "EchoTime": 0.408,
    "EchoTrainLength": 259,
    "FlipAngle": 120,
    "ImageOrientationPatientDICOM": [
      -0.0123159,
      0.999924,
      4.24034e-08,
      0.0636638,
      0.00078418,
      -0.997971
    ],
    "ImageType": [
      "ORIGINAL",
      "PRIMARY",
      "M",
      "ND",
      "NORM"
    ],
    "InPlanePhaseEncodingDirectionDICOM": "ROW",
    "InstitutionAddress": "Cooper_60_St._Lucia_QLD_AU_4072",
    "InstitutionName": "St_Lucia_Campus",
    "InstitutionalDepartmentName": "Gehrmann_Labs_MRI",
    "MRAcquisitionType": "3D",
    "MagneticFieldStrength": 3,
    "Manufacturer": "Siemens",
    "ManufacturersModelName": "Prisma_fit",
    "Modality": "MR",
    "ParallelReductionFactorInPlane": 2,
    "PartialFourier": 1,
    "PatientPosition": "HFS",
    "PercentPhaseFOV": 100,
    "PhaseEncodingSteps": 233,
    "PhaseResolution": 1,
    "PixelBandwidth": 750,
    "ProcedureStepDescription": "Research_16092_QTAB",
    "ProtocolName": "t2_spc_sag_p2_iso",
    "PulseSequenceDetails": "%SiemensSeq%_tse_vfl",
    "ReceiveCoilActiveElements": "HC1-7;NC1",
    "ReceiveCoilName": "HeadNeck_64",
    "ReconMatrixPE": 256,
    "RepetitionTime": 3.2,
    "SAR": 0.164527,
    "ScanOptions": "PFP",
    "ScanningSequence": "SE",
    "SequenceName": "_spcR_282ns",
    "SequenceVariant": "SK_SP",
    "SeriesDescription": "t2_spc_sag_p2_iso",
    "SeriesNumber": 23,
    "ShimSetting": [
      3045,
      -4172,
      -1048,
      3,
      -5,
      36,
      -4,
      -10
    ],
    "SliceThickness": 1,
    "SoftwareVersions": "syngo_MR_E11",
    "StationName": "mrc_Trio",
    "TxRefAmp": 209.643,
    "dataset": "ds004146",
    "modality": "T2w",
    "session_id": "01",
    "subject_id": "0397"
  },
  "cjv": 4.14630400406714,
  "cnr": 0.31614575617027174,
  "efc": 0.6280484661610238,
  "fber": 3128.033535542863,
  "fwhm_avg": 4.108175042685811,
  "fwhm_x": 4.183662749365732,
  "fwhm_y": 4.456262433596515,
  "fwhm_z": 3.6845999450951825,
  "icvs_csf": 0.4484648561593122,
  "icvs_gm": 0.4220561838008871,
  "icvs_wm": 0.12947896003980072,
  "inu_med": 1.015220046043396,
  "inu_range": 0.3313180774450304,
  "provenance": {
    "md5sum": "143a2b59404b7175efd9735b4e65fc1b",
    "settings": {
      "testing": false
    },
    "software": "mriqc",
    "version": "23.0.1",
    "warnings": {
      "large_rot_frame": true,
      "small_air_mask": false
    },
    "webapi_port": null,
    "webapi_url": "https://mriqc.nimh.nih.gov/api/v1"
  },
  "qi_1": 0.0,
  "qi_2": 0.009539829211616502,
  "rpve_csf": 9.72798678696127,
  "rpve_gm": 10.656322213506785,
  "rpve_wm": 32.9227795763375,
  "size_x": 192,
  "size_y": 300,
  "size_z": 320,
  "snr_csf": 17.194671900404597,
  "snr_gm": 14.065922141650892,
  "snr_total": 10.73328254944282,
  "snr_wm": 0.9392536062729685,
  "snrd_csf": 44.14388862639599,
  "snrd_gm": 29.769582813504268,
  "snrd_total": 39.60466955793229,
  "snrd_wm": 44.90053723389661,
  "spacing_x": 0.7999999523162842,
  "spacing_y": 0.800000011920929,
  "spacing_z": 0.800000011920929,
  "summary_bg_k": 1.7453480967228039,
  "summary_bg_mad": 14.713154424618821,
  "summary_bg_mean": 16.705213040836867,
  "summary_bg_median": 9.923871852457523,
  "summary_bg_n": 1883910.0,
  "summary_bg_p05": 0.0,
  "summary_bg_p95": 61.899584248661995,
  "summary_bg_stdv": 21.62241066720791,
  "summary_csf_k": 0.636521379013693,
  "summary_csf_mad": 55.22471660747338,
  "summary_csf_mean": 994.7046245527886,
  "summary_csf_median": 991.3902666121721,
  "summary_csf_n": 174188.0,
  "summary_csf_p05": 907.0600131079555,
  "summary_csf_p95": 1093.4226230349389,
  "summary_csf_stdv": 57.656664029563196,
  "summary_gm_k": -0.08207012295473648,
  "summary_gm_mad": 49.04384808206274,
  "summary_gm_mean": 669.5736298067144,
  "summary_gm_median": 668.569887265563,
  "summary_gm_n": 325938.0,
  "summary_gm_p05": 593.1665869802237,
  "summary_gm_p95": 747.779604151845,
  "summary_gm_stdv": 47.53110780245763,
  "summary_wm_k": -1.6697165843985038,
  "summary_wm_mad": 1359.9254422974163,
  "summary_wm_mean": 1222.6435372579708,
  "summary_wm_median": 1008.3831978663802,
  "summary_wm_n": 77497.0,
  "summary_wm_p05": 46.356716461479664,
  "summary_wm_p95": 2745.5682942599055,
  "summary_wm_stdv": 1073.593633456267,
  "tpm_overlap_csf": 0.10874261505565191,
  "tpm_overlap_gm": 0.27968823933692777,
  "tpm_overlap_wm": 0.03751397152612837,
  "wm2max": 0.3798282863107084
}