{
  "aor": 0.0007689230769230771,
  "aqi": 0.0064576410769230765,
  "bids_meta": {
    "AcquisitionMatrixPE": 104,
    "AcquisitionNumber": 1,
    "AcquisitionTime": "14:35:32.702500",
    "BandwidthPerPixelPhaseEncode": 17.17,
    "BaseResolution": 104,
    "BodyPartExamined": "BRAIN",
    "ConsistencyInfo": "N4_VE11C_LATEST_20160120",
    "ConversionSoftware": "dcm2niix",
    "ConversionSoftwareVersion": "v1.0.20171215 GCC6.3.0",
    "DerivedVendorReportedEchoSpacing": 0.000560011,
    "DeviceSerialNumber": "167001",
    "DwellTime": 2.1e-06,
    "EchoTime": 0.03,
    "EchoTrainLength": 91,
    "EffectiveEchoSpacing": 0.000560011,
    "FlipAngle": 52,
    "ImageOrientationPatientDICOM": [
      0.999907,
      0.0135932,
      0.000774415,
      -0.0129149,
      0.964947,
      -0.262129
    ],
    "ImageType": [
      "ORIGINAL",
      "PRIMARY",
      "M",
      "ND",
      "MOSAIC"
    ],
    "InPlanePhaseEncodingDirectionDICOM": "COL",
    "InstitutionAddress": "Cooper_60_St._Lucia_QLD_AU_4072",
    "InstitutionName": "St_Lucia_Campus",
    "InstitutionalDepartmentName": "Gehrmann_Labs_MRI",
    "MRAcquisitionType": "2D",
    "MagneticFieldStrength": 3,
    "Manufacturer": "Siemens",
    "ManufacturersModelName": "Prisma_fit",
    "Modality": "MR",
    "MultibandAccelerationFactor": 6,
    "PartialFourier": 0.875,
    "PatientPosition": "HFS",
    "PercentPhaseFOV": 100,
    "PhaseEncodingDirection": "j",
    "PhaseEncodingSteps": 91,
    "PhaseResolution": 1,
    "PixelBandwidth": 2290,
    "ProcedureStepDescription": "Research_16092_QTAB",
    "ProtocolName": "ep2d_REST_SMS6_P-A",
    "PulseSequenceDetails": "%SiemensSeq%_ep2d_bold",
    "ReceiveCoilActiveElements": "HC1-7;NC1,2",
    "ReceiveCoilName": "HeadNeck_64",
    "ReconMatrixPE": 104,
    "RepetitionTime": 0.93,
    "SAR": 0.0660666,
    "ScanOptions": "PFP_FS",
    "ScanningSequence": "EP",
    "SequenceName": "_epfid2d1_104",
    "SequenceVariant": "SK",
    "SeriesDescription": "ep2d_REST_SMS6_P-A",
    "SeriesNumber": 10,
    "ShimSetting": [
      3057,
      -4158,
      -819,
      416,
      -44,
      -103,
      -165,
      -32
    ],
    "SliceThickness": 2,
    "SliceTiming": [
      0.6825,
      0,
      0.455,
      0.075,
      0.53,
      0.1525,
      0.6075,
      0.3025,
      0.7575,
      0.38,
      0.835,
      0.2275,
      0.6825,
      0,
      0.455,
      0.075,
      0.53,
      0.1525,
      0.6075,
      0.3025,
      0.7575,
      0.38,
      0.835,
      0.2275,
      0.6825,
      0,
      0.455,
      0.075,
      0.53,
      0.1525,
      0.6075,
      0.3025,
      0.7575,
      0.38,
      0.835,
      0.2275,
      0.6825,
      0,
      0.455,
      0.075,
      0.53,
      0.1525,
      0.6075,
      0.3025,
      0.7575,
      0.38,
      0.835,
      0.2275,
      0.6825,
      0,
      0.455,
      0.075,
      0.53,
      0.1525,
      0.6075,
      0.3025,
      0.7575,
      0.38,
      0.835,
      0.2275,
      0.6825,
      0,
      0.455,
      0.075,
      0.53,
      0.1525,
      0.6075,
      0.3025,
      0.7575,
      0.38,
      0.835,
      0.2275
    ],
    "SoftwareVersions": "syngo_MR_E11",
    "SpacingBetweenSlices": 2,
    "StationName": "mrc_Trio",
    "TaskName": "rest",
    "TotalReadoutTime": 0.0576811,
    "TxRefAmp": 213.173,
    "dataset": "ds004146",
    "modality": "bold",
    "session_id": "01",
    "subject_id": "0032",
    "task_id": "rest"
  },
  "dummy_trs": 2,
  "dvars_nstd": 43.64766981561728,
  "dvars_std": 1.1095927177777778,
  "dvars_vstd": 1.0026601343518522,
  "efc": 0.5207976620126747,
  "fber": 814.557373046875,
  "fd_mean": 0.13659939146719874,
  "fd_num": 29,
  "fd_perc": 8.923076923076923,
  "fwhm_avg": 2.891845,
  "fwhm_x": 2.64152,
  "fwhm_y": 2.97019,
  "fwhm_z": 3.063825,
  "gcor": 0.00425206,
  "gsr_x": -0.018226083368062973,
  "gsr_y": 0.0628521591424942,
  "provenance": {
    "md5sum": "3b2ddfda75f51fec762b29b411e0f685",
    "settings": {
      "fd_thres": 0.2,
      "testing": false
    },
    "software": "mriqc",
    "version": "23.0.1",
    "webapi_port": null,
    "webapi_url": "https://mriqc.nimh.nih.gov/api/v1"
  },
  "size_t": 325,
  "size_x": 104,
  "size_y": 104,
  "size_z": 72,
  "snr": 2.8845472561970276,
  "spacing_tr": 0.9300000071525574,
  "spacing_x": 2.0,
  "spacing_y": 2.0,
  "spacing_z": 2.0,
  "summary_bg_k": 50.03824754850453,
  "summary_bg_mad": 5.104713728268521,
  "summary_bg_mean": 36.49812698364258,
  "summary_bg_median": 17.683076858520508,
  "summary_bg_n": 531175.0,
  "summary_bg_p05": 13.89846134185791,
  "summary_bg_p95": 132.53938751220699,
  "summary_bg_stdv": 53.185977935791016,
  "summary_fg_k": 0.49610349058874226,
  "summary_fg_mad": 172.6661492153229,
  "summary_fg_mean": 536.2828369140625,
  "summary_fg_median": 507.90155029296875,
  "summary_fg_n": 150455.0,
  "summary_fg_p05": 308.8615417480469,
  "summary_fg_p95": 862.1033935546874,
  "summary_fg_stdv": 176.07611083984375,
  "tsnr": 35.72865410533268
}