{
  "aor": 0.009983272171253823,
  "aqi": 0.01960291525993884,
  "bids_meta": {
    "AcquisitionMatrixPE": 104,
    "AcquisitionNumber": 1,
    "AcquisitionTime": "10:22:22.850000",
    "BandwidthPerPixelPhaseEncode": 17.17,
    "BaseResolution": 104,
    "BodyPartExamined": "BRAIN",
    "ConsistencyInfo": "N4_VE11C_LATEST_20160120",
    "ConversionSoftware": "dcm2niix",
    "ConversionSoftwareVersion": "v1.0.20171215 GCC6.3.0",
    "DerivedVendorReportedEchoSpacing": 0.000560011,
    "DeviceSerialNumber": "167001",
    "DwellTime": 2.1e-06,
    "EchoTime": 0.03,
    "EchoTrainLength": 91,
    "EffectiveEchoSpacing": 0.000560011,
    "FlipAngle": 52,
    "ImageOrientationPatientDICOM": [
      0.994661,
      -0.0896572,
      -0.0510949,
      0.0637989,
      0.923439,
      -0.378406
    ],
    "ImageType": [
      "ORIGINAL",
      "PRIMARY",
      "M",
      "ND",
      "MOSAIC"
    ],
    "InPlanePhaseEncodingDirectionDICOM": "COL",
    "InstitutionAddress": "Cooper_60_St._Lucia_QLD_AU_4072",
    "InstitutionName": "St_Lucia_Campus",
    "InstitutionalDepartmentName": "Gehrmann_Labs_MRI",
    "MRAcquisitionType": "2D",
    "MagneticFieldStrength": 3,
    "Manufacturer": "Siemens",
    "ManufacturersModelName": "Prisma_fit",
    "Modality": "MR",
    "MultibandAccelerationFactor": 6,
    "PartialFourier": 0.875,
    "PatientPosition": "HFS",
    "PercentPhaseFOV": 100,
    "PhaseEncodingDirection": "j-",
    "PhaseEncodingSteps": 91,
    "PhaseResolution": 1,
    "PixelBandwidth": 2290,
    "ProcedureStepDescription": "Research_16092_QTAB",
    "ProtocolName": "ep2d_REST_SMS6_A-P",
    "PulseSequenceDetails": "%SiemensSeq%_ep2d_bold",
    "ReceiveCoilActiveElements": "HC1-7;NC1,2",
    "ReceiveCoilName": "HeadNeck_64",
    "ReconMatrixPE": 104,
    "RepetitionTime": 0.93,
    "SAR": 0.0721989,
    "ScanOptions": "PFP_FS",
    "ScanningSequence": "EP",
    "SequenceName": "_epfid2d1_104",
    "SequenceVariant": "SK",
    "SeriesDescription": "ep2d_REST_SMS6_A-P",
    "SeriesNumber": 9,
    "ShimSetting": [
      3022,
      -4113,
      -839,
      351,
      -105,
      62,
      -122,
      -48
    ],
    "SliceThickness": 2,
    "SliceTiming": [
      0.6825,
      0,
      0.455,
      0.075,
      0.53,
      0.1525,
      0.6075,
      0.3025,
      0.7575,
      0.38,
      0.835,
      0.2275,
      0.6825,
      0,
      0.455,
      0.075,
      0.53,
      0.1525,
      0.6075,
      0.3025,
      0.7575,
      0.38,
      0.835,
      0.2275,
      0.6825,
      0,
      0.455,
      0.075,
      0.53,
      0.1525,
      0.6075,
      0.3025,
      0.7575,
      0.38,
      0.835,
      0.2275,
      0.6825,
      0,
      0.455,
      0.075,
      0.53,
      0.1525,
      0.6075,
      0.3025,
      0.7575,
      0.38,
      0.835,
      0.2275,
      0.6825,
      0,
      0.455,
      0.075,
      0.53,
      0.1525,
      0.6075,
      0.3025,
      0.7575,
      0.38,
      0.835,
      0.2275,
      0.6825,
      0,
      0.455,
      0.075,
      0.53,
      0.1525,
      0.6075,
      0.3025,
      0.7575,
      0.38,
      0.835,
      0.2275
    ],
    "SoftwareVersions": "syngo_MR_E11",
    "SpacingBetweenSlices": 2,
    "StationName": "mrc_Trio",
    "TaskName": "rest",
    "TotalReadoutTime": 0.0576811,
    "TxRefAmp": 212.464,
    "dataset": "ds004146",
    "modality": "bold",
    "session_id": "01",
    "subject_id": "0003",
    "task_id": "rest"
  },
  "dummy_trs": 0,
  "dvars_nstd": 53.854555071533746,
  "dvars_std": 1.0797685249386502,
  "dvars_vstd": 1.0288493370552152,
  "efc": 0.5258774452809779,
  "fber": 902.01806640625,
  "fd_mean": 0.523994417551534,
  "fd_num": 236,
  "fd_perc": 72.17125382262996,
  "fwhm_avg": 3.0835233333333334,
  "fwhm_x": 2.822995,
  "fwhm_y": 3.275645,
  "fwhm_z": 3.15193,
  "gcor": 0.0378402,
  "gsr_x": -0.00910725723952055,
  "gsr_y": 0.06156928837299347,
  "provenance": {
    "md5sum": "aa4bba81e35a68c86dd761037456a0e1",
    "settings": {
      "fd_thres": 0.2,
      "testing": false
    },
    "software": "mriqc",
    "version": "23.0.1",
    "webapi_port": null,
    "webapi_url": "https://mriqc.nimh.nih.gov/api/v1"
  },
  "size_t": 327,
  "size_x": 104,
  "size_y": 104,
  "size_z": 72,
  "snr": 2.8410114577624928,
  "spacing_tr": 0.9300000071525574,
  "spacing_x": 2.0,
  "spacing_y": 2.0,
  "spacing_z": 2.0,
  "summary_bg_k": 57.351591023382475,
  "summary_bg_mad": 5.776254869472626,
  "summary_bg_mean": 33.11152267456055,
  "summary_bg_median": 18.229358673095703,
  "summary_bg_n": 506350.0,
  "summary_bg_p05": 13.957186698913574,
  "summary_bg_p95": 99.08731498718258,
  "summary_bg_stdv": 48.11775588989258,
  "summary_fg_k": 1.0513256427438522,
  "summary_fg_mad": 185.1711261364898,
  "summary_fg_mean": 583.0537109375,
  "summary_fg_median": 556.87158203125,
  "summary_fg_n": 169039.0,
  "summary_fg_p05": 325.47064208984375,
  "summary_fg_p95": 938.729071044922,
  "summary_fg_stdv": 196.0111541748047,
  "tsnr": 23.508534715685528
}