{
  "aor": 0.000756319018404908,
  "aqi": 0.005887555920245399,
  "bids_meta": {
    "AcquisitionMatrixPE": 104,
    "AcquisitionNumber": 1,
    "AcquisitionTime": "14:17:27.485000",
    "BandwidthPerPixelPhaseEncode": 17.17,
    "BaseResolution": 104,
    "BodyPartExamined": "BRAIN",
    "ConsistencyInfo": "N4_VE11C_LATEST_20160120",
    "ConversionSoftware": "dcm2niix",
    "ConversionSoftwareVersion": "v1.0.20171215 GCC6.3.0",
    "DerivedVendorReportedEchoSpacing": 0.000560011,
    "DeviceSerialNumber": "167001",
    "DwellTime": 2.1e-06,
    "EchoTime": 0.03,
    "EchoTrainLength": 91,
    "EffectiveEchoSpacing": 0.000560011,
    "FlipAngle": 52,
    "ImageOrientationPatientDICOM": [
      0.999571,
      -0.026834,
      -0.0117497,
      0.0202398,
      0.922608,
      -0.385208
    ],
    "ImageType": [
      "ORIGINAL",
      "PRIMARY",
      "M",
      "ND",
      "MOSAIC"
    ],
    "InPlanePhaseEncodingDirectionDICOM": "COL",
    "InstitutionAddress": "Cooper_60_St._Lucia_QLD_AU_4072",
    "InstitutionName": "St_Lucia_Campus",
    "InstitutionalDepartmentName": "Gehrmann_Labs_MRI",
    "MRAcquisitionType": "2D",
    "MagneticFieldStrength": 3,
    "Manufacturer": "Siemens",
    "ManufacturersModelName": "Prisma_fit",
    "Modality": "MR",
    "MultibandAccelerationFactor": 6,
    "PartialFourier": 0.875,
    "PatientPosition": "HFS",
    "PercentPhaseFOV": 100,
    "PhaseEncodingDirection": "j-",
    "PhaseEncodingSteps": 91,
    "PhaseResolution": 1,
    "PixelBandwidth": 2290,
    "ProcedureStepDescription": "Research_16092_QTAB",
    "ProtocolName": "ep2d_REST_SMS6_A-P",
    "PulseSequenceDetails": "%SiemensSeq%_ep2d_bold",
    "ReceiveCoilActiveElements": "HC1-7;NC1,2",
    "ReceiveCoilName": "HeadNeck_64",
    "ReconMatrixPE": 104,
    "RepetitionTime": 0.93,
    "SAR": 0.0586566,
    "ScanOptions": "PFP_FS",
    "ScanningSequence": "EP",
    "SequenceName": "_epfid2d1_104",
    "SequenceVariant": "SK",
    "SeriesDescription": "ep2d_REST_SMS6_A-P",
    "SeriesNumber": 30,
    "ShimSetting": [
      3038,
      -4166,
      -752,
      692,
      -95,
      -253,
      -158,
      -4
    ],
    "SliceThickness": 2,
    "SliceTiming": [
      0.6825,
      0,
      0.455,
      0.075,
      0.53,
      0.15,
      0.605,
      0.3025,
      0.7575,
      0.3775,
      0.8325,
      0.2275,
      0.6825,
      0,
      0.455,
      0.075,
      0.53,
      0.15,
      0.605,
      0.3025,
      0.7575,
      0.3775,
      0.8325,
      0.2275,
      0.6825,
      0,
      0.455,
      0.075,
      0.53,
      0.15,
      0.605,
      0.3025,
      0.7575,
      0.3775,
      0.8325,
      0.2275,
      0.6825,
      0,
      0.455,
      0.075,
      0.53,
      0.15,
      0.605,
      0.3025,
      0.7575,
      0.3775,
      0.8325,
      0.2275,
      0.6825,
      0,
      0.455,
      0.075,
      0.53,
      0.15,
      0.605,
      0.3025,
      0.7575,
      0.3775,
      0.8325,
      0.2275,
      0.6825,
      0,
      0.455,
      0.075,
      0.53,
      0.15,
      0.605,
      0.3025,
      0.7575,
      0.3775,
      0.8325,
      0.2275
    ],
    "SoftwareVersions": "syngo_MR_E11",
    "SpacingBetweenSlices": 2,
    "StationName": "mrc_Trio",
    "TaskName": "rest",
    "TotalReadoutTime": 0.0576811,
    "TxRefAmp": 212.673,
    "dataset": "ds004146",
    "modality": "bold",
    "session_id": "01",
    "subject_id": "0410",
    "task_id": "rest"
  },
  "dummy_trs": 1,
  "dvars_nstd": 43.18550071129232,
  "dvars_std": 1.0992565418461544,
  "dvars_vstd": 1.0179301087384616,
  "efc": 0.5048429250330203,
  "fber": 908.5569458007812,
  "fd_mean": 0.2568412239921819,
  "fd_num": 212,
  "fd_perc": 65.03067484662577,
  "fwhm_avg": 2.88944,
  "fwhm_x": 2.69103,
  "fwhm_y": 3.00609,
  "fwhm_z": 2.9712,
  "gcor": 0.0118215,
  "gsr_x": -0.010385753586888313,
  "gsr_y": 0.04595400020480156,
  "provenance": {
    "md5sum": "cae3c965c12a105b515f445aa3505c59",
    "settings": {
      "fd_thres": 0.2,
      "testing": false
    },
    "software": "mriqc",
    "version": "23.0.1",
    "webapi_port": null,
    "webapi_url": "https://mriqc.nimh.nih.gov/api/v1"
  },
  "size_t": 326,
  "size_x": 104,
  "size_y": 104,
  "size_z": 72,
  "snr": 3.146061991391592,
  "spacing_tr": 0.9300000071525574,
  "spacing_x": 2.0,
  "spacing_y": 2.0,
  "spacing_z": 2.0,
  "summary_bg_k": 38.42615487673589,
  "summary_bg_mad": 4.365943535202172,
  "summary_bg_mean": 32.92715835571289,
  "summary_bg_median": 17.46012306213379,
  "summary_bg_n": 540565.0,
  "summary_bg_p05": 14.174846649169922,
  "summary_bg_p95": 104.26993560791016,
  "summary_bg_stdv": 46.895652770996094,
  "summary_fg_k": 0.31166087296426737,
  "summary_fg_mad": 165.76033938223847,
  "summary_fg_mean": 554.67724609375,
  "summary_fg_median": 532.9600830078125,
  "summary_fg_n": 141201.0,
  "summary_fg_p05": 326.6717834472656,
  "summary_fg_p95": 867.668701171875,
  "summary_fg_stdv": 169.4048614501953,
  "tsnr": 37.170946528203785
}