{
  "aor": 0.005009816513761468,
  "aqi": 0.022592087461773703,
  "bids_meta": {
    "AcquisitionMatrixPE": 104,
    "AcquisitionNumber": 1,
    "AcquisitionTime": "09:53:3.967500",
    "BandwidthPerPixelPhaseEncode": 17.17,
    "BaseResolution": 104,
    "BodyPartExamined": "BRAIN",
    "CoilString": "HC1-7;NC1_2",
    "ConsistencyInfo": "N4_VE11C_LATEST_20160120",
    "ConversionSoftware": "dcm2niix",
    "ConversionSoftwareVersion": "v1.0.20181125  (JP2:OpenJPEG) GCC6.3.0",
    "DerivedVendorReportedEchoSpacing": 0.000560011,
    "DeviceSerialNumber": "167001",
    "DwellTime": 2.1e-06,
    "EchoTime": 0.03,
    "EchoTrainLength": 91,
    "EffectiveEchoSpacing": 0.000560011,
    "FlipAngle": 52,
    "ImageOrientationPatientDICOM": [
      0.999923,
      -0.0100326,
      -0.00733644,
      0.00907525,
      0.992665,
      -0.120553
    ],
    "ImageType": [
      "ORIGINAL",
      "PRIMARY",
      "M",
      "ND",
      "MOSAIC"
    ],
    "ImagingFrequency": 123.229,
    "InPlanePhaseEncodingDirectionDICOM": "COL",
    "InstitutionAddress": "Cooper_60_St._Lucia_QLD_AU_4072",
    "InstitutionName": "St_Lucia_Campus",
    "InstitutionalDepartmentName": "Gehrmann_Labs_MRI",
    "MRAcquisitionType": "2D",
    "MagneticFieldStrength": 3,
    "Manufacturer": "Siemens",
    "ManufacturersModelName": "Prisma_fit",
    "Modality": "MR",
    "MultibandAccelerationFactor": 6,
    "PartialFourier": 0.875,
    "PatientPosition": "HFS",
    "PercentPhaseFOV": 100,
    "PhaseEncodingDirection": "j-",
    "PhaseEncodingSteps": 91,
    "PhaseResolution": 1,
    "PixelBandwidth": 2290,
    "ProcedureStepDescription": "Research_16092_QTAB",
    "ProtocolName": "ep2d_REST_SMS6_A-P",
    "PulseSequenceDetails": "%SiemensSeq%_ep2d_bold",
    "ReceiveCoilActiveElements": "HC1-7;NC1,2",
    "ReceiveCoilName": "HeadNeck_64",
    "ReconMatrixPE": 104,
    "RepetitionTime": 0.93,
    "SAR": 0.0617224,
    "ScanOptions": "PFP_FS",
    "ScanningSequence": "EP",
    "SequenceName": "_epfid2d1_104",
    "SequenceVariant": "SK",
    "SeriesDescription": "ep2d_REST_SMS6_A-P",
    "SeriesNumber": 9,
    "ShimSetting": [
      3038,
      -4160,
      -764,
      438,
      -111,
      -70,
      -148,
      -27
    ],
    "SliceThickness": 2,
    "SliceTiming": [
      0.6825,
      0,
      0.455,
      0.075,
      0.53,
      0.15,
      0.605,
      0.3025,
      0.7575,
      0.3775,
      0.8325,
      0.2275,
      0.6825,
      0,
      0.455,
      0.075,
      0.53,
      0.15,
      0.605,
      0.3025,
      0.7575,
      0.3775,
      0.8325,
      0.2275,
      0.6825,
      0,
      0.455,
      0.075,
      0.53,
      0.15,
      0.605,
      0.3025,
      0.7575,
      0.3775,
      0.8325,
      0.2275,
      0.6825,
      0,
      0.455,
      0.075,
      0.53,
      0.15,
      0.605,
      0.3025,
      0.7575,
      0.3775,
      0.8325,
      0.2275,
      0.6825,
      0,
      0.455,
      0.075,
      0.53,
      0.15,
      0.605,
      0.3025,
      0.7575,
      0.3775,
      0.8325,
      0.2275,
      0.6825,
      0,
      0.455,
      0.075,
      0.53,
      0.15,
      0.605,
      0.3025,
      0.7575,
      0.3775,
      0.8325,
      0.2275
    ],
    "SoftwareVersions": "syngo_MR_E11",
    "SpacingBetweenSlices": 2,
    "StationName": "mrc_Trio",
    "TaskName": "rest",
    "TotalReadoutTime": 0.0576811,
    "TxRefAmp": 217.793,
    "dataset": "ds004146",
    "modality": "bold",
    "session_id": "01",
    "subject_id": "0103",
    "task_id": "rest"
  },
  "dummy_trs": 0,
  "dvars_nstd": 62.015792366963225,
  "dvars_std": 1.0668986619325151,
  "dvars_vstd": 0.9873659683128844,
  "efc": 0.513029272722905,
  "fber": 832.1996459960938,
  "fd_mean": 0.7293874617366052,
  "fd_num": 270,
  "fd_perc": 82.56880733944953,
  "fwhm_avg": 3.1551716666666665,
  "fwhm_x": 2.87731,
  "fwhm_y": 3.277955,
  "fwhm_z": 3.31025,
  "gcor": 0.0351693,
  "gsr_x": -0.010628186166286469,
  "gsr_y": 0.060297369956970215,
  "provenance": {
    "md5sum": "d0101905c3315f6e96c4229b2da01b56",
    "settings": {
      "fd_thres": 0.2,
      "testing": false
    },
    "software": "mriqc",
    "version": "23.0.1",
    "webapi_port": null,
    "webapi_url": "https://mriqc.nimh.nih.gov/api/v1"
  },
  "size_t": 327,
  "size_x": 104,
  "size_y": 104,
  "size_z": 72,
  "snr": 2.9084725479441293,
  "spacing_tr": 0.9300000071525574,
  "spacing_x": 2.0,
  "spacing_y": 2.0,
  "spacing_z": 2.0,
  "summary_bg_k": 64.66459669246527,
  "summary_bg_mad": 6.841732408138147,
  "summary_bg_mean": 34.711219787597656,
  "summary_bg_median": 18.932722091674805,
  "summary_bg_n": 528452.0,
  "summary_bg_p05": 13.733945846557617,
  "summary_bg_p95": 94.87599525451645,
  "summary_bg_stdv": 50.642696380615234,
  "summary_fg_k": 0.9195792750013458,
  "summary_fg_mad": 178.26590449398276,
  "summary_fg_mean": 580.1328735351562,
  "summary_fg_median": 545.75537109375,
  "summary_fg_n": 153896.0,
  "summary_fg_p05": 344.5749206542969,
  "summary_fg_p95": 931.5221862792969,
  "summary_fg_stdv": 187.64268493652344,
  "tsnr": 22.115475121885538
}