{
  "aor": 0.0010196578947368421,
  "aqi": 0.020993573421052635,
  "bids_meta": {
    "AcquisitionMatrixPE": 90,
    "AcquisitionNumber": 1,
    "AcquisitionTime": "10:20:28.692500",
    "BandwidthPerPixelPhaseEncode": 21.368,
    "BaseResolution": 90,
    "BodyPartExamined": "BRAIN",
    "CoilString": "HC1-7;NC1_2",
    "ConsistencyInfo": "N4_VE11C_LATEST_20160120",
    "ConversionSoftware": "dcm2niix",
    "ConversionSoftwareVersion": "v1.0.20190410  GCC6.3.0",
    "DerivedVendorReportedEchoSpacing": 0.000519988,
    "DeviceSerialNumber": "167001",
    "DwellTime": 2.2e-06,
    "EchoTime": 0.03,
    "EchoTrainLength": 90,
    "EffectiveEchoSpacing": 0.000519988,
    "FlipAngle": 52,
    "ImageOrientationPatientDICOM": [
      0.999342,
      -0.0344267,
      0.0114209,
      0.0361202,
      0.973294,
      -0.226702
    ],
    "ImageType": [
      "ORIGINAL",
      "PRIMARY",
      "M",
      "ND",
      "NORM",
      "MOSAIC"
    ],
    "ImagingFrequency": 123.229,
    "InPlanePhaseEncodingDirectionDICOM": "COL",
    "InstitutionAddress": "Cooper_60_St._Lucia_QLD_AU_4072",
    "InstitutionName": "St_Lucia_Campus",
    "InstitutionalDepartmentName": "Gehrmann_Labs_MRI",
    "MRAcquisitionType": "2D",
    "MagneticFieldStrength": 3,
    "Manufacturer": "Siemens",
    "ManufacturersModelName": "Prisma_fit",
    "Modality": "MR",
    "MultibandAccelerationFactor": 6,
    "PartialFourier": 1,
    "PatientPosition": "HFS",
    "PercentPhaseFOV": 100,
    "PhaseEncodingDirection": "j-",
    "PhaseEncodingSteps": 90,
    "PhaseResolution": 1,
    "PixelBandwidth": 2525,
    "ProcedureStepDescription": "Research_16092_QTAB",
    "ProtocolName": "PARTLY_CLOUDY_mb6_2.4",
    "PulseSequenceDetails": "%SiemensSeq%_ep2d_bold",
    "ReceiveCoilActiveElements": "HC1-7;NC1,2",
    "ReceiveCoilName": "HeadNeck_64",
    "ReconMatrixPE": 90,
    "RefLinesPE": 12,
    "RepetitionTime": 0.8,
    "SAR": 0.0578128,
    "ScanOptions": "FS",
    "ScanningSequence": "EP",
    "SequenceName": "_epfid2d1_90",
    "SequenceVariant": "SK",
    "SeriesDescription": "PARTLY_CLOUDY_mb6_2.4",
    "SeriesNumber": 19,
    "ShimSetting": [
      3056,
      -4187,
      -787,
      356,
      -42,
      3,
      -93,
      -12
    ],
    "SliceThickness": 2.4,
    "SliceTiming": [
      0.5475,
      0,
      0.39,
      0.0775,
      0.4675,
      0.235,
      0.625,
      0.3125,
      0.7025,
      0.1575,
      0.5475,
      0,
      0.39,
      0.0775,
      0.4675,
      0.235,
      0.625,
      0.3125,
      0.7025,
      0.1575,
      0.5475,
      0,
      0.39,
      0.0775,
      0.4675,
      0.235,
      0.625,
      0.3125,
      0.7025,
      0.1575,
      0.5475,
      0,
      0.39,
      0.0775,
      0.4675,
      0.235,
      0.625,
      0.3125,
      0.7025,
      0.1575,
      0.5475,
      0,
      0.39,
      0.0775,
      0.4675,
      0.235,
      0.625,
      0.3125,
      0.7025,
      0.1575,
      0.5475,
      0,
      0.39,
      0.0775,
      0.4675,
      0.235,
      0.625,
      0.3125,
      0.7025,
      0.1575
    ],
    "SoftwareVersions": "syngo_MR_E11",
    "SpacingBetweenSlices": 2.4,
    "StationName": "mrc_Trio",
    "TaskName": "partlycloudy",
    "TotalReadoutTime": 0.046279,
    "TxRefAmp": 214.286,
    "dataset": "ds004146",
    "modality": "bold",
    "session_id": "02",
    "subject_id": "0403",
    "task_id": "partlycloudy"
  },
  "dummy_trs": 0,
  "dvars_nstd": 42.65106465366753,
  "dvars_std": 1.3103571533245384,
  "dvars_vstd": 0.9839435575197897,
  "efc": 0.4910784689378171,
  "fber": 6942.55419921875,
  "fd_mean": 0.16673640633960737,
  "fd_num": 120,
  "fd_perc": 31.57894736842105,
  "fwhm_avg": 1.7991360988922735,
  "fwhm_x": 1.7242290981519584,
  "fwhm_y": 1.8832124251678615,
  "fwhm_z": 1.7899667733570002,
  "gcor": 0.00991229,
  "gsr_x": -0.023728208616375923,
  "gsr_y": 0.03510831296443939,
  "provenance": {
    "md5sum": "1119551d73bb9a6d70f7acbf35f31762",
    "settings": {
      "fd_thres": 0.2,
      "testing": false
    },
    "software": "mriqc",
    "version": "23.0.1",
    "webapi_port": null,
    "webapi_url": "https://mriqc.nimh.nih.gov/api/v1"
  },
  "size_t": 380,
  "size_x": 90,
  "size_y": 90,
  "size_z": 60,
  "snr": 6.818046937110997,
  "spacing_tr": 0.800000011920929,
  "spacing_x": 2.4000000953674316,
  "spacing_y": 2.4000000953674316,
  "spacing_z": 2.3999998569488525,
  "summary_bg_k": 36.59891758703798,
  "summary_bg_mad": 6.363485395435423,
  "summary_bg_mean": 24.117055892944336,
  "summary_bg_median": 8.136842727661133,
  "summary_bg_n": 322415.0,
  "summary_bg_p05": 3.018421173095703,
  "summary_bg_p95": 94.72105407714844,
  "summary_bg_stdv": 50.12563705444336,
  "summary_fg_k": 1.4647906875847676,
  "summary_fg_mad": 97.47711426898856,
  "summary_fg_mean": 685.468017578125,
  "summary_fg_median": 684.1131591796875,
  "summary_fg_n": 91877.0,
  "summary_fg_p05": 534.13369140625,
  "summary_fg_p95": 847.2621337890624,
  "summary_fg_stdv": 100.3380355834961,
  "tsnr": 42.10595132200979
}