{
  "aor": 0.003340502994011976,
  "aqi": 0.02541998011976048,
  "bids_meta": {
    "AcquisitionMatrixPE": 90,
    "AcquisitionNumber": 1,
    "AcquisitionTime": "16:12:25.505000",
    "BandwidthPerPixelPhaseEncode": 21.368,
    "BaseResolution": 90,
    "BodyPartExamined": "BRAIN",
    "CoilString": "HC1-7;NC1_2",
    "ConsistencyInfo": "N4_VE11C_LATEST_20160120",
    "ConversionSoftware": "dcm2niix",
    "ConversionSoftwareVersion": "v1.0.20190410  GCC6.3.0",
    "DelayTime": 0.001,
    "DerivedVendorReportedEchoSpacing": 0.000519988,
    "DeviceSerialNumber": "167001",
    "DwellTime": 2.2e-06,
    "EchoTime": 0.03,
    "EchoTrainLength": 90,
    "EffectiveEchoSpacing": 0.000519988,
    "FlipAngle": 52,
    "ImageOrientationPatientDICOM": [
      0.994091,
      0.106782,
      0.0195103,
      -0.097997,
      0.960139,
      -0.261782
    ],
    "ImageType": [
      "ORIGINAL",
      "PRIMARY",
      "M",
      "ND",
      "NORM",
      "MOSAIC"
    ],
    "ImagingFrequency": 123.229,
    "InPlanePhaseEncodingDirectionDICOM": "COL",
    "InstitutionAddress": "Cooper_60_St._Lucia_QLD_AU_4072",
    "InstitutionName": "St_Lucia_Campus",
    "InstitutionalDepartmentName": "Gehrmann_Labs_MRI",
    "MRAcquisitionType": "2D",
    "MagneticFieldStrength": 3,
    "Manufacturer": "Siemens",
    "ManufacturersModelName": "Prisma_fit",
    "Modality": "MR",
    "MultibandAccelerationFactor": 6,
    "PartialFourier": 1,
    "PatientPosition": "HFS",
    "PercentPhaseFOV": 100,
    "PhaseEncodingDirection": "j-",
    "PhaseEncodingSteps": 90,
    "PhaseResolution": 1,
    "PixelBandwidth": 2525,
    "ProcedureStepDescription": "Research_16092_QTAB",
    "ProtocolName": "EMOT_TASK_mb6_2.4",
    "PulseSequenceDetails": "%SiemensSeq%_ep2d_bold",
    "ReceiveCoilActiveElements": "HC1-7;NC1,2",
    "ReceiveCoilName": "HeadNeck_64",
    "ReconMatrixPE": 90,
    "RefLinesPE": 12,
    "RepetitionTime": 0.8,
    "SAR": 0.0701533,
    "ScanOptions": "FS",
    "ScanningSequence": "EP",
    "SequenceName": "_epfid2d1_90",
    "SequenceVariant": "SK",
    "SeriesDescription": "EMOT_TASK_mb6_2.4",
    "SeriesNumber": 24,
    "ShimSetting": [
      3065,
      -4195,
      -776,
      381,
      15,
      -32,
      -72,
      19
    ],
    "SliceThickness": 2.4,
    "SliceTiming": [
      0.545,
      0,
      0.39,
      0.0775,
      0.4675,
      0.235,
      0.6225,
      0.3125,
      0.7,
      0.155,
      0.545,
      0,
      0.39,
      0.0775,
      0.4675,
      0.235,
      0.6225,
      0.3125,
      0.7,
      0.155,
      0.545,
      0,
      0.39,
      0.0775,
      0.4675,
      0.235,
      0.6225,
      0.3125,
      0.7,
      0.155,
      0.545,
      0,
      0.39,
      0.0775,
      0.4675,
      0.235,
      0.6225,
      0.3125,
      0.7,
      0.155,
      0.545,
      0,
      0.39,
      0.0775,
      0.4675,
      0.235,
      0.6225,
      0.3125,
      0.7,
      0.155,
      0.545,
      0,
      0.39,
      0.0775,
      0.4675,
      0.235,
      0.6225,
      0.3125,
      0.7,
      0.155
    ],
    "SoftwareVersions": "syngo_MR_E11",
    "SpacingBetweenSlices": 2.4,
    "StationName": "mrc_Trio",
    "TaskName": "emotionalconflict",
    "TotalReadoutTime": 0.046279,
    "TxRefAmp": 210.98,
    "dataset": "ds004146",
    "modality": "bold",
    "session_id": "02",
    "subject_id": "0366",
    "task_id": "emotionalconflict"
  },
  "dummy_trs": 2,
  "dvars_nstd": 31.88929227780577,
  "dvars_std": 1.1279071711870496,
  "dvars_vstd": 1.0065473606714637,
  "efc": 0.46792868442437247,
  "fber": 6155.32568359375,
  "fd_mean": 0.20432599227731313,
  "fd_num": 274,
  "fd_perc": 32.81437125748503,
  "fwhm_avg": 1.8278263767857006,
  "fwhm_x": 1.7596040967462818,
  "fwhm_y": 1.8959874246602286,
  "fwhm_z": 1.8278876089505918,
  "gcor": 0.0173573,
  "gsr_x": -0.012760123237967491,
  "gsr_y": 0.022090423852205276,
  "provenance": {
    "md5sum": "5ca37e1f207f10f7056d5260bc3f71ce",
    "settings": {
      "fd_thres": 0.2,
      "testing": false
    },
    "software": "mriqc",
    "version": "23.0.1",
    "webapi_port": null,
    "webapi_url": "https://mriqc.nimh.nih.gov/api/v1"
  },
  "size_t": 835,
  "size_x": 90,
  "size_y": 90,
  "size_z": 60,
  "snr": 7.303621224698984,
  "spacing_tr": 0.800000011920929,
  "spacing_x": 2.4000000953674316,
  "spacing_y": 2.4000000953674316,
  "spacing_z": 2.3999998569488525,
  "summary_bg_k": 30.68936204126183,
  "summary_bg_mad": 7.047242802478044,
  "summary_bg_mean": 25.269412994384766,
  "summary_bg_median": 8.911376953125,
  "summary_bg_n": 337286.0,
  "summary_bg_p05": 3.1461079120635986,
  "summary_bg_p95": 102.11916160583496,
  "summary_bg_stdv": 51.35434341430664,
  "summary_fg_k": 2.0644875852734312,
  "summary_fg_mad": 95.12091330674191,
  "summary_fg_mean": 705.418212890625,
  "summary_fg_median": 704.43115234375,
  "summary_fg_n": 79507.0,
  "summary_fg_p05": 560.2765319824218,
  "summary_fg_p95": 855.8148803710938,
  "summary_fg_stdv": 96.44896697998047,
  "tsnr": 37.138496595434844
}