{
  "bids_meta": {
    "AcquisitionMatrixPE": 256,
    "AcquisitionNumber": 1,
    "AcquisitionTime": "15:34:37.300000",
    "BaseResolution": 256,
    "BodyPartExamined": "BRAIN",
    "CoilString": "HC1-7;NC1_2",
    "ConsistencyInfo": "N4_VE11C_LATEST_20160120",
    "ConversionSoftware": "dcm2niix",
    "ConversionSoftwareVersion": "v1.0.20190410  GCC6.3.0",
    "DeviceSerialNumber": "167001",
    "DwellTime": 2.6e-06,
    "EchoTime": 0.408,
    "EchoTrainLength": 259,
    "FlipAngle": 120,
    "ImageOrientationPatientDICOM": [
      0.0380694,
      0.999123,
      0.0174489,
      -0.0192452,
      0.0181914,
      -0.999649
    ],
    "ImageType": [
      "ORIGINAL",
      "PRIMARY",
      "M",
      "ND",
      "NORM"
    ],
    "ImagingFrequency": 123.229,
    "InPlanePhaseEncodingDirectionDICOM": "ROW",
    "InstitutionAddress": "Cooper_60_St._Lucia_QLD_AU_4072",
    "InstitutionName": "St_Lucia_Campus",
    "InstitutionalDepartmentName": "Gehrmann_Labs_MRI",
    "MRAcquisitionType": "3D",
    "MagneticFieldStrength": 3,
    "Manufacturer": "Siemens",
    "ManufacturersModelName": "Prisma_fit",
    "Modality": "MR",
    "PartialFourier": 1,
    "PatientPosition": "HFS",
    "PercentPhaseFOV": 100,
    "PhaseEncodingSteps": 233,
    "PhaseResolution": 1,
    "PixelBandwidth": 750,
    "ProcedureStepDescription": "Research_16092_QTAB",
    "ProtocolName": "t2_spc_sag_p2_iso",
    "PulseSequenceDetails": "%SiemensSeq%_tse_vfl",
    "ReceiveCoilActiveElements": "HC1-7;NC1,2",
    "ReceiveCoilName": "HeadNeck_64",
    "ReconMatrixPE": 256,
    "RefLinesPE": 24,
    "RepetitionTime": 3.2,
    "SAR": 0.153059,
    "ScanOptions": "PFP",
    "ScanningSequence": "SE",
    "SequenceName": "_spcR_282ns",
    "SequenceVariant": "SK_SP",
    "SeriesDescription": "t2_spc_sag_p2_iso",
    "SeriesNumber": 38,
    "ShimSetting": [
      3034,
      -4211,
      -822,
      -57,
      -46,
      -246,
      70,
      7
    ],
    "SliceThickness": 1,
    "SoftwareVersions": "syngo_MR_E11",
    "StationName": "mrc_Trio",
    "TxRefAmp": 216.965,
    "dataset": "ds004146",
    "modality": "T2w",
    "session_id": "02",
    "subject_id": "0042"
  },
  "cjv": 21.550038086015736,
  "cnr": 0.03705268210024766,
  "efc": 0.6775582721136414,
  "fber": 4587.513122904382,
  "fwhm_avg": 4.390229101247155,
  "fwhm_x": 4.419587434143016,
  "fwhm_y": 4.738562429389917,
  "fwhm_z": 4.012537440208533,
  "icvs_csf": 0.47260071166605067,
  "icvs_gm": 0.4218329600758835,
  "icvs_wm": 0.10556632825806585,
  "inu_med": 1.034203052520752,
  "inu_range": 0.39197951555252075,
  "provenance": {
    "md5sum": "3f87e63c15a5ba51dea4a8441f7d04a1",
    "settings": {
      "testing": false
    },
    "software": "mriqc",
    "version": "23.0.1",
    "warnings": {
      "large_rot_frame": true,
      "small_air_mask": false
    },
    "webapi_port": null,
    "webapi_url": "https://mriqc.nimh.nih.gov/api/v1"
  },
  "qi_1": 0.00013486969512532506,
  "qi_2": 0.01781759159737332,
  "rpve_csf": 9.325957301194736,
  "rpve_gm": 10.471491914841492,
  "rpve_wm": 38.398114143297484,
  "size_x": 192,
  "size_y": 300,
  "size_z": 320,
  "snr_csf": 16.17077929810812,
  "snr_gm": 12.908080626810174,
  "snr_total": 9.872890160171378,
  "snr_wm": 0.5398105555958412,
  "snrd_csf": 56.25447338748984,
  "snrd_gm": 36.36983273117864,
  "snrd_total": 42.21859112736974,
  "snrd_wm": 34.03146726344075,
  "spacing_x": 0.800000011920929,
  "spacing_y": 0.800000011920929,
  "spacing_z": 0.800000011920929,
  "summary_bg_k": 5.162348590427852,
  "summary_bg_mad": 0.0,
  "summary_bg_mean": 11.729560543154863,
  "summary_bg_median": 0.0,
  "summary_bg_n": 1590045.0,
  "summary_bg_p05": 0.0,
  "summary_bg_p95": 54.33762727677822,
  "summary_bg_stdv": 19.645016445625153,
  "summary_csf_k": 0.41448408200442444,
  "summary_csf_mad": 100.79621057905632,
  "summary_csf_mean": 1692.0447163445456,
  "summary_csf_median": 1686.85491271317,
  "summary_csf_n": 225070.0,
  "summary_csf_p05": 1531.045818360895,
  "summary_csf_p95": 1870.852184355259,
  "summary_csf_stdv": 104.31477260380049,
  "summary_gm_k": -0.11565333644445142,
  "summary_gm_mad": 86.88456294581141,
  "summary_gm_mean": 1090.5550819534897,
  "summary_gm_median": 1090.5911534279585,
  "summary_gm_n": 324597.0,
  "summary_gm_p05": 952.4012693017721,
  "summary_gm_p95": 1228.2692231684923,
  "summary_gm_stdv": 84.48889537038245,
  "summary_wm_k": -1.7060538218910035,
  "summary_wm_mad": 1424.1733090724633,
  "summary_wm_mean": 2031.7347606843075,
  "summary_wm_median": 1020.4725825935602,
  "summary_wm_n": 66140.0,
  "summary_wm_p05": 69.00963966548443,
  "summary_wm_p95": 4685.916607841849,
  "summary_wm_stdv": 1890.4129559844991,
  "tpm_overlap_csf": 0.10969548066193945,
  "tpm_overlap_gm": 0.27228739385373824,
  "tpm_overlap_wm": 0.038430518086811964,
  "wm2max": 0.22837561804402193
}