{
  "aor": 0.004597473684210526,
  "aqi": 0.018903119736842108,
  "bids_meta": {
    "AcquisitionMatrixPE": 90,
    "AcquisitionNumber": 1,
    "AcquisitionTime": "15:04:4.902500",
    "BandwidthPerPixelPhaseEncode": 21.368,
    "BaseResolution": 90,
    "BodyPartExamined": "BRAIN",
    "CoilString": "HC1-7;NC1_2",
    "ConsistencyInfo": "N4_VE11C_LATEST_20160120",
    "ConversionSoftware": "dcm2niix",
    "ConversionSoftwareVersion": "v1.0.20190410  GCC6.3.0",
    "DerivedVendorReportedEchoSpacing": 0.000519988,
    "DeviceSerialNumber": "167001",
    "DwellTime": 2.2e-06,
    "EchoTime": 0.03,
    "EchoTrainLength": 90,
    "EffectiveEchoSpacing": 0.000519988,
    "FlipAngle": 52,
    "ImageOrientationPatientDICOM": [
      0.999097,
      0.033212,
      -0.0264899,
      -0.0399532,
      0.946514,
      -0.320181
    ],
    "ImageType": [
      "ORIGINAL",
      "PRIMARY",
      "M",
      "ND",
      "NORM",
      "MOSAIC"
    ],
    "ImagingFrequency": 123.229,
    "InPlanePhaseEncodingDirectionDICOM": "COL",
    "InstitutionAddress": "Cooper_60_St._Lucia_QLD_AU_4072",
    "InstitutionName": "St_Lucia_Campus",
    "InstitutionalDepartmentName": "Gehrmann_Labs_MRI",
    "MRAcquisitionType": "2D",
    "MagneticFieldStrength": 3,
    "Manufacturer": "Siemens",
    "ManufacturersModelName": "Prisma_fit",
    "Modality": "MR",
    "MultibandAccelerationFactor": 6,
    "PartialFourier": 1,
    "PatientPosition": "HFS",
    "PercentPhaseFOV": 100,
    "PhaseEncodingDirection": "j-",
    "PhaseEncodingSteps": 90,
    "PhaseResolution": 1,
    "PixelBandwidth": 2525,
    "ProcedureStepDescription": "Research_16092_QTAB",
    "ProtocolName": "PARTLY_CLOUDY_mb6_2.4",
    "PulseSequenceDetails": "%SiemensSeq%_ep2d_bold",
    "ReceiveCoilActiveElements": "HC1-7;NC1,2",
    "ReceiveCoilName": "HeadNeck_64",
    "ReconMatrixPE": 90,
    "RefLinesPE": 12,
    "RepetitionTime": 0.8,
    "SAR": 0.049816,
    "ScanOptions": "FS",
    "ScanningSequence": "EP",
    "SequenceName": "_epfid2d1_90",
    "SequenceVariant": "SK",
    "SeriesDescription": "PARTLY_CLOUDY_mb6_2.4",
    "SeriesNumber": 20,
    "ShimSetting": [
      3041,
      -4177,
      -777,
      452,
      -32,
      49,
      21,
      -22
    ],
    "SliceThickness": 2.4,
    "SliceTiming": [
      0.545,
      0,
      0.39,
      0.0775,
      0.4675,
      0.235,
      0.625,
      0.3125,
      0.7025,
      0.155,
      0.545,
      0,
      0.39,
      0.0775,
      0.4675,
      0.235,
      0.625,
      0.3125,
      0.7025,
      0.155,
      0.545,
      0,
      0.39,
      0.0775,
      0.4675,
      0.235,
      0.625,
      0.3125,
      0.7025,
      0.155,
      0.545,
      0,
      0.39,
      0.0775,
      0.4675,
      0.235,
      0.625,
      0.3125,
      0.7025,
      0.155,
      0.545,
      0,
      0.39,
      0.0775,
      0.4675,
      0.235,
      0.625,
      0.3125,
      0.7025,
      0.155,
      0.545,
      0,
      0.39,
      0.0775,
      0.4675,
      0.235,
      0.625,
      0.3125,
      0.7025,
      0.155
    ],
    "SoftwareVersions": "syngo_MR_E11",
    "SpacingBetweenSlices": 2.4,
    "StationName": "mrc_Trio",
    "TaskName": "partlycloudy",
    "TotalReadoutTime": 0.046279,
    "TxRefAmp": 217.552,
    "dataset": "ds004146",
    "modality": "bold",
    "session_id": "02",
    "subject_id": "0184",
    "task_id": "partlycloudy"
  },
  "dummy_trs": 0,
  "dvars_nstd": 37.085681160606846,
  "dvars_std": 1.2810133223746696,
  "dvars_vstd": 1.0539238440633234,
  "efc": 0.49553790720842833,
  "fber": 6128.03515625,
  "fd_mean": 0.1636686531173902,
  "fd_num": 74,
  "fd_perc": 19.473684210526315,
  "fwhm_avg": 1.7901652657330078,
  "fwhm_x": 1.7017582657115355,
  "fwhm_y": 1.8842790917921426,
  "fwhm_z": 1.784458439695345,
  "gcor": 0.00979722,
  "gsr_x": -0.024721289053559303,
  "gsr_y": 0.035820674151182175,
  "provenance": {
    "md5sum": "0cad17f0df192f3d8e00788dd6bba1f5",
    "settings": {
      "fd_thres": 0.2,
      "testing": false
    },
    "software": "mriqc",
    "version": "23.0.1",
    "webapi_port": null,
    "webapi_url": "https://mriqc.nimh.nih.gov/api/v1"
  },
  "size_t": 380,
  "size_x": 90,
  "size_y": 90,
  "size_z": 60,
  "snr": 7.014353815526617,
  "spacing_tr": 0.800000011920929,
  "spacing_x": 2.4000000953674316,
  "spacing_y": 2.4000000953674316,
  "spacing_z": 2.3999998569488525,
  "summary_bg_k": 31.60745322553924,
  "summary_bg_mad": 6.827773839802002,
  "summary_bg_mean": 28.729354858398438,
  "summary_bg_median": 8.265789985656738,
  "summary_bg_n": 327060.0,
  "summary_bg_p05": 2.9184212684631348,
  "summary_bg_p95": 122.72131729125971,
  "summary_bg_stdv": 57.3826904296875,
  "summary_fg_k": 1.9658095153159447,
  "summary_fg_mad": 89.459443262883,
  "summary_fg_mean": 659.5709228515625,
  "summary_fg_median": 657.584228515625,
  "summary_fg_n": 87523.0,
  "summary_fg_p05": 520.8213195800781,
  "summary_fg_p95": 809.9050109863281,
  "summary_fg_stdv": 93.74783325195312,
  "tsnr": 42.577014029957354
}