{
  "aor": 0.0005709287925696595,
  "aqi": 0.005621711052631579,
  "bids_meta": {
    "AcquisitionMatrixPE": 104,
    "AcquisitionNumber": 1,
    "AcquisitionTime": "15:19:58.642500",
    "BandwidthPerPixelPhaseEncode": 17.17,
    "BaseResolution": 104,
    "BodyPartExamined": "BRAIN",
    "CoilString": "HC1-7;NC1_2",
    "ConsistencyInfo": "N4_VE11C_LATEST_20160120",
    "ConversionSoftware": "dcm2niix",
    "ConversionSoftwareVersion": "v1.0.20190410  GCC6.3.0",
    "DerivedVendorReportedEchoSpacing": 0.000560011,
    "DeviceSerialNumber": "167001",
    "DwellTime": 2.1e-06,
    "EchoTime": 0.03,
    "EchoTrainLength": 91,
    "EffectiveEchoSpacing": 0.000560011,
    "FlipAngle": 52,
    "ImageOrientationPatientDICOM": [
      0.998077,
      -0.0314745,
      -0.0533969,
      0.0261356,
      0.994854,
      -0.0978929
    ],
    "ImageType": [
      "ORIGINAL",
      "PRIMARY",
      "M",
      "ND",
      "MOSAIC"
    ],
    "ImagingFrequency": 123.229,
    "InPlanePhaseEncodingDirectionDICOM": "COL",
    "InstitutionAddress": "Cooper_60_St._Lucia_QLD_AU_4072",
    "InstitutionName": "St_Lucia_Campus",
    "InstitutionalDepartmentName": "Gehrmann_Labs_MRI",
    "MRAcquisitionType": "2D",
    "MagneticFieldStrength": 3,
    "Manufacturer": "Siemens",
    "ManufacturersModelName": "Prisma_fit",
    "Modality": "MR",
    "MultibandAccelerationFactor": 6,
    "PartialFourier": 0.875,
    "PatientPosition": "HFS",
    "PercentPhaseFOV": 100,
    "PhaseEncodingDirection": "j",
    "PhaseEncodingSteps": 91,
    "PhaseResolution": 1,
    "PixelBandwidth": 2290,
    "ProcedureStepDescription": "Research_16092_QTAB",
    "ProtocolName": "ep2d_REST_SMS6_P-A",
    "PulseSequenceDetails": "%SiemensSeq%_ep2d_bold",
    "ReceiveCoilActiveElements": "HC1-7;NC1,2",
    "ReceiveCoilName": "HeadNeck_64",
    "ReconMatrixPE": 104,
    "RefLinesPE": 12,
    "RepetitionTime": 0.93,
    "SAR": 0.0617732,
    "ScanOptions": "PFP_FS",
    "ScanningSequence": "EP",
    "SequenceName": "_epfid2d1_104",
    "SequenceVariant": "SK",
    "SeriesDescription": "ep2d_REST_SMS6_P-A",
    "SeriesNumber": 10,
    "ShimSetting": [
      3029,
      -4197,
      -817,
      619,
      -42,
      -74,
      37,
      21
    ],
    "SliceThickness": 2,
    "SliceTiming": [
      0.6825,
      0,
      0.455,
      0.075,
      0.53,
      0.15,
      0.605,
      0.3025,
      0.7575,
      0.3775,
      0.8325,
      0.2275,
      0.6825,
      0,
      0.455,
      0.075,
      0.53,
      0.15,
      0.605,
      0.3025,
      0.7575,
      0.3775,
      0.8325,
      0.2275,
      0.6825,
      0,
      0.455,
      0.075,
      0.53,
      0.15,
      0.605,
      0.3025,
      0.7575,
      0.3775,
      0.8325,
      0.2275,
      0.6825,
      0,
      0.455,
      0.075,
      0.53,
      0.15,
      0.605,
      0.3025,
      0.7575,
      0.3775,
      0.8325,
      0.2275,
      0.6825,
      0,
      0.455,
      0.075,
      0.53,
      0.15,
      0.605,
      0.3025,
      0.7575,
      0.3775,
      0.8325,
      0.2275,
      0.6825,
      0,
      0.455,
      0.075,
      0.53,
      0.15,
      0.605,
      0.3025,
      0.7575,
      0.3775,
      0.8325,
      0.2275
    ],
    "SoftwareVersions": "syngo_MR_E11",
    "SpacingBetweenSlices": 2,
    "StationName": "mrc_Trio",
    "TaskName": "rest",
    "TotalReadoutTime": 0.0576811,
    "TxRefAmp": 211.436,
    "dataset": "ds004146",
    "modality": "bold",
    "session_id": "02",
    "subject_id": "0194",
    "task_id": "rest"
  },
  "dummy_trs": 4,
  "dvars_nstd": 36.8124704954037,
  "dvars_std": 1.081928503136647,
  "dvars_vstd": 1.0013865449689439,
  "efc": 0.5136289840878789,
  "fber": 993.8242797851562,
  "fd_mean": 0.09333052528348276,
  "fd_num": 2,
  "fd_perc": 0.6191950464396285,
  "fwhm_avg": 2.9296633333333335,
  "fwhm_x": 2.72823,
  "fwhm_y": 3.03838,
  "fwhm_z": 3.02238,
  "gcor": 0.00552949,
  "gsr_x": -0.016399608924984932,
  "gsr_y": 0.05737178027629852,
  "provenance": {
    "md5sum": "2369bc41e381d5a79061b429656047d0",
    "settings": {
      "fd_thres": 0.2,
      "testing": false
    },
    "software": "mriqc",
    "version": "23.0.1",
    "webapi_port": null,
    "webapi_url": "https://mriqc.nimh.nih.gov/api/v1"
  },
  "size_t": 323,
  "size_x": 104,
  "size_y": 104,
  "size_z": 72,
  "snr": 2.9682429442461644,
  "spacing_tr": 0.9300000071525574,
  "spacing_x": 2.0,
  "spacing_y": 2.0,
  "spacing_z": 2.0,
  "summary_bg_k": 70.16578679657746,
  "summary_bg_mad": 4.4294469087676,
  "summary_bg_mean": 33.50055694580078,
  "summary_bg_median": 17.749225616455078,
  "summary_bg_n": 523642.0,
  "summary_bg_p05": 14.346748352050781,
  "summary_bg_p95": 113.62522697448716,
  "summary_bg_stdv": 49.769874572753906,
  "summary_fg_k": 0.49103929916909905,
  "summary_fg_mad": 188.39834685302264,
  "summary_fg_mean": 588.1884155273438,
  "summary_fg_median": 562.63623046875,
  "summary_fg_n": 157544.0,
  "summary_fg_p05": 334.39100494384763,
  "summary_fg_p95": 937.9324737548831,
  "summary_fg_stdv": 189.5513458251953,
  "tsnr": 40.01339649246074
}