{
  "aor": 0.0005633245382585752,
  "aqi": 0.02881917203166227,
  "bids_meta": {
    "AcquisitionMatrixPE": 90,
    "AcquisitionNumber": 1,
    "AcquisitionTime": "16:53:11.092500",
    "BandwidthPerPixelPhaseEncode": 21.368,
    "BaseResolution": 90,
    "BodyPartExamined": "BRAIN",
    "CoilString": "HC1-7;NC1_2",
    "ConsistencyInfo": "N4_VE11C_LATEST_20160120",
    "ConversionSoftware": "dcm2niix",
    "ConversionSoftwareVersion": "v1.0.20190410  GCC6.3.0",
    "DerivedVendorReportedEchoSpacing": 0.000519988,
    "DeviceSerialNumber": "167001",
    "DwellTime": 2.2e-06,
    "EchoTime": 0.03,
    "EchoTrainLength": 90,
    "EffectiveEchoSpacing": 0.000519988,
    "FlipAngle": 52,
    "ImageOrientationPatientDICOM": [
      0.999885,
      0.0113611,
      0.0100857,
      -0.00855134,
      0.96962,
      -0.244467
    ],
    "ImageType": [
      "ORIGINAL",
      "PRIMARY",
      "M",
      "ND",
      "NORM",
      "MOSAIC"
    ],
    "ImagingFrequency": 123.229,
    "InPlanePhaseEncodingDirectionDICOM": "COL",
    "InstitutionAddress": "Cooper_60_St._Lucia_QLD_AU_4072",
    "InstitutionName": "St_Lucia_Campus",
    "InstitutionalDepartmentName": "Gehrmann_Labs_MRI",
    "MRAcquisitionType": "2D",
    "MagneticFieldStrength": 3,
    "Manufacturer": "Siemens",
    "ManufacturersModelName": "Prisma_fit",
    "Modality": "MR",
    "MultibandAccelerationFactor": 6,
    "PartialFourier": 1,
    "PatientPosition": "HFS",
    "PercentPhaseFOV": 100,
    "PhaseEncodingDirection": "j-",
    "PhaseEncodingSteps": 90,
    "PhaseResolution": 1,
    "PixelBandwidth": 2525,
    "ProcedureStepDescription": "Research_16092_QTAB",
    "ProtocolName": "PARTLY_CLOUDY_mb6_2.4",
    "PulseSequenceDetails": "%SiemensSeq%_ep2d_bold",
    "ReceiveCoilActiveElements": "HC1-7;NC1,2",
    "ReceiveCoilName": "HeadNeck_64",
    "ReconMatrixPE": 90,
    "RefLinesPE": 12,
    "RepetitionTime": 0.8,
    "SAR": 0.0501463,
    "ScanOptions": "FS",
    "ScanningSequence": "EP",
    "SequenceName": "_epfid2d1_90",
    "SequenceVariant": "SK",
    "SeriesDescription": "PARTLY_CLOUDY_mb6_2.4",
    "SeriesNumber": 10,
    "ShimSetting": [
      3056,
      -4176,
      -760,
      507,
      28,
      28,
      -35,
      -23
    ],
    "SliceThickness": 2.4,
    "SliceTiming": [
      0.5475,
      0,
      0.39,
      0.08,
      0.47,
      0.235,
      0.625,
      0.3125,
      0.7025,
      0.1575,
      0.5475,
      0,
      0.39,
      0.08,
      0.47,
      0.235,
      0.625,
      0.3125,
      0.7025,
      0.1575,
      0.5475,
      0,
      0.39,
      0.08,
      0.47,
      0.235,
      0.625,
      0.3125,
      0.7025,
      0.1575,
      0.5475,
      0,
      0.39,
      0.08,
      0.47,
      0.235,
      0.625,
      0.3125,
      0.7025,
      0.1575,
      0.5475,
      0,
      0.39,
      0.08,
      0.47,
      0.235,
      0.625,
      0.3125,
      0.7025,
      0.1575,
      0.5475,
      0,
      0.39,
      0.08,
      0.47,
      0.235,
      0.625,
      0.3125,
      0.7025,
      0.1575
    ],
    "SoftwareVersions": "syngo_MR_E11",
    "SpacingBetweenSlices": 2.4,
    "StationName": "mrc_Trio",
    "TaskName": "partlycloudy",
    "TotalReadoutTime": 0.046279,
    "TxRefAmp": 211.352,
    "dataset": "ds004146",
    "modality": "bold",
    "session_id": "02",
    "subject_id": "0029",
    "task_id": "partlycloudy"
  },
  "dummy_trs": 1,
  "dvars_nstd": 35.590258573465604,
  "dvars_std": 1.1318759462433863,
  "dvars_vstd": 0.964267097804232,
  "efc": 0.4735163015233766,
  "fber": 7039.78076171875,
  "fd_mean": 0.24639637575806655,
  "fd_num": 206,
  "fd_perc": 54.35356200527705,
  "fwhm_avg": 1.842472149008957,
  "fwhm_x": 1.7234832648482614,
  "fwhm_y": 1.9905249209036462,
  "fwhm_z": 1.8134082612749631,
  "gcor": 0.00403823,
  "gsr_x": -0.020813100039958954,
  "gsr_y": 0.030495423823595047,
  "provenance": {
    "md5sum": "465aec4b06fdccdab2e03da1276a1eee",
    "settings": {
      "fd_thres": 0.2,
      "testing": false
    },
    "software": "mriqc",
    "version": "23.0.1",
    "webapi_port": null,
    "webapi_url": "https://mriqc.nimh.nih.gov/api/v1"
  },
  "size_t": 379,
  "size_x": 90,
  "size_y": 90,
  "size_z": 60,
  "snr": 6.914176471006497,
  "spacing_tr": 0.800000011920929,
  "spacing_x": 2.4000000953674316,
  "spacing_y": 2.4000000953674316,
  "spacing_z": 2.4000000953674316,
  "summary_bg_k": 23.19149413604062,
  "summary_bg_mad": 5.327979418704156,
  "summary_bg_mean": 24.095815658569336,
  "summary_bg_median": 7.287599086761475,
  "summary_bg_n": 335871.0,
  "summary_bg_p05": 3.015831232070923,
  "summary_bg_p95": 105.1015853881836,
  "summary_bg_stdv": 49.449100494384766,
  "summary_fg_k": 1.7515522176025753,
  "summary_fg_mad": 87.44615740726644,
  "summary_fg_mean": 615.6092529296875,
  "summary_fg_median": 612.9354248046875,
  "summary_fg_n": 80686.0,
  "summary_fg_p05": 485.17152404785156,
  "summary_fg_p95": 756.7816925048828,
  "summary_fg_stdv": 88.6485366821289,
  "tsnr": 34.46859649056569
}