{
  "aor": 0.0018330061349693255,
  "aqi": 0.007748065950920246,
  "bids_meta": {
    "AcquisitionMatrixPE": 104,
    "AcquisitionNumber": 1,
    "AcquisitionTime": "16:44:43.137500",
    "BandwidthPerPixelPhaseEncode": 17.17,
    "BaseResolution": 104,
    "BodyPartExamined": "BRAIN",
    "CoilString": "HC1-7;NC1_2",
    "ConsistencyInfo": "N4_VE11C_LATEST_20160120",
    "ConversionSoftware": "dcm2niix",
    "ConversionSoftwareVersion": "v1.0.20190410  GCC6.3.0",
    "DerivedVendorReportedEchoSpacing": 0.000560011,
    "DeviceSerialNumber": "167001",
    "DwellTime": 2.1e-06,
    "EchoTime": 0.03,
    "EchoTrainLength": 91,
    "EffectiveEchoSpacing": 0.000560011,
    "FlipAngle": 52,
    "ImageOrientationPatientDICOM": [
      0.999883,
      0.0115304,
      0.010043,
      -0.00872588,
      0.969618,
      -0.244469
    ],
    "ImageType": [
      "ORIGINAL",
      "PRIMARY",
      "M",
      "ND",
      "MOSAIC"
    ],
    "ImagingFrequency": 123.229,
    "InPlanePhaseEncodingDirectionDICOM": "COL",
    "InstitutionAddress": "Cooper_60_St._Lucia_QLD_AU_4072",
    "InstitutionName": "St_Lucia_Campus",
    "InstitutionalDepartmentName": "Gehrmann_Labs_MRI",
    "MRAcquisitionType": "2D",
    "MagneticFieldStrength": 3,
    "Manufacturer": "Siemens",
    "ManufacturersModelName": "Prisma_fit",
    "Modality": "MR",
    "MultibandAccelerationFactor": 6,
    "PartialFourier": 0.875,
    "PatientPosition": "HFS",
    "PercentPhaseFOV": 100,
    "PhaseEncodingDirection": "j",
    "PhaseEncodingSteps": 91,
    "PhaseResolution": 1,
    "PixelBandwidth": 2290,
    "ProcedureStepDescription": "Research_16092_QTAB",
    "ProtocolName": "ep2d_REST_SMS6_P-A",
    "PulseSequenceDetails": "%SiemensSeq%_ep2d_bold",
    "ReceiveCoilActiveElements": "HC1-7;NC1,2",
    "ReceiveCoilName": "HeadNeck_64",
    "ReconMatrixPE": 104,
    "RefLinesPE": 12,
    "RepetitionTime": 0.93,
    "SAR": 0.0516071,
    "ScanOptions": "PFP_FS",
    "ScanningSequence": "EP",
    "SequenceName": "_epfid2d1_104",
    "SequenceVariant": "SK",
    "SeriesDescription": "ep2d_REST_SMS6_P-A",
    "SeriesNumber": 6,
    "ShimSetting": [
      3056,
      -4176,
      -760,
      507,
      28,
      28,
      -35,
      -23
    ],
    "SliceThickness": 2,
    "SliceTiming": [
      0.6825,
      0,
      0.455,
      0.075,
      0.53,
      0.15,
      0.605,
      0.3025,
      0.7575,
      0.3775,
      0.8325,
      0.2275,
      0.6825,
      0,
      0.455,
      0.075,
      0.53,
      0.15,
      0.605,
      0.3025,
      0.7575,
      0.3775,
      0.8325,
      0.2275,
      0.6825,
      0,
      0.455,
      0.075,
      0.53,
      0.15,
      0.605,
      0.3025,
      0.7575,
      0.3775,
      0.8325,
      0.2275,
      0.6825,
      0,
      0.455,
      0.075,
      0.53,
      0.15,
      0.605,
      0.3025,
      0.7575,
      0.3775,
      0.8325,
      0.2275,
      0.6825,
      0,
      0.455,
      0.075,
      0.53,
      0.15,
      0.605,
      0.3025,
      0.7575,
      0.3775,
      0.8325,
      0.2275,
      0.6825,
      0,
      0.455,
      0.075,
      0.53,
      0.15,
      0.605,
      0.3025,
      0.7575,
      0.3775,
      0.8325,
      0.2275
    ],
    "SoftwareVersions": "syngo_MR_E11",
    "SpacingBetweenSlices": 2,
    "StationName": "mrc_Trio",
    "TaskName": "rest",
    "TotalReadoutTime": 0.0576811,
    "TxRefAmp": 211.352,
    "dataset": "ds004146",
    "modality": "bold",
    "session_id": "02",
    "subject_id": "0029",
    "task_id": "rest"
  },
  "dummy_trs": 1,
  "dvars_nstd": 42.587426758153875,
  "dvars_std": 1.1231814540000002,
  "dvars_vstd": 1.0269033991692311,
  "efc": 0.5217247816022728,
  "fber": 811.1310424804688,
  "fd_mean": 0.16205499708667506,
  "fd_num": 101,
  "fd_perc": 30.98159509202454,
  "fwhm_avg": 2.94662,
  "fwhm_x": 2.747215,
  "fwhm_y": 3.065325,
  "fwhm_z": 3.02732,
  "gcor": 0.0052698,
  "gsr_x": -0.01406543143093586,
  "gsr_y": 0.05711675062775612,
  "provenance": {
    "md5sum": "19143e3c42382e305bfc45efc44f24a0",
    "settings": {
      "fd_thres": 0.2,
      "testing": false
    },
    "software": "mriqc",
    "version": "23.0.1",
    "webapi_port": null,
    "webapi_url": "https://mriqc.nimh.nih.gov/api/v1"
  },
  "size_t": 326,
  "size_x": 104,
  "size_y": 104,
  "size_z": 72,
  "snr": 2.8747161149080926,
  "spacing_tr": 0.9300000071525574,
  "spacing_x": 2.0,
  "spacing_y": 2.0,
  "spacing_z": 2.0,
  "summary_bg_k": 52.27494653533405,
  "summary_bg_mad": 5.7484939709224605,
  "summary_bg_mean": 37.70232391357422,
  "summary_bg_median": 19.06748390197754,
  "summary_bg_n": 524009.0,
  "summary_bg_p05": 14.665643692016602,
  "summary_bg_p95": 135.56318054199212,
  "summary_bg_stdv": 55.52356719970703,
  "summary_fg_k": 0.22033623420088855,
  "summary_fg_mad": 195.72620604811328,
  "summary_fg_mean": 570.3173828125,
  "summary_fg_median": 547.55517578125,
  "summary_fg_n": 155108.0,
  "summary_fg_p05": 311.02054901123046,
  "summary_fg_p95": 913.0591827392577,
  "summary_fg_stdv": 190.47216796875,
  "tsnr": 33.598875053576194
}