{
  "aor": 0.0007831901840490799,
  "aqi": 0.006178985153374233,
  "bids_meta": {
    "AcquisitionMatrixPE": 104,
    "AcquisitionNumber": 1,
    "AcquisitionTime": "09:27:47.060000",
    "BandwidthPerPixelPhaseEncode": 17.17,
    "BaseResolution": 104,
    "BodyPartExamined": "BRAIN",
    "CoilString": "HC1-7;NC1_2",
    "ConsistencyInfo": "N4_VE11C_LATEST_20160120",
    "ConversionSoftware": "dcm2niix",
    "ConversionSoftwareVersion": "v1.0.20181125  (JP2:OpenJPEG) GCC6.3.0",
    "DerivedVendorReportedEchoSpacing": 0.000560011,
    "DeviceSerialNumber": "167001",
    "DwellTime": 2.1e-06,
    "EchoTime": 0.03,
    "EchoTrainLength": 91,
    "EffectiveEchoSpacing": 0.000560011,
    "FlipAngle": 52,
    "ImageOrientationPatientDICOM": [
      0.998585,
      -0.0277528,
      -0.0453644,
      0.0205687,
      0.988199,
      -0.151786
    ],
    "ImageType": [
      "ORIGINAL",
      "PRIMARY",
      "M",
      "ND",
      "MOSAIC"
    ],
    "ImagingFrequency": 123.229,
    "InPlanePhaseEncodingDirectionDICOM": "COL",
    "InstitutionAddress": "Cooper_60_St._Lucia_QLD_AU_4072",
    "InstitutionName": "St_Lucia_Campus",
    "InstitutionalDepartmentName": "Gehrmann_Labs_MRI",
    "MRAcquisitionType": "2D",
    "MagneticFieldStrength": 3,
    "Manufacturer": "Siemens",
    "ManufacturersModelName": "Prisma_fit",
    "Modality": "MR",
    "MultibandAccelerationFactor": 6,
    "PartialFourier": 0.875,
    "PatientPosition": "HFS",
    "PercentPhaseFOV": 100,
    "PhaseEncodingDirection": "j-",
    "PhaseEncodingSteps": 91,
    "PhaseResolution": 1,
    "PixelBandwidth": 2290,
    "ProcedureStepDescription": "Research_16092_QTAB",
    "ProtocolName": "ep2d_REST_SMS6_A-P",
    "PulseSequenceDetails": "%SiemensSeq%_ep2d_bold",
    "ReceiveCoilActiveElements": "HC1-7;NC1,2",
    "ReceiveCoilName": "HeadNeck_64",
    "ReconMatrixPE": 104,
    "RepetitionTime": 0.93,
    "SAR": 0.0689889,
    "ScanOptions": "PFP_FS",
    "ScanningSequence": "EP",
    "SequenceName": "_epfid2d1_104",
    "SequenceVariant": "SK",
    "SeriesDescription": "ep2d_REST_SMS6_A-P",
    "SeriesNumber": 9,
    "ShimSetting": [
      3048,
      -4159,
      -817,
      505,
      -84,
      179,
      -127,
      -21
    ],
    "SliceThickness": 2,
    "SliceTiming": [
      0.6825,
      0,
      0.455,
      0.0775,
      0.53,
      0.1525,
      0.6075,
      0.305,
      0.7575,
      0.38,
      0.835,
      0.2275,
      0.6825,
      0,
      0.455,
      0.0775,
      0.53,
      0.1525,
      0.6075,
      0.305,
      0.7575,
      0.38,
      0.835,
      0.2275,
      0.6825,
      0,
      0.455,
      0.0775,
      0.53,
      0.1525,
      0.6075,
      0.305,
      0.7575,
      0.38,
      0.835,
      0.2275,
      0.6825,
      0,
      0.455,
      0.0775,
      0.53,
      0.1525,
      0.6075,
      0.305,
      0.7575,
      0.38,
      0.835,
      0.2275,
      0.6825,
      0,
      0.455,
      0.0775,
      0.53,
      0.1525,
      0.6075,
      0.305,
      0.7575,
      0.38,
      0.835,
      0.2275,
      0.6825,
      0,
      0.455,
      0.0775,
      0.53,
      0.1525,
      0.6075,
      0.305,
      0.7575,
      0.38,
      0.835,
      0.2275
    ],
    "SoftwareVersions": "syngo_MR_E11",
    "SpacingBetweenSlices": 2,
    "StationName": "mrc_Trio",
    "TaskName": "rest",
    "TotalReadoutTime": 0.0576811,
    "TxRefAmp": 211.136,
    "dataset": "ds004146",
    "modality": "bold",
    "session_id": "01",
    "subject_id": "0376",
    "task_id": "rest"
  },
  "dummy_trs": 1,
  "dvars_nstd": 42.53003818215386,
  "dvars_std": 1.0957593685846159,
  "dvars_vstd": 1.004053423661539,
  "efc": 0.5221380085517764,
  "fber": 888.4734497070312,
  "fd_mean": 0.25613754226066776,
  "fd_num": 204,
  "fd_perc": 62.576687116564415,
  "fwhm_avg": 3.078466666666667,
  "fwhm_x": 2.855305,
  "fwhm_y": 3.231915,
  "fwhm_z": 3.14818,
  "gcor": 0.00802599,
  "gsr_x": -0.00992896594107151,
  "gsr_y": 0.06488702446222305,
  "provenance": {
    "md5sum": "24e1a6c9d3c57ed04635c96d0e31527c",
    "settings": {
      "fd_thres": 0.2,
      "testing": false
    },
    "software": "mriqc",
    "version": "23.0.1",
    "webapi_port": null,
    "webapi_url": "https://mriqc.nimh.nih.gov/api/v1"
  },
  "size_t": 326,
  "size_x": 104,
  "size_y": 104,
  "size_z": 72,
  "snr": 2.626111340352451,
  "spacing_tr": 0.9300000071525574,
  "spacing_x": 2.0,
  "spacing_y": 2.0,
  "spacing_z": 2.0,
  "summary_bg_k": 73.44753930501024,
  "summary_bg_mad": 6.708091549975541,
  "summary_bg_mean": 36.0295295715332,
  "summary_bg_median": 19.095090866088867,
  "summary_bg_n": 508867.0,
  "summary_bg_p05": 14.107361793518066,
  "summary_bg_p95": 104.47852325439453,
  "summary_bg_stdv": 56.20267105102539,
  "summary_fg_k": 0.9223480298192177,
  "summary_fg_mad": 206.79115669949329,
  "summary_fg_mean": 613.3012084960938,
  "summary_fg_median": 578.1334228515625,
  "summary_fg_n": 168140.0,
  "summary_fg_p05": 330.4355773925781,
  "summary_fg_p95": 1024.7447631835932,
  "summary_fg_stdv": 220.14744567871094,
  "tsnr": 36.07672951184213
}