{
  "aor": 0.001639969230769231,
  "aqi": 0.007232898092307693,
  "bids_meta": {
    "AcquisitionMatrixPE": 104,
    "AcquisitionNumber": 1,
    "AcquisitionTime": "11:25:36.542500",
    "BandwidthPerPixelPhaseEncode": 17.17,
    "BaseResolution": 104,
    "BodyPartExamined": "BRAIN",
    "ConsistencyInfo": "N4_VE11C_LATEST_20160120",
    "ConversionSoftware": "dcm2niix",
    "ConversionSoftwareVersion": "v1.0.20171215 GCC6.3.0",
    "DerivedVendorReportedEchoSpacing": 0.000560011,
    "DeviceSerialNumber": "167001",
    "DwellTime": 2.1e-06,
    "EchoTime": 0.03,
    "EchoTrainLength": 91,
    "EffectiveEchoSpacing": 0.000560011,
    "FlipAngle": 52,
    "ImageOrientationPatientDICOM": [
      0.997579,
      0.0671277,
      0.0181532,
      -0.0599661,
      0.9626,
      -0.264207
    ],
    "ImageType": [
      "ORIGINAL",
      "PRIMARY",
      "M",
      "ND",
      "MOSAIC"
    ],
    "InPlanePhaseEncodingDirectionDICOM": "COL",
    "InstitutionAddress": "Cooper_60_St._Lucia_QLD_AU_4072",
    "InstitutionName": "St_Lucia_Campus",
    "InstitutionalDepartmentName": "Gehrmann_Labs_MRI",
    "MRAcquisitionType": "2D",
    "MagneticFieldStrength": 3,
    "Manufacturer": "Siemens",
    "ManufacturersModelName": "Prisma_fit",
    "Modality": "MR",
    "MultibandAccelerationFactor": 6,
    "PartialFourier": 0.875,
    "PatientPosition": "HFS",
    "PercentPhaseFOV": 100,
    "PhaseEncodingDirection": "j",
    "PhaseEncodingSteps": 91,
    "PhaseResolution": 1,
    "PixelBandwidth": 2290,
    "ProcedureStepDescription": "Research_16092_QTAB",
    "ProtocolName": "ep2d_REST_SMS6_P-A",
    "PulseSequenceDetails": "%SiemensSeq%_ep2d_bold",
    "ReceiveCoilActiveElements": "HC1-7;NC1,2",
    "ReceiveCoilName": "HeadNeck_64",
    "ReconMatrixPE": 104,
    "RepetitionTime": 0.93,
    "SAR": 0.0557439,
    "ScanOptions": "PFP_FS",
    "ScanningSequence": "EP",
    "SequenceName": "_epfid2d1_104",
    "SequenceVariant": "SK",
    "SeriesDescription": "ep2d_REST_SMS6_P-A",
    "SeriesNumber": 10,
    "ShimSetting": [
      3055,
      -4182,
      -761,
      467,
      -77,
      3,
      7,
      -2
    ],
    "SliceThickness": 2,
    "SliceTiming": [
      0.6825,
      0,
      0.455,
      0.0775,
      0.5325,
      0.1525,
      0.6075,
      0.305,
      0.76,
      0.38,
      0.835,
      0.2275,
      0.6825,
      0,
      0.455,
      0.0775,
      0.5325,
      0.1525,
      0.6075,
      0.305,
      0.76,
      0.38,
      0.835,
      0.2275,
      0.6825,
      0,
      0.455,
      0.0775,
      0.5325,
      0.1525,
      0.6075,
      0.305,
      0.76,
      0.38,
      0.835,
      0.2275,
      0.6825,
      0,
      0.455,
      0.0775,
      0.5325,
      0.1525,
      0.6075,
      0.305,
      0.76,
      0.38,
      0.835,
      0.2275,
      0.6825,
      0,
      0.455,
      0.0775,
      0.5325,
      0.1525,
      0.6075,
      0.305,
      0.76,
      0.38,
      0.835,
      0.2275,
      0.6825,
      0,
      0.455,
      0.0775,
      0.5325,
      0.1525,
      0.6075,
      0.305,
      0.76,
      0.38,
      0.835,
      0.2275
    ],
    "SoftwareVersions": "syngo_MR_E11",
    "SpacingBetweenSlices": 2,
    "StationName": "mrc_Trio",
    "TaskName": "rest",
    "TotalReadoutTime": 0.0576811,
    "TxRefAmp": 217.739,
    "dataset": "ds004146",
    "modality": "bold",
    "session_id": "01",
    "subject_id": "0218",
    "task_id": "rest"
  },
  "dummy_trs": 2,
  "dvars_nstd": 40.847590823055555,
  "dvars_std": 1.0759172049691361,
  "dvars_vstd": 1.008952487469136,
  "efc": 0.5194021288125646,
  "fber": 793.3294677734375,
  "fd_mean": 0.22859822922501483,
  "fd_num": 182,
  "fd_perc": 56.0,
  "fwhm_avg": 2.9550299999999994,
  "fwhm_x": 2.77559,
  "fwhm_y": 3.015675,
  "fwhm_z": 3.073825,
  "gcor": 0.0156144,
  "gsr_x": -0.01363801397383213,
  "gsr_y": 0.04455900564789772,
  "provenance": {
    "md5sum": "f9d6202d7d6c3c3d2631ba2fda4d4f0e",
    "settings": {
      "fd_thres": 0.2,
      "testing": false
    },
    "software": "mriqc",
    "version": "23.0.1",
    "webapi_port": null,
    "webapi_url": "https://mriqc.nimh.nih.gov/api/v1"
  },
  "size_t": 325,
  "size_x": 104,
  "size_y": 104,
  "size_z": 72,
  "snr": 3.065620890392033,
  "spacing_tr": 0.9300000071525574,
  "spacing_x": 2.0,
  "spacing_y": 2.0,
  "spacing_z": 2.0,
  "summary_bg_k": 47.91910206055135,
  "summary_bg_mad": 7.4905631718077315,
  "summary_bg_mean": 37.97456359863281,
  "summary_bg_median": 20.221538543701172,
  "summary_bg_n": 529360.0,
  "summary_bg_p05": 14.70769214630127,
  "summary_bg_p95": 118.13538360595703,
  "summary_bg_stdv": 52.36735916137695,
  "summary_fg_k": 0.15305802094066223,
  "summary_fg_mad": 195.06028382362703,
  "summary_fg_mean": 592.5259399414062,
  "summary_fg_median": 571.1692504882812,
  "summary_fg_n": 152247.0,
  "summary_fg_p05": 335.93015441894534,
  "summary_fg_p95": 925.1279968261714,
  "summary_fg_stdv": 186.3137664794922,
  "tsnr": 34.92824780847877
}