{
  "aor": 0.001342136854741897,
  "aqi": 0.025551658343337332,
  "bids_meta": {
    "AcquisitionMatrixPE": 90,
    "AcquisitionNumber": 1,
    "AcquisitionTime": "13:35:30.747500",
    "BandwidthPerPixelPhaseEncode": 21.368,
    "BaseResolution": 90,
    "BodyPartExamined": "BRAIN",
    "CoilString": "HC1-7;NC1_2",
    "ConsistencyInfo": "N4_VE11C_LATEST_20160120",
    "ConversionSoftware": "dcm2niix",
    "ConversionSoftwareVersion": "v1.0.20190410  GCC6.3.0",
    "DelayTime": 0.001,
    "DerivedVendorReportedEchoSpacing": 0.000519988,
    "DeviceSerialNumber": "167001",
    "DwellTime": 2.2e-06,
    "EchoTime": 0.03,
    "EchoTrainLength": 90,
    "EffectiveEchoSpacing": 0.000519988,
    "FlipAngle": 52,
    "ImageOrientationPatientDICOM": [
      0.996552,
      0.0348632,
      -0.0752962,
      -0.0471705,
      0.984585,
      -0.168428
    ],
    "ImageType": [
      "ORIGINAL",
      "PRIMARY",
      "M",
      "ND",
      "NORM",
      "MOSAIC"
    ],
    "ImagingFrequency": 123.229,
    "InPlanePhaseEncodingDirectionDICOM": "COL",
    "InstitutionAddress": "Cooper_60_St._Lucia_QLD_AU_4072",
    "InstitutionName": "St_Lucia_Campus",
    "InstitutionalDepartmentName": "Gehrmann_Labs_MRI",
    "MRAcquisitionType": "2D",
    "MagneticFieldStrength": 3,
    "Manufacturer": "Siemens",
    "ManufacturersModelName": "Prisma_fit",
    "Modality": "MR",
    "MultibandAccelerationFactor": 6,
    "PartialFourier": 1,
    "PatientPosition": "HFS",
    "PercentPhaseFOV": 100,
    "PhaseEncodingDirection": "j-",
    "PhaseEncodingSteps": 90,
    "PhaseResolution": 1,
    "PixelBandwidth": 2525,
    "ProcedureStepDescription": "Research_16092_QTAB",
    "ProtocolName": "EMOT_TASK_mb6_2.4",
    "PulseSequenceDetails": "%SiemensSeq%_ep2d_bold",
    "ReceiveCoilActiveElements": "HC1-7;NC1,2",
    "ReceiveCoilName": "HeadNeck_64",
    "ReconMatrixPE": 90,
    "RefLinesPE": 12,
    "RepetitionTime": 0.8,
    "SAR": 0.0678963,
    "ScanOptions": "FS",
    "ScanningSequence": "EP",
    "SequenceName": "_epfid2d1_90",
    "SequenceVariant": "SK",
    "SeriesDescription": "EMOT_TASK_mb6_2.4",
    "SeriesNumber": 20,
    "ShimSetting": [
      3031,
      -4152,
      -821,
      295,
      -2,
      14,
      -48,
      1
    ],
    "SliceThickness": 2.4,
    "SliceTiming": [
      0.545,
      0,
      0.3875,
      0.0775,
      0.4675,
      0.2325,
      0.6225,
      0.31,
      0.7,
      0.155,
      0.545,
      0,
      0.3875,
      0.0775,
      0.4675,
      0.2325,
      0.6225,
      0.31,
      0.7,
      0.155,
      0.545,
      0,
      0.3875,
      0.0775,
      0.4675,
      0.2325,
      0.6225,
      0.31,
      0.7,
      0.155,
      0.545,
      0,
      0.3875,
      0.0775,
      0.4675,
      0.2325,
      0.6225,
      0.31,
      0.7,
      0.155,
      0.545,
      0,
      0.3875,
      0.0775,
      0.4675,
      0.2325,
      0.6225,
      0.31,
      0.7,
      0.155,
      0.545,
      0,
      0.3875,
      0.0775,
      0.4675,
      0.2325,
      0.6225,
      0.31,
      0.7,
      0.155
    ],
    "SoftwareVersions": "syngo_MR_E11",
    "SpacingBetweenSlices": 2.4,
    "StationName": "mrc_Trio",
    "TaskName": "emotionalconflict",
    "TotalReadoutTime": 0.046279,
    "TxRefAmp": 245.101,
    "dataset": "ds004146",
    "modality": "bold",
    "session_id": "02",
    "subject_id": "0060",
    "task_id": "emotionalconflict"
  },
  "dummy_trs": 4,
  "dvars_nstd": 44.60830733423079,
  "dvars_std": 1.263478043593751,
  "dvars_vstd": 0.9792289492427881,
  "efc": 0.5340485972167257,
  "fber": 3477.559814453125,
  "fd_mean": 0.20254488844385066,
  "fd_num": 278,
  "fd_perc": 33.373349339735896,
  "fwhm_avg": 1.9752526992882873,
  "fwhm_x": 1.874616592176096,
  "fwhm_y": 2.131316581975755,
  "fwhm_z": 1.9198249237130114,
  "gcor": 0.0167227,
  "gsr_x": -0.00942531693726778,
  "gsr_y": 0.038998816162347794,
  "provenance": {
    "md5sum": "ee71f1dfdeea43e11378f87984812903",
    "settings": {
      "fd_thres": 0.2,
      "testing": false
    },
    "software": "mriqc",
    "version": "23.0.1",
    "webapi_port": null,
    "webapi_url": "https://mriqc.nimh.nih.gov/api/v1"
  },
  "size_t": 833,
  "size_x": 90,
  "size_y": 90,
  "size_z": 60,
  "snr": 6.441187580909806,
  "spacing_tr": 0.800000011920929,
  "spacing_x": 2.4000000953674316,
  "spacing_y": 2.4000000953674316,
  "spacing_z": 2.4000000953674316,
  "summary_bg_k": 14.518099712519238,
  "summary_bg_mad": 9.849603284726095,
  "summary_bg_mean": 38.45873260498047,
  "summary_bg_median": 10.944777488708496,
  "summary_bg_n": 313003.0,
  "summary_bg_p05": 3.3793516159057617,
  "summary_bg_p95": 180.26614379882716,
  "summary_bg_stdv": 69.25715637207031,
  "summary_fg_k": 2.1142482780355794,
  "summary_fg_mad": 93.52945058598642,
  "summary_fg_mean": 663.9097900390625,
  "summary_fg_median": 658.7719116210938,
  "summary_fg_n": 97644.0,
  "summary_fg_p05": 520.5759521484375,
  "summary_fg_p95": 834.9782562255858,
  "summary_fg_stdv": 102.2743911743164,
  "tsnr": 35.12966612353921
}