{
  "aor": 0.0026193684210526315,
  "aqi": 0.025463018157894736,
  "bids_meta": {
    "AcquisitionMatrixPE": 90,
    "AcquisitionNumber": 1,
    "AcquisitionTime": "15:07:42.640000",
    "BandwidthPerPixelPhaseEncode": 21.368,
    "BaseResolution": 90,
    "BodyPartExamined": "BRAIN",
    "CoilString": "HC1-7;NC1_2",
    "ConsistencyInfo": "N4_VE11C_LATEST_20160120",
    "ConversionSoftware": "dcm2niix",
    "ConversionSoftwareVersion": "v1.0.20190410  GCC6.3.0",
    "DerivedVendorReportedEchoSpacing": 0.000519988,
    "DeviceSerialNumber": "167001",
    "DwellTime": 2.2e-06,
    "EchoTime": 0.03,
    "EchoTrainLength": 90,
    "EffectiveEchoSpacing": 0.000519988,
    "FlipAngle": 52,
    "ImageOrientationPatientDICOM": [
      0.999953,
      0.00615935,
      -0.00749201,
      -0.00750474,
      0.980695,
      -0.1954
    ],
    "ImageType": [
      "ORIGINAL",
      "PRIMARY",
      "M",
      "ND",
      "NORM",
      "MOSAIC"
    ],
    "ImagingFrequency": 123.229,
    "InPlanePhaseEncodingDirectionDICOM": "COL",
    "InstitutionAddress": "Cooper_60_St._Lucia_QLD_AU_4072",
    "InstitutionName": "St_Lucia_Campus",
    "InstitutionalDepartmentName": "Gehrmann_Labs_MRI",
    "MRAcquisitionType": "2D",
    "MagneticFieldStrength": 3,
    "Manufacturer": "Siemens",
    "ManufacturersModelName": "Prisma_fit",
    "Modality": "MR",
    "MultibandAccelerationFactor": 6,
    "PartialFourier": 1,
    "PatientPosition": "HFS",
    "PercentPhaseFOV": 100,
    "PhaseEncodingDirection": "j-",
    "PhaseEncodingSteps": 90,
    "PhaseResolution": 1,
    "PixelBandwidth": 2525,
    "ProcedureStepDescription": "Research_16092_QTAB",
    "ProtocolName": "PARTLY_CLOUDY_mb6_2.4",
    "PulseSequenceDetails": "%SiemensSeq%_ep2d_bold",
    "ReceiveCoilActiveElements": "HC1-7;NC1,2",
    "ReceiveCoilName": "HeadNeck_64",
    "ReconMatrixPE": 90,
    "RefLinesPE": 12,
    "RepetitionTime": 0.8,
    "SAR": 0.0583084,
    "ScanOptions": "FS",
    "ScanningSequence": "EP",
    "SequenceName": "_epfid2d1_90",
    "SequenceVariant": "SK",
    "SeriesDescription": "PARTLY_CLOUDY_mb6_2.4",
    "SeriesNumber": 19,
    "ShimSetting": [
      3043,
      -4134,
      -797,
      409,
      22,
      -61,
      -45,
      -5
    ],
    "SliceThickness": 2.4,
    "SliceTiming": [
      0.545,
      0,
      0.39,
      0.0775,
      0.4675,
      0.2325,
      0.6225,
      0.3125,
      0.7025,
      0.155,
      0.545,
      0,
      0.39,
      0.0775,
      0.4675,
      0.2325,
      0.6225,
      0.3125,
      0.7025,
      0.155,
      0.545,
      0,
      0.39,
      0.0775,
      0.4675,
      0.2325,
      0.6225,
      0.3125,
      0.7025,
      0.155,
      0.545,
      0,
      0.39,
      0.0775,
      0.4675,
      0.2325,
      0.6225,
      0.3125,
      0.7025,
      0.155,
      0.545,
      0,
      0.39,
      0.0775,
      0.4675,
      0.2325,
      0.6225,
      0.3125,
      0.7025,
      0.155,
      0.545,
      0,
      0.39,
      0.0775,
      0.4675,
      0.2325,
      0.6225,
      0.3125,
      0.7025,
      0.155
    ],
    "SoftwareVersions": "syngo_MR_E11",
    "SpacingBetweenSlices": 2.4,
    "StationName": "mrc_Trio",
    "TaskName": "partlycloudy",
    "TotalReadoutTime": 0.046279,
    "TxRefAmp": 228.961,
    "dataset": "ds004146",
    "modality": "bold",
    "session_id": "02",
    "subject_id": "0306",
    "task_id": "partlycloudy"
  },
  "dummy_trs": 0,
  "dvars_nstd": 42.01244614461741,
  "dvars_std": 1.196152079419524,
  "dvars_vstd": 0.9999634475989446,
  "efc": 0.48404092460338466,
  "fber": 6693.26171875,
  "fd_mean": 0.30607441161912646,
  "fd_num": 221,
  "fd_perc": 58.1578947368421,
  "fwhm_avg": 1.7962471508457734,
  "fwhm_x": 1.6602416006945926,
  "fwhm_y": 1.9657749218871228,
  "fwhm_z": 1.7627249299556047,
  "gcor": 0.019364,
  "gsr_x": -0.018151408061385155,
  "gsr_y": 0.04325595498085022,
  "provenance": {
    "md5sum": "07368cd0508dc491d4b8d92d7855ebf7",
    "settings": {
      "fd_thres": 0.2,
      "testing": false
    },
    "software": "mriqc",
    "version": "23.0.1",
    "webapi_port": null,
    "webapi_url": "https://mriqc.nimh.nih.gov/api/v1"
  },
  "size_t": 380,
  "size_x": 90,
  "size_y": 90,
  "size_z": 60,
  "snr": 7.1036792076541735,
  "spacing_tr": 0.800000011920929,
  "spacing_x": 2.4000000953674316,
  "spacing_y": 2.4000000953674316,
  "spacing_z": 2.4000000953674316,
  "summary_bg_k": 22.65251881823997,
  "summary_bg_mad": 5.8367709842822295,
  "summary_bg_mean": 28.412755966186523,
  "summary_bg_median": 7.878947734832764,
  "summary_bg_n": 334408.0,
  "summary_bg_p05": 3.218421220779419,
  "summary_bg_p95": 126.45079421997052,
  "summary_bg_stdv": 55.49480056762695,
  "summary_fg_k": 2.571713201773984,
  "summary_fg_mad": 83.69291333281284,
  "summary_fg_mean": 652.5529174804688,
  "summary_fg_median": 650.4842529296875,
  "summary_fg_n": 81694.0,
  "summary_fg_p05": 521.5184326171875,
  "summary_fg_p95": 801.2354339599608,
  "summary_fg_stdv": 91.56948852539062,
  "tsnr": 37.18001740984619
}