{
  "bids_meta": {
    "AcquisitionMatrixPE": 256,
    "AcquisitionNumber": 1,
    "AcquisitionTime": "14:03:36.242500",
    "BaseResolution": 256,
    "BodyPartExamined": "BRAIN",
    "CoilString": "HC1-7;NC1_2",
    "ConsistencyInfo": "N4_VE11C_LATEST_20160120",
    "ConversionSoftware": "dcm2niix",
    "ConversionSoftwareVersion": "v1.0.20190410  GCC6.3.0",
    "DeviceSerialNumber": "167001",
    "DwellTime": 2.6e-06,
    "EchoTime": 0.408,
    "EchoTrainLength": 259,
    "FlipAngle": 120,
    "ImageOrientationPatientDICOM": [
      0.111079,
      0.992694,
      0.0471063,
      0.00298394,
      0.0470663,
      -0.998887
    ],
    "ImageType": [
      "ORIGINAL",
      "PRIMARY",
      "M",
      "ND",
      "NORM"
    ],
    "ImagingFrequency": 123.229,
    "InPlanePhaseEncodingDirectionDICOM": "ROW",
    "InstitutionAddress": "Cooper_60_St._Lucia_QLD_AU_4072",
    "InstitutionName": "St_Lucia_Campus",
    "InstitutionalDepartmentName": "Gehrmann_Labs_MRI",
    "MRAcquisitionType": "3D",
    "MagneticFieldStrength": 3,
    "Manufacturer": "Siemens",
    "ManufacturersModelName": "Prisma_fit",
    "Modality": "MR",
    "PartialFourier": 1,
    "PatientPosition": "HFS",
    "PercentPhaseFOV": 100,
    "PhaseEncodingSteps": 233,
    "PhaseResolution": 1,
    "PixelBandwidth": 750,
    "ProcedureStepDescription": "Research_16092_QTAB",
    "ProtocolName": "t2_spc_sag_p2_iso",
    "PulseSequenceDetails": "%SiemensSeq%_tse_vfl",
    "ReceiveCoilActiveElements": "HC1-7;NC1,2",
    "ReceiveCoilName": "HeadNeck_64",
    "ReconMatrixPE": 256,
    "RefLinesPE": 24,
    "RepetitionTime": 3.2,
    "SAR": 0.196168,
    "ScanOptions": "PFP",
    "ScanningSequence": "SE",
    "SequenceName": "_spcR_282ns",
    "SequenceVariant": "SK_SP",
    "SeriesDescription": "t2_spc_sag_p2_iso",
    "SeriesNumber": 32,
    "ShimSetting": [
      3044,
      -4184,
      -818,
      -19,
      -2,
      -216,
      15,
      61
    ],
    "SliceThickness": 1,
    "SoftwareVersions": "syngo_MR_E11",
    "StationName": "mrc_Trio",
    "TxRefAmp": 210.09,
    "dataset": "ds004146",
    "modality": "T2w",
    "session_id": "02",
    "subject_id": "0030"
  },
  "cjv": 25.11157507593863,
  "cnr": 0.046001260678412,
  "efc": 0.6191786835718006,
  "fber": -1.0,
  "fwhm_avg": 3.9089666084185244,
  "fwhm_x": 4.125012438532525,
  "fwhm_y": 4.143824938252196,
  "fwhm_z": 3.4580624484708538,
  "icvs_csf": 0.46118441029760365,
  "icvs_gm": 0.41998758437626976,
  "icvs_wm": 0.11882800532612658,
  "inu_med": 1.0210975408554077,
  "inu_range": 0.29496006071567527,
  "provenance": {
    "md5sum": "1d98101f679ab85279ffb8bc47f40b39",
    "settings": {
      "testing": false
    },
    "software": "mriqc",
    "version": "23.0.1",
    "warnings": {
      "large_rot_frame": true,
      "small_air_mask": false
    },
    "webapi_port": null,
    "webapi_url": "https://mriqc.nimh.nih.gov/api/v1"
  },
  "qi_1": 0.16824928003668427,
  "qi_2": 0.008470090007339013,
  "rpve_csf": 8.932733726452202,
  "rpve_gm": 9.963727325447874,
  "rpve_wm": 34.431732876918,
  "size_x": 192,
  "size_y": 300,
  "size_z": 320,
  "snr_csf": 17.108498331265498,
  "snr_gm": 14.615249767351834,
  "snr_total": 10.84174840198388,
  "snr_wm": 0.8014971073343115,
  "snrd_csf": 117.11208766908611,
  "snrd_gm": 79.93576857136377,
  "snrd_total": 90.87927894784356,
  "snrd_wm": 75.58998060308079,
  "spacing_x": 0.800000011920929,
  "spacing_y": 0.800000011920929,
  "spacing_z": 0.800000011920929,
  "summary_bg_k": 20.298337781339207,
  "summary_bg_mad": 0.0,
  "summary_bg_mean": 2.687038230681028,
  "summary_bg_median": 0.0,
  "summary_bg_n": 1415432.0,
  "summary_bg_p05": 0.0,
  "summary_bg_p95": 21.217391699552536,
  "summary_bg_stdv": 8.809162827435609,
  "summary_csf_k": 0.37066976127980444,
  "summary_csf_mad": 89.38587454875763,
  "summary_csf_mean": 1579.3656734271767,
  "summary_csf_median": 1574.7246670126915,
  "summary_csf_n": 196551.0,
  "summary_csf_p05": 1436.5217658877373,
  "summary_csf_p95": 1736.753655537963,
  "summary_csf_stdv": 92.04318407282554,
  "summary_gm_k": -0.2445072728196802,
  "summary_gm_mad": 77.3531606671941,
  "summary_gm_mean": 1076.1808536999317,
  "summary_gm_median": 1074.8405997306108,
  "summary_gm_n": 327834.0,
  "summary_gm_p05": 958.2029163986444,
  "summary_gm_p95": 1197.159442588687,
  "summary_gm_stdv": 73.54229161544735,
  "summary_wm_k": -1.7317556462158834,
  "summary_wm_mad": 1390.0362971894779,
  "summary_wm_mean": 1489.1838358562409,
  "summary_wm_median": 1016.4058160334826,
  "summary_wm_n": 72431.0,
  "summary_wm_p05": 67.94203025102615,
  "summary_wm_p95": 3269.2754232138395,
  "summary_wm_stdv": 1268.1253498428182,
  "tpm_overlap_csf": 0.1043818978104527,
  "tpm_overlap_gm": 0.29032258530516103,
  "tpm_overlap_wm": 0.0416318712598272,
  "wm2max": 0.31996277168458126
}